{
  "aor": 0.0007474,
  "aqi": 0.0019754237333333333,
  "bids_meta": {
    "AcquisitionMatrixPE": 64,
    "AcquisitionNumber": 1,
    "AcquisitionTime": "20:57:50.000000",
    "CoilString": "32Ch_Head",
    "ConversionSoftware": "dcm2niix",
    "ConversionSoftwareVersion": "v1.0.20190902",
    "Dcm2bidsVersion": "2.1.4",
    "DeviceSerialNumber": "000000000000GEHC",
    "EchoTime": 0.04,
    "EffectiveEchoSpacing": 0.000372,
    "FlipAngle": 90,
    "ImageOrientationPatientDICOM": [
      1,
      0,
      0,
      0,
      1,
      0
    ],
    "ImageType": [
      "ORIGINAL",
      "PRIMARY",
      "EPI",
      "NONE"
    ],
    "ImagingFrequency": 127.772,
    "InPlanePhaseEncodingDirectionDICOM": "COL",
    "InstitutionName": "INSTITUTO_DE_NEUROBIOLOGIA",
    "MRAcquisitionType": "2D",
    "MagneticFieldStrength": 3,
    "Manufacturer": "GE",
    "ManufacturersModelName": "DISCOVERY_MR750",
    "Modality": "MR",
    "PatientPosition": "HFS",
    "PercentPhaseFOV": 100,
    "PhaseEncodingDirection": "j",
    "PhaseEncodingPolarityGE": "Flipped",
    "PixelBandwidth": 7812.5,
    "ProtocolName": "fMRI_RestState",
    "ReconMatrixPE": 64,
    "RepetitionTime": 2,
    "SAR": 0.371198,
    "ScanOptions": "EPI_GEMS_ACC_GEMS",
    "ScanningSequence": "EP_GR",
    "SequenceVariant": "SS",
    "SeriesDescription": "fMRI_RestState",
    "SeriesNumber": 12,
    "SliceThickness": 4,
    "SliceTiming": [
      0,
      1.0285,
      0.0571001,
      1.0857,
      0.1142,
      1.1428,
      0.1714,
      1.2,
      0.2285,
      1.2571,
      0.2857,
      1.3143,
      0.3428,
      1.3714,
      0.4,
      1.4286,
      0.4571,
      1.4857,
      0.5142,
      1.5428,
      0.5714,
      1.6,
      0.6285,
      1.6571,
      0.6857,
      1.7143,
      0.7428,
      1.7714,
      0.8,
      1.8285,
      0.8571,
      1.8857,
      0.9143,
      1.9428,
      0.9714
    ],
    "SoftwareVersions": "24_LX_MR_Software_release:DV24.0_R02_1607.b",
    "SpacingBetweenSlices": 4,
    "StationName": "GEHCGEHC",
    "TaskName": "rest",
    "TotalReadoutTime": 0.023436,
    "dataset": "ds003481",
    "modality": "bold",
    "subject_id": "140",
    "task_id": "rest"
  },
  "dummy_trs": 0,
  "dvars_nstd": 14.493677065919737,
  "dvars_std": 1.1532580266889636,
  "dvars_vstd": 0.9805426710702337,
  "efc": 0.3436992314833429,
  "fber": 64775.046875,
  "fd_mean": 0.04158346571059601,
  "fd_num": 0,
  "fd_perc": 0.0,
  "fwhm_avg": 2.5780575,
  "fwhm_x": 2.4697475,
  "fwhm_y": 2.6786,
  "fwhm_z": 2.585825,
  "gcor": 0.0621107,
  "gsr_x": -0.011618944816291332,
  "gsr_y": 0.006652585696429014,
  "provenance": {
    "md5sum": "e710d18906bd1985e9051f0a88b2831e",
    "settings": {
      "fd_thres": 0.2,
      "testing": false
    },
    "software": "mriqc",
    "version": "23.0.1",
    "webapi_port": null,
    "webapi_url": "https://mriqc.nimh.nih.gov/api/v1"
  },
  "size_t": 300,
  "size_x": 64,
  "size_y": 64,
  "size_z": 35,
  "snr": 3.7650500397310966,
  "spacing_tr": 2.0,
  "spacing_x": 4.0,
  "spacing_y": 4.0,
  "spacing_z": 4.0,
  "summary_bg_k": 362.9512295045467,
  "summary_bg_mad": 10.43751960590764,
  "summary_bg_mean": 32.9091911315918,
  "summary_bg_median": 7.486666679382324,
  "summary_bg_n": 103105.0,
  "summary_bg_p05": 0.09000000357627869,
  "summary_bg_p95": 122.83266906738277,
  "summary_bg_stdv": 115.93687438964844,
  "summary_fg_k": 0.1359860455361268,
  "summary_fg_mad": 456.66365355995083,
  "summary_fg_mean": 1874.364990234375,
  "summary_fg_median": 1813.1116943359375,
  "summary_fg_n": 13180.0,
  "summary_fg_p05": 1176.1293395996095,
  "summary_fg_p95": 2753.774169921875,
  "summary_fg_stdv": 481.5455017089844,
  "tsnr": 89.3785563732963
}