{
  "aor": 0.0028686206896551725,
  "aqi": 0.0013674244999999999,
  "bids_meta": {
    "AcquisitionMatrixPE": 64,
    "AcquisitionNumber": 1,
    "AcquisitionTime": "19:59:57.000000",
    "CoilString": "32Ch_Head",
    "ConversionSoftware": "dcm2niix",
    "ConversionSoftwareVersion": "v1.0.20190902",
    "Dcm2bidsVersion": "2.1.4",
    "DeviceSerialNumber": "000000000000GEHC",
    "EchoTime": 0.04,
    "EffectiveEchoSpacing": 0.000372,
    "FlipAngle": 90,
    "ImageOrientationPatientDICOM": [
      1,
      0,
      0,
      0,
      1,
      0
    ],
    "ImageType": [
      "ORIGINAL",
      "PRIMARY",
      "EPI",
      "NONE"
    ],
    "ImagingFrequency": 127.772,
    "InPlanePhaseEncodingDirectionDICOM": "COL",
    "InstitutionName": "INSTITUTO_DE_NEUROBIOLOGIA",
    "MRAcquisitionType": "2D",
    "MagneticFieldStrength": 3,
    "Manufacturer": "GE",
    "ManufacturersModelName": "DISCOVERY_MR750",
    "Modality": "MR",
    "PatientPosition": "HFS",
    "PercentPhaseFOV": 100,
    "PhaseEncodingDirection": "j",
    "PhaseEncodingPolarityGE": "Flipped",
    "PixelBandwidth": 7812.5,
    "ProtocolName": "fMRI_1",
    "ReconMatrixPE": 64,
    "RepetitionTime": 2,
    "SAR": 0.371198,
    "ScanOptions": "EPI_GEMS_ACC_GEMS",
    "ScanningSequence": "EP_GR",
    "SequenceVariant": "SS",
    "SeriesDescription": "fMRI_1",
    "SeriesNumber": 4,
    "SliceThickness": 4,
    "SliceTiming": [
      0,
      1.0285,
      0.0571001,
      1.0857,
      0.1142,
      1.1428,
      0.1714,
      1.2,
      0.2285,
      1.2571,
      0.2857,
      1.3143,
      0.3428,
      1.3714,
      0.4,
      1.4286,
      0.4571,
      1.4857,
      0.5142,
      1.5428,
      0.5714,
      1.6,
      0.6285,
      1.6571,
      0.6857,
      1.7143,
      0.7428,
      1.7714,
      0.8,
      1.8285,
      0.8571,
      1.8857,
      0.9143,
      1.9428,
      0.9714
    ],
    "SoftwareVersions": "24_LX_MR_Software_release:DV24.0_R02_1607.b",
    "SpacingBetweenSlices": 4,
    "StationName": "GEHCGEHC",
    "TaskName": "verbs",
    "TotalReadoutTime": 0.023436,
    "dataset": "ds003481",
    "modality": "bold",
    "run_id": 1,
    "subject_id": "140",
    "task_id": "verbs"
  },
  "dummy_trs": 0,
  "dvars_nstd": 13.38925975225433,
  "dvars_std": 1.1294347275144514,
  "dvars_vstd": 1.0239688830635834,
  "efc": 0.34077894353424315,
  "fber": 65723.8515625,
  "fd_mean": 0.04107177878230492,
  "fd_num": 2,
  "fd_perc": 1.1494252873563218,
  "fwhm_avg": 2.6023366666666665,
  "fwhm_x": 2.489685,
  "fwhm_y": 2.722975,
  "fwhm_z": 2.59435,
  "gcor": 0.145735,
  "gsr_x": -0.01027383841574192,
  "gsr_y": 0.002154691843315959,
  "provenance": {
    "md5sum": "ae54ce5755998edb534a78b708ca4d59",
    "settings": {
      "fd_thres": 0.2,
      "testing": false
    },
    "software": "mriqc",
    "version": "23.0.1",
    "webapi_port": null,
    "webapi_url": "https://mriqc.nimh.nih.gov/api/v1"
  },
  "size_t": 174,
  "size_x": 64,
  "size_y": 64,
  "size_z": 35,
  "snr": 3.7685089561346334,
  "spacing_tr": 2.0,
  "spacing_x": 4.0,
  "spacing_y": 4.0,
  "spacing_z": 4.0,
  "summary_bg_k": 152.9558425964025,
  "summary_bg_mad": 10.224842715600055,
  "summary_bg_mean": 30.859962463378906,
  "summary_bg_median": 7.367815971374512,
  "summary_bg_n": 103362.0,
  "summary_bg_p05": 0.09770114719867706,
  "summary_bg_p95": 117.40804290771484,
  "summary_bg_stdv": 95.91383361816406,
  "summary_fg_k": 0.15802988067645662,
  "summary_fg_mad": 451.2606254067201,
  "summary_fg_mean": 1861.0,
  "summary_fg_median": 1799.5,
  "summary_fg_n": 12964.0,
  "summary_fg_p05": 1166.1809875488282,
  "summary_fg_p95": 2742.8647216796867,
  "summary_fg_stdv": 477.49139404296875,
  "tsnr": 93.45235476270318
}