{
  "bids_meta": {
    "AcquisitionDateTime": "2017-06-27T21:00:20.000000",
    "ConversionSoftware": "dcm2niix",
    "ConversionSoftwareVersion": "v1.0.20170411 GCC4.8.4",
    "EchoTime": 0.00318,
    "FlipAngle": 12,
    "ImageType": [
      "DERIVED",
      "PRIMARY",
      "OTHER"
    ],
    "InversionTime": 0.45,
    "MagneticFieldStrength": 3,
    "Manufacturer": "GE",
    "ManufacturersModelName": "DISCOVERY_MR750",
    "ProcedureStepDescription": "CompMet",
    "ProtocolName": "PU:Sag_T1_FSPGR_BRAVO",
    "RepetitionTime": 0.008156,
    "ScanningSequence": "GR",
    "SequenceVariant": "SS_SP_SK",
    "SeriesDescription": "PU:Sag_T1_FSPGR_BRAVO",
    "dataset": "ds003481",
    "modality": "T1w",
    "subject_id": "066"
  },
  "cjv": 0.33965584979521807,
  "cnr": 3.945480480750221,
  "efc": 0.724521266252343,
  "fber": 10213.417184232701,
  "fwhm_avg": 3.829826666666667,
  "fwhm_x": 3.89422,
  "fwhm_y": 3.92622,
  "fwhm_z": 3.66904,
  "icvs_csf": 0.20051847231622855,
  "icvs_gm": 0.45846114200359295,
  "icvs_wm": 0.3410203856801785,
  "inu_med": 0.5095621943473816,
  "inu_range": 0.146924564242363,
  "provenance": {
    "md5sum": "17f8e95d209358292001413b614afbc3",
    "settings": {
      "testing": false
    },
    "software": "mriqc",
    "version": "23.0.1",
    "warnings": {
      "large_rot_frame": true,
      "small_air_mask": false
    },
    "webapi_port": null,
    "webapi_url": "https://mriqc.nimh.nih.gov/api/v1"
  },
  "qi_1": 0.0,
  "qi_2": 0.001732947406272984,
  "rpve_csf": 22.75805928933122,
  "rpve_gm": 10.808632784143292,
  "rpve_wm": 16.22764644843756,
  "size_x": 176,
  "size_y": 256,
  "size_z": 256,
  "snr_csf": 2.9995384808184022,
  "snr_gm": 11.889828133806173,
  "snr_total": 11.988029249033444,
  "snr_wm": 21.074721132475755,
  "snrd_csf": 13.996081426769011,
  "snrd_gm": 35.172396764355085,
  "snrd_total": 33.19013477628887,
  "snrd_wm": 50.401926137742514,
  "spacing_x": 1.0,
  "spacing_y": 1.0,
  "spacing_z": 1.0,
  "summary_bg_k": 48.34919743005169,
  "summary_bg_mad": 0.0,
  "summary_bg_mean": 6.448790575639146,
  "summary_bg_median": 0.0,
  "summary_bg_n": 434547.0,
  "summary_bg_p05": 0.0,
  "summary_bg_p95": 32.570580288767815,
  "summary_bg_stdv": 12.99871067882556,
  "summary_csf_k": 1.6574887368959006,
  "summary_csf_mad": 76.31946901449301,
  "summary_csf_mean": 289.0793555756885,
  "summary_csf_median": 277.69944259524345,
  "summary_csf_n": 40222.0,
  "summary_csf_p05": 158.98491910099983,
  "summary_csf_p95": 462.6034583300352,
  "summary_csf_stdv": 92.57957257946329,
  "summary_gm_k": 0.16032442021108162,
  "summary_gm_mad": 57.29319689360465,
  "summary_gm_mean": 696.9218851193301,
  "summary_gm_median": 697.8635432571173,
  "summary_gm_n": 45447.0,
  "summary_gm_p05": 598.56123021245,
  "summary_gm_p95": 792.1049448251724,
  "summary_gm_stdv": 58.6935200061633,
  "summary_wm_k": 0.4810975124797836,
  "summary_wm_mad": 45.34148229372267,
  "summary_wm_mean": 1000.786028556523,
  "summary_wm_median": 1000.0361077785492,
  "summary_wm_n": 214344.0,
  "summary_wm_p05": 924.3393318355083,
  "summary_wm_p95": 1079.7816129028797,
  "summary_wm_stdv": 47.451815314971206,
  "tpm_overlap_csf": 0.15631945893496524,
  "tpm_overlap_gm": 0.4638758529029239,
  "tpm_overlap_wm": 0.48724838145908705,
  "wm2max": 0.477147882339329
}