{
  "aor": 0.0042141363636363635,
  "aqi": 0.002435097440909091,
  "bids_meta": {
    "AcquisitionDateTime": "2017-01-10T20:41:22.000000",
    "ConversionSoftware": "dcm2niix",
    "ConversionSoftwareVersion": "v1.0.20170411 GCC4.8.4",
    "EchoTime": 0.04,
    "FlipAngle": 90,
    "ImageType": [
      "ORIGINAL",
      "PRIMARY",
      "EPI",
      "NONE"
    ],
    "MagneticFieldStrength": 3,
    "Manufacturer": "GE",
    "ManufacturersModelName": "DISCOVERY_MR750",
    "ProcedureStepDescription": "CompRefranes",
    "ProtocolName": "fMRI_Comprension_4",
    "RepetitionTime": 2,
    "ScanningSequence": "EP_GR",
    "SequenceVariant": "SS",
    "SeriesDescription": "fMRI_Comprension_4",
    "SliceTiming": [
      1.0285,
      0.0571001,
      1.0857,
      0.1142,
      1.1428,
      0.1714,
      1.2,
      0.2285,
      1.2571,
      0.2857,
      1.3143,
      0.3428,
      1.3714,
      0.4,
      1.4286,
      0.4571,
      1.4857,
      0.5142,
      1.5428,
      0.5714,
      1.6,
      0.6285,
      1.6571,
      0.6857,
      1.7143,
      0.7428,
      1.7714,
      0.8,
      1.8285,
      0.8571,
      1.8857,
      0.9143,
      1.9428,
      0.9714
    ],
    "TaskName": "pc",
    "dataset": "ds003481",
    "modality": "bold",
    "run_id": 4,
    "subject_id": "050",
    "task_id": "pc"
  },
  "dummy_trs": 3,
  "dvars_nstd": 19.139165429589028,
  "dvars_std": 1.1205815663926937,
  "dvars_vstd": 1.0301908559360728,
  "efc": 0.3647843910659061,
  "fber": 53727.96875,
  "fd_mean": 0.1794466427361569,
  "fd_num": 46,
  "fd_perc": 20.90909090909091,
  "fwhm_avg": 2.7956916666666665,
  "fwhm_x": 2.645075,
  "fwhm_y": 2.914825,
  "fwhm_z": 2.827175,
  "gcor": 0.0535881,
  "gsr_x": -0.013859943486750126,
  "gsr_y": 0.012251419946551323,
  "provenance": {
    "md5sum": "7d60804616072a41e052b55c3d3833b3",
    "settings": {
      "fd_thres": 0.2,
      "testing": false
    },
    "software": "mriqc",
    "version": "23.0.1",
    "webapi_port": null,
    "webapi_url": "https://mriqc.nimh.nih.gov/api/v1"
  },
  "size_t": 220,
  "size_x": 64,
  "size_y": 64,
  "size_z": 34,
  "snr": 3.094283027224063,
  "spacing_tr": 2.0,
  "spacing_x": 4.0,
  "spacing_y": 4.0,
  "spacing_z": 4.0,
  "summary_bg_k": 56.91792980918627,
  "summary_bg_mad": 10.600605650227106,
  "summary_bg_mean": 44.70542526245117,
  "summary_bg_median": 7.681818008422852,
  "summary_bg_n": 98271.0,
  "summary_bg_p05": 0.13636362552642822,
  "summary_bg_p95": 234.3886260986328,
  "summary_bg_stdv": 120.9605712890625,
  "summary_fg_k": 0.9461522079498073,
  "summary_fg_mad": 456.695415851131,
  "summary_fg_mean": 1811.619140625,
  "summary_fg_median": 1705.863525390625,
  "summary_fg_n": 13590.0,
  "summary_fg_p05": 1084.3172119140625,
  "summary_fg_p95": 2892.0787841796873,
  "summary_fg_stdv": 551.2749633789062,
  "tsnr": 76.83508664183319
}