{
  "aor": 0.0017403004291845492,
  "aqi": 0.003912189399141631,
  "bids_meta": {
    "AcquisitionDateTime": "2017-01-10T20:23:42.000000",
    "ConversionSoftware": "dcm2niix",
    "ConversionSoftwareVersion": "v1.0.20170411 GCC4.8.4",
    "EchoTime": 0.04,
    "FlipAngle": 90,
    "ImageType": [
      "ORIGINAL",
      "PRIMARY",
      "EPI",
      "NONE"
    ],
    "MagneticFieldStrength": 3,
    "Manufacturer": "GE",
    "ManufacturersModelName": "DISCOVERY_MR750",
    "ProcedureStepDescription": "CompRefranes",
    "ProtocolName": "fMRI_Comprension_2",
    "RepetitionTime": 2,
    "ScanningSequence": "EP_GR",
    "SequenceVariant": "SS",
    "SeriesDescription": "fMRI_Comprension_2",
    "SliceTiming": [
      1.0285,
      0.0571001,
      1.0857,
      0.1142,
      1.1428,
      0.1714,
      1.2,
      0.2285,
      1.2571,
      0.2857,
      1.3143,
      0.3428,
      1.3714,
      0.4,
      1.4286,
      0.4571,
      1.4857,
      0.5142,
      1.5428,
      0.5714,
      1.6,
      0.6285,
      1.6571,
      0.6857,
      1.7143,
      0.7428,
      1.7714,
      0.8,
      1.8285,
      0.8571,
      1.8857,
      0.9143,
      1.9428,
      0.9714
    ],
    "TaskName": "pc",
    "dataset": "ds003481",
    "modality": "bold",
    "run_id": 2,
    "subject_id": "050",
    "task_id": "pc"
  },
  "dummy_trs": 0,
  "dvars_nstd": 19.903892964784472,
  "dvars_std": 1.0086182531465517,
  "dvars_vstd": 0.9425707790517237,
  "efc": 0.36257066633805557,
  "fber": 52634.71875,
  "fd_mean": 0.1913430864838739,
  "fd_num": 48,
  "fd_perc": 20.600858369098713,
  "fwhm_avg": 2.8261083333333334,
  "fwhm_x": 2.70795,
  "fwhm_y": 2.94205,
  "fwhm_z": 2.828325,
  "gcor": 0.0228695,
  "gsr_x": -0.014109632931649685,
  "gsr_y": 0.010888963006436825,
  "provenance": {
    "md5sum": "3d82b79b3c303a22e213312ccf941a49",
    "settings": {
      "fd_thres": 0.2,
      "testing": false
    },
    "software": "mriqc",
    "version": "23.0.1",
    "webapi_port": null,
    "webapi_url": "https://mriqc.nimh.nih.gov/api/v1"
  },
  "size_t": 233,
  "size_x": 64,
  "size_y": 64,
  "size_z": 34,
  "snr": 3.096201455824772,
  "spacing_tr": 2.0,
  "spacing_x": 4.0,
  "spacing_y": 4.0,
  "spacing_z": 4.0,
  "summary_bg_k": 53.57180756955709,
  "summary_bg_mad": 10.632739360427209,
  "summary_bg_mean": 43.295143127441406,
  "summary_bg_median": 7.751072883605957,
  "summary_bg_n": 98574.0,
  "summary_bg_p05": 0.17167381942272186,
  "summary_bg_p95": 227.15064697265603,
  "summary_bg_stdv": 115.50040435791016,
  "summary_fg_k": 0.8988412300047295,
  "summary_fg_mad": 453.57130946736106,
  "summary_fg_mean": 1806.141357421875,
  "summary_fg_median": 1698.8948974609375,
  "summary_fg_n": 13328.0,
  "summary_fg_p05": 1080.9577026367188,
  "summary_fg_p95": 2892.9354370117185,
  "summary_fg_stdv": 548.682373046875,
  "tsnr": 58.48801794042811
}