{
  "aor": 0.0016822333333333332,
  "aqi": 0.002906637876666667,
  "bids_meta": {
    "AcquisitionDateTime": "2016-09-18T11:25:13.000000",
    "ConversionSoftware": "dcm2niix",
    "ConversionSoftwareVersion": "v1.0.20170411 GCC4.8.4",
    "EchoTime": 0.04,
    "FlipAngle": 90,
    "ImageType": [
      "ORIGINAL",
      "PRIMARY",
      "EPI",
      "NONE"
    ],
    "MagneticFieldStrength": 3,
    "Manufacturer": "GE",
    "ManufacturersModelName": "DISCOVERY_MR750",
    "ProcedureStepDescription": "MeditResp",
    "ProtocolName": "fMRI_RestSt",
    "RepetitionTime": 2,
    "ScanningSequence": "EP_GR",
    "SequenceVariant": "SS",
    "SeriesDescription": "fMRI_RestSt",
    "SliceTiming": [
      1.0285,
      0.0571001,
      1.0857,
      0.1142,
      1.1428,
      0.1714,
      1.2,
      0.2285,
      1.2571,
      0.2857,
      1.3143,
      0.3428,
      1.3714,
      0.4,
      1.4286,
      0.4571,
      1.4857,
      0.5142,
      1.5428,
      0.5714,
      1.6,
      0.6285,
      1.6571,
      0.6857,
      1.7143,
      0.7428,
      1.7714,
      0.8,
      1.8285,
      0.8571,
      1.8857,
      0.9143,
      1.9428,
      0.9714
    ],
    "TaskName": "rest",
    "dataset": "ds003481",
    "modality": "bold",
    "subject_id": "106",
    "task_id": "rest"
  },
  "dummy_trs": 0,
  "dvars_nstd": 17.970556993043463,
  "dvars_std": 1.1196065063879599,
  "dvars_vstd": 0.9911207555518398,
  "efc": 0.35668679723163343,
  "fber": 54091.7890625,
  "fd_mean": 0.11970651011542102,
  "fd_num": 20,
  "fd_perc": 6.666666666666667,
  "fwhm_avg": 2.644975,
  "fwhm_x": 2.597325,
  "fwhm_y": 2.811525,
  "fwhm_z": 2.526075,
  "gcor": 0.111889,
  "gsr_x": -0.008371209725737572,
  "gsr_y": 0.005806608125567436,
  "provenance": {
    "md5sum": "eb10035080e37be5c2812525f3f417ab",
    "settings": {
      "fd_thres": 0.2,
      "testing": false
    },
    "software": "mriqc",
    "version": "23.0.1",
    "webapi_port": null,
    "webapi_url": "https://mriqc.nimh.nih.gov/api/v1"
  },
  "size_t": 300,
  "size_x": 64,
  "size_y": 64,
  "size_z": 34,
  "snr": 3.6209176006593378,
  "spacing_tr": 2.0,
  "spacing_x": 4.0,
  "spacing_y": 4.0,
  "spacing_z": 4.0,
  "summary_bg_k": 92.65381642246881,
  "summary_bg_mad": 11.262835777008398,
  "summary_bg_mean": 35.85831832885742,
  "summary_bg_median": 8.110000610351562,
  "summary_bg_n": 98885.0,
  "summary_bg_p05": 0.12000000476837158,
  "summary_bg_p95": 145.7240081787106,
  "summary_bg_stdv": 106.13862609863281,
  "summary_fg_k": 0.16135908000388,
  "summary_fg_mad": 474.4994016841851,
  "summary_fg_mean": 1817.7318115234375,
  "summary_fg_median": 1797.60498046875,
  "summary_fg_n": 13544.0,
  "summary_fg_p05": 1055.6510314941406,
  "summary_fg_p95": 2674.406286621093,
  "summary_fg_stdv": 496.4317932128906,
  "tsnr": 71.39801648189314
}