{
  "aor": 0.006667953216374269,
  "aqi": 0.001784993403508772,
  "bids_meta": {
    "AcquisitionMatrixPE": 64,
    "AcquisitionNumber": 1,
    "AcquisitionTime": "19:30:4.000000",
    "CoilString": "32Ch_Head",
    "ConversionSoftware": "dcm2niix",
    "ConversionSoftwareVersion": "v1.0.20190902",
    "Dcm2bidsVersion": "2.1.4",
    "DeviceSerialNumber": "000000000000GEHC",
    "EchoTime": 0.04,
    "EffectiveEchoSpacing": 0.000372,
    "FlipAngle": 90,
    "ImageOrientationPatientDICOM": [
      1,
      0,
      0,
      0,
      1,
      0
    ],
    "ImageType": [
      "ORIGINAL",
      "PRIMARY",
      "EPI",
      "NONE"
    ],
    "ImagingFrequency": 127.772,
    "InPlanePhaseEncodingDirectionDICOM": "COL",
    "InstitutionName": "INSTITUTO_DE_NEUROBIOLOGIA",
    "MRAcquisitionType": "2D",
    "MagneticFieldStrength": 3,
    "Manufacturer": "GE",
    "ManufacturersModelName": "DISCOVERY_MR750",
    "Modality": "MR",
    "PatientPosition": "HFS",
    "PercentPhaseFOV": 100,
    "PhaseEncodingDirection": "j",
    "PhaseEncodingPolarityGE": "Flipped",
    "PixelBandwidth": 7812.5,
    "ProcedureStepDescription": "verbos",
    "ProtocolName": "fMRI_2",
    "ReconMatrixPE": 64,
    "RepetitionTime": 2,
    "SAR": 0.356791,
    "ScanOptions": "EPI_GEMS_ACC_GEMS",
    "ScanningSequence": "EP_GR",
    "SequenceVariant": "SS",
    "SeriesDescription": "fMRI_2",
    "SeriesNumber": 5,
    "SliceThickness": 4,
    "SliceTiming": [
      0,
      1.0285,
      0.0571001,
      1.0857,
      0.1142,
      1.1428,
      0.1714,
      1.2,
      0.2285,
      1.2571,
      0.2857,
      1.3143,
      0.3428,
      1.3714,
      0.4,
      1.4286,
      0.4571,
      1.4857,
      0.5142,
      1.5428,
      0.5714,
      1.6,
      0.6285,
      1.6571,
      0.6857,
      1.7143,
      0.7428,
      1.7714,
      0.8,
      1.8285,
      0.8571,
      1.8857,
      0.9143,
      1.9428,
      0.9714
    ],
    "SoftwareVersions": "24_LX_MR_Software_release:DV24.0_R02_1607.b",
    "SpacingBetweenSlices": 4,
    "StationName": "GEHCGEHC",
    "TaskName": "verbs",
    "TotalReadoutTime": 0.023436,
    "dataset": "ds003481",
    "modality": "bold",
    "run_id": 2,
    "subject_id": "131",
    "task_id": "verbs"
  },
  "dummy_trs": 3,
  "dvars_nstd": 12.503202461117649,
  "dvars_std": 1.0751528579999996,
  "dvars_vstd": 1.0138200317058825,
  "efc": 0.3228740750165381,
  "fber": 71039.3515625,
  "fd_mean": 0.05841497462810671,
  "fd_num": 1,
  "fd_perc": 0.5847953216374269,
  "fwhm_avg": 2.9999750000000005,
  "fwhm_x": 3.01305,
  "fwhm_y": 3.02965,
  "fwhm_z": 2.957225,
  "gcor": 0.0268864,
  "gsr_x": -0.015399579890072346,
  "gsr_y": -0.0003236694319639355,
  "provenance": {
    "md5sum": "185653245d7a1414113a1003da220db5",
    "settings": {
      "fd_thres": 0.2,
      "testing": false
    },
    "software": "mriqc",
    "version": "23.0.1",
    "webapi_port": null,
    "webapi_url": "https://mriqc.nimh.nih.gov/api/v1"
  },
  "size_t": 171,
  "size_x": 64,
  "size_y": 64,
  "size_z": 35,
  "snr": 2.8967879718237857,
  "spacing_tr": 2.0,
  "spacing_x": 4.0,
  "spacing_y": 4.0,
  "spacing_z": 4.0,
  "summary_bg_k": 62.527510558779,
  "summary_bg_mad": 9.875344664155836,
  "summary_bg_mean": 30.855289459228516,
  "summary_bg_median": 7.608187198638916,
  "summary_bg_n": 105205.0,
  "summary_bg_p05": 0.3040935695171356,
  "summary_bg_p95": 133.29123229980462,
  "summary_bg_stdv": 84.19388580322266,
  "summary_fg_k": 1.6282605540071104,
  "summary_fg_mad": 492.73982492567745,
  "summary_fg_mean": 2051.271728515625,
  "summary_fg_median": 1879.6988525390625,
  "summary_fg_n": 11848.0,
  "summary_fg_p05": 1316.9690185546874,
  "summary_fg_p95": 3367.735766601562,
  "summary_fg_stdv": 648.8633422851562,
  "tsnr": 92.39211548492312
}