{
  "aor": 0.0027741954022988506,
  "aqi": 0.001597349563218391,
  "bids_meta": {
    "AcquisitionMatrixPE": 64,
    "AcquisitionNumber": 1,
    "AcquisitionTime": "20:12:40.000000",
    "CoilString": "32Ch_Head",
    "ConversionSoftware": "dcm2niix",
    "ConversionSoftwareVersion": "v1.0.20190902",
    "Dcm2bidsVersion": "2.1.4",
    "DeviceSerialNumber": "000000000000GEHC",
    "EchoTime": 0.04,
    "EffectiveEchoSpacing": 0.000372,
    "FlipAngle": 90,
    "ImageOrientationPatientDICOM": [
      1,
      0,
      0,
      0,
      1,
      0
    ],
    "ImageType": [
      "ORIGINAL",
      "PRIMARY",
      "EPI",
      "NONE"
    ],
    "ImagingFrequency": 127.772,
    "InPlanePhaseEncodingDirectionDICOM": "COL",
    "InstitutionName": "INSTITUTO_DE_NEUROBIOLOGIA",
    "MRAcquisitionType": "2D",
    "MagneticFieldStrength": 3,
    "Manufacturer": "GE",
    "ManufacturersModelName": "DISCOVERY_MR750",
    "Modality": "MR",
    "PatientPosition": "HFS",
    "PercentPhaseFOV": 100,
    "PhaseEncodingDirection": "j",
    "PhaseEncodingPolarityGE": "Flipped",
    "PixelBandwidth": 7812.5,
    "ProcedureStepDescription": "verbos",
    "ProtocolName": "fMRI_8",
    "ReconMatrixPE": 64,
    "RepetitionTime": 2,
    "SAR": 0.356791,
    "ScanOptions": "EPI_GEMS_ACC_GEMS",
    "ScanningSequence": "EP_GR",
    "SequenceVariant": "SS",
    "SeriesDescription": "fMRI_8",
    "SeriesNumber": 11,
    "SliceThickness": 4,
    "SliceTiming": [
      0,
      1.0285,
      0.0571001,
      1.0857,
      0.1142,
      1.1428,
      0.1714,
      1.2,
      0.2285,
      1.2571,
      0.2857,
      1.3143,
      0.3428,
      1.3714,
      0.4,
      1.4286,
      0.4571,
      1.4857,
      0.5142,
      1.5428,
      0.5714,
      1.6,
      0.6285,
      1.6571,
      0.6857,
      1.7143,
      0.7428,
      1.7714,
      0.8,
      1.8285,
      0.8571,
      1.8857,
      0.9143,
      1.9428,
      0.9714
    ],
    "SoftwareVersions": "24_LX_MR_Software_release:DV24.0_R02_1607.b",
    "SpacingBetweenSlices": 4,
    "StationName": "GEHCGEHC",
    "TaskName": "verbs",
    "TotalReadoutTime": 0.023436,
    "dataset": "ds003481",
    "modality": "bold",
    "run_id": 8,
    "subject_id": "131",
    "task_id": "verbs"
  },
  "dummy_trs": 0,
  "dvars_nstd": 12.257485411676301,
  "dvars_std": 1.0474469394219654,
  "dvars_vstd": 0.9976255971098266,
  "efc": 0.32766526322871575,
  "fber": 67807.296875,
  "fd_mean": 0.06386062157227393,
  "fd_num": 6,
  "fd_perc": 3.4482758620689653,
  "fwhm_avg": 2.854991666666667,
  "fwhm_x": 2.86645,
  "fwhm_y": 2.877575,
  "fwhm_z": 2.82095,
  "gcor": 0.0702743,
  "gsr_x": -0.01577216386795044,
  "gsr_y": 0.0027876244857907295,
  "provenance": {
    "md5sum": "dec437472477306e5adec61d35e2f654",
    "settings": {
      "fd_thres": 0.2,
      "testing": false
    },
    "software": "mriqc",
    "version": "23.0.1",
    "webapi_port": null,
    "webapi_url": "https://mriqc.nimh.nih.gov/api/v1"
  },
  "size_t": 174,
  "size_x": 64,
  "size_y": 64,
  "size_z": 35,
  "snr": 3.021161426740165,
  "spacing_tr": 2.0,
  "spacing_x": 4.0,
  "spacing_y": 4.0,
  "spacing_z": 4.0,
  "summary_bg_k": 55.55557672333513,
  "summary_bg_mad": 10.122594408627226,
  "summary_bg_mean": 32.51274108886719,
  "summary_bg_median": 7.683907985687256,
  "summary_bg_n": 105313.0,
  "summary_bg_p05": 0.19540229439735413,
  "summary_bg_p95": 144.636782836914,
  "summary_bg_stdv": 85.64437866210938,
  "summary_fg_k": 1.5806919106979178,
  "summary_fg_mad": 469.2179932441911,
  "summary_fg_mean": 2003.2657470703125,
  "summary_fg_median": 1848.103515625,
  "summary_fg_n": 11956.0,
  "summary_fg_p05": 1281.9942321777344,
  "summary_fg_p95": 3231.206787109375,
  "summary_fg_stdv": 611.6939697265625,
  "tsnr": 93.05413811700419
}