{
  "aor": 0.0013847701149425288,
  "aqi": 0.0020333413620689657,
  "bids_meta": {
    "AcquisitionMatrixPE": 64,
    "AcquisitionNumber": 1,
    "AcquisitionTime": "19:59:16.000000",
    "CoilString": "32Ch_Head",
    "ConversionSoftware": "dcm2niix",
    "ConversionSoftwareVersion": "v1.0.20190902",
    "Dcm2bidsVersion": "2.1.4",
    "DeviceSerialNumber": "000000000000GEHC",
    "EchoTime": 0.04,
    "EffectiveEchoSpacing": 0.000372,
    "FlipAngle": 90,
    "ImageOrientationPatientDICOM": [
      1,
      0,
      0,
      0,
      1,
      0
    ],
    "ImageType": [
      "ORIGINAL",
      "PRIMARY",
      "EPI",
      "NONE"
    ],
    "ImagingFrequency": 127.772,
    "InPlanePhaseEncodingDirectionDICOM": "COL",
    "InstitutionName": "INSTITUTO_DE_NEUROBIOLOGIA",
    "MRAcquisitionType": "2D",
    "MagneticFieldStrength": 3,
    "Manufacturer": "GE",
    "ManufacturersModelName": "DISCOVERY_MR750",
    "Modality": "MR",
    "PatientPosition": "HFS",
    "PercentPhaseFOV": 100,
    "PhaseEncodingDirection": "j",
    "PhaseEncodingPolarityGE": "Flipped",
    "PixelBandwidth": 7812.5,
    "ProcedureStepDescription": "verbos",
    "ProtocolName": "fMRI_6",
    "ReconMatrixPE": 64,
    "RepetitionTime": 2,
    "SAR": 0.356791,
    "ScanOptions": "EPI_GEMS_ACC_GEMS",
    "ScanningSequence": "EP_GR",
    "SequenceVariant": "SS",
    "SeriesDescription": "fMRI_6",
    "SeriesNumber": 9,
    "SliceThickness": 4,
    "SliceTiming": [
      0,
      1.0285,
      0.0571001,
      1.0857,
      0.1142,
      1.1428,
      0.1714,
      1.2,
      0.2285,
      1.2571,
      0.2857,
      1.3143,
      0.3428,
      1.3714,
      0.4,
      1.4286,
      0.4571,
      1.4857,
      0.5142,
      1.5428,
      0.5714,
      1.6,
      0.6285,
      1.6571,
      0.6857,
      1.7143,
      0.7428,
      1.7714,
      0.8,
      1.8285,
      0.8571,
      1.8857,
      0.9143,
      1.9428,
      0.9714
    ],
    "SoftwareVersions": "24_LX_MR_Software_release:DV24.0_R02_1607.b",
    "SpacingBetweenSlices": 4,
    "StationName": "GEHCGEHC",
    "TaskName": "verbs",
    "TotalReadoutTime": 0.023436,
    "dataset": "ds003481",
    "modality": "bold",
    "run_id": 6,
    "subject_id": "131",
    "task_id": "verbs"
  },
  "dummy_trs": 0,
  "dvars_nstd": 13.45825959421966,
  "dvars_std": 1.0204196626589592,
  "dvars_vstd": 0.9595008186705206,
  "efc": 0.32607206538930256,
  "fber": 68716.0703125,
  "fd_mean": 0.08096201196042667,
  "fd_num": 16,
  "fd_perc": 9.195402298850574,
  "fwhm_avg": 2.8902083333333337,
  "fwhm_x": 2.903125,
  "fwhm_y": 2.942,
  "fwhm_z": 2.8255,
  "gcor": 0.127521,
  "gsr_x": -0.015298607759177685,
  "gsr_y": 0.0010480663040652871,
  "provenance": {
    "md5sum": "5293ab109001a8edb13517b1d6f58dd3",
    "settings": {
      "fd_thres": 0.2,
      "testing": false
    },
    "software": "mriqc",
    "version": "23.0.1",
    "webapi_port": null,
    "webapi_url": "https://mriqc.nimh.nih.gov/api/v1"
  },
  "size_t": 174,
  "size_x": 64,
  "size_y": 64,
  "size_z": 35,
  "snr": 3.0192473392623085,
  "spacing_tr": 2.0,
  "spacing_x": 4.0,
  "spacing_y": 4.0,
  "spacing_z": 4.0,
  "summary_bg_k": 59.4775971565187,
  "summary_bg_mad": 9.943659871424773,
  "summary_bg_mean": 31.06914710998535,
  "summary_bg_median": 7.603448390960693,
  "summary_bg_n": 105083.0,
  "summary_bg_p05": 0.2816092073917389,
  "summary_bg_p95": 136.09712677001949,
  "summary_bg_stdv": 83.24931335449219,
  "summary_fg_k": 1.6635978555156896,
  "summary_fg_mad": 462.5548798924319,
  "summary_fg_mean": 2004.0966796875,
  "summary_fg_median": 1850.465576171875,
  "summary_fg_n": 11962.0,
  "summary_fg_p05": 1279.5195190429688,
  "summary_fg_p95": 3223.519177246093,
  "summary_fg_stdv": 612.8640747070312,
  "tsnr": 78.6446254150942
}