{
  "aor": 0.003992068965517241,
  "aqi": 0.002020850735632184,
  "bids_meta": {
    "AcquisitionMatrixPE": 64,
    "AcquisitionNumber": 1,
    "AcquisitionTime": "20:24:38.000000",
    "CoilString": "32Ch_Head",
    "ConversionSoftware": "dcm2niix",
    "ConversionSoftwareVersion": "v1.0.20190902",
    "Dcm2bidsVersion": "2.1.4",
    "DeviceSerialNumber": "000000000000GEHC",
    "EchoTime": 0.04,
    "EffectiveEchoSpacing": 0.000372,
    "FlipAngle": 90,
    "ImageOrientationPatientDICOM": [
      1,
      0,
      0,
      0,
      1,
      0
    ],
    "ImageType": [
      "ORIGINAL",
      "PRIMARY",
      "EPI",
      "NONE"
    ],
    "ImagingFrequency": 127.772,
    "InPlanePhaseEncodingDirectionDICOM": "COL",
    "InstitutionName": "INSTITUTO_DE_NEUROBIOLOGIA",
    "MRAcquisitionType": "2D",
    "MagneticFieldStrength": 3,
    "Manufacturer": "GE",
    "ManufacturersModelName": "DISCOVERY_MR750",
    "Modality": "MR",
    "PatientPosition": "HFS",
    "PercentPhaseFOV": 100,
    "PhaseEncodingDirection": "j",
    "PhaseEncodingPolarityGE": "Flipped",
    "PixelBandwidth": 7812.5,
    "ProcedureStepDescription": "verbos",
    "ProtocolName": "fMRI_3",
    "ReconMatrixPE": 64,
    "RepetitionTime": 2,
    "SAR": 0.370431,
    "ScanOptions": "EPI_GEMS_ACC_GEMS",
    "ScanningSequence": "EP_GR",
    "SequenceVariant": "SS",
    "SeriesDescription": "fMRI_3",
    "SeriesNumber": 6,
    "SliceThickness": 4,
    "SliceTiming": [
      0,
      1.0285,
      0.0571001,
      1.0857,
      0.1142,
      1.1428,
      0.1714,
      1.2,
      0.2285,
      1.2571,
      0.2857,
      1.3143,
      0.3428,
      1.3714,
      0.4,
      1.4286,
      0.4571,
      1.4857,
      0.5142,
      1.5428,
      0.5714,
      1.6,
      0.6285,
      1.6571,
      0.6857,
      1.7143,
      0.7428,
      1.7714,
      0.8,
      1.8285,
      0.8571,
      1.8857,
      0.9143,
      1.9428,
      0.9714
    ],
    "SoftwareVersions": "24_LX_MR_Software_release:DV24.0_R02_1607.b",
    "SpacingBetweenSlices": 4,
    "StationName": "GEHCGEHC",
    "TaskName": "verbs",
    "TotalReadoutTime": 0.023436,
    "dataset": "ds003481",
    "modality": "bold",
    "run_id": 3,
    "subject_id": "129",
    "task_id": "verbs"
  },
  "dummy_trs": 0,
  "dvars_nstd": 14.561703456011559,
  "dvars_std": 1.2017136331791918,
  "dvars_vstd": 1.0166027295953752,
  "efc": 0.3457796236989556,
  "fber": 67001.03125,
  "fd_mean": 0.07509984295619357,
  "fd_num": 7,
  "fd_perc": 4.022988505747127,
  "fwhm_avg": 2.854691666666667,
  "fwhm_x": 2.826675,
  "fwhm_y": 2.856175,
  "fwhm_z": 2.881225,
  "gcor": 0.0912315,
  "gsr_x": -0.013372158631682396,
  "gsr_y": 0.004863246809691191,
  "provenance": {
    "md5sum": "ba197e912ed079434dca1cf98d8b0212",
    "settings": {
      "fd_thres": 0.2,
      "testing": false
    },
    "software": "mriqc",
    "version": "23.0.1",
    "webapi_port": null,
    "webapi_url": "https://mriqc.nimh.nih.gov/api/v1"
  },
  "size_t": 174,
  "size_x": 64,
  "size_y": 64,
  "size_z": 35,
  "snr": 3.0057553257864806,
  "spacing_tr": 2.0,
  "spacing_x": 4.0,
  "spacing_y": 4.0,
  "spacing_z": 4.0,
  "summary_bg_k": 57.89351804540332,
  "summary_bg_mad": 10.045908090027623,
  "summary_bg_mean": 41.46202850341797,
  "summary_bg_median": 7.3275861740112305,
  "summary_bg_n": 103441.0,
  "summary_bg_p05": 0.12643678486347198,
  "summary_bg_p95": 206.51148986816406,
  "summary_bg_stdv": 118.85062408447266,
  "summary_fg_k": 2.359567363226689,
  "summary_fg_mad": 457.4467614456288,
  "summary_fg_mean": 1968.16162109375,
  "summary_fg_median": 1817.5689697265625,
  "summary_fg_n": 12374.0,
  "summary_fg_p05": 1257.7962768554687,
  "summary_fg_p95": 3183.881652832031,
  "summary_fg_stdv": 604.6718139648438,
  "tsnr": 90.90115249273367
}