{
  "aor": 0.0012860344827586208,
  "aqi": 0.001813480022988506,
  "bids_meta": {
    "AcquisitionMatrixPE": 64,
    "AcquisitionNumber": 1,
    "AcquisitionTime": "20:17:59.000000",
    "CoilString": "32Ch_Head",
    "ConversionSoftware": "dcm2niix",
    "ConversionSoftwareVersion": "v1.0.20190902",
    "Dcm2bidsVersion": "2.1.4",
    "DeviceSerialNumber": "000000000000GEHC",
    "EchoTime": 0.04,
    "EffectiveEchoSpacing": 0.000372,
    "FlipAngle": 90,
    "ImageOrientationPatientDICOM": [
      1,
      0,
      0,
      0,
      1,
      0
    ],
    "ImageType": [
      "ORIGINAL",
      "PRIMARY",
      "EPI",
      "NONE"
    ],
    "ImagingFrequency": 127.772,
    "InPlanePhaseEncodingDirectionDICOM": "COL",
    "InstitutionName": "INSTITUTO_DE_NEUROBIOLOGIA",
    "MRAcquisitionType": "2D",
    "MagneticFieldStrength": 3,
    "Manufacturer": "GE",
    "ManufacturersModelName": "DISCOVERY_MR750",
    "Modality": "MR",
    "PatientPosition": "HFS",
    "PercentPhaseFOV": 100,
    "PhaseEncodingDirection": "j",
    "PhaseEncodingPolarityGE": "Flipped",
    "PixelBandwidth": 7812.5,
    "ProcedureStepDescription": "verbos",
    "ProtocolName": "fMRI_2",
    "ReconMatrixPE": 64,
    "RepetitionTime": 2,
    "SAR": 0.370431,
    "ScanOptions": "EPI_GEMS_ACC_GEMS",
    "ScanningSequence": "EP_GR",
    "SequenceVariant": "SS",
    "SeriesDescription": "fMRI_2",
    "SeriesNumber": 5,
    "SliceThickness": 4,
    "SliceTiming": [
      0,
      1.0285,
      0.0571001,
      1.0857,
      0.1142,
      1.1428,
      0.1714,
      1.2,
      0.2285,
      1.2571,
      0.2857,
      1.3143,
      0.3428,
      1.3714,
      0.4,
      1.4286,
      0.4571,
      1.4857,
      0.5142,
      1.5428,
      0.5714,
      1.6,
      0.6285,
      1.6571,
      0.6857,
      1.7143,
      0.7428,
      1.7714,
      0.8,
      1.8285,
      0.8571,
      1.8857,
      0.9143,
      1.9428,
      0.9714
    ],
    "SoftwareVersions": "24_LX_MR_Software_release:DV24.0_R02_1607.b",
    "SpacingBetweenSlices": 4,
    "StationName": "GEHCGEHC",
    "TaskName": "verbs",
    "TotalReadoutTime": 0.023436,
    "dataset": "ds003481",
    "modality": "bold",
    "run_id": 2,
    "subject_id": "129",
    "task_id": "verbs"
  },
  "dummy_trs": 0,
  "dvars_nstd": 15.261314088439313,
  "dvars_std": 1.2273139918497116,
  "dvars_vstd": 0.995242269421965,
  "efc": 0.34532954863566795,
  "fber": 68877.3359375,
  "fd_mean": 0.05539918440505458,
  "fd_num": 0,
  "fd_perc": 0.0,
  "fwhm_avg": 2.8211833333333334,
  "fwhm_x": 2.809575,
  "fwhm_y": 2.8344,
  "fwhm_z": 2.819575,
  "gcor": 0.0687641,
  "gsr_x": -0.013866445049643517,
  "gsr_y": 0.003965857904404402,
  "provenance": {
    "md5sum": "25de61a88fa233590c6720f1a64763e1",
    "settings": {
      "fd_thres": 0.2,
      "testing": false
    },
    "software": "mriqc",
    "version": "23.0.1",
    "webapi_port": null,
    "webapi_url": "https://mriqc.nimh.nih.gov/api/v1"
  },
  "size_t": 174,
  "size_x": 64,
  "size_y": 64,
  "size_z": 35,
  "snr": 3.004937397944103,
  "spacing_tr": 2.0,
  "spacing_x": 4.0,
  "spacing_y": 4.0,
  "spacing_z": 4.0,
  "summary_bg_k": 57.69889296059167,
  "summary_bg_mad": 9.926618516385961,
  "summary_bg_mean": 40.688724517822266,
  "summary_bg_median": 7.247126579284668,
  "summary_bg_n": 103411.0,
  "summary_bg_p05": 0.13793103396892548,
  "summary_bg_p95": 204.10919952392578,
  "summary_bg_stdv": 116.68392944335938,
  "summary_fg_k": 2.32973036559937,
  "summary_fg_mad": 455.32936585781067,
  "summary_fg_mean": 1965.1876220703125,
  "summary_fg_median": 1813.534423828125,
  "summary_fg_n": 12383.0,
  "summary_fg_p05": 1253.1419921875,
  "summary_fg_p95": 3175.2511474609373,
  "summary_fg_stdv": 603.4938354492188,
  "tsnr": 93.37607846409082
}