{
  "bids_meta": {
    "AcquisitionDateTime": "2017-08-17T21:36:25.000000",
    "ConversionSoftware": "dcm2niix",
    "ConversionSoftwareVersion": "v1.0.20170411 GCC4.8.4",
    "EchoTime": 0.00318,
    "FlipAngle": 12,
    "ImageType": [
      "DERIVED",
      "PRIMARY",
      "OTHER"
    ],
    "InversionTime": 0.45,
    "MagneticFieldStrength": 3,
    "Manufacturer": "GE",
    "ManufacturersModelName": "DISCOVERY_MR750",
    "ProtocolName": "PU:Sag_T1_FSPGR_BRAVO",
    "RepetitionTime": 0.008156,
    "ScanningSequence": "GR",
    "SequenceVariant": "SS_SP_SK",
    "SeriesDescription": "PU:Sag_T1_FSPGR_BRAVO",
    "dataset": "ds003481",
    "modality": "T1w",
    "subject_id": "083"
  },
  "cjv": 0.3369761102911746,
  "cnr": 4.0433783234437914,
  "efc": 0.740097446202867,
  "fber": 11195.507136678201,
  "fwhm_avg": 3.9556733333333334,
  "fwhm_x": 3.93718,
  "fwhm_y": 4.16937,
  "fwhm_z": 3.76047,
  "icvs_csf": 0.20752109001686928,
  "icvs_gm": 0.41563742224220235,
  "icvs_wm": 0.37684148774092835,
  "inu_med": 0.4000702351331711,
  "inu_range": 0.07000404149293898,
  "provenance": {
    "md5sum": "fa1b6d65ed9ffe2150067a6865bf1d7b",
    "settings": {
      "testing": false
    },
    "software": "mriqc",
    "version": "23.0.1",
    "warnings": {
      "large_rot_frame": true,
      "small_air_mask": true
    },
    "webapi_port": null,
    "webapi_url": "https://mriqc.nimh.nih.gov/api/v1"
  },
  "qi_1": 0.0011283480234095715,
  "qi_2": 0.0021952868207198474,
  "rpve_csf": 22.329052540375145,
  "rpve_gm": 11.647764275988779,
  "rpve_wm": 15.415276753363518,
  "size_x": 176,
  "size_y": 256,
  "size_z": 256,
  "snr_csf": 2.0468603404255683,
  "snr_gm": 9.959641507972378,
  "snr_total": 11.680129071085352,
  "snr_wm": 23.033885364858108,
  "snrd_csf": 18.982140431592875,
  "snrd_gm": 57.73078661857388,
  "snrd_total": 54.13994218240929,
  "snrd_wm": 85.7068994970611,
  "spacing_x": 1.0,
  "spacing_y": 1.0,
  "spacing_z": 1.0,
  "summary_bg_k": 13.16588892922757,
  "summary_bg_mad": 0.0,
  "summary_bg_mean": 3.449016783234768,
  "summary_bg_median": 0.0,
  "summary_bg_n": 301852.0,
  "summary_bg_p05": 0.0,
  "summary_bg_p95": 18.157971227541566,
  "summary_bg_stdv": 7.644028002420071,
  "summary_csf_k": 0.9542123932932136,
  "summary_csf_mad": 93.76994395403757,
  "summary_csf_mean": 234.6795616265753,
  "summary_csf_median": 221.4806153420359,
  "summary_csf_n": 37413.0,
  "summary_csf_p05": 77.99475281685591,
  "summary_csf_p95": 442.83881739489743,
  "summary_csf_stdv": 108.20359894914583,
  "summary_gm_k": 0.11630870206590149,
  "summary_gm_mad": 67.10816726295869,
  "summary_gm_mean": 673.241484959584,
  "summary_gm_median": 673.5936966929585,
  "summary_gm_n": 37649.0,
  "summary_gm_p05": 561.002616673708,
  "summary_gm_p95": 782.5415240582079,
  "summary_gm_stdv": 67.63142532684043,
  "summary_wm_k": 0.16495211089595951,
  "summary_wm_mad": 42.88786607114391,
  "summary_wm_mean": 1000.7886938742462,
  "summary_wm_median": 1000.0145614808425,
  "summary_wm_n": 274194.0,
  "summary_wm_p05": 931.0987942777574,
  "summary_wm_p95": 1073.3998710398555,
  "summary_wm_stdv": 43.4148526002434,
  "tpm_overlap_csf": 0.1599485688254334,
  "tpm_overlap_gm": 0.4557050467256095,
  "tpm_overlap_wm": 0.5136345972318821,
  "wm2max": 0.5978376400480911
}