{
  "bids_meta": {
    "AcquisitionMatrixPE": 256,
    "AcquisitionNumber": 1,
    "AcquisitionTime": "19:15:1.000000",
    "CoilString": "32Ch_Head",
    "ConversionSoftware": "dcm2niix",
    "ConversionSoftwareVersion": "v1.0.20190902",
    "Dcm2bidsVersion": "2.1.4",
    "DeviceSerialNumber": "000000000000GEHC",
    "EchoTime": 0.00318,
    "FlipAngle": 12,
    "ImageOrientationPatientDICOM": [
      0,
      1,
      0,
      0,
      0,
      -1
    ],
    "ImageType": [
      "ORIGINAL",
      "PRIMARY",
      "OTHER"
    ],
    "ImagingFrequency": 127.772,
    "InPlanePhaseEncodingDirectionDICOM": "ROW",
    "InstitutionName": "INSTITUTO_DE_NEUROBIOLOGIA",
    "InversionTime": 0.45,
    "MRAcquisitionType": "3D",
    "MagneticFieldStrength": 3,
    "Manufacturer": "GE",
    "ManufacturersModelName": "DISCOVERY_MR750",
    "Modality": "MR",
    "PatientPosition": "HFS",
    "PercentPhaseFOV": 100,
    "PixelBandwidth": 244.141,
    "ProcedureStepDescription": "verbos",
    "ProtocolName": "Sag_T1_FSPGR_BRAVO",
    "ReconMatrixPE": 256,
    "RepetitionTime": 0.008156,
    "SAR": 0.237864,
    "ScanOptions": "FAST_GEMS_EDR_GEMS_FILTERED_GEMS_ACC_GEMS",
    "ScanningSequence": "GR",
    "SequenceVariant": "SS_SP_SK",
    "SeriesDescription": "Sag_T1_FSPGR_BRAVO",
    "SeriesNumber": 13,
    "SliceThickness": 1,
    "SoftwareVersions": "24_LX_MR_Software_release:DV24.0_R02_1607.b",
    "SpacingBetweenSlices": 1,
    "StationName": "GEHCGEHC",
    "dataset": "ds003481",
    "modality": "T1w",
    "subject_id": "134"
  },
  "cjv": 0.389905128892707,
  "cnr": 3.4771038675337507,
  "efc": 0.5361681401700213,
  "fber": -1.0,
  "fwhm_avg": 4.187260000000001,
  "fwhm_x": 4.11972,
  "fwhm_y": 4.29175,
  "fwhm_z": 4.15031,
  "icvs_csf": 0.20992549460725968,
  "icvs_gm": 0.4392521590807821,
  "icvs_wm": 0.35082234631195824,
  "inu_med": 0.8302746117115021,
  "inu_range": 0.6576168686151505,
  "provenance": {
    "md5sum": "7dbbf9d0642907057ea04259c50b4a43",
    "settings": {
      "testing": false
    },
    "software": "mriqc",
    "version": "23.0.1",
    "warnings": {
      "large_rot_frame": true,
      "small_air_mask": false
    },
    "webapi_port": null,
    "webapi_url": "https://mriqc.nimh.nih.gov/api/v1"
  },
  "qi_1": 0.0004739611443278489,
  "qi_2": 0.002509016896465813,
  "rpve_csf": 24.783486714753813,
  "rpve_gm": 12.275108614248376,
  "rpve_wm": 17.19067959474149,
  "size_x": 176,
  "size_y": 256,
  "size_z": 256,
  "snr_csf": 2.7753929591675495,
  "snr_gm": 11.20120655519427,
  "snr_total": 10.599222647497447,
  "snr_wm": 17.821068428130516,
  "snrd_csf": 10.578010060823049,
  "snrd_gm": 27.84966714138046,
  "snrd_total": 26.034404676818976,
  "snrd_wm": 39.67553682825342,
  "spacing_x": 1.0,
  "spacing_y": 1.0,
  "spacing_z": 1.0,
  "summary_bg_k": 13.273177973331421,
  "summary_bg_mad": 0.0,
  "summary_bg_mean": 9.338044108820155,
  "summary_bg_median": 0.0,
  "summary_bg_n": 2569938.0,
  "summary_bg_p05": 0.0,
  "summary_bg_p95": 43.281897716224194,
  "summary_bg_stdv": 16.513239375513383,
  "summary_csf_k": 1.5492046890158022,
  "summary_csf_mad": 80.67065295168821,
  "summary_csf_mean": 274.16686717462846,
  "summary_csf_median": 266.6272431984544,
  "summary_csf_n": 39710.0,
  "summary_csf_p05": 130.65218813717365,
  "summary_csf_p95": 448.27948609180726,
  "summary_csf_stdv": 96.06707587713774,
  "summary_gm_k": 0.03827931213181213,
  "summary_gm_mad": 62.176985476597636,
  "summary_gm_mean": 701.7393153754913,
  "summary_gm_median": 701.973237991333,
  "summary_gm_n": 34611.0,
  "summary_gm_p05": 597.6127864792943,
  "summary_gm_p95": 804.5862836949527,
  "summary_gm_stdv": 62.66852535583447,
  "summary_wm_k": 0.4386862555260702,
  "summary_wm_mad": 54.04614891427333,
  "summary_wm_mean": 1001.2398911776262,
  "summary_wm_median": 1000.0537857413292,
  "summary_wm_n": 192962.0,
  "summary_wm_p05": 911.9307666644454,
  "summary_wm_p95": 1095.0588953867555,
  "summary_wm_stdv": 56.11623110297182,
  "tpm_overlap_csf": 0.1457918304298096,
  "tpm_overlap_gm": 0.4739478584517586,
  "tpm_overlap_wm": 0.5018352271409604,
  "wm2max": 0.36035337879727214
}