{
  "aor": 0.0010636,
  "aqi": 0.001208105144,
  "bids_meta": {
    "AcquisitionDateTime": "2017-08-14T19:53:7.000000",
    "ConversionSoftware": "dcm2niix",
    "ConversionSoftwareVersion": "v1.0.20170411 GCC4.8.4",
    "EchoTime": 0.035,
    "FlipAngle": 90,
    "ImageType": [
      "ORIGINAL",
      "PRIMARY",
      "EPI",
      "NONE"
    ],
    "MagneticFieldStrength": 3,
    "Manufacturer": "GE",
    "ManufacturersModelName": "DISCOVERY_MR750",
    "ProcedureStepDescription": "CompMet",
    "ProtocolName": "fMRI_CompMet",
    "RepetitionTime": 2,
    "ScanningSequence": "EP_GR",
    "SequenceVariant": "SS",
    "SeriesDescription": "fMRI_CompMet",
    "SliceTiming": [
      1.0285,
      0.0571001,
      1.0857,
      0.1142,
      1.1428,
      0.1714,
      1.2,
      0.2285,
      1.2571,
      0.2857,
      1.3143,
      0.3428,
      1.3714,
      0.4,
      1.4286,
      0.4571,
      1.4857,
      0.5142,
      1.5428,
      0.5714,
      1.6,
      0.6285,
      1.6571,
      0.6857,
      1.7143,
      0.7428,
      1.7714,
      0.8,
      1.8285,
      0.8571,
      1.8857,
      0.9143,
      1.9428,
      0.9714
    ],
    "TaskName": "cmp",
    "dataset": "ds003481",
    "modality": "bold",
    "run_id": 2,
    "subject_id": "084",
    "task_id": "cmp"
  },
  "dummy_trs": 0,
  "dvars_nstd": 10.98965667064256,
  "dvars_std": 1.0408708268273092,
  "dvars_vstd": 0.982392294056225,
  "efc": 0.32712983267762946,
  "fber": 75014.375,
  "fd_mean": 0.07469308103038313,
  "fd_num": 1,
  "fd_perc": 0.4,
  "fwhm_avg": 2.7073916666666666,
  "fwhm_x": 2.64185,
  "fwhm_y": 2.802575,
  "fwhm_z": 2.67775,
  "gcor": 0.0626064,
  "gsr_x": -0.012921796180307865,
  "gsr_y": 0.0017116082599386573,
  "provenance": {
    "md5sum": "36d05932d106e3f9250400c181280053",
    "settings": {
      "fd_thres": 0.2,
      "testing": false
    },
    "software": "mriqc",
    "version": "23.0.1",
    "webapi_port": null,
    "webapi_url": "https://mriqc.nimh.nih.gov/api/v1"
  },
  "size_t": 250,
  "size_x": 64,
  "size_y": 64,
  "size_z": 34,
  "snr": 3.4233584981270266,
  "spacing_tr": 2.0,
  "spacing_x": 4.0,
  "spacing_y": 4.0,
  "spacing_z": 4.0,
  "summary_bg_k": 78.30280208312642,
  "summary_bg_mad": 9.547958902231127,
  "summary_bg_mean": 37.609458923339844,
  "summary_bg_median": 7.460000514984131,
  "summary_bg_n": 102405.0,
  "summary_bg_p05": 0.41600000858306885,
  "summary_bg_p95": 181.00641174316397,
  "summary_bg_stdv": 106.58275604248047,
  "summary_fg_k": 0.9516469464329642,
  "summary_fg_mad": 500.4019573504532,
  "summary_fg_mean": 2057.8935546875,
  "summary_fg_median": 1956.568115234375,
  "summary_fg_n": 10587.0,
  "summary_fg_p05": 1297.1204223632812,
  "summary_fg_p95": 3156.579760742187,
  "summary_fg_stdv": 571.5076904296875,
  "tsnr": 102.27108564740047
}