{
  "bids_meta": {
    "AcquisitionDateTime": "2017-06-22T20:49:12.000000",
    "ConversionSoftware": "dcm2niix",
    "ConversionSoftwareVersion": "v1.0.20170411 GCC4.8.4",
    "EchoTime": 0.00318,
    "FlipAngle": 12,
    "ImageType": [
      "DERIVED",
      "PRIMARY",
      "OTHER"
    ],
    "InversionTime": 0.45,
    "MagneticFieldStrength": 3,
    "Manufacturer": "GE",
    "ManufacturersModelName": "DISCOVERY_MR750",
    "ProcedureStepDescription": "CompMet",
    "ProtocolName": "PU:Sag_T1_FSPGR_BRAVO",
    "RepetitionTime": 0.008156,
    "ScanningSequence": "GR",
    "SequenceVariant": "SS_SP_SK",
    "SeriesDescription": "PU:Sag_T1_FSPGR_BRAVO",
    "dataset": "ds003481",
    "modality": "T1w",
    "subject_id": "064"
  },
  "cjv": 0.34217340258038725,
  "cnr": 3.9361025042353477,
  "efc": 0.7058131367160833,
  "fber": -1.0,
  "fwhm_avg": 3.8916733333333333,
  "fwhm_x": 3.92235,
  "fwhm_y": 4.02558,
  "fwhm_z": 3.72709,
  "icvs_csf": 0.230163123245215,
  "icvs_gm": 0.4440791168901754,
  "icvs_wm": 0.3257577598646096,
  "inu_med": 0.5597352981567383,
  "inu_range": 0.20353196561336512,
  "provenance": {
    "md5sum": "43a44a04668e8cd673037dca6c97e66c",
    "settings": {
      "testing": false
    },
    "software": "mriqc",
    "version": "23.0.1",
    "warnings": {
      "large_rot_frame": true,
      "small_air_mask": false
    },
    "webapi_port": null,
    "webapi_url": "https://mriqc.nimh.nih.gov/api/v1"
  },
  "qi_1": 0.0,
  "qi_2": 0.003062227541596088,
  "rpve_csf": 25.20468736258904,
  "rpve_gm": 13.348508586394184,
  "rpve_wm": 20.206604663463658,
  "size_x": 176,
  "size_y": 256,
  "size_z": 256,
  "snr_csf": 2.8794586825736967,
  "snr_gm": 12.637011617490463,
  "snr_total": 12.502554843850158,
  "snr_wm": 21.99119423148631,
  "snrd_csf": 12.023145254044055,
  "snrd_gm": 32.7212691589258,
  "snrd_total": 30.27603182240742,
  "snrd_wm": 46.0836810542524,
  "spacing_x": 1.0,
  "spacing_y": 1.0,
  "spacing_z": 1.0,
  "summary_bg_k": 38.70883028277479,
  "summary_bg_mad": 0.0,
  "summary_bg_mean": 9.032876846061523,
  "summary_bg_median": 0.0,
  "summary_bg_n": 497212.0,
  "summary_bg_p05": 0.0,
  "summary_bg_p95": 36.678776405751705,
  "summary_bg_stdv": 14.216856455583407,
  "summary_csf_k": 2.1390582751925704,
  "summary_csf_mad": 70.92765936928828,
  "summary_csf_mean": 268.46975336125183,
  "summary_csf_median": 260.90953001752496,
  "summary_csf_n": 48023.0,
  "summary_csf_p05": 136.95452431216836,
  "summary_csf_p95": 434.2802141979337,
  "summary_csf_stdv": 90.60967433789884,
  "summary_gm_k": 0.07746113170500513,
  "summary_gm_mad": 55.418317567586634,
  "summary_gm_mean": 709.2179410584938,
  "summary_gm_median": 710.0713480077684,
  "summary_gm_n": 33687.0,
  "summary_gm_p05": 615.0610616784543,
  "summary_gm_p95": 800.1925897970796,
  "summary_gm_stdv": 56.188981238095174,
  "summary_wm_k": 0.3741807197274132,
  "summary_wm_mad": 43.80253437719084,
  "summary_wm_mean": 1000.7389165048709,
  "summary_wm_median": 1000.0437748432159,
  "summary_wm_n": 164295.0,
  "summary_wm_p05": 927.2114551067352,
  "summary_wm_p95": 1076.3776484131813,
  "summary_wm_stdv": 45.47459864491076,
  "tpm_overlap_csf": 0.1558663210983652,
  "tpm_overlap_gm": 0.4704335013855252,
  "tpm_overlap_wm": 0.50687279257472,
  "wm2max": 0.4375
}