{
  "bids_meta": {
    "AcquisitionMatrixPE": 256,
    "AcquisitionNumber": 1,
    "AcquisitionTime": "19:33:51.000000",
    "BodyPartExamined": "HEAD",
    "CoilString": "32Ch_Head",
    "ConversionSoftware": "dcm2niix",
    "ConversionSoftwareVersion": "v1.0.20181125  (JP2:OpenJPEG) GCC7.3.0",
    "DeviceSerialNumber": "0002806034DVR750",
    "EchoTime": 0.003192,
    "FlipAngle": 12,
    "ImageOrientationPatientDICOM": [
      0,
      1,
      0,
      0,
      0,
      -1
    ],
    "ImageType": [
      "ORIGINAL",
      "PRIMARY",
      "OTHER"
    ],
    "ImagingFrequency": 127.772,
    "InPlanePhaseEncodingDirectionDICOM": "ROW",
    "InstitutionName": "INSTITUTO_DE_NEUROBIOLOGIA",
    "InversionTime": 0.45,
    "MRAcquisitionType": "3D",
    "MagneticFieldStrength": 3,
    "Manufacturer": "GE",
    "ManufacturersModelName": "DISCOVERY_MR750",
    "Modality": "MR",
    "PatientPosition": "HFS",
    "PercentPhaseFOV": 100,
    "PixelBandwidth": 244.141,
    "ProcedureStepDescription": "Emociones_AH",
    "ProtocolName": "Sag_T1_FSPGR_BRAVO",
    "ReconMatrixPE": 256,
    "RepetitionTime": 0.008184,
    "SAR": 0.112132,
    "ScanOptions": "FAST_GEMS_EDR_GEMS_FILTERED_GEMS_ACC_GEMS_IR_GEMS",
    "ScanningSequence": "GR",
    "SequenceVariant": "SS_SP_SK",
    "SeriesDescription": "Sag_T1_FSPGR_BRAVO",
    "SeriesNumber": 11,
    "SliceThickness": 1,
    "SoftwareVersions": "27_LX_MR_Software_release:DV26.0_R02_1810.b",
    "SpacingBetweenSlices": 1,
    "StationName": "GEHCGEHC",
    "dataset": "ds003481",
    "modality": "T1w",
    "subject_id": "028"
  },
  "cjv": 0.3505556319847221,
  "cnr": 3.8776018623392448,
  "efc": 0.6233985071926031,
  "fber": -1.0,
  "fwhm_avg": 3.7704533333333337,
  "fwhm_x": 3.75838,
  "fwhm_y": 3.9661,
  "fwhm_z": 3.58688,
  "icvs_csf": 0.2153146958788566,
  "icvs_gm": 0.44624490800413485,
  "icvs_wm": 0.33844039611700855,
  "inu_med": 0.5132441818714142,
  "inu_range": 0.1575038939714432,
  "provenance": {
    "md5sum": "72d57612e3c8badafe15e5950184cc01",
    "settings": {
      "testing": false
    },
    "software": "mriqc",
    "version": "23.0.1",
    "warnings": {
      "large_rot_frame": true,
      "small_air_mask": false
    },
    "webapi_port": null,
    "webapi_url": "https://mriqc.nimh.nih.gov/api/v1"
  },
  "qi_1": 0.0,
  "qi_2": 0.0029686585057239565,
  "rpve_csf": 21.5910908785499,
  "rpve_gm": 11.121691645173987,
  "rpve_wm": 16.827728585828606,
  "size_x": 176,
  "size_y": 256,
  "size_z": 256,
  "snr_csf": 2.6160879998575557,
  "snr_gm": 10.557964456771813,
  "snr_total": 11.363152091092841,
  "snr_wm": 20.915403816649153,
  "snrd_csf": 19.022003738650916,
  "snrd_gm": 48.094797758676535,
  "snrd_total": 45.76543005398025,
  "snrd_wm": 70.1794886646133,
  "spacing_x": 1.0,
  "spacing_y": 1.0,
  "spacing_z": 1.0,
  "summary_bg_k": 16.04507056586626,
  "summary_bg_mad": 0.0,
  "summary_bg_mean": 5.326621989872585,
  "summary_bg_median": 0.0,
  "summary_bg_n": 1840420.0,
  "summary_bg_p05": 0.0,
  "summary_bg_p95": 23.656841814517975,
  "summary_bg_stdv": 9.335464686389216,
  "summary_csf_k": 0.9360781070401307,
  "summary_csf_mad": 89.60538640401202,
  "summary_csf_mean": 280.3263008366678,
  "summary_csf_median": 271.05690382421017,
  "summary_csf_n": 39587.0,
  "summary_csf_p05": 123.14515845105052,
  "summary_csf_p95": 471.04360450059175,
  "summary_csf_stdv": 103.61023033544666,
  "summary_gm_k": 0.12113025426472968,
  "summary_gm_mad": 64.26070729193715,
  "summary_gm_mean": 684.8864076410554,
  "summary_gm_median": 685.3340557403862,
  "summary_gm_n": 39212.0,
  "summary_gm_p05": 576.9013264402747,
  "summary_gm_p95": 790.1268875394015,
  "summary_gm_stdv": 64.91074294292079,
  "summary_wm_k": 0.42505677390139507,
  "summary_wm_mad": 46.05884347869777,
  "summary_wm_mean": 1000.6885196238659,
  "summary_wm_median": 1000.0331810861826,
  "summary_wm_n": 220798.0,
  "summary_wm_p05": 923.3478005975485,
  "summary_wm_p95": 1080.0079258158803,
  "summary_wm_stdv": 47.81312975172709,
  "tpm_overlap_csf": 0.1631491697953352,
  "tpm_overlap_gm": 0.4608461314403236,
  "tpm_overlap_wm": 0.5103222361902559,
  "wm2max": 0.5404755063927597
}