{
  "aor": 0.0030472,
  "aqi": 0.0036970344000000002,
  "bids_meta": {
    "AcquisitionDateTime": "2016-09-05T20:44:38.000000",
    "ConversionSoftware": "dcm2niix",
    "ConversionSoftwareVersion": "v1.0.20170411 GCC4.8.4",
    "EchoTime": 0.04,
    "FlipAngle": 90,
    "ImageType": [
      "ORIGINAL",
      "PRIMARY",
      "EPI",
      "NONE"
    ],
    "MagneticFieldStrength": 3,
    "Manufacturer": "GE",
    "ManufacturersModelName": "DISCOVERY_MR750",
    "ProcedureStepDescription": "MeditResp",
    "ProtocolName": "fMRI_RestSt",
    "RepetitionTime": 2,
    "ScanningSequence": "EP_GR",
    "SequenceVariant": "SS",
    "SeriesDescription": "fMRI_RestSt",
    "SliceTiming": [
      0,
      1.0285,
      0.0571001,
      1.0857,
      0.1142,
      1.1428,
      0.1714,
      1.2,
      0.2285,
      1.2571,
      0.2857,
      1.3143,
      0.3428,
      1.3714,
      0.4,
      1.4286,
      0.4571,
      1.4857,
      0.5142,
      1.5428,
      0.5714,
      1.6,
      0.6285,
      1.6571,
      0.6857,
      1.7143,
      0.7428,
      1.7714,
      0.8,
      1.8285,
      0.8571,
      1.8857,
      0.9143,
      1.9428,
      0.9714
    ],
    "TaskName": "rest",
    "dataset": "ds003481",
    "modality": "bold",
    "subject_id": "115",
    "task_id": "rest"
  },
  "dummy_trs": 0,
  "dvars_nstd": 16.110440184347834,
  "dvars_std": 1.1993459929431427,
  "dvars_vstd": 1.0005850075250846,
  "efc": 0.31858569464429387,
  "fber": 118434.5546875,
  "fd_mean": 0.1250717025943145,
  "fd_num": 43,
  "fd_perc": 14.333333333333334,
  "fwhm_avg": 2.7224416666666666,
  "fwhm_x": 2.75035,
  "fwhm_y": 2.913375,
  "fwhm_z": 2.5036,
  "gcor": 0.0501993,
  "gsr_x": -0.008582420647144318,
  "gsr_y": -0.0030803766567260027,
  "provenance": {
    "md5sum": "441c27f0479e187461c12a94eda365b4",
    "settings": {
      "fd_thres": 0.2,
      "testing": false
    },
    "software": "mriqc",
    "version": "23.0.1",
    "webapi_port": null,
    "webapi_url": "https://mriqc.nimh.nih.gov/api/v1"
  },
  "size_t": 300,
  "size_x": 64,
  "size_y": 64,
  "size_z": 35,
  "snr": 3.684714233157541,
  "spacing_tr": 2.0,
  "spacing_x": 4.0,
  "spacing_y": 4.0,
  "spacing_z": 4.0,
  "summary_bg_k": 82.67313286412066,
  "summary_bg_mad": 7.170852872742326,
  "summary_bg_mean": 27.14275550842285,
  "summary_bg_median": 5.603333473205566,
  "summary_bg_n": 105836.0,
  "summary_bg_p05": 0.28333333134651184,
  "summary_bg_p95": 108.96500015258789,
  "summary_bg_stdv": 89.167236328125,
  "summary_fg_k": 0.5334091613831813,
  "summary_fg_mad": 435.93455074000747,
  "summary_fg_mean": 1820.4078369140625,
  "summary_fg_median": 1794.791748046875,
  "summary_fg_n": 11220.0,
  "summary_fg_p05": 1049.1385131835937,
  "summary_fg_p95": 2670.2295532226562,
  "summary_fg_stdv": 487.0694580078125,
  "tsnr": 64.12797362264246
}