{
  "bids_meta": {
    "AcquisitionDateTime": "2017-08-31T19:19:36.000000",
    "ConversionSoftware": "dcm2niix",
    "ConversionSoftwareVersion": "v1.0.20170411 GCC4.8.4",
    "EchoTime": 0.00318,
    "FlipAngle": 12,
    "ImageType": [
      "DERIVED",
      "PRIMARY",
      "OTHER"
    ],
    "InversionTime": 0.45,
    "MagneticFieldStrength": 3,
    "Manufacturer": "GE",
    "ManufacturersModelName": "DISCOVERY_MR750",
    "ProcedureStepDescription": "ActosHabla",
    "ProtocolName": "PU:Sag_T1_FSPGR_BRAVO",
    "RepetitionTime": 0.008156,
    "ScanningSequence": "GR",
    "SequenceVariant": "SS_SP_SK",
    "SeriesDescription": "PU:Sag_T1_FSPGR_BRAVO",
    "dataset": "ds003481",
    "modality": "T1w",
    "subject_id": "024"
  },
  "cjv": 0.32029299580664006,
  "cnr": 4.29566325324174,
  "efc": 0.7413857566476477,
  "fber": -1.0,
  "fwhm_avg": 3.7613533333333335,
  "fwhm_x": 3.78054,
  "fwhm_y": 3.88656,
  "fwhm_z": 3.61696,
  "icvs_csf": 0.19296481848945704,
  "icvs_gm": 0.4769935863396687,
  "icvs_wm": 0.3300415951708742,
  "inu_med": 0.5372514724731445,
  "inu_range": 0.14859158694744112,
  "provenance": {
    "md5sum": "3af2c6c7e296c6cd065bbfb8fa723479",
    "settings": {
      "testing": false
    },
    "software": "mriqc",
    "version": "23.0.1",
    "warnings": {
      "large_rot_frame": true,
      "small_air_mask": true
    },
    "webapi_port": null,
    "webapi_url": "https://mriqc.nimh.nih.gov/api/v1"
  },
  "qi_1": 0.0,
  "qi_2": 0.003870959372724419,
  "rpve_csf": 28.841114607465094,
  "rpve_gm": 12.850959624158953,
  "rpve_wm": 20.241165489556124,
  "size_x": 176,
  "size_y": 256,
  "size_z": 256,
  "snr_csf": 2.2363106614148487,
  "snr_gm": 11.819426247863252,
  "snr_total": 11.645557281627623,
  "snr_wm": 20.880934935604767,
  "snrd_csf": 17.93819653199215,
  "snrd_gm": 46.73876618774623,
  "snrd_total": 44.57958678999319,
  "snrd_wm": 69.06179765024122,
  "spacing_x": 1.0,
  "spacing_y": 1.0,
  "spacing_z": 1.0,
  "summary_bg_k": 12.121390109269138,
  "summary_bg_mad": 0.0,
  "summary_bg_mean": 4.366671724790027,
  "summary_bg_median": 0.0,
  "summary_bg_n": 173554.0,
  "summary_bg_p05": 0.0,
  "summary_bg_p95": 23.06394198909402,
  "summary_bg_stdv": 9.486234594045488,
  "summary_csf_k": 4.983777013977027,
  "summary_csf_mad": 99.02548687687438,
  "summary_csf_mean": 270.62174535431933,
  "summary_csf_median": 259.74123937636614,
  "summary_csf_n": 21502.0,
  "summary_csf_p05": 88.84305458888412,
  "summary_csf_p95": 477.59048460815103,
  "summary_csf_stdv": 116.14450704703414,
  "summary_gm_k": 0.08070133423963943,
  "summary_gm_mad": 57.213490171984134,
  "summary_gm_mean": 675.9597160720341,
  "summary_gm_median": 676.7673124149442,
  "summary_gm_n": 54361.0,
  "summary_gm_p05": 580.3487841971219,
  "summary_gm_p95": 767.748000651598,
  "summary_gm_stdv": 57.25837053708669,
  "summary_wm_k": 0.27452785510968214,
  "summary_wm_mad": 46.31568252017763,
  "summary_wm_mean": 1000.00302408127,
  "summary_wm_median": 1000.0000213645399,
  "summary_wm_n": 172005.0,
  "summary_wm_p05": 921.0200834311545,
  "summary_wm_p95": 1078.5674335062504,
  "summary_wm_stdv": 47.890437739111164,
  "tpm_overlap_csf": 0.15092667465594878,
  "tpm_overlap_gm": 0.48970224372176147,
  "tpm_overlap_wm": 0.5119441850897041,
  "wm2max": 0.48134375507698973
}