{
  "aor": 0.0029537931034482757,
  "aqi": 0.002697388074712644,
  "bids_meta": {
    "AcquisitionMatrixPE": 64,
    "AcquisitionNumber": 1,
    "AcquisitionTime": "19:19:11.000000",
    "CoilString": "32Ch_Head",
    "ConversionSoftware": "dcm2niix",
    "ConversionSoftwareVersion": "v1.0.20190902",
    "Dcm2bidsVersion": "2.1.4",
    "DeviceSerialNumber": "000000000000GEHC",
    "EchoTime": 0.04,
    "EffectiveEchoSpacing": 0.000372,
    "FlipAngle": 90,
    "ImageOrientationPatientDICOM": [
      1,
      0,
      0,
      0,
      1,
      0
    ],
    "ImageType": [
      "ORIGINAL",
      "PRIMARY",
      "EPI",
      "NONE"
    ],
    "ImagingFrequency": 127.772,
    "InPlanePhaseEncodingDirectionDICOM": "COL",
    "InstitutionName": "INSTITUTO_DE_NEUROBIOLOGIA",
    "MRAcquisitionType": "2D",
    "MagneticFieldStrength": 3,
    "Manufacturer": "GE",
    "ManufacturersModelName": "DISCOVERY_MR750",
    "Modality": "MR",
    "PatientPosition": "HFS",
    "PercentPhaseFOV": 100,
    "PhaseEncodingDirection": "j",
    "PhaseEncodingPolarityGE": "Flipped",
    "PixelBandwidth": 7812.5,
    "ProcedureStepDescription": "verbos",
    "ProtocolName": "fMRI_8",
    "ReconMatrixPE": 64,
    "RepetitionTime": 2,
    "SAR": 0.363107,
    "ScanOptions": "EPI_GEMS_ACC_GEMS",
    "ScanningSequence": "EP_GR",
    "SequenceVariant": "SS",
    "SeriesDescription": "fMRI_8",
    "SeriesNumber": 14,
    "SliceThickness": 4,
    "SliceTiming": [
      0,
      1.0285,
      0.0571001,
      1.0857,
      0.1142,
      1.1428,
      0.1714,
      1.2,
      0.2285,
      1.2571,
      0.2857,
      1.3143,
      0.3428,
      1.3714,
      0.4,
      1.4286,
      0.4571,
      1.4857,
      0.5142,
      1.5428,
      0.5714,
      1.6,
      0.6285,
      1.6571,
      0.6857,
      1.7143,
      0.7428,
      1.7714,
      0.8,
      1.8285,
      0.8571,
      1.8857,
      0.9143,
      1.9428,
      0.9714
    ],
    "SoftwareVersions": "24_LX_MR_Software_release:DV24.0_R02_1607.b",
    "SpacingBetweenSlices": 4,
    "StationName": "GEHCGEHC",
    "TaskName": "verbs",
    "TotalReadoutTime": 0.023436,
    "dataset": "ds003481",
    "modality": "bold",
    "run_id": 8,
    "subject_id": "132",
    "task_id": "verbs"
  },
  "dummy_trs": 0,
  "dvars_nstd": 15.267479047398844,
  "dvars_std": 1.096971423526012,
  "dvars_vstd": 1.0037717864739883,
  "efc": 0.3410721236523919,
  "fber": 90243.6875,
  "fd_mean": 0.1262603929248369,
  "fd_num": 28,
  "fd_perc": 16.091954022988507,
  "fwhm_avg": 2.8307916666666664,
  "fwhm_x": 2.856825,
  "fwhm_y": 2.942775,
  "fwhm_z": 2.692775,
  "gcor": 0.0901271,
  "gsr_x": -0.016457319259643555,
  "gsr_y": 0.00041109509766101837,
  "provenance": {
    "md5sum": "a282b9ea70d1d6e188f4f0e9d75f7009",
    "settings": {
      "fd_thres": 0.2,
      "testing": false
    },
    "software": "mriqc",
    "version": "23.0.1",
    "webapi_port": null,
    "webapi_url": "https://mriqc.nimh.nih.gov/api/v1"
  },
  "size_t": 174,
  "size_x": 64,
  "size_y": 64,
  "size_z": 35,
  "snr": 3.0978203759440888,
  "spacing_tr": 2.0,
  "spacing_x": 4.0,
  "spacing_y": 4.0,
  "spacing_z": 4.0,
  "summary_bg_k": 47.689603851377214,
  "summary_bg_mad": 8.759282205613179,
  "summary_bg_mean": 39.75359344482422,
  "summary_bg_median": 6.5459771156311035,
  "summary_bg_n": 103857.0,
  "summary_bg_p05": 0.26436781883239746,
  "summary_bg_p95": 189.87011108398434,
  "summary_bg_stdv": 117.34400177001953,
  "summary_fg_k": 1.1834550758747362,
  "summary_fg_mad": 482.61254054554723,
  "summary_fg_mean": 1988.665283203125,
  "summary_fg_median": 1858.5286865234375,
  "summary_fg_n": 12347.0,
  "summary_fg_p05": 1208.526452636719,
  "summary_fg_p95": 3176.164965820312,
  "summary_fg_stdv": 599.9229125976562,
  "tsnr": 69.45967950671911
}