{
  "aor": 0.0195283908045977,
  "aqi": 0.003296042333333333,
  "bids_meta": {
    "AcquisitionMatrixPE": 64,
    "AcquisitionNumber": 1,
    "AcquisitionTime": "18:31:37.000000",
    "CoilString": "32Ch_Head",
    "ConversionSoftware": "dcm2niix",
    "ConversionSoftwareVersion": "v1.0.20190902",
    "Dcm2bidsVersion": "2.1.4",
    "DeviceSerialNumber": "000000000000GEHC",
    "EchoTime": 0.04,
    "EffectiveEchoSpacing": 0.000372,
    "FlipAngle": 90,
    "ImageOrientationPatientDICOM": [
      1,
      0,
      0,
      0,
      1,
      0
    ],
    "ImageType": [
      "ORIGINAL",
      "PRIMARY",
      "EPI",
      "NONE"
    ],
    "ImagingFrequency": 127.772,
    "InPlanePhaseEncodingDirectionDICOM": "COL",
    "InstitutionName": "INSTITUTO_DE_NEUROBIOLOGIA",
    "MRAcquisitionType": "2D",
    "MagneticFieldStrength": 3,
    "Manufacturer": "GE",
    "ManufacturersModelName": "DISCOVERY_MR750",
    "Modality": "MR",
    "PatientPosition": "HFS",
    "PercentPhaseFOV": 100,
    "PhaseEncodingDirection": "j",
    "PhaseEncodingPolarityGE": "Flipped",
    "PixelBandwidth": 7812.5,
    "ProcedureStepDescription": "verbos",
    "ProtocolName": "fMRI_3",
    "ReconMatrixPE": 64,
    "RepetitionTime": 2,
    "SAR": 0.363107,
    "ScanOptions": "EPI_GEMS_ACC_GEMS",
    "ScanningSequence": "EP_GR",
    "SequenceVariant": "SS",
    "SeriesDescription": "fMRI_3",
    "SeriesNumber": 6,
    "SliceThickness": 4,
    "SliceTiming": [
      0,
      1.0285,
      0.0571001,
      1.0857,
      0.1142,
      1.1428,
      0.1714,
      1.2,
      0.2285,
      1.2571,
      0.2857,
      1.3143,
      0.3428,
      1.3714,
      0.4,
      1.4286,
      0.4571,
      1.4857,
      0.5142,
      1.5428,
      0.5714,
      1.6,
      0.6285,
      1.6571,
      0.6857,
      1.7143,
      0.7428,
      1.7714,
      0.8,
      1.8285,
      0.8571,
      1.8857,
      0.9143,
      1.9428,
      0.9714
    ],
    "SoftwareVersions": "24_LX_MR_Software_release:DV24.0_R02_1607.b",
    "SpacingBetweenSlices": 4,
    "StationName": "GEHCGEHC",
    "TaskName": "verbs",
    "TotalReadoutTime": 0.023436,
    "dataset": "ds003481",
    "modality": "bold",
    "run_id": 3,
    "subject_id": "132",
    "task_id": "verbs"
  },
  "dummy_trs": 0,
  "dvars_nstd": 15.720098528497118,
  "dvars_std": 1.2661904445664742,
  "dvars_vstd": 1.171935797630058,
  "efc": 0.34135905838504715,
  "fber": 110023.5546875,
  "fd_mean": 0.10247192558213618,
  "fd_num": 16,
  "fd_perc": 9.195402298850574,
  "fwhm_avg": 2.7314333333333334,
  "fwhm_x": 2.7179,
  "fwhm_y": 2.87405,
  "fwhm_z": 2.60235,
  "gcor": 0.0230049,
  "gsr_x": -0.016044914722442627,
  "gsr_y": -0.0007652951753698289,
  "provenance": {
    "md5sum": "51a779deb5015a0af14312a46be2bf78",
    "settings": {
      "fd_thres": 0.2,
      "testing": false
    },
    "software": "mriqc",
    "version": "23.0.1",
    "webapi_port": null,
    "webapi_url": "https://mriqc.nimh.nih.gov/api/v1"
  },
  "size_t": 174,
  "size_x": 64,
  "size_y": 64,
  "size_z": 35,
  "snr": 3.3620689361566596,
  "spacing_tr": 2.0,
  "spacing_x": 4.0,
  "spacing_y": 4.0,
  "spacing_z": 4.0,
  "summary_bg_k": 48.398566346759885,
  "summary_bg_mad": 8.01798091962042,
  "summary_bg_mean": 37.80596923828125,
  "summary_bg_median": 5.971264362335205,
  "summary_bg_n": 103866.0,
  "summary_bg_p05": 0.2183908075094223,
  "summary_bg_p95": 179.42528533935547,
  "summary_bg_stdv": 112.76820373535156,
  "summary_fg_k": 1.2958347912761194,
  "summary_fg_mad": 456.3604186945814,
  "summary_fg_mean": 1966.9295654296875,
  "summary_fg_median": 1867.189697265625,
  "summary_fg_n": 12405.0,
  "summary_fg_p05": 1213.3529052734375,
  "summary_fg_p95": 3048.7769042968744,
  "summary_fg_stdv": 555.3468627929688,
  "tsnr": 66.97932040970773
}