{
  "aor": 0.0071910666666666675,
  "aqi": 0.008371410999999999,
  "bids_meta": {
    "AcquisitionMatrixPE": 64,
    "AcquisitionNumber": 1,
    "AcquisitionTime": "19:36:54.000000",
    "CoilString": "32Ch_Head",
    "ConversionSoftware": "dcm2niix",
    "ConversionSoftwareVersion": "v1.0.20190902",
    "Dcm2bidsVersion": "2.1.4",
    "DeviceSerialNumber": "000000000000GEHC",
    "EchoTime": 0.04,
    "EffectiveEchoSpacing": 0.000372,
    "FlipAngle": 90,
    "ImageOrientationPatientDICOM": [
      1,
      0,
      0,
      0,
      1,
      0
    ],
    "ImageType": [
      "ORIGINAL",
      "PRIMARY",
      "EPI",
      "NONE"
    ],
    "ImagingFrequency": 127.772,
    "InPlanePhaseEncodingDirectionDICOM": "COL",
    "InstitutionName": "INSTITUTO_DE_NEUROBIOLOGIA",
    "MRAcquisitionType": "2D",
    "MagneticFieldStrength": 3,
    "Manufacturer": "GE",
    "ManufacturersModelName": "DISCOVERY_MR750",
    "Modality": "MR",
    "PatientPosition": "HFS",
    "PercentPhaseFOV": 100,
    "PhaseEncodingDirection": "j",
    "PhaseEncodingPolarityGE": "Flipped",
    "PixelBandwidth": 7812.5,
    "ProcedureStepDescription": "verbos",
    "ProtocolName": "fMRI_RestState",
    "ReconMatrixPE": 64,
    "RepetitionTime": 2,
    "SAR": 0.363107,
    "ScanOptions": "EPI_GEMS_ACC_GEMS",
    "ScanningSequence": "EP_GR",
    "SequenceVariant": "SS",
    "SeriesDescription": "fMRI_RestState",
    "SeriesNumber": 16,
    "SliceThickness": 4,
    "SliceTiming": [
      0,
      1.0285,
      0.0571001,
      1.0857,
      0.1142,
      1.1428,
      0.1714,
      1.2,
      0.2285,
      1.2571,
      0.2857,
      1.3143,
      0.3428,
      1.3714,
      0.4,
      1.4286,
      0.4571,
      1.4857,
      0.5142,
      1.5428,
      0.5714,
      1.6,
      0.6285,
      1.6571,
      0.6857,
      1.7143,
      0.7428,
      1.7714,
      0.8,
      1.8285,
      0.8571,
      1.8857,
      0.9143,
      1.9428,
      0.9714
    ],
    "SoftwareVersions": "24_LX_MR_Software_release:DV24.0_R02_1607.b",
    "SpacingBetweenSlices": 4,
    "StationName": "GEHCGEHC",
    "TaskName": "rest",
    "TotalReadoutTime": 0.023436,
    "dataset": "ds003481",
    "modality": "bold",
    "subject_id": "132",
    "task_id": "rest"
  },
  "dummy_trs": 0,
  "dvars_nstd": 15.918971399899668,
  "dvars_std": 0.9966464502341137,
  "dvars_vstd": 0.9571062555518399,
  "efc": 0.3441919923987867,
  "fber": 90092.7890625,
  "fd_mean": 0.14982411926156106,
  "fd_num": 47,
  "fd_perc": 15.666666666666666,
  "fwhm_avg": 2.724233333333333,
  "fwhm_x": 2.72025,
  "fwhm_y": 2.859825,
  "fwhm_z": 2.592625,
  "gcor": 0.0222738,
  "gsr_x": -0.016421759501099586,
  "gsr_y": 0.0030772231984883547,
  "provenance": {
    "md5sum": "90737c2be93fdec465e1baff284a9706",
    "settings": {
      "fd_thres": 0.2,
      "testing": false
    },
    "software": "mriqc",
    "version": "23.0.1",
    "webapi_port": null,
    "webapi_url": "https://mriqc.nimh.nih.gov/api/v1"
  },
  "size_t": 300,
  "size_x": 64,
  "size_y": 64,
  "size_z": 35,
  "snr": 3.403668809990401,
  "spacing_tr": 2.0,
  "spacing_x": 4.0,
  "spacing_y": 4.0,
  "spacing_z": 4.0,
  "summary_bg_k": 47.047258305242096,
  "summary_bg_mad": 8.92032376629327,
  "summary_bg_mean": 40.9305534362793,
  "summary_bg_median": 6.673333644866943,
  "summary_bg_n": 104003.0,
  "summary_bg_p05": 0.3100000023841858,
  "summary_bg_p95": 197.04434204101548,
  "summary_bg_stdv": 117.86833953857422,
  "summary_fg_k": 1.1131424202096172,
  "summary_fg_mad": 479.6983729524836,
  "summary_fg_mean": 1974.231689453125,
  "summary_fg_median": 1876.590087890625,
  "summary_fg_n": 12338.0,
  "summary_fg_p05": 1219.6810791015625,
  "summary_fg_p95": 3015.9624877929687,
  "summary_fg_stdv": 551.3209838867188,
  "tsnr": 40.20931374502834
}