{
  "aor": 0.008360405405405407,
  "aqi": 0.006194415135135136,
  "bids_meta": {
    "AcquisitionMatrixPE": 64,
    "AcquisitionNumber": 1,
    "AcquisitionTime": "19:04:46.000000",
    "BodyPartExamined": "HEAD",
    "CoilString": "32Ch_Head",
    "ConversionSoftware": "dcm2niix",
    "ConversionSoftwareVersion": "v1.0.20181125  (JP2:OpenJPEG) GCC7.3.0",
    "DeviceSerialNumber": "0002806034DVR750",
    "EchoTime": 0.04,
    "EffectiveEchoSpacing": 0.000372,
    "FlipAngle": 90,
    "ImageOrientationPatientDICOM": [
      1,
      0,
      0,
      0,
      1,
      0
    ],
    "ImageType": [
      "ORIGINAL",
      "PRIMARY",
      "EPI",
      "NONE"
    ],
    "ImagingFrequency": 127.772,
    "InPlanePhaseEncodingDirectionDICOM": "COL",
    "InstitutionName": "INSTITUTO_DE_NEUROBIOLOGIA",
    "MRAcquisitionType": "2D",
    "MagneticFieldStrength": 3,
    "Manufacturer": "GE",
    "ManufacturersModelName": "DISCOVERY_MR750",
    "Modality": "MR",
    "PatientPosition": "HFS",
    "PercentPhaseFOV": 100,
    "PhaseEncodingDirection": "j",
    "PhaseEncodingPolarityGE": "Flipped",
    "PixelBandwidth": 7812.5,
    "ProcedureStepDescription": "Emociones_AH",
    "ProtocolName": "fMRI_Jalil_4",
    "ReconMatrixPE": 64,
    "RepetitionTime": 2,
    "SAR": 0.178342,
    "ScanOptions": "EPI_GEMS_ACC_GEMS",
    "ScanningSequence": "EP_GR",
    "SequenceVariant": "SS",
    "SeriesDescription": "fMRI_Jalil_4",
    "SeriesNumber": 9,
    "SliceThickness": 4,
    "SliceTiming": [
      0,
      1.0285,
      0.0571001,
      1.0857,
      0.1142,
      1.1428,
      0.1714,
      1.2,
      0.2285,
      1.2571,
      0.2857,
      1.3143,
      0.3428,
      1.3714,
      0.4,
      1.4286,
      0.4571,
      1.4857,
      0.5142,
      1.5428,
      0.5714,
      1.6,
      0.6285,
      1.6571,
      0.6857,
      1.7143,
      0.7428,
      1.7714,
      0.8,
      1.8285,
      0.8571,
      1.8857,
      0.9143,
      1.9428,
      0.9714
    ],
    "SoftwareVersions": "27_LX_MR_Software_release:DV26.0_R02_1810.b",
    "SpacingBetweenSlices": 4,
    "StationName": "GEHCGEHC",
    "TaskName": "ec",
    "TotalReadoutTime": 0.023436,
    "dataset": "ds003481",
    "modality": "bold",
    "run_id": 4,
    "subject_id": "031",
    "task_id": "ec"
  },
  "dummy_trs": 2,
  "dvars_nstd": 13.850459215714283,
  "dvars_std": 0.8509624766666665,
  "dvars_vstd": 0.8574852811564626,
  "efc": 0.3801419247616027,
  "fber": 70178.171875,
  "fd_mean": 0.10467927641408749,
  "fd_num": 12,
  "fd_perc": 8.108108108108109,
  "fwhm_avg": 2.7116583333333337,
  "fwhm_x": 2.621325,
  "fwhm_y": 2.8075,
  "fwhm_z": 2.70615,
  "gcor": 0.016872,
  "gsr_x": -0.013202311471104622,
  "gsr_y": 0.004501875955611467,
  "provenance": {
    "md5sum": "08c7c9763773575af4781ff9360087cd",
    "settings": {
      "fd_thres": 0.2,
      "testing": false
    },
    "software": "mriqc",
    "version": "23.0.1",
    "webapi_port": null,
    "webapi_url": "https://mriqc.nimh.nih.gov/api/v1"
  },
  "size_t": 148,
  "size_x": 64,
  "size_y": 64,
  "size_z": 35,
  "snr": 3.3816416328114474,
  "spacing_tr": 2.0,
  "spacing_x": 4.0,
  "spacing_y": 4.0,
  "spacing_z": 4.0,
  "summary_bg_k": 82.26656605323758,
  "summary_bg_mad": 10.03761774885738,
  "summary_bg_mean": 35.862083435058594,
  "summary_bg_median": 7.385135173797607,
  "summary_bg_n": 97852.0,
  "summary_bg_p05": 0.22297297418117523,
  "summary_bg_p95": 165.9111511230466,
  "summary_bg_stdv": 101.70889282226562,
  "summary_fg_k": 0.32053797944283424,
  "summary_fg_mad": 512.6196710426988,
  "summary_fg_mean": 1988.046142578125,
  "summary_fg_median": 1905.358154296875,
  "summary_fg_n": 16785.0,
  "summary_fg_p05": 1198.836474609375,
  "summary_fg_p95": 3051.0729492187497,
  "summary_fg_stdv": 563.4249877929688,
  "tsnr": 58.14720863616094
}