{
  "aor": 0.004073466666666667,
  "aqi": 0.0016445283633333334,
  "bids_meta": {
    "AcquisitionMatrixPE": 64,
    "AcquisitionNumber": 1,
    "AcquisitionTime": "18:23:25.000000",
    "BodyPartExamined": "HEAD",
    "CoilString": "32Ch_Head",
    "ConversionSoftware": "dcm2niix",
    "ConversionSoftwareVersion": "v1.0.20181125  (JP2:OpenJPEG) GCC7.3.0",
    "DeviceSerialNumber": "0002806034DVR750",
    "EchoTime": 0.04,
    "EffectiveEchoSpacing": 0.000372,
    "FlipAngle": 90,
    "ImageOrientationPatientDICOM": [
      1,
      0,
      0,
      0,
      1,
      0
    ],
    "ImageType": [
      "ORIGINAL",
      "PRIMARY",
      "EPI",
      "NONE"
    ],
    "ImagingFrequency": 127.772,
    "InPlanePhaseEncodingDirectionDICOM": "COL",
    "InstitutionName": "INSTITUTO_DE_NEUROBIOLOGIA",
    "MRAcquisitionType": "2D",
    "MagneticFieldStrength": 3,
    "Manufacturer": "GE",
    "ManufacturersModelName": "DISCOVERY_MR750",
    "Modality": "MR",
    "PatientPosition": "HFS",
    "PercentPhaseFOV": 100,
    "PhaseEncodingDirection": "j",
    "PhaseEncodingPolarityGE": "Flipped",
    "PixelBandwidth": 7812.5,
    "ProcedureStepDescription": "Emociones_AH",
    "ProtocolName": "fMRI_RestState",
    "ReconMatrixPE": 64,
    "RepetitionTime": 2,
    "SAR": 0.179024,
    "ScanOptions": "EPI_GEMS_ACC_GEMS",
    "ScanningSequence": "EP_GR",
    "SequenceVariant": "SS",
    "SeriesDescription": "fMRI_RestState",
    "SeriesNumber": 3,
    "SliceThickness": 4,
    "SliceTiming": [
      0,
      1.0285,
      0.0571001,
      1.0857,
      0.1142,
      1.1428,
      0.1714,
      1.2,
      0.2285,
      1.2571,
      0.2857,
      1.3143,
      0.3428,
      1.3714,
      0.4,
      1.4286,
      0.4571,
      1.4857,
      0.5142,
      1.5428,
      0.5714,
      1.6,
      0.6285,
      1.6571,
      0.6857,
      1.7143,
      0.7428,
      1.7714,
      0.8,
      1.8285,
      0.8571,
      1.8857,
      0.9143,
      1.9428,
      0.9714
    ],
    "SoftwareVersions": "27_LX_MR_Software_release:DV26.0_R02_1810.b",
    "SpacingBetweenSlices": 4,
    "StationName": "GEHCGEHC",
    "TaskName": "rest",
    "TotalReadoutTime": 0.023436,
    "dataset": "ds003481",
    "modality": "bold",
    "subject_id": "031",
    "task_id": "rest"
  },
  "dummy_trs": 0,
  "dvars_nstd": 12.40685689739132,
  "dvars_std": 1.131276277625418,
  "dvars_vstd": 1.0208127986956523,
  "efc": 0.3793442532648222,
  "fber": 79848.4765625,
  "fd_mean": 0.07459773168759673,
  "fd_num": 4,
  "fd_perc": 1.3333333333333333,
  "fwhm_avg": 2.6934333333333336,
  "fwhm_x": 2.613525,
  "fwhm_y": 2.8067,
  "fwhm_z": 2.660075,
  "gcor": 0.0754638,
  "gsr_x": -0.012719584628939629,
  "gsr_y": 0.006522583309561014,
  "provenance": {
    "md5sum": "a0e26bfdecc46d833009f5a20622eaad",
    "settings": {
      "fd_thres": 0.2,
      "testing": false
    },
    "software": "mriqc",
    "version": "23.0.1",
    "webapi_port": null,
    "webapi_url": "https://mriqc.nimh.nih.gov/api/v1"
  },
  "size_t": 300,
  "size_x": 64,
  "size_y": 64,
  "size_z": 35,
  "snr": 3.4104212122885493,
  "spacing_tr": 2.0,
  "spacing_x": 4.0,
  "spacing_y": 4.0,
  "spacing_z": 4.0,
  "summary_bg_k": 182.84357356125696,
  "summary_bg_mad": 9.454060232684167,
  "summary_bg_mean": 33.950477600097656,
  "summary_bg_median": 6.926666736602783,
  "summary_bg_n": 97515.0,
  "summary_bg_p05": 0.1433333307504654,
  "summary_bg_p95": 151.3440078735354,
  "summary_bg_stdv": 103.7281265258789,
  "summary_fg_k": 0.34654162921229137,
  "summary_fg_mad": 507.306952765815,
  "summary_fg_mean": 1991.7947998046875,
  "summary_fg_median": 1917.1700439453125,
  "summary_fg_n": 16743.0,
  "summary_fg_p05": 1189.8833374023438,
  "summary_fg_p95": 3051.8751220703125,
  "summary_fg_stdv": 562.1337280273438,
  "tsnr": 89.12492547836155
}