{
  "aor": 0.0011273660714285713,
  "aqi": 0.0014031411160714284,
  "bids_meta": {
    "AcquisitionMatrixPE": 64,
    "AcquisitionNumber": 1,
    "AcquisitionTime": "18:46:27.000000",
    "BodyPartExamined": "HEAD",
    "CoilString": "32Ch_Head",
    "ConversionSoftware": "dcm2niix",
    "ConversionSoftwareVersion": "v1.0.20181125  (JP2:OpenJPEG) GCC7.3.0",
    "DeviceSerialNumber": "0002806034DVR750",
    "EchoTime": 0.04,
    "EffectiveEchoSpacing": 0.000372,
    "FlipAngle": 90,
    "ImageOrientationPatientDICOM": [
      1,
      0,
      0,
      0,
      1,
      0
    ],
    "ImageType": [
      "ORIGINAL",
      "PRIMARY",
      "EPI",
      "NONE"
    ],
    "ImagingFrequency": 127.772,
    "InPlanePhaseEncodingDirectionDICOM": "COL",
    "InstitutionName": "INSTITUTO_DE_NEUROBIOLOGIA",
    "MRAcquisitionType": "2D",
    "MagneticFieldStrength": 3,
    "Manufacturer": "GE",
    "ManufacturersModelName": "DISCOVERY_MR750",
    "Modality": "MR",
    "PatientPosition": "HFS",
    "PercentPhaseFOV": 100,
    "PhaseEncodingDirection": "j",
    "PhaseEncodingPolarityGE": "Flipped",
    "PixelBandwidth": 7812.5,
    "ProcedureStepDescription": "Emociones_AH",
    "ProtocolName": "fMRI_Jalil_2",
    "ReconMatrixPE": 64,
    "RepetitionTime": 2,
    "SAR": 0.178342,
    "ScanOptions": "EPI_GEMS_ACC_GEMS",
    "ScanningSequence": "EP_GR",
    "SequenceVariant": "SS",
    "SeriesDescription": "fMRI_Jalil_2",
    "SeriesNumber": 7,
    "SliceThickness": 4,
    "SliceTiming": [
      0,
      1.0285,
      0.0571001,
      1.0857,
      0.1142,
      1.1428,
      0.1714,
      1.2,
      0.2285,
      1.2571,
      0.2857,
      1.3143,
      0.3428,
      1.3714,
      0.4,
      1.4286,
      0.4571,
      1.4857,
      0.5142,
      1.5428,
      0.5714,
      1.6,
      0.6285,
      1.6571,
      0.6857,
      1.7143,
      0.7428,
      1.7714,
      0.8,
      1.8285,
      0.8571,
      1.8857,
      0.9143,
      1.9428,
      0.9714
    ],
    "SoftwareVersions": "27_LX_MR_Software_release:DV26.0_R02_1810.b",
    "SpacingBetweenSlices": 4,
    "StationName": "GEHCGEHC",
    "TaskName": "sae",
    "TotalReadoutTime": 0.023436,
    "dataset": "ds003481",
    "modality": "bold",
    "run_id": 2,
    "subject_id": "031",
    "task_id": "sae"
  },
  "dummy_trs": 0,
  "dvars_nstd": 12.1162058441704,
  "dvars_std": 1.037582476053812,
  "dvars_vstd": 0.9615138123318385,
  "efc": 0.37917543777954565,
  "fber": 74905.9375,
  "fd_mean": 0.06045586768418553,
  "fd_num": 4,
  "fd_perc": 1.7857142857142858,
  "fwhm_avg": 2.7111916666666667,
  "fwhm_x": 2.63675,
  "fwhm_y": 2.8012,
  "fwhm_z": 2.695625,
  "gcor": 0.0271509,
  "gsr_x": -0.012368882074952126,
  "gsr_y": 0.004768882412463427,
  "provenance": {
    "md5sum": "52b3ca7509603a1fca01dcd4b4bebbc2",
    "settings": {
      "fd_thres": 0.2,
      "testing": false
    },
    "software": "mriqc",
    "version": "23.0.1",
    "webapi_port": null,
    "webapi_url": "https://mriqc.nimh.nih.gov/api/v1"
  },
  "size_t": 224,
  "size_x": 64,
  "size_y": 64,
  "size_z": 35,
  "snr": 3.3489657981016956,
  "spacing_tr": 2.0,
  "spacing_x": 4.0,
  "spacing_y": 4.0,
  "spacing_z": 4.0,
  "summary_bg_k": 92.11702852991247,
  "summary_bg_mad": 9.689865181230019,
  "summary_bg_mean": 34.22941970825195,
  "summary_bg_median": 7.093750476837158,
  "summary_bg_n": 97674.0,
  "summary_bg_p05": 0.165178582072258,
  "summary_bg_p95": 157.62835769653302,
  "summary_bg_stdv": 97.78837585449219,
  "summary_fg_k": 0.36382035744666297,
  "summary_fg_mad": 516.3592057521558,
  "summary_fg_mean": 1976.777099609375,
  "summary_fg_median": 1898.591552734375,
  "summary_fg_n": 16764.0,
  "summary_fg_p05": 1177.8792541503906,
  "summary_fg_p95": 3045.7435913085938,
  "summary_fg_stdv": 566.90185546875,
  "tsnr": 93.70192367956042
}