{
  "aor": 0.0032627058823529406,
  "aqi": 0.0026154208862745098,
  "bids_meta": {
    "AcquisitionDateTime": "2017-05-04T19:33:15.000000",
    "ConversionSoftware": "dcm2niix",
    "ConversionSoftwareVersion": "v1.0.20170411 GCC4.8.4",
    "EchoTime": 0.04,
    "FlipAngle": 90,
    "ImageType": [
      "ORIGINAL",
      "PRIMARY",
      "EPI",
      "NONE"
    ],
    "MagneticFieldStrength": 3,
    "Manufacturer": "GE",
    "ManufacturersModelName": "DISCOVERY_MR750",
    "ProcedureStepDescription": "Actos_Habla",
    "ProtocolName": "fMRI_ActosHabla_3",
    "RepetitionTime": 2,
    "ScanningSequence": "EP_GR",
    "SequenceVariant": "SS",
    "SeriesDescription": "fMRI_ActosHabla_3",
    "SliceTiming": [
      0,
      1.0285,
      0.0571001,
      1.0857,
      0.1142,
      1.1428,
      0.1714,
      1.2,
      0.2285,
      1.2571,
      0.2857,
      1.3143,
      0.3428,
      1.3714,
      0.4,
      1.4286,
      0.4571,
      1.4857,
      0.5142,
      1.5428,
      0.5714,
      1.6,
      0.6285,
      1.6571,
      0.6857,
      1.7143,
      0.7428,
      1.7714,
      0.8,
      1.8285,
      0.8571,
      1.8857,
      0.9143,
      1.9428,
      0.9714
    ],
    "TaskName": "sar",
    "dataset": "ds003481",
    "modality": "bold",
    "run_id": 3,
    "subject_id": "022",
    "task_id": "sar"
  },
  "dummy_trs": 0,
  "dvars_nstd": 18.112999604606294,
  "dvars_std": 1.1548506056692909,
  "dvars_vstd": 1.0112517690157483,
  "efc": 0.38555604944599037,
  "fber": 41705.625,
  "fd_mean": 0.130093185731663,
  "fd_num": 30,
  "fd_perc": 11.764705882352942,
  "fwhm_avg": 2.606575,
  "fwhm_x": 2.545125,
  "fwhm_y": 2.706275,
  "fwhm_z": 2.568325,
  "gcor": 0.0423794,
  "gsr_x": 0.005334691144526005,
  "gsr_y": -0.0031211962923407555,
  "provenance": {
    "md5sum": "490c33380d642facfff8577a86892c39",
    "settings": {
      "fd_thres": 0.2,
      "testing": false
    },
    "software": "mriqc",
    "version": "23.0.1",
    "webapi_port": null,
    "webapi_url": "https://mriqc.nimh.nih.gov/api/v1"
  },
  "size_t": 255,
  "size_x": 64,
  "size_y": 64,
  "size_z": 35,
  "snr": 3.4657861800372074,
  "spacing_tr": 2.0,
  "spacing_x": 4.0,
  "spacing_y": 4.0,
  "spacing_z": 4.0,
  "summary_bg_k": 52.80341591381245,
  "summary_bg_mad": 13.235858812280535,
  "summary_bg_mean": 47.855003356933594,
  "summary_bg_median": 9.178431510925293,
  "summary_bg_n": 99426.0,
  "summary_bg_p05": 0.03529411926865578,
  "summary_bg_p95": 225.55294799804688,
  "summary_bg_stdv": 116.2859878540039,
  "summary_fg_k": -0.014259013560693923,
  "summary_fg_mad": 504.81139588215126,
  "summary_fg_mean": 1842.8721923828125,
  "summary_fg_median": 1777.4903564453125,
  "summary_fg_n": 15385.0,
  "summary_fg_p05": 1088.7875,
  "summary_fg_p95": 2765.216552734375,
  "summary_fg_stdv": 512.8511962890625,
  "tsnr": 73.53423122223467
}