{
  "aor": 0.0018569291338582676,
  "aqi": 0.00261789562992126,
  "bids_meta": {
    "AcquisitionDateTime": "2017-05-04T19:23:52.000000",
    "ConversionSoftware": "dcm2niix",
    "ConversionSoftwareVersion": "v1.0.20170411 GCC4.8.4",
    "EchoTime": 0.04,
    "FlipAngle": 90,
    "ImageType": [
      "ORIGINAL",
      "PRIMARY",
      "EPI",
      "NONE"
    ],
    "MagneticFieldStrength": 3,
    "Manufacturer": "GE",
    "ManufacturersModelName": "DISCOVERY_MR750",
    "ProcedureStepDescription": "Actos_Habla",
    "ProtocolName": "fMRI_ActosHabla_2",
    "RepetitionTime": 2,
    "ScanningSequence": "EP_GR",
    "SequenceVariant": "SS",
    "SeriesDescription": "fMRI_ActosHabla_2",
    "SliceTiming": [
      0,
      1.0285,
      0.0571001,
      1.0857,
      0.1142,
      1.1428,
      0.1714,
      1.2,
      0.2285,
      1.2571,
      0.2857,
      1.3143,
      0.3428,
      1.3714,
      0.4,
      1.4286,
      0.4571,
      1.4857,
      0.5142,
      1.5428,
      0.5714,
      1.6,
      0.6285,
      1.6571,
      0.6857,
      1.7143,
      0.7428,
      1.7714,
      0.8,
      1.8285,
      0.8571,
      1.8857,
      0.9143,
      1.9428,
      0.9714
    ],
    "TaskName": "sar",
    "dataset": "ds003481",
    "modality": "bold",
    "run_id": 2,
    "subject_id": "022",
    "task_id": "sar"
  },
  "dummy_trs": 0,
  "dvars_nstd": 18.310143184703563,
  "dvars_std": 1.1846756047035576,
  "dvars_vstd": 1.0121454480237153,
  "efc": 0.3844270195180003,
  "fber": 41440.94140625,
  "fd_mean": 0.11551888367982543,
  "fd_num": 20,
  "fd_perc": 7.874015748031496,
  "fwhm_avg": 2.614925,
  "fwhm_x": 2.552575,
  "fwhm_y": 2.704175,
  "fwhm_z": 2.588025,
  "gcor": 0.051929,
  "gsr_x": 0.004982748068869114,
  "gsr_y": -0.002340029226616025,
  "provenance": {
    "md5sum": "940fedd1df18ddf4fa02a081627cae4f",
    "settings": {
      "fd_thres": 0.2,
      "testing": false
    },
    "software": "mriqc",
    "version": "23.0.1",
    "webapi_port": null,
    "webapi_url": "https://mriqc.nimh.nih.gov/api/v1"
  },
  "size_t": 254,
  "size_x": 64,
  "size_y": 64,
  "size_z": 35,
  "snr": 3.4842218854720035,
  "spacing_tr": 2.0,
  "spacing_x": 4.0,
  "spacing_y": 4.0,
  "spacing_z": 4.0,
  "summary_bg_k": 57.036456427938795,
  "summary_bg_mad": 13.244190908265658,
  "summary_bg_mean": 47.16815948486328,
  "summary_bg_median": 9.200787544250488,
  "summary_bg_n": 99484.0,
  "summary_bg_p05": 0.03937007859349251,
  "summary_bg_p95": 222.88522796630855,
  "summary_bg_stdv": 116.39566040039062,
  "summary_fg_k": -0.00584604032262126,
  "summary_fg_mad": 501.54268510719646,
  "summary_fg_mean": 1850.337646484375,
  "summary_fg_median": 1786.42919921875,
  "summary_fg_n": 15354.0,
  "summary_fg_p05": 1093.6348449707032,
  "summary_fg_p95": 2773.740893554687,
  "summary_fg_stdv": 512.7030029296875,
  "tsnr": 78.75512270070612
}