{
  "aor": 0.004135325670498085,
  "aqi": 0.0020016449616858238,
  "bids_meta": {
    "AcquisitionDateTime": "2017-05-04T19:13:26.000000",
    "ConversionSoftware": "dcm2niix",
    "ConversionSoftwareVersion": "v1.0.20170411 GCC4.8.4",
    "EchoTime": 0.04,
    "FlipAngle": 90,
    "ImageType": [
      "ORIGINAL",
      "PRIMARY",
      "EPI",
      "NONE"
    ],
    "MagneticFieldStrength": 3,
    "Manufacturer": "GE",
    "ManufacturersModelName": "DISCOVERY_MR750",
    "ProcedureStepDescription": "Actos_Habla",
    "ProtocolName": "fMRI_ActosHabla_1",
    "RepetitionTime": 2,
    "ScanningSequence": "EP_GR",
    "SequenceVariant": "SS",
    "SeriesDescription": "fMRI_ActosHabla_1",
    "SliceTiming": [
      0,
      1.0285,
      0.0571001,
      1.0857,
      0.1142,
      1.1428,
      0.1714,
      1.2,
      0.2285,
      1.2571,
      0.2857,
      1.3143,
      0.3428,
      1.3714,
      0.4,
      1.4286,
      0.4571,
      1.4857,
      0.5142,
      1.5428,
      0.5714,
      1.6,
      0.6285,
      1.6571,
      0.6857,
      1.7143,
      0.7428,
      1.7714,
      0.8,
      1.8285,
      0.8571,
      1.8857,
      0.9143,
      1.9428,
      0.9714
    ],
    "TaskName": "sar",
    "dataset": "ds003481",
    "modality": "bold",
    "run_id": 1,
    "subject_id": "022",
    "task_id": "sar"
  },
  "dummy_trs": 0,
  "dvars_nstd": 18.103133326269226,
  "dvars_std": 1.2082066933846154,
  "dvars_vstd": 1.0368758514230771,
  "efc": 0.3830769844050873,
  "fber": 44107.2890625,
  "fd_mean": 0.11066655641873213,
  "fd_num": 16,
  "fd_perc": 6.130268199233717,
  "fwhm_avg": 2.614091666666667,
  "fwhm_x": 2.5749,
  "fwhm_y": 2.7085,
  "fwhm_z": 2.558875,
  "gcor": 0.0502058,
  "gsr_x": 0.004431554581969976,
  "gsr_y": -0.0023472895845770836,
  "provenance": {
    "md5sum": "c433839388f17c761ca29e69549c8565",
    "settings": {
      "fd_thres": 0.2,
      "testing": false
    },
    "software": "mriqc",
    "version": "23.0.1",
    "webapi_port": null,
    "webapi_url": "https://mriqc.nimh.nih.gov/api/v1"
  },
  "size_t": 261,
  "size_x": 64,
  "size_y": 64,
  "size_z": 35,
  "snr": 3.484532313653058,
  "spacing_tr": 2.0,
  "spacing_x": 4.0,
  "spacing_y": 4.0,
  "spacing_z": 4.0,
  "summary_bg_k": 50.40185559864517,
  "summary_bg_mad": 12.866259772029226,
  "summary_bg_mean": 46.52424240112305,
  "summary_bg_median": 8.896551132202148,
  "summary_bg_n": 99534.0,
  "summary_bg_p05": 0.026819922029972076,
  "summary_bg_p95": 218.90305633544915,
  "summary_bg_stdv": 113.5034408569336,
  "summary_fg_k": -0.01827060714286688,
  "summary_fg_mad": 499.2648492280324,
  "summary_fg_mean": 1849.0272216796875,
  "summary_fg_median": 1782.831298828125,
  "summary_fg_n": 15206.0,
  "summary_fg_p05": 1092.8055114746094,
  "summary_fg_p95": 2772.3065185546875,
  "summary_fg_stdv": 511.6246643066406,
  "tsnr": 85.83423786505591
}