{
  "aor": 0.011021938325991187,
  "aqi": 0.00514708550660793,
  "bids_meta": {
    "AcquisitionDateTime": "2017-01-09T21:03:14.000000",
    "ConversionSoftware": "dcm2niix",
    "ConversionSoftwareVersion": "v1.0.20170411 GCC4.8.4",
    "EchoTime": 0.04,
    "FlipAngle": 90,
    "ImageType": [
      "ORIGINAL",
      "PRIMARY",
      "EPI",
      "NONE"
    ],
    "MagneticFieldStrength": 3,
    "Manufacturer": "GE",
    "ManufacturersModelName": "DISCOVERY_MR750",
    "ProcedureStepDescription": "CompRefranes",
    "ProtocolName": "fMRI_Comprension_4",
    "RepetitionTime": 2,
    "ScanningSequence": "EP_GR",
    "SequenceVariant": "SS",
    "SeriesDescription": "fMRI_Comprension_4",
    "SliceTiming": [
      1.0285,
      0.0571001,
      1.0857,
      0.1142,
      1.1428,
      0.1714,
      1.2,
      0.2285,
      1.2571,
      0.2857,
      1.3143,
      0.3428,
      1.3714,
      0.4,
      1.4286,
      0.4571,
      1.4857,
      0.5142,
      1.5428,
      0.5714,
      1.6,
      0.6285,
      1.6571,
      0.6857,
      1.7143,
      0.7428,
      1.7714,
      0.8,
      1.8285,
      0.8571,
      1.8857,
      0.9143,
      1.9428,
      0.9714
    ],
    "TaskName": "pc",
    "dataset": "ds003481",
    "modality": "bold",
    "run_id": 4,
    "subject_id": "054",
    "task_id": "pc"
  },
  "dummy_trs": 0,
  "dvars_nstd": 22.528377508053097,
  "dvars_std": 1.134266656637168,
  "dvars_vstd": 1.050808028008849,
  "efc": 0.3559928471687972,
  "fber": 69242.6640625,
  "fd_mean": 0.15327964509045075,
  "fd_num": 25,
  "fd_perc": 11.013215859030836,
  "fwhm_avg": 2.6437916666666665,
  "fwhm_x": 2.622975,
  "fwhm_y": 2.6916,
  "fwhm_z": 2.6168,
  "gcor": 0.0413216,
  "gsr_x": 0.00018353127234149724,
  "gsr_y": -0.004167135339230299,
  "provenance": {
    "md5sum": "0843d9482baa8ac8d33f1e2643d261ef",
    "settings": {
      "fd_thres": 0.2,
      "testing": false
    },
    "software": "mriqc",
    "version": "23.0.1",
    "webapi_port": null,
    "webapi_url": "https://mriqc.nimh.nih.gov/api/v1"
  },
  "size_t": 227,
  "size_x": 64,
  "size_y": 64,
  "size_z": 34,
  "snr": 3.267486179745381,
  "spacing_tr": 2.0,
  "spacing_x": 4.0,
  "spacing_y": 4.0,
  "spacing_z": 4.0,
  "summary_bg_k": 53.22465170741392,
  "summary_bg_mad": 7.922450984453914,
  "summary_bg_mean": 29.945293426513672,
  "summary_bg_median": 5.823788166046143,
  "summary_bg_n": 98584.0,
  "summary_bg_p05": 0.1629955917596817,
  "summary_bg_p95": 131.0891960144041,
  "summary_bg_stdv": 88.5416259765625,
  "summary_fg_k": 0.10733869346205616,
  "summary_fg_mad": 420.4417919127426,
  "summary_fg_mean": 1494.1566162109375,
  "summary_fg_median": 1448.4912109375,
  "summary_fg_n": 13584.0,
  "summary_fg_p05": 832.6761932373047,
  "summary_fg_p95": 2310.7833618164045,
  "summary_fg_stdv": 443.28814697265625,
  "tsnr": 47.05521437572315
}