{
  "bids_meta": {
    "AcquisitionDateTime": "2016-09-06T21:03:14.000000",
    "ConversionSoftware": "dcm2niix",
    "ConversionSoftwareVersion": "v1.0.20170411 GCC4.8.4",
    "EchoTime": 0.003336,
    "FlipAngle": 12,
    "ImageType": [
      "DERIVED",
      "PRIMARY",
      "OTHER"
    ],
    "InversionTime": 0.45,
    "MagneticFieldStrength": 3,
    "Manufacturer": "GE",
    "ManufacturersModelName": "DISCOVERY_MR750",
    "ProcedureStepDescription": "MeditResp",
    "ProtocolName": "PU:Sag_T1_FSPGR_BRAVO",
    "RepetitionTime": 0.008512,
    "ScanningSequence": "GR",
    "SequenceVariant": "SS_SP_SK",
    "SeriesDescription": "PU:Sag_T1_FSPGR_BRAVO",
    "dataset": "ds003481",
    "modality": "T1w",
    "subject_id": "094"
  },
  "cjv": 0.3073968030611682,
  "cnr": 4.440712061735606,
  "efc": 0.7473197285773047,
  "fber": -1.0,
  "fwhm_avg": 3.7819533333333335,
  "fwhm_x": 3.80766,
  "fwhm_y": 3.85792,
  "fwhm_z": 3.68028,
  "icvs_csf": 0.23225398345632625,
  "icvs_gm": 0.4453559018184944,
  "icvs_wm": 0.32239011472517937,
  "inu_med": 0.5182673931121826,
  "inu_range": 0.13183579146862023,
  "provenance": {
    "md5sum": "fc5410c9f35d821a0b208574655b2c5e",
    "settings": {
      "testing": false
    },
    "software": "mriqc",
    "version": "23.0.1",
    "warnings": {
      "large_rot_frame": true,
      "small_air_mask": true
    },
    "webapi_port": null,
    "webapi_url": "https://mriqc.nimh.nih.gov/api/v1"
  },
  "qi_1": 0.0,
  "qi_2": 0.005043673874791796,
  "rpve_csf": 23.4665559815998,
  "rpve_gm": 12.502415936286473,
  "rpve_wm": 19.10346811075413,
  "size_x": 176,
  "size_y": 256,
  "size_z": 256,
  "snr_csf": 2.290889498004818,
  "snr_gm": 11.163916570601522,
  "snr_total": 11.717486096089338,
  "snr_wm": 21.697652219661673,
  "snrd_csf": 13.463882942049498,
  "snrd_gm": 39.77486258442542,
  "snrd_total": 37.7510560918868,
  "snrd_wm": 60.01442274918549,
  "spacing_x": 1.0,
  "spacing_y": 1.0,
  "spacing_z": 1.0,
  "summary_bg_k": 13.002072926321297,
  "summary_bg_mad": 0.0,
  "summary_bg_mean": 4.897399877264586,
  "summary_bg_median": 0.0,
  "summary_bg_n": 150491.0,
  "summary_bg_p05": 0.0,
  "summary_bg_p95": 29.822856411337852,
  "summary_bg_stdv": 10.916315833792147,
  "summary_csf_k": 1.9007219331273086,
  "summary_csf_mad": 83.27793974394504,
  "summary_csf_mean": 236.62828166267178,
  "summary_csf_median": 224.3441190943122,
  "summary_csf_n": 61926.0,
  "summary_csf_p05": 102.32453741133213,
  "summary_csf_p95": 426.1062068771571,
  "summary_csf_stdv": 97.9280353302229,
  "summary_gm_k": 0.09814219331552598,
  "summary_gm_mad": 58.399832661422536,
  "summary_gm_mean": 663.7585125065673,
  "summary_gm_median": 662.7550571411848,
  "summary_gm_n": 44777.0,
  "summary_gm_p05": 566.5221558138728,
  "summary_gm_p95": 762.9120185226202,
  "summary_gm_stdv": 59.365156689351394,
  "summary_wm_k": 0.2251137308649085,
  "summary_wm_mad": 45.2681814842336,
  "summary_wm_mean": 999.7251954178341,
  "summary_wm_median": 999.9999897927046,
  "summary_wm_n": 182160.0,
  "summary_wm_p05": 923.6489927396178,
  "summary_wm_p95": 1074.9682228267193,
  "summary_wm_stdv": 46.087808709695366,
  "tpm_overlap_csf": 0.15838787041771138,
  "tpm_overlap_gm": 0.46955941330587986,
  "tpm_overlap_wm": 0.4947166406573935,
  "wm2max": 0.48658871451692093
}