{
  "bids_meta": {
    "AcquisitionMatrixPE": 256,
    "AcquisitionNumber": 1,
    "AcquisitionTime": "20:03:48.000000",
    "BodyPartExamined": "HEAD",
    "CoilString": "32Ch_Head",
    "ConversionSoftware": "dcm2niix",
    "ConversionSoftwareVersion": "v1.0.20181125  (JP2:OpenJPEG) GCC7.3.0",
    "DeviceSerialNumber": "0002806034DVR750",
    "EchoTime": 0.003192,
    "FlipAngle": 12,
    "ImageOrientationPatientDICOM": [
      0,
      1,
      0,
      0,
      0,
      -1
    ],
    "ImageType": [
      "ORIGINAL",
      "PRIMARY",
      "OTHER"
    ],
    "ImagingFrequency": 127.772,
    "InPlanePhaseEncodingDirectionDICOM": "ROW",
    "InstitutionName": "INSTITUTO_DE_NEUROBIOLOGIA",
    "InversionTime": 0.45,
    "MRAcquisitionType": "3D",
    "MagneticFieldStrength": 3,
    "Manufacturer": "GE",
    "ManufacturersModelName": "DISCOVERY_MR750",
    "Modality": "MR",
    "PatientPosition": "HFS",
    "PercentPhaseFOV": 100,
    "PixelBandwidth": 244.141,
    "ProcedureStepDescription": "Emociones_AH",
    "ProtocolName": "Sag_T1_FSPGR_BRAVO",
    "ReconMatrixPE": 256,
    "RepetitionTime": 0.008184,
    "SAR": 0.10915,
    "ScanOptions": "FAST_GEMS_EDR_GEMS_FILTERED_GEMS_ACC_GEMS_IR_GEMS",
    "ScanningSequence": "GR",
    "SequenceVariant": "SS_SP_SK",
    "SeriesDescription": "Sag_T1_FSPGR_BRAVO",
    "SeriesNumber": 9,
    "SliceThickness": 1,
    "SoftwareVersions": "27_LX_MR_Software_release:DV26.0_R02_1810.b",
    "SpacingBetweenSlices": 1,
    "StationName": "GEHCGEHC",
    "dataset": "ds003481",
    "modality": "T1w",
    "subject_id": "026"
  },
  "cjv": 0.3715636914911015,
  "cnr": 3.64426002539205,
  "efc": 0.5880091557025834,
  "fber": -1.0,
  "fwhm_avg": 3.6621166666666665,
  "fwhm_x": 3.61585,
  "fwhm_y": 3.81641,
  "fwhm_z": 3.55409,
  "icvs_csf": 0.21411157773548314,
  "icvs_gm": 0.4462601072066156,
  "icvs_wm": 0.33962831505790125,
  "inu_med": 0.4817432165145874,
  "inu_range": 0.14163979589939107,
  "provenance": {
    "md5sum": "e86535143f3521af4fe44510c64a7c9b",
    "settings": {
      "testing": false
    },
    "software": "mriqc",
    "version": "23.0.1",
    "warnings": {
      "large_rot_frame": true,
      "small_air_mask": false
    },
    "webapi_port": null,
    "webapi_url": "https://mriqc.nimh.nih.gov/api/v1"
  },
  "qi_1": 3.681495010227373e-05,
  "qi_2": 0.0036309137410775157,
  "rpve_csf": 26.291976462761383,
  "rpve_gm": 13.360617517919465,
  "rpve_wm": 19.95931014913577,
  "size_x": 176,
  "size_y": 256,
  "size_z": 256,
  "snr_csf": 2.7159482156116668,
  "snr_gm": 11.004061390742162,
  "snr_total": 11.575704137357107,
  "snr_wm": 21.007102805717487,
  "snrd_csf": 16.79665756740169,
  "snrd_gm": 40.71266722301016,
  "snrd_total": 38.39335486849877,
  "snrd_wm": 57.670739815084445,
  "spacing_x": 1.0,
  "spacing_y": 1.0,
  "spacing_z": 1.0,
  "summary_bg_k": 25.993327593255067,
  "summary_bg_mad": 0.0,
  "summary_bg_mean": 6.045466441653375,
  "summary_bg_median": 0.0,
  "summary_bg_n": 1970476.0,
  "summary_bg_p05": 0.0,
  "summary_bg_p95": 28.28635298460722,
  "summary_bg_stdv": 11.36031808353359,
  "summary_csf_k": 0.6715019392058852,
  "summary_csf_mad": 92.27206555424587,
  "summary_csf_mean": 299.73451442038197,
  "summary_csf_median": 291.26052636653185,
  "summary_csf_n": 26059.0,
  "summary_csf_p05": 132.69888854175807,
  "summary_csf_p95": 494.9354396149515,
  "summary_csf_stdv": 107.23876698249578,
  "summary_gm_k": 0.13043720239615908,
  "summary_gm_mad": 62.88170393326385,
  "summary_gm_mean": 704.7614895878959,
  "summary_gm_median": 705.9733662828803,
  "summary_gm_n": 32206.0,
  "summary_gm_p05": 597.6109494213015,
  "summary_gm_p95": 808.8942001052201,
  "summary_gm_stdv": 64.15471350556705,
  "summary_wm_k": 0.3631330266156323,
  "summary_wm_mad": 46.380138770652685,
  "summary_wm_mean": 1000.807654141771,
  "summary_wm_median": 1000.0328914895654,
  "summary_wm_n": 183563.0,
  "summary_wm_p05": 924.3611346110702,
  "summary_wm_p95": 1080.051328919828,
  "summary_wm_stdv": 47.604382992956715,
  "tpm_overlap_csf": 0.1521441096225726,
  "tpm_overlap_gm": 0.46542613992433884,
  "tpm_overlap_wm": 0.5109376908780788,
  "wm2max": 0.5197946084724006
}