{
  "aor": 0.0007525,
  "aqi": 0.00231155259,
  "bids_meta": {
    "AcquisitionDateTime": "2016-09-20T20:59:8.000000",
    "ConversionSoftware": "dcm2niix",
    "ConversionSoftwareVersion": "v1.0.20170411 GCC4.8.4",
    "EchoTime": 0.04,
    "FlipAngle": 90,
    "ImageType": [
      "ORIGINAL",
      "PRIMARY",
      "EPI",
      "NONE"
    ],
    "MagneticFieldStrength": 3,
    "Manufacturer": "GE",
    "ManufacturersModelName": "DISCOVERY_MR750",
    "ProcedureStepDescription": "MeditResp",
    "ProtocolName": "fMRI_RestSt",
    "RepetitionTime": 2,
    "ScanningSequence": "EP_GR",
    "SequenceVariant": "SS",
    "SeriesDescription": "fMRI_RestSt",
    "SliceTiming": [
      1.0285,
      0.0571001,
      1.0857,
      0.1142,
      1.1428,
      0.1714,
      1.2,
      0.2285,
      1.2571,
      0.2857,
      1.3143,
      0.3428,
      1.3714,
      0.4,
      1.4286,
      0.4571,
      1.4857,
      0.5142,
      1.5428,
      0.5714,
      1.6,
      0.6285,
      1.6571,
      0.6857,
      1.7143,
      0.7428,
      1.7714,
      0.8,
      1.8285,
      0.8571,
      1.8857,
      0.9143,
      1.9428,
      0.9714
    ],
    "TaskName": "rest",
    "dataset": "ds003481",
    "modality": "bold",
    "subject_id": "116",
    "task_id": "rest"
  },
  "dummy_trs": 0,
  "dvars_nstd": 13.834412849197324,
  "dvars_std": 1.0943907003010043,
  "dvars_vstd": 0.9735484794983279,
  "efc": 0.3686996701902784,
  "fber": 65438.4140625,
  "fd_mean": 0.08222981675528881,
  "fd_num": 6,
  "fd_perc": 2.0,
  "fwhm_avg": 2.6161666666666665,
  "fwhm_x": 2.500975,
  "fwhm_y": 2.80705,
  "fwhm_z": 2.540475,
  "gcor": 0.0946891,
  "gsr_x": -0.008618457242846489,
  "gsr_y": 0.00839831493794918,
  "provenance": {
    "md5sum": "751d631e42b820eab90b1d8879c3820b",
    "settings": {
      "fd_thres": 0.2,
      "testing": false
    },
    "software": "mriqc",
    "version": "23.0.1",
    "webapi_port": null,
    "webapi_url": "https://mriqc.nimh.nih.gov/api/v1"
  },
  "size_t": 300,
  "size_x": 64,
  "size_y": 64,
  "size_z": 34,
  "snr": 3.6579495218426676,
  "spacing_tr": 2.0,
  "spacing_x": 4.0,
  "spacing_y": 4.0,
  "spacing_z": 4.0,
  "summary_bg_k": 53.42552375665398,
  "summary_bg_mad": 10.417751904474754,
  "summary_bg_mean": 44.312416076660156,
  "summary_bg_median": 7.503333568572998,
  "summary_bg_n": 97706.0,
  "summary_bg_p05": 0.09666667133569717,
  "summary_bg_p95": 228.8716697692871,
  "summary_bg_stdv": 121.02886199951172,
  "summary_fg_k": 0.05728051691471148,
  "summary_fg_mad": 497.5315873326921,
  "summary_fg_mean": 1892.703369140625,
  "summary_fg_median": 1850.8934326171875,
  "summary_fg_n": 13415.0,
  "summary_fg_p05": 1122.158349609375,
  "summary_fg_p95": 2775.4709716796874,
  "summary_fg_stdv": 505.97320556640625,
  "tsnr": 78.94933234434575
}