{
  "bids_meta": {
    "AcquisitionMatrixPE": 256,
    "AcquisitionNumber": 1,
    "AcquisitionTime": "21:52:40.000000",
    "CoilString": "32Ch_Head",
    "ConversionSoftware": "dcm2niix",
    "ConversionSoftwareVersion": "v1.0.20190902",
    "Dcm2bidsVersion": "2.1.4",
    "DeviceSerialNumber": "000000000000GEHC",
    "EchoTime": 0.00318,
    "FlipAngle": 12,
    "ImageOrientationPatientDICOM": [
      0,
      1,
      0,
      0,
      0,
      -1
    ],
    "ImageType": [
      "ORIGINAL",
      "PRIMARY",
      "OTHER"
    ],
    "ImagingFrequency": 127.772,
    "InPlanePhaseEncodingDirectionDICOM": "ROW",
    "InstitutionName": "INSTITUTO_DE_NEUROBIOLOGIA",
    "InversionTime": 0.45,
    "MRAcquisitionType": "3D",
    "MagneticFieldStrength": 3,
    "Manufacturer": "GE",
    "ManufacturersModelName": "DISCOVERY_MR750",
    "Modality": "MR",
    "PatientPosition": "HFS",
    "PercentPhaseFOV": 100,
    "PixelBandwidth": 244.141,
    "ProcedureStepDescription": "verbos_aza",
    "ProtocolName": "Sag_T1_FSPGR_BRAVO",
    "ReconMatrixPE": 256,
    "RepetitionTime": 0.008156,
    "SAR": 0.231456,
    "ScanOptions": "FAST_GEMS_EDR_GEMS_FILTERED_GEMS_ACC_GEMS",
    "ScanningSequence": "GR",
    "SequenceVariant": "SS_SP_SK",
    "SeriesDescription": "Sag_T1_FSPGR_BRAVO",
    "SeriesNumber": 18,
    "SliceThickness": 1,
    "SoftwareVersions": "24_LX_MR_Software_release:DV24.0_R02_1607.b",
    "SpacingBetweenSlices": 1,
    "StationName": "GEHCGEHC",
    "dataset": "ds003481",
    "modality": "T1w",
    "subject_id": "123"
  },
  "cjv": 0.42693577007102496,
  "cnr": 3.1180264021904995,
  "efc": 0.5889686624773552,
  "fber": -1.0,
  "fwhm_avg": 4.2763800000000005,
  "fwhm_x": 4.15532,
  "fwhm_y": 4.4462,
  "fwhm_z": 4.22762,
  "icvs_csf": 0.22165965414849592,
  "icvs_gm": 0.4037496943934351,
  "icvs_wm": 0.37459065145806897,
  "inu_med": 0.8821743726730347,
  "inu_range": 0.7902062416076656,
  "provenance": {
    "md5sum": "91c9592de356cb3eef3fad7ed2e599db",
    "settings": {
      "testing": false
    },
    "software": "mriqc",
    "version": "23.0.1",
    "warnings": {
      "large_rot_frame": true,
      "small_air_mask": false
    },
    "webapi_port": null,
    "webapi_url": "https://mriqc.nimh.nih.gov/api/v1"
  },
  "qi_1": 3.014523579257508e-05,
  "qi_2": 0.00299682715621849,
  "rpve_csf": 19.922817891217882,
  "rpve_gm": 11.10129755176695,
  "rpve_wm": 14.390994798644,
  "size_x": 176,
  "size_y": 256,
  "size_z": 256,
  "snr_csf": 2.605562576264913,
  "snr_gm": 10.126365062345982,
  "snr_total": 10.020930403537617,
  "snr_wm": 17.330863572001956,
  "snrd_csf": 13.050208732504744,
  "snrd_gm": 35.81183702508791,
  "snrd_total": 33.02473432793891,
  "snrd_wm": 50.21215722622407,
  "spacing_x": 1.0,
  "spacing_y": 1.0,
  "spacing_z": 1.0,
  "summary_bg_k": 14.959245734420744,
  "summary_bg_mad": 0.0,
  "summary_bg_mean": 6.752596451214851,
  "summary_bg_median": 0.0,
  "summary_bg_n": 1764387.0,
  "summary_bg_p05": 0.0,
  "summary_bg_p95": 33.48214337602258,
  "summary_bg_stdv": 13.048043634690744,
  "summary_csf_k": 1.3206010270275375,
  "summary_csf_mad": 84.58159589848911,
  "summary_csf_mean": 267.43808164309326,
  "summary_csf_median": 259.9148711375892,
  "summary_csf_n": 42319.0,
  "summary_csf_p05": 115.96760977059603,
  "summary_csf_p95": 453.34303028136475,
  "summary_csf_stdv": 99.75266093650917,
  "summary_gm_k": 0.16618870841826716,
  "summary_gm_mad": 68.26558285892615,
  "summary_gm_mean": 710.6065513735615,
  "summary_gm_median": 713.2475193589926,
  "summary_gm_n": 29061.0,
  "summary_gm_p05": 590.1681985147297,
  "summary_gm_p95": 822.8820725530386,
  "summary_gm_stdv": 70.43349151484696,
  "summary_wm_k": 1.1511202741560291,
  "summary_wm_mad": 54.181477263454354,
  "summary_wm_mean": 1005.2615805588812,
  "summary_wm_median": 1000.0519257970154,
  "summary_wm_n": 262757.0,
  "summary_wm_p05": 921.0963597893715,
  "summary_wm_p95": 1106.0527580045164,
  "summary_wm_stdv": 57.70341556511367,
  "tpm_overlap_csf": 0.1729015971669533,
  "tpm_overlap_gm": 0.4561483027309794,
  "tpm_overlap_wm": 0.5183027173653959,
  "wm2max": 0.4281904214924873
}