{
  "bids_meta": {
    "AcquisitionDateTime": "2017-08-18T19:44:11.000000",
    "ConversionSoftware": "dcm2niix",
    "ConversionSoftwareVersion": "v1.0.20170411 GCC4.8.4",
    "EchoTime": 0.00318,
    "FlipAngle": 12,
    "ImageType": [
      "DERIVED",
      "PRIMARY",
      "OTHER"
    ],
    "InversionTime": 0.45,
    "MagneticFieldStrength": 3,
    "Manufacturer": "GE",
    "ManufacturersModelName": "DISCOVERY_MR750",
    "ProcedureStepDescription": "CompMet",
    "ProtocolName": "PU:Sag_T1_FSPGR_BRAVO",
    "RepetitionTime": 0.008156,
    "ScanningSequence": "GR",
    "SequenceVariant": "SS_SP_SK",
    "SeriesDescription": "PU:Sag_T1_FSPGR_BRAVO",
    "dataset": "ds003481",
    "modality": "T1w",
    "subject_id": "085"
  },
  "cjv": 0.37882224241695694,
  "cnr": 3.6457481190913583,
  "efc": 0.7451733321519891,
  "fber": 5808.328295089671,
  "fwhm_avg": 3.7535333333333334,
  "fwhm_x": 3.63336,
  "fwhm_y": 4.09981,
  "fwhm_z": 3.52743,
  "icvs_csf": 0.21029482166084346,
  "icvs_gm": 0.4262667784443374,
  "icvs_wm": 0.36343839989481913,
  "inu_med": 0.5995918214321136,
  "inu_range": 0.20641590207815164,
  "provenance": {
    "md5sum": "479a5b24f482860297a743af47025217",
    "settings": {
      "testing": false
    },
    "software": "mriqc",
    "version": "23.0.1",
    "warnings": {
      "large_rot_frame": true,
      "small_air_mask": false
    },
    "webapi_port": null,
    "webapi_url": "https://mriqc.nimh.nih.gov/api/v1"
  },
  "qi_1": 0.0,
  "qi_2": 0.0027971135024194046,
  "rpve_csf": 23.074482283115334,
  "rpve_gm": 11.606123341982526,
  "rpve_wm": 15.81595064035922,
  "size_x": 176,
  "size_y": 256,
  "size_z": 256,
  "snr_csf": 2.551108645597162,
  "snr_gm": 10.374639172409687,
  "snr_total": 10.3636164689421,
  "snr_wm": 18.165101588819454,
  "snrd_csf": 14.35062036287282,
  "snrd_gm": 37.78537389247239,
  "snrd_total": 35.794821402150156,
  "snrd_wm": 55.248469951105264,
  "spacing_x": 1.0,
  "spacing_y": 1.0,
  "spacing_z": 1.0,
  "summary_bg_k": 10.240235761915526,
  "summary_bg_mad": 0.0,
  "summary_bg_mean": 5.651665166351901,
  "summary_bg_median": 0.0,
  "summary_bg_n": 357744.0,
  "summary_bg_p05": 0.0,
  "summary_bg_p95": 31.212747666984797,
  "summary_bg_stdv": 11.858217671806432,
  "summary_csf_k": 1.1190692632489831,
  "summary_csf_mad": 84.53135164764095,
  "summary_csf_mean": 273.18026331765276,
  "summary_csf_median": 259.75167917460203,
  "summary_csf_n": 38892.0,
  "summary_csf_p05": 122.943748742342,
  "summary_csf_p95": 462.7794160408898,
  "summary_csf_stdv": 101.81782739991438,
  "summary_gm_k": 0.06588459736560726,
  "summary_gm_mad": 65.9610997417745,
  "summary_gm_mean": 682.4303340582992,
  "summary_gm_median": 683.929618973285,
  "summary_gm_n": 28042.0,
  "summary_gm_p05": 572.1358999498188,
  "summary_gm_p95": 788.0191809492185,
  "summary_gm_stdv": 65.92204439712653,
  "summary_wm_k": 0.34559243026996356,
  "summary_wm_mad": 53.780319575115406,
  "summary_wm_mean": 1002.0099916451543,
  "summary_wm_median": 1000.0182904116809,
  "summary_wm_n": 210368.0,
  "summary_wm_p05": 915.4394465573132,
  "summary_wm_p95": 1095.1474831102414,
  "summary_wm_stdv": 55.05149028142763,
  "tpm_overlap_csf": 0.17170057236655303,
  "tpm_overlap_gm": 0.4683478016987742,
  "tpm_overlap_wm": 0.5069990425697665,
  "wm2max": 0.5197392249185078
}