{
  "aor": 0.0009738666666666667,
  "aqi": 0.0094418403,
  "bids_meta": {
    "AcquisitionMatrixPE": 64,
    "AcquisitionNumber": 1,
    "AcquisitionTime": "19:17:24.000000",
    "BodyPartExamined": "HEAD",
    "CoilString": "32Ch_Head",
    "ConversionSoftware": "dcm2niix",
    "ConversionSoftwareVersion": "v1.0.20181125  (JP2:OpenJPEG) GCC7.3.0",
    "DeviceSerialNumber": "0002806034DVR750",
    "EchoTime": 0.04,
    "EffectiveEchoSpacing": 0.000372,
    "FlipAngle": 90,
    "ImageOrientationPatientDICOM": [
      1,
      0,
      0,
      0,
      1,
      0
    ],
    "ImageType": [
      "ORIGINAL",
      "PRIMARY",
      "EPI",
      "NONE"
    ],
    "ImagingFrequency": 127.772,
    "InPlanePhaseEncodingDirectionDICOM": "COL",
    "InstitutionName": "INSTITUTO_DE_NEUROBIOLOGIA",
    "MRAcquisitionType": "2D",
    "MagneticFieldStrength": 3,
    "Manufacturer": "GE",
    "ManufacturersModelName": "DISCOVERY_MR750",
    "Modality": "MR",
    "PatientPosition": "HFS",
    "PercentPhaseFOV": 100,
    "PhaseEncodingDirection": "j",
    "PhaseEncodingPolarityGE": "Flipped",
    "PixelBandwidth": 7812.5,
    "ProcedureStepDescription": "Emociones_AH",
    "ProtocolName": "fMRI_RestState",
    "ReconMatrixPE": 64,
    "RepetitionTime": 2,
    "SAR": 0.167817,
    "ScanOptions": "EPI_GEMS_ACC_GEMS",
    "ScanningSequence": "EP_GR",
    "SequenceVariant": "SS",
    "SeriesDescription": "fMRI_RestState",
    "SeriesNumber": 3,
    "SliceThickness": 4,
    "SliceTiming": [
      0,
      1.0285,
      0.0571001,
      1.0857,
      0.1142,
      1.1428,
      0.1714,
      1.2,
      0.2285,
      1.2571,
      0.2857,
      1.3143,
      0.3428,
      1.3714,
      0.4,
      1.4286,
      0.4571,
      1.4857,
      0.5142,
      1.5428,
      0.5714,
      1.6,
      0.6285,
      1.6571,
      0.6857,
      1.7143,
      0.7428,
      1.7714,
      0.8,
      1.8285,
      0.8571,
      1.8857,
      0.9143,
      1.9428,
      0.9714
    ],
    "SoftwareVersions": "27_LX_MR_Software_release:DV26.0_R02_1810.b",
    "SpacingBetweenSlices": 4,
    "StationName": "GEHCGEHC",
    "TaskName": "rest",
    "TotalReadoutTime": 0.023436,
    "dataset": "ds003481",
    "modality": "bold",
    "subject_id": "026",
    "task_id": "rest"
  },
  "dummy_trs": 0,
  "dvars_nstd": 18.398807174882933,
  "dvars_std": 0.9416389645484949,
  "dvars_vstd": 0.878494864414715,
  "efc": 0.331316071203615,
  "fber": 74654.4765625,
  "fd_mean": 0.18171720497900018,
  "fd_num": 101,
  "fd_perc": 33.666666666666664,
  "fwhm_avg": 2.607816666666667,
  "fwhm_x": 2.52595,
  "fwhm_y": 2.674825,
  "fwhm_z": 2.622675,
  "gcor": 0.0287236,
  "gsr_x": -0.008185284212231636,
  "gsr_y": -0.0014723975909873843,
  "provenance": {
    "md5sum": "1034f1ec561dc3513d50b9b0e7a3a2d0",
    "settings": {
      "fd_thres": 0.2,
      "testing": false
    },
    "software": "mriqc",
    "version": "23.0.1",
    "webapi_port": null,
    "webapi_url": "https://mriqc.nimh.nih.gov/api/v1"
  },
  "size_t": 300,
  "size_x": 64,
  "size_y": 64,
  "size_z": 35,
  "snr": 3.5591565102123086,
  "spacing_tr": 2.0,
  "spacing_x": 4.0,
  "spacing_y": 4.0,
  "spacing_z": 4.0,
  "summary_bg_k": 128.2570432154972,
  "summary_bg_mad": 9.365103919299075,
  "summary_bg_mean": 31.175662994384766,
  "summary_bg_median": 7.233333587646484,
  "summary_bg_n": 104652.0,
  "summary_bg_p05": 0.36000001430511475,
  "summary_bg_p95": 133.5641693115234,
  "summary_bg_stdv": 91.83563995361328,
  "summary_fg_k": 0.5946177377167299,
  "summary_fg_mad": 461.89493006457786,
  "summary_fg_mean": 1949.76171875,
  "summary_fg_median": 1860.75,
  "summary_fg_n": 12134.0,
  "summary_fg_p05": 1233.3149963378905,
  "summary_fg_p95": 2951.552087402344,
  "summary_fg_stdv": 522.784912109375,
  "tsnr": 41.7721785325557
}