{
  "aor": 0.001912314049586777,
  "aqi": 0.0026262252520661156,
  "bids_meta": {
    "AcquisitionMatrixPE": 64,
    "AcquisitionNumber": 1,
    "AcquisitionTime": "19:30:50.000000",
    "BodyPartExamined": "HEAD",
    "CoilString": "32Ch_Head",
    "ConversionSoftware": "dcm2niix",
    "ConversionSoftwareVersion": "v1.0.20181125  (JP2:OpenJPEG) GCC7.3.0",
    "DeviceSerialNumber": "0002806034DVR750",
    "EchoTime": 0.04,
    "EffectiveEchoSpacing": 0.000372,
    "FlipAngle": 90,
    "ImageOrientationPatientDICOM": [
      1,
      0,
      0,
      0,
      1,
      0
    ],
    "ImageType": [
      "ORIGINAL",
      "PRIMARY",
      "EPI",
      "NONE"
    ],
    "ImagingFrequency": 127.772,
    "InPlanePhaseEncodingDirectionDICOM": "COL",
    "InstitutionName": "INSTITUTO_DE_NEUROBIOLOGIA",
    "MRAcquisitionType": "2D",
    "MagneticFieldStrength": 3,
    "Manufacturer": "GE",
    "ManufacturersModelName": "DISCOVERY_MR750",
    "Modality": "MR",
    "PatientPosition": "HFS",
    "PercentPhaseFOV": 100,
    "PhaseEncodingDirection": "j",
    "PhaseEncodingPolarityGE": "Flipped",
    "PixelBandwidth": 7812.5,
    "ProcedureStepDescription": "Emociones_AH",
    "ProtocolName": "fMRI_Jalil_1",
    "ReconMatrixPE": 64,
    "RepetitionTime": 2,
    "SAR": 0.166299,
    "ScanOptions": "EPI_GEMS_ACC_GEMS",
    "ScanningSequence": "EP_GR",
    "SequenceVariant": "SS",
    "SeriesDescription": "fMRI_Jalil_1",
    "SeriesNumber": 5,
    "SliceThickness": 4,
    "SliceTiming": [
      0,
      1.0285,
      0.0571001,
      1.0857,
      0.1142,
      1.1428,
      0.1714,
      1.2,
      0.2285,
      1.2571,
      0.2857,
      1.3143,
      0.3428,
      1.3714,
      0.4,
      1.4286,
      0.4571,
      1.4857,
      0.5142,
      1.5428,
      0.5714,
      1.6,
      0.6285,
      1.6571,
      0.6857,
      1.7143,
      0.7428,
      1.7714,
      0.8,
      1.8285,
      0.8571,
      1.8857,
      0.9143,
      1.9428,
      0.9714
    ],
    "SoftwareVersions": "27_LX_MR_Software_release:DV26.0_R02_1810.b",
    "SpacingBetweenSlices": 4,
    "StationName": "GEHCGEHC",
    "TaskName": "sae",
    "TotalReadoutTime": 0.023436,
    "dataset": "ds003481",
    "modality": "bold",
    "run_id": 1,
    "subject_id": "026",
    "task_id": "sae"
  },
  "dummy_trs": 0,
  "dvars_nstd": 14.987729088423244,
  "dvars_std": 1.0745047441078834,
  "dvars_vstd": 0.9809117594605812,
  "efc": 0.3304398979265652,
  "fber": 69656.171875,
  "fd_mean": 0.09670854295934675,
  "fd_num": 9,
  "fd_perc": 3.71900826446281,
  "fwhm_avg": 2.6028750000000005,
  "fwhm_x": 2.614825,
  "fwhm_y": 2.6369,
  "fwhm_z": 2.5569,
  "gcor": 0.0619349,
  "gsr_x": -0.007330700755119324,
  "gsr_y": -0.004282860551029444,
  "provenance": {
    "md5sum": "1a345b8f694319edc48b1bc2b1f1a71c",
    "settings": {
      "fd_thres": 0.2,
      "testing": false
    },
    "software": "mriqc",
    "version": "23.0.1",
    "webapi_port": null,
    "webapi_url": "https://mriqc.nimh.nih.gov/api/v1"
  },
  "size_t": 242,
  "size_x": 64,
  "size_y": 64,
  "size_z": 35,
  "snr": 3.449013740397046,
  "spacing_tr": 2.0,
  "spacing_x": 4.0,
  "spacing_y": 4.0,
  "spacing_z": 4.0,
  "summary_bg_k": 58.28420524049167,
  "summary_bg_mad": 9.404108395333559,
  "summary_bg_mean": 31.145544052124023,
  "summary_bg_median": 7.2933878898620605,
  "summary_bg_n": 104884.0,
  "summary_bg_p05": 0.3057851195335388,
  "summary_bg_p95": 139.64585723876888,
  "summary_bg_stdv": 89.41620635986328,
  "summary_fg_k": 0.7074130124186291,
  "summary_fg_mad": 466.3428272109527,
  "summary_fg_mean": 1908.33837890625,
  "summary_fg_median": 1818.4833984375,
  "summary_fg_n": 12106.0,
  "summary_fg_p05": 1188.5990905761719,
  "summary_fg_p95": 2909.2705078125,
  "summary_fg_stdv": 527.2255859375,
  "tsnr": 71.50405755825341
}