{
  "aor": 0.000624955357142857,
  "aqi": 0.0041020866964285715,
  "bids_meta": {
    "AcquisitionMatrixPE": 64,
    "AcquisitionNumber": 1,
    "AcquisitionTime": "19:39:41.000000",
    "BodyPartExamined": "HEAD",
    "CoilString": "32Ch_Head",
    "ConversionSoftware": "dcm2niix",
    "ConversionSoftwareVersion": "v1.0.20181125  (JP2:OpenJPEG) GCC7.3.0",
    "DeviceSerialNumber": "0002806034DVR750",
    "EchoTime": 0.04,
    "EffectiveEchoSpacing": 0.000372,
    "FlipAngle": 90,
    "ImageOrientationPatientDICOM": [
      1,
      0,
      0,
      0,
      1,
      0
    ],
    "ImageType": [
      "ORIGINAL",
      "PRIMARY",
      "EPI",
      "NONE"
    ],
    "ImagingFrequency": 127.772,
    "InPlanePhaseEncodingDirectionDICOM": "COL",
    "InstitutionName": "INSTITUTO_DE_NEUROBIOLOGIA",
    "MRAcquisitionType": "2D",
    "MagneticFieldStrength": 3,
    "Manufacturer": "GE",
    "ManufacturersModelName": "DISCOVERY_MR750",
    "Modality": "MR",
    "PatientPosition": "HFS",
    "PercentPhaseFOV": 100,
    "PhaseEncodingDirection": "j",
    "PhaseEncodingPolarityGE": "Flipped",
    "PixelBandwidth": 7812.5,
    "ProcedureStepDescription": "Emociones_AH",
    "ProtocolName": "fMRI_Jalil_2",
    "ReconMatrixPE": 64,
    "RepetitionTime": 2,
    "SAR": 0.166299,
    "ScanOptions": "EPI_GEMS_ACC_GEMS",
    "ScanningSequence": "EP_GR",
    "SequenceVariant": "SS",
    "SeriesDescription": "fMRI_Jalil_2",
    "SeriesNumber": 6,
    "SliceThickness": 4,
    "SliceTiming": [
      0,
      1.0285,
      0.0571001,
      1.0857,
      0.1142,
      1.1428,
      0.1714,
      1.2,
      0.2285,
      1.2571,
      0.2857,
      1.3143,
      0.3428,
      1.3714,
      0.4,
      1.4286,
      0.4571,
      1.4857,
      0.5142,
      1.5428,
      0.5714,
      1.6,
      0.6285,
      1.6571,
      0.6857,
      1.7143,
      0.7428,
      1.7714,
      0.8,
      1.8285,
      0.8571,
      1.8857,
      0.9143,
      1.9428,
      0.9714
    ],
    "SoftwareVersions": "27_LX_MR_Software_release:DV26.0_R02_1810.b",
    "SpacingBetweenSlices": 4,
    "StationName": "GEHCGEHC",
    "TaskName": "sae",
    "TotalReadoutTime": 0.023436,
    "dataset": "ds003481",
    "modality": "bold",
    "run_id": 2,
    "subject_id": "026",
    "task_id": "sae"
  },
  "dummy_trs": 0,
  "dvars_nstd": 17.060405756950672,
  "dvars_std": 0.9705782780717491,
  "dvars_vstd": 0.8970639793721977,
  "efc": 0.33069864696294937,
  "fber": 75235.703125,
  "fd_mean": 0.13548517262771045,
  "fd_num": 35,
  "fd_perc": 15.625,
  "fwhm_avg": 2.6084333333333336,
  "fwhm_x": 2.58325,
  "fwhm_y": 2.663725,
  "fwhm_z": 2.578325,
  "gcor": 0.0466576,
  "gsr_x": -0.006521750707179308,
  "gsr_y": -0.004758587572723627,
  "provenance": {
    "md5sum": "f13a5d937eefda558cb5af94045c7cb4",
    "settings": {
      "fd_thres": 0.2,
      "testing": false
    },
    "software": "mriqc",
    "version": "23.0.1",
    "webapi_port": null,
    "webapi_url": "https://mriqc.nimh.nih.gov/api/v1"
  },
  "size_t": 224,
  "size_x": 64,
  "size_y": 64,
  "size_z": 35,
  "snr": 3.4520924186493533,
  "spacing_tr": 2.0,
  "spacing_x": 4.0,
  "spacing_y": 4.0,
  "spacing_z": 4.0,
  "summary_bg_k": 61.510501246291014,
  "summary_bg_mad": 9.239789280518016,
  "summary_bg_mean": 31.506425857543945,
  "summary_bg_median": 7.129464626312256,
  "summary_bg_n": 104797.0,
  "summary_bg_p05": 0.2455357313156128,
  "summary_bg_p95": 140.65625,
  "summary_bg_stdv": 91.22259521484375,
  "summary_fg_k": 0.7557831374793529,
  "summary_fg_mad": 460.3678063439052,
  "summary_fg_mean": 1936.207275390625,
  "summary_fg_median": 1839.200927734375,
  "summary_fg_n": 12178.0,
  "summary_fg_p05": 1220.39716796875,
  "summary_fg_p95": 2963.9777343749997,
  "summary_fg_stdv": 532.7567138671875,
  "tsnr": 59.743357522645965
}