{
  "aor": 0.005402298850574712,
  "aqi": 0.004636632183908046,
  "bids_meta": {
    "AcquisitionMatrixPE": 64,
    "AcquisitionNumber": 1,
    "AcquisitionTime": "19:18:26.000000",
    "CoilString": "32Ch_Head",
    "ConversionSoftware": "dcm2niix",
    "ConversionSoftwareVersion": "v1.0.20190902",
    "Dcm2bidsVersion": "2.1.4",
    "DeviceSerialNumber": "000000000000GEHC",
    "EchoTime": 0.04,
    "EffectiveEchoSpacing": 0.000372,
    "FlipAngle": 90,
    "ImageOrientationPatientDICOM": [
      1,
      0,
      0,
      0,
      1,
      0
    ],
    "ImageType": [
      "ORIGINAL",
      "PRIMARY",
      "EPI",
      "NONE"
    ],
    "ImagingFrequency": 127.772,
    "InPlanePhaseEncodingDirectionDICOM": "ROW",
    "InstitutionName": "INSTITUTO_DE_NEUROBIOLOGIA",
    "MRAcquisitionType": "2D",
    "MagneticFieldStrength": 3,
    "Manufacturer": "GE",
    "ManufacturersModelName": "DISCOVERY_MR750",
    "Modality": "MR",
    "PatientPosition": "HFS",
    "PercentPhaseFOV": 100,
    "PhaseEncodingDirection": "i-",
    "PhaseEncodingPolarityGE": "Flipped",
    "PixelBandwidth": 7812.5,
    "ProcedureStepDescription": "verbos",
    "ProtocolName": "fMRI_8",
    "ReconMatrixPE": 64,
    "RepetitionTime": 2,
    "SAR": 0.349793,
    "ScanOptions": "EPI_GEMS_ACC_GEMS",
    "ScanningSequence": "EP_GR",
    "SequenceVariant": "SS",
    "SeriesDescription": "fMRI_8",
    "SeriesNumber": 11,
    "SliceThickness": 4,
    "SliceTiming": [
      0,
      1.0285,
      0.0571001,
      1.0857,
      0.1142,
      1.1428,
      0.1714,
      1.2,
      0.2285,
      1.2571,
      0.2857,
      1.3143,
      0.3428,
      1.3714,
      0.4,
      1.4286,
      0.4571,
      1.4857,
      0.5142,
      1.5428,
      0.5714,
      1.6,
      0.6285,
      1.6571,
      0.6857,
      1.7143,
      0.7428,
      1.7714,
      0.8,
      1.8285,
      0.8571,
      1.8857,
      0.9143,
      1.9428,
      0.9714
    ],
    "SoftwareVersions": "24_LX_MR_Software_release:DV24.0_R02_1607.b",
    "SpacingBetweenSlices": 4,
    "StationName": "GEHCGEHC",
    "TaskName": "verbs",
    "TotalReadoutTime": 0.023436,
    "dataset": "ds003481",
    "modality": "bold",
    "run_id": 8,
    "subject_id": "126",
    "task_id": "verbs"
  },
  "dummy_trs": 0,
  "dvars_nstd": 16.946379628381504,
  "dvars_std": 1.0034749780346823,
  "dvars_vstd": 0.9626108008670519,
  "efc": 0.32956605988061294,
  "fber": 64639.91015625,
  "fd_mean": 0.17361960964461026,
  "fd_num": 46,
  "fd_perc": 26.436781609195403,
  "fwhm_avg": 2.8311333333333333,
  "fwhm_x": 2.79655,
  "fwhm_y": 2.951875,
  "fwhm_z": 2.744975,
  "gcor": 0.0596724,
  "gsr_x": -0.012063904665410519,
  "gsr_y": 0.0019344533793628216,
  "provenance": {
    "md5sum": "c49936fb2749f88268d711118c687869",
    "settings": {
      "fd_thres": 0.2,
      "testing": false
    },
    "software": "mriqc",
    "version": "23.0.1",
    "webapi_port": null,
    "webapi_url": "https://mriqc.nimh.nih.gov/api/v1"
  },
  "size_t": 174,
  "size_x": 64,
  "size_y": 64,
  "size_z": 35,
  "snr": 3.172585208801747,
  "spacing_tr": 2.0,
  "spacing_x": 4.0,
  "spacing_y": 4.0,
  "spacing_z": 4.0,
  "summary_bg_k": 52.62709090800009,
  "summary_bg_mad": 10.403777252802506,
  "summary_bg_mean": 35.339271545410156,
  "summary_bg_median": 7.764367580413818,
  "summary_bg_n": 105361.0,
  "summary_bg_p05": 0.1781609207391739,
  "summary_bg_p95": 158.4540252685547,
  "summary_bg_stdv": 91.7042465209961,
  "summary_fg_k": 1.0956667536188247,
  "summary_fg_mad": 453.2928690971009,
  "summary_fg_mean": 1965.554443359375,
  "summary_fg_median": 1833.048828125,
  "summary_fg_n": 11572.0,
  "summary_fg_p05": 1243.2689514160156,
  "summary_fg_p95": 3145.581530761718,
  "summary_fg_stdv": 577.752685546875,
  "tsnr": 57.73152208421379
}