{
  "aor": 0.005146896551724138,
  "aqi": 0.006240420977011495,
  "bids_meta": {
    "AcquisitionMatrixPE": 64,
    "AcquisitionNumber": 1,
    "AcquisitionTime": "19:04:35.000000",
    "CoilString": "32Ch_Head",
    "ConversionSoftware": "dcm2niix",
    "ConversionSoftwareVersion": "v1.0.20190902",
    "Dcm2bidsVersion": "2.1.4",
    "DeviceSerialNumber": "000000000000GEHC",
    "EchoTime": 0.04,
    "EffectiveEchoSpacing": 0.000372,
    "FlipAngle": 90,
    "ImageOrientationPatientDICOM": [
      1,
      0,
      0,
      0,
      1,
      0
    ],
    "ImageType": [
      "ORIGINAL",
      "PRIMARY",
      "EPI",
      "NONE"
    ],
    "ImagingFrequency": 127.772,
    "InPlanePhaseEncodingDirectionDICOM": "ROW",
    "InstitutionName": "INSTITUTO_DE_NEUROBIOLOGIA",
    "MRAcquisitionType": "2D",
    "MagneticFieldStrength": 3,
    "Manufacturer": "GE",
    "ManufacturersModelName": "DISCOVERY_MR750",
    "Modality": "MR",
    "PatientPosition": "HFS",
    "PercentPhaseFOV": 100,
    "PhaseEncodingDirection": "i-",
    "PhaseEncodingPolarityGE": "Flipped",
    "PixelBandwidth": 7812.5,
    "ProcedureStepDescription": "verbos",
    "ProtocolName": "fMRI_6",
    "ReconMatrixPE": 64,
    "RepetitionTime": 2,
    "SAR": 0.349793,
    "ScanOptions": "EPI_GEMS_ACC_GEMS",
    "ScanningSequence": "EP_GR",
    "SequenceVariant": "SS",
    "SeriesDescription": "fMRI_6",
    "SeriesNumber": 9,
    "SliceThickness": 4,
    "SliceTiming": [
      0,
      1.0285,
      0.0571001,
      1.0857,
      0.1142,
      1.1428,
      0.1714,
      1.2,
      0.2285,
      1.2571,
      0.2857,
      1.3143,
      0.3428,
      1.3714,
      0.4,
      1.4286,
      0.4571,
      1.4857,
      0.5142,
      1.5428,
      0.5714,
      1.6,
      0.6285,
      1.6571,
      0.6857,
      1.7143,
      0.7428,
      1.7714,
      0.8,
      1.8285,
      0.8571,
      1.8857,
      0.9143,
      1.9428,
      0.9714
    ],
    "SoftwareVersions": "24_LX_MR_Software_release:DV24.0_R02_1607.b",
    "SpacingBetweenSlices": 4,
    "StationName": "GEHCGEHC",
    "TaskName": "verbs",
    "TotalReadoutTime": 0.023436,
    "dataset": "ds003481",
    "modality": "bold",
    "run_id": 6,
    "subject_id": "126",
    "task_id": "verbs"
  },
  "dummy_trs": 0,
  "dvars_nstd": 18.170155856127167,
  "dvars_std": 0.9263757844508672,
  "dvars_vstd": 0.9197682737572251,
  "efc": 0.32793452080503915,
  "fber": 60337.9140625,
  "fd_mean": 0.16954503360886378,
  "fd_num": 41,
  "fd_perc": 23.563218390804597,
  "fwhm_avg": 2.8638166666666667,
  "fwhm_x": 2.84865,
  "fwhm_y": 2.963725,
  "fwhm_z": 2.779075,
  "gcor": 0.0637517,
  "gsr_x": -0.012586642056703568,
  "gsr_y": 0.0022881494369357824,
  "provenance": {
    "md5sum": "d2c27c25a7e6d70f95724684edde20e0",
    "settings": {
      "fd_thres": 0.2,
      "testing": false
    },
    "software": "mriqc",
    "version": "23.0.1",
    "webapi_port": null,
    "webapi_url": "https://mriqc.nimh.nih.gov/api/v1"
  },
  "size_t": 174,
  "size_x": 64,
  "size_y": 64,
  "size_z": 35,
  "snr": 3.0406385373906923,
  "spacing_tr": 2.0,
  "spacing_x": 4.0,
  "spacing_y": 4.0,
  "spacing_z": 4.0,
  "summary_bg_k": 58.504847207512206,
  "summary_bg_mad": 10.557150596961536,
  "summary_bg_mean": 34.5345344543457,
  "summary_bg_median": 7.896551609039307,
  "summary_bg_n": 105282.0,
  "summary_bg_p05": 0.2298850566148758,
  "summary_bg_p95": 149.25718460083,
  "summary_bg_stdv": 91.1142807006836,
  "summary_fg_k": 1.0513650974778699,
  "summary_fg_mad": 446.3441665972946,
  "summary_fg_mean": 1932.6845703125,
  "summary_fg_median": 1785.87353515625,
  "summary_fg_n": 11506.0,
  "summary_fg_p05": 1209.0804748535156,
  "summary_fg_p95": 3133.5115356445312,
  "summary_fg_stdv": 587.3095092773438,
  "tsnr": 49.71885612979531
}