{
  "bids_meta": {
    "AcquisitionDateTime": "2016-09-05T19:34:30.000000",
    "ConversionSoftware": "dcm2niix",
    "ConversionSoftwareVersion": "v1.0.20170411 GCC4.8.4",
    "EchoTime": 0.003336,
    "FlipAngle": 12,
    "ImageType": [
      "DERIVED",
      "PRIMARY",
      "OTHER"
    ],
    "InversionTime": 0.45,
    "MagneticFieldStrength": 3,
    "Manufacturer": "GE",
    "ManufacturersModelName": "DISCOVERY_MR750",
    "ProcedureStepDescription": "MeditResp",
    "ProtocolName": "PU:Sag_T1_FSPGR_BRAVO",
    "RepetitionTime": 0.008512,
    "ScanningSequence": "GR",
    "SequenceVariant": "SS_SP_SK",
    "SeriesDescription": "PU:Sag_T1_FSPGR_BRAVO",
    "dataset": "ds003481",
    "modality": "T1w",
    "subject_id": "095"
  },
  "cjv": 0.3101564971989263,
  "cnr": 4.354971231987539,
  "efc": 0.7314843566170177,
  "fber": 10959.47265625,
  "fwhm_avg": 3.962696666666666,
  "fwhm_x": 4.06068,
  "fwhm_y": 4.10001,
  "fwhm_z": 3.7274,
  "icvs_csf": 0.20970219369393991,
  "icvs_gm": 0.44752975938280504,
  "icvs_wm": 0.3427680469232551,
  "inu_med": 0.43049970269203186,
  "inu_range": 0.09870690107345581,
  "provenance": {
    "md5sum": "d7d5a49e8d1bc9db484bad5227f79083",
    "settings": {
      "testing": false
    },
    "software": "mriqc",
    "version": "23.0.1",
    "warnings": {
      "large_rot_frame": true,
      "small_air_mask": false
    },
    "webapi_port": null,
    "webapi_url": "https://mriqc.nimh.nih.gov/api/v1"
  },
  "qi_1": 0.0,
  "qi_2": 0.0031886553672090816,
  "rpve_csf": 25.76047543481877,
  "rpve_gm": 12.786249977545852,
  "rpve_wm": 18.91396445974288,
  "size_x": 176,
  "size_y": 256,
  "size_z": 256,
  "snr_csf": 2.783008761388248,
  "snr_gm": 11.505444515582312,
  "snr_total": 13.15514249866971,
  "snr_wm": 25.176974219038566,
  "snrd_csf": 15.538194421317542,
  "snrd_gm": 38.42095562497312,
  "snrd_total": 36.69935465033314,
  "snrd_wm": 56.138913904708765,
  "spacing_x": 1.0,
  "spacing_y": 1.0,
  "spacing_z": 1.0,
  "summary_bg_k": 12.617104687565917,
  "summary_bg_mad": 0.0,
  "summary_bg_mean": 6.172191622661081,
  "summary_bg_median": 0.0,
  "summary_bg_n": 388628.0,
  "summary_bg_p05": 0.0,
  "summary_bg_p95": 30.892874341458082,
  "summary_bg_stdv": 11.669915463351835,
  "summary_csf_k": 1.2310506084464317,
  "summary_csf_mad": 78.3809822722676,
  "summary_csf_mean": 282.35271544054797,
  "summary_csf_median": 276.78116396814585,
  "summary_csf_n": 37197.0,
  "summary_csf_p05": 118.92569738253951,
  "summary_csf_p95": 459.6425641864536,
  "summary_csf_stdv": 99.45259508565178,
  "summary_gm_k": 0.1252738318157922,
  "summary_gm_mad": 59.02454983171402,
  "summary_gm_mean": 684.0238933120754,
  "summary_gm_median": 684.3907683417201,
  "summary_gm_n": 49398.0,
  "summary_gm_p05": 585.4047088436782,
  "summary_gm_p95": 780.6978628858924,
  "summary_gm_stdv": 59.48347671984727,
  "summary_wm_k": 0.2387741570038613,
  "summary_wm_mad": 38.86369422479978,
  "summary_wm_mean": 1000.2462384310542,
  "summary_wm_median": 999.9999686665833,
  "summary_wm_n": 199501.0,
  "summary_wm_p05": 935.4674331322312,
  "summary_wm_p95": 1065.6854764595628,
  "summary_wm_stdv": 39.718730841541394,
  "tpm_overlap_csf": 0.1625902781472824,
  "tpm_overlap_gm": 0.48695869520239965,
  "tpm_overlap_wm": 0.5372162682060577,
  "wm2max": 0.5434091075985314
}