{
  "bids_meta": {
    "AcquisitionMatrixPE": 256,
    "AcquisitionNumber": 1,
    "AcquisitionTime": "19:48:7.000000",
    "CoilString": "32Ch_Head",
    "ConversionSoftware": "dcm2niix",
    "ConversionSoftwareVersion": "v1.0.20190902",
    "Dcm2bidsVersion": "2.1.4",
    "DeviceSerialNumber": "000000000000GEHC",
    "EchoTime": 0.00318,
    "FlipAngle": 12,
    "ImageOrientationPatientDICOM": [
      0,
      1,
      0,
      0,
      0,
      -1
    ],
    "ImageType": [
      "ORIGINAL",
      "PRIMARY",
      "OTHER"
    ],
    "ImagingFrequency": 127.772,
    "InPlanePhaseEncodingDirectionDICOM": "ROW",
    "InstitutionName": "INSTITUTO_DE_NEUROBIOLOGIA",
    "InversionTime": 0.45,
    "MRAcquisitionType": "3D",
    "MagneticFieldStrength": 3,
    "Manufacturer": "GE",
    "ManufacturersModelName": "DISCOVERY_MR750",
    "Modality": "MR",
    "PatientPosition": "HFS",
    "PercentPhaseFOV": 100,
    "PixelBandwidth": 244.141,
    "ProcedureStepDescription": "verbos",
    "ProtocolName": "Sag_T1_FSPGR_BRAVO",
    "ReconMatrixPE": 256,
    "RepetitionTime": 0.008156,
    "SAR": 0.228708,
    "ScanOptions": "FAST_GEMS_EDR_GEMS_FILTERED_GEMS_ACC_GEMS",
    "ScanningSequence": "GR",
    "SequenceVariant": "SS_SP_SK",
    "SeriesDescription": "Sag_T1_FSPGR_BRAVO",
    "SeriesNumber": 15,
    "SliceThickness": 1,
    "SoftwareVersions": "24_LX_MR_Software_release:DV24.0_R02_1607.b",
    "SpacingBetweenSlices": 1,
    "StationName": "GEHCGEHC",
    "dataset": "ds003481",
    "modality": "T1w",
    "subject_id": "128"
  },
  "cjv": 0.3875997500454434,
  "cnr": 3.509092627036412,
  "efc": 0.6008952579032345,
  "fber": 11099.335406184635,
  "fwhm_avg": 4.13389,
  "fwhm_x": 4.16341,
  "fwhm_y": 4.22272,
  "fwhm_z": 4.01554,
  "icvs_csf": 0.2218655881936308,
  "icvs_gm": 0.4288261232958259,
  "icvs_wm": 0.34930828851054324,
  "inu_med": 0.8253194093704224,
  "inu_range": 0.7149078547954558,
  "provenance": {
    "md5sum": "dd25453f46aa770fb3c395208f674199",
    "settings": {
      "testing": false
    },
    "software": "mriqc",
    "version": "23.0.1",
    "warnings": {
      "large_rot_frame": true,
      "small_air_mask": false
    },
    "webapi_port": null,
    "webapi_url": "https://mriqc.nimh.nih.gov/api/v1"
  },
  "qi_1": 6.547394955232187e-06,
  "qi_2": 0.002821080916376986,
  "rpve_csf": 20.6575230156351,
  "rpve_gm": 11.119719848169462,
  "rpve_wm": 15.779544135427596,
  "size_x": 176,
  "size_y": 256,
  "size_z": 256,
  "snr_csf": 2.807583984732447,
  "snr_gm": 10.671073203225843,
  "snr_total": 10.989829884871796,
  "snr_wm": 19.4908324666571,
  "snrd_csf": 13.571706116333905,
  "snrd_gm": 36.31408977356365,
  "snrd_total": 33.835034628070716,
  "snrd_wm": 51.61930799431459,
  "spacing_x": 1.0,
  "spacing_y": 1.0,
  "spacing_z": 1.0,
  "summary_bg_k": 10.309853535383823,
  "summary_bg_mad": 0.0,
  "summary_bg_mean": 7.323147045828887,
  "summary_bg_median": 0.0,
  "summary_bg_n": 1872329.0,
  "summary_bg_p05": 0.0,
  "summary_bg_p95": 32.9071180075407,
  "summary_bg_stdv": 12.691693192842292,
  "summary_csf_k": 1.3507666133078642,
  "summary_csf_mad": 75.90065146411206,
  "summary_csf_mean": 273.52324605808275,
  "summary_csf_median": 262.9191877171397,
  "summary_csf_n": 42560.0,
  "summary_csf_p05": 139.83112607896328,
  "summary_csf_p95": 455.104959535226,
  "summary_csf_stdv": 93.64496318631195,
  "summary_gm_k": -0.0009176963892776335,
  "summary_gm_mad": 65.84971693941108,
  "summary_gm_mean": 703.5793726114972,
  "summary_gm_median": 703.4982119500637,
  "summary_gm_n": 31908.0,
  "summary_gm_p05": 595.4813208539039,
  "summary_gm_p95": 812.4005071744323,
  "summary_gm_stdv": 65.92468954274328,
  "summary_wm_k": 0.7226316045846697,
  "summary_wm_mad": 49.07431376473221,
  "summary_wm_mean": 1002.487385312297,
  "summary_wm_median": 1000.0000303611159,
  "summary_wm_n": 215101.0,
  "summary_wm_p05": 923.3775913640857,
  "summary_wm_p95": 1089.6019631177187,
  "summary_wm_stdv": 51.3060541451788,
  "tpm_overlap_csf": 0.1700496231150015,
  "tpm_overlap_gm": 0.4430416223923585,
  "tpm_overlap_wm": 0.4793590821247054,
  "wm2max": 0.4336515031098543
}