{
  "aor": 0.000593,
  "aqi": 0.005303292100000001,
  "bids_meta": {
    "AcquisitionDateTime": "2016-10-10T19:17:37.000000",
    "ConversionSoftware": "dcm2niix",
    "ConversionSoftwareVersion": "v1.0.20170411 GCC4.8.4",
    "EchoTime": 0.04,
    "FlipAngle": 90,
    "ImageType": [
      "ORIGINAL",
      "PRIMARY",
      "EPI",
      "NONE"
    ],
    "MagneticFieldStrength": 3,
    "Manufacturer": "GE",
    "ManufacturersModelName": "DISCOVERY_MR750",
    "ProcedureStepDescription": "MeditResp",
    "ProtocolName": "fMRI_RestSt",
    "RepetitionTime": 2,
    "ScanningSequence": "EP_GR",
    "SequenceVariant": "SS",
    "SeriesDescription": "fMRI_RestSt",
    "SliceTiming": [
      1.0285,
      0.0571001,
      1.0857,
      0.1142,
      1.1428,
      0.1714,
      1.2,
      0.2285,
      1.2571,
      0.2857,
      1.3143,
      0.3428,
      1.3714,
      0.4,
      1.4286,
      0.4571,
      1.4857,
      0.5142,
      1.5428,
      0.5714,
      1.6,
      0.6285,
      1.6571,
      0.6857,
      1.7143,
      0.7428,
      1.7714,
      0.8,
      1.8285,
      0.8571,
      1.8857,
      0.9143,
      1.9428,
      0.9714
    ],
    "TaskName": "rest",
    "dataset": "ds003481",
    "modality": "bold",
    "subject_id": "104",
    "task_id": "rest"
  },
  "dummy_trs": 0,
  "dvars_nstd": 14.507583630668893,
  "dvars_std": 0.9712503648829429,
  "dvars_vstd": 0.8763876125418066,
  "efc": 0.3360697941191202,
  "fber": 104623.953125,
  "fd_mean": 0.10160096039047245,
  "fd_num": 12,
  "fd_perc": 4.0,
  "fwhm_avg": 2.6475333333333335,
  "fwhm_x": 2.57755,
  "fwhm_y": 2.797875,
  "fwhm_z": 2.567175,
  "gcor": 0.035172,
  "gsr_x": -0.0034476546570658684,
  "gsr_y": -0.0028008080553263426,
  "provenance": {
    "md5sum": "4865ec9110769bd3334023479b1ed847",
    "settings": {
      "fd_thres": 0.2,
      "testing": false
    },
    "software": "mriqc",
    "version": "23.0.1",
    "webapi_port": null,
    "webapi_url": "https://mriqc.nimh.nih.gov/api/v1"
  },
  "size_t": 300,
  "size_x": 64,
  "size_y": 64,
  "size_z": 34,
  "snr": 3.754983708399163,
  "spacing_tr": 2.0,
  "spacing_x": 4.0,
  "spacing_y": 4.0,
  "spacing_z": 4.0,
  "summary_bg_k": 372.58820066497276,
  "summary_bg_mad": 8.099950260649305,
  "summary_bg_mean": 25.55076789855957,
  "summary_bg_median": 6.130000114440918,
  "summary_bg_n": 99901.0,
  "summary_bg_p05": 0.24666666984558105,
  "summary_bg_p95": 102.42666625976562,
  "summary_bg_stdv": 83.07546997070312,
  "summary_fg_k": 0.32129994026149333,
  "summary_fg_mad": 462.77938771128646,
  "summary_fg_mean": 1908.106689453125,
  "summary_fg_median": 1873.896728515625,
  "summary_fg_n": 12716.0,
  "summary_fg_p05": 1110.2317199707031,
  "summary_fg_p95": 2766.905029296875,
  "summary_fg_stdv": 499.02294921875,
  "tsnr": 51.546735424082726
}