{
  "bids_meta": {
    "AcquisitionDateTime": "2017-01-09T17:59:43.000000",
    "ConversionSoftware": "dcm2niix",
    "ConversionSoftwareVersion": "v1.0.20170411 GCC4.8.4",
    "EchoTime": 0.00318,
    "FlipAngle": 12,
    "ImageType": [
      "ORIGINAL",
      "PRIMARY",
      "OTHER"
    ],
    "InversionTime": 0.45,
    "MagneticFieldStrength": 3,
    "Manufacturer": "GE",
    "ManufacturersModelName": "DISCOVERY_MR750",
    "ProcedureStepDescription": "CompRefranes",
    "ProtocolName": "PU:Sag_T1_FSPGR_BRAVO",
    "RepetitionTime": 0.008156,
    "ScanningSequence": "GR",
    "SequenceVariant": "SS_SP_SK",
    "SeriesDescription": "PU:Sag_T1_FSPGR_BRAVO",
    "dataset": "ds003481",
    "modality": "T1w",
    "subject_id": "055"
  },
  "cjv": 0.35676424837888154,
  "cnr": 3.7725810752614257,
  "efc": 0.7458413686209414,
  "fber": 14071.268472785954,
  "fwhm_avg": 3.440676666666667,
  "fwhm_x": 3.47087,
  "fwhm_y": 3.59485,
  "fwhm_z": 3.25631,
  "icvs_csf": 0.18123212156020693,
  "icvs_gm": 0.44688525407295426,
  "icvs_wm": 0.37188262436683883,
  "inu_med": 0.5547392964363098,
  "inu_range": 0.13061892688274385,
  "provenance": {
    "md5sum": "d8eeb9a7ea54af1ebc980427184f77a3",
    "settings": {
      "testing": false
    },
    "software": "mriqc",
    "version": "23.0.1",
    "warnings": {
      "large_rot_frame": true,
      "small_air_mask": false
    },
    "webapi_port": null,
    "webapi_url": "https://mriqc.nimh.nih.gov/api/v1"
  },
  "qi_1": 0.0,
  "qi_2": 0.0031245034991493094,
  "rpve_csf": 26.127456596608067,
  "rpve_gm": 11.833060592243744,
  "rpve_wm": 16.512698552300158,
  "size_x": 176,
  "size_y": 256,
  "size_z": 256,
  "snr_csf": 2.357232963111448,
  "snr_gm": 10.289476487879703,
  "snr_total": 11.107173859395822,
  "snr_wm": 20.674812127196315,
  "snrd_csf": 16.144559503763478,
  "snrd_gm": 42.34443894558735,
  "snrd_total": 40.05582849519114,
  "snrd_wm": 61.6784870362226,
  "spacing_x": 1.0,
  "spacing_y": 1.0,
  "spacing_z": 1.0,
  "summary_bg_k": 11.561998917245512,
  "summary_bg_mad": 0.0,
  "summary_bg_mean": 5.3313732330270165,
  "summary_bg_median": 0.0,
  "summary_bg_n": 363788.0,
  "summary_bg_p05": 0.0,
  "summary_bg_p95": 28.609934005886316,
  "summary_bg_stdv": 10.622206313994466,
  "summary_csf_k": 1.1865893334226936,
  "summary_csf_mad": 108.41207394667674,
  "summary_csf_mean": 267.5463086679429,
  "summary_csf_median": 261.7635684683919,
  "summary_csf_n": 18530.0,
  "summary_csf_p05": 96.7616462495178,
  "summary_csf_p95": 458.840961786732,
  "summary_csf_stdv": 111.04396944731569,
  "summary_gm_k": 0.15040894071557442,
  "summary_gm_mad": 64.79605262215803,
  "summary_gm_mean": 685.931162156685,
  "summary_gm_median": 686.5614042058587,
  "summary_gm_n": 41455.0,
  "summary_gm_p05": 574.2279446158558,
  "summary_gm_p95": 794.9171973317862,
  "summary_gm_stdv": 66.72381477923591,
  "summary_wm_k": 0.4115851409637332,
  "summary_wm_mad": 47.041363313355255,
  "summary_wm_mean": 1001.8474043778575,
  "summary_wm_median": 1000.038487304002,
  "summary_wm_n": 222230.0,
  "summary_wm_p05": 926.0685233399272,
  "summary_wm_p95": 1083.519425291568,
  "summary_wm_stdv": 48.36978595699764,
  "tpm_overlap_csf": 0.17045310476816192,
  "tpm_overlap_gm": 0.4753400140000669,
  "tpm_overlap_wm": 0.5218157682647604,
  "wm2max": 0.47586125486486097
}