{
  "aor": 0.0033352755905511813,
  "aqi": 0.0019726219330708657,
  "bids_meta": {
    "AcquisitionMatrixPE": 64,
    "AcquisitionNumber": 1,
    "AcquisitionTime": "18:31:13.000000",
    "BodyPartExamined": "HEAD",
    "CoilString": "32Ch_Head",
    "ConversionSoftware": "dcm2niix",
    "ConversionSoftwareVersion": "v1.0.20181125  (JP2:OpenJPEG) GCC7.3.0",
    "DeviceSerialNumber": "0002806034DVR750",
    "EchoTime": 0.04,
    "EffectiveEchoSpacing": 0.000372,
    "FlipAngle": 90,
    "ImageOrientationPatientDICOM": [
      1,
      0,
      0,
      0,
      1,
      0
    ],
    "ImageType": [
      "ORIGINAL",
      "PRIMARY",
      "EPI",
      "NONE"
    ],
    "ImagingFrequency": 127.772,
    "InPlanePhaseEncodingDirectionDICOM": "COL",
    "InstitutionName": "INSTITUTO_DE_NEUROBIOLOGIA",
    "MRAcquisitionType": "2D",
    "MagneticFieldStrength": 3,
    "Manufacturer": "GE",
    "ManufacturersModelName": "DISCOVERY_MR750",
    "Modality": "MR",
    "PatientPosition": "HFS",
    "PercentPhaseFOV": 100,
    "PhaseEncodingDirection": "j",
    "PhaseEncodingPolarityGE": "Flipped",
    "PixelBandwidth": 7812.5,
    "ProcedureStepDescription": "Emociones_AH",
    "ProtocolName": "fMRI_Jalil_3",
    "ReconMatrixPE": 64,
    "RepetitionTime": 2,
    "SAR": 0.162564,
    "ScanOptions": "EPI_GEMS_ACC_GEMS",
    "ScanningSequence": "EP_GR",
    "SequenceVariant": "SS",
    "SeriesDescription": "fMRI_Jalil_3",
    "SeriesNumber": 10,
    "SliceThickness": 4,
    "SliceTiming": [
      0,
      1.0285,
      0.0571001,
      1.0857,
      0.1142,
      1.1428,
      0.1714,
      1.2,
      0.2285,
      1.2571,
      0.2857,
      1.3143,
      0.3428,
      1.3714,
      0.4,
      1.4286,
      0.4571,
      1.4857,
      0.5142,
      1.5428,
      0.5714,
      1.6,
      0.6285,
      1.6571,
      0.6857,
      1.7143,
      0.7428,
      1.7714,
      0.8,
      1.8285,
      0.8571,
      1.8857,
      0.9143,
      1.9428,
      0.9714
    ],
    "SoftwareVersions": "27_LX_MR_Software_release:DV26.0_R03_1831.b",
    "SpacingBetweenSlices": 4,
    "StationName": "GEHCGEHC",
    "TaskName": "sae",
    "TotalReadoutTime": 0.023436,
    "dataset": "ds003481",
    "modality": "bold",
    "run_id": 3,
    "subject_id": "042",
    "task_id": "sae"
  },
  "dummy_trs": 0,
  "dvars_nstd": 15.739340427905137,
  "dvars_std": 1.2043747904743076,
  "dvars_vstd": 1.0406519948221342,
  "efc": 0.30975697332591423,
  "fber": 69416.5625,
  "fd_mean": 0.08454995128929095,
  "fd_num": 16,
  "fd_perc": 6.299212598425197,
  "fwhm_avg": 2.458994166666667,
  "fwhm_x": 2.52205,
  "fwhm_y": 2.6421,
  "fwhm_z": 2.2128325,
  "gcor": 0.0432457,
  "gsr_x": -0.01688579097390175,
  "gsr_y": 0.0012424595188349485,
  "provenance": {
    "md5sum": "600456cec425f817e6de8fa4a0d86903",
    "settings": {
      "fd_thres": 0.2,
      "testing": false
    },
    "software": "mriqc",
    "version": "23.0.1",
    "webapi_port": null,
    "webapi_url": "https://mriqc.nimh.nih.gov/api/v1"
  },
  "size_t": 254,
  "size_x": 64,
  "size_y": 64,
  "size_z": 35,
  "snr": 3.8549372800714212,
  "spacing_tr": 2.0,
  "spacing_x": 4.0,
  "spacing_y": 4.0,
  "spacing_z": 4.0,
  "summary_bg_k": 108.05614256547334,
  "summary_bg_mad": 9.105746162212927,
  "summary_bg_mean": 28.81825828552246,
  "summary_bg_median": 7.200787544250488,
  "summary_bg_n": 107737.0,
  "summary_bg_p05": 0.3385826647281647,
  "summary_bg_p95": 125.82677459716797,
  "summary_bg_stdv": 83.45490264892578,
  "summary_fg_k": 0.9894419957606342,
  "summary_fg_mad": 398.45224193083857,
  "summary_fg_mean": 1855.22021484375,
  "summary_fg_median": 1808.838623046875,
  "summary_fg_n": 9843.0,
  "summary_fg_p05": 1164.6046875,
  "summary_fg_p95": 2712.95244140625,
  "summary_fg_stdv": 469.20263671875,
  "tsnr": 91.30832038237713
}