{
  "bids_meta": {
    "AcquisitionDateTime": "2016-09-20T21:22:11.000000",
    "ConversionSoftware": "dcm2niix",
    "ConversionSoftwareVersion": "v1.0.20170411 GCC4.8.4",
    "EchoTime": 0.00318,
    "FlipAngle": 12,
    "ImageType": [
      "DERIVED",
      "PRIMARY",
      "OTHER"
    ],
    "InversionTime": 0.45,
    "MagneticFieldStrength": 3,
    "Manufacturer": "GE",
    "ManufacturersModelName": "DISCOVERY_MR750",
    "ProcedureStepDescription": "MeditResp",
    "ProtocolName": "PU:Sag_T1_FSPGR_BRAVO",
    "RepetitionTime": 0.008156,
    "ScanningSequence": "GR",
    "SequenceVariant": "SS_SP_SK",
    "SeriesDescription": "PU:Sag_T1_FSPGR_BRAVO",
    "dataset": "ds003481",
    "modality": "T1w",
    "subject_id": "116"
  },
  "cjv": 0.3431499488125898,
  "cnr": 3.8888946066116743,
  "efc": 0.7403784143913182,
  "fber": 7466.993079584775,
  "fwhm_avg": 3.5895833333333336,
  "fwhm_x": 3.69105,
  "fwhm_y": 3.65697,
  "fwhm_z": 3.42073,
  "icvs_csf": 0.2025982211317255,
  "icvs_gm": 0.43484036727559017,
  "icvs_wm": 0.36256141159268435,
  "inu_med": 0.44285206496715546,
  "inu_range": 0.09339912980794907,
  "provenance": {
    "md5sum": "b308c3091c4f844ed853b1867159099e",
    "settings": {
      "testing": false
    },
    "software": "mriqc",
    "version": "23.0.1",
    "warnings": {
      "large_rot_frame": true,
      "small_air_mask": false
    },
    "webapi_port": null,
    "webapi_url": "https://mriqc.nimh.nih.gov/api/v1"
  },
  "qi_1": 0.0,
  "qi_2": 0.002397523555775387,
  "rpve_csf": 22.758095389538756,
  "rpve_gm": 11.046251672383177,
  "rpve_wm": 15.02631457919143,
  "size_x": 176,
  "size_y": 256,
  "size_z": 256,
  "snr_csf": 2.7092888730426647,
  "snr_gm": 13.01771360962624,
  "snr_total": 12.381711604389684,
  "snr_wm": 21.418132330500146,
  "snrd_csf": 14.526280778348351,
  "snrd_gm": 30.96708797725527,
  "snrd_total": 29.62490948137287,
  "snrd_wm": 43.38135968851499,
  "spacing_x": 1.0,
  "spacing_y": 1.0,
  "spacing_z": 1.0,
  "summary_bg_k": 9.367725155838194,
  "summary_bg_mad": 0.0,
  "summary_bg_mean": 8.17502043011341,
  "summary_bg_median": 0.0,
  "summary_bg_n": 434130.0,
  "summary_bg_p05": 0.0,
  "summary_bg_p95": 40.03336000442505,
  "summary_bg_stdv": 15.102319359690206,
  "summary_csf_k": 7.8146924156891995,
  "summary_csf_mad": 98.61344753029839,
  "summary_csf_mean": 330.55049287338005,
  "summary_csf_median": 334.862375870347,
  "summary_csf_n": 37207.0,
  "summary_csf_p05": 100.5108395319432,
  "summary_csf_p95": 514.3869746401906,
  "summary_csf_stdv": 123.59622452235438,
  "summary_gm_k": 0.1964925413951848,
  "summary_gm_mad": 54.149808440095924,
  "summary_gm_mean": 712.0907424082473,
  "summary_gm_median": 713.8587510511279,
  "summary_gm_n": 37865.0,
  "summary_gm_p05": 618.8907248184084,
  "summary_gm_p95": 797.9218568243086,
  "summary_gm_stdv": 54.83676673408357,
  "summary_wm_k": 0.7450274254906359,
  "summary_wm_mad": 44.05146167105806,
  "summary_wm_mean": 1002.7934259179577,
  "summary_wm_median": 1000.0347229577601,
  "summary_wm_n": 217590.0,
  "summary_wm_p05": 931.6791507974267,
  "summary_wm_p95": 1083.6460633836687,
  "summary_wm_stdv": 46.690925685967976,
  "tpm_overlap_csf": 0.16559628356109343,
  "tpm_overlap_gm": 0.47405694216405586,
  "tpm_overlap_wm": 0.5046302286595742,
  "wm2max": 0.5548888942343765
}