{
  "bids_meta": {
    "AcquisitionDateTime": "2017-02-07T18:44:7.000000",
    "ConversionSoftware": "dcm2niix",
    "ConversionSoftwareVersion": "v1.0.20170411 GCC4.8.4",
    "EchoTime": 0.00318,
    "FlipAngle": 12,
    "ImageType": [
      "DERIVED",
      "PRIMARY",
      "OTHER"
    ],
    "InversionTime": 0.45,
    "MagneticFieldStrength": 3,
    "Manufacturer": "GE",
    "ManufacturersModelName": "DISCOVERY_MR750",
    "ProcedureStepDescription": "ActosHabla",
    "ProtocolName": "PU:Sag_T1_FSPGR_BRAVO",
    "RepetitionTime": 0.008156,
    "ScanningSequence": "GR",
    "SequenceVariant": "SS_SP_SK",
    "SeriesDescription": "PU:Sag_T1_FSPGR_BRAVO",
    "dataset": "ds003481",
    "modality": "T1w",
    "subject_id": "015"
  },
  "cjv": 0.3442838872268236,
  "cnr": 3.8850433776423174,
  "efc": 0.7356773257041868,
  "fber": 10322.794914631295,
  "fwhm_avg": 3.8479033333333335,
  "fwhm_x": 3.82239,
  "fwhm_y": 4.00076,
  "fwhm_z": 3.72056,
  "icvs_csf": 0.22061471220958934,
  "icvs_gm": 0.4289740082715553,
  "icvs_wm": 0.35041127951885537,
  "inu_med": 0.5071159899234772,
  "inu_range": 0.1784073799848555,
  "provenance": {
    "md5sum": "0d1d7fe89350734b4d64a059e3a72989",
    "settings": {
      "testing": false
    },
    "software": "mriqc",
    "version": "23.0.1",
    "warnings": {
      "large_rot_frame": true,
      "small_air_mask": true
    },
    "webapi_port": null,
    "webapi_url": "https://mriqc.nimh.nih.gov/api/v1"
  },
  "qi_1": 0.0,
  "qi_2": 0.0038329764926422474,
  "rpve_csf": 19.818861808348355,
  "rpve_gm": 10.729719766451563,
  "rpve_wm": 15.482765846984192,
  "size_x": 176,
  "size_y": 256,
  "size_z": 256,
  "snr_csf": 2.590860017461197,
  "snr_gm": 9.590393542473793,
  "snr_total": 11.468575992744837,
  "snr_wm": 22.224474418299522,
  "snrd_csf": 25.437695166362655,
  "snrd_gm": 70.2318689347918,
  "snrd_total": 66.5898834138455,
  "snrd_wm": 104.10008614038205,
  "spacing_x": 1.0,
  "spacing_y": 1.0,
  "spacing_z": 1.0,
  "summary_bg_k": 14.738387925554722,
  "summary_bg_mad": 0.0,
  "summary_bg_mean": 2.5313133189183543,
  "summary_bg_median": 0.0,
  "summary_bg_n": 283485.0,
  "summary_bg_p05": 0.0,
  "summary_bg_p95": 15.981571197509766,
  "summary_bg_stdv": 6.293558649774567,
  "summary_csf_k": 1.2577134382347506,
  "summary_csf_mad": 76.5262268394505,
  "summary_csf_mean": 252.24513009864785,
  "summary_csf_median": 244.3668622970581,
  "summary_csf_n": 41780.0,
  "summary_csf_p05": 110.32323360443115,
  "summary_csf_p95": 430.35239710807787,
  "summary_csf_stdv": 94.31769226620102,
  "summary_gm_k": 0.14491582659879798,
  "summary_gm_mad": 68.36129468712419,
  "summary_gm_mean": 672.7015064972641,
  "summary_gm_median": 674.6814651489258,
  "summary_gm_n": 39529.0,
  "summary_gm_p05": 551.2994161605835,
  "summary_gm_p95": 784.8823173522949,
  "summary_gm_stdv": 70.34882646897988,
  "summary_wm_k": 0.4841993043159656,
  "summary_wm_mad": 43.653035951653074,
  "summary_wm_mean": 1000.0357355394123,
  "summary_wm_median": 1000.0360193252563,
  "summary_wm_n": 257479.0,
  "summary_wm_p05": 926.4272060394287,
  "summary_wm_p95": 1073.1049146652222,
  "summary_wm_stdv": 44.99697309035392,
  "tpm_overlap_csf": 0.17794704512425266,
  "tpm_overlap_gm": 0.4704733438017952,
  "tpm_overlap_wm": 0.5299679731937602,
  "wm2max": 0.5327329581371708
}