{
  "aor": 0.0044594,
  "aqi": 0.004284844616666667,
  "bids_meta": {
    "AcquisitionDateTime": "2016-09-18T14:00:48.000000",
    "ConversionSoftware": "dcm2niix",
    "ConversionSoftwareVersion": "v1.0.20170411 GCC4.8.4",
    "EchoTime": 0.04,
    "FlipAngle": 90,
    "ImageType": [
      "ORIGINAL",
      "PRIMARY",
      "EPI",
      "NONE"
    ],
    "MagneticFieldStrength": 3,
    "Manufacturer": "GE",
    "ManufacturersModelName": "DISCOVERY_MR750",
    "ProcedureStepDescription": "MeditResp",
    "ProtocolName": "fMRI_RestSt",
    "RepetitionTime": 2,
    "ScanningSequence": "EP_GR",
    "SequenceVariant": "SS",
    "SeriesDescription": "fMRI_RestSt",
    "SliceTiming": [
      1.0285,
      0.0571001,
      1.0857,
      0.1142,
      1.1428,
      0.1714,
      1.2,
      0.2285,
      1.2571,
      0.2857,
      1.3143,
      0.3428,
      1.3714,
      0.4,
      1.4286,
      0.4571,
      1.4857,
      0.5142,
      1.5428,
      0.5714,
      1.6,
      0.6285,
      1.6571,
      0.6857,
      1.7143,
      0.7428,
      1.7714,
      0.8,
      1.8285,
      0.8571,
      1.8857,
      0.9143,
      1.9428,
      0.9714
    ],
    "TaskName": "rest",
    "dataset": "ds003481",
    "modality": "bold",
    "subject_id": "107",
    "task_id": "rest"
  },
  "dummy_trs": 0,
  "dvars_nstd": 16.787266310066897,
  "dvars_std": 1.109029420301003,
  "dvars_vstd": 0.9945325988963215,
  "efc": 0.32723489042582976,
  "fber": 87647.2421875,
  "fd_mean": 0.1224694572509945,
  "fd_num": 49,
  "fd_perc": 16.333333333333332,
  "fwhm_avg": 2.5409248093041237,
  "fwhm_x": 2.45399,
  "fwhm_y": 2.769275,
  "fwhm_z": 2.3995094279123714,
  "gcor": 0.135702,
  "gsr_x": -0.015997765585780144,
  "gsr_y": 0.010763865895569324,
  "provenance": {
    "md5sum": "304de08e102542dedd37e456e17f8390",
    "settings": {
      "fd_thres": 0.2,
      "testing": false
    },
    "software": "mriqc",
    "version": "23.0.1",
    "webapi_port": null,
    "webapi_url": "https://mriqc.nimh.nih.gov/api/v1"
  },
  "size_t": 300,
  "size_x": 64,
  "size_y": 64,
  "size_z": 34,
  "snr": 3.8066426635639337,
  "spacing_tr": 2.0,
  "spacing_x": 4.0,
  "spacing_y": 4.0,
  "spacing_z": 4.000000953674316,
  "summary_bg_k": 312.2234790019924,
  "summary_bg_mad": 8.524963198257105,
  "summary_bg_mean": 23.272260665893555,
  "summary_bg_median": 6.40333366394043,
  "summary_bg_n": 100796.0,
  "summary_bg_p05": 0.1966666728258133,
  "summary_bg_p95": 94.8650016784668,
  "summary_bg_stdv": 69.90521240234375,
  "summary_fg_k": 0.22506339698293587,
  "summary_fg_mad": 436.3990403144453,
  "summary_fg_mean": 1854.135986328125,
  "summary_fg_median": 1808.74169921875,
  "summary_fg_n": 11618.0,
  "summary_fg_p05": 1118.8358032226563,
  "summary_fg_p95": 2701.6416381835934,
  "summary_fg_stdv": 475.13360595703125,
  "tsnr": 53.399916398804635
}