{
  "bids_meta": {
    "AcquisitionDateTime": "2016-09-05T20:23:7.000000",
    "ConversionSoftware": "dcm2niix",
    "ConversionSoftwareVersion": "v1.0.20170411 GCC4.8.4",
    "EchoTime": 0.003336,
    "FlipAngle": 12,
    "ImageType": [
      "DERIVED",
      "PRIMARY",
      "OTHER"
    ],
    "InversionTime": 0.45,
    "MagneticFieldStrength": 3,
    "Manufacturer": "GE",
    "ManufacturersModelName": "DISCOVERY_MR750",
    "ProcedureStepDescription": "MeditResp",
    "ProtocolName": "PU:Sag_T1_FSPGR_BRAVO",
    "RepetitionTime": 0.008512,
    "ScanningSequence": "GR",
    "SequenceVariant": "SS_SP_SK",
    "SeriesDescription": "PU:Sag_T1_FSPGR_BRAVO",
    "dataset": "ds003481",
    "modality": "T1w",
    "subject_id": "098"
  },
  "cjv": 0.3243032754912357,
  "cnr": 4.214122769681698,
  "efc": 0.7343360334505324,
  "fber": 10679.343491735537,
  "fwhm_avg": 3.8206599999999997,
  "fwhm_x": 3.72733,
  "fwhm_y": 4.07069,
  "fwhm_z": 3.66396,
  "icvs_csf": 0.17154825253440587,
  "icvs_gm": 0.47278858543213753,
  "icvs_wm": 0.3556631620334566,
  "inu_med": 0.44585011899471283,
  "inu_range": 0.12282385528087614,
  "provenance": {
    "md5sum": "8c89a6f9369dd2dda5f5024447626017",
    "settings": {
      "testing": false
    },
    "software": "mriqc",
    "version": "23.0.1",
    "warnings": {
      "large_rot_frame": true,
      "small_air_mask": false
    },
    "webapi_port": null,
    "webapi_url": "https://mriqc.nimh.nih.gov/api/v1"
  },
  "qi_1": 0.0,
  "qi_2": 0.0025442244121655355,
  "rpve_csf": 28.272015394863445,
  "rpve_gm": 11.596322447868726,
  "rpve_wm": 17.130226650889416,
  "size_x": 176,
  "size_y": 256,
  "size_z": 256,
  "snr_csf": 2.6635635066361676,
  "snr_gm": 11.95225438174699,
  "snr_total": 12.641810732971281,
  "snr_wm": 23.30961431053069,
  "snrd_csf": 15.934429904262231,
  "snrd_gm": 39.71150790682157,
  "snrd_total": 37.665775835726514,
  "snrd_wm": 57.35138969609573,
  "spacing_x": 1.0,
  "spacing_y": 1.0,
  "spacing_z": 1.0,
  "summary_bg_k": 7.108306090346849,
  "summary_bg_mad": 0.0,
  "summary_bg_mean": 6.6869764102142915,
  "summary_bg_median": 0.0,
  "summary_bg_n": 385363.0,
  "summary_bg_p05": 0.0,
  "summary_bg_p95": 31.57337135821581,
  "summary_bg_stdv": 11.42320021895689,
  "summary_csf_k": 1.8272073464473264,
  "summary_csf_mad": 77.54666820367062,
  "summary_csf_mean": 282.8961923547991,
  "summary_csf_median": 277.83860455825925,
  "summary_csf_n": 21119.0,
  "summary_csf_p05": 111.77114728689195,
  "summary_csf_p95": 472.2232085354626,
  "summary_csf_stdv": 104.30839206883856,
  "summary_gm_k": 0.027216027999597436,
  "summary_gm_mad": 57.59712020529216,
  "summary_gm_mean": 692.7762477028728,
  "summary_gm_median": 692.4245177283883,
  "summary_gm_n": 59069.0,
  "summary_gm_p05": 597.3512339517474,
  "summary_gm_p95": 788.1335069686174,
  "summary_gm_stdv": 57.932054860813004,
  "summary_wm_k": 0.3165757607643358,
  "summary_wm_mad": 42.15061978660017,
  "summary_wm_mean": 1000.9803190517387,
  "summary_wm_median": 1000.0000111944973,
  "summary_wm_n": 212191.0,
  "summary_wm_p05": 932.7564999349415,
  "summary_wm_p95": 1072.5763849541545,
  "summary_wm_stdv": 42.900652130151684,
  "tpm_overlap_csf": 0.14081071691453415,
  "tpm_overlap_gm": 0.4664260722251962,
  "tpm_overlap_wm": 0.5024322813095472,
  "wm2max": 0.5230345795773608
}