{
  "bids_meta": {
    "AcquisitionDateTime": "2016-10-01T13:14:32.000000",
    "ConversionSoftware": "dcm2niix",
    "ConversionSoftwareVersion": "v1.0.20170411 GCC4.8.4",
    "EchoTime": 0.00318,
    "FlipAngle": 12,
    "ImageType": [
      "DERIVED",
      "PRIMARY",
      "OTHER"
    ],
    "InversionTime": 0.45,
    "MagneticFieldStrength": 3,
    "Manufacturer": "GE",
    "ManufacturersModelName": "DISCOVERY_MR750",
    "ProcedureStepDescription": "MeditResp",
    "ProtocolName": "PU:Sag_T1_FSPGR_BRAVO",
    "RepetitionTime": 0.008156,
    "ScanningSequence": "GR",
    "SequenceVariant": "SS_SP_SK",
    "SeriesDescription": "PU:Sag_T1_FSPGR_BRAVO",
    "dataset": "ds003481",
    "modality": "T1w",
    "subject_id": "111"
  },
  "cjv": 0.34426386330705716,
  "cnr": 3.9283680662844542,
  "efc": 0.7238202510532072,
  "fber": 6248.006891698415,
  "fwhm_avg": 3.8164466666666663,
  "fwhm_x": 3.78986,
  "fwhm_y": 4.00878,
  "fwhm_z": 3.6507,
  "icvs_csf": 0.23380890700598117,
  "icvs_gm": 0.42936547564016686,
  "icvs_wm": 0.33682561735385197,
  "inu_med": 0.517223596572876,
  "inu_range": 0.133510559797287,
  "provenance": {
    "md5sum": "a3b543a48df4b5145b4a3a5da1071d2f",
    "settings": {
      "testing": false
    },
    "software": "mriqc",
    "version": "23.0.1",
    "warnings": {
      "large_rot_frame": true,
      "small_air_mask": false
    },
    "webapi_port": null,
    "webapi_url": "https://mriqc.nimh.nih.gov/api/v1"
  },
  "qi_1": 0.0,
  "qi_2": 0.002571570922799506,
  "rpve_csf": 21.126323130826897,
  "rpve_gm": 11.579683783833357,
  "rpve_wm": 16.715628764812827,
  "size_x": 176,
  "size_y": 256,
  "size_z": 256,
  "snr_csf": 2.915790025676432,
  "snr_gm": 12.341650230829341,
  "snr_total": 11.742973547798679,
  "snr_wm": 19.971480386890267,
  "snrd_csf": 12.411256450613454,
  "snrd_gm": 32.55777319027033,
  "snrd_total": 30.53457462782738,
  "snrd_wm": 46.63469424259835,
  "spacing_x": 1.0,
  "spacing_y": 1.0,
  "spacing_z": 1.0,
  "summary_bg_k": 9.546458002406885,
  "summary_bg_mad": 0.0,
  "summary_bg_mean": 8.094401429450963,
  "summary_bg_median": 0.0,
  "summary_bg_n": 528117.0,
  "summary_bg_p05": 0.0,
  "summary_bg_p95": 36.93444222211838,
  "summary_bg_stdv": 14.048262260869544,
  "summary_csf_k": 1.9367557821215762,
  "summary_csf_mad": 74.11144477219955,
  "summary_csf_mean": 275.4226767915192,
  "summary_csf_median": 266.13783878460526,
  "summary_csf_n": 59498.0,
  "summary_csf_p05": 145.0935985930264,
  "summary_csf_p95": 444.1786386780441,
  "summary_csf_stdv": 91.27392572991016,
  "summary_gm_k": 0.23302884588211814,
  "summary_gm_mad": 55.13244338217363,
  "summary_gm_mean": 696.9884849542452,
  "summary_gm_median": 698.1448999121785,
  "summary_gm_n": 36176.0,
  "summary_gm_p05": 603.3325078897178,
  "summary_gm_p95": 788.2670374820009,
  "summary_gm_stdv": 56.56741501382743,
  "summary_wm_k": 0.3316492753801712,
  "summary_wm_mad": 48.785367507476444,
  "summary_wm_mean": 1001.3596033028954,
  "summary_wm_median": 1000.0000231638551,
  "summary_wm_n": 202608.0,
  "summary_wm_p05": 921.7661591842771,
  "summary_wm_p95": 1085.5788046307862,
  "summary_wm_stdv": 50.071278441509115,
  "tpm_overlap_csf": 0.1561765855390788,
  "tpm_overlap_gm": 0.45527106683563506,
  "tpm_overlap_wm": 0.49372157828524577,
  "wm2max": 0.4759789784940812
}