{
  "bids_meta": {
    "AcquisitionDateTime": "2017-04-27T18:56:51.000000",
    "ConversionSoftware": "dcm2niix",
    "ConversionSoftwareVersion": "v1.0.20170411 GCC4.8.4",
    "EchoTime": 0.00318,
    "FlipAngle": 12,
    "ImageType": [
      "DERIVED",
      "PRIMARY",
      "OTHER"
    ],
    "InversionTime": 0.45,
    "MagneticFieldStrength": 3,
    "Manufacturer": "GE",
    "ManufacturersModelName": "DISCOVERY_MR750",
    "ProcedureStepDescription": "ActosHabla",
    "ProtocolName": "PU:Sag_T1_FSPGR_BRAVO",
    "RepetitionTime": 0.008156,
    "ScanningSequence": "GR",
    "SequenceVariant": "SS_SP_SK",
    "SeriesDescription": "PU:Sag_T1_FSPGR_BRAVO",
    "dataset": "ds003481",
    "modality": "T1w",
    "subject_id": "019"
  },
  "cjv": 0.359927091235512,
  "cnr": 3.7540977339986545,
  "efc": 0.7225534880708716,
  "fber": 11574.610945865556,
  "fwhm_avg": 3.6370566666666666,
  "fwhm_x": 3.61351,
  "fwhm_y": 3.82704,
  "fwhm_z": 3.47062,
  "icvs_csf": 0.18178564028932576,
  "icvs_gm": 0.4611269343504725,
  "icvs_wm": 0.35708742536020177,
  "inu_med": 0.47249990701675415,
  "inu_range": 0.11802363693714135,
  "provenance": {
    "md5sum": "5f306b2b3aeffe43323d3e407da0d3a8",
    "settings": {
      "testing": false
    },
    "software": "mriqc",
    "version": "23.0.1",
    "warnings": {
      "large_rot_frame": true,
      "small_air_mask": false
    },
    "webapi_port": null,
    "webapi_url": "https://mriqc.nimh.nih.gov/api/v1"
  },
  "qi_1": 0.0,
  "qi_2": 0.0024368089378192462,
  "rpve_csf": 26.778063961220326,
  "rpve_gm": 11.651740610417637,
  "rpve_wm": 16.802055661066902,
  "size_x": 176,
  "size_y": 256,
  "size_z": 256,
  "snr_csf": 2.5284682549386086,
  "snr_gm": 11.659878274112508,
  "snr_total": 11.685765868907959,
  "snr_wm": 20.86895107767276,
  "snrd_csf": 14.737050728944329,
  "snrd_gm": 38.50555850615029,
  "snrd_total": 35.91466226494626,
  "snrd_wm": 54.50137755974415,
  "spacing_x": 1.0,
  "spacing_y": 1.0,
  "spacing_z": 1.0,
  "summary_bg_k": 6.325777830493006,
  "summary_bg_mad": 0.0,
  "summary_bg_mean": 6.673559615054712,
  "summary_bg_median": 0.0,
  "summary_bg_n": 592798.0,
  "summary_bg_p05": 0.0,
  "summary_bg_p95": 33.40000843629241,
  "summary_bg_stdv": 12.021001517495147,
  "summary_csf_k": 2.6415587884579477,
  "summary_csf_mad": 78.72670026473943,
  "summary_csf_mean": 278.3975435829864,
  "summary_csf_median": 270.4079779051244,
  "summary_csf_n": 22527.0,
  "summary_csf_p05": 103.79665898568928,
  "summary_csf_p95": 474.4461763344706,
  "summary_csf_stdv": 106.9429981754475,
  "summary_gm_k": 0.07983825636843589,
  "summary_gm_mad": 59.47866551628857,
  "summary_gm_mean": 705.2183259372496,
  "summary_gm_median": 706.5328338257968,
  "summary_gm_n": 47066.0,
  "summary_gm_p05": 602.634276509285,
  "summary_gm_p95": 803.3739882297814,
  "summary_gm_stdv": 60.59457152205779,
  "summary_wm_k": 0.5689956818980408,
  "summary_wm_mad": 46.16171124265105,
  "summary_wm_mean": 1001.4954307299029,
  "summary_wm_median": 1000.0377667173743,
  "summary_wm_n": 208580.0,
  "summary_wm_p05": 926.1048666872084,
  "summary_wm_p95": 1081.4809511303902,
  "summary_wm_stdv": 47.919771613827,
  "tpm_overlap_csf": 0.17319991880516192,
  "tpm_overlap_gm": 0.4852796656875433,
  "tpm_overlap_wm": 0.5085328342802666,
  "wm2max": 0.5244947645533541
}