{
  "aor": 0.009013933333333335,
  "aqi": 0.0051485563333333335,
  "bids_meta": {
    "AcquisitionMatrixPE": 64,
    "AcquisitionNumber": 1,
    "AcquisitionTime": "18:40:43.000000",
    "BodyPartExamined": "HEAD",
    "CoilString": "32Ch_Head",
    "ConversionSoftware": "dcm2niix",
    "ConversionSoftwareVersion": "v1.0.20181125  (JP2:OpenJPEG) GCC7.3.0",
    "DeviceSerialNumber": "0002806034DVR750",
    "EchoTime": 0.04,
    "EffectiveEchoSpacing": 0.000372,
    "FlipAngle": 90,
    "ImageOrientationPatientDICOM": [
      1,
      0,
      0,
      0,
      1,
      0
    ],
    "ImageType": [
      "ORIGINAL",
      "PRIMARY",
      "EPI",
      "NONE"
    ],
    "ImagingFrequency": 127.772,
    "InPlanePhaseEncodingDirectionDICOM": "COL",
    "InstitutionName": "INSTITUTO_DE_NEUROBIOLOGIA",
    "MRAcquisitionType": "2D",
    "MagneticFieldStrength": 3,
    "Manufacturer": "GE",
    "ManufacturersModelName": "DISCOVERY_MR750",
    "Modality": "MR",
    "PatientPosition": "HFS",
    "PercentPhaseFOV": 100,
    "PhaseEncodingDirection": "j",
    "PhaseEncodingPolarityGE": "Flipped",
    "PixelBandwidth": 7812.5,
    "ProcedureStepDescription": "Emociones_AH",
    "ProtocolName": "fMRI_Jalil_4",
    "ReconMatrixPE": 64,
    "RepetitionTime": 2,
    "SAR": 0.162564,
    "ScanOptions": "EPI_GEMS_ACC_GEMS",
    "ScanningSequence": "EP_GR",
    "SequenceVariant": "SS",
    "SeriesDescription": "fMRI_Jalil_4",
    "SeriesNumber": 11,
    "SliceThickness": 4,
    "SliceTiming": [
      0,
      1.0285,
      0.0571001,
      1.0857,
      0.1142,
      1.1428,
      0.1714,
      1.2,
      0.2285,
      1.2571,
      0.2857,
      1.3143,
      0.3428,
      1.3714,
      0.4,
      1.4286,
      0.4571,
      1.4857,
      0.5142,
      1.5428,
      0.5714,
      1.6,
      0.6285,
      1.6571,
      0.6857,
      1.7143,
      0.7428,
      1.7714,
      0.8,
      1.8285,
      0.8571,
      1.8857,
      0.9143,
      1.9428,
      0.9714
    ],
    "SoftwareVersions": "27_LX_MR_Software_release:DV26.0_R03_1831.b",
    "SpacingBetweenSlices": 4,
    "StationName": "GEHCGEHC",
    "TaskName": "ec",
    "TotalReadoutTime": 0.023436,
    "dataset": "ds003481",
    "modality": "bold",
    "run_id": 4,
    "subject_id": "042",
    "task_id": "ec"
  },
  "dummy_trs": 0,
  "dvars_nstd": 16.99796051993289,
  "dvars_std": 1.103290352885906,
  "dvars_vstd": 1.026016495704698,
  "efc": 0.31065677045243983,
  "fber": 71228.5234375,
  "fd_mean": 0.16362484618330717,
  "fd_num": 19,
  "fd_perc": 12.666666666666666,
  "fwhm_avg": 2.487016666666667,
  "fwhm_x": 2.545275,
  "fwhm_y": 2.67245,
  "fwhm_z": 2.243325,
  "gcor": 0.021543,
  "gsr_x": -0.017293110489845276,
  "gsr_y": 0.0016593970358371735,
  "provenance": {
    "md5sum": "c14fd7f5e9c10bf9ed8c5300cbbf0e2d",
    "settings": {
      "fd_thres": 0.2,
      "testing": false
    },
    "software": "mriqc",
    "version": "23.0.1",
    "webapi_port": null,
    "webapi_url": "https://mriqc.nimh.nih.gov/api/v1"
  },
  "size_t": 150,
  "size_x": 64,
  "size_y": 64,
  "size_z": 35,
  "snr": 3.8482028833908366,
  "spacing_tr": 2.0,
  "spacing_x": 4.0,
  "spacing_y": 4.0,
  "spacing_z": 4.0,
  "summary_bg_k": 92.73127231398973,
  "summary_bg_mad": 8.945033337853143,
  "summary_bg_mean": 28.85503387451172,
  "summary_bg_median": 7.066666603088379,
  "summary_bg_n": 107705.0,
  "summary_bg_p05": 0.3333333432674408,
  "summary_bg_p95": 127.50666961669883,
  "summary_bg_stdv": 80.75150299072266,
  "summary_fg_k": 0.9243976915513512,
  "summary_fg_mad": 396.6257744516932,
  "summary_fg_mean": 1840.1361083984375,
  "summary_fg_median": 1793.7933349609375,
  "summary_fg_n": 9845.0,
  "summary_fg_p05": 1151.797412109375,
  "summary_fg_p95": 2690.4987792968745,
  "summary_fg_stdv": 466.1142578125,
  "tsnr": 61.407823017798364
}