{
  "aor": 0.003214338842975206,
  "aqi": 0.0030686185702479335,
  "bids_meta": {
    "AcquisitionMatrixPE": 64,
    "AcquisitionNumber": 1,
    "AcquisitionTime": "18:13:45.000000",
    "BodyPartExamined": "HEAD",
    "CoilString": "32Ch_Head",
    "ConversionSoftware": "dcm2niix",
    "ConversionSoftwareVersion": "v1.0.20181125  (JP2:OpenJPEG) GCC7.3.0",
    "DeviceSerialNumber": "0002806034DVR750",
    "EchoTime": 0.04,
    "EffectiveEchoSpacing": 0.000372,
    "FlipAngle": 90,
    "ImageOrientationPatientDICOM": [
      1,
      0,
      0,
      0,
      1,
      0
    ],
    "ImageType": [
      "ORIGINAL",
      "PRIMARY",
      "EPI",
      "NONE"
    ],
    "ImagingFrequency": 127.772,
    "InPlanePhaseEncodingDirectionDICOM": "COL",
    "InstitutionName": "INSTITUTO_DE_NEUROBIOLOGIA",
    "MRAcquisitionType": "2D",
    "MagneticFieldStrength": 3,
    "Manufacturer": "GE",
    "ManufacturersModelName": "DISCOVERY_MR750",
    "Modality": "MR",
    "PatientPosition": "HFS",
    "PercentPhaseFOV": 100,
    "PhaseEncodingDirection": "j",
    "PhaseEncodingPolarityGE": "Flipped",
    "PixelBandwidth": 7812.5,
    "ProcedureStepDescription": "Emociones_AH",
    "ProtocolName": "fMRI_Jalil_1",
    "ReconMatrixPE": 64,
    "RepetitionTime": 2,
    "SAR": 0.162564,
    "ScanOptions": "EPI_GEMS_ACC_GEMS",
    "ScanningSequence": "EP_GR",
    "SequenceVariant": "SS",
    "SeriesDescription": "fMRI_Jalil_1",
    "SeriesNumber": 8,
    "SliceThickness": 4,
    "SliceTiming": [
      0,
      1.0285,
      0.0571001,
      1.0857,
      0.1142,
      1.1428,
      0.1714,
      1.2,
      0.2285,
      1.2571,
      0.2857,
      1.3143,
      0.3428,
      1.3714,
      0.4,
      1.4286,
      0.4571,
      1.4857,
      0.5142,
      1.5428,
      0.5714,
      1.6,
      0.6285,
      1.6571,
      0.6857,
      1.7143,
      0.7428,
      1.7714,
      0.8,
      1.8285,
      0.8571,
      1.8857,
      0.9143,
      1.9428,
      0.9714
    ],
    "SoftwareVersions": "27_LX_MR_Software_release:DV26.0_R03_1831.b",
    "SpacingBetweenSlices": 4,
    "StationName": "GEHCGEHC",
    "TaskName": "sae",
    "TotalReadoutTime": 0.023436,
    "dataset": "ds003481",
    "modality": "bold",
    "run_id": 1,
    "subject_id": "042",
    "task_id": "sae"
  },
  "dummy_trs": 0,
  "dvars_nstd": 17.94242297377592,
  "dvars_std": 1.1540636897095435,
  "dvars_vstd": 1.007660986887967,
  "efc": 0.3100657126000971,
  "fber": 72525.796875,
  "fd_mean": 0.18563685993753187,
  "fd_num": 60,
  "fd_perc": 24.793388429752067,
  "fwhm_avg": 2.4930866666666667,
  "fwhm_x": 2.556625,
  "fwhm_y": 2.687175,
  "fwhm_z": 2.23546,
  "gcor": 0.0401661,
  "gsr_x": -0.016717420890927315,
  "gsr_y": 0.0014430228620767593,
  "provenance": {
    "md5sum": "9af8b7226dff507086ebbd966fd284a3",
    "settings": {
      "fd_thres": 0.2,
      "testing": false
    },
    "software": "mriqc",
    "version": "23.0.1",
    "webapi_port": null,
    "webapi_url": "https://mriqc.nimh.nih.gov/api/v1"
  },
  "size_t": 242,
  "size_x": 64,
  "size_y": 64,
  "size_z": 35,
  "snr": 3.8194750402800857,
  "spacing_tr": 2.0,
  "spacing_x": 4.0,
  "spacing_y": 4.0,
  "spacing_z": 4.0,
  "summary_bg_k": 96.81194463050318,
  "summary_bg_mad": 8.785336768246998,
  "summary_bg_mean": 28.29231834411621,
  "summary_bg_median": 6.97520637512207,
  "summary_bg_n": 107625.0,
  "summary_bg_p05": 0.3057851195335388,
  "summary_bg_p95": 124.52230682372985,
  "summary_bg_stdv": 80.22154998779297,
  "summary_fg_k": 0.9104354949132434,
  "summary_fg_mad": 398.4706115750254,
  "summary_fg_mean": 1828.76025390625,
  "summary_fg_median": 1783.41943359375,
  "summary_fg_n": 9920.0,
  "summary_fg_p05": 1133.6344116210937,
  "summary_fg_p95": 2682.1035644531244,
  "summary_fg_stdv": 466.90435791015625,
  "tsnr": 78.3586554825306
}