{
  "aor": 0.004539833333333334,
  "aqi": 0.013949677699999998,
  "bids_meta": {
    "AcquisitionMatrixPE": 64,
    "AcquisitionNumber": 1,
    "AcquisitionTime": "17:55:56.000000",
    "BodyPartExamined": "HEAD",
    "CoilString": "32Ch_Head",
    "ConversionSoftware": "dcm2niix",
    "ConversionSoftwareVersion": "v1.0.20181125  (JP2:OpenJPEG) GCC7.3.0",
    "DeviceSerialNumber": "0002806034DVR750",
    "EchoTime": 0.04,
    "EffectiveEchoSpacing": 0.000372,
    "FlipAngle": 90,
    "ImageOrientationPatientDICOM": [
      1,
      0,
      0,
      0,
      1,
      0
    ],
    "ImageType": [
      "ORIGINAL",
      "PRIMARY",
      "EPI",
      "NONE"
    ],
    "ImagingFrequency": 127.772,
    "InPlanePhaseEncodingDirectionDICOM": "COL",
    "InstitutionName": "INSTITUTO_DE_NEUROBIOLOGIA",
    "MRAcquisitionType": "2D",
    "MagneticFieldStrength": 3,
    "Manufacturer": "GE",
    "ManufacturersModelName": "DISCOVERY_MR750",
    "Modality": "MR",
    "PatientPosition": "HFS",
    "PercentPhaseFOV": 100,
    "PhaseEncodingDirection": "j",
    "PhaseEncodingPolarityGE": "Flipped",
    "PixelBandwidth": 7812.5,
    "ProcedureStepDescription": "Emociones_AH",
    "ProtocolName": "fMRI_RestState",
    "ReconMatrixPE": 64,
    "RepetitionTime": 2,
    "SAR": 0.16381,
    "ScanOptions": "EPI_GEMS_ACC_GEMS",
    "ScanningSequence": "EP_GR",
    "SequenceVariant": "SS",
    "SeriesDescription": "fMRI_RestState",
    "SeriesNumber": 3,
    "SliceThickness": 4,
    "SliceTiming": [
      0,
      1.0285,
      0.0571001,
      1.0857,
      0.1142,
      1.1428,
      0.1714,
      1.2,
      0.2285,
      1.2571,
      0.2857,
      1.3143,
      0.3428,
      1.3714,
      0.4,
      1.4286,
      0.4571,
      1.4857,
      0.5142,
      1.5428,
      0.5714,
      1.6,
      0.6285,
      1.6571,
      0.6857,
      1.7143,
      0.7428,
      1.7714,
      0.8,
      1.8285,
      0.8571,
      1.8857,
      0.9143,
      1.9428,
      0.9714
    ],
    "SoftwareVersions": "27_LX_MR_Software_release:DV26.0_R03_1831.b",
    "SpacingBetweenSlices": 4,
    "StationName": "GEHCGEHC",
    "TaskName": "rest",
    "TotalReadoutTime": 0.023436,
    "dataset": "ds003481",
    "modality": "bold",
    "subject_id": "042",
    "task_id": "rest"
  },
  "dummy_trs": 0,
  "dvars_nstd": 17.241567895317726,
  "dvars_std": 0.9740240582274255,
  "dvars_vstd": 0.8854446805685622,
  "efc": 0.31181534376919956,
  "fber": 74056.203125,
  "fd_mean": 0.1578221356250815,
  "fd_num": 70,
  "fd_perc": 23.333333333333332,
  "fwhm_avg": 2.539895,
  "fwhm_x": 2.577375,
  "fwhm_y": 2.698575,
  "fwhm_z": 2.343735,
  "gcor": 0.0255125,
  "gsr_x": -0.016972705721855164,
  "gsr_y": 0.00404471205547452,
  "provenance": {
    "md5sum": "c221b81ee7e30be8172e5f760e42d24a",
    "settings": {
      "fd_thres": 0.2,
      "testing": false
    },
    "software": "mriqc",
    "version": "23.0.1",
    "webapi_port": null,
    "webapi_url": "https://mriqc.nimh.nih.gov/api/v1"
  },
  "size_t": 300,
  "size_x": 64,
  "size_y": 64,
  "size_z": 35,
  "snr": 3.8643226521339544,
  "spacing_tr": 2.0,
  "spacing_x": 4.0,
  "spacing_y": 4.0,
  "spacing_z": 4.0,
  "summary_bg_k": 339.8516206861276,
  "summary_bg_mad": 9.004337546776538,
  "summary_bg_mean": 29.829023361206055,
  "summary_bg_median": 7.116666793823242,
  "summary_bg_n": 107433.0,
  "summary_bg_p05": 0.4566666781902313,
  "summary_bg_p95": 123.04733581542963,
  "summary_bg_stdv": 95.73707580566406,
  "summary_fg_k": 0.7781251577962096,
  "summary_fg_mad": 408.56079470334976,
  "summary_fg_mean": 1884.53857421875,
  "summary_fg_median": 1833.126708984375,
  "summary_fg_n": 10097.0,
  "summary_fg_p05": 1171.7499755859376,
  "summary_fg_p95": 2752.9866699218746,
  "summary_fg_stdv": 474.34857177734375,
  "tsnr": 37.707458078395575
}