{
  "aor": 0.0012242410714285712,
  "aqi": 0.0019880345446428574,
  "bids_meta": {
    "AcquisitionMatrixPE": 64,
    "AcquisitionNumber": 1,
    "AcquisitionTime": "18:23:3.000000",
    "BodyPartExamined": "HEAD",
    "CoilString": "32Ch_Head",
    "ConversionSoftware": "dcm2niix",
    "ConversionSoftwareVersion": "v1.0.20181125  (JP2:OpenJPEG) GCC7.3.0",
    "DeviceSerialNumber": "0002806034DVR750",
    "EchoTime": 0.04,
    "EffectiveEchoSpacing": 0.000372,
    "FlipAngle": 90,
    "ImageOrientationPatientDICOM": [
      1,
      0,
      0,
      0,
      1,
      0
    ],
    "ImageType": [
      "ORIGINAL",
      "PRIMARY",
      "EPI",
      "NONE"
    ],
    "ImagingFrequency": 127.772,
    "InPlanePhaseEncodingDirectionDICOM": "COL",
    "InstitutionName": "INSTITUTO_DE_NEUROBIOLOGIA",
    "MRAcquisitionType": "2D",
    "MagneticFieldStrength": 3,
    "Manufacturer": "GE",
    "ManufacturersModelName": "DISCOVERY_MR750",
    "Modality": "MR",
    "PatientPosition": "HFS",
    "PercentPhaseFOV": 100,
    "PhaseEncodingDirection": "j",
    "PhaseEncodingPolarityGE": "Flipped",
    "PixelBandwidth": 7812.5,
    "ProcedureStepDescription": "Emociones_AH",
    "ProtocolName": "fMRI_Jalil_2",
    "ReconMatrixPE": 64,
    "RepetitionTime": 2,
    "SAR": 0.162564,
    "ScanOptions": "EPI_GEMS_ACC_GEMS",
    "ScanningSequence": "EP_GR",
    "SequenceVariant": "SS",
    "SeriesDescription": "fMRI_Jalil_2",
    "SeriesNumber": 9,
    "SliceThickness": 4,
    "SliceTiming": [
      0,
      1.0285,
      0.0571001,
      1.0857,
      0.1142,
      1.1428,
      0.1714,
      1.2,
      0.2285,
      1.2571,
      0.2857,
      1.3143,
      0.3428,
      1.3714,
      0.4,
      1.4286,
      0.4571,
      1.4857,
      0.5142,
      1.5428,
      0.5714,
      1.6,
      0.6285,
      1.6571,
      0.6857,
      1.7143,
      0.7428,
      1.7714,
      0.8,
      1.8285,
      0.8571,
      1.8857,
      0.9143,
      1.9428,
      0.9714
    ],
    "SoftwareVersions": "27_LX_MR_Software_release:DV26.0_R03_1831.b",
    "SpacingBetweenSlices": 4,
    "StationName": "GEHCGEHC",
    "TaskName": "sae",
    "TotalReadoutTime": 0.023436,
    "dataset": "ds003481",
    "modality": "bold",
    "run_id": 2,
    "subject_id": "042",
    "task_id": "sae"
  },
  "dummy_trs": 0,
  "dvars_nstd": 16.15063763946188,
  "dvars_std": 1.1759904121076235,
  "dvars_vstd": 1.0000620459192826,
  "efc": 0.30889369812760115,
  "fber": 70703.390625,
  "fd_mean": 0.10432887221551045,
  "fd_num": 14,
  "fd_perc": 6.25,
  "fwhm_avg": 2.454475,
  "fwhm_x": 2.510975,
  "fwhm_y": 2.650175,
  "fwhm_z": 2.202275,
  "gcor": 0.027365,
  "gsr_x": -0.016551760956645012,
  "gsr_y": 0.0003676819324027747,
  "provenance": {
    "md5sum": "dce13b377aef61b7136b864776bfaa48",
    "settings": {
      "fd_thres": 0.2,
      "testing": false
    },
    "software": "mriqc",
    "version": "23.0.1",
    "webapi_port": null,
    "webapi_url": "https://mriqc.nimh.nih.gov/api/v1"
  },
  "size_t": 224,
  "size_x": 64,
  "size_y": 64,
  "size_z": 35,
  "snr": 3.875799191722408,
  "spacing_tr": 2.0,
  "spacing_x": 4.0,
  "spacing_y": 4.0,
  "spacing_z": 4.0,
  "summary_bg_k": 103.99546685187755,
  "summary_bg_mad": 9.008132860616474,
  "summary_bg_mean": 28.42966079711914,
  "summary_bg_median": 7.187500476837158,
  "summary_bg_n": 107764.0,
  "summary_bg_p05": 0.3705357313156128,
  "summary_bg_p95": 123.52679443359375,
  "summary_bg_stdv": 82.30516052246094,
  "summary_fg_k": 1.0224371407723556,
  "summary_fg_mad": 392.6016459936278,
  "summary_fg_mean": 1854.413330078125,
  "summary_fg_median": 1809.779052734375,
  "summary_fg_n": 9846.0,
  "summary_fg_p05": 1154.7455749511719,
  "summary_fg_p95": 2701.6630249023438,
  "summary_fg_stdv": 466.91973876953125,
  "tsnr": 94.31995349004865
}