{
  "bids_meta": {
    "AcquisitionDateTime": "2017-07-10T20:05:44.000000",
    "ConversionSoftware": "dcm2niix",
    "ConversionSoftwareVersion": "v1.0.20170411 GCC4.8.4",
    "EchoTime": 0.00318,
    "FlipAngle": 12,
    "ImageType": [
      "DERIVED",
      "PRIMARY",
      "OTHER"
    ],
    "InversionTime": 0.45,
    "MagneticFieldStrength": 3,
    "Manufacturer": "GE",
    "ManufacturersModelName": "DISCOVERY_MR750",
    "ProcedureStepDescription": "CompMet",
    "ProtocolName": "PU:Sag_T1_FSPGR_BRAVO",
    "RepetitionTime": 0.008156,
    "ScanningSequence": "GR",
    "SequenceVariant": "SS_SP_SK",
    "SeriesDescription": "PU:Sag_T1_FSPGR_BRAVO",
    "dataset": "ds003481",
    "modality": "T1w",
    "subject_id": "079"
  },
  "cjv": 0.3207098478063982,
  "cnr": 4.208929176259241,
  "efc": 0.7394926884722777,
  "fber": 10310.24852157943,
  "fwhm_avg": 3.86575,
  "fwhm_x": 3.79744,
  "fwhm_y": 4.05849,
  "fwhm_z": 3.74132,
  "icvs_csf": 0.1885002631545985,
  "icvs_gm": 0.46645629923870746,
  "icvs_wm": 0.34504343760669404,
  "inu_med": 0.5303170680999756,
  "inu_range": 0.19713825583457945,
  "provenance": {
    "md5sum": "b2808dd370b777da69f802855e7c08c7",
    "settings": {
      "testing": false
    },
    "software": "mriqc",
    "version": "23.0.1",
    "warnings": {
      "large_rot_frame": true,
      "small_air_mask": false
    },
    "webapi_port": null,
    "webapi_url": "https://mriqc.nimh.nih.gov/api/v1"
  },
  "qi_1": 0.0,
  "qi_2": 0.0031508192519225145,
  "rpve_csf": 25.000689853908153,
  "rpve_gm": 11.259881669458602,
  "rpve_wm": 17.06332094988128,
  "size_x": 176,
  "size_y": 256,
  "size_z": 256,
  "snr_csf": 2.2160346224277134,
  "snr_gm": 10.159578632139153,
  "snr_total": 11.132992993695114,
  "snr_wm": 21.023365726518474,
  "snrd_csf": 13.379438241598269,
  "snrd_gm": 36.553913772782515,
  "snrd_total": 35.15872622420303,
  "snrd_wm": 55.5428266582283,
  "spacing_x": 1.0,
  "spacing_y": 1.0,
  "spacing_z": 1.0,
  "summary_bg_k": 10.841344434670274,
  "summary_bg_mad": 0.0,
  "summary_bg_mean": 6.5059961723132895,
  "summary_bg_median": 0.0,
  "summary_bg_n": 466705.0,
  "summary_bg_p05": 0.0,
  "summary_bg_p95": 31.657494615763426,
  "summary_bg_stdv": 11.795158214035613,
  "summary_csf_k": 1.1536541629321926,
  "summary_csf_mad": 90.96828305272493,
  "summary_csf_mean": 251.8511412064982,
  "summary_csf_median": 240.88509030267596,
  "summary_csf_n": 27838.0,
  "summary_csf_p05": 85.552809253335,
  "summary_csf_p95": 454.5879549192264,
  "summary_csf_stdv": 108.69900735046689,
  "summary_gm_k": 0.07416069655368052,
  "summary_gm_mad": 63.96806418156696,
  "summary_gm_mean": 659.1611574195686,
  "summary_gm_median": 658.1212649643421,
  "summary_gm_n": 65071.0,
  "summary_gm_p05": 553.9692158754915,
  "summary_gm_p95": 767.3894902542233,
  "summary_gm_stdv": 64.77790387048928,
  "summary_wm_k": 0.49237667570373356,
  "summary_wm_mad": 45.67582665019422,
  "summary_wm_mean": 1000.5397625769808,
  "summary_wm_median": 1000.000042874366,
  "summary_wm_n": 227988.0,
  "summary_wm_p05": 923.4975092113018,
  "summary_wm_p95": 1078.7559104599059,
  "summary_wm_stdv": 47.56602072105927,
  "tpm_overlap_csf": 0.14497373876640932,
  "tpm_overlap_gm": 0.46196099892115877,
  "tpm_overlap_wm": 0.49849511572203936,
  "wm2max": 0.562117153595382
}