{
  "bids_meta": {
    "AcquisitionMatrixPE": 256,
    "AcquisitionNumber": 1,
    "AcquisitionTime": "13:12:32.000000",
    "BodyPartExamined": "HEAD",
    "CoilString": "32Ch_Head",
    "ConversionSoftware": "dcm2niix",
    "ConversionSoftwareVersion": "v1.0.20181125  (JP2:OpenJPEG) GCC7.3.0",
    "DeviceSerialNumber": "0002806034DVR750",
    "EchoTime": 0.003192,
    "FlipAngle": 12,
    "ImageOrientationPatientDICOM": [
      0,
      1,
      0,
      0,
      0,
      -1
    ],
    "ImageType": [
      "ORIGINAL",
      "PRIMARY",
      "OTHER"
    ],
    "ImagingFrequency": 127.772,
    "InPlanePhaseEncodingDirectionDICOM": "ROW",
    "InstitutionName": "INSTITUTO_DE_NEUROBIOLOGIA",
    "InversionTime": 0.45,
    "MRAcquisitionType": "3D",
    "MagneticFieldStrength": 3,
    "Manufacturer": "GE",
    "ManufacturersModelName": "DISCOVERY_MR750",
    "Modality": "MR",
    "PatientPosition": "HFS",
    "PercentPhaseFOV": 100,
    "PixelBandwidth": 244.141,
    "ProcedureStepDescription": "Emociones_AH",
    "ProtocolName": "Sag_T1_FSPGR_BRAVO",
    "ReconMatrixPE": 256,
    "RepetitionTime": 0.008184,
    "SAR": 0.13066,
    "ScanOptions": "FAST_GEMS_EDR_GEMS_FILTERED_GEMS_ACC_GEMS_IR_GEMS",
    "ScanningSequence": "GR",
    "SequenceVariant": "SS_SP_SK",
    "SeriesDescription": "Sag_T1_FSPGR_BRAVO",
    "SeriesNumber": 10,
    "SliceThickness": 1,
    "SoftwareVersions": "27_LX_MR_Software_release:DV26.0_R02_1810.b",
    "SpacingBetweenSlices": 1,
    "StationName": "GEHCGEHC",
    "dataset": "ds003481",
    "modality": "T1w",
    "subject_id": "036"
  },
  "cjv": 0.360502364734413,
  "cnr": 3.7673354953464964,
  "efc": 0.6121156805164244,
  "fber": 22747.01573137683,
  "fwhm_avg": 3.7995266666666665,
  "fwhm_x": 3.71429,
  "fwhm_y": 4.07663,
  "fwhm_z": 3.60766,
  "icvs_csf": 0.2190544517149754,
  "icvs_gm": 0.4293316665983369,
  "icvs_wm": 0.3516138816866877,
  "inu_med": 0.5515664517879486,
  "inu_range": 0.1617234408855438,
  "provenance": {
    "md5sum": "b5377c8a9d4bcb3e58fdd2e307ee4147",
    "settings": {
      "testing": false
    },
    "software": "mriqc",
    "version": "23.0.1",
    "warnings": {
      "large_rot_frame": true,
      "small_air_mask": false
    },
    "webapi_port": null,
    "webapi_url": "https://mriqc.nimh.nih.gov/api/v1"
  },
  "qi_1": 0.0,
  "qi_2": 0.001575739615992388,
  "rpve_csf": 25.477694865493042,
  "rpve_gm": 13.322571010948547,
  "rpve_wm": 18.666423283907076,
  "size_x": 176,
  "size_y": 256,
  "size_z": 256,
  "snr_csf": 2.7846354021305433,
  "snr_gm": 11.078965810927372,
  "snr_total": 10.801052183461117,
  "snr_wm": 18.539555337325435,
  "snrd_csf": 14.557879744831817,
  "snrd_gm": 35.5741771413241,
  "snrd_total": 33.97661185794848,
  "snrd_wm": 51.79777868768952,
  "spacing_x": 1.0,
  "spacing_y": 1.0,
  "spacing_z": 1.0,
  "summary_bg_k": 12.220914561861749,
  "summary_bg_mad": 0.0,
  "summary_bg_mean": 7.636846811865925,
  "summary_bg_median": 0.0,
  "summary_bg_n": 2027068.0,
  "summary_bg_p05": 0.0,
  "summary_bg_p95": 34.677554823458195,
  "summary_bg_stdv": 12.648393008443506,
  "summary_csf_k": 0.9968089217730283,
  "summary_csf_mad": 88.44653931104627,
  "summary_csf_mean": 286.2484378866479,
  "summary_csf_median": 281.061751998961,
  "summary_csf_n": 33734.0,
  "summary_csf_p05": 123.62259031347931,
  "summary_csf_p95": 462.5488961338997,
  "summary_csf_stdv": 100.93155674897996,
  "summary_gm_k": 0.1541424359090815,
  "summary_gm_mad": 61.049807510762115,
  "summary_gm_mean": 685.5733017478408,
  "summary_gm_median": 686.8129651099443,
  "summary_gm_n": 25162.0,
  "summary_gm_p05": 581.487123914063,
  "summary_gm_p95": 785.536798812449,
  "summary_gm_stdv": 61.9912841030271,
  "summary_wm_k": 0.5585838895997663,
  "summary_wm_mad": 51.867109190961536,
  "summary_wm_mean": 1002.0717880727145,
  "summary_wm_median": 1000.0339804142714,
  "summary_wm_n": 180089.0,
  "summary_wm_p05": 917.3727628812194,
  "summary_wm_p95": 1093.8573549464345,
  "summary_wm_stdv": 53.94040934184244,
  "tpm_overlap_csf": 0.15623877923939983,
  "tpm_overlap_gm": 0.45769768580497494,
  "tpm_overlap_wm": 0.4919103135929105,
  "wm2max": 0.5372834312712172
}