{
  "aor": 0.001312244094488189,
  "aqi": 0.0015659496377952759,
  "bids_meta": {
    "AcquisitionDateTime": "2017-04-27T19:32:55.000000",
    "ConversionSoftware": "dcm2niix",
    "ConversionSoftwareVersion": "v1.0.20170411 GCC4.8.4",
    "EchoTime": 0.04,
    "FlipAngle": 90,
    "ImageType": [
      "ORIGINAL",
      "PRIMARY",
      "EPI",
      "NONE"
    ],
    "MagneticFieldStrength": 3,
    "Manufacturer": "GE",
    "ManufacturersModelName": "DISCOVERY_MR750",
    "ProcedureStepDescription": "ActosHabla",
    "ProtocolName": "fMRI_ActosHabla_2",
    "RepetitionTime": 2,
    "ScanningSequence": "EP_GR",
    "SequenceVariant": "SS",
    "SeriesDescription": "fMRI_ActosHabla_2",
    "SliceTiming": [
      0,
      1.0285,
      0.0571001,
      1.0857,
      0.1142,
      1.1428,
      0.1714,
      1.2,
      0.2285,
      1.2571,
      0.2857,
      1.3143,
      0.3428,
      1.3714,
      0.4,
      1.4286,
      0.4571,
      1.4857,
      0.5142,
      1.5428,
      0.5714,
      1.6,
      0.6285,
      1.6571,
      0.6857,
      1.7143,
      0.7428,
      1.7714,
      0.8,
      1.8285,
      0.8571,
      1.8857,
      0.9143,
      1.9428,
      0.9714
    ],
    "TaskName": "sar",
    "dataset": "ds003481",
    "modality": "bold",
    "run_id": 2,
    "subject_id": "020",
    "task_id": "sar"
  },
  "dummy_trs": 0,
  "dvars_nstd": 13.645190823359677,
  "dvars_std": 1.0885530428853756,
  "dvars_vstd": 1.0085442208300393,
  "efc": 0.3352418933710317,
  "fber": 49467.62109375,
  "fd_mean": 0.06122879337993316,
  "fd_num": 4,
  "fd_perc": 1.5748031496062993,
  "fwhm_avg": 2.672333333333333,
  "fwhm_x": 2.6441,
  "fwhm_y": 2.7998,
  "fwhm_z": 2.5731,
  "gcor": 0.0738888,
  "gsr_x": -0.005380389280617237,
  "gsr_y": 0.001471960567869246,
  "provenance": {
    "md5sum": "ccd78ee80e6a7a5162e948e44eaf9953",
    "settings": {
      "fd_thres": 0.2,
      "testing": false
    },
    "software": "mriqc",
    "version": "23.0.1",
    "webapi_port": null,
    "webapi_url": "https://mriqc.nimh.nih.gov/api/v1"
  },
  "size_t": 254,
  "size_x": 64,
  "size_y": 64,
  "size_z": 35,
  "snr": 3.686581357650532,
  "spacing_tr": 2.0,
  "spacing_x": 4.0,
  "spacing_y": 4.0,
  "spacing_z": 4.0,
  "summary_bg_k": 258.9366840966347,
  "summary_bg_mad": 12.088461994178996,
  "summary_bg_mean": 35.143341064453125,
  "summary_bg_median": 9.102362632751465,
  "summary_bg_n": 104519.0,
  "summary_bg_p05": 0.27559053897857666,
  "summary_bg_p95": 139.85196380615153,
  "summary_bg_stdv": 100.9437026977539,
  "summary_fg_k": 0.3191012026525275,
  "summary_fg_mad": 473.78479537806095,
  "summary_fg_mean": 1985.845703125,
  "summary_fg_median": 1920.9173583984375,
  "summary_fg_n": 11679.0,
  "summary_fg_p05": 1206.3011352539063,
  "summary_fg_p95": 2938.1120849609374,
  "summary_fg_stdv": 521.0342407226562,
  "tsnr": 93.4446024207864
}