{
  "aor": 0.0007048659003831419,
  "aqi": 0.004023425287356322,
  "bids_meta": {
    "AcquisitionDateTime": "2017-04-27T19:20:59.000000",
    "ConversionSoftware": "dcm2niix",
    "ConversionSoftwareVersion": "v1.0.20170411 GCC4.8.4",
    "EchoTime": 0.04,
    "FlipAngle": 90,
    "ImageType": [
      "ORIGINAL",
      "PRIMARY",
      "EPI",
      "NONE"
    ],
    "MagneticFieldStrength": 3,
    "Manufacturer": "GE",
    "ManufacturersModelName": "DISCOVERY_MR750",
    "ProcedureStepDescription": "ActosHabla",
    "ProtocolName": "fMRI_ActosHabla_1",
    "RepetitionTime": 2,
    "ScanningSequence": "EP_GR",
    "SequenceVariant": "SS",
    "SeriesDescription": "fMRI_ActosHabla_1",
    "SliceTiming": [
      0,
      1.0285,
      0.0571001,
      1.0857,
      0.1142,
      1.1428,
      0.1714,
      1.2,
      0.2285,
      1.2571,
      0.2857,
      1.3143,
      0.3428,
      1.3714,
      0.4,
      1.4286,
      0.4571,
      1.4857,
      0.5142,
      1.5428,
      0.5714,
      1.6,
      0.6285,
      1.6571,
      0.6857,
      1.7143,
      0.7428,
      1.7714,
      0.8,
      1.8285,
      0.8571,
      1.8857,
      0.9143,
      1.9428,
      0.9714
    ],
    "TaskName": "sar",
    "dataset": "ds003481",
    "modality": "bold",
    "run_id": 1,
    "subject_id": "020",
    "task_id": "sar"
  },
  "dummy_trs": 0,
  "dvars_nstd": 12.883899431653852,
  "dvars_std": 0.9423832901538458,
  "dvars_vstd": 0.9194626299615382,
  "efc": 0.33630654152073797,
  "fber": 46619.76171875,
  "fd_mean": 0.0716828902568595,
  "fd_num": 6,
  "fd_perc": 2.2988505747126435,
  "fwhm_avg": 2.656041666666667,
  "fwhm_x": 2.64355,
  "fwhm_y": 2.778875,
  "fwhm_z": 2.5457,
  "gcor": 0.0447173,
  "gsr_x": -0.003792917588725686,
  "gsr_y": 0.0008244626224040985,
  "provenance": {
    "md5sum": "6a6bba4d2cfae71d092f0f8dc507de18",
    "settings": {
      "fd_thres": 0.2,
      "testing": false
    },
    "software": "mriqc",
    "version": "23.0.1",
    "webapi_port": null,
    "webapi_url": "https://mriqc.nimh.nih.gov/api/v1"
  },
  "size_t": 261,
  "size_x": 64,
  "size_y": 64,
  "size_z": 35,
  "snr": 3.741923964460422,
  "spacing_tr": 2.0,
  "spacing_x": 4.0,
  "spacing_y": 4.0,
  "spacing_z": 4.0,
  "summary_bg_k": 229.14470036847243,
  "summary_bg_mad": 12.366379479275869,
  "summary_bg_mean": 35.146121978759766,
  "summary_bg_median": 9.295019149780273,
  "summary_bg_n": 104562.0,
  "summary_bg_p05": 0.3180076479911804,
  "summary_bg_p95": 138.21378784179683,
  "summary_bg_stdv": 97.79840087890625,
  "summary_fg_k": 0.3513177145334221,
  "summary_fg_mad": 444.5705457792581,
  "summary_fg_mean": 1946.3746337890625,
  "summary_fg_median": 1890.1494140625,
  "summary_fg_n": 11637.0,
  "summary_fg_p05": 1174.59384765625,
  "summary_fg_p95": 2866.9318359374997,
  "summary_fg_stdv": 505.1059875488281,
  "tsnr": 70.6473023397848
}