{
  "aor": 0.0009775478927203064,
  "aqi": 0.0021269552490421457,
  "bids_meta": {
    "AcquisitionDateTime": "2017-01-31T18:33:18.000000",
    "ConversionSoftware": "dcm2niix",
    "ConversionSoftwareVersion": "v1.0.20170411 GCC4.8.4",
    "EchoTime": 0.04,
    "FlipAngle": 90,
    "ImageType": [
      "ORIGINAL",
      "PRIMARY",
      "EPI",
      "NONE"
    ],
    "MagneticFieldStrength": 3,
    "Manufacturer": "GE",
    "ManufacturersModelName": "DISCOVERY_MR750",
    "ProcedureStepDescription": "ActosHabla",
    "ProtocolName": "fMRI_ActosHabla_1",
    "RepetitionTime": 2,
    "ScanningSequence": "EP_GR",
    "SequenceVariant": "SS",
    "SeriesDescription": "fMRI_ActosHabla_1",
    "SliceTiming": [
      0,
      1.0285,
      0.0571001,
      1.0857,
      0.1142,
      1.1428,
      0.1714,
      1.2,
      0.2285,
      1.2571,
      0.2857,
      1.3143,
      0.3428,
      1.3714,
      0.4,
      1.4286,
      0.4571,
      1.4857,
      0.5142,
      1.5428,
      0.5714,
      1.6,
      0.6285,
      1.6571,
      0.6857,
      1.7143,
      0.7428,
      1.7714,
      0.8,
      1.8285,
      0.8571,
      1.8857,
      0.9143,
      1.9428,
      0.9714
    ],
    "TaskName": "sar",
    "dataset": "ds003481",
    "modality": "bold",
    "run_id": 1,
    "subject_id": "012",
    "task_id": "sar"
  },
  "dummy_trs": 0,
  "dvars_nstd": 16.45300967488462,
  "dvars_std": 1.0468328948076924,
  "dvars_vstd": 0.9771521696538463,
  "efc": 0.382074762956467,
  "fber": 25419.9453125,
  "fd_mean": 0.09142700707726067,
  "fd_num": 10,
  "fd_perc": 3.8314176245210727,
  "fwhm_avg": 2.5673525,
  "fwhm_x": 2.57235,
  "fwhm_y": 2.66735,
  "fwhm_z": 2.4623575,
  "gcor": 0.0822109,
  "gsr_x": -0.007816093973815441,
  "gsr_y": -0.0034565471578389406,
  "provenance": {
    "md5sum": "66e7ec999fe43d6855759a025624cd82",
    "settings": {
      "fd_thres": 0.2,
      "testing": false
    },
    "software": "mriqc",
    "version": "23.0.1",
    "webapi_port": null,
    "webapi_url": "https://mriqc.nimh.nih.gov/api/v1"
  },
  "size_t": 261,
  "size_x": 64,
  "size_y": 64,
  "size_z": 35,
  "snr": 3.360269519479953,
  "spacing_tr": 2.0,
  "spacing_x": 4.0,
  "spacing_y": 4.0,
  "spacing_z": 4.0,
  "summary_bg_k": 37.20092205817693,
  "summary_bg_mad": 16.67785487472478,
  "summary_bg_mean": 54.36486053466797,
  "summary_bg_median": 11.409961700439453,
  "summary_bg_n": 101184.0,
  "summary_bg_p05": 0.019157087430357933,
  "summary_bg_p95": 242.43179473876813,
  "summary_bg_stdv": 130.37770080566406,
  "summary_fg_k": 0.5378616911417691,
  "summary_fg_mad": 493.94507266421977,
  "summary_fg_mean": 1779.282470703125,
  "summary_fg_median": 1732.536376953125,
  "summary_fg_n": 14427.0,
  "summary_fg_p05": 1014.7639587402344,
  "summary_fg_p95": 2682.3163574218747,
  "summary_fg_stdv": 515.5765991210938,
  "tsnr": 68.73043369874358
}