{
  "aor": 0.001609015748031496,
  "aqi": 0.0021943051968503933,
  "bids_meta": {
    "AcquisitionDateTime": "2017-01-31T18:43:26.000000",
    "ConversionSoftware": "dcm2niix",
    "ConversionSoftwareVersion": "v1.0.20170411 GCC4.8.4",
    "EchoTime": 0.04,
    "FlipAngle": 90,
    "ImageType": [
      "ORIGINAL",
      "PRIMARY",
      "EPI",
      "NONE"
    ],
    "MagneticFieldStrength": 3,
    "Manufacturer": "GE",
    "ManufacturersModelName": "DISCOVERY_MR750",
    "ProcedureStepDescription": "ActosHabla",
    "ProtocolName": "fMRI_ActosHabla_2",
    "RepetitionTime": 2,
    "ScanningSequence": "EP_GR",
    "SequenceVariant": "SS",
    "SeriesDescription": "fMRI_ActosHabla_2",
    "SliceTiming": [
      0,
      1.0285,
      0.0571001,
      1.0857,
      0.1142,
      1.1428,
      0.1714,
      1.2,
      0.2285,
      1.2571,
      0.2857,
      1.3143,
      0.3428,
      1.3714,
      0.4,
      1.4286,
      0.4571,
      1.4857,
      0.5142,
      1.5428,
      0.5714,
      1.6,
      0.6285,
      1.6571,
      0.6857,
      1.7143,
      0.7428,
      1.7714,
      0.8,
      1.8285,
      0.8571,
      1.8857,
      0.9143,
      1.9428,
      0.9714
    ],
    "TaskName": "sar",
    "dataset": "ds003481",
    "modality": "bold",
    "run_id": 2,
    "subject_id": "012",
    "task_id": "sar"
  },
  "dummy_trs": 0,
  "dvars_nstd": 18.43173207980238,
  "dvars_std": 1.0909920171146248,
  "dvars_vstd": 1.0050195611857702,
  "efc": 0.3828164975223049,
  "fber": 25657.859375,
  "fd_mean": 0.13889692952349394,
  "fd_num": 41,
  "fd_perc": 16.141732283464567,
  "fwhm_avg": 2.5842416666666668,
  "fwhm_x": 2.57375,
  "fwhm_y": 2.6713,
  "fwhm_z": 2.507675,
  "gcor": 0.0713154,
  "gsr_x": -0.00695487717166543,
  "gsr_y": -0.003243624232709408,
  "provenance": {
    "md5sum": "f4af276c9dde75db900e45a7ff0e9a9b",
    "settings": {
      "fd_thres": 0.2,
      "testing": false
    },
    "software": "mriqc",
    "version": "23.0.1",
    "webapi_port": null,
    "webapi_url": "https://mriqc.nimh.nih.gov/api/v1"
  },
  "size_t": 254,
  "size_x": 64,
  "size_y": 64,
  "size_z": 35,
  "snr": 3.46650781921229,
  "spacing_tr": 2.0,
  "spacing_x": 4.0,
  "spacing_y": 4.0,
  "spacing_z": 4.0,
  "summary_bg_k": 37.98968194217739,
  "summary_bg_mad": 16.647171448428097,
  "summary_bg_mean": 54.204715728759766,
  "summary_bg_median": 11.389763832092285,
  "summary_bg_n": 100883.0,
  "summary_bg_p05": 0.019685039296746254,
  "summary_bg_p95": 240.3145629882803,
  "summary_bg_stdv": 129.66612243652344,
  "summary_fg_k": 0.639519449404824,
  "summary_fg_mad": 484.5599038110648,
  "summary_fg_mean": 1818.57080078125,
  "summary_fg_median": 1758.5118408203125,
  "summary_fg_n": 14143.0,
  "summary_fg_p05": 1082.2504028320313,
  "summary_fg_p95": 2735.042797851562,
  "summary_fg_stdv": 507.2683410644531,
  "tsnr": 68.97997748851776
}