{
  "bids_meta": {
    "AcquisitionMatrixPE": 256,
    "AcquisitionNumber": 1,
    "AcquisitionTime": "15:27:23.000000",
    "BodyPartExamined": "HEAD",
    "CoilString": "32Ch_Head",
    "ConversionSoftware": "dcm2niix",
    "ConversionSoftwareVersion": "v1.0.20181125  (JP2:OpenJPEG) GCC7.3.0",
    "DeviceSerialNumber": "0002806034DVR750",
    "EchoTime": 0.003192,
    "FlipAngle": 12,
    "ImageOrientationPatientDICOM": [
      0,
      1,
      0,
      0,
      0,
      -1
    ],
    "ImageType": [
      "ORIGINAL",
      "PRIMARY",
      "OTHER"
    ],
    "ImagingFrequency": 127.772,
    "InPlanePhaseEncodingDirectionDICOM": "ROW",
    "InstitutionName": "INSTITUTO_DE_NEUROBIOLOGIA",
    "InversionTime": 0.45,
    "MRAcquisitionType": "3D",
    "MagneticFieldStrength": 3,
    "Manufacturer": "GE",
    "ManufacturersModelName": "DISCOVERY_MR750",
    "Modality": "MR",
    "PatientPosition": "HFS",
    "PercentPhaseFOV": 100,
    "PixelBandwidth": 244.141,
    "ProcedureStepDescription": "Emociones_AH",
    "ProtocolName": "Sag_T1_FSPGR_BRAVO",
    "ReconMatrixPE": 256,
    "RepetitionTime": 0.008184,
    "SAR": 0.135786,
    "ScanOptions": "FAST_GEMS_EDR_GEMS_FILTERED_GEMS_ACC_GEMS_IR_GEMS",
    "ScanningSequence": "GR",
    "SequenceVariant": "SS_SP_SK",
    "SeriesDescription": "Sag_T1_FSPGR_BRAVO",
    "SeriesNumber": 9,
    "SliceThickness": 1,
    "SoftwareVersions": "27_LX_MR_Software_release:DV26.0_R03_1831.b",
    "SpacingBetweenSlices": 1,
    "StationName": "GEHCGEHC",
    "dataset": "ds003481",
    "modality": "T1w",
    "subject_id": "046"
  },
  "cjv": 0.3231612570460119,
  "cnr": 4.166957163282111,
  "efc": 0.5933068967410008,
  "fber": -1.0,
  "fwhm_avg": 3.6485733333333332,
  "fwhm_x": 3.7244,
  "fwhm_y": 3.77325,
  "fwhm_z": 3.44807,
  "icvs_csf": 0.19340510601922808,
  "icvs_gm": 0.4745761636632394,
  "icvs_wm": 0.33201873031753254,
  "inu_med": 0.4713595509529114,
  "inu_range": 0.14334809184074399,
  "provenance": {
    "md5sum": "46135cfee2e4b93fdd2e834fa8599008",
    "settings": {
      "testing": false
    },
    "software": "mriqc",
    "version": "23.0.1",
    "warnings": {
      "large_rot_frame": true,
      "small_air_mask": false
    },
    "webapi_port": null,
    "webapi_url": "https://mriqc.nimh.nih.gov/api/v1"
  },
  "qi_1": 5.073324333819668e-06,
  "qi_2": 0.004039269621342343,
  "rpve_csf": 28.059747465225662,
  "rpve_gm": 12.773847187346846,
  "rpve_wm": 20.250622718905568,
  "size_x": 176,
  "size_y": 256,
  "size_z": 256,
  "snr_csf": 2.9746402532198872,
  "snr_gm": 12.268121282758969,
  "snr_total": 12.154795263224699,
  "snr_wm": 21.221624253695236,
  "snrd_csf": 20.193935543538142,
  "snrd_gm": 45.83164109287735,
  "snrd_total": 44.11132716724402,
  "snrd_wm": 66.30840486531659,
  "spacing_x": 1.0,
  "spacing_y": 1.0,
  "spacing_z": 1.0,
  "summary_bg_k": 17.95925867621331,
  "summary_bg_mad": 0.0,
  "summary_bg_mean": 5.531751112982394,
  "summary_bg_median": 0.0,
  "summary_bg_n": 2087201.0,
  "summary_bg_p05": 0.0,
  "summary_bg_p95": 25.836854606866837,
  "summary_bg_stdv": 9.880542730232301,
  "summary_csf_k": 1.7798479038174282,
  "summary_csf_mad": 76.12972223367167,
  "summary_csf_mean": 314.4467859434902,
  "summary_csf_median": 304.5580172762275,
  "summary_csf_n": 22395.0,
  "summary_csf_p05": 153.83084487393498,
  "summary_csf_p95": 501.9905854985118,
  "summary_csf_stdv": 102.3825375800799,
  "summary_gm_k": 0.1343705863539424,
  "summary_gm_mad": 55.35064456704451,
  "summary_gm_mean": 690.4473547284433,
  "summary_gm_median": 691.2171087041497,
  "summary_gm_n": 43161.0,
  "summary_gm_p05": 596.6444710865617,
  "summary_gm_p95": 781.1179880201817,
  "summary_gm_stdv": 56.341886854527246,
  "summary_wm_k": 0.5529751420975959,
  "summary_wm_mad": 44.449157443393744,
  "summary_wm_mean": 1000.9098928674063,
  "summary_wm_median": 1000.0406444296241,
  "summary_wm_n": 171801.0,
  "summary_wm_p05": 925.1300156638026,
  "summary_wm_p95": 1079.460535556078,
  "summary_wm_stdv": 47.12352466560247,
  "tpm_overlap_csf": 0.16856614294412364,
  "tpm_overlap_gm": 0.48279707595550037,
  "tpm_overlap_wm": 0.5057844852126904,
  "wm2max": 0.44308784004486446
}