{
  "aor": 0.0026410629921259842,
  "aqi": 0.0017636284212598425,
  "bids_meta": {
    "AcquisitionDateTime": "2016-11-14T18:28:52.000000",
    "ConversionSoftware": "dcm2niix",
    "ConversionSoftwareVersion": "v1.0.20170411 GCC4.8.4",
    "EchoTime": 0.04,
    "FlipAngle": 90,
    "ImageType": [
      "ORIGINAL",
      "PRIMARY",
      "EPI",
      "NONE"
    ],
    "MagneticFieldStrength": 3,
    "Manufacturer": "GE",
    "ManufacturersModelName": "DISCOVERY_MR750",
    "ProcedureStepDescription": "ActosHabla",
    "ProtocolName": "fMRI_ActosHabla_2",
    "RepetitionTime": 2,
    "ScanningSequence": "EP_GR",
    "SequenceVariant": "SS",
    "SeriesDescription": "fMRI_ActosHabla_2",
    "SliceTiming": [
      0,
      1.0285,
      0.0571001,
      1.0857,
      0.1142,
      1.1428,
      0.1714,
      1.2,
      0.2285,
      1.2571,
      0.2857,
      1.3143,
      0.3428,
      1.3714,
      0.4,
      1.4286,
      0.4571,
      1.4857,
      0.5142,
      1.5428,
      0.5714,
      1.6,
      0.6285,
      1.6571,
      0.6857,
      1.7143,
      0.7428,
      1.7714,
      0.8,
      1.8285,
      0.8571,
      1.8857,
      0.9143,
      1.9428,
      0.9714
    ],
    "TaskName": "sar",
    "dataset": "ds003481",
    "modality": "bold",
    "run_id": 2,
    "subject_id": "010",
    "task_id": "sar"
  },
  "dummy_trs": 0,
  "dvars_nstd": 14.703185307786564,
  "dvars_std": 1.121061010000001,
  "dvars_vstd": 1.0146615332411066,
  "efc": 0.39998297139771855,
  "fber": 34651.1640625,
  "fd_mean": 0.060242117987884286,
  "fd_num": 0,
  "fd_perc": 0.0,
  "fwhm_avg": 2.8357999999999994,
  "fwhm_x": 2.75675,
  "fwhm_y": 2.955875,
  "fwhm_z": 2.794775,
  "gcor": 0.0716764,
  "gsr_x": 0.019038164988160133,
  "gsr_y": -0.005160425323992968,
  "provenance": {
    "md5sum": "2858cdbcbe6ccc5da45f7e264c2486bb",
    "settings": {
      "fd_thres": 0.2,
      "testing": false
    },
    "software": "mriqc",
    "version": "23.0.1",
    "webapi_port": null,
    "webapi_url": "https://mriqc.nimh.nih.gov/api/v1"
  },
  "size_t": 254,
  "size_x": 64,
  "size_y": 64,
  "size_z": 35,
  "snr": 3.005592855406926,
  "spacing_tr": 2.0,
  "spacing_x": 4.0,
  "spacing_y": 4.0,
  "spacing_z": 4.0,
  "summary_bg_k": 34.728271170080774,
  "summary_bg_mad": 14.685934405568785,
  "summary_bg_mean": 61.47505187988281,
  "summary_bg_median": 10.118110656738281,
  "summary_bg_n": 97539.0,
  "summary_bg_p05": 0.031496062874794006,
  "summary_bg_p95": 309.33229370117175,
  "summary_bg_stdv": 154.3060760498047,
  "summary_fg_k": 0.16960391189826707,
  "summary_fg_mad": 592.9532922516357,
  "summary_fg_mean": 1934.9384765625,
  "summary_fg_median": 1844.4842529296875,
  "summary_fg_n": 16775.0,
  "summary_fg_p05": 1083.1390014648437,
  "summary_fg_p95": 3061.200732421875,
  "summary_fg_stdv": 613.6657104492188,
  "tsnr": 80.15631318767555
}