{
  "aor": 0.0006557874015748032,
  "aqi": 0.0013161553149606297,
  "bids_meta": {
    "AcquisitionDateTime": "2016-05-16T20:13:35.000000",
    "ConversionSoftware": "dcm2niix",
    "ConversionSoftwareVersion": "v1.0.20170411 GCC4.8.4",
    "EchoTime": 0.04,
    "FlipAngle": 90,
    "ImageType": [
      "ORIGINAL",
      "PRIMARY",
      "EPI",
      "NONE"
    ],
    "MagneticFieldStrength": 3,
    "Manufacturer": "GE",
    "ManufacturersModelName": "DISCOVERY_MR750",
    "ProcedureStepDescription": "ActosHabla",
    "ProtocolName": "fMRI_ActosHabla_2",
    "RepetitionTime": 2,
    "ScanningSequence": "EP_GR",
    "SequenceVariant": "SS",
    "SeriesDescription": "fMRI_ActosHabla_2",
    "SliceTiming": [
      0,
      1.0285,
      0.0571001,
      1.0857,
      0.1142,
      1.1428,
      0.1714,
      1.2,
      0.2285,
      1.2571,
      0.2857,
      1.3143,
      0.3428,
      1.3714,
      0.4,
      1.4286,
      0.4571,
      1.4857,
      0.5142,
      1.5428,
      0.5714,
      1.6,
      0.6285,
      1.6571,
      0.6857,
      1.7143,
      0.7428,
      1.7714,
      0.8,
      1.8285,
      0.8571,
      1.8857,
      0.9143,
      1.9428,
      0.9714
    ],
    "TaskName": "sar",
    "dataset": "ds003481",
    "modality": "bold",
    "run_id": 2,
    "subject_id": "007",
    "task_id": "sar"
  },
  "dummy_trs": 0,
  "dvars_nstd": 13.053216745889333,
  "dvars_std": 1.130839572885375,
  "dvars_vstd": 0.9891186834782605,
  "efc": 0.34990698174086526,
  "fber": 77843.6328125,
  "fd_mean": 0.0399540604568795,
  "fd_num": 0,
  "fd_perc": 0.0,
  "fwhm_avg": 2.6211925,
  "fwhm_x": 2.4566275,
  "fwhm_y": 2.79015,
  "fwhm_z": 2.6168,
  "gcor": 0.0640086,
  "gsr_x": -0.00982908345758915,
  "gsr_y": -0.000799061672296375,
  "provenance": {
    "md5sum": "fa4d3943ee91081f335fe00a8b0fad79",
    "settings": {
      "fd_thres": 0.2,
      "testing": false
    },
    "software": "mriqc",
    "version": "23.0.1",
    "webapi_port": null,
    "webapi_url": "https://mriqc.nimh.nih.gov/api/v1"
  },
  "size_t": 254,
  "size_x": 64,
  "size_y": 64,
  "size_z": 35,
  "snr": 3.864725099533618,
  "spacing_tr": 2.0,
  "spacing_x": 4.0,
  "spacing_y": 4.0,
  "spacing_z": 4.0,
  "summary_bg_k": 73.36475562890254,
  "summary_bg_mad": 10.31984539128938,
  "summary_bg_mean": 31.273839950561523,
  "summary_bg_median": 7.437007904052734,
  "summary_bg_n": 101963.0,
  "summary_bg_p05": 0.10629921406507492,
  "summary_bg_p95": 122.10708770751936,
  "summary_bg_stdv": 86.92323303222656,
  "summary_fg_k": 0.07559180317792835,
  "summary_fg_mad": 494.03918315660536,
  "summary_fg_mean": 1974.09619140625,
  "summary_fg_median": 1926.4605712890625,
  "summary_fg_n": 13993.0,
  "summary_fg_p05": 1236.20546875,
  "summary_fg_p95": 2839.74169921875,
  "summary_fg_stdv": 498.4550476074219,
  "tsnr": 97.0300157549791
}