{
  "aor": 0.0016159215686274509,
  "aqi": 0.0019677186235294115,
  "bids_meta": {
    "AcquisitionDateTime": "2016-05-16T20:23:8.000000",
    "ConversionSoftware": "dcm2niix",
    "ConversionSoftwareVersion": "v1.0.20170411 GCC4.8.4",
    "EchoTime": 0.04,
    "FlipAngle": 90,
    "ImageType": [
      "ORIGINAL",
      "PRIMARY",
      "EPI",
      "NONE"
    ],
    "MagneticFieldStrength": 3,
    "Manufacturer": "GE",
    "ManufacturersModelName": "DISCOVERY_MR750",
    "ProcedureStepDescription": "ActosHabla",
    "ProtocolName": "fMRI_ActosHabla_3",
    "RepetitionTime": 2,
    "ScanningSequence": "EP_GR",
    "SequenceVariant": "SS",
    "SeriesDescription": "fMRI_ActosHabla_3",
    "SliceTiming": [
      0,
      1.0285,
      0.0571001,
      1.0857,
      0.1142,
      1.1428,
      0.1714,
      1.2,
      0.2285,
      1.2571,
      0.2857,
      1.3143,
      0.3428,
      1.3714,
      0.4,
      1.4286,
      0.4571,
      1.4857,
      0.5142,
      1.5428,
      0.5714,
      1.6,
      0.6285,
      1.6571,
      0.6857,
      1.7143,
      0.7428,
      1.7714,
      0.8,
      1.8285,
      0.8571,
      1.8857,
      0.9143,
      1.9428,
      0.9714
    ],
    "TaskName": "sar",
    "dataset": "ds003481",
    "modality": "bold",
    "run_id": 3,
    "subject_id": "007",
    "task_id": "sar"
  },
  "dummy_trs": 0,
  "dvars_nstd": 13.1922301868504,
  "dvars_std": 1.1012075932677168,
  "dvars_vstd": 0.96698865011811,
  "efc": 0.3502077649370062,
  "fber": 75369.71875,
  "fd_mean": 0.044236458829679914,
  "fd_num": 1,
  "fd_perc": 0.39215686274509803,
  "fwhm_avg": 2.6347074999999998,
  "fwhm_x": 2.4891725,
  "fwhm_y": 2.7899,
  "fwhm_z": 2.62505,
  "gcor": 0.0513107,
  "gsr_x": -0.010083177126944065,
  "gsr_y": -0.0012661268701776862,
  "provenance": {
    "md5sum": "cf243aa385545158ee33fb59cf8bc0dc",
    "settings": {
      "fd_thres": 0.2,
      "testing": false
    },
    "software": "mriqc",
    "version": "23.0.1",
    "webapi_port": null,
    "webapi_url": "https://mriqc.nimh.nih.gov/api/v1"
  },
  "size_t": 255,
  "size_x": 64,
  "size_y": 64,
  "size_z": 35,
  "snr": 3.841881685500514,
  "spacing_tr": 2.0,
  "spacing_x": 4.0,
  "spacing_y": 4.0,
  "spacing_z": 4.0,
  "summary_bg_k": 71.46743046275756,
  "summary_bg_mad": 10.354959820866894,
  "summary_bg_mean": 31.33899688720703,
  "summary_bg_median": 7.462745666503906,
  "summary_bg_n": 101955.0,
  "summary_bg_p05": 0.125490203499794,
  "summary_bg_p95": 121.30118713378879,
  "summary_bg_stdv": 86.66051483154297,
  "summary_fg_k": 0.06894280774485129,
  "summary_fg_mad": 494.4740822204566,
  "summary_fg_mean": 1964.1162109375,
  "summary_fg_median": 1917.10791015625,
  "summary_fg_n": 14064.0,
  "summary_fg_p05": 1224.199090576172,
  "summary_fg_p95": 2838.2962768554685,
  "summary_fg_stdv": 498.9845886230469,
  "tsnr": 89.77603019960225
}