{
  "aor": 0.00047022988505747123,
  "aqi": 0.0012014968812260537,
  "bids_meta": {
    "AcquisitionDateTime": "2016-05-16T20:03:10.000000",
    "ConversionSoftware": "dcm2niix",
    "ConversionSoftwareVersion": "v1.0.20170411 GCC4.8.4",
    "EchoTime": 0.04,
    "FlipAngle": 90,
    "ImageType": [
      "ORIGINAL",
      "PRIMARY",
      "EPI",
      "NONE"
    ],
    "MagneticFieldStrength": 3,
    "Manufacturer": "GE",
    "ManufacturersModelName": "DISCOVERY_MR750",
    "ProcedureStepDescription": "ActosHabla",
    "ProtocolName": "fMRI_ActosHabla_1",
    "RepetitionTime": 2,
    "ScanningSequence": "EP_GR",
    "SequenceVariant": "SS",
    "SeriesDescription": "fMRI_ActosHabla_1",
    "SliceTiming": [
      0,
      1.0285,
      0.0571001,
      1.0857,
      0.1142,
      1.1428,
      0.1714,
      1.2,
      0.2285,
      1.2571,
      0.2857,
      1.3143,
      0.3428,
      1.3714,
      0.4,
      1.4286,
      0.4571,
      1.4857,
      0.5142,
      1.5428,
      0.5714,
      1.6,
      0.6285,
      1.6571,
      0.6857,
      1.7143,
      0.7428,
      1.7714,
      0.8,
      1.8285,
      0.8571,
      1.8857,
      0.9143,
      1.9428,
      0.9714
    ],
    "TaskName": "sar",
    "dataset": "ds003481",
    "modality": "bold",
    "run_id": 1,
    "subject_id": "007",
    "task_id": "sar"
  },
  "dummy_trs": 0,
  "dvars_nstd": 10.820738598076918,
  "dvars_std": 1.046595494576923,
  "dvars_vstd": 0.9691440930769233,
  "efc": 0.3481338896453869,
  "fber": 80640.890625,
  "fd_mean": 0.03290302413809629,
  "fd_num": 0,
  "fd_perc": 0.0,
  "fwhm_avg": 2.63738,
  "fwhm_x": 2.470915,
  "fwhm_y": 2.788,
  "fwhm_z": 2.653225,
  "gcor": 0.0303356,
  "gsr_x": -0.01148704718798399,
  "gsr_y": -0.0011922548292204738,
  "provenance": {
    "md5sum": "46a773d06e1bd2b9309ccb5af69228be",
    "settings": {
      "fd_thres": 0.2,
      "testing": false
    },
    "software": "mriqc",
    "version": "23.0.1",
    "webapi_port": null,
    "webapi_url": "https://mriqc.nimh.nih.gov/api/v1"
  },
  "size_t": 261,
  "size_x": 64,
  "size_y": 64,
  "size_z": 35,
  "snr": 3.8836195135584006,
  "spacing_tr": 2.0,
  "spacing_x": 4.0,
  "spacing_y": 4.0,
  "spacing_z": 4.0,
  "summary_bg_k": 75.94710689817408,
  "summary_bg_mad": 10.236203515860954,
  "summary_bg_mean": 30.78131675720215,
  "summary_bg_median": 7.379310131072998,
  "summary_bg_n": 102139.0,
  "summary_bg_p05": 0.1149425283074379,
  "summary_bg_p95": 116.27202758789029,
  "summary_bg_stdv": 87.80924987792969,
  "summary_fg_k": 0.170534285388948,
  "summary_fg_mad": 496.42198843112254,
  "summary_fg_mean": 1993.6834716796875,
  "summary_fg_median": 1946.77001953125,
  "summary_fg_n": 13893.0,
  "summary_fg_p05": 1260.2773193359376,
  "summary_fg_p95": 2864.4857421875,
  "summary_fg_stdv": 501.2591857910156,
  "tsnr": 99.71617247443646
}