{
  "aor": 0.00117368,
  "aqi": 0.0012781316519999998,
  "bids_meta": {
    "AcquisitionDateTime": "2017-07-11T19:12:5.000000",
    "ConversionSoftware": "dcm2niix",
    "ConversionSoftwareVersion": "v1.0.20170411 GCC4.8.4",
    "EchoTime": 0.035,
    "FlipAngle": 90,
    "ImageType": [
      "ORIGINAL",
      "PRIMARY",
      "EPI",
      "NONE"
    ],
    "MagneticFieldStrength": 3,
    "Manufacturer": "GE",
    "ManufacturersModelName": "DISCOVERY_MR750",
    "ProcedureStepDescription": "CompMet",
    "ProtocolName": "fMRI_CompMet",
    "RepetitionTime": 2,
    "ScanningSequence": "EP_GR",
    "SequenceVariant": "SS",
    "SeriesDescription": "fMRI_CompMet",
    "SliceTiming": [
      1.0285,
      0.0571001,
      1.0857,
      0.1142,
      1.1428,
      0.1714,
      1.2,
      0.2285,
      1.2571,
      0.2857,
      1.3143,
      0.3428,
      1.3714,
      0.4,
      1.4286,
      0.4571,
      1.4857,
      0.5142,
      1.5428,
      0.5714,
      1.6,
      0.6285,
      1.6571,
      0.6857,
      1.7143,
      0.7428,
      1.7714,
      0.8,
      1.8285,
      0.8571,
      1.8857,
      0.9143,
      1.9428,
      0.9714
    ],
    "TaskName": "cmp",
    "dataset": "ds003481",
    "modality": "bold",
    "run_id": 1,
    "subject_id": "074",
    "task_id": "cmp"
  },
  "dummy_trs": 0,
  "dvars_nstd": 13.475535523172699,
  "dvars_std": 1.1961842914859435,
  "dvars_vstd": 0.9892880329317266,
  "efc": 0.3510050897226945,
  "fber": 82922.8125,
  "fd_mean": 0.06240227918695634,
  "fd_num": 1,
  "fd_perc": 0.4,
  "fwhm_avg": 2.605691666666667,
  "fwhm_x": 2.54325,
  "fwhm_y": 2.669575,
  "fwhm_z": 2.60425,
  "gcor": 0.0351633,
  "gsr_x": -0.01038944348692894,
  "gsr_y": 0.0007904524100013077,
  "provenance": {
    "md5sum": "a068f1f8a766ed3a7a06cf0c129cf23d",
    "settings": {
      "fd_thres": 0.2,
      "testing": false
    },
    "software": "mriqc",
    "version": "23.0.1",
    "webapi_port": null,
    "webapi_url": "https://mriqc.nimh.nih.gov/api/v1"
  },
  "size_t": 250,
  "size_x": 64,
  "size_y": 64,
  "size_z": 34,
  "snr": 3.857119979839582,
  "spacing_tr": 2.0,
  "spacing_x": 4.0,
  "spacing_y": 4.0,
  "spacing_z": 4.0,
  "summary_bg_k": 70.33301341554815,
  "summary_bg_mad": 9.417489996079572,
  "summary_bg_mean": 37.34937286376953,
  "summary_bg_median": 7.40000057220459,
  "summary_bg_n": 99290.0,
  "summary_bg_p05": 0.4320000112056732,
  "summary_bg_p95": 156.21880340576107,
  "summary_bg_stdv": 114.39470672607422,
  "summary_fg_k": 0.7095926951506075,
  "summary_fg_mad": 468.582294966298,
  "summary_fg_mean": 2131.81689453125,
  "summary_fg_median": 2061.16796875,
  "summary_fg_n": 13236.0,
  "summary_fg_p05": 1358.1300964355469,
  "summary_fg_p95": 3118.4031982421875,
  "summary_fg_stdv": 534.35986328125,
  "tsnr": 107.47003707010299
}