{
  "aor": 0.0006575600000000001,
  "aqi": 0.0012053069600000002,
  "bids_meta": {
    "AcquisitionDateTime": "2017-07-11T19:22:46.000000",
    "ConversionSoftware": "dcm2niix",
    "ConversionSoftwareVersion": "v1.0.20170411 GCC4.8.4",
    "EchoTime": 0.035,
    "FlipAngle": 90,
    "ImageType": [
      "ORIGINAL",
      "PRIMARY",
      "EPI",
      "NONE"
    ],
    "MagneticFieldStrength": 3,
    "Manufacturer": "GE",
    "ManufacturersModelName": "DISCOVERY_MR750",
    "ProcedureStepDescription": "CompMet",
    "ProtocolName": "fMRI_CompMet",
    "RepetitionTime": 2,
    "ScanningSequence": "EP_GR",
    "SequenceVariant": "SS",
    "SeriesDescription": "fMRI_CompMet",
    "SliceTiming": [
      1.0285,
      0.0571001,
      1.0857,
      0.1142,
      1.1428,
      0.1714,
      1.2,
      0.2285,
      1.2571,
      0.2857,
      1.3143,
      0.3428,
      1.3714,
      0.4,
      1.4286,
      0.4571,
      1.4857,
      0.5142,
      1.5428,
      0.5714,
      1.6,
      0.6285,
      1.6571,
      0.6857,
      1.7143,
      0.7428,
      1.7714,
      0.8,
      1.8285,
      0.8571,
      1.8857,
      0.9143,
      1.9428,
      0.9714
    ],
    "TaskName": "cmp",
    "dataset": "ds003481",
    "modality": "bold",
    "run_id": 2,
    "subject_id": "074",
    "task_id": "cmp"
  },
  "dummy_trs": 0,
  "dvars_nstd": 13.595023622088355,
  "dvars_std": 1.2124458227309238,
  "dvars_vstd": 0.993011136425703,
  "efc": 0.3506455072091383,
  "fber": 80898.78125,
  "fd_mean": 0.06522197616624208,
  "fd_num": 3,
  "fd_perc": 1.2,
  "fwhm_avg": 2.6151583333333335,
  "fwhm_x": 2.53945,
  "fwhm_y": 2.671275,
  "fwhm_z": 2.63475,
  "gcor": 0.0387521,
  "gsr_x": -0.010308695025742054,
  "gsr_y": 0.00021140988974366337,
  "provenance": {
    "md5sum": "b06d7de5ba83c9a80b30ee32cf7b367b",
    "settings": {
      "fd_thres": 0.2,
      "testing": false
    },
    "software": "mriqc",
    "version": "23.0.1",
    "webapi_port": null,
    "webapi_url": "https://mriqc.nimh.nih.gov/api/v1"
  },
  "size_t": 250,
  "size_x": 64,
  "size_y": 64,
  "size_z": 34,
  "snr": 3.8441818019637286,
  "spacing_tr": 2.0,
  "spacing_x": 4.0,
  "spacing_y": 4.0,
  "spacing_z": 4.0,
  "summary_bg_k": 67.6897519686927,
  "summary_bg_mad": 9.559819567275849,
  "summary_bg_mean": 37.17518997192383,
  "summary_bg_median": 7.508000373840332,
  "summary_bg_n": 99261.0,
  "summary_bg_p05": 0.4440000355243683,
  "summary_bg_p95": 154.5600128173828,
  "summary_bg_stdv": 113.98065948486328,
  "summary_fg_k": 0.7134242286144921,
  "summary_fg_mad": 467.4051898846134,
  "summary_fg_mean": 2137.14990234375,
  "summary_fg_median": 2065.6201171875,
  "summary_fg_n": 13253.0,
  "summary_fg_p05": 1363.4424560546875,
  "summary_fg_p95": 3141.6129882812497,
  "summary_fg_stdv": 537.3164672851562,
  "tsnr": 114.59188966313377
}