{
  "aor": 0.01685043333333333,
  "aqi": 0.006723328233333333,
  "bids_meta": {
    "AcquisitionDateTime": "2017-07-10T18:46:23.000000",
    "ConversionSoftware": "dcm2niix",
    "ConversionSoftwareVersion": "v1.0.20170411 GCC4.8.4",
    "EchoTime": 0.04,
    "FlipAngle": 90,
    "ImageType": [
      "ORIGINAL",
      "PRIMARY",
      "EPI",
      "NONE"
    ],
    "MagneticFieldStrength": 3,
    "Manufacturer": "GE",
    "ManufacturersModelName": "DISCOVERY_MR750",
    "ProcedureStepDescription": "CompMet",
    "ProtocolName": "fMRI_RestState",
    "RepetitionTime": 2,
    "ScanningSequence": "EP_GR",
    "SequenceVariant": "SS",
    "SeriesDescription": "fMRI_RestState",
    "SliceTiming": [
      1.0285,
      0.0571001,
      1.0857,
      0.1142,
      1.1428,
      0.1714,
      1.2,
      0.2285,
      1.2571,
      0.2857,
      1.3143,
      0.3428,
      1.3714,
      0.4,
      1.4286,
      0.4571,
      1.4857,
      0.5142,
      1.5428,
      0.5714,
      1.6,
      0.6285,
      1.6571,
      0.6857,
      1.7143,
      0.7428,
      1.7714,
      0.8,
      1.8285,
      0.8571,
      1.8857,
      0.9143,
      1.9428,
      0.9714
    ],
    "TaskName": "rest",
    "dataset": "ds003481",
    "modality": "bold",
    "subject_id": "074",
    "task_id": "rest"
  },
  "dummy_trs": 0,
  "dvars_nstd": 15.9289735583612,
  "dvars_std": 1.1375157967892977,
  "dvars_vstd": 1.007473984481605,
  "efc": 0.3318820387214187,
  "fber": 88360.5859375,
  "fd_mean": 0.10465806329833811,
  "fd_num": 36,
  "fd_perc": 12.0,
  "fwhm_avg": 2.6962499999999996,
  "fwhm_x": 2.685575,
  "fwhm_y": 2.862525,
  "fwhm_z": 2.54065,
  "gcor": 0.0399359,
  "gsr_x": -0.01136338897049427,
  "gsr_y": 0.0009125036303885281,
  "provenance": {
    "md5sum": "cfe6be42640f4a5f907110e1dfafb646",
    "settings": {
      "fd_thres": 0.2,
      "testing": false
    },
    "software": "mriqc",
    "version": "23.0.1",
    "webapi_port": null,
    "webapi_url": "https://mriqc.nimh.nih.gov/api/v1"
  },
  "size_t": 300,
  "size_x": 64,
  "size_y": 64,
  "size_z": 34,
  "snr": 3.59000856127466,
  "spacing_tr": 2.0,
  "spacing_x": 4.0,
  "spacing_y": 4.0,
  "spacing_z": 4.0,
  "summary_bg_k": 169.03216582781783,
  "summary_bg_mad": 8.376702587578638,
  "summary_bg_mean": 25.037128448486328,
  "summary_bg_median": 6.413333415985107,
  "summary_bg_n": 100536.0,
  "summary_bg_p05": 0.2800000011920929,
  "summary_bg_p95": 100.62000274658203,
  "summary_bg_stdv": 77.55040740966797,
  "summary_fg_k": 0.5681631140503471,
  "summary_fg_mad": 436.85366638535424,
  "summary_fg_mean": 1861.794677734375,
  "summary_fg_median": 1811.57666015625,
  "summary_fg_n": 12225.0,
  "summary_fg_p05": 1106.54072265625,
  "summary_fg_p95": 2800.6540039062493,
  "summary_fg_stdv": 504.5956115722656,
  "tsnr": 54.214763077907264
}