{
  "bids_meta": {
    "AcquisitionDateTime": "2016-09-05T21:08:36.000000",
    "ConversionSoftware": "dcm2niix",
    "ConversionSoftwareVersion": "v1.0.20170411 GCC4.8.4",
    "EchoTime": 0.00318,
    "FlipAngle": 12,
    "ImageType": [
      "DERIVED",
      "PRIMARY",
      "OTHER"
    ],
    "InversionTime": 0.45,
    "MagneticFieldStrength": 3,
    "Manufacturer": "GE",
    "ManufacturersModelName": "DISCOVERY_MR750",
    "ProcedureStepDescription": "MeditResp",
    "ProtocolName": "PU:Sag_T1_FSPGR_BRAVO",
    "RepetitionTime": 0.008156,
    "ScanningSequence": "GR",
    "SequenceVariant": "SS_SP_SK",
    "SeriesDescription": "PU:Sag_T1_FSPGR_BRAVO",
    "dataset": "ds003481",
    "modality": "T1w",
    "subject_id": "115"
  },
  "cjv": 0.3151707130317499,
  "cnr": 4.360141824217929,
  "efc": 0.7388787219377476,
  "fber": -1.0,
  "fwhm_avg": 3.8057,
  "fwhm_x": 3.84841,
  "fwhm_y": 3.94443,
  "fwhm_z": 3.62426,
  "icvs_csf": 0.18886608541414635,
  "icvs_gm": 0.47163411415107137,
  "icvs_wm": 0.3394998004347823,
  "inu_med": 0.4704611003398895,
  "inu_range": 0.12415769398212434,
  "provenance": {
    "md5sum": "afabc05e27b120bc11714a75d39f35a8",
    "settings": {
      "testing": false
    },
    "software": "mriqc",
    "version": "23.0.1",
    "warnings": {
      "large_rot_frame": true,
      "small_air_mask": true
    },
    "webapi_port": null,
    "webapi_url": "https://mriqc.nimh.nih.gov/api/v1"
  },
  "qi_1": 0.0,
  "qi_2": 0.003129397395959599,
  "rpve_csf": 30.590474107581027,
  "rpve_gm": 13.528708292979358,
  "rpve_wm": 20.662435560041818,
  "size_x": 176,
  "size_y": 256,
  "size_z": 256,
  "snr_csf": 2.4271655512375667,
  "snr_gm": 12.669046714078632,
  "snr_total": 12.502561571299614,
  "snr_wm": 22.41147244858264,
  "snrd_csf": 15.585331054627288,
  "snrd_gm": 39.10790607077266,
  "snrd_total": 37.147317898408595,
  "snrd_wm": 56.74871656982584,
  "spacing_x": 1.0,
  "spacing_y": 1.0,
  "spacing_z": 1.0,
  "summary_bg_k": 8.336053337695125,
  "summary_bg_mad": 0.0,
  "summary_bg_mean": 6.347813066097977,
  "summary_bg_median": 0.0,
  "summary_bg_n": 256277.0,
  "summary_bg_p05": 0.0,
  "summary_bg_p95": 31.12655918300152,
  "summary_bg_stdv": 11.544970439953275,
  "summary_csf_k": 0.7392487426895102,
  "summary_csf_mad": 96.57177169786978,
  "summary_csf_mean": 285.17845278496327,
  "summary_csf_median": 274.648434009403,
  "summary_csf_n": 20567.0,
  "summary_csf_p05": 113.48948881812393,
  "summary_csf_p95": 499.5022734679282,
  "summary_csf_stdv": 113.15328567844993,
  "summary_gm_k": 0.14770462569512688,
  "summary_gm_mad": 54.05442406133038,
  "summary_gm_mean": 688.9844772362934,
  "summary_gm_median": 689.1688807941973,
  "summary_gm_n": 50178.0,
  "summary_gm_p05": 599.4173434240744,
  "summary_gm_p95": 777.300889069773,
  "summary_gm_stdv": 54.397306211896314,
  "summary_wm_k": 0.22124573563296668,
  "summary_wm_mad": 43.92287978981342,
  "summary_wm_mean": 999.9725548711777,
  "summary_wm_median": 1000.0394655279815,
  "summary_wm_n": 174769.0,
  "summary_wm_p05": 926.5681456290185,
  "summary_wm_p95": 1072.878774072975,
  "summary_wm_stdv": 44.621637725322934,
  "tpm_overlap_csf": 0.15101587941162953,
  "tpm_overlap_gm": 0.4851181257694025,
  "tpm_overlap_wm": 0.5207137773602858,
  "wm2max": 0.46291122008426816
}