{
  "bids_meta": {
    "AcquisitionDateTime": "2016-05-02T20:52:49.000000",
    "ConversionSoftware": "dcm2niix",
    "ConversionSoftwareVersion": "v1.0.20170411 GCC4.8.4",
    "EchoTime": 0.00318,
    "FlipAngle": 12,
    "ImageType": [
      "DERIVED",
      "PRIMARY",
      "OTHER"
    ],
    "InversionTime": 0.45,
    "MagneticFieldStrength": 3,
    "Manufacturer": "GE",
    "ManufacturersModelName": "DISCOVERY_MR750",
    "ProcedureStepDescription": "ActosHabla",
    "ProtocolName": "PU:Sag_T1_FSPGR_BRAVO",
    "RepetitionTime": 0.008156,
    "ScanningSequence": "GR",
    "SequenceVariant": "SS_SP_SK",
    "SeriesDescription": "PU:Sag_T1_FSPGR_BRAVO",
    "dataset": "ds003481",
    "modality": "T1w",
    "subject_id": "003"
  },
  "cjv": 0.31924646310887045,
  "cnr": 4.237975794580281,
  "efc": 0.7350127435610959,
  "fber": 9572.047673130193,
  "fwhm_avg": 3.8468866666666663,
  "fwhm_x": 3.87802,
  "fwhm_y": 3.93967,
  "fwhm_z": 3.72297,
  "icvs_csf": 0.24154905378288824,
  "icvs_gm": 0.43865351826374743,
  "icvs_wm": 0.31979742795336435,
  "inu_med": 0.48668399453163147,
  "inu_range": 0.12448316216468808,
  "provenance": {
    "md5sum": "2c00b90836e38ee92e8470ac1e1dcf7c",
    "settings": {
      "testing": false
    },
    "software": "mriqc",
    "version": "23.0.1",
    "warnings": {
      "large_rot_frame": true,
      "small_air_mask": false
    },
    "webapi_port": null,
    "webapi_url": "https://mriqc.nimh.nih.gov/api/v1"
  },
  "qi_1": 0.0,
  "qi_2": 0.0036963208843182657,
  "rpve_csf": 20.90679714081278,
  "rpve_gm": 11.695226502365108,
  "rpve_wm": 17.94348825843964,
  "size_x": 176,
  "size_y": 256,
  "size_z": 256,
  "snr_csf": 3.0720800157119768,
  "snr_gm": 11.98746609166428,
  "snr_total": 12.450738687422545,
  "snr_wm": 22.292669954891384,
  "snrd_csf": 17.464751699578812,
  "snrd_gm": 41.574240189402595,
  "snrd_total": 39.82468178126644,
  "snrd_wm": 60.43505345481792,
  "spacing_x": 1.0,
  "spacing_y": 1.0,
  "spacing_z": 1.0,
  "summary_bg_k": 11.6480914776635,
  "summary_bg_mad": 0.0,
  "summary_bg_mean": 5.39361237864426,
  "summary_bg_median": 0.0,
  "summary_bg_n": 425717.0,
  "summary_bg_p05": 0.0,
  "summary_bg_p95": 29.578215826302767,
  "summary_bg_stdv": 10.840337548610055,
  "summary_csf_k": 1.4461369181223755,
  "summary_csf_mad": 77.78450260743637,
  "summary_csf_mean": 300.2820177945233,
  "summary_csf_median": 288.9837957806885,
  "summary_csf_n": 63139.0,
  "summary_csf_p05": 167.28954799473286,
  "summary_csf_p95": 478.4516666170209,
  "summary_csf_stdv": 94.06705092986829,
  "summary_gm_k": 0.21315511820093969,
  "summary_gm_mad": 55.56789772430834,
  "summary_gm_mean": 688.3710084746067,
  "summary_gm_median": 687.9159774668515,
  "summary_gm_n": 42167.0,
  "summary_gm_p05": 594.5897657983005,
  "summary_gm_p95": 784.2569603513925,
  "summary_gm_stdv": 57.38559050897921,
  "summary_wm_k": 0.21545209413937583,
  "summary_wm_mad": 44.06381253542019,
  "summary_wm_mean": 1000.3392526155058,
  "summary_wm_median": 999.9999682791531,
  "summary_wm_n": 203580.0,
  "summary_wm_p05": 927.3179987035692,
  "summary_wm_p95": 1074.3192398138344,
  "summary_wm_stdv": 44.85768255945762,
  "tpm_overlap_csf": 0.16506486856244504,
  "tpm_overlap_gm": 0.4700728124243704,
  "tpm_overlap_wm": 0.5167068378916967,
  "wm2max": 0.4838709677419355
}