{
  "aor": 0.0013238,
  "aqi": 0.0018059444866666667,
  "bids_meta": {
    "AcquisitionDateTime": "2016-09-21T20:11:10.000000",
    "ConversionSoftware": "dcm2niix",
    "ConversionSoftwareVersion": "v1.0.20170411 GCC4.8.4",
    "EchoTime": 0.04,
    "FlipAngle": 90,
    "ImageType": [
      "ORIGINAL",
      "PRIMARY",
      "EPI",
      "NONE"
    ],
    "MagneticFieldStrength": 3,
    "Manufacturer": "GE",
    "ManufacturersModelName": "DISCOVERY_MR750",
    "ProcedureStepDescription": "MeditResp",
    "ProtocolName": "fMRI_RestSt",
    "RepetitionTime": 2,
    "ScanningSequence": "EP_GR",
    "SequenceVariant": "SS",
    "SeriesDescription": "fMRI_RestSt",
    "SliceTiming": [
      1.0285,
      0.0571001,
      1.0857,
      0.1142,
      1.1428,
      0.1714,
      1.2,
      0.2285,
      1.2571,
      0.2857,
      1.3143,
      0.3428,
      1.3714,
      0.4,
      1.4286,
      0.4571,
      1.4857,
      0.5142,
      1.5428,
      0.5714,
      1.6,
      0.6285,
      1.6571,
      0.6857,
      1.7143,
      0.7428,
      1.7714,
      0.8,
      1.8285,
      0.8571,
      1.8857,
      0.9143,
      1.9428,
      0.9714
    ],
    "TaskName": "rest",
    "dataset": "ds003481",
    "modality": "bold",
    "subject_id": "099",
    "task_id": "rest"
  },
  "dummy_trs": 0,
  "dvars_nstd": 13.958556028361203,
  "dvars_std": 1.1620335036120406,
  "dvars_vstd": 0.9835639596989963,
  "efc": 0.3556211404829329,
  "fber": 98067.3125,
  "fd_mean": 0.10002294693497733,
  "fd_num": 9,
  "fd_perc": 3.0,
  "fwhm_avg": 2.716441451557529,
  "fwhm_x": 2.59255,
  "fwhm_y": 2.850075,
  "fwhm_z": 2.706699354672586,
  "gcor": 0.0752346,
  "gsr_x": -0.009372822009027004,
  "gsr_y": 0.004820909816771746,
  "provenance": {
    "md5sum": "7fbdd0860f54fc5be082fe8edf135859",
    "settings": {
      "fd_thres": 0.2,
      "testing": false
    },
    "software": "mriqc",
    "version": "23.0.1",
    "webapi_port": null,
    "webapi_url": "https://mriqc.nimh.nih.gov/api/v1"
  },
  "size_t": 300,
  "size_x": 64,
  "size_y": 64,
  "size_z": 34,
  "snr": 3.507139274751122,
  "spacing_tr": 2.0,
  "spacing_x": 4.0,
  "spacing_y": 4.0,
  "spacing_z": 4.000000953674316,
  "summary_bg_k": 87.09100754847366,
  "summary_bg_mad": 8.895613708698516,
  "summary_bg_mean": 34.369041442871094,
  "summary_bg_median": 6.450000286102295,
  "summary_bg_n": 98194.0,
  "summary_bg_p05": 0.1066666692495346,
  "summary_bg_p95": 166.95217132568305,
  "summary_bg_stdv": 97.48811340332031,
  "summary_fg_k": 0.03604214913143622,
  "summary_fg_mad": 514.0874327604821,
  "summary_fg_mean": 1985.5140380859375,
  "summary_fg_median": 1926.580078125,
  "summary_fg_n": 13639.0,
  "summary_fg_p05": 1163.4156982421875,
  "summary_fg_p95": 2990.0770019531246,
  "summary_fg_stdv": 549.310791015625,
  "tsnr": 80.53728730976582
}