{
  "aor": 0.0014406976744186046,
  "aqi": 0.0018986993217054266,
  "bids_meta": {
    "AcquisitionDateTime": "2016-05-18T18:22:4.000000",
    "ConversionSoftware": "dcm2niix",
    "ConversionSoftwareVersion": "v1.0.20170411 GCC4.8.4",
    "EchoTime": 0.04,
    "FlipAngle": 90,
    "ImageType": [
      "ORIGINAL",
      "PRIMARY",
      "EPI",
      "NONE"
    ],
    "MagneticFieldStrength": 3,
    "Manufacturer": "GE",
    "ManufacturersModelName": "DISCOVERY_MR750",
    "ProcedureStepDescription": "ActosHabla",
    "ProtocolName": "fMRI_ActosHabla_1",
    "RepetitionTime": 2,
    "ScanningSequence": "EP_GR",
    "SequenceVariant": "SS",
    "SeriesDescription": "fMRI_ActosHabla_1",
    "SliceTiming": [
      0,
      1.0285,
      0.0571001,
      1.0857,
      0.1142,
      1.1428,
      0.1714,
      1.2,
      0.2285,
      1.2571,
      0.2857,
      1.3143,
      0.3428,
      1.3714,
      0.4,
      1.4286,
      0.4571,
      1.4857,
      0.5142,
      1.5428,
      0.5714,
      1.6,
      0.6285,
      1.6571,
      0.6857,
      1.7143,
      0.7428,
      1.7714,
      0.8,
      1.8285,
      0.8571,
      1.8857,
      0.9143,
      1.9428,
      0.9714
    ],
    "TaskName": "sar",
    "dataset": "ds003481",
    "modality": "bold",
    "run_id": 1,
    "subject_id": "008",
    "task_id": "sar"
  },
  "dummy_trs": 3,
  "dvars_nstd": 14.469584542918295,
  "dvars_std": 1.1037916949416342,
  "dvars_vstd": 0.9893362513618679,
  "efc": 0.3444210622771513,
  "fber": 91403.9375,
  "fd_mean": 0.061378439645339136,
  "fd_num": 3,
  "fd_perc": 1.1627906976744187,
  "fwhm_avg": 2.6089158333333335,
  "fwhm_x": 2.59015,
  "fwhm_y": 2.806,
  "fwhm_z": 2.4305975,
  "gcor": 0.043611,
  "gsr_x": -0.007765343878418207,
  "gsr_y": 0.001943805138580501,
  "provenance": {
    "md5sum": "43075a5a05bfcc71c1b666f402de9dcd",
    "settings": {
      "fd_thres": 0.2,
      "testing": false
    },
    "software": "mriqc",
    "version": "23.0.1",
    "webapi_port": null,
    "webapi_url": "https://mriqc.nimh.nih.gov/api/v1"
  },
  "size_t": 258,
  "size_x": 64,
  "size_y": 64,
  "size_z": 35,
  "snr": 3.598089952766518,
  "spacing_tr": 2.0,
  "spacing_x": 4.0,
  "spacing_y": 4.0,
  "spacing_z": 4.0,
  "summary_bg_k": 127.76416281468835,
  "summary_bg_mad": 8.907106268597474,
  "summary_bg_mean": 29.574527740478516,
  "summary_bg_median": 6.375968933105469,
  "summary_bg_n": 102788.0,
  "summary_bg_p05": 0.10077519714832306,
  "summary_bg_p95": 119.91937713623028,
  "summary_bg_stdv": 81.64857482910156,
  "summary_fg_k": 0.22412115261954924,
  "summary_fg_mad": 464.20398528977364,
  "summary_fg_mean": 1799.9432373046875,
  "summary_fg_median": 1762.18994140625,
  "summary_fg_n": 13325.0,
  "summary_fg_p05": 1039.0380126953125,
  "summary_fg_p95": 2650.0271484375,
  "summary_fg_stdv": 489.7386779785156,
  "tsnr": 79.32140898774378
}