{
  "bids_meta": {
    "AcquisitionMatrixPE": 256,
    "AcquisitionNumber": 1,
    "AcquisitionTime": "19:16:26.000000",
    "CoilString": "32Ch_Head",
    "ConversionSoftware": "dcm2niix",
    "ConversionSoftwareVersion": "v1.0.20190902",
    "Dcm2bidsVersion": "2.1.4",
    "DeviceSerialNumber": "000000000000GEHC",
    "EchoTime": 0.00318,
    "FlipAngle": 12,
    "ImageOrientationPatientDICOM": [
      0,
      1,
      0,
      0,
      0,
      -1
    ],
    "ImageType": [
      "ORIGINAL",
      "PRIMARY",
      "OTHER"
    ],
    "ImagingFrequency": 127.772,
    "InPlanePhaseEncodingDirectionDICOM": "ROW",
    "InstitutionName": "INSTITUTO_DE_NEUROBIOLOGIA",
    "InversionTime": 0.45,
    "MRAcquisitionType": "3D",
    "MagneticFieldStrength": 3,
    "Manufacturer": "GE",
    "ManufacturersModelName": "DISCOVERY_MR750",
    "Modality": "MR",
    "PatientPosition": "HFS",
    "PercentPhaseFOV": 100,
    "PixelBandwidth": 244.141,
    "ProcedureStepDescription": "verbos",
    "ProtocolName": "Sag_T1_FSPGR_BRAVO",
    "ReconMatrixPE": 256,
    "RepetitionTime": 0.008156,
    "SAR": 0.231456,
    "ScanOptions": "FAST_GEMS_EDR_GEMS_FILTERED_GEMS_ACC_GEMS",
    "ScanningSequence": "GR",
    "SequenceVariant": "SS_SP_SK",
    "SeriesDescription": "Sag_T1_FSPGR_BRAVO",
    "SeriesNumber": 13,
    "SliceThickness": 1,
    "SoftwareVersions": "24_LX_MR_Software_release:DV24.0_R02_1607.b",
    "SpacingBetweenSlices": 1,
    "StationName": "GEHCGEHC",
    "dataset": "ds003481",
    "modality": "T1w",
    "subject_id": "141"
  },
  "cjv": 0.39988925193321617,
  "cnr": 3.4090631421276836,
  "efc": 0.5822385532026977,
  "fber": -1.0,
  "fwhm_avg": 4.223636666666668,
  "fwhm_x": 4.2712,
  "fwhm_y": 4.14402,
  "fwhm_z": 4.25569,
  "icvs_csf": 0.21623284601693293,
  "icvs_gm": 0.4302095890695599,
  "icvs_wm": 0.35355756491350715,
  "inu_med": 0.7779057025909424,
  "inu_range": 0.6900713503360749,
  "provenance": {
    "md5sum": "27d0ab1751aaff46a177d6fd76e8922e",
    "settings": {
      "testing": false
    },
    "software": "mriqc",
    "version": "23.0.1",
    "warnings": {
      "large_rot_frame": true,
      "small_air_mask": false
    },
    "webapi_port": null,
    "webapi_url": "https://mriqc.nimh.nih.gov/api/v1"
  },
  "qi_1": 0.0009378936977157115,
  "qi_2": 0.0008798542309058415,
  "rpve_csf": 24.086693234795842,
  "rpve_gm": 12.322773026187452,
  "rpve_wm": 16.751634340920734,
  "size_x": 176,
  "size_y": 256,
  "size_z": 256,
  "snr_csf": 2.9825219992802814,
  "snr_gm": 12.734787124097965,
  "snr_total": 11.79201964292921,
  "snr_wm": 19.658749805409386,
  "snrd_csf": 15.457055832016959,
  "snrd_gm": 38.01841232528787,
  "snrd_total": 35.082562554116954,
  "snrd_wm": 51.77221950504604,
  "spacing_x": 1.0,
  "spacing_y": 1.0,
  "spacing_z": 1.0,
  "summary_bg_k": 13.043764478896275,
  "summary_bg_mad": 0.0,
  "summary_bg_mean": 6.697326390684317,
  "summary_bg_median": 0.0,
  "summary_bg_n": 2145570.0,
  "summary_bg_p05": 0.0,
  "summary_bg_p95": 31.35048222541809,
  "summary_bg_stdv": 12.654933887635211,
  "summary_csf_k": 1.6955331469436414,
  "summary_csf_mad": 77.72254373121777,
  "summary_csf_mean": 311.4179766972804,
  "summary_csf_median": 298.576021194458,
  "summary_csf_n": 42618.0,
  "summary_csf_p05": 171.68121218681335,
  "summary_csf_p95": 501.62494114637394,
  "summary_csf_stdv": 100.10739847440415,
  "summary_gm_k": 0.0242659751703469,
  "summary_gm_mad": 58.05780375103014,
  "summary_gm_mean": 733.4755177955587,
  "summary_gm_median": 734.3821752071381,
  "summary_gm_n": 31633.0,
  "summary_gm_p05": 638.6081745624542,
  "summary_gm_p95": 827.285252571106,
  "summary_gm_stdv": 57.666497296742946,
  "summary_wm_k": 0.7875334191550505,
  "summary_wm_mad": 48.182869388684836,
  "summary_wm_mean": 1002.5949609203135,
  "summary_wm_median": 1000.0574156045914,
  "summary_wm_n": 191207.0,
  "summary_wm_p05": 924.2650409936905,
  "summary_wm_p95": 1089.5153850317001,
  "summary_wm_stdv": 50.87072221697576,
  "tpm_overlap_csf": 0.15063306340544316,
  "tpm_overlap_gm": 0.4615683257604707,
  "tpm_overlap_wm": 0.4914365938271089,
  "wm2max": 0.3889893914014517
}