{
  "bids_meta": {
    "AcquisitionDateTime": "2017-08-17T20:24:17.000000",
    "ConversionSoftware": "dcm2niix",
    "ConversionSoftwareVersion": "v1.0.20170411 GCC4.8.4",
    "EchoTime": 0.00318,
    "FlipAngle": 12,
    "ImageType": [
      "DERIVED",
      "PRIMARY",
      "OTHER"
    ],
    "InversionTime": 0.45,
    "MagneticFieldStrength": 3,
    "Manufacturer": "GE",
    "ManufacturersModelName": "DISCOVERY_MR750",
    "ProtocolName": "PU:Sag_T1_FSPGR_BRAVO",
    "RepetitionTime": 0.008156,
    "ScanningSequence": "GR",
    "SequenceVariant": "SS_SP_SK",
    "SeriesDescription": "PU:Sag_T1_FSPGR_BRAVO",
    "dataset": "ds003481",
    "modality": "T1w",
    "subject_id": "075"
  },
  "cjv": 0.4324144213522608,
  "cnr": 3.0810615074433993,
  "efc": 0.6680232184923539,
  "fber": 4455.412837579683,
  "fwhm_avg": 4.186929999999999,
  "fwhm_x": 4.27644,
  "fwhm_y": 4.38725,
  "fwhm_z": 3.8971,
  "icvs_csf": 0.18779453741029337,
  "icvs_gm": 0.4301159960140249,
  "icvs_wm": 0.38208946657568177,
  "inu_med": 0.7554990649223328,
  "inu_range": 0.5006121158599851,
  "provenance": {
    "md5sum": "ed8c63706e37328aaa9e0f8285adbd58",
    "settings": {
      "testing": false
    },
    "software": "mriqc",
    "version": "23.0.1",
    "warnings": {
      "large_rot_frame": true,
      "small_air_mask": false
    },
    "webapi_port": null,
    "webapi_url": "https://mriqc.nimh.nih.gov/api/v1"
  },
  "qi_1": 0.0,
  "qi_2": 0.0023209678856740477,
  "rpve_csf": 25.45585813074182,
  "rpve_gm": 11.878035033269162,
  "rpve_wm": 15.328945693578923,
  "size_x": 176,
  "size_y": 256,
  "size_z": 256,
  "snr_csf": 2.6604444152949274,
  "snr_gm": 12.328174671524408,
  "snr_total": 10.51131669531034,
  "snr_wm": 16.545330999111684,
  "snrd_csf": 12.228293136335292,
  "snrd_gm": 28.603780565916562,
  "snrd_total": 26.6542039128416,
  "snrd_wm": 39.13053803627294,
  "spacing_x": 1.0,
  "spacing_y": 1.0,
  "spacing_z": 1.0,
  "summary_bg_k": 4.099012131498675,
  "summary_bg_mad": 16.74314955194096,
  "summary_bg_mean": 19.123935217285965,
  "summary_bg_median": 11.293082758784294,
  "summary_bg_n": 1387110.0,
  "summary_bg_p05": 0.0,
  "summary_bg_p95": 60.03422349691391,
  "summary_bg_stdv": 21.330244670994635,
  "summary_csf_k": 0.9210964514229292,
  "summary_csf_mad": 97.88581588699681,
  "summary_csf_mean": 310.2627472437324,
  "summary_csf_median": 312.51528803259134,
  "summary_csf_n": 30058.0,
  "summary_csf_p05": 92.48594789206987,
  "summary_csf_p95": 504.52213883399963,
  "summary_csf_stdv": 117.46537069337022,
  "summary_gm_k": -0.003271912660494092,
  "summary_gm_mad": 58.99966984969671,
  "summary_gm_mean": 730.3910709627954,
  "summary_gm_median": 731.0193354636431,
  "summary_gm_n": 29654.0,
  "summary_gm_p05": 631.4348784089088,
  "summary_gm_p95": 826.8883194029331,
  "summary_gm_stdv": 59.29564019196627,
  "summary_wm_k": 0.750662160582996,
  "summary_wm_mad": 57.332603011191765,
  "summary_wm_mean": 1005.4241073449388,
  "summary_wm_median": 1000.0489217042923,
  "summary_wm_n": 232437.0,
  "summary_wm_p05": 916.6463278234005,
  "summary_wm_p95": 1113.6152907460928,
  "summary_wm_stdv": 60.44283855849821,
  "tpm_overlap_csf": 0.15822623602029612,
  "tpm_overlap_gm": 0.4555583525932711,
  "tpm_overlap_wm": 0.504120933576521,
  "wm2max": 0.430890006615737
}