{
  "aor": 0.0018856666666666666,
  "aqi": 0.005613717833333333,
  "bids_meta": {
    "AcquisitionMatrixPE": 64,
    "AcquisitionNumber": 1,
    "AcquisitionTime": "19:26:29.000000",
    "CoilString": "32Ch_Head",
    "ConversionSoftware": "dcm2niix",
    "ConversionSoftwareVersion": "v1.0.20190902",
    "Dcm2bidsVersion": "2.1.4",
    "DeviceSerialNumber": "000000000000GEHC",
    "EchoTime": 0.04,
    "EffectiveEchoSpacing": 0.000372,
    "FlipAngle": 90,
    "ImageOrientationPatientDICOM": [
      1,
      0,
      0,
      0,
      1,
      0
    ],
    "ImageType": [
      "ORIGINAL",
      "PRIMARY",
      "EPI",
      "NONE"
    ],
    "ImagingFrequency": 127.772,
    "InPlanePhaseEncodingDirectionDICOM": "COL",
    "InstitutionName": "INSTITUTO_DE_NEUROBIOLOGIA",
    "MRAcquisitionType": "2D",
    "MagneticFieldStrength": 3,
    "Manufacturer": "GE",
    "ManufacturersModelName": "DISCOVERY_MR750",
    "Modality": "MR",
    "PatientPosition": "HFS",
    "PercentPhaseFOV": 100,
    "PhaseEncodingDirection": "j",
    "PhaseEncodingPolarityGE": "Flipped",
    "PixelBandwidth": 7812.5,
    "ProcedureStepDescription": "verbos",
    "ProtocolName": "fMRI_RestState",
    "ReconMatrixPE": 64,
    "RepetitionTime": 2,
    "SAR": 0.349793,
    "ScanOptions": "EPI_GEMS_ACC_GEMS",
    "ScanningSequence": "EP_GR",
    "SequenceVariant": "SS",
    "SeriesDescription": "fMRI_RestState",
    "SeriesNumber": 12,
    "SliceThickness": 4,
    "SliceTiming": [
      0,
      1.0285,
      0.0571001,
      1.0857,
      0.1142,
      1.1428,
      0.1714,
      1.2,
      0.2285,
      1.2571,
      0.2857,
      1.3143,
      0.3428,
      1.3714,
      0.4,
      1.4286,
      0.4571,
      1.4857,
      0.5142,
      1.5428,
      0.5714,
      1.6,
      0.6285,
      1.6571,
      0.6857,
      1.7143,
      0.7428,
      1.7714,
      0.8,
      1.8285,
      0.8571,
      1.8857,
      0.9143,
      1.9428,
      0.9714
    ],
    "SoftwareVersions": "24_LX_MR_Software_release:DV24.0_R02_1607.b",
    "SpacingBetweenSlices": 4,
    "StationName": "GEHCGEHC",
    "TaskName": "rest",
    "TotalReadoutTime": 0.023436,
    "dataset": "ds003481",
    "modality": "bold",
    "subject_id": "126",
    "task_id": "rest"
  },
  "dummy_trs": 0,
  "dvars_nstd": 14.510602664080269,
  "dvars_std": 0.9571016381605358,
  "dvars_vstd": 0.9109728216722411,
  "efc": 0.3213239160293307,
  "fber": 100577.546875,
  "fd_mean": 0.09809145806046962,
  "fd_num": 14,
  "fd_perc": 4.666666666666667,
  "fwhm_avg": 2.8750666666666667,
  "fwhm_x": 2.82555,
  "fwhm_y": 2.9907,
  "fwhm_z": 2.80895,
  "gcor": 0.09665,
  "gsr_x": -0.018248887732625008,
  "gsr_y": 0.009129924699664116,
  "provenance": {
    "md5sum": "ab020580878bcd57d593dba7a51c6840",
    "settings": {
      "fd_thres": 0.2,
      "testing": false
    },
    "software": "mriqc",
    "version": "23.0.1",
    "webapi_port": null,
    "webapi_url": "https://mriqc.nimh.nih.gov/api/v1"
  },
  "size_t": 300,
  "size_x": 64,
  "size_y": 64,
  "size_z": 35,
  "snr": 3.1252037657313143,
  "spacing_tr": 2.0,
  "spacing_x": 4.0,
  "spacing_y": 4.0,
  "spacing_z": 4.0,
  "summary_bg_k": 112.35186480187649,
  "summary_bg_mad": 8.413767872803222,
  "summary_bg_mean": 34.49879837036133,
  "summary_bg_median": 6.385000228881836,
  "summary_bg_n": 106170.0,
  "summary_bg_p05": 0.18666666746139526,
  "summary_bg_p95": 154.3358398437498,
  "summary_bg_stdv": 104.3608169555664,
  "summary_fg_k": 0.925715023754015,
  "summary_fg_mad": 470.9363241479511,
  "summary_fg_mean": 1996.506591796875,
  "summary_fg_median": 1860.868408203125,
  "summary_fg_n": 11146.0,
  "summary_fg_p05": 1248.7816772460938,
  "summary_fg_p95": 3210.9708251953125,
  "summary_fg_stdv": 595.412353515625,
  "tsnr": 56.82864003791474
}