{
  "aor": 0.004487183908045977,
  "aqi": 0.00198050558045977,
  "bids_meta": {
    "AcquisitionMatrixPE": 64,
    "AcquisitionNumber": 1,
    "AcquisitionTime": "18:57:38.000000",
    "CoilString": "32Ch_Head",
    "ConversionSoftware": "dcm2niix",
    "ConversionSoftwareVersion": "v1.0.20190902",
    "Dcm2bidsVersion": "2.1.4",
    "DeviceSerialNumber": "000000000000GEHC",
    "EchoTime": 0.04,
    "EffectiveEchoSpacing": 0.000372,
    "FlipAngle": 90,
    "ImageOrientationPatientDICOM": [
      1,
      0,
      0,
      0,
      1,
      0
    ],
    "ImageType": [
      "ORIGINAL",
      "PRIMARY",
      "EPI",
      "NONE"
    ],
    "ImagingFrequency": 127.772,
    "InPlanePhaseEncodingDirectionDICOM": "ROW",
    "InstitutionName": "INSTITUTO_DE_NEUROBIOLOGIA",
    "MRAcquisitionType": "2D",
    "MagneticFieldStrength": 3,
    "Manufacturer": "GE",
    "ManufacturersModelName": "DISCOVERY_MR750",
    "Modality": "MR",
    "PatientPosition": "HFS",
    "PercentPhaseFOV": 100,
    "PhaseEncodingDirection": "i-",
    "PhaseEncodingPolarityGE": "Flipped",
    "PixelBandwidth": 7812.5,
    "ProcedureStepDescription": "verbos",
    "ProtocolName": "fMRI_5",
    "ReconMatrixPE": 64,
    "RepetitionTime": 2,
    "SAR": 0.349793,
    "ScanOptions": "EPI_GEMS_ACC_GEMS",
    "ScanningSequence": "EP_GR",
    "SequenceVariant": "SS",
    "SeriesDescription": "fMRI_5",
    "SeriesNumber": 8,
    "SliceThickness": 4,
    "SliceTiming": [
      0,
      1.0285,
      0.0571001,
      1.0857,
      0.1142,
      1.1428,
      0.1714,
      1.2,
      0.2285,
      1.2571,
      0.2857,
      1.3143,
      0.3428,
      1.3714,
      0.4,
      1.4286,
      0.4571,
      1.4857,
      0.5142,
      1.5428,
      0.5714,
      1.6,
      0.6285,
      1.6571,
      0.6857,
      1.7143,
      0.7428,
      1.7714,
      0.8,
      1.8285,
      0.8571,
      1.8857,
      0.9143,
      1.9428,
      0.9714
    ],
    "SoftwareVersions": "24_LX_MR_Software_release:DV24.0_R02_1607.b",
    "SpacingBetweenSlices": 4,
    "StationName": "GEHCGEHC",
    "TaskName": "verbs",
    "TotalReadoutTime": 0.023436,
    "dataset": "ds003481",
    "modality": "bold",
    "run_id": 5,
    "subject_id": "126",
    "task_id": "verbs"
  },
  "dummy_trs": 0,
  "dvars_nstd": 13.121048712427745,
  "dvars_std": 1.0517883198843927,
  "dvars_vstd": 1.015143784566474,
  "efc": 0.32846326057169595,
  "fber": 65904.203125,
  "fd_mean": 0.08351399274321226,
  "fd_num": 11,
  "fd_perc": 6.32183908045977,
  "fwhm_avg": 2.7798166666666666,
  "fwhm_x": 2.778275,
  "fwhm_y": 2.89725,
  "fwhm_z": 2.663925,
  "gcor": 0.0414535,
  "gsr_x": -0.01175064779818058,
  "gsr_y": 0.0019429416861385107,
  "provenance": {
    "md5sum": "db267854812efaae247746630dc22f7a",
    "settings": {
      "fd_thres": 0.2,
      "testing": false
    },
    "software": "mriqc",
    "version": "23.0.1",
    "webapi_port": null,
    "webapi_url": "https://mriqc.nimh.nih.gov/api/v1"
  },
  "size_t": 174,
  "size_x": 64,
  "size_y": 64,
  "size_z": 35,
  "snr": 3.1374301548028116,
  "spacing_tr": 2.0,
  "spacing_x": 4.0,
  "spacing_y": 4.0,
  "spacing_z": 4.0,
  "summary_bg_k": 52.92211507410753,
  "summary_bg_mad": 10.05442872336204,
  "summary_bg_mean": 33.70350646972656,
  "summary_bg_median": 7.540229797363281,
  "summary_bg_n": 105093.0,
  "summary_bg_p05": 0.20114941895008087,
  "summary_bg_p95": 148.54367980957002,
  "summary_bg_stdv": 88.72750091552734,
  "summary_fg_k": 0.9550265170561136,
  "summary_fg_mad": 448.7386451925019,
  "summary_fg_mean": 1916.750732421875,
  "summary_fg_median": 1784.942626953125,
  "summary_fg_n": 11632.0,
  "summary_fg_p05": 1197.0720947265625,
  "summary_fg_p95": 3069.9420043945306,
  "summary_fg_stdv": 568.8942260742188,
  "tsnr": 83.07111646886915
}