{
  "aor": 0.0014898850574712641,
  "aqi": 0.004132614712643678,
  "bids_meta": {
    "AcquisitionMatrixPE": 64,
    "AcquisitionNumber": 1,
    "AcquisitionTime": "19:11:46.000000",
    "CoilString": "32Ch_Head",
    "ConversionSoftware": "dcm2niix",
    "ConversionSoftwareVersion": "v1.0.20190902",
    "Dcm2bidsVersion": "2.1.4",
    "DeviceSerialNumber": "000000000000GEHC",
    "EchoTime": 0.04,
    "EffectiveEchoSpacing": 0.000372,
    "FlipAngle": 90,
    "ImageOrientationPatientDICOM": [
      1,
      0,
      0,
      0,
      1,
      0
    ],
    "ImageType": [
      "ORIGINAL",
      "PRIMARY",
      "EPI",
      "NONE"
    ],
    "ImagingFrequency": 127.772,
    "InPlanePhaseEncodingDirectionDICOM": "ROW",
    "InstitutionName": "INSTITUTO_DE_NEUROBIOLOGIA",
    "MRAcquisitionType": "2D",
    "MagneticFieldStrength": 3,
    "Manufacturer": "GE",
    "ManufacturersModelName": "DISCOVERY_MR750",
    "Modality": "MR",
    "PatientPosition": "HFS",
    "PercentPhaseFOV": 100,
    "PhaseEncodingDirection": "i-",
    "PhaseEncodingPolarityGE": "Flipped",
    "PixelBandwidth": 7812.5,
    "ProcedureStepDescription": "verbos",
    "ProtocolName": "fMRI_7",
    "ReconMatrixPE": 64,
    "RepetitionTime": 2,
    "SAR": 0.349793,
    "ScanOptions": "EPI_GEMS_ACC_GEMS",
    "ScanningSequence": "EP_GR",
    "SequenceVariant": "SS",
    "SeriesDescription": "fMRI_7",
    "SeriesNumber": 10,
    "SliceThickness": 4,
    "SliceTiming": [
      0,
      1.0285,
      0.0571001,
      1.0857,
      0.1142,
      1.1428,
      0.1714,
      1.2,
      0.2285,
      1.2571,
      0.2857,
      1.3143,
      0.3428,
      1.3714,
      0.4,
      1.4286,
      0.4571,
      1.4857,
      0.5142,
      1.5428,
      0.5714,
      1.6,
      0.6285,
      1.6571,
      0.6857,
      1.7143,
      0.7428,
      1.7714,
      0.8,
      1.8285,
      0.8571,
      1.8857,
      0.9143,
      1.9428,
      0.9714
    ],
    "SoftwareVersions": "24_LX_MR_Software_release:DV24.0_R02_1607.b",
    "SpacingBetweenSlices": 4,
    "StationName": "GEHCGEHC",
    "TaskName": "verbs",
    "TotalReadoutTime": 0.023436,
    "dataset": "ds003481",
    "modality": "bold",
    "run_id": 7,
    "subject_id": "126",
    "task_id": "verbs"
  },
  "dummy_trs": 0,
  "dvars_nstd": 15.174043319190753,
  "dvars_std": 0.9595623560693637,
  "dvars_vstd": 0.9258314809826587,
  "efc": 0.32796254357821036,
  "fber": 56801.2734375,
  "fd_mean": 0.11333499599371515,
  "fd_num": 21,
  "fd_perc": 12.068965517241379,
  "fwhm_avg": 2.8115916666666667,
  "fwhm_x": 2.819175,
  "fwhm_y": 2.9797,
  "fwhm_z": 2.6359,
  "gcor": 0.0516146,
  "gsr_x": -0.01317240484058857,
  "gsr_y": 0.0020611314103007317,
  "provenance": {
    "md5sum": "dd21c7d8ad4377509f691d72f8049123",
    "settings": {
      "fd_thres": 0.2,
      "testing": false
    },
    "software": "mriqc",
    "version": "23.0.1",
    "webapi_port": null,
    "webapi_url": "https://mriqc.nimh.nih.gov/api/v1"
  },
  "size_t": 174,
  "size_x": 64,
  "size_y": 64,
  "size_z": 35,
  "snr": 3.006773457020747,
  "spacing_tr": 2.0,
  "spacing_x": 4.0,
  "spacing_y": 4.0,
  "spacing_z": 4.0,
  "summary_bg_k": 71.37326998534155,
  "summary_bg_mad": 10.50602591325525,
  "summary_bg_mean": 35.491539001464844,
  "summary_bg_median": 7.810344696044922,
  "summary_bg_n": 105650.0,
  "summary_bg_p05": 0.18390804529190063,
  "summary_bg_p95": 152.3020072937011,
  "summary_bg_stdv": 95.41817474365234,
  "summary_fg_k": 0.9903049316037342,
  "summary_fg_mad": 456.0364614227156,
  "summary_fg_mean": 1848.39453125,
  "summary_fg_median": 1717.9453125,
  "summary_fg_n": 11354.0,
  "summary_fg_p05": 1122.1330200195312,
  "summary_fg_p95": 3008.917761230469,
  "summary_fg_stdv": 571.333251953125,
  "tsnr": 58.14219512825366
}