{
  "aor": 0.0029416091954022994,
  "aqi": 0.004522669942528736,
  "bids_meta": {
    "AcquisitionMatrixPE": 64,
    "AcquisitionNumber": 1,
    "AcquisitionTime": "18:37:30.000000",
    "CoilString": "32Ch_Head",
    "ConversionSoftware": "dcm2niix",
    "ConversionSoftwareVersion": "v1.0.20190902",
    "Dcm2bidsVersion": "2.1.4",
    "DeviceSerialNumber": "000000000000GEHC",
    "EchoTime": 0.04,
    "EffectiveEchoSpacing": 0.000372,
    "FlipAngle": 90,
    "ImageOrientationPatientDICOM": [
      1,
      0,
      0,
      0,
      1,
      0
    ],
    "ImageType": [
      "ORIGINAL",
      "PRIMARY",
      "EPI",
      "NONE"
    ],
    "ImagingFrequency": 127.772,
    "InPlanePhaseEncodingDirectionDICOM": "ROW",
    "InstitutionName": "INSTITUTO_DE_NEUROBIOLOGIA",
    "MRAcquisitionType": "2D",
    "MagneticFieldStrength": 3,
    "Manufacturer": "GE",
    "ManufacturersModelName": "DISCOVERY_MR750",
    "Modality": "MR",
    "PatientPosition": "HFS",
    "PercentPhaseFOV": 100,
    "PhaseEncodingDirection": "i-",
    "PhaseEncodingPolarityGE": "Flipped",
    "PixelBandwidth": 7812.5,
    "ProcedureStepDescription": "verbos",
    "ProtocolName": "fMRI_3",
    "ReconMatrixPE": 64,
    "RepetitionTime": 2,
    "SAR": 0.349793,
    "ScanOptions": "EPI_GEMS_ACC_GEMS",
    "ScanningSequence": "EP_GR",
    "SequenceVariant": "SS",
    "SeriesDescription": "fMRI_3",
    "SeriesNumber": 6,
    "SliceThickness": 4,
    "SliceTiming": [
      0,
      1.0285,
      0.0571001,
      1.0857,
      0.1142,
      1.1428,
      0.1714,
      1.2,
      0.2285,
      1.2571,
      0.2857,
      1.3143,
      0.3428,
      1.3714,
      0.4,
      1.4286,
      0.4571,
      1.4857,
      0.5142,
      1.5428,
      0.5714,
      1.6,
      0.6285,
      1.6571,
      0.6857,
      1.7143,
      0.7428,
      1.7714,
      0.8,
      1.8285,
      0.8571,
      1.8857,
      0.9143,
      1.9428,
      0.9714
    ],
    "SoftwareVersions": "24_LX_MR_Software_release:DV24.0_R02_1607.b",
    "SpacingBetweenSlices": 4,
    "StationName": "GEHCGEHC",
    "TaskName": "verbs",
    "TotalReadoutTime": 0.023436,
    "dataset": "ds003481",
    "modality": "bold",
    "run_id": 3,
    "subject_id": "126",
    "task_id": "verbs"
  },
  "dummy_trs": 0,
  "dvars_nstd": 14.328858767225439,
  "dvars_std": 0.9982660542196532,
  "dvars_vstd": 0.9450551139884392,
  "efc": 0.3272494834779429,
  "fber": 67204.59375,
  "fd_mean": 0.10157929314286604,
  "fd_num": 14,
  "fd_perc": 8.045977011494253,
  "fwhm_avg": 2.820791666666667,
  "fwhm_x": 2.7711,
  "fwhm_y": 2.9276,
  "fwhm_z": 2.763675,
  "gcor": 0.0341838,
  "gsr_x": -0.010881595313549042,
  "gsr_y": 0.0020087219309061766,
  "provenance": {
    "md5sum": "3be7f2a8ada1d091126a7183cbe0a930",
    "settings": {
      "fd_thres": 0.2,
      "testing": false
    },
    "software": "mriqc",
    "version": "23.0.1",
    "webapi_port": null,
    "webapi_url": "https://mriqc.nimh.nih.gov/api/v1"
  },
  "size_t": 174,
  "size_x": 64,
  "size_y": 64,
  "size_z": 35,
  "snr": 3.189046730249229,
  "spacing_tr": 2.0,
  "spacing_x": 4.0,
  "spacing_y": 4.0,
  "spacing_z": 4.0,
  "summary_bg_k": 52.99489156294065,
  "summary_bg_mad": 10.28874817256801,
  "summary_bg_mean": 34.445899963378906,
  "summary_bg_median": 7.69252872467041,
  "summary_bg_n": 105216.0,
  "summary_bg_p05": 0.270114928483963,
  "summary_bg_p95": 146.29310989379883,
  "summary_bg_stdv": 91.23516082763672,
  "summary_fg_k": 0.9420710253553501,
  "summary_fg_mad": 454.77556180646457,
  "summary_fg_mean": 1995.2869873046875,
  "summary_fg_median": 1863.90234375,
  "summary_fg_n": 11579.0,
  "summary_fg_p05": 1237.6551147460937,
  "summary_fg_p95": 3189.5523681640625,
  "summary_fg_stdv": 584.44482421875,
  "tsnr": 63.29422615817748
}