{
  "aor": 0.001604712643678161,
  "aqi": 0.002123186103448276,
  "bids_meta": {
    "AcquisitionMatrixPE": 64,
    "AcquisitionNumber": 1,
    "AcquisitionTime": "18:23:2.000000",
    "CoilString": "32Ch_Head",
    "ConversionSoftware": "dcm2niix",
    "ConversionSoftwareVersion": "v1.0.20190902",
    "Dcm2bidsVersion": "2.1.4",
    "DeviceSerialNumber": "000000000000GEHC",
    "EchoTime": 0.04,
    "EffectiveEchoSpacing": 0.000372,
    "FlipAngle": 90,
    "ImageOrientationPatientDICOM": [
      1,
      0,
      0,
      0,
      1,
      0
    ],
    "ImageType": [
      "ORIGINAL",
      "PRIMARY",
      "EPI",
      "NONE"
    ],
    "ImagingFrequency": 127.772,
    "InPlanePhaseEncodingDirectionDICOM": "ROW",
    "InstitutionName": "INSTITUTO_DE_NEUROBIOLOGIA",
    "MRAcquisitionType": "2D",
    "MagneticFieldStrength": 3,
    "Manufacturer": "GE",
    "ManufacturersModelName": "DISCOVERY_MR750",
    "Modality": "MR",
    "PatientPosition": "HFS",
    "PercentPhaseFOV": 100,
    "PhaseEncodingDirection": "i-",
    "PhaseEncodingPolarityGE": "Flipped",
    "PixelBandwidth": 7812.5,
    "ProcedureStepDescription": "verbos",
    "ProtocolName": "fMRI_1",
    "ReconMatrixPE": 64,
    "RepetitionTime": 2,
    "SAR": 0.349793,
    "ScanOptions": "EPI_GEMS_ACC_GEMS",
    "ScanningSequence": "EP_GR",
    "SequenceVariant": "SS",
    "SeriesDescription": "fMRI_1",
    "SeriesNumber": 4,
    "SliceThickness": 4,
    "SliceTiming": [
      0,
      1.0285,
      0.0571001,
      1.0857,
      0.1142,
      1.1428,
      0.1714,
      1.2,
      0.2285,
      1.2571,
      0.2857,
      1.3143,
      0.3428,
      1.3714,
      0.4,
      1.4286,
      0.4571,
      1.4857,
      0.5142,
      1.5428,
      0.5714,
      1.6,
      0.6285,
      1.6571,
      0.6857,
      1.7143,
      0.7428,
      1.7714,
      0.8,
      1.8285,
      0.8571,
      1.8857,
      0.9143,
      1.9428,
      0.9714
    ],
    "SoftwareVersions": "24_LX_MR_Software_release:DV24.0_R02_1607.b",
    "SpacingBetweenSlices": 4,
    "StationName": "GEHCGEHC",
    "TaskName": "verbs",
    "TotalReadoutTime": 0.023436,
    "dataset": "ds003481",
    "modality": "bold",
    "run_id": 1,
    "subject_id": "126",
    "task_id": "verbs"
  },
  "dummy_trs": 0,
  "dvars_nstd": 13.486716435895955,
  "dvars_std": 1.003565678439306,
  "dvars_vstd": 0.9627407384971101,
  "efc": 0.32770382169567613,
  "fber": 67742.1640625,
  "fd_mean": 0.06713781337706677,
  "fd_num": 4,
  "fd_perc": 2.2988505747126435,
  "fwhm_avg": 2.7147416666666664,
  "fwhm_x": 2.70165,
  "fwhm_y": 2.8382,
  "fwhm_z": 2.604375,
  "gcor": 0.052301,
  "gsr_x": -0.010730095207691193,
  "gsr_y": -0.0007263415027409792,
  "provenance": {
    "md5sum": "e0b86cd498755da1323ec8287015a5e8",
    "settings": {
      "fd_thres": 0.2,
      "testing": false
    },
    "software": "mriqc",
    "version": "23.0.1",
    "webapi_port": null,
    "webapi_url": "https://mriqc.nimh.nih.gov/api/v1"
  },
  "size_t": 174,
  "size_x": 64,
  "size_y": 64,
  "size_z": 35,
  "snr": 3.330146031695055,
  "spacing_tr": 2.0,
  "spacing_x": 4.0,
  "spacing_y": 4.0,
  "spacing_z": 4.0,
  "summary_bg_k": 63.626476065315316,
  "summary_bg_mad": 9.960701226463586,
  "summary_bg_mean": 33.907230377197266,
  "summary_bg_median": 7.488505840301514,
  "summary_bg_n": 105354.0,
  "summary_bg_p05": 0.24712643027305603,
  "summary_bg_p95": 146.0560310363767,
  "summary_bg_stdv": 92.10059356689453,
  "summary_fg_k": 0.8817864756366793,
  "summary_fg_mad": 447.703158303686,
  "summary_fg_mean": 1925.3106689453125,
  "summary_fg_median": 1814.6033935546875,
  "summary_fg_n": 11383.0,
  "summary_fg_p05": 1209.2057861328126,
  "summary_fg_p95": 3006.9597167968745,
  "summary_fg_stdv": 544.8781127929688,
  "tsnr": 85.1990441288799
}