{
  "aor": 0.009288563218390803,
  "aqi": 0.005743990057471265,
  "bids_meta": {
    "AcquisitionMatrixPE": 64,
    "AcquisitionNumber": 1,
    "AcquisitionTime": "18:30:14.000000",
    "CoilString": "32Ch_Head",
    "ConversionSoftware": "dcm2niix",
    "ConversionSoftwareVersion": "v1.0.20190902",
    "Dcm2bidsVersion": "2.1.4",
    "DeviceSerialNumber": "000000000000GEHC",
    "EchoTime": 0.04,
    "EffectiveEchoSpacing": 0.000372,
    "FlipAngle": 90,
    "ImageOrientationPatientDICOM": [
      1,
      0,
      0,
      0,
      1,
      0
    ],
    "ImageType": [
      "ORIGINAL",
      "PRIMARY",
      "EPI",
      "NONE"
    ],
    "ImagingFrequency": 127.772,
    "InPlanePhaseEncodingDirectionDICOM": "ROW",
    "InstitutionName": "INSTITUTO_DE_NEUROBIOLOGIA",
    "MRAcquisitionType": "2D",
    "MagneticFieldStrength": 3,
    "Manufacturer": "GE",
    "ManufacturersModelName": "DISCOVERY_MR750",
    "Modality": "MR",
    "PatientPosition": "HFS",
    "PercentPhaseFOV": 100,
    "PhaseEncodingDirection": "i-",
    "PhaseEncodingPolarityGE": "Flipped",
    "PixelBandwidth": 7812.5,
    "ProcedureStepDescription": "verbos",
    "ProtocolName": "fMRI_2",
    "ReconMatrixPE": 64,
    "RepetitionTime": 2,
    "SAR": 0.349793,
    "ScanOptions": "EPI_GEMS_ACC_GEMS",
    "ScanningSequence": "EP_GR",
    "SequenceVariant": "SS",
    "SeriesDescription": "fMRI_2",
    "SeriesNumber": 5,
    "SliceThickness": 4,
    "SliceTiming": [
      0,
      1.0285,
      0.0571001,
      1.0857,
      0.1142,
      1.1428,
      0.1714,
      1.2,
      0.2285,
      1.2571,
      0.2857,
      1.3143,
      0.3428,
      1.3714,
      0.4,
      1.4286,
      0.4571,
      1.4857,
      0.5142,
      1.5428,
      0.5714,
      1.6,
      0.6285,
      1.6571,
      0.6857,
      1.7143,
      0.7428,
      1.7714,
      0.8,
      1.8285,
      0.8571,
      1.8857,
      0.9143,
      1.9428,
      0.9714
    ],
    "SoftwareVersions": "24_LX_MR_Software_release:DV24.0_R02_1607.b",
    "SpacingBetweenSlices": 4,
    "StationName": "GEHCGEHC",
    "TaskName": "verbs",
    "TotalReadoutTime": 0.023436,
    "dataset": "ds003481",
    "modality": "bold",
    "run_id": 2,
    "subject_id": "126",
    "task_id": "verbs"
  },
  "dummy_trs": 0,
  "dvars_nstd": 16.423792161387283,
  "dvars_std": 0.9470194567052019,
  "dvars_vstd": 0.9739983708092483,
  "efc": 0.3274994889746361,
  "fber": 64169.1484375,
  "fd_mean": 0.13147594877191354,
  "fd_num": 21,
  "fd_perc": 12.068965517241379,
  "fwhm_avg": 2.746,
  "fwhm_x": 2.703775,
  "fwhm_y": 2.878975,
  "fwhm_z": 2.65525,
  "gcor": 0.0579534,
  "gsr_x": -0.010964348912239075,
  "gsr_y": 0.000945835723541677,
  "provenance": {
    "md5sum": "5e800ca4ee49050f53db2e6a072e70fb",
    "settings": {
      "fd_thres": 0.2,
      "testing": false
    },
    "software": "mriqc",
    "version": "23.0.1",
    "webapi_port": null,
    "webapi_url": "https://mriqc.nimh.nih.gov/api/v1"
  },
  "size_t": 174,
  "size_x": 64,
  "size_y": 64,
  "size_z": 35,
  "snr": 3.2992613361927754,
  "spacing_tr": 2.0,
  "spacing_x": 4.0,
  "spacing_y": 4.0,
  "spacing_z": 4.0,
  "summary_bg_k": 59.35869640838683,
  "summary_bg_mad": 10.327091552792757,
  "summary_bg_mean": 33.67631149291992,
  "summary_bg_median": 7.747126579284668,
  "summary_bg_n": 105347.0,
  "summary_bg_p05": 0.27586206793785095,
  "summary_bg_p95": 143.07528686523432,
  "summary_bg_stdv": 89.11415100097656,
  "summary_fg_k": 0.8789464228531876,
  "summary_fg_mad": 448.75131391263074,
  "summary_fg_mean": 1947.8966064453125,
  "summary_fg_median": 1829.92529296875,
  "summary_fg_n": 11448.0,
  "summary_fg_p05": 1230.538507080078,
  "summary_fg_p95": 3052.805981445312,
  "summary_fg_stdv": 554.6227416992188,
  "tsnr": 57.31374444894027
}