{
  "bids_meta": {
    "AcquisitionMatrixPE": 256,
    "AcquisitionNumber": 1,
    "AcquisitionTime": "19:06:2.000000",
    "BodyPartExamined": "HEAD",
    "CoilString": "32Ch_Head",
    "ConversionSoftware": "dcm2niix",
    "ConversionSoftwareVersion": "v1.0.20181125  (JP2:OpenJPEG) GCC7.3.0",
    "DeviceSerialNumber": "0002806034DVR750",
    "EchoTime": 0.003192,
    "FlipAngle": 12,
    "ImageOrientationPatientDICOM": [
      0,
      1,
      0,
      0,
      0,
      -1
    ],
    "ImageType": [
      "ORIGINAL",
      "PRIMARY",
      "OTHER"
    ],
    "ImagingFrequency": 127.772,
    "InPlanePhaseEncodingDirectionDICOM": "ROW",
    "InstitutionName": "INSTITUTO_DE_NEUROBIOLOGIA",
    "InversionTime": 0.45,
    "MRAcquisitionType": "3D",
    "MagneticFieldStrength": 3,
    "Manufacturer": "GE",
    "ManufacturersModelName": "DISCOVERY_MR750",
    "Modality": "MR",
    "PatientPosition": "HFS",
    "PercentPhaseFOV": 100,
    "PixelBandwidth": 244.141,
    "ProcedureStepDescription": "Emociones_AH",
    "ProtocolName": "Sag_T1_FSPGR_BRAVO",
    "ReconMatrixPE": 256,
    "RepetitionTime": 0.008184,
    "SAR": 0.120497,
    "ScanOptions": "FAST_GEMS_EDR_GEMS_FILTERED_GEMS_ACC_GEMS_IR_GEMS",
    "ScanningSequence": "GR",
    "SequenceVariant": "SS_SP_SK",
    "SeriesDescription": "Sag_T1_FSPGR_BRAVO",
    "SeriesNumber": 10,
    "SliceThickness": 1,
    "SoftwareVersions": "27_LX_MR_Software_release:DV26.0_R02_1810.b",
    "SpacingBetweenSlices": 1,
    "StationName": "GEHCGEHC",
    "dataset": "ds003481",
    "modality": "T1w",
    "subject_id": "039"
  },
  "cjv": 0.3332942465926499,
  "cnr": 4.10973888558633,
  "efc": 0.6089097465568107,
  "fber": -1.0,
  "fwhm_avg": 3.63479,
  "fwhm_x": 3.59709,
  "fwhm_y": 3.78437,
  "fwhm_z": 3.52291,
  "icvs_csf": 0.2265441160503122,
  "icvs_gm": 0.4502667115734154,
  "icvs_wm": 0.3231891723762724,
  "inu_med": 0.5316578149795532,
  "inu_range": 0.13731150329112995,
  "provenance": {
    "md5sum": "ae8820a331f9394d35e8ece852577853",
    "settings": {
      "testing": false
    },
    "software": "mriqc",
    "version": "23.0.1",
    "warnings": {
      "large_rot_frame": true,
      "small_air_mask": false
    },
    "webapi_port": null,
    "webapi_url": "https://mriqc.nimh.nih.gov/api/v1"
  },
  "qi_1": 0.0,
  "qi_2": 0.0026508568940980604,
  "rpve_csf": 24.066552729044016,
  "rpve_gm": 12.46792664002602,
  "rpve_wm": 18.918964136188343,
  "size_x": 176,
  "size_y": 256,
  "size_z": 256,
  "snr_csf": 3.0415310268068394,
  "snr_gm": 12.126002252801511,
  "snr_total": 11.310539280096213,
  "snr_wm": 18.764084560680285,
  "snrd_csf": 15.768161686370243,
  "snrd_gm": 38.641780969199644,
  "snrd_total": 37.110904960039676,
  "snrd_wm": 56.92277222454914,
  "spacing_x": 1.0,
  "spacing_y": 1.0,
  "spacing_z": 1.0,
  "summary_bg_k": 58.73995196238499,
  "summary_bg_mad": 0.0,
  "summary_bg_mean": 6.176610218327762,
  "summary_bg_median": 0.0,
  "summary_bg_n": 1930192.0,
  "summary_bg_p05": 0.0,
  "summary_bg_p95": 30.64994114637375,
  "summary_bg_stdv": 11.509636091902825,
  "summary_csf_k": 1.7032878384546546,
  "summary_csf_mad": 73.91049787535398,
  "summary_csf_mean": 284.382869408443,
  "summary_csf_median": 277.0198737978935,
  "summary_csf_n": 53951.0,
  "summary_csf_p05": 149.51904463768005,
  "summary_csf_p95": 450.14815114438534,
  "summary_csf_stdv": 91.07824448149063,
  "summary_gm_k": 0.14051928468949004,
  "summary_gm_mad": 55.310864147366885,
  "summary_gm_mean": 679.2275873003546,
  "summary_gm_median": 678.870593816042,
  "summary_gm_n": 36606.0,
  "summary_gm_p05": 587.6248412206769,
  "summary_gm_p95": 770.5186726078391,
  "summary_gm_stdv": 55.98393493020698,
  "summary_wm_k": 0.30557728858871513,
  "summary_wm_mad": 51.73192587900785,
  "summary_wm_mean": 1002.034319723751,
  "summary_wm_median": 1000.0366238951683,
  "summary_wm_n": 168409.0,
  "summary_wm_p05": 918.0718051493168,
  "summary_wm_p95": 1093.1568508148193,
  "summary_wm_stdv": 53.29509423098142,
  "tpm_overlap_csf": 0.1581942681147686,
  "tpm_overlap_gm": 0.4537446687561327,
  "tpm_overlap_wm": 0.4794366498296258,
  "wm2max": 0.5098186756657055
}