{
  "aor": 0.0012087739463601534,
  "aqi": 0.0023739931494252877,
  "bids_meta": {
    "AcquisitionDateTime": "2016-05-03T21:32:33.000000",
    "ConversionSoftware": "dcm2niix",
    "ConversionSoftwareVersion": "v1.0.20170411 GCC4.8.4",
    "EchoTime": 0.04,
    "FlipAngle": 90,
    "ImageType": [
      "ORIGINAL",
      "PRIMARY",
      "EPI",
      "NONE"
    ],
    "MagneticFieldStrength": 3,
    "Manufacturer": "GE",
    "ManufacturersModelName": "DISCOVERY_MR750",
    "ProcedureStepDescription": "ActosHabla",
    "ProtocolName": "fMRI_ActosHabla_1",
    "RepetitionTime": 2,
    "ScanningSequence": "EP_GR",
    "SequenceVariant": "SS",
    "SeriesDescription": "fMRI_ActosHabla_1",
    "SliceTiming": [
      0,
      1.0285,
      0.0571001,
      1.0857,
      0.1142,
      1.1428,
      0.1714,
      1.2,
      0.2285,
      1.2571,
      0.2857,
      1.3143,
      0.3428,
      1.3714,
      0.4,
      1.4286,
      0.4571,
      1.4857,
      0.5142,
      1.5428,
      0.5714,
      1.6,
      0.6285,
      1.6571,
      0.6857,
      1.7143,
      0.7428,
      1.7714,
      0.8,
      1.8285,
      0.8571,
      1.8857,
      0.9143,
      1.9428,
      0.9714
    ],
    "TaskName": "sar",
    "dataset": "ds003481",
    "modality": "bold",
    "run_id": 1,
    "subject_id": "005",
    "task_id": "sar"
  },
  "dummy_trs": 0,
  "dvars_nstd": 14.078239829615375,
  "dvars_std": 1.1005886648461538,
  "dvars_vstd": 1.0018532246153848,
  "efc": 0.36111888785589646,
  "fber": 47319.1328125,
  "fd_mean": 0.06992714396060759,
  "fd_num": 2,
  "fd_perc": 0.7662835249042146,
  "fwhm_avg": 2.590411666666667,
  "fwhm_x": 2.467835,
  "fwhm_y": 2.693425,
  "fwhm_z": 2.609975,
  "gcor": 0.0480034,
  "gsr_x": -0.0003993497521150857,
  "gsr_y": -0.004124831408262253,
  "provenance": {
    "md5sum": "ae8833c7ca14ad9fba105d4bf9104032",
    "settings": {
      "fd_thres": 0.2,
      "testing": false
    },
    "software": "mriqc",
    "version": "23.0.1",
    "webapi_port": null,
    "webapi_url": "https://mriqc.nimh.nih.gov/api/v1"
  },
  "size_t": 261,
  "size_x": 64,
  "size_y": 64,
  "size_z": 35,
  "snr": 3.7753943970596286,
  "spacing_tr": 2.0,
  "spacing_x": 4.0,
  "spacing_y": 4.0,
  "spacing_z": 4.0,
  "summary_bg_k": 80.88650088102975,
  "summary_bg_mad": 12.940106321367248,
  "summary_bg_mean": 37.05072784423828,
  "summary_bg_median": 9.1532564163208,
  "summary_bg_n": 101524.0,
  "summary_bg_p05": 0.07662834972143173,
  "summary_bg_p95": 160.70305633544888,
  "summary_bg_stdv": 93.4238510131836,
  "summary_fg_k": 0.22467387456740617,
  "summary_fg_mad": 464.58857143654177,
  "summary_fg_mean": 1916.3062744140625,
  "summary_fg_median": 1858.1685791015625,
  "summary_fg_n": 14259.0,
  "summary_fg_p05": 1199.6716430664062,
  "summary_fg_p95": 2801.7140624999997,
  "summary_fg_stdv": 492.1614074707031,
  "tsnr": 84.2523686173372
}