{
  "aor": 0.0030813779527559056,
  "aqi": 0.002288781901574803,
  "bids_meta": {
    "AcquisitionDateTime": "2016-05-03T21:42:42.000000",
    "ConversionSoftware": "dcm2niix",
    "ConversionSoftwareVersion": "v1.0.20170411 GCC4.8.4",
    "EchoTime": 0.04,
    "FlipAngle": 90,
    "ImageType": [
      "ORIGINAL",
      "PRIMARY",
      "EPI",
      "NONE"
    ],
    "MagneticFieldStrength": 3,
    "Manufacturer": "GE",
    "ManufacturersModelName": "DISCOVERY_MR750",
    "ProcedureStepDescription": "ActosHabla",
    "ProtocolName": "fMRI_ActosHabla_2",
    "RepetitionTime": 2,
    "ScanningSequence": "EP_GR",
    "SequenceVariant": "SS",
    "SeriesDescription": "fMRI_ActosHabla_2",
    "SliceTiming": [
      0,
      1.0285,
      0.0571001,
      1.0857,
      0.1142,
      1.1428,
      0.1714,
      1.2,
      0.2285,
      1.2571,
      0.2857,
      1.3143,
      0.3428,
      1.3714,
      0.4,
      1.4286,
      0.4571,
      1.4857,
      0.5142,
      1.5428,
      0.5714,
      1.6,
      0.6285,
      1.6571,
      0.6857,
      1.7143,
      0.7428,
      1.7714,
      0.8,
      1.8285,
      0.8571,
      1.8857,
      0.9143,
      1.9428,
      0.9714
    ],
    "TaskName": "sar",
    "dataset": "ds003481",
    "modality": "bold",
    "run_id": 2,
    "subject_id": "005",
    "task_id": "sar"
  },
  "dummy_trs": 0,
  "dvars_nstd": 14.024020338379454,
  "dvars_std": 1.12599212770751,
  "dvars_vstd": 1.0317722916996046,
  "efc": 0.36288054818053656,
  "fber": 47270.77734375,
  "fd_mean": 0.06508721241429322,
  "fd_num": 5,
  "fd_perc": 1.968503937007874,
  "fwhm_avg": 2.606223333333333,
  "fwhm_x": 2.49522,
  "fwhm_y": 2.7234,
  "fwhm_z": 2.60005,
  "gcor": 0.0328914,
  "gsr_x": -0.0010777910938486457,
  "gsr_y": -0.003755733137950301,
  "provenance": {
    "md5sum": "af62b974595face9dc2bf74b4866874e",
    "settings": {
      "fd_thres": 0.2,
      "testing": false
    },
    "software": "mriqc",
    "version": "23.0.1",
    "webapi_port": null,
    "webapi_url": "https://mriqc.nimh.nih.gov/api/v1"
  },
  "size_t": 254,
  "size_x": 64,
  "size_y": 64,
  "size_z": 35,
  "snr": 3.6955936618123357,
  "spacing_tr": 2.0,
  "spacing_x": 4.0,
  "spacing_y": 4.0,
  "spacing_z": 4.0,
  "summary_bg_k": 111.91958068048012,
  "summary_bg_mad": 12.660489437397343,
  "summary_bg_mean": 37.024742126464844,
  "summary_bg_median": 8.948819160461426,
  "summary_bg_n": 101254.0,
  "summary_bg_p05": 0.07086613774299622,
  "summary_bg_p95": 159.69882202148403,
  "summary_bg_stdv": 94.0071029663086,
  "summary_fg_k": 0.2383981786659497,
  "summary_fg_mad": 472.14455808480943,
  "summary_fg_mean": 1900.6229248046875,
  "summary_fg_median": 1836.7008056640625,
  "summary_fg_n": 14437.0,
  "summary_fg_p05": 1182.593701171875,
  "summary_fg_p95": 2805.2999999999997,
  "summary_fg_stdv": 496.98028564453125,
  "tsnr": 88.50866226106882
}