{
  "aor": 0.005106980392156862,
  "aqi": 0.0033897698823529415,
  "bids_meta": {
    "AcquisitionDateTime": "2016-05-03T21:52:22.000000",
    "ConversionSoftware": "dcm2niix",
    "ConversionSoftwareVersion": "v1.0.20170411 GCC4.8.4",
    "EchoTime": 0.04,
    "FlipAngle": 90,
    "ImageType": [
      "ORIGINAL",
      "PRIMARY",
      "EPI",
      "NONE"
    ],
    "MagneticFieldStrength": 3,
    "Manufacturer": "GE",
    "ManufacturersModelName": "DISCOVERY_MR750",
    "ProcedureStepDescription": "ActosHabla",
    "ProtocolName": "fMRI_ActosHabla_3",
    "RepetitionTime": 2,
    "ScanningSequence": "EP_GR",
    "SequenceVariant": "SS",
    "SeriesDescription": "fMRI_ActosHabla_3",
    "SliceTiming": [
      0,
      1.0285,
      0.0571001,
      1.0857,
      0.1142,
      1.1428,
      0.1714,
      1.2,
      0.2285,
      1.2571,
      0.2857,
      1.3143,
      0.3428,
      1.3714,
      0.4,
      1.4286,
      0.4571,
      1.4857,
      0.5142,
      1.5428,
      0.5714,
      1.6,
      0.6285,
      1.6571,
      0.6857,
      1.7143,
      0.7428,
      1.7714,
      0.8,
      1.8285,
      0.8571,
      1.8857,
      0.9143,
      1.9428,
      0.9714
    ],
    "TaskName": "sar",
    "dataset": "ds003481",
    "modality": "bold",
    "run_id": 3,
    "subject_id": "005",
    "task_id": "sar"
  },
  "dummy_trs": 0,
  "dvars_nstd": 14.569103195669303,
  "dvars_std": 1.0585090283464567,
  "dvars_vstd": 0.9923319448425204,
  "efc": 0.36441867801220634,
  "fber": 46537.14453125,
  "fd_mean": 0.0888988942141751,
  "fd_num": 13,
  "fd_perc": 5.098039215686274,
  "fwhm_avg": 2.588023333333333,
  "fwhm_x": 2.49212,
  "fwhm_y": 2.68695,
  "fwhm_z": 2.585,
  "gcor": 0.0424316,
  "gsr_x": 0.000320592982461676,
  "gsr_y": -0.00535964360460639,
  "provenance": {
    "md5sum": "2e92bbbd081791b7599c8d0b8141c728",
    "settings": {
      "fd_thres": 0.2,
      "testing": false
    },
    "software": "mriqc",
    "version": "23.0.1",
    "webapi_port": null,
    "webapi_url": "https://mriqc.nimh.nih.gov/api/v1"
  },
  "size_t": 255,
  "size_x": 64,
  "size_y": 64,
  "size_z": 35,
  "snr": 3.699881746030759,
  "spacing_tr": 2.0,
  "spacing_x": 4.0,
  "spacing_y": 4.0,
  "spacing_z": 4.0,
  "summary_bg_k": 83.07593349142677,
  "summary_bg_mad": 12.820148714872529,
  "summary_bg_mean": 38.05671691894531,
  "summary_bg_median": 9.054902076721191,
  "summary_bg_n": 101132.0,
  "summary_bg_p05": 0.08235294371843338,
  "summary_bg_p95": 166.70039672851553,
  "summary_bg_stdv": 94.75188446044922,
  "summary_fg_k": 0.270582366271348,
  "summary_fg_mad": 470.6534497256459,
  "summary_fg_mean": 1897.799072265625,
  "summary_fg_median": 1839.478515625,
  "summary_fg_n": 14465.0,
  "summary_fg_p05": 1180.58671875,
  "summary_fg_p95": 2792.8998535156247,
  "summary_fg_stdv": 497.1550598144531,
  "tsnr": 70.98662975232583
}