{
  "bids_meta": {
    "AcquisitionDateTime": "2017-05-04T19:43:24.000000",
    "ConversionSoftware": "dcm2niix",
    "ConversionSoftwareVersion": "v1.0.20170411 GCC4.8.4",
    "EchoTime": 0.00318,
    "FlipAngle": 12,
    "ImageType": [
      "DERIVED",
      "PRIMARY",
      "OTHER"
    ],
    "InversionTime": 0.45,
    "MagneticFieldStrength": 3,
    "Manufacturer": "GE",
    "ManufacturersModelName": "DISCOVERY_MR750",
    "ProcedureStepDescription": "Actos_Habla",
    "ProtocolName": "PU:Sag_T1_FSPGR_BRAVO",
    "RepetitionTime": 0.008156,
    "ScanningSequence": "GR",
    "SequenceVariant": "SS_SP_SK",
    "SeriesDescription": "PU:Sag_T1_FSPGR_BRAVO",
    "dataset": "ds003481",
    "modality": "T1w",
    "subject_id": "022"
  },
  "cjv": 0.3459834170210555,
  "cnr": 3.8885549511791146,
  "efc": 0.7279939780432886,
  "fber": 10395.382067050188,
  "fwhm_avg": 4.050056666666666,
  "fwhm_x": 4.13582,
  "fwhm_y": 4.1801,
  "fwhm_z": 3.83425,
  "icvs_csf": 0.22064660620218202,
  "icvs_gm": 0.43073713787662693,
  "icvs_wm": 0.34861625592119105,
  "inu_med": 0.48586979508399963,
  "inu_range": 0.16802840530872343,
  "provenance": {
    "md5sum": "71845f08d42ff1ca2693ccca3c5d3ed8",
    "settings": {
      "testing": false
    },
    "software": "mriqc",
    "version": "23.0.1",
    "warnings": {
      "large_rot_frame": true,
      "small_air_mask": false
    },
    "webapi_port": null,
    "webapi_url": "https://mriqc.nimh.nih.gov/api/v1"
  },
  "qi_1": 0.0,
  "qi_2": 0.0016049330875358668,
  "rpve_csf": 20.92345083867947,
  "rpve_gm": 11.222217173203939,
  "rpve_wm": 16.16821501120144,
  "size_x": 176,
  "size_y": 256,
  "size_z": 256,
  "snr_csf": 2.875140072615889,
  "snr_gm": 10.890397534288134,
  "snr_total": 12.170429909068117,
  "snr_wm": 22.745752120300327,
  "snrd_csf": 17.35394696446646,
  "snrd_gm": 42.29104125239674,
  "snrd_total": 40.14801668511371,
  "snrd_wm": 60.799061838477925,
  "spacing_x": 1.0,
  "spacing_y": 1.0,
  "spacing_z": 1.0,
  "summary_bg_k": 40.33130365305565,
  "summary_bg_mad": 0.0,
  "summary_bg_mean": 4.573472684128603,
  "summary_bg_median": 0.0,
  "summary_bg_n": 395023.0,
  "summary_bg_p05": 0.0,
  "summary_bg_p95": 23.783306926488876,
  "summary_bg_stdv": 10.775910265244663,
  "summary_csf_k": 0.5203617994039891,
  "summary_csf_mad": 88.47945147238767,
  "summary_csf_mean": 286.90887661292845,
  "summary_csf_median": 285.4437262788415,
  "summary_csf_n": 44306.0,
  "summary_csf_p05": 120.25985104218125,
  "summary_csf_p95": 455.7476189788431,
  "summary_csf_stdv": 99.27881695334817,
  "summary_gm_k": 0.09546464266583676,
  "summary_gm_mad": 62.68654864464366,
  "summary_gm_mean": 693.8966494071758,
  "summary_gm_median": 695.6176844388247,
  "summary_gm_n": 40170.0,
  "summary_gm_p05": 585.4657388404012,
  "summary_gm_p95": 796.3443935886025,
  "summary_gm_stdv": 63.87361193859748,
  "summary_wm_k": 0.5758772749893679,
  "summary_wm_mad": 42.63991277599199,
  "summary_wm_mean": 1000.7995006976344,
  "summary_wm_median": 1000.0440130978823,
  "summary_wm_n": 242614.0,
  "summary_wm_p05": 930.4117755964398,
  "summary_wm_p95": 1073.331832960248,
  "summary_wm_stdv": 43.96609735431371,
  "tpm_overlap_csf": 0.1686268375778158,
  "tpm_overlap_gm": 0.46588916030522515,
  "tpm_overlap_wm": 0.5063909398691461,
  "wm2max": 0.44454451122814576
}