{
  "aor": 0.0019479333333333334,
  "aqi": 0.0013088830266666668,
  "bids_meta": {
    "AcquisitionMatrixPE": 64,
    "AcquisitionNumber": 1,
    "AcquisitionTime": "20:06:25.000000",
    "BodyPartExamined": "HEAD",
    "CoilString": "32Ch_Head",
    "ConversionSoftware": "dcm2niix",
    "ConversionSoftwareVersion": "v1.0.20181125  (JP2:OpenJPEG) GCC7.3.0",
    "DeviceSerialNumber": "0002806034DVR750",
    "EchoTime": 0.04,
    "EffectiveEchoSpacing": 0.000372,
    "FlipAngle": 90,
    "ImageOrientationPatientDICOM": [
      1,
      0,
      0,
      0,
      1,
      0
    ],
    "ImageType": [
      "ORIGINAL",
      "PRIMARY",
      "EPI",
      "NONE"
    ],
    "ImagingFrequency": 127.772,
    "InPlanePhaseEncodingDirectionDICOM": "COL",
    "InstitutionName": "INSTITUTO_DE_NEUROBIOLOGIA",
    "MRAcquisitionType": "2D",
    "MagneticFieldStrength": 3,
    "Manufacturer": "GE",
    "ManufacturersModelName": "DISCOVERY_MR750",
    "Modality": "MR",
    "PatientPosition": "HFS",
    "PercentPhaseFOV": 100,
    "PhaseEncodingDirection": "j",
    "PhaseEncodingPolarityGE": "Flipped",
    "PixelBandwidth": 7812.5,
    "ProcedureStepDescription": "Emociones_AH",
    "ProtocolName": "fMRI_Jalil_4",
    "ReconMatrixPE": 64,
    "RepetitionTime": 2,
    "SAR": 0.233878,
    "ScanOptions": "EPI_GEMS_ACC_GEMS",
    "ScanningSequence": "EP_GR",
    "SequenceVariant": "SS",
    "SeriesDescription": "fMRI_Jalil_4",
    "SeriesNumber": 8,
    "SliceThickness": 4,
    "SliceTiming": [
      0,
      1.0285,
      0.0571001,
      1.0857,
      0.1142,
      1.1428,
      0.1714,
      1.2,
      0.2285,
      1.2571,
      0.2857,
      1.3143,
      0.3428,
      1.3714,
      0.4,
      1.4286,
      0.4571,
      1.4857,
      0.5142,
      1.5428,
      0.5714,
      1.6,
      0.6285,
      1.6571,
      0.6857,
      1.7143,
      0.7428,
      1.7714,
      0.8,
      1.8285,
      0.8571,
      1.8857,
      0.9143,
      1.9428,
      0.9714
    ],
    "SoftwareVersions": "27_LX_MR_Software_release:DV26.0_R02_1810.b",
    "SpacingBetweenSlices": 4,
    "StationName": "GEHCGEHC",
    "TaskName": "ec",
    "TotalReadoutTime": 0.023436,
    "dataset": "ds003481",
    "modality": "bold",
    "run_id": 4,
    "subject_id": "040",
    "task_id": "ec"
  },
  "dummy_trs": 0,
  "dvars_nstd": 15.064992341476508,
  "dvars_std": 1.1857408519463088,
  "dvars_vstd": 1.0156280444295303,
  "efc": 0.36894753287980353,
  "fber": 80761.6796875,
  "fd_mean": 0.07898724116833256,
  "fd_num": 7,
  "fd_perc": 4.666666666666667,
  "fwhm_avg": 2.5442325,
  "fwhm_x": 2.4902225,
  "fwhm_y": 2.632125,
  "fwhm_z": 2.51035,
  "gcor": 0.0425981,
  "gsr_x": -0.009247208014130592,
  "gsr_y": 0.003525686450302601,
  "provenance": {
    "md5sum": "2842a93d71fd684e84736c21ed49186e",
    "settings": {
      "fd_thres": 0.2,
      "testing": false
    },
    "software": "mriqc",
    "version": "23.0.1",
    "webapi_port": null,
    "webapi_url": "https://mriqc.nimh.nih.gov/api/v1"
  },
  "size_t": 150,
  "size_x": 64,
  "size_y": 64,
  "size_z": 35,
  "snr": 3.656721442049876,
  "spacing_tr": 2.0,
  "spacing_x": 4.0,
  "spacing_y": 4.0,
  "spacing_z": 4.0,
  "summary_bg_k": 39.52342627347527,
  "summary_bg_mad": 10.229955581635586,
  "summary_bg_mean": 42.812110900878906,
  "summary_bg_median": 7.300000190734863,
  "summary_bg_n": 100485.0,
  "summary_bg_p05": 0.07999999821186066,
  "summary_bg_p95": 209.98800048828056,
  "summary_bg_stdv": 118.64766693115234,
  "summary_fg_k": 0.24895022915966436,
  "summary_fg_mad": 496.7705592163815,
  "summary_fg_mean": 2016.242431640625,
  "summary_fg_median": 1947.433349609375,
  "summary_fg_n": 14847.0,
  "summary_fg_p05": 1235.4406860351562,
  "summary_fg_p95": 2981.3521240234363,
  "summary_fg_stdv": 532.5447387695312,
  "tsnr": 90.77501684986055
}