{
  "aor": 0.0011558333333333334,
  "aqi": 0.002930888106666667,
  "bids_meta": {
    "AcquisitionMatrixPE": 64,
    "AcquisitionNumber": 1,
    "AcquisitionTime": "19:26:8.000000",
    "BodyPartExamined": "HEAD",
    "CoilString": "32Ch_Head",
    "ConversionSoftware": "dcm2niix",
    "ConversionSoftwareVersion": "v1.0.20181125  (JP2:OpenJPEG) GCC7.3.0",
    "DeviceSerialNumber": "0002806034DVR750",
    "EchoTime": 0.04,
    "EffectiveEchoSpacing": 0.000372,
    "FlipAngle": 90,
    "ImageOrientationPatientDICOM": [
      1,
      0,
      0,
      0,
      1,
      0
    ],
    "ImageType": [
      "ORIGINAL",
      "PRIMARY",
      "EPI",
      "NONE"
    ],
    "ImagingFrequency": 127.772,
    "InPlanePhaseEncodingDirectionDICOM": "COL",
    "InstitutionName": "INSTITUTO_DE_NEUROBIOLOGIA",
    "MRAcquisitionType": "2D",
    "MagneticFieldStrength": 3,
    "Manufacturer": "GE",
    "ManufacturersModelName": "DISCOVERY_MR750",
    "Modality": "MR",
    "PatientPosition": "HFS",
    "PercentPhaseFOV": 100,
    "PhaseEncodingDirection": "j",
    "PhaseEncodingPolarityGE": "Flipped",
    "PixelBandwidth": 7812.5,
    "ProcedureStepDescription": "Emociones_AH",
    "ProtocolName": "fMRI_RestState",
    "ReconMatrixPE": 64,
    "RepetitionTime": 2,
    "SAR": 0.195505,
    "ScanOptions": "EPI_GEMS_ACC_GEMS",
    "ScanningSequence": "EP_GR",
    "SequenceVariant": "SS",
    "SeriesDescription": "fMRI_RestState",
    "SeriesNumber": 3,
    "SliceThickness": 4,
    "SliceTiming": [
      0,
      1.0285,
      0.0571001,
      1.0857,
      0.1142,
      1.1428,
      0.1714,
      1.2,
      0.2285,
      1.2571,
      0.2857,
      1.3143,
      0.3428,
      1.3714,
      0.4,
      1.4286,
      0.4571,
      1.4857,
      0.5142,
      1.5428,
      0.5714,
      1.6,
      0.6285,
      1.6571,
      0.6857,
      1.7143,
      0.7428,
      1.7714,
      0.8,
      1.8285,
      0.8571,
      1.8857,
      0.9143,
      1.9428,
      0.9714
    ],
    "SoftwareVersions": "27_LX_MR_Software_release:DV26.0_R02_1810.b",
    "SpacingBetweenSlices": 4,
    "StationName": "GEHCGEHC",
    "TaskName": "rest",
    "TotalReadoutTime": 0.023436,
    "dataset": "ds003481",
    "modality": "bold",
    "subject_id": "040",
    "task_id": "rest"
  },
  "dummy_trs": 0,
  "dvars_nstd": 14.186645029063538,
  "dvars_std": 1.0986895658528437,
  "dvars_vstd": 0.9518204548829428,
  "efc": 0.3679025441174771,
  "fber": 75335.078125,
  "fd_mean": 0.04436528696759911,
  "fd_num": 0,
  "fd_perc": 0.0,
  "fwhm_avg": 2.5128225,
  "fwhm_x": 2.4448125,
  "fwhm_y": 2.624525,
  "fwhm_z": 2.46913,
  "gcor": 0.0254308,
  "gsr_x": -0.00936818402260542,
  "gsr_y": 0.005066622979938984,
  "provenance": {
    "md5sum": "af8a98df77da7fd1013e1c744767d9e6",
    "settings": {
      "fd_thres": 0.2,
      "testing": false
    },
    "software": "mriqc",
    "version": "23.0.1",
    "webapi_port": null,
    "webapi_url": "https://mriqc.nimh.nih.gov/api/v1"
  },
  "size_t": 300,
  "size_x": 64,
  "size_y": 64,
  "size_z": 35,
  "snr": 3.7658187138123798,
  "spacing_tr": 2.0,
  "spacing_x": 4.0,
  "spacing_y": 4.0,
  "spacing_z": 4.0,
  "summary_bg_k": 47.86456314229645,
  "summary_bg_mad": 10.481998027710123,
  "summary_bg_mean": 42.94395446777344,
  "summary_bg_median": 7.490000247955322,
  "summary_bg_n": 100719.0,
  "summary_bg_p05": 0.1133333370089531,
  "summary_bg_p95": 203.7336776733395,
  "summary_bg_stdv": 120.9626235961914,
  "summary_fg_k": 0.03143401694629544,
  "summary_fg_mad": 495.94030559365274,
  "summary_fg_mean": 2021.1295166015625,
  "summary_fg_median": 1958.0150146484375,
  "summary_fg_n": 14676.0,
  "summary_fg_p05": 1237.9842224121094,
  "summary_fg_p95": 2954.4450073242188,
  "summary_fg_stdv": 519.9263305664062,
  "tsnr": 74.08799131307751
}