{
  "aor": 0.0007687053571428572,
  "aqi": 0.0014812607455357144,
  "bids_meta": {
    "AcquisitionMatrixPE": 64,
    "AcquisitionNumber": 1,
    "AcquisitionTime": "19:47:50.000000",
    "BodyPartExamined": "HEAD",
    "CoilString": "32Ch_Head",
    "ConversionSoftware": "dcm2niix",
    "ConversionSoftwareVersion": "v1.0.20181125  (JP2:OpenJPEG) GCC7.3.0",
    "DeviceSerialNumber": "0002806034DVR750",
    "EchoTime": 0.04,
    "EffectiveEchoSpacing": 0.000372,
    "FlipAngle": 90,
    "ImageOrientationPatientDICOM": [
      1,
      0,
      0,
      0,
      1,
      0
    ],
    "ImageType": [
      "ORIGINAL",
      "PRIMARY",
      "EPI",
      "NONE"
    ],
    "ImagingFrequency": 127.772,
    "InPlanePhaseEncodingDirectionDICOM": "COL",
    "InstitutionName": "INSTITUTO_DE_NEUROBIOLOGIA",
    "MRAcquisitionType": "2D",
    "MagneticFieldStrength": 3,
    "Manufacturer": "GE",
    "ManufacturersModelName": "DISCOVERY_MR750",
    "Modality": "MR",
    "PatientPosition": "HFS",
    "PercentPhaseFOV": 100,
    "PhaseEncodingDirection": "j",
    "PhaseEncodingPolarityGE": "Flipped",
    "PixelBandwidth": 7812.5,
    "ProcedureStepDescription": "Emociones_AH",
    "ProtocolName": "fMRI_Jalil_2",
    "ReconMatrixPE": 64,
    "RepetitionTime": 2,
    "SAR": 0.233878,
    "ScanOptions": "EPI_GEMS_ACC_GEMS",
    "ScanningSequence": "EP_GR",
    "SequenceVariant": "SS",
    "SeriesDescription": "fMRI_Jalil_2",
    "SeriesNumber": 6,
    "SliceThickness": 4,
    "SliceTiming": [
      0,
      1.0285,
      0.0571001,
      1.0857,
      0.1142,
      1.1428,
      0.1714,
      1.2,
      0.2285,
      1.2571,
      0.2857,
      1.3143,
      0.3428,
      1.3714,
      0.4,
      1.4286,
      0.4571,
      1.4857,
      0.5142,
      1.5428,
      0.5714,
      1.6,
      0.6285,
      1.6571,
      0.6857,
      1.7143,
      0.7428,
      1.7714,
      0.8,
      1.8285,
      0.8571,
      1.8857,
      0.9143,
      1.9428,
      0.9714
    ],
    "SoftwareVersions": "27_LX_MR_Software_release:DV26.0_R02_1810.b",
    "SpacingBetweenSlices": 4,
    "StationName": "GEHCGEHC",
    "TaskName": "sae",
    "TotalReadoutTime": 0.023436,
    "dataset": "ds003481",
    "modality": "bold",
    "run_id": 2,
    "subject_id": "040",
    "task_id": "sae"
  },
  "dummy_trs": 0,
  "dvars_nstd": 14.859896860672649,
  "dvars_std": 1.1397635310313907,
  "dvars_vstd": 0.972414267264574,
  "efc": 0.3678728649594576,
  "fber": 75912.84375,
  "fd_mean": 0.056837873589507384,
  "fd_num": 2,
  "fd_perc": 0.8928571428571429,
  "fwhm_avg": 2.5472283333333334,
  "fwhm_x": 2.50185,
  "fwhm_y": 2.641475,
  "fwhm_z": 2.49836,
  "gcor": 0.0339265,
  "gsr_x": -0.009469246491789818,
  "gsr_y": 0.003926318604499102,
  "provenance": {
    "md5sum": "93591f89928ad73ff4a5afc4420ecadb",
    "settings": {
      "fd_thres": 0.2,
      "testing": false
    },
    "software": "mriqc",
    "version": "23.0.1",
    "webapi_port": null,
    "webapi_url": "https://mriqc.nimh.nih.gov/api/v1"
  },
  "size_t": 224,
  "size_x": 64,
  "size_y": 64,
  "size_z": 35,
  "snr": 3.625470827216089,
  "spacing_tr": 2.0,
  "spacing_x": 4.0,
  "spacing_y": 4.0,
  "spacing_z": 4.0,
  "summary_bg_k": 38.86960751477147,
  "summary_bg_mad": 10.358359634867705,
  "summary_bg_mean": 42.38362121582031,
  "summary_bg_median": 7.397321701049805,
  "summary_bg_n": 100567.0,
  "summary_bg_p05": 0.0892857164144516,
  "summary_bg_p95": 208.78126525878906,
  "summary_bg_stdv": 117.15461730957031,
  "summary_fg_k": 0.21198946998202972,
  "summary_fg_mad": 497.7176365368698,
  "summary_fg_mean": 2003.436767578125,
  "summary_fg_median": 1935.7188720703125,
  "summary_fg_n": 14821.0,
  "summary_fg_p05": 1217.0179443359375,
  "summary_fg_p95": 2967.067138671875,
  "summary_fg_stdv": 533.904052734375,
  "tsnr": 89.17133800499141
}