{
  "aor": 0.0009424409448818898,
  "aqi": 0.0013306819015748033,
  "bids_meta": {
    "AcquisitionMatrixPE": 64,
    "AcquisitionNumber": 1,
    "AcquisitionTime": "19:56:52.000000",
    "BodyPartExamined": "HEAD",
    "CoilString": "32Ch_Head",
    "ConversionSoftware": "dcm2niix",
    "ConversionSoftwareVersion": "v1.0.20181125  (JP2:OpenJPEG) GCC7.3.0",
    "DeviceSerialNumber": "0002806034DVR750",
    "EchoTime": 0.04,
    "EffectiveEchoSpacing": 0.000372,
    "FlipAngle": 90,
    "ImageOrientationPatientDICOM": [
      1,
      0,
      0,
      0,
      1,
      0
    ],
    "ImageType": [
      "ORIGINAL",
      "PRIMARY",
      "EPI",
      "NONE"
    ],
    "ImagingFrequency": 127.772,
    "InPlanePhaseEncodingDirectionDICOM": "COL",
    "InstitutionName": "INSTITUTO_DE_NEUROBIOLOGIA",
    "MRAcquisitionType": "2D",
    "MagneticFieldStrength": 3,
    "Manufacturer": "GE",
    "ManufacturersModelName": "DISCOVERY_MR750",
    "Modality": "MR",
    "PatientPosition": "HFS",
    "PercentPhaseFOV": 100,
    "PhaseEncodingDirection": "j",
    "PhaseEncodingPolarityGE": "Flipped",
    "PixelBandwidth": 7812.5,
    "ProcedureStepDescription": "Emociones_AH",
    "ProtocolName": "fMRI_Jalil_3",
    "ReconMatrixPE": 64,
    "RepetitionTime": 2,
    "SAR": 0.233878,
    "ScanOptions": "EPI_GEMS_ACC_GEMS",
    "ScanningSequence": "EP_GR",
    "SequenceVariant": "SS",
    "SeriesDescription": "fMRI_Jalil_3",
    "SeriesNumber": 7,
    "SliceThickness": 4,
    "SliceTiming": [
      0,
      1.0285,
      0.0571001,
      1.0857,
      0.1142,
      1.1428,
      0.1714,
      1.2,
      0.2285,
      1.2571,
      0.2857,
      1.3143,
      0.3428,
      1.3714,
      0.4,
      1.4286,
      0.4571,
      1.4857,
      0.5142,
      1.5428,
      0.5714,
      1.6,
      0.6285,
      1.6571,
      0.6857,
      1.7143,
      0.7428,
      1.7714,
      0.8,
      1.8285,
      0.8571,
      1.8857,
      0.9143,
      1.9428,
      0.9714
    ],
    "SoftwareVersions": "27_LX_MR_Software_release:DV26.0_R02_1810.b",
    "SpacingBetweenSlices": 4,
    "StationName": "GEHCGEHC",
    "TaskName": "sae",
    "TotalReadoutTime": 0.023436,
    "dataset": "ds003481",
    "modality": "bold",
    "run_id": 3,
    "subject_id": "040",
    "task_id": "sae"
  },
  "dummy_trs": 0,
  "dvars_nstd": 15.010080382727276,
  "dvars_std": 1.1509070698023722,
  "dvars_vstd": 0.9871596621343864,
  "efc": 0.3681227618407509,
  "fber": 74176.5625,
  "fd_mean": 0.05651164185985078,
  "fd_num": 3,
  "fd_perc": 1.1811023622047243,
  "fwhm_avg": 2.5186349999999997,
  "fwhm_x": 2.46678,
  "fwhm_y": 2.620925,
  "fwhm_z": 2.4682,
  "gcor": 0.0456499,
  "gsr_x": -0.00953730195760727,
  "gsr_y": 0.003463523928076029,
  "provenance": {
    "md5sum": "1eb171dc6a1412e55ce8d5bb5fc81025",
    "settings": {
      "fd_thres": 0.2,
      "testing": false
    },
    "software": "mriqc",
    "version": "23.0.1",
    "webapi_port": null,
    "webapi_url": "https://mriqc.nimh.nih.gov/api/v1"
  },
  "size_t": 254,
  "size_x": 64,
  "size_y": 64,
  "size_z": 35,
  "snr": 3.627111696384026,
  "spacing_tr": 2.0,
  "spacing_x": 4.0,
  "spacing_y": 4.0,
  "spacing_z": 4.0,
  "summary_bg_k": 38.47639467569455,
  "summary_bg_mad": 10.378215264429278,
  "summary_bg_mean": 42.280601501464844,
  "summary_bg_median": 7.401574611663818,
  "summary_bg_n": 100625.0,
  "summary_bg_p05": 0.08267716318368912,
  "summary_bg_p95": 206.85826110839776,
  "summary_bg_stdv": 116.09664916992188,
  "summary_fg_k": 0.2582972446107257,
  "summary_fg_mad": 494.7279995681816,
  "summary_fg_mean": 1989.1859130859375,
  "summary_fg_median": 1919.8306884765625,
  "summary_fg_n": 14733.0,
  "summary_fg_p05": 1211.0724365234375,
  "summary_fg_p95": 2947.347216796875,
  "summary_fg_stdv": 529.2821655273438,
  "tsnr": 88.91571641759947
}