{
  "aor": 0.00725208,
  "aqi": 0.000908634124,
  "bids_meta": {
    "AcquisitionDateTime": "2017-08-16T20:31:13.000000",
    "ConversionSoftware": "dcm2niix",
    "ConversionSoftwareVersion": "v1.0.20170411 GCC4.8.4",
    "EchoTime": 0.035,
    "FlipAngle": 90,
    "ImageType": [
      "ORIGINAL",
      "PRIMARY",
      "EPI",
      "NONE"
    ],
    "MagneticFieldStrength": 3,
    "Manufacturer": "GE",
    "ManufacturersModelName": "DISCOVERY_MR750",
    "ProtocolName": "fMRI_CompMet",
    "RepetitionTime": 2,
    "ScanningSequence": "EP_GR",
    "SequenceVariant": "SS",
    "SeriesDescription": "fMRI_CompMet",
    "SliceTiming": [
      1.0285,
      0.0571001,
      1.0857,
      0.1142,
      1.1428,
      0.1714,
      1.2,
      0.2285,
      1.2571,
      0.2857,
      1.3143,
      0.3428,
      1.3714,
      0.4,
      1.4286,
      0.4571,
      1.4857,
      0.5142,
      1.5428,
      0.5714,
      1.6,
      0.6285,
      1.6571,
      0.6857,
      1.7143,
      0.7428,
      1.7714,
      0.8,
      1.8285,
      0.8571,
      1.8857,
      0.9143,
      1.9428,
      0.9714
    ],
    "TaskName": "cmp",
    "dataset": "ds003481",
    "modality": "bold",
    "run_id": 1,
    "subject_id": "087",
    "task_id": "cmp"
  },
  "dummy_trs": 0,
  "dvars_nstd": 14.993943245301203,
  "dvars_std": 1.2956751954618466,
  "dvars_vstd": 1.1119022641767065,
  "efc": 0.3741031569433367,
  "fber": 73299.578125,
  "fd_mean": 0.04239513981309457,
  "fd_num": 0,
  "fd_perc": 0.0,
  "fwhm_avg": 2.841941666666667,
  "fwhm_x": 2.712975,
  "fwhm_y": 2.922525,
  "fwhm_z": 2.890325,
  "gcor": 0.0598677,
  "gsr_x": -0.006039827596396208,
  "gsr_y": 0.0005441135726869106,
  "provenance": {
    "md5sum": "2b6102882068b4f24fee0e490fcd5400",
    "settings": {
      "fd_thres": 0.2,
      "testing": false
    },
    "software": "mriqc",
    "version": "23.0.1",
    "webapi_port": null,
    "webapi_url": "https://mriqc.nimh.nih.gov/api/v1"
  },
  "size_t": 250,
  "size_x": 64,
  "size_y": 64,
  "size_z": 34,
  "snr": 3.2205464675129156,
  "spacing_tr": 2.0,
  "spacing_x": 4.0,
  "spacing_y": 4.0,
  "spacing_z": 4.0,
  "summary_bg_k": 40.21253949755967,
  "summary_bg_mad": 11.327081325838908,
  "summary_bg_mean": 53.47383117675781,
  "summary_bg_median": 7.924000263214111,
  "summary_bg_n": 96809.0,
  "summary_bg_p05": 0.04000000283122063,
  "summary_bg_p95": 262.3480102539059,
  "summary_bg_stdv": 155.1749725341797,
  "summary_fg_k": 0.4576219758190927,
  "summary_fg_mad": 555.6615571895477,
  "summary_fg_mean": 2164.787353515625,
  "summary_fg_median": 2047.482177734375,
  "summary_fg_n": 14608.0,
  "summary_fg_p05": 1303.3266662597657,
  "summary_fg_p95": 3395.6775268554684,
  "summary_fg_stdv": 635.734375,
  "tsnr": 104.03478362946771
}