{
  "aor": 0.008185559999999998,
  "aqi": 0.0009732203679999998,
  "bids_meta": {
    "AcquisitionDateTime": "2017-08-16T20:40:46.000000",
    "ConversionSoftware": "dcm2niix",
    "ConversionSoftwareVersion": "v1.0.20170411 GCC4.8.4",
    "EchoTime": 0.035,
    "FlipAngle": 90,
    "ImageType": [
      "ORIGINAL",
      "PRIMARY",
      "EPI",
      "NONE"
    ],
    "MagneticFieldStrength": 3,
    "Manufacturer": "GE",
    "ManufacturersModelName": "DISCOVERY_MR750",
    "ProtocolName": "fMRI_CompMet",
    "RepetitionTime": 2,
    "ScanningSequence": "EP_GR",
    "SequenceVariant": "SS",
    "SeriesDescription": "fMRI_CompMet",
    "SliceTiming": [
      1.0285,
      0.0571001,
      1.0857,
      0.1142,
      1.1428,
      0.1714,
      1.2,
      0.2285,
      1.2571,
      0.2857,
      1.3143,
      0.3428,
      1.3714,
      0.4,
      1.4286,
      0.4571,
      1.4857,
      0.5142,
      1.5428,
      0.5714,
      1.6,
      0.6285,
      1.6571,
      0.6857,
      1.7143,
      0.7428,
      1.7714,
      0.8,
      1.8285,
      0.8571,
      1.8857,
      0.9143,
      1.9428,
      0.9714
    ],
    "TaskName": "cmp",
    "dataset": "ds003481",
    "modality": "bold",
    "run_id": 2,
    "subject_id": "087",
    "task_id": "cmp"
  },
  "dummy_trs": 0,
  "dvars_nstd": 14.055835708714874,
  "dvars_std": 1.278542592650602,
  "dvars_vstd": 1.1307753103614455,
  "efc": 0.37484974635109136,
  "fber": 69503.5390625,
  "fd_mean": 0.04676532158215409,
  "fd_num": 1,
  "fd_perc": 0.4,
  "fwhm_avg": 2.823366666666667,
  "fwhm_x": 2.710425,
  "fwhm_y": 2.896875,
  "fwhm_z": 2.8628,
  "gcor": 0.0845333,
  "gsr_x": -0.00630781427025795,
  "gsr_y": 0.001032469212077558,
  "provenance": {
    "md5sum": "c58deda8c36899d2ec3bddb2c75fb575",
    "settings": {
      "fd_thres": 0.2,
      "testing": false
    },
    "software": "mriqc",
    "version": "23.0.1",
    "webapi_port": null,
    "webapi_url": "https://mriqc.nimh.nih.gov/api/v1"
  },
  "size_t": 250,
  "size_x": 64,
  "size_y": 64,
  "size_z": 34,
  "snr": 3.2355119114087483,
  "spacing_tr": 2.0,
  "spacing_x": 4.0,
  "spacing_y": 4.0,
  "spacing_z": 4.0,
  "summary_bg_k": 39.58916324644171,
  "summary_bg_mad": 11.611741351931245,
  "summary_bg_mean": 54.01124572753906,
  "summary_bg_median": 8.124000549316406,
  "summary_bg_n": 96840.0,
  "summary_bg_p05": 0.04400000348687172,
  "summary_bg_p95": 270.74841613769536,
  "summary_bg_stdv": 155.4840087890625,
  "summary_fg_k": 0.4912225044103802,
  "summary_fg_mad": 554.2441988797056,
  "summary_fg_mean": 2156.443115234375,
  "summary_fg_median": 2043.256103515625,
  "summary_fg_n": 14631.0,
  "summary_fg_p05": 1303.1780395507812,
  "summary_fg_p95": 3370.76611328125,
  "summary_fg_stdv": 631.48779296875,
  "tsnr": 104.110505733639
}