{
  "aor": 0.004222366666666666,
  "aqi": 0.0029856476000000003,
  "bids_meta": {
    "AcquisitionDateTime": "2017-08-18T19:51:53.000000",
    "ConversionSoftware": "dcm2niix",
    "ConversionSoftwareVersion": "v1.0.20170411 GCC4.8.4",
    "EchoTime": 0.04,
    "FlipAngle": 90,
    "ImageType": [
      "ORIGINAL",
      "PRIMARY",
      "EPI",
      "NONE"
    ],
    "MagneticFieldStrength": 3,
    "Manufacturer": "GE",
    "ManufacturersModelName": "DISCOVERY_MR750",
    "ProcedureStepDescription": "CompMet",
    "ProtocolName": "fMRI_RestState",
    "RepetitionTime": 2,
    "ScanningSequence": "EP_GR",
    "SequenceVariant": "SS",
    "SeriesDescription": "fMRI_RestState",
    "SliceTiming": [
      1.0285,
      0.0571001,
      1.0857,
      0.1142,
      1.1428,
      0.1714,
      1.2,
      0.2285,
      1.2571,
      0.2857,
      1.3143,
      0.3428,
      1.3714,
      0.4,
      1.4286,
      0.4571,
      1.4857,
      0.5142,
      1.5428,
      0.5714,
      1.6,
      0.6285,
      1.6571,
      0.6857,
      1.7143,
      0.7428,
      1.7714,
      0.8,
      1.8285,
      0.8571,
      1.8857,
      0.9143,
      1.9428,
      0.9714
    ],
    "TaskName": "rest",
    "dataset": "ds003481",
    "modality": "bold",
    "subject_id": "087",
    "task_id": "rest"
  },
  "dummy_trs": 0,
  "dvars_nstd": 13.823455925284273,
  "dvars_std": 1.117177811571906,
  "dvars_vstd": 1.02233254625418,
  "efc": 0.36280679771216506,
  "fber": 59155.79296875,
  "fd_mean": 0.07082284110533565,
  "fd_num": 2,
  "fd_perc": 0.6666666666666666,
  "fwhm_avg": 2.629683333333333,
  "fwhm_x": 2.635875,
  "fwhm_y": 2.752175,
  "fwhm_z": 2.501,
  "gcor": 0.0869357,
  "gsr_x": -0.016281990334391594,
  "gsr_y": 0.010891553945839405,
  "provenance": {
    "md5sum": "c110d70c724155baa653e20126e87cec",
    "settings": {
      "fd_thres": 0.2,
      "testing": false
    },
    "software": "mriqc",
    "version": "23.0.1",
    "webapi_port": null,
    "webapi_url": "https://mriqc.nimh.nih.gov/api/v1"
  },
  "size_t": 300,
  "size_x": 64,
  "size_y": 64,
  "size_z": 34,
  "snr": 3.45267615915382,
  "spacing_tr": 2.0,
  "spacing_x": 4.0,
  "spacing_y": 4.0,
  "spacing_z": 4.0,
  "summary_bg_k": 113.14744492286383,
  "summary_bg_mad": 11.015734935950913,
  "summary_bg_mean": 41.167877197265625,
  "summary_bg_median": 8.106666564941406,
  "summary_bg_n": 97948.0,
  "summary_bg_p05": 0.18333333730697632,
  "summary_bg_p95": 206.63750915527334,
  "summary_bg_stdv": 118.19384765625,
  "summary_fg_k": 0.48272186246268545,
  "summary_fg_mad": 483.43220673788267,
  "summary_fg_mean": 1987.2718505859375,
  "summary_fg_median": 1912.300048828125,
  "summary_fg_n": 13953.0,
  "summary_fg_p05": 1187.0413818359375,
  "summary_fg_p95": 3020.0887695312495,
  "summary_fg_stdv": 553.8403930664062,
  "tsnr": 74.88054287107661
}