{
  "bids_meta": {
    "AcquisitionDateTime": "2017-01-27T19:38:57.000000",
    "ConversionSoftware": "dcm2niix",
    "ConversionSoftwareVersion": "v1.0.20170411 GCC4.8.4",
    "EchoTime": 0.00318,
    "FlipAngle": 12,
    "ImageType": [
      "DERIVED",
      "PRIMARY",
      "OTHER"
    ],
    "InversionTime": 0.45,
    "MagneticFieldStrength": 3,
    "Manufacturer": "GE",
    "ManufacturersModelName": "DISCOVERY_MR750",
    "ProcedureStepDescription": "ComRefranes",
    "ProtocolName": "PU:Sag_T1_FSPGR_BRAVO",
    "RepetitionTime": 0.008156,
    "ScanningSequence": "GR",
    "SequenceVariant": "SS_SP_SK",
    "SeriesDescription": "PU:Sag_T1_FSPGR_BRAVO",
    "dataset": "ds003481",
    "modality": "T1w",
    "subject_id": "063"
  },
  "cjv": 0.3814988635422951,
  "cnr": 3.5239769193358743,
  "efc": 0.7327260810992536,
  "fber": 5695.509440126958,
  "fwhm_avg": 3.654133333333333,
  "fwhm_x": 3.62501,
  "fwhm_y": 3.86073,
  "fwhm_z": 3.47666,
  "icvs_csf": 0.23353609659110075,
  "icvs_gm": 0.41779184013523285,
  "icvs_wm": 0.3486720632736664,
  "inu_med": 0.6222575306892395,
  "inu_range": 0.2076668679714201,
  "provenance": {
    "md5sum": "f25218f031e10f8c4485f65d8943529c",
    "settings": {
      "testing": false
    },
    "software": "mriqc",
    "version": "23.0.1",
    "warnings": {
      "large_rot_frame": true,
      "small_air_mask": false
    },
    "webapi_port": null,
    "webapi_url": "https://mriqc.nimh.nih.gov/api/v1"
  },
  "qi_1": 0.0,
  "qi_2": 0.0016497660788069924,
  "rpve_csf": 21.076892910010827,
  "rpve_gm": 11.91642248875908,
  "rpve_wm": 16.49826762306359,
  "size_x": 176,
  "size_y": 256,
  "size_z": 256,
  "snr_csf": 2.7373135440715752,
  "snr_gm": 11.064400696370292,
  "snr_total": 11.06417396818256,
  "snr_wm": 19.390807664105814,
  "snrd_csf": 12.460097518368919,
  "snrd_gm": 32.91325543839723,
  "snrd_total": 30.652414135911645,
  "snrd_wm": 46.58388945096879,
  "spacing_x": 1.0,
  "spacing_y": 1.0,
  "spacing_z": 1.0,
  "summary_bg_k": 44.57883883265915,
  "summary_bg_mad": 0.0,
  "summary_bg_mean": 6.035710870835493,
  "summary_bg_median": 0.0,
  "summary_bg_n": 389004.0,
  "summary_bg_p05": 0.0,
  "summary_bg_p95": 33.801247738301754,
  "summary_bg_stdv": 14.064141963371837,
  "summary_csf_k": 1.2622411393316568,
  "summary_csf_mad": 84.10275608063915,
  "summary_csf_mean": 271.656164253883,
  "summary_csf_median": 267.4871681313962,
  "summary_csf_n": 54964.0,
  "summary_csf_p05": 117.23068039119244,
  "summary_csf_p95": 443.8243009647354,
  "summary_csf_stdv": 97.71797440063521,
  "summary_gm_k": 0.17089122128284107,
  "summary_gm_mad": 63.261308990203865,
  "summary_gm_mean": 705.1374374799087,
  "summary_gm_median": 706.565376251936,
  "summary_gm_n": 33376.0,
  "summary_gm_p05": 597.4768199482933,
  "summary_gm_p95": 807.2533283382654,
  "summary_gm_stdv": 63.858387872061215,
  "summary_wm_k": 1.1382454650702867,
  "summary_wm_mad": 48.69882686477949,
  "summary_wm_mean": 1002.9450764463529,
  "summary_wm_median": 1000.0397389680147,
  "summary_wm_n": 219270.0,
  "summary_wm_p05": 924.3249440342188,
  "summary_wm_p95": 1090.7861476019025,
  "summary_wm_stdv": 51.57275941797198,
  "tpm_overlap_csf": 0.17017092025689529,
  "tpm_overlap_gm": 0.4529045624594506,
  "tpm_overlap_wm": 0.5013682434807258,
  "wm2max": 0.45484635280073793
}