{
  "aor": 0.0007351724137931034,
  "aqi": 0.0017137361685823753,
  "bids_meta": {
    "AcquisitionDateTime": "2016-05-03T20:46:48.000000",
    "ConversionSoftware": "dcm2niix",
    "ConversionSoftwareVersion": "v1.0.20170411 GCC4.8.4",
    "EchoTime": 0.04,
    "FlipAngle": 90,
    "ImageType": [
      "ORIGINAL",
      "PRIMARY",
      "EPI",
      "NONE"
    ],
    "MagneticFieldStrength": 3,
    "Manufacturer": "GE",
    "ManufacturersModelName": "DISCOVERY_MR750",
    "ProcedureStepDescription": "ActosHabla",
    "ProtocolName": "fMRI_ActosHabla_1",
    "RepetitionTime": 2,
    "ScanningSequence": "EP_GR",
    "SequenceVariant": "SS",
    "SeriesDescription": "fMRI_ActosHabla_1",
    "SliceTiming": [
      0,
      1.0285,
      0.0571001,
      1.0857,
      0.1142,
      1.1428,
      0.1714,
      1.2,
      0.2285,
      1.2571,
      0.2857,
      1.3143,
      0.3428,
      1.3714,
      0.4,
      1.4286,
      0.4571,
      1.4857,
      0.5142,
      1.5428,
      0.5714,
      1.6,
      0.6285,
      1.6571,
      0.6857,
      1.7143,
      0.7428,
      1.7714,
      0.8,
      1.8285,
      0.8571,
      1.8857,
      0.9143,
      1.9428,
      0.9714
    ],
    "TaskName": "sar",
    "dataset": "ds003481",
    "modality": "bold",
    "run_id": 1,
    "subject_id": "004",
    "task_id": "sar"
  },
  "dummy_trs": 0,
  "dvars_nstd": 15.070724006499999,
  "dvars_std": 1.1002470199230776,
  "dvars_vstd": 0.9769685898461536,
  "efc": 0.3348228823121122,
  "fber": 67385.125,
  "fd_mean": 0.07667605876200709,
  "fd_num": 6,
  "fd_perc": 2.2988505747126435,
  "fwhm_avg": 2.7620333333333336,
  "fwhm_x": 2.66295,
  "fwhm_y": 2.9017,
  "fwhm_z": 2.72145,
  "gcor": 0.0410768,
  "gsr_x": -0.010692592710256577,
  "gsr_y": 0.0002357053745072335,
  "provenance": {
    "md5sum": "e23927265bafe6f2f9132c13b4103787",
    "settings": {
      "fd_thres": 0.2,
      "testing": false
    },
    "software": "mriqc",
    "version": "23.0.1",
    "webapi_port": null,
    "webapi_url": "https://mriqc.nimh.nih.gov/api/v1"
  },
  "size_t": 261,
  "size_x": 64,
  "size_y": 64,
  "size_z": 35,
  "snr": 3.4277127039238873,
  "spacing_tr": 2.0,
  "spacing_x": 4.0,
  "spacing_y": 4.0,
  "spacing_z": 4.0,
  "summary_bg_k": 122.64339892183051,
  "summary_bg_mad": 10.80993115328214,
  "summary_bg_mean": 29.894126892089844,
  "summary_bg_median": 7.938697338104248,
  "summary_bg_n": 103763.0,
  "summary_bg_p05": 0.17624521255493164,
  "summary_bg_p95": 122.61646881103513,
  "summary_bg_stdv": 77.53194427490234,
  "summary_fg_k": 1.237522533223916,
  "summary_fg_mad": 448.558115930666,
  "summary_fg_mean": 2038.0426025390625,
  "summary_fg_median": 1924.8466796875,
  "summary_fg_n": 12637.0,
  "summary_fg_p05": 1321.4198730468752,
  "summary_fg_p95": 3155.887939453125,
  "summary_fg_stdv": 561.5320434570312,
  "tsnr": 85.4769135885872
}