{
  "aor": 0.0005956470588235295,
  "aqi": 0.0019228584039215687,
  "bids_meta": {
    "AcquisitionDateTime": "2016-05-03T21:06:42.000000",
    "ConversionSoftware": "dcm2niix",
    "ConversionSoftwareVersion": "v1.0.20170411 GCC4.8.4",
    "EchoTime": 0.04,
    "FlipAngle": 90,
    "ImageType": [
      "ORIGINAL",
      "PRIMARY",
      "EPI",
      "NONE"
    ],
    "MagneticFieldStrength": 3,
    "Manufacturer": "GE",
    "ManufacturersModelName": "DISCOVERY_MR750",
    "ProcedureStepDescription": "ActosHabla",
    "ProtocolName": "fMRI_ActosHabla_3",
    "RepetitionTime": 2,
    "ScanningSequence": "EP_GR",
    "SequenceVariant": "SS",
    "SeriesDescription": "fMRI_ActosHabla_3",
    "SliceTiming": [
      0,
      1.0285,
      0.0571001,
      1.0857,
      0.1142,
      1.1428,
      0.1714,
      1.2,
      0.2285,
      1.2571,
      0.2857,
      1.3143,
      0.3428,
      1.3714,
      0.4,
      1.4286,
      0.4571,
      1.4857,
      0.5142,
      1.5428,
      0.5714,
      1.6,
      0.6285,
      1.6571,
      0.6857,
      1.7143,
      0.7428,
      1.7714,
      0.8,
      1.8285,
      0.8571,
      1.8857,
      0.9143,
      1.9428,
      0.9714
    ],
    "TaskName": "sar",
    "dataset": "ds003481",
    "modality": "bold",
    "run_id": 3,
    "subject_id": "004",
    "task_id": "sar"
  },
  "dummy_trs": 0,
  "dvars_nstd": 16.22682099440946,
  "dvars_std": 1.117486275866141,
  "dvars_vstd": 0.9948523116141731,
  "efc": 0.33625136489759466,
  "fber": 64037.41796875,
  "fd_mean": 0.0990114542740592,
  "fd_num": 10,
  "fd_perc": 3.9215686274509802,
  "fwhm_avg": 2.7848749999999995,
  "fwhm_x": 2.661375,
  "fwhm_y": 2.907,
  "fwhm_z": 2.78625,
  "gcor": 0.0576983,
  "gsr_x": -0.008508454076945782,
  "gsr_y": -0.0004331895033828914,
  "provenance": {
    "md5sum": "b09a19501fffe49164f5eedf4f983843",
    "settings": {
      "fd_thres": 0.2,
      "testing": false
    },
    "software": "mriqc",
    "version": "23.0.1",
    "webapi_port": null,
    "webapi_url": "https://mriqc.nimh.nih.gov/api/v1"
  },
  "size_t": 255,
  "size_x": 64,
  "size_y": 64,
  "size_z": 35,
  "snr": 3.3698712803381765,
  "spacing_tr": 2.0,
  "spacing_x": 4.0,
  "spacing_y": 4.0,
  "spacing_z": 4.0,
  "summary_bg_k": 132.4516329103105,
  "summary_bg_mad": 10.922829103113267,
  "summary_bg_mean": 30.249004364013672,
  "summary_bg_median": 8.02100658416748,
  "summary_bg_n": 103537.0,
  "summary_bg_p05": 0.12777492105960847,
  "summary_bg_p95": 126.85321044921872,
  "summary_bg_stdv": 77.18607330322266,
  "summary_fg_k": 1.251521969418211,
  "summary_fg_mad": 451.88546478164574,
  "summary_fg_mean": 2028.21728515625,
  "summary_fg_median": 1913.8759765625,
  "summary_fg_n": 12727.0,
  "summary_fg_p05": 1300.3678588867188,
  "summary_fg_p95": 3175.2523193359375,
  "summary_fg_stdv": 567.9151000976562,
  "tsnr": 82.67990112304688
}