{
  "aor": 0.011216205357142859,
  "aqi": 0.005538600535714285,
  "bids_meta": {
    "AcquisitionMatrixPE": 64,
    "AcquisitionNumber": 1,
    "AcquisitionTime": "19:21:20.000000",
    "BodyPartExamined": "BRAIN",
    "CoilString": "32Ch_Head",
    "ConversionSoftware": "dcm2niix",
    "ConversionSoftwareVersion": "v1.0.20181125  (JP2:OpenJPEG) GCC7.3.0",
    "DeviceSerialNumber": "0002806034DVR750",
    "EchoTime": 0.04,
    "EffectiveEchoSpacing": 0.000372,
    "FlipAngle": 90,
    "ImageOrientationPatientDICOM": [
      1,
      0,
      0,
      0,
      1,
      0
    ],
    "ImageType": [
      "ORIGINAL",
      "PRIMARY",
      "EPI",
      "NONE"
    ],
    "ImagingFrequency": 127.772,
    "InPlanePhaseEncodingDirectionDICOM": "COL",
    "InstitutionName": "INSTITUTO_DE_NEUROBIOLOGIA",
    "MRAcquisitionType": "2D",
    "MagneticFieldStrength": 3,
    "Manufacturer": "GE",
    "ManufacturersModelName": "DISCOVERY_MR750",
    "Modality": "MR",
    "PatientPosition": "HFS",
    "PercentPhaseFOV": 100,
    "PhaseEncodingDirection": "j",
    "PhaseEncodingPolarityGE": "Flipped",
    "PixelBandwidth": 7812.5,
    "ProcedureStepDescription": "Emociones_Ah",
    "ProtocolName": "fMRI_Jalil_2",
    "ReconMatrixPE": 64,
    "RepetitionTime": 2,
    "SAR": 0.180827,
    "ScanOptions": "EPI_GEMS_ACC_GEMS",
    "ScanningSequence": "EP_GR",
    "SequenceVariant": "SS",
    "SeriesDescription": "fMRI_Jalil_2",
    "SeriesNumber": 7,
    "SliceThickness": 4,
    "SliceTiming": [
      0,
      1.0285,
      0.0571001,
      1.0857,
      0.1142,
      1.1428,
      0.1714,
      1.2,
      0.2285,
      1.2571,
      0.2857,
      1.3143,
      0.3428,
      1.3714,
      0.4,
      1.4286,
      0.4571,
      1.4857,
      0.5142,
      1.5428,
      0.5714,
      1.6,
      0.6285,
      1.6571,
      0.6857,
      1.7143,
      0.7428,
      1.7714,
      0.8,
      1.8285,
      0.8571,
      1.8857,
      0.9143,
      1.9428,
      0.9714
    ],
    "SoftwareVersions": "27_LX_MR_Software_release:DV26.0_R02_1810.b",
    "SpacingBetweenSlices": 4,
    "StationName": "GEHCGEHC",
    "TaskName": "sae",
    "TotalReadoutTime": 0.023436,
    "dataset": "ds003481",
    "modality": "bold",
    "run_id": 2,
    "subject_id": "025",
    "task_id": "sae"
  },
  "dummy_trs": 0,
  "dvars_nstd": 19.08790165878925,
  "dvars_std": 0.983224004394619,
  "dvars_vstd": 0.9337988950672645,
  "efc": 0.3624497523507291,
  "fber": 54021.04296875,
  "fd_mean": 0.19635402527150633,
  "fd_num": 40,
  "fd_perc": 17.857142857142858,
  "fwhm_avg": 2.545335,
  "fwhm_x": 2.527825,
  "fwhm_y": 2.68955,
  "fwhm_z": 2.41863,
  "gcor": 0.0561337,
  "gsr_x": -0.009188416413962841,
  "gsr_y": 0.002768266946077347,
  "provenance": {
    "md5sum": "8ad0abf91bd34c4fca70b811e1f87e7b",
    "settings": {
      "fd_thres": 0.2,
      "testing": false
    },
    "software": "mriqc",
    "version": "23.0.1",
    "webapi_port": null,
    "webapi_url": "https://mriqc.nimh.nih.gov/api/v1"
  },
  "size_t": 224,
  "size_x": 64,
  "size_y": 64,
  "size_z": 35,
  "snr": 3.6177836096072076,
  "spacing_tr": 2.0,
  "spacing_x": 4.0,
  "spacing_y": 4.0,
  "spacing_z": 4.0,
  "summary_bg_k": 69.56427091076449,
  "summary_bg_mad": 11.278367419333197,
  "summary_bg_mean": 49.9149055480957,
  "summary_bg_median": 8.267857551574707,
  "summary_bg_n": 103015.0,
  "summary_bg_p05": 0.299107164144516,
  "summary_bg_p95": 255.78036956787025,
  "summary_bg_stdv": 136.38214111328125,
  "summary_fg_k": 0.44719470276501117,
  "summary_fg_mad": 463.4853068950366,
  "summary_fg_mean": 1874.240234375,
  "summary_fg_median": 1824.7545166015625,
  "summary_fg_n": 12929.0,
  "summary_fg_p05": 1124.37236328125,
  "summary_fg_p95": 2791.3734375,
  "summary_fg_stdv": 504.3651428222656,
  "tsnr": 45.377300664782524
}