{
  "aor": 0.0033291322314049584,
  "aqi": 0.0031439830454545454,
  "bids_meta": {
    "AcquisitionMatrixPE": 64,
    "AcquisitionNumber": 1,
    "AcquisitionTime": "19:12:15.000000",
    "BodyPartExamined": "BRAIN",
    "CoilString": "32Ch_Head",
    "ConversionSoftware": "dcm2niix",
    "ConversionSoftwareVersion": "v1.0.20181125  (JP2:OpenJPEG) GCC7.3.0",
    "DeviceSerialNumber": "0002806034DVR750",
    "EchoTime": 0.04,
    "EffectiveEchoSpacing": 0.000372,
    "FlipAngle": 90,
    "ImageOrientationPatientDICOM": [
      1,
      0,
      0,
      0,
      1,
      0
    ],
    "ImageType": [
      "ORIGINAL",
      "PRIMARY",
      "EPI",
      "NONE"
    ],
    "ImagingFrequency": 127.772,
    "InPlanePhaseEncodingDirectionDICOM": "COL",
    "InstitutionName": "INSTITUTO_DE_NEUROBIOLOGIA",
    "MRAcquisitionType": "2D",
    "MagneticFieldStrength": 3,
    "Manufacturer": "GE",
    "ManufacturersModelName": "DISCOVERY_MR750",
    "Modality": "MR",
    "PatientPosition": "HFS",
    "PercentPhaseFOV": 100,
    "PhaseEncodingDirection": "j",
    "PhaseEncodingPolarityGE": "Flipped",
    "PixelBandwidth": 7812.5,
    "ProcedureStepDescription": "Emociones_Ah",
    "ProtocolName": "fMRI_Jalil_1",
    "ReconMatrixPE": 64,
    "RepetitionTime": 2,
    "SAR": 0.180827,
    "ScanOptions": "EPI_GEMS_ACC_GEMS",
    "ScanningSequence": "EP_GR",
    "SequenceVariant": "SS",
    "SeriesDescription": "fMRI_Jalil_1",
    "SeriesNumber": 6,
    "SliceThickness": 4,
    "SliceTiming": [
      0,
      1.0285,
      0.0571001,
      1.0857,
      0.1142,
      1.1428,
      0.1714,
      1.2,
      0.2285,
      1.2571,
      0.2857,
      1.3143,
      0.3428,
      1.3714,
      0.4,
      1.4286,
      0.4571,
      1.4857,
      0.5142,
      1.5428,
      0.5714,
      1.6,
      0.6285,
      1.6571,
      0.6857,
      1.7143,
      0.7428,
      1.7714,
      0.8,
      1.8285,
      0.8571,
      1.8857,
      0.9143,
      1.9428,
      0.9714
    ],
    "SoftwareVersions": "27_LX_MR_Software_release:DV26.0_R02_1810.b",
    "SpacingBetweenSlices": 4,
    "StationName": "GEHCGEHC",
    "TaskName": "sae",
    "TotalReadoutTime": 0.023436,
    "dataset": "ds003481",
    "modality": "bold",
    "run_id": 1,
    "subject_id": "025",
    "task_id": "sae"
  },
  "dummy_trs": 0,
  "dvars_nstd": 15.016633623568461,
  "dvars_std": 1.0625864392531115,
  "dvars_vstd": 0.9725312926556015,
  "efc": 0.36059636632088327,
  "fber": 54218.37890625,
  "fd_mean": 0.11345131499216915,
  "fd_num": 22,
  "fd_perc": 9.090909090909092,
  "fwhm_avg": 2.5192216666666667,
  "fwhm_x": 2.514325,
  "fwhm_y": 2.659175,
  "fwhm_z": 2.384165,
  "gcor": 0.0429816,
  "gsr_x": -0.009373551234602928,
  "gsr_y": 0.0028381342999637127,
  "provenance": {
    "md5sum": "fbe73521b0d89677f7f1570913f343f2",
    "settings": {
      "fd_thres": 0.2,
      "testing": false
    },
    "software": "mriqc",
    "version": "23.0.1",
    "webapi_port": null,
    "webapi_url": "https://mriqc.nimh.nih.gov/api/v1"
  },
  "size_t": 242,
  "size_x": 64,
  "size_y": 64,
  "size_z": 35,
  "snr": 3.6217691687740663,
  "spacing_tr": 2.0,
  "spacing_x": 4.0,
  "spacing_y": 4.0,
  "spacing_z": 4.0,
  "summary_bg_k": 76.99512981956144,
  "summary_bg_mad": 11.211412932994392,
  "summary_bg_mean": 48.09804153442383,
  "summary_bg_median": 8.177685737609863,
  "summary_bg_n": 103069.0,
  "summary_bg_p05": 0.21487602591514587,
  "summary_bg_p95": 247.49255065917907,
  "summary_bg_stdv": 131.9837188720703,
  "summary_fg_k": 0.29740324838057486,
  "summary_fg_mad": 464.5322861228265,
  "summary_fg_mean": 1851.8736572265625,
  "summary_fg_median": 1810.751953125,
  "summary_fg_n": 12819.0,
  "summary_fg_p05": 1088.4590576171875,
  "summary_fg_p95": 2740.8171875,
  "summary_fg_stdv": 499.9438781738281,
  "tsnr": 70.37463023117743
}