{
  "aor": 0.002938466666666666,
  "aqi": 0.003403696486666667,
  "bids_meta": {
    "AcquisitionMatrixPE": 64,
    "AcquisitionNumber": 1,
    "AcquisitionTime": "19:40:15.000000",
    "BodyPartExamined": "BRAIN",
    "CoilString": "32Ch_Head",
    "ConversionSoftware": "dcm2niix",
    "ConversionSoftwareVersion": "v1.0.20181125  (JP2:OpenJPEG) GCC7.3.0",
    "DeviceSerialNumber": "0002806034DVR750",
    "EchoTime": 0.04,
    "EffectiveEchoSpacing": 0.000372,
    "FlipAngle": 90,
    "ImageOrientationPatientDICOM": [
      1,
      0,
      0,
      0,
      1,
      0
    ],
    "ImageType": [
      "ORIGINAL",
      "PRIMARY",
      "EPI",
      "NONE"
    ],
    "ImagingFrequency": 127.772,
    "InPlanePhaseEncodingDirectionDICOM": "COL",
    "InstitutionName": "INSTITUTO_DE_NEUROBIOLOGIA",
    "MRAcquisitionType": "2D",
    "MagneticFieldStrength": 3,
    "Manufacturer": "GE",
    "ManufacturersModelName": "DISCOVERY_MR750",
    "Modality": "MR",
    "PatientPosition": "HFS",
    "PercentPhaseFOV": 100,
    "PhaseEncodingDirection": "j",
    "PhaseEncodingPolarityGE": "Flipped",
    "PixelBandwidth": 7812.5,
    "ProcedureStepDescription": "Emociones_Ah",
    "ProtocolName": "fMRI_Jalil_4",
    "ReconMatrixPE": 64,
    "RepetitionTime": 2,
    "SAR": 0.180827,
    "ScanOptions": "EPI_GEMS_ACC_GEMS",
    "ScanningSequence": "EP_GR",
    "SequenceVariant": "SS",
    "SeriesDescription": "fMRI_Jalil_4",
    "SeriesNumber": 9,
    "SliceThickness": 4,
    "SliceTiming": [
      0,
      1.0285,
      0.0571001,
      1.0857,
      0.1142,
      1.1428,
      0.1714,
      1.2,
      0.2285,
      1.2571,
      0.2857,
      1.3143,
      0.3428,
      1.3714,
      0.4,
      1.4286,
      0.4571,
      1.4857,
      0.5142,
      1.5428,
      0.5714,
      1.6,
      0.6285,
      1.6571,
      0.6857,
      1.7143,
      0.7428,
      1.7714,
      0.8,
      1.8285,
      0.8571,
      1.8857,
      0.9143,
      1.9428,
      0.9714
    ],
    "SoftwareVersions": "27_LX_MR_Software_release:DV26.0_R02_1810.b",
    "SpacingBetweenSlices": 4,
    "StationName": "GEHCGEHC",
    "TaskName": "ec",
    "TotalReadoutTime": 0.023436,
    "dataset": "ds003481",
    "modality": "bold",
    "run_id": 4,
    "subject_id": "025",
    "task_id": "ec"
  },
  "dummy_trs": 0,
  "dvars_nstd": 13.546438633422817,
  "dvars_std": 1.010631230872483,
  "dvars_vstd": 0.9472832212751677,
  "efc": 0.3627640038564563,
  "fber": 53243.5546875,
  "fd_mean": 0.09641308421886474,
  "fd_num": 11,
  "fd_perc": 7.333333333333333,
  "fwhm_avg": 2.5391366666666664,
  "fwhm_x": 2.537875,
  "fwhm_y": 2.667475,
  "fwhm_z": 2.41206,
  "gcor": 0.0303928,
  "gsr_x": -0.008692882023751736,
  "gsr_y": 0.0022695125080645084,
  "provenance": {
    "md5sum": "e81a24ac96c23f57c2dfa99cc12f32a3",
    "settings": {
      "fd_thres": 0.2,
      "testing": false
    },
    "software": "mriqc",
    "version": "23.0.1",
    "webapi_port": null,
    "webapi_url": "https://mriqc.nimh.nih.gov/api/v1"
  },
  "size_t": 150,
  "size_x": 64,
  "size_y": 64,
  "size_z": 35,
  "snr": 3.5946518621969257,
  "spacing_tr": 2.0,
  "spacing_x": 4.0,
  "spacing_y": 4.0,
  "spacing_z": 4.0,
  "summary_bg_k": 65.26374179856012,
  "summary_bg_mad": 11.425921953882831,
  "summary_bg_mean": 50.128013610839844,
  "summary_bg_median": 8.360000610351562,
  "summary_bg_n": 102942.0,
  "summary_bg_p05": 0.2866666615009308,
  "summary_bg_p95": 259.0730010986328,
  "summary_bg_stdv": 137.07470703125,
  "summary_fg_k": 0.5627583332862813,
  "summary_fg_mad": 459.4583732203712,
  "summary_fg_mean": 1890.530029296875,
  "summary_fg_median": 1832.130126953125,
  "summary_fg_n": 12970.0,
  "summary_fg_p05": 1150.2990112304688,
  "summary_fg_p95": 2823.300061035156,
  "summary_fg_stdv": 509.6625671386719,
  "tsnr": 71.86041003384162
}