{
  "aor": 0.011780266666666667,
  "aqi": 0.0082720409,
  "bids_meta": {
    "AcquisitionMatrixPE": 64,
    "AcquisitionNumber": 1,
    "AcquisitionTime": "18:54:53.000000",
    "BodyPartExamined": "BRAIN",
    "CoilString": "32Ch_Head",
    "ConversionSoftware": "dcm2niix",
    "ConversionSoftwareVersion": "v1.0.20181125  (JP2:OpenJPEG) GCC7.3.0",
    "DeviceSerialNumber": "0002806034DVR750",
    "EchoTime": 0.04,
    "EffectiveEchoSpacing": 0.000372,
    "FlipAngle": 90,
    "ImageOrientationPatientDICOM": [
      1,
      0,
      0,
      0,
      1,
      0
    ],
    "ImageType": [
      "ORIGINAL",
      "PRIMARY",
      "EPI",
      "NONE"
    ],
    "ImagingFrequency": 127.772,
    "InPlanePhaseEncodingDirectionDICOM": "COL",
    "InstitutionName": "INSTITUTO_DE_NEUROBIOLOGIA",
    "MRAcquisitionType": "2D",
    "MagneticFieldStrength": 3,
    "Manufacturer": "GE",
    "ManufacturersModelName": "DISCOVERY_MR750",
    "Modality": "MR",
    "PatientPosition": "HFS",
    "PercentPhaseFOV": 100,
    "PhaseEncodingDirection": "j",
    "PhaseEncodingPolarityGE": "Flipped",
    "PixelBandwidth": 7812.5,
    "ProcedureStepDescription": "Emociones_Ah",
    "ProtocolName": "fMRI_RestState",
    "ReconMatrixPE": 64,
    "RepetitionTime": 2,
    "SAR": 0.180827,
    "ScanOptions": "EPI_GEMS_ACC_GEMS",
    "ScanningSequence": "EP_GR",
    "SequenceVariant": "SS",
    "SeriesDescription": "fMRI_RestState",
    "SeriesNumber": 3,
    "SliceThickness": 4,
    "SliceTiming": [
      0,
      1.0285,
      0.0571001,
      1.0857,
      0.1142,
      1.1428,
      0.1714,
      1.2,
      0.2285,
      1.2571,
      0.2857,
      1.3143,
      0.3428,
      1.3714,
      0.4,
      1.4286,
      0.4571,
      1.4857,
      0.5142,
      1.5428,
      0.5714,
      1.6,
      0.6285,
      1.6571,
      0.6857,
      1.7143,
      0.7428,
      1.7714,
      0.8,
      1.8285,
      0.8571,
      1.8857,
      0.9143,
      1.9428,
      0.9714
    ],
    "SoftwareVersions": "27_LX_MR_Software_release:DV26.0_R02_1810.b",
    "SpacingBetweenSlices": 4,
    "StationName": "GEHCGEHC",
    "TaskName": "rest",
    "TotalReadoutTime": 0.023436,
    "dataset": "ds003481",
    "modality": "bold",
    "subject_id": "025",
    "task_id": "rest"
  },
  "dummy_trs": 0,
  "dvars_nstd": 16.365837422742484,
  "dvars_std": 1.0650814392642136,
  "dvars_vstd": 0.9983496896989966,
  "efc": 0.36209515022394345,
  "fber": 53206.9453125,
  "fd_mean": 0.17724820038941574,
  "fd_num": 79,
  "fd_perc": 26.333333333333332,
  "fwhm_avg": 2.5206424999999997,
  "fwhm_x": 2.4711575,
  "fwhm_y": 2.685125,
  "fwhm_z": 2.405645,
  "gcor": 0.0314763,
  "gsr_x": -0.01071593351662159,
  "gsr_y": 0.007552855648100376,
  "provenance": {
    "md5sum": "1d6e333d38b8b6bf3afabaa41f223ada",
    "settings": {
      "fd_thres": 0.2,
      "testing": false
    },
    "software": "mriqc",
    "version": "23.0.1",
    "webapi_port": null,
    "webapi_url": "https://mriqc.nimh.nih.gov/api/v1"
  },
  "size_t": 300,
  "size_x": 64,
  "size_y": 64,
  "size_z": 35,
  "snr": 3.7067020115662577,
  "spacing_tr": 2.0,
  "spacing_x": 4.0,
  "spacing_y": 4.0,
  "spacing_z": 4.0,
  "summary_bg_k": 99.5989791516417,
  "summary_bg_mad": 11.490167988748222,
  "summary_bg_mean": 49.35438537597656,
  "summary_bg_median": 8.413333892822266,
  "summary_bg_n": 102935.0,
  "summary_bg_p05": 0.29333335161209106,
  "summary_bg_p95": 239.51533966064406,
  "summary_bg_stdv": 141.4726104736328,
  "summary_fg_k": 0.1708097239384454,
  "summary_fg_mad": 471.0598441692072,
  "summary_fg_mean": 1873.6546630859375,
  "summary_fg_median": 1834.40673828125,
  "summary_fg_n": 12998.0,
  "summary_fg_p05": 1114.6775695800782,
  "summary_fg_p95": 2751.426318359375,
  "summary_fg_stdv": 494.8701477050781,
  "tsnr": 43.409764864714816
}