{
  "aor": 0.00831708661417323,
  "aqi": 0.006206271811023623,
  "bids_meta": {
    "AcquisitionMatrixPE": 64,
    "AcquisitionNumber": 1,
    "AcquisitionTime": "19:30:16.000000",
    "BodyPartExamined": "BRAIN",
    "CoilString": "32Ch_Head",
    "ConversionSoftware": "dcm2niix",
    "ConversionSoftwareVersion": "v1.0.20181125  (JP2:OpenJPEG) GCC7.3.0",
    "DeviceSerialNumber": "0002806034DVR750",
    "EchoTime": 0.04,
    "EffectiveEchoSpacing": 0.000372,
    "FlipAngle": 90,
    "ImageOrientationPatientDICOM": [
      1,
      0,
      0,
      0,
      1,
      0
    ],
    "ImageType": [
      "ORIGINAL",
      "PRIMARY",
      "EPI",
      "NONE"
    ],
    "ImagingFrequency": 127.772,
    "InPlanePhaseEncodingDirectionDICOM": "COL",
    "InstitutionName": "INSTITUTO_DE_NEUROBIOLOGIA",
    "MRAcquisitionType": "2D",
    "MagneticFieldStrength": 3,
    "Manufacturer": "GE",
    "ManufacturersModelName": "DISCOVERY_MR750",
    "Modality": "MR",
    "PatientPosition": "HFS",
    "PercentPhaseFOV": 100,
    "PhaseEncodingDirection": "j",
    "PhaseEncodingPolarityGE": "Flipped",
    "PixelBandwidth": 7812.5,
    "ProcedureStepDescription": "Emociones_Ah",
    "ProtocolName": "fMRI_Jalil_3",
    "ReconMatrixPE": 64,
    "RepetitionTime": 2,
    "SAR": 0.180827,
    "ScanOptions": "EPI_GEMS_ACC_GEMS",
    "ScanningSequence": "EP_GR",
    "SequenceVariant": "SS",
    "SeriesDescription": "fMRI_Jalil_3",
    "SeriesNumber": 8,
    "SliceThickness": 4,
    "SliceTiming": [
      0,
      1.0285,
      0.0571001,
      1.0857,
      0.1142,
      1.1428,
      0.1714,
      1.2,
      0.2285,
      1.2571,
      0.2857,
      1.3143,
      0.3428,
      1.3714,
      0.4,
      1.4286,
      0.4571,
      1.4857,
      0.5142,
      1.5428,
      0.5714,
      1.6,
      0.6285,
      1.6571,
      0.6857,
      1.7143,
      0.7428,
      1.7714,
      0.8,
      1.8285,
      0.8571,
      1.8857,
      0.9143,
      1.9428,
      0.9714
    ],
    "SoftwareVersions": "27_LX_MR_Software_release:DV26.0_R02_1810.b",
    "SpacingBetweenSlices": 4,
    "StationName": "GEHCGEHC",
    "TaskName": "sae",
    "TotalReadoutTime": 0.023436,
    "dataset": "ds003481",
    "modality": "bold",
    "run_id": 3,
    "subject_id": "025",
    "task_id": "sae"
  },
  "dummy_trs": 0,
  "dvars_nstd": 16.474084213596836,
  "dvars_std": 0.9956228505928854,
  "dvars_vstd": 0.9462030289328063,
  "efc": 0.36299502881201895,
  "fber": 52421.2578125,
  "fd_mean": 0.1650221978265531,
  "fd_num": 48,
  "fd_perc": 18.89763779527559,
  "fwhm_avg": 2.533335833333333,
  "fwhm_x": 2.50075,
  "fwhm_y": 2.654575,
  "fwhm_z": 2.4446825,
  "gcor": 0.0334136,
  "gsr_x": -0.008464592508971691,
  "gsr_y": 0.00418064184486866,
  "provenance": {
    "md5sum": "d05660bd611f1fa4c7bc47501167e2e5",
    "settings": {
      "fd_thres": 0.2,
      "testing": false
    },
    "software": "mriqc",
    "version": "23.0.1",
    "webapi_port": null,
    "webapi_url": "https://mriqc.nimh.nih.gov/api/v1"
  },
  "size_t": 254,
  "size_x": 64,
  "size_y": 64,
  "size_z": 35,
  "snr": 3.5598122189969095,
  "spacing_tr": 2.0,
  "spacing_x": 4.0,
  "spacing_y": 4.0,
  "spacing_z": 4.0,
  "summary_bg_k": 74.22298285090847,
  "summary_bg_mad": 11.528107164690956,
  "summary_bg_mean": 50.06754684448242,
  "summary_bg_median": 8.444881439208984,
  "summary_bg_n": 102928.0,
  "summary_bg_p05": 0.26771652698516846,
  "summary_bg_p95": 254.98661499023427,
  "summary_bg_stdv": 135.37355041503906,
  "summary_fg_k": 0.5851384892463098,
  "summary_fg_mad": 459.34688848323754,
  "summary_fg_mean": 1872.3973388671875,
  "summary_fg_median": 1811.94873046875,
  "summary_fg_n": 12916.0,
  "summary_fg_p05": 1132.4861755371094,
  "summary_fg_p95": 2805.025634765625,
  "summary_fg_stdv": 508.98150634765625,
  "tsnr": 47.883039655396715
}