{
  "aor": 0.0031743333333333337,
  "aqi": 0.007087614533333334,
  "bids_meta": {
    "AcquisitionDateTime": "2016-10-08T11:14:55.000000",
    "ConversionSoftware": "dcm2niix",
    "ConversionSoftwareVersion": "v1.0.20170411 GCC4.8.4",
    "EchoTime": 0.04,
    "FlipAngle": 90,
    "ImageType": [
      "ORIGINAL",
      "PRIMARY",
      "EPI",
      "NONE"
    ],
    "MagneticFieldStrength": 3,
    "Manufacturer": "GE",
    "ManufacturersModelName": "DISCOVERY_MR750",
    "ProcedureStepDescription": "MeditResp",
    "ProtocolName": "fMRI_RestSt",
    "RepetitionTime": 2,
    "ScanningSequence": "EP_GR",
    "SequenceVariant": "SS",
    "SeriesDescription": "fMRI_RestSt",
    "SliceTiming": [
      1.0285,
      0.0571001,
      1.0857,
      0.1142,
      1.1428,
      0.1714,
      1.2,
      0.2285,
      1.2571,
      0.2857,
      1.3143,
      0.3428,
      1.3714,
      0.4,
      1.4286,
      0.4571,
      1.4857,
      0.5142,
      1.5428,
      0.5714,
      1.6,
      0.6285,
      1.6571,
      0.6857,
      1.7143,
      0.7428,
      1.7714,
      0.8,
      1.8285,
      0.8571,
      1.8857,
      0.9143,
      1.9428,
      0.9714
    ],
    "TaskName": "rest",
    "dataset": "ds003481",
    "modality": "bold",
    "subject_id": "118",
    "task_id": "rest"
  },
  "dummy_trs": 0,
  "dvars_nstd": 32.15837702545149,
  "dvars_std": 1.138024384381271,
  "dvars_vstd": 0.9951760343812706,
  "efc": 0.30305233118196745,
  "fber": 59989.1015625,
  "fd_mean": 0.1039524355969411,
  "fd_num": 8,
  "fd_perc": 2.6666666666666665,
  "fwhm_avg": 2.378561513944901,
  "fwhm_x": 2.556525,
  "fwhm_y": 2.657475,
  "fwhm_z": 1.9216845418347022,
  "gcor": 0.0220703,
  "gsr_x": -0.005649390630424023,
  "gsr_y": 0.014516198076307774,
  "provenance": {
    "md5sum": "14b762413187afb8fd251944be4727b9",
    "settings": {
      "fd_thres": 0.2,
      "testing": false
    },
    "software": "mriqc",
    "version": "23.0.1",
    "webapi_port": null,
    "webapi_url": "https://mriqc.nimh.nih.gov/api/v1"
  },
  "size_t": 300,
  "size_x": 64,
  "size_y": 64,
  "size_z": 34,
  "snr": 4.063422384011561,
  "spacing_tr": 2.0,
  "spacing_x": 4.0,
  "spacing_y": 4.0,
  "spacing_z": 4.000000953674316,
  "summary_bg_k": 136.65733260846687,
  "summary_bg_mad": 6.938578437395604,
  "summary_bg_mean": 23.13956069946289,
  "summary_bg_median": 4.960000038146973,
  "summary_bg_n": 107643.0,
  "summary_bg_p05": 0.0,
  "summary_bg_p95": 105.63133850097644,
  "summary_bg_stdv": 68.92200469970703,
  "summary_fg_k": -0.39513085377525003,
  "summary_fg_mad": 301.8132992346593,
  "summary_fg_mean": 1125.82568359375,
  "summary_fg_median": 1110.5816650390625,
  "summary_fg_n": 7462.0,
  "summary_fg_p05": 720.26337890625,
  "summary_fg_p95": 1587.2930664062499,
  "summary_fg_stdv": 273.2935791015625,
  "tsnr": 44.96547622838989
}