{
  "bids_meta": {
    "AcquisitionDateTime": "2017-01-09T19:27:47.000000",
    "ConversionSoftware": "dcm2niix",
    "ConversionSoftwareVersion": "v1.0.20170411 GCC4.8.4",
    "EchoTime": 0.00318,
    "FlipAngle": 12,
    "ImageType": [
      "ORIGINAL",
      "PRIMARY",
      "OTHER"
    ],
    "InversionTime": 0.45,
    "MagneticFieldStrength": 3,
    "Manufacturer": "GE",
    "ManufacturersModelName": "DISCOVERY_MR750",
    "ProcedureStepDescription": "CompRefranes",
    "ProtocolName": "PU:Sag_T1_FSPGR_BRAVO",
    "RepetitionTime": 0.008156,
    "ScanningSequence": "GR",
    "SequenceVariant": "SS_SP_SK",
    "SeriesDescription": "PU:Sag_T1_FSPGR_BRAVO",
    "dataset": "ds003481",
    "modality": "T1w",
    "subject_id": "056"
  },
  "cjv": 0.4072659473711229,
  "cnr": 3.3458528128724376,
  "efc": 0.7078584137806008,
  "fber": 9513.751479289942,
  "fwhm_avg": 3.8381866666666666,
  "fwhm_x": 3.66151,
  "fwhm_y": 4.14584,
  "fwhm_z": 3.70721,
  "icvs_csf": 0.23563942350671432,
  "icvs_gm": 0.37761152426447464,
  "icvs_wm": 0.386749052228811,
  "inu_med": 0.6085256636142731,
  "inu_range": 0.14999558627605447,
  "provenance": {
    "md5sum": "a1671070c533abfb912f298dee0f0905",
    "settings": {
      "testing": false
    },
    "software": "mriqc",
    "version": "23.0.1",
    "warnings": {
      "large_rot_frame": true,
      "small_air_mask": false
    },
    "webapi_port": null,
    "webapi_url": "https://mriqc.nimh.nih.gov/api/v1"
  },
  "qi_1": 0.0,
  "qi_2": 0.0029216890802072314,
  "rpve_csf": 23.232127359294015,
  "rpve_gm": 13.54310249300878,
  "rpve_wm": 15.83753877500737,
  "size_x": 176,
  "size_y": 256,
  "size_z": 256,
  "snr_csf": 2.4060334565976333,
  "snr_gm": 10.935385177860283,
  "snr_total": 10.741578282682317,
  "snr_wm": 18.883316213589037,
  "snrd_csf": 11.555672665491068,
  "snrd_gm": 32.876675801130425,
  "snrd_total": 30.14690969961555,
  "snrd_wm": 46.00838063222515,
  "spacing_x": 1.0,
  "spacing_y": 1.0,
  "spacing_z": 1.0,
  "summary_bg_k": 7.735901611739866,
  "summary_bg_mad": 0.0,
  "summary_bg_mean": 8.22984635997193,
  "summary_bg_median": 0.0,
  "summary_bg_n": 459750.0,
  "summary_bg_p05": 0.0,
  "summary_bg_p95": 37.96685715392232,
  "summary_bg_stdv": 14.240088715277471,
  "summary_csf_k": 0.5971575893044112,
  "summary_csf_mad": 97.17773850953738,
  "summary_csf_mean": 257.9910147491586,
  "summary_csf_median": 251.17487582936883,
  "summary_csf_n": 57321.0,
  "summary_csf_p05": 97.24627147242427,
  "summary_csf_p95": 445.58497174456716,
  "summary_csf_stdv": 104.39284798022659,
  "summary_gm_k": 0.016391757487788094,
  "summary_gm_mad": 65.88528434797566,
  "summary_gm_mean": 712.9039346228,
  "summary_gm_median": 714.6096294932067,
  "summary_gm_n": 22275.0,
  "summary_gm_p05": 603.4998899850995,
  "summary_gm_p95": 817.2685484621674,
  "summary_gm_stdv": 65.34690612816681,
  "summary_wm_k": 0.7059901973944718,
  "summary_wm_mad": 50.36129341626339,
  "summary_wm_mean": 1003.6430321918257,
  "summary_wm_median": 1000.0412461422384,
  "summary_wm_n": 206364.0,
  "summary_wm_p05": 924.0250848047435,
  "summary_wm_p95": 1096.1332591995597,
  "summary_wm_stdv": 52.95885594588986,
  "tpm_overlap_csf": 0.1520848404905507,
  "tpm_overlap_gm": 0.432030851886418,
  "tpm_overlap_wm": 0.47502588025202525,
  "wm2max": 0.40756358993313396
}