{
  "bids_meta": {
    "AcquisitionMatrixPE": 256,
    "AcquisitionNumber": 1,
    "AcquisitionTime": "19:05:37.000000",
    "BodyPartExamined": "HEAD",
    "CoilString": "32Ch_Head",
    "ConversionSoftware": "dcm2niix",
    "ConversionSoftwareVersion": "v1.0.20181125  (JP2:OpenJPEG) GCC7.3.0",
    "DeviceSerialNumber": "0002806034DVR750",
    "EchoTime": 0.003192,
    "FlipAngle": 12,
    "ImageOrientationPatientDICOM": [
      0,
      1,
      0,
      0,
      0,
      -1
    ],
    "ImageType": [
      "ORIGINAL",
      "PRIMARY",
      "OTHER"
    ],
    "ImagingFrequency": 127.772,
    "InPlanePhaseEncodingDirectionDICOM": "ROW",
    "InstitutionName": "INSTITUTO_DE_NEUROBIOLOGIA",
    "InversionTime": 0.45,
    "MRAcquisitionType": "3D",
    "MagneticFieldStrength": 3,
    "Manufacturer": "GE",
    "ManufacturersModelName": "DISCOVERY_MR750",
    "Modality": "MR",
    "PatientPosition": "HFS",
    "PercentPhaseFOV": 100,
    "PixelBandwidth": 244.141,
    "ProcedureStepDescription": "Emociones_AH",
    "ProtocolName": "Sag_T1_FSPGR_BRAVO",
    "ReconMatrixPE": 256,
    "RepetitionTime": 0.008184,
    "SAR": 0.139069,
    "ScanOptions": "FAST_GEMS_EDR_GEMS_FILTERED_GEMS_ACC_GEMS_IR_GEMS",
    "ScanningSequence": "GR",
    "SequenceVariant": "SS_SP_SK",
    "SeriesDescription": "Sag_T1_FSPGR_BRAVO",
    "SeriesNumber": 9,
    "SliceThickness": 1,
    "SoftwareVersions": "27_LX_MR_Software_release:DV26.0_R02_1810.b",
    "SpacingBetweenSlices": 1,
    "StationName": "GEHCGEHC",
    "dataset": "ds003481",
    "modality": "T1w",
    "subject_id": "027"
  },
  "cjv": 0.3312928959865273,
  "cnr": 4.104958279762059,
  "efc": 0.6408153987209506,
  "fber": 16868.216396666838,
  "fwhm_avg": 3.987133333333333,
  "fwhm_x": 3.94713,
  "fwhm_y": 4.22447,
  "fwhm_z": 3.7898,
  "icvs_csf": 0.21338362120149088,
  "icvs_gm": 0.4470225765588588,
  "icvs_wm": 0.3395938022396503,
  "inu_med": 0.45212578773498535,
  "inu_range": 0.12304417192935946,
  "provenance": {
    "md5sum": "ae80dc75c518ec4a37fc279c3b0865b5",
    "settings": {
      "testing": false
    },
    "software": "mriqc",
    "version": "23.0.1",
    "warnings": {
      "large_rot_frame": true,
      "small_air_mask": false
    },
    "webapi_port": null,
    "webapi_url": "https://mriqc.nimh.nih.gov/api/v1"
  },
  "qi_1": 2.8154053253153133e-05,
  "qi_2": 0.0017558162612069158,
  "rpve_csf": 22.272747790253575,
  "rpve_gm": 11.334260958002632,
  "rpve_wm": 16.86304310379096,
  "size_x": 176,
  "size_y": 256,
  "size_z": 256,
  "snr_csf": 2.7896430264312886,
  "snr_gm": 10.906518473969518,
  "snr_total": 11.786402704018885,
  "snr_wm": 21.663046611655847,
  "snrd_csf": 16.299016109288843,
  "snrd_gm": 39.59378524751602,
  "snrd_total": 38.078533507066105,
  "snrd_wm": 58.34279916439345,
  "spacing_x": 1.0,
  "spacing_y": 1.0,
  "spacing_z": 1.0,
  "summary_bg_k": 21.633481707633813,
  "summary_bg_mad": 0.0,
  "summary_bg_mean": 7.0361716952865505,
  "summary_bg_median": 0.0,
  "summary_bg_n": 1825015.0,
  "summary_bg_p05": 0.0,
  "summary_bg_p95": 28.798207562416792,
  "summary_bg_stdv": 11.229086987867763,
  "summary_csf_k": 0.8222578546288966,
  "summary_csf_mad": 88.63628364788539,
  "summary_csf_mean": 285.34455608599933,
  "summary_csf_median": 279.366357460618,
  "summary_csf_n": 50168.0,
  "summary_csf_p05": 129.2476445058361,
  "summary_csf_p95": 462.18409525658916,
  "summary_csf_stdv": 100.14312601703243,
  "summary_gm_k": 0.013859365639999233,
  "summary_gm_mad": 62.208841346061966,
  "summary_gm_mean": 678.8338976092633,
  "summary_gm_median": 678.6404460556805,
  "summary_gm_n": 54013.0,
  "summary_gm_p05": 576.9681876957417,
  "summary_gm_p95": 781.7034305758772,
  "summary_gm_stdv": 62.22280422949258,
  "summary_wm_k": 0.4518825480268984,
  "summary_wm_mad": 44.25527921142646,
  "summary_wm_mean": 1000.6121412822777,
  "summary_wm_median": 999.9999495260417,
  "summary_wm_n": 228251.0,
  "summary_wm_p05": 925.799620853737,
  "summary_wm_p95": 1077.032610744238,
  "summary_wm_stdv": 46.16145535202771,
  "tpm_overlap_csf": 0.14994771610023008,
  "tpm_overlap_gm": 0.4612768145668056,
  "tpm_overlap_wm": 0.49618023411725637,
  "wm2max": 0.544884945938453
}