{
  "aor": 0.00108088,
  "aqi": 0.001011968032,
  "bids_meta": {
    "AcquisitionDateTime": "2017-07-05T18:09:2.000000",
    "ConversionSoftware": "dcm2niix",
    "ConversionSoftwareVersion": "v1.0.20170411 GCC4.8.4",
    "EchoTime": 0.035,
    "FlipAngle": 90,
    "ImageType": [
      "ORIGINAL",
      "PRIMARY",
      "EPI",
      "NONE"
    ],
    "MagneticFieldStrength": 3,
    "Manufacturer": "GE",
    "ManufacturersModelName": "DISCOVERY_MR750",
    "ProcedureStepDescription": "CompMet",
    "ProtocolName": "fMRI_CompMet",
    "RepetitionTime": 2,
    "ScanningSequence": "EP_GR",
    "SequenceVariant": "SS",
    "SeriesDescription": "fMRI_CompMet",
    "SliceTiming": [
      1.0285,
      0.0571001,
      1.0857,
      0.1142,
      1.1428,
      0.1714,
      1.2,
      0.2285,
      1.2571,
      0.2857,
      1.3143,
      0.3428,
      1.3714,
      0.4,
      1.4286,
      0.4571,
      1.4857,
      0.5142,
      1.5428,
      0.5714,
      1.6,
      0.6285,
      1.6571,
      0.6857,
      1.7143,
      0.7428,
      1.7714,
      0.8,
      1.8285,
      0.8571,
      1.8857,
      0.9143,
      1.9428,
      0.9714
    ],
    "TaskName": "cmp",
    "dataset": "ds003481",
    "modality": "bold",
    "run_id": 1,
    "subject_id": "065",
    "task_id": "cmp"
  },
  "dummy_trs": 0,
  "dvars_nstd": 14.471072598875512,
  "dvars_std": 1.1514354553815263,
  "dvars_vstd": 1.0017303658634544,
  "efc": 0.3287944898208401,
  "fber": 114635.171875,
  "fd_mean": 0.07613061186785391,
  "fd_num": 10,
  "fd_perc": 4.0,
  "fwhm_avg": 3.1080083333333337,
  "fwhm_x": 2.9874,
  "fwhm_y": 3.169925,
  "fwhm_z": 3.1667,
  "gcor": 0.0696303,
  "gsr_x": -0.017664102837443352,
  "gsr_y": 0.001435303594917059,
  "provenance": {
    "md5sum": "83b4842440ea796732810a4d45f7b875",
    "settings": {
      "fd_thres": 0.2,
      "testing": false
    },
    "software": "mriqc",
    "version": "23.0.1",
    "webapi_port": null,
    "webapi_url": "https://mriqc.nimh.nih.gov/api/v1"
  },
  "size_t": 250,
  "size_x": 64,
  "size_y": 64,
  "size_z": 34,
  "snr": 2.965594923188402,
  "spacing_tr": 2.0,
  "spacing_x": 4.0,
  "spacing_y": 4.0,
  "spacing_z": 4.0,
  "summary_bg_k": 63.65786033771073,
  "summary_bg_mad": 8.812587860390751,
  "summary_bg_mean": 35.826210021972656,
  "summary_bg_median": 6.556000232696533,
  "summary_bg_n": 101180.0,
  "summary_bg_p05": 0.2200000137090683,
  "summary_bg_p95": 168.85620269775387,
  "summary_bg_stdv": 105.0555648803711,
  "summary_fg_k": 1.9555307977736218,
  "summary_fg_mad": 492.7400963982517,
  "summary_fg_mean": 2211.98095703125,
  "summary_fg_median": 2047.580078125,
  "summary_fg_n": 11851.0,
  "summary_fg_p05": 1363.9120483398438,
  "summary_fg_p95": 3602.9361572265625,
  "summary_fg_stdv": 690.4158325195312,
  "tsnr": 99.38394459430128
}