{
  "aor": 0.0018647126436781615,
  "aqi": 0.0024237370114942526,
  "bids_meta": {
    "AcquisitionMatrixPE": 64,
    "AcquisitionNumber": 1,
    "AcquisitionTime": "20:18:2.000000",
    "CoilString": "32Ch_Head",
    "ConversionSoftware": "dcm2niix",
    "ConversionSoftwareVersion": "v1.0.20190902",
    "Dcm2bidsVersion": "2.1.4",
    "DeviceSerialNumber": "000000000000GEHC",
    "EchoTime": 0.04,
    "EffectiveEchoSpacing": 0.000372,
    "FlipAngle": 90,
    "ImageOrientationPatientDICOM": [
      1,
      0,
      0,
      0,
      1,
      0
    ],
    "ImageType": [
      "ORIGINAL",
      "PRIMARY",
      "EPI",
      "NONE"
    ],
    "ImagingFrequency": 127.772,
    "InPlanePhaseEncodingDirectionDICOM": "COL",
    "InstitutionName": "INSTITUTO_DE_NEUROBIOLOGIA",
    "MRAcquisitionType": "2D",
    "MagneticFieldStrength": 3,
    "Manufacturer": "GE",
    "ManufacturersModelName": "DISCOVERY_MR750",
    "Modality": "MR",
    "PatientPosition": "HFS",
    "PercentPhaseFOV": 100,
    "PhaseEncodingDirection": "j",
    "PhaseEncodingPolarityGE": "Flipped",
    "PixelBandwidth": 7812.5,
    "ProcedureStepDescription": "verbos",
    "ProtocolName": "fMRI_4",
    "ReconMatrixPE": 64,
    "RepetitionTime": 2,
    "SAR": 0.365639,
    "ScanOptions": "EPI_GEMS_ACC_GEMS",
    "ScanningSequence": "EP_GR",
    "SequenceVariant": "SS",
    "SeriesDescription": "fMRI_4",
    "SeriesNumber": 7,
    "SliceThickness": 4,
    "SliceTiming": [
      0,
      1.0285,
      0.0571001,
      1.0857,
      0.1142,
      1.1428,
      0.1714,
      1.2,
      0.2285,
      1.2571,
      0.2857,
      1.3143,
      0.3428,
      1.3714,
      0.4,
      1.4286,
      0.4571,
      1.4857,
      0.5142,
      1.5428,
      0.5714,
      1.6,
      0.6285,
      1.6571,
      0.6857,
      1.7143,
      0.7428,
      1.7714,
      0.8,
      1.8285,
      0.8571,
      1.8857,
      0.9143,
      1.9428,
      0.9714
    ],
    "SoftwareVersions": "24_LX_MR_Software_release:DV24.0_R02_1607.b",
    "SpacingBetweenSlices": 4,
    "StationName": "GEHCGEHC",
    "TaskName": "verbs",
    "TotalReadoutTime": 0.023436,
    "dataset": "ds003481",
    "modality": "bold",
    "run_id": 4,
    "subject_id": "144",
    "task_id": "verbs"
  },
  "dummy_trs": 0,
  "dvars_nstd": 15.56253738595376,
  "dvars_std": 1.070360151965317,
  "dvars_vstd": 0.992758365202312,
  "efc": 0.34247684661914873,
  "fber": 57223.12890625,
  "fd_mean": 0.14998782776456784,
  "fd_num": 32,
  "fd_perc": 18.39080459770115,
  "fwhm_avg": 2.9101999999999997,
  "fwhm_x": 2.7946,
  "fwhm_y": 2.982025,
  "fwhm_z": 2.953975,
  "gcor": 0.0643005,
  "gsr_x": -0.012610478326678276,
  "gsr_y": 0.0071495939046144485,
  "provenance": {
    "md5sum": "00395c147e9c18d6ee49472e950838ca",
    "settings": {
      "fd_thres": 0.2,
      "testing": false
    },
    "software": "mriqc",
    "version": "23.0.1",
    "webapi_port": null,
    "webapi_url": "https://mriqc.nimh.nih.gov/api/v1"
  },
  "size_t": 174,
  "size_x": 64,
  "size_y": 64,
  "size_z": 35,
  "snr": 2.855718945145815,
  "spacing_tr": 2.0,
  "spacing_x": 4.0,
  "spacing_y": 4.0,
  "spacing_z": 4.0,
  "summary_bg_k": 39.30024909907288,
  "summary_bg_mad": 10.207801625671179,
  "summary_bg_mean": 40.659934997558594,
  "summary_bg_median": 7.517241477966309,
  "summary_bg_n": 104059.0,
  "summary_bg_p05": 0.20689654350280762,
  "summary_bg_p95": 184.2465469360342,
  "summary_bg_stdv": 110.2446517944336,
  "summary_fg_k": 1.3473098836222253,
  "summary_fg_mad": 453.91065018509755,
  "summary_fg_mean": 1838.021728515625,
  "summary_fg_median": 1684.2442626953125,
  "summary_fg_n": 11900.0,
  "summary_fg_p05": 1126.6988647460937,
  "summary_fg_p95": 3032.651110839843,
  "summary_fg_stdv": 589.754638671875,
  "tsnr": 67.99944403243717
}