{
  "aor": 0.0022749999999999997,
  "aqi": 0.0014475794770114942,
  "bids_meta": {
    "AcquisitionMatrixPE": 64,
    "AcquisitionNumber": 1,
    "AcquisitionTime": "20:00:26.000000",
    "CoilString": "32Ch_Head",
    "ConversionSoftware": "dcm2niix",
    "ConversionSoftwareVersion": "v1.0.20190902",
    "Dcm2bidsVersion": "2.1.4",
    "DeviceSerialNumber": "000000000000GEHC",
    "EchoTime": 0.04,
    "EffectiveEchoSpacing": 0.000372,
    "FlipAngle": 90,
    "ImageOrientationPatientDICOM": [
      1,
      0,
      0,
      0,
      1,
      0
    ],
    "ImageType": [
      "ORIGINAL",
      "PRIMARY",
      "EPI",
      "NONE"
    ],
    "ImagingFrequency": 127.772,
    "InPlanePhaseEncodingDirectionDICOM": "COL",
    "InstitutionName": "INSTITUTO_DE_NEUROBIOLOGIA",
    "MRAcquisitionType": "2D",
    "MagneticFieldStrength": 3,
    "Manufacturer": "GE",
    "ManufacturersModelName": "DISCOVERY_MR750",
    "Modality": "MR",
    "PatientPosition": "HFS",
    "PercentPhaseFOV": 100,
    "PhaseEncodingDirection": "j",
    "PhaseEncodingPolarityGE": "Flipped",
    "PixelBandwidth": 7812.5,
    "ProcedureStepDescription": "verbos",
    "ProtocolName": "fMRI_2",
    "ReconMatrixPE": 64,
    "RepetitionTime": 2,
    "SAR": 0.365639,
    "ScanOptions": "EPI_GEMS_ACC_GEMS",
    "ScanningSequence": "EP_GR",
    "SequenceVariant": "SS",
    "SeriesDescription": "fMRI_2",
    "SeriesNumber": 5,
    "SliceThickness": 4,
    "SliceTiming": [
      0,
      1.0285,
      0.0571001,
      1.0857,
      0.1142,
      1.1428,
      0.1714,
      1.2,
      0.2285,
      1.2571,
      0.2857,
      1.3143,
      0.3428,
      1.3714,
      0.4,
      1.4286,
      0.4571,
      1.4857,
      0.5142,
      1.5428,
      0.5714,
      1.6,
      0.6285,
      1.6571,
      0.6857,
      1.7143,
      0.7428,
      1.7714,
      0.8,
      1.8285,
      0.8571,
      1.8857,
      0.9143,
      1.9428,
      0.9714
    ],
    "SoftwareVersions": "24_LX_MR_Software_release:DV24.0_R02_1607.b",
    "SpacingBetweenSlices": 4,
    "StationName": "GEHCGEHC",
    "TaskName": "verbs",
    "TotalReadoutTime": 0.023436,
    "dataset": "ds003481",
    "modality": "bold",
    "run_id": 2,
    "subject_id": "144",
    "task_id": "verbs"
  },
  "dummy_trs": 0,
  "dvars_nstd": 12.757786982485552,
  "dvars_std": 1.0680261522543348,
  "dvars_vstd": 0.9959795504046245,
  "efc": 0.34090205909001664,
  "fber": 73832.609375,
  "fd_mean": 0.09047457059826584,
  "fd_num": 8,
  "fd_perc": 4.597701149425287,
  "fwhm_avg": 2.8710916666666666,
  "fwhm_x": 2.76445,
  "fwhm_y": 2.9798,
  "fwhm_z": 2.869025,
  "gcor": 0.0227391,
  "gsr_x": -0.007713301107287407,
  "gsr_y": 0.0031445487402379513,
  "provenance": {
    "md5sum": "4ac9d71accddadf3dd424a9b12369202",
    "settings": {
      "fd_thres": 0.2,
      "testing": false
    },
    "software": "mriqc",
    "version": "23.0.1",
    "webapi_port": null,
    "webapi_url": "https://mriqc.nimh.nih.gov/api/v1"
  },
  "size_t": 174,
  "size_x": 64,
  "size_y": 64,
  "size_z": 35,
  "snr": 2.856837604969465,
  "spacing_tr": 2.0,
  "spacing_x": 4.0,
  "spacing_y": 4.0,
  "spacing_z": 4.0,
  "summary_bg_k": 57.86493966222937,
  "summary_bg_mad": 9.193838659057427,
  "summary_bg_mean": 32.49830627441406,
  "summary_bg_median": 6.925287246704102,
  "summary_bg_n": 102640.0,
  "summary_bg_p05": 0.23563218116760254,
  "summary_bg_p95": 150.67844924926752,
  "summary_bg_stdv": 92.28644561767578,
  "summary_fg_k": 1.2513516064863595,
  "summary_fg_mad": 501.99713019638926,
  "summary_fg_mean": 1924.3037109375,
  "summary_fg_median": 1784.1005859375,
  "summary_fg_n": 13066.0,
  "summary_fg_p05": 1148.7241516113281,
  "summary_fg_p95": 3175.3822021484375,
  "summary_fg_stdv": 624.47802734375,
  "tsnr": 89.11288550589234
}