{
  "bids_meta": {
    "AcquisitionDateTime": "2016-09-21T21:21:8.000000",
    "ConversionSoftware": "dcm2niix",
    "ConversionSoftwareVersion": "v1.0.20170411 GCC4.8.4",
    "EchoTime": 0.00318,
    "FlipAngle": 12,
    "ImageType": [
      "DERIVED",
      "PRIMARY",
      "OTHER"
    ],
    "InversionTime": 0.45,
    "MagneticFieldStrength": 3,
    "Manufacturer": "GE",
    "ManufacturersModelName": "DISCOVERY_MR750",
    "ProcedureStepDescription": "MeditResp",
    "ProtocolName": "PU:Sag_T1_FSPGR_BRAVO",
    "RepetitionTime": 0.008156,
    "ScanningSequence": "GR",
    "SequenceVariant": "SS_SP_SK",
    "SeriesDescription": "PU:Sag_T1_FSPGR_BRAVO",
    "dataset": "ds003481",
    "modality": "T1w",
    "subject_id": "102"
  },
  "cjv": 0.3395422078388525,
  "cnr": 3.9270645289042436,
  "efc": 0.7121992290001257,
  "fber": 14697.900815278592,
  "fwhm_avg": 4.01118,
  "fwhm_x": 4.02332,
  "fwhm_y": 4.14717,
  "fwhm_z": 3.86305,
  "icvs_csf": 0.17909032087852825,
  "icvs_gm": 0.452714177532817,
  "icvs_wm": 0.36819550158865477,
  "inu_med": 0.38019004464149475,
  "inu_range": 0.0888899266719817,
  "provenance": {
    "md5sum": "3ec861010311dd99f83a5b78c586465a",
    "settings": {
      "testing": false
    },
    "software": "mriqc",
    "version": "23.0.1",
    "warnings": {
      "large_rot_frame": true,
      "small_air_mask": false
    },
    "webapi_port": null,
    "webapi_url": "https://mriqc.nimh.nih.gov/api/v1"
  },
  "qi_1": 0.0,
  "qi_2": 0.0015711860313972592,
  "rpve_csf": 26.91298118702586,
  "rpve_gm": 11.740572003167356,
  "rpve_wm": 16.213015572688597,
  "size_x": 176,
  "size_y": 256,
  "size_z": 256,
  "snr_csf": 2.866139999282064,
  "snr_gm": 12.762667616678556,
  "snr_total": 12.999339963010263,
  "snr_wm": 23.36921227307017,
  "snrd_csf": 12.96712319017184,
  "snrd_gm": 31.352534184237,
  "snrd_total": 29.357129193749376,
  "snrd_wm": 43.75173020683929,
  "spacing_x": 1.0,
  "spacing_y": 1.0,
  "spacing_z": 1.0,
  "summary_bg_k": 112.68126802199124,
  "summary_bg_mad": 0.0,
  "summary_bg_mean": 6.782079179232693,
  "summary_bg_median": 0.0,
  "summary_bg_n": 684535.0,
  "summary_bg_p05": 0.0,
  "summary_bg_p95": 31.88895285129547,
  "summary_bg_stdv": 14.973954775843673,
  "summary_csf_k": 1.3879588814936978,
  "summary_csf_mad": 82.09795434222492,
  "summary_csf_mean": 297.18662377568876,
  "summary_csf_median": 296.379679441452,
  "summary_csf_n": 25274.0,
  "summary_csf_p05": 111.94710689485075,
  "summary_csf_p95": 471.96963294446465,
  "summary_csf_stdv": 103.40521262960486,
  "summary_gm_k": 0.11597716260761137,
  "summary_gm_mad": 55.176944923771764,
  "summary_gm_mean": 716.4644651947947,
  "summary_gm_median": 716.601045191288,
  "summary_gm_n": 54184.0,
  "summary_gm_p05": 623.9730162620544,
  "summary_gm_p95": 809.3416233658791,
  "summary_gm_stdv": 56.14769999662832,
  "summary_wm_k": 0.5645289443127965,
  "summary_wm_mad": 41.04897717111246,
  "summary_wm_mean": 1001.5706066048119,
  "summary_wm_median": 1000.0000450015068,
  "summary_wm_n": 234039.0,
  "summary_wm_p05": 934.3425669014455,
  "summary_wm_p95": 1073.7948335409164,
  "summary_wm_stdv": 42.79125444700672,
  "tpm_overlap_csf": 0.1387856375603823,
  "tpm_overlap_gm": 0.4738691217845815,
  "tpm_overlap_wm": 0.5131051616742398,
  "wm2max": 0.4973411698852505
}