{
  "bids_meta": {
    "AcquisitionDateTime": "2017-08-14T20:14:49.000000",
    "ConversionSoftware": "dcm2niix",
    "ConversionSoftwareVersion": "v1.0.20170411 GCC4.8.4",
    "EchoTime": 0.00318,
    "FlipAngle": 12,
    "ImageType": [
      "DERIVED",
      "PRIMARY",
      "OTHER"
    ],
    "InversionTime": 0.45,
    "MagneticFieldStrength": 3,
    "Manufacturer": "GE",
    "ManufacturersModelName": "DISCOVERY_MR750",
    "ProcedureStepDescription": "CompMet",
    "ProtocolName": "PU:Sag_T1_FSPGR_BRAVO",
    "RepetitionTime": 0.008156,
    "ScanningSequence": "GR",
    "SequenceVariant": "SS_SP_SK",
    "SeriesDescription": "PU:Sag_T1_FSPGR_BRAVO",
    "dataset": "ds003481",
    "modality": "T1w",
    "subject_id": "084"
  },
  "cjv": 0.32588733665166225,
  "cnr": 4.184191397052257,
  "efc": 0.7425399351151533,
  "fber": 9464.167047706142,
  "fwhm_avg": 3.6434433333333334,
  "fwhm_x": 3.62574,
  "fwhm_y": 3.81506,
  "fwhm_z": 3.48953,
  "icvs_csf": 0.17869549326575582,
  "icvs_gm": 0.47144600093116223,
  "icvs_wm": 0.3498585058030819,
  "inu_med": 0.5695487260818481,
  "inu_range": 0.19109441637992852,
  "provenance": {
    "md5sum": "9d2081e24d47411565e4ea06d55fc56d",
    "settings": {
      "testing": false
    },
    "software": "mriqc",
    "version": "23.0.1",
    "warnings": {
      "large_rot_frame": true,
      "small_air_mask": false
    },
    "webapi_port": null,
    "webapi_url": "https://mriqc.nimh.nih.gov/api/v1"
  },
  "qi_1": 0.0,
  "qi_2": 0.0024104133402067305,
  "rpve_csf": 25.466403346655014,
  "rpve_gm": 10.935234381612663,
  "rpve_wm": 16.510827628763717,
  "size_x": 176,
  "size_y": 256,
  "size_z": 256,
  "snr_csf": 2.451684994337678,
  "snr_gm": 11.018437125525203,
  "snr_total": 11.503673966300937,
  "snr_wm": 21.04089977903993,
  "snrd_csf": 15.964887588009669,
  "snrd_gm": 40.0825240799237,
  "snrd_total": 38.536802463407064,
  "snrd_wm": 59.56299572228782,
  "spacing_x": 1.0,
  "spacing_y": 1.0,
  "spacing_z": 1.0,
  "summary_bg_k": 20.019742063620377,
  "summary_bg_mad": 0.0,
  "summary_bg_mean": 5.343357555894595,
  "summary_bg_median": 0.0,
  "summary_bg_n": 412093.0,
  "summary_bg_p05": 0.0,
  "summary_bg_p95": 27.775508910417557,
  "summary_bg_stdv": 10.999050683498858,
  "summary_csf_k": 1.3852856720249278,
  "summary_csf_mad": 86.23582989724564,
  "summary_csf_mean": 279.8553208596969,
  "summary_csf_median": 268.0336609855294,
  "summary_csf_n": 23208.0,
  "summary_csf_p05": 112.206929047592,
  "summary_csf_p95": 485.7568891402332,
  "summary_csf_stdv": 109.32394942501564,
  "summary_gm_k": 0.16429454072644756,
  "summary_gm_mad": 60.01383948607474,
  "summary_gm_mean": 673.024855626723,
  "summary_gm_median": 672.9433960281312,
  "summary_gm_n": 56781.0,
  "summary_gm_p05": 572.0120982080698,
  "summary_gm_p95": 772.4042257294059,
  "summary_gm_stdv": 61.073767772691184,
  "summary_wm_k": 0.26386481594173494,
  "summary_wm_mad": 46.569770499285035,
  "summary_wm_mean": 1000.497342025037,
  "summary_wm_median": 1000.000013448298,
  "summary_wm_n": 224228.0,
  "summary_wm_p05": 923.20890057832,
  "summary_wm_p95": 1078.6700578033924,
  "summary_wm_stdv": 47.526379293378575,
  "tpm_overlap_csf": 0.17657857605972327,
  "tpm_overlap_gm": 0.48375768917031164,
  "tpm_overlap_wm": 0.5025336472832883,
  "wm2max": 0.4855131383242439
}