{
  "aor": 0.0007479574468085106,
  "aqi": 0.0016888330468085105,
  "bids_meta": {
    "AcquisitionDateTime": "2017-01-17T18:04:43.000000",
    "ConversionSoftware": "dcm2niix",
    "ConversionSoftwareVersion": "v1.0.20170411 GCC4.8.4",
    "EchoTime": 0.04,
    "FlipAngle": 90,
    "ImageType": [
      "ORIGINAL",
      "PRIMARY",
      "EPI",
      "NONE"
    ],
    "MagneticFieldStrength": 3,
    "Manufacturer": "GE",
    "ManufacturersModelName": "DISCOVERY_MR750",
    "ProcedureStepDescription": "CompRefranes",
    "ProtocolName": "fMRI_Comprension_2",
    "RepetitionTime": 2,
    "ScanningSequence": "EP_GR",
    "SequenceVariant": "SS",
    "SeriesDescription": "fMRI_Comprension_2",
    "SliceTiming": [
      1.0285,
      0.0571001,
      1.0857,
      0.1142,
      1.1428,
      0.1714,
      1.2,
      0.2285,
      1.2571,
      0.2857,
      1.3143,
      0.3428,
      1.3714,
      0.4,
      1.4286,
      0.4571,
      1.4857,
      0.5142,
      1.5428,
      0.5714,
      1.6,
      0.6285,
      1.6571,
      0.6857,
      1.7143,
      0.7428,
      1.7714,
      0.8,
      1.8285,
      0.8571,
      1.8857,
      0.9143,
      1.9428,
      0.9714
    ],
    "TaskName": "pc",
    "dataset": "ds003481",
    "modality": "bold",
    "run_id": 2,
    "subject_id": "053",
    "task_id": "pc"
  },
  "dummy_trs": 0,
  "dvars_nstd": 14.968003252692311,
  "dvars_std": 1.1131569539743584,
  "dvars_vstd": 0.9888026074786317,
  "efc": 0.34240651072744566,
  "fber": 83905.96875,
  "fd_mean": 0.09007917127660213,
  "fd_num": 3,
  "fd_perc": 1.2765957446808511,
  "fwhm_avg": 2.5429741666666668,
  "fwhm_x": 2.426065,
  "fwhm_y": 2.7441,
  "fwhm_z": 2.4587575,
  "gcor": 0.0432498,
  "gsr_x": -0.017078828066587448,
  "gsr_y": 0.0047059995122253895,
  "provenance": {
    "md5sum": "a086c78f791f2d2b11f7dd85214a697a",
    "settings": {
      "fd_thres": 0.2,
      "testing": false
    },
    "software": "mriqc",
    "version": "23.0.1",
    "webapi_port": null,
    "webapi_url": "https://mriqc.nimh.nih.gov/api/v1"
  },
  "size_t": 235,
  "size_x": 64,
  "size_y": 64,
  "size_z": 34,
  "snr": 3.706851560026099,
  "spacing_tr": 2.0,
  "spacing_x": 4.0,
  "spacing_y": 4.0,
  "spacing_z": 4.0,
  "summary_bg_k": 56.96777792691658,
  "summary_bg_mad": 8.403515541368606,
  "summary_bg_mean": 31.42470932006836,
  "summary_bg_median": 6.1617021560668945,
  "summary_bg_n": 100448.0,
  "summary_bg_p05": 0.11063829064369202,
  "summary_bg_p95": 150.58553161621083,
  "summary_bg_stdv": 87.81788635253906,
  "summary_fg_k": 0.020596357599328652,
  "summary_fg_mad": 428.1660915570077,
  "summary_fg_mean": 1724.9844970703125,
  "summary_fg_median": 1680.833984375,
  "summary_fg_n": 12160.0,
  "summary_fg_p05": 1031.5063781738281,
  "summary_fg_p95": 2532.816320800781,
  "summary_fg_stdv": 453.421142578125,
  "tsnr": 90.66602760506794
}