{
  "aor": 0.0012478008298755186,
  "aqi": 0.0019745389834024897,
  "bids_meta": {
    "AcquisitionDateTime": "2017-01-17T18:13:34.000000",
    "ConversionSoftware": "dcm2niix",
    "ConversionSoftwareVersion": "v1.0.20170411 GCC4.8.4",
    "EchoTime": 0.04,
    "FlipAngle": 90,
    "ImageType": [
      "ORIGINAL",
      "PRIMARY",
      "EPI",
      "NONE"
    ],
    "MagneticFieldStrength": 3,
    "Manufacturer": "GE",
    "ManufacturersModelName": "DISCOVERY_MR750",
    "ProcedureStepDescription": "CompRefranes",
    "ProtocolName": "fMRI_Comprension_3",
    "RepetitionTime": 2,
    "ScanningSequence": "EP_GR",
    "SequenceVariant": "SS",
    "SeriesDescription": "fMRI_Comprension_3",
    "SliceTiming": [
      1.0285,
      0.0571001,
      1.0857,
      0.1142,
      1.1428,
      0.1714,
      1.2,
      0.2285,
      1.2571,
      0.2857,
      1.3143,
      0.3428,
      1.3714,
      0.4,
      1.4286,
      0.4571,
      1.4857,
      0.5142,
      1.5428,
      0.5714,
      1.6,
      0.6285,
      1.6571,
      0.6857,
      1.7143,
      0.7428,
      1.7714,
      0.8,
      1.8285,
      0.8571,
      1.8857,
      0.9143,
      1.9428,
      0.9714
    ],
    "TaskName": "pc",
    "dataset": "ds003481",
    "modality": "bold",
    "run_id": 3,
    "subject_id": "053",
    "task_id": "pc"
  },
  "dummy_trs": 0,
  "dvars_nstd": 16.324855232500013,
  "dvars_std": 1.1183856882500005,
  "dvars_vstd": 0.9931480017499995,
  "efc": 0.34307204217227505,
  "fber": 79671.3125,
  "fd_mean": 0.10696015764030133,
  "fd_num": 16,
  "fd_perc": 6.639004149377594,
  "fwhm_avg": 2.5408025,
  "fwhm_x": 2.4291075,
  "fwhm_y": 2.72825,
  "fwhm_z": 2.46505,
  "gcor": 0.074952,
  "gsr_x": -0.017225928604602814,
  "gsr_y": 0.0037920097820460796,
  "provenance": {
    "md5sum": "30914379d9f22069476f3eaf7d99f14f",
    "settings": {
      "fd_thres": 0.2,
      "testing": false
    },
    "software": "mriqc",
    "version": "23.0.1",
    "webapi_port": null,
    "webapi_url": "https://mriqc.nimh.nih.gov/api/v1"
  },
  "size_t": 241,
  "size_x": 64,
  "size_y": 64,
  "size_z": 34,
  "snr": 3.675720197691861,
  "spacing_tr": 2.0,
  "spacing_x": 4.0,
  "spacing_y": 4.0,
  "spacing_z": 4.0,
  "summary_bg_k": 57.64818622984555,
  "summary_bg_mad": 8.563412092236272,
  "summary_bg_mean": 32.106807708740234,
  "summary_bg_median": 6.273859024047852,
  "summary_bg_n": 100460.0,
  "summary_bg_p05": 0.11203320324420929,
  "summary_bg_p95": 155.17324752807545,
  "summary_bg_stdv": 89.55044555664062,
  "summary_fg_k": 0.01332246423938388,
  "summary_fg_mad": 426.2635212662313,
  "summary_fg_mean": 1710.6328125,
  "summary_fg_median": 1667.19091796875,
  "summary_fg_n": 12127.0,
  "summary_fg_p05": 1009.7535888671875,
  "summary_fg_p95": 2518.410473632812,
  "summary_fg_stdv": 453.5498046875,
  "tsnr": 82.2790240268223
}