{
  "bids_meta": {
    "AcquisitionDateTime": "2016-05-19T18:51:2.000000",
    "ConversionSoftware": "dcm2niix",
    "ConversionSoftwareVersion": "v1.0.20170411 GCC4.8.4",
    "EchoTime": 0.00318,
    "FlipAngle": 12,
    "ImageType": [
      "DERIVED",
      "PRIMARY",
      "OTHER"
    ],
    "InversionTime": 0.45,
    "MagneticFieldStrength": 3,
    "Manufacturer": "GE",
    "ManufacturersModelName": "DISCOVERY_MR750",
    "ProcedureStepDescription": "ActosHabla",
    "ProtocolName": "PU:Sag_T1_FSPGR_BRAVO",
    "RepetitionTime": 0.008156,
    "ScanningSequence": "GR",
    "SequenceVariant": "SS_SP_SK",
    "SeriesDescription": "PU:Sag_T1_FSPGR_BRAVO",
    "dataset": "ds003481",
    "modality": "T1w",
    "subject_id": "009"
  },
  "cjv": 0.3592097552658393,
  "cnr": 3.7482450042823263,
  "efc": 0.7202075656034275,
  "fber": 2240.3540282920503,
  "fwhm_avg": 3.92893,
  "fwhm_x": 3.91144,
  "fwhm_y": 4.07501,
  "fwhm_z": 3.80034,
  "icvs_csf": 0.19729827122435084,
  "icvs_gm": 0.44528673831059296,
  "icvs_wm": 0.3574149904650562,
  "inu_med": 0.609645813703537,
  "inu_range": 0.2238035306334495,
  "provenance": {
    "md5sum": "3acbb5e3a9b628fe5c8cabadfcd13c6b",
    "settings": {
      "testing": false
    },
    "software": "mriqc",
    "version": "23.0.1",
    "warnings": {
      "large_rot_frame": true,
      "small_air_mask": false
    },
    "webapi_port": null,
    "webapi_url": "https://mriqc.nimh.nih.gov/api/v1"
  },
  "qi_1": 0.0,
  "qi_2": 0.0029609122516215947,
  "rpve_csf": 28.91383266265267,
  "rpve_gm": 13.416909744688525,
  "rpve_wm": 18.52864073427988,
  "size_x": 176,
  "size_y": 256,
  "size_z": 256,
  "snr_csf": 2.550125960471195,
  "snr_gm": 11.980343081589055,
  "snr_total": 10.940717088091489,
  "snr_wm": 18.29168222221422,
  "snrd_csf": 10.522044232860885,
  "snrd_gm": 26.533779148188437,
  "snrd_total": 25.087189994223092,
  "snrd_wm": 38.20574660161996,
  "spacing_x": 1.0,
  "spacing_y": 1.0,
  "spacing_z": 1.0,
  "summary_bg_k": 10.965062585274463,
  "summary_bg_mad": 0.0,
  "summary_bg_mean": 9.316326291001715,
  "summary_bg_median": 0.0,
  "summary_bg_n": 358609.0,
  "summary_bg_p05": 0.0,
  "summary_bg_p95": 44.30951917916536,
  "summary_bg_stdv": 17.148325735280032,
  "summary_csf_k": 1.033631432302034,
  "summary_csf_mad": 90.08102557446195,
  "summary_csf_mean": 278.9200328604899,
  "summary_csf_median": 275.4166031777859,
  "summary_csf_n": 25270.0,
  "summary_csf_p05": 97.2936279002577,
  "summary_csf_p95": 468.63452689871184,
  "summary_csf_stdv": 107.99903922992075,
  "summary_gm_k": 0.17709921455018662,
  "summary_gm_mad": 57.58546071450367,
  "summary_gm_mean": 694.0175340414943,
  "summary_gm_median": 694.5269531980157,
  "summary_gm_n": 27869.0,
  "summary_gm_p05": 597.9588990569115,
  "summary_gm_p95": 787.5381887927651,
  "summary_gm_stdv": 57.971168921604296,
  "summary_wm_k": 0.7994833016976144,
  "summary_wm_mad": 52.158892908813186,
  "summary_wm_mean": 1002.873838519451,
  "summary_wm_median": 1000.0430256724358,
  "summary_wm_n": 176429.0,
  "summary_wm_p05": 919.4332881569862,
  "summary_wm_p95": 1096.5421826019883,
  "summary_wm_stdv": 54.671854638431206,
  "tpm_overlap_csf": 0.14965244484268053,
  "tpm_overlap_gm": 0.4767600170056233,
  "tpm_overlap_wm": 0.5104972014606912,
  "wm2max": 0.4483830485568105
}