{
  "aor": 0.0019051724137931036,
  "aqi": 0.0010271096609195402,
  "bids_meta": {
    "AcquisitionMatrixPE": 64,
    "AcquisitionNumber": 1,
    "AcquisitionTime": "21:04:43.000000",
    "CoilString": "32Ch_Head",
    "ConversionSoftware": "dcm2niix",
    "ConversionSoftwareVersion": "v1.0.20190902",
    "Dcm2bidsVersion": "2.1.4",
    "DeviceSerialNumber": "000000000000GEHC",
    "EchoTime": 0.04,
    "EffectiveEchoSpacing": 0.000372,
    "FlipAngle": 90,
    "ImageOrientationPatientDICOM": [
      1,
      0,
      0,
      0,
      1,
      0
    ],
    "ImageType": [
      "ORIGINAL",
      "PRIMARY",
      "EPI",
      "NONE"
    ],
    "ImagingFrequency": 127.772,
    "InPlanePhaseEncodingDirectionDICOM": "COL",
    "InstitutionName": "INSTITUTO_DE_NEUROBIOLOGIA",
    "MRAcquisitionType": "2D",
    "MagneticFieldStrength": 3,
    "Manufacturer": "GE",
    "ManufacturersModelName": "DISCOVERY_MR750",
    "Modality": "MR",
    "PatientPosition": "HFS",
    "PercentPhaseFOV": 100,
    "PhaseEncodingDirection": "j",
    "PhaseEncodingPolarityGE": "Flipped",
    "PixelBandwidth": 7812.5,
    "ProcedureStepDescription": "verbos",
    "ProtocolName": "fMRI_8",
    "ReconMatrixPE": 64,
    "RepetitionTime": 2,
    "SAR": 0.378422,
    "ScanOptions": "EPI_GEMS_ACC_GEMS",
    "ScanningSequence": "EP_GR",
    "SequenceVariant": "SS",
    "SeriesDescription": "fMRI_8",
    "SeriesNumber": 11,
    "SliceThickness": 4,
    "SliceTiming": [
      0,
      1.0285,
      0.0571001,
      1.0857,
      0.1142,
      1.1428,
      0.1714,
      1.2,
      0.2285,
      1.2571,
      0.2857,
      1.3143,
      0.3428,
      1.3714,
      0.4,
      1.4286,
      0.4571,
      1.4857,
      0.5142,
      1.5428,
      0.5714,
      1.6,
      0.6285,
      1.6571,
      0.6857,
      1.7143,
      0.7428,
      1.7714,
      0.8,
      1.8285,
      0.8571,
      1.8857,
      0.9143,
      1.9428,
      0.9714
    ],
    "SoftwareVersions": "24_LX_MR_Software_release:DV24.0_R02_1607.b",
    "SpacingBetweenSlices": 4,
    "StationName": "GEHCGEHC",
    "TaskName": "verbs",
    "TotalReadoutTime": 0.023436,
    "dataset": "ds003481",
    "modality": "bold",
    "run_id": 6,
    "subject_id": "127",
    "task_id": "verbs"
  },
  "dummy_trs": 0,
  "dvars_nstd": 14.27726840416185,
  "dvars_std": 1.1460060659537568,
  "dvars_vstd": 0.9991808264739882,
  "efc": 0.36694363305956224,
  "fber": 63855.703125,
  "fd_mean": 0.06735831691652212,
  "fd_num": 7,
  "fd_perc": 4.022988505747127,
  "fwhm_avg": 2.7640333333333333,
  "fwhm_x": 2.781475,
  "fwhm_y": 2.805525,
  "fwhm_z": 2.7051,
  "gcor": 0.169615,
  "gsr_x": -0.0007423479110002518,
  "gsr_y": -2.0287336155888624e-05,
  "provenance": {
    "md5sum": "bfc4b6b534aaf23f4f72d9036c7f1ff7",
    "settings": {
      "fd_thres": 0.2,
      "testing": false
    },
    "software": "mriqc",
    "version": "23.0.1",
    "webapi_port": null,
    "webapi_url": "https://mriqc.nimh.nih.gov/api/v1"
  },
  "size_t": 174,
  "size_x": 64,
  "size_y": 64,
  "size_z": 35,
  "snr": 3.283584084783761,
  "spacing_tr": 2.0,
  "spacing_x": 4.0,
  "spacing_y": 4.0,
  "spacing_z": 4.0,
  "summary_bg_k": 48.62910159907888,
  "summary_bg_mad": 10.855375061285567,
  "summary_bg_mean": 40.33357238769531,
  "summary_bg_median": 7.747126579284668,
  "summary_bg_n": 100406.0,
  "summary_bg_p05": 0.08620689809322357,
  "summary_bg_p95": 196.1393699645996,
  "summary_bg_stdv": 108.5712890625,
  "summary_fg_k": 0.2677591723370605,
  "summary_fg_mad": 523.6909560541433,
  "summary_fg_mean": 1936.186767578125,
  "summary_fg_median": 1857.17529296875,
  "summary_fg_n": 15030.0,
  "summary_fg_p05": 1130.562646484375,
  "summary_fg_p95": 2978.2999755859373,
  "summary_fg_stdv": 565.5751342773438,
  "tsnr": 91.5643204820808
}