{
  "aor": 0.002149597701149426,
  "aqi": 0.0013477499425287355,
  "bids_meta": {
    "AcquisitionMatrixPE": 64,
    "AcquisitionNumber": 1,
    "AcquisitionTime": "20:58:6.000000",
    "CoilString": "32Ch_Head",
    "ConversionSoftware": "dcm2niix",
    "ConversionSoftwareVersion": "v1.0.20190902",
    "Dcm2bidsVersion": "2.1.4",
    "DeviceSerialNumber": "000000000000GEHC",
    "EchoTime": 0.04,
    "EffectiveEchoSpacing": 0.000372,
    "FlipAngle": 90,
    "ImageOrientationPatientDICOM": [
      1,
      0,
      0,
      0,
      1,
      0
    ],
    "ImageType": [
      "ORIGINAL",
      "PRIMARY",
      "EPI",
      "NONE"
    ],
    "ImagingFrequency": 127.772,
    "InPlanePhaseEncodingDirectionDICOM": "COL",
    "InstitutionName": "INSTITUTO_DE_NEUROBIOLOGIA",
    "MRAcquisitionType": "2D",
    "MagneticFieldStrength": 3,
    "Manufacturer": "GE",
    "ManufacturersModelName": "DISCOVERY_MR750",
    "Modality": "MR",
    "PatientPosition": "HFS",
    "PercentPhaseFOV": 100,
    "PhaseEncodingDirection": "j",
    "PhaseEncodingPolarityGE": "Flipped",
    "PixelBandwidth": 7812.5,
    "ProcedureStepDescription": "verbos",
    "ProtocolName": "fMRI_7",
    "ReconMatrixPE": 64,
    "RepetitionTime": 2,
    "SAR": 0.378422,
    "ScanOptions": "EPI_GEMS_ACC_GEMS",
    "ScanningSequence": "EP_GR",
    "SequenceVariant": "SS",
    "SeriesDescription": "fMRI_7",
    "SeriesNumber": 10,
    "SliceThickness": 4,
    "SliceTiming": [
      0,
      1.0285,
      0.0571001,
      1.0857,
      0.1142,
      1.1428,
      0.1714,
      1.2,
      0.2285,
      1.2571,
      0.2857,
      1.3143,
      0.3428,
      1.3714,
      0.4,
      1.4286,
      0.4571,
      1.4857,
      0.5142,
      1.5428,
      0.5714,
      1.6,
      0.6285,
      1.6571,
      0.6857,
      1.7143,
      0.7428,
      1.7714,
      0.8,
      1.8285,
      0.8571,
      1.8857,
      0.9143,
      1.9428,
      0.9714
    ],
    "SoftwareVersions": "24_LX_MR_Software_release:DV24.0_R02_1607.b",
    "SpacingBetweenSlices": 4,
    "StationName": "GEHCGEHC",
    "TaskName": "verbs",
    "TotalReadoutTime": 0.023436,
    "dataset": "ds003481",
    "modality": "bold",
    "run_id": 5,
    "subject_id": "127",
    "task_id": "verbs"
  },
  "dummy_trs": 0,
  "dvars_nstd": 13.266781277630063,
  "dvars_std": 1.0897201905202316,
  "dvars_vstd": 0.9872666953757235,
  "efc": 0.36686915004908877,
  "fber": 63332.87109375,
  "fd_mean": 0.05642317470533637,
  "fd_num": 7,
  "fd_perc": 4.022988505747127,
  "fwhm_avg": 2.7754833333333333,
  "fwhm_x": 2.770725,
  "fwhm_y": 2.8082,
  "fwhm_z": 2.747525,
  "gcor": 0.0471928,
  "gsr_x": -0.00020726567890960723,
  "gsr_y": -0.0009115901775658131,
  "provenance": {
    "md5sum": "549c59d296c88360be5b962600044f49",
    "settings": {
      "fd_thres": 0.2,
      "testing": false
    },
    "software": "mriqc",
    "version": "23.0.1",
    "webapi_port": null,
    "webapi_url": "https://mriqc.nimh.nih.gov/api/v1"
  },
  "size_t": 174,
  "size_x": 64,
  "size_y": 64,
  "size_z": 35,
  "snr": 3.2768505635588387,
  "spacing_tr": 2.0,
  "spacing_x": 4.0,
  "spacing_y": 4.0,
  "spacing_z": 4.0,
  "summary_bg_k": 45.94269384336373,
  "summary_bg_mad": 10.855375061285567,
  "summary_bg_mean": 40.34568405151367,
  "summary_bg_median": 7.747126579284668,
  "summary_bg_n": 100456.0,
  "summary_bg_p05": 0.09195402264595032,
  "summary_bg_p95": 195.3261489868164,
  "summary_bg_stdv": 108.04170227050781,
  "summary_fg_k": 0.29417010988409675,
  "summary_fg_mad": 520.6916365636422,
  "summary_fg_mean": 1940.6944580078125,
  "summary_fg_median": 1857.511474609375,
  "summary_fg_n": 14977.0,
  "summary_fg_p05": 1139.69541015625,
  "summary_fg_p95": 2992.34140625,
  "summary_fg_stdv": 566.83984375,
  "tsnr": 92.40860040485859
}