{
  "aor": 0.0006027586206896551,
  "aqi": 0.0010462715804597702,
  "bids_meta": {
    "AcquisitionMatrixPE": 64,
    "AcquisitionNumber": 1,
    "AcquisitionTime": "20:30:2.000000",
    "CoilString": "32Ch_Head",
    "ConversionSoftware": "dcm2niix",
    "ConversionSoftwareVersion": "v1.0.20190902",
    "Dcm2bidsVersion": "2.1.4",
    "DeviceSerialNumber": "000000000000GEHC",
    "EchoTime": 0.04,
    "EffectiveEchoSpacing": 0.000372,
    "FlipAngle": 90,
    "ImageOrientationPatientDICOM": [
      1,
      0,
      0,
      0,
      1,
      0
    ],
    "ImageType": [
      "ORIGINAL",
      "PRIMARY",
      "EPI",
      "NONE"
    ],
    "ImagingFrequency": 127.772,
    "InPlanePhaseEncodingDirectionDICOM": "COL",
    "InstitutionName": "INSTITUTO_DE_NEUROBIOLOGIA",
    "MRAcquisitionType": "2D",
    "MagneticFieldStrength": 3,
    "Manufacturer": "GE",
    "ManufacturersModelName": "DISCOVERY_MR750",
    "Modality": "MR",
    "PatientPosition": "HFS",
    "PercentPhaseFOV": 100,
    "PhaseEncodingDirection": "j",
    "PhaseEncodingPolarityGE": "Flipped",
    "PixelBandwidth": 7812.5,
    "ProcedureStepDescription": "verbos",
    "ProtocolName": "fMRI_9",
    "ReconMatrixPE": 64,
    "RepetitionTime": 2,
    "SAR": 0.378422,
    "ScanOptions": "EPI_GEMS_ACC_GEMS",
    "ScanningSequence": "EP_GR",
    "SequenceVariant": "SS",
    "SeriesDescription": "fMRI_9",
    "SeriesNumber": 6,
    "SliceThickness": 4,
    "SliceTiming": [
      0,
      1.0285,
      0.0571001,
      1.0857,
      0.1142,
      1.1428,
      0.1714,
      1.2,
      0.2285,
      1.2571,
      0.2857,
      1.3143,
      0.3428,
      1.3714,
      0.4,
      1.4286,
      0.4571,
      1.4857,
      0.5142,
      1.5428,
      0.5714,
      1.6,
      0.6285,
      1.6571,
      0.6857,
      1.7143,
      0.7428,
      1.7714,
      0.8,
      1.8285,
      0.8571,
      1.8857,
      0.9143,
      1.9428,
      0.9714
    ],
    "SoftwareVersions": "24_LX_MR_Software_release:DV24.0_R02_1607.b",
    "SpacingBetweenSlices": 4,
    "StationName": "GEHCGEHC",
    "TaskName": "verbs",
    "TotalReadoutTime": 0.023436,
    "dataset": "ds003481",
    "modality": "bold",
    "run_id": 7,
    "subject_id": "127",
    "task_id": "verbs"
  },
  "dummy_trs": 0,
  "dvars_nstd": 14.08301137346821,
  "dvars_std": 1.1552132043930634,
  "dvars_vstd": 1.0096484097109828,
  "efc": 0.36646417753060484,
  "fber": 66696.7578125,
  "fd_mean": 0.08009392084411779,
  "fd_num": 1,
  "fd_perc": 0.5747126436781609,
  "fwhm_avg": 2.801791666666667,
  "fwhm_x": 2.7692,
  "fwhm_y": 2.830775,
  "fwhm_z": 2.8054,
  "gcor": 0.114405,
  "gsr_x": -0.001075855572707951,
  "gsr_y": -0.00020362211216706783,
  "provenance": {
    "md5sum": "ff2e5d942ee7f1fcc5ed9684e2b8c0bd",
    "settings": {
      "fd_thres": 0.2,
      "testing": false
    },
    "software": "mriqc",
    "version": "23.0.1",
    "webapi_port": null,
    "webapi_url": "https://mriqc.nimh.nih.gov/api/v1"
  },
  "size_t": 174,
  "size_x": 64,
  "size_y": 64,
  "size_z": 35,
  "snr": 3.3442850414663288,
  "spacing_tr": 2.0,
  "spacing_x": 4.0,
  "spacing_y": 4.0,
  "spacing_z": 4.0,
  "summary_bg_k": 52.40150686087135,
  "summary_bg_mad": 10.642357327970608,
  "summary_bg_mean": 39.517616271972656,
  "summary_bg_median": 7.61494255065918,
  "summary_bg_n": 100337.0,
  "summary_bg_p05": 0.08620689809322357,
  "summary_bg_p95": 189.94367675781214,
  "summary_bg_stdv": 108.63292694091797,
  "summary_fg_k": 0.26709264195129645,
  "summary_fg_mad": 517.4451865397709,
  "summary_fg_mean": 1966.7127685546875,
  "summary_fg_median": 1877.4654541015625,
  "summary_fg_n": 14913.0,
  "summary_fg_p05": 1182.5103515625,
  "summary_fg_p95": 3019.10341796875,
  "summary_fg_stdv": 561.3763427734375,
  "tsnr": 100.55020378902555
}