{
  "aor": 0.0013145977011494252,
  "aqi": 0.0008752602758620689,
  "bids_meta": {
    "AcquisitionMatrixPE": 64,
    "AcquisitionNumber": 1,
    "AcquisitionTime": "20:44:38.000000",
    "CoilString": "32Ch_Head",
    "ConversionSoftware": "dcm2niix",
    "ConversionSoftwareVersion": "v1.0.20190902",
    "Dcm2bidsVersion": "2.1.4",
    "DeviceSerialNumber": "000000000000GEHC",
    "EchoTime": 0.04,
    "EffectiveEchoSpacing": 0.000372,
    "FlipAngle": 90,
    "ImageOrientationPatientDICOM": [
      1,
      0,
      0,
      0,
      1,
      0
    ],
    "ImageType": [
      "ORIGINAL",
      "PRIMARY",
      "EPI",
      "NONE"
    ],
    "ImagingFrequency": 127.772,
    "InPlanePhaseEncodingDirectionDICOM": "COL",
    "InstitutionName": "INSTITUTO_DE_NEUROBIOLOGIA",
    "MRAcquisitionType": "2D",
    "MagneticFieldStrength": 3,
    "Manufacturer": "GE",
    "ManufacturersModelName": "DISCOVERY_MR750",
    "Modality": "MR",
    "PatientPosition": "HFS",
    "PercentPhaseFOV": 100,
    "PhaseEncodingDirection": "j",
    "PhaseEncodingPolarityGE": "Flipped",
    "PixelBandwidth": 7812.5,
    "ProcedureStepDescription": "verbos",
    "ProtocolName": "fMRI_5",
    "ReconMatrixPE": 64,
    "RepetitionTime": 2,
    "SAR": 0.378422,
    "ScanOptions": "EPI_GEMS_ACC_GEMS",
    "ScanningSequence": "EP_GR",
    "SequenceVariant": "SS",
    "SeriesDescription": "fMRI_5",
    "SeriesNumber": 8,
    "SliceThickness": 4,
    "SliceTiming": [
      0,
      1.0285,
      0.0571001,
      1.0857,
      0.1142,
      1.1428,
      0.1714,
      1.2,
      0.2285,
      1.2571,
      0.2857,
      1.3143,
      0.3428,
      1.3714,
      0.4,
      1.4286,
      0.4571,
      1.4857,
      0.5142,
      1.5428,
      0.5714,
      1.6,
      0.6285,
      1.6571,
      0.6857,
      1.7143,
      0.7428,
      1.7714,
      0.8,
      1.8285,
      0.8571,
      1.8857,
      0.9143,
      1.9428,
      0.9714
    ],
    "SoftwareVersions": "24_LX_MR_Software_release:DV24.0_R02_1607.b",
    "SpacingBetweenSlices": 4,
    "StationName": "GEHCGEHC",
    "TaskName": "verbs",
    "TotalReadoutTime": 0.023436,
    "dataset": "ds003481",
    "modality": "bold",
    "run_id": 3,
    "subject_id": "127",
    "task_id": "verbs"
  },
  "dummy_trs": 0,
  "dvars_nstd": 13.971794585895953,
  "dvars_std": 1.1857491883815034,
  "dvars_vstd": 1.0205533425433533,
  "efc": 0.3675033553690372,
  "fber": 66000.8671875,
  "fd_mean": 0.06069817479021557,
  "fd_num": 2,
  "fd_perc": 1.1494252873563218,
  "fwhm_avg": 2.767175,
  "fwhm_x": 2.757925,
  "fwhm_y": 2.8103,
  "fwhm_z": 2.7333,
  "gcor": 0.0800859,
  "gsr_x": -0.0008673607953824103,
  "gsr_y": 4.9388785555493087e-05,
  "provenance": {
    "md5sum": "f39fa2364374a7afa5492fb24d6f8e43",
    "settings": {
      "fd_thres": 0.2,
      "testing": false
    },
    "software": "mriqc",
    "version": "23.0.1",
    "webapi_port": null,
    "webapi_url": "https://mriqc.nimh.nih.gov/api/v1"
  },
  "size_t": 174,
  "size_x": 64,
  "size_y": 64,
  "size_z": 35,
  "snr": 3.3468851722001127,
  "spacing_tr": 2.0,
  "spacing_x": 4.0,
  "spacing_y": 4.0,
  "spacing_z": 4.0,
  "summary_bg_k": 51.21997360966428,
  "summary_bg_mad": 10.633836473711245,
  "summary_bg_mean": 39.973812103271484,
  "summary_bg_median": 7.597701072692871,
  "summary_bg_n": 100222.0,
  "summary_bg_p05": 0.08620689809322357,
  "summary_bg_p95": 194.53792343139634,
  "summary_bg_stdv": 108.61936950683594,
  "summary_fg_k": 0.3203987799791084,
  "summary_fg_mad": 510.1516233798862,
  "summary_fg_mean": 1952.45166015625,
  "summary_fg_median": 1862.22412109375,
  "summary_fg_n": 14903.0,
  "summary_fg_p05": 1173.3269775390625,
  "summary_fg_p95": 2999.4120605468747,
  "summary_fg_stdv": 556.386474609375,
  "tsnr": 110.4373539313674
}