{
  "aor": 0.001675813953488372,
  "aqi": 0.0010068859825581396,
  "bids_meta": {
    "AcquisitionMatrixPE": 64,
    "AcquisitionNumber": 1,
    "AcquisitionTime": "20:38:0.000000",
    "CoilString": "32Ch_Head",
    "ConversionSoftware": "dcm2niix",
    "ConversionSoftwareVersion": "v1.0.20190902",
    "Dcm2bidsVersion": "2.1.4",
    "DeviceSerialNumber": "000000000000GEHC",
    "EchoTime": 0.04,
    "EffectiveEchoSpacing": 0.000372,
    "FlipAngle": 90,
    "ImageOrientationPatientDICOM": [
      1,
      0,
      0,
      0,
      1,
      0
    ],
    "ImageType": [
      "ORIGINAL",
      "PRIMARY",
      "EPI",
      "NONE"
    ],
    "ImagingFrequency": 127.772,
    "InPlanePhaseEncodingDirectionDICOM": "COL",
    "InstitutionName": "INSTITUTO_DE_NEUROBIOLOGIA",
    "MRAcquisitionType": "2D",
    "MagneticFieldStrength": 3,
    "Manufacturer": "GE",
    "ManufacturersModelName": "DISCOVERY_MR750",
    "Modality": "MR",
    "PatientPosition": "HFS",
    "PercentPhaseFOV": 100,
    "PhaseEncodingDirection": "j",
    "PhaseEncodingPolarityGE": "Flipped",
    "PixelBandwidth": 7812.5,
    "ProcedureStepDescription": "verbos",
    "ProtocolName": "fMRI_4",
    "ReconMatrixPE": 64,
    "RepetitionTime": 2,
    "SAR": 0.378422,
    "ScanOptions": "EPI_GEMS_ACC_GEMS",
    "ScanningSequence": "EP_GR",
    "SequenceVariant": "SS",
    "SeriesDescription": "fMRI_4",
    "SeriesNumber": 7,
    "SliceThickness": 4,
    "SliceTiming": [
      0,
      1.0285,
      0.0571001,
      1.0857,
      0.1142,
      1.1428,
      0.1714,
      1.2,
      0.2285,
      1.2571,
      0.2857,
      1.3143,
      0.3428,
      1.3714,
      0.4,
      1.4286,
      0.4571,
      1.4857,
      0.5142,
      1.5428,
      0.5714,
      1.6,
      0.6285,
      1.6571,
      0.6857,
      1.7143,
      0.7428,
      1.7714,
      0.8,
      1.8285,
      0.8571,
      1.8857,
      0.9143,
      1.9428,
      0.9714
    ],
    "SoftwareVersions": "24_LX_MR_Software_release:DV24.0_R02_1607.b",
    "SpacingBetweenSlices": 4,
    "StationName": "GEHCGEHC",
    "TaskName": "verbs",
    "TotalReadoutTime": 0.023436,
    "dataset": "ds003481",
    "modality": "bold",
    "run_id": 2,
    "subject_id": "127",
    "task_id": "verbs"
  },
  "dummy_trs": 2,
  "dvars_nstd": 13.534082987192987,
  "dvars_std": 1.1604031422807022,
  "dvars_vstd": 1.0105734668421051,
  "efc": 0.366604182781061,
  "fber": 65223.5859375,
  "fd_mean": 0.05344942584006539,
  "fd_num": 3,
  "fd_perc": 1.744186046511628,
  "fwhm_avg": 2.775166666666667,
  "fwhm_x": 2.776925,
  "fwhm_y": 2.82515,
  "fwhm_z": 2.723425,
  "gcor": 0.0752786,
  "gsr_x": -0.0011513384524732828,
  "gsr_y": -0.0002940357371699065,
  "provenance": {
    "md5sum": "6b95e1a6e0c8ec40d4dd03c0d00e29c7",
    "settings": {
      "fd_thres": 0.2,
      "testing": false
    },
    "software": "mriqc",
    "version": "23.0.1",
    "webapi_port": null,
    "webapi_url": "https://mriqc.nimh.nih.gov/api/v1"
  },
  "size_t": 172,
  "size_x": 64,
  "size_y": 64,
  "size_z": 35,
  "snr": 3.3726354206673363,
  "spacing_tr": 2.0,
  "spacing_x": 4.0,
  "spacing_y": 4.0,
  "spacing_z": 4.0,
  "summary_bg_k": 48.237033561922836,
  "summary_bg_mad": 10.68421774497275,
  "summary_bg_mean": 39.66728210449219,
  "summary_bg_median": 7.636628150939941,
  "summary_bg_n": 100418.0,
  "summary_bg_p05": 0.0872092992067337,
  "summary_bg_p95": 191.90552902221663,
  "summary_bg_stdv": 107.14080810546875,
  "summary_fg_k": 0.2915991301872256,
  "summary_fg_mad": 510.3512462127734,
  "summary_fg_mean": 1946.407958984375,
  "summary_fg_median": 1862.1163330078125,
  "summary_fg_n": 14781.0,
  "summary_fg_p05": 1172.715087890625,
  "summary_fg_p95": 2975.8662109375,
  "summary_fg_stdv": 552.1063232421875,
  "tsnr": 102.72366049000993
}