{
  "aor": 0.008429333333333334,
  "aqi": 0.003178541563333333,
  "bids_meta": {
    "AcquisitionDateTime": "2017-07-05T19:25:21.000000",
    "ConversionSoftware": "dcm2niix",
    "ConversionSoftwareVersion": "v1.0.20170411 GCC4.8.4",
    "EchoTime": 0.04,
    "FlipAngle": 90,
    "ImageType": [
      "ORIGINAL",
      "PRIMARY",
      "EPI",
      "NONE"
    ],
    "MagneticFieldStrength": 3,
    "Manufacturer": "GE",
    "ManufacturersModelName": "DISCOVERY_MR750",
    "ProcedureStepDescription": "CompMet",
    "ProtocolName": "fMRI_RestState",
    "RepetitionTime": 2,
    "ScanningSequence": "EP_GR",
    "SequenceVariant": "SS",
    "SeriesDescription": "fMRI_RestState",
    "SliceTiming": [
      1.0285,
      0.0571001,
      1.0857,
      0.1142,
      1.1428,
      0.1714,
      1.2,
      0.2285,
      1.2571,
      0.2857,
      1.3143,
      0.3428,
      1.3714,
      0.4,
      1.4286,
      0.4571,
      1.4857,
      0.5142,
      1.5428,
      0.5714,
      1.6,
      0.6285,
      1.6571,
      0.6857,
      1.7143,
      0.7428,
      1.7714,
      0.8,
      1.8285,
      0.8571,
      1.8857,
      0.9143,
      1.9428,
      0.9714
    ],
    "TaskName": "rest",
    "dataset": "ds003481",
    "modality": "bold",
    "subject_id": "071",
    "task_id": "rest"
  },
  "dummy_trs": 0,
  "dvars_nstd": 14.910541279097007,
  "dvars_std": 1.109253640401338,
  "dvars_vstd": 1.0612445962541817,
  "efc": 0.335935931105049,
  "fber": 80920.5234375,
  "fd_mean": 0.10421564583857107,
  "fd_num": 23,
  "fd_perc": 7.666666666666667,
  "fwhm_avg": 2.7985,
  "fwhm_x": 2.740725,
  "fwhm_y": 2.87695,
  "fwhm_z": 2.777825,
  "gcor": 0.0821415,
  "gsr_x": -0.015584852546453476,
  "gsr_y": 0.004865436814725399,
  "provenance": {
    "md5sum": "e8ea0246e92b3a949d566ee3c7a2a0da",
    "settings": {
      "fd_thres": 0.2,
      "testing": false
    },
    "software": "mriqc",
    "version": "23.0.1",
    "webapi_port": null,
    "webapi_url": "https://mriqc.nimh.nih.gov/api/v1"
  },
  "size_t": 300,
  "size_x": 64,
  "size_y": 64,
  "size_z": 34,
  "snr": 3.128662220340866,
  "spacing_tr": 2.0,
  "spacing_x": 4.0,
  "spacing_y": 4.0,
  "spacing_z": 4.0,
  "summary_bg_k": 62.652476008826525,
  "summary_bg_mad": 9.152598069085025,
  "summary_bg_mean": 32.63365936279297,
  "summary_bg_median": 6.983333587646484,
  "summary_bg_n": 100531.0,
  "summary_bg_p05": 0.29333335161209106,
  "summary_bg_p95": 143.45667266845703,
  "summary_bg_stdv": 92.57442474365234,
  "summary_fg_k": 1.1889937724563717,
  "summary_fg_mad": 450.6024853960273,
  "summary_fg_mean": 1959.994140625,
  "summary_fg_median": 1839.443359375,
  "summary_fg_n": 12189.0,
  "summary_fg_p05": 1189.8013671875,
  "summary_fg_p95": 3118.079443359375,
  "summary_fg_stdv": 587.9087524414062,
  "tsnr": 59.93770096101798
}