{
  "aor": 0.005084633333333333,
  "aqi": 0.0018848698833333333,
  "bids_meta": {
    "AcquisitionMatrixPE": 64,
    "AcquisitionNumber": 1,
    "AcquisitionTime": "19:50:46.000000",
    "BodyPartExamined": "HEAD",
    "CoilString": "32Ch_Head",
    "ConversionSoftware": "dcm2niix",
    "ConversionSoftwareVersion": "v1.0.20181125  (JP2:OpenJPEG) GCC7.3.0",
    "DeviceSerialNumber": "0002806034DVR750",
    "EchoTime": 0.04,
    "EffectiveEchoSpacing": 0.000372,
    "FlipAngle": 90,
    "ImageOrientationPatientDICOM": [
      1,
      0,
      0,
      0,
      1,
      0
    ],
    "ImageType": [
      "ORIGINAL",
      "PRIMARY",
      "EPI",
      "NONE"
    ],
    "ImagingFrequency": 127.772,
    "InPlanePhaseEncodingDirectionDICOM": "COL",
    "InstitutionName": "INSTITUTO_DE_NEUROBIOLOGIA",
    "MRAcquisitionType": "2D",
    "MagneticFieldStrength": 3,
    "Manufacturer": "GE",
    "ManufacturersModelName": "DISCOVERY_MR750",
    "Modality": "MR",
    "PatientPosition": "HFS",
    "PercentPhaseFOV": 100,
    "PhaseEncodingDirection": "j",
    "PhaseEncodingPolarityGE": "Flipped",
    "PixelBandwidth": 7812.5,
    "ProcedureStepDescription": "Emociones_AH",
    "ProtocolName": "fMRI_RestState",
    "ReconMatrixPE": 64,
    "RepetitionTime": 2,
    "SAR": 0.201019,
    "ScanOptions": "EPI_GEMS_ACC_GEMS",
    "ScanningSequence": "EP_GR",
    "SequenceVariant": "SS",
    "SeriesDescription": "fMRI_RestState",
    "SeriesNumber": 3,
    "SliceThickness": 4,
    "SliceTiming": [
      0,
      1.0285,
      0.0571001,
      1.0857,
      0.1142,
      1.1428,
      0.1714,
      1.2,
      0.2285,
      1.2571,
      0.2857,
      1.3143,
      0.3428,
      1.3714,
      0.4,
      1.4286,
      0.4571,
      1.4857,
      0.5142,
      1.5428,
      0.5714,
      1.6,
      0.6285,
      1.6571,
      0.6857,
      1.7143,
      0.7428,
      1.7714,
      0.8,
      1.8285,
      0.8571,
      1.8857,
      0.9143,
      1.9428,
      0.9714
    ],
    "SoftwareVersions": "27_LX_MR_Software_release:DV26.0_R02_1810.b",
    "SpacingBetweenSlices": 4,
    "StationName": "GEHCGEHC",
    "TaskName": "rest",
    "TotalReadoutTime": 0.023436,
    "dataset": "ds003481",
    "modality": "bold",
    "subject_id": "029",
    "task_id": "rest"
  },
  "dummy_trs": 0,
  "dvars_nstd": 16.077582620936447,
  "dvars_std": 1.1461036728428091,
  "dvars_vstd": 1.0008093552173922,
  "efc": 0.3866762815265895,
  "fber": 92384.9609375,
  "fd_mean": 0.09278496775764777,
  "fd_num": 18,
  "fd_perc": 6.0,
  "fwhm_avg": 2.722725,
  "fwhm_x": 2.7212,
  "fwhm_y": 2.74305,
  "fwhm_z": 2.703925,
  "gcor": 0.0675776,
  "gsr_x": -0.014129262417554855,
  "gsr_y": 0.011613113805651665,
  "provenance": {
    "md5sum": "e96655d734a1e5fc7827ea980ce467ce",
    "settings": {
      "fd_thres": 0.2,
      "testing": false
    },
    "software": "mriqc",
    "version": "23.0.1",
    "webapi_port": null,
    "webapi_url": "https://mriqc.nimh.nih.gov/api/v1"
  },
  "size_t": 300,
  "size_x": 64,
  "size_y": 64,
  "size_z": 35,
  "snr": 3.2532212140898347,
  "spacing_tr": 2.0,
  "spacing_x": 4.0,
  "spacing_y": 4.0,
  "spacing_z": 4.0,
  "summary_bg_k": 59.187827253778266,
  "summary_bg_mad": 9.389814153633788,
  "summary_bg_mean": 38.92100524902344,
  "summary_bg_median": 6.6566667556762695,
  "summary_bg_n": 96851.0,
  "summary_bg_p05": 0.09000000357627869,
  "summary_bg_p95": 187.39667510986328,
  "summary_bg_stdv": 109.5282211303711,
  "summary_fg_k": 0.45859635503324725,
  "summary_fg_mad": 542.4593934524337,
  "summary_fg_mean": 2000.4947509765625,
  "summary_fg_median": 1916.0633544921875,
  "summary_fg_n": 17529.0,
  "summary_fg_p05": 1180.76669921875,
  "summary_fg_p95": 3100.1000976562495,
  "summary_fg_stdv": 588.9573974609375,
  "tsnr": 77.05955841904506
}