{
  "aor": 0.019137795275590553,
  "aqi": 0.005393237440944882,
  "bids_meta": {
    "AcquisitionMatrixPE": 64,
    "AcquisitionNumber": 1,
    "AcquisitionTime": "18:41:33.000000",
    "BodyPartExamined": "HEAD",
    "CoilString": "32Ch_Head",
    "ConversionSoftware": "dcm2niix",
    "ConversionSoftwareVersion": "v1.0.20181125  (JP2:OpenJPEG) GCC7.3.0",
    "DeviceSerialNumber": "0002806034DVR750",
    "EchoTime": 0.04,
    "EffectiveEchoSpacing": 0.000372,
    "FlipAngle": 90,
    "ImageOrientationPatientDICOM": [
      1,
      0,
      0,
      0,
      1,
      0
    ],
    "ImageType": [
      "ORIGINAL",
      "PRIMARY",
      "EPI",
      "NONE"
    ],
    "ImagingFrequency": 127.772,
    "InPlanePhaseEncodingDirectionDICOM": "COL",
    "InstitutionName": "INSTITUTO_DE_NEUROBIOLOGIA",
    "MRAcquisitionType": "2D",
    "MagneticFieldStrength": 3,
    "Manufacturer": "GE",
    "ManufacturersModelName": "DISCOVERY_MR750",
    "Modality": "MR",
    "PatientPosition": "HFS",
    "PercentPhaseFOV": 100,
    "PhaseEncodingDirection": "j",
    "PhaseEncodingPolarityGE": "Flipped",
    "PixelBandwidth": 7812.5,
    "ProcedureStepDescription": "Emociones_AH",
    "ProtocolName": "fMRI_Jalil_3",
    "ReconMatrixPE": 64,
    "RepetitionTime": 2,
    "SAR": 0.203652,
    "ScanOptions": "EPI_GEMS_ACC_GEMS",
    "ScanningSequence": "EP_GR",
    "SequenceVariant": "SS",
    "SeriesDescription": "fMRI_Jalil_3",
    "SeriesNumber": 7,
    "SliceThickness": 4,
    "SliceTiming": [
      0,
      1.0285,
      0.0571001,
      1.0857,
      0.1142,
      1.1428,
      0.1714,
      1.2,
      0.2285,
      1.2571,
      0.2857,
      1.3143,
      0.3428,
      1.3714,
      0.4,
      1.4286,
      0.4571,
      1.4857,
      0.5142,
      1.5428,
      0.5714,
      1.6,
      0.6285,
      1.6571,
      0.6857,
      1.7143,
      0.7428,
      1.7714,
      0.8,
      1.8285,
      0.8571,
      1.8857,
      0.9143,
      1.9428,
      0.9714
    ],
    "SoftwareVersions": "27_LX_MR_Software_release:DV26.0_R02_1810.b",
    "SpacingBetweenSlices": 4,
    "StationName": "GEHCGEHC",
    "TaskName": "sae",
    "TotalReadoutTime": 0.023436,
    "dataset": "ds003481",
    "modality": "bold",
    "run_id": 3,
    "subject_id": "041",
    "task_id": "sae"
  },
  "dummy_trs": 0,
  "dvars_nstd": 17.761854510869565,
  "dvars_std": 1.065100270118576,
  "dvars_vstd": 1.0904913549407107,
  "efc": 0.3418104368331334,
  "fber": 68520.328125,
  "fd_mean": 0.186658511109969,
  "fd_num": 48,
  "fd_perc": 18.89763779527559,
  "fwhm_avg": 2.6509741666666664,
  "fwhm_x": 2.686725,
  "fwhm_y": 2.779275,
  "fwhm_z": 2.4869225,
  "gcor": 0.0470578,
  "gsr_x": -0.015006507746875286,
  "gsr_y": 0.005212333519011736,
  "provenance": {
    "md5sum": "cd9f26b90f2dab86b1d6052b23f7b7a3",
    "settings": {
      "fd_thres": 0.2,
      "testing": false
    },
    "software": "mriqc",
    "version": "23.0.1",
    "webapi_port": null,
    "webapi_url": "https://mriqc.nimh.nih.gov/api/v1"
  },
  "size_t": 254,
  "size_x": 64,
  "size_y": 64,
  "size_z": 35,
  "snr": 3.6157998611635462,
  "spacing_tr": 2.0,
  "spacing_x": 4.0,
  "spacing_y": 4.0,
  "spacing_z": 4.0,
  "summary_bg_k": 85.6708626201481,
  "summary_bg_mad": 10.255638150844584,
  "summary_bg_mean": 28.99292755126953,
  "summary_bg_median": 7.578740119934082,
  "summary_bg_n": 102860.0,
  "summary_bg_p05": 0.21259842813014984,
  "summary_bg_p95": 124.73267822265616,
  "summary_bg_stdv": 75.50521087646484,
  "summary_fg_k": 0.29724010302141624,
  "summary_fg_mad": 483.211771007641,
  "summary_fg_mean": 1979.2952880859375,
  "summary_fg_median": 1900.035400390625,
  "summary_fg_n": 13517.0,
  "summary_fg_p05": 1236.43466796875,
  "summary_fg_p95": 2957.33154296875,
  "summary_fg_stdv": 525.4619140625,
  "tsnr": 50.00647576292977
}