{
  "aor": 0.0031064666666666668,
  "aqi": 0.003085506273333333,
  "bids_meta": {
    "AcquisitionMatrixPE": 64,
    "AcquisitionNumber": 1,
    "AcquisitionTime": "18:50:57.000000",
    "BodyPartExamined": "HEAD",
    "CoilString": "32Ch_Head",
    "ConversionSoftware": "dcm2niix",
    "ConversionSoftwareVersion": "v1.0.20181125  (JP2:OpenJPEG) GCC7.3.0",
    "DeviceSerialNumber": "0002806034DVR750",
    "EchoTime": 0.04,
    "EffectiveEchoSpacing": 0.000372,
    "FlipAngle": 90,
    "ImageOrientationPatientDICOM": [
      1,
      0,
      0,
      0,
      1,
      0
    ],
    "ImageType": [
      "ORIGINAL",
      "PRIMARY",
      "EPI",
      "NONE"
    ],
    "ImagingFrequency": 127.772,
    "InPlanePhaseEncodingDirectionDICOM": "COL",
    "InstitutionName": "INSTITUTO_DE_NEUROBIOLOGIA",
    "MRAcquisitionType": "2D",
    "MagneticFieldStrength": 3,
    "Manufacturer": "GE",
    "ManufacturersModelName": "DISCOVERY_MR750",
    "Modality": "MR",
    "PatientPosition": "HFS",
    "PercentPhaseFOV": 100,
    "PhaseEncodingDirection": "j",
    "PhaseEncodingPolarityGE": "Flipped",
    "PixelBandwidth": 7812.5,
    "ProcedureStepDescription": "Emociones_AH",
    "ProtocolName": "fMRI_Jalil_4",
    "ReconMatrixPE": 64,
    "RepetitionTime": 2,
    "SAR": 0.203652,
    "ScanOptions": "EPI_GEMS_ACC_GEMS",
    "ScanningSequence": "EP_GR",
    "SequenceVariant": "SS",
    "SeriesDescription": "fMRI_Jalil_4",
    "SeriesNumber": 8,
    "SliceThickness": 4,
    "SliceTiming": [
      0,
      1.0285,
      0.0571001,
      1.0857,
      0.1142,
      1.1428,
      0.1714,
      1.2,
      0.2285,
      1.2571,
      0.2857,
      1.3143,
      0.3428,
      1.3714,
      0.4,
      1.4286,
      0.4571,
      1.4857,
      0.5142,
      1.5428,
      0.5714,
      1.6,
      0.6285,
      1.6571,
      0.6857,
      1.7143,
      0.7428,
      1.7714,
      0.8,
      1.8285,
      0.8571,
      1.8857,
      0.9143,
      1.9428,
      0.9714
    ],
    "SoftwareVersions": "27_LX_MR_Software_release:DV26.0_R02_1810.b",
    "SpacingBetweenSlices": 4,
    "StationName": "GEHCGEHC",
    "TaskName": "ec",
    "TotalReadoutTime": 0.023436,
    "dataset": "ds003481",
    "modality": "bold",
    "run_id": 4,
    "subject_id": "041",
    "task_id": "ec"
  },
  "dummy_trs": 0,
  "dvars_nstd": 14.770430378859064,
  "dvars_std": 1.023772482348993,
  "dvars_vstd": 0.9632130410738258,
  "efc": 0.34084443862037583,
  "fber": 72088.125,
  "fd_mean": 0.12448655696857999,
  "fd_num": 15,
  "fd_perc": 10.0,
  "fwhm_avg": 2.6196325,
  "fwhm_x": 2.664225,
  "fwhm_y": 2.71725,
  "fwhm_z": 2.4774225,
  "gcor": 0.024059,
  "gsr_x": -0.015120449475944042,
  "gsr_y": 0.004761515650898218,
  "provenance": {
    "md5sum": "b50297d9f71d931b639921ad6a254a87",
    "settings": {
      "fd_thres": 0.2,
      "testing": false
    },
    "software": "mriqc",
    "version": "23.0.1",
    "webapi_port": null,
    "webapi_url": "https://mriqc.nimh.nih.gov/api/v1"
  },
  "size_t": 150,
  "size_x": 64,
  "size_y": 64,
  "size_z": 35,
  "snr": 3.590467760548799,
  "spacing_tr": 2.0,
  "spacing_x": 4.0,
  "spacing_y": 4.0,
  "spacing_z": 4.0,
  "summary_bg_k": 88.36242572432724,
  "summary_bg_mad": 10.121232097037478,
  "summary_bg_mean": 29.11960792541504,
  "summary_bg_median": 7.493333339691162,
  "summary_bg_n": 102960.0,
  "summary_bg_p05": 0.20000000298023224,
  "summary_bg_p95": 126.11366806030266,
  "summary_bg_stdv": 76.23766326904297,
  "summary_fg_k": 0.39246835985251405,
  "summary_fg_mad": 484.8999684556659,
  "summary_fg_mean": 2000.890625,
  "summary_fg_median": 1917.7734375,
  "summary_fg_n": 13433.0,
  "summary_fg_p05": 1258.1947021484375,
  "summary_fg_p95": 2997.3013671874996,
  "summary_fg_stdv": 534.1092529296875,
  "tsnr": 72.38798621529713
}