{
  "aor": 0.0035999000000000005,
  "aqi": 0.0070301331,
  "bids_meta": {
    "AcquisitionMatrixPE": 64,
    "AcquisitionNumber": 1,
    "AcquisitionTime": "18:09:49.000000",
    "BodyPartExamined": "HEAD",
    "CoilString": "32Ch_Head",
    "ConversionSoftware": "dcm2niix",
    "ConversionSoftwareVersion": "v1.0.20181125  (JP2:OpenJPEG) GCC7.3.0",
    "DeviceSerialNumber": "0002806034DVR750",
    "EchoTime": 0.04,
    "EffectiveEchoSpacing": 0.000372,
    "FlipAngle": 90,
    "ImageOrientationPatientDICOM": [
      1,
      0,
      0,
      0,
      1,
      0
    ],
    "ImageType": [
      "ORIGINAL",
      "PRIMARY",
      "EPI",
      "NONE"
    ],
    "ImagingFrequency": 127.772,
    "InPlanePhaseEncodingDirectionDICOM": "COL",
    "InstitutionName": "INSTITUTO_DE_NEUROBIOLOGIA",
    "MRAcquisitionType": "2D",
    "MagneticFieldStrength": 3,
    "Manufacturer": "GE",
    "ManufacturersModelName": "DISCOVERY_MR750",
    "Modality": "MR",
    "PatientPosition": "HFS",
    "PercentPhaseFOV": 100,
    "PhaseEncodingDirection": "j",
    "PhaseEncodingPolarityGE": "Flipped",
    "PixelBandwidth": 7812.5,
    "ProcedureStepDescription": "Emociones_AH",
    "ProtocolName": "fMRI_RestState",
    "ReconMatrixPE": 64,
    "RepetitionTime": 2,
    "SAR": 0.202161,
    "ScanOptions": "EPI_GEMS_ACC_GEMS",
    "ScanningSequence": "EP_GR",
    "SequenceVariant": "SS",
    "SeriesDescription": "fMRI_RestState",
    "SeriesNumber": 3,
    "SliceThickness": 4,
    "SliceTiming": [
      0,
      1.0285,
      0.0571001,
      1.0857,
      0.1142,
      1.1428,
      0.1714,
      1.2,
      0.2285,
      1.2571,
      0.2857,
      1.3143,
      0.3428,
      1.3714,
      0.4,
      1.4286,
      0.4571,
      1.4857,
      0.5142,
      1.5428,
      0.5714,
      1.6,
      0.6285,
      1.6571,
      0.6857,
      1.7143,
      0.7428,
      1.7714,
      0.8,
      1.8285,
      0.8571,
      1.8857,
      0.9143,
      1.9428,
      0.9714
    ],
    "SoftwareVersions": "27_LX_MR_Software_release:DV26.0_R02_1810.b",
    "SpacingBetweenSlices": 4,
    "StationName": "GEHCGEHC",
    "TaskName": "rest",
    "TotalReadoutTime": 0.023436,
    "dataset": "ds003481",
    "modality": "bold",
    "subject_id": "041",
    "task_id": "rest"
  },
  "dummy_trs": 0,
  "dvars_nstd": 15.229600504515039,
  "dvars_std": 1.0082205992307693,
  "dvars_vstd": 0.9266565926086954,
  "efc": 0.3407511922995716,
  "fber": 78105.015625,
  "fd_mean": 0.11543424686148124,
  "fd_num": 41,
  "fd_perc": 13.666666666666666,
  "fwhm_avg": 2.648525,
  "fwhm_x": 2.642875,
  "fwhm_y": 2.799125,
  "fwhm_z": 2.503575,
  "gcor": 0.0421931,
  "gsr_x": -0.015195204876363277,
  "gsr_y": 0.006915440782904625,
  "provenance": {
    "md5sum": "8411329f57f8dcdbd8caae7c56b3b1a5",
    "settings": {
      "fd_thres": 0.2,
      "testing": false
    },
    "software": "mriqc",
    "version": "23.0.1",
    "webapi_port": null,
    "webapi_url": "https://mriqc.nimh.nih.gov/api/v1"
  },
  "size_t": 300,
  "size_x": 64,
  "size_y": 64,
  "size_z": 35,
  "snr": 3.713571628776516,
  "spacing_tr": 2.0,
  "spacing_x": 4.0,
  "spacing_y": 4.0,
  "spacing_z": 4.0,
  "summary_bg_k": 90.46155541373452,
  "summary_bg_mad": 9.977913047191073,
  "summary_bg_mean": 29.259010314941406,
  "summary_bg_median": 7.380000114440918,
  "summary_bg_n": 102963.0,
  "summary_bg_p05": 0.1899999976158142,
  "summary_bg_p95": 123.99300003051736,
  "summary_bg_stdv": 78.32145690917969,
  "summary_fg_k": 0.2732277110881789,
  "summary_fg_mad": 474.28937240262064,
  "summary_fg_mean": 2027.029541015625,
  "summary_fg_median": 1949.830078125,
  "summary_fg_n": 13428.0,
  "summary_fg_p05": 1267.6392150878905,
  "summary_fg_p95": 3004.522863769531,
  "summary_fg_stdv": 525.03564453125,
  "tsnr": 45.97035454795696
}