{
  "aor": 0.006393636363636363,
  "aqi": 0.007944343099173554,
  "bids_meta": {
    "AcquisitionMatrixPE": 64,
    "AcquisitionNumber": 1,
    "AcquisitionTime": "18:22:51.000000",
    "BodyPartExamined": "HEAD",
    "CoilString": "32Ch_Head",
    "ConversionSoftware": "dcm2niix",
    "ConversionSoftwareVersion": "v1.0.20181125  (JP2:OpenJPEG) GCC7.3.0",
    "DeviceSerialNumber": "0002806034DVR750",
    "EchoTime": 0.04,
    "EffectiveEchoSpacing": 0.000372,
    "FlipAngle": 90,
    "ImageOrientationPatientDICOM": [
      1,
      0,
      0,
      0,
      1,
      0
    ],
    "ImageType": [
      "ORIGINAL",
      "PRIMARY",
      "EPI",
      "NONE"
    ],
    "ImagingFrequency": 127.772,
    "InPlanePhaseEncodingDirectionDICOM": "COL",
    "InstitutionName": "INSTITUTO_DE_NEUROBIOLOGIA",
    "MRAcquisitionType": "2D",
    "MagneticFieldStrength": 3,
    "Manufacturer": "GE",
    "ManufacturersModelName": "DISCOVERY_MR750",
    "Modality": "MR",
    "PatientPosition": "HFS",
    "PercentPhaseFOV": 100,
    "PhaseEncodingDirection": "j",
    "PhaseEncodingPolarityGE": "Flipped",
    "PixelBandwidth": 7812.5,
    "ProcedureStepDescription": "Emociones_AH",
    "ProtocolName": "fMRI_Jalil_1",
    "ReconMatrixPE": 64,
    "RepetitionTime": 2,
    "SAR": 0.203652,
    "ScanOptions": "EPI_GEMS_ACC_GEMS",
    "ScanningSequence": "EP_GR",
    "SequenceVariant": "SS",
    "SeriesDescription": "fMRI_Jalil_1",
    "SeriesNumber": 5,
    "SliceThickness": 4,
    "SliceTiming": [
      0,
      1.0285,
      0.0571001,
      1.0857,
      0.1142,
      1.1428,
      0.1714,
      1.2,
      0.2285,
      1.2571,
      0.2857,
      1.3143,
      0.3428,
      1.3714,
      0.4,
      1.4286,
      0.4571,
      1.4857,
      0.5142,
      1.5428,
      0.5714,
      1.6,
      0.6285,
      1.6571,
      0.6857,
      1.7143,
      0.7428,
      1.7714,
      0.8,
      1.8285,
      0.8571,
      1.8857,
      0.9143,
      1.9428,
      0.9714
    ],
    "SoftwareVersions": "27_LX_MR_Software_release:DV26.0_R02_1810.b",
    "SpacingBetweenSlices": 4,
    "StationName": "GEHCGEHC",
    "TaskName": "sae",
    "TotalReadoutTime": 0.023436,
    "dataset": "ds003481",
    "modality": "bold",
    "run_id": 1,
    "subject_id": "041",
    "task_id": "sae"
  },
  "dummy_trs": 0,
  "dvars_nstd": 22.830178079045666,
  "dvars_std": 0.871759444979253,
  "dvars_vstd": 0.874484915892116,
  "efc": 0.3398915828710048,
  "fber": 69485.953125,
  "fd_mean": 0.21218445337230885,
  "fd_num": 70,
  "fd_perc": 28.925619834710744,
  "fwhm_avg": 2.6279083333333335,
  "fwhm_x": 2.64285,
  "fwhm_y": 2.751075,
  "fwhm_z": 2.4898,
  "gcor": 0.0767079,
  "gsr_x": -0.014656675048172474,
  "gsr_y": 0.0042722770012915134,
  "provenance": {
    "md5sum": "576ad59d02fbd1bbe93ddb9cae14d574",
    "settings": {
      "fd_thres": 0.2,
      "testing": false
    },
    "software": "mriqc",
    "version": "23.0.1",
    "webapi_port": null,
    "webapi_url": "https://mriqc.nimh.nih.gov/api/v1"
  },
  "size_t": 242,
  "size_x": 64,
  "size_y": 64,
  "size_z": 35,
  "snr": 3.68951589247625,
  "spacing_tr": 2.0,
  "spacing_x": 4.0,
  "spacing_y": 4.0,
  "spacing_z": 4.0,
  "summary_bg_k": 97.2127976550905,
  "summary_bg_mad": 10.157662885815878,
  "summary_bg_mean": 27.757614135742188,
  "summary_bg_median": 7.52892541885376,
  "summary_bg_n": 103025.0,
  "summary_bg_p05": 0.21900825202465057,
  "summary_bg_p95": 117.42065887451167,
  "summary_bg_stdv": 72.85286712646484,
  "summary_fg_k": 0.26401441540078574,
  "summary_fg_mad": 470.67408164128426,
  "summary_fg_mean": 1984.69580078125,
  "summary_fg_median": 1905.2086181640625,
  "summary_fg_n": 13440.0,
  "summary_fg_p05": 1245.6110595703126,
  "summary_fg_p95": 2940.4864990234373,
  "summary_fg_stdv": 516.365234375,
  "tsnr": 41.91785539104603
}