{
  "aor": 0.0026823320158102766,
  "aqi": 0.0020132230869565216,
  "bids_meta": {
    "AcquisitionMatrixPE": 64,
    "AcquisitionNumber": 1,
    "AcquisitionTime": "20:43:48.000000",
    "BodyPartExamined": "HEAD",
    "CoilString": "32Ch_Head",
    "ConversionSoftware": "dcm2niix",
    "ConversionSoftwareVersion": "v1.0.20181125  (JP2:OpenJPEG) GCC7.3.0",
    "DeviceSerialNumber": "0002806034DVR750",
    "EchoTime": 0.04,
    "EffectiveEchoSpacing": 0.000372,
    "FlipAngle": 90,
    "ImageOrientationPatientDICOM": [
      1,
      0,
      0,
      0,
      1,
      0
    ],
    "ImageType": [
      "ORIGINAL",
      "PRIMARY",
      "EPI",
      "NONE"
    ],
    "ImagingFrequency": 127.772,
    "InPlanePhaseEncodingDirectionDICOM": "COL",
    "InstitutionName": "INSTITUTO_DE_NEUROBIOLOGIA",
    "MRAcquisitionType": "2D",
    "MagneticFieldStrength": 3,
    "Manufacturer": "GE",
    "ManufacturersModelName": "DISCOVERY_MR750",
    "Modality": "MR",
    "PatientPosition": "HFS",
    "PercentPhaseFOV": 100,
    "PhaseEncodingDirection": "j",
    "PhaseEncodingPolarityGE": "Flipped",
    "PixelBandwidth": 7812.5,
    "ProcedureStepDescription": "Emociones_AH",
    "ProtocolName": "fMRI_Jalil_3",
    "ReconMatrixPE": 64,
    "RepetitionTime": 2,
    "SAR": 0.163021,
    "ScanOptions": "EPI_GEMS_ACC_GEMS",
    "ScanningSequence": "EP_GR",
    "SequenceVariant": "SS",
    "SeriesDescription": "fMRI_Jalil_3",
    "SeriesNumber": 9,
    "SliceThickness": 4,
    "SliceTiming": [
      0,
      1.0285,
      0.0571001,
      1.0857,
      0.1142,
      1.1428,
      0.1714,
      1.2,
      0.2285,
      1.2571,
      0.2857,
      1.3143,
      0.3428,
      1.3714,
      0.4,
      1.4286,
      0.4571,
      1.4857,
      0.5142,
      1.5428,
      0.5714,
      1.6,
      0.6285,
      1.6571,
      0.6857,
      1.7143,
      0.7428,
      1.7714,
      0.8,
      1.8285,
      0.8571,
      1.8857,
      0.9143,
      1.9428,
      0.9714
    ],
    "SoftwareVersions": "27_LX_MR_Software_release:DV26.0_R03_1831.b",
    "SpacingBetweenSlices": 4,
    "StationName": "GEHCGEHC",
    "TaskName": "sae",
    "TotalReadoutTime": 0.023436,
    "dataset": "ds003481",
    "modality": "bold",
    "run_id": 3,
    "subject_id": "045",
    "task_id": "sae"
  },
  "dummy_trs": 1,
  "dvars_nstd": 13.642952468769845,
  "dvars_std": 1.0393117100793647,
  "dvars_vstd": 0.9700826698412693,
  "efc": 0.3043445050263749,
  "fber": 76044.3515625,
  "fd_mean": 0.08478158030693005,
  "fd_num": 10,
  "fd_perc": 3.952569169960474,
  "fwhm_avg": 2.830458333333333,
  "fwhm_x": 2.816575,
  "fwhm_y": 2.849275,
  "fwhm_z": 2.825525,
  "gcor": 0.0394098,
  "gsr_x": -0.015676001086831093,
  "gsr_y": -0.000133323366753757,
  "provenance": {
    "md5sum": "e33aa7adba62e114085eb92619c1639e",
    "settings": {
      "fd_thres": 0.2,
      "testing": false
    },
    "software": "mriqc",
    "version": "23.0.1",
    "webapi_port": null,
    "webapi_url": "https://mriqc.nimh.nih.gov/api/v1"
  },
  "size_t": 253,
  "size_x": 64,
  "size_y": 64,
  "size_z": 35,
  "snr": 3.1100549260100325,
  "spacing_tr": 2.0,
  "spacing_x": 4.0,
  "spacing_y": 4.0,
  "spacing_z": 4.0,
  "summary_bg_k": 73.23889705646805,
  "summary_bg_mad": 9.12415698680975,
  "summary_bg_mean": 25.96409797668457,
  "summary_bg_median": 7.130434989929199,
  "summary_bg_n": 107315.0,
  "summary_bg_p05": 0.27272728085517883,
  "summary_bg_p95": 110.72174682617178,
  "summary_bg_stdv": 70.46974182128906,
  "summary_fg_k": 1.072284161796646,
  "summary_fg_mad": 455.86796744500214,
  "summary_fg_mean": 2005.468505859375,
  "summary_fg_median": 1864.434814453125,
  "summary_fg_n": 10277.0,
  "summary_fg_p05": 1258.0570068359375,
  "summary_fg_p95": 3219.7622070312495,
  "summary_fg_stdv": 599.4569702148438,
  "tsnr": 80.14815535396338
}