{
  "aor": 0.005887701149425287,
  "aqi": 0.0012276109540229887,
  "bids_meta": {
    "AcquisitionMatrixPE": 64,
    "AcquisitionNumber": 1,
    "AcquisitionTime": "19:52:51.000000",
    "CoilString": "32Ch_Head",
    "ConversionSoftware": "dcm2niix",
    "ConversionSoftwareVersion": "v1.0.20190902",
    "Dcm2bidsVersion": "2.1.4",
    "DeviceSerialNumber": "000000000000GEHC",
    "EchoTime": 0.04,
    "EffectiveEchoSpacing": 0.000372,
    "FlipAngle": 90,
    "ImageOrientationPatientDICOM": [
      1,
      0,
      0,
      0,
      1,
      0
    ],
    "ImageType": [
      "ORIGINAL",
      "PRIMARY",
      "EPI",
      "NONE"
    ],
    "ImagingFrequency": 127.772,
    "InPlanePhaseEncodingDirectionDICOM": "COL",
    "InstitutionName": "INSTITUTO_DE_NEUROBIOLOGIA",
    "MRAcquisitionType": "2D",
    "MagneticFieldStrength": 3,
    "Manufacturer": "GE",
    "ManufacturersModelName": "DISCOVERY_MR750",
    "Modality": "MR",
    "PatientPosition": "HFS",
    "PercentPhaseFOV": 100,
    "PhaseEncodingDirection": "j",
    "PhaseEncodingPolarityGE": "Flipped",
    "PixelBandwidth": 7812.5,
    "ProcedureStepDescription": "verbos",
    "ProtocolName": "fMRI_1",
    "ReconMatrixPE": 64,
    "RepetitionTime": 2,
    "SAR": 0.352886,
    "ScanOptions": "EPI_GEMS_ACC_GEMS",
    "ScanningSequence": "EP_GR",
    "SequenceVariant": "SS",
    "SeriesDescription": "fMRI_1",
    "SeriesNumber": 4,
    "SliceThickness": 4,
    "SliceTiming": [
      0,
      1.0285,
      0.0571001,
      1.0857,
      0.1142,
      1.1428,
      0.1714,
      1.2,
      0.2285,
      1.2571,
      0.2857,
      1.3143,
      0.3428,
      1.3714,
      0.4,
      1.4286,
      0.4571,
      1.4857,
      0.5142,
      1.5428,
      0.5714,
      1.6,
      0.6285,
      1.6571,
      0.6857,
      1.7143,
      0.7428,
      1.7714,
      0.8,
      1.8285,
      0.8571,
      1.8857,
      0.9143,
      1.9428,
      0.9714
    ],
    "SoftwareVersions": "24_LX_MR_Software_release:DV24.0_R02_1607.b",
    "SpacingBetweenSlices": 4,
    "StationName": "GEHCGEHC",
    "TaskName": "verbs",
    "TotalReadoutTime": 0.023436,
    "dataset": "ds003481",
    "modality": "bold",
    "run_id": 1,
    "subject_id": "142",
    "task_id": "verbs"
  },
  "dummy_trs": 0,
  "dvars_nstd": 12.13427108705202,
  "dvars_std": 1.13003967416185,
  "dvars_vstd": 1.0534688467630056,
  "efc": 0.32114671000441275,
  "fber": 92264.8046875,
  "fd_mean": 0.12354548248933322,
  "fd_num": 25,
  "fd_perc": 14.367816091954023,
  "fwhm_avg": 2.602,
  "fwhm_x": 2.584525,
  "fwhm_y": 2.699875,
  "fwhm_z": 2.5216,
  "gcor": 0.107767,
  "gsr_x": -0.01701817847788334,
  "gsr_y": 0.006797054782509804,
  "provenance": {
    "md5sum": "43cba1b08c26a7c1f0dbf0f389a68021",
    "settings": {
      "fd_thres": 0.2,
      "testing": false
    },
    "software": "mriqc",
    "version": "23.0.1",
    "webapi_port": null,
    "webapi_url": "https://mriqc.nimh.nih.gov/api/v1"
  },
  "size_t": 174,
  "size_x": 64,
  "size_y": 64,
  "size_z": 35,
  "snr": 3.7322228596916283,
  "spacing_tr": 2.0,
  "spacing_x": 4.0,
  "spacing_y": 4.0,
  "spacing_z": 4.0,
  "summary_bg_k": 159.40573555908654,
  "summary_bg_mad": 7.83904629404799,
  "summary_bg_mean": 24.667375564575195,
  "summary_bg_median": 6.425287246704102,
  "summary_bg_n": 104957.0,
  "summary_bg_p05": 0.3850574791431427,
  "summary_bg_p95": 101.60919189453125,
  "summary_bg_stdv": 75.61817169189453,
  "summary_fg_k": 0.8494202971035412,
  "summary_fg_mad": 426.69968720209533,
  "summary_fg_mean": 1930.5970458984375,
  "summary_fg_median": 1858.2069091796875,
  "summary_fg_n": 11767.0,
  "summary_fg_p05": 1243.1580932617187,
  "summary_fg_p95": 2886.1557861328124,
  "summary_fg_stdv": 497.8609313964844,
  "tsnr": 101.56710732216015
}