{
  "aor": 0.007366724137931035,
  "aqi": 0.004529301091954023,
  "bids_meta": {
    "AcquisitionMatrixPE": 64,
    "AcquisitionNumber": 1,
    "AcquisitionTime": "20:34:26.000000",
    "CoilString": "32Ch_Head",
    "ConversionSoftware": "dcm2niix",
    "ConversionSoftwareVersion": "v1.0.20190902",
    "Dcm2bidsVersion": "2.1.4",
    "DeviceSerialNumber": "000000000000GEHC",
    "EchoTime": 0.04,
    "EffectiveEchoSpacing": 0.000372,
    "FlipAngle": 90,
    "ImageOrientationPatientDICOM": [
      1,
      0,
      0,
      0,
      1,
      0
    ],
    "ImageType": [
      "ORIGINAL",
      "PRIMARY",
      "EPI",
      "NONE"
    ],
    "ImagingFrequency": 127.772,
    "InPlanePhaseEncodingDirectionDICOM": "COL",
    "InstitutionName": "INSTITUTO_DE_NEUROBIOLOGIA",
    "MRAcquisitionType": "2D",
    "MagneticFieldStrength": 3,
    "Manufacturer": "GE",
    "ManufacturersModelName": "DISCOVERY_MR750",
    "Modality": "MR",
    "PatientPosition": "HFS",
    "PercentPhaseFOV": 100,
    "PhaseEncodingDirection": "j",
    "PhaseEncodingPolarityGE": "Flipped",
    "PixelBandwidth": 7812.5,
    "ProcedureStepDescription": "verbos",
    "ProtocolName": "fMRI_7",
    "ReconMatrixPE": 64,
    "RepetitionTime": 2,
    "SAR": 0.352886,
    "ScanOptions": "EPI_GEMS_ACC_GEMS",
    "ScanningSequence": "EP_GR",
    "SequenceVariant": "SS",
    "SeriesDescription": "fMRI_7",
    "SeriesNumber": 10,
    "SliceThickness": 4,
    "SliceTiming": [
      0,
      1.0285,
      0.0571001,
      1.0857,
      0.1142,
      1.1428,
      0.1714,
      1.2,
      0.2285,
      1.2571,
      0.2857,
      1.3143,
      0.3428,
      1.3714,
      0.4,
      1.4286,
      0.4571,
      1.4857,
      0.5142,
      1.5428,
      0.5714,
      1.6,
      0.6285,
      1.6571,
      0.6857,
      1.7143,
      0.7428,
      1.7714,
      0.8,
      1.8285,
      0.8571,
      1.8857,
      0.9143,
      1.9428,
      0.9714
    ],
    "SoftwareVersions": "24_LX_MR_Software_release:DV24.0_R02_1607.b",
    "SpacingBetweenSlices": 4,
    "StationName": "GEHCGEHC",
    "TaskName": "verbs",
    "TotalReadoutTime": 0.023436,
    "dataset": "ds003481",
    "modality": "bold",
    "run_id": 7,
    "subject_id": "142",
    "task_id": "verbs"
  },
  "dummy_trs": 0,
  "dvars_nstd": 15.647388006127162,
  "dvars_std": 0.985318387630058,
  "dvars_vstd": 0.9438356510982661,
  "efc": 0.3236823636686577,
  "fber": 83312.1015625,
  "fd_mean": 0.17623388949035126,
  "fd_num": 36,
  "fd_perc": 20.689655172413794,
  "fwhm_avg": 2.6195833333333334,
  "fwhm_x": 2.5728,
  "fwhm_y": 2.694025,
  "fwhm_z": 2.591925,
  "gcor": 0.0493982,
  "gsr_x": -0.017336586490273476,
  "gsr_y": 0.007729632314294577,
  "provenance": {
    "md5sum": "42545f359a9de717e48091c4b04cabde",
    "settings": {
      "fd_thres": 0.2,
      "testing": false
    },
    "software": "mriqc",
    "version": "23.0.1",
    "webapi_port": null,
    "webapi_url": "https://mriqc.nimh.nih.gov/api/v1"
  },
  "size_t": 174,
  "size_x": 64,
  "size_y": 64,
  "size_z": 35,
  "snr": 3.7657750444649807,
  "spacing_tr": 2.0,
  "spacing_x": 4.0,
  "spacing_y": 4.0,
  "spacing_z": 4.0,
  "summary_bg_k": 194.4353886314309,
  "summary_bg_mad": 8.299163852165682,
  "summary_bg_mean": 25.351238250732422,
  "summary_bg_median": 6.752873420715332,
  "summary_bg_n": 104792.0,
  "summary_bg_p05": 0.4482758641242981,
  "summary_bg_p95": 103.56523132324213,
  "summary_bg_stdv": 78.0482177734375,
  "summary_fg_k": 0.9175200109798478,
  "summary_fg_mad": 432.1316724299063,
  "summary_fg_mean": 1939.8826904296875,
  "summary_fg_median": 1864.066162109375,
  "summary_fg_n": 11920.0,
  "summary_fg_p05": 1278.5609252929687,
  "summary_fg_p95": 2899.4396362304688,
  "summary_fg_stdv": 494.9812316894531,
  "tsnr": 60.640285606496036
}