{
  "aor": 0.002392,
  "aqi": 0.00500020152,
  "bids_meta": {
    "AcquisitionDateTime": "2017-08-17T19:54:2.000000",
    "ConversionSoftware": "dcm2niix",
    "ConversionSoftwareVersion": "v1.0.20170411 GCC4.8.4",
    "EchoTime": 0.035,
    "FlipAngle": 90,
    "ImageType": [
      "ORIGINAL",
      "PRIMARY",
      "EPI",
      "NONE"
    ],
    "MagneticFieldStrength": 3,
    "Manufacturer": "GE",
    "ManufacturersModelName": "DISCOVERY_MR750",
    "ProtocolName": "fMRI_CompMet",
    "RepetitionTime": 2,
    "ScanningSequence": "EP_GR",
    "SequenceVariant": "SS",
    "SeriesDescription": "fMRI_CompMet",
    "SliceTiming": [
      1.0285,
      0.0571001,
      1.0857,
      0.1142,
      1.1428,
      0.1714,
      1.2,
      0.2285,
      1.2571,
      0.2857,
      1.3143,
      0.3428,
      1.3714,
      0.4,
      1.4286,
      0.4571,
      1.4857,
      0.5142,
      1.5428,
      0.5714,
      1.6,
      0.6285,
      1.6571,
      0.6857,
      1.7143,
      0.7428,
      1.7714,
      0.8,
      1.8285,
      0.8571,
      1.8857,
      0.9143,
      1.9428,
      0.9714
    ],
    "TaskName": "cmp",
    "dataset": "ds003481",
    "modality": "bold",
    "run_id": 2,
    "subject_id": "075",
    "task_id": "cmp"
  },
  "dummy_trs": 0,
  "dvars_nstd": 16.646064620441766,
  "dvars_std": 0.9828086477108438,
  "dvars_vstd": 0.9070216862650601,
  "efc": 0.37329022980919474,
  "fber": 74948.1875,
  "fd_mean": 0.14778376165768967,
  "fd_num": 40,
  "fd_perc": 16.0,
  "fwhm_avg": 2.9664750000000004,
  "fwhm_x": 2.918575,
  "fwhm_y": 2.9009,
  "fwhm_z": 3.07995,
  "gcor": 0.0335428,
  "gsr_x": -0.01021512784063816,
  "gsr_y": 0.0005385162075981498,
  "provenance": {
    "md5sum": "fa5c483cbd6535d487f485c1d3cae1fd",
    "settings": {
      "fd_thres": 0.2,
      "testing": false
    },
    "software": "mriqc",
    "version": "23.0.1",
    "webapi_port": null,
    "webapi_url": "https://mriqc.nimh.nih.gov/api/v1"
  },
  "size_t": 250,
  "size_x": 64,
  "size_y": 64,
  "size_z": 34,
  "snr": 2.9735132077105986,
  "spacing_tr": 2.0,
  "spacing_x": 4.0,
  "spacing_y": 4.0,
  "spacing_z": 4.0,
  "summary_bg_k": 42.2249910756315,
  "summary_bg_mad": 11.49313271315951,
  "summary_bg_mean": 50.199649810791016,
  "summary_bg_median": 8.260000228881836,
  "summary_bg_n": 96731.0,
  "summary_bg_p05": 0.18400001525878906,
  "summary_bg_p95": 258.87200927734375,
  "summary_bg_stdv": 136.94891357421875,
  "summary_fg_k": 1.2161663843865718,
  "summary_fg_mad": 570.4369949849463,
  "summary_fg_mean": 2265.46484375,
  "summary_fg_median": 2111.84423828125,
  "summary_fg_n": 15084.0,
  "summary_fg_p05": 1381.4464233398437,
  "summary_fg_p95": 3707.888525390624,
  "summary_fg_stdv": 710.1950073242188,
  "tsnr": 59.611253794748336
}