{
  "bids_meta": {
    "AcquisitionMatrixPE": 256,
    "AcquisitionNumber": 1,
    "AcquisitionTime": "18:46:47.000000",
    "BodyPartExamined": "HEAD",
    "CoilString": "32Ch_Head",
    "ConversionSoftware": "dcm2niix",
    "ConversionSoftwareVersion": "v1.0.20181125  (JP2:OpenJPEG) GCC7.3.0",
    "DeviceSerialNumber": "0002806034DVR750",
    "EchoTime": 0.003192,
    "FlipAngle": 12,
    "ImageOrientationPatientDICOM": [
      0,
      1,
      0,
      0,
      0,
      -1
    ],
    "ImageType": [
      "ORIGINAL",
      "PRIMARY",
      "OTHER"
    ],
    "ImagingFrequency": 127.772,
    "InPlanePhaseEncodingDirectionDICOM": "ROW",
    "InstitutionName": "INSTITUTO_DE_NEUROBIOLOGIA",
    "InversionTime": 0.45,
    "MRAcquisitionType": "3D",
    "MagneticFieldStrength": 3,
    "Manufacturer": "GE",
    "ManufacturersModelName": "DISCOVERY_MR750",
    "Modality": "MR",
    "PatientPosition": "HFS",
    "PercentPhaseFOV": 100,
    "PixelBandwidth": 244.141,
    "ProcedureStepDescription": "Emociones_AH",
    "ProtocolName": "Sag_T1_FSPGR_BRAVO",
    "ReconMatrixPE": 256,
    "RepetitionTime": 0.008184,
    "SAR": 0.105466,
    "ScanOptions": "FAST_GEMS_EDR_GEMS_FILTERED_GEMS_ACC_GEMS_IR_GEMS",
    "ScanningSequence": "GR",
    "SequenceVariant": "SS_SP_SK",
    "SeriesDescription": "Sag_T1_FSPGR_BRAVO",
    "SeriesNumber": 12,
    "SliceThickness": 1,
    "SoftwareVersions": "27_LX_MR_Software_release:DV26.0_R03_1831.b",
    "SpacingBetweenSlices": 1,
    "StationName": "GEHCGEHC",
    "dataset": "ds003481",
    "modality": "T1w",
    "subject_id": "042"
  },
  "cjv": 0.3459228233892412,
  "cnr": 3.956378063904272,
  "efc": 0.5768712503401819,
  "fber": -1.0,
  "fwhm_avg": 3.687746666666667,
  "fwhm_x": 3.61463,
  "fwhm_y": 3.84041,
  "fwhm_z": 3.6082,
  "icvs_csf": 0.19182879215964246,
  "icvs_gm": 0.4747858623192484,
  "icvs_wm": 0.33338534552110916,
  "inu_med": 0.5435826182365417,
  "inu_range": 0.14996908307075507,
  "provenance": {
    "md5sum": "fce5080e75dfc72d9f37eb7d8b9371c1",
    "settings": {
      "testing": false
    },
    "software": "mriqc",
    "version": "23.0.1",
    "warnings": {
      "large_rot_frame": true,
      "small_air_mask": false
    },
    "webapi_port": null,
    "webapi_url": "https://mriqc.nimh.nih.gov/api/v1"
  },
  "qi_1": 0.0,
  "qi_2": 0.0020748646576604175,
  "rpve_csf": 30.95915007098937,
  "rpve_gm": 13.803999733673908,
  "rpve_wm": 21.420783034623447,
  "size_x": 176,
  "size_y": 256,
  "size_z": 256,
  "snr_csf": 2.1271241839108486,
  "snr_gm": 11.385587753224698,
  "snr_total": 11.172936219257577,
  "snr_wm": 20.006096720637185,
  "snrd_csf": 15.458646950168117,
  "snrd_gm": 42.78674522778862,
  "snrd_total": 40.17001085431906,
  "snrd_wm": 62.26464038500044,
  "spacing_x": 1.0,
  "spacing_y": 1.0,
  "spacing_z": 1.0,
  "summary_bg_k": 21.937093474749997,
  "summary_bg_mad": 0.0,
  "summary_bg_mean": 5.417442430366634,
  "summary_bg_median": 0.0,
  "summary_bg_n": 1829686.0,
  "summary_bg_p05": 0.0,
  "summary_bg_p95": 26.47004023939371,
  "summary_bg_stdv": 10.521805340050738,
  "summary_csf_k": 0.702106017212198,
  "summary_csf_mad": 99.02465831443212,
  "summary_csf_mean": 252.07762207875828,
  "summary_csf_median": 248.27329702675343,
  "summary_csf_n": 22549.0,
  "summary_csf_p05": 62.0272564932704,
  "summary_csf_p95": 461.9750041216612,
  "summary_csf_stdv": 116.71523160155799,
  "summary_gm_k": 0.08826220855650746,
  "summary_gm_mad": 59.44800616528792,
  "summary_gm_mean": 686.4572440436087,
  "summary_gm_median": 687.1756849735975,
  "summary_gm_n": 49425.0,
  "summary_gm_p05": 585.4769690185785,
  "summary_gm_p95": 784.3494800865649,
  "summary_gm_stdv": 60.35426085424478,
  "summary_wm_k": 0.2670305787501954,
  "summary_wm_mad": 48.76507768307138,
  "summary_wm_mean": 1000.9369830853702,
  "summary_wm_median": 1000.0000392273068,
  "summary_wm_n": 164556.0,
  "summary_wm_p05": 920.4779155179858,
  "summary_wm_p95": 1083.8249445129186,
  "summary_wm_stdv": 49.98461292610507,
  "tpm_overlap_csf": 0.13846668806390444,
  "tpm_overlap_gm": 0.4935457253145243,
  "tpm_overlap_wm": 0.5158153469011308,
  "wm2max": 0.4738373791353017
}