{
  "aor": 0.0013231999999999999,
  "aqi": 0.006133563999999999,
  "bids_meta": {
    "AcquisitionDateTime": "2016-09-06T18:27:47.000000",
    "ConversionSoftware": "dcm2niix",
    "ConversionSoftwareVersion": "v1.0.20170411 GCC4.8.4",
    "EchoTime": 0.04,
    "FlipAngle": 90,
    "ImageType": [
      "ORIGINAL",
      "PRIMARY",
      "EPI",
      "NONE"
    ],
    "MagneticFieldStrength": 3,
    "Manufacturer": "GE",
    "ManufacturersModelName": "DISCOVERY_MR750",
    "ProcedureStepDescription": "MeditResp",
    "ProtocolName": "fMRI_RestSt",
    "RepetitionTime": 2,
    "ScanningSequence": "EP_GR",
    "SequenceVariant": "SS",
    "SeriesDescription": "fMRI_RestSt",
    "SliceTiming": [
      1.0285,
      0.0571001,
      1.0857,
      0.1142,
      1.1428,
      0.1714,
      1.2,
      0.2285,
      1.2571,
      0.2857,
      1.3143,
      0.3428,
      1.3714,
      0.4,
      1.4286,
      0.4571,
      1.4857,
      0.5142,
      1.5428,
      0.5714,
      1.6,
      0.6285,
      1.6571,
      0.6857,
      1.7143,
      0.7428,
      1.7714,
      0.8,
      1.8285,
      0.8571,
      1.8857,
      0.9143,
      1.9428,
      0.9714
    ],
    "TaskName": "rest",
    "dataset": "ds003481",
    "modality": "bold",
    "subject_id": "114",
    "task_id": "rest"
  },
  "dummy_trs": 0,
  "dvars_nstd": 20.03009319297659,
  "dvars_std": 1.0347355689966562,
  "dvars_vstd": 0.8943186133110367,
  "efc": 0.38184326720960077,
  "fber": 105127.90625,
  "fd_mean": 0.20562833319095333,
  "fd_num": 111,
  "fd_perc": 37.0,
  "fwhm_avg": 2.6885,
  "fwhm_x": 2.684,
  "fwhm_y": 2.901875,
  "fwhm_z": 2.479625,
  "gcor": 0.0535447,
  "gsr_x": -0.010199565440416336,
  "gsr_y": 0.013158709742128849,
  "provenance": {
    "md5sum": "4a7a61ec8851f6695cdfe5edf7062110",
    "settings": {
      "fd_thres": 0.2,
      "testing": false
    },
    "software": "mriqc",
    "version": "23.0.1",
    "webapi_port": null,
    "webapi_url": "https://mriqc.nimh.nih.gov/api/v1"
  },
  "size_t": 300,
  "size_x": 64,
  "size_y": 64,
  "size_z": 34,
  "snr": 3.6724419910519783,
  "spacing_tr": 2.0,
  "spacing_x": 4.0,
  "spacing_y": 4.0,
  "spacing_z": 4.0,
  "summary_bg_k": 196.9032763917755,
  "summary_bg_mad": 9.11306184879695,
  "summary_bg_mean": 37.22870635986328,
  "summary_bg_median": 6.340000152587891,
  "summary_bg_n": 94940.0,
  "summary_bg_p05": 0.03999999910593033,
  "summary_bg_p95": 172.7685111999513,
  "summary_bg_stdv": 111.22688293457031,
  "summary_fg_k": 0.3871859703270357,
  "summary_fg_mad": 504.1638433018518,
  "summary_fg_mean": 1940.024169921875,
  "summary_fg_median": 1916.1134033203125,
  "summary_fg_n": 16195.0,
  "summary_fg_p05": 1153.122705078125,
  "summary_fg_p95": 2840.9788085937494,
  "summary_fg_stdv": 521.7384643554688,
  "tsnr": 51.40987300290726
}