{
  "aor": 0.0007620524017467249,
  "aqi": 0.0025648400436681226,
  "bids_meta": {
    "AcquisitionDateTime": "2017-01-10T20:32:41.000000",
    "ConversionSoftware": "dcm2niix",
    "ConversionSoftwareVersion": "v1.0.20170411 GCC4.8.4",
    "EchoTime": 0.04,
    "FlipAngle": 90,
    "ImageType": [
      "ORIGINAL",
      "PRIMARY",
      "EPI",
      "NONE"
    ],
    "MagneticFieldStrength": 3,
    "Manufacturer": "GE",
    "ManufacturersModelName": "DISCOVERY_MR750",
    "ProcedureStepDescription": "CompRefranes",
    "ProtocolName": "fMRI_Comprension_3",
    "RepetitionTime": 2,
    "ScanningSequence": "EP_GR",
    "SequenceVariant": "SS",
    "SeriesDescription": "fMRI_Comprension_3",
    "SliceTiming": [
      1.0285,
      0.0571001,
      1.0857,
      0.1142,
      1.1428,
      0.1714,
      1.2,
      0.2285,
      1.2571,
      0.2857,
      1.3143,
      0.3428,
      1.3714,
      0.4,
      1.4286,
      0.4571,
      1.4857,
      0.5142,
      1.5428,
      0.5714,
      1.6,
      0.6285,
      1.6571,
      0.6857,
      1.7143,
      0.7428,
      1.7714,
      0.8,
      1.8285,
      0.8571,
      1.8857,
      0.9143,
      1.9428,
      0.9714
    ],
    "TaskName": "pc",
    "dataset": "ds003481",
    "modality": "bold",
    "run_id": 3,
    "subject_id": "050",
    "task_id": "pc"
  },
  "dummy_trs": 0,
  "dvars_nstd": 18.386225645921048,
  "dvars_std": 1.0593643557456138,
  "dvars_vstd": 0.9792261241228075,
  "efc": 0.3643375642235999,
  "fber": 54772.23828125,
  "fd_mean": 0.1392515853894801,
  "fd_num": 18,
  "fd_perc": 7.860262008733624,
  "fwhm_avg": 2.8098083333333332,
  "fwhm_x": 2.664275,
  "fwhm_y": 2.9427,
  "fwhm_z": 2.82245,
  "gcor": 0.026784,
  "gsr_x": -0.013978801667690277,
  "gsr_y": 0.012048021890223026,
  "provenance": {
    "md5sum": "edc3e6971f20970190e4d25b9ab03fb7",
    "settings": {
      "fd_thres": 0.2,
      "testing": false
    },
    "software": "mriqc",
    "version": "23.0.1",
    "webapi_port": null,
    "webapi_url": "https://mriqc.nimh.nih.gov/api/v1"
  },
  "size_t": 229,
  "size_x": 64,
  "size_y": 64,
  "size_z": 34,
  "snr": 3.125764502977873,
  "spacing_tr": 2.0,
  "spacing_x": 4.0,
  "spacing_y": 4.0,
  "spacing_z": 4.0,
  "summary_bg_k": 60.519258354825936,
  "summary_bg_mad": 10.54330894210705,
  "summary_bg_mean": 44.45836639404297,
  "summary_bg_median": 7.639738082885742,
  "summary_bg_n": 98384.0,
  "summary_bg_p05": 0.13973799347877502,
  "summary_bg_p95": 231.16047973632755,
  "summary_bg_stdv": 121.41543579101562,
  "summary_fg_k": 0.8682918755839877,
  "summary_fg_mad": 456.3890138057294,
  "summary_fg_mean": 1812.765380859375,
  "summary_fg_median": 1708.388671875,
  "summary_fg_n": 13441.0,
  "summary_fg_p05": 1087.2314453125,
  "summary_fg_p95": 2880.445556640625,
  "summary_fg_stdv": 546.5303344726562,
  "tsnr": 77.83738560136408
}