{
  "aor": 0.001160221238938053,
  "aqi": 0.002091971362831858,
  "bids_meta": {
    "AcquisitionDateTime": "2017-01-10T20:14:40.000000",
    "ConversionSoftware": "dcm2niix",
    "ConversionSoftwareVersion": "v1.0.20170411 GCC4.8.4",
    "EchoTime": 0.04,
    "FlipAngle": 90,
    "ImageType": [
      "ORIGINAL",
      "PRIMARY",
      "EPI",
      "NONE"
    ],
    "MagneticFieldStrength": 3,
    "Manufacturer": "GE",
    "ManufacturersModelName": "DISCOVERY_MR750",
    "ProcedureStepDescription": "CompRefranes",
    "ProtocolName": "fMRI_Comprension_1",
    "RepetitionTime": 2,
    "ScanningSequence": "EP_GR",
    "SequenceVariant": "SS",
    "SeriesDescription": "fMRI_Comprension_1",
    "SliceTiming": [
      1.0285,
      0.0571001,
      1.0857,
      0.1142,
      1.1428,
      0.1714,
      1.2,
      0.2285,
      1.2571,
      0.2857,
      1.3143,
      0.3428,
      1.3714,
      0.4,
      1.4286,
      0.4571,
      1.4857,
      0.5142,
      1.5428,
      0.5714,
      1.6,
      0.6285,
      1.6571,
      0.6857,
      1.7143,
      0.7428,
      1.7714,
      0.8,
      1.8285,
      0.8571,
      1.8857,
      0.9143,
      1.9428,
      0.9714
    ],
    "TaskName": "pc",
    "dataset": "ds003481",
    "modality": "bold",
    "run_id": 1,
    "subject_id": "050",
    "task_id": "pc"
  },
  "dummy_trs": 0,
  "dvars_nstd": 19.409745161022222,
  "dvars_std": 1.1078612912888883,
  "dvars_vstd": 0.9965692562666668,
  "efc": 0.3606623934227958,
  "fber": 54162.48046875,
  "fd_mean": 0.12558704035165574,
  "fd_num": 16,
  "fd_perc": 7.079646017699115,
  "fwhm_avg": 2.826708333333334,
  "fwhm_x": 2.693825,
  "fwhm_y": 2.943775,
  "fwhm_z": 2.842525,
  "gcor": 0.0294293,
  "gsr_x": -0.013309644535183907,
  "gsr_y": 0.010638144798576832,
  "provenance": {
    "md5sum": "1439add498e2b03f7dc1b2d581690cc1",
    "settings": {
      "fd_thres": 0.2,
      "testing": false
    },
    "software": "mriqc",
    "version": "23.0.1",
    "webapi_port": null,
    "webapi_url": "https://mriqc.nimh.nih.gov/api/v1"
  },
  "size_t": 226,
  "size_x": 64,
  "size_y": 64,
  "size_z": 34,
  "snr": 3.054061166007579,
  "spacing_tr": 2.0,
  "spacing_x": 4.0,
  "spacing_y": 4.0,
  "spacing_z": 4.0,
  "summary_bg_k": 53.70978389542892,
  "summary_bg_mad": 10.502859351812893,
  "summary_bg_mean": 42.63432693481445,
  "summary_bg_median": 7.628318786621094,
  "summary_bg_n": 98633.0,
  "summary_bg_p05": 0.13716813921928406,
  "summary_bg_p95": 220.4230041503904,
  "summary_bg_stdv": 115.61476135253906,
  "summary_fg_k": 0.898489214323424,
  "summary_fg_mad": 453.55176344201936,
  "summary_fg_mean": 1807.9010009765625,
  "summary_fg_median": 1696.8673095703125,
  "summary_fg_n": 13297.0,
  "summary_fg_p05": 1073.414990234375,
  "summary_fg_p95": 2913.228369140625,
  "summary_fg_stdv": 555.5892333984375,
  "tsnr": 75.14753169752657
}