{
  "aor": 0.00021614173228346454,
  "aqi": 0.0009437261338582678,
  "bids_meta": {
    "AcquisitionDateTime": "2017-02-09T19:41:41.000000",
    "ConversionSoftware": "dcm2niix",
    "ConversionSoftwareVersion": "v1.0.20170411 GCC4.8.4",
    "EchoTime": 0.04,
    "FlipAngle": 90,
    "ImageType": [
      "ORIGINAL",
      "PRIMARY",
      "EPI",
      "NONE"
    ],
    "MagneticFieldStrength": 3,
    "Manufacturer": "GE",
    "ManufacturersModelName": "DISCOVERY_MR750",
    "ProcedureStepDescription": "ActosHabla",
    "ProtocolName": "fMRI_ActosHabla_2",
    "RepetitionTime": 2,
    "ScanningSequence": "EP_GR",
    "SequenceVariant": "SS",
    "SeriesDescription": "fMRI_ActosHabla_2",
    "SliceTiming": [
      0,
      1.0285,
      0.0571001,
      1.0857,
      0.1142,
      1.1428,
      0.1714,
      1.2,
      0.2285,
      1.2571,
      0.2857,
      1.3143,
      0.3428,
      1.3714,
      0.4,
      1.4286,
      0.4571,
      1.4857,
      0.5142,
      1.5428,
      0.5714,
      1.6,
      0.6285,
      1.6571,
      0.6857,
      1.7143,
      0.7428,
      1.7714,
      0.8,
      1.8285,
      0.8571,
      1.8857,
      0.9143,
      1.9428,
      0.9714
    ],
    "TaskName": "sar",
    "dataset": "ds003481",
    "modality": "bold",
    "run_id": 2,
    "subject_id": "017",
    "task_id": "sar"
  },
  "dummy_trs": 0,
  "dvars_nstd": 13.232557722687739,
  "dvars_std": 1.1305671812252964,
  "dvars_vstd": 1.006098222292491,
  "efc": 0.35381129805910405,
  "fber": 97974.890625,
  "fd_mean": 0.054502911340955446,
  "fd_num": 0,
  "fd_perc": 0.0,
  "fwhm_avg": 2.6156616666666666,
  "fwhm_x": 2.64895,
  "fwhm_y": 2.722175,
  "fwhm_z": 2.47586,
  "gcor": 0.0560175,
  "gsr_x": -0.008139069192111492,
  "gsr_y": -0.00432455912232399,
  "provenance": {
    "md5sum": "c3fe753ede0d80f3f69cccecd3d7ad7a",
    "settings": {
      "fd_thres": 0.2,
      "testing": false
    },
    "software": "mriqc",
    "version": "23.0.1",
    "webapi_port": null,
    "webapi_url": "https://mriqc.nimh.nih.gov/api/v1"
  },
  "size_t": 254,
  "size_x": 64,
  "size_y": 64,
  "size_z": 35,
  "snr": 3.590435219380098,
  "spacing_tr": 2.0,
  "spacing_x": 4.0,
  "spacing_y": 4.0,
  "spacing_z": 4.0,
  "summary_bg_k": 84.11030482084253,
  "summary_bg_mad": 8.998547236485233,
  "summary_bg_mean": 28.55210304260254,
  "summary_bg_median": 6.6105217933654785,
  "summary_bg_n": 100782.0,
  "summary_bg_p05": 0.12660109624266624,
  "summary_bg_p95": 116.69914779663081,
  "summary_bg_stdv": 84.240234375,
  "summary_fg_k": 0.9097482742906067,
  "summary_fg_mad": 462.5820271498509,
  "summary_fg_mean": 1967.064208984375,
  "summary_fg_median": 1894.517578125,
  "summary_fg_n": 14952.0,
  "summary_fg_p05": 1228.3099243164063,
  "summary_fg_p95": 2943.6218383789055,
  "summary_fg_stdv": 527.63916015625,
  "tsnr": 107.3005142211914
}