{
  "aor": 0.009852466666666665,
  "aqi": 0.0026373462666666667,
  "bids_meta": {
    "AcquisitionDateTime": "2017-07-13T18:41:57.000000",
    "ConversionSoftware": "dcm2niix",
    "ConversionSoftwareVersion": "v1.0.20170411 GCC4.8.4",
    "EchoTime": 0.04,
    "FlipAngle": 90,
    "ImageType": [
      "ORIGINAL",
      "PRIMARY",
      "EPI",
      "NONE"
    ],
    "MagneticFieldStrength": 3,
    "Manufacturer": "GE",
    "ManufacturersModelName": "DISCOVERY_MR750",
    "ProcedureStepDescription": "CompMet",
    "ProtocolName": "fMRI_RestState",
    "RepetitionTime": 2,
    "ScanningSequence": "EP_GR",
    "SequenceVariant": "SS",
    "SeriesDescription": "fMRI_RestState",
    "SliceTiming": [
      1.0285,
      0.0571001,
      1.0857,
      0.1142,
      1.1428,
      0.1714,
      1.2,
      0.2285,
      1.2571,
      0.2857,
      1.3143,
      0.3428,
      1.3714,
      0.4,
      1.4286,
      0.4571,
      1.4857,
      0.5142,
      1.5428,
      0.5714,
      1.6,
      0.6285,
      1.6571,
      0.6857,
      1.7143,
      0.7428,
      1.7714,
      0.8,
      1.8285,
      0.8571,
      1.8857,
      0.9143,
      1.9428,
      0.9714
    ],
    "TaskName": "rest",
    "dataset": "ds003481",
    "modality": "bold",
    "subject_id": "079",
    "task_id": "rest"
  },
  "dummy_trs": 0,
  "dvars_nstd": 14.27771631742475,
  "dvars_std": 1.1055550521739135,
  "dvars_vstd": 1.0891162808361194,
  "efc": 0.3775997240486594,
  "fber": 52132.7109375,
  "fd_mean": 0.05676836911853608,
  "fd_num": 2,
  "fd_perc": 0.6666666666666666,
  "fwhm_avg": 2.7521833333333334,
  "fwhm_x": 2.595325,
  "fwhm_y": 2.841925,
  "fwhm_z": 2.8193,
  "gcor": 0.0489733,
  "gsr_x": -0.011734127067029476,
  "gsr_y": 0.00522116431966424,
  "provenance": {
    "md5sum": "0f53d736a742619f6afa4a36407c32ad",
    "settings": {
      "fd_thres": 0.2,
      "testing": false
    },
    "software": "mriqc",
    "version": "23.0.1",
    "webapi_port": null,
    "webapi_url": "https://mriqc.nimh.nih.gov/api/v1"
  },
  "size_t": 300,
  "size_x": 64,
  "size_y": 64,
  "size_z": 34,
  "snr": 3.0977051676737797,
  "spacing_tr": 2.0,
  "spacing_x": 4.0,
  "spacing_y": 4.0,
  "spacing_z": 4.0,
  "summary_bg_k": 71.44155760358085,
  "summary_bg_mad": 12.226526255804274,
  "summary_bg_mean": 44.645957946777344,
  "summary_bg_median": 8.526666641235352,
  "summary_bg_n": 96762.0,
  "summary_bg_p05": 0.03999999910593033,
  "summary_bg_p95": 210.70516510009756,
  "summary_bg_stdv": 122.83955383300781,
  "summary_fg_k": 0.988881703574513,
  "summary_fg_mad": 492.3351498084194,
  "summary_fg_mean": 1931.986083984375,
  "summary_fg_median": 1819.275146484375,
  "summary_fg_n": 15242.0,
  "summary_fg_p05": 1149.8966491699218,
  "summary_fg_p95": 3070.5699462890616,
  "summary_fg_stdv": 587.2784423828125,
  "tsnr": 65.57662628497928
}