{
  "bids_meta": {
    "AcquisitionDateTime": "2017-01-13T18:22:42.000000",
    "ConversionSoftware": "dcm2niix",
    "ConversionSoftwareVersion": "v1.0.20170411 GCC4.8.4",
    "EchoTime": 0.00318,
    "FlipAngle": 12,
    "ImageType": [
      "DERIVED",
      "PRIMARY",
      "OTHER"
    ],
    "InversionTime": 0.45,
    "MagneticFieldStrength": 3,
    "Manufacturer": "GE",
    "ManufacturersModelName": "DISCOVERY_MR750",
    "ProcedureStepDescription": "CompRefranes",
    "ProtocolName": "PU:Sag_T1_FSPGR_BRAVO",
    "RepetitionTime": 0.008156,
    "ScanningSequence": "GR",
    "SequenceVariant": "SS_SP_SK",
    "SeriesDescription": "PU:Sag_T1_FSPGR_BRAVO",
    "dataset": "ds003481",
    "modality": "T1w",
    "subject_id": "052"
  },
  "cjv": 0.35691096772955816,
  "cnr": 3.7487455028180205,
  "efc": 0.7219256718576028,
  "fber": -1.0,
  "fwhm_avg": 3.944293333333334,
  "fwhm_x": 3.88606,
  "fwhm_y": 4.19918,
  "fwhm_z": 3.74764,
  "icvs_csf": 0.2458619900967766,
  "icvs_gm": 0.41243765995122467,
  "icvs_wm": 0.3417003499519987,
  "inu_med": 0.5648307800292969,
  "inu_range": 0.16244438886642448,
  "provenance": {
    "md5sum": "0303cf7360ab733d8c4bfbf334fea41e",
    "settings": {
      "testing": false
    },
    "software": "mriqc",
    "version": "23.0.1",
    "warnings": {
      "large_rot_frame": true,
      "small_air_mask": true
    },
    "webapi_port": null,
    "webapi_url": "https://mriqc.nimh.nih.gov/api/v1"
  },
  "qi_1": 0.0,
  "qi_2": 0.0024995510180661016,
  "rpve_csf": 23.938368352896948,
  "rpve_gm": 13.977348736912257,
  "rpve_wm": 19.495111330350916,
  "size_x": 176,
  "size_y": 256,
  "size_z": 256,
  "snr_csf": 2.771655591398117,
  "snr_gm": 11.227896187476873,
  "snr_total": 11.44210560484524,
  "snr_wm": 20.32676503566073,
  "snrd_csf": 12.20555196601553,
  "snrd_gm": 35.419818842186736,
  "snrd_total": 32.772932628846746,
  "snrd_wm": 50.69342707833798,
  "spacing_x": 1.0,
  "spacing_y": 1.0,
  "spacing_z": 1.0,
  "summary_bg_k": 11.306141844848247,
  "summary_bg_mad": 0.0,
  "summary_bg_mean": 6.322032225562004,
  "summary_bg_median": 0.0,
  "summary_bg_n": 331191.0,
  "summary_bg_p05": 0.0,
  "summary_bg_p95": 33.41957675293088,
  "summary_bg_stdv": 12.923497679953675,
  "summary_csf_k": 1.5033763472295743,
  "summary_csf_mad": 68.85565149721343,
  "summary_csf_mean": 250.42607978273307,
  "summary_csf_median": 240.77187974192202,
  "summary_csf_n": 56282.0,
  "summary_csf_p05": 122.12375786211342,
  "summary_csf_p95": 415.9120229445398,
  "summary_csf_stdv": 86.86856386558561,
  "summary_gm_k": 0.1292911744572156,
  "summary_gm_mad": 60.60831719531878,
  "summary_gm_mean": 698.6997800606568,
  "summary_gm_median": 698.7063253261149,
  "summary_gm_n": 26643.0,
  "summary_gm_p05": 595.0409543402493,
  "summary_gm_p95": 800.9443569693714,
  "summary_gm_stdv": 62.22832854489074,
  "summary_wm_k": 0.48158647322447345,
  "summary_wm_mad": 46.926692849540075,
  "summary_wm_mean": 1001.1084453062799,
  "summary_wm_median": 999.9999805167317,
  "summary_wm_n": 179884.0,
  "summary_wm_p05": 922.4665624499321,
  "summary_wm_p95": 1083.3979952782393,
  "summary_wm_stdv": 49.19608207156914,
  "tpm_overlap_csf": 0.1564001883629368,
  "tpm_overlap_gm": 0.4563185984084188,
  "tpm_overlap_wm": 0.507275026381781,
  "wm2max": 0.4241892114360972
}