{
  "aor": 0.0011843103448275862,
  "aqi": 0.0009889382873563219,
  "bids_meta": {
    "AcquisitionMatrixPE": 64,
    "AcquisitionNumber": 1,
    "AcquisitionTime": "19:00:56.000000",
    "CoilString": "32Ch_Head",
    "ConversionSoftware": "dcm2niix",
    "ConversionSoftwareVersion": "v1.0.20190902",
    "Dcm2bidsVersion": "2.1.4",
    "DeviceSerialNumber": "000000000000GEHC",
    "EchoTime": 0.04,
    "EffectiveEchoSpacing": 0.000372,
    "FlipAngle": 90,
    "ImageOrientationPatientDICOM": [
      1,
      0,
      0,
      0,
      1,
      0
    ],
    "ImageType": [
      "ORIGINAL",
      "PRIMARY",
      "EPI",
      "NONE"
    ],
    "ImagingFrequency": 127.772,
    "InPlanePhaseEncodingDirectionDICOM": "COL",
    "InstitutionName": "INSTITUTO_DE_NEUROBIOLOGIA",
    "MRAcquisitionType": "2D",
    "MagneticFieldStrength": 3,
    "Manufacturer": "GE",
    "ManufacturersModelName": "DISCOVERY_MR750",
    "Modality": "MR",
    "PatientPosition": "HFS",
    "PercentPhaseFOV": 100,
    "PhaseEncodingDirection": "j",
    "PhaseEncodingPolarityGE": "Flipped",
    "PixelBandwidth": 7812.5,
    "ProcedureStepDescription": "verbos",
    "ProtocolName": "fMRI_5",
    "ReconMatrixPE": 64,
    "RepetitionTime": 2,
    "SAR": 0.367275,
    "ScanOptions": "EPI_GEMS_ACC_GEMS",
    "ScanningSequence": "EP_GR",
    "SequenceVariant": "SS",
    "SeriesDescription": "fMRI_5",
    "SeriesNumber": 11,
    "SliceThickness": 4,
    "SliceTiming": [
      0,
      1.0285,
      0.0571001,
      1.0857,
      0.1142,
      1.1428,
      0.1714,
      1.2,
      0.2285,
      1.2571,
      0.2857,
      1.3143,
      0.3428,
      1.3714,
      0.4,
      1.4286,
      0.4571,
      1.4857,
      0.5142,
      1.5428,
      0.5714,
      1.6,
      0.6285,
      1.6571,
      0.6857,
      1.7143,
      0.7428,
      1.7714,
      0.8,
      1.8285,
      0.8571,
      1.8857,
      0.9143,
      1.9428,
      0.9714
    ],
    "SoftwareVersions": "24_LX_MR_Software_release:DV24.0_R02_1607.b",
    "SpacingBetweenSlices": 4,
    "StationName": "GEHCGEHC",
    "TaskName": "verbs",
    "TotalReadoutTime": 0.023436,
    "dataset": "ds003481",
    "modality": "bold",
    "run_id": 5,
    "subject_id": "143",
    "task_id": "verbs"
  },
  "dummy_trs": 0,
  "dvars_nstd": 12.493289247109823,
  "dvars_std": 1.086812798208093,
  "dvars_vstd": 1.0216530682658962,
  "efc": 0.3709156439257815,
  "fber": 71264.546875,
  "fd_mean": 0.039896938252442116,
  "fd_num": 1,
  "fd_perc": 0.5747126436781609,
  "fwhm_avg": 2.6809833333333333,
  "fwhm_x": 2.574575,
  "fwhm_y": 2.840325,
  "fwhm_z": 2.62805,
  "gcor": 0.0494913,
  "gsr_x": -0.011362285353243351,
  "gsr_y": 0.012063740752637386,
  "provenance": {
    "md5sum": "075db0d2ff55a861db983d2e5bad478b",
    "settings": {
      "fd_thres": 0.2,
      "testing": false
    },
    "software": "mriqc",
    "version": "23.0.1",
    "webapi_port": null,
    "webapi_url": "https://mriqc.nimh.nih.gov/api/v1"
  },
  "size_t": 174,
  "size_x": 64,
  "size_y": 64,
  "size_z": 35,
  "snr": 3.419584189062232,
  "spacing_tr": 2.0,
  "spacing_x": 4.0,
  "spacing_y": 4.0,
  "spacing_z": 4.0,
  "summary_bg_k": 54.326485184291855,
  "summary_bg_mad": 10.071469901660896,
  "summary_bg_mean": 40.60837936401367,
  "summary_bg_median": 7.235631942749023,
  "summary_bg_n": 99825.0,
  "summary_bg_p05": 0.13793103396892548,
  "summary_bg_p95": 206.42413940429614,
  "summary_bg_stdv": 109.97661590576172,
  "summary_fg_k": 0.4147828446349986,
  "summary_fg_mad": 489.55680899330844,
  "summary_fg_mean": 1931.6485595703125,
  "summary_fg_median": 1845.2930908203125,
  "summary_fg_n": 15043.0,
  "summary_fg_p05": 1172.1477172851562,
  "summary_fg_p95": 2931.485717773437,
  "summary_fg_stdv": 539.6070556640625,
  "tsnr": 103.46386552322656
}