{
  "aor": 0.0012942528735632184,
  "aqi": 0.0008185584425287357,
  "bids_meta": {
    "AcquisitionMatrixPE": 64,
    "AcquisitionNumber": 1,
    "AcquisitionTime": "18:54:9.000000",
    "CoilString": "32Ch_Head",
    "ConversionSoftware": "dcm2niix",
    "ConversionSoftwareVersion": "v1.0.20190902",
    "Dcm2bidsVersion": "2.1.4",
    "DeviceSerialNumber": "000000000000GEHC",
    "EchoTime": 0.04,
    "EffectiveEchoSpacing": 0.000372,
    "FlipAngle": 90,
    "ImageOrientationPatientDICOM": [
      1,
      0,
      0,
      0,
      1,
      0
    ],
    "ImageType": [
      "ORIGINAL",
      "PRIMARY",
      "EPI",
      "NONE"
    ],
    "ImagingFrequency": 127.772,
    "InPlanePhaseEncodingDirectionDICOM": "COL",
    "InstitutionName": "INSTITUTO_DE_NEUROBIOLOGIA",
    "MRAcquisitionType": "2D",
    "MagneticFieldStrength": 3,
    "Manufacturer": "GE",
    "ManufacturersModelName": "DISCOVERY_MR750",
    "Modality": "MR",
    "PatientPosition": "HFS",
    "PercentPhaseFOV": 100,
    "PhaseEncodingDirection": "j",
    "PhaseEncodingPolarityGE": "Flipped",
    "PixelBandwidth": 7812.5,
    "ProcedureStepDescription": "verbos",
    "ProtocolName": "fMRI_4",
    "ReconMatrixPE": 64,
    "RepetitionTime": 2,
    "SAR": 0.367275,
    "ScanOptions": "EPI_GEMS_ACC_GEMS",
    "ScanningSequence": "EP_GR",
    "SequenceVariant": "SS",
    "SeriesDescription": "fMRI_4",
    "SeriesNumber": 10,
    "SliceThickness": 4,
    "SliceTiming": [
      0,
      1.0285,
      0.0571001,
      1.0857,
      0.1142,
      1.1428,
      0.1714,
      1.2,
      0.2285,
      1.2571,
      0.2857,
      1.3143,
      0.3428,
      1.3714,
      0.4,
      1.4286,
      0.4571,
      1.4857,
      0.5142,
      1.5428,
      0.5714,
      1.6,
      0.6285,
      1.6571,
      0.6857,
      1.7143,
      0.7428,
      1.7714,
      0.8,
      1.8285,
      0.8571,
      1.8857,
      0.9143,
      1.9428,
      0.9714
    ],
    "SoftwareVersions": "24_LX_MR_Software_release:DV24.0_R02_1607.b",
    "SpacingBetweenSlices": 4,
    "StationName": "GEHCGEHC",
    "TaskName": "verbs",
    "TotalReadoutTime": 0.023436,
    "dataset": "ds003481",
    "modality": "bold",
    "run_id": 4,
    "subject_id": "143",
    "task_id": "verbs"
  },
  "dummy_trs": 0,
  "dvars_nstd": 12.177076571040462,
  "dvars_std": 1.0792215087283237,
  "dvars_vstd": 1.0178163836416183,
  "efc": 0.3700785178849916,
  "fber": 72488.3984375,
  "fd_mean": 0.035732960921070665,
  "fd_num": 0,
  "fd_perc": 0.0,
  "fwhm_avg": 2.6801166666666667,
  "fwhm_x": 2.5787,
  "fwhm_y": 2.84785,
  "fwhm_z": 2.6138,
  "gcor": 0.0339075,
  "gsr_x": -0.011291020549833775,
  "gsr_y": 0.010750540532171726,
  "provenance": {
    "md5sum": "70e7d0b90572880296ff389a5f28acb9",
    "settings": {
      "fd_thres": 0.2,
      "testing": false
    },
    "software": "mriqc",
    "version": "23.0.1",
    "webapi_port": null,
    "webapi_url": "https://mriqc.nimh.nih.gov/api/v1"
  },
  "size_t": 174,
  "size_x": 64,
  "size_y": 64,
  "size_z": 35,
  "snr": 3.426486522325725,
  "spacing_tr": 2.0,
  "spacing_x": 4.0,
  "spacing_y": 4.0,
  "spacing_z": 4.0,
  "summary_bg_k": 49.248523664526104,
  "summary_bg_mad": 10.028866646618834,
  "summary_bg_mean": 40.027347564697266,
  "summary_bg_median": 7.183907985687256,
  "summary_bg_n": 99938.0,
  "summary_bg_p05": 0.12068965286016464,
  "summary_bg_p95": 203.70286712646478,
  "summary_bg_stdv": 107.3525619506836,
  "summary_fg_k": 0.38355597583369283,
  "summary_fg_mad": 490.28127880296154,
  "summary_fg_mean": 1924.78759765625,
  "summary_fg_median": 1842.264404296875,
  "summary_fg_n": 15023.0,
  "summary_fg_p05": 1159.9436279296874,
  "summary_fg_p95": 2910.478100585937,
  "summary_fg_stdv": 537.6361694335938,
  "tsnr": 107.62739274650812
}