{
  "aor": 0.0021902000000000002,
  "aqi": 0.0034306306366666665,
  "bids_meta": {
    "AcquisitionMatrixPE": 64,
    "AcquisitionNumber": 1,
    "AcquisitionTime": "18:20:37.000000",
    "CoilString": "32Ch_Head",
    "ConversionSoftware": "dcm2niix",
    "ConversionSoftwareVersion": "v1.0.20190902",
    "Dcm2bidsVersion": "2.1.4",
    "DeviceSerialNumber": "000000000000GEHC",
    "EchoTime": 0.04,
    "EffectiveEchoSpacing": 0.000372,
    "FlipAngle": 90,
    "ImageOrientationPatientDICOM": [
      1,
      0,
      0,
      0,
      1,
      0
    ],
    "ImageType": [
      "ORIGINAL",
      "PRIMARY",
      "EPI",
      "NONE"
    ],
    "ImagingFrequency": 127.772,
    "InPlanePhaseEncodingDirectionDICOM": "COL",
    "InstitutionName": "INSTITUTO_DE_NEUROBIOLOGIA",
    "MRAcquisitionType": "2D",
    "MagneticFieldStrength": 3,
    "Manufacturer": "GE",
    "ManufacturersModelName": "DISCOVERY_MR750",
    "Modality": "MR",
    "PatientPosition": "HFS",
    "PercentPhaseFOV": 100,
    "PhaseEncodingDirection": "j",
    "PhaseEncodingPolarityGE": "Flipped",
    "PixelBandwidth": 7812.5,
    "ProcedureStepDescription": "verbos",
    "ProtocolName": "fMRI_RestState",
    "ReconMatrixPE": 64,
    "RepetitionTime": 2,
    "SAR": 0.367275,
    "ScanOptions": "EPI_GEMS_ACC_GEMS",
    "ScanningSequence": "EP_GR",
    "SequenceVariant": "SS",
    "SeriesDescription": "fMRI_RestState",
    "SeriesNumber": 6,
    "SliceThickness": 4,
    "SliceTiming": [
      0,
      1.0285,
      0.0571001,
      1.0857,
      0.1142,
      1.1428,
      0.1714,
      1.2,
      0.2285,
      1.2571,
      0.2857,
      1.3143,
      0.3428,
      1.3714,
      0.4,
      1.4286,
      0.4571,
      1.4857,
      0.5142,
      1.5428,
      0.5714,
      1.6,
      0.6285,
      1.6571,
      0.6857,
      1.7143,
      0.7428,
      1.7714,
      0.8,
      1.8285,
      0.8571,
      1.8857,
      0.9143,
      1.9428,
      0.9714
    ],
    "SoftwareVersions": "24_LX_MR_Software_release:DV24.0_R02_1607.b",
    "SpacingBetweenSlices": 4,
    "StationName": "GEHCGEHC",
    "TaskName": "rest",
    "TotalReadoutTime": 0.023436,
    "dataset": "ds003481",
    "modality": "bold",
    "subject_id": "143",
    "task_id": "rest"
  },
  "dummy_trs": 0,
  "dvars_nstd": 14.300916652675587,
  "dvars_std": 1.0301208499999994,
  "dvars_vstd": 0.9648564982608694,
  "efc": 0.3741581123048003,
  "fber": 74303.859375,
  "fd_mean": 0.0790274525308477,
  "fd_num": 5,
  "fd_perc": 1.6666666666666667,
  "fwhm_avg": 2.72465,
  "fwhm_x": 2.631075,
  "fwhm_y": 2.8459,
  "fwhm_z": 2.696975,
  "gcor": 0.0544913,
  "gsr_x": -0.013199575245380402,
  "gsr_y": 0.016740744933485985,
  "provenance": {
    "md5sum": "62bfb748bd29a240a877ae8723ce9ca2",
    "settings": {
      "fd_thres": 0.2,
      "testing": false
    },
    "software": "mriqc",
    "version": "23.0.1",
    "webapi_port": null,
    "webapi_url": "https://mriqc.nimh.nih.gov/api/v1"
  },
  "size_t": 300,
  "size_x": 64,
  "size_y": 64,
  "size_z": 35,
  "snr": 3.418188815797198,
  "spacing_tr": 2.0,
  "spacing_x": 4.0,
  "spacing_y": 4.0,
  "spacing_z": 4.0,
  "summary_bg_k": 131.45729144690245,
  "summary_bg_mad": 9.992739099421922,
  "summary_bg_mean": 44.283119201660156,
  "summary_bg_median": 7.143333435058594,
  "summary_bg_n": 99704.0,
  "summary_bg_p05": 0.13333334028720856,
  "summary_bg_p95": 218.28917083740131,
  "summary_bg_stdv": 130.6138153076172,
  "summary_fg_k": 0.27902543427135695,
  "summary_fg_mad": 497.34390929306926,
  "summary_fg_mean": 1934.2525634765625,
  "summary_fg_median": 1848.5250244140625,
  "summary_fg_n": 15106.0,
  "summary_fg_p05": 1172.2658996582031,
  "summary_fg_p95": 2936.05419921875,
  "summary_fg_stdv": 540.7728881835938,
  "tsnr": 64.59230794291943
}