{
  "aor": 0.003263965517241379,
  "aqi": 0.0011715592816091956,
  "bids_meta": {
    "AcquisitionDateTime": "2018-03-07T18:32:52.000000",
    "ConversionSoftware": "dcm2niix",
    "ConversionSoftwareVersion": "v1.0.20170411 GCC4.8.4",
    "EchoTime": 0.04,
    "FlipAngle": 90,
    "ImageType": [
      "ORIGINAL",
      "PRIMARY",
      "EPI",
      "NONE"
    ],
    "MagneticFieldStrength": 3,
    "Manufacturer": "GE",
    "ManufacturersModelName": "DISCOVERY_MR750",
    "ProcedureStepDescription": "verbos",
    "ProtocolName": "fMRI_1",
    "RepetitionTime": 2,
    "ScanningSequence": "EP_GR",
    "SequenceVariant": "SS",
    "SeriesDescription": "fMRI_1",
    "SliceTiming": [
      0,
      1.0285,
      0.0571001,
      1.0857,
      0.1142,
      1.1428,
      0.1714,
      1.2,
      0.2285,
      1.2571,
      0.2857,
      1.3143,
      0.3428,
      1.3714,
      0.4,
      1.4286,
      0.4571,
      1.4857,
      0.5142,
      1.5428,
      0.5714,
      1.6,
      0.6285,
      1.6571,
      0.6857,
      1.7143,
      0.7428,
      1.7714,
      0.8,
      1.8285,
      0.8571,
      1.8857,
      0.9143,
      1.9428,
      0.9714
    ],
    "TaskName": "verbs",
    "dataset": "ds003481",
    "modality": "bold",
    "run_id": 1,
    "subject_id": "143",
    "task_id": "verbs"
  },
  "dummy_trs": 0,
  "dvars_nstd": 13.425176725144514,
  "dvars_std": 1.0832585091329483,
  "dvars_vstd": 1.0160137589017344,
  "efc": 0.37008905357878075,
  "fber": 72270.828125,
  "fd_mean": 0.04807545692561775,
  "fd_num": 0,
  "fd_perc": 0.0,
  "fwhm_avg": 2.7979583333333333,
  "fwhm_x": 2.7302,
  "fwhm_y": 2.91245,
  "fwhm_z": 2.751225,
  "gcor": 0.0292202,
  "gsr_x": -0.012007019482553005,
  "gsr_y": 0.012787913903594017,
  "provenance": {
    "md5sum": "a057f4f69498ed6efe66883a4f8552a9",
    "settings": {
      "fd_thres": 0.2,
      "testing": false
    },
    "software": "mriqc",
    "version": "23.0.1",
    "webapi_port": null,
    "webapi_url": "https://mriqc.nimh.nih.gov/api/v1"
  },
  "size_t": 174,
  "size_x": 64,
  "size_y": 64,
  "size_z": 35,
  "snr": 3.1721182465586995,
  "spacing_tr": 2.0,
  "spacing_x": 4.0,
  "spacing_y": 4.0,
  "spacing_z": 4.0,
  "summary_bg_k": 43.06059350994364,
  "summary_bg_mad": 10.446381391544355,
  "summary_bg_mean": 41.77080154418945,
  "summary_bg_median": 7.4195404052734375,
  "summary_bg_n": 99696.0,
  "summary_bg_p05": 0.09195402264595032,
  "summary_bg_p95": 213.08476638793945,
  "summary_bg_stdv": 108.33230590820312,
  "summary_fg_k": 0.5457850081078162,
  "summary_fg_mad": 526.272569743825,
  "summary_fg_mean": 2010.6783447265625,
  "summary_fg_median": 1891.82177734375,
  "summary_fg_n": 14941.0,
  "summary_fg_p05": 1215.8677978515625,
  "summary_fg_p95": 3147.06884765625,
  "summary_fg_stdv": 596.3707275390625,
  "tsnr": 93.3995749950409
}