{
  "aor": 0.0028791954022988507,
  "aqi": 0.0023886555057471264,
  "bids_meta": {
    "AcquisitionMatrixPE": 64,
    "AcquisitionNumber": 1,
    "AcquisitionTime": "19:15:10.000000",
    "CoilString": "32Ch_Head",
    "ConversionSoftware": "dcm2niix",
    "ConversionSoftwareVersion": "v1.0.20190902",
    "Dcm2bidsVersion": "2.1.4",
    "DeviceSerialNumber": "000000000000GEHC",
    "EchoTime": 0.04,
    "EffectiveEchoSpacing": 0.000372,
    "FlipAngle": 90,
    "ImageOrientationPatientDICOM": [
      1,
      0,
      0,
      0,
      1,
      0
    ],
    "ImageType": [
      "ORIGINAL",
      "PRIMARY",
      "EPI",
      "NONE"
    ],
    "ImagingFrequency": 127.772,
    "InPlanePhaseEncodingDirectionDICOM": "COL",
    "InstitutionName": "INSTITUTO_DE_NEUROBIOLOGIA",
    "MRAcquisitionType": "2D",
    "MagneticFieldStrength": 3,
    "Manufacturer": "GE",
    "ManufacturersModelName": "DISCOVERY_MR750",
    "Modality": "MR",
    "PatientPosition": "HFS",
    "PercentPhaseFOV": 100,
    "PhaseEncodingDirection": "j",
    "PhaseEncodingPolarityGE": "Flipped",
    "PixelBandwidth": 7812.5,
    "ProcedureStepDescription": "verbos",
    "ProtocolName": "fMRI_7",
    "ReconMatrixPE": 64,
    "RepetitionTime": 2,
    "SAR": 0.367275,
    "ScanOptions": "EPI_GEMS_ACC_GEMS",
    "ScanningSequence": "EP_GR",
    "SequenceVariant": "SS",
    "SeriesDescription": "fMRI_7",
    "SeriesNumber": 13,
    "SliceThickness": 4,
    "SliceTiming": [
      0,
      1.0285,
      0.0571001,
      1.0857,
      0.1142,
      1.1428,
      0.1714,
      1.2,
      0.2285,
      1.2571,
      0.2857,
      1.3143,
      0.3428,
      1.3714,
      0.4,
      1.4286,
      0.4571,
      1.4857,
      0.5142,
      1.5428,
      0.5714,
      1.6,
      0.6285,
      1.6571,
      0.6857,
      1.7143,
      0.7428,
      1.7714,
      0.8,
      1.8285,
      0.8571,
      1.8857,
      0.9143,
      1.9428,
      0.9714
    ],
    "SoftwareVersions": "24_LX_MR_Software_release:DV24.0_R02_1607.b",
    "SpacingBetweenSlices": 4,
    "StationName": "GEHCGEHC",
    "TaskName": "verbs",
    "TotalReadoutTime": 0.023436,
    "dataset": "ds003481",
    "modality": "bold",
    "run_id": 7,
    "subject_id": "143",
    "task_id": "verbs"
  },
  "dummy_trs": 0,
  "dvars_nstd": 14.552304830115597,
  "dvars_std": 1.036073030809248,
  "dvars_vstd": 0.9783471864161848,
  "efc": 0.36847893889083494,
  "fber": 76356.46875,
  "fd_mean": 0.07373382317108562,
  "fd_num": 8,
  "fd_perc": 4.597701149425287,
  "fwhm_avg": 2.752241666666667,
  "fwhm_x": 2.6331,
  "fwhm_y": 2.847875,
  "fwhm_z": 2.77575,
  "gcor": 0.0483927,
  "gsr_x": -0.009494208730757236,
  "gsr_y": 0.014857690781354904,
  "provenance": {
    "md5sum": "af29dabbf67bec287580f5717cb2f94e",
    "settings": {
      "fd_thres": 0.2,
      "testing": false
    },
    "software": "mriqc",
    "version": "23.0.1",
    "webapi_port": null,
    "webapi_url": "https://mriqc.nimh.nih.gov/api/v1"
  },
  "size_t": 174,
  "size_x": 64,
  "size_y": 64,
  "size_z": 35,
  "snr": 3.3036688700494805,
  "spacing_tr": 2.0,
  "spacing_x": 4.0,
  "spacing_y": 4.0,
  "spacing_z": 4.0,
  "summary_bg_k": 62.05577779113449,
  "summary_bg_mad": 9.84993210941638,
  "summary_bg_mean": 39.10034942626953,
  "summary_bg_median": 7.017241477966309,
  "summary_bg_n": 99903.0,
  "summary_bg_p05": 0.07471264153718948,
  "summary_bg_p95": 193.8603515624999,
  "summary_bg_stdv": 107.00100708007812,
  "summary_fg_k": 0.7663030070876622,
  "summary_fg_mad": 484.92168626160105,
  "summary_fg_mean": 1947.2923583984375,
  "summary_fg_median": 1840.5574951171875,
  "summary_fg_n": 14923.0,
  "summary_fg_p05": 1191.631640625,
  "summary_fg_p95": 3008.43916015625,
  "summary_fg_stdv": 557.1066284179688,
  "tsnr": 72.56784758716822
}