{
  "aor": 0.0007683333333333333,
  "aqi": 0.0036461398275862067,
  "bids_meta": {
    "AcquisitionMatrixPE": 64,
    "AcquisitionNumber": 1,
    "AcquisitionTime": "19:21:51.000000",
    "CoilString": "32Ch_Head",
    "ConversionSoftware": "dcm2niix",
    "ConversionSoftwareVersion": "v1.0.20190902",
    "Dcm2bidsVersion": "2.1.4",
    "DeviceSerialNumber": "000000000000GEHC",
    "EchoTime": 0.04,
    "EffectiveEchoSpacing": 0.000372,
    "FlipAngle": 90,
    "ImageOrientationPatientDICOM": [
      1,
      0,
      0,
      0,
      1,
      0
    ],
    "ImageType": [
      "ORIGINAL",
      "PRIMARY",
      "EPI",
      "NONE"
    ],
    "ImagingFrequency": 127.772,
    "InPlanePhaseEncodingDirectionDICOM": "COL",
    "InstitutionName": "INSTITUTO_DE_NEUROBIOLOGIA",
    "MRAcquisitionType": "2D",
    "MagneticFieldStrength": 3,
    "Manufacturer": "GE",
    "ManufacturersModelName": "DISCOVERY_MR750",
    "Modality": "MR",
    "PatientPosition": "HFS",
    "PercentPhaseFOV": 100,
    "PhaseEncodingDirection": "j",
    "PhaseEncodingPolarityGE": "Flipped",
    "PixelBandwidth": 7812.5,
    "ProcedureStepDescription": "verbos",
    "ProtocolName": "fMRI_8",
    "ReconMatrixPE": 64,
    "RepetitionTime": 2,
    "SAR": 0.367275,
    "ScanOptions": "EPI_GEMS_ACC_GEMS",
    "ScanningSequence": "EP_GR",
    "SequenceVariant": "SS",
    "SeriesDescription": "fMRI_8",
    "SeriesNumber": 14,
    "SliceThickness": 4,
    "SliceTiming": [
      0,
      1.0285,
      0.0571001,
      1.0857,
      0.1142,
      1.1428,
      0.1714,
      1.2,
      0.2285,
      1.2571,
      0.2857,
      1.3143,
      0.3428,
      1.3714,
      0.4,
      1.4286,
      0.4571,
      1.4857,
      0.5142,
      1.5428,
      0.5714,
      1.6,
      0.6285,
      1.6571,
      0.6857,
      1.7143,
      0.7428,
      1.7714,
      0.8,
      1.8285,
      0.8571,
      1.8857,
      0.9143,
      1.9428,
      0.9714
    ],
    "SoftwareVersions": "24_LX_MR_Software_release:DV24.0_R02_1607.b",
    "SpacingBetweenSlices": 4,
    "StationName": "GEHCGEHC",
    "TaskName": "verbs",
    "TotalReadoutTime": 0.023436,
    "dataset": "ds003481",
    "modality": "bold",
    "run_id": 8,
    "subject_id": "143",
    "task_id": "verbs"
  },
  "dummy_trs": 0,
  "dvars_nstd": 14.247717427456653,
  "dvars_std": 0.9717908212138726,
  "dvars_vstd": 0.9281640832947983,
  "efc": 0.3673631057339313,
  "fber": 79340.5,
  "fd_mean": 0.0665907437846818,
  "fd_num": 4,
  "fd_perc": 2.2988505747126435,
  "fwhm_avg": 2.7596333333333334,
  "fwhm_x": 2.6337,
  "fwhm_y": 2.88735,
  "fwhm_z": 2.75785,
  "gcor": 0.0329659,
  "gsr_x": -0.010150394402444363,
  "gsr_y": 0.015226048417389393,
  "provenance": {
    "md5sum": "aec92aa0be3d8ea8af7d369c6db36750",
    "settings": {
      "fd_thres": 0.2,
      "testing": false
    },
    "software": "mriqc",
    "version": "23.0.1",
    "webapi_port": null,
    "webapi_url": "https://mriqc.nimh.nih.gov/api/v1"
  },
  "size_t": 174,
  "size_x": 64,
  "size_y": 64,
  "size_z": 35,
  "snr": 3.219940227922293,
  "spacing_tr": 2.0,
  "spacing_x": 4.0,
  "spacing_y": 4.0,
  "spacing_z": 4.0,
  "summary_bg_k": 67.12301313606942,
  "summary_bg_mad": 9.611352431913184,
  "summary_bg_mean": 38.993595123291016,
  "summary_bg_median": 6.844827651977539,
  "summary_bg_n": 100019.0,
  "summary_bg_p05": 0.09770114719867706,
  "summary_bg_p95": 193.75172882080037,
  "summary_bg_stdv": 106.90901947021484,
  "summary_fg_k": 0.8019498628502575,
  "summary_fg_mad": 490.48560716046796,
  "summary_fg_mean": 1930.80078125,
  "summary_fg_median": 1828.37646484375,
  "summary_fg_n": 15076.0,
  "summary_fg_p05": 1157.9827880859375,
  "summary_fg_p95": 3006.9957275390625,
  "summary_fg_stdv": 567.8104858398438,
  "tsnr": 64.53988263197243
}