{
  "aor": 0.0042606896551724135,
  "aqi": 0.0029235802758620687,
  "bids_meta": {
    "AcquisitionMatrixPE": 64,
    "AcquisitionNumber": 1,
    "AcquisitionTime": "19:08:27.000000",
    "CoilString": "32Ch_Head",
    "ConversionSoftware": "dcm2niix",
    "ConversionSoftwareVersion": "v1.0.20190902",
    "Dcm2bidsVersion": "2.1.4",
    "DeviceSerialNumber": "000000000000GEHC",
    "EchoTime": 0.04,
    "EffectiveEchoSpacing": 0.000372,
    "FlipAngle": 90,
    "ImageOrientationPatientDICOM": [
      1,
      0,
      0,
      0,
      1,
      0
    ],
    "ImageType": [
      "ORIGINAL",
      "PRIMARY",
      "EPI",
      "NONE"
    ],
    "ImagingFrequency": 127.772,
    "InPlanePhaseEncodingDirectionDICOM": "COL",
    "InstitutionName": "INSTITUTO_DE_NEUROBIOLOGIA",
    "MRAcquisitionType": "2D",
    "MagneticFieldStrength": 3,
    "Manufacturer": "GE",
    "ManufacturersModelName": "DISCOVERY_MR750",
    "Modality": "MR",
    "PatientPosition": "HFS",
    "PercentPhaseFOV": 100,
    "PhaseEncodingDirection": "j",
    "PhaseEncodingPolarityGE": "Flipped",
    "PixelBandwidth": 7812.5,
    "ProcedureStepDescription": "verbos",
    "ProtocolName": "fMRI_7",
    "ReconMatrixPE": 64,
    "RepetitionTime": 2,
    "SAR": 0.356791,
    "ScanOptions": "EPI_GEMS_ACC_GEMS",
    "ScanningSequence": "EP_GR",
    "SequenceVariant": "SS",
    "SeriesDescription": "fMRI_7",
    "SeriesNumber": 11,
    "SliceThickness": 4,
    "SliceTiming": [
      0,
      1.0285,
      0.0571001,
      1.0857,
      0.1142,
      1.1428,
      0.1714,
      1.2,
      0.2285,
      1.2571,
      0.2857,
      1.3143,
      0.3428,
      1.3714,
      0.4,
      1.4286,
      0.4571,
      1.4857,
      0.5142,
      1.5428,
      0.5714,
      1.6,
      0.6285,
      1.6571,
      0.6857,
      1.7143,
      0.7428,
      1.7714,
      0.8,
      1.8285,
      0.8571,
      1.8857,
      0.9143,
      1.9428,
      0.9714
    ],
    "SoftwareVersions": "24_LX_MR_Software_release:DV24.0_R02_1607.b",
    "SpacingBetweenSlices": 4,
    "StationName": "GEHCGEHC",
    "TaskName": "verbs",
    "TotalReadoutTime": 0.023436,
    "dataset": "ds003481",
    "modality": "bold",
    "run_id": 6,
    "subject_id": "137",
    "task_id": "verbs"
  },
  "dummy_trs": 0,
  "dvars_nstd": 15.45953354236994,
  "dvars_std": 1.069493002947977,
  "dvars_vstd": 1.0124954442196534,
  "efc": 0.31712965090108974,
  "fber": 63803.00390625,
  "fd_mean": 0.14162230388461763,
  "fd_num": 25,
  "fd_perc": 14.367816091954023,
  "fwhm_avg": 2.47488,
  "fwhm_x": 2.422555,
  "fwhm_y": 2.699125,
  "fwhm_z": 2.30296,
  "gcor": 0.0613987,
  "gsr_x": -0.01644890010356903,
  "gsr_y": 0.0062374393455684185,
  "provenance": {
    "md5sum": "dd7147115e133fe622af582d4ac99b26",
    "settings": {
      "fd_thres": 0.2,
      "testing": false
    },
    "software": "mriqc",
    "version": "23.0.1",
    "webapi_port": null,
    "webapi_url": "https://mriqc.nimh.nih.gov/api/v1"
  },
  "size_t": 174,
  "size_x": 64,
  "size_y": 64,
  "size_z": 35,
  "snr": 4.160427686388339,
  "spacing_tr": 2.0,
  "spacing_x": 4.0,
  "spacing_y": 4.0,
  "spacing_z": 4.0,
  "summary_bg_k": 246.41030748287972,
  "summary_bg_mad": 8.83596852421278,
  "summary_bg_mean": 27.687875747680664,
  "summary_bg_median": 7.189655303955078,
  "summary_bg_n": 106737.0,
  "summary_bg_p05": 0.41839079856872663,
  "summary_bg_p95": 107.43562927246087,
  "summary_bg_stdv": 92.711669921875,
  "summary_fg_k": 0.1676278550693917,
  "summary_fg_mad": 403.5533020907128,
  "summary_fg_mean": 1752.0999755859375,
  "summary_fg_median": 1743.37646484375,
  "summary_fg_n": 10520.0,
  "summary_fg_p05": 1064.3356506347657,
  "summary_fg_p95": 2450.9714965820312,
  "summary_fg_stdv": 419.01788330078125,
  "tsnr": 80.94867997663096
}