{
  "bids_meta": {
    "AcquisitionDateTime": "2016-09-18T13:38:35.000000",
    "ConversionSoftware": "dcm2niix",
    "ConversionSoftwareVersion": "v1.0.20170411 GCC4.8.4",
    "EchoTime": 0.00318,
    "FlipAngle": 12,
    "ImageType": [
      "DERIVED",
      "PRIMARY",
      "OTHER"
    ],
    "InversionTime": 0.45,
    "MagneticFieldStrength": 3,
    "Manufacturer": "GE",
    "ManufacturersModelName": "DISCOVERY_MR750",
    "ProcedureStepDescription": "MeditResp",
    "ProtocolName": "PU:Sag_T1_FSPGR_BRAVO",
    "RepetitionTime": 0.008156,
    "ScanningSequence": "GR",
    "SequenceVariant": "SS_SP_SK",
    "SeriesDescription": "PU:Sag_T1_FSPGR_BRAVO",
    "dataset": "ds003481",
    "modality": "T1w",
    "subject_id": "119"
  },
  "cjv": 0.3336628792377952,
  "cnr": 4.065969800813965,
  "efc": 0.7502203364746726,
  "fber": 7179.127100073047,
  "fwhm_avg": 3.4578699999999998,
  "fwhm_x": 3.43019,
  "fwhm_y": 3.64846,
  "fwhm_z": 3.29496,
  "icvs_csf": 0.19991401054501073,
  "icvs_gm": 0.47019895165774434,
  "icvs_wm": 0.329887037797245,
  "inu_med": 0.5438911318778992,
  "inu_range": 0.1595739543437958,
  "provenance": {
    "md5sum": "3a058a83c796e7623077b4c6f3de7a31",
    "settings": {
      "testing": false
    },
    "software": "mriqc",
    "version": "23.0.1",
    "warnings": {
      "large_rot_frame": true,
      "small_air_mask": false
    },
    "webapi_port": null,
    "webapi_url": "https://mriqc.nimh.nih.gov/api/v1"
  },
  "qi_1": 0.0,
  "qi_2": 0.0007917790322550343,
  "rpve_csf": 23.794117647058822,
  "rpve_gm": 10.919147108917873,
  "rpve_wm": 16.868565035773138,
  "size_x": 176,
  "size_y": 256,
  "size_z": 256,
  "snr_csf": 2.4252976136999025,
  "snr_gm": 12.461816525515863,
  "snr_total": 11.758815797496808,
  "snr_wm": 20.389333253274657,
  "snrd_csf": 15.921044564974695,
  "snrd_gm": 39.537087802753774,
  "snrd_total": 37.461301666638505,
  "snrd_wm": 56.92577263218705,
  "spacing_x": 1.0,
  "spacing_y": 1.0,
  "spacing_z": 1.0,
  "summary_bg_k": 15.49566630733629,
  "summary_bg_mad": 0.0,
  "summary_bg_mean": 4.673965650673874,
  "summary_bg_median": 0.0,
  "summary_bg_n": 344208.0,
  "summary_bg_p05": 0.0,
  "summary_bg_p95": 29.371036291122437,
  "summary_bg_stdv": 11.508607643683566,
  "summary_csf_k": 4.6644329594840395,
  "summary_csf_mad": 89.41427754357214,
  "summary_csf_mean": 293.0023869303513,
  "summary_csf_median": 279.6807736158371,
  "summary_csf_n": 34982.0,
  "summary_csf_p05": 129.1086620092392,
  "summary_csf_p95": 501.74730786681164,
  "summary_csf_stdv": 115.31647683647815,
  "summary_gm_k": 0.18299222698107176,
  "summary_gm_mad": 54.21584744107229,
  "summary_gm_mean": 693.9882841346081,
  "summary_gm_median": 694.5375511050224,
  "summary_gm_n": 48750.0,
  "summary_gm_p05": 602.6164108514786,
  "summary_gm_p95": 785.077596724033,
  "summary_gm_stdv": 55.73267959645863,
  "summary_wm_k": 0.29228770721462816,
  "summary_wm_mad": 47.70562360783939,
  "summary_wm_mean": 999.669948765054,
  "summary_wm_median": 999.9999725818634,
  "summary_wm_n": 189635.0,
  "summary_wm_p05": 918.5919141769409,
  "summary_wm_p95": 1079.1851609945297,
  "summary_wm_stdv": 49.04512195237058,
  "tpm_overlap_csf": 0.15877773177527374,
  "tpm_overlap_gm": 0.47808346332149587,
  "tpm_overlap_wm": 0.4814599624169674,
  "wm2max": 0.5070505890684384
}