{
  "aor": 0.005363833333333332,
  "aqi": 0.0086801715,
  "bids_meta": {
    "AcquisitionDateTime": "2017-06-27T20:49:24.000000",
    "ConversionSoftware": "dcm2niix",
    "ConversionSoftwareVersion": "v1.0.20170411 GCC4.8.4",
    "EchoTime": 0.04,
    "FlipAngle": 90,
    "ImageType": [
      "ORIGINAL",
      "PRIMARY",
      "EPI",
      "NONE"
    ],
    "MagneticFieldStrength": 3,
    "Manufacturer": "GE",
    "ManufacturersModelName": "DISCOVERY_MR750",
    "ProcedureStepDescription": "CompMet",
    "ProtocolName": "fMRI_RestState",
    "RepetitionTime": 2,
    "ScanningSequence": "EP_GR",
    "SequenceVariant": "SS",
    "SeriesDescription": "fMRI_RestState",
    "SliceTiming": [
      1.0285,
      0.0571001,
      1.0857,
      0.1142,
      1.1428,
      0.1714,
      1.2,
      0.2285,
      1.2571,
      0.2857,
      1.3143,
      0.3428,
      1.3714,
      0.4,
      1.4286,
      0.4571,
      1.4857,
      0.5142,
      1.5428,
      0.5714,
      1.6,
      0.6285,
      1.6571,
      0.6857,
      1.7143,
      0.7428,
      1.7714,
      0.8,
      1.8285,
      0.8571,
      1.8857,
      0.9143,
      1.9428,
      0.9714
    ],
    "TaskName": "rest",
    "dataset": "ds003481",
    "modality": "bold",
    "subject_id": "066",
    "task_id": "rest"
  },
  "dummy_trs": 0,
  "dvars_nstd": 14.291909428260867,
  "dvars_std": 0.9415470986956522,
  "dvars_vstd": 0.8938424123076918,
  "efc": 0.39370824736025084,
  "fber": 40001.87890625,
  "fd_mean": 0.06181781344676815,
  "fd_num": 3,
  "fd_perc": 1.0,
  "fwhm_avg": 2.6170725000000004,
  "fwhm_x": 2.62235,
  "fwhm_y": 2.76935,
  "fwhm_z": 2.4595175,
  "gcor": 0.012457,
  "gsr_x": -0.005231372080743313,
  "gsr_y": 0.005004968959838152,
  "provenance": {
    "md5sum": "a6a79b7b15d3b10a11f57c97e0050540",
    "settings": {
      "fd_thres": 0.2,
      "testing": false
    },
    "software": "mriqc",
    "version": "23.0.1",
    "webapi_port": null,
    "webapi_url": "https://mriqc.nimh.nih.gov/api/v1"
  },
  "size_t": 300,
  "size_x": 64,
  "size_y": 64,
  "size_z": 34,
  "snr": 3.513574197008686,
  "spacing_tr": 2.0,
  "spacing_x": 4.0,
  "spacing_y": 4.0,
  "spacing_z": 4.0,
  "summary_bg_k": 99.33790605884225,
  "summary_bg_mad": 12.943117749312213,
  "summary_bg_mean": 43.45166778564453,
  "summary_bg_median": 9.24666690826416,
  "summary_bg_n": 94691.0,
  "summary_bg_p05": 0.1133333370089531,
  "summary_bg_p95": 201.3183364868164,
  "summary_bg_stdv": 115.3705062866211,
  "summary_fg_k": 0.2759037589520412,
  "summary_fg_mad": 483.5210687605006,
  "summary_fg_mean": 1797.4503173828125,
  "summary_fg_median": 1758.3466796875,
  "summary_fg_n": 16705.0,
  "summary_fg_p05": 1054.394677734375,
  "summary_fg_p95": 2689.220068359375,
  "summary_fg_stdv": 500.42889404296875,
  "tsnr": 44.3517341602128
}