{
  "aor": 0.004155057471264367,
  "aqi": 0.007621814252873565,
  "bids_meta": {
    "AcquisitionDateTime": "2017-08-17T20:04:20.000000",
    "ConversionSoftware": "dcm2niix",
    "ConversionSoftwareVersion": "v1.0.20170411 GCC4.8.4",
    "EchoTime": 0.04,
    "FlipAngle": 90,
    "ImageType": [
      "ORIGINAL",
      "PRIMARY",
      "EPI",
      "NONE"
    ],
    "MagneticFieldStrength": 3,
    "Manufacturer": "GE",
    "ManufacturersModelName": "DISCOVERY_MR750",
    "ProtocolName": "fMRI_RestState",
    "RepetitionTime": 2,
    "ScanningSequence": "EP_GR",
    "SequenceVariant": "SS",
    "SeriesDescription": "fMRI_RestState",
    "SliceTiming": [
      1.0285,
      0.0571001,
      1.0857,
      0.1142,
      1.1428,
      0.1714,
      1.2,
      0.2285,
      1.2571,
      0.2857,
      1.3143,
      0.3428,
      1.3714,
      0.4,
      1.4286,
      0.4571,
      1.4857,
      0.5142,
      1.5428,
      0.5714,
      1.6,
      0.6285,
      1.6571,
      0.6857,
      1.7143,
      0.7428,
      1.7714,
      0.8,
      1.8285,
      0.8571,
      1.8857,
      0.9143,
      1.9428,
      0.9714
    ],
    "TaskName": "rest",
    "dataset": "ds003481",
    "modality": "bold",
    "subject_id": "085",
    "task_id": "rest"
  },
  "dummy_trs": 0,
  "dvars_nstd": 20.677407630581396,
  "dvars_std": 0.9853378533720931,
  "dvars_vstd": 0.9146444890697675,
  "efc": 0.35740002445226243,
  "fber": 64291.76953125,
  "fd_mean": 0.2090961185576445,
  "fd_num": 38,
  "fd_perc": 43.67816091954023,
  "fwhm_avg": 2.843925,
  "fwhm_x": 2.83895,
  "fwhm_y": 2.7972,
  "fwhm_z": 2.895625,
  "gcor": 0.0317931,
  "gsr_x": -0.010365035384893417,
  "gsr_y": 0.0020173119846731424,
  "provenance": {
    "md5sum": "30614ac8cf95299f42c80eea882b9564",
    "settings": {
      "fd_thres": 0.2,
      "testing": false
    },
    "software": "mriqc",
    "version": "23.0.1",
    "webapi_port": null,
    "webapi_url": "https://mriqc.nimh.nih.gov/api/v1"
  },
  "size_t": 87,
  "size_x": 64,
  "size_y": 64,
  "size_z": 34,
  "snr": 2.9485615584111033,
  "spacing_tr": 2.0,
  "spacing_x": 4.0,
  "spacing_y": 4.0,
  "spacing_z": 4.0,
  "summary_bg_k": 65.7964956214643,
  "summary_bg_mad": 10.991706078336021,
  "summary_bg_mean": 39.08247375488281,
  "summary_bg_median": 7.9540228843688965,
  "summary_bg_n": 98372.0,
  "summary_bg_p05": 0.17241379618644714,
  "summary_bg_p95": 191.8850555419922,
  "summary_bg_stdv": 105.31993103027344,
  "summary_fg_k": 1.1184813533931113,
  "summary_fg_mad": 502.9856523298704,
  "summary_fg_mean": 2034.072021484375,
  "summary_fg_median": 1891.183837890625,
  "summary_fg_n": 13946.0,
  "summary_fg_p05": 1224.07470703125,
  "summary_fg_p95": 3318.2039794921875,
  "summary_fg_stdv": 641.3690185546875,
  "tsnr": 47.67432859609835
}