{
  "aor": 0.00483444,
  "aqi": 0.002925206228,
  "bids_meta": {
    "AcquisitionDateTime": "2017-08-18T19:27:10.000000",
    "ConversionSoftware": "dcm2niix",
    "ConversionSoftwareVersion": "v1.0.20170411 GCC4.8.4",
    "EchoTime": 0.035,
    "FlipAngle": 90,
    "ImageType": [
      "ORIGINAL",
      "PRIMARY",
      "EPI",
      "NONE"
    ],
    "MagneticFieldStrength": 3,
    "Manufacturer": "GE",
    "ManufacturersModelName": "DISCOVERY_MR750",
    "ProcedureStepDescription": "CompMet",
    "ProtocolName": "fMRI_CompMet",
    "RepetitionTime": 2,
    "ScanningSequence": "EP_GR",
    "SequenceVariant": "SS",
    "SeriesDescription": "fMRI_CompMet",
    "SliceTiming": [
      1.0285,
      0.0571001,
      1.0857,
      0.1142,
      1.1428,
      0.1714,
      1.2,
      0.2285,
      1.2571,
      0.2857,
      1.3143,
      0.3428,
      1.3714,
      0.4,
      1.4286,
      0.4571,
      1.4857,
      0.5142,
      1.5428,
      0.5714,
      1.6,
      0.6285,
      1.6571,
      0.6857,
      1.7143,
      0.7428,
      1.7714,
      0.8,
      1.8285,
      0.8571,
      1.8857,
      0.9143,
      1.9428,
      0.9714
    ],
    "TaskName": "cmp",
    "dataset": "ds003481",
    "modality": "bold",
    "run_id": 2,
    "subject_id": "085",
    "task_id": "cmp"
  },
  "dummy_trs": 0,
  "dvars_nstd": 15.917124154497996,
  "dvars_std": 1.0828425349397592,
  "dvars_vstd": 0.975653308514056,
  "efc": 0.3693299338263665,
  "fber": 74842.09375,
  "fd_mean": 0.17836420845804837,
  "fd_num": 55,
  "fd_perc": 22.0,
  "fwhm_avg": 2.8271,
  "fwhm_x": 2.728975,
  "fwhm_y": 2.935925,
  "fwhm_z": 2.8164,
  "gcor": 0.0342067,
  "gsr_x": -0.016236120834946632,
  "gsr_y": 0.010151062160730362,
  "provenance": {
    "md5sum": "b5c7f2b98d0c85cbfc32284022e8ed95",
    "settings": {
      "fd_thres": 0.2,
      "testing": false
    },
    "software": "mriqc",
    "version": "23.0.1",
    "webapi_port": null,
    "webapi_url": "https://mriqc.nimh.nih.gov/api/v1"
  },
  "size_t": 250,
  "size_x": 64,
  "size_y": 64,
  "size_z": 34,
  "snr": 3.3030685387324925,
  "spacing_tr": 2.0,
  "spacing_x": 4.0,
  "spacing_y": 4.0,
  "spacing_z": 4.0,
  "summary_bg_k": 59.855481054481,
  "summary_bg_mad": 11.178821289565303,
  "summary_bg_mean": 50.88874435424805,
  "summary_bg_median": 8.152000427246094,
  "summary_bg_n": 97340.0,
  "summary_bg_p05": 0.19200000166893005,
  "summary_bg_p95": 271.5242172241211,
  "summary_bg_stdv": 144.28829956054688,
  "summary_fg_k": 0.4840636405950014,
  "summary_fg_mad": 557.4406074590679,
  "summary_fg_mean": 2257.256591796875,
  "summary_fg_median": 2142.97998046875,
  "summary_fg_n": 14570.0,
  "summary_fg_p05": 1376.5798828125,
  "summary_fg_p95": 3519.7188232421854,
  "summary_fg_stdv": 648.7623291015625,
  "tsnr": 74.9105787158478
}