{
  "aor": 0.0017082745098039216,
  "aqi": 0.001499783137254902,
  "bids_meta": {
    "AcquisitionDateTime": "2016-11-14T18:39:22.000000",
    "ConversionSoftware": "dcm2niix",
    "ConversionSoftwareVersion": "v1.0.20170411 GCC4.8.4",
    "EchoTime": 0.04,
    "FlipAngle": 90,
    "ImageType": [
      "ORIGINAL",
      "PRIMARY",
      "EPI",
      "NONE"
    ],
    "MagneticFieldStrength": 3,
    "Manufacturer": "GE",
    "ManufacturersModelName": "DISCOVERY_MR750",
    "ProcedureStepDescription": "ActosHabla",
    "ProtocolName": "fMRI_ActosHabla_3",
    "RepetitionTime": 2,
    "ScanningSequence": "EP_GR",
    "SequenceVariant": "SS",
    "SeriesDescription": "fMRI_ActosHabla_3",
    "SliceTiming": [
      0,
      1.0285,
      0.0571001,
      1.0857,
      0.1142,
      1.1428,
      0.1714,
      1.2,
      0.2285,
      1.2571,
      0.2857,
      1.3143,
      0.3428,
      1.3714,
      0.4,
      1.4286,
      0.4571,
      1.4857,
      0.5142,
      1.5428,
      0.5714,
      1.6,
      0.6285,
      1.6571,
      0.6857,
      1.7143,
      0.7428,
      1.7714,
      0.8,
      1.8285,
      0.8571,
      1.8857,
      0.9143,
      1.9428,
      0.9714
    ],
    "TaskName": "sar",
    "dataset": "ds003481",
    "modality": "bold",
    "run_id": 3,
    "subject_id": "010",
    "task_id": "sar"
  },
  "dummy_trs": 0,
  "dvars_nstd": 13.158564924055113,
  "dvars_std": 1.0850264680314952,
  "dvars_vstd": 1.005868807480315,
  "efc": 0.4002659959759778,
  "fber": 31742.2890625,
  "fd_mean": 0.05129734429705462,
  "fd_num": 0,
  "fd_perc": 0.0,
  "fwhm_avg": 2.8240166666666666,
  "fwhm_x": 2.74655,
  "fwhm_y": 2.940175,
  "fwhm_z": 2.785325,
  "gcor": 0.0631868,
  "gsr_x": 0.01846991665661335,
  "gsr_y": -0.004526053089648485,
  "provenance": {
    "md5sum": "fa2df0c6d2697e4ec423df21679a2aae",
    "settings": {
      "fd_thres": 0.2,
      "testing": false
    },
    "software": "mriqc",
    "version": "23.0.1",
    "webapi_port": null,
    "webapi_url": "https://mriqc.nimh.nih.gov/api/v1"
  },
  "size_t": 255,
  "size_x": 64,
  "size_y": 64,
  "size_z": 35,
  "snr": 2.9924570943839006,
  "spacing_tr": 2.0,
  "spacing_x": 4.0,
  "spacing_y": 4.0,
  "spacing_z": 4.0,
  "summary_bg_k": 33.86299170430287,
  "summary_bg_mad": 15.401622028843342,
  "summary_bg_mean": 62.16190719604492,
  "summary_bg_median": 10.62745189666748,
  "summary_bg_n": 97515.0,
  "summary_bg_p05": 0.027450982481241226,
  "summary_bg_p95": 317.6192260742188,
  "summary_bg_stdv": 155.66641235351562,
  "summary_fg_k": 0.18760400444663938,
  "summary_fg_mad": 597.5933014896785,
  "summary_fg_mean": 1948.63916015625,
  "summary_fg_median": 1853.533447265625,
  "summary_fg_n": 16811.0,
  "summary_fg_p05": 1095.7373657226562,
  "summary_fg_p95": 3088.2982177734375,
  "summary_fg_stdv": 619.3834228515625,
  "tsnr": 87.90057494211942
}