{
  "aor": 0.0023574517374517377,
  "aqi": 0.002614105250965251,
  "bids_meta": {
    "AcquisitionDateTime": "2016-11-14T18:18:15.000000",
    "ConversionSoftware": "dcm2niix",
    "ConversionSoftwareVersion": "v1.0.20170411 GCC4.8.4",
    "EchoTime": 0.04,
    "FlipAngle": 90,
    "ImageType": [
      "ORIGINAL",
      "PRIMARY",
      "EPI",
      "NONE"
    ],
    "MagneticFieldStrength": 3,
    "Manufacturer": "GE",
    "ManufacturersModelName": "DISCOVERY_MR750",
    "ProcedureStepDescription": "ActosHabla",
    "ProtocolName": "fMRI_ActosHabla_1",
    "RepetitionTime": 2,
    "ScanningSequence": "EP_GR",
    "SequenceVariant": "SS",
    "SeriesDescription": "fMRI_ActosHabla_1",
    "SliceTiming": [
      0,
      1.0285,
      0.0571001,
      1.0857,
      0.1142,
      1.1428,
      0.1714,
      1.2,
      0.2285,
      1.2571,
      0.2857,
      1.3143,
      0.3428,
      1.3714,
      0.4,
      1.4286,
      0.4571,
      1.4857,
      0.5142,
      1.5428,
      0.5714,
      1.6,
      0.6285,
      1.6571,
      0.6857,
      1.7143,
      0.7428,
      1.7714,
      0.8,
      1.8285,
      0.8571,
      1.8857,
      0.9143,
      1.9428,
      0.9714
    ],
    "TaskName": "sar",
    "dataset": "ds003481",
    "modality": "bold",
    "run_id": 1,
    "subject_id": "010",
    "task_id": "sar"
  },
  "dummy_trs": 2,
  "dvars_nstd": 16.531610810736435,
  "dvars_std": 1.1278915077906968,
  "dvars_vstd": 0.9810906842635664,
  "efc": 0.3986883572925986,
  "fber": 34054.04296875,
  "fd_mean": 0.07150309141044495,
  "fd_num": 5,
  "fd_perc": 1.9305019305019304,
  "fwhm_avg": 2.8665333333333334,
  "fwhm_x": 2.795525,
  "fwhm_y": 2.996875,
  "fwhm_z": 2.8072,
  "gcor": 0.0614653,
  "gsr_x": 0.01914670504629612,
  "gsr_y": -0.006371741648763418,
  "provenance": {
    "md5sum": "e4580df1a93a016a71b8c9b1944c7f74",
    "settings": {
      "fd_thres": 0.2,
      "testing": false
    },
    "software": "mriqc",
    "version": "23.0.1",
    "webapi_port": null,
    "webapi_url": "https://mriqc.nimh.nih.gov/api/v1"
  },
  "size_t": 259,
  "size_x": 64,
  "size_y": 64,
  "size_z": 35,
  "snr": 3.0023768850481765,
  "spacing_tr": 2.0,
  "spacing_x": 4.0,
  "spacing_y": 4.0,
  "spacing_z": 4.0,
  "summary_bg_k": 36.01938671536793,
  "summary_bg_mad": 14.848919487187725,
  "summary_bg_mean": 61.3751106262207,
  "summary_bg_median": 10.243243217468262,
  "summary_bg_n": 97665.0,
  "summary_bg_p05": 0.04633204638957977,
  "summary_bg_p95": 306.2077209472656,
  "summary_bg_stdv": 155.2689971923828,
  "summary_fg_k": 0.16149941364397513,
  "summary_fg_mad": 598.3014829448803,
  "summary_fg_mean": 1949.887939453125,
  "summary_fg_median": 1858.1988525390625,
  "summary_fg_n": 16662.0,
  "summary_fg_p05": 1086.7293029785155,
  "summary_fg_p95": 3071.1000854492186,
  "summary_fg_stdv": 618.8906860351562,
  "tsnr": 71.02058559190482
}