{
  "aor": 0.007300000000000002,
  "aqi": 0.002467332820512821,
  "bids_meta": {
    "AcquisitionDateTime": "2017-01-11T20:17:28.000000",
    "ConversionSoftware": "dcm2niix",
    "ConversionSoftwareVersion": "v1.0.20170411 GCC4.8.4",
    "EchoTime": 0.04,
    "FlipAngle": 90,
    "ImageType": [
      "ORIGINAL",
      "PRIMARY",
      "EPI",
      "NONE"
    ],
    "MagneticFieldStrength": 3,
    "Manufacturer": "GE",
    "ManufacturersModelName": "DISCOVERY_MR750",
    "ProcedureStepDescription": "CompRefranes",
    "ProtocolName": "fMRI_Comprension_1",
    "RepetitionTime": 2,
    "ScanningSequence": "EP_GR",
    "SequenceVariant": "SS",
    "SeriesDescription": "fMRI_Comprension_1",
    "SliceTiming": [
      1.0285,
      0.0571001,
      1.0857,
      0.1142,
      1.1428,
      0.1714,
      1.2,
      0.2285,
      1.2571,
      0.2857,
      1.3143,
      0.3428,
      1.3714,
      0.4,
      1.4286,
      0.4571,
      1.4857,
      0.5142,
      1.5428,
      0.5714,
      1.6,
      0.6285,
      1.6571,
      0.6857,
      1.7143,
      0.7428,
      1.7714,
      0.8,
      1.8285,
      0.8571,
      1.8857,
      0.9143,
      1.9428,
      0.9714
    ],
    "TaskName": "pc",
    "dataset": "ds003481",
    "modality": "bold",
    "run_id": 1,
    "subject_id": "060",
    "task_id": "pc"
  },
  "dummy_trs": 0,
  "dvars_nstd": 16.037276096008586,
  "dvars_std": 1.1157786523605149,
  "dvars_vstd": 1.0726792888841206,
  "efc": 0.33739641055834246,
  "fber": 66641.6953125,
  "fd_mean": 0.0640038712948939,
  "fd_num": 1,
  "fd_perc": 0.42735042735042733,
  "fwhm_avg": 2.4713558333333334,
  "fwhm_x": 2.4511275,
  "fwhm_y": 2.61005,
  "fwhm_z": 2.35289,
  "gcor": 0.0802256,
  "gsr_x": -0.013915273360908031,
  "gsr_y": 0.003062237286940217,
  "provenance": {
    "md5sum": "f9d9df65a8303d6ea756e5c7667d4983",
    "settings": {
      "fd_thres": 0.2,
      "testing": false
    },
    "software": "mriqc",
    "version": "23.0.1",
    "webapi_port": null,
    "webapi_url": "https://mriqc.nimh.nih.gov/api/v1"
  },
  "size_t": 234,
  "size_x": 64,
  "size_y": 64,
  "size_z": 34,
  "snr": 3.905008379638763,
  "spacing_tr": 2.0,
  "spacing_x": 4.0,
  "spacing_y": 4.0,
  "spacing_z": 4.0,
  "summary_bg_k": 158.29218066200815,
  "summary_bg_mad": 8.946301270305769,
  "summary_bg_mean": 25.929624557495117,
  "summary_bg_median": 6.74786376953125,
  "summary_bg_n": 100444.0,
  "summary_bg_p05": 0.17094017565250397,
  "summary_bg_p95": 103.26432037353511,
  "summary_bg_stdv": 79.97852325439453,
  "summary_fg_k": 0.5634324279178231,
  "summary_fg_mad": 376.536622979972,
  "summary_fg_mean": 1698.00634765625,
  "summary_fg_median": 1648.854736328125,
  "summary_fg_n": 12401.0,
  "summary_fg_p05": 1069.2479248046875,
  "summary_fg_p95": 2457.70947265625,
  "summary_fg_stdv": 422.2239990234375,
  "tsnr": 71.56780344806612
}