{
  "bids_meta": {
    "AcquisitionDateTime": "2016-09-19T18:51:51.000000",
    "ConversionSoftware": "dcm2niix",
    "ConversionSoftwareVersion": "v1.0.20170411 GCC4.8.4",
    "EchoTime": 0.00318,
    "FlipAngle": 12,
    "ImageType": [
      "DERIVED",
      "PRIMARY",
      "OTHER"
    ],
    "InversionTime": 0.45,
    "MagneticFieldStrength": 3,
    "Manufacturer": "GE",
    "ManufacturersModelName": "DISCOVERY_MR750",
    "ProcedureStepDescription": "MeditResp",
    "ProtocolName": "PU:Sag_T1_FSPGR_BRAVO",
    "RepetitionTime": 0.008156,
    "ScanningSequence": "GR",
    "SequenceVariant": "SS_SP_SK",
    "SeriesDescription": "PU:Sag_T1_FSPGR_BRAVO",
    "dataset": "ds003481",
    "modality": "T1w",
    "subject_id": "109"
  },
  "cjv": 0.3862001940170885,
  "cnr": 3.5112552479222976,
  "efc": 0.7131494931653293,
  "fber": 12090.488356464572,
  "fwhm_avg": 3.3806999999999996,
  "fwhm_x": 3.44723,
  "fwhm_y": 3.38409,
  "fwhm_z": 3.31078,
  "icvs_csf": 0.24625159807215966,
  "icvs_gm": 0.40612143915677024,
  "icvs_wm": 0.3476269627710701,
  "inu_med": 0.5804921388626099,
  "inu_range": 0.13737599253654476,
  "provenance": {
    "md5sum": "f45532a8b182ff641bb558d3ac00825d",
    "settings": {
      "testing": false
    },
    "software": "mriqc",
    "version": "23.0.1",
    "warnings": {
      "large_rot_frame": true,
      "small_air_mask": false
    },
    "webapi_port": null,
    "webapi_url": "https://mriqc.nimh.nih.gov/api/v1"
  },
  "qi_1": 0.0,
  "qi_2": 0.0018897397799508395,
  "rpve_csf": 22.584178510976635,
  "rpve_gm": 13.36335773160647,
  "rpve_wm": 17.755660732867376,
  "size_x": 176,
  "size_y": 256,
  "size_z": 256,
  "snr_csf": 3.1473195934276963,
  "snr_gm": 13.03921406491777,
  "snr_total": 12.54001179572218,
  "snr_wm": 21.43350172882107,
  "snrd_csf": 15.36858280095154,
  "snrd_gm": 34.205931416304395,
  "snrd_total": 31.979542722037845,
  "snrd_wm": 46.3641139488576,
  "spacing_x": 1.0,
  "spacing_y": 1.0,
  "spacing_z": 1.0,
  "summary_bg_k": 16.206418746680473,
  "summary_bg_mad": 0.0,
  "summary_bg_mean": 7.287247179448275,
  "summary_bg_median": 0.0,
  "summary_bg_n": 625449.0,
  "summary_bg_p05": 0.0,
  "summary_bg_p95": 37.391240298748016,
  "summary_bg_stdv": 14.130754838790775,
  "summary_csf_k": 19.830732452496363,
  "summary_csf_mad": 78.0906076689556,
  "summary_csf_mean": 335.9556294195535,
  "summary_csf_median": 331.4877264946699,
  "summary_csf_n": 63188.0,
  "summary_csf_p05": 178.68698488920927,
  "summary_csf_p95": 499.4966360293329,
  "summary_csf_stdv": 105.32298790023792,
  "summary_gm_k": 0.1106742239934202,
  "summary_gm_mad": 56.55572336980333,
  "summary_gm_mean": 736.0530855290417,
  "summary_gm_median": 737.7938867025077,
  "summary_gm_n": 17516.0,
  "summary_gm_p05": 640.2800487214699,
  "summary_gm_p95": 825.0880515538156,
  "summary_gm_stdv": 56.58108089635119,
  "summary_wm_k": 0.42799949166377393,
  "summary_wm_mad": 44.722197839081055,
  "summary_wm_mean": 1002.5945680901856,
  "summary_wm_median": 1000.0359124131501,
  "summary_wm_n": 167622.0,
  "summary_wm_p05": 930.6823522821069,
  "summary_wm_p95": 1083.5172493474552,
  "summary_wm_stdv": 46.657468390004325,
  "tpm_overlap_csf": 0.16606049970866368,
  "tpm_overlap_gm": 0.4530772335672029,
  "tpm_overlap_wm": 0.48255891551960395,
  "wm2max": 0.4694211129718797
}