{
  "aor": 0.0022827999999999998,
  "aqi": 0.0011182079319999997,
  "bids_meta": {
    "AcquisitionMatrixPE": 64,
    "AcquisitionNumber": 1,
    "AcquisitionTime": "21:11:58.000000",
    "CoilString": "32Ch_Head",
    "ConversionSoftware": "dcm2niix",
    "ConversionSoftwareVersion": "v1.0.20190902",
    "Dcm2bidsVersion": "2.1.4",
    "DeviceSerialNumber": "000000000000GEHC",
    "EchoTime": 0.04,
    "EffectiveEchoSpacing": 0.000372,
    "FlipAngle": 90,
    "ImageOrientationPatientDICOM": [
      1,
      0,
      0,
      0,
      1,
      0
    ],
    "ImageType": [
      "ORIGINAL",
      "PRIMARY",
      "EPI",
      "NONE"
    ],
    "ImagingFrequency": 127.772,
    "InPlanePhaseEncodingDirectionDICOM": "COL",
    "InstitutionName": "INSTITUTO_DE_NEUROBIOLOGIA",
    "MRAcquisitionType": "2D",
    "MagneticFieldStrength": 3,
    "Manufacturer": "GE",
    "ManufacturersModelName": "DISCOVERY_MR750",
    "Modality": "MR",
    "PatientPosition": "HFS",
    "PercentPhaseFOV": 100,
    "PhaseEncodingDirection": "j",
    "PhaseEncodingPolarityGE": "Flipped",
    "PixelBandwidth": 7812.5,
    "ProcedureStepDescription": "verbos",
    "ProtocolName": "fMRI_RestState",
    "ReconMatrixPE": 64,
    "RepetitionTime": 2,
    "SAR": 0.378422,
    "ScanOptions": "EPI_GEMS_ACC_GEMS",
    "ScanningSequence": "EP_GR",
    "SequenceVariant": "SS",
    "SeriesDescription": "fMRI_RestState",
    "SeriesNumber": 12,
    "SliceThickness": 4,
    "SliceTiming": [
      0,
      1.0285,
      0.0571001,
      1.0857,
      0.1142,
      1.1428,
      0.1714,
      1.2,
      0.2285,
      1.2571,
      0.2857,
      1.3143,
      0.3428,
      1.3714,
      0.4,
      1.4286,
      0.4571,
      1.4857,
      0.5142,
      1.5428,
      0.5714,
      1.6,
      0.6285,
      1.6571,
      0.6857,
      1.7143,
      0.7428,
      1.7714,
      0.8,
      1.8285,
      0.8571,
      1.8857,
      0.9143,
      1.9428,
      0.9714
    ],
    "SoftwareVersions": "24_LX_MR_Software_release:DV24.0_R02_1607.b",
    "SpacingBetweenSlices": 4,
    "StationName": "GEHCGEHC",
    "TaskName": "rest",
    "TotalReadoutTime": 0.023436,
    "dataset": "ds003481",
    "modality": "bold",
    "subject_id": "127",
    "task_id": "rest"
  },
  "dummy_trs": 0,
  "dvars_nstd": 12.90586862212852,
  "dvars_std": 1.1210196243373498,
  "dvars_vstd": 1.001328407911647,
  "efc": 0.36735433504039033,
  "fber": 62835.04296875,
  "fd_mean": 0.05661231922653725,
  "fd_num": 5,
  "fd_perc": 2.0,
  "fwhm_avg": 2.775116666666667,
  "fwhm_x": 2.787075,
  "fwhm_y": 2.8254,
  "fwhm_z": 2.712875,
  "gcor": 0.0614628,
  "gsr_x": -0.0007520596263930202,
  "gsr_y": 0.0016671197954565287,
  "provenance": {
    "md5sum": "68538ec8c8f3b5b7476d06579fc83d13",
    "settings": {
      "fd_thres": 0.2,
      "testing": false
    },
    "software": "mriqc",
    "version": "23.0.1",
    "webapi_port": null,
    "webapi_url": "https://mriqc.nimh.nih.gov/api/v1"
  },
  "size_t": 250,
  "size_x": 64,
  "size_y": 64,
  "size_z": 35,
  "snr": 3.238341113025993,
  "spacing_tr": 2.0,
  "spacing_x": 4.0,
  "spacing_y": 4.0,
  "spacing_z": 4.0,
  "summary_bg_k": 57.51619548823629,
  "summary_bg_mad": 10.911952614519961,
  "summary_bg_mean": 40.97209548950195,
  "summary_bg_median": 7.78000020980835,
  "summary_bg_n": 100402.0,
  "summary_bg_p05": 0.08800000697374344,
  "summary_bg_p95": 196.89181365966795,
  "summary_bg_stdv": 111.5600814819336,
  "summary_fg_k": 0.3464968493553302,
  "summary_fg_mad": 522.1932418623411,
  "summary_fg_mean": 1931.0130615234375,
  "summary_fg_median": 1845.14404296875,
  "summary_fg_n": 15064.0,
  "summary_fg_p05": 1126.0920715332031,
  "summary_fg_p95": 2987.6547241210938,
  "summary_fg_stdv": 569.76171875,
  "tsnr": 95.5156001530122
}