{
  "aor": 0.00029340000000000003,
  "aqi": 0.0025619999066666664,
  "bids_meta": {
    "AcquisitionDateTime": "2016-09-06T19:53:44.000000",
    "ConversionSoftware": "dcm2niix",
    "ConversionSoftwareVersion": "v1.0.20170411 GCC4.8.4",
    "EchoTime": 0.04,
    "FlipAngle": 90,
    "ImageType": [
      "ORIGINAL",
      "PRIMARY",
      "EPI",
      "NONE"
    ],
    "MagneticFieldStrength": 3,
    "Manufacturer": "GE",
    "ManufacturersModelName": "DISCOVERY_MR750",
    "ProcedureStepDescription": "MeditResp",
    "ProtocolName": "fMRI_RestSt",
    "RepetitionTime": 2,
    "ScanningSequence": "EP_GR",
    "SequenceVariant": "SS",
    "SeriesDescription": "fMRI_RestSt",
    "SliceTiming": [
      1.0285,
      0.0571001,
      1.0857,
      0.1142,
      1.1428,
      0.1714,
      1.2,
      0.2285,
      1.2571,
      0.2857,
      1.3143,
      0.3428,
      1.3714,
      0.4,
      1.4286,
      0.4571,
      1.4857,
      0.5142,
      1.5428,
      0.5714,
      1.6,
      0.6285,
      1.6571,
      0.6857,
      1.7143,
      0.7428,
      1.7714,
      0.8,
      1.8285,
      0.8571,
      1.8857,
      0.9143,
      1.9428,
      0.9714
    ],
    "TaskName": "rest",
    "dataset": "ds003481",
    "modality": "bold",
    "subject_id": "113",
    "task_id": "rest"
  },
  "dummy_trs": 0,
  "dvars_nstd": 13.263315637859538,
  "dvars_std": 1.0080770636454846,
  "dvars_vstd": 0.9103333590301002,
  "efc": 0.305972019674144,
  "fber": 115569.1328125,
  "fd_mean": 0.06931653836329213,
  "fd_num": 0,
  "fd_perc": 0.0,
  "fwhm_avg": 2.59395,
  "fwhm_x": 2.549025,
  "fwhm_y": 2.709025,
  "fwhm_z": 2.5238,
  "gcor": 0.0249193,
  "gsr_x": -0.009488746523857117,
  "gsr_y": -0.006035349331796169,
  "provenance": {
    "md5sum": "0725b142b96fc7df762eb508df4bce6c",
    "settings": {
      "fd_thres": 0.2,
      "testing": false
    },
    "software": "mriqc",
    "version": "23.0.1",
    "webapi_port": null,
    "webapi_url": "https://mriqc.nimh.nih.gov/api/v1"
  },
  "size_t": 300,
  "size_x": 64,
  "size_y": 64,
  "size_z": 34,
  "snr": 3.57273691201959,
  "spacing_tr": 2.0,
  "spacing_x": 4.0,
  "spacing_y": 4.0,
  "spacing_z": 4.0,
  "summary_bg_k": 122.15558034406129,
  "summary_bg_mad": 8.015935949946165,
  "summary_bg_mean": 25.235980987548828,
  "summary_bg_median": 6.026666641235352,
  "summary_bg_n": 103776.0,
  "summary_bg_p05": 0.1733333319425583,
  "summary_bg_p95": 105.46417236328125,
  "summary_bg_stdv": 70.59335327148438,
  "summary_fg_k": 0.9373711743864996,
  "summary_fg_mad": 471.0474469216526,
  "summary_fg_mean": 2031.399658203125,
  "summary_fg_median": 1949.38671875,
  "summary_fg_n": 10007.0,
  "summary_fg_p05": 1280.3900268554687,
  "summary_fg_p95": 3059.948486328121,
  "summary_fg_stdv": 545.6011352539062,
  "tsnr": 76.12896371632814
}