{
  "aor": 0.014928850574712644,
  "aqi": 0.003770697683908046,
  "bids_meta": {
    "AcquisitionMatrixPE": 64,
    "AcquisitionNumber": 1,
    "AcquisitionTime": "18:56:14.000000",
    "CoilString": "32Ch_Head",
    "ConversionSoftware": "dcm2niix",
    "ConversionSoftwareVersion": "v1.0.20190902",
    "Dcm2bidsVersion": "2.1.4",
    "DeviceSerialNumber": "000000000000GEHC",
    "EchoTime": 0.04,
    "EffectiveEchoSpacing": 0.000372,
    "FlipAngle": 90,
    "ImageOrientationPatientDICOM": [
      1,
      0,
      0,
      0,
      1,
      0
    ],
    "ImageType": [
      "ORIGINAL",
      "PRIMARY",
      "EPI",
      "NONE"
    ],
    "ImagingFrequency": 127.772,
    "InPlanePhaseEncodingDirectionDICOM": "COL",
    "InstitutionName": "INSTITUTO_DE_NEUROBIOLOGIA",
    "MRAcquisitionType": "2D",
    "MagneticFieldStrength": 3,
    "Manufacturer": "GE",
    "ManufacturersModelName": "DISCOVERY_MR750",
    "Modality": "MR",
    "PatientPosition": "HFS",
    "PercentPhaseFOV": 100,
    "PhaseEncodingDirection": "j",
    "PhaseEncodingPolarityGE": "Flipped",
    "PixelBandwidth": 7812.5,
    "ProcedureStepDescription": "verbos",
    "ProtocolName": "fMRI_8",
    "ReconMatrixPE": 64,
    "RepetitionTime": 2,
    "SAR": 0.374905,
    "ScanOptions": "EPI_GEMS_ACC_GEMS",
    "ScanningSequence": "EP_GR",
    "SequenceVariant": "SS",
    "SeriesDescription": "fMRI_8",
    "SeriesNumber": 11,
    "SliceThickness": 4,
    "SliceTiming": [
      0,
      1.0285,
      0.0571001,
      1.0857,
      0.1142,
      1.1428,
      0.1714,
      1.2,
      0.2285,
      1.2571,
      0.2857,
      1.3143,
      0.3428,
      1.3714,
      0.4,
      1.4286,
      0.4571,
      1.4857,
      0.5142,
      1.5428,
      0.5714,
      1.6,
      0.6285,
      1.6571,
      0.6857,
      1.7143,
      0.7428,
      1.7714,
      0.8,
      1.8285,
      0.8571,
      1.8857,
      0.9143,
      1.9428,
      0.9714
    ],
    "SoftwareVersions": "24_LX_MR_Software_release:DV24.0_R02_1607.b",
    "SpacingBetweenSlices": 4,
    "StationName": "GEHCGEHC",
    "TaskName": "verbs",
    "TotalReadoutTime": 0.023436,
    "dataset": "ds003481",
    "modality": "bold",
    "run_id": 8,
    "subject_id": "134",
    "task_id": "verbs"
  },
  "dummy_trs": 0,
  "dvars_nstd": 21.853060181791903,
  "dvars_std": 1.074053213930636,
  "dvars_vstd": 1.0351774425433526,
  "efc": 0.3449338355800245,
  "fber": 65296.69921875,
  "fd_mean": 0.23148240884206883,
  "fd_num": 27,
  "fd_perc": 15.517241379310345,
  "fwhm_avg": 2.7065250000000005,
  "fwhm_x": 2.68605,
  "fwhm_y": 2.7863,
  "fwhm_z": 2.647225,
  "gcor": 0.0946589,
  "gsr_x": -0.012425797060132027,
  "gsr_y": 0.001252783928066492,
  "provenance": {
    "md5sum": "270a3e35e6a1b5cf4b6ddb592e70762b",
    "settings": {
      "fd_thres": 0.2,
      "testing": false
    },
    "software": "mriqc",
    "version": "23.0.1",
    "webapi_port": null,
    "webapi_url": "https://mriqc.nimh.nih.gov/api/v1"
  },
  "size_t": 174,
  "size_x": 64,
  "size_y": 64,
  "size_z": 35,
  "snr": 3.3513211621948757,
  "spacing_tr": 2.0,
  "spacing_x": 4.0,
  "spacing_y": 4.0,
  "spacing_z": 4.0,
  "summary_bg_k": 78.25203004789044,
  "summary_bg_mad": 8.844489511027112,
  "summary_bg_mean": 26.49246597290039,
  "summary_bg_median": 6.7988505363464355,
  "summary_bg_n": 102432.0,
  "summary_bg_p05": 0.26436781883239746,
  "summary_bg_p95": 109.1290229797363,
  "summary_bg_stdv": 72.4813232421875,
  "summary_fg_k": 0.7204245700511911,
  "summary_fg_mad": 427.5857736842491,
  "summary_fg_mean": 1743.041015625,
  "summary_fg_median": 1669.52294921875,
  "summary_fg_n": 13593.0,
  "summary_fg_p05": 1036.7103759765625,
  "summary_fg_p95": 2678.8494628906246,
  "summary_fg_stdv": 498.1502685546875,
  "tsnr": 49.64330554008484
}