{
  "aor": 0.0035397999999999996,
  "aqi": 0.0058956243333333335,
  "bids_meta": {
    "AcquisitionMatrixPE": 64,
    "AcquisitionNumber": 1,
    "AcquisitionTime": "19:03:56.000000",
    "CoilString": "32Ch_Head",
    "ConversionSoftware": "dcm2niix",
    "ConversionSoftwareVersion": "v1.0.20190902",
    "Dcm2bidsVersion": "2.1.4",
    "DeviceSerialNumber": "000000000000GEHC",
    "EchoTime": 0.04,
    "EffectiveEchoSpacing": 0.000372,
    "FlipAngle": 90,
    "ImageOrientationPatientDICOM": [
      1,
      0,
      0,
      0,
      1,
      0
    ],
    "ImageType": [
      "ORIGINAL",
      "PRIMARY",
      "EPI",
      "NONE"
    ],
    "ImagingFrequency": 127.772,
    "InPlanePhaseEncodingDirectionDICOM": "COL",
    "InstitutionName": "INSTITUTO_DE_NEUROBIOLOGIA",
    "MRAcquisitionType": "2D",
    "MagneticFieldStrength": 3,
    "Manufacturer": "GE",
    "ManufacturersModelName": "DISCOVERY_MR750",
    "Modality": "MR",
    "PatientPosition": "HFS",
    "PercentPhaseFOV": 100,
    "PhaseEncodingDirection": "j",
    "PhaseEncodingPolarityGE": "Flipped",
    "PixelBandwidth": 7812.5,
    "ProcedureStepDescription": "verbos",
    "ProtocolName": "fMRI_RestState",
    "ReconMatrixPE": 64,
    "RepetitionTime": 2,
    "SAR": 0.374905,
    "ScanOptions": "EPI_GEMS_ACC_GEMS",
    "ScanningSequence": "EP_GR",
    "SequenceVariant": "SS",
    "SeriesDescription": "fMRI_RestState",
    "SeriesNumber": 12,
    "SliceThickness": 4,
    "SliceTiming": [
      0,
      1.0285,
      0.0571001,
      1.0857,
      0.1142,
      1.1428,
      0.1714,
      1.2,
      0.2285,
      1.2571,
      0.2857,
      1.3143,
      0.3428,
      1.3714,
      0.4,
      1.4286,
      0.4571,
      1.4857,
      0.5142,
      1.5428,
      0.5714,
      1.6,
      0.6285,
      1.6571,
      0.6857,
      1.7143,
      0.7428,
      1.7714,
      0.8,
      1.8285,
      0.8571,
      1.8857,
      0.9143,
      1.9428,
      0.9714
    ],
    "SoftwareVersions": "24_LX_MR_Software_release:DV24.0_R02_1607.b",
    "SpacingBetweenSlices": 4,
    "StationName": "GEHCGEHC",
    "TaskName": "rest",
    "TotalReadoutTime": 0.023436,
    "dataset": "ds003481",
    "modality": "bold",
    "subject_id": "134",
    "task_id": "rest"
  },
  "dummy_trs": 0,
  "dvars_nstd": 16.074075109096995,
  "dvars_std": 0.9953974190635443,
  "dvars_vstd": 0.9502182525418053,
  "efc": 0.34628501115463634,
  "fber": 71439.9765625,
  "fd_mean": 0.14502839875934348,
  "fd_num": 50,
  "fd_perc": 16.666666666666668,
  "fwhm_avg": 2.612083333333333,
  "fwhm_x": 2.60025,
  "fwhm_y": 2.694675,
  "fwhm_z": 2.541325,
  "gcor": 0.0298193,
  "gsr_x": -0.012403478845953941,
  "gsr_y": 0.002947636414319277,
  "provenance": {
    "md5sum": "74636cab10b42f4d84ce1d9eda6f0397",
    "settings": {
      "fd_thres": 0.2,
      "testing": false
    },
    "software": "mriqc",
    "version": "23.0.1",
    "webapi_port": null,
    "webapi_url": "https://mriqc.nimh.nih.gov/api/v1"
  },
  "size_t": 300,
  "size_x": 64,
  "size_y": 64,
  "size_z": 35,
  "snr": 3.4410850489242737,
  "spacing_tr": 2.0,
  "spacing_x": 4.0,
  "spacing_y": 4.0,
  "spacing_z": 4.0,
  "summary_bg_k": 67.23497611029354,
  "summary_bg_mad": 8.742411139523085,
  "summary_bg_mean": 28.20745849609375,
  "summary_bg_median": 6.663333415985107,
  "summary_bg_n": 102571.0,
  "summary_bg_p05": 0.25333333015441895,
  "summary_bg_p95": 118.47666931152344,
  "summary_bg_stdv": 75.42141723632812,
  "summary_fg_k": 0.5421406912114692,
  "summary_fg_mad": 426.13954879068484,
  "summary_fg_mean": 1734.7841796875,
  "summary_fg_median": 1673.2166748046875,
  "summary_fg_n": 13505.0,
  "summary_fg_p05": 1016.9900268554687,
  "summary_fg_p95": 2637.718115234375,
  "summary_fg_stdv": 486.22882080078125,
  "tsnr": 46.88261176785454
}