{
  "aor": 0.00531632183908046,
  "aqi": 0.0024417472413793104,
  "bids_meta": {
    "AcquisitionMatrixPE": 64,
    "AcquisitionNumber": 1,
    "AcquisitionTime": "18:07:17.000000",
    "CoilString": "32Ch_Head",
    "ConversionSoftware": "dcm2niix",
    "ConversionSoftwareVersion": "v1.0.20190902",
    "Dcm2bidsVersion": "2.1.4",
    "DeviceSerialNumber": "000000000000GEHC",
    "EchoTime": 0.04,
    "EffectiveEchoSpacing": 0.000372,
    "FlipAngle": 90,
    "ImageOrientationPatientDICOM": [
      1,
      0,
      0,
      0,
      1,
      0
    ],
    "ImageType": [
      "ORIGINAL",
      "PRIMARY",
      "EPI",
      "NONE"
    ],
    "ImagingFrequency": 127.772,
    "InPlanePhaseEncodingDirectionDICOM": "COL",
    "InstitutionName": "INSTITUTO_DE_NEUROBIOLOGIA",
    "MRAcquisitionType": "2D",
    "MagneticFieldStrength": 3,
    "Manufacturer": "GE",
    "ManufacturersModelName": "DISCOVERY_MR750",
    "Modality": "MR",
    "PatientPosition": "HFS",
    "PercentPhaseFOV": 100,
    "PhaseEncodingDirection": "j",
    "PhaseEncodingPolarityGE": "Flipped",
    "PixelBandwidth": 7812.5,
    "ProcedureStepDescription": "verbos",
    "ProtocolName": "fMRI_1",
    "ReconMatrixPE": 64,
    "RepetitionTime": 2,
    "SAR": 0.374905,
    "ScanOptions": "EPI_GEMS_ACC_GEMS",
    "ScanningSequence": "EP_GR",
    "SequenceVariant": "SS",
    "SeriesDescription": "fMRI_1",
    "SeriesNumber": 4,
    "SliceThickness": 4,
    "SliceTiming": [
      0,
      1.0285,
      0.0571001,
      1.0857,
      0.1142,
      1.1428,
      0.1714,
      1.2,
      0.2285,
      1.2571,
      0.2857,
      1.3143,
      0.3428,
      1.3714,
      0.4,
      1.4286,
      0.4571,
      1.4857,
      0.5142,
      1.5428,
      0.5714,
      1.6,
      0.6285,
      1.6571,
      0.6857,
      1.7143,
      0.7428,
      1.7714,
      0.8,
      1.8285,
      0.8571,
      1.8857,
      0.9143,
      1.9428,
      0.9714
    ],
    "SoftwareVersions": "24_LX_MR_Software_release:DV24.0_R02_1607.b",
    "SpacingBetweenSlices": 4,
    "StationName": "GEHCGEHC",
    "TaskName": "verbs",
    "TotalReadoutTime": 0.023436,
    "dataset": "ds003481",
    "modality": "bold",
    "run_id": 1,
    "subject_id": "134",
    "task_id": "verbs"
  },
  "dummy_trs": 0,
  "dvars_nstd": 20.25770110213872,
  "dvars_std": 1.1317699204046252,
  "dvars_vstd": 1.0130393904624275,
  "efc": 0.34476013240175296,
  "fber": 69032.0703125,
  "fd_mean": 0.17292721809101708,
  "fd_num": 37,
  "fd_perc": 21.264367816091955,
  "fwhm_avg": 2.739316666666667,
  "fwhm_x": 2.68935,
  "fwhm_y": 2.81255,
  "fwhm_z": 2.71605,
  "gcor": 0.0770322,
  "gsr_x": -0.011769180186092854,
  "gsr_y": 0.00039833830669522285,
  "provenance": {
    "md5sum": "151f983947870fdd6e47ad3b0ada9313",
    "settings": {
      "fd_thres": 0.2,
      "testing": false
    },
    "software": "mriqc",
    "version": "23.0.1",
    "webapi_port": null,
    "webapi_url": "https://mriqc.nimh.nih.gov/api/v1"
  },
  "size_t": 174,
  "size_x": 64,
  "size_y": 64,
  "size_z": 35,
  "snr": 3.4072904020045685,
  "spacing_tr": 2.0,
  "spacing_x": 4.0,
  "spacing_y": 4.0,
  "spacing_z": 4.0,
  "summary_bg_k": 74.46441529482219,
  "summary_bg_mad": 8.784843840506493,
  "summary_bg_mean": 27.03388786315918,
  "summary_bg_median": 6.793103218078613,
  "summary_bg_n": 102506.0,
  "summary_bg_p05": 0.2816092073917389,
  "summary_bg_p95": 110.23419570922852,
  "summary_bg_stdv": 76.1176986694336,
  "summary_fg_k": 0.5905983404196662,
  "summary_fg_mad": 433.5333758213035,
  "summary_fg_mean": 1792.6304931640625,
  "summary_fg_median": 1714.3448486328125,
  "summary_fg_n": 13541.0,
  "summary_fg_p05": 1081.235595703125,
  "summary_fg_p95": 2746.465576171875,
  "summary_fg_stdv": 503.12164306640625,
  "tsnr": 67.27614658302628
}