{
  "aor": 0.005463333333333333,
  "aqi": 0.0027161400057471264,
  "bids_meta": {
    "AcquisitionMatrixPE": 64,
    "AcquisitionNumber": 1,
    "AcquisitionTime": "18:20:56.000000",
    "CoilString": "32Ch_Head",
    "ConversionSoftware": "dcm2niix",
    "ConversionSoftwareVersion": "v1.0.20190902",
    "Dcm2bidsVersion": "2.1.4",
    "DeviceSerialNumber": "000000000000GEHC",
    "EchoTime": 0.04,
    "EffectiveEchoSpacing": 0.000372,
    "FlipAngle": 90,
    "ImageOrientationPatientDICOM": [
      1,
      0,
      0,
      0,
      1,
      0
    ],
    "ImageType": [
      "ORIGINAL",
      "PRIMARY",
      "EPI",
      "NONE"
    ],
    "ImagingFrequency": 127.772,
    "InPlanePhaseEncodingDirectionDICOM": "COL",
    "InstitutionName": "INSTITUTO_DE_NEUROBIOLOGIA",
    "MRAcquisitionType": "2D",
    "MagneticFieldStrength": 3,
    "Manufacturer": "GE",
    "ManufacturersModelName": "DISCOVERY_MR750",
    "Modality": "MR",
    "PatientPosition": "HFS",
    "PercentPhaseFOV": 100,
    "PhaseEncodingDirection": "j",
    "PhaseEncodingPolarityGE": "Flipped",
    "PixelBandwidth": 7812.5,
    "ProcedureStepDescription": "verbos",
    "ProtocolName": "fMRI_3",
    "ReconMatrixPE": 64,
    "RepetitionTime": 2,
    "SAR": 0.374905,
    "ScanOptions": "EPI_GEMS_ACC_GEMS",
    "ScanningSequence": "EP_GR",
    "SequenceVariant": "SS",
    "SeriesDescription": "fMRI_3",
    "SeriesNumber": 6,
    "SliceThickness": 4,
    "SliceTiming": [
      0,
      1.0285,
      0.0571001,
      1.0857,
      0.1142,
      1.1428,
      0.1714,
      1.2,
      0.2285,
      1.2571,
      0.2857,
      1.3143,
      0.3428,
      1.3714,
      0.4,
      1.4286,
      0.4571,
      1.4857,
      0.5142,
      1.5428,
      0.5714,
      1.6,
      0.6285,
      1.6571,
      0.6857,
      1.7143,
      0.7428,
      1.7714,
      0.8,
      1.8285,
      0.8571,
      1.8857,
      0.9143,
      1.9428,
      0.9714
    ],
    "SoftwareVersions": "24_LX_MR_Software_release:DV24.0_R02_1607.b",
    "SpacingBetweenSlices": 4,
    "StationName": "GEHCGEHC",
    "TaskName": "verbs",
    "TotalReadoutTime": 0.023436,
    "dataset": "ds003481",
    "modality": "bold",
    "run_id": 3,
    "subject_id": "134",
    "task_id": "verbs"
  },
  "dummy_trs": 0,
  "dvars_nstd": 17.839106251271676,
  "dvars_std": 1.0703336775144512,
  "dvars_vstd": 0.9828322864739885,
  "efc": 0.3455336369720583,
  "fber": 70078.1484375,
  "fd_mean": 0.14550810955401858,
  "fd_num": 28,
  "fd_perc": 16.091954022988507,
  "fwhm_avg": 2.6937916666666664,
  "fwhm_x": 2.644175,
  "fwhm_y": 2.763975,
  "fwhm_z": 2.673225,
  "gcor": 0.0600409,
  "gsr_x": -0.011912031099200249,
  "gsr_y": 0.00048377158236689866,
  "provenance": {
    "md5sum": "4949a22da3f9908962c08f47e3ff09ae",
    "settings": {
      "fd_thres": 0.2,
      "testing": false
    },
    "software": "mriqc",
    "version": "23.0.1",
    "webapi_port": null,
    "webapi_url": "https://mriqc.nimh.nih.gov/api/v1"
  },
  "size_t": 174,
  "size_x": 64,
  "size_y": 64,
  "size_z": 35,
  "snr": 3.455310023635556,
  "spacing_tr": 2.0,
  "spacing_x": 4.0,
  "spacing_y": 4.0,
  "spacing_z": 4.0,
  "summary_bg_k": 75.20276955934489,
  "summary_bg_mad": 8.793364915690804,
  "summary_bg_mean": 27.088790893554688,
  "summary_bg_median": 6.729885101318359,
  "summary_bg_n": 102499.0,
  "summary_bg_p05": 0.25287356972694397,
  "summary_bg_p95": 111.20861816406234,
  "summary_bg_stdv": 75.62853240966797,
  "summary_fg_k": 0.5382424648762041,
  "summary_fg_mad": 424.66753400257267,
  "summary_fg_mean": 1774.650634765625,
  "summary_fg_median": 1702.709716796875,
  "summary_fg_n": 13560.0,
  "summary_fg_p05": 1070.9514709472658,
  "summary_fg_p95": 2700.3495117187495,
  "summary_fg_stdv": 492.7624206542969,
  "tsnr": 66.50159882381558
}