{
  "aor": 0.0026454597701149425,
  "aqi": 0.0022160547183908046,
  "bids_meta": {
    "AcquisitionMatrixPE": 64,
    "AcquisitionNumber": 1,
    "AcquisitionTime": "18:42:17.000000",
    "CoilString": "32Ch_Head",
    "ConversionSoftware": "dcm2niix",
    "ConversionSoftwareVersion": "v1.0.20190902",
    "Dcm2bidsVersion": "2.1.4",
    "DeviceSerialNumber": "000000000000GEHC",
    "EchoTime": 0.04,
    "EffectiveEchoSpacing": 0.000372,
    "FlipAngle": 90,
    "ImageOrientationPatientDICOM": [
      1,
      0,
      0,
      0,
      1,
      0
    ],
    "ImageType": [
      "ORIGINAL",
      "PRIMARY",
      "EPI",
      "NONE"
    ],
    "ImagingFrequency": 127.772,
    "InPlanePhaseEncodingDirectionDICOM": "COL",
    "InstitutionName": "INSTITUTO_DE_NEUROBIOLOGIA",
    "MRAcquisitionType": "2D",
    "MagneticFieldStrength": 3,
    "Manufacturer": "GE",
    "ManufacturersModelName": "DISCOVERY_MR750",
    "Modality": "MR",
    "PatientPosition": "HFS",
    "PercentPhaseFOV": 100,
    "PhaseEncodingDirection": "j",
    "PhaseEncodingPolarityGE": "Flipped",
    "PixelBandwidth": 7812.5,
    "ProcedureStepDescription": "verbos",
    "ProtocolName": "fMRI_6",
    "ReconMatrixPE": 64,
    "RepetitionTime": 2,
    "SAR": 0.374905,
    "ScanOptions": "EPI_GEMS_ACC_GEMS",
    "ScanningSequence": "EP_GR",
    "SequenceVariant": "SS",
    "SeriesDescription": "fMRI_6",
    "SeriesNumber": 9,
    "SliceThickness": 4,
    "SliceTiming": [
      0,
      1.0285,
      0.0571001,
      1.0857,
      0.1142,
      1.1428,
      0.1714,
      1.2,
      0.2285,
      1.2571,
      0.2857,
      1.3143,
      0.3428,
      1.3714,
      0.4,
      1.4286,
      0.4571,
      1.4857,
      0.5142,
      1.5428,
      0.5714,
      1.6,
      0.6285,
      1.6571,
      0.6857,
      1.7143,
      0.7428,
      1.7714,
      0.8,
      1.8285,
      0.8571,
      1.8857,
      0.9143,
      1.9428,
      0.9714
    ],
    "SoftwareVersions": "24_LX_MR_Software_release:DV24.0_R02_1607.b",
    "SpacingBetweenSlices": 4,
    "StationName": "GEHCGEHC",
    "TaskName": "verbs",
    "TotalReadoutTime": 0.023436,
    "dataset": "ds003481",
    "modality": "bold",
    "run_id": 6,
    "subject_id": "134",
    "task_id": "verbs"
  },
  "dummy_trs": 0,
  "dvars_nstd": 16.86853153011561,
  "dvars_std": 1.0655317794219659,
  "dvars_vstd": 0.9789969047398847,
  "efc": 0.3456552047583834,
  "fber": 63747.234375,
  "fd_mean": 0.12230927521524274,
  "fd_num": 22,
  "fd_perc": 12.64367816091954,
  "fwhm_avg": 2.7024666666666666,
  "fwhm_x": 2.65875,
  "fwhm_y": 2.787275,
  "fwhm_z": 2.661375,
  "gcor": 0.0462725,
  "gsr_x": -0.012514784932136536,
  "gsr_y": 0.0017487035365775228,
  "provenance": {
    "md5sum": "1821e997b2eefa2def7e21d693bd81b6",
    "settings": {
      "fd_thres": 0.2,
      "testing": false
    },
    "software": "mriqc",
    "version": "23.0.1",
    "webapi_port": null,
    "webapi_url": "https://mriqc.nimh.nih.gov/api/v1"
  },
  "size_t": 174,
  "size_x": 64,
  "size_y": 64,
  "size_z": 35,
  "snr": 3.379717442319037,
  "spacing_tr": 2.0,
  "spacing_x": 4.0,
  "spacing_y": 4.0,
  "spacing_z": 4.0,
  "summary_bg_k": 76.29549982013084,
  "summary_bg_mad": 8.904134297847943,
  "summary_bg_mean": 26.99405860900879,
  "summary_bg_median": 6.890804767608643,
  "summary_bg_n": 102432.0,
  "summary_bg_p05": 0.2816092073917389,
  "summary_bg_p95": 111.24712371826172,
  "summary_bg_stdv": 73.06501007080078,
  "summary_fg_k": 0.5664352603428466,
  "summary_fg_mad": 430.63622050955576,
  "summary_fg_mean": 1753.070556640625,
  "summary_fg_median": 1679.787353515625,
  "summary_fg_n": 13545.0,
  "summary_fg_p05": 1041.0,
  "summary_fg_p95": 2686.0448730468743,
  "summary_fg_stdv": 497.001708984375,
  "tsnr": 73.78514290496241
}