{
  "aor": 0.002325459770114942,
  "aqi": 0.001750423195402299,
  "bids_meta": {
    "AcquisitionMatrixPE": 64,
    "AcquisitionNumber": 1,
    "AcquisitionTime": "18:35:9.000000",
    "CoilString": "32Ch_Head",
    "ConversionSoftware": "dcm2niix",
    "ConversionSoftwareVersion": "v1.0.20190902",
    "Dcm2bidsVersion": "2.1.4",
    "DeviceSerialNumber": "000000000000GEHC",
    "EchoTime": 0.04,
    "EffectiveEchoSpacing": 0.000372,
    "FlipAngle": 90,
    "ImageOrientationPatientDICOM": [
      1,
      0,
      0,
      0,
      1,
      0
    ],
    "ImageType": [
      "ORIGINAL",
      "PRIMARY",
      "EPI",
      "NONE"
    ],
    "ImagingFrequency": 127.772,
    "InPlanePhaseEncodingDirectionDICOM": "COL",
    "InstitutionName": "INSTITUTO_DE_NEUROBIOLOGIA",
    "MRAcquisitionType": "2D",
    "MagneticFieldStrength": 3,
    "Manufacturer": "GE",
    "ManufacturersModelName": "DISCOVERY_MR750",
    "Modality": "MR",
    "PatientPosition": "HFS",
    "PercentPhaseFOV": 100,
    "PhaseEncodingDirection": "j",
    "PhaseEncodingPolarityGE": "Flipped",
    "PixelBandwidth": 7812.5,
    "ProcedureStepDescription": "verbos",
    "ProtocolName": "fMRI_5",
    "ReconMatrixPE": 64,
    "RepetitionTime": 2,
    "SAR": 0.374905,
    "ScanOptions": "EPI_GEMS_ACC_GEMS",
    "ScanningSequence": "EP_GR",
    "SequenceVariant": "SS",
    "SeriesDescription": "fMRI_5",
    "SeriesNumber": 8,
    "SliceThickness": 4,
    "SliceTiming": [
      0,
      1.0285,
      0.0571001,
      1.0857,
      0.1142,
      1.1428,
      0.1714,
      1.2,
      0.2285,
      1.2571,
      0.2857,
      1.3143,
      0.3428,
      1.3714,
      0.4,
      1.4286,
      0.4571,
      1.4857,
      0.5142,
      1.5428,
      0.5714,
      1.6,
      0.6285,
      1.6571,
      0.6857,
      1.7143,
      0.7428,
      1.7714,
      0.8,
      1.8285,
      0.8571,
      1.8857,
      0.9143,
      1.9428,
      0.9714
    ],
    "SoftwareVersions": "24_LX_MR_Software_release:DV24.0_R02_1607.b",
    "SpacingBetweenSlices": 4,
    "StationName": "GEHCGEHC",
    "TaskName": "verbs",
    "TotalReadoutTime": 0.023436,
    "dataset": "ds003481",
    "modality": "bold",
    "run_id": 5,
    "subject_id": "134",
    "task_id": "verbs"
  },
  "dummy_trs": 0,
  "dvars_nstd": 17.068553682023108,
  "dvars_std": 1.1203735210982666,
  "dvars_vstd": 0.999872346589596,
  "efc": 0.3456447233722942,
  "fber": 68489.828125,
  "fd_mean": 0.12072792984037907,
  "fd_num": 14,
  "fd_perc": 8.045977011494253,
  "fwhm_avg": 2.7003,
  "fwhm_x": 2.6558,
  "fwhm_y": 2.778175,
  "fwhm_z": 2.666925,
  "gcor": 0.0540291,
  "gsr_x": -0.012196009978652,
  "gsr_y": 0.000611286552157253,
  "provenance": {
    "md5sum": "20e5adf2a542dc39c757d4cd8dd1da58",
    "settings": {
      "fd_thres": 0.2,
      "testing": false
    },
    "software": "mriqc",
    "version": "23.0.1",
    "webapi_port": null,
    "webapi_url": "https://mriqc.nimh.nih.gov/api/v1"
  },
  "size_t": 174,
  "size_x": 64,
  "size_y": 64,
  "size_z": 35,
  "snr": 3.4241790430227517,
  "spacing_tr": 2.0,
  "spacing_x": 4.0,
  "spacing_y": 4.0,
  "spacing_z": 4.0,
  "summary_bg_k": 70.90041977116707,
  "summary_bg_mad": 8.725198876945704,
  "summary_bg_mean": 26.600860595703125,
  "summary_bg_median": 6.7068963050842285,
  "summary_bg_n": 102369.0,
  "summary_bg_p05": 0.2586206793785095,
  "summary_bg_p95": 110.64597930908182,
  "summary_bg_stdv": 72.29136657714844,
  "summary_fg_k": 0.6205363678029383,
  "summary_fg_mad": 429.31559692698306,
  "summary_fg_mean": 1758.7379150390625,
  "summary_fg_median": 1687.82763671875,
  "summary_fg_n": 13536.0,
  "summary_fg_p05": 1058.8807678222656,
  "summary_fg_p95": 2687.9683227539062,
  "summary_fg_stdv": 492.8963317871094,
  "tsnr": 78.84801033791155
}