{
  "bids_meta": {
    "AcquisitionMatrixPE": 256,
    "AcquisitionNumber": 1,
    "AcquisitionTime": "19:28:54.000000",
    "CoilString": "32Ch_Head",
    "ConversionSoftware": "dcm2niix",
    "ConversionSoftwareVersion": "v1.0.20190902",
    "Dcm2bidsVersion": "2.1.4",
    "DeviceSerialNumber": "000000000000GEHC",
    "EchoTime": 0.00318,
    "FlipAngle": 12,
    "ImageOrientationPatientDICOM": [
      0,
      1,
      0,
      0,
      0,
      -1
    ],
    "ImageType": [
      "ORIGINAL",
      "PRIMARY",
      "OTHER"
    ],
    "ImagingFrequency": 127.772,
    "InPlanePhaseEncodingDirectionDICOM": "ROW",
    "InstitutionName": "INSTITUTO_DE_NEUROBIOLOGIA",
    "InversionTime": 0.45,
    "MRAcquisitionType": "3D",
    "MagneticFieldStrength": 3,
    "Manufacturer": "GE",
    "ManufacturersModelName": "DISCOVERY_MR750",
    "Modality": "MR",
    "PatientPosition": "HFS",
    "PercentPhaseFOV": 100,
    "PixelBandwidth": 244.141,
    "ProcedureStepDescription": "verbos",
    "ProtocolName": "Sag_T1_FSPGR_BRAVO",
    "ReconMatrixPE": 256,
    "RepetitionTime": 0.008156,
    "SAR": 0.233023,
    "ScanOptions": "FAST_GEMS_EDR_GEMS_FILTERED_GEMS_ACC_GEMS",
    "ScanningSequence": "GR",
    "SequenceVariant": "SS_SP_SK",
    "SeriesDescription": "Sag_T1_FSPGR_BRAVO",
    "SeriesNumber": 15,
    "SliceThickness": 1,
    "SoftwareVersions": "24_LX_MR_Software_release:DV24.0_R02_1607.b",
    "SpacingBetweenSlices": 1,
    "StationName": "GEHCGEHC",
    "dataset": "ds003481",
    "modality": "T1w",
    "subject_id": "143"
  },
  "cjv": 0.43728736914046096,
  "cnr": 3.074086475874488,
  "efc": 0.5746751353949362,
  "fber": -1.0,
  "fwhm_avg": 4.003889999999999,
  "fwhm_x": 3.89528,
  "fwhm_y": 4.2118,
  "fwhm_z": 3.90459,
  "icvs_csf": 0.21198408489216558,
  "icvs_gm": 0.4168948305190684,
  "icvs_wm": 0.371121084588766,
  "inu_med": 0.862182080745697,
  "inu_range": 0.6791432023048399,
  "provenance": {
    "md5sum": "cdcef520f368af15cd30951825f660d9",
    "settings": {
      "testing": false
    },
    "software": "mriqc",
    "version": "23.0.1",
    "warnings": {
      "large_rot_frame": true,
      "small_air_mask": false
    },
    "webapi_port": null,
    "webapi_url": "https://mriqc.nimh.nih.gov/api/v1"
  },
  "qi_1": 7.437825094938524e-06,
  "qi_2": 0.002553151472777591,
  "rpve_csf": 23.049146812620734,
  "rpve_gm": 11.804950851089924,
  "rpve_wm": 15.100398361134108,
  "size_x": 176,
  "size_y": 256,
  "size_z": 256,
  "snr_csf": 2.6967922586816635,
  "snr_gm": 11.23660947993118,
  "snr_total": 10.150233640124666,
  "snr_wm": 16.51729918176115,
  "snrd_csf": 10.63994382777385,
  "snrd_gm": 27.416131514925993,
  "snrd_total": 25.321475432064148,
  "snrd_wm": 37.908350953492594,
  "spacing_x": 1.0,
  "spacing_y": 1.0,
  "spacing_z": 1.0,
  "summary_bg_k": 12.619823334996234,
  "summary_bg_mad": 0.0,
  "summary_bg_mean": 10.282260797678935,
  "summary_bg_median": 0.0,
  "summary_bg_n": 2493853.0,
  "summary_bg_p05": 0.0,
  "summary_bg_p95": 46.814888782799244,
  "summary_bg_stdv": 17.282976312179386,
  "summary_csf_k": 1.993450476143721,
  "summary_csf_mad": 87.4079748162177,
  "summary_csf_mean": 291.00073884867714,
  "summary_csf_median": 280.6894825845957,
  "summary_csf_n": 37831.0,
  "summary_csf_p05": 135.54833859950304,
  "summary_csf_p95": 482.06345188990235,
  "summary_csf_stdv": 104.08134771043275,
  "summary_gm_k": 0.027792142772565143,
  "summary_gm_mad": 64.00041545865432,
  "summary_gm_mean": 723.4979044323742,
  "summary_gm_median": 723.2575560510159,
  "summary_gm_n": 25783.0,
  "summary_gm_p05": 617.1421427257359,
  "summary_gm_p95": 830.1773660778999,
  "summary_gm_stdv": 64.36492532249984,
  "summary_wm_k": 1.0791025525473543,
  "summary_wm_mad": 57.0374072953285,
  "summary_wm_mean": 1004.6891030987935,
  "summary_wm_median": 1000.0499614477158,
  "summary_wm_n": 215226.0,
  "summary_wm_p05": 914.9138136506081,
  "summary_wm_p95": 1109.567822933197,
  "summary_wm_stdv": 60.545469763835946,
  "tpm_overlap_csf": 0.17757987104460235,
  "tpm_overlap_gm": 0.4678393139906295,
  "tpm_overlap_wm": 0.5143212488070702,
  "wm2max": 0.42529473136297175
}