{
  "aor": 0.0017833884297520659,
  "aqi": 0.001876559033057851,
  "bids_meta": {
    "AcquisitionMatrixPE": 64,
    "AcquisitionNumber": 1,
    "AcquisitionTime": "18:46:9.000000",
    "BodyPartExamined": "HEAD",
    "CoilString": "32Ch_Head",
    "ConversionSoftware": "dcm2niix",
    "ConversionSoftwareVersion": "v1.0.20181125  (JP2:OpenJPEG) GCC7.3.0",
    "DeviceSerialNumber": "0002806034DVR750",
    "EchoTime": 0.04,
    "EffectiveEchoSpacing": 0.000372,
    "FlipAngle": 90,
    "ImageOrientationPatientDICOM": [
      1,
      0,
      0,
      0,
      1,
      0
    ],
    "ImageType": [
      "ORIGINAL",
      "PRIMARY",
      "EPI",
      "NONE"
    ],
    "ImagingFrequency": 127.772,
    "InPlanePhaseEncodingDirectionDICOM": "COL",
    "InstitutionName": "INSTITUTO_DE_NEUROBIOLOGIA",
    "MRAcquisitionType": "2D",
    "MagneticFieldStrength": 3,
    "Manufacturer": "GE",
    "ManufacturersModelName": "DISCOVERY_MR750",
    "Modality": "MR",
    "PatientPosition": "HFS",
    "PercentPhaseFOV": 100,
    "PhaseEncodingDirection": "j",
    "PhaseEncodingPolarityGE": "Flipped",
    "PixelBandwidth": 7812.5,
    "ProcedureStepDescription": "Emociones_AH",
    "ProtocolName": "fMRI_Jalil_1",
    "ReconMatrixPE": 64,
    "RepetitionTime": 2,
    "SAR": 0.164788,
    "ScanOptions": "EPI_GEMS_ACC_GEMS",
    "ScanningSequence": "EP_GR",
    "SequenceVariant": "SS",
    "SeriesDescription": "fMRI_Jalil_1",
    "SeriesNumber": 6,
    "SliceThickness": 4,
    "SliceTiming": [
      0,
      1.0285,
      0.0571001,
      1.0857,
      0.1142,
      1.1428,
      0.1714,
      1.2,
      0.2285,
      1.2571,
      0.2857,
      1.3143,
      0.3428,
      1.3714,
      0.4,
      1.4286,
      0.4571,
      1.4857,
      0.5142,
      1.5428,
      0.5714,
      1.6,
      0.6285,
      1.6571,
      0.6857,
      1.7143,
      0.7428,
      1.7714,
      0.8,
      1.8285,
      0.8571,
      1.8857,
      0.9143,
      1.9428,
      0.9714
    ],
    "SoftwareVersions": "27_LX_MR_Software_release:DV26.0_R02_1810.b",
    "SpacingBetweenSlices": 4,
    "StationName": "GEHCGEHC",
    "TaskName": "sae",
    "TotalReadoutTime": 0.023436,
    "dataset": "ds003481",
    "modality": "bold",
    "run_id": 1,
    "subject_id": "033",
    "task_id": "sae"
  },
  "dummy_trs": 0,
  "dvars_nstd": 12.902951034356846,
  "dvars_std": 1.057053022738589,
  "dvars_vstd": 0.9916418734024904,
  "efc": 0.3377028196401535,
  "fber": 59527.83203125,
  "fd_mean": 0.10346801103300741,
  "fd_num": 20,
  "fd_perc": 8.264462809917354,
  "fwhm_avg": 2.6499666666666664,
  "fwhm_x": 2.574225,
  "fwhm_y": 2.725675,
  "fwhm_z": 2.65,
  "gcor": 0.07674,
  "gsr_x": -0.010420523583889008,
  "gsr_y": 0.000891155272256583,
  "provenance": {
    "md5sum": "5011b55cfd1f8d6fb16711aa4b53c2e5",
    "settings": {
      "fd_thres": 0.2,
      "testing": false
    },
    "software": "mriqc",
    "version": "23.0.1",
    "webapi_port": null,
    "webapi_url": "https://mriqc.nimh.nih.gov/api/v1"
  },
  "size_t": 242,
  "size_x": 64,
  "size_y": 64,
  "size_z": 35,
  "snr": 3.6823187513301354,
  "spacing_tr": 2.0,
  "spacing_x": 4.0,
  "spacing_y": 4.0,
  "spacing_z": 4.0,
  "summary_bg_k": 149.89942883064995,
  "summary_bg_mad": 10.653905914435985,
  "summary_bg_mean": 31.221637725830078,
  "summary_bg_median": 8.090909004211426,
  "summary_bg_n": 104012.0,
  "summary_bg_p05": 0.26446279883384705,
  "summary_bg_p95": 140.594213104248,
  "summary_bg_stdv": 83.41587829589844,
  "summary_fg_k": 0.5893844338170422,
  "summary_fg_mad": 447.0107222577873,
  "summary_fg_mean": 1978.8765869140625,
  "summary_fg_median": 1896.93798828125,
  "summary_fg_n": 12571.0,
  "summary_fg_p05": 1258.7561645507812,
  "summary_fg_p95": 2964.1982421875,
  "summary_fg_stdv": 515.127197265625,
  "tsnr": 82.44386448268779
}