{
  "aor": 0.0010311023622047244,
  "aqi": 0.001803918468503937,
  "bids_meta": {
    "AcquisitionMatrixPE": 64,
    "AcquisitionNumber": 1,
    "AcquisitionTime": "19:03:30.000000",
    "BodyPartExamined": "HEAD",
    "CoilString": "32Ch_Head",
    "ConversionSoftware": "dcm2niix",
    "ConversionSoftwareVersion": "v1.0.20181125  (JP2:OpenJPEG) GCC7.3.0",
    "DeviceSerialNumber": "0002806034DVR750",
    "EchoTime": 0.04,
    "EffectiveEchoSpacing": 0.000372,
    "FlipAngle": 90,
    "ImageOrientationPatientDICOM": [
      1,
      0,
      0,
      0,
      1,
      0
    ],
    "ImageType": [
      "ORIGINAL",
      "PRIMARY",
      "EPI",
      "NONE"
    ],
    "ImagingFrequency": 127.772,
    "InPlanePhaseEncodingDirectionDICOM": "COL",
    "InstitutionName": "INSTITUTO_DE_NEUROBIOLOGIA",
    "MRAcquisitionType": "2D",
    "MagneticFieldStrength": 3,
    "Manufacturer": "GE",
    "ManufacturersModelName": "DISCOVERY_MR750",
    "Modality": "MR",
    "PatientPosition": "HFS",
    "PercentPhaseFOV": 100,
    "PhaseEncodingDirection": "j",
    "PhaseEncodingPolarityGE": "Flipped",
    "PixelBandwidth": 7812.5,
    "ProcedureStepDescription": "Emociones_AH",
    "ProtocolName": "fMRI_Jalil_3",
    "ReconMatrixPE": 64,
    "RepetitionTime": 2,
    "SAR": 0.164788,
    "ScanOptions": "EPI_GEMS_ACC_GEMS",
    "ScanningSequence": "EP_GR",
    "SequenceVariant": "SS",
    "SeriesDescription": "fMRI_Jalil_3",
    "SeriesNumber": 8,
    "SliceThickness": 4,
    "SliceTiming": [
      0,
      1.0285,
      0.0571001,
      1.0857,
      0.1142,
      1.1428,
      0.1714,
      1.2,
      0.2285,
      1.2571,
      0.2857,
      1.3143,
      0.3428,
      1.3714,
      0.4,
      1.4286,
      0.4571,
      1.4857,
      0.5142,
      1.5428,
      0.5714,
      1.6,
      0.6285,
      1.6571,
      0.6857,
      1.7143,
      0.7428,
      1.7714,
      0.8,
      1.8285,
      0.8571,
      1.8857,
      0.9143,
      1.9428,
      0.9714
    ],
    "SoftwareVersions": "27_LX_MR_Software_release:DV26.0_R02_1810.b",
    "SpacingBetweenSlices": 4,
    "StationName": "GEHCGEHC",
    "TaskName": "sae",
    "TotalReadoutTime": 0.023436,
    "dataset": "ds003481",
    "modality": "bold",
    "run_id": 3,
    "subject_id": "033",
    "task_id": "sae"
  },
  "dummy_trs": 0,
  "dvars_nstd": 13.758603612411068,
  "dvars_std": 1.0423449030039527,
  "dvars_vstd": 0.9705823161264827,
  "efc": 0.33758005708442956,
  "fber": 57568.875,
  "fd_mean": 0.07038823545309403,
  "fd_num": 5,
  "fd_perc": 1.968503937007874,
  "fwhm_avg": 2.567725,
  "fwhm_x": 2.550475,
  "fwhm_y": 2.623575,
  "fwhm_z": 2.529125,
  "gcor": 0.0323759,
  "gsr_x": -0.010521897114813328,
  "gsr_y": 0.0015389169566333294,
  "provenance": {
    "md5sum": "2dca6cc00c0f7e9f1777594a0f81f320",
    "settings": {
      "fd_thres": 0.2,
      "testing": false
    },
    "software": "mriqc",
    "version": "23.0.1",
    "webapi_port": null,
    "webapi_url": "https://mriqc.nimh.nih.gov/api/v1"
  },
  "size_t": 254,
  "size_x": 64,
  "size_y": 64,
  "size_z": 35,
  "snr": 3.668717866170372,
  "spacing_tr": 2.0,
  "spacing_x": 4.0,
  "spacing_y": 4.0,
  "spacing_z": 4.0,
  "summary_bg_k": 126.43510714026945,
  "summary_bg_mad": 10.535814991183743,
  "summary_bg_mean": 30.926361083984375,
  "summary_bg_median": 7.944881916046143,
  "summary_bg_n": 104054.0,
  "summary_bg_p05": 0.27559053897857666,
  "summary_bg_p95": 137.7576766967771,
  "summary_bg_stdv": 82.0736083984375,
  "summary_fg_k": 0.620681919112458,
  "summary_fg_mad": 442.89519803307815,
  "summary_fg_mean": 1903.6416015625,
  "summary_fg_median": 1836.413330078125,
  "summary_fg_n": 12515.0,
  "summary_fg_p05": 1192.1432983398438,
  "summary_fg_p95": 2855.751953125,
  "summary_fg_stdv": 500.53997802734375,
  "tsnr": 87.196960686706
}