{
  "aor": 0.0016674107142857144,
  "aqi": 0.002245240674107143,
  "bids_meta": {
    "AcquisitionMatrixPE": 64,
    "AcquisitionNumber": 1,
    "AcquisitionTime": "18:55:13.000000",
    "BodyPartExamined": "HEAD",
    "CoilString": "32Ch_Head",
    "ConversionSoftware": "dcm2niix",
    "ConversionSoftwareVersion": "v1.0.20181125  (JP2:OpenJPEG) GCC7.3.0",
    "DeviceSerialNumber": "0002806034DVR750",
    "EchoTime": 0.04,
    "EffectiveEchoSpacing": 0.000372,
    "FlipAngle": 90,
    "ImageOrientationPatientDICOM": [
      1,
      0,
      0,
      0,
      1,
      0
    ],
    "ImageType": [
      "ORIGINAL",
      "PRIMARY",
      "EPI",
      "NONE"
    ],
    "ImagingFrequency": 127.772,
    "InPlanePhaseEncodingDirectionDICOM": "COL",
    "InstitutionName": "INSTITUTO_DE_NEUROBIOLOGIA",
    "MRAcquisitionType": "2D",
    "MagneticFieldStrength": 3,
    "Manufacturer": "GE",
    "ManufacturersModelName": "DISCOVERY_MR750",
    "Modality": "MR",
    "PatientPosition": "HFS",
    "PercentPhaseFOV": 100,
    "PhaseEncodingDirection": "j",
    "PhaseEncodingPolarityGE": "Flipped",
    "PixelBandwidth": 7812.5,
    "ProcedureStepDescription": "Emociones_AH",
    "ProtocolName": "fMRI_Jalil_2",
    "ReconMatrixPE": 64,
    "RepetitionTime": 2,
    "SAR": 0.164788,
    "ScanOptions": "EPI_GEMS_ACC_GEMS",
    "ScanningSequence": "EP_GR",
    "SequenceVariant": "SS",
    "SeriesDescription": "fMRI_Jalil_2",
    "SeriesNumber": 7,
    "SliceThickness": 4,
    "SliceTiming": [
      0,
      1.0285,
      0.0571001,
      1.0857,
      0.1142,
      1.1428,
      0.1714,
      1.2,
      0.2285,
      1.2571,
      0.2857,
      1.3143,
      0.3428,
      1.3714,
      0.4,
      1.4286,
      0.4571,
      1.4857,
      0.5142,
      1.5428,
      0.5714,
      1.6,
      0.6285,
      1.6571,
      0.6857,
      1.7143,
      0.7428,
      1.7714,
      0.8,
      1.8285,
      0.8571,
      1.8857,
      0.9143,
      1.9428,
      0.9714
    ],
    "SoftwareVersions": "27_LX_MR_Software_release:DV26.0_R02_1810.b",
    "SpacingBetweenSlices": 4,
    "StationName": "GEHCGEHC",
    "TaskName": "sae",
    "TotalReadoutTime": 0.023436,
    "dataset": "ds003481",
    "modality": "bold",
    "run_id": 2,
    "subject_id": "033",
    "task_id": "sae"
  },
  "dummy_trs": 0,
  "dvars_nstd": 13.744093262017937,
  "dvars_std": 1.0483680860986548,
  "dvars_vstd": 0.9774642830044843,
  "efc": 0.33795363975234577,
  "fber": 59758.12890625,
  "fd_mean": 0.08387067310556492,
  "fd_num": 8,
  "fd_perc": 3.5714285714285716,
  "fwhm_avg": 2.642141666666667,
  "fwhm_x": 2.577325,
  "fwhm_y": 2.7119,
  "fwhm_z": 2.6372,
  "gcor": 0.0403786,
  "gsr_x": -0.010557184927165508,
  "gsr_y": 0.000920498336199671,
  "provenance": {
    "md5sum": "0e86c2d120d3013c78f7f71e2daa6826",
    "settings": {
      "fd_thres": 0.2,
      "testing": false
    },
    "software": "mriqc",
    "version": "23.0.1",
    "webapi_port": null,
    "webapi_url": "https://mriqc.nimh.nih.gov/api/v1"
  },
  "size_t": 224,
  "size_x": 64,
  "size_y": 64,
  "size_z": 35,
  "snr": 3.6505923177528583,
  "spacing_tr": 2.0,
  "spacing_x": 4.0,
  "spacing_y": 4.0,
  "spacing_z": 4.0,
  "summary_bg_k": 152.5925589685896,
  "summary_bg_mad": 10.576778276163369,
  "summary_bg_mean": 30.891176223754883,
  "summary_bg_median": 8.0,
  "summary_bg_n": 103847.0,
  "summary_bg_p05": 0.28125,
  "summary_bg_p95": 138.8781326293944,
  "summary_bg_stdv": 82.81253814697266,
  "summary_fg_k": 0.5695310173374799,
  "summary_fg_mad": 451.6773358081006,
  "summary_fg_mean": 1961.3177490234375,
  "summary_fg_median": 1883.3170166015625,
  "summary_fg_n": 12621.0,
  "summary_fg_p05": 1231.7054443359375,
  "summary_fg_p95": 2950.80810546875,
  "summary_fg_stdv": 515.8731079101562,
  "tsnr": 79.71712709439453
}