{
  "aor": 0.0012141333333333334,
  "aqi": 0.00162204164,
  "bids_meta": {
    "AcquisitionMatrixPE": 64,
    "AcquisitionNumber": 1,
    "AcquisitionTime": "19:13:36.000000",
    "BodyPartExamined": "HEAD",
    "CoilString": "32Ch_Head",
    "ConversionSoftware": "dcm2niix",
    "ConversionSoftwareVersion": "v1.0.20181125  (JP2:OpenJPEG) GCC7.3.0",
    "DeviceSerialNumber": "0002806034DVR750",
    "EchoTime": 0.04,
    "EffectiveEchoSpacing": 0.000372,
    "FlipAngle": 90,
    "ImageOrientationPatientDICOM": [
      1,
      0,
      0,
      0,
      1,
      0
    ],
    "ImageType": [
      "ORIGINAL",
      "PRIMARY",
      "EPI",
      "NONE"
    ],
    "ImagingFrequency": 127.772,
    "InPlanePhaseEncodingDirectionDICOM": "COL",
    "InstitutionName": "INSTITUTO_DE_NEUROBIOLOGIA",
    "MRAcquisitionType": "2D",
    "MagneticFieldStrength": 3,
    "Manufacturer": "GE",
    "ManufacturersModelName": "DISCOVERY_MR750",
    "Modality": "MR",
    "PatientPosition": "HFS",
    "PercentPhaseFOV": 100,
    "PhaseEncodingDirection": "j",
    "PhaseEncodingPolarityGE": "Flipped",
    "PixelBandwidth": 7812.5,
    "ProcedureStepDescription": "Emociones_AH",
    "ProtocolName": "fMRI_Jalil_4",
    "ReconMatrixPE": 64,
    "RepetitionTime": 2,
    "SAR": 0.164788,
    "ScanOptions": "EPI_GEMS_ACC_GEMS",
    "ScanningSequence": "EP_GR",
    "SequenceVariant": "SS",
    "SeriesDescription": "fMRI_Jalil_4",
    "SeriesNumber": 9,
    "SliceThickness": 4,
    "SliceTiming": [
      0,
      1.0285,
      0.0571001,
      1.0857,
      0.1142,
      1.1428,
      0.1714,
      1.2,
      0.2285,
      1.2571,
      0.2857,
      1.3143,
      0.3428,
      1.3714,
      0.4,
      1.4286,
      0.4571,
      1.4857,
      0.5142,
      1.5428,
      0.5714,
      1.6,
      0.6285,
      1.6571,
      0.6857,
      1.7143,
      0.7428,
      1.7714,
      0.8,
      1.8285,
      0.8571,
      1.8857,
      0.9143,
      1.9428,
      0.9714
    ],
    "SoftwareVersions": "27_LX_MR_Software_release:DV26.0_R02_1810.b",
    "SpacingBetweenSlices": 4,
    "StationName": "GEHCGEHC",
    "TaskName": "ec",
    "TotalReadoutTime": 0.023436,
    "dataset": "ds003481",
    "modality": "bold",
    "run_id": 4,
    "subject_id": "033",
    "task_id": "ec"
  },
  "dummy_trs": 0,
  "dvars_nstd": 13.934842071543619,
  "dvars_std": 1.0658374095973164,
  "dvars_vstd": 0.9865371948993289,
  "efc": 0.3380554666897412,
  "fber": 58771.91796875,
  "fd_mean": 0.06729241310870854,
  "fd_num": 0,
  "fd_perc": 0.0,
  "fwhm_avg": 2.618316666666667,
  "fwhm_x": 2.5773,
  "fwhm_y": 2.6918,
  "fwhm_z": 2.58585,
  "gcor": 0.0322493,
  "gsr_x": -0.010396999306976795,
  "gsr_y": 0.0021424631122499704,
  "provenance": {
    "md5sum": "6c3dae32255296f5916319dd96213831",
    "settings": {
      "fd_thres": 0.2,
      "testing": false
    },
    "software": "mriqc",
    "version": "23.0.1",
    "webapi_port": null,
    "webapi_url": "https://mriqc.nimh.nih.gov/api/v1"
  },
  "size_t": 150,
  "size_x": 64,
  "size_y": 64,
  "size_z": 35,
  "snr": 3.640563536246521,
  "spacing_tr": 2.0,
  "spacing_x": 4.0,
  "spacing_y": 4.0,
  "spacing_z": 4.0,
  "summary_bg_k": 140.85193638099375,
  "summary_bg_mad": 10.536359792101672,
  "summary_bg_mean": 30.85634422302246,
  "summary_bg_median": 7.946666717529297,
  "summary_bg_n": 103880.0,
  "summary_bg_p05": 0.25966668576002605,
  "summary_bg_p95": 140.06166458129843,
  "summary_bg_stdv": 82.41065216064453,
  "summary_fg_k": 0.5488066283849968,
  "summary_fg_mad": 452.0552256313721,
  "summary_fg_mean": 1923.041259765625,
  "summary_fg_median": 1853.3133544921875,
  "summary_fg_n": 12679.0,
  "summary_fg_p05": 1195.5926635742187,
  "summary_fg_p95": 2891.4488525390625,
  "summary_fg_stdv": 509.0531311035156,
  "tsnr": 94.4048020625487
}