{
  "aor": 0.004650100000000001,
  "aqi": 0.0032119144033333326,
  "bids_meta": {
    "AcquisitionMatrixPE": 64,
    "AcquisitionNumber": 1,
    "AcquisitionTime": "18:33:31.000000",
    "BodyPartExamined": "HEAD",
    "CoilString": "32Ch_Head",
    "ConversionSoftware": "dcm2niix",
    "ConversionSoftwareVersion": "v1.0.20181125  (JP2:OpenJPEG) GCC7.3.0",
    "DeviceSerialNumber": "0002806034DVR750",
    "EchoTime": 0.04,
    "EffectiveEchoSpacing": 0.000372,
    "FlipAngle": 90,
    "ImageOrientationPatientDICOM": [
      1,
      0,
      0,
      0,
      1,
      0
    ],
    "ImageType": [
      "ORIGINAL",
      "PRIMARY",
      "EPI",
      "NONE"
    ],
    "ImagingFrequency": 127.772,
    "InPlanePhaseEncodingDirectionDICOM": "COL",
    "InstitutionName": "INSTITUTO_DE_NEUROBIOLOGIA",
    "MRAcquisitionType": "2D",
    "MagneticFieldStrength": 3,
    "Manufacturer": "GE",
    "ManufacturersModelName": "DISCOVERY_MR750",
    "Modality": "MR",
    "PatientPosition": "HFS",
    "PercentPhaseFOV": 100,
    "PhaseEncodingDirection": "j",
    "PhaseEncodingPolarityGE": "Flipped",
    "PixelBandwidth": 7812.5,
    "ProcedureStepDescription": "Emociones_AH",
    "ProtocolName": "fMRI_RestState",
    "ReconMatrixPE": 64,
    "RepetitionTime": 2,
    "SAR": 0.16543,
    "ScanOptions": "EPI_GEMS_ACC_GEMS",
    "ScanningSequence": "EP_GR",
    "SequenceVariant": "SS",
    "SeriesDescription": "fMRI_RestState",
    "SeriesNumber": 4,
    "SliceThickness": 4,
    "SliceTiming": [
      0,
      1.0285,
      0.0571001,
      1.0857,
      0.1142,
      1.1428,
      0.1714,
      1.2,
      0.2285,
      1.2571,
      0.2857,
      1.3143,
      0.3428,
      1.3714,
      0.4,
      1.4286,
      0.4571,
      1.4857,
      0.5142,
      1.5428,
      0.5714,
      1.6,
      0.6285,
      1.6571,
      0.6857,
      1.7143,
      0.7428,
      1.7714,
      0.8,
      1.8285,
      0.8571,
      1.8857,
      0.9143,
      1.9428,
      0.9714
    ],
    "SoftwareVersions": "27_LX_MR_Software_release:DV26.0_R02_1810.b",
    "SpacingBetweenSlices": 4,
    "StationName": "GEHCGEHC",
    "TaskName": "rest",
    "TotalReadoutTime": 0.023436,
    "dataset": "ds003481",
    "modality": "bold",
    "subject_id": "033",
    "task_id": "rest"
  },
  "dummy_trs": 0,
  "dvars_nstd": 12.661450538862876,
  "dvars_std": 1.0400773863210704,
  "dvars_vstd": 0.9605666959197333,
  "efc": 0.33720642010881346,
  "fber": 63785.53125,
  "fd_mean": 0.06802180648540072,
  "fd_num": 0,
  "fd_perc": 0.0,
  "fwhm_avg": 2.64615,
  "fwhm_x": 2.595425,
  "fwhm_y": 2.7137,
  "fwhm_z": 2.629325,
  "gcor": 0.0234337,
  "gsr_x": -0.010816189460456371,
  "gsr_y": 0.004916336387395859,
  "provenance": {
    "md5sum": "836968cc52e76cd66a5aa9d709eafc39",
    "settings": {
      "fd_thres": 0.2,
      "testing": false
    },
    "software": "mriqc",
    "version": "23.0.1",
    "webapi_port": null,
    "webapi_url": "https://mriqc.nimh.nih.gov/api/v1"
  },
  "size_t": 300,
  "size_x": 64,
  "size_y": 64,
  "size_z": 35,
  "snr": 3.7449151117522392,
  "spacing_tr": 2.0,
  "spacing_x": 4.0,
  "spacing_y": 4.0,
  "spacing_z": 4.0,
  "summary_bg_k": 243.1483316660628,
  "summary_bg_mad": 10.31149889099775,
  "summary_bg_mean": 31.537826538085938,
  "summary_bg_median": 7.890000343322754,
  "summary_bg_n": 103940.0,
  "summary_bg_p05": 0.3333333432674408,
  "summary_bg_p95": 137.72350921630854,
  "summary_bg_stdv": 93.05907440185547,
  "summary_fg_k": 0.3671445661005315,
  "summary_fg_mad": 450.2464943604071,
  "summary_fg_mean": 1993.479248046875,
  "summary_fg_median": 1915.860107421875,
  "summary_fg_n": 12600.0,
  "summary_fg_p05": 1267.113330078125,
  "summary_fg_p95": 2964.801525878906,
  "summary_fg_stdv": 511.5694274902344,
  "tsnr": 77.50537448283285
}