{
  "aor": 0.001795574712643678,
  "aqi": 0.0014467044885057472,
  "bids_meta": {
    "AcquisitionMatrixPE": 64,
    "AcquisitionNumber": 1,
    "AcquisitionTime": "20:57:25.000000",
    "CoilString": "32Ch_Head",
    "ConversionSoftware": "dcm2niix",
    "ConversionSoftwareVersion": "v1.0.20190902",
    "Dcm2bidsVersion": "2.1.4",
    "DeviceSerialNumber": "000000000000GEHC",
    "EchoTime": 0.04,
    "EffectiveEchoSpacing": 0.000372,
    "FlipAngle": 90,
    "ImageOrientationPatientDICOM": [
      1,
      0,
      0,
      0,
      1,
      0
    ],
    "ImageType": [
      "ORIGINAL",
      "PRIMARY",
      "EPI",
      "NONE"
    ],
    "ImagingFrequency": 127.772,
    "InPlanePhaseEncodingDirectionDICOM": "ROW",
    "InstitutionName": "INSTITUTO_DE_NEUROBIOLOGIA",
    "MRAcquisitionType": "2D",
    "MagneticFieldStrength": 3,
    "Manufacturer": "GE",
    "ManufacturersModelName": "DISCOVERY_MR750",
    "Modality": "MR",
    "PatientPosition": "HFS",
    "PercentPhaseFOV": 100,
    "PhaseEncodingDirection": "i-",
    "PhaseEncodingPolarityGE": "Flipped",
    "PixelBandwidth": 7812.5,
    "ProcedureStepDescription": "verbos",
    "ProtocolName": "fMRI_6",
    "ReconMatrixPE": 64,
    "RepetitionTime": 2,
    "SAR": 0.364805,
    "ScanOptions": "EPI_GEMS_ACC_GEMS",
    "ScanningSequence": "EP_GR",
    "SequenceVariant": "SS",
    "SeriesDescription": "fMRI_6",
    "SeriesNumber": 9,
    "SliceThickness": 4,
    "SliceTiming": [
      0,
      1.0285,
      0.0571001,
      1.0857,
      0.1142,
      1.1428,
      0.1714,
      1.2,
      0.2285,
      1.2571,
      0.2857,
      1.3143,
      0.3428,
      1.3714,
      0.4,
      1.4286,
      0.4571,
      1.4857,
      0.5142,
      1.5428,
      0.5714,
      1.6,
      0.6285,
      1.6571,
      0.6857,
      1.7143,
      0.7428,
      1.7714,
      0.8,
      1.8285,
      0.8571,
      1.8857,
      0.9143,
      1.9428,
      0.9714
    ],
    "SoftwareVersions": "24_LX_MR_Software_release:DV24.0_R02_1607.b",
    "SpacingBetweenSlices": 4,
    "StationName": "GEHCGEHC",
    "TaskName": "verbs",
    "TotalReadoutTime": 0.023436,
    "dataset": "ds003481",
    "modality": "bold",
    "run_id": 6,
    "subject_id": "125",
    "task_id": "verbs"
  },
  "dummy_trs": 0,
  "dvars_nstd": 12.711459975549134,
  "dvars_std": 1.0661545404046244,
  "dvars_vstd": 0.9959120612716768,
  "efc": 0.34977914141519656,
  "fber": 46160.33984375,
  "fd_mean": 0.04560641984043704,
  "fd_num": 2,
  "fd_perc": 1.1494252873563218,
  "fwhm_avg": 2.752383333333333,
  "fwhm_x": 2.724825,
  "fwhm_y": 2.82905,
  "fwhm_z": 2.703275,
  "gcor": 0.0442767,
  "gsr_x": -0.0011578742414712906,
  "gsr_y": -0.003772796131670475,
  "provenance": {
    "md5sum": "12df88a3a44598704c593fe4e1aace89",
    "settings": {
      "fd_thres": 0.2,
      "testing": false
    },
    "software": "mriqc",
    "version": "23.0.1",
    "webapi_port": null,
    "webapi_url": "https://mriqc.nimh.nih.gov/api/v1"
  },
  "size_t": 174,
  "size_x": 64,
  "size_y": 64,
  "size_z": 35,
  "snr": 3.3496826310361407,
  "spacing_tr": 2.0,
  "spacing_x": 4.0,
  "spacing_y": 4.0,
  "spacing_z": 4.0,
  "summary_bg_k": 73.59260930418226,
  "summary_bg_mad": 11.90342153330675,
  "summary_bg_mean": 31.516643524169922,
  "summary_bg_median": 8.804597854614258,
  "summary_bg_n": 102063.0,
  "summary_bg_p05": 0.2586206793785095,
  "summary_bg_p95": 123.10689315795885,
  "summary_bg_stdv": 80.20950317382812,
  "summary_fg_k": 0.8836461387210748,
  "summary_fg_mad": 428.7276778221472,
  "summary_fg_mean": 1901.429443359375,
  "summary_fg_median": 1795.3189697265625,
  "summary_fg_n": 13744.0,
  "summary_fg_p05": 1187.4611755371095,
  "summary_fg_p95": 2965.309558105468,
  "summary_fg_stdv": 535.9473876953125,
  "tsnr": 95.90307909832336
}