{
  "aor": 0.00276948275862069,
  "aqi": 0.001590006011494253,
  "bids_meta": {
    "AcquisitionMatrixPE": 64,
    "AcquisitionNumber": 1,
    "AcquisitionTime": "21:11:20.000000",
    "CoilString": "32Ch_Head",
    "ConversionSoftware": "dcm2niix",
    "ConversionSoftwareVersion": "v1.0.20190902",
    "Dcm2bidsVersion": "2.1.4",
    "DeviceSerialNumber": "000000000000GEHC",
    "EchoTime": 0.04,
    "EffectiveEchoSpacing": 0.000372,
    "FlipAngle": 90,
    "ImageOrientationPatientDICOM": [
      1,
      0,
      0,
      0,
      1,
      0
    ],
    "ImageType": [
      "ORIGINAL",
      "PRIMARY",
      "EPI",
      "NONE"
    ],
    "ImagingFrequency": 127.772,
    "InPlanePhaseEncodingDirectionDICOM": "ROW",
    "InstitutionName": "INSTITUTO_DE_NEUROBIOLOGIA",
    "MRAcquisitionType": "2D",
    "MagneticFieldStrength": 3,
    "Manufacturer": "GE",
    "ManufacturersModelName": "DISCOVERY_MR750",
    "Modality": "MR",
    "PatientPosition": "HFS",
    "PercentPhaseFOV": 100,
    "PhaseEncodingDirection": "i-",
    "PhaseEncodingPolarityGE": "Flipped",
    "PixelBandwidth": 7812.5,
    "ProcedureStepDescription": "verbos",
    "ProtocolName": "fMRI_8",
    "ReconMatrixPE": 64,
    "RepetitionTime": 2,
    "SAR": 0.364805,
    "ScanOptions": "EPI_GEMS_ACC_GEMS",
    "ScanningSequence": "EP_GR",
    "SequenceVariant": "SS",
    "SeriesDescription": "fMRI_8",
    "SeriesNumber": 11,
    "SliceThickness": 4,
    "SliceTiming": [
      0,
      1.0285,
      0.0571001,
      1.0857,
      0.1142,
      1.1428,
      0.1714,
      1.2,
      0.2285,
      1.2571,
      0.2857,
      1.3143,
      0.3428,
      1.3714,
      0.4,
      1.4286,
      0.4571,
      1.4857,
      0.5142,
      1.5428,
      0.5714,
      1.6,
      0.6285,
      1.6571,
      0.6857,
      1.7143,
      0.7428,
      1.7714,
      0.8,
      1.8285,
      0.8571,
      1.8857,
      0.9143,
      1.9428,
      0.9714
    ],
    "SoftwareVersions": "24_LX_MR_Software_release:DV24.0_R02_1607.b",
    "SpacingBetweenSlices": 4,
    "StationName": "GEHCGEHC",
    "TaskName": "verbs",
    "TotalReadoutTime": 0.023436,
    "dataset": "ds003481",
    "modality": "bold",
    "run_id": 8,
    "subject_id": "125",
    "task_id": "verbs"
  },
  "dummy_trs": 0,
  "dvars_nstd": 13.160540591965322,
  "dvars_std": 1.1039268100578035,
  "dvars_vstd": 1.0114981384971098,
  "efc": 0.35020355609026055,
  "fber": 40970.1015625,
  "fd_mean": 0.053751733738913864,
  "fd_num": 5,
  "fd_perc": 2.8735632183908044,
  "fwhm_avg": 2.7289583333333334,
  "fwhm_x": 2.70095,
  "fwhm_y": 2.7846,
  "fwhm_z": 2.701325,
  "gcor": 0.0311775,
  "gsr_x": -0.0007071758154779673,
  "gsr_y": -0.003965767100453377,
  "provenance": {
    "md5sum": "cd0bf48c52fe747a5ba0400d0fc7941d",
    "settings": {
      "fd_thres": 0.2,
      "testing": false
    },
    "software": "mriqc",
    "version": "23.0.1",
    "webapi_port": null,
    "webapi_url": "https://mriqc.nimh.nih.gov/api/v1"
  },
  "size_t": 174,
  "size_x": 64,
  "size_y": 64,
  "size_z": 35,
  "snr": 3.341555772621163,
  "spacing_tr": 2.0,
  "spacing_x": 4.0,
  "spacing_y": 4.0,
  "spacing_z": 4.0,
  "summary_bg_k": 74.21521109325543,
  "summary_bg_mad": 12.21016698444511,
  "summary_bg_mean": 31.83057403564453,
  "summary_bg_median": 9.051724433898926,
  "summary_bg_n": 102079.0,
  "summary_bg_p05": 0.2586206793785095,
  "summary_bg_p95": 125.06034545898413,
  "summary_bg_stdv": 81.32231903076172,
  "summary_fg_k": 0.8110831281846846,
  "summary_fg_mad": 427.61997922859695,
  "summary_fg_mean": 1872.674072265625,
  "summary_fg_median": 1772.459716796875,
  "summary_fg_n": 13763.0,
  "summary_fg_p05": 1148.9809814453124,
  "summary_fg_p95": 2909.461499023437,
  "summary_fg_stdv": 530.4102172851562,
  "tsnr": 90.6601920267567
}