{
  "aor": 0.0035587931034482758,
  "aqi": 0.0016886105689655172,
  "bids_meta": {
    "AcquisitionMatrixPE": 64,
    "AcquisitionNumber": 1,
    "AcquisitionTime": "21:04:26.000000",
    "CoilString": "32Ch_Head",
    "ConversionSoftware": "dcm2niix",
    "ConversionSoftwareVersion": "v1.0.20190902",
    "Dcm2bidsVersion": "2.1.4",
    "DeviceSerialNumber": "000000000000GEHC",
    "EchoTime": 0.04,
    "EffectiveEchoSpacing": 0.000372,
    "FlipAngle": 90,
    "ImageOrientationPatientDICOM": [
      1,
      0,
      0,
      0,
      1,
      0
    ],
    "ImageType": [
      "ORIGINAL",
      "PRIMARY",
      "EPI",
      "NONE"
    ],
    "ImagingFrequency": 127.772,
    "InPlanePhaseEncodingDirectionDICOM": "ROW",
    "InstitutionName": "INSTITUTO_DE_NEUROBIOLOGIA",
    "MRAcquisitionType": "2D",
    "MagneticFieldStrength": 3,
    "Manufacturer": "GE",
    "ManufacturersModelName": "DISCOVERY_MR750",
    "Modality": "MR",
    "PatientPosition": "HFS",
    "PercentPhaseFOV": 100,
    "PhaseEncodingDirection": "i-",
    "PhaseEncodingPolarityGE": "Flipped",
    "PixelBandwidth": 7812.5,
    "ProcedureStepDescription": "verbos",
    "ProtocolName": "fMRI_7",
    "ReconMatrixPE": 64,
    "RepetitionTime": 2,
    "SAR": 0.364805,
    "ScanOptions": "EPI_GEMS_ACC_GEMS",
    "ScanningSequence": "EP_GR",
    "SequenceVariant": "SS",
    "SeriesDescription": "fMRI_7",
    "SeriesNumber": 10,
    "SliceThickness": 4,
    "SliceTiming": [
      0,
      1.0285,
      0.0571001,
      1.0857,
      0.1142,
      1.1428,
      0.1714,
      1.2,
      0.2285,
      1.2571,
      0.2857,
      1.3143,
      0.3428,
      1.3714,
      0.4,
      1.4286,
      0.4571,
      1.4857,
      0.5142,
      1.5428,
      0.5714,
      1.6,
      0.6285,
      1.6571,
      0.6857,
      1.7143,
      0.7428,
      1.7714,
      0.8,
      1.8285,
      0.8571,
      1.8857,
      0.9143,
      1.9428,
      0.9714
    ],
    "SoftwareVersions": "24_LX_MR_Software_release:DV24.0_R02_1607.b",
    "SpacingBetweenSlices": 4,
    "StationName": "GEHCGEHC",
    "TaskName": "verbs",
    "TotalReadoutTime": 0.023436,
    "dataset": "ds003481",
    "modality": "bold",
    "run_id": 7,
    "subject_id": "125",
    "task_id": "verbs"
  },
  "dummy_trs": 0,
  "dvars_nstd": 12.718220148554922,
  "dvars_std": 1.066992854797688,
  "dvars_vstd": 0.9910667349710987,
  "efc": 0.3484446654583176,
  "fber": 43481.01171875,
  "fd_mean": 0.0461453175903257,
  "fd_num": 3,
  "fd_perc": 1.7241379310344827,
  "fwhm_avg": 2.7470833333333338,
  "fwhm_x": 2.72225,
  "fwhm_y": 2.8104,
  "fwhm_z": 2.7086,
  "gcor": 0.0506053,
  "gsr_x": -0.0020332506392151117,
  "gsr_y": -0.0036021226551383734,
  "provenance": {
    "md5sum": "30b88dded2bd2da4e91566c35737503f",
    "settings": {
      "fd_thres": 0.2,
      "testing": false
    },
    "software": "mriqc",
    "version": "23.0.1",
    "webapi_port": null,
    "webapi_url": "https://mriqc.nimh.nih.gov/api/v1"
  },
  "size_t": 174,
  "size_x": 64,
  "size_y": 64,
  "size_z": 35,
  "snr": 3.32960987239537,
  "spacing_tr": 2.0,
  "spacing_x": 4.0,
  "spacing_y": 4.0,
  "spacing_z": 4.0,
  "summary_bg_k": 77.06247617710805,
  "summary_bg_mad": 12.176083037187786,
  "summary_bg_mean": 31.132959365844727,
  "summary_bg_median": 9.028735160827637,
  "summary_bg_n": 102152.0,
  "summary_bg_p05": 0.2586206793785095,
  "summary_bg_p95": 118.88908042907705,
  "summary_bg_stdv": 80.46316528320312,
  "summary_fg_k": 0.8825124952711709,
  "summary_fg_mad": 427.61997922859695,
  "summary_fg_mean": 1904.8057861328125,
  "summary_fg_median": 1795.7470703125,
  "summary_fg_n": 13657.0,
  "summary_fg_p05": 1183.842529296875,
  "summary_fg_p95": 2977.3734863281234,
  "summary_fg_stdv": 539.3068237304688,
  "tsnr": 87.14706622576341
}