{
  "aor": 0.0008385057471264368,
  "aqi": 0.0008256668333333333,
  "bids_meta": {
    "AcquisitionMatrixPE": 64,
    "AcquisitionNumber": 1,
    "AcquisitionTime": "20:43:50.000000",
    "CoilString": "32Ch_Head",
    "ConversionSoftware": "dcm2niix",
    "ConversionSoftwareVersion": "v1.0.20190902",
    "Dcm2bidsVersion": "2.1.4",
    "DeviceSerialNumber": "000000000000GEHC",
    "EchoTime": 0.04,
    "EffectiveEchoSpacing": 0.000372,
    "FlipAngle": 90,
    "ImageOrientationPatientDICOM": [
      1,
      0,
      0,
      0,
      1,
      0
    ],
    "ImageType": [
      "ORIGINAL",
      "PRIMARY",
      "EPI",
      "NONE"
    ],
    "ImagingFrequency": 127.772,
    "InPlanePhaseEncodingDirectionDICOM": "ROW",
    "InstitutionName": "INSTITUTO_DE_NEUROBIOLOGIA",
    "MRAcquisitionType": "2D",
    "MagneticFieldStrength": 3,
    "Manufacturer": "GE",
    "ManufacturersModelName": "DISCOVERY_MR750",
    "Modality": "MR",
    "PatientPosition": "HFS",
    "PercentPhaseFOV": 100,
    "PhaseEncodingDirection": "i-",
    "PhaseEncodingPolarityGE": "Flipped",
    "PixelBandwidth": 7812.5,
    "ProcedureStepDescription": "verbos",
    "ProtocolName": "fMRI_4",
    "ReconMatrixPE": 64,
    "RepetitionTime": 2,
    "SAR": 0.364805,
    "ScanOptions": "EPI_GEMS_ACC_GEMS",
    "ScanningSequence": "EP_GR",
    "SequenceVariant": "SS",
    "SeriesDescription": "fMRI_4",
    "SeriesNumber": 7,
    "SliceThickness": 4,
    "SliceTiming": [
      0,
      1.0285,
      0.0571001,
      1.0857,
      0.1142,
      1.1428,
      0.1714,
      1.2,
      0.2285,
      1.2571,
      0.2857,
      1.3143,
      0.3428,
      1.3714,
      0.4,
      1.4286,
      0.4571,
      1.4857,
      0.5142,
      1.5428,
      0.5714,
      1.6,
      0.6285,
      1.6571,
      0.6857,
      1.7143,
      0.7428,
      1.7714,
      0.8,
      1.8285,
      0.8571,
      1.8857,
      0.9143,
      1.9428,
      0.9714
    ],
    "SoftwareVersions": "24_LX_MR_Software_release:DV24.0_R02_1607.b",
    "SpacingBetweenSlices": 4,
    "StationName": "GEHCGEHC",
    "TaskName": "verbs",
    "TotalReadoutTime": 0.023436,
    "dataset": "ds003481",
    "modality": "bold",
    "run_id": 4,
    "subject_id": "125",
    "task_id": "verbs"
  },
  "dummy_trs": 0,
  "dvars_nstd": 12.735645569884397,
  "dvars_std": 1.1355939845664742,
  "dvars_vstd": 1.0134913489595372,
  "efc": 0.34952221168676056,
  "fber": 44633.4140625,
  "fd_mean": 0.03550504591726395,
  "fd_num": 0,
  "fd_perc": 0.0,
  "fwhm_avg": 2.7859416666666665,
  "fwhm_x": 2.718925,
  "fwhm_y": 2.857125,
  "fwhm_z": 2.781775,
  "gcor": 0.0329814,
  "gsr_x": -0.0018961878959089518,
  "gsr_y": -0.0034872156102210283,
  "provenance": {
    "md5sum": "2017eb3322a50e2da472dd7fb6ebdabb",
    "settings": {
      "fd_thres": 0.2,
      "testing": false
    },
    "software": "mriqc",
    "version": "23.0.1",
    "webapi_port": null,
    "webapi_url": "https://mriqc.nimh.nih.gov/api/v1"
  },
  "size_t": 174,
  "size_x": 64,
  "size_y": 64,
  "size_z": 35,
  "snr": 3.3716822215735562,
  "spacing_tr": 2.0,
  "spacing_x": 4.0,
  "spacing_y": 4.0,
  "spacing_z": 4.0,
  "summary_bg_k": 73.21209685777603,
  "summary_bg_mad": 12.090876438733682,
  "summary_bg_mean": 31.616344451904297,
  "summary_bg_median": 8.965517044067383,
  "summary_bg_n": 102076.0,
  "summary_bg_p05": 0.24137930572032928,
  "summary_bg_p95": 124.07327270507812,
  "summary_bg_stdv": 80.77154541015625,
  "summary_fg_k": 0.9092667438198672,
  "summary_fg_mad": 429.05127313058074,
  "summary_fg_mean": 1925.78271484375,
  "summary_fg_median": 1819.02294921875,
  "summary_fg_n": 13730.0,
  "summary_fg_p05": 1213.6749450683594,
  "summary_fg_p95": 2991.3008056640624,
  "summary_fg_stdv": 539.48046875,
  "tsnr": 117.81355226412416
}