{
  "aor": 0.002235689655172414,
  "aqi": 0.0010219503505747127,
  "bids_meta": {
    "AcquisitionMatrixPE": 64,
    "AcquisitionNumber": 1,
    "AcquisitionTime": "20:50:38.000000",
    "CoilString": "32Ch_Head",
    "ConversionSoftware": "dcm2niix",
    "ConversionSoftwareVersion": "v1.0.20190902",
    "Dcm2bidsVersion": "2.1.4",
    "DeviceSerialNumber": "000000000000GEHC",
    "EchoTime": 0.04,
    "EffectiveEchoSpacing": 0.000372,
    "FlipAngle": 90,
    "ImageOrientationPatientDICOM": [
      1,
      0,
      0,
      0,
      1,
      0
    ],
    "ImageType": [
      "ORIGINAL",
      "PRIMARY",
      "EPI",
      "NONE"
    ],
    "ImagingFrequency": 127.772,
    "InPlanePhaseEncodingDirectionDICOM": "ROW",
    "InstitutionName": "INSTITUTO_DE_NEUROBIOLOGIA",
    "MRAcquisitionType": "2D",
    "MagneticFieldStrength": 3,
    "Manufacturer": "GE",
    "ManufacturersModelName": "DISCOVERY_MR750",
    "Modality": "MR",
    "PatientPosition": "HFS",
    "PercentPhaseFOV": 100,
    "PhaseEncodingDirection": "i-",
    "PhaseEncodingPolarityGE": "Flipped",
    "PixelBandwidth": 7812.5,
    "ProcedureStepDescription": "verbos",
    "ProtocolName": "fMRI_5",
    "ReconMatrixPE": 64,
    "RepetitionTime": 2,
    "SAR": 0.364805,
    "ScanOptions": "EPI_GEMS_ACC_GEMS",
    "ScanningSequence": "EP_GR",
    "SequenceVariant": "SS",
    "SeriesDescription": "fMRI_5",
    "SeriesNumber": 8,
    "SliceThickness": 4,
    "SliceTiming": [
      0,
      1.0285,
      0.0571001,
      1.0857,
      0.1142,
      1.1428,
      0.1714,
      1.2,
      0.2285,
      1.2571,
      0.2857,
      1.3143,
      0.3428,
      1.3714,
      0.4,
      1.4286,
      0.4571,
      1.4857,
      0.5142,
      1.5428,
      0.5714,
      1.6,
      0.6285,
      1.6571,
      0.6857,
      1.7143,
      0.7428,
      1.7714,
      0.8,
      1.8285,
      0.8571,
      1.8857,
      0.9143,
      1.9428,
      0.9714
    ],
    "SoftwareVersions": "24_LX_MR_Software_release:DV24.0_R02_1607.b",
    "SpacingBetweenSlices": 4,
    "StationName": "GEHCGEHC",
    "TaskName": "verbs",
    "TotalReadoutTime": 0.023436,
    "dataset": "ds003481",
    "modality": "bold",
    "run_id": 5,
    "subject_id": "125",
    "task_id": "verbs"
  },
  "dummy_trs": 0,
  "dvars_nstd": 13.39544673861271,
  "dvars_std": 1.1568328339884395,
  "dvars_vstd": 1.0272200321387284,
  "efc": 0.35011107007725556,
  "fber": 43432.9296875,
  "fd_mean": 0.04106039942573204,
  "fd_num": 2,
  "fd_perc": 1.1494252873563218,
  "fwhm_avg": 2.740216666666667,
  "fwhm_x": 2.66775,
  "fwhm_y": 2.80925,
  "fwhm_z": 2.74365,
  "gcor": 0.0536448,
  "gsr_x": -0.0018251172732561827,
  "gsr_y": -0.003161791479215026,
  "provenance": {
    "md5sum": "dfffa8d5dddb9b2a71eb630125975e87",
    "settings": {
      "fd_thres": 0.2,
      "testing": false
    },
    "software": "mriqc",
    "version": "23.0.1",
    "webapi_port": null,
    "webapi_url": "https://mriqc.nimh.nih.gov/api/v1"
  },
  "size_t": 174,
  "size_x": 64,
  "size_y": 64,
  "size_z": 35,
  "snr": 3.383304484926335,
  "spacing_tr": 2.0,
  "spacing_x": 4.0,
  "spacing_y": 4.0,
  "spacing_z": 4.0,
  "summary_bg_k": 71.69639425620115,
  "summary_bg_mad": 12.193124480596577,
  "summary_bg_mean": 31.528770446777344,
  "summary_bg_median": 9.028735160827637,
  "summary_bg_n": 102083.0,
  "summary_bg_p05": 0.25287356972694397,
  "summary_bg_p95": 122.22815780639638,
  "summary_bg_stdv": 79.81684875488281,
  "summary_fg_k": 0.8505133673827148,
  "summary_fg_mad": 428.9065782485379,
  "summary_fg_mean": 1904.3140869140625,
  "summary_fg_median": 1804.1781005859375,
  "summary_fg_n": 13779.0,
  "summary_fg_p05": 1189.9712890625,
  "summary_fg_p95": 2953.113208007812,
  "summary_fg_stdv": 533.2398071289062,
  "tsnr": 104.4599822522141
}