{
  "bids_meta": {
    "AcquisitionDateTime": "2016-11-14T19:41:24.000000",
    "ConversionSoftware": "dcm2niix",
    "ConversionSoftwareVersion": "v1.0.20170411 GCC4.8.4",
    "EchoTime": 0.00318,
    "FlipAngle": 12,
    "ImageType": [
      "DERIVED",
      "PRIMARY",
      "OTHER"
    ],
    "InversionTime": 0.45,
    "MagneticFieldStrength": 3,
    "Manufacturer": "GE",
    "ManufacturersModelName": "DISCOVERY_MR750",
    "ProtocolName": "PU:Sag_T1_FSPGR_BRAVO",
    "RepetitionTime": 0.008156,
    "ScanningSequence": "GR",
    "SequenceVariant": "SS_SP_SK",
    "SeriesDescription": "PU:Sag_T1_FSPGR_BRAVO",
    "dataset": "ds003481",
    "modality": "T1w",
    "subject_id": "011"
  },
  "cjv": 0.33786940004637717,
  "cnr": 4.0001829335857275,
  "efc": 0.7332503153819931,
  "fber": -1.0,
  "fwhm_avg": 3.89749,
  "fwhm_x": 3.92782,
  "fwhm_y": 3.98314,
  "fwhm_z": 3.78151,
  "icvs_csf": 0.21773313167881453,
  "icvs_gm": 0.4526122633299561,
  "icvs_wm": 0.3296546049912294,
  "inu_med": 0.5038530826568604,
  "inu_range": 0.14767259359359747,
  "provenance": {
    "md5sum": "1521646a22c6661042f134666a05860c",
    "settings": {
      "testing": false
    },
    "software": "mriqc",
    "version": "23.0.1",
    "warnings": {
      "large_rot_frame": true,
      "small_air_mask": true
    },
    "webapi_port": null,
    "webapi_url": "https://mriqc.nimh.nih.gov/api/v1"
  },
  "qi_1": 0.0,
  "qi_2": 0.0032304636381425096,
  "rpve_csf": 24.206040664168743,
  "rpve_gm": 12.277449842015297,
  "rpve_wm": 18.93716084094091,
  "size_x": 176,
  "size_y": 256,
  "size_z": 256,
  "snr_csf": 2.6323653382933396,
  "snr_gm": 11.965235876432107,
  "snr_total": 12.418404830508544,
  "snr_wm": 22.657613276800188,
  "snrd_csf": 18.931338065040784,
  "snrd_gm": 46.206669504932016,
  "snrd_total": 43.61310068075631,
  "snrd_wm": 65.70129447229613,
  "spacing_x": 1.0,
  "spacing_y": 1.0,
  "spacing_z": 1.0,
  "summary_bg_k": 10.298865135026336,
  "summary_bg_mad": 0.0,
  "summary_bg_mean": 5.111454786926912,
  "summary_bg_median": 0.0,
  "summary_bg_n": 304230.0,
  "summary_bg_p05": 0.0,
  "summary_bg_p95": 25.683081716299057,
  "summary_bg_stdv": 9.971438718722707,
  "summary_csf_k": 0.7989924090634655,
  "summary_csf_mad": 84.88750577281816,
  "summary_csf_mean": 292.23220402827025,
  "summary_csf_median": 288.1425568461418,
  "summary_csf_n": 33720.0,
  "summary_csf_p05": 98.93018704652786,
  "summary_csf_p95": 486.45210530012844,
  "summary_csf_stdv": 109.45983828552063,
  "summary_gm_k": 0.22558378067974427,
  "summary_gm_mad": 56.64693581844962,
  "summary_gm_mean": 701.839814511492,
  "summary_gm_median": 703.2840388119221,
  "summary_gm_n": 38773.0,
  "summary_gm_p05": 602.1918506920338,
  "summary_gm_p95": 795.6536708772182,
  "summary_gm_stdv": 58.77652365290711,
  "summary_wm_k": 0.22142726651205047,
  "summary_wm_mad": 43.60432425439683,
  "summary_wm_mean": 999.9655961040711,
  "summary_wm_median": 1000.0000481903553,
  "summary_wm_n": 178499.0,
  "summary_wm_p05": 927.5730122327805,
  "summary_wm_p95": 1072.3152565062046,
  "summary_wm_stdv": 44.13515381490264,
  "tpm_overlap_csf": 0.16402417959073673,
  "tpm_overlap_gm": 0.4806856593551082,
  "tpm_overlap_wm": 0.5055679006037012,
  "wm2max": 0.4876838335545093
}