{
  "aor": 0.007421942148760331,
  "aqi": 0.006941073471074379,
  "bids_meta": {
    "AcquisitionMatrixPE": 64,
    "AcquisitionNumber": 1,
    "AcquisitionTime": "18:36:36.000000",
    "BodyPartExamined": "HEAD",
    "CoilString": "32Ch_Head",
    "ConversionSoftware": "dcm2niix",
    "ConversionSoftwareVersion": "v1.0.20181125  (JP2:OpenJPEG) GCC7.3.0",
    "DeviceSerialNumber": "0002806034DVR750",
    "EchoTime": 0.04,
    "EffectiveEchoSpacing": 0.000372,
    "FlipAngle": 90,
    "ImageOrientationPatientDICOM": [
      1,
      0,
      0,
      0,
      1,
      0
    ],
    "ImageType": [
      "ORIGINAL",
      "PRIMARY",
      "EPI",
      "NONE"
    ],
    "ImagingFrequency": 127.772,
    "InPlanePhaseEncodingDirectionDICOM": "COL",
    "InstitutionName": "INSTITUTO_DE_NEUROBIOLOGIA",
    "MRAcquisitionType": "2D",
    "MagneticFieldStrength": 3,
    "Manufacturer": "GE",
    "ManufacturersModelName": "DISCOVERY_MR750",
    "Modality": "MR",
    "PatientPosition": "HFS",
    "PercentPhaseFOV": 100,
    "PhaseEncodingDirection": "j",
    "PhaseEncodingPolarityGE": "Flipped",
    "PixelBandwidth": 7812.5,
    "ProcedureStepDescription": "Emociones_AH",
    "ProtocolName": "fMRI_Jalil_1",
    "ReconMatrixPE": 64,
    "RepetitionTime": 2,
    "SAR": 0.165208,
    "ScanOptions": "EPI_GEMS_ACC_GEMS",
    "ScanningSequence": "EP_GR",
    "SequenceVariant": "SS",
    "SeriesDescription": "fMRI_Jalil_1",
    "SeriesNumber": 5,
    "SliceThickness": 4,
    "SliceTiming": [
      0,
      1.0285,
      0.0571001,
      1.0857,
      0.1142,
      1.1428,
      0.1714,
      1.2,
      0.2285,
      1.2571,
      0.2857,
      1.3143,
      0.3428,
      1.3714,
      0.4,
      1.4286,
      0.4571,
      1.4857,
      0.5142,
      1.5428,
      0.5714,
      1.6,
      0.6285,
      1.6571,
      0.6857,
      1.7143,
      0.7428,
      1.7714,
      0.8,
      1.8285,
      0.8571,
      1.8857,
      0.9143,
      1.9428,
      0.9714
    ],
    "SoftwareVersions": "27_LX_MR_Software_release:DV26.0_R02_1810.b",
    "SpacingBetweenSlices": 4,
    "StationName": "GEHCGEHC",
    "TaskName": "sae",
    "TotalReadoutTime": 0.023436,
    "dataset": "ds003481",
    "modality": "bold",
    "run_id": 1,
    "subject_id": "034",
    "task_id": "sae"
  },
  "dummy_trs": 0,
  "dvars_nstd": 21.98103396647302,
  "dvars_std": 0.8873903073443987,
  "dvars_vstd": 0.8889491432780083,
  "efc": 0.33176340372805546,
  "fber": 65051.7265625,
  "fd_mean": 0.2694286522235738,
  "fd_num": 97,
  "fd_perc": 40.082644628099175,
  "fwhm_avg": 2.4338825,
  "fwhm_x": 2.4364775,
  "fwhm_y": 2.570425,
  "fwhm_z": 2.294745,
  "gcor": 0.0894007,
  "gsr_x": -0.0053449226543307304,
  "gsr_y": -0.004546971991658211,
  "provenance": {
    "md5sum": "52e5df1aec8f410c28c4c9ba7635c6ca",
    "settings": {
      "fd_thres": 0.2,
      "testing": false
    },
    "software": "mriqc",
    "version": "23.0.1",
    "webapi_port": null,
    "webapi_url": "https://mriqc.nimh.nih.gov/api/v1"
  },
  "size_t": 242,
  "size_x": 64,
  "size_y": 64,
  "size_z": 35,
  "snr": 4.0595851174073765,
  "spacing_tr": 2.0,
  "spacing_x": 4.0,
  "spacing_y": 4.0,
  "spacing_z": 4.0,
  "summary_bg_k": 68.86613606459747,
  "summary_bg_mad": 9.802328439136527,
  "summary_bg_mean": 32.965091705322266,
  "summary_bg_median": 7.47520637512207,
  "summary_bg_n": 105688.0,
  "summary_bg_p05": 0.29752063751220703,
  "summary_bg_p95": 141.0464767456044,
  "summary_bg_stdv": 97.02388763427734,
  "summary_fg_k": 0.7389364477280154,
  "summary_fg_mad": 394.8409327672569,
  "summary_fg_mean": 1824.974365234375,
  "summary_fg_median": 1785.863525390625,
  "summary_fg_n": 11492.0,
  "summary_fg_p05": 1181.5773986816407,
  "summary_fg_p95": 2604.4904418945307,
  "summary_fg_stdv": 439.8936767578125,
  "tsnr": 44.52751496131532
}