{
  "aor": 0.006871614173228348,
  "aqi": 0.001929046677165354,
  "bids_meta": {
    "AcquisitionMatrixPE": 64,
    "AcquisitionNumber": 1,
    "AcquisitionTime": "18:54:15.000000",
    "BodyPartExamined": "HEAD",
    "CoilString": "32Ch_Head",
    "ConversionSoftware": "dcm2niix",
    "ConversionSoftwareVersion": "v1.0.20181125  (JP2:OpenJPEG) GCC7.3.0",
    "DeviceSerialNumber": "0002806034DVR750",
    "EchoTime": 0.04,
    "EffectiveEchoSpacing": 0.000372,
    "FlipAngle": 90,
    "ImageOrientationPatientDICOM": [
      1,
      0,
      0,
      0,
      1,
      0
    ],
    "ImageType": [
      "ORIGINAL",
      "PRIMARY",
      "EPI",
      "NONE"
    ],
    "ImagingFrequency": 127.772,
    "InPlanePhaseEncodingDirectionDICOM": "COL",
    "InstitutionName": "INSTITUTO_DE_NEUROBIOLOGIA",
    "MRAcquisitionType": "2D",
    "MagneticFieldStrength": 3,
    "Manufacturer": "GE",
    "ManufacturersModelName": "DISCOVERY_MR750",
    "Modality": "MR",
    "PatientPosition": "HFS",
    "PercentPhaseFOV": 100,
    "PhaseEncodingDirection": "j",
    "PhaseEncodingPolarityGE": "Flipped",
    "PixelBandwidth": 7812.5,
    "ProcedureStepDescription": "Emociones_AH",
    "ProtocolName": "fMRI_Jalil_3",
    "ReconMatrixPE": 64,
    "RepetitionTime": 2,
    "SAR": 0.165208,
    "ScanOptions": "EPI_GEMS_ACC_GEMS",
    "ScanningSequence": "EP_GR",
    "SequenceVariant": "SS",
    "SeriesDescription": "fMRI_Jalil_3",
    "SeriesNumber": 7,
    "SliceThickness": 4,
    "SliceTiming": [
      0,
      1.0285,
      0.0571001,
      1.0857,
      0.1142,
      1.1428,
      0.1714,
      1.2,
      0.2285,
      1.2571,
      0.2857,
      1.3143,
      0.3428,
      1.3714,
      0.4,
      1.4286,
      0.4571,
      1.4857,
      0.5142,
      1.5428,
      0.5714,
      1.6,
      0.6285,
      1.6571,
      0.6857,
      1.7143,
      0.7428,
      1.7714,
      0.8,
      1.8285,
      0.8571,
      1.8857,
      0.9143,
      1.9428,
      0.9714
    ],
    "SoftwareVersions": "27_LX_MR_Software_release:DV26.0_R02_1810.b",
    "SpacingBetweenSlices": 4,
    "StationName": "GEHCGEHC",
    "TaskName": "sae",
    "TotalReadoutTime": 0.023436,
    "dataset": "ds003481",
    "modality": "bold",
    "run_id": 3,
    "subject_id": "034",
    "task_id": "sae"
  },
  "dummy_trs": 0,
  "dvars_nstd": 14.361278563873517,
  "dvars_std": 1.0640399961264817,
  "dvars_vstd": 1.016768443596839,
  "efc": 0.33276842202322293,
  "fber": 63289.91015625,
  "fd_mean": 0.09171999647778188,
  "fd_num": 21,
  "fd_perc": 8.26771653543307,
  "fwhm_avg": 2.426114166666667,
  "fwhm_x": 2.4212875,
  "fwhm_y": 2.5412,
  "fwhm_z": 2.315855,
  "gcor": 0.0646825,
  "gsr_x": -0.005348133854568005,
  "gsr_y": -0.003834737231954932,
  "provenance": {
    "md5sum": "c1375a50a3d8e27ad013db37f7a2f4fe",
    "settings": {
      "fd_thres": 0.2,
      "testing": false
    },
    "software": "mriqc",
    "version": "23.0.1",
    "webapi_port": null,
    "webapi_url": "https://mriqc.nimh.nih.gov/api/v1"
  },
  "size_t": 254,
  "size_x": 64,
  "size_y": 64,
  "size_z": 35,
  "snr": 4.025119175849197,
  "spacing_tr": 2.0,
  "spacing_x": 4.0,
  "spacing_y": 4.0,
  "spacing_z": 4.0,
  "summary_bg_k": 74.81381927285175,
  "summary_bg_mad": 9.940438874075612,
  "summary_bg_mean": 32.875667572021484,
  "summary_bg_median": 7.543306827545166,
  "summary_bg_n": 105445.0,
  "summary_bg_p05": 0.22834645211696625,
  "summary_bg_p95": 141.55432739257785,
  "summary_bg_stdv": 98.50143432617188,
  "summary_fg_k": 0.5795381886347317,
  "summary_fg_mad": 400.3201542229767,
  "summary_fg_mean": 1826.880859375,
  "summary_fg_median": 1789.5826416015625,
  "summary_fg_n": 11616.0,
  "summary_fg_p05": 1164.9547119140625,
  "summary_fg_p95": 2615.2333374023438,
  "summary_fg_stdv": 444.5845031738281,
  "tsnr": 80.53011652361602
}