{
  "aor": 0.01539666666666667,
  "aqi": 0.0036408495533333334,
  "bids_meta": {
    "AcquisitionMatrixPE": 64,
    "AcquisitionNumber": 1,
    "AcquisitionTime": "19:04:5.000000",
    "BodyPartExamined": "HEAD",
    "CoilString": "32Ch_Head",
    "ConversionSoftware": "dcm2niix",
    "ConversionSoftwareVersion": "v1.0.20181125  (JP2:OpenJPEG) GCC7.3.0",
    "DeviceSerialNumber": "0002806034DVR750",
    "EchoTime": 0.04,
    "EffectiveEchoSpacing": 0.000372,
    "FlipAngle": 90,
    "ImageOrientationPatientDICOM": [
      1,
      0,
      0,
      0,
      1,
      0
    ],
    "ImageType": [
      "ORIGINAL",
      "PRIMARY",
      "EPI",
      "NONE"
    ],
    "ImagingFrequency": 127.772,
    "InPlanePhaseEncodingDirectionDICOM": "COL",
    "InstitutionName": "INSTITUTO_DE_NEUROBIOLOGIA",
    "MRAcquisitionType": "2D",
    "MagneticFieldStrength": 3,
    "Manufacturer": "GE",
    "ManufacturersModelName": "DISCOVERY_MR750",
    "Modality": "MR",
    "PatientPosition": "HFS",
    "PercentPhaseFOV": 100,
    "PhaseEncodingDirection": "j",
    "PhaseEncodingPolarityGE": "Flipped",
    "PixelBandwidth": 7812.5,
    "ProcedureStepDescription": "Emociones_AH",
    "ProtocolName": "fMRI_Jalil_4",
    "ReconMatrixPE": 64,
    "RepetitionTime": 2,
    "SAR": 0.165208,
    "ScanOptions": "EPI_GEMS_ACC_GEMS",
    "ScanningSequence": "EP_GR",
    "SequenceVariant": "SS",
    "SeriesDescription": "fMRI_Jalil_4",
    "SeriesNumber": 8,
    "SliceThickness": 4,
    "SliceTiming": [
      0,
      1.0285,
      0.0571001,
      1.0857,
      0.1142,
      1.1428,
      0.1714,
      1.2,
      0.2285,
      1.2571,
      0.2857,
      1.3143,
      0.3428,
      1.3714,
      0.4,
      1.4286,
      0.4571,
      1.4857,
      0.5142,
      1.5428,
      0.5714,
      1.6,
      0.6285,
      1.6571,
      0.6857,
      1.7143,
      0.7428,
      1.7714,
      0.8,
      1.8285,
      0.8571,
      1.8857,
      0.9143,
      1.9428,
      0.9714
    ],
    "SoftwareVersions": "27_LX_MR_Software_release:DV26.0_R02_1810.b",
    "SpacingBetweenSlices": 4,
    "StationName": "GEHCGEHC",
    "TaskName": "ec",
    "TotalReadoutTime": 0.023436,
    "dataset": "ds003481",
    "modality": "bold",
    "run_id": 4,
    "subject_id": "034",
    "task_id": "ec"
  },
  "dummy_trs": 0,
  "dvars_nstd": 16.975200806442952,
  "dvars_std": 1.110820323758389,
  "dvars_vstd": 1.0824889346308728,
  "efc": 0.33393924172632006,
  "fber": 58776.17578125,
  "fd_mean": 0.15357607755248154,
  "fd_num": 27,
  "fd_perc": 18.0,
  "fwhm_avg": 2.4039699999999997,
  "fwhm_x": 2.42264,
  "fwhm_y": 2.541325,
  "fwhm_z": 2.247945,
  "gcor": 0.0551819,
  "gsr_x": -0.005707830656319857,
  "gsr_y": -0.003548454260453582,
  "provenance": {
    "md5sum": "8838ebf9e1a7e9ac8f459a0c4d1e2f22",
    "settings": {
      "fd_thres": 0.2,
      "testing": false
    },
    "software": "mriqc",
    "version": "23.0.1",
    "webapi_port": null,
    "webapi_url": "https://mriqc.nimh.nih.gov/api/v1"
  },
  "size_t": 150,
  "size_x": 64,
  "size_y": 64,
  "size_z": 35,
  "snr": 4.0461074241052435,
  "spacing_tr": 2.0,
  "spacing_x": 4.0,
  "spacing_y": 4.0,
  "spacing_z": 4.0,
  "summary_bg_k": 67.00929166028206,
  "summary_bg_mad": 10.061927534634169,
  "summary_bg_mean": 33.327545166015625,
  "summary_bg_median": 7.613333702087402,
  "summary_bg_n": 105508.0,
  "summary_bg_p05": 0.24666666984558105,
  "summary_bg_p95": 143.91967010498036,
  "summary_bg_stdv": 97.55323791503906,
  "summary_fg_k": 0.5278338111542684,
  "summary_fg_mad": 398.19723869281677,
  "summary_fg_mean": 1792.4456787109375,
  "summary_fg_median": 1753.340087890625,
  "summary_fg_n": 11502.0,
  "summary_fg_p05": 1148.2026733398438,
  "summary_fg_p95": 2566.8256591796876,
  "summary_fg_stdv": 433.3211364746094,
  "tsnr": 62.270029101055115
}