{
  "bids_meta": {
    "AcquisitionDateTime": "2017-07-06T19:39:26.000000",
    "ConversionSoftware": "dcm2niix",
    "ConversionSoftwareVersion": "v1.0.20170411 GCC4.8.4",
    "EchoTime": 0.00318,
    "FlipAngle": 12,
    "ImageType": [
      "DERIVED",
      "PRIMARY",
      "OTHER"
    ],
    "InversionTime": 0.45,
    "MagneticFieldStrength": 3,
    "Manufacturer": "GE",
    "ManufacturersModelName": "DISCOVERY_MR750",
    "ProcedureStepDescription": "CompMet",
    "ProtocolName": "PU:Sag_T1_FSPGR_BRAVO",
    "RepetitionTime": 0.008156,
    "ScanningSequence": "GR",
    "SequenceVariant": "SS_SP_SK",
    "SeriesDescription": "PU:Sag_T1_FSPGR_BRAVO",
    "dataset": "ds003481",
    "modality": "T1w",
    "subject_id": "077"
  },
  "cjv": 0.3502363458471232,
  "cnr": 3.829805359175943,
  "efc": 0.7186017241422892,
  "fber": 7362.406947348709,
  "fwhm_avg": 3.80235,
  "fwhm_x": 3.84326,
  "fwhm_y": 3.89929,
  "fwhm_z": 3.6645,
  "icvs_csf": 0.2505460734106725,
  "icvs_gm": 0.4183713273339332,
  "icvs_wm": 0.33108259925539435,
  "inu_med": 0.556327611207962,
  "inu_range": 0.18231404870748513,
  "provenance": {
    "md5sum": "616a62980f3eb60adc1923fd19c2bf8e",
    "settings": {
      "testing": false
    },
    "software": "mriqc",
    "version": "23.0.1",
    "warnings": {
      "large_rot_frame": true,
      "small_air_mask": false
    },
    "webapi_port": null,
    "webapi_url": "https://mriqc.nimh.nih.gov/api/v1"
  },
  "qi_1": 0.0003712958354937974,
  "qi_2": 0.0022757907708094113,
  "rpve_csf": 19.08106449881126,
  "rpve_gm": 11.374794290175979,
  "rpve_wm": 16.557654659074807,
  "size_x": 176,
  "size_y": 256,
  "size_z": 256,
  "snr_csf": 3.083018499668688,
  "snr_gm": 11.124813662022179,
  "snr_total": 11.931717507121535,
  "snr_wm": 21.587320359673743,
  "snrd_csf": 13.681396882300596,
  "snrd_gm": 34.84204577470899,
  "snrd_total": 32.82990234865144,
  "snrd_wm": 49.966264388944715,
  "spacing_x": 1.0,
  "spacing_y": 1.0,
  "spacing_z": 1.0,
  "summary_bg_k": 29.02711572882105,
  "summary_bg_mad": 0.0,
  "summary_bg_mean": 7.270497875501421,
  "summary_bg_median": 0.0,
  "summary_bg_n": 547652.0,
  "summary_bg_p05": 0.0,
  "summary_bg_p95": 34.80145116895437,
  "summary_bg_stdv": 13.11157481838375,
  "summary_csf_k": 1.8887701743210243,
  "summary_csf_mad": 68.64263534903496,
  "summary_csf_mean": 280.170414091301,
  "summary_csf_median": 273.8126882314682,
  "summary_csf_n": 69707.0,
  "summary_csf_p05": 145.89635049775242,
  "summary_csf_p95": 441.6290887221694,
  "summary_csf_stdv": 88.81254660913723,
  "summary_gm_k": 0.21663087121798297,
  "summary_gm_mad": 60.90640710530418,
  "summary_gm_mean": 696.264034991427,
  "summary_gm_median": 697.3114148452878,
  "summary_gm_n": 34379.0,
  "summary_gm_p05": 590.6076007783413,
  "summary_gm_p95": 797.6519140161573,
  "summary_gm_stdv": 62.6798159883431,
  "summary_wm_k": 0.3907015499533082,
  "summary_wm_mad": 45.10614433632861,
  "summary_wm_mean": 1000.8277488737091,
  "summary_wm_median": 1000.000021263957,
  "summary_wm_n": 220763.0,
  "summary_wm_p05": 926.2404017597437,
  "summary_wm_p95": 1077.73947635293,
  "summary_wm_stdv": 46.32338519685421,
  "tpm_overlap_csf": 0.16245962228614386,
  "tpm_overlap_gm": 0.44122132008981485,
  "tpm_overlap_wm": 0.4821641965245067,
  "wm2max": 0.45222573291205054
}