{
  "aor": 0.00084604,
  "aqi": 0.0015907937519999999,
  "bids_meta": {
    "AcquisitionDateTime": "2017-06-28T20:14:26.000000",
    "ConversionSoftware": "dcm2niix",
    "ConversionSoftwareVersion": "v1.0.20170411 GCC4.8.4",
    "EchoTime": 0.035,
    "FlipAngle": 90,
    "ImageType": [
      "ORIGINAL",
      "PRIMARY",
      "EPI",
      "NONE"
    ],
    "MagneticFieldStrength": 3,
    "Manufacturer": "GE",
    "ManufacturersModelName": "DISCOVERY_MR750",
    "ProcedureStepDescription": "CompMet",
    "ProtocolName": "fMRI_CompMet_1",
    "RepetitionTime": 2,
    "ScanningSequence": "EP_GR",
    "SequenceVariant": "SS",
    "SeriesDescription": "fMRI_CompMet_1",
    "SliceTiming": [
      1.0285,
      0.0571001,
      1.0857,
      0.1142,
      1.1428,
      0.1714,
      1.2,
      0.2285,
      1.2571,
      0.2857,
      1.3143,
      0.3428,
      1.3714,
      0.4,
      1.4286,
      0.4571,
      1.4857,
      0.5142,
      1.5428,
      0.5714,
      1.6,
      0.6285,
      1.6571,
      0.6857,
      1.7143,
      0.7428,
      1.7714,
      0.8,
      1.8285,
      0.8571,
      1.8857,
      0.9143,
      1.9428,
      0.9714
    ],
    "TaskName": "cmp",
    "dataset": "ds003481",
    "modality": "bold",
    "run_id": 1,
    "subject_id": "069",
    "task_id": "cmp"
  },
  "dummy_trs": 0,
  "dvars_nstd": 12.859428409558229,
  "dvars_std": 1.0587257626506021,
  "dvars_vstd": 0.9737235075100399,
  "efc": 0.35877698796692353,
  "fber": 67520.734375,
  "fd_mean": 0.049113564141562205,
  "fd_num": 0,
  "fd_perc": 0.0,
  "fwhm_avg": 2.7456004247866113,
  "fwhm_x": 2.7455,
  "fwhm_y": 2.818775,
  "fwhm_z": 2.672526274359834,
  "gcor": 0.0239479,
  "gsr_x": -0.018557269126176834,
  "gsr_y": 0.00588569650426507,
  "provenance": {
    "md5sum": "cd3f3ad4ef3167950eacb78336363514",
    "settings": {
      "fd_thres": 0.2,
      "testing": false
    },
    "software": "mriqc",
    "version": "23.0.1",
    "webapi_port": null,
    "webapi_url": "https://mriqc.nimh.nih.gov/api/v1"
  },
  "size_t": 250,
  "size_x": 64,
  "size_y": 64,
  "size_z": 34,
  "snr": 3.571443115430209,
  "spacing_tr": 2.0,
  "spacing_x": 4.0,
  "spacing_y": 4.0,
  "spacing_z": 3.999998092651367,
  "summary_bg_k": 51.03443169118896,
  "summary_bg_mad": 11.19661259642731,
  "summary_bg_mean": 45.825111389160156,
  "summary_bg_median": 7.928000450134277,
  "summary_bg_n": 99386.0,
  "summary_bg_p05": 0.10400000214576721,
  "summary_bg_p95": 210.28700637817383,
  "summary_bg_stdv": 126.01222229003906,
  "summary_fg_k": 1.2079465110077336,
  "summary_fg_mad": 474.67594934826616,
  "summary_fg_mean": 2042.658203125,
  "summary_fg_median": 1943.714111328125,
  "summary_fg_n": 12884.0,
  "summary_fg_p05": 1323.7568481445312,
  "summary_fg_p95": 3086.0034057617167,
  "summary_fg_stdv": 544.2166137695312,
  "tsnr": 97.20429264800623
}