{
  "aor": 0.0005685999999999999,
  "aqi": 0.001379354724,
  "bids_meta": {
    "AcquisitionDateTime": "2017-06-28T20:24:47.000000",
    "ConversionSoftware": "dcm2niix",
    "ConversionSoftwareVersion": "v1.0.20170411 GCC4.8.4",
    "EchoTime": 0.035,
    "FlipAngle": 90,
    "ImageType": [
      "ORIGINAL",
      "PRIMARY",
      "EPI",
      "NONE"
    ],
    "MagneticFieldStrength": 3,
    "Manufacturer": "GE",
    "ManufacturersModelName": "DISCOVERY_MR750",
    "ProcedureStepDescription": "CompMet",
    "ProtocolName": "fMRI_CompMet_2",
    "RepetitionTime": 2,
    "ScanningSequence": "EP_GR",
    "SequenceVariant": "SS",
    "SeriesDescription": "fMRI_CompMet_2",
    "SliceTiming": [
      1.0285,
      0.0571001,
      1.0857,
      0.1142,
      1.1428,
      0.1714,
      1.2,
      0.2285,
      1.2571,
      0.2857,
      1.3143,
      0.3428,
      1.3714,
      0.4,
      1.4286,
      0.4571,
      1.4857,
      0.5142,
      1.5428,
      0.5714,
      1.6,
      0.6285,
      1.6571,
      0.6857,
      1.7143,
      0.7428,
      1.7714,
      0.8,
      1.8285,
      0.8571,
      1.8857,
      0.9143,
      1.9428,
      0.9714
    ],
    "TaskName": "cmp",
    "dataset": "ds003481",
    "modality": "bold",
    "run_id": 2,
    "subject_id": "069",
    "task_id": "cmp"
  },
  "dummy_trs": 0,
  "dvars_nstd": 13.13072696738956,
  "dvars_std": 1.0641929926506029,
  "dvars_vstd": 0.974517473694779,
  "efc": 0.3592210530387723,
  "fber": 65121.0625,
  "fd_mean": 0.04528388493185812,
  "fd_num": 0,
  "fd_perc": 0.0,
  "fwhm_avg": 2.765500421738826,
  "fwhm_x": 2.78725,
  "fwhm_y": 2.8559,
  "fwhm_z": 2.653351265216477,
  "gcor": 0.0442271,
  "gsr_x": -0.018078824505209923,
  "gsr_y": 0.006190118845552206,
  "provenance": {
    "md5sum": "c7e874264cc5c7521ba68cf967592eef",
    "settings": {
      "fd_thres": 0.2,
      "testing": false
    },
    "software": "mriqc",
    "version": "23.0.1",
    "webapi_port": null,
    "webapi_url": "https://mriqc.nimh.nih.gov/api/v1"
  },
  "size_t": 250,
  "size_x": 64,
  "size_y": 64,
  "size_z": 34,
  "snr": 3.510308416587826,
  "spacing_tr": 2.0,
  "spacing_x": 4.0,
  "spacing_y": 4.0,
  "spacing_z": 3.999998092651367,
  "summary_bg_k": 60.45293399763273,
  "summary_bg_mad": 11.309289842236943,
  "summary_bg_mean": 44.44070816040039,
  "summary_bg_median": 8.01200008392334,
  "summary_bg_n": 99072.0,
  "summary_bg_p05": 0.10400000214576721,
  "summary_bg_p95": 197.83340682983396,
  "summary_bg_stdv": 123.66089630126953,
  "summary_fg_k": 1.2140216094595369,
  "summary_fg_mad": 478.7382649484343,
  "summary_fg_mean": 2020.0496826171875,
  "summary_fg_median": 1926.820068359375,
  "summary_fg_n": 13050.0,
  "summary_fg_p05": 1294.4820861816406,
  "summary_fg_p95": 3067.726611328125,
  "summary_fg_stdv": 548.88232421875,
  "tsnr": 102.22601645672694
}