{
  "aor": 0.0013546666666666666,
  "aqi": 0.004071705833333333,
  "bids_meta": {
    "AcquisitionDateTime": "2017-07-04T19:50:49.000000",
    "ConversionSoftware": "dcm2niix",
    "ConversionSoftwareVersion": "v1.0.20170411 GCC4.8.4",
    "EchoTime": 0.04,
    "FlipAngle": 90,
    "ImageType": [
      "ORIGINAL",
      "PRIMARY",
      "EPI",
      "NONE"
    ],
    "MagneticFieldStrength": 3,
    "Manufacturer": "GE",
    "ManufacturersModelName": "DISCOVERY_MR750",
    "ProcedureStepDescription": "CompMet",
    "ProtocolName": "fMRI_RestState",
    "RepetitionTime": 2,
    "ScanningSequence": "EP_GR",
    "SequenceVariant": "SS",
    "SeriesDescription": "fMRI_RestState",
    "SliceTiming": [
      1.0285,
      0.0571001,
      1.0857,
      0.1142,
      1.1428,
      0.1714,
      1.2,
      0.2285,
      1.2571,
      0.2857,
      1.3143,
      0.3428,
      1.3714,
      0.4,
      1.4286,
      0.4571,
      1.4857,
      0.5142,
      1.5428,
      0.5714,
      1.6,
      0.6285,
      1.6571,
      0.6857,
      1.7143,
      0.7428,
      1.7714,
      0.8,
      1.8285,
      0.8571,
      1.8857,
      0.9143,
      1.9428,
      0.9714
    ],
    "TaskName": "rest",
    "dataset": "ds003481",
    "modality": "bold",
    "subject_id": "069",
    "task_id": "rest"
  },
  "dummy_trs": 0,
  "dvars_nstd": 15.222288406220734,
  "dvars_std": 1.0584925154849498,
  "dvars_vstd": 0.9143053677926426,
  "efc": 0.3254640155908267,
  "fber": 72088.671875,
  "fd_mean": 0.059316843951929044,
  "fd_num": 3,
  "fd_perc": 1.0,
  "fwhm_avg": 2.8525166666666664,
  "fwhm_x": 2.970525,
  "fwhm_y": 2.810475,
  "fwhm_z": 2.77655,
  "gcor": 0.0386599,
  "gsr_x": -0.010468026623129845,
  "gsr_y": 0.0040018437430262566,
  "provenance": {
    "md5sum": "2c3a915a31c766a7f7e0a8150cded719",
    "settings": {
      "fd_thres": 0.2,
      "testing": false
    },
    "software": "mriqc",
    "version": "23.0.1",
    "webapi_port": null,
    "webapi_url": "https://mriqc.nimh.nih.gov/api/v1"
  },
  "size_t": 300,
  "size_x": 64,
  "size_y": 64,
  "size_z": 34,
  "snr": 3.092159182836194,
  "spacing_tr": 2.0,
  "spacing_x": 4.0,
  "spacing_y": 4.0,
  "spacing_z": 4.0,
  "summary_bg_k": 116.01403474586354,
  "summary_bg_mad": 9.389814286188756,
  "summary_bg_mean": 30.123502731323242,
  "summary_bg_median": 7.2866668701171875,
  "summary_bg_n": 101508.0,
  "summary_bg_p05": 0.3333333432674408,
  "summary_bg_p95": 129.52883224487263,
  "summary_bg_stdv": 86.31355285644531,
  "summary_fg_k": 0.7184156241947894,
  "summary_fg_mad": 490.7413343253543,
  "summary_fg_mean": 2024.0069580078125,
  "summary_fg_median": 1877.7333984375,
  "summary_fg_n": 11554.0,
  "summary_fg_p05": 1249.3407165527344,
  "summary_fg_p95": 3244.0190917968753,
  "summary_fg_stdv": 607.2301025390625,
  "tsnr": 67.51113922218792
}