{
  "bids_meta": {
    "AcquisitionMatrixPE": 256,
    "AcquisitionNumber": 1,
    "AcquisitionTime": "14:14:45.000000",
    "BodyPartExamined": "HEAD",
    "CoilString": "32Ch_Head",
    "ConversionSoftware": "dcm2niix",
    "ConversionSoftwareVersion": "v1.0.20181125  (JP2:OpenJPEG) GCC7.3.0",
    "DeviceSerialNumber": "0002806034DVR750",
    "EchoTime": 0.003192,
    "FlipAngle": 12,
    "ImageOrientationPatientDICOM": [
      0,
      1,
      0,
      0,
      0,
      -1
    ],
    "ImageType": [
      "ORIGINAL",
      "PRIMARY",
      "OTHER"
    ],
    "ImagingFrequency": 127.772,
    "InPlanePhaseEncodingDirectionDICOM": "ROW",
    "InstitutionName": "INSTITUTO_DE_NEUROBIOLOGIA",
    "InversionTime": 0.45,
    "MRAcquisitionType": "3D",
    "MagneticFieldStrength": 3,
    "Manufacturer": "GE",
    "ManufacturersModelName": "DISCOVERY_MR750",
    "Modality": "MR",
    "PatientPosition": "HFS",
    "PercentPhaseFOV": 100,
    "PixelBandwidth": 244.141,
    "ProcedureStepDescription": "Emociones_AH",
    "ProtocolName": "Sag_T1_FSPGR_BRAVO",
    "ReconMatrixPE": 256,
    "RepetitionTime": 0.008184,
    "SAR": 0.156052,
    "ScanOptions": "FAST_GEMS_EDR_GEMS_FILTERED_GEMS_ACC_GEMS_IR_GEMS",
    "ScanningSequence": "GR",
    "SequenceVariant": "SS_SP_SK",
    "SeriesDescription": "Sag_T1_FSPGR_BRAVO",
    "SeriesNumber": 9,
    "SliceThickness": 1,
    "SoftwareVersions": "27_LX_MR_Software_release:DV26.0_R02_1810.b",
    "SpacingBetweenSlices": 1,
    "StationName": "GEHCGEHC",
    "dataset": "ds003481",
    "modality": "T1w",
    "subject_id": "037"
  },
  "cjv": 0.4017194083483129,
  "cnr": 3.4020382954954305,
  "efc": 0.607190635779446,
  "fber": -1.0,
  "fwhm_avg": 3.691603333333333,
  "fwhm_x": 3.56729,
  "fwhm_y": 4.06403,
  "fwhm_z": 3.44349,
  "icvs_csf": 0.1879289145143754,
  "icvs_gm": 0.42411089295421533,
  "icvs_wm": 0.3879601925314093,
  "inu_med": 0.6134234070777893,
  "inu_range": 0.17975716590881352,
  "provenance": {
    "md5sum": "9a8175d5850c28f50f54bdfd0bda03ab",
    "settings": {
      "testing": false
    },
    "software": "mriqc",
    "version": "23.0.1",
    "warnings": {
      "large_rot_frame": true,
      "small_air_mask": false
    },
    "webapi_port": null,
    "webapi_url": "https://mriqc.nimh.nih.gov/api/v1"
  },
  "qi_1": 9.0104392374594e-06,
  "qi_2": 0.0020028318042551643,
  "rpve_csf": 29.262067645181876,
  "rpve_gm": 13.48100631048337,
  "rpve_wm": 16.803841538730424,
  "size_x": 176,
  "size_y": 256,
  "size_z": 256,
  "snr_csf": 2.5716956479404165,
  "snr_gm": 11.377842246187353,
  "snr_total": 9.853770337759462,
  "snr_wm": 15.611773119150618,
  "snrd_csf": 13.953532307713383,
  "snrd_gm": 31.81510279935401,
  "snrd_total": 30.51570196023502,
  "snrd_wm": 45.77847077363768,
  "spacing_x": 1.0,
  "spacing_y": 1.0,
  "spacing_z": 1.0,
  "summary_bg_k": 15.181850757432517,
  "summary_bg_mad": 0.0,
  "summary_bg_mean": 8.23903611717253,
  "summary_bg_median": 0.0,
  "summary_bg_n": 2055221.0,
  "summary_bg_p05": 0.0,
  "summary_bg_p95": 37.35004494711757,
  "summary_bg_stdv": 14.311527946026164,
  "summary_csf_k": 0.8877439121106234,
  "summary_csf_mad": 107.61807383150305,
  "summary_csf_mean": 311.89184460309536,
  "summary_csf_median": 304.81647419929504,
  "summary_csf_n": 21526.0,
  "summary_csf_p05": 125.37153150513768,
  "summary_csf_p95": 518.9615065902472,
  "summary_csf_stdv": 118.52467618711268,
  "summary_gm_k": 0.0010490955716671024,
  "summary_gm_mad": 61.58705754540875,
  "summary_gm_mean": 694.46742566957,
  "summary_gm_median": 695.0044797062874,
  "summary_gm_n": 27114.0,
  "summary_gm_p05": 592.8737719506025,
  "summary_gm_p95": 793.6615974716842,
  "summary_gm_stdv": 61.082905546621475,
  "summary_wm_k": 0.6690899027794495,
  "summary_wm_mad": 60.9499500535597,
  "summary_wm_mean": 1006.045722754556,
  "summary_wm_median": 1000.0358151420951,
  "summary_wm_n": 190999.0,
  "summary_wm_p05": 911.8352775536478,
  "summary_wm_p95": 1120.5049294341359,
  "summary_wm_stdv": 64.05634962779722,
  "tpm_overlap_csf": 0.1513938845450947,
  "tpm_overlap_gm": 0.4548810515575291,
  "tpm_overlap_wm": 0.48890726609357343,
  "wm2max": 0.47582211620378256
}