{
  "bids_meta": {
    "AcquisitionDateTime": "2016-04-27T20:51:55.000000",
    "ConversionSoftware": "dcm2niix",
    "ConversionSoftwareVersion": "v1.0.20170411 GCC4.8.4",
    "EchoTime": 0.00318,
    "FlipAngle": 12,
    "ImageType": [
      "DERIVED",
      "PRIMARY",
      "OTHER"
    ],
    "InversionTime": 0.45,
    "MagneticFieldStrength": 3,
    "Manufacturer": "GE",
    "ManufacturersModelName": "DISCOVERY_MR750",
    "ProcedureStepDescription": "ActosHabla",
    "ProtocolName": "PU:Sag_T1_FSPGR_BRAVO",
    "RepetitionTime": 0.008156,
    "ScanningSequence": "GR",
    "SequenceVariant": "SS_SP_SK",
    "SeriesDescription": "PU:Sag_T1_FSPGR_BRAVO",
    "dataset": "ds003481",
    "modality": "T1w",
    "subject_id": "001"
  },
  "cjv": 0.3543673210277723,
  "cnr": 3.8434841583299493,
  "efc": 0.7315086483235179,
  "fber": 6286.859638396366,
  "fwhm_avg": 3.7157133333333334,
  "fwhm_x": 3.65218,
  "fwhm_y": 3.93851,
  "fwhm_z": 3.55645,
  "icvs_csf": 0.2156527932132362,
  "icvs_gm": 0.44091906029485606,
  "icvs_wm": 0.3434281464919078,
  "inu_med": 0.578951895236969,
  "inu_range": 0.19197586774826048,
  "provenance": {
    "md5sum": "27e1c403d4aedeee80bde0147989622f",
    "settings": {
      "testing": false
    },
    "software": "mriqc",
    "version": "23.0.1",
    "warnings": {
      "large_rot_frame": true,
      "small_air_mask": false
    },
    "webapi_port": null,
    "webapi_url": "https://mriqc.nimh.nih.gov/api/v1"
  },
  "qi_1": 0.0,
  "qi_2": 0.0026513134380451767,
  "rpve_csf": 23.4740037966224,
  "rpve_gm": 12.103766224781408,
  "rpve_wm": 17.745475810574256,
  "size_x": 176,
  "size_y": 256,
  "size_z": 256,
  "snr_csf": 2.523992408460793,
  "snr_gm": 11.039668261024978,
  "snr_total": 11.464137033530571,
  "snr_wm": 20.82875043110595,
  "snrd_csf": 12.158638446728256,
  "snrd_gm": 30.290854230826177,
  "snrd_total": 28.75507921995423,
  "snrd_wm": 43.81574498230827,
  "spacing_x": 1.0,
  "spacing_y": 1.0,
  "spacing_z": 1.0,
  "summary_bg_k": 71.91046733534154,
  "summary_bg_mad": 0.0,
  "summary_bg_mean": 7.867258634004243,
  "summary_bg_median": 0.0,
  "summary_bg_n": 512679.0,
  "summary_bg_p05": 0.0,
  "summary_bg_p95": 34.89752763137221,
  "summary_bg_stdv": 14.952076488672539,
  "summary_csf_k": 0.9490280628098615,
  "summary_csf_mad": 94.30610505790787,
  "summary_csf_mean": 284.8561372891302,
  "summary_csf_median": 277.4947202652693,
  "summary_csf_n": 33616.0,
  "summary_csf_p05": 110.00765639450401,
  "summary_csf_p95": 482.03407129459083,
  "summary_csf_stdv": 109.94113606843835,
  "summary_gm_k": 0.10496807001629538,
  "summary_gm_mad": 61.67806690327489,
  "summary_gm_mean": 690.1174418553637,
  "summary_gm_median": 691.323469992727,
  "summary_gm_n": 41902.0,
  "summary_gm_p05": 584.9836931489408,
  "summary_gm_p95": 791.1874762041493,
  "summary_gm_stdv": 62.62101399319327,
  "summary_wm_k": 0.09637044108658355,
  "summary_wm_mad": 47.70679207988113,
  "summary_wm_mean": 1000.7202282324117,
  "summary_wm_median": 999.9999547936022,
  "summary_wm_n": 199345.0,
  "summary_wm_p05": 923.3862827159464,
  "summary_wm_p95": 1080.5592309832573,
  "summary_wm_stdv": 48.01043873869445,
  "tpm_overlap_csf": 0.1609302156328911,
  "tpm_overlap_gm": 0.4627212540840862,
  "tpm_overlap_wm": 0.500338536835581,
  "wm2max": 0.49462991171361603
}