{
  "aor": 0.0008556666666666668,
  "aqi": 0.0020909788566666667,
  "bids_meta": {
    "AcquisitionDateTime": "2016-10-08T12:36:47.000000",
    "ConversionSoftware": "dcm2niix",
    "ConversionSoftwareVersion": "v1.0.20170411 GCC4.8.4",
    "EchoTime": 0.04,
    "FlipAngle": 90,
    "ImageType": [
      "ORIGINAL",
      "PRIMARY",
      "EPI",
      "NONE"
    ],
    "MagneticFieldStrength": 3,
    "Manufacturer": "GE",
    "ManufacturersModelName": "DISCOVERY_MR750",
    "ProcedureStepDescription": "MeditResp",
    "ProtocolName": "fMRI_RestSt",
    "RepetitionTime": 2,
    "ScanningSequence": "EP_GR",
    "SequenceVariant": "SS",
    "SeriesDescription": "fMRI_RestSt",
    "SliceTiming": [
      1.0285,
      0.0571001,
      1.0857,
      0.1142,
      1.1428,
      0.1714,
      1.2,
      0.2285,
      1.2571,
      0.2857,
      1.3143,
      0.3428,
      1.3714,
      0.4,
      1.4286,
      0.4571,
      1.4857,
      0.5142,
      1.5428,
      0.5714,
      1.6,
      0.6285,
      1.6571,
      0.6857,
      1.7143,
      0.7428,
      1.7714,
      0.8,
      1.8285,
      0.8571,
      1.8857,
      0.9143,
      1.9428,
      0.9714
    ],
    "TaskName": "rest",
    "dataset": "ds003481",
    "modality": "bold",
    "subject_id": "121",
    "task_id": "rest"
  },
  "dummy_trs": 0,
  "dvars_nstd": 12.224587874448172,
  "dvars_std": 1.0615254728762542,
  "dvars_vstd": 0.9619123323076919,
  "efc": 0.32174587164170515,
  "fber": 97632.4375,
  "fd_mean": 0.054792299528287895,
  "fd_num": 0,
  "fd_perc": 0.0,
  "fwhm_avg": 2.9939999999999998,
  "fwhm_x": 2.902,
  "fwhm_y": 3.08145,
  "fwhm_z": 2.99855,
  "gcor": 0.0566899,
  "gsr_x": -0.012416684068739414,
  "gsr_y": -0.0007416281150653958,
  "provenance": {
    "md5sum": "ce31b8d40117349c8baa7252bc763be7",
    "settings": {
      "fd_thres": 0.2,
      "testing": false
    },
    "software": "mriqc",
    "version": "23.0.1",
    "webapi_port": null,
    "webapi_url": "https://mriqc.nimh.nih.gov/api/v1"
  },
  "size_t": 300,
  "size_x": 64,
  "size_y": 64,
  "size_z": 34,
  "snr": 2.911911003051188,
  "spacing_tr": 2.0,
  "spacing_x": 4.0,
  "spacing_y": 4.0,
  "spacing_z": 4.0,
  "summary_bg_k": 145.13807212718967,
  "summary_bg_mad": 8.964801922985817,
  "summary_bg_mean": 36.791778564453125,
  "summary_bg_median": 6.390000343322754,
  "summary_bg_n": 102400.0,
  "summary_bg_p05": 0.03666666895151138,
  "summary_bg_p95": 171.69351043701167,
  "summary_bg_stdv": 117.19319152832031,
  "summary_fg_k": 1.0654443509686526,
  "summary_fg_mad": 528.8492064363134,
  "summary_fg_mean": 2012.1539306640625,
  "summary_fg_median": 1859.4967041015625,
  "summary_fg_n": 10787.0,
  "summary_fg_p05": 1214.567333984375,
  "summary_fg_p95": 3303.9858154296858,
  "summary_fg_stdv": 638.5533447265625,
  "tsnr": 96.98189904913306
}