{
  "bids_meta": {
    "AcquisitionDateTime": "2016-10-08T10:40:41.000000",
    "ConversionSoftware": "dcm2niix",
    "ConversionSoftwareVersion": "v1.0.20170411 GCC4.8.4",
    "EchoTime": 0.003336,
    "FlipAngle": 12,
    "ImageType": [
      "DERIVED",
      "PRIMARY",
      "OTHER"
    ],
    "InversionTime": 0.45,
    "MagneticFieldStrength": 3,
    "Manufacturer": "GE",
    "ManufacturersModelName": "DISCOVERY_MR750",
    "ProcedureStepDescription": "MeditResp",
    "ProtocolName": "PU:Sag_T1_FSPGR_BRAVO",
    "RepetitionTime": 0.008512,
    "ScanningSequence": "GR",
    "SequenceVariant": "SS_SP_SK",
    "SeriesDescription": "PU:Sag_T1_FSPGR_BRAVO",
    "dataset": "ds003481",
    "modality": "T1w",
    "subject_id": "105"
  },
  "cjv": 0.3172111031275849,
  "cnr": 4.226077987547319,
  "efc": 0.7474647605243654,
  "fber": -1.0,
  "fwhm_avg": 3.8708066666666667,
  "fwhm_x": 3.94502,
  "fwhm_y": 4.00709,
  "fwhm_z": 3.66031,
  "icvs_csf": 0.19177529186189424,
  "icvs_gm": 0.4327082934262491,
  "icvs_wm": 0.37551641471185665,
  "inu_med": 0.3294866532087326,
  "inu_range": 0.0687239289283752,
  "provenance": {
    "md5sum": "6d851f7771d431a09a2fd2684c17d447",
    "settings": {
      "testing": false
    },
    "software": "mriqc",
    "version": "23.0.1",
    "warnings": {
      "large_rot_frame": true,
      "small_air_mask": true
    },
    "webapi_port": null,
    "webapi_url": "https://mriqc.nimh.nih.gov/api/v1"
  },
  "qi_1": 0.0,
  "qi_2": 0.0023046236350906376,
  "rpve_csf": 21.129941821783934,
  "rpve_gm": 10.33392673953962,
  "rpve_wm": 14.083982101146246,
  "size_x": 176,
  "size_y": 256,
  "size_z": 256,
  "snr_csf": 2.9190047544002558,
  "snr_gm": 11.852880832739961,
  "snr_total": 13.599633859977075,
  "snr_wm": 26.027015992791007,
  "snrd_csf": 32.75700180601567,
  "snrd_gm": 73.39919773489032,
  "snrd_total": 70.2958926663395,
  "snrd_wm": 104.73147845811252,
  "spacing_x": 1.0,
  "spacing_y": 1.0,
  "spacing_z": 1.0,
  "summary_bg_k": 34.70252635501931,
  "summary_bg_mad": 0.0,
  "summary_bg_mean": 1.8134607327542085,
  "summary_bg_median": 0.0,
  "summary_bg_n": 156571.0,
  "summary_bg_p05": 0.0,
  "summary_bg_p95": 11.447215888649225,
  "summary_bg_stdv": 6.2555646106022635,
  "summary_csf_k": 0.914471199435333,
  "summary_csf_mad": 93.83610459352789,
  "summary_csf_mean": 315.18484721176395,
  "summary_csf_median": 312.77996650338173,
  "summary_csf_n": 30973.0,
  "summary_csf_p05": 141.36482114084066,
  "summary_csf_p95": 498.1861535076051,
  "summary_csf_stdv": 107.15121883759943,
  "summary_gm_k": 0.14992560912644803,
  "summary_gm_mad": 58.17100586204285,
  "summary_gm_mean": 700.8012316610009,
  "summary_gm_median": 700.8516452405602,
  "summary_gm_n": 50401.0,
  "summary_gm_p05": 603.4397090673447,
  "summary_gm_p95": 797.3234718963504,
  "summary_gm_stdv": 59.12863736171623,
  "summary_wm_k": 0.5081195877273661,
  "summary_wm_mad": 36.73095225679379,
  "summary_wm_mean": 1000.2715758294745,
  "summary_wm_median": 1000.0276740211993,
  "summary_wm_n": 293453.0,
  "summary_wm_p05": 937.814544191584,
  "summary_wm_p95": 1063.3191647678614,
  "summary_wm_stdv": 38.4226132722715,
  "tpm_overlap_csf": 0.15636456743643337,
  "tpm_overlap_gm": 0.4576656551640562,
  "tpm_overlap_wm": 0.5165044072316269,
  "wm2max": 0.6944775144974845
}