{
  "aor": 0.0010693388429752068,
  "aqi": 0.002763594359504132,
  "bids_meta": {
    "AcquisitionMatrixPE": 64,
    "AcquisitionNumber": 1,
    "AcquisitionTime": "14:54:39.000000",
    "BodyPartExamined": "HEAD",
    "CoilString": "32Ch_Head",
    "ConversionSoftware": "dcm2niix",
    "ConversionSoftwareVersion": "v1.0.20181125  (JP2:OpenJPEG) GCC7.3.0",
    "DeviceSerialNumber": "0002806034DVR750",
    "EchoTime": 0.04,
    "EffectiveEchoSpacing": 0.000372,
    "FlipAngle": 90,
    "ImageOrientationPatientDICOM": [
      1,
      0,
      0,
      0,
      1,
      0
    ],
    "ImageType": [
      "ORIGINAL",
      "PRIMARY",
      "EPI",
      "NONE"
    ],
    "ImagingFrequency": 127.772,
    "InPlanePhaseEncodingDirectionDICOM": "COL",
    "InstitutionName": "INSTITUTO_DE_NEUROBIOLOGIA",
    "MRAcquisitionType": "2D",
    "MagneticFieldStrength": 3,
    "Manufacturer": "GE",
    "ManufacturersModelName": "DISCOVERY_MR750",
    "Modality": "MR",
    "PatientPosition": "HFS",
    "PercentPhaseFOV": 100,
    "PhaseEncodingDirection": "j",
    "PhaseEncodingPolarityGE": "Flipped",
    "PixelBandwidth": 7812.5,
    "ProcedureStepDescription": "Emociones_AH",
    "ProtocolName": "fMRI_Jalil_1",
    "ReconMatrixPE": 64,
    "RepetitionTime": 2,
    "SAR": 0.208721,
    "ScanOptions": "EPI_GEMS_ACC_GEMS",
    "ScanningSequence": "EP_GR",
    "SequenceVariant": "SS",
    "SeriesDescription": "fMRI_Jalil_1",
    "SeriesNumber": 5,
    "SliceThickness": 4,
    "SliceTiming": [
      0,
      1.0285,
      0.0571001,
      1.0857,
      0.1142,
      1.1428,
      0.1714,
      1.2,
      0.2285,
      1.2571,
      0.2857,
      1.3143,
      0.3428,
      1.3714,
      0.4,
      1.4286,
      0.4571,
      1.4857,
      0.5142,
      1.5428,
      0.5714,
      1.6,
      0.6285,
      1.6571,
      0.6857,
      1.7143,
      0.7428,
      1.7714,
      0.8,
      1.8285,
      0.8571,
      1.8857,
      0.9143,
      1.9428,
      0.9714
    ],
    "SoftwareVersions": "27_LX_MR_Software_release:DV26.0_R03_1831.b",
    "SpacingBetweenSlices": 4,
    "StationName": "GEHCGEHC",
    "TaskName": "sae",
    "TotalReadoutTime": 0.023436,
    "dataset": "ds003481",
    "modality": "bold",
    "run_id": 1,
    "subject_id": "046",
    "task_id": "sae"
  },
  "dummy_trs": 0,
  "dvars_nstd": 16.228548536597508,
  "dvars_std": 1.077524051286307,
  "dvars_vstd": 0.9728767591701244,
  "efc": 0.3365850857137518,
  "fber": 81542.0625,
  "fd_mean": 0.09280176564981374,
  "fd_num": 8,
  "fd_perc": 3.3057851239669422,
  "fwhm_avg": 2.4032891666666667,
  "fwhm_x": 2.391585,
  "fwhm_y": 2.5618,
  "fwhm_z": 2.2564825,
  "gcor": 0.0832252,
  "gsr_x": -0.01028233952820301,
  "gsr_y": -0.0033315003383904696,
  "provenance": {
    "md5sum": "ccb0a6774fb94d46e0fe95a4fa4443ec",
    "settings": {
      "fd_thres": 0.2,
      "testing": false
    },
    "software": "mriqc",
    "version": "23.0.1",
    "webapi_port": null,
    "webapi_url": "https://mriqc.nimh.nih.gov/api/v1"
  },
  "size_t": 242,
  "size_x": 64,
  "size_y": 64,
  "size_z": 35,
  "snr": 3.806609000236211,
  "spacing_tr": 2.0,
  "spacing_x": 4.0,
  "spacing_y": 4.0,
  "spacing_z": 4.0,
  "summary_bg_k": 62.08916403502093,
  "summary_bg_mad": 8.913992057328212,
  "summary_bg_mean": 31.73830223083496,
  "summary_bg_median": 6.603305339813232,
  "summary_bg_n": 104355.0,
  "summary_bg_p05": 0.1611570119857788,
  "summary_bg_p95": 138.28223114013667,
  "summary_bg_stdv": 93.3129653930664,
  "summary_fg_k": 0.35054185244064806,
  "summary_fg_mad": 436.4884452822116,
  "summary_fg_mean": 1810.361328125,
  "summary_fg_median": 1782.5556640625,
  "summary_fg_n": 12054.0,
  "summary_fg_p05": 1085.2557312011718,
  "summary_fg_p95": 2629.3342407226564,
  "summary_fg_stdv": 468.2597351074219,
  "tsnr": 70.93247563834302
}