{
  "aor": 0.0006066333333333334,
  "aqi": 0.0029807182666666664,
  "bids_meta": {
    "AcquisitionMatrixPE": 64,
    "AcquisitionNumber": 1,
    "AcquisitionTime": "14:41:9.000000",
    "BodyPartExamined": "HEAD",
    "CoilString": "32Ch_Head",
    "ConversionSoftware": "dcm2niix",
    "ConversionSoftwareVersion": "v1.0.20181125  (JP2:OpenJPEG) GCC7.3.0",
    "DeviceSerialNumber": "0002806034DVR750",
    "EchoTime": 0.04,
    "EffectiveEchoSpacing": 0.000372,
    "FlipAngle": 90,
    "ImageOrientationPatientDICOM": [
      1,
      0,
      0,
      0,
      1,
      0
    ],
    "ImageType": [
      "ORIGINAL",
      "PRIMARY",
      "EPI",
      "NONE"
    ],
    "ImagingFrequency": 127.772,
    "InPlanePhaseEncodingDirectionDICOM": "COL",
    "InstitutionName": "INSTITUTO_DE_NEUROBIOLOGIA",
    "MRAcquisitionType": "2D",
    "MagneticFieldStrength": 3,
    "Manufacturer": "GE",
    "ManufacturersModelName": "DISCOVERY_MR750",
    "Modality": "MR",
    "PatientPosition": "HFS",
    "PercentPhaseFOV": 100,
    "PhaseEncodingDirection": "j",
    "PhaseEncodingPolarityGE": "Flipped",
    "PixelBandwidth": 7812.5,
    "ProcedureStepDescription": "Emociones_AH",
    "ProtocolName": "fMRI_RestState",
    "ReconMatrixPE": 64,
    "RepetitionTime": 2,
    "SAR": 0.210353,
    "ScanOptions": "EPI_GEMS_ACC_GEMS",
    "ScanningSequence": "EP_GR",
    "SequenceVariant": "SS",
    "SeriesDescription": "fMRI_RestState",
    "SeriesNumber": 3,
    "SliceThickness": 4,
    "SliceTiming": [
      0,
      1.0285,
      0.0571001,
      1.0857,
      0.1142,
      1.1428,
      0.1714,
      1.2,
      0.2285,
      1.2571,
      0.2857,
      1.3143,
      0.3428,
      1.3714,
      0.4,
      1.4286,
      0.4571,
      1.4857,
      0.5142,
      1.5428,
      0.5714,
      1.6,
      0.6285,
      1.6571,
      0.6857,
      1.7143,
      0.7428,
      1.7714,
      0.8,
      1.8285,
      0.8571,
      1.8857,
      0.9143,
      1.9428,
      0.9714
    ],
    "SoftwareVersions": "27_LX_MR_Software_release:DV26.0_R03_1831.b",
    "SpacingBetweenSlices": 4,
    "StationName": "GEHCGEHC",
    "TaskName": "rest",
    "TotalReadoutTime": 0.023436,
    "dataset": "ds003481",
    "modality": "bold",
    "subject_id": "046",
    "task_id": "rest"
  },
  "dummy_trs": 0,
  "dvars_nstd": 17.54539788632108,
  "dvars_std": 1.045190714849499,
  "dvars_vstd": 0.9442335842474913,
  "efc": 0.3370204162365045,
  "fber": 89541.8515625,
  "fd_mean": 0.12898897011601435,
  "fd_num": 38,
  "fd_perc": 12.666666666666666,
  "fwhm_avg": 2.392,
  "fwhm_x": 2.3691625,
  "fwhm_y": 2.532625,
  "fwhm_z": 2.2742125,
  "gcor": 0.0600858,
  "gsr_x": -0.011236331425607204,
  "gsr_y": -0.0020350797567516565,
  "provenance": {
    "md5sum": "c09f76d527046137b5e297a8c51873f6",
    "settings": {
      "fd_thres": 0.2,
      "testing": false
    },
    "software": "mriqc",
    "version": "23.0.1",
    "webapi_port": null,
    "webapi_url": "https://mriqc.nimh.nih.gov/api/v1"
  },
  "size_t": 300,
  "size_x": 64,
  "size_y": 64,
  "size_z": 35,
  "snr": 3.919860184987886,
  "spacing_tr": 2.0,
  "spacing_x": 4.0,
  "spacing_y": 4.0,
  "spacing_z": 4.0,
  "summary_bg_k": 65.96702216032945,
  "summary_bg_mad": 8.71770103774334,
  "summary_bg_mean": 31.91033363342285,
  "summary_bg_median": 6.473333358764648,
  "summary_bg_n": 104236.0,
  "summary_bg_p05": 0.19333334267139435,
  "summary_bg_p95": 137.17667388916016,
  "summary_bg_stdv": 95.53924560546875,
  "summary_fg_k": 0.26903482685115643,
  "summary_fg_mad": 433.49799389580085,
  "summary_fg_mean": 1853.2513427734375,
  "summary_fg_median": 1826.0733642578125,
  "summary_fg_n": 12094.0,
  "summary_fg_p05": 1121.1990600585937,
  "summary_fg_p95": 2671.421130371094,
  "summary_fg_stdv": 465.8323974609375,
  "tsnr": 64.05950469186064
}