{
  "aor": 0.0004986607142857143,
  "aqi": 0.0016993203214285715,
  "bids_meta": {
    "AcquisitionMatrixPE": 64,
    "AcquisitionNumber": 1,
    "AcquisitionTime": "15:03:24.000000",
    "BodyPartExamined": "HEAD",
    "CoilString": "32Ch_Head",
    "ConversionSoftware": "dcm2niix",
    "ConversionSoftwareVersion": "v1.0.20181125  (JP2:OpenJPEG) GCC7.3.0",
    "DeviceSerialNumber": "0002806034DVR750",
    "EchoTime": 0.04,
    "EffectiveEchoSpacing": 0.000372,
    "FlipAngle": 90,
    "ImageOrientationPatientDICOM": [
      1,
      0,
      0,
      0,
      1,
      0
    ],
    "ImageType": [
      "ORIGINAL",
      "PRIMARY",
      "EPI",
      "NONE"
    ],
    "ImagingFrequency": 127.772,
    "InPlanePhaseEncodingDirectionDICOM": "COL",
    "InstitutionName": "INSTITUTO_DE_NEUROBIOLOGIA",
    "MRAcquisitionType": "2D",
    "MagneticFieldStrength": 3,
    "Manufacturer": "GE",
    "ManufacturersModelName": "DISCOVERY_MR750",
    "Modality": "MR",
    "PatientPosition": "HFS",
    "PercentPhaseFOV": 100,
    "PhaseEncodingDirection": "j",
    "PhaseEncodingPolarityGE": "Flipped",
    "PixelBandwidth": 7812.5,
    "ProcedureStepDescription": "Emociones_AH",
    "ProtocolName": "fMRI_Jalil_2",
    "ReconMatrixPE": 64,
    "RepetitionTime": 2,
    "SAR": 0.208721,
    "ScanOptions": "EPI_GEMS_ACC_GEMS",
    "ScanningSequence": "EP_GR",
    "SequenceVariant": "SS",
    "SeriesDescription": "fMRI_Jalil_2",
    "SeriesNumber": 6,
    "SliceThickness": 4,
    "SliceTiming": [
      0,
      1.0285,
      0.0571001,
      1.0857,
      0.1142,
      1.1428,
      0.1714,
      1.2,
      0.2285,
      1.2571,
      0.2857,
      1.3143,
      0.3428,
      1.3714,
      0.4,
      1.4286,
      0.4571,
      1.4857,
      0.5142,
      1.5428,
      0.5714,
      1.6,
      0.6285,
      1.6571,
      0.6857,
      1.7143,
      0.7428,
      1.7714,
      0.8,
      1.8285,
      0.8571,
      1.8857,
      0.9143,
      1.9428,
      0.9714
    ],
    "SoftwareVersions": "27_LX_MR_Software_release:DV26.0_R03_1831.b",
    "SpacingBetweenSlices": 4,
    "StationName": "GEHCGEHC",
    "TaskName": "sae",
    "TotalReadoutTime": 0.023436,
    "dataset": "ds003481",
    "modality": "bold",
    "run_id": 2,
    "subject_id": "046",
    "task_id": "sae"
  },
  "dummy_trs": 0,
  "dvars_nstd": 16.268719664618832,
  "dvars_std": 1.071772350089686,
  "dvars_vstd": 0.9678380146636768,
  "efc": 0.3369713763834549,
  "fber": 78452.3671875,
  "fd_mean": 0.09631465609200024,
  "fd_num": 7,
  "fd_perc": 3.125,
  "fwhm_avg": 2.4052475,
  "fwhm_x": 2.40604,
  "fwhm_y": 2.53885,
  "fwhm_z": 2.2708525,
  "gcor": 0.0327041,
  "gsr_x": -0.009687205776572227,
  "gsr_y": -0.003986054565757513,
  "provenance": {
    "md5sum": "8e809d4908f4ca285067fca1ed255788",
    "settings": {
      "fd_thres": 0.2,
      "testing": false
    },
    "software": "mriqc",
    "version": "23.0.1",
    "webapi_port": null,
    "webapi_url": "https://mriqc.nimh.nih.gov/api/v1"
  },
  "size_t": 224,
  "size_x": 64,
  "size_y": 64,
  "size_z": 35,
  "snr": 3.777950311194856,
  "spacing_tr": 2.0,
  "spacing_x": 4.0,
  "spacing_y": 4.0,
  "spacing_z": 4.0,
  "summary_bg_k": 59.60050277682914,
  "summary_bg_mad": 9.03460744575847,
  "summary_bg_mean": 31.957754135131836,
  "summary_bg_median": 6.714285850524902,
  "summary_bg_n": 104348.0,
  "summary_bg_p05": 0.165178582072258,
  "summary_bg_p95": 140.3261276245113,
  "summary_bg_stdv": 93.62797546386719,
  "summary_fg_k": 0.3365653101133246,
  "summary_fg_mad": 440.45203535623284,
  "summary_fg_mean": 1804.3504638671875,
  "summary_fg_median": 1774.634033203125,
  "summary_fg_n": 12066.0,
  "summary_fg_p05": 1079.7109680175781,
  "summary_fg_p95": 2624.4465942382812,
  "summary_fg_stdv": 469.71514892578125,
  "tsnr": 81.40705034229904
}