{
  "aor": 0.0027604,
  "aqi": 0.0019482334400000001,
  "bids_meta": {
    "AcquisitionMatrixPE": 64,
    "AcquisitionNumber": 1,
    "AcquisitionTime": "15:20:52.000000",
    "BodyPartExamined": "HEAD",
    "CoilString": "32Ch_Head",
    "ConversionSoftware": "dcm2niix",
    "ConversionSoftwareVersion": "v1.0.20181125  (JP2:OpenJPEG) GCC7.3.0",
    "DeviceSerialNumber": "0002806034DVR750",
    "EchoTime": 0.04,
    "EffectiveEchoSpacing": 0.000372,
    "FlipAngle": 90,
    "ImageOrientationPatientDICOM": [
      1,
      0,
      0,
      0,
      1,
      0
    ],
    "ImageType": [
      "ORIGINAL",
      "PRIMARY",
      "EPI",
      "NONE"
    ],
    "ImagingFrequency": 127.772,
    "InPlanePhaseEncodingDirectionDICOM": "COL",
    "InstitutionName": "INSTITUTO_DE_NEUROBIOLOGIA",
    "MRAcquisitionType": "2D",
    "MagneticFieldStrength": 3,
    "Manufacturer": "GE",
    "ManufacturersModelName": "DISCOVERY_MR750",
    "Modality": "MR",
    "PatientPosition": "HFS",
    "PercentPhaseFOV": 100,
    "PhaseEncodingDirection": "j",
    "PhaseEncodingPolarityGE": "Flipped",
    "PixelBandwidth": 7812.5,
    "ProcedureStepDescription": "Emociones_AH",
    "ProtocolName": "fMRI_Jalil_4",
    "ReconMatrixPE": 64,
    "RepetitionTime": 2,
    "SAR": 0.208721,
    "ScanOptions": "EPI_GEMS_ACC_GEMS",
    "ScanningSequence": "EP_GR",
    "SequenceVariant": "SS",
    "SeriesDescription": "fMRI_Jalil_4",
    "SeriesNumber": 8,
    "SliceThickness": 4,
    "SliceTiming": [
      0,
      1.0285,
      0.0571001,
      1.0857,
      0.1142,
      1.1428,
      0.1714,
      1.2,
      0.2285,
      1.2571,
      0.2857,
      1.3143,
      0.3428,
      1.3714,
      0.4,
      1.4286,
      0.4571,
      1.4857,
      0.5142,
      1.5428,
      0.5714,
      1.6,
      0.6285,
      1.6571,
      0.6857,
      1.7143,
      0.7428,
      1.7714,
      0.8,
      1.8285,
      0.8571,
      1.8857,
      0.9143,
      1.9428,
      0.9714
    ],
    "SoftwareVersions": "27_LX_MR_Software_release:DV26.0_R03_1831.b",
    "SpacingBetweenSlices": 4,
    "StationName": "GEHCGEHC",
    "TaskName": "ec",
    "TotalReadoutTime": 0.023436,
    "dataset": "ds003481",
    "modality": "bold",
    "run_id": 4,
    "subject_id": "046",
    "task_id": "ec"
  },
  "dummy_trs": 0,
  "dvars_nstd": 17.621375467986567,
  "dvars_std": 1.094819082080537,
  "dvars_vstd": 0.9946926693288592,
  "efc": 0.33752898069263204,
  "fber": 84561.9609375,
  "fd_mean": 0.15362305186209085,
  "fd_num": 23,
  "fd_perc": 15.333333333333334,
  "fwhm_avg": 2.392746666666667,
  "fwhm_x": 2.3997575,
  "fwhm_y": 2.545825,
  "fwhm_z": 2.2326575,
  "gcor": 0.0492538,
  "gsr_x": -0.009941063821315765,
  "gsr_y": -0.0034491794649511576,
  "provenance": {
    "md5sum": "ef83970e203c4cf712d204042afa2842",
    "settings": {
      "fd_thres": 0.2,
      "testing": false
    },
    "software": "mriqc",
    "version": "23.0.1",
    "webapi_port": null,
    "webapi_url": "https://mriqc.nimh.nih.gov/api/v1"
  },
  "size_t": 150,
  "size_x": 64,
  "size_y": 64,
  "size_z": 35,
  "snr": 3.7177387077261335,
  "spacing_tr": 2.0,
  "spacing_x": 4.0,
  "spacing_y": 4.0,
  "spacing_z": 4.0,
  "summary_bg_k": 61.270012370074,
  "summary_bg_mad": 8.648513000195997,
  "summary_bg_mean": 31.76410484313965,
  "summary_bg_median": 6.433333396911621,
  "summary_bg_n": 104191.0,
  "summary_bg_p05": 0.1599999964237213,
  "summary_bg_p95": 140.17000579833984,
  "summary_bg_stdv": 93.23188781738281,
  "summary_fg_k": 0.3276408020527506,
  "summary_fg_mad": 443.387015846651,
  "summary_fg_mean": 1783.2967529296875,
  "summary_fg_median": 1751.67333984375,
  "summary_fg_n": 12126.0,
  "summary_fg_p05": 1059.0916442871094,
  "summary_fg_p95": 2610.1834106445312,
  "summary_fg_stdv": 471.14691162109375,
  "tsnr": 78.34971749293618
}