{
  "aor": 0.0007981696428571429,
  "aqi": 0.0011023471651785714,
  "bids_meta": {
    "AcquisitionMatrixPE": 64,
    "AcquisitionNumber": 1,
    "AcquisitionTime": "19:47:38.000000",
    "BodyPartExamined": "HEAD",
    "CoilString": "32Ch_Head",
    "ConversionSoftware": "dcm2niix",
    "ConversionSoftwareVersion": "v1.0.20181125  (JP2:OpenJPEG) GCC7.3.0",
    "DeviceSerialNumber": "0002806034DVR750",
    "EchoTime": 0.04,
    "EffectiveEchoSpacing": 0.000372,
    "FlipAngle": 90,
    "ImageOrientationPatientDICOM": [
      1,
      0,
      0,
      0,
      1,
      0
    ],
    "ImageType": [
      "ORIGINAL",
      "PRIMARY",
      "EPI",
      "NONE"
    ],
    "ImagingFrequency": 127.772,
    "InPlanePhaseEncodingDirectionDICOM": "COL",
    "InstitutionName": "INSTITUTO_DE_NEUROBIOLOGIA",
    "MRAcquisitionType": "2D",
    "MagneticFieldStrength": 3,
    "Manufacturer": "GE",
    "ManufacturersModelName": "DISCOVERY_MR750",
    "Modality": "MR",
    "PatientPosition": "HFS",
    "PercentPhaseFOV": 100,
    "PhaseEncodingDirection": "j",
    "PhaseEncodingPolarityGE": "Flipped",
    "PixelBandwidth": 7812.5,
    "ProcedureStepDescription": "Emociones_AH",
    "ProtocolName": "fMRI_Jalil_2",
    "ReconMatrixPE": 64,
    "RepetitionTime": 2,
    "SAR": 0.176101,
    "ScanOptions": "EPI_GEMS_ACC_GEMS",
    "ScanningSequence": "EP_GR",
    "SequenceVariant": "SS",
    "SeriesDescription": "fMRI_Jalil_2",
    "SeriesNumber": 6,
    "SliceThickness": 4,
    "SliceTiming": [
      0,
      1.0285,
      0.0571001,
      1.0857,
      0.1142,
      1.1428,
      0.1714,
      1.2,
      0.2285,
      1.2571,
      0.2857,
      1.3143,
      0.3428,
      1.3714,
      0.4,
      1.4286,
      0.4571,
      1.4857,
      0.5142,
      1.5428,
      0.5714,
      1.6,
      0.6285,
      1.6571,
      0.6857,
      1.7143,
      0.7428,
      1.7714,
      0.8,
      1.8285,
      0.8571,
      1.8857,
      0.9143,
      1.9428,
      0.9714
    ],
    "SoftwareVersions": "27_LX_MR_Software_release:DV26.0_R02_1810.b",
    "SpacingBetweenSlices": 4,
    "StationName": "GEHCGEHC",
    "TaskName": "sae",
    "TotalReadoutTime": 0.023436,
    "dataset": "ds003481",
    "modality": "bold",
    "run_id": 2,
    "subject_id": "032",
    "task_id": "sae"
  },
  "dummy_trs": 0,
  "dvars_nstd": 11.436229389192818,
  "dvars_std": 1.0821151603587442,
  "dvars_vstd": 1.001959818430493,
  "efc": 0.3460175728862611,
  "fber": 63443.1953125,
  "fd_mean": 0.07226315117179265,
  "fd_num": 2,
  "fd_perc": 0.8928571428571429,
  "fwhm_avg": 2.7547250000000005,
  "fwhm_x": 2.704375,
  "fwhm_y": 2.802175,
  "fwhm_z": 2.757625,
  "gcor": 0.0380884,
  "gsr_x": -0.005062264855951071,
  "gsr_y": -0.0014736969023942947,
  "provenance": {
    "md5sum": "4f626d40eff02256b47de5eb95096e2f",
    "settings": {
      "fd_thres": 0.2,
      "testing": false
    },
    "software": "mriqc",
    "version": "23.0.1",
    "webapi_port": null,
    "webapi_url": "https://mriqc.nimh.nih.gov/api/v1"
  },
  "size_t": 224,
  "size_x": 64,
  "size_y": 64,
  "size_z": 35,
  "snr": 3.6806124588376963,
  "spacing_tr": 2.0,
  "spacing_x": 4.0,
  "spacing_y": 4.0,
  "spacing_z": 4.0,
  "summary_bg_k": 96.97978408028536,
  "summary_bg_mad": 11.198942868577403,
  "summary_bg_mean": 37.293819427490234,
  "summary_bg_median": 8.535715103149414,
  "summary_bg_n": 103110.0,
  "summary_bg_p05": 0.299107164144516,
  "summary_bg_p95": 163.93237915039026,
  "summary_bg_stdv": 105.33364868164062,
  "summary_fg_k": 0.4111952428993537,
  "summary_fg_mad": 513.215372361328,
  "summary_fg_mean": 2176.338134765625,
  "summary_fg_median": 2088.4599609375,
  "summary_fg_n": 13216.0,
  "summary_fg_p05": 1379.5871276855469,
  "summary_fg_p95": 3247.1464233398438,
  "summary_fg_stdv": 567.400390625,
  "tsnr": 118.4566972097382
}