{
  "aor": 0.0009425984251968505,
  "aqi": 0.0014984068385826773,
  "bids_meta": {
    "AcquisitionMatrixPE": 64,
    "AcquisitionNumber": 1,
    "AcquisitionTime": "19:55:55.000000",
    "BodyPartExamined": "HEAD",
    "CoilString": "32Ch_Head",
    "ConversionSoftware": "dcm2niix",
    "ConversionSoftwareVersion": "v1.0.20181125  (JP2:OpenJPEG) GCC7.3.0",
    "DeviceSerialNumber": "0002806034DVR750",
    "EchoTime": 0.04,
    "EffectiveEchoSpacing": 0.000372,
    "FlipAngle": 90,
    "ImageOrientationPatientDICOM": [
      1,
      0,
      0,
      0,
      1,
      0
    ],
    "ImageType": [
      "ORIGINAL",
      "PRIMARY",
      "EPI",
      "NONE"
    ],
    "ImagingFrequency": 127.772,
    "InPlanePhaseEncodingDirectionDICOM": "COL",
    "InstitutionName": "INSTITUTO_DE_NEUROBIOLOGIA",
    "MRAcquisitionType": "2D",
    "MagneticFieldStrength": 3,
    "Manufacturer": "GE",
    "ManufacturersModelName": "DISCOVERY_MR750",
    "Modality": "MR",
    "PatientPosition": "HFS",
    "PercentPhaseFOV": 100,
    "PhaseEncodingDirection": "j",
    "PhaseEncodingPolarityGE": "Flipped",
    "PixelBandwidth": 7812.5,
    "ProcedureStepDescription": "Emociones_AH",
    "ProtocolName": "fMRI_Jalil_3",
    "ReconMatrixPE": 64,
    "RepetitionTime": 2,
    "SAR": 0.176101,
    "ScanOptions": "EPI_GEMS_ACC_GEMS",
    "ScanningSequence": "EP_GR",
    "SequenceVariant": "SS",
    "SeriesDescription": "fMRI_Jalil_3",
    "SeriesNumber": 7,
    "SliceThickness": 4,
    "SliceTiming": [
      0,
      1.0285,
      0.0571001,
      1.0857,
      0.1142,
      1.1428,
      0.1714,
      1.2,
      0.2285,
      1.2571,
      0.2857,
      1.3143,
      0.3428,
      1.3714,
      0.4,
      1.4286,
      0.4571,
      1.4857,
      0.5142,
      1.5428,
      0.5714,
      1.6,
      0.6285,
      1.6571,
      0.6857,
      1.7143,
      0.7428,
      1.7714,
      0.8,
      1.8285,
      0.8571,
      1.8857,
      0.9143,
      1.9428,
      0.9714
    ],
    "SoftwareVersions": "27_LX_MR_Software_release:DV26.0_R02_1810.b",
    "SpacingBetweenSlices": 4,
    "StationName": "GEHCGEHC",
    "TaskName": "sae",
    "TotalReadoutTime": 0.023436,
    "dataset": "ds003481",
    "modality": "bold",
    "run_id": 3,
    "subject_id": "032",
    "task_id": "sae"
  },
  "dummy_trs": 0,
  "dvars_nstd": 11.735928629565215,
  "dvars_std": 1.0572812918577068,
  "dvars_vstd": 0.9933665296047436,
  "efc": 0.3457830179302021,
  "fber": 61627.63671875,
  "fd_mean": 0.08147015811592882,
  "fd_num": 1,
  "fd_perc": 0.3937007874015748,
  "fwhm_avg": 2.7284666666666664,
  "fwhm_x": 2.7052,
  "fwhm_y": 2.770325,
  "fwhm_z": 2.709875,
  "gcor": 0.0324834,
  "gsr_x": -0.005323898047208786,
  "gsr_y": -0.001062234165146947,
  "provenance": {
    "md5sum": "1dc1e995615e1023018d3fc2f7d11e6d",
    "settings": {
      "fd_thres": 0.2,
      "testing": false
    },
    "software": "mriqc",
    "version": "23.0.1",
    "webapi_port": null,
    "webapi_url": "https://mriqc.nimh.nih.gov/api/v1"
  },
  "size_t": 254,
  "size_x": 64,
  "size_y": 64,
  "size_z": 35,
  "snr": 3.6571193614676454,
  "spacing_tr": 2.0,
  "spacing_x": 4.0,
  "spacing_y": 4.0,
  "spacing_z": 4.0,
  "summary_bg_k": 114.58275258606226,
  "summary_bg_mad": 11.28295302589155,
  "summary_bg_mean": 37.29242706298828,
  "summary_bg_median": 8.594488143920898,
  "summary_bg_n": 103191.0,
  "summary_bg_p05": 0.29921260476112366,
  "summary_bg_p95": 164.1496124267578,
  "summary_bg_stdv": 105.4722671508789,
  "summary_fg_k": 0.4778187549432662,
  "summary_fg_mad": 512.367563512135,
  "summary_fg_mean": 2149.0859375,
  "summary_fg_median": 2068.31103515625,
  "summary_fg_n": 13201.0,
  "summary_fg_p05": 1345.2952880859375,
  "summary_fg_p95": 3222.527587890625,
  "summary_fg_stdv": 565.5360107421875,
  "tsnr": 101.40232370607555
}