{
  "aor": 0.0019129,
  "aqi": 0.0021737232466666665,
  "bids_meta": {
    "AcquisitionMatrixPE": 64,
    "AcquisitionNumber": 1,
    "AcquisitionTime": "19:26:17.000000",
    "BodyPartExamined": "HEAD",
    "CoilString": "32Ch_Head",
    "ConversionSoftware": "dcm2niix",
    "ConversionSoftwareVersion": "v1.0.20181125  (JP2:OpenJPEG) GCC7.3.0",
    "DeviceSerialNumber": "0002806034DVR750",
    "EchoTime": 0.04,
    "EffectiveEchoSpacing": 0.000372,
    "FlipAngle": 90,
    "ImageOrientationPatientDICOM": [
      1,
      0,
      0,
      0,
      1,
      0
    ],
    "ImageType": [
      "ORIGINAL",
      "PRIMARY",
      "EPI",
      "NONE"
    ],
    "ImagingFrequency": 127.772,
    "InPlanePhaseEncodingDirectionDICOM": "COL",
    "InstitutionName": "INSTITUTO_DE_NEUROBIOLOGIA",
    "MRAcquisitionType": "2D",
    "MagneticFieldStrength": 3,
    "Manufacturer": "GE",
    "ManufacturersModelName": "DISCOVERY_MR750",
    "Modality": "MR",
    "PatientPosition": "HFS",
    "PercentPhaseFOV": 100,
    "PhaseEncodingDirection": "j",
    "PhaseEncodingPolarityGE": "Flipped",
    "PixelBandwidth": 7812.5,
    "ProcedureStepDescription": "Emociones_AH",
    "ProtocolName": "fMRI_RestState",
    "ReconMatrixPE": 64,
    "RepetitionTime": 2,
    "SAR": 0.176101,
    "ScanOptions": "EPI_GEMS_ACC_GEMS",
    "ScanningSequence": "EP_GR",
    "SequenceVariant": "SS",
    "SeriesDescription": "fMRI_RestState",
    "SeriesNumber": 3,
    "SliceThickness": 4,
    "SliceTiming": [
      0,
      1.0285,
      0.0571001,
      1.0857,
      0.1142,
      1.1428,
      0.1714,
      1.2,
      0.2285,
      1.2571,
      0.2857,
      1.3143,
      0.3428,
      1.3714,
      0.4,
      1.4286,
      0.4571,
      1.4857,
      0.5142,
      1.5428,
      0.5714,
      1.6,
      0.6285,
      1.6571,
      0.6857,
      1.7143,
      0.7428,
      1.7714,
      0.8,
      1.8285,
      0.8571,
      1.8857,
      0.9143,
      1.9428,
      0.9714
    ],
    "SoftwareVersions": "27_LX_MR_Software_release:DV26.0_R02_1810.b",
    "SpacingBetweenSlices": 4,
    "StationName": "GEHCGEHC",
    "TaskName": "rest",
    "TotalReadoutTime": 0.023436,
    "dataset": "ds003481",
    "modality": "bold",
    "subject_id": "032",
    "task_id": "rest"
  },
  "dummy_trs": 0,
  "dvars_nstd": 12.298490696454849,
  "dvars_std": 1.0301998146822742,
  "dvars_vstd": 0.9649797506688963,
  "efc": 0.34602851588779987,
  "fber": 65078.296875,
  "fd_mean": 0.08667901516580015,
  "fd_num": 2,
  "fd_perc": 0.6666666666666666,
  "fwhm_avg": 2.761108333333333,
  "fwhm_x": 2.737775,
  "fwhm_y": 2.7934,
  "fwhm_z": 2.75215,
  "gcor": 0.0261895,
  "gsr_x": -0.00472767511382699,
  "gsr_y": -0.00023499286908190697,
  "provenance": {
    "md5sum": "70e059aa4dffb1aa697b6373936674e6",
    "settings": {
      "fd_thres": 0.2,
      "testing": false
    },
    "software": "mriqc",
    "version": "23.0.1",
    "webapi_port": null,
    "webapi_url": "https://mriqc.nimh.nih.gov/api/v1"
  },
  "size_t": 300,
  "size_x": 64,
  "size_y": 64,
  "size_z": 35,
  "snr": 3.716201943697407,
  "spacing_tr": 2.0,
  "spacing_x": 4.0,
  "spacing_y": 4.0,
  "spacing_z": 4.0,
  "summary_bg_k": 139.169832643262,
  "summary_bg_mad": 11.193647032501227,
  "summary_bg_mean": 37.931880950927734,
  "summary_bg_median": 8.523333549499512,
  "summary_bg_n": 103192.0,
  "summary_bg_p05": 0.3100000023841858,
  "summary_bg_p95": 165.4408325195312,
  "summary_bg_stdv": 108.80553436279297,
  "summary_fg_k": 0.43278366575012805,
  "summary_fg_mad": 511.32728060784183,
  "summary_fg_mean": 2172.20654296875,
  "summary_fg_median": 2094.9033203125,
  "summary_fg_n": 13166.0,
  "summary_fg_p05": 1355.2367248535156,
  "summary_fg_p95": 3231.25341796875,
  "summary_fg_stdv": 563.7001953125,
  "tsnr": 82.82016287557781
}