{
  "aor": 0.0052901568627450974,
  "aqi": 0.0029576013725490192,
  "bids_meta": {
    "AcquisitionDateTime": "2017-05-04T18:33:39.000000",
    "ConversionSoftware": "dcm2niix",
    "ConversionSoftwareVersion": "v1.0.20170411 GCC4.8.4",
    "EchoTime": 0.04,
    "FlipAngle": 90,
    "ImageType": [
      "ORIGINAL",
      "PRIMARY",
      "EPI",
      "NONE"
    ],
    "MagneticFieldStrength": 3,
    "Manufacturer": "GE",
    "ManufacturersModelName": "DISCOVERY_MR750",
    "ProcedureStepDescription": "ActosHabla",
    "ProtocolName": "fMRI_ActosHabla_3",
    "RepetitionTime": 2,
    "ScanningSequence": "EP_GR",
    "SequenceVariant": "SS",
    "SeriesDescription": "fMRI_ActosHabla_3",
    "SliceTiming": [
      0,
      1.0285,
      0.0571001,
      1.0857,
      0.1142,
      1.1428,
      0.1714,
      1.2,
      0.2285,
      1.2571,
      0.2857,
      1.3143,
      0.3428,
      1.3714,
      0.4,
      1.4286,
      0.4571,
      1.4857,
      0.5142,
      1.5428,
      0.5714,
      1.6,
      0.6285,
      1.6571,
      0.6857,
      1.7143,
      0.7428,
      1.7714,
      0.8,
      1.8285,
      0.8571,
      1.8857,
      0.9143,
      1.9428,
      0.9714
    ],
    "TaskName": "sar",
    "dataset": "ds003481",
    "modality": "bold",
    "run_id": 3,
    "subject_id": "021",
    "task_id": "sar"
  },
  "dummy_trs": 0,
  "dvars_nstd": 18.79505317811025,
  "dvars_std": 1.1566020959842525,
  "dvars_vstd": 1.0192729831889762,
  "efc": 0.3776911540323705,
  "fber": 60311.265625,
  "fd_mean": 0.1564814301924423,
  "fd_num": 40,
  "fd_perc": 15.686274509803921,
  "fwhm_avg": 2.6694833333333334,
  "fwhm_x": 2.631,
  "fwhm_y": 2.75255,
  "fwhm_z": 2.6249,
  "gcor": 0.0628557,
  "gsr_x": -0.00024322130775544792,
  "gsr_y": -0.005771439988166094,
  "provenance": {
    "md5sum": "28bb0109d9fd5d157a422b733e09dcb7",
    "settings": {
      "fd_thres": 0.2,
      "testing": false
    },
    "software": "mriqc",
    "version": "23.0.1",
    "webapi_port": null,
    "webapi_url": "https://mriqc.nimh.nih.gov/api/v1"
  },
  "size_t": 255,
  "size_x": 64,
  "size_y": 64,
  "size_z": 35,
  "snr": 3.4738742407986702,
  "spacing_tr": 2.0,
  "spacing_x": 4.0,
  "spacing_y": 4.0,
  "spacing_z": 4.0,
  "summary_bg_k": 47.29729730497703,
  "summary_bg_mad": 11.215450071280705,
  "summary_bg_mean": 39.433231353759766,
  "summary_bg_median": 7.890196323394775,
  "summary_bg_n": 99015.0,
  "summary_bg_p05": 0.0941176563501358,
  "summary_bg_p95": 177.39295043945293,
  "summary_bg_stdv": 98.17279052734375,
  "summary_fg_k": 0.0958253065904735,
  "summary_fg_mad": 512.5560559694804,
  "summary_fg_mean": 1898.208740234375,
  "summary_fg_median": 1835.684326171875,
  "summary_fg_n": 15904.0,
  "summary_fg_p05": 1124.8595336914063,
  "summary_fg_p95": 2841.469824218748,
  "summary_fg_stdv": 528.4090576171875,
  "tsnr": 64.69269251031801
}