{
  "aor": 0.02401672,
  "aqi": 0.001693807088,
  "bids_meta": {
    "AcquisitionDateTime": "2017-08-14T20:38:39.000000",
    "ConversionSoftware": "dcm2niix",
    "ConversionSoftwareVersion": "v1.0.20170411 GCC4.8.4",
    "EchoTime": 0.035,
    "FlipAngle": 90,
    "ImageType": [
      "ORIGINAL",
      "PRIMARY",
      "EPI",
      "NONE"
    ],
    "MagneticFieldStrength": 3,
    "Manufacturer": "GE",
    "ManufacturersModelName": "DISCOVERY_MR750",
    "ProcedureStepDescription": "CompMet",
    "ProtocolName": "fMRI_CompMet",
    "RepetitionTime": 2,
    "ScanningSequence": "EP_GR",
    "SequenceVariant": "SS",
    "SeriesDescription": "fMRI_CompMet",
    "SliceTiming": [
      1.0285,
      0.0571001,
      1.0857,
      0.1142,
      1.1428,
      0.1714,
      1.2,
      0.2285,
      1.2571,
      0.2857,
      1.3143,
      0.3428,
      1.3714,
      0.4,
      1.4286,
      0.4571,
      1.4857,
      0.5142,
      1.5428,
      0.5714,
      1.6,
      0.6285,
      1.6571,
      0.6857,
      1.7143,
      0.7428,
      1.7714,
      0.8,
      1.8285,
      0.8571,
      1.8857,
      0.9143,
      1.9428,
      0.9714
    ],
    "TaskName": "cmp",
    "dataset": "ds003481",
    "modality": "bold",
    "run_id": 1,
    "subject_id": "070",
    "task_id": "cmp"
  },
  "dummy_trs": 0,
  "dvars_nstd": 12.245637457148588,
  "dvars_std": 1.0878037852610436,
  "dvars_vstd": 0.9795839052610439,
  "efc": 0.33502973898255994,
  "fber": 86559.984375,
  "fd_mean": 0.05168649909808165,
  "fd_num": 0,
  "fd_perc": 0.0,
  "fwhm_avg": 2.9755583333333333,
  "fwhm_x": 3.0434,
  "fwhm_y": 2.941875,
  "fwhm_z": 2.9414,
  "gcor": 0.0935258,
  "gsr_x": -0.009910782799124718,
  "gsr_y": 0.0004505258402787149,
  "provenance": {
    "md5sum": "7c748342f3dd89e1bd3df2f2fa76787a",
    "settings": {
      "fd_thres": 0.2,
      "testing": false
    },
    "software": "mriqc",
    "version": "23.0.1",
    "webapi_port": null,
    "webapi_url": "https://mriqc.nimh.nih.gov/api/v1"
  },
  "size_t": 250,
  "size_x": 64,
  "size_y": 64,
  "size_z": 34,
  "snr": 3.1202956405715847,
  "spacing_tr": 2.0,
  "spacing_x": 4.0,
  "spacing_y": 4.0,
  "spacing_z": 4.0,
  "summary_bg_k": 57.876288822084966,
  "summary_bg_mad": 9.565749811428232,
  "summary_bg_mean": 34.57221984863281,
  "summary_bg_median": 7.332000255584717,
  "summary_bg_n": 100271.0,
  "summary_bg_p05": 0.3400000035762787,
  "summary_bg_p95": 159.61800384521484,
  "summary_bg_stdv": 98.64022064208984,
  "summary_fg_k": 0.8088943239435338,
  "summary_fg_mad": 529.6301425413977,
  "summary_fg_mean": 2250.47265625,
  "summary_fg_median": 2083.378173828125,
  "summary_fg_n": 12324.0,
  "summary_fg_p05": 1412.9918090820313,
  "summary_fg_p95": 3596.4531249999995,
  "summary_fg_stdv": 667.6590576171875,
  "tsnr": 78.50348825706169
}