{
  "aor": 0.0015018000000000002,
  "aqi": 0.0028658290333333338,
  "bids_meta": {
    "AcquisitionDateTime": "2017-07-05T18:28:49.000000",
    "ConversionSoftware": "dcm2niix",
    "ConversionSoftwareVersion": "v1.0.20170411 GCC4.8.4",
    "EchoTime": 0.04,
    "FlipAngle": 90,
    "ImageType": [
      "ORIGINAL",
      "PRIMARY",
      "EPI",
      "NONE"
    ],
    "MagneticFieldStrength": 3,
    "Manufacturer": "GE",
    "ManufacturersModelName": "DISCOVERY_MR750",
    "ProcedureStepDescription": "CompMet",
    "ProtocolName": "fMRI_RestState",
    "RepetitionTime": 2,
    "ScanningSequence": "EP_GR",
    "SequenceVariant": "SS",
    "SeriesDescription": "fMRI_RestState",
    "SliceTiming": [
      1.0285,
      0.0571001,
      1.0857,
      0.1142,
      1.1428,
      0.1714,
      1.2,
      0.2285,
      1.2571,
      0.2857,
      1.3143,
      0.3428,
      1.3714,
      0.4,
      1.4286,
      0.4571,
      1.4857,
      0.5142,
      1.5428,
      0.5714,
      1.6,
      0.6285,
      1.6571,
      0.6857,
      1.7143,
      0.7428,
      1.7714,
      0.8,
      1.8285,
      0.8571,
      1.8857,
      0.9143,
      1.9428,
      0.9714
    ],
    "TaskName": "rest",
    "dataset": "ds003481",
    "modality": "bold",
    "subject_id": "070",
    "task_id": "rest"
  },
  "dummy_trs": 0,
  "dvars_nstd": 17.47244427929765,
  "dvars_std": 1.0668298706020067,
  "dvars_vstd": 0.9628603521404687,
  "efc": 0.32083838148710114,
  "fber": 93848.71875,
  "fd_mean": 0.11362628730082722,
  "fd_num": 40,
  "fd_perc": 13.333333333333334,
  "fwhm_avg": 2.8626416666666663,
  "fwhm_x": 2.863975,
  "fwhm_y": 2.90035,
  "fwhm_z": 2.8236,
  "gcor": 0.0758634,
  "gsr_x": -0.017252424731850624,
  "gsr_y": 0.0029107758309692144,
  "provenance": {
    "md5sum": "59fc31462b725405df7811c1d40e2401",
    "settings": {
      "fd_thres": 0.2,
      "testing": false
    },
    "software": "mriqc",
    "version": "23.0.1",
    "webapi_port": null,
    "webapi_url": "https://mriqc.nimh.nih.gov/api/v1"
  },
  "size_t": 300,
  "size_x": 64,
  "size_y": 64,
  "size_z": 34,
  "snr": 3.118530657176605,
  "spacing_tr": 2.0,
  "spacing_x": 4.0,
  "spacing_y": 4.0,
  "spacing_z": 4.0,
  "summary_bg_k": 90.26584287446312,
  "summary_bg_mad": 8.416239139254134,
  "summary_bg_mean": 28.898839950561523,
  "summary_bg_median": 6.3566670417785645,
  "summary_bg_n": 102138.0,
  "summary_bg_p05": 0.21000000834465027,
  "summary_bg_p95": 131.65350875854477,
  "summary_bg_stdv": 81.76609802246094,
  "summary_fg_k": 1.8335448305719018,
  "summary_fg_mad": 438.34604161653067,
  "summary_fg_mean": 1913.65283203125,
  "summary_fg_median": 1807.42333984375,
  "summary_fg_n": 11101.0,
  "summary_fg_p05": 1151.223388671875,
  "summary_fg_p95": 3055.39013671875,
  "summary_fg_stdv": 579.5491943359375,
  "tsnr": 62.74662101059221
}