{
  "aor": 0.0019373725490196077,
  "aqi": 0.0025969910705882352,
  "bids_meta": {
    "AcquisitionDateTime": "2017-04-27T19:42:35.000000",
    "ConversionSoftware": "dcm2niix",
    "ConversionSoftwareVersion": "v1.0.20170411 GCC4.8.4",
    "EchoTime": 0.04,
    "FlipAngle": 90,
    "ImageType": [
      "ORIGINAL",
      "PRIMARY",
      "EPI",
      "NONE"
    ],
    "MagneticFieldStrength": 3,
    "Manufacturer": "GE",
    "ManufacturersModelName": "DISCOVERY_MR750",
    "ProcedureStepDescription": "ActosHabla",
    "ProtocolName": "fMRI_ActosHabla_3",
    "RepetitionTime": 2,
    "ScanningSequence": "EP_GR",
    "SequenceVariant": "SS",
    "SeriesDescription": "fMRI_ActosHabla_3",
    "SliceTiming": [
      0,
      1.0285,
      0.0571001,
      1.0857,
      0.1142,
      1.1428,
      0.1714,
      1.2,
      0.2285,
      1.2571,
      0.2857,
      1.3143,
      0.3428,
      1.3714,
      0.4,
      1.4286,
      0.4571,
      1.4857,
      0.5142,
      1.5428,
      0.5714,
      1.6,
      0.6285,
      1.6571,
      0.6857,
      1.7143,
      0.7428,
      1.7714,
      0.8,
      1.8285,
      0.8571,
      1.8857,
      0.9143,
      1.9428,
      0.9714
    ],
    "TaskName": "sar",
    "dataset": "ds003481",
    "modality": "bold",
    "run_id": 3,
    "subject_id": "020",
    "task_id": "sar"
  },
  "dummy_trs": 0,
  "dvars_nstd": 14.854063450905501,
  "dvars_std": 1.1332692785826772,
  "dvars_vstd": 1.0220578303543306,
  "efc": 0.33651315516517566,
  "fber": 49384.03125,
  "fd_mean": 0.07586323094965772,
  "fd_num": 8,
  "fd_perc": 3.1372549019607843,
  "fwhm_avg": 2.6595,
  "fwhm_x": 2.61995,
  "fwhm_y": 2.75375,
  "fwhm_z": 2.6048,
  "gcor": 0.0475083,
  "gsr_x": -0.004967882297933102,
  "gsr_y": -8.058252569753677e-05,
  "provenance": {
    "md5sum": "b2aeaec788f7ae368ddf378f35e82504",
    "settings": {
      "fd_thres": 0.2,
      "testing": false
    },
    "software": "mriqc",
    "version": "23.0.1",
    "webapi_port": null,
    "webapi_url": "https://mriqc.nimh.nih.gov/api/v1"
  },
  "size_t": 255,
  "size_x": 64,
  "size_y": 64,
  "size_z": 35,
  "snr": 3.7014960438835907,
  "spacing_tr": 2.0,
  "spacing_x": 4.0,
  "spacing_y": 4.0,
  "spacing_z": 4.0,
  "summary_bg_k": 248.9319450670362,
  "summary_bg_mad": 12.248562768067153,
  "summary_bg_mean": 35.47722244262695,
  "summary_bg_median": 9.162726402282715,
  "summary_bg_n": 104359.0,
  "summary_bg_p05": 0.1830264821648598,
  "summary_bg_p95": 142.3967849731445,
  "summary_bg_stdv": 100.01436614990234,
  "summary_fg_k": 0.32169025406986185,
  "summary_fg_mad": 461.09707216903564,
  "summary_fg_mean": 2013.5623779296875,
  "summary_fg_median": 1931.4591064453125,
  "summary_fg_n": 11810.0,
  "summary_fg_p05": 1254.9882080078125,
  "summary_fg_p95": 2983.427355957031,
  "summary_fg_stdv": 521.7828979492188,
  "tsnr": 79.42131042480469
}