{
  "aor": 0.0009654800000000001,
  "aqi": 0.000769568556,
  "bids_meta": {
    "AcquisitionDateTime": "2017-08-14T19:43:33.000000",
    "ConversionSoftware": "dcm2niix",
    "ConversionSoftwareVersion": "v1.0.20170411 GCC4.8.4",
    "EchoTime": 0.035,
    "FlipAngle": 90,
    "ImageType": [
      "ORIGINAL",
      "PRIMARY",
      "EPI",
      "NONE"
    ],
    "MagneticFieldStrength": 3,
    "Manufacturer": "GE",
    "ManufacturersModelName": "DISCOVERY_MR750",
    "ProcedureStepDescription": "CompMet",
    "ProtocolName": "fMRI_CompMet",
    "RepetitionTime": 2,
    "ScanningSequence": "EP_GR",
    "SequenceVariant": "SS",
    "SeriesDescription": "fMRI_CompMet",
    "SliceTiming": [
      1.0285,
      0.0571001,
      1.0857,
      0.1142,
      1.1428,
      0.1714,
      1.2,
      0.2285,
      1.2571,
      0.2857,
      1.3143,
      0.3428,
      1.3714,
      0.4,
      1.4286,
      0.4571,
      1.4857,
      0.5142,
      1.5428,
      0.5714,
      1.6,
      0.6285,
      1.6571,
      0.6857,
      1.7143,
      0.7428,
      1.7714,
      0.8,
      1.8285,
      0.8571,
      1.8857,
      0.9143,
      1.9428,
      0.9714
    ],
    "TaskName": "cmp",
    "dataset": "ds003481",
    "modality": "bold",
    "run_id": 1,
    "subject_id": "084",
    "task_id": "cmp"
  },
  "dummy_trs": 0,
  "dvars_nstd": 10.30079752746988,
  "dvars_std": 1.066472458152611,
  "dvars_vstd": 1.002881620120482,
  "efc": 0.3277809752983757,
  "fber": 77522.0625,
  "fd_mean": 0.06623502819660197,
  "fd_num": 0,
  "fd_perc": 0.0,
  "fwhm_avg": 2.789058333333333,
  "fwhm_x": 2.702125,
  "fwhm_y": 2.8713,
  "fwhm_z": 2.79375,
  "gcor": 0.0732738,
  "gsr_x": -0.012237980030477047,
  "gsr_y": 0.001667418284341693,
  "provenance": {
    "md5sum": "386db78e549bcbc1dace10f52494c14f",
    "settings": {
      "fd_thres": 0.2,
      "testing": false
    },
    "software": "mriqc",
    "version": "23.0.1",
    "webapi_port": null,
    "webapi_url": "https://mriqc.nimh.nih.gov/api/v1"
  },
  "size_t": 250,
  "size_x": 64,
  "size_y": 64,
  "size_z": 34,
  "snr": 3.434605303876585,
  "spacing_tr": 2.0,
  "spacing_x": 4.0,
  "spacing_y": 4.0,
  "spacing_z": 4.0,
  "summary_bg_k": 54.78651848536108,
  "summary_bg_mad": 9.598367082151109,
  "summary_bg_mean": 36.631500244140625,
  "summary_bg_median": 7.5420002937316895,
  "summary_bg_n": 102086.0,
  "summary_bg_p05": 0.46000000834465027,
  "summary_bg_p95": 182.01800537109375,
  "summary_bg_stdv": 98.519287109375,
  "summary_fg_k": 0.9791295079340832,
  "summary_fg_mad": 501.9884430740152,
  "summary_fg_mean": 2124.7900390625,
  "summary_fg_median": 2016.530029296875,
  "summary_fg_n": 10788.0,
  "summary_fg_p05": 1350.3266845703124,
  "summary_fg_p95": 3255.0323852539054,
  "summary_fg_stdv": 587.0941162109375,
  "tsnr": 112.79277251008898
}