{
  "aor": 0.0097947,
  "aqi": 0.0016751114666666666,
  "bids_meta": {
    "AcquisitionDateTime": "2017-08-16T20:50:49.000000",
    "ConversionSoftware": "dcm2niix",
    "ConversionSoftwareVersion": "v1.0.20170411 GCC4.8.4",
    "EchoTime": 0.04,
    "FlipAngle": 90,
    "ImageType": [
      "ORIGINAL",
      "PRIMARY",
      "EPI",
      "NONE"
    ],
    "MagneticFieldStrength": 3,
    "Manufacturer": "GE",
    "ManufacturersModelName": "DISCOVERY_MR750",
    "ProtocolName": "fMRI_RestState",
    "RepetitionTime": 2,
    "ScanningSequence": "EP_GR",
    "SequenceVariant": "SS",
    "SeriesDescription": "fMRI_RestState",
    "SliceTiming": [
      1.0285,
      0.0571001,
      1.0857,
      0.1142,
      1.1428,
      0.1714,
      1.2,
      0.2285,
      1.2571,
      0.2857,
      1.3143,
      0.3428,
      1.3714,
      0.4,
      1.4286,
      0.4571,
      1.4857,
      0.5142,
      1.5428,
      0.5714,
      1.6,
      0.6285,
      1.6571,
      0.6857,
      1.7143,
      0.7428,
      1.7714,
      0.8,
      1.8285,
      0.8571,
      1.8857,
      0.9143,
      1.9428,
      0.9714
    ],
    "TaskName": "rest",
    "dataset": "ds003481",
    "modality": "bold",
    "subject_id": "084",
    "task_id": "rest"
  },
  "dummy_trs": 0,
  "dvars_nstd": 16.55515811444815,
  "dvars_std": 1.2433873759197325,
  "dvars_vstd": 1.1139019492307694,
  "efc": 0.3608853511518234,
  "fber": 61383.54296875,
  "fd_mean": 0.06810046185470305,
  "fd_num": 6,
  "fd_perc": 2.0,
  "fwhm_avg": 2.6739416666666664,
  "fwhm_x": 2.64445,
  "fwhm_y": 2.7235,
  "fwhm_z": 2.653875,
  "gcor": 0.0911786,
  "gsr_x": -0.007462214212864637,
  "gsr_y": 0.0027179084718227386,
  "provenance": {
    "md5sum": "926caad01f39b4d4d0c7c2f854195370",
    "settings": {
      "fd_thres": 0.2,
      "testing": false
    },
    "software": "mriqc",
    "version": "23.0.1",
    "webapi_port": null,
    "webapi_url": "https://mriqc.nimh.nih.gov/api/v1"
  },
  "size_t": 300,
  "size_x": 64,
  "size_y": 64,
  "size_z": 34,
  "snr": 3.282196478985416,
  "spacing_tr": 2.0,
  "spacing_x": 4.0,
  "spacing_y": 4.0,
  "spacing_z": 4.0,
  "summary_bg_k": 79.03421112401853,
  "summary_bg_mad": 11.124458862398914,
  "summary_bg_mean": 44.137855529785156,
  "summary_bg_median": 7.853333473205566,
  "summary_bg_n": 98363.0,
  "summary_bg_p05": 0.0533333346247673,
  "summary_bg_p95": 201.32300872802713,
  "summary_bg_stdv": 132.6084442138672,
  "summary_fg_k": 0.49633517749209943,
  "summary_fg_mad": 496.9905424923329,
  "summary_fg_mean": 1955.9227294921875,
  "summary_fg_median": 1857.60009765625,
  "summary_fg_n": 13618.0,
  "summary_fg_p05": 1179.5558471679688,
  "summary_fg_p95": 3037.1103027343747,
  "summary_fg_stdv": 565.9417114257812,
  "tsnr": 76.77152709872462
}