{
  "aor": 0.0010080459770114942,
  "aqi": 0.0014662753793103446,
  "bids_meta": {
    "AcquisitionMatrixPE": 64,
    "AcquisitionNumber": 1,
    "AcquisitionTime": "18:15:12.000000",
    "CoilString": "32Ch_Head",
    "ConversionSoftware": "dcm2niix",
    "ConversionSoftwareVersion": "v1.0.20190902",
    "Dcm2bidsVersion": "2.1.4",
    "DeviceSerialNumber": "000000000000GEHC",
    "EchoTime": 0.04,
    "EffectiveEchoSpacing": 0.000372,
    "FlipAngle": 90,
    "ImageOrientationPatientDICOM": [
      1,
      0,
      0,
      0,
      1,
      0
    ],
    "ImageType": [
      "ORIGINAL",
      "PRIMARY",
      "EPI",
      "NONE"
    ],
    "ImagingFrequency": 127.772,
    "InPlanePhaseEncodingDirectionDICOM": "COL",
    "InstitutionName": "INSTITUTO_DE_NEUROBIOLOGIA",
    "MRAcquisitionType": "2D",
    "MagneticFieldStrength": 3,
    "Manufacturer": "GE",
    "ManufacturersModelName": "DISCOVERY_MR750",
    "Modality": "MR",
    "PatientPosition": "HFS",
    "PercentPhaseFOV": 100,
    "PhaseEncodingDirection": "j",
    "PhaseEncodingPolarityGE": "Flipped",
    "PixelBandwidth": 7812.5,
    "ProcedureStepDescription": "verbos",
    "ProtocolName": "fMRI_2",
    "ReconMatrixPE": 64,
    "RepetitionTime": 2,
    "SAR": 0.364805,
    "ScanOptions": "EPI_GEMS_ACC_GEMS",
    "ScanningSequence": "EP_GR",
    "SequenceVariant": "SS",
    "SeriesDescription": "fMRI_2",
    "SeriesNumber": 5,
    "SliceThickness": 4,
    "SliceTiming": [
      0,
      1.0285,
      0.0571001,
      1.0857,
      0.1142,
      1.1428,
      0.1714,
      1.2,
      0.2285,
      1.2571,
      0.2857,
      1.3143,
      0.3428,
      1.3714,
      0.4,
      1.4286,
      0.4571,
      1.4857,
      0.5142,
      1.5428,
      0.5714,
      1.6,
      0.6285,
      1.6571,
      0.6857,
      1.7143,
      0.7428,
      1.7714,
      0.8,
      1.8285,
      0.8571,
      1.8857,
      0.9143,
      1.9428,
      0.9714
    ],
    "SoftwareVersions": "24_LX_MR_Software_release:DV24.0_R02_1607.b",
    "SpacingBetweenSlices": 4,
    "StationName": "GEHCGEHC",
    "TaskName": "verbs",
    "TotalReadoutTime": 0.023436,
    "dataset": "ds003481",
    "modality": "bold",
    "run_id": 2,
    "subject_id": "141",
    "task_id": "verbs"
  },
  "dummy_trs": 0,
  "dvars_nstd": 15.111196396473982,
  "dvars_std": 1.1062088259537577,
  "dvars_vstd": 0.9858398738150291,
  "efc": 0.35537332327874926,
  "fber": 52660.52734375,
  "fd_mean": 0.059360283861459556,
  "fd_num": 0,
  "fd_perc": 0.0,
  "fwhm_avg": 2.8962916666666665,
  "fwhm_x": 2.83885,
  "fwhm_y": 2.959,
  "fwhm_z": 2.891025,
  "gcor": 0.0244428,
  "gsr_x": -0.007727357558906078,
  "gsr_y": -0.0002330614806851372,
  "provenance": {
    "md5sum": "577ecacaef2b5c57154577cf9305f93a",
    "settings": {
      "fd_thres": 0.2,
      "testing": false
    },
    "software": "mriqc",
    "version": "23.0.1",
    "webapi_port": null,
    "webapi_url": "https://mriqc.nimh.nih.gov/api/v1"
  },
  "size_t": 174,
  "size_x": 64,
  "size_y": 64,
  "size_z": 35,
  "snr": 2.959736609687543,
  "spacing_tr": 2.0,
  "spacing_x": 4.0,
  "spacing_y": 4.0,
  "spacing_z": 4.0,
  "summary_bg_k": 51.355808963520204,
  "summary_bg_mad": 11.4773861992318,
  "summary_bg_mean": 40.50279998779297,
  "summary_bg_median": 8.22988510131836,
  "summary_bg_n": 102026.0,
  "summary_bg_p05": 0.08620689809322357,
  "summary_bg_p95": 192.85632705688477,
  "summary_bg_stdv": 110.92259979248047,
  "summary_fg_k": 1.4031230222774793,
  "summary_fg_mad": 483.064089927282,
  "summary_fg_mean": 1926.84716796875,
  "summary_fg_median": 1804.87353515625,
  "summary_fg_n": 13917.0,
  "summary_fg_p05": 1133.4884765625,
  "summary_fg_p95": 3151.943603515625,
  "summary_fg_stdv": 609.7869262695312,
  "tsnr": 95.01963894325309
}