{
  "aor": 0.0022836781609195406,
  "aqi": 0.0024474608850574716,
  "bids_meta": {
    "AcquisitionMatrixPE": 64,
    "AcquisitionNumber": 1,
    "AcquisitionTime": "18:36:13.000000",
    "CoilString": "32Ch_Head",
    "ConversionSoftware": "dcm2niix",
    "ConversionSoftwareVersion": "v1.0.20190902",
    "Dcm2bidsVersion": "2.1.4",
    "DeviceSerialNumber": "000000000000GEHC",
    "EchoTime": 0.04,
    "EffectiveEchoSpacing": 0.000372,
    "FlipAngle": 90,
    "ImageOrientationPatientDICOM": [
      1,
      0,
      0,
      0,
      1,
      0
    ],
    "ImageType": [
      "ORIGINAL",
      "PRIMARY",
      "EPI",
      "NONE"
    ],
    "ImagingFrequency": 127.772,
    "InPlanePhaseEncodingDirectionDICOM": "COL",
    "InstitutionName": "INSTITUTO_DE_NEUROBIOLOGIA",
    "MRAcquisitionType": "2D",
    "MagneticFieldStrength": 3,
    "Manufacturer": "GE",
    "ManufacturersModelName": "DISCOVERY_MR750",
    "Modality": "MR",
    "PatientPosition": "HFS",
    "PercentPhaseFOV": 100,
    "PhaseEncodingDirection": "j",
    "PhaseEncodingPolarityGE": "Flipped",
    "PixelBandwidth": 7812.5,
    "ProcedureStepDescription": "verbos",
    "ProtocolName": "fMRI_5",
    "ReconMatrixPE": 64,
    "RepetitionTime": 2,
    "SAR": 0.364805,
    "ScanOptions": "EPI_GEMS_ACC_GEMS",
    "ScanningSequence": "EP_GR",
    "SequenceVariant": "SS",
    "SeriesDescription": "fMRI_5",
    "SeriesNumber": 8,
    "SliceThickness": 4,
    "SliceTiming": [
      0,
      1.0285,
      0.0571001,
      1.0857,
      0.1142,
      1.1428,
      0.1714,
      1.2,
      0.2285,
      1.2571,
      0.2857,
      1.3143,
      0.3428,
      1.3714,
      0.4,
      1.4286,
      0.4571,
      1.4857,
      0.5142,
      1.5428,
      0.5714,
      1.6,
      0.6285,
      1.6571,
      0.6857,
      1.7143,
      0.7428,
      1.7714,
      0.8,
      1.8285,
      0.8571,
      1.8857,
      0.9143,
      1.9428,
      0.9714
    ],
    "SoftwareVersions": "24_LX_MR_Software_release:DV24.0_R02_1607.b",
    "SpacingBetweenSlices": 4,
    "StationName": "GEHCGEHC",
    "TaskName": "verbs",
    "TotalReadoutTime": 0.023436,
    "dataset": "ds003481",
    "modality": "bold",
    "run_id": 5,
    "subject_id": "141",
    "task_id": "verbs"
  },
  "dummy_trs": 0,
  "dvars_nstd": 16.435140279075146,
  "dvars_std": 1.1068496267630055,
  "dvars_vstd": 0.9874655183815031,
  "efc": 0.3548470816662899,
  "fber": 51250.16015625,
  "fd_mean": 0.0817336803814909,
  "fd_num": 8,
  "fd_perc": 4.597701149425287,
  "fwhm_avg": 3.0226666666666673,
  "fwhm_x": 2.97345,
  "fwhm_y": 3.032075,
  "fwhm_z": 3.062475,
  "gcor": 0.0410505,
  "gsr_x": -0.008045367896556854,
  "gsr_y": 0.001282576355151832,
  "provenance": {
    "md5sum": "210b7b405e9fdce6f328ee0299badebd",
    "settings": {
      "fd_thres": 0.2,
      "testing": false
    },
    "software": "mriqc",
    "version": "23.0.1",
    "webapi_port": null,
    "webapi_url": "https://mriqc.nimh.nih.gov/api/v1"
  },
  "size_t": 174,
  "size_x": 64,
  "size_y": 64,
  "size_z": 35,
  "snr": 2.6922074494224084,
  "spacing_tr": 2.0,
  "spacing_x": 4.0,
  "spacing_y": 4.0,
  "spacing_z": 4.0,
  "summary_bg_k": 46.66072519836421,
  "summary_bg_mad": 11.843776481375983,
  "summary_bg_mean": 42.803470611572266,
  "summary_bg_median": 8.459770202636719,
  "summary_bg_n": 101919.0,
  "summary_bg_p05": 0.12643678486347198,
  "summary_bg_p95": 204.45459899902337,
  "summary_bg_stdv": 113.53836059570312,
  "summary_fg_k": 1.5288617701854132,
  "summary_fg_mad": 518.719026348725,
  "summary_fg_mean": 1979.1861572265625,
  "summary_fg_median": 1823.9539794921875,
  "summary_fg_n": 13904.0,
  "summary_fg_p05": 1123.040789794922,
  "summary_fg_p95": 3348.3749511718747,
  "summary_fg_stdv": 677.469482421875,
  "tsnr": 76.23400670394767
}