{
  "aor": 0.001133793103448276,
  "aqi": 0.00175497224137931,
  "bids_meta": {
    "AcquisitionMatrixPE": 64,
    "AcquisitionNumber": 1,
    "AcquisitionTime": "18:49:32.000000",
    "CoilString": "32Ch_Head",
    "ConversionSoftware": "dcm2niix",
    "ConversionSoftwareVersion": "v1.0.20190902",
    "Dcm2bidsVersion": "2.1.4",
    "DeviceSerialNumber": "000000000000GEHC",
    "EchoTime": 0.04,
    "EffectiveEchoSpacing": 0.000372,
    "FlipAngle": 90,
    "ImageOrientationPatientDICOM": [
      1,
      0,
      0,
      0,
      1,
      0
    ],
    "ImageType": [
      "ORIGINAL",
      "PRIMARY",
      "EPI",
      "NONE"
    ],
    "ImagingFrequency": 127.772,
    "InPlanePhaseEncodingDirectionDICOM": "COL",
    "InstitutionName": "INSTITUTO_DE_NEUROBIOLOGIA",
    "MRAcquisitionType": "2D",
    "MagneticFieldStrength": 3,
    "Manufacturer": "GE",
    "ManufacturersModelName": "DISCOVERY_MR750",
    "Modality": "MR",
    "PatientPosition": "HFS",
    "PercentPhaseFOV": 100,
    "PhaseEncodingDirection": "j",
    "PhaseEncodingPolarityGE": "Flipped",
    "PixelBandwidth": 7812.5,
    "ProcedureStepDescription": "verbos",
    "ProtocolName": "fMRI_7",
    "ReconMatrixPE": 64,
    "RepetitionTime": 2,
    "SAR": 0.364805,
    "ScanOptions": "EPI_GEMS_ACC_GEMS",
    "ScanningSequence": "EP_GR",
    "SequenceVariant": "SS",
    "SeriesDescription": "fMRI_7",
    "SeriesNumber": 10,
    "SliceThickness": 4,
    "SliceTiming": [
      0,
      1.0285,
      0.0571001,
      1.0857,
      0.1142,
      1.1428,
      0.1714,
      1.2,
      0.2285,
      1.2571,
      0.2857,
      1.3143,
      0.3428,
      1.3714,
      0.4,
      1.4286,
      0.4571,
      1.4857,
      0.5142,
      1.5428,
      0.5714,
      1.6,
      0.6285,
      1.6571,
      0.6857,
      1.7143,
      0.7428,
      1.7714,
      0.8,
      1.8285,
      0.8571,
      1.8857,
      0.9143,
      1.9428,
      0.9714
    ],
    "SoftwareVersions": "24_LX_MR_Software_release:DV24.0_R02_1607.b",
    "SpacingBetweenSlices": 4,
    "StationName": "GEHCGEHC",
    "TaskName": "verbs",
    "TotalReadoutTime": 0.023436,
    "dataset": "ds003481",
    "modality": "bold",
    "run_id": 7,
    "subject_id": "141",
    "task_id": "verbs"
  },
  "dummy_trs": 0,
  "dvars_nstd": 15.195910205491337,
  "dvars_std": 1.0860906731791908,
  "dvars_vstd": 0.9718245727167624,
  "efc": 0.3568870417992941,
  "fber": 54279.35546875,
  "fd_mean": 0.06970750744836664,
  "fd_num": 3,
  "fd_perc": 1.7241379310344827,
  "fwhm_avg": 2.9970666666666665,
  "fwhm_x": 2.922725,
  "fwhm_y": 3.02075,
  "fwhm_z": 3.047725,
  "gcor": 0.0486483,
  "gsr_x": -0.007254230324178934,
  "gsr_y": 0.0001229875342687592,
  "provenance": {
    "md5sum": "0aed03a57b9c295ea4dbae7acad64eb8",
    "settings": {
      "fd_thres": 0.2,
      "testing": false
    },
    "software": "mriqc",
    "version": "23.0.1",
    "webapi_port": null,
    "webapi_url": "https://mriqc.nimh.nih.gov/api/v1"
  },
  "size_t": 174,
  "size_x": 64,
  "size_y": 64,
  "size_z": 35,
  "snr": 2.7901009650040476,
  "spacing_tr": 2.0,
  "spacing_x": 4.0,
  "spacing_y": 4.0,
  "spacing_z": 4.0,
  "summary_bg_k": 45.957844999371645,
  "summary_bg_mad": 11.366617037999609,
  "summary_bg_mean": 42.98416519165039,
  "summary_bg_median": 8.11494255065918,
  "summary_bg_n": 101834.0,
  "summary_bg_p05": 0.09195402264595032,
  "summary_bg_p95": 207.12298736572245,
  "summary_bg_stdv": 116.84575653076172,
  "summary_fg_k": 1.5176018833687364,
  "summary_fg_mad": 505.70363574265326,
  "summary_fg_mean": 1955.229248046875,
  "summary_fg_median": 1806.8677978515625,
  "summary_fg_n": 13995.0,
  "summary_fg_p05": 1139.7954345703124,
  "summary_fg_p95": 3265.513232421875,
  "summary_fg_stdv": 647.5762939453125,
  "tsnr": 82.91133128944784
}