{
  "aor": 0.00181936,
  "aqi": 0.001186928032,
  "bids_meta": {
    "AcquisitionDateTime": "2017-07-04T18:30:2.000000",
    "ConversionSoftware": "dcm2niix",
    "ConversionSoftwareVersion": "v1.0.20170411 GCC4.8.4",
    "EchoTime": 0.035,
    "FlipAngle": 90,
    "ImageType": [
      "ORIGINAL",
      "PRIMARY",
      "EPI",
      "NONE"
    ],
    "MagneticFieldStrength": 3,
    "Manufacturer": "GE",
    "ManufacturersModelName": "DISCOVERY_MR750",
    "ProtocolName": "fMRI_CompMet",
    "RepetitionTime": 2,
    "ScanningSequence": "EP_GR",
    "SequenceVariant": "SS",
    "SeriesDescription": "fMRI_CompMet",
    "SliceTiming": [
      1.0285,
      0.0571001,
      1.0857,
      0.1142,
      1.1428,
      0.1714,
      1.2,
      0.2285,
      1.2571,
      0.2857,
      1.3143,
      0.3428,
      1.3714,
      0.4,
      1.4286,
      0.4571,
      1.4857,
      0.5142,
      1.5428,
      0.5714,
      1.6,
      0.6285,
      1.6571,
      0.6857,
      1.7143,
      0.7428,
      1.7714,
      0.8,
      1.8285,
      0.8571,
      1.8857,
      0.9143,
      1.9428,
      0.9714
    ],
    "TaskName": "cmp",
    "dataset": "ds003481",
    "modality": "bold",
    "run_id": 1,
    "subject_id": "068",
    "task_id": "cmp"
  },
  "dummy_trs": 0,
  "dvars_nstd": 11.256046842690765,
  "dvars_std": 1.102405591526104,
  "dvars_vstd": 1.0011512803212852,
  "efc": 0.37502119706108805,
  "fber": 84239.2265625,
  "fd_mean": 0.07155348143588502,
  "fd_num": 4,
  "fd_perc": 1.6,
  "fwhm_avg": 2.8612750000000005,
  "fwhm_x": 2.72135,
  "fwhm_y": 2.89495,
  "fwhm_z": 2.967525,
  "gcor": 0.0318484,
  "gsr_x": -0.011869993060827255,
  "gsr_y": 0.005730631295591593,
  "provenance": {
    "md5sum": "f6e17c31c1bdac9bcc01507631b77a72",
    "settings": {
      "fd_thres": 0.2,
      "testing": false
    },
    "software": "mriqc",
    "version": "23.0.1",
    "webapi_port": null,
    "webapi_url": "https://mriqc.nimh.nih.gov/api/v1"
  },
  "size_t": 250,
  "size_x": 64,
  "size_y": 64,
  "size_z": 34,
  "snr": 3.3201821793595276,
  "spacing_tr": 2.0,
  "spacing_x": 4.0,
  "spacing_y": 4.0,
  "spacing_z": 4.0,
  "summary_bg_k": 46.00520068625695,
  "summary_bg_mad": 10.769623308433621,
  "summary_bg_mean": 51.783668518066406,
  "summary_bg_median": 8.032000541687012,
  "summary_bg_n": 96382.0,
  "summary_bg_p05": 0.17600001394748688,
  "summary_bg_p95": 255.13521652221675,
  "summary_bg_stdv": 156.02182006835938,
  "summary_fg_k": 0.7030223945122112,
  "summary_fg_mad": 576.9250085263535,
  "summary_fg_mean": 2313.298583984375,
  "summary_fg_median": 2202.251953125,
  "summary_fg_n": 15376.0,
  "summary_fg_p05": 1412.6570739746094,
  "summary_fg_p95": 3596.4161376953125,
  "summary_fg_stdv": 663.2709350585938,
  "tsnr": 103.49908481352031
}