{
  "aor": 0.0015609333333333334,
  "aqi": 0.005217601033333333,
  "bids_meta": {
    "AcquisitionDateTime": "2017-07-04T18:51:56.000000",
    "ConversionSoftware": "dcm2niix",
    "ConversionSoftwareVersion": "v1.0.20170411 GCC4.8.4",
    "EchoTime": 0.04,
    "FlipAngle": 90,
    "ImageType": [
      "ORIGINAL",
      "PRIMARY",
      "EPI",
      "NONE"
    ],
    "MagneticFieldStrength": 3,
    "Manufacturer": "GE",
    "ManufacturersModelName": "DISCOVERY_MR750",
    "ProtocolName": "fMRI_RestState",
    "RepetitionTime": 2,
    "ScanningSequence": "EP_GR",
    "SequenceVariant": "SS",
    "SeriesDescription": "fMRI_RestState",
    "SliceTiming": [
      1.0285,
      0.0571001,
      1.0857,
      0.1142,
      1.1428,
      0.1714,
      1.2,
      0.2285,
      1.2571,
      0.2857,
      1.3143,
      0.3428,
      1.3714,
      0.4,
      1.4286,
      0.4571,
      1.4857,
      0.5142,
      1.5428,
      0.5714,
      1.6,
      0.6285,
      1.6571,
      0.6857,
      1.7143,
      0.7428,
      1.7714,
      0.8,
      1.8285,
      0.8571,
      1.8857,
      0.9143,
      1.9428,
      0.9714
    ],
    "TaskName": "rest",
    "dataset": "ds003481",
    "modality": "bold",
    "subject_id": "068",
    "task_id": "rest"
  },
  "dummy_trs": 0,
  "dvars_nstd": 14.4667945370903,
  "dvars_std": 0.9779493392307693,
  "dvars_vstd": 0.9086179563545147,
  "efc": 0.3650891524358825,
  "fber": 68528.3203125,
  "fd_mean": 0.12977119487077807,
  "fd_num": 50,
  "fd_perc": 16.666666666666668,
  "fwhm_avg": 2.758625,
  "fwhm_x": 2.718075,
  "fwhm_y": 2.821725,
  "fwhm_z": 2.736075,
  "gcor": 0.0523727,
  "gsr_x": -0.011748849414288998,
  "gsr_y": 0.006171302869915962,
  "provenance": {
    "md5sum": "c26700cb603960595c3484a3684b2886",
    "settings": {
      "fd_thres": 0.2,
      "testing": false
    },
    "software": "mriqc",
    "version": "23.0.1",
    "webapi_port": null,
    "webapi_url": "https://mriqc.nimh.nih.gov/api/v1"
  },
  "size_t": 300,
  "size_x": 64,
  "size_y": 64,
  "size_z": 34,
  "snr": 3.3289886179102264,
  "spacing_tr": 2.0,
  "spacing_x": 4.0,
  "spacing_y": 4.0,
  "spacing_z": 4.0,
  "summary_bg_k": 71.12777727845288,
  "summary_bg_mad": 10.837822309180728,
  "summary_bg_mean": 45.391357421875,
  "summary_bg_median": 8.143333435058594,
  "summary_bg_n": 97744.0,
  "summary_bg_p05": 0.23000000417232513,
  "summary_bg_p95": 211.37033615112287,
  "summary_bg_stdv": 136.4066162109375,
  "summary_fg_k": 0.8112494258715457,
  "summary_fg_mad": 526.027249027616,
  "summary_fg_mean": 2121.0400390625,
  "summary_fg_median": 2025.6201171875,
  "summary_fg_n": 14526.0,
  "summary_fg_p05": 1287.8016967773438,
  "summary_fg_p95": 3300.1801147460938,
  "summary_fg_stdv": 608.4581909179688,
  "tsnr": 53.62794222752564
}