{
  "bids_meta": {
    "AcquisitionDateTime": "2016-10-01T12:32:10.000000",
    "ConversionSoftware": "dcm2niix",
    "ConversionSoftwareVersion": "v1.0.20170411 GCC4.8.4",
    "EchoTime": 0.00318,
    "FlipAngle": 12,
    "ImageType": [
      "DERIVED",
      "PRIMARY",
      "OTHER"
    ],
    "InversionTime": 0.45,
    "MagneticFieldStrength": 3,
    "Manufacturer": "GE",
    "ManufacturersModelName": "DISCOVERY_MR750",
    "ProcedureStepDescription": "MeditResp",
    "ProtocolName": "PU:Sag_T1_FSPGR_BRAVO",
    "RepetitionTime": 0.008156,
    "ScanningSequence": "GR",
    "SequenceVariant": "SS_SP_SK",
    "SeriesDescription": "PU:Sag_T1_FSPGR_BRAVO",
    "dataset": "ds003481",
    "modality": "T1w",
    "subject_id": "112"
  },
  "cjv": 0.31595805962407186,
  "cnr": 4.229030186887048,
  "efc": 0.6949266549434957,
  "fber": 7093.382716049383,
  "fwhm_avg": 3.92881,
  "fwhm_x": 3.87958,
  "fwhm_y": 4.12558,
  "fwhm_z": 3.78127,
  "icvs_csf": 0.19137738209648314,
  "icvs_gm": 0.4649425087249401,
  "icvs_wm": 0.3436801091785768,
  "inu_med": 0.4247683733701706,
  "inu_range": 0.0897070303559303,
  "provenance": {
    "md5sum": "c096d7c54fb43eeab87372b7f9b44abf",
    "settings": {
      "testing": false
    },
    "software": "mriqc",
    "version": "23.0.1",
    "warnings": {
      "large_rot_frame": true,
      "small_air_mask": false
    },
    "webapi_port": null,
    "webapi_url": "https://mriqc.nimh.nih.gov/api/v1"
  },
  "qi_1": 0.0,
  "qi_2": 0.00219605077190147,
  "rpve_csf": 28.431718017971097,
  "rpve_gm": 12.742344971759126,
  "rpve_wm": 19.08447015824203,
  "size_x": 176,
  "size_y": 256,
  "size_z": 256,
  "snr_csf": 2.647914552774008,
  "snr_gm": 12.585716766799495,
  "snr_total": 12.832579097198208,
  "snr_wm": 23.264105972021124,
  "snrd_csf": 16.324594575797178,
  "snrd_gm": 39.40106096813487,
  "snrd_total": 37.365380109762086,
  "snrd_wm": 56.3704847853542,
  "spacing_x": 1.0,
  "spacing_y": 1.0,
  "spacing_z": 1.0,
  "summary_bg_k": 7.897186506996638,
  "summary_bg_mad": 0.0,
  "summary_bg_mean": 6.013954837459142,
  "summary_bg_median": 0.0,
  "summary_bg_n": 425957.0,
  "summary_bg_p05": 0.0,
  "summary_bg_p95": 31.408467430621386,
  "summary_bg_stdv": 11.621975665596274,
  "summary_csf_k": 1.2505685007030758,
  "summary_csf_mad": 82.00091706376445,
  "summary_csf_mean": 286.2752523711487,
  "summary_csf_median": 289.594717849046,
  "summary_csf_n": 27656.0,
  "summary_csf_p05": 74.95381135586649,
  "summary_csf_p95": 470.3113347394392,
  "summary_csf_stdv": 109.36511597033629,
  "summary_gm_k": 0.23793716844913648,
  "summary_gm_mad": 53.851348519487104,
  "summary_gm_mean": 698.1780733141903,
  "summary_gm_median": 698.9661569260061,
  "summary_gm_n": 49689.0,
  "summary_gm_p05": 605.5662587843835,
  "summary_gm_p95": 787.2951010018587,
  "summary_gm_stdv": 55.53590124680566,
  "summary_wm_k": 0.31842630676107,
  "summary_wm_mad": 41.26272159285375,
  "summary_wm_mean": 1000.4428894874012,
  "summary_wm_median": 1000.0000037141144,
  "summary_wm_n": 184251.0,
  "summary_wm_p05": 930.2645578794181,
  "summary_wm_p95": 1071.897484228015,
  "summary_wm_stdv": 42.98455703492771,
  "tpm_overlap_csf": 0.1495748078766577,
  "tpm_overlap_gm": 0.47830405777347884,
  "tpm_overlap_wm": 0.5046264215042614,
  "wm2max": 0.46819815259671466
}