{
  "bids_meta": {
    "AcquisitionDateTime": "2016-10-08T12:59:25.000000",
    "ConversionSoftware": "dcm2niix",
    "ConversionSoftwareVersion": "v1.0.20170411 GCC4.8.4",
    "EchoTime": 0.003336,
    "FlipAngle": 12,
    "ImageType": [
      "DERIVED",
      "PRIMARY",
      "OTHER"
    ],
    "InversionTime": 0.45,
    "MagneticFieldStrength": 3,
    "Manufacturer": "GE",
    "ManufacturersModelName": "DISCOVERY_MR750",
    "ProcedureStepDescription": "MeditResp",
    "ProtocolName": "PU:Sag_T1_FSPGR_BRAVO",
    "RepetitionTime": 0.008512,
    "ScanningSequence": "GR",
    "SequenceVariant": "SS_SP_SK",
    "SeriesDescription": "PU:Sag_T1_FSPGR_BRAVO",
    "dataset": "ds003481",
    "modality": "T1w",
    "subject_id": "121"
  },
  "cjv": 0.3179275665129954,
  "cnr": 3.994801353471396,
  "efc": 0.7266538945903022,
  "fber": -1.0,
  "fwhm_avg": 4.290596666666667,
  "fwhm_x": 4.34501,
  "fwhm_y": 4.413,
  "fwhm_z": 4.11378,
  "icvs_csf": 0.24416340618948817,
  "icvs_gm": 0.43684098927051185,
  "icvs_wm": 0.31899560454,
  "inu_med": 0.44577130675315857,
  "inu_range": 0.11469017863273617,
  "provenance": {
    "md5sum": "eb60982f28baf366c5a48b2ae40650d5",
    "settings": {
      "testing": false
    },
    "software": "mriqc",
    "version": "23.0.1",
    "warnings": {
      "large_rot_frame": true,
      "small_air_mask": true
    },
    "webapi_port": null,
    "webapi_url": "https://mriqc.nimh.nih.gov/api/v1"
  },
  "qi_1": 0.0,
  "qi_2": 0.00098621689144843,
  "rpve_csf": 23.652982472069635,
  "rpve_gm": 13.30212528917783,
  "rpve_wm": 20.39182883461449,
  "size_x": 176,
  "size_y": 256,
  "size_z": 256,
  "snr_csf": 2.972428224602687,
  "snr_gm": 11.547164589617601,
  "snr_total": 12.93657911115183,
  "snr_wm": 24.2901445192352,
  "snrd_csf": 5.756315048182592,
  "snrd_gm": 16.455995851747794,
  "snrd_total": 15.353444381289883,
  "snrd_wm": 23.848022243939262,
  "spacing_x": 1.0,
  "spacing_y": 1.0,
  "spacing_z": 1.0,
  "summary_bg_k": 32.76546954624357,
  "summary_bg_mad": 0.0,
  "summary_bg_mean": 11.117629231036112,
  "summary_bg_median": 0.0,
  "summary_bg_n": 317223.0,
  "summary_bg_p05": 0.0,
  "summary_bg_p95": 52.195105981081724,
  "summary_bg_stdv": 27.472178757878826,
  "summary_csf_k": 1.8659712975107947,
  "summary_csf_mad": 60.255791765148466,
  "summary_csf_mean": 252.29270448474273,
  "summary_csf_median": 241.3825822994113,
  "summary_csf_n": 72542.0,
  "summary_csf_p05": 137.97518297564238,
  "summary_csf_p95": 407.43202194571495,
  "summary_csf_stdv": 81.2066432932293,
  "summary_gm_k": 0.13119484379098667,
  "summary_gm_mad": 58.98873072335796,
  "summary_gm_mean": 689.8110446553749,
  "summary_gm_median": 690.0579172186553,
  "summary_gm_n": 44322.0,
  "summary_gm_p05": 592.3463998362422,
  "summary_gm_p95": 787.4813961144534,
  "summary_gm_stdv": 59.759270530971165,
  "summary_wm_k": 0.39109338761347834,
  "summary_wm_mad": 39.560461415903546,
  "summary_wm_mean": 1000.4606434757907,
  "summary_wm_median": 1000.0316424295306,
  "summary_wm_n": 175238.0,
  "summary_wm_p05": 933.1813914701343,
  "summary_wm_p95": 1068.4012172743678,
  "summary_wm_stdv": 41.170145705837186,
  "tpm_overlap_csf": 0.14719187655579313,
  "tpm_overlap_gm": 0.4657256168778839,
  "tpm_overlap_wm": 0.4921704972952131,
  "wm2max": 0.5594845708104271
}