{
  "aor": 0.0024549666666666666,
  "aqi": 0.0043435848666666665,
  "bids_meta": {
    "AcquisitionDateTime": "2016-09-05T19:59:23.000000",
    "ConversionSoftware": "dcm2niix",
    "ConversionSoftwareVersion": "v1.0.20170411 GCC4.8.4",
    "EchoTime": 0.04,
    "FlipAngle": 90,
    "ImageType": [
      "ORIGINAL",
      "PRIMARY",
      "EPI",
      "NONE"
    ],
    "MagneticFieldStrength": 3,
    "Manufacturer": "GE",
    "ManufacturersModelName": "DISCOVERY_MR750",
    "ProcedureStepDescription": "MeditResp",
    "ProtocolName": "fMRI_RestSt",
    "RepetitionTime": 2,
    "ScanningSequence": "EP_GR",
    "SequenceVariant": "SS",
    "SeriesDescription": "fMRI_RestSt",
    "SliceTiming": [
      0,
      1.0285,
      0.0571001,
      1.0857,
      0.1142,
      1.1428,
      0.1714,
      1.2,
      0.2285,
      1.2571,
      0.2857,
      1.3143,
      0.3428,
      1.3714,
      0.4,
      1.4286,
      0.4571,
      1.4857,
      0.5142,
      1.5428,
      0.5714,
      1.6,
      0.6285,
      1.6571,
      0.6857,
      1.7143,
      0.7428,
      1.7714,
      0.8,
      1.8285,
      0.8571,
      1.8857,
      0.9143,
      1.9428,
      0.9714
    ],
    "TaskName": "rest",
    "dataset": "ds003481",
    "modality": "bold",
    "subject_id": "098",
    "task_id": "rest"
  },
  "dummy_trs": 0,
  "dvars_nstd": 13.560811435284279,
  "dvars_std": 1.0517490080601994,
  "dvars_vstd": 0.9480591479598663,
  "efc": 0.338544263143089,
  "fber": 134188.484375,
  "fd_mean": 0.0634743478845177,
  "fd_num": 2,
  "fd_perc": 0.6666666666666666,
  "fwhm_avg": 2.7880833333333332,
  "fwhm_x": 2.658875,
  "fwhm_y": 3.054525,
  "fwhm_z": 2.65085,
  "gcor": 0.0394992,
  "gsr_x": -0.015238539315760136,
  "gsr_y": 0.009699936024844646,
  "provenance": {
    "md5sum": "311df3285a5be9b15ce2ce3106c2f3b4",
    "settings": {
      "fd_thres": 0.2,
      "testing": false
    },
    "software": "mriqc",
    "version": "23.0.1",
    "webapi_port": null,
    "webapi_url": "https://mriqc.nimh.nih.gov/api/v1"
  },
  "size_t": 300,
  "size_x": 64,
  "size_y": 64,
  "size_z": 35,
  "snr": 3.633453496954539,
  "spacing_tr": 2.0,
  "spacing_x": 4.0,
  "spacing_y": 4.0,
  "spacing_z": 4.0,
  "summary_bg_k": 62.60606795931159,
  "summary_bg_mad": 7.763893901536533,
  "summary_bg_mean": 30.711029052734375,
  "summary_bg_median": 5.550000190734863,
  "summary_bg_n": 103323.0,
  "summary_bg_p05": 0.07000000029802322,
  "summary_bg_p95": 141.42366638183577,
  "summary_bg_stdv": 87.67664337158203,
  "summary_fg_k": 1.1069896713797762,
  "summary_fg_mad": 459.16690216655,
  "summary_fg_mean": 1947.92236328125,
  "summary_fg_median": 1920.1900634765625,
  "summary_fg_n": 12821.0,
  "summary_fg_p05": 1137.7900390625,
  "summary_fg_p95": 2879.476806640625,
  "summary_fg_stdv": 528.45458984375,
  "tsnr": 60.00242238026112
}