{
  "bids_meta": {
    "AcquisitionDateTime": "2017-07-04T19:03:24.000000",
    "ConversionSoftware": "dcm2niix",
    "ConversionSoftwareVersion": "v1.0.20170411 GCC4.8.4",
    "EchoTime": 0.00318,
    "FlipAngle": 12,
    "ImageType": [
      "DERIVED",
      "PRIMARY",
      "OTHER"
    ],
    "InversionTime": 0.45,
    "MagneticFieldStrength": 3,
    "Manufacturer": "GE",
    "ManufacturersModelName": "DISCOVERY_MR750",
    "ProtocolName": "PU:Sag_T1_FSPGR_BRAVO",
    "RepetitionTime": 0.008156,
    "ScanningSequence": "GR",
    "SequenceVariant": "SS_SP_SK",
    "SeriesDescription": "PU:Sag_T1_FSPGR_BRAVO",
    "dataset": "ds003481",
    "modality": "T1w",
    "subject_id": "068"
  },
  "cjv": 0.3410706563496464,
  "cnr": 3.9851758894185774,
  "efc": 0.74102069604924,
  "fber": 10952.4275147929,
  "fwhm_avg": 3.669473333333334,
  "fwhm_x": 3.51096,
  "fwhm_y": 3.93968,
  "fwhm_z": 3.55778,
  "icvs_csf": 0.1976060314429498,
  "icvs_gm": 0.45716533311361285,
  "icvs_wm": 0.34522863544343735,
  "inu_med": 0.5934305787086487,
  "inu_range": 0.19810945093631743,
  "provenance": {
    "md5sum": "22451d8407c12adfec8fc4c3093751a4",
    "settings": {
      "testing": false
    },
    "software": "mriqc",
    "version": "23.0.1",
    "warnings": {
      "large_rot_frame": true,
      "small_air_mask": false
    },
    "webapi_port": null,
    "webapi_url": "https://mriqc.nimh.nih.gov/api/v1"
  },
  "qi_1": 0.0,
  "qi_2": 0.0025451986890310794,
  "rpve_csf": 24.036076414401176,
  "rpve_gm": 11.254358061200033,
  "rpve_wm": 16.756679732898508,
  "size_x": 176,
  "size_y": 256,
  "size_z": 256,
  "snr_csf": 2.4627559544316946,
  "snr_gm": 10.660055008764031,
  "snr_total": 10.638858028756955,
  "snr_wm": 18.793763123075134,
  "snrd_csf": 11.190824760038861,
  "snrd_gm": 30.560485548175606,
  "snrd_total": 29.176365342122825,
  "snrd_wm": 45.77778571815401,
  "spacing_x": 1.0,
  "spacing_y": 1.0,
  "spacing_z": 1.0,
  "summary_bg_k": 10.374870816494804,
  "summary_bg_mad": 0.0,
  "summary_bg_mean": 8.151305222860234,
  "summary_bg_median": 0.0,
  "summary_bg_n": 415631.0,
  "summary_bg_p05": 0.0,
  "summary_bg_p95": 38.53930636495352,
  "summary_bg_stdv": 14.311229072823263,
  "summary_csf_k": 1.0072397924749357,
  "summary_csf_mad": 86.39719041831715,
  "summary_csf_mean": 251.2272655185158,
  "summary_csf_median": 244.45971351116896,
  "summary_csf_n": 31931.0,
  "summary_csf_p05": 93.41636694967747,
  "summary_csf_p95": 428.2594484835863,
  "summary_csf_stdv": 99.26110831415933,
  "summary_gm_k": 0.15686713022951837,
  "summary_gm_mad": 61.75510487915799,
  "summary_gm_mean": 667.3702949043737,
  "summary_gm_median": 667.5832838118076,
  "summary_gm_n": 43285.0,
  "summary_gm_p05": 563.9356004819274,
  "summary_gm_p95": 769.2089678570628,
  "summary_gm_stdv": 62.62402696169139,
  "summary_wm_k": 0.4254156994070888,
  "summary_wm_mad": 51.62247116597576,
  "summary_wm_mean": 1000.8897318222224,
  "summary_wm_median": 999.9999662041664,
  "summary_wm_n": 209417.0,
  "summary_wm_p05": 915.1568762212992,
  "summary_wm_p95": 1089.0083747133613,
  "summary_wm_stdv": 53.209012589545296,
  "tpm_overlap_csf": 0.16696289035186343,
  "tpm_overlap_gm": 0.46630118768809886,
  "tpm_overlap_wm": 0.5109815549925161,
  "wm2max": 0.4788273377530042
}