{
  "aor": 0.0008245930232558138,
  "aqi": 0.001212524953488372,
  "bids_meta": {
    "AcquisitionMatrixPE": 64,
    "AcquisitionNumber": 1,
    "AcquisitionTime": "20:37:27.000000",
    "CoilString": "32Ch_Head",
    "ConversionSoftware": "dcm2niix",
    "ConversionSoftwareVersion": "v1.0.20190902",
    "Dcm2bidsVersion": "2.1.4",
    "DeviceSerialNumber": "000000000000GEHC",
    "EchoTime": 0.04,
    "EffectiveEchoSpacing": 0.000372,
    "FlipAngle": 90,
    "ImageOrientationPatientDICOM": [
      1,
      0,
      0,
      0,
      1,
      0
    ],
    "ImageType": [
      "ORIGINAL",
      "PRIMARY",
      "EPI",
      "NONE"
    ],
    "ImagingFrequency": 127.772,
    "InPlanePhaseEncodingDirectionDICOM": "COL",
    "InstitutionName": "INSTITUTO_DE_NEUROBIOLOGIA",
    "MRAcquisitionType": "2D",
    "MagneticFieldStrength": 3,
    "Manufacturer": "GE",
    "ManufacturersModelName": "DISCOVERY_MR750",
    "Modality": "MR",
    "PatientPosition": "HFS",
    "PercentPhaseFOV": 100,
    "PhaseEncodingDirection": "j",
    "PhaseEncodingPolarityGE": "Flipped",
    "PixelBandwidth": 7812.5,
    "ProcedureStepDescription": "verbos",
    "ProtocolName": "fMRI_5",
    "ReconMatrixPE": 64,
    "RepetitionTime": 2,
    "SAR": 0.360474,
    "ScanOptions": "EPI_GEMS_ACC_GEMS",
    "ScanningSequence": "EP_GR",
    "SequenceVariant": "SS",
    "SeriesDescription": "fMRI_5",
    "SeriesNumber": 10,
    "SliceThickness": 4,
    "SliceTiming": [
      0,
      1.0285,
      0.0571001,
      1.0857,
      0.1142,
      1.1428,
      0.1714,
      1.2,
      0.2285,
      1.2571,
      0.2857,
      1.3143,
      0.3428,
      1.3714,
      0.4,
      1.4286,
      0.4571,
      1.4857,
      0.5142,
      1.5428,
      0.5714,
      1.6,
      0.6285,
      1.6571,
      0.6857,
      1.7143,
      0.7428,
      1.7714,
      0.8,
      1.8285,
      0.8571,
      1.8857,
      0.9143,
      1.9428,
      0.9714
    ],
    "SoftwareVersions": "24_LX_MR_Software_release:DV24.0_R02_1607.b",
    "SpacingBetweenSlices": 4,
    "StationName": "GEHCGEHC",
    "TaskName": "verbs",
    "TotalReadoutTime": 0.023436,
    "dataset": "ds003481",
    "modality": "bold",
    "run_id": 5,
    "subject_id": "133",
    "task_id": "verbs"
  },
  "dummy_trs": 2,
  "dvars_nstd": 12.77082944081872,
  "dvars_std": 1.0432598421052635,
  "dvars_vstd": 0.9758118656140351,
  "efc": 0.33444384172035163,
  "fber": 63386.44140625,
  "fd_mean": 0.09522034581137638,
  "fd_num": 4,
  "fd_perc": 2.3255813953488373,
  "fwhm_avg": 2.97685,
  "fwhm_x": 2.9866,
  "fwhm_y": 3.062125,
  "fwhm_z": 2.881825,
  "gcor": 0.0396654,
  "gsr_x": -0.011799817904829979,
  "gsr_y": 0.004177441820502281,
  "provenance": {
    "md5sum": "481ef98db581ed4891fad8ccf9574873",
    "settings": {
      "fd_thres": 0.2,
      "testing": false
    },
    "software": "mriqc",
    "version": "23.0.1",
    "webapi_port": null,
    "webapi_url": "https://mriqc.nimh.nih.gov/api/v1"
  },
  "size_t": 172,
  "size_x": 64,
  "size_y": 64,
  "size_z": 35,
  "snr": 2.993344408604529,
  "spacing_tr": 2.0,
  "spacing_x": 4.0,
  "spacing_y": 4.0,
  "spacing_z": 4.0,
  "summary_bg_k": 75.83402631734904,
  "summary_bg_mad": 10.283397988955008,
  "summary_bg_mean": 33.837646484375,
  "summary_bg_median": 7.569767475128174,
  "summary_bg_n": 104226.0,
  "summary_bg_p05": 0.19767442345619202,
  "summary_bg_p95": 154.06830978393555,
  "summary_bg_stdv": 92.73285675048828,
  "summary_fg_k": 0.8102973205913933,
  "summary_fg_mad": 513.3682114205967,
  "summary_fg_mean": 1973.7451171875,
  "summary_fg_median": 1822.81396484375,
  "summary_fg_n": 11928.0,
  "summary_fg_p05": 1234.5732727050781,
  "summary_fg_p95": 3207.2723510742185,
  "summary_fg_stdv": 608.9301147460938,
  "tsnr": 102.90433477051556
}