{
  "aor": 0.0009194827586206898,
  "aqi": 0.0011239809425287355,
  "bids_meta": {
    "AcquisitionMatrixPE": 64,
    "AcquisitionNumber": 1,
    "AcquisitionTime": "20:50:56.000000",
    "CoilString": "32Ch_Head",
    "ConversionSoftware": "dcm2niix",
    "ConversionSoftwareVersion": "v1.0.20190902",
    "Dcm2bidsVersion": "2.1.4",
    "DeviceSerialNumber": "000000000000GEHC",
    "EchoTime": 0.04,
    "EffectiveEchoSpacing": 0.000372,
    "FlipAngle": 90,
    "ImageOrientationPatientDICOM": [
      1,
      0,
      0,
      0,
      1,
      0
    ],
    "ImageType": [
      "ORIGINAL",
      "PRIMARY",
      "EPI",
      "NONE"
    ],
    "ImagingFrequency": 127.772,
    "InPlanePhaseEncodingDirectionDICOM": "COL",
    "InstitutionName": "INSTITUTO_DE_NEUROBIOLOGIA",
    "MRAcquisitionType": "2D",
    "MagneticFieldStrength": 3,
    "Manufacturer": "GE",
    "ManufacturersModelName": "DISCOVERY_MR750",
    "Modality": "MR",
    "PatientPosition": "HFS",
    "PercentPhaseFOV": 100,
    "PhaseEncodingDirection": "j",
    "PhaseEncodingPolarityGE": "Flipped",
    "PixelBandwidth": 7812.5,
    "ProcedureStepDescription": "verbos",
    "ProtocolName": "fMRI_7",
    "ReconMatrixPE": 64,
    "RepetitionTime": 2,
    "SAR": 0.360474,
    "ScanOptions": "EPI_GEMS_ACC_GEMS",
    "ScanningSequence": "EP_GR",
    "SequenceVariant": "SS",
    "SeriesDescription": "fMRI_7",
    "SeriesNumber": 12,
    "SliceThickness": 4,
    "SliceTiming": [
      0,
      1.0285,
      0.0571001,
      1.0857,
      0.1142,
      1.1428,
      0.1714,
      1.2,
      0.2285,
      1.2571,
      0.2857,
      1.3143,
      0.3428,
      1.3714,
      0.4,
      1.4286,
      0.4571,
      1.4857,
      0.5142,
      1.5428,
      0.5714,
      1.6,
      0.6285,
      1.6571,
      0.6857,
      1.7143,
      0.7428,
      1.7714,
      0.8,
      1.8285,
      0.8571,
      1.8857,
      0.9143,
      1.9428,
      0.9714
    ],
    "SoftwareVersions": "24_LX_MR_Software_release:DV24.0_R02_1607.b",
    "SpacingBetweenSlices": 4,
    "StationName": "GEHCGEHC",
    "TaskName": "verbs",
    "TotalReadoutTime": 0.023436,
    "dataset": "ds003481",
    "modality": "bold",
    "run_id": 7,
    "subject_id": "133",
    "task_id": "verbs"
  },
  "dummy_trs": 0,
  "dvars_nstd": 14.430962094219648,
  "dvars_std": 1.1100062604624277,
  "dvars_vstd": 1.013261671734104,
  "efc": 0.3352144951364099,
  "fber": 63106.88671875,
  "fd_mean": 0.13687243908168137,
  "fd_num": 31,
  "fd_perc": 17.816091954022987,
  "fwhm_avg": 2.968458333333333,
  "fwhm_x": 3.025,
  "fwhm_y": 3.035225,
  "fwhm_z": 2.84515,
  "gcor": 0.0560525,
  "gsr_x": -0.01206329558044672,
  "gsr_y": 0.0047700172290205956,
  "provenance": {
    "md5sum": "f91e7e2a1deaf9b0d400e9e286351280",
    "settings": {
      "fd_thres": 0.2,
      "testing": false
    },
    "software": "mriqc",
    "version": "23.0.1",
    "webapi_port": null,
    "webapi_url": "https://mriqc.nimh.nih.gov/api/v1"
  },
  "size_t": 174,
  "size_x": 64,
  "size_y": 64,
  "size_z": 35,
  "snr": 2.950836649897895,
  "spacing_tr": 2.0,
  "spacing_x": 4.0,
  "spacing_y": 4.0,
  "spacing_z": 4.0,
  "summary_bg_k": 76.50989097213048,
  "summary_bg_mad": 10.250405145823176,
  "summary_bg_mean": 33.45058059692383,
  "summary_bg_median": 7.5459771156311035,
  "summary_bg_n": 104095.0,
  "summary_bg_p05": 0.19540229439735413,
  "summary_bg_p95": 151.77183685302728,
  "summary_bg_stdv": 91.32146453857422,
  "summary_fg_k": 0.728841427096599,
  "summary_fg_mad": 516.2606612077251,
  "summary_fg_mean": 1958.0306396484375,
  "summary_fg_median": 1815.8333740234375,
  "summary_fg_n": 12191.0,
  "summary_fg_p05": 1204.47412109375,
  "summary_fg_p95": 3187.4482421875,
  "summary_fg_stdv": 615.3369750976562,
  "tsnr": 107.15310710016638
}