{
  "aor": 0.0009609770114942527,
  "aqi": 0.0008834326609195401,
  "bids_meta": {
    "AcquisitionMatrixPE": 64,
    "AcquisitionNumber": 1,
    "AcquisitionTime": "20:03:18.000000",
    "CoilString": "32Ch_Head",
    "ConversionSoftware": "dcm2niix",
    "ConversionSoftwareVersion": "v1.0.20190902",
    "Dcm2bidsVersion": "2.1.4",
    "DeviceSerialNumber": "000000000000GEHC",
    "EchoTime": 0.04,
    "EffectiveEchoSpacing": 0.000372,
    "FlipAngle": 90,
    "ImageOrientationPatientDICOM": [
      1,
      0,
      0,
      0,
      1,
      0
    ],
    "ImageType": [
      "ORIGINAL",
      "PRIMARY",
      "EPI",
      "NONE"
    ],
    "ImagingFrequency": 127.772,
    "InPlanePhaseEncodingDirectionDICOM": "COL",
    "InstitutionName": "INSTITUTO_DE_NEUROBIOLOGIA",
    "MRAcquisitionType": "2D",
    "MagneticFieldStrength": 3,
    "Manufacturer": "GE",
    "ManufacturersModelName": "DISCOVERY_MR750",
    "Modality": "MR",
    "PatientPosition": "HFS",
    "PercentPhaseFOV": 100,
    "PhaseEncodingDirection": "j",
    "PhaseEncodingPolarityGE": "Flipped",
    "PixelBandwidth": 7812.5,
    "ProcedureStepDescription": "verbos",
    "ProtocolName": "fMRI_1",
    "ReconMatrixPE": 64,
    "RepetitionTime": 2,
    "SAR": 0.360474,
    "ScanOptions": "EPI_GEMS_ACC_GEMS",
    "ScanningSequence": "EP_GR",
    "SequenceVariant": "SS",
    "SeriesDescription": "fMRI_1",
    "SeriesNumber": 4,
    "SliceThickness": 4,
    "SliceTiming": [
      0,
      1.0285,
      0.0571001,
      1.0857,
      0.1142,
      1.1428,
      0.1714,
      1.2,
      0.2285,
      1.2571,
      0.2857,
      1.3143,
      0.3428,
      1.3714,
      0.4,
      1.4286,
      0.4571,
      1.4857,
      0.5142,
      1.5428,
      0.5714,
      1.6,
      0.6285,
      1.6571,
      0.6857,
      1.7143,
      0.7428,
      1.7714,
      0.8,
      1.8285,
      0.8571,
      1.8857,
      0.9143,
      1.9428,
      0.9714
    ],
    "SoftwareVersions": "24_LX_MR_Software_release:DV24.0_R02_1607.b",
    "SpacingBetweenSlices": 4,
    "StationName": "GEHCGEHC",
    "TaskName": "verbs",
    "TotalReadoutTime": 0.023436,
    "dataset": "ds003481",
    "modality": "bold",
    "run_id": 1,
    "subject_id": "133",
    "task_id": "verbs"
  },
  "dummy_trs": 0,
  "dvars_nstd": 13.656920681329481,
  "dvars_std": 1.1215708110982663,
  "dvars_vstd": 1.0102216794797692,
  "efc": 0.33344422704132864,
  "fber": 64604.81640625,
  "fd_mean": 0.07278192069080545,
  "fd_num": 1,
  "fd_perc": 0.5747126436781609,
  "fwhm_avg": 2.9779750000000003,
  "fwhm_x": 3.009,
  "fwhm_y": 3.067275,
  "fwhm_z": 2.85765,
  "gcor": 0.077401,
  "gsr_x": -0.011521933600306511,
  "gsr_y": 0.002784634940326214,
  "provenance": {
    "md5sum": "fdca3660854a3ff9531a9a40298bae29",
    "settings": {
      "fd_thres": 0.2,
      "testing": false
    },
    "software": "mriqc",
    "version": "23.0.1",
    "webapi_port": null,
    "webapi_url": "https://mriqc.nimh.nih.gov/api/v1"
  },
  "size_t": 174,
  "size_x": 64,
  "size_y": 64,
  "size_z": 35,
  "snr": 2.930957400931052,
  "spacing_tr": 2.0,
  "spacing_x": 4.0,
  "spacing_y": 4.0,
  "spacing_z": 4.0,
  "summary_bg_k": 75.94914198135629,
  "summary_bg_mad": 10.258925867527571,
  "summary_bg_mean": 33.34437561035156,
  "summary_bg_median": 7.5459771156311035,
  "summary_bg_n": 104164.0,
  "summary_bg_p05": 0.18965516984462738,
  "summary_bg_p95": 148.84884719848623,
  "summary_bg_stdv": 92.28203582763672,
  "summary_fg_k": 0.7315778075895674,
  "summary_fg_mad": 534.9893731193259,
  "summary_fg_mean": 1970.1781005859375,
  "summary_fg_median": 1825.02587890625,
  "summary_fg_n": 12106.0,
  "summary_fg_p05": 1220.785888671875,
  "summary_fg_p95": 3210.4525146484375,
  "summary_fg_stdv": 622.6465454101562,
  "tsnr": 113.52779722213745
}