{
  "bids_meta": {
    "AcquisitionDateTime": "2016-10-08T11:37:53.000000",
    "ConversionSoftware": "dcm2niix",
    "ConversionSoftwareVersion": "v1.0.20170411 GCC4.8.4",
    "EchoTime": 0.003336,
    "FlipAngle": 12,
    "ImageType": [
      "DERIVED",
      "PRIMARY",
      "OTHER"
    ],
    "InversionTime": 0.45,
    "MagneticFieldStrength": 3,
    "Manufacturer": "GE",
    "ManufacturersModelName": "DISCOVERY_MR750",
    "ProcedureStepDescription": "MeditResp",
    "ProtocolName": "PU:Sag_T1_FSPGR_BRAVO",
    "RepetitionTime": 0.008512,
    "ScanningSequence": "GR",
    "SequenceVariant": "SS_SP_SK",
    "SeriesDescription": "PU:Sag_T1_FSPGR_BRAVO",
    "dataset": "ds003481",
    "modality": "T1w",
    "subject_id": "118"
  },
  "cjv": 0.3185487712370564,
  "cnr": 4.263913171495282,
  "efc": 0.701841838961073,
  "fber": -1.0,
  "fwhm_avg": 3.5108533333333334,
  "fwhm_x": 3.51256,
  "fwhm_y": 3.62221,
  "fwhm_z": 3.39779,
  "icvs_csf": 0.2051435964433574,
  "icvs_gm": 0.4685745486569502,
  "icvs_wm": 0.3262818548996924,
  "inu_med": 0.5912019610404968,
  "inu_range": 0.18862929940223694,
  "provenance": {
    "md5sum": "f184e869a70bae44f651e7c26850c4f7",
    "settings": {
      "testing": false
    },
    "software": "mriqc",
    "version": "23.0.1",
    "warnings": {
      "large_rot_frame": true,
      "small_air_mask": false
    },
    "webapi_port": null,
    "webapi_url": "https://mriqc.nimh.nih.gov/api/v1"
  },
  "qi_1": 0.0,
  "qi_2": 0.0042578969506808445,
  "rpve_csf": 25.068465148039852,
  "rpve_gm": 11.854413565610718,
  "rpve_wm": 18.820993009888692,
  "size_x": 176,
  "size_y": 256,
  "size_z": 256,
  "snr_csf": 1.6842662871522622,
  "snr_gm": 10.493628349782883,
  "snr_total": 10.55890292807983,
  "snr_wm": 19.49881414730434,
  "snrd_csf": 9.838228693911493,
  "snrd_gm": 27.55162782087434,
  "snrd_total": 26.578700211548338,
  "snrd_wm": 42.34624411985917,
  "spacing_x": 1.0,
  "spacing_y": 1.0,
  "spacing_z": 1.0,
  "summary_bg_k": 4.418240518719926,
  "summary_bg_mad": 0.0,
  "summary_bg_mean": 10.14739253750917,
  "summary_bg_median": 0.0,
  "summary_bg_n": 313997.0,
  "summary_bg_p05": 0.0,
  "summary_bg_p95": 42.79136922955513,
  "summary_bg_stdv": 15.470944576291512,
  "summary_csf_k": 28.925716846342432,
  "summary_csf_mad": 109.0502978937889,
  "summary_csf_mean": 251.73045165151873,
  "summary_csf_median": 232.3282462283969,
  "summary_csf_n": 27810.0,
  "summary_csf_p05": 77.99945783615112,
  "summary_csf_p95": 481.0417952314019,
  "summary_csf_stdv": 137.93784919878556,
  "summary_gm_k": 0.014317662256002617,
  "summary_gm_mad": 62.50566322970164,
  "summary_gm_mean": 650.9565660545707,
  "summary_gm_median": 650.6274220198393,
  "summary_gm_n": 45536.0,
  "summary_gm_p05": 549.0204893872142,
  "summary_gm_p95": 751.9183846265078,
  "summary_gm_stdv": 62.001459952091984,
  "summary_wm_k": 0.6838588498061617,
  "summary_wm_mad": 48.786540143953424,
  "summary_wm_mean": 1001.432999969059,
  "summary_wm_median": 999.9999935775995,
  "summary_wm_n": 168519.0,
  "summary_wm_p05": 920.1047155857086,
  "summary_wm_p95": 1086.891750715673,
  "summary_wm_stdv": 51.28501759102997,
  "tpm_overlap_csf": 0.12965026309842015,
  "tpm_overlap_gm": 0.4600092333541622,
  "tpm_overlap_wm": 0.46680767678824825,
  "wm2max": 0.42944234960829947
}