{
  "bids_meta": {
    "AcquisitionDateTime": "2017-01-12T20:48:1.000000",
    "ConversionSoftware": "dcm2niix",
    "ConversionSoftwareVersion": "v1.0.20170411 GCC4.8.4",
    "EchoTime": 0.00318,
    "FlipAngle": 12,
    "ImageType": [
      "DERIVED",
      "PRIMARY",
      "OTHER"
    ],
    "InversionTime": 0.45,
    "MagneticFieldStrength": 3,
    "Manufacturer": "GE",
    "ManufacturersModelName": "DISCOVERY_MR750",
    "ProcedureStepDescription": "CompRefranes",
    "ProtocolName": "PU:Sag_T1_FSPGR_BRAVO",
    "RepetitionTime": 0.008156,
    "ScanningSequence": "GR",
    "SequenceVariant": "SS_SP_SK",
    "SeriesDescription": "PU:Sag_T1_FSPGR_BRAVO",
    "dataset": "ds003481",
    "modality": "T1w",
    "subject_id": "061"
  },
  "cjv": 0.3260315014759995,
  "cnr": 4.135486429770617,
  "efc": 0.74687105898873,
  "fber": -1.0,
  "fwhm_avg": 3.7333133333333333,
  "fwhm_x": 3.73655,
  "fwhm_y": 3.86434,
  "fwhm_z": 3.59905,
  "icvs_csf": 0.1644213088795939,
  "icvs_gm": 0.487632682646095,
  "icvs_wm": 0.3479460084743111,
  "inu_med": 0.5465370714664459,
  "inu_range": 0.2066856473684311,
  "provenance": {
    "md5sum": "16790880842e976a0ed8ff110a96f105",
    "settings": {
      "testing": false
    },
    "software": "mriqc",
    "version": "23.0.1",
    "warnings": {
      "large_rot_frame": true,
      "small_air_mask": false
    },
    "webapi_port": null,
    "webapi_url": "https://mriqc.nimh.nih.gov/api/v1"
  },
  "qi_1": 0.0,
  "qi_2": 0.0032097105355607712,
  "rpve_csf": 29.767941433963834,
  "rpve_gm": 11.681392261722042,
  "rpve_wm": 18.02811891037648,
  "size_x": 176,
  "size_y": 256,
  "size_z": 256,
  "snr_csf": 2.6029964862613073,
  "snr_gm": 11.47888533862743,
  "snr_total": 11.46381679061429,
  "snr_wm": 20.309568546954136,
  "snrd_csf": 15.891736354322914,
  "snrd_gm": 38.292844095073235,
  "snrd_total": 36.87924228961955,
  "snrd_wm": 56.45314641946249,
  "spacing_x": 1.0,
  "spacing_y": 1.0,
  "spacing_z": 1.0,
  "summary_bg_k": 7.667338356221322,
  "summary_bg_mad": 0.0,
  "summary_bg_mean": 6.190497625535953,
  "summary_bg_median": 0.0,
  "summary_bg_n": 345269.0,
  "summary_bg_p05": 0.0,
  "summary_bg_p95": 31.28584921360016,
  "summary_bg_stdv": 11.604958434751445,
  "summary_csf_k": 1.3743580139667282,
  "summary_csf_mad": 85.70819188726134,
  "summary_csf_mean": 282.4370349322701,
  "summary_csf_median": 281.5031188130379,
  "summary_csf_n": 14332.0,
  "summary_csf_p05": 86.00479948818685,
  "summary_csf_p95": 464.6800278559327,
  "summary_csf_stdv": 108.14201991345496,
  "summary_gm_k": 0.20832544486442472,
  "summary_gm_mad": 57.465203820984,
  "summary_gm_mean": 677.8905071563807,
  "summary_gm_median": 678.3119730055332,
  "summary_gm_n": 59047.0,
  "summary_gm_p05": 578.8334011226892,
  "summary_gm_p95": 774.0466715991497,
  "summary_gm_stdv": 59.09164602138667,
  "summary_wm_k": 0.5070524593617343,
  "summary_wm_mad": 47.415235439735675,
  "summary_wm_mean": 1000.7111224142715,
  "summary_wm_median": 1000.0000270307064,
  "summary_wm_n": 197645.0,
  "summary_wm_p05": 921.8201660513878,
  "summary_wm_p95": 1082.1775242984295,
  "summary_wm_stdv": 49.23775189646522,
  "tpm_overlap_csf": 0.1470879759233304,
  "tpm_overlap_gm": 0.4904729864520847,
  "tpm_overlap_wm": 0.5093691970710668,
  "wm2max": 0.5937338754618068
}