{
  "bids_meta": {
    "AcquisitionMatrixPE": 256,
    "AcquisitionNumber": 1,
    "AcquisitionTime": "18:43:25.000000",
    "BodyPartExamined": "HEAD",
    "CoilString": "32Ch_Head",
    "ConversionSoftware": "dcm2niix",
    "ConversionSoftwareVersion": "v1.0.20181125  (JP2:OpenJPEG) GCC7.3.0",
    "DeviceSerialNumber": "0002806034DVR750",
    "EchoTime": 0.003192,
    "FlipAngle": 12,
    "ImageOrientationPatientDICOM": [
      0,
      1,
      0,
      0,
      0,
      -1
    ],
    "ImageType": [
      "ORIGINAL",
      "PRIMARY",
      "OTHER"
    ],
    "ImagingFrequency": 127.772,
    "InPlanePhaseEncodingDirectionDICOM": "ROW",
    "InstitutionName": "INSTITUTO_DE_NEUROBIOLOGIA",
    "InversionTime": 0.45,
    "MRAcquisitionType": "3D",
    "MagneticFieldStrength": 3,
    "Manufacturer": "GE",
    "ManufacturersModelName": "DISCOVERY_MR750",
    "Modality": "MR",
    "PatientPosition": "HFS",
    "PercentPhaseFOV": 100,
    "PixelBandwidth": 244.141,
    "ProcedureStepDescription": "Emociones_AH",
    "ProtocolName": "Sag_T1_FSPGR_BRAVO",
    "ReconMatrixPE": 256,
    "RepetitionTime": 0.008184,
    "SAR": 0.118568,
    "ScanOptions": "FAST_GEMS_EDR_GEMS_FILTERED_GEMS_ACC_GEMS_IR_GEMS",
    "ScanningSequence": "GR",
    "SequenceVariant": "SS_SP_SK",
    "SeriesDescription": "Sag_T1_FSPGR_BRAVO",
    "SeriesNumber": 9,
    "SliceThickness": 1,
    "SoftwareVersions": "27_LX_MR_Software_release:DV26.0_R03_1831.b",
    "SpacingBetweenSlices": 1,
    "StationName": "GEHCGEHC",
    "dataset": "ds003481",
    "modality": "T1w",
    "subject_id": "043"
  },
  "cjv": 0.32658140556720494,
  "cnr": 4.175909652556402,
  "efc": 0.5696788535145246,
  "fber": -1.0,
  "fwhm_avg": 3.8856633333333335,
  "fwhm_x": 3.79008,
  "fwhm_y": 4.15197,
  "fwhm_z": 3.71494,
  "icvs_csf": 0.19636974263659665,
  "icvs_gm": 0.4566015497054119,
  "icvs_wm": 0.34702870765799143,
  "inu_med": 0.399972140789032,
  "inu_range": 0.08580096513032914,
  "provenance": {
    "md5sum": "3ed38954af6700398279795617a93195",
    "settings": {
      "testing": false
    },
    "software": "mriqc",
    "version": "23.0.1",
    "warnings": {
      "large_rot_frame": true,
      "small_air_mask": false
    },
    "webapi_port": null,
    "webapi_url": "https://mriqc.nimh.nih.gov/api/v1"
  },
  "qi_1": 0.0,
  "qi_2": 0.002371179408931818,
  "rpve_csf": 27.554460992464428,
  "rpve_gm": 13.08709394265966,
  "rpve_wm": 19.515607552359942,
  "size_x": 176,
  "size_y": 256,
  "size_z": 256,
  "snr_csf": 2.4032042418734783,
  "snr_gm": 11.376093565532463,
  "snr_total": 12.360993317163933,
  "snr_wm": 23.303682144085858,
  "snrd_csf": 18.5114002570754,
  "snrd_gm": 49.529296738481825,
  "snrd_total": 46.676595271872934,
  "snrd_wm": 71.98908882006155,
  "spacing_x": 1.0,
  "spacing_y": 1.0,
  "spacing_z": 1.0,
  "summary_bg_k": 14.691909650566576,
  "summary_bg_mad": 0.0,
  "summary_bg_mean": 5.099063284641969,
  "summary_bg_median": 0.0,
  "summary_bg_n": 2015084.0,
  "summary_bg_p05": 0.0,
  "summary_bg_p95": 23.140431068837643,
  "summary_bg_stdv": 9.100495506289137,
  "summary_csf_k": 0.9880087109174536,
  "summary_csf_mad": 91.25827546140272,
  "summary_csf_mean": 268.2673550561561,
  "summary_csf_median": 257.1417415589094,
  "summary_csf_n": 25007.0,
  "summary_csf_p05": 111.82603623718023,
  "summary_csf_p95": 470.9368431441485,
  "summary_csf_stdv": 106.99739773753522,
  "summary_gm_k": 0.021880594358149708,
  "summary_gm_mad": 60.39826669391326,
  "summary_gm_mean": 687.786200728836,
  "summary_gm_median": 688.0111414939165,
  "summary_gm_n": 51186.0,
  "summary_gm_p05": 587.9297461509705,
  "summary_gm_p95": 786.7358951494098,
  "summary_gm_stdv": 60.47809090188288,
  "summary_wm_k": 0.3027125967833264,
  "summary_wm_mad": 41.491482923887126,
  "summary_wm_mean": 1001.0491052001952,
  "summary_wm_median": 999.9999684169888,
  "summary_wm_n": 199173.0,
  "summary_wm_p05": 932.3229288086295,
  "summary_wm_p95": 1073.2973807305098,
  "summary_wm_stdv": 42.91156444078427,
  "tpm_overlap_csf": 0.15614880873452514,
  "tpm_overlap_gm": 0.4872986909764822,
  "tpm_overlap_wm": 0.5353074901020143,
  "wm2max": 0.4953075232593439
}