{
  "aor": 0.019287006802721086,
  "aqi": 0.0046995988435374145,
  "bids_meta": {
    "AcquisitionMatrixPE": 64,
    "AcquisitionNumber": 1,
    "AcquisitionTime": "19:12:16.000000",
    "BodyPartExamined": "HEAD",
    "CoilString": "32Ch_Head",
    "ConversionSoftware": "dcm2niix",
    "ConversionSoftwareVersion": "v1.0.20181125  (JP2:OpenJPEG) GCC7.3.0",
    "DeviceSerialNumber": "0002806034DVR750",
    "EchoTime": 0.04,
    "EffectiveEchoSpacing": 0.000372,
    "FlipAngle": 90,
    "ImageOrientationPatientDICOM": [
      1,
      0,
      0,
      0,
      1,
      0
    ],
    "ImageType": [
      "ORIGINAL",
      "PRIMARY",
      "EPI",
      "NONE"
    ],
    "ImagingFrequency": 127.772,
    "InPlanePhaseEncodingDirectionDICOM": "COL",
    "InstitutionName": "INSTITUTO_DE_NEUROBIOLOGIA",
    "MRAcquisitionType": "2D",
    "MagneticFieldStrength": 3,
    "Manufacturer": "GE",
    "ManufacturersModelName": "DISCOVERY_MR750",
    "Modality": "MR",
    "PatientPosition": "HFS",
    "PercentPhaseFOV": 100,
    "PhaseEncodingDirection": "j",
    "PhaseEncodingPolarityGE": "Flipped",
    "PixelBandwidth": 7812.5,
    "ProcedureStepDescription": "Emociones_AH",
    "ProtocolName": "fMRI_Jalil_4",
    "ReconMatrixPE": 64,
    "RepetitionTime": 2,
    "SAR": 0.187794,
    "ScanOptions": "EPI_GEMS_ACC_GEMS",
    "ScanningSequence": "EP_GR",
    "SequenceVariant": "SS",
    "SeriesDescription": "fMRI_Jalil_4",
    "SeriesNumber": 8,
    "SliceThickness": 4,
    "SliceTiming": [
      0,
      1.0285,
      0.0571001,
      1.0857,
      0.1142,
      1.1428,
      0.1714,
      1.2,
      0.2285,
      1.2571,
      0.2857,
      1.3143,
      0.3428,
      1.3714,
      0.4,
      1.4286,
      0.4571,
      1.4857,
      0.5142,
      1.5428,
      0.5714,
      1.6,
      0.6285,
      1.6571,
      0.6857,
      1.7143,
      0.7428,
      1.7714,
      0.8,
      1.8285,
      0.8571,
      1.8857,
      0.9143,
      1.9428,
      0.9714
    ],
    "SoftwareVersions": "27_LX_MR_Software_release:DV26.0_R03_1831.b",
    "SpacingBetweenSlices": 4,
    "StationName": "GEHCGEHC",
    "TaskName": "ec",
    "TotalReadoutTime": 0.023436,
    "dataset": "ds003481",
    "modality": "bold",
    "run_id": 4,
    "subject_id": "044",
    "task_id": "ec"
  },
  "dummy_trs": 3,
  "dvars_nstd": 19.07545903623288,
  "dvars_std": 1.0539361634931506,
  "dvars_vstd": 1.0455401919863014,
  "efc": 0.327092697148204,
  "fber": 104501.40625,
  "fd_mean": 0.20584982744677408,
  "fd_num": 28,
  "fd_perc": 19.047619047619047,
  "fwhm_avg": 2.661425,
  "fwhm_x": 2.6232,
  "fwhm_y": 2.69985,
  "fwhm_z": 2.661225,
  "gcor": 0.102578,
  "gsr_x": -0.010759662836790085,
  "gsr_y": 0.0016145315021276474,
  "provenance": {
    "md5sum": "702677e881064be8d106089f8918b8e5",
    "settings": {
      "fd_thres": 0.2,
      "testing": false
    },
    "software": "mriqc",
    "version": "23.0.1",
    "webapi_port": null,
    "webapi_url": "https://mriqc.nimh.nih.gov/api/v1"
  },
  "size_t": 147,
  "size_x": 64,
  "size_y": 64,
  "size_z": 35,
  "snr": 3.6170479315271047,
  "spacing_tr": 2.0,
  "spacing_x": 4.0,
  "spacing_y": 4.0,
  "spacing_z": 4.0,
  "summary_bg_k": 74.48685304791054,
  "summary_bg_mad": 9.25869948386378,
  "summary_bg_mean": 27.890213012695312,
  "summary_bg_median": 6.761904716491699,
  "summary_bg_n": 104346.0,
  "summary_bg_p05": 0.15646257996559143,
  "summary_bg_p95": 113.33162879943848,
  "summary_bg_stdv": 78.8991928100586,
  "summary_fg_k": 0.5543961335337815,
  "summary_fg_mad": 483.3585471794193,
  "summary_fg_mean": 2115.2412109375,
  "summary_fg_median": 2026.6597900390625,
  "summary_fg_n": 12430.0,
  "summary_fg_p05": 1333.5876953125,
  "summary_fg_p95": 3192.6267822265618,
  "summary_fg_stdv": 560.28515625,
  "tsnr": 49.53881096560508
}