{
  "bids_meta": {
    "AcquisitionMatrixPE": 256,
    "AcquisitionNumber": 1,
    "AcquisitionTime": "21:42:32.000000",
    "CoilString": "32Ch_Head",
    "ConversionSoftware": "dcm2niix",
    "ConversionSoftwareVersion": "v1.0.20190902",
    "Dcm2bidsVersion": "2.1.4",
    "DeviceSerialNumber": "000000000000GEHC",
    "EchoTime": 0.00318,
    "FlipAngle": 12,
    "ImageOrientationPatientDICOM": [
      0,
      1,
      0,
      0,
      0,
      -1
    ],
    "ImageType": [
      "ORIGINAL",
      "PRIMARY",
      "OTHER"
    ],
    "ImagingFrequency": 127.772,
    "InPlanePhaseEncodingDirectionDICOM": "ROW",
    "InstitutionName": "INSTITUTO_DE_NEUROBIOLOGIA",
    "InversionTime": 0.45,
    "MRAcquisitionType": "3D",
    "MagneticFieldStrength": 3,
    "Manufacturer": "GE",
    "ManufacturersModelName": "DISCOVERY_MR750",
    "Modality": "MR",
    "PatientPosition": "HFS",
    "PercentPhaseFOV": 100,
    "PixelBandwidth": 244.141,
    "ProcedureStepDescription": "verbos",
    "ProtocolName": "Sag_T1_FSPGR_BRAVO",
    "ReconMatrixPE": 256,
    "RepetitionTime": 0.008156,
    "SAR": 0.235025,
    "ScanOptions": "FAST_GEMS_EDR_GEMS_FILTERED_GEMS_ACC_GEMS",
    "ScanningSequence": "GR",
    "SequenceVariant": "SS_SP_SK",
    "SeriesDescription": "Sag_T1_FSPGR_BRAVO",
    "SeriesNumber": 17,
    "SliceThickness": 1,
    "SoftwareVersions": "24_LX_MR_Software_release:DV24.0_R02_1607.b",
    "SpacingBetweenSlices": 1,
    "StationName": "GEHCGEHC",
    "dataset": "ds003481",
    "modality": "T1w",
    "subject_id": "129"
  },
  "cjv": 0.39627389892295517,
  "cnr": 3.454163773555754,
  "efc": 0.5661021125394461,
  "fber": -1.0,
  "fwhm_avg": 4.167463333333333,
  "fwhm_x": 4.13905,
  "fwhm_y": 4.3084,
  "fwhm_z": 4.05494,
  "icvs_csf": 0.23170843345967287,
  "icvs_gm": 0.41680182251534886,
  "icvs_wm": 0.35148974402497823,
  "inu_med": 0.8286704421043396,
  "inu_range": 0.7175866961479186,
  "provenance": {
    "md5sum": "e31c4817c9b0c36d665c6980951e6ee9",
    "settings": {
      "testing": false
    },
    "software": "mriqc",
    "version": "23.0.1",
    "warnings": {
      "large_rot_frame": true,
      "small_air_mask": false
    },
    "webapi_port": null,
    "webapi_url": "https://mriqc.nimh.nih.gov/api/v1"
  },
  "qi_1": 0.0,
  "qi_2": 0.00315134796308415,
  "rpve_csf": 22.563278901776826,
  "rpve_gm": 12.671865159471597,
  "rpve_wm": 17.59550130272343,
  "size_x": 176,
  "size_y": 256,
  "size_z": 256,
  "snr_csf": 2.6821137283924723,
  "snr_gm": 10.839942859305445,
  "snr_total": 11.142398399296312,
  "snr_wm": 19.90513861019102,
  "snrd_csf": 12.751977342556387,
  "snrd_gm": 32.99875976345204,
  "snrd_total": 30.72969736886431,
  "snrd_wm": 46.4383550005845,
  "spacing_x": 1.0,
  "spacing_y": 1.0,
  "spacing_z": 1.0,
  "summary_bg_k": 8.469470078980422,
  "summary_bg_mad": 0.0,
  "summary_bg_mean": 8.718482193844109,
  "summary_bg_median": 0.0,
  "summary_bg_n": 2353580.0,
  "summary_bg_p05": 0.0,
  "summary_bg_p95": 38.87485874816775,
  "summary_bg_stdv": 14.107657752690082,
  "summary_csf_k": 14.1118499349136,
  "summary_csf_mad": 83.55377474631176,
  "summary_csf_mean": 280.92535947335557,
  "summary_csf_median": 274.6001168899238,
  "summary_csf_n": 40094.0,
  "summary_csf_p05": 124.82791427206249,
  "summary_csf_p95": 453.93702100161454,
  "summary_csf_stdv": 102.38070425863576,
  "summary_gm_k": -0.020025179800586823,
  "summary_gm_mad": 66.00601361769267,
  "summary_gm_mean": 710.3438853729139,
  "summary_gm_median": 710.5928002260625,
  "summary_gm_n": 23047.0,
  "summary_gm_p05": 602.6494504000991,
  "summary_gm_p95": 818.7342385042459,
  "summary_gm_stdv": 65.55176472003976,
  "summary_wm_k": 0.476279151879464,
  "summary_wm_mad": 48.67851727311484,
  "summary_wm_mean": 1002.1690537092157,
  "summary_wm_median": 1000.0000289194286,
  "summary_wm_n": 190339.0,
  "summary_wm_p05": 924.0281552817672,
  "summary_wm_p95": 1087.6046469137073,
  "summary_wm_stdv": 50.2381531526691,
  "tpm_overlap_csf": 0.16544111467689995,
  "tpm_overlap_gm": 0.45569070197198525,
  "tpm_overlap_wm": 0.500056948150234,
  "wm2max": 0.4505103714936475
}