{
  "aor": 0.0009243921568627451,
  "aqi": 0.0026895940156862748,
  "bids_meta": {
    "AcquisitionDateTime": "2017-04-27T18:46:56.000000",
    "ConversionSoftware": "dcm2niix",
    "ConversionSoftwareVersion": "v1.0.20170411 GCC4.8.4",
    "EchoTime": 0.04,
    "FlipAngle": 90,
    "ImageType": [
      "ORIGINAL",
      "PRIMARY",
      "EPI",
      "NONE"
    ],
    "MagneticFieldStrength": 3,
    "Manufacturer": "GE",
    "ManufacturersModelName": "DISCOVERY_MR750",
    "ProcedureStepDescription": "ActosHabla",
    "ProtocolName": "fMRI_ActosHabla_3",
    "RepetitionTime": 2,
    "ScanningSequence": "EP_GR",
    "SequenceVariant": "SS",
    "SeriesDescription": "fMRI_ActosHabla_3",
    "SliceTiming": [
      0,
      1.0285,
      0.0571001,
      1.0857,
      0.1142,
      1.1428,
      0.1714,
      1.2,
      0.2285,
      1.2571,
      0.2857,
      1.3143,
      0.3428,
      1.3714,
      0.4,
      1.4286,
      0.4571,
      1.4857,
      0.5142,
      1.5428,
      0.5714,
      1.6,
      0.6285,
      1.6571,
      0.6857,
      1.7143,
      0.7428,
      1.7714,
      0.8,
      1.8285,
      0.8571,
      1.8857,
      0.9143,
      1.9428,
      0.9714
    ],
    "TaskName": "sar",
    "dataset": "ds003481",
    "modality": "bold",
    "run_id": 3,
    "subject_id": "019",
    "task_id": "sar"
  },
  "dummy_trs": 0,
  "dvars_nstd": 11.690187330275588,
  "dvars_std": 1.0383487688582678,
  "dvars_vstd": 0.9666794419291338,
  "efc": 0.360585912088644,
  "fber": 36338.265625,
  "fd_mean": 0.065814734008456,
  "fd_num": 6,
  "fd_perc": 2.3529411764705883,
  "fwhm_avg": 2.631475,
  "fwhm_x": 2.53165,
  "fwhm_y": 2.74645,
  "fwhm_z": 2.616325,
  "gcor": 0.0521845,
  "gsr_x": -0.007370747160166502,
  "gsr_y": 0.002029355149716139,
  "provenance": {
    "md5sum": "779053a84135e20b3cf0588af9ad9692",
    "settings": {
      "fd_thres": 0.2,
      "testing": false
    },
    "software": "mriqc",
    "version": "23.0.1",
    "webapi_port": null,
    "webapi_url": "https://mriqc.nimh.nih.gov/api/v1"
  },
  "size_t": 255,
  "size_x": 64,
  "size_y": 64,
  "size_z": 35,
  "snr": 3.594485635066988,
  "spacing_tr": 2.0,
  "spacing_x": 4.0,
  "spacing_y": 4.0,
  "spacing_z": 4.0,
  "summary_bg_k": 217.80377659819953,
  "summary_bg_mad": 14.448104878721235,
  "summary_bg_mean": 43.981685638427734,
  "summary_bg_median": 10.333333969116211,
  "summary_bg_n": 102428.0,
  "summary_bg_p05": 0.16078431904315948,
  "summary_bg_p95": 204.57059478759743,
  "summary_bg_stdv": 112.45341491699219,
  "summary_fg_k": 0.3784816512453477,
  "summary_fg_mad": 492.03788733968213,
  "summary_fg_mean": 1928.7139892578125,
  "summary_fg_median": 1885.274658203125,
  "summary_fg_n": 13372.0,
  "summary_fg_p05": 1147.2208557128906,
  "summary_fg_p95": 2861.162951660156,
  "summary_fg_stdv": 524.47119140625,
  "tsnr": 83.93792260950431
}