{
  "aor": 0.0007695402298850576,
  "aqi": 0.0015583326091954024,
  "bids_meta": {
    "AcquisitionDateTime": "2017-04-27T18:25:41.000000",
    "ConversionSoftware": "dcm2niix",
    "ConversionSoftwareVersion": "v1.0.20170411 GCC4.8.4",
    "EchoTime": 0.04,
    "FlipAngle": 90,
    "ImageType": [
      "ORIGINAL",
      "PRIMARY",
      "EPI",
      "NONE"
    ],
    "MagneticFieldStrength": 3,
    "Manufacturer": "GE",
    "ManufacturersModelName": "DISCOVERY_MR750",
    "ProcedureStepDescription": "ActosHabla",
    "ProtocolName": "fMRI_ActosHabla_1",
    "RepetitionTime": 2,
    "ScanningSequence": "EP_GR",
    "SequenceVariant": "SS",
    "SeriesDescription": "fMRI_ActosHabla_1",
    "SliceTiming": [
      0,
      1.0285,
      0.0571001,
      1.0857,
      0.1142,
      1.1428,
      0.1714,
      1.2,
      0.2285,
      1.2571,
      0.2857,
      1.3143,
      0.3428,
      1.3714,
      0.4,
      1.4286,
      0.4571,
      1.4857,
      0.5142,
      1.5428,
      0.5714,
      1.6,
      0.6285,
      1.6571,
      0.6857,
      1.7143,
      0.7428,
      1.7714,
      0.8,
      1.8285,
      0.8571,
      1.8857,
      0.9143,
      1.9428,
      0.9714
    ],
    "TaskName": "sar",
    "dataset": "ds003481",
    "modality": "bold",
    "run_id": 1,
    "subject_id": "019",
    "task_id": "sar"
  },
  "dummy_trs": 0,
  "dvars_nstd": 11.750823937999995,
  "dvars_std": 1.0774940878846149,
  "dvars_vstd": 1.004679459115384,
  "efc": 0.3605563415460244,
  "fber": 38796.0859375,
  "fd_mean": 0.051845166010053276,
  "fd_num": 1,
  "fd_perc": 0.3831417624521073,
  "fwhm_avg": 2.661008333333333,
  "fwhm_x": 2.535775,
  "fwhm_y": 2.774775,
  "fwhm_z": 2.672475,
  "gcor": 0.104439,
  "gsr_x": -0.007042113691568375,
  "gsr_y": 0.002012448851019144,
  "provenance": {
    "md5sum": "51c5279f28cf0cac89adbb86ddaa46e9",
    "settings": {
      "fd_thres": 0.2,
      "testing": false
    },
    "software": "mriqc",
    "version": "23.0.1",
    "webapi_port": null,
    "webapi_url": "https://mriqc.nimh.nih.gov/api/v1"
  },
  "size_t": 261,
  "size_x": 64,
  "size_y": 64,
  "size_z": 35,
  "snr": 3.6068563068984867,
  "spacing_tr": 2.0,
  "spacing_x": 4.0,
  "spacing_y": 4.0,
  "spacing_z": 4.0,
  "summary_bg_k": 215.40818900631035,
  "summary_bg_mad": 14.183326021114276,
  "summary_bg_mean": 43.01213455200195,
  "summary_bg_median": 10.127225875854492,
  "summary_bg_n": 102262.0,
  "summary_bg_p05": 0.1180238898843527,
  "summary_bg_p95": 199.88519134521474,
  "summary_bg_stdv": 110.53942108154297,
  "summary_fg_k": 0.4618192992832033,
  "summary_fg_mad": 492.3397648421806,
  "summary_fg_mean": 1950.0343017578125,
  "summary_fg_median": 1896.642578125,
  "summary_fg_n": 13471.0,
  "summary_fg_p05": 1183.4095458984375,
  "summary_fg_p95": 2887.2469482421875,
  "summary_fg_stdv": 525.8241577148438,
  "tsnr": 90.77953338623047
}