{
  "bids_meta": {
    "AcquisitionMatrixPE": 256,
    "AcquisitionNumber": 1,
    "AcquisitionTime": "21:09:35.000000",
    "CoilString": "32Ch_Head",
    "ConversionSoftware": "dcm2niix",
    "ConversionSoftwareVersion": "v1.0.20190902",
    "Dcm2bidsVersion": "2.1.4",
    "DeviceSerialNumber": "000000000000GEHC",
    "EchoTime": 0.00318,
    "FlipAngle": 12,
    "ImageOrientationPatientDICOM": [
      0,
      1,
      0,
      0,
      0,
      -1
    ],
    "ImageType": [
      "ORIGINAL",
      "PRIMARY",
      "OTHER"
    ],
    "ImagingFrequency": 127.772,
    "InPlanePhaseEncodingDirectionDICOM": "ROW",
    "InstitutionName": "INSTITUTO_DE_NEUROBIOLOGIA",
    "InversionTime": 0.45,
    "MRAcquisitionType": "3D",
    "MagneticFieldStrength": 3,
    "Manufacturer": "GE",
    "ManufacturersModelName": "DISCOVERY_MR750",
    "Modality": "MR",
    "PatientPosition": "HFS",
    "PercentPhaseFOV": 100,
    "PixelBandwidth": 244.141,
    "ProcedureStepDescription": "verbos",
    "ProtocolName": "Sag_T1_FSPGR_BRAVO",
    "ReconMatrixPE": 256,
    "RepetitionTime": 0.008156,
    "SAR": 0.235025,
    "ScanOptions": "FAST_GEMS_EDR_GEMS_FILTERED_GEMS_ACC_GEMS",
    "ScanningSequence": "GR",
    "SequenceVariant": "SS_SP_SK",
    "SeriesDescription": "Sag_T1_FSPGR_BRAVO",
    "SeriesNumber": 13,
    "SliceThickness": 1,
    "SoftwareVersions": "24_LX_MR_Software_release:DV24.0_R02_1607.b",
    "SpacingBetweenSlices": 1,
    "StationName": "GEHCGEHC",
    "dataset": "ds003481",
    "modality": "T1w",
    "subject_id": "146"
  },
  "cjv": 0.44475393755062587,
  "cnr": 3.02812209872607,
  "efc": 0.5859787996673221,
  "fber": -1.0,
  "fwhm_avg": 3.94093,
  "fwhm_x": 3.78568,
  "fwhm_y": 4.08789,
  "fwhm_z": 3.94922,
  "icvs_csf": 0.20877938837252247,
  "icvs_gm": 0.4141024025921495,
  "icvs_wm": 0.37711820903532806,
  "inu_med": 0.8657633662223816,
  "inu_range": 0.7181802511215211,
  "provenance": {
    "md5sum": "32d58c1c2db32052d2113d15de81eec0",
    "settings": {
      "testing": false
    },
    "software": "mriqc",
    "version": "23.0.1",
    "warnings": {
      "large_rot_frame": true,
      "small_air_mask": false
    },
    "webapi_port": null,
    "webapi_url": "https://mriqc.nimh.nih.gov/api/v1"
  },
  "qi_1": 0.0023639809645454356,
  "qi_2": 0.0010092220354064529,
  "rpve_csf": 20.00753321031597,
  "rpve_gm": 10.256121447786214,
  "rpve_wm": 13.013758552105475,
  "size_x": 176,
  "size_y": 256,
  "size_z": 256,
  "snr_csf": 2.518074342008896,
  "snr_gm": 10.74294134130927,
  "snr_total": 9.735354301171768,
  "snr_wm": 15.94504722019714,
  "snrd_csf": 12.71450281865999,
  "snrd_gm": 34.2120820444504,
  "snrd_total": 31.500393524896605,
  "snrd_wm": 47.57459571157943,
  "spacing_x": 1.0,
  "spacing_y": 1.0,
  "spacing_z": 1.0,
  "summary_bg_k": 18.312755843940458,
  "summary_bg_mad": 0.0,
  "summary_bg_mean": 6.514087278973826,
  "summary_bg_median": 0.0,
  "summary_bg_n": 2008867.0,
  "summary_bg_p05": 0.0,
  "summary_bg_p95": 32.813449054956436,
  "summary_bg_stdv": 13.771416380347175,
  "summary_csf_k": 1.6443460238645224,
  "summary_csf_mad": 87.23839155700955,
  "summary_csf_mean": 280.9284392942874,
  "summary_csf_median": 267.2675680741668,
  "summary_csf_n": 44951.0,
  "summary_csf_p05": 131.55762445181608,
  "summary_csf_p95": 485.79602393321693,
  "summary_csf_stdv": 106.13848476277856,
  "summary_gm_k": 0.14463262526176868,
  "summary_gm_mad": 64.94079922273086,
  "summary_gm_mean": 718.9898637322219,
  "summary_gm_median": 719.1614251211286,
  "summary_gm_n": 35400.0,
  "summary_gm_p05": 608.5654167747125,
  "summary_gm_p95": 829.9574537202716,
  "summary_gm_stdv": 66.94174756747768,
  "summary_wm_k": 0.6413247721947868,
  "summary_wm_mad": 59.985778704002264,
  "summary_wm_mean": 1005.1329898503939,
  "summary_wm_median": 1000.0506255961955,
  "summary_wm_n": 262502.0,
  "summary_wm_p05": 911.7378861643374,
  "summary_wm_p95": 1115.5559917911887,
  "summary_wm_stdv": 62.718454636109605,
  "tpm_overlap_csf": 0.1675571119626795,
  "tpm_overlap_gm": 0.4493725125183071,
  "tpm_overlap_wm": 0.4864186049589497,
  "wm2max": 0.36766266406031833
}