{
  "aor": 0.0006041338582677164,
  "aqi": 0.0018469173070866142,
  "bids_meta": {
    "AcquisitionMatrixPE": 64,
    "AcquisitionNumber": 1,
    "AcquisitionTime": "15:11:36.000000",
    "BodyPartExamined": "HEAD",
    "CoilString": "32Ch_Head",
    "ConversionSoftware": "dcm2niix",
    "ConversionSoftwareVersion": "v1.0.20181125  (JP2:OpenJPEG) GCC7.3.0",
    "DeviceSerialNumber": "0002806034DVR750",
    "EchoTime": 0.04,
    "EffectiveEchoSpacing": 0.000372,
    "FlipAngle": 90,
    "ImageOrientationPatientDICOM": [
      1,
      0,
      0,
      0,
      1,
      0
    ],
    "ImageType": [
      "ORIGINAL",
      "PRIMARY",
      "EPI",
      "NONE"
    ],
    "ImagingFrequency": 127.772,
    "InPlanePhaseEncodingDirectionDICOM": "COL",
    "InstitutionName": "INSTITUTO_DE_NEUROBIOLOGIA",
    "MRAcquisitionType": "2D",
    "MagneticFieldStrength": 3,
    "Manufacturer": "GE",
    "ManufacturersModelName": "DISCOVERY_MR750",
    "Modality": "MR",
    "PatientPosition": "HFS",
    "PercentPhaseFOV": 100,
    "PhaseEncodingDirection": "j",
    "PhaseEncodingPolarityGE": "Flipped",
    "PixelBandwidth": 7812.5,
    "ProcedureStepDescription": "Emociones_AH",
    "ProtocolName": "fMRI_Jalil_3",
    "ReconMatrixPE": 64,
    "RepetitionTime": 2,
    "SAR": 0.208721,
    "ScanOptions": "EPI_GEMS_ACC_GEMS",
    "ScanningSequence": "EP_GR",
    "SequenceVariant": "SS",
    "SeriesDescription": "fMRI_Jalil_3",
    "SeriesNumber": 7,
    "SliceThickness": 4,
    "SliceTiming": [
      0,
      1.0285,
      0.0571001,
      1.0857,
      0.1142,
      1.1428,
      0.1714,
      1.2,
      0.2285,
      1.2571,
      0.2857,
      1.3143,
      0.3428,
      1.3714,
      0.4,
      1.4286,
      0.4571,
      1.4857,
      0.5142,
      1.5428,
      0.5714,
      1.6,
      0.6285,
      1.6571,
      0.6857,
      1.7143,
      0.7428,
      1.7714,
      0.8,
      1.8285,
      0.8571,
      1.8857,
      0.9143,
      1.9428,
      0.9714
    ],
    "SoftwareVersions": "27_LX_MR_Software_release:DV26.0_R03_1831.b",
    "SpacingBetweenSlices": 4,
    "StationName": "GEHCGEHC",
    "TaskName": "sae",
    "TotalReadoutTime": 0.023436,
    "dataset": "ds003481",
    "modality": "bold",
    "run_id": 3,
    "subject_id": "046",
    "task_id": "sae"
  },
  "dummy_trs": 0,
  "dvars_nstd": 17.67724252399211,
  "dvars_std": 1.102491800474308,
  "dvars_vstd": 0.9846281217391301,
  "efc": 0.337977752371121,
  "fber": 77408.359375,
  "fd_mean": 0.1357256709033909,
  "fd_num": 36,
  "fd_perc": 14.173228346456693,
  "fwhm_avg": 2.384863333333333,
  "fwhm_x": 2.38853,
  "fwhm_y": 2.52265,
  "fwhm_z": 2.24341,
  "gcor": 0.0503263,
  "gsr_x": -0.009839080274105072,
  "gsr_y": -0.0042011127807199955,
  "provenance": {
    "md5sum": "df5ad2e71eb5f1bb266cc88af7e59bdc",
    "settings": {
      "fd_thres": 0.2,
      "testing": false
    },
    "software": "mriqc",
    "version": "23.0.1",
    "webapi_port": null,
    "webapi_url": "https://mriqc.nimh.nih.gov/api/v1"
  },
  "size_t": 254,
  "size_x": 64,
  "size_y": 64,
  "size_z": 35,
  "snr": 3.7797587446682623,
  "spacing_tr": 2.0,
  "spacing_x": 4.0,
  "spacing_y": 4.0,
  "spacing_z": 4.0,
  "summary_bg_k": 59.013937875974776,
  "summary_bg_mad": 9.059049609763168,
  "summary_bg_mean": 32.119041442871094,
  "summary_bg_median": 6.728346347808838,
  "summary_bg_n": 104230.0,
  "summary_bg_p05": 0.18110236525535583,
  "summary_bg_p95": 140.68327178955073,
  "summary_bg_stdv": 94.28313446044922,
  "summary_fg_k": 0.3155184179502082,
  "summary_fg_mad": 441.57900850255055,
  "summary_fg_mean": 1802.8055419921875,
  "summary_fg_median": 1772.342529296875,
  "summary_fg_n": 12126.0,
  "summary_fg_p05": 1079.9310607910156,
  "summary_fg_p95": 2619.0126953125,
  "summary_fg_stdv": 468.88427734375,
  "tsnr": 76.58646550029516
}