{
  "aor": 0.003092479338842975,
  "aqi": 0.0016201538925619836,
  "bids_meta": {
    "AcquisitionMatrixPE": 64,
    "AcquisitionNumber": 1,
    "AcquisitionTime": "18:36:1.000000",
    "BodyPartExamined": "HEAD",
    "CoilString": "32Ch_Head",
    "ConversionSoftware": "dcm2niix",
    "ConversionSoftwareVersion": "v1.0.20181125  (JP2:OpenJPEG) GCC7.3.0",
    "DeviceSerialNumber": "0002806034DVR750",
    "EchoTime": 0.04,
    "EffectiveEchoSpacing": 0.000372,
    "FlipAngle": 90,
    "ImageOrientationPatientDICOM": [
      1,
      0,
      0,
      0,
      1,
      0
    ],
    "ImageType": [
      "ORIGINAL",
      "PRIMARY",
      "EPI",
      "NONE"
    ],
    "ImagingFrequency": 127.772,
    "InPlanePhaseEncodingDirectionDICOM": "COL",
    "InstitutionName": "INSTITUTO_DE_NEUROBIOLOGIA",
    "MRAcquisitionType": "2D",
    "MagneticFieldStrength": 3,
    "Manufacturer": "GE",
    "ManufacturersModelName": "DISCOVERY_MR750",
    "Modality": "MR",
    "PatientPosition": "HFS",
    "PercentPhaseFOV": 100,
    "PhaseEncodingDirection": "j",
    "PhaseEncodingPolarityGE": "Flipped",
    "PixelBandwidth": 7812.5,
    "ProcedureStepDescription": "Emociones_AH",
    "ProtocolName": "fMRI_Jalil_1",
    "ReconMatrixPE": 64,
    "RepetitionTime": 2,
    "SAR": 0.178342,
    "ScanOptions": "EPI_GEMS_ACC_GEMS",
    "ScanningSequence": "EP_GR",
    "SequenceVariant": "SS",
    "SeriesDescription": "fMRI_Jalil_1",
    "SeriesNumber": 5,
    "SliceThickness": 4,
    "SliceTiming": [
      0,
      1.0285,
      0.0571001,
      1.0857,
      0.1142,
      1.1428,
      0.1714,
      1.2,
      0.2285,
      1.2571,
      0.2857,
      1.3143,
      0.3428,
      1.3714,
      0.4,
      1.4286,
      0.4571,
      1.4857,
      0.5142,
      1.5428,
      0.5714,
      1.6,
      0.6285,
      1.6571,
      0.6857,
      1.7143,
      0.7428,
      1.7714,
      0.8,
      1.8285,
      0.8571,
      1.8857,
      0.9143,
      1.9428,
      0.9714
    ],
    "SoftwareVersions": "27_LX_MR_Software_release:DV26.0_R02_1810.b",
    "SpacingBetweenSlices": 4,
    "StationName": "GEHCGEHC",
    "TaskName": "sae",
    "TotalReadoutTime": 0.023436,
    "dataset": "ds003481",
    "modality": "bold",
    "run_id": 1,
    "subject_id": "031",
    "task_id": "sae"
  },
  "dummy_trs": 0,
  "dvars_nstd": 12.312191148132774,
  "dvars_std": 1.0731111926970955,
  "dvars_vstd": 0.9947577473858921,
  "efc": 0.3789624701342144,
  "fber": 79293.59375,
  "fd_mean": 0.06955020484219328,
  "fd_num": 7,
  "fd_perc": 2.8925619834710745,
  "fwhm_avg": 2.718275,
  "fwhm_x": 2.62735,
  "fwhm_y": 2.80845,
  "fwhm_z": 2.719025,
  "gcor": 0.0556442,
  "gsr_x": -0.01237059198319912,
  "gsr_y": 0.003964768256992102,
  "provenance": {
    "md5sum": "32e089a7813221e36004957db35717d3",
    "settings": {
      "fd_thres": 0.2,
      "testing": false
    },
    "software": "mriqc",
    "version": "23.0.1",
    "webapi_port": null,
    "webapi_url": "https://mriqc.nimh.nih.gov/api/v1"
  },
  "size_t": 242,
  "size_x": 64,
  "size_y": 64,
  "size_z": 35,
  "snr": 3.3671957850896383,
  "spacing_tr": 2.0,
  "spacing_x": 4.0,
  "spacing_y": 4.0,
  "spacing_z": 4.0,
  "summary_bg_k": 87.8430012452871,
  "summary_bg_mad": 9.428614539202746,
  "summary_bg_mean": 33.822532653808594,
  "summary_bg_median": 6.921487331390381,
  "summary_bg_n": 97619.0,
  "summary_bg_p05": 0.1694214791059494,
  "summary_bg_p95": 155.35618896484368,
  "summary_bg_stdv": 96.92254638671875,
  "summary_fg_k": 0.3212018325189203,
  "summary_fg_mad": 519.0148409637333,
  "summary_fg_mean": 1983.9534912109375,
  "summary_fg_median": 1910.0784912109375,
  "summary_fg_n": 16747.0,
  "summary_fg_p05": 1178.6821533203124,
  "summary_fg_p95": 3048.2989990234373,
  "summary_fg_stdv": 567.2439575195312,
  "tsnr": 85.32464244402945
}