{
  "aor": 0.001624173228346457,
  "aqi": 0.002079254503937008,
  "bids_meta": {
    "AcquisitionMatrixPE": 64,
    "AcquisitionNumber": 1,
    "AcquisitionTime": "18:54:39.000000",
    "BodyPartExamined": "HEAD",
    "CoilString": "32Ch_Head",
    "ConversionSoftware": "dcm2niix",
    "ConversionSoftwareVersion": "v1.0.20181125  (JP2:OpenJPEG) GCC7.3.0",
    "DeviceSerialNumber": "0002806034DVR750",
    "EchoTime": 0.04,
    "EffectiveEchoSpacing": 0.000372,
    "FlipAngle": 90,
    "ImageOrientationPatientDICOM": [
      1,
      0,
      0,
      0,
      1,
      0
    ],
    "ImageType": [
      "ORIGINAL",
      "PRIMARY",
      "EPI",
      "NONE"
    ],
    "ImagingFrequency": 127.772,
    "InPlanePhaseEncodingDirectionDICOM": "COL",
    "InstitutionName": "INSTITUTO_DE_NEUROBIOLOGIA",
    "MRAcquisitionType": "2D",
    "MagneticFieldStrength": 3,
    "Manufacturer": "GE",
    "ManufacturersModelName": "DISCOVERY_MR750",
    "Modality": "MR",
    "PatientPosition": "HFS",
    "PercentPhaseFOV": 100,
    "PhaseEncodingDirection": "j",
    "PhaseEncodingPolarityGE": "Flipped",
    "PixelBandwidth": 7812.5,
    "ProcedureStepDescription": "Emociones_AH",
    "ProtocolName": "fMRI_Jalil_3",
    "ReconMatrixPE": 64,
    "RepetitionTime": 2,
    "SAR": 0.178342,
    "ScanOptions": "EPI_GEMS_ACC_GEMS",
    "ScanningSequence": "EP_GR",
    "SequenceVariant": "SS",
    "SeriesDescription": "fMRI_Jalil_3",
    "SeriesNumber": 8,
    "SliceThickness": 4,
    "SliceTiming": [
      0,
      1.0285,
      0.0571001,
      1.0857,
      0.1142,
      1.1428,
      0.1714,
      1.2,
      0.2285,
      1.2571,
      0.2857,
      1.3143,
      0.3428,
      1.3714,
      0.4,
      1.4286,
      0.4571,
      1.4857,
      0.5142,
      1.5428,
      0.5714,
      1.6,
      0.6285,
      1.6571,
      0.6857,
      1.7143,
      0.7428,
      1.7714,
      0.8,
      1.8285,
      0.8571,
      1.8857,
      0.9143,
      1.9428,
      0.9714
    ],
    "SoftwareVersions": "27_LX_MR_Software_release:DV26.0_R02_1810.b",
    "SpacingBetweenSlices": 4,
    "StationName": "GEHCGEHC",
    "TaskName": "sae",
    "TotalReadoutTime": 0.023436,
    "dataset": "ds003481",
    "modality": "bold",
    "run_id": 3,
    "subject_id": "031",
    "task_id": "sae"
  },
  "dummy_trs": 0,
  "dvars_nstd": 12.669477165019764,
  "dvars_std": 1.063155011976284,
  "dvars_vstd": 0.9751173684189725,
  "efc": 0.3798425807195102,
  "fber": 74056.546875,
  "fd_mean": 0.05582719356315459,
  "fd_num": 3,
  "fd_perc": 1.1811023622047243,
  "fwhm_avg": 2.715266666666667,
  "fwhm_x": 2.64355,
  "fwhm_y": 2.8037,
  "fwhm_z": 2.69855,
  "gcor": 0.052656,
  "gsr_x": -0.013088535517454147,
  "gsr_y": 0.004986894316971302,
  "provenance": {
    "md5sum": "ba64c6fd577488bdba432e601192838f",
    "settings": {
      "fd_thres": 0.2,
      "testing": false
    },
    "software": "mriqc",
    "version": "23.0.1",
    "webapi_port": null,
    "webapi_url": "https://mriqc.nimh.nih.gov/api/v1"
  },
  "size_t": 254,
  "size_x": 64,
  "size_y": 64,
  "size_z": 35,
  "snr": 3.3170992614679267,
  "spacing_tr": 2.0,
  "spacing_x": 4.0,
  "spacing_y": 4.0,
  "spacing_z": 4.0,
  "summary_bg_k": 99.87198523267496,
  "summary_bg_mad": 9.671936414866334,
  "summary_bg_mean": 34.91508865356445,
  "summary_bg_median": 7.102362155914307,
  "summary_bg_n": 97614.0,
  "summary_bg_p05": 0.17322835326194763,
  "summary_bg_p95": 161.78247833251936,
  "summary_bg_stdv": 100.97107696533203,
  "summary_fg_k": 0.37106759542942536,
  "summary_fg_mad": 524.2050346187996,
  "summary_fg_mean": 1976.1514892578125,
  "summary_fg_median": 1894.7322998046875,
  "summary_fg_n": 16863.0,
  "summary_fg_p05": 1176.73232421875,
  "summary_fg_p95": 3053.40439453125,
  "summary_fg_stdv": 571.1846313476562,
  "tsnr": 79.5803094136063
}