{
  "bids_meta": {
    "AcquisitionDateTime": "2017-01-31T19:03:4.000000",
    "ConversionSoftware": "dcm2niix",
    "ConversionSoftwareVersion": "v1.0.20170411 GCC4.8.4",
    "EchoTime": 0.00318,
    "FlipAngle": 12,
    "ImageType": [
      "DERIVED",
      "PRIMARY",
      "OTHER"
    ],
    "InversionTime": 0.45,
    "MagneticFieldStrength": 3,
    "Manufacturer": "GE",
    "ManufacturersModelName": "DISCOVERY_MR750",
    "ProcedureStepDescription": "ActosHabla",
    "ProtocolName": "PU:Sag_T1_FSPGR_BRAVO",
    "RepetitionTime": 0.008156,
    "ScanningSequence": "GR",
    "SequenceVariant": "SS_SP_SK",
    "SeriesDescription": "PU:Sag_T1_FSPGR_BRAVO",
    "dataset": "ds003481",
    "modality": "T1w",
    "subject_id": "012"
  },
  "cjv": 0.3346570611823246,
  "cnr": 4.010424157472376,
  "efc": 0.705683510906017,
  "fber": 3434.8400563780588,
  "fwhm_avg": 3.9964666666666666,
  "fwhm_x": 4.0609,
  "fwhm_y": 4.14788,
  "fwhm_z": 3.78062,
  "icvs_csf": 0.21357974609075406,
  "icvs_gm": 0.4484169107197809,
  "icvs_wm": 0.338003343189465,
  "inu_med": 0.5089120864868164,
  "inu_range": 0.16508262753486636,
  "provenance": {
    "md5sum": "7ecef19145e876b98d050a5a809b062c",
    "settings": {
      "testing": false
    },
    "software": "mriqc",
    "version": "23.0.1",
    "warnings": {
      "large_rot_frame": true,
      "small_air_mask": false
    },
    "webapi_port": null,
    "webapi_url": "https://mriqc.nimh.nih.gov/api/v1"
  },
  "qi_1": 0.0,
  "qi_2": 0.0012706324974125999,
  "rpve_csf": 23.2353745443333,
  "rpve_gm": 11.647397659650535,
  "rpve_wm": 17.193216612781395,
  "size_x": 176,
  "size_y": 256,
  "size_z": 256,
  "snr_csf": 2.8527881953911964,
  "snr_gm": 11.984772927116294,
  "snr_total": 12.199936841158783,
  "snr_wm": 21.76224940096886,
  "snrd_csf": 12.84439505343964,
  "snrd_gm": 33.21145284215325,
  "snrd_total": 31.222846081559307,
  "snrd_wm": 47.61269034908503,
  "spacing_x": 1.0,
  "spacing_y": 1.0,
  "spacing_z": 1.0,
  "summary_bg_k": 62.74939209756529,
  "summary_bg_mad": 0.0,
  "summary_bg_mean": 6.289065346642092,
  "summary_bg_median": 0.0,
  "summary_bg_n": 599135.0,
  "summary_bg_p05": 0.0,
  "summary_bg_p95": 31.651717945933342,
  "summary_bg_stdv": 13.759700905780573,
  "summary_csf_k": 1.569339123407719,
  "summary_csf_mad": 72.52340210769309,
  "summary_csf_mean": 277.10955558066223,
  "summary_csf_median": 269.7683020681143,
  "summary_csf_n": 43580.0,
  "summary_csf_p05": 128.51270131766796,
  "summary_csf_p95": 452.8026757389307,
  "summary_csf_stdv": 94.5619472883476,
  "summary_gm_k": 0.12995100188778697,
  "summary_gm_mad": 57.45360426713348,
  "summary_gm_mean": 696.5368890943851,
  "summary_gm_median": 697.5336094200611,
  "summary_gm_n": 45002.0,
  "summary_gm_p05": 600.4484108090401,
  "summary_gm_p95": 790.8426497094332,
  "summary_gm_stdv": 58.20100752762857,
  "summary_wm_k": 0.5817431112584366,
  "summary_wm_mad": 43.76889813986061,
  "summary_wm_mean": 1001.2169332231599,
  "summary_wm_median": 999.9999672174454,
  "summary_wm_n": 204033.0,
  "summary_wm_p05": 928.2137214392424,
  "summary_wm_p95": 1077.9895012825727,
  "summary_wm_stdv": 45.951018123431155,
  "tpm_overlap_csf": 0.17294621429090354,
  "tpm_overlap_gm": 0.4809522010287903,
  "tpm_overlap_wm": 0.5105742301105933,
  "wm2max": 0.4811218985976268
}