{
  "bids_meta": {
    "AcquisitionMatrixPE": 256,
    "AcquisitionNumber": 1,
    "AcquisitionTime": "16:33:47.000000",
    "BodyPartExamined": "HEAD",
    "CoilString": "32Ch_Head",
    "ConversionSoftware": "dcm2niix",
    "ConversionSoftwareVersion": "v1.0.20181125  (JP2:OpenJPEG) GCC7.3.0",
    "DeviceSerialNumber": "0002806034DVR750",
    "EchoTime": 0.003192,
    "FlipAngle": 12,
    "ImageOrientationPatientDICOM": [
      0,
      1,
      0,
      0,
      0,
      -1
    ],
    "ImageType": [
      "ORIGINAL",
      "PRIMARY",
      "OTHER"
    ],
    "ImagingFrequency": 127.772,
    "InPlanePhaseEncodingDirectionDICOM": "ROW",
    "InstitutionName": "INSTITUTO_DE_NEUROBIOLOGIA",
    "InversionTime": 0.45,
    "MRAcquisitionType": "3D",
    "MagneticFieldStrength": 3,
    "Manufacturer": "GE",
    "ManufacturersModelName": "DISCOVERY_MR750",
    "Modality": "MR",
    "PatientPosition": "HFS",
    "PercentPhaseFOV": 100,
    "PixelBandwidth": 244.141,
    "ProcedureStepDescription": "Emociones_AH",
    "ProtocolName": "Sag_T1_FSPGR_BRAVO",
    "ReconMatrixPE": 256,
    "RepetitionTime": 0.008184,
    "SAR": 0.135851,
    "ScanOptions": "FAST_GEMS_EDR_GEMS_FILTERED_GEMS_ACC_GEMS_IR_GEMS",
    "ScanningSequence": "GR",
    "SequenceVariant": "SS_SP_SK",
    "SeriesDescription": "Sag_T1_FSPGR_BRAVO",
    "SeriesNumber": 9,
    "SliceThickness": 1,
    "SoftwareVersions": "27_LX_MR_Software_release:DV26.0_R02_1810.b",
    "SpacingBetweenSlices": 1,
    "StationName": "GEHCGEHC",
    "dataset": "ds003481",
    "modality": "T1w",
    "subject_id": "038"
  },
  "cjv": 0.3596435273868696,
  "cnr": 3.7529773464721186,
  "efc": 0.617852022622907,
  "fber": 22590.316015602915,
  "fwhm_avg": 3.746636666666667,
  "fwhm_x": 3.72023,
  "fwhm_y": 3.8818,
  "fwhm_z": 3.63788,
  "icvs_csf": 0.2167421566655767,
  "icvs_gm": 0.4316423498008938,
  "icvs_wm": 0.35161549353352956,
  "inu_med": 0.4206073582172394,
  "inu_range": 0.10485503077507019,
  "provenance": {
    "md5sum": "e06b251ca7458ad9633d53e504e155c4",
    "settings": {
      "testing": false
    },
    "software": "mriqc",
    "version": "23.0.1",
    "warnings": {
      "large_rot_frame": true,
      "small_air_mask": false
    },
    "webapi_port": null,
    "webapi_url": "https://mriqc.nimh.nih.gov/api/v1"
  },
  "qi_1": 0.0,
  "qi_2": 0.0024600809049331695,
  "rpve_csf": 23.37270552795817,
  "rpve_gm": 12.222623313036395,
  "rpve_wm": 17.289821780026323,
  "size_x": 176,
  "size_y": 256,
  "size_z": 256,
  "snr_csf": 2.914155984073012,
  "snr_gm": 11.212074391655127,
  "snr_total": 11.84998885334759,
  "snr_wm": 21.42373618431463,
  "snrd_csf": 17.939278572798436,
  "snrd_gm": 44.10123119770221,
  "snrd_total": 41.566932934323155,
  "snrd_wm": 62.66028903246881,
  "spacing_x": 1.0,
  "spacing_y": 1.0,
  "spacing_z": 1.0,
  "summary_bg_k": 18.840965548654026,
  "summary_bg_mad": 0.0,
  "summary_bg_mean": 6.180776838829534,
  "summary_bg_median": 0.0,
  "summary_bg_n": 2151387.0,
  "summary_bg_p05": 0.0,
  "summary_bg_p95": 27.707971706986427,
  "summary_bg_stdv": 10.455368620246718,
  "summary_csf_k": 1.7518062918929722,
  "summary_csf_mad": 77.2875333985173,
  "summary_csf_mean": 294.0859802641252,
  "summary_csf_median": 286.2942285910249,
  "summary_csf_n": 36205.0,
  "summary_csf_p05": 143.05690229460598,
  "summary_csf_p95": 471.76365874037117,
  "summary_csf_stdv": 98.24123222447264,
  "summary_gm_k": 0.06071974604230679,
  "summary_gm_mad": 61.66761781055985,
  "summary_gm_mean": 703.1151629549948,
  "summary_gm_median": 703.8146999292076,
  "summary_gm_n": 31796.0,
  "summary_gm_p05": 597.9444731511176,
  "summary_gm_p95": 804.9810152314603,
  "summary_gm_stdv": 62.771937430684886,
  "summary_wm_k": 0.5576725329672905,
  "summary_wm_mad": 44.85351907367598,
  "summary_wm_mean": 1001.1909190313,
  "summary_wm_median": 1000.0000300481915,
  "summary_wm_n": 208342.0,
  "summary_wm_p05": 926.7672164551914,
  "summary_wm_p95": 1078.9677494131029,
  "summary_wm_stdv": 46.67708851256406,
  "tpm_overlap_csf": 0.15260156058986754,
  "tpm_overlap_gm": 0.4580197401980465,
  "tpm_overlap_wm": 0.49753292693153706,
  "wm2max": 0.5410254775534997
}