{
  "aor": 0.004734433333333333,
  "aqi": 0.003548257166666667,
  "bids_meta": {
    "AcquisitionDateTime": "2017-07-13T19:35:53.000000",
    "ConversionSoftware": "dcm2niix",
    "ConversionSoftwareVersion": "v1.0.20170411 GCC4.8.4",
    "EchoTime": 0.04,
    "FlipAngle": 90,
    "ImageType": [
      "ORIGINAL",
      "PRIMARY",
      "EPI",
      "NONE"
    ],
    "MagneticFieldStrength": 3,
    "Manufacturer": "GE",
    "ManufacturersModelName": "DISCOVERY_MR750",
    "ProcedureStepDescription": "CompMet",
    "ProtocolName": "fMRI_RestState",
    "RepetitionTime": 2,
    "ScanningSequence": "EP_GR",
    "SequenceVariant": "SS",
    "SeriesDescription": "fMRI_RestState",
    "SliceTiming": [
      1.0285,
      0.0571001,
      1.0857,
      0.1142,
      1.1428,
      0.1714,
      1.2,
      0.2285,
      1.2571,
      0.2857,
      1.3143,
      0.3428,
      1.3714,
      0.4,
      1.4286,
      0.4571,
      1.4857,
      0.5142,
      1.5428,
      0.5714,
      1.6,
      0.6285,
      1.6571,
      0.6857,
      1.7143,
      0.7428,
      1.7714,
      0.8,
      1.8285,
      0.8571,
      1.8857,
      0.9143,
      1.9428,
      0.9714
    ],
    "TaskName": "rest",
    "dataset": "ds003481",
    "modality": "bold",
    "subject_id": "080",
    "task_id": "rest"
  },
  "dummy_trs": 0,
  "dvars_nstd": 14.261971955418067,
  "dvars_std": 1.0929408868561874,
  "dvars_vstd": 1.003879246622073,
  "efc": 0.3294242839559504,
  "fber": 86490.7734375,
  "fd_mean": 0.08076847138691709,
  "fd_num": 17,
  "fd_perc": 5.666666666666667,
  "fwhm_avg": 2.5058666666666665,
  "fwhm_x": 2.4702975,
  "fwhm_y": 2.649725,
  "fwhm_z": 2.3975775,
  "gcor": 0.0575387,
  "gsr_x": -0.011346159502863884,
  "gsr_y": 0.00012781296391040087,
  "provenance": {
    "md5sum": "26a90d0c7ed8f7359c4c69aac2a3873a",
    "settings": {
      "fd_thres": 0.2,
      "testing": false
    },
    "software": "mriqc",
    "version": "23.0.1",
    "webapi_port": null,
    "webapi_url": "https://mriqc.nimh.nih.gov/api/v1"
  },
  "size_t": 300,
  "size_x": 64,
  "size_y": 64,
  "size_z": 34,
  "snr": 4.364605117419429,
  "spacing_tr": 2.0,
  "spacing_x": 4.0,
  "spacing_y": 4.0,
  "spacing_z": 4.0,
  "summary_bg_k": 136.98996697991046,
  "summary_bg_mad": 8.717701302853277,
  "summary_bg_mean": 26.887542724609375,
  "summary_bg_median": 6.78000020980835,
  "summary_bg_n": 101383.0,
  "summary_bg_p05": 0.3266666829586029,
  "summary_bg_p95": 100.86933593749995,
  "summary_bg_stdv": 84.68476104736328,
  "summary_fg_k": 0.22870262872511704,
  "summary_fg_mad": 410.82903855155905,
  "summary_fg_mean": 1902.030517578125,
  "summary_fg_median": 1875.5333251953125,
  "summary_fg_n": 11659.0,
  "summary_fg_p05": 1224.284375,
  "summary_fg_p95": 2626.6121093750003,
  "summary_fg_stdv": 429.6958923339844,
  "tsnr": 73.88796000694856
}