{
  "aor": 0.00036604000000000004,
  "aqi": 0.000991358792,
  "bids_meta": {
    "AcquisitionDateTime": "2017-07-13T18:21:2.000000",
    "ConversionSoftware": "dcm2niix",
    "ConversionSoftwareVersion": "v1.0.20170411 GCC4.8.4",
    "EchoTime": 0.035,
    "FlipAngle": 90,
    "ImageType": [
      "ORIGINAL",
      "PRIMARY",
      "EPI",
      "NONE"
    ],
    "MagneticFieldStrength": 3,
    "Manufacturer": "GE",
    "ManufacturersModelName": "DISCOVERY_MR750",
    "ProcedureStepDescription": "CompMet",
    "ProtocolName": "fMRI_CompMet",
    "RepetitionTime": 2,
    "ScanningSequence": "EP_GR",
    "SequenceVariant": "SS",
    "SeriesDescription": "fMRI_CompMet",
    "SliceTiming": [
      1.0285,
      0.0571001,
      1.0857,
      0.1142,
      1.1428,
      0.1714,
      1.2,
      0.2285,
      1.2571,
      0.2857,
      1.3143,
      0.3428,
      1.3714,
      0.4,
      1.4286,
      0.4571,
      1.4857,
      0.5142,
      1.5428,
      0.5714,
      1.6,
      0.6285,
      1.6571,
      0.6857,
      1.7143,
      0.7428,
      1.7714,
      0.8,
      1.8285,
      0.8571,
      1.8857,
      0.9143,
      1.9428,
      0.9714
    ],
    "TaskName": "cmp",
    "dataset": "ds003481",
    "modality": "bold",
    "run_id": 1,
    "subject_id": "080",
    "task_id": "cmp"
  },
  "dummy_trs": 0,
  "dvars_nstd": 13.306202509196789,
  "dvars_std": 1.1383237077911639,
  "dvars_vstd": 0.9828971709236944,
  "efc": 0.38593438825899706,
  "fber": 77340.0703125,
  "fd_mean": 0.06136443021749905,
  "fd_num": 0,
  "fd_perc": 0.0,
  "fwhm_avg": 2.869375,
  "fwhm_x": 2.618025,
  "fwhm_y": 3.00735,
  "fwhm_z": 2.98275,
  "gcor": 0.0397732,
  "gsr_x": -0.01111613679677248,
  "gsr_y": 0.0003448807692620903,
  "provenance": {
    "md5sum": "7fee0a6b2041f5593cdc4ea023ff5806",
    "settings": {
      "fd_thres": 0.2,
      "testing": false
    },
    "software": "mriqc",
    "version": "23.0.1",
    "webapi_port": null,
    "webapi_url": "https://mriqc.nimh.nih.gov/api/v1"
  },
  "size_t": 250,
  "size_x": 64,
  "size_y": 64,
  "size_z": 34,
  "snr": 3.1578673238718338,
  "spacing_tr": 2.0,
  "spacing_x": 4.0,
  "spacing_y": 4.0,
  "spacing_z": 4.0,
  "summary_bg_k": 45.09550864917323,
  "summary_bg_mad": 11.427898215898743,
  "summary_bg_mean": 52.07790756225586,
  "summary_bg_median": 7.872000217437744,
  "summary_bg_n": 95673.0,
  "summary_bg_p05": 0.012000000104308128,
  "summary_bg_p95": 258.5760009765623,
  "summary_bg_stdv": 145.7813262939453,
  "summary_fg_k": 0.7559131974604716,
  "summary_fg_mad": 569.3369881143315,
  "summary_fg_mean": 2177.629638671875,
  "summary_fg_median": 2065.3642578125,
  "summary_fg_n": 15826.0,
  "summary_fg_p05": 1281.6670837402344,
  "summary_fg_p95": 3447.8062744140625,
  "summary_fg_stdv": 654.0170288085938,
  "tsnr": 108.08756460249424
}