{
  "aor": 0.0009495982142857143,
  "aqi": 0.0019514717455357143,
  "bids_meta": {
    "AcquisitionMatrixPE": 64,
    "AcquisitionNumber": 1,
    "AcquisitionTime": "18:37:20.000000",
    "BodyPartExamined": "HEAD",
    "CoilString": "32Ch_Head",
    "ConversionSoftware": "dcm2niix",
    "ConversionSoftwareVersion": "v1.0.20181125  (JP2:OpenJPEG) GCC7.3.0",
    "DeviceSerialNumber": "0002806034DVR750",
    "EchoTime": 0.04,
    "EffectiveEchoSpacing": 0.000372,
    "FlipAngle": 90,
    "ImageOrientationPatientDICOM": [
      1,
      0,
      0,
      0,
      1,
      0
    ],
    "ImageType": [
      "ORIGINAL",
      "PRIMARY",
      "EPI",
      "NONE"
    ],
    "ImagingFrequency": 127.772,
    "InPlanePhaseEncodingDirectionDICOM": "COL",
    "InstitutionName": "INSTITUTO_DE_NEUROBIOLOGIA",
    "MRAcquisitionType": "2D",
    "MagneticFieldStrength": 3,
    "Manufacturer": "GE",
    "ManufacturersModelName": "DISCOVERY_MR750",
    "Modality": "MR",
    "PatientPosition": "HFS",
    "PercentPhaseFOV": 100,
    "PhaseEncodingDirection": "j",
    "PhaseEncodingPolarityGE": "Flipped",
    "PixelBandwidth": 7812.5,
    "ProcedureStepDescription": "Emociones_AH",
    "ProtocolName": "fMRI_Jalil_2",
    "ReconMatrixPE": 64,
    "RepetitionTime": 2,
    "SAR": 0.169895,
    "ScanOptions": "EPI_GEMS_ACC_GEMS",
    "ScanningSequence": "EP_GR",
    "SequenceVariant": "SS",
    "SeriesDescription": "fMRI_Jalil_2",
    "SeriesNumber": 6,
    "SliceThickness": 4,
    "SliceTiming": [
      0,
      1.0285,
      0.0571001,
      1.0857,
      0.1142,
      1.1428,
      0.1714,
      1.2,
      0.2285,
      1.2571,
      0.2857,
      1.3143,
      0.3428,
      1.3714,
      0.4,
      1.4286,
      0.4571,
      1.4857,
      0.5142,
      1.5428,
      0.5714,
      1.6,
      0.6285,
      1.6571,
      0.6857,
      1.7143,
      0.7428,
      1.7714,
      0.8,
      1.8285,
      0.8571,
      1.8857,
      0.9143,
      1.9428,
      0.9714
    ],
    "SoftwareVersions": "27_LX_MR_Software_release:DV26.0_R02_1810.b",
    "SpacingBetweenSlices": 4,
    "StationName": "GEHCGEHC",
    "TaskName": "sae",
    "TotalReadoutTime": 0.023436,
    "dataset": "ds003481",
    "modality": "bold",
    "run_id": 2,
    "subject_id": "035",
    "task_id": "sae"
  },
  "dummy_trs": 0,
  "dvars_nstd": 16.031392350044833,
  "dvars_std": 1.127069568968608,
  "dvars_vstd": 0.9810032569506724,
  "efc": 0.33150682699966905,
  "fber": 95267.9296875,
  "fd_mean": 0.11121736403683093,
  "fd_num": 20,
  "fd_perc": 8.928571428571429,
  "fwhm_avg": 2.5544258333333336,
  "fwhm_x": 2.58805,
  "fwhm_y": 2.639325,
  "fwhm_z": 2.4359025,
  "gcor": 0.0511315,
  "gsr_x": -0.009334730915725231,
  "gsr_y": -0.003036836627870798,
  "provenance": {
    "md5sum": "9fc77ac75ea1027f313f12d9568d8eeb",
    "settings": {
      "fd_thres": 0.2,
      "testing": false
    },
    "software": "mriqc",
    "version": "23.0.1",
    "webapi_port": null,
    "webapi_url": "https://mriqc.nimh.nih.gov/api/v1"
  },
  "size_t": 224,
  "size_x": 64,
  "size_y": 64,
  "size_z": 35,
  "snr": 3.6036546775946494,
  "spacing_tr": 2.0,
  "spacing_x": 4.0,
  "spacing_y": 4.0,
  "spacing_z": 4.0,
  "summary_bg_k": 81.20684278823285,
  "summary_bg_mad": 8.577912898760967,
  "summary_bg_mean": 26.69664764404297,
  "summary_bg_median": 6.482142925262451,
  "summary_bg_n": 103715.0,
  "summary_bg_p05": 0.2098214328289032,
  "summary_bg_p95": 103.86116409301742,
  "summary_bg_stdv": 81.7779312133789,
  "summary_fg_k": 1.076250439737053,
  "summary_fg_mad": 443.46673829260453,
  "summary_fg_mean": 1983.71728515625,
  "summary_fg_median": 1895.9085693359375,
  "summary_fg_n": 12606.0,
  "summary_fg_p05": 1273.6707763671875,
  "summary_fg_p95": 2993.4454345703125,
  "summary_fg_stdv": 526.0863037109375,
  "tsnr": 86.31664494867437
}