{
  "aor": 0.0015555,
  "aqi": 0.0026533118,
  "bids_meta": {
    "AcquisitionMatrixPE": 64,
    "AcquisitionNumber": 1,
    "AcquisitionTime": "18:18:53.000000",
    "BodyPartExamined": "HEAD",
    "CoilString": "32Ch_Head",
    "ConversionSoftware": "dcm2niix",
    "ConversionSoftwareVersion": "v1.0.20181125  (JP2:OpenJPEG) GCC7.3.0",
    "DeviceSerialNumber": "0002806034DVR750",
    "EchoTime": 0.04,
    "EffectiveEchoSpacing": 0.000372,
    "FlipAngle": 90,
    "ImageOrientationPatientDICOM": [
      1,
      0,
      0,
      0,
      1,
      0
    ],
    "ImageType": [
      "ORIGINAL",
      "PRIMARY",
      "EPI",
      "NONE"
    ],
    "ImagingFrequency": 127.772,
    "InPlanePhaseEncodingDirectionDICOM": "COL",
    "InstitutionName": "INSTITUTO_DE_NEUROBIOLOGIA",
    "MRAcquisitionType": "2D",
    "MagneticFieldStrength": 3,
    "Manufacturer": "GE",
    "ManufacturersModelName": "DISCOVERY_MR750",
    "Modality": "MR",
    "PatientPosition": "HFS",
    "PercentPhaseFOV": 100,
    "PhaseEncodingDirection": "j",
    "PhaseEncodingPolarityGE": "Flipped",
    "PixelBandwidth": 7812.5,
    "ProcedureStepDescription": "Emociones_AH",
    "ProtocolName": "fMRI_RestState",
    "ReconMatrixPE": 64,
    "RepetitionTime": 2,
    "SAR": 0.208694,
    "ScanOptions": "EPI_GEMS_ACC_GEMS",
    "ScanningSequence": "EP_GR",
    "SequenceVariant": "SS",
    "SeriesDescription": "fMRI_RestState",
    "SeriesNumber": 3,
    "SliceThickness": 4,
    "SliceTiming": [
      0,
      1.0285,
      0.0571001,
      1.0857,
      0.1142,
      1.1428,
      0.1714,
      1.2,
      0.2285,
      1.2571,
      0.2857,
      1.3143,
      0.3428,
      1.3714,
      0.4,
      1.4286,
      0.4571,
      1.4857,
      0.5142,
      1.5428,
      0.5714,
      1.6,
      0.6285,
      1.6571,
      0.6857,
      1.7143,
      0.7428,
      1.7714,
      0.8,
      1.8285,
      0.8571,
      1.8857,
      0.9143,
      1.9428,
      0.9714
    ],
    "SoftwareVersions": "27_LX_MR_Software_release:DV26.0_R02_1810.b",
    "SpacingBetweenSlices": 4,
    "StationName": "GEHCGEHC",
    "TaskName": "rest",
    "TotalReadoutTime": 0.023436,
    "dataset": "ds003481",
    "modality": "bold",
    "subject_id": "027",
    "task_id": "rest"
  },
  "dummy_trs": 0,
  "dvars_nstd": 16.53446886471573,
  "dvars_std": 1.1251049074247497,
  "dvars_vstd": 1.006027095919733,
  "efc": 0.36912444021237173,
  "fber": 60540.3671875,
  "fd_mean": 0.11210114352081836,
  "fd_num": 23,
  "fd_perc": 7.666666666666667,
  "fwhm_avg": 2.485628333333333,
  "fwhm_x": 2.4420825,
  "fwhm_y": 2.585675,
  "fwhm_z": 2.4291275,
  "gcor": 0.0817096,
  "gsr_x": -0.014754140749573708,
  "gsr_y": 0.014397423714399338,
  "provenance": {
    "md5sum": "bd02fe2d0280b19d5424cc422395cf7f",
    "settings": {
      "fd_thres": 0.2,
      "testing": false
    },
    "software": "mriqc",
    "version": "23.0.1",
    "webapi_port": null,
    "webapi_url": "https://mriqc.nimh.nih.gov/api/v1"
  },
  "size_t": 300,
  "size_x": 64,
  "size_y": 64,
  "size_z": 35,
  "snr": 3.788206963845093,
  "spacing_tr": 2.0,
  "spacing_x": 4.0,
  "spacing_y": 4.0,
  "spacing_z": 4.0,
  "summary_bg_k": 84.71309847647994,
  "summary_bg_mad": 10.892184647977137,
  "summary_bg_mean": 43.476470947265625,
  "summary_bg_median": 7.733333587646484,
  "summary_bg_n": 101351.0,
  "summary_bg_p05": 0.07000000029802322,
  "summary_bg_p95": 225.0350112915039,
  "summary_bg_stdv": 115.52277374267578,
  "summary_fg_k": 0.2991035512768718,
  "summary_fg_mad": 471.1759439401022,
  "summary_fg_mean": 1902.7286376953125,
  "summary_fg_median": 1844.3934326171875,
  "summary_fg_n": 13755.0,
  "summary_fg_p05": 1192.2607055664062,
  "summary_fg_p95": 2775.445166015625,
  "summary_fg_stdv": 486.8599853515625,
  "tsnr": 73.18439481919631
}