{
  "aor": 0.0031034375000000003,
  "aqi": 0.0021363910982142857,
  "bids_meta": {
    "AcquisitionMatrixPE": 64,
    "AcquisitionNumber": 1,
    "AcquisitionTime": "18:40:58.000000",
    "BodyPartExamined": "HEAD",
    "CoilString": "32Ch_Head",
    "ConversionSoftware": "dcm2niix",
    "ConversionSoftwareVersion": "v1.0.20181125  (JP2:OpenJPEG) GCC7.3.0",
    "DeviceSerialNumber": "0002806034DVR750",
    "EchoTime": 0.04,
    "EffectiveEchoSpacing": 0.000372,
    "FlipAngle": 90,
    "ImageOrientationPatientDICOM": [
      1,
      0,
      0,
      0,
      1,
      0
    ],
    "ImageType": [
      "ORIGINAL",
      "PRIMARY",
      "EPI",
      "NONE"
    ],
    "ImagingFrequency": 127.772,
    "InPlanePhaseEncodingDirectionDICOM": "COL",
    "InstitutionName": "INSTITUTO_DE_NEUROBIOLOGIA",
    "MRAcquisitionType": "2D",
    "MagneticFieldStrength": 3,
    "Manufacturer": "GE",
    "ManufacturersModelName": "DISCOVERY_MR750",
    "Modality": "MR",
    "PatientPosition": "HFS",
    "PercentPhaseFOV": 100,
    "PhaseEncodingDirection": "j",
    "PhaseEncodingPolarityGE": "Flipped",
    "PixelBandwidth": 7812.5,
    "ProcedureStepDescription": "Emociones_AH",
    "ProtocolName": "fMRI_Jalil_2",
    "ReconMatrixPE": 64,
    "RepetitionTime": 2,
    "SAR": 0.208694,
    "ScanOptions": "EPI_GEMS_ACC_GEMS",
    "ScanningSequence": "EP_GR",
    "SequenceVariant": "SS",
    "SeriesDescription": "fMRI_Jalil_2",
    "SeriesNumber": 6,
    "SliceThickness": 4,
    "SliceTiming": [
      0,
      1.0285,
      0.0571001,
      1.0857,
      0.1142,
      1.1428,
      0.1714,
      1.2,
      0.2285,
      1.2571,
      0.2857,
      1.3143,
      0.3428,
      1.3714,
      0.4,
      1.4286,
      0.4571,
      1.4857,
      0.5142,
      1.5428,
      0.5714,
      1.6,
      0.6285,
      1.6571,
      0.6857,
      1.7143,
      0.7428,
      1.7714,
      0.8,
      1.8285,
      0.8571,
      1.8857,
      0.9143,
      1.9428,
      0.9714
    ],
    "SoftwareVersions": "27_LX_MR_Software_release:DV26.0_R02_1810.b",
    "SpacingBetweenSlices": 4,
    "StationName": "GEHCGEHC",
    "TaskName": "sae",
    "TotalReadoutTime": 0.023436,
    "dataset": "ds003481",
    "modality": "bold",
    "run_id": 2,
    "subject_id": "027",
    "task_id": "sae"
  },
  "dummy_trs": 0,
  "dvars_nstd": 17.142705677982068,
  "dvars_std": 1.0986420528251124,
  "dvars_vstd": 0.999847466771301,
  "efc": 0.3694286447936092,
  "fber": 58283.3984375,
  "fd_mean": 0.15615326089291137,
  "fd_num": 37,
  "fd_perc": 16.517857142857142,
  "fwhm_avg": 2.4905008333333334,
  "fwhm_x": 2.4387475,
  "fwhm_y": 2.583825,
  "fwhm_z": 2.44893,
  "gcor": 0.0418729,
  "gsr_x": -0.013967284001410007,
  "gsr_y": 0.009391073137521744,
  "provenance": {
    "md5sum": "5d9b4e421ccda5d227808487b031a00a",
    "settings": {
      "fd_thres": 0.2,
      "testing": false
    },
    "software": "mriqc",
    "version": "23.0.1",
    "webapi_port": null,
    "webapi_url": "https://mriqc.nimh.nih.gov/api/v1"
  },
  "size_t": 224,
  "size_x": 64,
  "size_y": 64,
  "size_z": 35,
  "snr": 3.7806928434702463,
  "spacing_tr": 2.0,
  "spacing_x": 4.0,
  "spacing_y": 4.0,
  "spacing_z": 4.0,
  "summary_bg_k": 38.35862513959158,
  "summary_bg_mad": 11.109588890288713,
  "summary_bg_mean": 43.01007843017578,
  "summary_bg_median": 7.944196701049805,
  "summary_bg_n": 101308.0,
  "summary_bg_p05": 0.133928582072258,
  "summary_bg_p95": 223.34220046997066,
  "summary_bg_stdv": 109.08992004394531,
  "summary_fg_k": 0.15137729918159204,
  "summary_fg_mad": 479.58218269073063,
  "summary_fg_mean": 1910.251953125,
  "summary_fg_median": 1850.33935546875,
  "summary_fg_n": 13826.0,
  "summary_fg_p05": 1193.4855346679688,
  "summary_fg_p95": 2791.8672485351562,
  "summary_fg_stdv": 489.4003601074219,
  "tsnr": 77.49891524133272
}