{
  "aor": 0.00821488188976378,
  "aqi": 0.0033952627952755906,
  "bids_meta": {
    "AcquisitionMatrixPE": 64,
    "AcquisitionNumber": 1,
    "AcquisitionTime": "18:49:35.000000",
    "BodyPartExamined": "HEAD",
    "CoilString": "32Ch_Head",
    "ConversionSoftware": "dcm2niix",
    "ConversionSoftwareVersion": "v1.0.20181125  (JP2:OpenJPEG) GCC7.3.0",
    "DeviceSerialNumber": "0002806034DVR750",
    "EchoTime": 0.04,
    "EffectiveEchoSpacing": 0.000372,
    "FlipAngle": 90,
    "ImageOrientationPatientDICOM": [
      1,
      0,
      0,
      0,
      1,
      0
    ],
    "ImageType": [
      "ORIGINAL",
      "PRIMARY",
      "EPI",
      "NONE"
    ],
    "ImagingFrequency": 127.772,
    "InPlanePhaseEncodingDirectionDICOM": "COL",
    "InstitutionName": "INSTITUTO_DE_NEUROBIOLOGIA",
    "MRAcquisitionType": "2D",
    "MagneticFieldStrength": 3,
    "Manufacturer": "GE",
    "ManufacturersModelName": "DISCOVERY_MR750",
    "Modality": "MR",
    "PatientPosition": "HFS",
    "PercentPhaseFOV": 100,
    "PhaseEncodingDirection": "j",
    "PhaseEncodingPolarityGE": "Flipped",
    "PixelBandwidth": 7812.5,
    "ProcedureStepDescription": "Emociones_AH",
    "ProtocolName": "fMRI_Jalil_3",
    "ReconMatrixPE": 64,
    "RepetitionTime": 2,
    "SAR": 0.208694,
    "ScanOptions": "EPI_GEMS_ACC_GEMS",
    "ScanningSequence": "EP_GR",
    "SequenceVariant": "SS",
    "SeriesDescription": "fMRI_Jalil_3",
    "SeriesNumber": 7,
    "SliceThickness": 4,
    "SliceTiming": [
      0,
      1.0285,
      0.0571001,
      1.0857,
      0.1142,
      1.1428,
      0.1714,
      1.2,
      0.2285,
      1.2571,
      0.2857,
      1.3143,
      0.3428,
      1.3714,
      0.4,
      1.4286,
      0.4571,
      1.4857,
      0.5142,
      1.5428,
      0.5714,
      1.6,
      0.6285,
      1.6571,
      0.6857,
      1.7143,
      0.7428,
      1.7714,
      0.8,
      1.8285,
      0.8571,
      1.8857,
      0.9143,
      1.9428,
      0.9714
    ],
    "SoftwareVersions": "27_LX_MR_Software_release:DV26.0_R02_1810.b",
    "SpacingBetweenSlices": 4,
    "StationName": "GEHCGEHC",
    "TaskName": "sae",
    "TotalReadoutTime": 0.023436,
    "dataset": "ds003481",
    "modality": "bold",
    "run_id": 3,
    "subject_id": "027",
    "task_id": "sae"
  },
  "dummy_trs": 0,
  "dvars_nstd": 22.19850794573122,
  "dvars_std": 1.1843130488142284,
  "dvars_vstd": 1.059274327549407,
  "efc": 0.36991317809251145,
  "fber": 57198.98828125,
  "fd_mean": 0.22325275130259417,
  "fd_num": 81,
  "fd_perc": 31.88976377952756,
  "fwhm_avg": 2.4804108333333335,
  "fwhm_x": 2.43888,
  "fwhm_y": 2.56405,
  "fwhm_z": 2.4383025,
  "gcor": 0.118245,
  "gsr_x": -0.013983425684273243,
  "gsr_y": 0.009904187172651291,
  "provenance": {
    "md5sum": "9d4fd47dccad18eb3e83a8cf8ae1c0ac",
    "settings": {
      "fd_thres": 0.2,
      "testing": false
    },
    "software": "mriqc",
    "version": "23.0.1",
    "webapi_port": null,
    "webapi_url": "https://mriqc.nimh.nih.gov/api/v1"
  },
  "size_t": 254,
  "size_x": 64,
  "size_y": 64,
  "size_z": 35,
  "snr": 3.758157080857858,
  "spacing_tr": 2.0,
  "spacing_x": 4.0,
  "spacing_y": 4.0,
  "spacing_z": 4.0,
  "summary_bg_k": 35.2658468725045,
  "summary_bg_mad": 11.084494600027103,
  "summary_bg_mean": 43.24365234375,
  "summary_bg_median": 7.897637844085693,
  "summary_bg_n": 101345.0,
  "summary_bg_p05": 0.10236220061779022,
  "summary_bg_p95": 227.65748291015532,
  "summary_bg_stdv": 108.5868911743164,
  "summary_fg_k": 0.10375414017726126,
  "summary_fg_mad": 475.7401218390881,
  "summary_fg_mean": 1893.0252685546875,
  "summary_fg_median": 1830.56689453125,
  "summary_fg_n": 13811.0,
  "summary_fg_p05": 1178.4547119140625,
  "summary_fg_p95": 2770.657470703125,
  "summary_fg_stdv": 487.0740051269531,
  "tsnr": 57.84943392500281
}