{
  "aor": 0.003792767857142857,
  "aqi": 0.0033262396517857143,
  "bids_meta": {
    "AcquisitionMatrixPE": 64,
    "AcquisitionNumber": 1,
    "AcquisitionTime": "18:45:57.000000",
    "BodyPartExamined": "HEAD",
    "CoilString": "32Ch_Head",
    "ConversionSoftware": "dcm2niix",
    "ConversionSoftwareVersion": "v1.0.20181125  (JP2:OpenJPEG) GCC7.3.0",
    "DeviceSerialNumber": "0002806034DVR750",
    "EchoTime": 0.04,
    "EffectiveEchoSpacing": 0.000372,
    "FlipAngle": 90,
    "ImageOrientationPatientDICOM": [
      1,
      0,
      0,
      0,
      1,
      0
    ],
    "ImageType": [
      "ORIGINAL",
      "PRIMARY",
      "EPI",
      "NONE"
    ],
    "ImagingFrequency": 127.772,
    "InPlanePhaseEncodingDirectionDICOM": "COL",
    "InstitutionName": "INSTITUTO_DE_NEUROBIOLOGIA",
    "MRAcquisitionType": "2D",
    "MagneticFieldStrength": 3,
    "Manufacturer": "GE",
    "ManufacturersModelName": "DISCOVERY_MR750",
    "Modality": "MR",
    "PatientPosition": "HFS",
    "PercentPhaseFOV": 100,
    "PhaseEncodingDirection": "j",
    "PhaseEncodingPolarityGE": "Flipped",
    "PixelBandwidth": 7812.5,
    "ProcedureStepDescription": "Emociones_AH",
    "ProtocolName": "fMRI_Jalil_2",
    "ReconMatrixPE": 64,
    "RepetitionTime": 2,
    "SAR": 0.165208,
    "ScanOptions": "EPI_GEMS_ACC_GEMS",
    "ScanningSequence": "EP_GR",
    "SequenceVariant": "SS",
    "SeriesDescription": "fMRI_Jalil_2",
    "SeriesNumber": 6,
    "SliceThickness": 4,
    "SliceTiming": [
      0,
      1.0285,
      0.0571001,
      1.0857,
      0.1142,
      1.1428,
      0.1714,
      1.2,
      0.2285,
      1.2571,
      0.2857,
      1.3143,
      0.3428,
      1.3714,
      0.4,
      1.4286,
      0.4571,
      1.4857,
      0.5142,
      1.5428,
      0.5714,
      1.6,
      0.6285,
      1.6571,
      0.6857,
      1.7143,
      0.7428,
      1.7714,
      0.8,
      1.8285,
      0.8571,
      1.8857,
      0.9143,
      1.9428,
      0.9714
    ],
    "SoftwareVersions": "27_LX_MR_Software_release:DV26.0_R02_1810.b",
    "SpacingBetweenSlices": 4,
    "StationName": "GEHCGEHC",
    "TaskName": "sae",
    "TotalReadoutTime": 0.023436,
    "dataset": "ds003481",
    "modality": "bold",
    "run_id": 2,
    "subject_id": "034",
    "task_id": "sae"
  },
  "dummy_trs": 0,
  "dvars_nstd": 14.89465225995516,
  "dvars_std": 1.0187503895964127,
  "dvars_vstd": 0.9618652221524661,
  "efc": 0.332488058522261,
  "fber": 65621.8046875,
  "fd_mean": 0.12488871373261687,
  "fd_num": 37,
  "fd_perc": 16.517857142857142,
  "fwhm_avg": 2.477559166666667,
  "fwhm_x": 2.4751875,
  "fwhm_y": 2.58605,
  "fwhm_z": 2.37144,
  "gcor": 0.0389357,
  "gsr_x": -0.004623213782906532,
  "gsr_y": -0.0037082612980157137,
  "provenance": {
    "md5sum": "a1ab90d66017567cfb24647f29d928b4",
    "settings": {
      "fd_thres": 0.2,
      "testing": false
    },
    "software": "mriqc",
    "version": "23.0.1",
    "webapi_port": null,
    "webapi_url": "https://mriqc.nimh.nih.gov/api/v1"
  },
  "size_t": 224,
  "size_x": 64,
  "size_y": 64,
  "size_z": 35,
  "snr": 4.04616987199128,
  "spacing_tr": 2.0,
  "spacing_x": 4.0,
  "spacing_y": 4.0,
  "spacing_z": 4.0,
  "summary_bg_k": 78.81318500796543,
  "summary_bg_mad": 9.881809104828719,
  "summary_bg_mean": 32.65712356567383,
  "summary_bg_median": 7.517857551574707,
  "summary_bg_n": 105340.0,
  "summary_bg_p05": 0.2589285969734192,
  "summary_bg_p95": 137.8073684692374,
  "summary_bg_stdv": 98.79248809814453,
  "summary_fg_k": 0.6096804887735523,
  "summary_fg_mad": 402.3742967010088,
  "summary_fg_mean": 1859.58544921875,
  "summary_fg_median": 1819.294677734375,
  "summary_fg_n": 11677.0,
  "summary_fg_p05": 1195.97685546875,
  "summary_fg_p95": 2666.9743164062497,
  "summary_fg_stdv": 449.6145324707031,
  "tsnr": 70.2988670199411
}