{
  "aor": 0.007599666666666669,
  "aqi": 0.0046661765999999995,
  "bids_meta": {
    "AcquisitionMatrixPE": 64,
    "AcquisitionNumber": 1,
    "AcquisitionTime": "18:23:27.000000",
    "BodyPartExamined": "HEAD",
    "CoilString": "32Ch_Head",
    "ConversionSoftware": "dcm2niix",
    "ConversionSoftwareVersion": "v1.0.20181125  (JP2:OpenJPEG) GCC7.3.0",
    "DeviceSerialNumber": "0002806034DVR750",
    "EchoTime": 0.04,
    "EffectiveEchoSpacing": 0.000372,
    "FlipAngle": 90,
    "ImageOrientationPatientDICOM": [
      1,
      0,
      0,
      0,
      1,
      0
    ],
    "ImageType": [
      "ORIGINAL",
      "PRIMARY",
      "EPI",
      "NONE"
    ],
    "ImagingFrequency": 127.772,
    "InPlanePhaseEncodingDirectionDICOM": "COL",
    "InstitutionName": "INSTITUTO_DE_NEUROBIOLOGIA",
    "MRAcquisitionType": "2D",
    "MagneticFieldStrength": 3,
    "Manufacturer": "GE",
    "ManufacturersModelName": "DISCOVERY_MR750",
    "Modality": "MR",
    "PatientPosition": "HFS",
    "PercentPhaseFOV": 100,
    "PhaseEncodingDirection": "j",
    "PhaseEncodingPolarityGE": "Flipped",
    "PixelBandwidth": 7812.5,
    "ProcedureStepDescription": "Emociones_AH",
    "ProtocolName": "fMRI_RestState",
    "ReconMatrixPE": 64,
    "RepetitionTime": 2,
    "SAR": 0.165208,
    "ScanOptions": "EPI_GEMS_ACC_GEMS",
    "ScanningSequence": "EP_GR",
    "SequenceVariant": "SS",
    "SeriesDescription": "fMRI_RestState",
    "SeriesNumber": 3,
    "SliceThickness": 4,
    "SliceTiming": [
      0,
      1.0285,
      0.0571001,
      1.0857,
      0.1142,
      1.1428,
      0.1714,
      1.2,
      0.2285,
      1.2571,
      0.2857,
      1.3143,
      0.3428,
      1.3714,
      0.4,
      1.4286,
      0.4571,
      1.4857,
      0.5142,
      1.5428,
      0.5714,
      1.6,
      0.6285,
      1.6571,
      0.6857,
      1.7143,
      0.7428,
      1.7714,
      0.8,
      1.8285,
      0.8571,
      1.8857,
      0.9143,
      1.9428,
      0.9714
    ],
    "SoftwareVersions": "27_LX_MR_Software_release:DV26.0_R02_1810.b",
    "SpacingBetweenSlices": 4,
    "StationName": "GEHCGEHC",
    "TaskName": "rest",
    "TotalReadoutTime": 0.023436,
    "dataset": "ds003481",
    "modality": "bold",
    "subject_id": "034",
    "task_id": "rest"
  },
  "dummy_trs": 0,
  "dvars_nstd": 13.605842973177259,
  "dvars_std": 1.043301613745819,
  "dvars_vstd": 1.017146417658862,
  "efc": 0.3325119267563864,
  "fber": 69123.53125,
  "fd_mean": 0.0874961501585373,
  "fd_num": 18,
  "fd_perc": 6.0,
  "fwhm_avg": 2.4118625000000002,
  "fwhm_x": 2.39851,
  "fwhm_y": 2.560375,
  "fwhm_z": 2.2767025,
  "gcor": 0.0335143,
  "gsr_x": -0.006400210317224264,
  "gsr_y": 0.00025446692598052323,
  "provenance": {
    "md5sum": "1cdfaa529ba420c99a3632cb9933e63c",
    "settings": {
      "fd_thres": 0.2,
      "testing": false
    },
    "software": "mriqc",
    "version": "23.0.1",
    "webapi_port": null,
    "webapi_url": "https://mriqc.nimh.nih.gov/api/v1"
  },
  "size_t": 300,
  "size_x": 64,
  "size_y": 64,
  "size_z": 35,
  "snr": 4.121679999674494,
  "spacing_tr": 2.0,
  "spacing_x": 4.0,
  "spacing_y": 4.0,
  "spacing_z": 4.0,
  "summary_bg_k": 160.97184852394312,
  "summary_bg_mad": 9.404640117494658,
  "summary_bg_mean": 33.18425750732422,
  "summary_bg_median": 7.210000038146973,
  "summary_bg_n": 105329.0,
  "summary_bg_p05": 0.3266666829586029,
  "summary_bg_p95": 136.21066589355462,
  "summary_bg_stdv": 109.47635650634766,
  "summary_fg_k": 0.610726978724649,
  "summary_fg_mad": 394.970153712571,
  "summary_fg_mean": 1819.2738037109375,
  "summary_fg_median": 1790.9666748046875,
  "summary_fg_n": 11597.0,
  "summary_fg_p05": 1160.5573486328126,
  "summary_fg_p95": 2580.92607421875,
  "summary_fg_stdv": 434.5047302246094,
  "tsnr": 63.68080361513421
}