{
  "aor": 0.0049886999999999996,
  "aqi": 0.009138598400000001,
  "bids_meta": {
    "AcquisitionMatrixPE": 64,
    "AcquisitionNumber": 1,
    "AcquisitionTime": "21:22:20.000000",
    "CoilString": "32Ch_Head",
    "ConversionSoftware": "dcm2niix",
    "ConversionSoftwareVersion": "v1.0.20190902",
    "Dcm2bidsVersion": "2.1.4",
    "DeviceSerialNumber": "000000000000GEHC",
    "EchoTime": 0.04,
    "EffectiveEchoSpacing": 0.000372,
    "FlipAngle": 90,
    "ImageOrientationPatientDICOM": [
      1,
      0,
      0,
      0,
      1,
      0
    ],
    "ImageType": [
      "ORIGINAL",
      "PRIMARY",
      "EPI",
      "NONE"
    ],
    "ImagingFrequency": 127.772,
    "InPlanePhaseEncodingDirectionDICOM": "COL",
    "InstitutionName": "INSTITUTO_DE_NEUROBIOLOGIA",
    "MRAcquisitionType": "2D",
    "MagneticFieldStrength": 3,
    "Manufacturer": "GE",
    "ManufacturersModelName": "DISCOVERY_MR750",
    "Modality": "MR",
    "PatientPosition": "HFS",
    "PercentPhaseFOV": 100,
    "PhaseEncodingDirection": "j",
    "PhaseEncodingPolarityGE": "Flipped",
    "PixelBandwidth": 7812.5,
    "ProcedureStepDescription": "verbos_aza",
    "ProtocolName": "fMRI_RestState",
    "ReconMatrixPE": 64,
    "RepetitionTime": 2,
    "SAR": 0.364805,
    "ScanOptions": "EPI_GEMS_ACC_GEMS",
    "ScanningSequence": "EP_GR",
    "SequenceVariant": "SS",
    "SeriesDescription": "fMRI_RestState",
    "SeriesNumber": 14,
    "SliceThickness": 4,
    "SliceTiming": [
      0,
      1.0285,
      0.0571001,
      1.0857,
      0.1142,
      1.1428,
      0.1714,
      1.2,
      0.2285,
      1.2571,
      0.2857,
      1.3143,
      0.3428,
      1.3714,
      0.4,
      1.4286,
      0.4571,
      1.4857,
      0.5142,
      1.5428,
      0.5714,
      1.6,
      0.6285,
      1.6571,
      0.6857,
      1.7143,
      0.7428,
      1.7714,
      0.8,
      1.8285,
      0.8571,
      1.8857,
      0.9143,
      1.9428,
      0.9714
    ],
    "SoftwareVersions": "24_LX_MR_Software_release:DV24.0_R02_1607.b",
    "SpacingBetweenSlices": 4,
    "StationName": "GEHCGEHC",
    "TaskName": "rest",
    "TotalReadoutTime": 0.023436,
    "dataset": "ds003481",
    "modality": "bold",
    "subject_id": "123",
    "task_id": "rest"
  },
  "dummy_trs": 0,
  "dvars_nstd": 18.49834559869566,
  "dvars_std": 1.107437284247492,
  "dvars_vstd": 0.9607353573578598,
  "efc": 0.36282390524949476,
  "fber": 97504.890625,
  "fd_mean": 0.17930967587082045,
  "fd_num": 97,
  "fd_perc": 32.333333333333336,
  "fwhm_avg": 3.019475,
  "fwhm_x": 2.8161,
  "fwhm_y": 3.0816,
  "fwhm_z": 3.160725,
  "gcor": 0.0402697,
  "gsr_x": -0.01652432605624199,
  "gsr_y": 0.013333489187061787,
  "provenance": {
    "md5sum": "768548fd67dd71ee7df4450a00f58b8a",
    "settings": {
      "fd_thres": 0.2,
      "testing": false
    },
    "software": "mriqc",
    "version": "23.0.1",
    "webapi_port": null,
    "webapi_url": "https://mriqc.nimh.nih.gov/api/v1"
  },
  "size_t": 300,
  "size_x": 64,
  "size_y": 64,
  "size_z": 35,
  "snr": 2.8937924398515915,
  "spacing_tr": 2.0,
  "spacing_x": 4.0,
  "spacing_y": 4.0,
  "spacing_z": 4.0,
  "summary_bg_k": 167.45885496943424,
  "summary_bg_mad": 9.488654118902872,
  "summary_bg_mean": 36.34627914428711,
  "summary_bg_median": 6.796666622161865,
  "summary_bg_n": 99745.0,
  "summary_bg_p05": 0.14666667580604553,
  "summary_bg_p95": 163.44467163085926,
  "summary_bg_stdv": 108.97628784179688,
  "summary_fg_k": 0.9540888712569715,
  "summary_fg_mad": 550.529730137932,
  "summary_fg_mean": 2025.627685546875,
  "summary_fg_median": 1883.683349609375,
  "summary_fg_n": 15359.0,
  "summary_fg_p05": 1217.8156982421874,
  "summary_fg_p95": 3338.827685546874,
  "summary_fg_stdv": 650.9181518554688,
  "tsnr": 46.633068716619164
}