{
  "aor": 0.003313620689655172,
  "aqi": 0.0014958732758620689,
  "bids_meta": {
    "AcquisitionMatrixPE": 64,
    "AcquisitionNumber": 1,
    "AcquisitionTime": "21:08:16.000000",
    "CoilString": "32Ch_Head",
    "ConversionSoftware": "dcm2niix",
    "ConversionSoftwareVersion": "v1.0.20190902",
    "Dcm2bidsVersion": "2.1.4",
    "DeviceSerialNumber": "000000000000GEHC",
    "EchoTime": 0.04,
    "EffectiveEchoSpacing": 0.000372,
    "FlipAngle": 90,
    "ImageOrientationPatientDICOM": [
      1,
      0,
      0,
      0,
      1,
      0
    ],
    "ImageType": [
      "ORIGINAL",
      "PRIMARY",
      "EPI",
      "NONE"
    ],
    "ImagingFrequency": 127.772,
    "InPlanePhaseEncodingDirectionDICOM": "ROW",
    "InstitutionName": "INSTITUTO_DE_NEUROBIOLOGIA",
    "MRAcquisitionType": "2D",
    "MagneticFieldStrength": 3,
    "Manufacturer": "GE",
    "ManufacturersModelName": "DISCOVERY_MR750",
    "Modality": "MR",
    "PatientPosition": "HFS",
    "PercentPhaseFOV": 100,
    "PhaseEncodingDirection": "i-",
    "PhaseEncodingPolarityGE": "Flipped",
    "PixelBandwidth": 7812.5,
    "ProcedureStepDescription": "verbos_aza",
    "ProtocolName": "fMRI_7",
    "ReconMatrixPE": 64,
    "RepetitionTime": 2,
    "SAR": 0.364805,
    "ScanOptions": "EPI_GEMS_ACC_GEMS",
    "ScanningSequence": "EP_GR",
    "SequenceVariant": "SS",
    "SeriesDescription": "fMRI_7",
    "SeriesNumber": 12,
    "SliceThickness": 4,
    "SliceTiming": [
      0,
      1.0285,
      0.0571001,
      1.0857,
      0.1142,
      1.1428,
      0.1714,
      1.2,
      0.2285,
      1.2571,
      0.2857,
      1.3143,
      0.3428,
      1.3714,
      0.4,
      1.4286,
      0.4571,
      1.4857,
      0.5142,
      1.5428,
      0.5714,
      1.6,
      0.6285,
      1.6571,
      0.6857,
      1.7143,
      0.7428,
      1.7714,
      0.8,
      1.8285,
      0.8571,
      1.8857,
      0.9143,
      1.9428,
      0.9714
    ],
    "SoftwareVersions": "24_LX_MR_Software_release:DV24.0_R02_1607.b",
    "SpacingBetweenSlices": 4,
    "StationName": "GEHCGEHC",
    "TaskName": "verbs",
    "TotalReadoutTime": 0.023436,
    "dataset": "ds003481",
    "modality": "bold",
    "run_id": 7,
    "subject_id": "123",
    "task_id": "verbs"
  },
  "dummy_trs": 0,
  "dvars_nstd": 13.740345949364169,
  "dvars_std": 1.10976063283237,
  "dvars_vstd": 1.01531309982659,
  "efc": 0.37155392232322576,
  "fber": 46949.50390625,
  "fd_mean": 0.09696156711450651,
  "fd_num": 9,
  "fd_perc": 5.172413793103448,
  "fwhm_avg": 3.1629583333333335,
  "fwhm_x": 2.97535,
  "fwhm_y": 3.143825,
  "fwhm_z": 3.3697,
  "gcor": 0.0434539,
  "gsr_x": -0.007591694593429565,
  "gsr_y": 0.001030912739224732,
  "provenance": {
    "md5sum": "bb04876e059734cd1e46394ee06013a7",
    "settings": {
      "fd_thres": 0.2,
      "testing": false
    },
    "software": "mriqc",
    "version": "23.0.1",
    "webapi_port": null,
    "webapi_url": "https://mriqc.nimh.nih.gov/api/v1"
  },
  "size_t": 174,
  "size_x": 64,
  "size_y": 64,
  "size_z": 35,
  "snr": 2.6897975597241004,
  "spacing_tr": 2.0,
  "spacing_x": 4.0,
  "spacing_y": 4.0,
  "spacing_z": 4.0,
  "summary_bg_k": 88.1102857676925,
  "summary_bg_mad": 12.678805617747111,
  "summary_bg_mean": 39.39276123046875,
  "summary_bg_median": 8.994253158569336,
  "summary_bg_n": 98818.0,
  "summary_bg_p05": 0.12068965286016464,
  "summary_bg_p95": 174.64740676879845,
  "summary_bg_stdv": 97.027587890625,
  "summary_fg_k": 1.043438075451661,
  "summary_fg_mad": 556.5126237096309,
  "summary_fg_mean": 2039.7647705078125,
  "summary_fg_median": 1875.701171875,
  "summary_fg_n": 15966.0,
  "summary_fg_p05": 1186.3649291992188,
  "summary_fg_p95": 3473.7457275390625,
  "summary_fg_stdv": 697.3173217773438,
  "tsnr": 90.11185968434438
}