{
  "aor": 0.008122567049808429,
  "aqi": 0.001978095900383142,
  "bids_meta": {
    "AcquisitionDateTime": "2016-11-14T19:11:39.000000",
    "ConversionSoftware": "dcm2niix",
    "ConversionSoftwareVersion": "v1.0.20170411 GCC4.8.4",
    "EchoTime": 0.04,
    "FlipAngle": 90,
    "ImageType": [
      "ORIGINAL",
      "PRIMARY",
      "EPI",
      "NONE"
    ],
    "MagneticFieldStrength": 3,
    "Manufacturer": "GE",
    "ManufacturersModelName": "DISCOVERY_MR750",
    "ProtocolName": "fMRI_ActosHabla_1",
    "RepetitionTime": 2,
    "ScanningSequence": "EP_GR",
    "SequenceVariant": "SS",
    "SeriesDescription": "fMRI_ActosHabla_1",
    "SliceTiming": [
      0,
      1.0285,
      0.0571001,
      1.0857,
      0.1142,
      1.1428,
      0.1714,
      1.2,
      0.2285,
      1.2571,
      0.2857,
      1.3143,
      0.3428,
      1.3714,
      0.4,
      1.4286,
      0.4571,
      1.4857,
      0.5142,
      1.5428,
      0.5714,
      1.6,
      0.6285,
      1.6571,
      0.6857,
      1.7143,
      0.7428,
      1.7714,
      0.8,
      1.8285,
      0.8571,
      1.8857,
      0.9143,
      1.9428,
      0.9714
    ],
    "TaskName": "sar",
    "dataset": "ds003481",
    "modality": "bold",
    "run_id": 1,
    "subject_id": "011",
    "task_id": "sar"
  },
  "dummy_trs": 0,
  "dvars_nstd": 13.685075242423077,
  "dvars_std": 1.1010625829615384,
  "dvars_vstd": 1.087448120730769,
  "efc": 0.3491537339426391,
  "fber": 45718.66015625,
  "fd_mean": 0.044907799648336584,
  "fd_num": 0,
  "fd_perc": 0.0,
  "fwhm_avg": 2.6453416666666665,
  "fwhm_x": 2.583425,
  "fwhm_y": 2.794775,
  "fwhm_z": 2.557825,
  "gcor": 0.0774092,
  "gsr_x": -0.0008633772376924753,
  "gsr_y": -0.008587307296693325,
  "provenance": {
    "md5sum": "9f6e847177e7aa5ca48a8033ecda9681",
    "settings": {
      "fd_thres": 0.2,
      "testing": false
    },
    "software": "mriqc",
    "version": "23.0.1",
    "webapi_port": null,
    "webapi_url": "https://mriqc.nimh.nih.gov/api/v1"
  },
  "size_t": 261,
  "size_x": 64,
  "size_y": 64,
  "size_z": 35,
  "snr": 3.5415251721226695,
  "spacing_tr": 2.0,
  "spacing_x": 4.0,
  "spacing_y": 4.0,
  "spacing_z": 4.0,
  "summary_bg_k": 53.00819690226762,
  "summary_bg_mad": 11.906261567678264,
  "summary_bg_mean": 34.233482360839844,
  "summary_bg_median": 8.762452125549316,
  "summary_bg_n": 102969.0,
  "summary_bg_p05": 0.2260536402463913,
  "summary_bg_p95": 146.07126159667965,
  "summary_bg_stdv": 78.76822662353516,
  "summary_fg_k": 0.17803939494365428,
  "summary_fg_mad": 458.0218308486197,
  "summary_fg_mean": 1830.5975341796875,
  "summary_fg_median": 1781.6551513671875,
  "summary_fg_n": 13113.0,
  "summary_fg_p05": 1076.4835205078125,
  "summary_fg_p95": 2746.82822265625,
  "summary_fg_stdv": 503.0564880371094,
  "tsnr": 71.95507791475393
}