{
  "aor": 0.0006350588235294117,
  "aqi": 0.0018103747254901961,
  "bids_meta": {
    "AcquisitionDateTime": "2016-11-14T19:31:34.000000",
    "ConversionSoftware": "dcm2niix",
    "ConversionSoftwareVersion": "v1.0.20170411 GCC4.8.4",
    "EchoTime": 0.04,
    "FlipAngle": 90,
    "ImageType": [
      "ORIGINAL",
      "PRIMARY",
      "EPI",
      "NONE"
    ],
    "MagneticFieldStrength": 3,
    "Manufacturer": "GE",
    "ManufacturersModelName": "DISCOVERY_MR750",
    "ProtocolName": "fMRI_ActosHabla_3",
    "RepetitionTime": 2,
    "ScanningSequence": "EP_GR",
    "SequenceVariant": "SS",
    "SeriesDescription": "fMRI_ActosHabla_3",
    "SliceTiming": [
      0,
      1.0285,
      0.0571001,
      1.0857,
      0.1142,
      1.1428,
      0.1714,
      1.2,
      0.2285,
      1.2571,
      0.2857,
      1.3143,
      0.3428,
      1.3714,
      0.4,
      1.4286,
      0.4571,
      1.4857,
      0.5142,
      1.5428,
      0.5714,
      1.6,
      0.6285,
      1.6571,
      0.6857,
      1.7143,
      0.7428,
      1.7714,
      0.8,
      1.8285,
      0.8571,
      1.8857,
      0.9143,
      1.9428,
      0.9714
    ],
    "TaskName": "sar",
    "dataset": "ds003481",
    "modality": "bold",
    "run_id": 3,
    "subject_id": "011",
    "task_id": "sar"
  },
  "dummy_trs": 0,
  "dvars_nstd": 13.863048523464569,
  "dvars_std": 1.0576002087795269,
  "dvars_vstd": 0.9752320522047236,
  "efc": 0.3499914302142785,
  "fber": 44641.94921875,
  "fd_mean": 0.04879666520663132,
  "fd_num": 0,
  "fd_perc": 0.0,
  "fwhm_avg": 2.661625,
  "fwhm_x": 2.62285,
  "fwhm_y": 2.77595,
  "fwhm_z": 2.586075,
  "gcor": 0.0414891,
  "gsr_x": -0.0006912264507263899,
  "gsr_y": -0.008716435171663761,
  "provenance": {
    "md5sum": "f0d3b033cadee47a66ac41c94261a3c1",
    "settings": {
      "fd_thres": 0.2,
      "testing": false
    },
    "software": "mriqc",
    "version": "23.0.1",
    "webapi_port": null,
    "webapi_url": "https://mriqc.nimh.nih.gov/api/v1"
  },
  "size_t": 255,
  "size_x": 64,
  "size_y": 64,
  "size_z": 35,
  "snr": 3.514281576382537,
  "spacing_tr": 2.0,
  "spacing_x": 4.0,
  "spacing_y": 4.0,
  "spacing_z": 4.0,
  "summary_bg_k": 53.89007881118786,
  "summary_bg_mad": 12.026521532054684,
  "summary_bg_mean": 34.67475891113281,
  "summary_bg_median": 8.821569442749023,
  "summary_bg_n": 102964.0,
  "summary_bg_p05": 0.21568629145622253,
  "summary_bg_p95": 147.9439376831054,
  "summary_bg_stdv": 80.8597183227539,
  "summary_fg_k": 0.21512479639633186,
  "summary_fg_mad": 463.78718439753504,
  "summary_fg_mean": 1822.8314208984375,
  "summary_fg_median": 1772.6314697265625,
  "summary_fg_n": 13227.0,
  "summary_fg_p05": 1065.3961547851563,
  "summary_fg_p95": 2749.682177734375,
  "summary_fg_stdv": 504.38885498046875,
  "tsnr": 83.39338211412542
}