{
  "aor": 0.0074752678571428565,
  "aqi": 0.004532121205357143,
  "bids_meta": {
    "AcquisitionDateTime": "2017-01-09T18:55:10.000000",
    "ConversionSoftware": "dcm2niix",
    "ConversionSoftwareVersion": "v1.0.20170411 GCC4.8.4",
    "EchoTime": 0.04,
    "FlipAngle": 90,
    "ImageType": [
      "ORIGINAL",
      "PRIMARY",
      "EPI",
      "NONE"
    ],
    "MagneticFieldStrength": 3,
    "Manufacturer": "GE",
    "ManufacturersModelName": "DISCOVERY_MR750",
    "ProcedureStepDescription": "CompRefranes",
    "ProtocolName": "fMRI_Comprension_3",
    "RepetitionTime": 2,
    "ScanningSequence": "EP_GR",
    "SequenceVariant": "SS",
    "SeriesDescription": "fMRI_Comprension_3",
    "SliceTiming": [
      1.0285,
      0.0571001,
      1.0857,
      0.1142,
      1.1428,
      0.1714,
      1.2,
      0.2285,
      1.2571,
      0.2857,
      1.3143,
      0.3428,
      1.3714,
      0.4,
      1.4286,
      0.4571,
      1.4857,
      0.5142,
      1.5428,
      0.5714,
      1.6,
      0.6285,
      1.6571,
      0.6857,
      1.7143,
      0.7428,
      1.7714,
      0.8,
      1.8285,
      0.8571,
      1.8857,
      0.9143,
      1.9428,
      0.9714
    ],
    "TaskName": "pc",
    "dataset": "ds003481",
    "modality": "bold",
    "run_id": 3,
    "subject_id": "055",
    "task_id": "pc"
  },
  "dummy_trs": 0,
  "dvars_nstd": 19.89418403565022,
  "dvars_std": 1.1442615895067265,
  "dvars_vstd": 1.0525769702690593,
  "efc": 0.3650282277795918,
  "fber": 114246.9765625,
  "fd_mean": 0.20071294776946008,
  "fd_num": 66,
  "fd_perc": 29.464285714285715,
  "fwhm_avg": 2.5878416666666664,
  "fwhm_x": 2.479575,
  "fwhm_y": 2.736475,
  "fwhm_z": 2.547475,
  "gcor": 0.0540866,
  "gsr_x": -0.005405505653470755,
  "gsr_y": -0.0005319053307175636,
  "provenance": {
    "md5sum": "133c82d9050f88ca1ef0a9968ba8c172",
    "settings": {
      "fd_thres": 0.2,
      "testing": false
    },
    "software": "mriqc",
    "version": "23.0.1",
    "webapi_port": null,
    "webapi_url": "https://mriqc.nimh.nih.gov/api/v1"
  },
  "size_t": 224,
  "size_x": 64,
  "size_y": 64,
  "size_z": 34,
  "snr": 3.4566091048048393,
  "spacing_tr": 2.0,
  "spacing_x": 4.0,
  "spacing_y": 4.0,
  "spacing_z": 4.0,
  "summary_bg_k": 62.34335864143378,
  "summary_bg_mad": 7.968987101207568,
  "summary_bg_mean": 30.97246551513672,
  "summary_bg_median": 5.714285850524902,
  "summary_bg_n": 96513.0,
  "summary_bg_p05": 0.1383928656578064,
  "summary_bg_p95": 135.057144165039,
  "summary_bg_stdv": 87.83758544921875,
  "summary_fg_k": 0.4419038992473272,
  "summary_fg_mad": 473.93627707445853,
  "summary_fg_mean": 1861.3284912109375,
  "summary_fg_median": 1788.1295166015625,
  "summary_fg_n": 14887.0,
  "summary_fg_p05": 1137.975,
  "summary_fg_p95": 2817.992993164062,
  "summary_fg_stdv": 517.2900390625,
  "tsnr": 53.993132499279454
}