{
  "aor": 0.006256202090592334,
  "aqi": 0.002333786658536586,
  "bids_meta": {
    "AcquisitionDateTime": "2017-01-09T18:18:21.000000",
    "ConversionSoftware": "dcm2niix",
    "ConversionSoftwareVersion": "v1.0.20170411 GCC4.8.4",
    "EchoTime": 0.04,
    "FlipAngle": 90,
    "ImageType": [
      "ORIGINAL",
      "PRIMARY",
      "EPI",
      "NONE"
    ],
    "MagneticFieldStrength": 3,
    "Manufacturer": "GE",
    "ManufacturersModelName": "DISCOVERY_MR750",
    "ProcedureStepDescription": "CompRefranes",
    "ProtocolName": "fMRI_Comprension_1",
    "RepetitionTime": 2,
    "ScanningSequence": "EP_GR",
    "SequenceVariant": "SS",
    "SeriesDescription": "fMRI_Comprension_1",
    "SliceTiming": [
      1.0285,
      0.0571001,
      1.0857,
      0.1142,
      1.1428,
      0.1714,
      1.2,
      0.2285,
      1.2571,
      0.2857,
      1.3143,
      0.3428,
      1.3714,
      0.4,
      1.4286,
      0.4571,
      1.4857,
      0.5142,
      1.5428,
      0.5714,
      1.6,
      0.6285,
      1.6571,
      0.6857,
      1.7143,
      0.7428,
      1.7714,
      0.8,
      1.8285,
      0.8571,
      1.8857,
      0.9143,
      1.9428,
      0.9714
    ],
    "TaskName": "pc",
    "dataset": "ds003481",
    "modality": "bold",
    "run_id": 1,
    "subject_id": "055",
    "task_id": "pc"
  },
  "dummy_trs": 0,
  "dvars_nstd": 15.964593193671345,
  "dvars_std": 1.1552928363286705,
  "dvars_vstd": 1.0671372324125883,
  "efc": 0.36657832668422863,
  "fber": 125558.3203125,
  "fd_mean": 0.09846742587976982,
  "fd_num": 8,
  "fd_perc": 2.7874564459930316,
  "fwhm_avg": 2.5555958333333333,
  "fwhm_x": 2.460945,
  "fwhm_y": 2.7275,
  "fwhm_z": 2.4783425,
  "gcor": 0.0313038,
  "gsr_x": -0.0055144657380878925,
  "gsr_y": 0.0010111695155501366,
  "provenance": {
    "md5sum": "558df646968b3cb4b615f20e2b7ec4a2",
    "settings": {
      "fd_thres": 0.2,
      "testing": false
    },
    "software": "mriqc",
    "version": "23.0.1",
    "webapi_port": null,
    "webapi_url": "https://mriqc.nimh.nih.gov/api/v1"
  },
  "size_t": 287,
  "size_x": 64,
  "size_y": 64,
  "size_z": 34,
  "snr": 3.5842604009919596,
  "spacing_tr": 2.0,
  "spacing_x": 4.0,
  "spacing_y": 4.0,
  "spacing_z": 4.0,
  "summary_bg_k": 63.647773736234555,
  "summary_bg_mad": 7.7487924884524375,
  "summary_bg_mean": 31.834016799926758,
  "summary_bg_median": 5.567944526672363,
  "summary_bg_n": 96514.0,
  "summary_bg_p05": 0.149825781583786,
  "summary_bg_p95": 139.19565200805636,
  "summary_bg_stdv": 91.25469207763672,
  "summary_fg_k": 0.6570666726127321,
  "summary_fg_mad": 455.3963290927773,
  "summary_fg_mean": 1894.3778076171875,
  "summary_fg_median": 1817.780517578125,
  "summary_fg_n": 14941.0,
  "summary_fg_p05": 1202.0313720703125,
  "summary_fg_p95": 2849.56103515625,
  "summary_fg_stdv": 507.139404296875,
  "tsnr": 72.59470955491997
}