{
  "bids_meta": {
    "AcquisitionDateTime": "2016-10-01T10:27:27.000000",
    "ConversionSoftware": "dcm2niix",
    "ConversionSoftwareVersion": "v1.0.20170411 GCC4.8.4",
    "EchoTime": 0.00318,
    "FlipAngle": 12,
    "ImageType": [
      "DERIVED",
      "PRIMARY",
      "OTHER"
    ],
    "InversionTime": 0.45,
    "MagneticFieldStrength": 3,
    "Manufacturer": "GE",
    "ManufacturersModelName": "DISCOVERY_MR750",
    "ProcedureStepDescription": "MeditResp",
    "ProtocolName": "PU:Sag_T1_FSPGR_BRAVO",
    "RepetitionTime": 0.008156,
    "ScanningSequence": "GR",
    "SequenceVariant": "SS_SP_SK",
    "SeriesDescription": "PU:Sag_T1_FSPGR_BRAVO",
    "dataset": "ds003481",
    "modality": "T1w",
    "subject_id": "097"
  },
  "cjv": 0.3414456414534298,
  "cnr": 3.91377893864847,
  "efc": 0.7409035646762473,
  "fber": 11224.72623358986,
  "fwhm_avg": 3.892796666666667,
  "fwhm_x": 3.96334,
  "fwhm_y": 4.05542,
  "fwhm_z": 3.65963,
  "icvs_csf": 0.2151594748681581,
  "icvs_gm": 0.41834460056392114,
  "icvs_wm": 0.3664959245679208,
  "inu_med": 0.3889313340187073,
  "inu_range": 0.08288433700799941,
  "provenance": {
    "md5sum": "9306897e22d4460f1cb27c46f6958647",
    "settings": {
      "testing": false
    },
    "software": "mriqc",
    "version": "23.0.1",
    "warnings": {
      "large_rot_frame": true,
      "small_air_mask": false
    },
    "webapi_port": null,
    "webapi_url": "https://mriqc.nimh.nih.gov/api/v1"
  },
  "qi_1": 0.0,
  "qi_2": 0.0035365840600676047,
  "rpve_csf": 21.66486264443536,
  "rpve_gm": 11.489239000226632,
  "rpve_wm": 15.43325912211409,
  "size_x": 176,
  "size_y": 256,
  "size_z": 256,
  "snr_csf": 3.1750664299676816,
  "snr_gm": 12.78507721388186,
  "snr_total": 13.411996614778884,
  "snr_wm": 24.27584620048711,
  "snrd_csf": 21.7522717689005,
  "snrd_gm": 50.219365314006644,
  "snrd_total": 47.12572921411535,
  "snrd_wm": 69.40555055943891,
  "spacing_x": 1.0,
  "spacing_y": 1.0,
  "spacing_z": 1.0,
  "summary_bg_k": 21.41268858404567,
  "summary_bg_mad": 0.0,
  "summary_bg_mean": 4.279470442017595,
  "summary_bg_median": 0.0,
  "summary_bg_n": 409446.0,
  "summary_bg_p05": 0.0,
  "summary_bg_p95": 22.737758718430996,
  "summary_bg_stdv": 9.43956223040388,
  "summary_csf_k": 0.9033471504890072,
  "summary_csf_mad": 88.23501310832224,
  "summary_csf_mean": 314.06925674833354,
  "summary_csf_median": 313.41858430579305,
  "summary_csf_n": 37861.0,
  "summary_csf_p05": 154.8144789263606,
  "summary_csf_p95": 480.3928211554885,
  "summary_csf_stdv": 98.71114577361222,
  "summary_gm_k": 0.24541948065923158,
  "summary_gm_mad": 55.11024074539728,
  "summary_gm_mean": 721.6916982313727,
  "summary_gm_median": 723.5879796221852,
  "summary_gm_n": 32063.0,
  "summary_gm_p05": 625.192800263688,
  "summary_gm_p95": 810.9800609573722,
  "summary_gm_stdv": 56.59541069501285,
  "summary_wm_k": 0.5260063510803477,
  "summary_wm_mad": 39.280703510017204,
  "summary_wm_mean": 1000.9598868725687,
  "summary_wm_median": 1000.0329910553992,
  "summary_wm_n": 242837.0,
  "summary_wm_p05": 935.1809487976134,
  "summary_wm_p95": 1070.0586972534657,
  "summary_wm_stdv": 41.19448293303902,
  "tpm_overlap_csf": 0.1551223684799118,
  "tpm_overlap_gm": 0.4553830145265581,
  "tpm_overlap_wm": 0.512769018287161,
  "wm2max": 0.5715299207363914
}