{
  "aor": 0.0029477200000000005,
  "aqi": 0.001011953396,
  "bids_meta": {
    "AcquisitionDateTime": "2017-08-18T19:13:47.000000",
    "ConversionSoftware": "dcm2niix",
    "ConversionSoftwareVersion": "v1.0.20170411 GCC4.8.4",
    "EchoTime": 0.035,
    "FlipAngle": 90,
    "ImageType": [
      "ORIGINAL",
      "PRIMARY",
      "EPI",
      "NONE"
    ],
    "MagneticFieldStrength": 3,
    "Manufacturer": "GE",
    "ManufacturersModelName": "DISCOVERY_MR750",
    "ProcedureStepDescription": "CompMet",
    "ProtocolName": "fMRI_CompMet",
    "RepetitionTime": 2,
    "ScanningSequence": "EP_GR",
    "SequenceVariant": "SS",
    "SeriesDescription": "fMRI_CompMet",
    "SliceTiming": [
      1.0285,
      0.0571001,
      1.0857,
      0.1142,
      1.1428,
      0.1714,
      1.2,
      0.2285,
      1.2571,
      0.2857,
      1.3143,
      0.3428,
      1.3714,
      0.4,
      1.4286,
      0.4571,
      1.4857,
      0.5142,
      1.5428,
      0.5714,
      1.6,
      0.6285,
      1.6571,
      0.6857,
      1.7143,
      0.7428,
      1.7714,
      0.8,
      1.8285,
      0.8571,
      1.8857,
      0.9143,
      1.9428,
      0.9714
    ],
    "TaskName": "cmp",
    "dataset": "ds003481",
    "modality": "bold",
    "run_id": 1,
    "subject_id": "085",
    "task_id": "cmp"
  },
  "dummy_trs": 0,
  "dvars_nstd": 13.129692016064265,
  "dvars_std": 1.178228709638554,
  "dvars_vstd": 1.015663402891566,
  "efc": 0.3692585144423376,
  "fber": 84834.0546875,
  "fd_mean": 0.0592028803766271,
  "fd_num": 2,
  "fd_perc": 0.8,
  "fwhm_avg": 2.778541666666667,
  "fwhm_x": 2.7032,
  "fwhm_y": 2.89155,
  "fwhm_z": 2.740875,
  "gcor": 0.0740485,
  "gsr_x": -0.016029654070734978,
  "gsr_y": 0.009463350288569927,
  "provenance": {
    "md5sum": "09b0721a250e9aab2a6ec57fa58d56fc",
    "settings": {
      "fd_thres": 0.2,
      "testing": false
    },
    "software": "mriqc",
    "version": "23.0.1",
    "webapi_port": null,
    "webapi_url": "https://mriqc.nimh.nih.gov/api/v1"
  },
  "size_t": 250,
  "size_x": 64,
  "size_y": 64,
  "size_z": 34,
  "snr": 3.388495874896172,
  "spacing_tr": 2.0,
  "spacing_x": 4.0,
  "spacing_y": 4.0,
  "spacing_z": 4.0,
  "summary_bg_k": 62.28630172345892,
  "summary_bg_mad": 10.553163078418196,
  "summary_bg_mean": 50.69338607788086,
  "summary_bg_median": 7.702000617980957,
  "summary_bg_n": 97320.0,
  "summary_bg_p05": 0.17600001394748688,
  "summary_bg_p95": 273.1828231811525,
  "summary_bg_stdv": 145.56430053710938,
  "summary_fg_k": 0.4634568850754275,
  "summary_fg_mad": 547.954903262605,
  "summary_fg_mean": 2265.034912109375,
  "summary_fg_median": 2158.6259765625,
  "summary_fg_n": 14532.0,
  "summary_fg_p05": 1383.3440307617188,
  "summary_fg_p95": 3497.752917480468,
  "summary_fg_stdv": 637.0235595703125,
  "tsnr": 112.66483980417252
}