{
  "aor": 0.00450384,
  "aqi": 0.00105132514,
  "bids_meta": {
    "AcquisitionDateTime": "2017-08-23T18:53:16.000000",
    "ConversionSoftware": "dcm2niix",
    "ConversionSoftwareVersion": "v1.0.20170411 GCC4.8.4",
    "EchoTime": 0.035,
    "FlipAngle": 90,
    "ImageType": [
      "ORIGINAL",
      "PRIMARY",
      "EPI",
      "NONE"
    ],
    "MagneticFieldStrength": 3,
    "Manufacturer": "GE",
    "ManufacturersModelName": "DISCOVERY_MR750",
    "ProtocolName": "fMRI_CompMet",
    "RepetitionTime": 2,
    "ScanningSequence": "EP_GR",
    "SequenceVariant": "SS",
    "SeriesDescription": "fMRI_CompMet",
    "SliceTiming": [
      1.0285,
      0.0571001,
      1.0857,
      0.1142,
      1.1428,
      0.1714,
      1.2,
      0.2285,
      1.2571,
      0.2857,
      1.3143,
      0.3428,
      1.3714,
      0.4,
      1.4286,
      0.4571,
      1.4857,
      0.5142,
      1.5428,
      0.5714,
      1.6,
      0.6285,
      1.6571,
      0.6857,
      1.7143,
      0.7428,
      1.7714,
      0.8,
      1.8285,
      0.8571,
      1.8857,
      0.9143,
      1.9428,
      0.9714
    ],
    "TaskName": "cmp",
    "dataset": "ds003481",
    "modality": "bold",
    "run_id": 1,
    "subject_id": "089",
    "task_id": "cmp"
  },
  "dummy_trs": 0,
  "dvars_nstd": 12.301993201726908,
  "dvars_std": 1.1520255775502009,
  "dvars_vstd": 1.046386434337349,
  "efc": 0.3868862600648519,
  "fber": 108730.9296875,
  "fd_mean": 0.0555088409347369,
  "fd_num": 1,
  "fd_perc": 0.4,
  "fwhm_avg": 2.6150416666666665,
  "fwhm_x": 2.530375,
  "fwhm_y": 2.6994,
  "fwhm_z": 2.61535,
  "gcor": 0.0617024,
  "gsr_x": -0.009874396957457066,
  "gsr_y": 0.008234789595007896,
  "provenance": {
    "md5sum": "60d627ffc4d4f8cef78e540d31fe8d6f",
    "settings": {
      "fd_thres": 0.2,
      "testing": false
    },
    "software": "mriqc",
    "version": "23.0.1",
    "webapi_port": null,
    "webapi_url": "https://mriqc.nimh.nih.gov/api/v1"
  },
  "size_t": 250,
  "size_x": 64,
  "size_y": 64,
  "size_z": 34,
  "snr": 3.4150428400091437,
  "spacing_tr": 2.0,
  "spacing_x": 4.0,
  "spacing_y": 4.0,
  "spacing_z": 4.0,
  "summary_bg_k": 50.784092863955465,
  "summary_bg_mad": 9.856340324690393,
  "summary_bg_mean": 43.624427795410156,
  "summary_bg_median": 6.848000526428223,
  "summary_bg_n": 94309.0,
  "summary_bg_p05": 0.03200000151991844,
  "summary_bg_p95": 216.36160278320264,
  "summary_bg_stdv": 117.01889038085938,
  "summary_fg_k": 0.44402873172569857,
  "summary_fg_mad": 589.7614987060346,
  "summary_fg_mean": 2181.254638671875,
  "summary_fg_median": 2110.572021484375,
  "summary_fg_n": 16685.0,
  "summary_fg_p05": 1307.0432861328125,
  "summary_fg_p95": 3300.1298339843747,
  "summary_fg_stdv": 618.0036010742188,
  "tsnr": 104.33902591117658
}