{
  "aor": 0.00116696,
  "aqi": 0.0009628895239999999,
  "bids_meta": {
    "AcquisitionDateTime": "2017-08-23T19:03:28.000000",
    "ConversionSoftware": "dcm2niix",
    "ConversionSoftwareVersion": "v1.0.20170411 GCC4.8.4",
    "EchoTime": 0.035,
    "FlipAngle": 90,
    "ImageType": [
      "ORIGINAL",
      "PRIMARY",
      "EPI",
      "NONE"
    ],
    "MagneticFieldStrength": 3,
    "Manufacturer": "GE",
    "ManufacturersModelName": "DISCOVERY_MR750",
    "ProtocolName": "fMRI_CompMet",
    "RepetitionTime": 2,
    "ScanningSequence": "EP_GR",
    "SequenceVariant": "SS",
    "SeriesDescription": "fMRI_CompMet",
    "SliceTiming": [
      1.0285,
      0.0571001,
      1.0857,
      0.1142,
      1.1428,
      0.1714,
      1.2,
      0.2285,
      1.2571,
      0.2857,
      1.3143,
      0.3428,
      1.3714,
      0.4,
      1.4286,
      0.4571,
      1.4857,
      0.5142,
      1.5428,
      0.5714,
      1.6,
      0.6285,
      1.6571,
      0.6857,
      1.7143,
      0.7428,
      1.7714,
      0.8,
      1.8285,
      0.8571,
      1.8857,
      0.9143,
      1.9428,
      0.9714
    ],
    "TaskName": "cmp",
    "dataset": "ds003481",
    "modality": "bold",
    "run_id": 2,
    "subject_id": "089",
    "task_id": "cmp"
  },
  "dummy_trs": 0,
  "dvars_nstd": 11.977448336746992,
  "dvars_std": 1.1015589726104418,
  "dvars_vstd": 0.9927572743775096,
  "efc": 0.38685809000618615,
  "fber": 102564.78125,
  "fd_mean": 0.04833317102180133,
  "fd_num": 0,
  "fd_perc": 0.0,
  "fwhm_avg": 2.6005833333333332,
  "fwhm_x": 2.522125,
  "fwhm_y": 2.69345,
  "fwhm_z": 2.586175,
  "gcor": 0.0529793,
  "gsr_x": -0.010011531412601471,
  "gsr_y": 0.008326612412929535,
  "provenance": {
    "md5sum": "7d52cccf4ff5a8de2889c1a60e006bb5",
    "settings": {
      "fd_thres": 0.2,
      "testing": false
    },
    "software": "mriqc",
    "version": "23.0.1",
    "webapi_port": null,
    "webapi_url": "https://mriqc.nimh.nih.gov/api/v1"
  },
  "size_t": 250,
  "size_x": 64,
  "size_y": 64,
  "size_z": 34,
  "snr": 3.44861921006472,
  "spacing_tr": 2.0,
  "spacing_x": 4.0,
  "spacing_y": 4.0,
  "spacing_z": 4.0,
  "summary_bg_k": 46.868843961273,
  "summary_bg_mad": 9.969017703054995,
  "summary_bg_mean": 43.511207580566406,
  "summary_bg_median": 6.924000263214111,
  "summary_bg_n": 94271.0,
  "summary_bg_p05": 0.03200000151991844,
  "summary_bg_p95": 217.8800048828125,
  "summary_bg_stdv": 115.58257293701172,
  "summary_fg_k": 0.33077282234685557,
  "summary_fg_mad": 591.3447267587063,
  "summary_fg_mean": 2171.93505859375,
  "summary_fg_median": 2105.1982421875,
  "summary_fg_n": 16458.0,
  "summary_fg_p05": 1299.3168823242188,
  "summary_fg_p95": 3271.490832519531,
  "summary_fg_stdv": 610.4281616210938,
  "tsnr": 107.88733689021319
}