{
  "aor": 0.0215596,
  "aqi": 0.0052996137666666675,
  "bids_meta": {
    "AcquisitionDateTime": "2017-08-23T19:57:21.000000",
    "ConversionSoftware": "dcm2niix",
    "ConversionSoftwareVersion": "v1.0.20170411 GCC4.8.4",
    "EchoTime": 0.04,
    "FlipAngle": 90,
    "ImageType": [
      "ORIGINAL",
      "PRIMARY",
      "EPI",
      "NONE"
    ],
    "MagneticFieldStrength": 3,
    "Manufacturer": "GE",
    "ManufacturersModelName": "DISCOVERY_MR750",
    "ProcedureStepDescription": "CompMet",
    "ProtocolName": "fMRI_RestState",
    "RepetitionTime": 2,
    "ScanningSequence": "EP_GR",
    "SequenceVariant": "SS",
    "SeriesDescription": "fMRI_RestState",
    "SliceTiming": [
      1.0285,
      0.0571001,
      1.0857,
      0.1142,
      1.1428,
      0.1714,
      1.2,
      0.2285,
      1.2571,
      0.2857,
      1.3143,
      0.3428,
      1.3714,
      0.4,
      1.4286,
      0.4571,
      1.4857,
      0.5142,
      1.5428,
      0.5714,
      1.6,
      0.6285,
      1.6571,
      0.6857,
      1.7143,
      0.7428,
      1.7714,
      0.8,
      1.8285,
      0.8571,
      1.8857,
      0.9143,
      1.9428,
      0.9714
    ],
    "TaskName": "rest",
    "dataset": "ds003481",
    "modality": "bold",
    "subject_id": "089",
    "task_id": "rest"
  },
  "dummy_trs": 0,
  "dvars_nstd": 14.19732918274248,
  "dvars_std": 1.145511979899667,
  "dvars_vstd": 1.089906007658863,
  "efc": 0.3799775255593853,
  "fber": 86055.140625,
  "fd_mean": 0.05953208201018328,
  "fd_num": 2,
  "fd_perc": 0.6666666666666666,
  "fwhm_avg": 2.5644458333333335,
  "fwhm_x": 2.51365,
  "fwhm_y": 2.694625,
  "fwhm_z": 2.4850625,
  "gcor": 0.0542769,
  "gsr_x": -0.010176284238696098,
  "gsr_y": 0.0099157290533185,
  "provenance": {
    "md5sum": "721096e513c69840c9413e648ef4ddf3",
    "settings": {
      "fd_thres": 0.2,
      "testing": false
    },
    "software": "mriqc",
    "version": "23.0.1",
    "webapi_port": null,
    "webapi_url": "https://mriqc.nimh.nih.gov/api/v1"
  },
  "size_t": 300,
  "size_x": 64,
  "size_y": 64,
  "size_z": 34,
  "snr": 3.3725532444674022,
  "spacing_tr": 2.0,
  "spacing_x": 4.0,
  "spacing_y": 4.0,
  "spacing_z": 4.0,
  "summary_bg_k": 60.589887877765854,
  "summary_bg_mad": 9.570197472450024,
  "summary_bg_mean": 34.93025207519531,
  "summary_bg_median": 6.744999885559082,
  "summary_bg_n": 94800.0,
  "summary_bg_p05": 0.07999999821186066,
  "summary_bg_p95": 166.62699661254885,
  "summary_bg_stdv": 91.39693450927734,
  "summary_fg_k": 0.5132944012522924,
  "summary_fg_mad": 526.499339834131,
  "summary_fg_mean": 1919.81591796875,
  "summary_fg_median": 1868.2933349609375,
  "summary_fg_n": 16234.0,
  "summary_fg_p05": 1131.2746704101562,
  "summary_fg_p95": 2920.2897827148436,
  "summary_fg_stdv": 553.9529418945312,
  "tsnr": 56.04700729250908
}