{
  "aor": 0.0010655172413793104,
  "aqi": 0.001392008908045977,
  "bids_meta": {
    "AcquisitionMatrixPE": 64,
    "AcquisitionNumber": 1,
    "AcquisitionTime": "18:21:38.000000",
    "CoilString": "32Ch_Head",
    "ConversionSoftware": "dcm2niix",
    "ConversionSoftwareVersion": "v1.0.20190902",
    "Dcm2bidsVersion": "2.1.4",
    "DeviceSerialNumber": "000000000000GEHC",
    "EchoTime": 0.04,
    "EffectiveEchoSpacing": 0.000372,
    "FlipAngle": 90,
    "ImageOrientationPatientDICOM": [
      1,
      0,
      0,
      0,
      1,
      0
    ],
    "ImageType": [
      "ORIGINAL",
      "PRIMARY",
      "EPI",
      "NONE"
    ],
    "ImagingFrequency": 127.772,
    "InPlanePhaseEncodingDirectionDICOM": "COL",
    "InstitutionName": "INSTITUTO_DE_NEUROBIOLOGIA",
    "MRAcquisitionType": "2D",
    "MagneticFieldStrength": 3,
    "Manufacturer": "GE",
    "ManufacturersModelName": "DISCOVERY_MR750",
    "Modality": "MR",
    "PatientPosition": "HFS",
    "PercentPhaseFOV": 100,
    "PhaseEncodingDirection": "j",
    "PhaseEncodingPolarityGE": "Flipped",
    "PixelBandwidth": 7812.5,
    "ProcedureStepDescription": "verbos",
    "ProtocolName": "fMRI_1",
    "ReconMatrixPE": 64,
    "RepetitionTime": 2,
    "SAR": 0.356791,
    "ScanOptions": "EPI_GEMS_ACC_GEMS",
    "ScanningSequence": "EP_GR",
    "SequenceVariant": "SS",
    "SeriesDescription": "fMRI_1",
    "SeriesNumber": 6,
    "SliceThickness": 4,
    "SliceTiming": [
      0,
      1.0285,
      0.0571001,
      1.0857,
      0.1142,
      1.1428,
      0.1714,
      1.2,
      0.2285,
      1.2571,
      0.2857,
      1.3143,
      0.3428,
      1.3714,
      0.4,
      1.4286,
      0.4571,
      1.4857,
      0.5142,
      1.5428,
      0.5714,
      1.6,
      0.6285,
      1.6571,
      0.6857,
      1.7143,
      0.7428,
      1.7714,
      0.8,
      1.8285,
      0.8571,
      1.8857,
      0.9143,
      1.9428,
      0.9714
    ],
    "SoftwareVersions": "24_LX_MR_Software_release:DV24.0_R02_1607.b",
    "SpacingBetweenSlices": 4,
    "StationName": "GEHCGEHC",
    "TaskName": "verbs",
    "TotalReadoutTime": 0.023436,
    "dataset": "ds003481",
    "modality": "bold",
    "run_id": 1,
    "subject_id": "135",
    "task_id": "verbs"
  },
  "dummy_trs": 0,
  "dvars_nstd": 13.787186931329481,
  "dvars_std": 1.0686030210404627,
  "dvars_vstd": 0.9734500574566474,
  "efc": 0.32365955443468114,
  "fber": 91971.7421875,
  "fd_mean": 0.05238055744085251,
  "fd_num": 0,
  "fd_perc": 0.0,
  "fwhm_avg": 3.0839250000000002,
  "fwhm_x": 3.008075,
  "fwhm_y": 3.12795,
  "fwhm_z": 3.11575,
  "gcor": 0.0352577,
  "gsr_x": -0.013310790993273258,
  "gsr_y": -0.0003969039535149932,
  "provenance": {
    "md5sum": "a0206badacf93a1660f6617b4446b42a",
    "settings": {
      "fd_thres": 0.2,
      "testing": false
    },
    "software": "mriqc",
    "version": "23.0.1",
    "webapi_port": null,
    "webapi_url": "https://mriqc.nimh.nih.gov/api/v1"
  },
  "size_t": 174,
  "size_x": 64,
  "size_y": 64,
  "size_z": 35,
  "snr": 2.8419614209666517,
  "spacing_tr": 2.0,
  "spacing_x": 4.0,
  "spacing_y": 4.0,
  "spacing_z": 4.0,
  "summary_bg_k": 58.82648480507499,
  "summary_bg_mad": 9.151234343575622,
  "summary_bg_mean": 30.631237030029297,
  "summary_bg_median": 6.7988505363464355,
  "summary_bg_n": 104827.0,
  "summary_bg_p05": 0.20114941895008087,
  "summary_bg_p95": 144.60919189453125,
  "summary_bg_stdv": 81.89956665039062,
  "summary_fg_k": 0.6064747555189665,
  "summary_fg_mad": 563.2693950994855,
  "summary_fg_mean": 2093.772216796875,
  "summary_fg_median": 1930.5517578125,
  "summary_fg_n": 11849.0,
  "summary_fg_p05": 1211.6149658203126,
  "summary_fg_p95": 3430.3240722656255,
  "summary_fg_stdv": 679.27392578125,
  "tsnr": 88.26707658171654
}