{
  "aor": 0.0003223666666666666,
  "aqi": 0.0015515206433333332,
  "bids_meta": {
    "AcquisitionMatrixPE": 64,
    "AcquisitionNumber": 1,
    "AcquisitionTime": "19:23:30.000000",
    "CoilString": "32Ch_Head",
    "ConversionSoftware": "dcm2niix",
    "ConversionSoftwareVersion": "v1.0.20190902",
    "Dcm2bidsVersion": "2.1.4",
    "DeviceSerialNumber": "000000000000GEHC",
    "EchoTime": 0.04,
    "EffectiveEchoSpacing": 0.000372,
    "FlipAngle": 90,
    "ImageOrientationPatientDICOM": [
      1,
      0,
      0,
      0,
      1,
      0
    ],
    "ImageType": [
      "ORIGINAL",
      "PRIMARY",
      "EPI",
      "NONE"
    ],
    "ImagingFrequency": 127.772,
    "InPlanePhaseEncodingDirectionDICOM": "COL",
    "InstitutionName": "INSTITUTO_DE_NEUROBIOLOGIA",
    "MRAcquisitionType": "2D",
    "MagneticFieldStrength": 3,
    "Manufacturer": "GE",
    "ManufacturersModelName": "DISCOVERY_MR750",
    "Modality": "MR",
    "PatientPosition": "HFS",
    "PercentPhaseFOV": 100,
    "PhaseEncodingDirection": "j",
    "PhaseEncodingPolarityGE": "Flipped",
    "PixelBandwidth": 7812.5,
    "ProcedureStepDescription": "verbos",
    "ProtocolName": "fMRI_RestState",
    "ReconMatrixPE": 64,
    "RepetitionTime": 2,
    "SAR": 0.356791,
    "ScanOptions": "EPI_GEMS_ACC_GEMS",
    "ScanningSequence": "EP_GR",
    "SequenceVariant": "SS",
    "SeriesDescription": "fMRI_RestState",
    "SeriesNumber": 15,
    "SliceThickness": 4,
    "SliceTiming": [
      0,
      1.0285,
      0.0571001,
      1.0857,
      0.1142,
      1.1428,
      0.1714,
      1.2,
      0.2285,
      1.2571,
      0.2857,
      1.3143,
      0.3428,
      1.3714,
      0.4,
      1.4286,
      0.4571,
      1.4857,
      0.5142,
      1.5428,
      0.5714,
      1.6,
      0.6285,
      1.6571,
      0.6857,
      1.7143,
      0.7428,
      1.7714,
      0.8,
      1.8285,
      0.8571,
      1.8857,
      0.9143,
      1.9428,
      0.9714
    ],
    "SoftwareVersions": "24_LX_MR_Software_release:DV24.0_R02_1607.b",
    "SpacingBetweenSlices": 4,
    "StationName": "GEHCGEHC",
    "TaskName": "rest",
    "TotalReadoutTime": 0.023436,
    "dataset": "ds003481",
    "modality": "bold",
    "subject_id": "135",
    "task_id": "rest"
  },
  "dummy_trs": 0,
  "dvars_nstd": 15.885269531605344,
  "dvars_std": 1.0879513314715716,
  "dvars_vstd": 0.9783761027424744,
  "efc": 0.32638305843303306,
  "fber": 84083.8984375,
  "fd_mean": 0.082201460622718,
  "fd_num": 3,
  "fd_perc": 1.0,
  "fwhm_avg": 2.996775,
  "fwhm_x": 2.931275,
  "fwhm_y": 2.975675,
  "fwhm_z": 3.083375,
  "gcor": 0.0941593,
  "gsr_x": -0.01378927193582058,
  "gsr_y": 0.003021861193701625,
  "provenance": {
    "md5sum": "c014d9aeb4008a6df72d3ce9736747c4",
    "settings": {
      "fd_thres": 0.2,
      "testing": false
    },
    "software": "mriqc",
    "version": "23.0.1",
    "webapi_port": null,
    "webapi_url": "https://mriqc.nimh.nih.gov/api/v1"
  },
  "size_t": 300,
  "size_x": 64,
  "size_y": 64,
  "size_z": 35,
  "snr": 2.8370630562348484,
  "spacing_tr": 2.0,
  "spacing_x": 4.0,
  "spacing_y": 4.0,
  "spacing_z": 4.0,
  "summary_bg_k": 172.64183245166802,
  "summary_bg_mad": 9.468886505839963,
  "summary_bg_mean": 32.85337448120117,
  "summary_bg_median": 7.010000228881836,
  "summary_bg_n": 104939.0,
  "summary_bg_p05": 0.1966666728258133,
  "summary_bg_p95": 156.05601043701148,
  "summary_bg_stdv": 93.58281707763672,
  "summary_fg_k": 0.6865181939838205,
  "summary_fg_mad": 550.163966089641,
  "summary_fg_mean": 2049.240966796875,
  "summary_fg_median": 1891.6600341796875,
  "summary_fg_n": 11885.0,
  "summary_fg_p05": 1183.5733154296875,
  "summary_fg_p95": 3363.535986328125,
  "summary_fg_stdv": 666.7389526367188,
  "tsnr": 83.98889337666333
}