{
  "aor": 0.0009466666666666667,
  "aqi": 0.0013584071896551723,
  "bids_meta": {
    "AcquisitionMatrixPE": 64,
    "AcquisitionNumber": 1,
    "AcquisitionTime": "19:16:13.000000",
    "CoilString": "32Ch_Head",
    "ConversionSoftware": "dcm2niix",
    "ConversionSoftwareVersion": "v1.0.20190902",
    "Dcm2bidsVersion": "2.1.4",
    "DeviceSerialNumber": "000000000000GEHC",
    "EchoTime": 0.04,
    "EffectiveEchoSpacing": 0.000372,
    "FlipAngle": 90,
    "ImageOrientationPatientDICOM": [
      1,
      0,
      0,
      0,
      1,
      0
    ],
    "ImageType": [
      "ORIGINAL",
      "PRIMARY",
      "EPI",
      "NONE"
    ],
    "ImagingFrequency": 127.772,
    "InPlanePhaseEncodingDirectionDICOM": "COL",
    "InstitutionName": "INSTITUTO_DE_NEUROBIOLOGIA",
    "MRAcquisitionType": "2D",
    "MagneticFieldStrength": 3,
    "Manufacturer": "GE",
    "ManufacturersModelName": "DISCOVERY_MR750",
    "Modality": "MR",
    "PatientPosition": "HFS",
    "PercentPhaseFOV": 100,
    "PhaseEncodingDirection": "j",
    "PhaseEncodingPolarityGE": "Flipped",
    "PixelBandwidth": 7812.5,
    "ProcedureStepDescription": "verbos",
    "ProtocolName": "fMRI_8",
    "ReconMatrixPE": 64,
    "RepetitionTime": 2,
    "SAR": 0.356791,
    "ScanOptions": "EPI_GEMS_ACC_GEMS",
    "ScanningSequence": "EP_GR",
    "SequenceVariant": "SS",
    "SeriesDescription": "fMRI_8",
    "SeriesNumber": 14,
    "SliceThickness": 4,
    "SliceTiming": [
      0,
      1.0285,
      0.0571001,
      1.0857,
      0.1142,
      1.1428,
      0.1714,
      1.2,
      0.2285,
      1.2571,
      0.2857,
      1.3143,
      0.3428,
      1.3714,
      0.4,
      1.4286,
      0.4571,
      1.4857,
      0.5142,
      1.5428,
      0.5714,
      1.6,
      0.6285,
      1.6571,
      0.6857,
      1.7143,
      0.7428,
      1.7714,
      0.8,
      1.8285,
      0.8571,
      1.8857,
      0.9143,
      1.9428,
      0.9714
    ],
    "SoftwareVersions": "24_LX_MR_Software_release:DV24.0_R02_1607.b",
    "SpacingBetweenSlices": 4,
    "StationName": "GEHCGEHC",
    "TaskName": "verbs",
    "TotalReadoutTime": 0.023436,
    "dataset": "ds003481",
    "modality": "bold",
    "run_id": 8,
    "subject_id": "135",
    "task_id": "verbs"
  },
  "dummy_trs": 0,
  "dvars_nstd": 15.417274464104047,
  "dvars_std": 1.1209862221387272,
  "dvars_vstd": 1.0075781797109824,
  "efc": 0.3258251011238063,
  "fber": 84115.625,
  "fd_mean": 0.06013389273500953,
  "fd_num": 0,
  "fd_perc": 0.0,
  "fwhm_avg": 3.0750499999999996,
  "fwhm_x": 3.04595,
  "fwhm_y": 2.993775,
  "fwhm_z": 3.185425,
  "gcor": 0.0711507,
  "gsr_x": -0.013498689979314804,
  "gsr_y": 0.0010898467153310776,
  "provenance": {
    "md5sum": "f6b4426d0f91a1debb1664ebfbf884ea",
    "settings": {
      "fd_thres": 0.2,
      "testing": false
    },
    "software": "mriqc",
    "version": "23.0.1",
    "webapi_port": null,
    "webapi_url": "https://mriqc.nimh.nih.gov/api/v1"
  },
  "size_t": 174,
  "size_x": 64,
  "size_y": 64,
  "size_z": 35,
  "snr": 2.7361802054349034,
  "spacing_tr": 2.0,
  "spacing_x": 4.0,
  "spacing_y": 4.0,
  "spacing_z": 4.0,
  "summary_bg_k": 70.89752447217315,
  "summary_bg_mad": 9.500582873016088,
  "summary_bg_mean": 32.160423278808594,
  "summary_bg_median": 7.051723957061768,
  "summary_bg_n": 104681.0,
  "summary_bg_p05": 0.19540229439735413,
  "summary_bg_p95": 152.5689697265625,
  "summary_bg_stdv": 86.92211151123047,
  "summary_fg_k": 0.635680858361864,
  "summary_fg_mad": 574.5552339353974,
  "summary_fg_mean": 2087.15673828125,
  "summary_fg_median": 1910.635009765625,
  "summary_fg_n": 12020.0,
  "summary_fg_p05": 1205.2732849121094,
  "summary_fg_p95": 3476.58876953125,
  "summary_fg_stdv": 698.2564697265625,
  "tsnr": 91.70957410521805
}