{
  "aor": 0.00540128,
  "aqi": 0.003518341516,
  "bids_meta": {
    "AcquisitionDateTime": "2017-08-24T20:03:45.000000",
    "ConversionSoftware": "dcm2niix",
    "ConversionSoftwareVersion": "v1.0.20170411 GCC4.8.4",
    "EchoTime": 0.035,
    "FlipAngle": 90,
    "ImageType": [
      "ORIGINAL",
      "PRIMARY",
      "EPI",
      "NONE"
    ],
    "MagneticFieldStrength": 3,
    "Manufacturer": "GE",
    "ManufacturersModelName": "DISCOVERY_MR750",
    "ProcedureStepDescription": "CompMet",
    "ProtocolName": "fMRI_CompMet",
    "RepetitionTime": 2,
    "ScanningSequence": "EP_GR",
    "SequenceVariant": "SS",
    "SeriesDescription": "fMRI_CompMet",
    "SliceTiming": [
      1.0285,
      0.0571001,
      1.0857,
      0.1142,
      1.1428,
      0.1714,
      1.2,
      0.2285,
      1.2571,
      0.2857,
      1.3143,
      0.3428,
      1.3714,
      0.4,
      1.4286,
      0.4571,
      1.4857,
      0.5142,
      1.5428,
      0.5714,
      1.6,
      0.6285,
      1.6571,
      0.6857,
      1.7143,
      0.7428,
      1.7714,
      0.8,
      1.8285,
      0.8571,
      1.8857,
      0.9143,
      1.9428,
      0.9714
    ],
    "TaskName": "cmp",
    "dataset": "ds003481",
    "modality": "bold",
    "run_id": 2,
    "subject_id": "091",
    "task_id": "cmp"
  },
  "dummy_trs": 0,
  "dvars_nstd": 11.858957264257029,
  "dvars_std": 0.9556817162248995,
  "dvars_vstd": 0.9207925857831324,
  "efc": 0.37368728954785824,
  "fber": 76541.8046875,
  "fd_mean": 0.07120116024022556,
  "fd_num": 5,
  "fd_perc": 2.0,
  "fwhm_avg": 2.9399583333333332,
  "fwhm_x": 2.818375,
  "fwhm_y": 3.05765,
  "fwhm_z": 2.94385,
  "gcor": 0.0159565,
  "gsr_x": -0.013639811426401138,
  "gsr_y": 0.00819157063961029,
  "provenance": {
    "md5sum": "2858928a8e7468882604f58ac8506097",
    "settings": {
      "fd_thres": 0.2,
      "testing": false
    },
    "software": "mriqc",
    "version": "23.0.1",
    "webapi_port": null,
    "webapi_url": "https://mriqc.nimh.nih.gov/api/v1"
  },
  "size_t": 250,
  "size_x": 64,
  "size_y": 64,
  "size_z": 34,
  "snr": 3.0072148035815864,
  "spacing_tr": 2.0,
  "spacing_x": 4.0,
  "spacing_y": 4.0,
  "spacing_z": 4.0,
  "summary_bg_k": 47.30761074501344,
  "summary_bg_mad": 11.338942388548533,
  "summary_bg_mean": 53.000099182128906,
  "summary_bg_median": 7.948000431060791,
  "summary_bg_n": 96805.0,
  "summary_bg_p05": 0.07200000435113907,
  "summary_bg_p95": 271.0608215332032,
  "summary_bg_stdv": 142.12290954589844,
  "summary_fg_k": 1.0162610919554282,
  "summary_fg_mad": 601.740859478142,
  "summary_fg_mean": 2203.20458984375,
  "summary_fg_median": 2079.05810546875,
  "summary_fg_n": 14742.0,
  "summary_fg_p05": 1269.322216796875,
  "summary_fg_p95": 3526.528100585937,
  "summary_fg_stdv": 691.333251953125,
  "tsnr": 63.332932157907635
}