{
  "bids_meta": {
    "AcquisitionDateTime": "2016-09-21T20:34:47.000000",
    "ConversionSoftware": "dcm2niix",
    "ConversionSoftwareVersion": "v1.0.20170411 GCC4.8.4",
    "EchoTime": 0.00318,
    "FlipAngle": 12,
    "ImageType": [
      "DERIVED",
      "PRIMARY",
      "OTHER"
    ],
    "InversionTime": 0.45,
    "MagneticFieldStrength": 3,
    "Manufacturer": "GE",
    "ManufacturersModelName": "DISCOVERY_MR750",
    "ProcedureStepDescription": "MeditResp",
    "ProtocolName": "PU:Sag_T1_FSPGR_BRAVO",
    "RepetitionTime": 0.008156,
    "ScanningSequence": "GR",
    "SequenceVariant": "SS_SP_SK",
    "SeriesDescription": "PU:Sag_T1_FSPGR_BRAVO",
    "dataset": "ds003481",
    "modality": "T1w",
    "subject_id": "099"
  },
  "cjv": 0.33641303081372537,
  "cnr": 4.108176745306994,
  "efc": 0.7373668574851192,
  "fber": -1.0,
  "fwhm_avg": 3.86394,
  "fwhm_x": 3.96101,
  "fwhm_y": 3.93366,
  "fwhm_z": 3.69715,
  "icvs_csf": 0.20561574478399205,
  "icvs_gm": 0.45275445231435707,
  "icvs_wm": 0.3416298029016509,
  "inu_med": 0.41740214824676514,
  "inu_range": 0.09837200492620468,
  "provenance": {
    "md5sum": "889d12ffff27aa1395fee81145377f37",
    "settings": {
      "testing": false
    },
    "software": "mriqc",
    "version": "23.0.1",
    "warnings": {
      "large_rot_frame": true,
      "small_air_mask": false
    },
    "webapi_port": null,
    "webapi_url": "https://mriqc.nimh.nih.gov/api/v1"
  },
  "qi_1": 0.0,
  "qi_2": 0.0018459153323555951,
  "rpve_csf": 23.559876248621784,
  "rpve_gm": 11.501428442850656,
  "rpve_wm": 17.179408800201585,
  "size_x": 176,
  "size_y": 256,
  "size_z": 256,
  "snr_csf": 3.2834323729457724,
  "snr_gm": 12.68594297404315,
  "snr_total": 13.15734930289895,
  "snr_wm": 23.502672561707925,
  "snrd_csf": 23.526289859356392,
  "snrd_gm": 56.27427843105097,
  "snrd_total": 53.043967760844346,
  "snrd_wm": 79.33133499212568,
  "spacing_x": 1.0,
  "spacing_y": 1.0,
  "spacing_z": 1.0,
  "summary_bg_k": 25.217222808077896,
  "summary_bg_mad": 0.0,
  "summary_bg_mean": 3.2921615639606134,
  "summary_bg_median": 0.0,
  "summary_bg_n": 311797.0,
  "summary_bg_p05": 0.0,
  "summary_bg_p95": 21.003046352416277,
  "summary_bg_stdv": 8.258230015942733,
  "summary_csf_k": 1.6679075671337618,
  "summary_csf_mad": 69.89245549637502,
  "summary_csf_mean": 303.07856725397244,
  "summary_csf_median": 296.55734756961465,
  "summary_csf_n": 38855.0,
  "summary_csf_p05": 167.83665387891233,
  "summary_csf_p95": 470.2592703793196,
  "summary_csf_stdv": 90.31814810099763,
  "summary_gm_k": 0.0678951633649234,
  "summary_gm_mad": 55.76693293549983,
  "summary_gm_mean": 709.6364779834108,
  "summary_gm_median": 709.357525035739,
  "summary_gm_n": 52748.0,
  "summary_gm_p05": 618.3325180783868,
  "summary_gm_p95": 801.4096624217927,
  "summary_gm_stdv": 55.916284854214744,
  "summary_wm_k": 0.17723908297806057,
  "summary_wm_mad": 42.00898902862511,
  "summary_wm_mean": 1000.3749698725237,
  "summary_wm_median": 1000.000018067658,
  "summary_wm_n": 214842.0,
  "summary_wm_p05": 931.1822793446481,
  "summary_wm_p95": 1070.4115798696876,
  "summary_wm_stdv": 42.54825438033309,
  "tpm_overlap_csf": 0.16526392093021552,
  "tpm_overlap_gm": 0.4714630573299776,
  "tpm_overlap_wm": 0.524706174307952,
  "wm2max": 0.48773634770310864
}