{
  "aor": 0.0015739080459770114,
  "aqi": 0.0009399871781609194,
  "bids_meta": {
    "AcquisitionMatrixPE": 64,
    "AcquisitionNumber": 1,
    "AcquisitionTime": "20:50:18.000000",
    "CoilString": "32Ch_Head",
    "ConversionSoftware": "dcm2niix",
    "ConversionSoftwareVersion": "v1.0.20190902",
    "Dcm2bidsVersion": "2.1.4",
    "DeviceSerialNumber": "000000000000GEHC",
    "EchoTime": 0.04,
    "EffectiveEchoSpacing": 0.000372,
    "FlipAngle": 90,
    "ImageOrientationPatientDICOM": [
      1,
      0,
      0,
      0,
      1,
      0
    ],
    "ImageType": [
      "ORIGINAL",
      "PRIMARY",
      "EPI",
      "NONE"
    ],
    "ImagingFrequency": 127.772,
    "InPlanePhaseEncodingDirectionDICOM": "COL",
    "InstitutionName": "INSTITUTO_DE_NEUROBIOLOGIA",
    "MRAcquisitionType": "2D",
    "MagneticFieldStrength": 3,
    "Manufacturer": "GE",
    "ManufacturersModelName": "DISCOVERY_MR750",
    "Modality": "MR",
    "PatientPosition": "HFS",
    "PercentPhaseFOV": 100,
    "PhaseEncodingDirection": "j",
    "PhaseEncodingPolarityGE": "Flipped",
    "PixelBandwidth": 7812.5,
    "ProtocolName": "fMRI_8",
    "ReconMatrixPE": 64,
    "RepetitionTime": 2,
    "SAR": 0.371198,
    "ScanOptions": "EPI_GEMS_ACC_GEMS",
    "ScanningSequence": "EP_GR",
    "SequenceVariant": "SS",
    "SeriesDescription": "fMRI_8",
    "SeriesNumber": 11,
    "SliceThickness": 4,
    "SliceTiming": [
      0,
      1.0285,
      0.0571001,
      1.0857,
      0.1142,
      1.1428,
      0.1714,
      1.2,
      0.2285,
      1.2571,
      0.2857,
      1.3143,
      0.3428,
      1.3714,
      0.4,
      1.4286,
      0.4571,
      1.4857,
      0.5142,
      1.5428,
      0.5714,
      1.6,
      0.6285,
      1.6571,
      0.6857,
      1.7143,
      0.7428,
      1.7714,
      0.8,
      1.8285,
      0.8571,
      1.8857,
      0.9143,
      1.9428,
      0.9714
    ],
    "SoftwareVersions": "24_LX_MR_Software_release:DV24.0_R02_1607.b",
    "SpacingBetweenSlices": 4,
    "StationName": "GEHCGEHC",
    "TaskName": "verbs",
    "TotalReadoutTime": 0.023436,
    "dataset": "ds003481",
    "modality": "bold",
    "run_id": 8,
    "subject_id": "140",
    "task_id": "verbs"
  },
  "dummy_trs": 0,
  "dvars_nstd": 13.235561949421967,
  "dvars_std": 1.1593746575722548,
  "dvars_vstd": 1.0215241469364165,
  "efc": 0.34230553297967475,
  "fber": 64304.8984375,
  "fd_mean": 0.027956600497169273,
  "fd_num": 0,
  "fd_perc": 0.0,
  "fwhm_avg": 2.586708333333333,
  "fwhm_x": 2.5057,
  "fwhm_y": 2.6911,
  "fwhm_z": 2.563325,
  "gcor": 0.0511518,
  "gsr_x": -0.01047526579350233,
  "gsr_y": 0.0025868318043649197,
  "provenance": {
    "md5sum": "93bebfa0101f85b1d07859e3647793ae",
    "settings": {
      "fd_thres": 0.2,
      "testing": false
    },
    "software": "mriqc",
    "version": "23.0.1",
    "webapi_port": null,
    "webapi_url": "https://mriqc.nimh.nih.gov/api/v1"
  },
  "size_t": 174,
  "size_x": 64,
  "size_y": 64,
  "size_z": 35,
  "snr": 3.7112707673716816,
  "spacing_tr": 2.0,
  "spacing_x": 4.0,
  "spacing_y": 4.0,
  "spacing_z": 4.0,
  "summary_bg_k": 215.70265238609304,
  "summary_bg_mad": 10.361174395425348,
  "summary_bg_mean": 30.96824836730957,
  "summary_bg_median": 7.448276042938232,
  "summary_bg_n": 103120.0,
  "summary_bg_p05": 0.08620689809322357,
  "summary_bg_p95": 119.24741134643548,
  "summary_bg_stdv": 97.34188079833984,
  "summary_fg_k": 0.14091094118546232,
  "summary_fg_mad": 458.37130654245937,
  "summary_fg_mean": 1858.1134033203125,
  "summary_fg_median": 1798.109130859375,
  "summary_fg_n": 13137.0,
  "summary_fg_p05": 1152.2506103515625,
  "summary_fg_p95": 2733.3022949218744,
  "summary_fg_stdv": 484.48114013671875,
  "tsnr": 114.09054609015584
}