{
  "aor": 0.0007253448275862069,
  "aqi": 0.0008737531264367816,
  "bids_meta": {
    "AcquisitionMatrixPE": 64,
    "AcquisitionNumber": 1,
    "AcquisitionTime": "20:14:39.000000",
    "CoilString": "32Ch_Head",
    "ConversionSoftware": "dcm2niix",
    "ConversionSoftwareVersion": "v1.0.20190902",
    "Dcm2bidsVersion": "2.1.4",
    "DeviceSerialNumber": "000000000000GEHC",
    "EchoTime": 0.04,
    "EffectiveEchoSpacing": 0.000372,
    "FlipAngle": 90,
    "ImageOrientationPatientDICOM": [
      1,
      0,
      0,
      0,
      1,
      0
    ],
    "ImageType": [
      "ORIGINAL",
      "PRIMARY",
      "EPI",
      "NONE"
    ],
    "ImagingFrequency": 127.772,
    "InPlanePhaseEncodingDirectionDICOM": "COL",
    "InstitutionName": "INSTITUTO_DE_NEUROBIOLOGIA",
    "MRAcquisitionType": "2D",
    "MagneticFieldStrength": 3,
    "Manufacturer": "GE",
    "ManufacturersModelName": "DISCOVERY_MR750",
    "Modality": "MR",
    "PatientPosition": "HFS",
    "PercentPhaseFOV": 100,
    "PhaseEncodingDirection": "j",
    "PhaseEncodingPolarityGE": "Flipped",
    "PixelBandwidth": 7812.5,
    "ProtocolName": "fMRI_3",
    "ReconMatrixPE": 64,
    "RepetitionTime": 2,
    "SAR": 0.371198,
    "ScanOptions": "EPI_GEMS_ACC_GEMS",
    "ScanningSequence": "EP_GR",
    "SequenceVariant": "SS",
    "SeriesDescription": "fMRI_3",
    "SeriesNumber": 6,
    "SliceThickness": 4,
    "SliceTiming": [
      0,
      1.0285,
      0.0571001,
      1.0857,
      0.1142,
      1.1428,
      0.1714,
      1.2,
      0.2285,
      1.2571,
      0.2857,
      1.3143,
      0.3428,
      1.3714,
      0.4,
      1.4286,
      0.4571,
      1.4857,
      0.5142,
      1.5428,
      0.5714,
      1.6,
      0.6285,
      1.6571,
      0.6857,
      1.7143,
      0.7428,
      1.7714,
      0.8,
      1.8285,
      0.8571,
      1.8857,
      0.9143,
      1.9428,
      0.9714
    ],
    "SoftwareVersions": "24_LX_MR_Software_release:DV24.0_R02_1607.b",
    "SpacingBetweenSlices": 4,
    "StationName": "GEHCGEHC",
    "TaskName": "verbs",
    "TotalReadoutTime": 0.023436,
    "dataset": "ds003481",
    "modality": "bold",
    "run_id": 3,
    "subject_id": "140",
    "task_id": "verbs"
  },
  "dummy_trs": 0,
  "dvars_nstd": 14.585088850982661,
  "dvars_std": 1.2054015307514454,
  "dvars_vstd": 1.0117611831213877,
  "efc": 0.341710592126786,
  "fber": 64070.19140625,
  "fd_mean": 0.030454519351815916,
  "fd_num": 0,
  "fd_perc": 0.0,
  "fwhm_avg": 2.575715833333333,
  "fwhm_x": 2.4806725,
  "fwhm_y": 2.66755,
  "fwhm_z": 2.578925,
  "gcor": 0.0898356,
  "gsr_x": -0.01060543768107891,
  "gsr_y": 0.002139745280146599,
  "provenance": {
    "md5sum": "4602f9756c5113d749b67fc681fbae84",
    "settings": {
      "fd_thres": 0.2,
      "testing": false
    },
    "software": "mriqc",
    "version": "23.0.1",
    "webapi_port": null,
    "webapi_url": "https://mriqc.nimh.nih.gov/api/v1"
  },
  "size_t": 174,
  "size_x": 64,
  "size_y": 64,
  "size_z": 35,
  "snr": 3.7536058237444894,
  "spacing_tr": 2.0,
  "spacing_x": 4.0,
  "spacing_y": 4.0,
  "spacing_z": 4.0,
  "summary_bg_k": 161.76021714295342,
  "summary_bg_mad": 10.301528901644687,
  "summary_bg_mean": 30.781415939331055,
  "summary_bg_median": 7.408045768737793,
  "summary_bg_n": 103165.0,
  "summary_bg_p05": 0.08620689809322357,
  "summary_bg_p95": 117.97126770019531,
  "summary_bg_stdv": 95.5447006225586,
  "summary_fg_k": 0.15028429873638371,
  "summary_fg_mad": 451.16280478915394,
  "summary_fg_mean": 1856.8363037109375,
  "summary_fg_median": 1795.3333740234375,
  "summary_fg_n": 13057.0,
  "summary_fg_p05": 1163.1988525390625,
  "summary_fg_p95": 2732.614990234374,
  "summary_fg_stdv": 478.27734375,
  "tsnr": 113.56611122377217
}