{
  "aor": 0.003979022988505747,
  "aqi": 0.001246542563218391,
  "bids_meta": {
    "AcquisitionMatrixPE": 64,
    "AcquisitionNumber": 1,
    "AcquisitionTime": "20:07:7.000000",
    "CoilString": "32Ch_Head",
    "ConversionSoftware": "dcm2niix",
    "ConversionSoftwareVersion": "v1.0.20190902",
    "Dcm2bidsVersion": "2.1.4",
    "DeviceSerialNumber": "000000000000GEHC",
    "EchoTime": 0.04,
    "EffectiveEchoSpacing": 0.000372,
    "FlipAngle": 90,
    "ImageOrientationPatientDICOM": [
      1,
      0,
      0,
      0,
      1,
      0
    ],
    "ImageType": [
      "ORIGINAL",
      "PRIMARY",
      "EPI",
      "NONE"
    ],
    "ImagingFrequency": 127.772,
    "InPlanePhaseEncodingDirectionDICOM": "COL",
    "InstitutionName": "INSTITUTO_DE_NEUROBIOLOGIA",
    "MRAcquisitionType": "2D",
    "MagneticFieldStrength": 3,
    "Manufacturer": "GE",
    "ManufacturersModelName": "DISCOVERY_MR750",
    "Modality": "MR",
    "PatientPosition": "HFS",
    "PercentPhaseFOV": 100,
    "PhaseEncodingDirection": "j",
    "PhaseEncodingPolarityGE": "Flipped",
    "PixelBandwidth": 7812.5,
    "ProtocolName": "fMRI_2",
    "ReconMatrixPE": 64,
    "RepetitionTime": 2,
    "SAR": 0.371198,
    "ScanOptions": "EPI_GEMS_ACC_GEMS",
    "ScanningSequence": "EP_GR",
    "SequenceVariant": "SS",
    "SeriesDescription": "fMRI_2",
    "SeriesNumber": 5,
    "SliceThickness": 4,
    "SliceTiming": [
      0,
      1.0285,
      0.0571001,
      1.0857,
      0.1142,
      1.1428,
      0.1714,
      1.2,
      0.2285,
      1.2571,
      0.2857,
      1.3143,
      0.3428,
      1.3714,
      0.4,
      1.4286,
      0.4571,
      1.4857,
      0.5142,
      1.5428,
      0.5714,
      1.6,
      0.6285,
      1.6571,
      0.6857,
      1.7143,
      0.7428,
      1.7714,
      0.8,
      1.8285,
      0.8571,
      1.8857,
      0.9143,
      1.9428,
      0.9714
    ],
    "SoftwareVersions": "24_LX_MR_Software_release:DV24.0_R02_1607.b",
    "SpacingBetweenSlices": 4,
    "StationName": "GEHCGEHC",
    "TaskName": "verbs",
    "TotalReadoutTime": 0.023436,
    "dataset": "ds003481",
    "modality": "bold",
    "run_id": 2,
    "subject_id": "140",
    "task_id": "verbs"
  },
  "dummy_trs": 0,
  "dvars_nstd": 14.97603700901735,
  "dvars_std": 1.2284626473988445,
  "dvars_vstd": 1.0502516143352603,
  "efc": 0.34164539573300295,
  "fber": 65913.625,
  "fd_mean": 0.039656408369656,
  "fd_num": 2,
  "fd_perc": 1.1494252873563218,
  "fwhm_avg": 2.5775016666666666,
  "fwhm_x": 2.478105,
  "fwhm_y": 2.683175,
  "fwhm_z": 2.571225,
  "gcor": 0.140826,
  "gsr_x": -0.01060184370726347,
  "gsr_y": 0.0021970856469124556,
  "provenance": {
    "md5sum": "240ba0f3bdf0c50069b691919857ef62",
    "settings": {
      "fd_thres": 0.2,
      "testing": false
    },
    "software": "mriqc",
    "version": "23.0.1",
    "webapi_port": null,
    "webapi_url": "https://mriqc.nimh.nih.gov/api/v1"
  },
  "size_t": 174,
  "size_x": 64,
  "size_y": 64,
  "size_z": 35,
  "snr": 3.78754898048617,
  "spacing_tr": 2.0,
  "spacing_x": 4.0,
  "spacing_y": 4.0,
  "spacing_z": 4.0,
  "summary_bg_k": 149.6440924469399,
  "summary_bg_mad": 10.275967355121352,
  "summary_bg_mean": 31.159996032714844,
  "summary_bg_median": 7.390804767608643,
  "summary_bg_n": 103274.0,
  "summary_bg_p05": 0.09195402264595032,
  "summary_bg_p95": 119.55172729492188,
  "summary_bg_stdv": 96.02680206298828,
  "summary_fg_k": 0.15541684327348815,
  "summary_fg_mad": 451.0817249803294,
  "summary_fg_mean": 1870.797607421875,
  "summary_fg_median": 1811.439697265625,
  "summary_fg_n": 13036.0,
  "summary_fg_p05": 1176.8879699707031,
  "summary_fg_p95": 2755.1091918945312,
  "summary_fg_stdv": 478.2433776855469,
  "tsnr": 94.82580178091303
}