{
  "aor": 0.0026909770114942524,
  "aqi": 0.001193034051724138,
  "bids_meta": {
    "AcquisitionMatrixPE": 64,
    "AcquisitionNumber": 1,
    "AcquisitionTime": "20:28:32.000000",
    "CoilString": "32Ch_Head",
    "ConversionSoftware": "dcm2niix",
    "ConversionSoftwareVersion": "v1.0.20190902",
    "Dcm2bidsVersion": "2.1.4",
    "DeviceSerialNumber": "000000000000GEHC",
    "EchoTime": 0.04,
    "EffectiveEchoSpacing": 0.000372,
    "FlipAngle": 90,
    "ImageOrientationPatientDICOM": [
      1,
      0,
      0,
      0,
      1,
      0
    ],
    "ImageType": [
      "ORIGINAL",
      "PRIMARY",
      "EPI",
      "NONE"
    ],
    "ImagingFrequency": 127.772,
    "InPlanePhaseEncodingDirectionDICOM": "COL",
    "InstitutionName": "INSTITUTO_DE_NEUROBIOLOGIA",
    "MRAcquisitionType": "2D",
    "MagneticFieldStrength": 3,
    "Manufacturer": "GE",
    "ManufacturersModelName": "DISCOVERY_MR750",
    "Modality": "MR",
    "PatientPosition": "HFS",
    "PercentPhaseFOV": 100,
    "PhaseEncodingDirection": "j",
    "PhaseEncodingPolarityGE": "Flipped",
    "PixelBandwidth": 7812.5,
    "ProtocolName": "fMRI_5",
    "ReconMatrixPE": 64,
    "RepetitionTime": 2,
    "SAR": 0.371198,
    "ScanOptions": "EPI_GEMS_ACC_GEMS",
    "ScanningSequence": "EP_GR",
    "SequenceVariant": "SS",
    "SeriesDescription": "fMRI_5",
    "SeriesNumber": 8,
    "SliceThickness": 4,
    "SliceTiming": [
      0,
      1.0285,
      0.0571001,
      1.0857,
      0.1142,
      1.1428,
      0.1714,
      1.2,
      0.2285,
      1.2571,
      0.2857,
      1.3143,
      0.3428,
      1.3714,
      0.4,
      1.4286,
      0.4571,
      1.4857,
      0.5142,
      1.5428,
      0.5714,
      1.6,
      0.6285,
      1.6571,
      0.6857,
      1.7143,
      0.7428,
      1.7714,
      0.8,
      1.8285,
      0.8571,
      1.8857,
      0.9143,
      1.9428,
      0.9714
    ],
    "SoftwareVersions": "24_LX_MR_Software_release:DV24.0_R02_1607.b",
    "SpacingBetweenSlices": 4,
    "StationName": "GEHCGEHC",
    "TaskName": "verbs",
    "TotalReadoutTime": 0.023436,
    "dataset": "ds003481",
    "modality": "bold",
    "run_id": 5,
    "subject_id": "140",
    "task_id": "verbs"
  },
  "dummy_trs": 0,
  "dvars_nstd": 13.728944591213871,
  "dvars_std": 1.2124727518497105,
  "dvars_vstd": 1.038616142658959,
  "efc": 0.34268956987983024,
  "fber": 63567.69921875,
  "fd_mean": 0.031199335762169537,
  "fd_num": 1,
  "fd_perc": 0.5747126436781609,
  "fwhm_avg": 2.5807183333333334,
  "fwhm_x": 2.49163,
  "fwhm_y": 2.6678,
  "fwhm_z": 2.582725,
  "gcor": 0.0818967,
  "gsr_x": -0.010948646813631058,
  "gsr_y": 0.003175832564011216,
  "provenance": {
    "md5sum": "ed51e61f04a266bebf6e0e2c8b5ddb88",
    "settings": {
      "fd_thres": 0.2,
      "testing": false
    },
    "software": "mriqc",
    "version": "23.0.1",
    "webapi_port": null,
    "webapi_url": "https://mriqc.nimh.nih.gov/api/v1"
  },
  "size_t": 174,
  "size_x": 64,
  "size_y": 64,
  "size_z": 35,
  "snr": 3.775942801281661,
  "spacing_tr": 2.0,
  "spacing_x": 4.0,
  "spacing_y": 4.0,
  "spacing_z": 4.0,
  "summary_bg_k": 216.27186768317455,
  "summary_bg_mad": 10.39525608924822,
  "summary_bg_mean": 30.934486389160156,
  "summary_bg_median": 7.459770202636719,
  "summary_bg_n": 103109.0,
  "summary_bg_p05": 0.09195402264595032,
  "summary_bg_p95": 118.47471160888642,
  "summary_bg_stdv": 97.31824493408203,
  "summary_fg_k": 0.12789532789287872,
  "summary_fg_mad": 451.5376179232512,
  "summary_fg_mean": 1860.61865234375,
  "summary_fg_median": 1798.2930908203125,
  "summary_fg_n": 13095.0,
  "summary_fg_p05": 1173.061474609375,
  "summary_fg_p95": 2731.360839843749,
  "summary_fg_stdv": 476.2319030761719,
  "tsnr": 108.72259394195862
}