{
  "bids_meta": {
    "AcquisitionMatrixPE": 256,
    "AcquisitionNumber": 1,
    "AcquisitionTime": "19:46:20.000000",
    "BodyPartExamined": "BRAIN",
    "CoilString": "32Ch_Head",
    "ConversionSoftware": "dcm2niix",
    "ConversionSoftwareVersion": "v1.0.20181125  (JP2:OpenJPEG) GCC7.3.0",
    "DeviceSerialNumber": "0002806034DVR750",
    "EchoTime": 0.003192,
    "FlipAngle": 12,
    "ImageOrientationPatientDICOM": [
      0,
      1,
      0,
      0,
      0,
      -1
    ],
    "ImageType": [
      "ORIGINAL",
      "PRIMARY",
      "OTHER"
    ],
    "ImagingFrequency": 127.772,
    "InPlanePhaseEncodingDirectionDICOM": "ROW",
    "InstitutionName": "INSTITUTO_DE_NEUROBIOLOGIA",
    "InversionTime": 0.45,
    "MRAcquisitionType": "3D",
    "MagneticFieldStrength": 3,
    "Manufacturer": "GE",
    "ManufacturersModelName": "DISCOVERY_MR750",
    "Modality": "MR",
    "PatientPosition": "HFS",
    "PercentPhaseFOV": 100,
    "PixelBandwidth": 244.141,
    "ProcedureStepDescription": "Emociones_Ah",
    "ProtocolName": "Sag_T1_FSPGR_BRAVO",
    "ReconMatrixPE": 256,
    "RepetitionTime": 0.008184,
    "SAR": 0.11991,
    "ScanOptions": "FAST_GEMS_EDR_GEMS_FILTERED_GEMS_ACC_GEMS_IR_GEMS",
    "ScanningSequence": "GR",
    "SequenceVariant": "SS_SP_SK",
    "SeriesDescription": "Sag_T1_FSPGR_BRAVO",
    "SeriesNumber": 10,
    "SliceThickness": 1,
    "SoftwareVersions": "27_LX_MR_Software_release:DV26.0_R02_1810.b",
    "SpacingBetweenSlices": 1,
    "StationName": "GEHCGEHC",
    "dataset": "ds003481",
    "modality": "T1w",
    "subject_id": "025"
  },
  "cjv": 0.3405070567722872,
  "cnr": 3.9564596991287315,
  "efc": 0.617787561097625,
  "fber": 18388.53066611459,
  "fwhm_avg": 3.5838766666666664,
  "fwhm_x": 3.5391,
  "fwhm_y": 3.7774,
  "fwhm_z": 3.43513,
  "icvs_csf": 0.24799285488490908,
  "icvs_gm": 0.44098368005538413,
  "icvs_wm": 0.3110234650597068,
  "inu_med": 0.5589459240436554,
  "inu_range": 0.1607230275869368,
  "provenance": {
    "md5sum": "0187f3abda5c45e4780fdb5d4a42eb9b",
    "settings": {
      "testing": false
    },
    "software": "mriqc",
    "version": "23.0.1",
    "warnings": {
      "large_rot_frame": true,
      "small_air_mask": false
    },
    "webapi_port": null,
    "webapi_url": "https://mriqc.nimh.nih.gov/api/v1"
  },
  "qi_1": 3.470522959486257e-05,
  "qi_2": 0.0026580238879915664,
  "rpve_csf": 21.400728291002352,
  "rpve_gm": 12.204204919545559,
  "rpve_wm": 19.5469021355288,
  "size_x": 176,
  "size_y": 256,
  "size_z": 256,
  "snr_csf": 2.572939106775028,
  "snr_gm": 10.56868734745223,
  "snr_total": 11.047592349393682,
  "snr_wm": 20.001150593953792,
  "snrd_csf": 14.899872995029332,
  "snrd_gm": 37.8787799148578,
  "snrd_total": 36.28169626761477,
  "snrd_wm": 56.06643589295719,
  "spacing_x": 1.0,
  "spacing_y": 1.0,
  "spacing_z": 1.0,
  "summary_bg_k": 35.753568694237174,
  "summary_bg_mad": 0.0,
  "summary_bg_mean": 6.598155768961933,
  "summary_bg_median": 0.0,
  "summary_bg_n": 2018761.0,
  "summary_bg_p05": 0.0,
  "summary_bg_p95": 29.821338947862387,
  "summary_bg_stdv": 11.685001654667298,
  "summary_csf_k": 0.859640374311772,
  "summary_csf_mad": 87.13908463372742,
  "summary_csf_mean": 271.6005431516726,
  "summary_csf_median": 265.7538805678487,
  "summary_csf_n": 51946.0,
  "summary_csf_p05": 101.00183611176908,
  "summary_csf_p95": 457.0295515181497,
  "summary_csf_stdv": 103.28706259453412,
  "summary_gm_k": 0.33449710196644,
  "summary_gm_mad": 61.44295683548621,
  "summary_gm_mean": 673.9695458107976,
  "summary_gm_median": 675.6052724011242,
  "summary_gm_n": 35504.0,
  "summary_gm_p05": 565.4700250886381,
  "summary_gm_p95": 776.4902275651693,
  "summary_gm_stdv": 63.92428270686148,
  "summary_wm_k": 0.2332315564404155,
  "summary_wm_mad": 49.01573510647167,
  "summary_wm_mean": 1001.0715333196329,
  "summary_wm_median": 999.9999941699207,
  "summary_wm_n": 165016.0,
  "summary_wm_p05": 920.4875551611185,
  "summary_wm_p95": 1084.0874874182045,
  "summary_wm_stdv": 49.99697189712819,
  "tpm_overlap_csf": 0.16014061349216904,
  "tpm_overlap_gm": 0.4593153206942018,
  "tpm_overlap_wm": 0.5024423267581969,
  "wm2max": 0.5417098983848193
}