{
  "aor": 0.00024013333333333336,
  "aqi": 0.00248714098,
  "bids_meta": {
    "AcquisitionMatrixPE": 64,
    "AcquisitionNumber": 1,
    "AcquisitionTime": "21:07:56.000000",
    "CoilString": "32Ch_Head",
    "ConversionSoftware": "dcm2niix",
    "ConversionSoftwareVersion": "v1.0.20190902",
    "Dcm2bidsVersion": "2.1.4",
    "DeviceSerialNumber": "000000000000GEHC",
    "EchoTime": 0.04,
    "EffectiveEchoSpacing": 0.000372,
    "FlipAngle": 90,
    "ImageOrientationPatientDICOM": [
      1,
      0,
      0,
      0,
      1,
      0
    ],
    "ImageType": [
      "ORIGINAL",
      "PRIMARY",
      "EPI",
      "NONE"
    ],
    "ImagingFrequency": 127.772,
    "InPlanePhaseEncodingDirectionDICOM": "COL",
    "InstitutionName": "INSTITUTO_DE_NEUROBIOLOGIA",
    "MRAcquisitionType": "2D",
    "MagneticFieldStrength": 3,
    "Manufacturer": "GE",
    "ManufacturersModelName": "DISCOVERY_MR750",
    "Modality": "MR",
    "PatientPosition": "HFS",
    "PercentPhaseFOV": 100,
    "PhaseEncodingDirection": "j",
    "PhaseEncodingPolarityGE": "Flipped",
    "PixelBandwidth": 7812.5,
    "ProcedureStepDescription": "verbos",
    "ProtocolName": "fMRI_RestState",
    "ReconMatrixPE": 64,
    "RepetitionTime": 2,
    "SAR": 0.376334,
    "ScanOptions": "EPI_GEMS_ACC_GEMS",
    "ScanningSequence": "EP_GR",
    "SequenceVariant": "SS",
    "SeriesDescription": "fMRI_RestState",
    "SeriesNumber": 12,
    "SliceThickness": 4,
    "SliceTiming": [
      0,
      1.0285,
      0.0571001,
      1.0857,
      0.1142,
      1.1428,
      0.1714,
      1.2,
      0.2285,
      1.2571,
      0.2857,
      1.3143,
      0.3428,
      1.3714,
      0.4,
      1.4286,
      0.4571,
      1.4857,
      0.5142,
      1.5428,
      0.5714,
      1.6,
      0.6285,
      1.6571,
      0.6857,
      1.7143,
      0.7428,
      1.7714,
      0.8,
      1.8285,
      0.8571,
      1.8857,
      0.9143,
      1.9428,
      0.9714
    ],
    "SoftwareVersions": "24_LX_MR_Software_release:DV24.0_R02_1607.b",
    "SpacingBetweenSlices": 4,
    "StationName": "GEHCGEHC",
    "TaskName": "rest",
    "TotalReadoutTime": 0.023436,
    "dataset": "ds003481",
    "modality": "bold",
    "subject_id": "138",
    "task_id": "rest"
  },
  "dummy_trs": 0,
  "dvars_nstd": 12.25935220565218,
  "dvars_std": 1.0032729859531775,
  "dvars_vstd": 0.927848199364548,
  "efc": 0.37453715289656087,
  "fber": 71465.7265625,
  "fd_mean": 0.05388093491479084,
  "fd_num": 0,
  "fd_perc": 0.0,
  "fwhm_avg": 2.747175,
  "fwhm_x": 2.6483,
  "fwhm_y": 2.9245,
  "fwhm_z": 2.668725,
  "gcor": 0.0448483,
  "gsr_x": -0.010463551618158817,
  "gsr_y": 0.010164070874452591,
  "provenance": {
    "md5sum": "73987bac2892e6445eb16651ab60ccac",
    "settings": {
      "fd_thres": 0.2,
      "testing": false
    },
    "software": "mriqc",
    "version": "23.0.1",
    "webapi_port": null,
    "webapi_url": "https://mriqc.nimh.nih.gov/api/v1"
  },
  "size_t": 300,
  "size_x": 64,
  "size_y": 64,
  "size_z": 35,
  "snr": 3.5208190141668028,
  "spacing_tr": 2.0,
  "spacing_x": 4.0,
  "spacing_y": 4.0,
  "spacing_z": 4.0,
  "summary_bg_k": 180.09535218915482,
  "summary_bg_mad": 10.5116502205418,
  "summary_bg_mean": 39.488670349121094,
  "summary_bg_median": 7.396667003631592,
  "summary_bg_n": 98978.0,
  "summary_bg_p05": 0.05000000074505806,
  "summary_bg_p95": 165.5868431091307,
  "summary_bg_stdv": 123.90927124023438,
  "summary_fg_k": 1.0049851123793037,
  "summary_fg_mad": 508.5475824298599,
  "summary_fg_mean": 1948.2412109375,
  "summary_fg_median": 1896.0333251953125,
  "summary_fg_n": 15623.0,
  "summary_fg_p05": 1177.88837890625,
  "summary_fg_p95": 2898.746069335937,
  "summary_fg_stdv": 538.5032958984375,
  "tsnr": 73.55137903243303
}