{
  "aor": 0.000978735632183908,
  "aqi": 0.0008397224310344828,
  "bids_meta": {
    "AcquisitionMatrixPE": 64,
    "AcquisitionNumber": 1,
    "AcquisitionTime": "20:37:24.000000",
    "CoilString": "32Ch_Head",
    "ConversionSoftware": "dcm2niix",
    "ConversionSoftwareVersion": "v1.0.20190902",
    "Dcm2bidsVersion": "2.1.4",
    "DeviceSerialNumber": "000000000000GEHC",
    "EchoTime": 0.04,
    "EffectiveEchoSpacing": 0.000372,
    "FlipAngle": 90,
    "ImageOrientationPatientDICOM": [
      1,
      0,
      0,
      0,
      1,
      0
    ],
    "ImageType": [
      "ORIGINAL",
      "PRIMARY",
      "EPI",
      "NONE"
    ],
    "ImagingFrequency": 127.772,
    "InPlanePhaseEncodingDirectionDICOM": "COL",
    "InstitutionName": "INSTITUTO_DE_NEUROBIOLOGIA",
    "MRAcquisitionType": "2D",
    "MagneticFieldStrength": 3,
    "Manufacturer": "GE",
    "ManufacturersModelName": "DISCOVERY_MR750",
    "Modality": "MR",
    "PatientPosition": "HFS",
    "PercentPhaseFOV": 100,
    "PhaseEncodingDirection": "j",
    "PhaseEncodingPolarityGE": "Flipped",
    "PixelBandwidth": 7812.5,
    "ProcedureStepDescription": "verbos",
    "ProtocolName": "fMRI_5",
    "ReconMatrixPE": 64,
    "RepetitionTime": 2,
    "SAR": 0.376334,
    "ScanOptions": "EPI_GEMS_ACC_GEMS",
    "ScanningSequence": "EP_GR",
    "SequenceVariant": "SS",
    "SeriesDescription": "fMRI_5",
    "SeriesNumber": 8,
    "SliceThickness": 4,
    "SliceTiming": [
      0,
      1.0285,
      0.0571001,
      1.0857,
      0.1142,
      1.1428,
      0.1714,
      1.2,
      0.2285,
      1.2571,
      0.2857,
      1.3143,
      0.3428,
      1.3714,
      0.4,
      1.4286,
      0.4571,
      1.4857,
      0.5142,
      1.5428,
      0.5714,
      1.6,
      0.6285,
      1.6571,
      0.6857,
      1.7143,
      0.7428,
      1.7714,
      0.8,
      1.8285,
      0.8571,
      1.8857,
      0.9143,
      1.9428,
      0.9714
    ],
    "SoftwareVersions": "24_LX_MR_Software_release:DV24.0_R02_1607.b",
    "SpacingBetweenSlices": 4,
    "StationName": "GEHCGEHC",
    "TaskName": "verbs",
    "TotalReadoutTime": 0.023436,
    "dataset": "ds003481",
    "modality": "bold",
    "run_id": 5,
    "subject_id": "138",
    "task_id": "verbs"
  },
  "dummy_trs": 0,
  "dvars_nstd": 11.878219747630059,
  "dvars_std": 1.1287699983815025,
  "dvars_vstd": 1.0094154023699418,
  "efc": 0.3746575259134872,
  "fber": 72853.7109375,
  "fd_mean": 0.034485371487728116,
  "fd_num": 0,
  "fd_perc": 0.0,
  "fwhm_avg": 2.7111083333333332,
  "fwhm_x": 2.6207,
  "fwhm_y": 2.82615,
  "fwhm_z": 2.686475,
  "gcor": 0.059835,
  "gsr_x": -0.009802183136343956,
  "gsr_y": 0.007950746454298496,
  "provenance": {
    "md5sum": "ab412a8bb02014a5d3878b465d0851a1",
    "settings": {
      "fd_thres": 0.2,
      "testing": false
    },
    "software": "mriqc",
    "version": "23.0.1",
    "webapi_port": null,
    "webapi_url": "https://mriqc.nimh.nih.gov/api/v1"
  },
  "size_t": 174,
  "size_x": 64,
  "size_y": 64,
  "size_z": 35,
  "snr": 3.4347934250490897,
  "spacing_tr": 2.0,
  "spacing_x": 4.0,
  "spacing_y": 4.0,
  "spacing_z": 4.0,
  "summary_bg_k": 77.33617035475086,
  "summary_bg_mad": 10.429339329545714,
  "summary_bg_mean": 39.00801467895508,
  "summary_bg_median": 7.321838855743408,
  "summary_bg_n": 98707.0,
  "summary_bg_p05": 0.03448275849223137,
  "summary_bg_p95": 167.64942779541,
  "summary_bg_stdv": 118.8908462524414,
  "summary_fg_k": 1.2262322379241022,
  "summary_fg_mad": 516.2181305044355,
  "summary_fg_mean": 1955.0186767578125,
  "summary_fg_median": 1899.17236328125,
  "summary_fg_n": 15853.0,
  "summary_fg_p05": 1175.202294921875,
  "summary_fg_p95": 2931.0988281249997,
  "summary_fg_stdv": 552.9044189453125,
  "tsnr": 110.9570623151958
}