{
  "aor": 0.00085316091954023,
  "aqi": 0.0007387841609195401,
  "bids_meta": {
    "AcquisitionMatrixPE": 64,
    "AcquisitionNumber": 1,
    "AcquisitionTime": "20:30:21.000000",
    "CoilString": "32Ch_Head",
    "ConversionSoftware": "dcm2niix",
    "ConversionSoftwareVersion": "v1.0.20190902",
    "Dcm2bidsVersion": "2.1.4",
    "DeviceSerialNumber": "000000000000GEHC",
    "EchoTime": 0.04,
    "EffectiveEchoSpacing": 0.000372,
    "FlipAngle": 90,
    "ImageOrientationPatientDICOM": [
      1,
      0,
      0,
      0,
      1,
      0
    ],
    "ImageType": [
      "ORIGINAL",
      "PRIMARY",
      "EPI",
      "NONE"
    ],
    "ImagingFrequency": 127.772,
    "InPlanePhaseEncodingDirectionDICOM": "COL",
    "InstitutionName": "INSTITUTO_DE_NEUROBIOLOGIA",
    "MRAcquisitionType": "2D",
    "MagneticFieldStrength": 3,
    "Manufacturer": "GE",
    "ManufacturersModelName": "DISCOVERY_MR750",
    "Modality": "MR",
    "PatientPosition": "HFS",
    "PercentPhaseFOV": 100,
    "PhaseEncodingDirection": "j",
    "PhaseEncodingPolarityGE": "Flipped",
    "PixelBandwidth": 7812.5,
    "ProcedureStepDescription": "verbos",
    "ProtocolName": "fMRI_4",
    "ReconMatrixPE": 64,
    "RepetitionTime": 2,
    "SAR": 0.376334,
    "ScanOptions": "EPI_GEMS_ACC_GEMS",
    "ScanningSequence": "EP_GR",
    "SequenceVariant": "SS",
    "SeriesDescription": "fMRI_4",
    "SeriesNumber": 7,
    "SliceThickness": 4,
    "SliceTiming": [
      0,
      1.0285,
      0.0571001,
      1.0857,
      0.1142,
      1.1428,
      0.1714,
      1.2,
      0.2285,
      1.2571,
      0.2857,
      1.3143,
      0.3428,
      1.3714,
      0.4,
      1.4286,
      0.4571,
      1.4857,
      0.5142,
      1.5428,
      0.5714,
      1.6,
      0.6285,
      1.6571,
      0.6857,
      1.7143,
      0.7428,
      1.7714,
      0.8,
      1.8285,
      0.8571,
      1.8857,
      0.9143,
      1.9428,
      0.9714
    ],
    "SoftwareVersions": "24_LX_MR_Software_release:DV24.0_R02_1607.b",
    "SpacingBetweenSlices": 4,
    "StationName": "GEHCGEHC",
    "TaskName": "verbs",
    "TotalReadoutTime": 0.023436,
    "dataset": "ds003481",
    "modality": "bold",
    "run_id": 4,
    "subject_id": "138",
    "task_id": "verbs"
  },
  "dummy_trs": 0,
  "dvars_nstd": 12.068381033699415,
  "dvars_std": 1.1496917662427744,
  "dvars_vstd": 1.0153435513294802,
  "efc": 0.37467862445491557,
  "fber": 72006.8671875,
  "fd_mean": 0.03179204597223785,
  "fd_num": 0,
  "fd_perc": 0.0,
  "fwhm_avg": 2.709841666666667,
  "fwhm_x": 2.62595,
  "fwhm_y": 2.824125,
  "fwhm_z": 2.67945,
  "gcor": 0.0780196,
  "gsr_x": -0.009851704351603985,
  "gsr_y": 0.007459255401045084,
  "provenance": {
    "md5sum": "ad09b2570b4c126153716eb31053d136",
    "settings": {
      "fd_thres": 0.2,
      "testing": false
    },
    "software": "mriqc",
    "version": "23.0.1",
    "webapi_port": null,
    "webapi_url": "https://mriqc.nimh.nih.gov/api/v1"
  },
  "size_t": 174,
  "size_x": 64,
  "size_y": 64,
  "size_z": 35,
  "snr": 3.428088871845222,
  "spacing_tr": 2.0,
  "spacing_x": 4.0,
  "spacing_y": 4.0,
  "spacing_z": 4.0,
  "summary_bg_k": 80.00123962781443,
  "summary_bg_mad": 10.480463924882022,
  "summary_bg_mean": 38.81581115722656,
  "summary_bg_median": 7.356321811676025,
  "summary_bg_n": 98703.0,
  "summary_bg_p05": 0.03448275849223137,
  "summary_bg_p95": 164.90402679443335,
  "summary_bg_stdv": 118.37349700927734,
  "summary_fg_k": 1.2384471841089244,
  "summary_fg_mad": 513.4319169846731,
  "summary_fg_mean": 1951.8453369140625,
  "summary_fg_median": 1895.037353515625,
  "summary_fg_n": 15858.0,
  "summary_fg_p05": 1171.2393737792968,
  "summary_fg_p95": 2931.32939453125,
  "summary_fg_stdv": 552.7796020507812,
  "tsnr": 113.10049731144682
}