{
  "bids_meta": {
    "AcquisitionDateTime": "2017-01-10T19:00:34.000000",
    "ConversionSoftware": "dcm2niix",
    "ConversionSoftwareVersion": "v1.0.20170411 GCC4.8.4",
    "EchoTime": 0.00318,
    "FlipAngle": 12,
    "ImageType": [
      "DERIVED",
      "PRIMARY",
      "OTHER"
    ],
    "InversionTime": 0.45,
    "MagneticFieldStrength": 3,
    "Manufacturer": "GE",
    "ManufacturersModelName": "DISCOVERY_MR750",
    "ProcedureStepDescription": "CompRefranes",
    "ProtocolName": "PU:Sag_T1_FSPGR_BRAVO",
    "RepetitionTime": 0.008156,
    "ScanningSequence": "GR",
    "SequenceVariant": "SS_SP_SK",
    "SeriesDescription": "PU:Sag_T1_FSPGR_BRAVO",
    "dataset": "ds003481",
    "modality": "T1w",
    "subject_id": "051"
  },
  "cjv": 0.320364273867614,
  "cnr": 4.202470124991308,
  "efc": 0.7246455949406139,
  "fber": 12421.84551111111,
  "fwhm_avg": 3.871266666666667,
  "fwhm_x": 3.97845,
  "fwhm_y": 3.94152,
  "fwhm_z": 3.69383,
  "icvs_csf": 0.19953176028670777,
  "icvs_gm": 0.46826481377656015,
  "icvs_wm": 0.3322034259367321,
  "inu_med": 0.5340680480003357,
  "inu_range": 0.17598016262054444,
  "provenance": {
    "md5sum": "abc372423703d59ec3eaf1010dc5af5d",
    "settings": {
      "testing": false
    },
    "software": "mriqc",
    "version": "23.0.1",
    "warnings": {
      "large_rot_frame": true,
      "small_air_mask": false
    },
    "webapi_port": null,
    "webapi_url": "https://mriqc.nimh.nih.gov/api/v1"
  },
  "qi_1": 0.0,
  "qi_2": 0.0024551826177042764,
  "rpve_csf": 27.467489804622545,
  "rpve_gm": 12.744385467109444,
  "rpve_wm": 19.73689612829782,
  "size_x": 176,
  "size_y": 256,
  "size_z": 256,
  "snr_csf": 2.9665927136261963,
  "snr_gm": 12.770086856740123,
  "snr_total": 12.534245488375726,
  "snr_wm": 21.866056894760863,
  "snrd_csf": 16.394666725525788,
  "snrd_gm": 41.16494774667852,
  "snrd_total": 38.87002942967674,
  "snrd_wm": 59.050473816825914,
  "spacing_x": 1.0,
  "spacing_y": 1.0,
  "spacing_z": 1.0,
  "summary_bg_k": 10.692020485049243,
  "summary_bg_mad": 0.0,
  "summary_bg_mean": 5.706003767695714,
  "summary_bg_median": 0.0,
  "summary_bg_n": 395460.0,
  "summary_bg_p05": 0.0,
  "summary_bg_p95": 30.070921428501606,
  "summary_bg_stdv": 11.094964970204096,
  "summary_csf_k": 1.4774156613094815,
  "summary_csf_mad": 72.46274538520132,
  "summary_csf_mean": 279.6927495601653,
  "summary_csf_median": 277.64943761006,
  "summary_csf_n": 33712.0,
  "summary_csf_p05": 120.8105347417295,
  "summary_csf_p95": 445.28671920429906,
  "summary_csf_stdv": 93.59064301031822,
  "summary_gm_k": 0.24413018556178212,
  "summary_gm_mad": 53.05522734256448,
  "summary_gm_mean": 697.0864689538967,
  "summary_gm_median": 697.142844222486,
  "summary_gm_n": 43377.0,
  "summary_gm_p05": 607.7325115330517,
  "summary_gm_p95": 787.0394990913569,
  "summary_gm_stdv": 54.59123466728791,
  "summary_wm_k": 0.5464242019704284,
  "summary_wm_mad": 43.9823628706197,
  "summary_wm_mean": 999.5006110190822,
  "summary_wm_median": 1000.0405083149672,
  "summary_wm_n": 176295.0,
  "summary_wm_p05": 923.1205502673984,
  "summary_wm_p95": 1072.4214593544602,
  "summary_wm_stdv": 45.734705477710506,
  "tpm_overlap_csf": 0.14776696070932538,
  "tpm_overlap_gm": 0.4716692563156849,
  "tpm_overlap_wm": 0.491829058151509,
  "wm2max": 0.46122502383133024
}