{
  "aor": 0.000620383141762452,
  "aqi": 0.002401925888888889,
  "bids_meta": {
    "AcquisitionDateTime": "2017-02-09T19:31:39.000000",
    "ConversionSoftware": "dcm2niix",
    "ConversionSoftwareVersion": "v1.0.20170411 GCC4.8.4",
    "EchoTime": 0.04,
    "FlipAngle": 90,
    "ImageType": [
      "ORIGINAL",
      "PRIMARY",
      "EPI",
      "NONE"
    ],
    "MagneticFieldStrength": 3,
    "Manufacturer": "GE",
    "ManufacturersModelName": "DISCOVERY_MR750",
    "ProcedureStepDescription": "ActosHabla",
    "ProtocolName": "fMRI_ActosHabla_1",
    "RepetitionTime": 2,
    "ScanningSequence": "EP_GR",
    "SequenceVariant": "SS",
    "SeriesDescription": "fMRI_ActosHabla_1",
    "SliceTiming": [
      0,
      1.0285,
      0.0571001,
      1.0857,
      0.1142,
      1.1428,
      0.1714,
      1.2,
      0.2285,
      1.2571,
      0.2857,
      1.3143,
      0.3428,
      1.3714,
      0.4,
      1.4286,
      0.4571,
      1.4857,
      0.5142,
      1.5428,
      0.5714,
      1.6,
      0.6285,
      1.6571,
      0.6857,
      1.7143,
      0.7428,
      1.7714,
      0.8,
      1.8285,
      0.8571,
      1.8857,
      0.9143,
      1.9428,
      0.9714
    ],
    "TaskName": "sar",
    "dataset": "ds003481",
    "modality": "bold",
    "run_id": 1,
    "subject_id": "017",
    "task_id": "sar"
  },
  "dummy_trs": 0,
  "dvars_nstd": 12.984836820884615,
  "dvars_std": 1.0313607423846154,
  "dvars_vstd": 0.9428508568846157,
  "efc": 0.3534978068611761,
  "fber": 95494.140625,
  "fd_mean": 0.054583276211522425,
  "fd_num": 0,
  "fd_perc": 0.0,
  "fwhm_avg": 2.6285400000000005,
  "fwhm_x": 2.64685,
  "fwhm_y": 2.740475,
  "fwhm_z": 2.498295,
  "gcor": 0.0400875,
  "gsr_x": -0.008626649156212807,
  "gsr_y": -0.003913517575711012,
  "provenance": {
    "md5sum": "884b5ef4d72d1c7334a3425efe2922c3",
    "settings": {
      "fd_thres": 0.2,
      "testing": false
    },
    "software": "mriqc",
    "version": "23.0.1",
    "webapi_port": null,
    "webapi_url": "https://mriqc.nimh.nih.gov/api/v1"
  },
  "size_t": 261,
  "size_x": 64,
  "size_y": 64,
  "size_z": 35,
  "snr": 3.589283212015801,
  "spacing_tr": 2.0,
  "spacing_x": 4.0,
  "spacing_y": 4.0,
  "spacing_z": 4.0,
  "summary_bg_k": 87.0847056847364,
  "summary_bg_mad": 8.952417886742971,
  "summary_bg_mean": 28.10929298400879,
  "summary_bg_median": 6.597701072692871,
  "summary_bg_n": 100807.0,
  "summary_bg_p05": 0.17624521255493164,
  "summary_bg_p95": 113.94520874023436,
  "summary_bg_stdv": 82.55413055419922,
  "summary_fg_k": 0.949296105094025,
  "summary_fg_mad": 457.10171980383427,
  "summary_fg_mean": 1961.3028564453125,
  "summary_fg_median": 1885.8887939453125,
  "summary_fg_n": 14945.0,
  "summary_fg_p05": 1224.722607421875,
  "summary_fg_p95": 2942.3539062499995,
  "summary_fg_stdv": 525.404541015625,
  "tsnr": 86.21133385924622
}