{
  "aor": 0.0013312941176470588,
  "aqi": 0.0011493594156862744,
  "bids_meta": {
    "AcquisitionDateTime": "2017-02-09T19:50:59.000000",
    "ConversionSoftware": "dcm2niix",
    "ConversionSoftwareVersion": "v1.0.20170411 GCC4.8.4",
    "EchoTime": 0.04,
    "FlipAngle": 90,
    "ImageType": [
      "ORIGINAL",
      "PRIMARY",
      "EPI",
      "NONE"
    ],
    "MagneticFieldStrength": 3,
    "Manufacturer": "GE",
    "ManufacturersModelName": "DISCOVERY_MR750",
    "ProcedureStepDescription": "ActosHabla",
    "ProtocolName": "fMRI_ActosHabla_3",
    "RepetitionTime": 2,
    "ScanningSequence": "EP_GR",
    "SequenceVariant": "SS",
    "SeriesDescription": "fMRI_ActosHabla_3",
    "SliceTiming": [
      0,
      1.0285,
      0.0571001,
      1.0857,
      0.1142,
      1.1428,
      0.1714,
      1.2,
      0.2285,
      1.2571,
      0.2857,
      1.3143,
      0.3428,
      1.3714,
      0.4,
      1.4286,
      0.4571,
      1.4857,
      0.5142,
      1.5428,
      0.5714,
      1.6,
      0.6285,
      1.6571,
      0.6857,
      1.7143,
      0.7428,
      1.7714,
      0.8,
      1.8285,
      0.8571,
      1.8857,
      0.9143,
      1.9428,
      0.9714
    ],
    "TaskName": "sar",
    "dataset": "ds003481",
    "modality": "bold",
    "run_id": 3,
    "subject_id": "017",
    "task_id": "sar"
  },
  "dummy_trs": 0,
  "dvars_nstd": 12.967514946811017,
  "dvars_std": 1.1080933815748026,
  "dvars_vstd": 1.0022533510236225,
  "efc": 0.3541405113361658,
  "fber": 93739.421875,
  "fd_mean": 0.05431581745550412,
  "fd_num": 0,
  "fd_perc": 0.0,
  "fwhm_avg": 2.635768333333333,
  "fwhm_x": 2.68225,
  "fwhm_y": 2.73265,
  "fwhm_z": 2.492405,
  "gcor": 0.0563565,
  "gsr_x": -0.008058825507760048,
  "gsr_y": -0.00435597961768508,
  "provenance": {
    "md5sum": "86a895c0809827dd95d7026f83f73532",
    "settings": {
      "fd_thres": 0.2,
      "testing": false
    },
    "software": "mriqc",
    "version": "23.0.1",
    "webapi_port": null,
    "webapi_url": "https://mriqc.nimh.nih.gov/api/v1"
  },
  "size_t": 255,
  "size_x": 64,
  "size_y": 64,
  "size_z": 35,
  "snr": 3.5512219828766294,
  "spacing_tr": 2.0,
  "spacing_x": 4.0,
  "spacing_y": 4.0,
  "spacing_z": 4.0,
  "summary_bg_k": 81.59472899433322,
  "summary_bg_mad": 9.093294125271566,
  "summary_bg_mean": 28.800548553466797,
  "summary_bg_median": 6.694118022918701,
  "summary_bg_n": 100771.0,
  "summary_bg_p05": 0.16470588743686676,
  "summary_bg_p95": 118.66471099853516,
  "summary_bg_stdv": 84.42847442626953,
  "summary_fg_k": 0.9123887425031154,
  "summary_fg_mad": 462.0660482771751,
  "summary_fg_mean": 1967.06201171875,
  "summary_fg_median": 1889.84716796875,
  "summary_fg_n": 14947.0,
  "summary_fg_p05": 1224.6977294921876,
  "summary_fg_p95": 2964.602172851562,
  "summary_fg_stdv": 532.1503295898438,
  "tsnr": 104.05446442309767
}