{
  "aor": 0.005557559055118111,
  "aqi": 0.0019522710551181102,
  "bids_meta": {
    "AcquisitionMatrixPE": 64,
    "AcquisitionNumber": 1,
    "AcquisitionTime": "19:02:59.000000",
    "BodyPartExamined": "HEAD",
    "CoilString": "32Ch_Head",
    "ConversionSoftware": "dcm2niix",
    "ConversionSoftwareVersion": "v1.0.20181125  (JP2:OpenJPEG) GCC7.3.0",
    "DeviceSerialNumber": "0002806034DVR750",
    "EchoTime": 0.04,
    "EffectiveEchoSpacing": 0.000372,
    "FlipAngle": 90,
    "ImageOrientationPatientDICOM": [
      1,
      0,
      0,
      0,
      1,
      0
    ],
    "ImageType": [
      "ORIGINAL",
      "PRIMARY",
      "EPI",
      "NONE"
    ],
    "ImagingFrequency": 127.772,
    "InPlanePhaseEncodingDirectionDICOM": "COL",
    "InstitutionName": "INSTITUTO_DE_NEUROBIOLOGIA",
    "MRAcquisitionType": "2D",
    "MagneticFieldStrength": 3,
    "Manufacturer": "GE",
    "ManufacturersModelName": "DISCOVERY_MR750",
    "Modality": "MR",
    "PatientPosition": "HFS",
    "PercentPhaseFOV": 100,
    "PhaseEncodingDirection": "j",
    "PhaseEncodingPolarityGE": "Flipped",
    "PixelBandwidth": 7812.5,
    "ProcedureStepDescription": "Emociones_AH",
    "ProtocolName": "fMRI_Jalil_3",
    "ReconMatrixPE": 64,
    "RepetitionTime": 2,
    "SAR": 0.187794,
    "ScanOptions": "EPI_GEMS_ACC_GEMS",
    "ScanningSequence": "EP_GR",
    "SequenceVariant": "SS",
    "SeriesDescription": "fMRI_Jalil_3",
    "SeriesNumber": 7,
    "SliceThickness": 4,
    "SliceTiming": [
      0,
      1.0285,
      0.0571001,
      1.0857,
      0.1142,
      1.1428,
      0.1714,
      1.2,
      0.2285,
      1.2571,
      0.2857,
      1.3143,
      0.3428,
      1.3714,
      0.4,
      1.4286,
      0.4571,
      1.4857,
      0.5142,
      1.5428,
      0.5714,
      1.6,
      0.6285,
      1.6571,
      0.6857,
      1.7143,
      0.7428,
      1.7714,
      0.8,
      1.8285,
      0.8571,
      1.8857,
      0.9143,
      1.9428,
      0.9714
    ],
    "SoftwareVersions": "27_LX_MR_Software_release:DV26.0_R03_1831.b",
    "SpacingBetweenSlices": 4,
    "StationName": "GEHCGEHC",
    "TaskName": "sae",
    "TotalReadoutTime": 0.023436,
    "dataset": "ds003481",
    "modality": "bold",
    "run_id": 3,
    "subject_id": "044",
    "task_id": "sae"
  },
  "dummy_trs": 0,
  "dvars_nstd": 15.509032935533597,
  "dvars_std": 1.0923284889328062,
  "dvars_vstd": 1.0633930467193673,
  "efc": 0.32591079867431827,
  "fber": 104321.7109375,
  "fd_mean": 0.09583175392748582,
  "fd_num": 24,
  "fd_perc": 9.448818897637794,
  "fwhm_avg": 2.628608333333333,
  "fwhm_x": 2.557425,
  "fwhm_y": 2.68965,
  "fwhm_z": 2.63875,
  "gcor": 0.119162,
  "gsr_x": -0.010870959609746933,
  "gsr_y": 0.0009482637979090214,
  "provenance": {
    "md5sum": "40c66cd30bf95b705afcbd79c51096c6",
    "settings": {
      "fd_thres": 0.2,
      "testing": false
    },
    "software": "mriqc",
    "version": "23.0.1",
    "webapi_port": null,
    "webapi_url": "https://mriqc.nimh.nih.gov/api/v1"
  },
  "size_t": 254,
  "size_x": 64,
  "size_y": 64,
  "size_z": 35,
  "snr": 3.6841805648692136,
  "spacing_tr": 2.0,
  "spacing_x": 4.0,
  "spacing_y": 4.0,
  "spacing_z": 4.0,
  "summary_bg_k": 75.32105675034124,
  "summary_bg_mad": 9.18746400228278,
  "summary_bg_mean": 27.461387634277344,
  "summary_bg_median": 6.72047233581543,
  "summary_bg_n": 104467.0,
  "summary_bg_p05": 0.12204724550247192,
  "summary_bg_p95": 114.58936996459948,
  "summary_bg_stdv": 79.16007995605469,
  "summary_fg_k": 0.4302814994489337,
  "summary_fg_mad": 483.4567297604177,
  "summary_fg_mean": 2112.455078125,
  "summary_fg_median": 2027.94677734375,
  "summary_fg_n": 12338.0,
  "summary_fg_p05": 1332.8793640136719,
  "summary_fg_p95": 3157.0963867187497,
  "summary_fg_stdv": 550.4248657226562,
  "tsnr": 72.60124459362123
}