{
  "aor": 0.002257272727272727,
  "aqi": 0.0012669541900826445,
  "bids_meta": {
    "AcquisitionMatrixPE": 64,
    "AcquisitionNumber": 1,
    "AcquisitionTime": "18:45:2.000000",
    "BodyPartExamined": "HEAD",
    "CoilString": "32Ch_Head",
    "ConversionSoftware": "dcm2niix",
    "ConversionSoftwareVersion": "v1.0.20181125  (JP2:OpenJPEG) GCC7.3.0",
    "DeviceSerialNumber": "0002806034DVR750",
    "EchoTime": 0.04,
    "EffectiveEchoSpacing": 0.000372,
    "FlipAngle": 90,
    "ImageOrientationPatientDICOM": [
      1,
      0,
      0,
      0,
      1,
      0
    ],
    "ImageType": [
      "ORIGINAL",
      "PRIMARY",
      "EPI",
      "NONE"
    ],
    "ImagingFrequency": 127.772,
    "InPlanePhaseEncodingDirectionDICOM": "COL",
    "InstitutionName": "INSTITUTO_DE_NEUROBIOLOGIA",
    "MRAcquisitionType": "2D",
    "MagneticFieldStrength": 3,
    "Manufacturer": "GE",
    "ManufacturersModelName": "DISCOVERY_MR750",
    "Modality": "MR",
    "PatientPosition": "HFS",
    "PercentPhaseFOV": 100,
    "PhaseEncodingDirection": "j",
    "PhaseEncodingPolarityGE": "Flipped",
    "PixelBandwidth": 7812.5,
    "ProcedureStepDescription": "Emociones_AH",
    "ProtocolName": "fMRI_Jalil_1",
    "ReconMatrixPE": 64,
    "RepetitionTime": 2,
    "SAR": 0.187794,
    "ScanOptions": "EPI_GEMS_ACC_GEMS",
    "ScanningSequence": "EP_GR",
    "SequenceVariant": "SS",
    "SeriesDescription": "fMRI_Jalil_1",
    "SeriesNumber": 5,
    "SliceThickness": 4,
    "SliceTiming": [
      0,
      1.0285,
      0.0571001,
      1.0857,
      0.1142,
      1.1428,
      0.1714,
      1.2,
      0.2285,
      1.2571,
      0.2857,
      1.3143,
      0.3428,
      1.3714,
      0.4,
      1.4286,
      0.4571,
      1.4857,
      0.5142,
      1.5428,
      0.5714,
      1.6,
      0.6285,
      1.6571,
      0.6857,
      1.7143,
      0.7428,
      1.7714,
      0.8,
      1.8285,
      0.8571,
      1.8857,
      0.9143,
      1.9428,
      0.9714
    ],
    "SoftwareVersions": "27_LX_MR_Software_release:DV26.0_R03_1831.b",
    "SpacingBetweenSlices": 4,
    "StationName": "GEHCGEHC",
    "TaskName": "sae",
    "TotalReadoutTime": 0.023436,
    "dataset": "ds003481",
    "modality": "bold",
    "run_id": 1,
    "subject_id": "044",
    "task_id": "sae"
  },
  "dummy_trs": 0,
  "dvars_nstd": 12.184359380622412,
  "dvars_std": 1.0857019560995849,
  "dvars_vstd": 1.010376523195021,
  "efc": 0.3252162574997318,
  "fber": 107027.40625,
  "fd_mean": 0.059243957449985465,
  "fd_num": 6,
  "fd_perc": 2.479338842975207,
  "fwhm_avg": 2.653866666666667,
  "fwhm_x": 2.6089,
  "fwhm_y": 2.727325,
  "fwhm_z": 2.625375,
  "gcor": 0.102531,
  "gsr_x": -0.01146905031055212,
  "gsr_y": 0.0004998327349312603,
  "provenance": {
    "md5sum": "9cc5a0064afea0d8c46e9499ba43c87a",
    "settings": {
      "fd_thres": 0.2,
      "testing": false
    },
    "software": "mriqc",
    "version": "23.0.1",
    "webapi_port": null,
    "webapi_url": "https://mriqc.nimh.nih.gov/api/v1"
  },
  "size_t": 242,
  "size_x": 64,
  "size_y": 64,
  "size_z": 35,
  "snr": 3.6577951603587606,
  "spacing_tr": 2.0,
  "spacing_x": 4.0,
  "spacing_y": 4.0,
  "spacing_z": 4.0,
  "summary_bg_k": 66.98884059982241,
  "summary_bg_mad": 9.122292115151835,
  "summary_bg_mean": 28.14264678955078,
  "summary_bg_median": 6.644628047943115,
  "summary_bg_n": 104633.0,
  "summary_bg_p05": 0.08677685260772705,
  "summary_bg_p95": 118.74793243408203,
  "summary_bg_stdv": 79.8830795288086,
  "summary_fg_k": 0.2231130217778179,
  "summary_fg_mad": 504.1520794903036,
  "summary_fg_mean": 2091.55322265625,
  "summary_fg_median": 2027.220947265625,
  "summary_fg_n": 12132.0,
  "summary_fg_p05": 1263.734423828125,
  "summary_fg_p95": 3114.651342773437,
  "summary_fg_stdv": 554.196533203125,
  "tsnr": 89.70561668649316
}