{
  "aor": 0.008336499999999998,
  "aqi": 0.007294514899999999,
  "bids_meta": {
    "AcquisitionMatrixPE": 64,
    "AcquisitionNumber": 1,
    "AcquisitionTime": "18:30:57.000000",
    "BodyPartExamined": "HEAD",
    "CoilString": "32Ch_Head",
    "ConversionSoftware": "dcm2niix",
    "ConversionSoftwareVersion": "v1.0.20181125  (JP2:OpenJPEG) GCC7.3.0",
    "DeviceSerialNumber": "0002806034DVR750",
    "EchoTime": 0.04,
    "EffectiveEchoSpacing": 0.000372,
    "FlipAngle": 90,
    "ImageOrientationPatientDICOM": [
      1,
      0,
      0,
      0,
      1,
      0
    ],
    "ImageType": [
      "ORIGINAL",
      "PRIMARY",
      "EPI",
      "NONE"
    ],
    "ImagingFrequency": 127.772,
    "InPlanePhaseEncodingDirectionDICOM": "COL",
    "InstitutionName": "INSTITUTO_DE_NEUROBIOLOGIA",
    "MRAcquisitionType": "2D",
    "MagneticFieldStrength": 3,
    "Manufacturer": "GE",
    "ManufacturersModelName": "DISCOVERY_MR750",
    "Modality": "MR",
    "PatientPosition": "HFS",
    "PercentPhaseFOV": 100,
    "PhaseEncodingDirection": "j",
    "PhaseEncodingPolarityGE": "Flipped",
    "PixelBandwidth": 7812.5,
    "ProcedureStepDescription": "Emociones_AH",
    "ProtocolName": "fMRI_RestState",
    "ReconMatrixPE": 64,
    "RepetitionTime": 2,
    "SAR": 0.187437,
    "ScanOptions": "EPI_GEMS_ACC_GEMS",
    "ScanningSequence": "EP_GR",
    "SequenceVariant": "SS",
    "SeriesDescription": "fMRI_RestState",
    "SeriesNumber": 3,
    "SliceThickness": 4,
    "SliceTiming": [
      0,
      1.0285,
      0.0571001,
      1.0857,
      0.1142,
      1.1428,
      0.1714,
      1.2,
      0.2285,
      1.2571,
      0.2857,
      1.3143,
      0.3428,
      1.3714,
      0.4,
      1.4286,
      0.4571,
      1.4857,
      0.5142,
      1.5428,
      0.5714,
      1.6,
      0.6285,
      1.6571,
      0.6857,
      1.7143,
      0.7428,
      1.7714,
      0.8,
      1.8285,
      0.8571,
      1.8857,
      0.9143,
      1.9428,
      0.9714
    ],
    "SoftwareVersions": "27_LX_MR_Software_release:DV26.0_R03_1831.b",
    "SpacingBetweenSlices": 4,
    "StationName": "GEHCGEHC",
    "TaskName": "rest",
    "TotalReadoutTime": 0.023436,
    "dataset": "ds003481",
    "modality": "bold",
    "subject_id": "044",
    "task_id": "rest"
  },
  "dummy_trs": 0,
  "dvars_nstd": 12.151594299230766,
  "dvars_std": 0.9558871909364546,
  "dvars_vstd": 0.935866011237458,
  "efc": 0.3266283120059811,
  "fber": 98516.984375,
  "fd_mean": 0.08489552631044454,
  "fd_num": 21,
  "fd_perc": 7.0,
  "fwhm_avg": 2.6115666666666666,
  "fwhm_x": 2.55995,
  "fwhm_y": 2.70515,
  "fwhm_z": 2.5696,
  "gcor": 0.05808,
  "gsr_x": -0.011880557984113693,
  "gsr_y": 0.0024130651727318764,
  "provenance": {
    "md5sum": "e680b4f4b276bbb2285d572372d4ba95",
    "settings": {
      "fd_thres": 0.2,
      "testing": false
    },
    "software": "mriqc",
    "version": "23.0.1",
    "webapi_port": null,
    "webapi_url": "https://mriqc.nimh.nih.gov/api/v1"
  },
  "size_t": 300,
  "size_x": 64,
  "size_y": 64,
  "size_z": 35,
  "snr": 3.848894867449359,
  "spacing_tr": 2.0,
  "spacing_x": 4.0,
  "spacing_y": 4.0,
  "spacing_z": 4.0,
  "summary_bg_k": 72.74016997251248,
  "summary_bg_mad": 9.602320313142762,
  "summary_bg_mean": 28.727445602416992,
  "summary_bg_median": 7.013333320617676,
  "summary_bg_n": 104634.0,
  "summary_bg_p05": 0.18000000715255737,
  "summary_bg_p95": 116.77616958618133,
  "summary_bg_stdv": 81.46871185302734,
  "summary_fg_k": 0.19974794853087197,
  "summary_fg_mad": 482.32496059862274,
  "summary_fg_mean": 2113.1611328125,
  "summary_fg_median": 2048.66015625,
  "summary_fg_n": 12163.0,
  "summary_fg_p05": 1324.6593994140626,
  "summary_fg_p95": 3084.571826171875,
  "summary_fg_stdv": 532.2504272460938,
  "tsnr": 50.201494267210364
}