{
  "aor": 0.0017258928571428568,
  "aqi": 0.001764049580357143,
  "bids_meta": {
    "AcquisitionMatrixPE": 64,
    "AcquisitionNumber": 1,
    "AcquisitionTime": "18:54:19.000000",
    "BodyPartExamined": "HEAD",
    "CoilString": "32Ch_Head",
    "ConversionSoftware": "dcm2niix",
    "ConversionSoftwareVersion": "v1.0.20181125  (JP2:OpenJPEG) GCC7.3.0",
    "DeviceSerialNumber": "0002806034DVR750",
    "EchoTime": 0.04,
    "EffectiveEchoSpacing": 0.000372,
    "FlipAngle": 90,
    "ImageOrientationPatientDICOM": [
      1,
      0,
      0,
      0,
      1,
      0
    ],
    "ImageType": [
      "ORIGINAL",
      "PRIMARY",
      "EPI",
      "NONE"
    ],
    "ImagingFrequency": 127.772,
    "InPlanePhaseEncodingDirectionDICOM": "COL",
    "InstitutionName": "INSTITUTO_DE_NEUROBIOLOGIA",
    "MRAcquisitionType": "2D",
    "MagneticFieldStrength": 3,
    "Manufacturer": "GE",
    "ManufacturersModelName": "DISCOVERY_MR750",
    "Modality": "MR",
    "PatientPosition": "HFS",
    "PercentPhaseFOV": 100,
    "PhaseEncodingDirection": "j",
    "PhaseEncodingPolarityGE": "Flipped",
    "PixelBandwidth": 7812.5,
    "ProcedureStepDescription": "Emociones_AH",
    "ProtocolName": "fMRI_Jalil_2",
    "ReconMatrixPE": 64,
    "RepetitionTime": 2,
    "SAR": 0.187794,
    "ScanOptions": "EPI_GEMS_ACC_GEMS",
    "ScanningSequence": "EP_GR",
    "SequenceVariant": "SS",
    "SeriesDescription": "fMRI_Jalil_2",
    "SeriesNumber": 6,
    "SliceThickness": 4,
    "SliceTiming": [
      0,
      1.0285,
      0.0571001,
      1.0857,
      0.1142,
      1.1428,
      0.1714,
      1.2,
      0.2285,
      1.2571,
      0.2857,
      1.3143,
      0.3428,
      1.3714,
      0.4,
      1.4286,
      0.4571,
      1.4857,
      0.5142,
      1.5428,
      0.5714,
      1.6,
      0.6285,
      1.6571,
      0.6857,
      1.7143,
      0.7428,
      1.7714,
      0.8,
      1.8285,
      0.8571,
      1.8857,
      0.9143,
      1.9428,
      0.9714
    ],
    "SoftwareVersions": "27_LX_MR_Software_release:DV26.0_R03_1831.b",
    "SpacingBetweenSlices": 4,
    "StationName": "GEHCGEHC",
    "TaskName": "sae",
    "TotalReadoutTime": 0.023436,
    "dataset": "ds003481",
    "modality": "bold",
    "run_id": 2,
    "subject_id": "044",
    "task_id": "sae"
  },
  "dummy_trs": 0,
  "dvars_nstd": 14.393744391659185,
  "dvars_std": 1.0710430296412565,
  "dvars_vstd": 0.9805864645739905,
  "efc": 0.3258683028991119,
  "fber": 96003.375,
  "fd_mean": 0.08061557445615343,
  "fd_num": 11,
  "fd_perc": 4.910714285714286,
  "fwhm_avg": 2.6416583333333334,
  "fwhm_x": 2.583725,
  "fwhm_y": 2.71285,
  "fwhm_z": 2.6284,
  "gcor": 0.12208,
  "gsr_x": -0.01132815983146429,
  "gsr_y": 0.000530633085872978,
  "provenance": {
    "md5sum": "b68aa31202c51d3c171cb2f2eb5a8c97",
    "settings": {
      "fd_thres": 0.2,
      "testing": false
    },
    "software": "mriqc",
    "version": "23.0.1",
    "webapi_port": null,
    "webapi_url": "https://mriqc.nimh.nih.gov/api/v1"
  },
  "size_t": 224,
  "size_x": 64,
  "size_y": 64,
  "size_z": 35,
  "snr": 3.6746938681140877,
  "spacing_tr": 2.0,
  "spacing_x": 4.0,
  "spacing_y": 4.0,
  "spacing_z": 4.0,
  "summary_bg_k": 68.05287638692124,
  "summary_bg_mad": 9.491301904385992,
  "summary_bg_mean": 28.347854614257812,
  "summary_bg_median": 6.964285850524902,
  "summary_bg_n": 104586.0,
  "summary_bg_p05": 0.125,
  "summary_bg_p95": 118.15514183044434,
  "summary_bg_stdv": 81.55191802978516,
  "summary_fg_k": 0.25036830187088954,
  "summary_fg_mad": 502.320906486539,
  "summary_fg_mean": 2095.226318359375,
  "summary_fg_median": 2026.466552734375,
  "summary_fg_n": 12202.0,
  "summary_fg_p05": 1281.8,
  "summary_fg_p95": 3122.8369384765615,
  "summary_fg_stdv": 551.4428100585938,
  "tsnr": 77.95152008999139
}