{
  "aor": 0.0024408661417322838,
  "aqi": 0.003349730602362205,
  "bids_meta": {
    "AcquisitionDateTime": "2017-04-27T18:36:56.000000",
    "ConversionSoftware": "dcm2niix",
    "ConversionSoftwareVersion": "v1.0.20170411 GCC4.8.4",
    "EchoTime": 0.04,
    "FlipAngle": 90,
    "ImageType": [
      "ORIGINAL",
      "PRIMARY",
      "EPI",
      "NONE"
    ],
    "MagneticFieldStrength": 3,
    "Manufacturer": "GE",
    "ManufacturersModelName": "DISCOVERY_MR750",
    "ProcedureStepDescription": "ActosHabla",
    "ProtocolName": "fMRI_ActosHabla_2",
    "RepetitionTime": 2,
    "ScanningSequence": "EP_GR",
    "SequenceVariant": "SS",
    "SeriesDescription": "fMRI_ActosHabla_2",
    "SliceTiming": [
      0,
      1.0285,
      0.0571001,
      1.0857,
      0.1142,
      1.1428,
      0.1714,
      1.2,
      0.2285,
      1.2571,
      0.2857,
      1.3143,
      0.3428,
      1.3714,
      0.4,
      1.4286,
      0.4571,
      1.4857,
      0.5142,
      1.5428,
      0.5714,
      1.6,
      0.6285,
      1.6571,
      0.6857,
      1.7143,
      0.7428,
      1.7714,
      0.8,
      1.8285,
      0.8571,
      1.8857,
      0.9143,
      1.9428,
      0.9714
    ],
    "TaskName": "sar",
    "dataset": "ds003481",
    "modality": "bold",
    "run_id": 2,
    "subject_id": "019",
    "task_id": "sar"
  },
  "dummy_trs": 0,
  "dvars_nstd": 11.75726054517787,
  "dvars_std": 1.019988125375495,
  "dvars_vstd": 0.946686278142293,
  "efc": 0.36065795125262,
  "fber": 36915.7734375,
  "fd_mean": 0.056263972065131285,
  "fd_num": 1,
  "fd_perc": 0.3937007874015748,
  "fwhm_avg": 2.6526333333333336,
  "fwhm_x": 2.517525,
  "fwhm_y": 2.779675,
  "fwhm_z": 2.6607,
  "gcor": 0.042901,
  "gsr_x": -0.007721548900008202,
  "gsr_y": 0.0025695208460092545,
  "provenance": {
    "md5sum": "f02a50c7433394ae327b5b09b6bee7c8",
    "settings": {
      "fd_thres": 0.2,
      "testing": false
    },
    "software": "mriqc",
    "version": "23.0.1",
    "webapi_port": null,
    "webapi_url": "https://mriqc.nimh.nih.gov/api/v1"
  },
  "size_t": 254,
  "size_x": 64,
  "size_y": 64,
  "size_z": 35,
  "snr": 3.622818340352237,
  "spacing_tr": 2.0,
  "spacing_x": 4.0,
  "spacing_y": 4.0,
  "spacing_z": 4.0,
  "summary_bg_k": 231.79907253871778,
  "summary_bg_mad": 14.388245706332375,
  "summary_bg_mean": 43.018733978271484,
  "summary_bg_median": 10.299212455749512,
  "summary_bg_n": 102384.0,
  "summary_bg_p05": 0.18897637724876404,
  "summary_bg_p95": 199.24271469116042,
  "summary_bg_stdv": 109.93367004394531,
  "summary_fg_k": 0.39958527935060495,
  "summary_fg_mad": 487.8811897745543,
  "summary_fg_mean": 1923.8177490234375,
  "summary_fg_median": 1878.3701171875,
  "summary_fg_n": 13388.0,
  "summary_fg_p05": 1156.6009582519532,
  "summary_fg_p95": 2840.695324707031,
  "summary_fg_stdv": 518.4637451171875,
  "tsnr": 74.1069014435634
}