{
  "aor": 0.00099424,
  "aqi": 0.0023022416159999997,
  "bids_meta": {
    "AcquisitionDateTime": "2017-07-04T18:42:8.000000",
    "ConversionSoftware": "dcm2niix",
    "ConversionSoftwareVersion": "v1.0.20170411 GCC4.8.4",
    "EchoTime": 0.035,
    "FlipAngle": 90,
    "ImageType": [
      "ORIGINAL",
      "PRIMARY",
      "EPI",
      "NONE"
    ],
    "MagneticFieldStrength": 3,
    "Manufacturer": "GE",
    "ManufacturersModelName": "DISCOVERY_MR750",
    "ProtocolName": "fMRI_CompMet",
    "RepetitionTime": 2,
    "ScanningSequence": "EP_GR",
    "SequenceVariant": "SS",
    "SeriesDescription": "fMRI_CompMet",
    "SliceTiming": [
      1.0285,
      0.0571001,
      1.0857,
      0.1142,
      1.1428,
      0.1714,
      1.2,
      0.2285,
      1.2571,
      0.2857,
      1.3143,
      0.3428,
      1.3714,
      0.4,
      1.4286,
      0.4571,
      1.4857,
      0.5142,
      1.5428,
      0.5714,
      1.6,
      0.6285,
      1.6571,
      0.6857,
      1.7143,
      0.7428,
      1.7714,
      0.8,
      1.8285,
      0.8571,
      1.8857,
      0.9143,
      1.9428,
      0.9714
    ],
    "TaskName": "cmp",
    "dataset": "ds003481",
    "modality": "bold",
    "run_id": 2,
    "subject_id": "068",
    "task_id": "cmp"
  },
  "dummy_trs": 0,
  "dvars_nstd": 12.499643712409636,
  "dvars_std": 1.0334124089558236,
  "dvars_vstd": 0.9327783371084335,
  "efc": 0.3753265936382697,
  "fber": 81070.4140625,
  "fd_mean": 0.07494389463814913,
  "fd_num": 6,
  "fd_perc": 2.4,
  "fwhm_avg": 2.873041666666667,
  "fwhm_x": 2.759225,
  "fwhm_y": 2.8945,
  "fwhm_z": 2.9654,
  "gcor": 0.0159552,
  "gsr_x": -0.013100490905344486,
  "gsr_y": 0.005834583658725023,
  "provenance": {
    "md5sum": "c3b2f970098d3e88401fee792e040b3e",
    "settings": {
      "fd_thres": 0.2,
      "testing": false
    },
    "software": "mriqc",
    "version": "23.0.1",
    "webapi_port": null,
    "webapi_url": "https://mriqc.nimh.nih.gov/api/v1"
  },
  "size_t": 250,
  "size_x": 64,
  "size_y": 64,
  "size_z": 34,
  "snr": 3.256040741796162,
  "spacing_tr": 2.0,
  "spacing_x": 4.0,
  "spacing_y": 4.0,
  "spacing_z": 4.0,
  "summary_bg_k": 41.85473016109122,
  "summary_bg_mad": 11.119517699231757,
  "summary_bg_mean": 54.09935760498047,
  "summary_bg_median": 8.24000072479248,
  "summary_bg_n": 96520.0,
  "summary_bg_p05": 0.19600000977516174,
  "summary_bg_p95": 270.56380004882857,
  "summary_bg_stdv": 159.08578491210938,
  "summary_fg_k": 0.7491338804571579,
  "summary_fg_mad": 593.4354275433959,
  "summary_fg_mean": 2340.295166015625,
  "summary_fg_median": 2215.5400390625,
  "summary_fg_n": 15258.0,
  "summary_fg_p05": 1421.0828796386718,
  "summary_fg_p95": 3665.806359863281,
  "summary_fg_stdv": 680.4176025390625,
  "tsnr": 81.1215078830719
}