{
  "aor": 0.006538433333333334,
  "aqi": 0.0024051920899999996,
  "bids_meta": {
    "AcquisitionDateTime": "2016-09-06T20:38:9.000000",
    "ConversionSoftware": "dcm2niix",
    "ConversionSoftwareVersion": "v1.0.20170411 GCC4.8.4",
    "EchoTime": 0.04,
    "FlipAngle": 90,
    "ImageType": [
      "ORIGINAL",
      "PRIMARY",
      "EPI",
      "NONE"
    ],
    "MagneticFieldStrength": 3,
    "Manufacturer": "GE",
    "ManufacturersModelName": "DISCOVERY_MR750",
    "ProcedureStepDescription": "MeditResp",
    "ProtocolName": "fMRI_RestSt",
    "RepetitionTime": 2,
    "ScanningSequence": "EP_GR",
    "SequenceVariant": "SS",
    "SeriesDescription": "fMRI_RestSt",
    "SliceTiming": [
      1.0285,
      0.0571001,
      1.0857,
      0.1142,
      1.1428,
      0.1714,
      1.2,
      0.2285,
      1.2571,
      0.2857,
      1.3143,
      0.3428,
      1.3714,
      0.4,
      1.4286,
      0.4571,
      1.4857,
      0.5142,
      1.5428,
      0.5714,
      1.6,
      0.6285,
      1.6571,
      0.6857,
      1.7143,
      0.7428,
      1.7714,
      0.8,
      1.8285,
      0.8571,
      1.8857,
      0.9143,
      1.9428,
      0.9714
    ],
    "TaskName": "rest",
    "dataset": "ds003481",
    "modality": "bold",
    "subject_id": "094",
    "task_id": "rest"
  },
  "dummy_trs": 0,
  "dvars_nstd": 14.148359107424755,
  "dvars_std": 1.1147260901672238,
  "dvars_vstd": 1.0438040535451503,
  "efc": 0.33592927523824656,
  "fber": 150989.03125,
  "fd_mean": 0.09108070425061951,
  "fd_num": 3,
  "fd_perc": 1.0,
  "fwhm_avg": 2.481669617641949,
  "fwhm_x": 2.42397,
  "fwhm_y": 2.61545,
  "fwhm_z": 2.4055888529258476,
  "gcor": 0.0646279,
  "gsr_x": -0.0076876250095665455,
  "gsr_y": -0.007189454976469278,
  "provenance": {
    "md5sum": "ba12823a84368c5e1119b6d452b93a8d",
    "settings": {
      "fd_thres": 0.2,
      "testing": false
    },
    "software": "mriqc",
    "version": "23.0.1",
    "webapi_port": null,
    "webapi_url": "https://mriqc.nimh.nih.gov/api/v1"
  },
  "size_t": 300,
  "size_x": 64,
  "size_y": 64,
  "size_z": 34,
  "snr": 4.014708778708999,
  "spacing_tr": 2.0,
  "spacing_x": 4.0,
  "spacing_y": 4.0,
  "spacing_z": 4.000001907348633,
  "summary_bg_k": 63.309120134293096,
  "summary_bg_mad": 7.462431517012445,
  "summary_bg_mean": 36.09741973876953,
  "summary_bg_median": 5.483333587646484,
  "summary_bg_n": 101216.0,
  "summary_bg_p05": 0.10000000149011612,
  "summary_bg_p95": 155.06000518798828,
  "summary_bg_stdv": 119.25697326660156,
  "summary_fg_k": 0.4092536048135669,
  "summary_fg_mad": 459.2459911764971,
  "summary_fg_mean": 2043.38232421875,
  "summary_fg_median": 1990.96337890625,
  "summary_fg_n": 12077.0,
  "summary_fg_p05": 1302.03203125,
  "summary_fg_p95": 2933.3427734374986,
  "summary_fg_stdv": 495.896728515625,
  "tsnr": 71.76166810281575
}