{
  "bids_meta": {
    "AcquisitionMatrixPE": 256,
    "AcquisitionNumber": 1,
    "AcquisitionTime": "20:20:53.000000",
    "CoilString": "32Ch_Head",
    "ConversionSoftware": "dcm2niix",
    "ConversionSoftwareVersion": "v1.0.20190902",
    "Dcm2bidsVersion": "2.1.4",
    "DeviceSerialNumber": "000000000000GEHC",
    "EchoTime": 0.00318,
    "FlipAngle": 12,
    "ImageOrientationPatientDICOM": [
      0,
      1,
      0,
      0,
      0,
      -1
    ],
    "ImageType": [
      "ORIGINAL",
      "PRIMARY",
      "OTHER"
    ],
    "ImagingFrequency": 127.772,
    "InPlanePhaseEncodingDirectionDICOM": "ROW",
    "InstitutionName": "INSTITUTO_DE_NEUROBIOLOGIA",
    "InversionTime": 0.45,
    "MRAcquisitionType": "3D",
    "MagneticFieldStrength": 3,
    "Manufacturer": "GE",
    "ManufacturersModelName": "DISCOVERY_MR750",
    "Modality": "MR",
    "PatientPosition": "HFS",
    "PercentPhaseFOV": 100,
    "PixelBandwidth": 244.141,
    "ProcedureStepDescription": "verbos",
    "ProtocolName": "Sag_T1_FSPGR_BRAVO",
    "ReconMatrixPE": 256,
    "RepetitionTime": 0.008156,
    "SAR": 0.226371,
    "ScanOptions": "FAST_GEMS_EDR_GEMS_FILTERED_GEMS_ACC_GEMS",
    "ScanningSequence": "GR",
    "SequenceVariant": "SS_SP_SK",
    "SeriesDescription": "Sag_T1_FSPGR_BRAVO",
    "SeriesNumber": 12,
    "SliceThickness": 1,
    "SoftwareVersions": "24_LX_MR_Software_release:DV24.0_R02_1607.b",
    "SpacingBetweenSlices": 1,
    "StationName": "GEHCGEHC",
    "dataset": "ds003481",
    "modality": "T1w",
    "subject_id": "131"
  },
  "cjv": 0.38481423651816066,
  "cnr": 3.582929380612736,
  "efc": 0.5320197246639902,
  "fber": -1.0,
  "fwhm_avg": 4.2682,
  "fwhm_x": 4.17681,
  "fwhm_y": 4.35904,
  "fwhm_z": 4.26875,
  "icvs_csf": 0.19652089828751043,
  "icvs_gm": 0.45175575636035326,
  "icvs_wm": 0.35172334535213634,
  "inu_med": 0.7786081433296204,
  "inu_range": 0.6621897161006921,
  "provenance": {
    "md5sum": "e95c117388febf2c916f2640fe1503d1",
    "settings": {
      "testing": false
    },
    "software": "mriqc",
    "version": "23.0.1",
    "warnings": {
      "large_rot_frame": true,
      "small_air_mask": false
    },
    "webapi_port": null,
    "webapi_url": "https://mriqc.nimh.nih.gov/api/v1"
  },
  "qi_1": 0.00035754859608662663,
  "qi_2": 0.0007849855026472862,
  "rpve_csf": 28.32879958682281,
  "rpve_gm": 13.275680067327743,
  "rpve_wm": 19.125263918630445,
  "size_x": 176,
  "size_y": 256,
  "size_z": 256,
  "snr_csf": 2.68215077654213,
  "snr_gm": 11.532027193236093,
  "snr_total": 11.26336740779358,
  "snr_wm": 19.57592425360252,
  "snrd_csf": 18.24155587280556,
  "snrd_gm": 44.745087853102554,
  "snrd_total": 41.97989161859092,
  "snrd_wm": 62.95303112986463,
  "spacing_x": 1.0,
  "spacing_y": 1.0,
  "spacing_z": 1.0,
  "summary_bg_k": 23.136894264535638,
  "summary_bg_mad": 0.0,
  "summary_bg_mean": 4.862182469103839,
  "summary_bg_median": 0.0,
  "summary_bg_n": 2167265.0,
  "summary_bg_p05": 0.0,
  "summary_bg_p95": 25.416487827897072,
  "summary_bg_stdv": 10.40730442884103,
  "summary_csf_k": 0.968206526822252,
  "summary_csf_mad": 86.883590359635,
  "summary_csf_mean": 296.1207394837301,
  "summary_csf_median": 289.77999882772565,
  "summary_csf_n": 23140.0,
  "summary_csf_p05": 114.9615510366857,
  "summary_csf_p95": 489.85741629730904,
  "summary_csf_stdv": 108.03782540579306,
  "summary_gm_k": -0.008362105735781444,
  "summary_gm_mad": 61.590372027149,
  "summary_gm_mean": 709.9852047769374,
  "summary_gm_median": 710.8073234558105,
  "summary_gm_n": 35110.0,
  "summary_gm_p05": 607.0589288137853,
  "summary_gm_p95": 810.4976234026253,
  "summary_gm_stdv": 61.63679541304883,
  "summary_wm_k": 0.41008644663526006,
  "summary_wm_mad": 49.7156216363105,
  "summary_wm_mean": 1001.3902125140935,
  "summary_wm_median": 1000.053362455219,
  "summary_wm_n": 180050.0,
  "summary_wm_p05": 920.4399520531297,
  "summary_wm_p95": 1087.0354184880853,
  "summary_wm_stdv": 51.08574044021193,
  "tpm_overlap_csf": 0.1529825714691719,
  "tpm_overlap_gm": 0.47757242830595714,
  "tpm_overlap_wm": 0.515486285038542,
  "wm2max": 0.3808113493940971
}