{
  "aor": 0.0012451769911504427,
  "aqi": 0.004830557831858408,
  "bids_meta": {
    "AcquisitionDateTime": "2017-01-13T18:13:53.000000",
    "ConversionSoftware": "dcm2niix",
    "ConversionSoftwareVersion": "v1.0.20170411 GCC4.8.4",
    "EchoTime": 0.04,
    "FlipAngle": 90,
    "ImageType": [
      "ORIGINAL",
      "PRIMARY",
      "EPI",
      "NONE"
    ],
    "MagneticFieldStrength": 3,
    "Manufacturer": "GE",
    "ManufacturersModelName": "DISCOVERY_MR750",
    "ProcedureStepDescription": "CompRefranes",
    "ProtocolName": "fMRI_Comprension_4",
    "RepetitionTime": 2,
    "ScanningSequence": "EP_GR",
    "SequenceVariant": "SS",
    "SeriesDescription": "fMRI_Comprension_4",
    "SliceTiming": [
      1.0285,
      0.0571001,
      1.0857,
      0.1142,
      1.1428,
      0.1714,
      1.2,
      0.2285,
      1.2571,
      0.2857,
      1.3143,
      0.3428,
      1.3714,
      0.4,
      1.4286,
      0.4571,
      1.4857,
      0.5142,
      1.5428,
      0.5714,
      1.6,
      0.6285,
      1.6571,
      0.6857,
      1.7143,
      0.7428,
      1.7714,
      0.8,
      1.8285,
      0.8571,
      1.8857,
      0.9143,
      1.9428,
      0.9714
    ],
    "TaskName": "pc",
    "dataset": "ds003481",
    "modality": "bold",
    "run_id": 4,
    "subject_id": "052",
    "task_id": "pc"
  },
  "dummy_trs": 0,
  "dvars_nstd": 21.184750759911104,
  "dvars_std": 1.1142801563999998,
  "dvars_vstd": 0.9383327798666665,
  "efc": 0.35158978414623515,
  "fber": 96930.796875,
  "fd_mean": 0.1700158248028646,
  "fd_num": 66,
  "fd_perc": 29.20353982300885,
  "fwhm_avg": 2.4959708333333332,
  "fwhm_x": 2.3789025,
  "fwhm_y": 2.65465,
  "fwhm_z": 2.45436,
  "gcor": 0.0422559,
  "gsr_x": -0.01683250069618225,
  "gsr_y": 0.004462065640836954,
  "provenance": {
    "md5sum": "17c2405e3d4a4c7277cc25891e03e7cf",
    "settings": {
      "fd_thres": 0.2,
      "testing": false
    },
    "software": "mriqc",
    "version": "23.0.1",
    "webapi_port": null,
    "webapi_url": "https://mriqc.nimh.nih.gov/api/v1"
  },
  "size_t": 226,
  "size_x": 64,
  "size_y": 64,
  "size_z": 34,
  "snr": 4.095686995605881,
  "spacing_tr": 2.0,
  "spacing_x": 4.0,
  "spacing_y": 4.0,
  "spacing_z": 4.0,
  "summary_bg_k": 69.12563747157493,
  "summary_bg_mad": 8.521682374432446,
  "summary_bg_mean": 26.521926879882812,
  "summary_bg_median": 6.269911289215088,
  "summary_bg_n": 98599.0,
  "summary_bg_p05": 0.1504424810409546,
  "summary_bg_p95": 111.54690475463843,
  "summary_bg_stdv": 74.4914779663086,
  "summary_fg_k": 0.5161599751230459,
  "summary_fg_mad": 413.4820495282527,
  "summary_fg_mean": 1868.131591796875,
  "summary_fg_median": 1816.048583984375,
  "summary_fg_n": 13708.0,
  "summary_fg_p05": 1226.3690490722656,
  "summary_fg_p95": 2666.8062133789062,
  "summary_fg_stdv": 443.3889465332031,
  "tsnr": 57.791045269113965
}