{
  "aor": 0.0011284070796460178,
  "aqi": 0.0022876599557522122,
  "bids_meta": {
    "AcquisitionDateTime": "2017-01-13T18:04:50.000000",
    "ConversionSoftware": "dcm2niix",
    "ConversionSoftwareVersion": "v1.0.20170411 GCC4.8.4",
    "EchoTime": 0.04,
    "FlipAngle": 90,
    "ImageType": [
      "ORIGINAL",
      "PRIMARY",
      "EPI",
      "NONE"
    ],
    "MagneticFieldStrength": 3,
    "Manufacturer": "GE",
    "ManufacturersModelName": "DISCOVERY_MR750",
    "ProcedureStepDescription": "CompRefranes",
    "ProtocolName": "fMRI_Comprension_3",
    "RepetitionTime": 2,
    "ScanningSequence": "EP_GR",
    "SequenceVariant": "SS",
    "SeriesDescription": "fMRI_Comprension_3",
    "SliceTiming": [
      1.0285,
      0.0571001,
      1.0857,
      0.1142,
      1.1428,
      0.1714,
      1.2,
      0.2285,
      1.2571,
      0.2857,
      1.3143,
      0.3428,
      1.3714,
      0.4,
      1.4286,
      0.4571,
      1.4857,
      0.5142,
      1.5428,
      0.5714,
      1.6,
      0.6285,
      1.6571,
      0.6857,
      1.7143,
      0.7428,
      1.7714,
      0.8,
      1.8285,
      0.8571,
      1.8857,
      0.9143,
      1.9428,
      0.9714
    ],
    "TaskName": "pc",
    "dataset": "ds003481",
    "modality": "bold",
    "run_id": 3,
    "subject_id": "052",
    "task_id": "pc"
  },
  "dummy_trs": 0,
  "dvars_nstd": 19.78476398062222,
  "dvars_std": 1.1807465932888894,
  "dvars_vstd": 0.9929636855555554,
  "efc": 0.3499161788667425,
  "fber": 93501.375,
  "fd_mean": 0.13924317524570784,
  "fd_num": 41,
  "fd_perc": 18.141592920353983,
  "fwhm_avg": 2.468296666666667,
  "fwhm_x": 2.3685025,
  "fwhm_y": 2.6146,
  "fwhm_z": 2.4217875,
  "gcor": 0.0570178,
  "gsr_x": -0.016817264258861542,
  "gsr_y": 0.004517588764429092,
  "provenance": {
    "md5sum": "441ada1a92abfbc77b4e5bfbba8265bd",
    "settings": {
      "fd_thres": 0.2,
      "testing": false
    },
    "software": "mriqc",
    "version": "23.0.1",
    "webapi_port": null,
    "webapi_url": "https://mriqc.nimh.nih.gov/api/v1"
  },
  "size_t": 226,
  "size_x": 64,
  "size_y": 64,
  "size_z": 34,
  "snr": 4.054908858375332,
  "spacing_tr": 2.0,
  "spacing_x": 4.0,
  "spacing_y": 4.0,
  "spacing_z": 4.0,
  "summary_bg_k": 76.09137787978176,
  "summary_bg_mad": 8.5741643326397,
  "summary_bg_mean": 25.88200569152832,
  "summary_bg_median": 6.314159393310547,
  "summary_bg_n": 98643.0,
  "summary_bg_p05": 0.14601770043373108,
  "summary_bg_p95": 107.5641563415526,
  "summary_bg_stdv": 73.15888977050781,
  "summary_fg_k": 0.5431527057453351,
  "summary_fg_mad": 410.60208747953686,
  "summary_fg_mean": 1859.56201171875,
  "summary_fg_median": 1803.5885009765625,
  "summary_fg_n": 13599.0,
  "summary_fg_p05": 1223.4667846679688,
  "summary_fg_p95": 2675.2088134765618,
  "summary_fg_stdv": 444.7750244140625,
  "tsnr": 79.71829684334807
}