{
  "bids_meta": {
    "AcquisitionDateTime": "2016-10-10T19:40:6.000000",
    "ConversionSoftware": "dcm2niix",
    "ConversionSoftwareVersion": "v1.0.20170411 GCC4.8.4",
    "EchoTime": 0.003328,
    "FlipAngle": 12,
    "ImageType": [
      "DERIVED",
      "PRIMARY",
      "OTHER"
    ],
    "InversionTime": 0.45,
    "MagneticFieldStrength": 3,
    "Manufacturer": "GE",
    "ManufacturersModelName": "DISCOVERY_MR750",
    "ProcedureStepDescription": "MeditResp",
    "ProtocolName": "PU:Sag_T1_FSPGR_BRAVO",
    "RepetitionTime": 0.0085,
    "ScanningSequence": "GR",
    "SequenceVariant": "SS_SP_SK",
    "SeriesDescription": "PU:Sag_T1_FSPGR_BRAVO",
    "dataset": "ds003481",
    "modality": "T1w",
    "subject_id": "104"
  },
  "cjv": 0.3119324429405939,
  "cnr": 4.329756398609438,
  "efc": 0.7473816489251515,
  "fber": -1.0,
  "fwhm_avg": 3.8609233333333335,
  "fwhm_x": 3.94937,
  "fwhm_y": 3.93579,
  "fwhm_z": 3.69761,
  "icvs_csf": 0.2143473640894728,
  "icvs_gm": 0.4497714401750863,
  "icvs_wm": 0.3358811957354409,
  "inu_med": 0.463198184967041,
  "inu_range": 0.11122217476367952,
  "provenance": {
    "md5sum": "35ea9bb5ae5be0415eae0c60bed9df16",
    "settings": {
      "testing": false
    },
    "software": "mriqc",
    "version": "23.0.1",
    "warnings": {
      "large_rot_frame": true,
      "small_air_mask": true
    },
    "webapi_port": null,
    "webapi_url": "https://mriqc.nimh.nih.gov/api/v1"
  },
  "qi_1": 0.0,
  "qi_2": 0.004107934494442047,
  "rpve_csf": 25.332219060694698,
  "rpve_gm": 12.819924639776103,
  "rpve_wm": 19.575836129682283,
  "size_x": 176,
  "size_y": 256,
  "size_z": 256,
  "snr_csf": 2.335028562669821,
  "snr_gm": 11.153797159058325,
  "snr_total": 12.33910242617607,
  "snr_wm": 23.52848155680006,
  "snrd_csf": 23.94395287775393,
  "snrd_gm": 63.16698607200826,
  "snrd_total": 60.1126890196756,
  "snrd_wm": 93.2271281092646,
  "spacing_x": 1.0,
  "spacing_y": 1.0,
  "spacing_z": 1.0,
  "summary_bg_k": 22.320663175617224,
  "summary_bg_mad": 0.0,
  "summary_bg_mean": 2.4256977594066167,
  "summary_bg_median": 0.0,
  "summary_bg_n": 167490.0,
  "summary_bg_p05": 0.0,
  "summary_bg_p95": 15.851401634514332,
  "summary_bg_stdv": 7.027314955824469,
  "summary_csf_k": 0.4424699816287627,
  "summary_csf_mad": 97.05942963830233,
  "summary_csf_mean": 267.47517192140725,
  "summary_csf_median": 256.83460445702076,
  "summary_csf_n": 33248.0,
  "summary_csf_p05": 101.1260068813339,
  "summary_csf_p95": 471.4447759477421,
  "summary_csf_stdv": 109.99040702418426,
  "summary_gm_k": 0.1913698904136827,
  "summary_gm_mad": 59.685078598913385,
  "summary_gm_mean": 676.7994999859485,
  "summary_gm_median": 677.5601324215531,
  "summary_gm_n": 41681.0,
  "summary_gm_p05": 576.6209206916392,
  "summary_gm_p95": 774.8681860677898,
  "summary_gm_stdv": 60.74630861445775,
  "summary_wm_k": 0.33752773768198274,
  "summary_wm_mad": 40.894373020938055,
  "summary_wm_mean": 999.9345619905437,
  "summary_wm_median": 999.9999872557819,
  "summary_wm_n": 191566.0,
  "summary_wm_p05": 930.0303641818464,
  "summary_wm_p95": 1069.4109706245363,
  "summary_wm_stdv": 42.50156878045074,
  "tpm_overlap_csf": 0.1511209684426611,
  "tpm_overlap_gm": 0.4665921537899953,
  "tpm_overlap_wm": 0.5135704622378281,
  "wm2max": 0.5076046544693553
}