{
  "bids_meta": {
    "AcquisitionDateTime": "2017-08-24T18:56:58.000000",
    "ConversionSoftware": "dcm2niix",
    "ConversionSoftwareVersion": "v1.0.20170411 GCC4.8.4",
    "EchoTime": 0.00318,
    "FlipAngle": 12,
    "ImageType": [
      "DERIVED",
      "PRIMARY",
      "OTHER"
    ],
    "InversionTime": 0.45,
    "MagneticFieldStrength": 3,
    "Manufacturer": "GE",
    "ManufacturersModelName": "DISCOVERY_MR750",
    "ProtocolName": "PU:Sag_T1_FSPGR_BRAVO",
    "RepetitionTime": 0.008156,
    "ScanningSequence": "GR",
    "SequenceVariant": "SS_SP_SK",
    "SeriesDescription": "PU:Sag_T1_FSPGR_BRAVO",
    "dataset": "ds003481",
    "modality": "T1w",
    "subject_id": "090"
  },
  "cjv": 0.3419113361270404,
  "cnr": 3.9811660786289416,
  "efc": 0.6947367461595936,
  "fber": -1.0,
  "fwhm_avg": 3.7294433333333337,
  "fwhm_x": 3.68291,
  "fwhm_y": 3.99429,
  "fwhm_z": 3.51113,
  "icvs_csf": 0.20653510481927956,
  "icvs_gm": 0.46661997007730766,
  "icvs_wm": 0.3268449251034128,
  "inu_med": 0.5827391147613525,
  "inu_range": 0.21111857891082764,
  "provenance": {
    "md5sum": "87b5b0ccd7952d95d27269572a1b944e",
    "settings": {
      "testing": false
    },
    "software": "mriqc",
    "version": "23.0.1",
    "warnings": {
      "large_rot_frame": true,
      "small_air_mask": false
    },
    "webapi_port": null,
    "webapi_url": "https://mriqc.nimh.nih.gov/api/v1"
  },
  "qi_1": 0.0,
  "qi_2": 0.0018536268011887054,
  "rpve_csf": 26.280540350893286,
  "rpve_gm": 12.486355843805425,
  "rpve_wm": 19.5732948828119,
  "size_x": 176,
  "size_y": 256,
  "size_z": 256,
  "snr_csf": 2.4875877015627266,
  "snr_gm": 11.579557518046009,
  "snr_total": 11.535049341754041,
  "snr_wm": 20.538002805653388,
  "snrd_csf": 13.459001042891257,
  "snrd_gm": 34.403158280281716,
  "snrd_total": 32.58879132566384,
  "snrd_wm": 49.90421465381854,
  "spacing_x": 1.0,
  "spacing_y": 1.0,
  "spacing_z": 1.0,
  "summary_bg_k": 13.172213753846371,
  "summary_bg_mad": 0.0,
  "summary_bg_mean": 7.63999927221231,
  "summary_bg_median": 0.0,
  "summary_bg_n": 536086.0,
  "summary_bg_p05": 0.0,
  "summary_bg_p95": 34.576498065143824,
  "summary_bg_stdv": 13.127877372144493,
  "summary_csf_k": 1.816013820091909,
  "summary_csf_mad": 88.52623077227611,
  "summary_csf_mean": 280.43076466978334,
  "summary_csf_median": 269.6966849081218,
  "summary_csf_n": 27154.0,
  "summary_csf_p05": 119.65614458005876,
  "summary_csf_p95": 484.5645822292193,
  "summary_csf_stdv": 108.41495905243747,
  "summary_gm_k": 0.06269257154702013,
  "summary_gm_mad": 58.89964076142652,
  "summary_gm_mean": 688.734733631879,
  "summary_gm_median": 689.3838338367641,
  "summary_gm_n": 39834.0,
  "summary_gm_p05": 588.8496849797666,
  "summary_gm_p95": 784.3380512818694,
  "summary_gm_stdv": 59.533810294509834,
  "summary_wm_k": 0.6064465571823536,
  "summary_wm_mad": 47.303553024483,
  "summary_wm_mean": 1001.004796405799,
  "summary_wm_median": 1000.0000157654285,
  "summary_wm_n": 171087.0,
  "summary_wm_p05": 923.3594193644822,
  "summary_wm_p95": 1081.2667091488838,
  "summary_wm_stdv": 48.6900845585687,
  "tpm_overlap_csf": 0.14308069862569375,
  "tpm_overlap_gm": 0.47722855238788736,
  "tpm_overlap_wm": 0.5029576327755072,
  "wm2max": 0.39523486390711
}