{
  "aor": 0.003486102362204724,
  "aqi": 0.0026463430118110237,
  "bids_meta": {
    "AcquisitionDateTime": "2017-02-23T18:23:23.000000",
    "ConversionSoftware": "dcm2niix",
    "ConversionSoftwareVersion": "v1.0.20170411 GCC4.8.4",
    "EchoTime": 0.04,
    "FlipAngle": 90,
    "ImageType": [
      "ORIGINAL",
      "PRIMARY",
      "EPI",
      "NONE"
    ],
    "MagneticFieldStrength": 3,
    "Manufacturer": "GE",
    "ManufacturersModelName": "DISCOVERY_MR750",
    "ProcedureStepDescription": "ActosHabla",
    "ProtocolName": "fMRI_ActosHabla_2",
    "RepetitionTime": 2,
    "ScanningSequence": "EP_GR",
    "SequenceVariant": "SS",
    "SeriesDescription": "fMRI_ActosHabla_2",
    "SliceTiming": [
      0,
      1.0285,
      0.0571001,
      1.0857,
      0.1142,
      1.1428,
      0.1714,
      1.2,
      0.2285,
      1.2571,
      0.2857,
      1.3143,
      0.3428,
      1.3714,
      0.4,
      1.4286,
      0.4571,
      1.4857,
      0.5142,
      1.5428,
      0.5714,
      1.6,
      0.6285,
      1.6571,
      0.6857,
      1.7143,
      0.7428,
      1.7714,
      0.8,
      1.8285,
      0.8571,
      1.8857,
      0.9143,
      1.9428,
      0.9714
    ],
    "TaskName": "sar",
    "dataset": "ds003481",
    "modality": "bold",
    "run_id": 2,
    "subject_id": "018",
    "task_id": "sar"
  },
  "dummy_trs": 0,
  "dvars_nstd": 13.74186185964426,
  "dvars_std": 1.1115548341106716,
  "dvars_vstd": 1.0015810915810277,
  "efc": 0.35717462822434864,
  "fber": 58841.4921875,
  "fd_mean": 0.05972517390367622,
  "fd_num": 0,
  "fd_perc": 0.0,
  "fwhm_avg": 2.7666416666666667,
  "fwhm_x": 2.71065,
  "fwhm_y": 2.834425,
  "fwhm_z": 2.75485,
  "gcor": 0.0336329,
  "gsr_x": -0.008186652325093746,
  "gsr_y": 0.001370781334117055,
  "provenance": {
    "md5sum": "7bef6f65a347691447ed83d8914a94c3",
    "settings": {
      "fd_thres": 0.2,
      "testing": false
    },
    "software": "mriqc",
    "version": "23.0.1",
    "webapi_port": null,
    "webapi_url": "https://mriqc.nimh.nih.gov/api/v1"
  },
  "size_t": 254,
  "size_x": 64,
  "size_y": 64,
  "size_z": 35,
  "snr": 3.542842002214276,
  "spacing_tr": 2.0,
  "spacing_x": 4.0,
  "spacing_y": 4.0,
  "spacing_z": 4.0,
  "summary_bg_k": 86.99707212119266,
  "summary_bg_mad": 11.703218286400286,
  "summary_bg_mean": 32.400978088378906,
  "summary_bg_median": 8.562992095947266,
  "summary_bg_n": 100870.0,
  "summary_bg_p05": 0.20866142213344574,
  "summary_bg_p95": 136.26299133300708,
  "summary_bg_stdv": 83.12073516845703,
  "summary_fg_k": 0.9164803475294638,
  "summary_fg_mad": 461.03390955010764,
  "summary_fg_mean": 2036.6837158203125,
  "summary_fg_median": 1953.9212646484375,
  "summary_fg_n": 14764.0,
  "summary_fg_p05": 1282.039569091797,
  "summary_fg_p95": 3101.2641967773434,
  "summary_fg_stdv": 551.4937133789062,
  "tsnr": 80.77647853922099
}