{
  "aor": 0.0015464367816091953,
  "aqi": 0.0026853512835249044,
  "bids_meta": {
    "AcquisitionDateTime": "2017-02-23T18:11:57.000000",
    "ConversionSoftware": "dcm2niix",
    "ConversionSoftwareVersion": "v1.0.20170411 GCC4.8.4",
    "EchoTime": 0.04,
    "FlipAngle": 90,
    "ImageType": [
      "ORIGINAL",
      "PRIMARY",
      "EPI",
      "NONE"
    ],
    "MagneticFieldStrength": 3,
    "Manufacturer": "GE",
    "ManufacturersModelName": "DISCOVERY_MR750",
    "ProcedureStepDescription": "ActosHabla",
    "ProtocolName": "fMRI_ActosHabla_1",
    "RepetitionTime": 2,
    "ScanningSequence": "EP_GR",
    "SequenceVariant": "SS",
    "SeriesDescription": "fMRI_ActosHabla_1",
    "SliceTiming": [
      0,
      1.0285,
      0.0571001,
      1.0857,
      0.1142,
      1.1428,
      0.1714,
      1.2,
      0.2285,
      1.2571,
      0.2857,
      1.3143,
      0.3428,
      1.3714,
      0.4,
      1.4286,
      0.4571,
      1.4857,
      0.5142,
      1.5428,
      0.5714,
      1.6,
      0.6285,
      1.6571,
      0.6857,
      1.7143,
      0.7428,
      1.7714,
      0.8,
      1.8285,
      0.8571,
      1.8857,
      0.9143,
      1.9428,
      0.9714
    ],
    "TaskName": "sar",
    "dataset": "ds003481",
    "modality": "bold",
    "run_id": 1,
    "subject_id": "018",
    "task_id": "sar"
  },
  "dummy_trs": 0,
  "dvars_nstd": 14.754552632153853,
  "dvars_std": 1.1202300509230767,
  "dvars_vstd": 0.9676234184615379,
  "efc": 0.3562862085609614,
  "fber": 58301.9375,
  "fd_mean": 0.08897526216327376,
  "fd_num": 19,
  "fd_perc": 7.2796934865900385,
  "fwhm_avg": 2.766433333333333,
  "fwhm_x": 2.6926,
  "fwhm_y": 2.835275,
  "fwhm_z": 2.771425,
  "gcor": 0.0212404,
  "gsr_x": -0.008240584284067154,
  "gsr_y": 0.0015944340266287327,
  "provenance": {
    "md5sum": "9448f11ad913523ed4d01ab5731f10da",
    "settings": {
      "fd_thres": 0.2,
      "testing": false
    },
    "software": "mriqc",
    "version": "23.0.1",
    "webapi_port": null,
    "webapi_url": "https://mriqc.nimh.nih.gov/api/v1"
  },
  "size_t": 261,
  "size_x": 64,
  "size_y": 64,
  "size_z": 35,
  "snr": 3.5270023944524205,
  "spacing_tr": 2.0,
  "spacing_x": 4.0,
  "spacing_y": 4.0,
  "spacing_z": 4.0,
  "summary_bg_k": 88.84712767057383,
  "summary_bg_mad": 11.80969368292838,
  "summary_bg_mean": 31.995845794677734,
  "summary_bg_median": 8.639846801757812,
  "summary_bg_n": 100902.0,
  "summary_bg_p05": 0.2145593762397766,
  "summary_bg_p95": 131.96934509277344,
  "summary_bg_stdv": 81.81230926513672,
  "summary_fg_k": 0.97312213426788,
  "summary_fg_mad": 460.7711240982924,
  "summary_fg_mean": 2044.586669921875,
  "summary_fg_median": 1959.0057373046875,
  "summary_fg_n": 14720.0,
  "summary_fg_p05": 1285.629620361328,
  "summary_fg_p95": 3128.012243652344,
  "summary_fg_stdv": 555.4119262695312,
  "tsnr": 79.7105484905187
}