{
  "aor": 0.0014785098039215687,
  "aqi": 0.0038153510549019604,
  "bids_meta": {
    "AcquisitionDateTime": "2017-02-23T18:33:11.000000",
    "ConversionSoftware": "dcm2niix",
    "ConversionSoftwareVersion": "v1.0.20170411 GCC4.8.4",
    "EchoTime": 0.04,
    "FlipAngle": 90,
    "ImageType": [
      "ORIGINAL",
      "PRIMARY",
      "EPI",
      "NONE"
    ],
    "MagneticFieldStrength": 3,
    "Manufacturer": "GE",
    "ManufacturersModelName": "DISCOVERY_MR750",
    "ProcedureStepDescription": "ActosHabla",
    "ProtocolName": "fMRI_ActosHabla_3",
    "RepetitionTime": 2,
    "ScanningSequence": "EP_GR",
    "SequenceVariant": "SS",
    "SeriesDescription": "fMRI_ActosHabla_3",
    "SliceTiming": [
      0,
      1.0285,
      0.0571001,
      1.0857,
      0.1142,
      1.1428,
      0.1714,
      1.2,
      0.2285,
      1.2571,
      0.2857,
      1.3143,
      0.3428,
      1.3714,
      0.4,
      1.4286,
      0.4571,
      1.4857,
      0.5142,
      1.5428,
      0.5714,
      1.6,
      0.6285,
      1.6571,
      0.6857,
      1.7143,
      0.7428,
      1.7714,
      0.8,
      1.8285,
      0.8571,
      1.8857,
      0.9143,
      1.9428,
      0.9714
    ],
    "TaskName": "sar",
    "dataset": "ds003481",
    "modality": "bold",
    "run_id": 3,
    "subject_id": "018",
    "task_id": "sar"
  },
  "dummy_trs": 0,
  "dvars_nstd": 13.921206996377958,
  "dvars_std": 1.0268796628740158,
  "dvars_vstd": 0.9411275893307085,
  "efc": 0.3583132163075289,
  "fber": 58481.87890625,
  "fd_mean": 0.0708455151385188,
  "fd_num": 0,
  "fd_perc": 0.0,
  "fwhm_avg": 2.7385249999999997,
  "fwhm_x": 2.659775,
  "fwhm_y": 2.835375,
  "fwhm_z": 2.720425,
  "gcor": 0.0303259,
  "gsr_x": -0.007729236502200365,
  "gsr_y": 0.0011607748456299305,
  "provenance": {
    "md5sum": "036dede7430a6fe0e7f8cdfab6cca1e6",
    "settings": {
      "fd_thres": 0.2,
      "testing": false
    },
    "software": "mriqc",
    "version": "23.0.1",
    "webapi_port": null,
    "webapi_url": "https://mriqc.nimh.nih.gov/api/v1"
  },
  "size_t": 255,
  "size_x": 64,
  "size_y": 64,
  "size_z": 35,
  "snr": 3.5325393693618894,
  "spacing_tr": 2.0,
  "spacing_x": 4.0,
  "spacing_y": 4.0,
  "spacing_z": 4.0,
  "summary_bg_k": 79.27256070865988,
  "summary_bg_mad": 11.732908124842837,
  "summary_bg_mean": 32.78133010864258,
  "summary_bg_median": 8.572549819946289,
  "summary_bg_n": 100707.0,
  "summary_bg_p05": 0.22745099663734436,
  "summary_bg_p95": 138.49687042236326,
  "summary_bg_stdv": 83.08650207519531,
  "summary_fg_k": 1.0626297721908369,
  "summary_fg_mad": 457.87414976826074,
  "summary_fg_mean": 2029.2554931640625,
  "summary_fg_median": 1944.1217041015625,
  "summary_fg_n": 14791.0,
  "summary_fg_p05": 1278.3941650390625,
  "summary_fg_p95": 3097.478515625,
  "summary_fg_stdv": 550.3281860351562,
  "tsnr": 70.60828584618866
}