{
  "bids_meta": {
    "AcquisitionDateTime": "2016-09-20T22:07:25.000000",
    "ConversionSoftware": "dcm2niix",
    "ConversionSoftwareVersion": "v1.0.20170411 GCC4.8.4",
    "EchoTime": 0.00318,
    "FlipAngle": 12,
    "ImageType": [
      "DERIVED",
      "PRIMARY",
      "OTHER"
    ],
    "InversionTime": 0.45,
    "MagneticFieldStrength": 3,
    "Manufacturer": "GE",
    "ManufacturersModelName": "DISCOVERY_MR750",
    "ProcedureStepDescription": "MeditResp",
    "ProtocolName": "PU:Sag_T1_FSPGR_BRAVO",
    "RepetitionTime": 0.008156,
    "ScanningSequence": "GR",
    "SequenceVariant": "SS_SP_SK",
    "SeriesDescription": "PU:Sag_T1_FSPGR_BRAVO",
    "dataset": "ds003481",
    "modality": "T1w",
    "subject_id": "117"
  },
  "cjv": 0.3487201711897764,
  "cnr": 3.925502895056472,
  "efc": 0.7218996667563636,
  "fber": -1.0,
  "fwhm_avg": 3.7456933333333335,
  "fwhm_x": 3.81876,
  "fwhm_y": 3.82353,
  "fwhm_z": 3.59479,
  "icvs_csf": 0.20602439254507576,
  "icvs_gm": 0.4427518110458639,
  "icvs_wm": 0.3512237964090603,
  "inu_med": 0.379031702876091,
  "inu_range": 0.06348331421613695,
  "provenance": {
    "md5sum": "ddd57a68bcf8ccc41e4fede523a78017",
    "settings": {
      "testing": false
    },
    "software": "mriqc",
    "version": "23.0.1",
    "warnings": {
      "large_rot_frame": true,
      "small_air_mask": false
    },
    "webapi_port": null,
    "webapi_url": "https://mriqc.nimh.nih.gov/api/v1"
  },
  "qi_1": 0.0,
  "qi_2": 0.0028020302882741993,
  "rpve_csf": 25.624006330868347,
  "rpve_gm": 12.459334202440726,
  "rpve_wm": 17.721088466947307,
  "size_x": 176,
  "size_y": 256,
  "size_z": 256,
  "snr_csf": 2.3715081552310515,
  "snr_gm": 11.861241661956667,
  "snr_total": 13.06355214691366,
  "snr_wm": 24.95790662355326,
  "snrd_csf": 19.77472855755584,
  "snrd_gm": 48.471045807166746,
  "snrd_total": 45.38671838192192,
  "snrd_wm": 67.91438078104318,
  "spacing_x": 1.0,
  "spacing_y": 1.0,
  "spacing_z": 1.0,
  "summary_bg_k": 9.725807273529965,
  "summary_bg_mad": 0.0,
  "summary_bg_mean": 4.907907771213474,
  "summary_bg_median": 0.0,
  "summary_bg_n": 428331.0,
  "summary_bg_p05": 0.0,
  "summary_bg_p95": 26.52399780601263,
  "summary_bg_stdv": 9.646505064013839,
  "summary_csf_k": 3.7116096817291657,
  "summary_csf_mad": 106.24342984119669,
  "summary_csf_mean": 292.99810510748813,
  "summary_csf_median": 291.17145554721355,
  "summary_csf_n": 36900.0,
  "summary_csf_p05": 80.40674998499453,
  "summary_csf_p95": 497.1959985580294,
  "summary_csf_stdv": 122.77735982714259,
  "summary_gm_k": 0.05056200638793884,
  "summary_gm_mad": 60.459539355155705,
  "summary_gm_mean": 711.9455398001635,
  "summary_gm_median": 713.7081512138247,
  "summary_gm_n": 43365.0,
  "summary_gm_p05": 611.2718443125486,
  "summary_gm_p95": 808.2325691506267,
  "summary_gm_stdv": 60.17075972534866,
  "summary_wm_k": 0.26817977509165214,
  "summary_wm_mad": 39.37621281079372,
  "summary_wm_mean": 1001.3534552613943,
  "summary_wm_median": 1000.0000276640058,
  "summary_wm_n": 195190.0,
  "summary_wm_p05": 937.994518995285,
  "summary_wm_p95": 1068.6975305229425,
  "summary_wm_stdv": 40.067361463332716,
  "tpm_overlap_csf": 0.14316784443594585,
  "tpm_overlap_gm": 0.46948165225149624,
  "tpm_overlap_wm": 0.5042869720885484,
  "wm2max": 0.5266722960569792
}