{
  "bids_meta": {
    "AcquisitionMatrixPE": 256,
    "AcquisitionNumber": 1,
    "AcquisitionTime": "19:10:7.000000",
    "BodyPartExamined": "HEAD",
    "CoilString": "32Ch_Head",
    "ConversionSoftware": "dcm2niix",
    "ConversionSoftwareVersion": "v1.0.20181125  (JP2:OpenJPEG) GCC7.3.0",
    "DeviceSerialNumber": "0002806034DVR750",
    "EchoTime": 0.003192,
    "FlipAngle": 12,
    "ImageOrientationPatientDICOM": [
      0,
      1,
      0,
      0,
      0,
      -1
    ],
    "ImageType": [
      "ORIGINAL",
      "PRIMARY",
      "OTHER"
    ],
    "ImagingFrequency": 127.772,
    "InPlanePhaseEncodingDirectionDICOM": "ROW",
    "InstitutionName": "INSTITUTO_DE_NEUROBIOLOGIA",
    "InversionTime": 0.45,
    "MRAcquisitionType": "3D",
    "MagneticFieldStrength": 3,
    "Manufacturer": "GE",
    "ManufacturersModelName": "DISCOVERY_MR750",
    "Modality": "MR",
    "PatientPosition": "HFS",
    "PercentPhaseFOV": 100,
    "PixelBandwidth": 244.141,
    "ProcedureStepDescription": "Emociones_AH",
    "ProtocolName": "Sag_T1_FSPGR_BRAVO",
    "ReconMatrixPE": 256,
    "RepetitionTime": 0.008184,
    "SAR": 0.107404,
    "ScanOptions": "FAST_GEMS_EDR_GEMS_FILTERED_GEMS_ACC_GEMS_IR_GEMS",
    "ScanningSequence": "GR",
    "SequenceVariant": "SS_SP_SK",
    "SeriesDescription": "Sag_T1_FSPGR_BRAVO",
    "SeriesNumber": 9,
    "SliceThickness": 1,
    "SoftwareVersions": "27_LX_MR_Software_release:DV26.0_R02_1810.b",
    "SpacingBetweenSlices": 1,
    "StationName": "GEHCGEHC",
    "dataset": "ds003481",
    "modality": "T1w",
    "subject_id": "034"
  },
  "cjv": 0.33297787530371714,
  "cnr": 4.063174071719686,
  "efc": 0.5872392036023985,
  "fber": -1.0,
  "fwhm_avg": 3.6170000000000004,
  "fwhm_x": 3.64561,
  "fwhm_y": 3.70385,
  "fwhm_z": 3.50154,
  "icvs_csf": 0.1945605362370132,
  "icvs_gm": 0.4734753740550882,
  "icvs_wm": 0.3319640897078986,
  "inu_med": 0.5118576288223267,
  "inu_range": 0.15511558651924134,
  "provenance": {
    "md5sum": "d294bbf8815c7f5186d122ab515081f0",
    "settings": {
      "testing": false
    },
    "software": "mriqc",
    "version": "23.0.1",
    "warnings": {
      "large_rot_frame": true,
      "small_air_mask": false
    },
    "webapi_port": null,
    "webapi_url": "https://mriqc.nimh.nih.gov/api/v1"
  },
  "qi_1": 1.3455439274517439e-05,
  "qi_2": 0.0023834562000471567,
  "rpve_csf": 27.380639627672284,
  "rpve_gm": 12.436124175624931,
  "rpve_wm": 19.469245969379347,
  "size_x": 176,
  "size_y": 256,
  "size_z": 256,
  "snr_csf": 2.6619006934574623,
  "snr_gm": 11.915795969605949,
  "snr_total": 11.689718670076639,
  "snr_wm": 20.491459347166504,
  "snrd_csf": 15.076812243717477,
  "snrd_gm": 37.63788232550821,
  "snrd_total": 35.78611824436888,
  "snrd_wm": 54.64366016388095,
  "spacing_x": 1.0,
  "spacing_y": 1.0,
  "spacing_z": 1.0,
  "summary_bg_k": 17.990958744679318,
  "summary_bg_mad": 0.0,
  "summary_bg_mean": 6.511763243688437,
  "summary_bg_median": 0.0,
  "summary_bg_n": 2059185.0,
  "summary_bg_p05": 0.0,
  "summary_bg_p95": 30.297084003686905,
  "summary_bg_stdv": 11.989248083160824,
  "summary_csf_k": 1.0094686195379623,
  "summary_csf_mad": 84.16404780494292,
  "summary_csf_mean": 277.4952399916361,
  "summary_csf_median": 275.9114625491202,
  "summary_csf_n": 26696.0,
  "summary_csf_p05": 99.72136069089174,
  "summary_csf_p95": 460.50979011692107,
  "summary_csf_stdv": 103.65010818148052,
  "summary_gm_k": 0.15320132253380248,
  "summary_gm_mad": 57.19547804511503,
  "summary_gm_mean": 688.5882763875244,
  "summary_gm_median": 688.7877219542861,
  "summary_gm_n": 46398.0,
  "summary_gm_p05": 593.0693438649178,
  "summary_gm_p95": 782.1572911348195,
  "summary_gm_stdv": 57.803968872055385,
  "summary_wm_k": 0.4872717173774941,
  "summary_wm_mad": 46.4313239877943,
  "summary_wm_mean": 1001.5299643452412,
  "summary_wm_median": 999.9999967589974,
  "summary_wm_n": 176694.0,
  "summary_wm_p05": 924.2965316772461,
  "summary_wm_p95": 1084.023386463523,
  "summary_wm_stdv": 48.80068081351222,
  "tpm_overlap_csf": 0.15190883226121235,
  "tpm_overlap_gm": 0.46900957828106876,
  "tpm_overlap_wm": 0.49361987558711107,
  "wm2max": 0.4580112880612575
}