{
  "bids_meta": {
    "AcquisitionDateTime": "2017-07-13T19:46:36.000000",
    "ConversionSoftware": "dcm2niix",
    "ConversionSoftwareVersion": "v1.0.20170411 GCC4.8.4",
    "EchoTime": 0.00318,
    "FlipAngle": 12,
    "ImageType": [
      "DERIVED",
      "PRIMARY",
      "OTHER"
    ],
    "InversionTime": 0.45,
    "MagneticFieldStrength": 3,
    "Manufacturer": "GE",
    "ManufacturersModelName": "DISCOVERY_MR750",
    "ProcedureStepDescription": "CompMet",
    "ProtocolName": "PU:Sag_T1_FSPGR_BRAVO",
    "RepetitionTime": 0.008156,
    "ScanningSequence": "GR",
    "SequenceVariant": "SS_SP_SK",
    "SeriesDescription": "PU:Sag_T1_FSPGR_BRAVO",
    "dataset": "ds003481",
    "modality": "T1w",
    "subject_id": "081"
  },
  "cjv": 0.36415867482533126,
  "cnr": 3.7197249166839037,
  "efc": 0.7360768680981586,
  "fber": -1.0,
  "fwhm_avg": 3.74668,
  "fwhm_x": 3.73699,
  "fwhm_y": 3.86205,
  "fwhm_z": 3.641,
  "icvs_csf": 0.19552972431831905,
  "icvs_gm": 0.4386696572067248,
  "icvs_wm": 0.36580061847495615,
  "inu_med": 0.5569190979003906,
  "inu_range": 0.19990249872207622,
  "provenance": {
    "md5sum": "7b8a6acfabbe695b755919aecbca5e58",
    "settings": {
      "testing": false
    },
    "software": "mriqc",
    "version": "23.0.1",
    "warnings": {
      "large_rot_frame": true,
      "small_air_mask": true
    },
    "webapi_port": null,
    "webapi_url": "https://mriqc.nimh.nih.gov/api/v1"
  },
  "qi_1": 0.0,
  "qi_2": 0.0032783259222431164,
  "rpve_csf": 28.1290729430702,
  "rpve_gm": 13.28895482612328,
  "rpve_wm": 18.223556671601937,
  "size_x": 176,
  "size_y": 256,
  "size_z": 256,
  "snr_csf": 2.1413116228689852,
  "snr_gm": 10.082267335798901,
  "snr_total": 10.92054273315246,
  "snr_wm": 20.538049240789498,
  "snrd_csf": 11.563761019774939,
  "snrd_gm": 30.42911716898448,
  "snrd_total": 28.8168589263077,
  "snrd_wm": 44.45769859016367,
  "spacing_x": 1.0,
  "spacing_y": 1.0,
  "spacing_z": 1.0,
  "summary_bg_k": 15.132642574383748,
  "summary_bg_mad": 0.0,
  "summary_bg_mean": 7.705299546633865,
  "summary_bg_median": 0.0,
  "summary_bg_n": 203281.0,
  "summary_bg_p05": 0.0,
  "summary_bg_p95": 38.12176416814327,
  "summary_bg_stdv": 14.736174720023312,
  "summary_csf_k": 5.622137120370276,
  "summary_csf_mad": 111.16774782914386,
  "summary_csf_mean": 269.70678951630396,
  "summary_csf_median": 260.1070598550141,
  "summary_csf_n": 22976.0,
  "summary_csf_p05": 81.01962835621089,
  "summary_csf_p95": 482.27730702329427,
  "summary_csf_stdv": 121.46826113852497,
  "summary_gm_k": 0.08690095324106695,
  "summary_gm_mad": 67.29423156459492,
  "summary_gm_mean": 683.5047950951523,
  "summary_gm_median": 684.4510352015495,
  "summary_gm_n": 38549.0,
  "summary_gm_p05": 569.9029671154916,
  "summary_gm_p95": 793.0284342877567,
  "summary_gm_stdv": 67.88573786752478,
  "summary_wm_k": 0.3856297490592948,
  "summary_wm_mad": 47.61566912240753,
  "summary_wm_mean": 1001.3909420968727,
  "summary_wm_median": 1000.0000214837492,
  "summary_wm_n": 206305.0,
  "summary_wm_p05": 923.9305651299655,
  "summary_wm_p95": 1083.1193931289017,
  "summary_wm_stdv": 48.68999904326783,
  "tpm_overlap_csf": 0.1449507342130769,
  "tpm_overlap_gm": 0.4767057482721386,
  "tpm_overlap_wm": 0.5101773937301233,
  "wm2max": 0.4482045680625719
}