{
  "bids_meta": {
    "AcquisitionMatrixPE": 256,
    "AcquisitionNumber": 1,
    "AcquisitionTime": "19:18:49.000000",
    "BodyPartExamined": "HEAD",
    "CoilString": "32Ch_Head",
    "ConversionSoftware": "dcm2niix",
    "ConversionSoftwareVersion": "v1.0.20181125  (JP2:OpenJPEG) GCC7.3.0",
    "DeviceSerialNumber": "0002806034DVR750",
    "EchoTime": 0.003192,
    "FlipAngle": 12,
    "ImageOrientationPatientDICOM": [
      0,
      1,
      0,
      0,
      0,
      -1
    ],
    "ImageType": [
      "ORIGINAL",
      "PRIMARY",
      "OTHER"
    ],
    "ImagingFrequency": 127.772,
    "InPlanePhaseEncodingDirectionDICOM": "ROW",
    "InstitutionName": "INSTITUTO_DE_NEUROBIOLOGIA",
    "InversionTime": 0.45,
    "MRAcquisitionType": "3D",
    "MagneticFieldStrength": 3,
    "Manufacturer": "GE",
    "ManufacturersModelName": "DISCOVERY_MR750",
    "Modality": "MR",
    "PatientPosition": "HFS",
    "PercentPhaseFOV": 100,
    "PixelBandwidth": 244.141,
    "ProcedureStepDescription": "Emociones_AH",
    "ProtocolName": "Sag_T1_FSPGR_BRAVO",
    "ReconMatrixPE": 256,
    "RepetitionTime": 0.008184,
    "SAR": 0.131651,
    "ScanOptions": "FAST_GEMS_EDR_GEMS_FILTERED_GEMS_ACC_GEMS_IR_GEMS",
    "ScanningSequence": "GR",
    "SequenceVariant": "SS_SP_SK",
    "SeriesDescription": "Sag_T1_FSPGR_BRAVO",
    "SeriesNumber": 9,
    "SliceThickness": 1,
    "SoftwareVersions": "27_LX_MR_Software_release:DV26.0_R03_1831.b",
    "SpacingBetweenSlices": 1,
    "StationName": "GEHCGEHC",
    "dataset": "ds003481",
    "modality": "T1w",
    "subject_id": "044"
  },
  "cjv": 0.32016846128637194,
  "cnr": 4.156570542028628,
  "efc": 0.5998713895868164,
  "fber": 16630.17658565211,
  "fwhm_avg": 3.720083333333333,
  "fwhm_x": 3.74329,
  "fwhm_y": 3.85147,
  "fwhm_z": 3.56549,
  "icvs_csf": 0.20024151133268506,
  "icvs_gm": 0.461027748685087,
  "icvs_wm": 0.33873073998222797,
  "inu_med": 0.44863542914390564,
  "inu_range": 0.1250384420156479,
  "provenance": {
    "md5sum": "d8af3b746d71a302e35ad08fe7813ac0",
    "settings": {
      "testing": false
    },
    "software": "mriqc",
    "version": "23.0.1",
    "warnings": {
      "large_rot_frame": true,
      "small_air_mask": false
    },
    "webapi_port": null,
    "webapi_url": "https://mriqc.nimh.nih.gov/api/v1"
  },
  "qi_1": 0.0,
  "qi_2": 0.0043008958530473,
  "rpve_csf": 26.979433666332255,
  "rpve_gm": 12.791068625346801,
  "rpve_wm": 19.813031151678594,
  "size_x": 176,
  "size_y": 256,
  "size_z": 256,
  "snr_csf": 2.5952250325512902,
  "snr_gm": 12.068935812734855,
  "snr_total": 12.52680616779243,
  "snr_wm": 22.91625765809114,
  "snrd_csf": 19.731150775655724,
  "snrd_gm": 45.22049135174269,
  "snrd_total": 43.29570751174288,
  "snrd_wm": 64.93548040783024,
  "spacing_x": 1.0,
  "spacing_y": 1.0,
  "spacing_z": 1.0,
  "summary_bg_k": 7.831213115809849,
  "summary_bg_mad": 0.0,
  "summary_bg_mean": 6.680527526796635,
  "summary_bg_median": 0.0,
  "summary_bg_n": 1712514.0,
  "summary_bg_p05": 0.0,
  "summary_bg_p95": 27.55555622279644,
  "summary_bg_stdv": 10.089036251816605,
  "summary_csf_k": 0.7285615301745136,
  "summary_csf_mad": 103.90076598876587,
  "summary_csf_mean": 305.78004119896383,
  "summary_csf_median": 303.8577851355076,
  "summary_csf_n": 17557.0,
  "summary_csf_p05": 106.9084470331669,
  "summary_csf_p95": 506.10490114390853,
  "summary_csf_stdv": 117.08007118294034,
  "summary_gm_k": 0.43109454368651834,
  "summary_gm_mad": 54.9814809367239,
  "summary_gm_mean": 694.8194943902308,
  "summary_gm_median": 696.3911279737949,
  "summary_gm_n": 33463.0,
  "summary_gm_p05": 597.902236700058,
  "summary_gm_p95": 786.2009079262614,
  "summary_gm_stdv": 57.70025902128824,
  "summary_wm_k": 0.3196211474601429,
  "summary_wm_mad": 42.224512205480195,
  "summary_wm_mean": 1000.6234563603871,
  "summary_wm_median": 1000.0000242143869,
  "summary_wm_n": 174397.0,
  "summary_wm_p05": 930.1689114123583,
  "summary_wm_p95": 1072.9955815374851,
  "summary_wm_stdv": 43.63701840450111,
  "tpm_overlap_csf": 0.15531357313106245,
  "tpm_overlap_gm": 0.4840384640661207,
  "tpm_overlap_wm": 0.520343005111272,
  "wm2max": 0.5007314462419267
}