{
  "bids_meta": {
    "AcquisitionMatrixPE": 256,
    "AcquisitionNumber": 1,
    "AcquisitionTime": "19:10:45.000000",
    "BodyPartExamined": "HEAD",
    "CoilString": "32Ch_Head",
    "ConversionSoftware": "dcm2niix",
    "ConversionSoftwareVersion": "v1.0.20181125  (JP2:OpenJPEG) GCC7.3.0",
    "DeviceSerialNumber": "0002806034DVR750",
    "EchoTime": 0.003192,
    "FlipAngle": 12,
    "ImageOrientationPatientDICOM": [
      0,
      1,
      0,
      0,
      0,
      -1
    ],
    "ImageType": [
      "ORIGINAL",
      "PRIMARY",
      "OTHER"
    ],
    "ImagingFrequency": 127.772,
    "InPlanePhaseEncodingDirectionDICOM": "ROW",
    "InstitutionName": "INSTITUTO_DE_NEUROBIOLOGIA",
    "InversionTime": 0.45,
    "MRAcquisitionType": "3D",
    "MagneticFieldStrength": 3,
    "Manufacturer": "GE",
    "ManufacturersModelName": "DISCOVERY_MR750",
    "Modality": "MR",
    "PatientPosition": "HFS",
    "PercentPhaseFOV": 100,
    "PixelBandwidth": 244.141,
    "ProcedureStepDescription": "Emociones_AH",
    "ProtocolName": "Sag_T1_FSPGR_BRAVO",
    "ReconMatrixPE": 256,
    "RepetitionTime": 0.008184,
    "SAR": 0.117849,
    "ScanOptions": "FAST_GEMS_EDR_GEMS_FILTERED_GEMS_ACC_GEMS_IR_GEMS",
    "ScanningSequence": "GR",
    "SequenceVariant": "SS_SP_SK",
    "SeriesDescription": "Sag_T1_FSPGR_BRAVO",
    "SeriesNumber": 10,
    "SliceThickness": 1,
    "SoftwareVersions": "27_LX_MR_Software_release:DV26.0_R02_1810.b",
    "SpacingBetweenSlices": 1,
    "StationName": "GEHCGEHC",
    "dataset": "ds003481",
    "modality": "T1w",
    "subject_id": "031"
  },
  "cjv": 0.33074169413471194,
  "cnr": 4.059012364560149,
  "efc": 0.6210658043157067,
  "fber": 24425.938943999998,
  "fwhm_avg": 3.783916666666667,
  "fwhm_x": 3.71532,
  "fwhm_y": 4.01236,
  "fwhm_z": 3.62407,
  "icvs_csf": 0.2153426545616444,
  "icvs_gm": 0.44631256289709687,
  "icvs_wm": 0.3383447825412587,
  "inu_med": 0.4282224029302597,
  "inu_range": 0.1128608822822571,
  "provenance": {
    "md5sum": "d65c51568d8a3346bd3ced94c6c90a4d",
    "settings": {
      "testing": false
    },
    "software": "mriqc",
    "version": "23.0.1",
    "warnings": {
      "large_rot_frame": true,
      "small_air_mask": false
    },
    "webapi_port": null,
    "webapi_url": "https://mriqc.nimh.nih.gov/api/v1"
  },
  "qi_1": 3.3384602544383636e-06,
  "qi_2": 0.0029564750402184085,
  "rpve_csf": 20.797246398941315,
  "rpve_gm": 10.68536917651752,
  "rpve_wm": 16.0433327167967,
  "size_x": 176,
  "size_y": 256,
  "size_z": 256,
  "snr_csf": 2.931410855316657,
  "snr_gm": 11.210502498478247,
  "snr_total": 12.188972458931673,
  "snr_wm": 22.425004023000117,
  "snrd_csf": 23.23305524732189,
  "snrd_gm": 57.49799279498598,
  "snrd_total": 54.69188040388685,
  "snrd_wm": 83.34459316935268,
  "spacing_x": 1.0,
  "spacing_y": 1.0,
  "spacing_z": 1.0,
  "summary_bg_k": 13.879241848229423,
  "summary_bg_mad": 0.0,
  "summary_bg_mean": 4.632494746475393,
  "summary_bg_median": 0.0,
  "summary_bg_n": 1819933.0,
  "summary_bg_p05": 0.0,
  "summary_bg_p95": 20.62851957604289,
  "summary_bg_stdv": 7.860836486520439,
  "summary_csf_k": 1.8511456362802061,
  "summary_csf_mad": 77.07732902288657,
  "summary_csf_mean": 284.795586551,
  "summary_csf_median": 278.7682815082371,
  "summary_csf_n": 44420.0,
  "summary_csf_p05": 137.4345956891775,
  "summary_csf_p95": 456.22687075287104,
  "summary_csf_stdv": 95.09589661100883,
  "summary_gm_k": 0.154480614765784,
  "summary_gm_mad": 59.58670436000077,
  "summary_gm_mean": 690.4240099994543,
  "summary_gm_median": 689.9056740924716,
  "summary_gm_n": 49138.0,
  "summary_gm_p05": 589.2958185188472,
  "summary_gm_p95": 792.8816441893578,
  "summary_gm_stdv": 61.540386264347475,
  "summary_wm_k": 0.5474531113427572,
  "summary_wm_mad": 42.985433493532895,
  "summary_wm_mean": 1001.4489672683186,
  "summary_wm_median": 1000.0333044230938,
  "summary_wm_n": 230077.0,
  "summary_wm_p05": 930.8827743418515,
  "summary_wm_p95": 1076.2155269607902,
  "summary_wm_stdv": 44.59446830587762,
  "tpm_overlap_csf": 0.15943468048322512,
  "tpm_overlap_gm": 0.46203487856787007,
  "tpm_overlap_wm": 0.500080771493727,
  "wm2max": 0.5498253578912139
}