{
  "aor": 0.0014668595041322314,
  "aqi": 0.0037122475619834707,
  "bids_meta": {
    "AcquisitionDateTime": "2017-01-11T20:26:27.000000",
    "ConversionSoftware": "dcm2niix",
    "ConversionSoftwareVersion": "v1.0.20170411 GCC4.8.4",
    "EchoTime": 0.04,
    "FlipAngle": 90,
    "ImageType": [
      "ORIGINAL",
      "PRIMARY",
      "EPI",
      "NONE"
    ],
    "MagneticFieldStrength": 3,
    "Manufacturer": "GE",
    "ManufacturersModelName": "DISCOVERY_MR750",
    "ProcedureStepDescription": "CompRefranes",
    "ProtocolName": "fMRI_Comprension_2",
    "RepetitionTime": 2,
    "ScanningSequence": "EP_GR",
    "SequenceVariant": "SS",
    "SeriesDescription": "fMRI_Comprension_2",
    "SliceTiming": [
      1.0285,
      0.0571001,
      1.0857,
      0.1142,
      1.1428,
      0.1714,
      1.2,
      0.2285,
      1.2571,
      0.2857,
      1.3143,
      0.3428,
      1.3714,
      0.4,
      1.4286,
      0.4571,
      1.4857,
      0.5142,
      1.5428,
      0.5714,
      1.6,
      0.6285,
      1.6571,
      0.6857,
      1.7143,
      0.7428,
      1.7714,
      0.8,
      1.8285,
      0.8571,
      1.8857,
      0.9143,
      1.9428,
      0.9714
    ],
    "TaskName": "pc",
    "dataset": "ds003481",
    "modality": "bold",
    "run_id": 2,
    "subject_id": "060",
    "task_id": "pc"
  },
  "dummy_trs": 0,
  "dvars_nstd": 18.05543452381742,
  "dvars_std": 1.0867852912448135,
  "dvars_vstd": 0.983382648796681,
  "efc": 0.3396442707690467,
  "fber": 72672.25,
  "fd_mean": 0.1058627477166679,
  "fd_num": 14,
  "fd_perc": 5.785123966942149,
  "fwhm_avg": 2.508316666666667,
  "fwhm_x": 2.471645,
  "fwhm_y": 2.6537,
  "fwhm_z": 2.399605,
  "gcor": 0.0474061,
  "gsr_x": -0.013922508805990219,
  "gsr_y": 0.00418021809309721,
  "provenance": {
    "md5sum": "b9bdc5893c3ca9ed0bb202fae9028f98",
    "settings": {
      "fd_thres": 0.2,
      "testing": false
    },
    "software": "mriqc",
    "version": "23.0.1",
    "webapi_port": null,
    "webapi_url": "https://mriqc.nimh.nih.gov/api/v1"
  },
  "size_t": 242,
  "size_x": 64,
  "size_y": 64,
  "size_z": 34,
  "snr": 3.876152628229023,
  "spacing_tr": 2.0,
  "spacing_x": 4.0,
  "spacing_y": 4.0,
  "spacing_z": 4.0,
  "summary_bg_k": 192.91004520020584,
  "summary_bg_mad": 8.773084093977307,
  "summary_bg_mean": 27.129772186279297,
  "summary_bg_median": 6.590909004211426,
  "summary_bg_n": 100324.0,
  "summary_bg_p05": 0.1652892529964447,
  "summary_bg_p95": 109.03243141174313,
  "summary_bg_stdv": 86.18890380859375,
  "summary_fg_k": 0.5960694420385053,
  "summary_fg_mad": 380.9614449575408,
  "summary_fg_mean": 1712.403076171875,
  "summary_fg_median": 1663.4586181640625,
  "summary_fg_n": 12659.0,
  "summary_fg_p05": 1073.4424682617187,
  "summary_fg_p95": 2491.281738281249,
  "summary_fg_stdv": 429.1350402832031,
  "tsnr": 66.93458702415228
}