{
  "aor": 0.0009708189655172415,
  "aqi": 0.0031374450862068966,
  "bids_meta": {
    "AcquisitionDateTime": "2017-01-11T20:46:15.000000",
    "ConversionSoftware": "dcm2niix",
    "ConversionSoftwareVersion": "v1.0.20170411 GCC4.8.4",
    "EchoTime": 0.04,
    "FlipAngle": 90,
    "ImageType": [
      "ORIGINAL",
      "PRIMARY",
      "EPI",
      "NONE"
    ],
    "MagneticFieldStrength": 3,
    "Manufacturer": "GE",
    "ManufacturersModelName": "DISCOVERY_MR750",
    "ProcedureStepDescription": "CompRefranes",
    "ProtocolName": "fMRI_Comprension_4",
    "RepetitionTime": 2,
    "ScanningSequence": "EP_GR",
    "SequenceVariant": "SS",
    "SeriesDescription": "fMRI_Comprension_4",
    "SliceTiming": [
      1.0285,
      0.0571001,
      1.0857,
      0.1142,
      1.1428,
      0.1714,
      1.2,
      0.2285,
      1.2571,
      0.2857,
      1.3143,
      0.3428,
      1.3714,
      0.4,
      1.4286,
      0.4571,
      1.4857,
      0.5142,
      1.5428,
      0.5714,
      1.6,
      0.6285,
      1.6571,
      0.6857,
      1.7143,
      0.7428,
      1.7714,
      0.8,
      1.8285,
      0.8571,
      1.8857,
      0.9143,
      1.9428,
      0.9714
    ],
    "TaskName": "pc",
    "dataset": "ds003481",
    "modality": "bold",
    "run_id": 4,
    "subject_id": "060",
    "task_id": "pc"
  },
  "dummy_trs": 0,
  "dvars_nstd": 18.599237388484838,
  "dvars_std": 1.0950640465367971,
  "dvars_vstd": 0.9942391276190473,
  "efc": 0.3400016991016462,
  "fber": 67944.5859375,
  "fd_mean": 0.11698636199943152,
  "fd_num": 25,
  "fd_perc": 10.775862068965518,
  "fwhm_avg": 2.5062033333333336,
  "fwhm_x": 2.461835,
  "fwhm_y": 2.6471,
  "fwhm_z": 2.409675,
  "gcor": 0.0994213,
  "gsr_x": -0.014011618681252003,
  "gsr_y": 0.004291394259780645,
  "provenance": {
    "md5sum": "03cc02541190d4d94121ecf2b78e8a60",
    "settings": {
      "fd_thres": 0.2,
      "testing": false
    },
    "software": "mriqc",
    "version": "23.0.1",
    "webapi_port": null,
    "webapi_url": "https://mriqc.nimh.nih.gov/api/v1"
  },
  "size_t": 232,
  "size_x": 64,
  "size_y": 64,
  "size_z": 34,
  "snr": 3.847785195708447,
  "spacing_tr": 2.0,
  "spacing_x": 4.0,
  "spacing_y": 4.0,
  "spacing_z": 4.0,
  "summary_bg_k": 191.95829703728083,
  "summary_bg_mad": 8.953128293000754,
  "summary_bg_mean": 27.495601654052734,
  "summary_bg_median": 6.737069129943848,
  "summary_bg_n": 100392.0,
  "summary_bg_p05": 0.15948276221752167,
  "summary_bg_p95": 111.39719963073722,
  "summary_bg_stdv": 86.49091339111328,
  "summary_fg_k": 0.6132044274123039,
  "summary_fg_mad": 380.52392165880576,
  "summary_fg_mean": 1709.74609375,
  "summary_fg_median": 1654.206787109375,
  "summary_fg_n": 12616.0,
  "summary_fg_p05": 1075.8793029785156,
  "summary_fg_p95": 2495.05810546875,
  "summary_fg_stdv": 429.8943786621094,
  "tsnr": 69.3044337304309
}