{
  "aor": 0.0007742794759825327,
  "aqi": 0.003796973013100437,
  "bids_meta": {
    "AcquisitionDateTime": "2017-01-11T20:36:46.000000",
    "ConversionSoftware": "dcm2niix",
    "ConversionSoftwareVersion": "v1.0.20170411 GCC4.8.4",
    "EchoTime": 0.04,
    "FlipAngle": 90,
    "ImageType": [
      "ORIGINAL",
      "PRIMARY",
      "EPI",
      "NONE"
    ],
    "MagneticFieldStrength": 3,
    "Manufacturer": "GE",
    "ManufacturersModelName": "DISCOVERY_MR750",
    "ProcedureStepDescription": "CompRefranes",
    "ProtocolName": "fMRI_Comprension_3",
    "RepetitionTime": 2,
    "ScanningSequence": "EP_GR",
    "SequenceVariant": "SS",
    "SeriesDescription": "fMRI_Comprension_3",
    "SliceTiming": [
      1.0285,
      0.0571001,
      1.0857,
      0.1142,
      1.1428,
      0.1714,
      1.2,
      0.2285,
      1.2571,
      0.2857,
      1.3143,
      0.3428,
      1.3714,
      0.4,
      1.4286,
      0.4571,
      1.4857,
      0.5142,
      1.5428,
      0.5714,
      1.6,
      0.6285,
      1.6571,
      0.6857,
      1.7143,
      0.7428,
      1.7714,
      0.8,
      1.8285,
      0.8571,
      1.8857,
      0.9143,
      1.9428,
      0.9714
    ],
    "TaskName": "pc",
    "dataset": "ds003481",
    "modality": "bold",
    "run_id": 3,
    "subject_id": "060",
    "task_id": "pc"
  },
  "dummy_trs": 0,
  "dvars_nstd": 16.970769907412283,
  "dvars_std": 1.0223770949122808,
  "dvars_vstd": 0.9497658222368425,
  "efc": 0.34010153710368196,
  "fber": 68521.234375,
  "fd_mean": 0.10760398183668533,
  "fd_num": 14,
  "fd_perc": 6.11353711790393,
  "fwhm_avg": 2.4958441666666666,
  "fwhm_x": 2.4564075,
  "fwhm_y": 2.658975,
  "fwhm_z": 2.37215,
  "gcor": 0.0423968,
  "gsr_x": -0.014305139891803265,
  "gsr_y": 0.004437430761754513,
  "provenance": {
    "md5sum": "29897969a31c49868302d2cc7445ff05",
    "settings": {
      "fd_thres": 0.2,
      "testing": false
    },
    "software": "mriqc",
    "version": "23.0.1",
    "webapi_port": null,
    "webapi_url": "https://mriqc.nimh.nih.gov/api/v1"
  },
  "size_t": 229,
  "size_x": 64,
  "size_y": 64,
  "size_z": 34,
  "snr": 3.859210079642425,
  "spacing_tr": 2.0,
  "spacing_x": 4.0,
  "spacing_y": 4.0,
  "spacing_z": 4.0,
  "summary_bg_k": 161.59041767170237,
  "summary_bg_mad": 8.915036148625102,
  "summary_bg_mean": 27.486101150512695,
  "summary_bg_median": 6.707423686981201,
  "summary_bg_n": 100426.0,
  "summary_bg_p05": 0.17467248439788818,
  "summary_bg_p95": 112.4967269897461,
  "summary_bg_stdv": 84.49809265136719,
  "summary_fg_k": 0.5804906487551582,
  "summary_fg_mad": 381.8314240669593,
  "summary_fg_mean": 1699.6104736328125,
  "summary_fg_median": 1650.7467041015625,
  "summary_fg_n": 12609.0,
  "summary_fg_p05": 1064.811328125,
  "summary_fg_p95": 2478.8549804687495,
  "summary_fg_stdv": 427.72515869140625,
  "tsnr": 63.21871297596954
}