{
  "aor": 0.007911566666666668,
  "aqi": 0.00279511873,
  "bids_meta": {
    "AcquisitionMatrixPE": 64,
    "AcquisitionNumber": 1,
    "AcquisitionTime": "19:04:57.000000",
    "CoilString": "32Ch_Head",
    "ConversionSoftware": "dcm2niix",
    "ConversionSoftwareVersion": "v1.0.20190902",
    "Dcm2bidsVersion": "2.1.4",
    "DeviceSerialNumber": "000000000000GEHC",
    "EchoTime": 0.04,
    "EffectiveEchoSpacing": 0.000372,
    "FlipAngle": 90,
    "ImageOrientationPatientDICOM": [
      1,
      0,
      0,
      0,
      1,
      0
    ],
    "ImageType": [
      "ORIGINAL",
      "PRIMARY",
      "EPI",
      "NONE"
    ],
    "ImagingFrequency": 127.772,
    "InPlanePhaseEncodingDirectionDICOM": "COL",
    "InstitutionName": "INSTITUTO_DE_NEUROBIOLOGIA",
    "MRAcquisitionType": "2D",
    "MagneticFieldStrength": 3,
    "Manufacturer": "GE",
    "ManufacturersModelName": "DISCOVERY_MR750",
    "Modality": "MR",
    "PatientPosition": "HFS",
    "PercentPhaseFOV": 100,
    "PhaseEncodingDirection": "j",
    "PhaseEncodingPolarityGE": "Flipped",
    "PixelBandwidth": 7812.5,
    "ProcedureStepDescription": "verbos",
    "ProtocolName": "fMRI_RestState",
    "ReconMatrixPE": 64,
    "RepetitionTime": 2,
    "SAR": 0.364805,
    "ScanOptions": "EPI_GEMS_ACC_GEMS",
    "ScanningSequence": "EP_GR",
    "SequenceVariant": "SS",
    "SeriesDescription": "fMRI_RestState",
    "SeriesNumber": 12,
    "SliceThickness": 4,
    "SliceTiming": [
      0,
      1.0285,
      0.0571001,
      1.0857,
      0.1142,
      1.1428,
      0.1714,
      1.2,
      0.2285,
      1.2571,
      0.2857,
      1.3143,
      0.3428,
      1.3714,
      0.4,
      1.4286,
      0.4571,
      1.4857,
      0.5142,
      1.5428,
      0.5714,
      1.6,
      0.6285,
      1.6571,
      0.6857,
      1.7143,
      0.7428,
      1.7714,
      0.8,
      1.8285,
      0.8571,
      1.8857,
      0.9143,
      1.9428,
      0.9714
    ],
    "SoftwareVersions": "24_LX_MR_Software_release:DV24.0_R02_1607.b",
    "SpacingBetweenSlices": 4,
    "StationName": "GEHCGEHC",
    "TaskName": "rest",
    "TotalReadoutTime": 0.023436,
    "dataset": "ds003481",
    "modality": "bold",
    "subject_id": "141",
    "task_id": "rest"
  },
  "dummy_trs": 0,
  "dvars_nstd": 15.714399130367903,
  "dvars_std": 1.0892024950501673,
  "dvars_vstd": 1.0002063020401337,
  "efc": 0.3602186019600714,
  "fber": 46646.85546875,
  "fd_mean": 0.08291401726084784,
  "fd_num": 17,
  "fd_perc": 5.666666666666667,
  "fwhm_avg": 2.8265166666666666,
  "fwhm_x": 2.76645,
  "fwhm_y": 2.888125,
  "fwhm_z": 2.824975,
  "gcor": 0.0775251,
  "gsr_x": -0.008411435410380363,
  "gsr_y": 0.0019125336548313498,
  "provenance": {
    "md5sum": "fa8267d38bb33136b60b8b9179eb6c79",
    "settings": {
      "fd_thres": 0.2,
      "testing": false
    },
    "software": "mriqc",
    "version": "23.0.1",
    "webapi_port": null,
    "webapi_url": "https://mriqc.nimh.nih.gov/api/v1"
  },
  "size_t": 300,
  "size_x": 64,
  "size_y": 64,
  "size_z": 35,
  "snr": 2.95678386504867,
  "spacing_tr": 2.0,
  "spacing_x": 4.0,
  "spacing_y": 4.0,
  "spacing_z": 4.0,
  "summary_bg_k": 49.99867740265448,
  "summary_bg_mad": 11.959658155163792,
  "summary_bg_mean": 43.23400115966797,
  "summary_bg_median": 8.550000190734863,
  "summary_bg_n": 101953.0,
  "summary_bg_p05": 0.11666666716337204,
  "summary_bg_p95": 207.87267150878884,
  "summary_bg_stdv": 115.85043334960938,
  "summary_fg_k": 1.6591000810531806,
  "summary_fg_mad": 474.8773819983146,
  "summary_fg_mean": 1864.676025390625,
  "summary_fg_median": 1760.47998046875,
  "summary_fg_n": 14064.0,
  "summary_fg_p05": 1075.4155212402343,
  "summary_fg_p95": 3036.63723144531,
  "summary_fg_stdv": 595.3825073242188,
  "tsnr": 69.44798338506371
}