{
  "aor": 0.001039942528735632,
  "aqi": 0.0015162287413793105,
  "bids_meta": {
    "AcquisitionMatrixPE": 64,
    "AcquisitionNumber": 1,
    "AcquisitionTime": "19:22:52.000000",
    "CoilString": "32Ch_Head",
    "ConversionSoftware": "dcm2niix",
    "ConversionSoftwareVersion": "v1.0.20190902",
    "Dcm2bidsVersion": "2.1.4",
    "DeviceSerialNumber": "000000000000GEHC",
    "EchoTime": 0.04,
    "EffectiveEchoSpacing": 0.000372,
    "FlipAngle": 90,
    "ImageOrientationPatientDICOM": [
      1,
      0,
      0,
      0,
      1,
      0
    ],
    "ImageType": [
      "ORIGINAL",
      "PRIMARY",
      "EPI",
      "NONE"
    ],
    "ImagingFrequency": 127.772,
    "InPlanePhaseEncodingDirectionDICOM": "COL",
    "InstitutionName": "INSTITUTO_DE_NEUROBIOLOGIA",
    "MRAcquisitionType": "2D",
    "MagneticFieldStrength": 3,
    "Manufacturer": "GE",
    "ManufacturersModelName": "DISCOVERY_MR750",
    "Modality": "MR",
    "PatientPosition": "HFS",
    "PercentPhaseFOV": 100,
    "PhaseEncodingDirection": "j",
    "PhaseEncodingPolarityGE": "Flipped",
    "PixelBandwidth": 7812.5,
    "ProcedureStepDescription": "verbos",
    "ProtocolName": "fMRI_8",
    "ReconMatrixPE": 64,
    "RepetitionTime": 2,
    "SAR": 0.364805,
    "ScanOptions": "EPI_GEMS_ACC_GEMS",
    "ScanningSequence": "EP_GR",
    "SequenceVariant": "SS",
    "SeriesDescription": "fMRI_8",
    "SeriesNumber": 14,
    "SliceThickness": 4,
    "SliceTiming": [
      0,
      1.0285,
      0.0571001,
      1.0857,
      0.1142,
      1.1428,
      0.1714,
      1.2,
      0.2285,
      1.2571,
      0.2857,
      1.3143,
      0.3428,
      1.3714,
      0.4,
      1.4286,
      0.4571,
      1.4857,
      0.5142,
      1.5428,
      0.5714,
      1.6,
      0.6285,
      1.6571,
      0.6857,
      1.7143,
      0.7428,
      1.7714,
      0.8,
      1.8285,
      0.8571,
      1.8857,
      0.9143,
      1.9428,
      0.9714
    ],
    "SoftwareVersions": "24_LX_MR_Software_release:DV24.0_R02_1607.b",
    "SpacingBetweenSlices": 4,
    "StationName": "GEHCGEHC",
    "TaskName": "verbs",
    "TotalReadoutTime": 0.023436,
    "dataset": "ds003481",
    "modality": "bold",
    "run_id": 8,
    "subject_id": "141",
    "task_id": "verbs"
  },
  "dummy_trs": 0,
  "dvars_nstd": 14.530676317976882,
  "dvars_std": 1.1193017460693642,
  "dvars_vstd": 0.9832757568208093,
  "efc": 0.3626431963779304,
  "fber": 49644.390625,
  "fd_mean": 0.051016081732188155,
  "fd_num": 0,
  "fd_perc": 0.0,
  "fwhm_avg": 2.8622416666666672,
  "fwhm_x": 2.80945,
  "fwhm_y": 2.888225,
  "fwhm_z": 2.88905,
  "gcor": 0.0268801,
  "gsr_x": -0.009661857970058918,
  "gsr_y": 0.0007628545281477273,
  "provenance": {
    "md5sum": "77756b7544b10bd2c6f91cb598f4edb1",
    "settings": {
      "fd_thres": 0.2,
      "testing": false
    },
    "software": "mriqc",
    "version": "23.0.1",
    "webapi_port": null,
    "webapi_url": "https://mriqc.nimh.nih.gov/api/v1"
  },
  "size_t": 174,
  "size_x": 64,
  "size_y": 64,
  "size_z": 35,
  "snr": 3.0000466496983242,
  "spacing_tr": 2.0,
  "spacing_x": 4.0,
  "spacing_y": 4.0,
  "spacing_z": 4.0,
  "summary_bg_k": 44.152282311362384,
  "summary_bg_mad": 12.00566970772461,
  "summary_bg_mean": 45.701602935791016,
  "summary_bg_median": 8.55747127532959,
  "summary_bg_n": 102079.0,
  "summary_bg_p05": 0.08620689809322357,
  "summary_bg_p95": 229.23792572021463,
  "summary_bg_stdv": 120.68224334716797,
  "summary_fg_k": 1.5321066853905139,
  "summary_fg_mad": 491.06511061550395,
  "summary_fg_mean": 1912.838134765625,
  "summary_fg_median": 1807.7586669921875,
  "summary_fg_n": 14179.0,
  "summary_fg_p05": 1112.6740844726562,
  "summary_fg_p95": 3089.178735351562,
  "summary_fg_stdv": 602.5556030273438,
  "tsnr": 95.23486008867621
}