{
  "aor": 0.0028714450867052023,
  "aqi": 0.0024625114335260117,
  "bids_meta": {
    "AcquisitionMatrixPE": 64,
    "AcquisitionNumber": 1,
    "AcquisitionTime": "18:28:30.000000",
    "CoilString": "32Ch_Head",
    "ConversionSoftware": "dcm2niix",
    "ConversionSoftwareVersion": "v1.0.20190902",
    "Dcm2bidsVersion": "2.1.4",
    "DeviceSerialNumber": "000000000000GEHC",
    "EchoTime": 0.04,
    "EffectiveEchoSpacing": 0.000372,
    "FlipAngle": 90,
    "ImageOrientationPatientDICOM": [
      1,
      0,
      0,
      0,
      1,
      0
    ],
    "ImageType": [
      "ORIGINAL",
      "PRIMARY",
      "EPI",
      "NONE"
    ],
    "ImagingFrequency": 127.772,
    "InPlanePhaseEncodingDirectionDICOM": "COL",
    "InstitutionName": "INSTITUTO_DE_NEUROBIOLOGIA",
    "MRAcquisitionType": "2D",
    "MagneticFieldStrength": 3,
    "Manufacturer": "GE",
    "ManufacturersModelName": "DISCOVERY_MR750",
    "Modality": "MR",
    "PatientPosition": "HFS",
    "PercentPhaseFOV": 100,
    "PhaseEncodingDirection": "j",
    "PhaseEncodingPolarityGE": "Flipped",
    "PixelBandwidth": 7812.5,
    "ProcedureStepDescription": "verbos",
    "ProtocolName": "fMRI_4",
    "ReconMatrixPE": 64,
    "RepetitionTime": 2,
    "SAR": 0.364805,
    "ScanOptions": "EPI_GEMS_ACC_GEMS",
    "ScanningSequence": "EP_GR",
    "SequenceVariant": "SS",
    "SeriesDescription": "fMRI_4",
    "SeriesNumber": 7,
    "SliceThickness": 4,
    "SliceTiming": [
      0,
      1.0285,
      0.0571001,
      1.0857,
      0.1142,
      1.1428,
      0.1714,
      1.2,
      0.2285,
      1.2571,
      0.2857,
      1.3143,
      0.3428,
      1.3714,
      0.4,
      1.4286,
      0.4571,
      1.4857,
      0.5142,
      1.5428,
      0.5714,
      1.6,
      0.6285,
      1.6571,
      0.6857,
      1.7143,
      0.7428,
      1.7714,
      0.8,
      1.8285,
      0.8571,
      1.8857,
      0.9143,
      1.9428,
      0.9714
    ],
    "SoftwareVersions": "24_LX_MR_Software_release:DV24.0_R02_1607.b",
    "SpacingBetweenSlices": 4,
    "StationName": "GEHCGEHC",
    "TaskName": "verbs",
    "TotalReadoutTime": 0.023436,
    "dataset": "ds003481",
    "modality": "bold",
    "run_id": 4,
    "subject_id": "141",
    "task_id": "verbs"
  },
  "dummy_trs": 1,
  "dvars_nstd": 15.903130691976749,
  "dvars_std": 1.0852814331395348,
  "dvars_vstd": 0.9748357242441863,
  "efc": 0.3571507056825232,
  "fber": 56396.4765625,
  "fd_mean": 0.07070277202845872,
  "fd_num": 0,
  "fd_perc": 0.0,
  "fwhm_avg": 2.9206000000000003,
  "fwhm_x": 2.865575,
  "fwhm_y": 2.9777,
  "fwhm_z": 2.918525,
  "gcor": 0.0181613,
  "gsr_x": -0.007375825196504593,
  "gsr_y": 0.0005154286045581102,
  "provenance": {
    "md5sum": "0549aef89ebf9ec5f35aa7d6527fe403",
    "settings": {
      "fd_thres": 0.2,
      "testing": false
    },
    "software": "mriqc",
    "version": "23.0.1",
    "webapi_port": null,
    "webapi_url": "https://mriqc.nimh.nih.gov/api/v1"
  },
  "size_t": 173,
  "size_x": 64,
  "size_y": 64,
  "size_z": 35,
  "snr": 2.8858029963332736,
  "spacing_tr": 2.0,
  "spacing_x": 4.0,
  "spacing_y": 4.0,
  "spacing_z": 4.0,
  "summary_bg_k": 53.957020436925454,
  "summary_bg_mad": 11.063811385616155,
  "summary_bg_mean": 41.31343460083008,
  "summary_bg_median": 7.930635452270508,
  "summary_bg_n": 101779.0,
  "summary_bg_p05": 0.09248554706573486,
  "summary_bg_p95": 198.23410644531225,
  "summary_bg_stdv": 112.90047454833984,
  "summary_fg_k": 1.5839998305465448,
  "summary_fg_mad": 486.65331932149627,
  "summary_fg_mean": 1922.005859375,
  "summary_fg_median": 1794.046142578125,
  "summary_fg_n": 14073.0,
  "summary_fg_p05": 1124.8878662109375,
  "summary_fg_p95": 3162.0994628906246,
  "summary_fg_stdv": 621.657958984375,
  "tsnr": 75.4895017943345
}