{
  "aor": 0.001968793103448276,
  "aqi": 0.0014592667816091956,
  "bids_meta": {
    "AcquisitionMatrixPE": 64,
    "AcquisitionNumber": 1,
    "AcquisitionTime": "18:21:47.000000",
    "CoilString": "32Ch_Head",
    "ConversionSoftware": "dcm2niix",
    "ConversionSoftwareVersion": "v1.0.20190902",
    "Dcm2bidsVersion": "2.1.4",
    "DeviceSerialNumber": "000000000000GEHC",
    "EchoTime": 0.04,
    "EffectiveEchoSpacing": 0.000372,
    "FlipAngle": 90,
    "ImageOrientationPatientDICOM": [
      1,
      0,
      0,
      0,
      1,
      0
    ],
    "ImageType": [
      "ORIGINAL",
      "PRIMARY",
      "EPI",
      "NONE"
    ],
    "ImagingFrequency": 127.772,
    "InPlanePhaseEncodingDirectionDICOM": "COL",
    "InstitutionName": "INSTITUTO_DE_NEUROBIOLOGIA",
    "MRAcquisitionType": "2D",
    "MagneticFieldStrength": 3,
    "Manufacturer": "GE",
    "ManufacturersModelName": "DISCOVERY_MR750",
    "Modality": "MR",
    "PatientPosition": "HFS",
    "PercentPhaseFOV": 100,
    "PhaseEncodingDirection": "j",
    "PhaseEncodingPolarityGE": "Flipped",
    "PixelBandwidth": 7812.5,
    "ProcedureStepDescription": "verbos",
    "ProtocolName": "fMRI_3",
    "ReconMatrixPE": 64,
    "RepetitionTime": 2,
    "SAR": 0.364805,
    "ScanOptions": "EPI_GEMS_ACC_GEMS",
    "ScanningSequence": "EP_GR",
    "SequenceVariant": "SS",
    "SeriesDescription": "fMRI_3",
    "SeriesNumber": 6,
    "SliceThickness": 4,
    "SliceTiming": [
      0,
      1.0285,
      0.0571001,
      1.0857,
      0.1142,
      1.1428,
      0.1714,
      1.2,
      0.2285,
      1.2571,
      0.2857,
      1.3143,
      0.3428,
      1.3714,
      0.4,
      1.4286,
      0.4571,
      1.4857,
      0.5142,
      1.5428,
      0.5714,
      1.6,
      0.6285,
      1.6571,
      0.6857,
      1.7143,
      0.7428,
      1.7714,
      0.8,
      1.8285,
      0.8571,
      1.8857,
      0.9143,
      1.9428,
      0.9714
    ],
    "SoftwareVersions": "24_LX_MR_Software_release:DV24.0_R02_1607.b",
    "SpacingBetweenSlices": 4,
    "StationName": "GEHCGEHC",
    "TaskName": "verbs",
    "TotalReadoutTime": 0.023436,
    "dataset": "ds003481",
    "modality": "bold",
    "run_id": 3,
    "subject_id": "141",
    "task_id": "verbs"
  },
  "dummy_trs": 0,
  "dvars_nstd": 15.980819586127172,
  "dvars_std": 1.149429178786127,
  "dvars_vstd": 1.008683429479769,
  "efc": 0.35639115819110356,
  "fber": 52996.26953125,
  "fd_mean": 0.08647467769429687,
  "fd_num": 6,
  "fd_perc": 3.4482758620689653,
  "fwhm_avg": 2.8772249999999997,
  "fwhm_x": 2.8242,
  "fwhm_y": 2.953,
  "fwhm_z": 2.854475,
  "gcor": 0.0374468,
  "gsr_x": -0.007571561262011528,
  "gsr_y": 0.0004600964894052595,
  "provenance": {
    "md5sum": "940605a46b5f7ce589d81dc64a024bf9",
    "settings": {
      "fd_thres": 0.2,
      "testing": false
    },
    "software": "mriqc",
    "version": "23.0.1",
    "webapi_port": null,
    "webapi_url": "https://mriqc.nimh.nih.gov/api/v1"
  },
  "size_t": 174,
  "size_x": 64,
  "size_y": 64,
  "size_z": 35,
  "snr": 2.961244971733777,
  "spacing_tr": 2.0,
  "spacing_x": 4.0,
  "spacing_y": 4.0,
  "spacing_z": 4.0,
  "summary_bg_k": 58.421261451337536,
  "summary_bg_mad": 11.46886521241747,
  "summary_bg_mean": 40.95705032348633,
  "summary_bg_median": 8.195402145385742,
  "summary_bg_n": 101890.0,
  "summary_bg_p05": 0.08045977354049683,
  "summary_bg_p95": 194.96006240844653,
  "summary_bg_stdv": 113.32640075683594,
  "summary_fg_k": 1.4669031943257327,
  "summary_fg_mad": 482.46775517264626,
  "summary_fg_mean": 1921.3441162109375,
  "summary_fg_median": 1803.086181640625,
  "summary_fg_n": 13983.0,
  "summary_fg_p05": 1123.84248046875,
  "summary_fg_p95": 3137.068994140625,
  "summary_fg_stdv": 608.8728637695312,
  "tsnr": 92.05551798455417
}