{
  "aor": 0.004423699999999999,
  "aqi": 0.0047497865,
  "bids_meta": {
    "AcquisitionDateTime": "2016-09-21T20:58:23.000000",
    "ConversionSoftware": "dcm2niix",
    "ConversionSoftwareVersion": "v1.0.20170411 GCC4.8.4",
    "EchoTime": 0.04,
    "FlipAngle": 90,
    "ImageType": [
      "ORIGINAL",
      "PRIMARY",
      "EPI",
      "NONE"
    ],
    "MagneticFieldStrength": 3,
    "Manufacturer": "GE",
    "ManufacturersModelName": "DISCOVERY_MR750",
    "ProcedureStepDescription": "MeditResp",
    "ProtocolName": "fMRI_RestSt",
    "RepetitionTime": 2,
    "ScanningSequence": "EP_GR",
    "SequenceVariant": "SS",
    "SeriesDescription": "fMRI_RestSt",
    "SliceTiming": [
      1.0285,
      0.0571001,
      1.0857,
      0.1142,
      1.1428,
      0.1714,
      1.2,
      0.2285,
      1.2571,
      0.2857,
      1.3143,
      0.3428,
      1.3714,
      0.4,
      1.4286,
      0.4571,
      1.4857,
      0.5142,
      1.5428,
      0.5714,
      1.6,
      0.6285,
      1.6571,
      0.6857,
      1.7143,
      0.7428,
      1.7714,
      0.8,
      1.8285,
      0.8571,
      1.8857,
      0.9143,
      1.9428,
      0.9714
    ],
    "TaskName": "rest",
    "dataset": "ds003481",
    "modality": "bold",
    "subject_id": "102",
    "task_id": "rest"
  },
  "dummy_trs": 0,
  "dvars_nstd": 13.264737502575244,
  "dvars_std": 0.9853225017056858,
  "dvars_vstd": 0.9558813804347823,
  "efc": 0.35517320893244375,
  "fber": 55081.37109375,
  "fd_mean": 0.10000079654083946,
  "fd_num": 18,
  "fd_perc": 6.0,
  "fwhm_avg": 2.7520666666666664,
  "fwhm_x": 2.6864,
  "fwhm_y": 2.908075,
  "fwhm_z": 2.661725,
  "gcor": 0.0285401,
  "gsr_x": -0.013421991840004921,
  "gsr_y": 0.0062995487824082375,
  "provenance": {
    "md5sum": "1556a415bec46c4738296363409daefd",
    "settings": {
      "fd_thres": 0.2,
      "testing": false
    },
    "software": "mriqc",
    "version": "23.0.1",
    "webapi_port": null,
    "webapi_url": "https://mriqc.nimh.nih.gov/api/v1"
  },
  "size_t": 300,
  "size_x": 64,
  "size_y": 64,
  "size_z": 34,
  "snr": 3.4814174549228234,
  "spacing_tr": 2.0,
  "spacing_x": 4.0,
  "spacing_y": 4.0,
  "spacing_z": 4.0,
  "summary_bg_k": 53.62039557379807,
  "summary_bg_mad": 10.793344461783107,
  "summary_bg_mean": 32.411216735839844,
  "summary_bg_median": 7.523333549499512,
  "summary_bg_n": 99096.0,
  "summary_bg_p05": 0.03333333507180214,
  "summary_bg_p95": 145.98833084106445,
  "summary_bg_stdv": 79.13777160644531,
  "summary_fg_k": 0.6395784975202732,
  "summary_fg_mad": 452.53229343508065,
  "summary_fg_mean": 1690.1844482421875,
  "summary_fg_median": 1667.00341796875,
  "summary_fg_n": 13420.0,
  "summary_fg_p05": 954.7180419921875,
  "summary_fg_p95": 2511.6956176757812,
  "summary_fg_stdv": 478.81109619140625,
  "tsnr": 56.29411548608914
}