{
  "aor": 0.0017974800000000002,
  "aqi": 0.00126208038,
  "bids_meta": {
    "AcquisitionDateTime": "2017-07-05T18:18:57.000000",
    "ConversionSoftware": "dcm2niix",
    "ConversionSoftwareVersion": "v1.0.20170411 GCC4.8.4",
    "EchoTime": 0.035,
    "FlipAngle": 90,
    "ImageType": [
      "ORIGINAL",
      "PRIMARY",
      "EPI",
      "NONE"
    ],
    "MagneticFieldStrength": 3,
    "Manufacturer": "GE",
    "ManufacturersModelName": "DISCOVERY_MR750",
    "ProcedureStepDescription": "CompMet",
    "ProtocolName": "fMRI_CompMet",
    "RepetitionTime": 2,
    "ScanningSequence": "EP_GR",
    "SequenceVariant": "SS",
    "SeriesDescription": "fMRI_CompMet",
    "SliceTiming": [
      1.0285,
      0.0571001,
      1.0857,
      0.1142,
      1.1428,
      0.1714,
      1.2,
      0.2285,
      1.2571,
      0.2857,
      1.3143,
      0.3428,
      1.3714,
      0.4,
      1.4286,
      0.4571,
      1.4857,
      0.5142,
      1.5428,
      0.5714,
      1.6,
      0.6285,
      1.6571,
      0.6857,
      1.7143,
      0.7428,
      1.7714,
      0.8,
      1.8285,
      0.8571,
      1.8857,
      0.9143,
      1.9428,
      0.9714
    ],
    "TaskName": "cmp",
    "dataset": "ds003481",
    "modality": "bold",
    "run_id": 2,
    "subject_id": "065",
    "task_id": "cmp"
  },
  "dummy_trs": 0,
  "dvars_nstd": 14.721770401365465,
  "dvars_std": 1.1584005202811254,
  "dvars_vstd": 1.0125613524899602,
  "efc": 0.32835824055938584,
  "fber": 108964.1640625,
  "fd_mean": 0.07875244425223968,
  "fd_num": 11,
  "fd_perc": 4.4,
  "fwhm_avg": 3.063191666666667,
  "fwhm_x": 2.9538,
  "fwhm_y": 3.094325,
  "fwhm_z": 3.14145,
  "gcor": 0.072502,
  "gsr_x": -0.017788367345929146,
  "gsr_y": 0.0009889297652989626,
  "provenance": {
    "md5sum": "f9a118bb65d957205d260a6fb57df4d3",
    "settings": {
      "fd_thres": 0.2,
      "testing": false
    },
    "software": "mriqc",
    "version": "23.0.1",
    "webapi_port": null,
    "webapi_url": "https://mriqc.nimh.nih.gov/api/v1"
  },
  "size_t": 250,
  "size_x": 64,
  "size_y": 64,
  "size_z": 34,
  "snr": 2.989702687066411,
  "spacing_tr": 2.0,
  "spacing_x": 4.0,
  "spacing_y": 4.0,
  "spacing_z": 4.0,
  "summary_bg_k": 65.26697868777654,
  "summary_bg_mad": 9.085387133068389,
  "summary_bg_mean": 35.690155029296875,
  "summary_bg_median": 6.756000518798828,
  "summary_bg_n": 101264.0,
  "summary_bg_p05": 0.23200000822544098,
  "summary_bg_p95": 168.17141265869137,
  "summary_bg_stdv": 104.84151458740234,
  "summary_fg_k": 2.043020289601041,
  "summary_fg_mad": 489.1431752811021,
  "summary_fg_mean": 2210.595947265625,
  "summary_fg_median": 2049.25,
  "summary_fg_n": 11766.0,
  "summary_fg_p05": 1370.5780944824219,
  "summary_fg_p95": 3603.9232788085938,
  "summary_fg_stdv": 685.4069213867188,
  "tsnr": 92.57386085484177
}