{
  "aor": 0.0010881,
  "aqi": 0.0015500048533333335,
  "bids_meta": {
    "AcquisitionDateTime": "2017-06-26T20:47:34.000000",
    "ConversionSoftware": "dcm2niix",
    "ConversionSoftwareVersion": "v1.0.20170411 GCC4.8.4",
    "EchoTime": 0.04,
    "FlipAngle": 90,
    "ImageType": [
      "ORIGINAL",
      "PRIMARY",
      "EPI",
      "NONE"
    ],
    "MagneticFieldStrength": 3,
    "Manufacturer": "GE",
    "ManufacturersModelName": "DISCOVERY_MR750",
    "ProcedureStepDescription": "CompMet",
    "ProtocolName": "fMRI_RestState",
    "RepetitionTime": 2,
    "ScanningSequence": "EP_GR",
    "SequenceVariant": "SS",
    "SeriesDescription": "fMRI_RestState",
    "SliceTiming": [
      1.0285,
      0.0571001,
      1.0857,
      0.1142,
      1.1428,
      0.1714,
      1.2,
      0.2285,
      1.2571,
      0.2857,
      1.3143,
      0.3428,
      1.3714,
      0.4,
      1.4286,
      0.4571,
      1.4857,
      0.5142,
      1.5428,
      0.5714,
      1.6,
      0.6285,
      1.6571,
      0.6857,
      1.7143,
      0.7428,
      1.7714,
      0.8,
      1.8285,
      0.8571,
      1.8857,
      0.9143,
      1.9428,
      0.9714
    ],
    "TaskName": "rest",
    "dataset": "ds003481",
    "modality": "bold",
    "subject_id": "065",
    "task_id": "rest"
  },
  "dummy_trs": 0,
  "dvars_nstd": 14.434159457792635,
  "dvars_std": 1.1097157465886291,
  "dvars_vstd": 0.9953292173578588,
  "efc": 0.34786945839845224,
  "fber": 78007.640625,
  "fd_mean": 0.0731511680985396,
  "fd_num": 7,
  "fd_perc": 2.3333333333333335,
  "fwhm_avg": 2.8366166666666666,
  "fwhm_x": 2.7998,
  "fwhm_y": 2.934125,
  "fwhm_z": 2.775925,
  "gcor": 0.117569,
  "gsr_x": -0.01836680807173252,
  "gsr_y": 0.008821500465273857,
  "provenance": {
    "md5sum": "553670af6a625330ee7e76cc2a79b5c1",
    "settings": {
      "fd_thres": 0.2,
      "testing": false
    },
    "software": "mriqc",
    "version": "23.0.1",
    "webapi_port": null,
    "webapi_url": "https://mriqc.nimh.nih.gov/api/v1"
  },
  "size_t": 300,
  "size_x": 64,
  "size_y": 64,
  "size_z": 34,
  "snr": 3.132275082720202,
  "spacing_tr": 2.0,
  "spacing_x": 4.0,
  "spacing_y": 4.0,
  "spacing_z": 4.0,
  "summary_bg_k": 81.5262622800559,
  "summary_bg_mad": 9.058699929757937,
  "summary_bg_mean": 27.02305793762207,
  "summary_bg_median": 6.733333587646484,
  "summary_bg_n": 98229.0,
  "summary_bg_p05": 0.1599999964237213,
  "summary_bg_p95": 113.57333679199205,
  "summary_bg_stdv": 76.00006866455078,
  "summary_fg_k": 1.1701258235823833,
  "summary_fg_mad": 458.53925757502446,
  "summary_fg_mean": 1913.9591064453125,
  "summary_fg_median": 1800.953369140625,
  "summary_fg_n": 13985.0,
  "summary_fg_p05": 1144.4400634765625,
  "summary_fg_p95": 3056.2593749999996,
  "summary_fg_stdv": 574.9459838867188,
  "tsnr": 83.70945939887315
}