{
  "bids_meta": {
    "AcquisitionDateTime": "2017-07-10T18:58:49.000000",
    "ConversionSoftware": "dcm2niix",
    "ConversionSoftwareVersion": "v1.0.20170411 GCC4.8.4",
    "EchoTime": 0.00318,
    "FlipAngle": 12,
    "ImageType": [
      "DERIVED",
      "PRIMARY",
      "OTHER"
    ],
    "InversionTime": 0.45,
    "MagneticFieldStrength": 3,
    "Manufacturer": "GE",
    "ManufacturersModelName": "DISCOVERY_MR750",
    "ProcedureStepDescription": "CompMet",
    "ProtocolName": "PU:Sag_T1_FSPGR_BRAVO",
    "RepetitionTime": 0.008156,
    "ScanningSequence": "GR",
    "SequenceVariant": "SS_SP_SK",
    "SeriesDescription": "PU:Sag_T1_FSPGR_BRAVO",
    "dataset": "ds003481",
    "modality": "T1w",
    "subject_id": "078"
  },
  "cjv": 0.3141645769478243,
  "cnr": 4.302510985273554,
  "efc": 0.7297446428775568,
  "fber": 10559.716052924092,
  "fwhm_avg": 4.153406666666666,
  "fwhm_x": 4.12272,
  "fwhm_y": 4.4124,
  "fwhm_z": 3.9251,
  "icvs_csf": 0.21836259624925547,
  "icvs_gm": 0.43838097938083187,
  "icvs_wm": 0.34325642436991266,
  "inu_med": 0.4716006815433502,
  "inu_range": 0.1476959675550461,
  "provenance": {
    "md5sum": "c292607d462d78215f0eab785d550dd1",
    "settings": {
      "testing": false
    },
    "software": "mriqc",
    "version": "23.0.1",
    "warnings": {
      "large_rot_frame": true,
      "small_air_mask": true
    },
    "webapi_port": null,
    "webapi_url": "https://mriqc.nimh.nih.gov/api/v1"
  },
  "qi_1": 0.0,
  "qi_2": 0.0038446043737880835,
  "rpve_csf": 26.14133648458745,
  "rpve_gm": 13.629615001627698,
  "rpve_wm": 20.008510504608694,
  "size_x": 176,
  "size_y": 256,
  "size_z": 256,
  "snr_csf": 2.5860631817864905,
  "snr_gm": 11.450746401299456,
  "snr_total": 12.57840865942955,
  "snr_wm": 23.69841639520271,
  "snrd_csf": 15.005704497003386,
  "snrd_gm": 39.424476471908015,
  "snrd_total": 37.40838157574129,
  "snrd_wm": 57.794963758312456,
  "spacing_x": 1.0,
  "spacing_y": 1.0,
  "spacing_z": 1.0,
  "summary_bg_k": 8.833963369804758,
  "summary_bg_mad": 0.0,
  "summary_bg_mean": 5.977183635613355,
  "summary_bg_median": 0.0,
  "summary_bg_n": 302369.0,
  "summary_bg_p05": 0.0,
  "summary_bg_p95": 30.32255470752716,
  "summary_bg_stdv": 11.335526927187713,
  "summary_csf_k": 1.1046341488566993,
  "summary_csf_mad": 85.41694507226077,
  "summary_csf_mean": 265.619812995618,
  "summary_csf_median": 259.6368746832013,
  "summary_csf_n": 33767.0,
  "summary_csf_p05": 112.15554922446609,
  "summary_csf_p95": 450.96461424902037,
  "summary_csf_stdv": 100.3970173457511,
  "summary_gm_k": 0.07856651625175326,
  "summary_gm_mad": 59.17371260598066,
  "summary_gm_mean": 682.5301252959653,
  "summary_gm_median": 682.1437713392079,
  "summary_gm_n": 39601.0,
  "summary_gm_p05": 584.8841771148145,
  "summary_gm_p95": 780.6541709452868,
  "summary_gm_stdv": 59.571239696524245,
  "summary_wm_k": 0.3639877408012553,
  "summary_wm_mad": 40.685439626524214,
  "summary_wm_mean": 1000.4710202407422,
  "summary_wm_median": 999.9999510608613,
  "summary_wm_n": 188371.0,
  "summary_wm_p05": 932.304847676307,
  "summary_wm_p95": 1070.3672295790166,
  "summary_wm_stdv": 42.196798302670956,
  "tpm_overlap_csf": 0.14221279463096273,
  "tpm_overlap_gm": 0.4688328740666317,
  "tpm_overlap_wm": 0.5084619029137455,
  "wm2max": 0.4758595261163709
}