{
  "bids_meta": {
    "AcquisitionDateTime": "2017-07-04T20:01:48.000000",
    "ConversionSoftware": "dcm2niix",
    "ConversionSoftwareVersion": "v1.0.20170411 GCC4.8.4",
    "EchoTime": 0.00318,
    "FlipAngle": 12,
    "ImageType": [
      "DERIVED",
      "PRIMARY",
      "OTHER"
    ],
    "InversionTime": 0.45,
    "MagneticFieldStrength": 3,
    "Manufacturer": "GE",
    "ManufacturersModelName": "DISCOVERY_MR750",
    "ProcedureStepDescription": "CompMet",
    "ProtocolName": "PU:Sag_T1_FSPGR_BRAVO",
    "RepetitionTime": 0.008156,
    "ScanningSequence": "GR",
    "SequenceVariant": "SS_SP_SK",
    "SeriesDescription": "PU:Sag_T1_FSPGR_BRAVO",
    "dataset": "ds003481",
    "modality": "T1w",
    "subject_id": "072"
  },
  "cjv": 0.34215391080640084,
  "cnr": 3.9760446302102617,
  "efc": 0.7257738831574707,
  "fber": 9409.0,
  "fwhm_avg": 3.702916666666667,
  "fwhm_x": 3.71485,
  "fwhm_y": 3.89335,
  "fwhm_z": 3.50055,
  "icvs_csf": 0.21457840728940264,
  "icvs_gm": 0.4547332252864973,
  "icvs_wm": 0.33068836742410007,
  "inu_med": 0.519800066947937,
  "inu_range": 0.14687573313713065,
  "provenance": {
    "md5sum": "675f9279e0ad80e12a7ec4182251ba69",
    "settings": {
      "testing": false
    },
    "software": "mriqc",
    "version": "23.0.1",
    "warnings": {
      "large_rot_frame": true,
      "small_air_mask": true
    },
    "webapi_port": null,
    "webapi_url": "https://mriqc.nimh.nih.gov/api/v1"
  },
  "qi_1": 0.0,
  "qi_2": 0.001977107254641747,
  "rpve_csf": 26.359660499363034,
  "rpve_gm": 13.14932238467958,
  "rpve_wm": 20.152848055642487,
  "size_x": 176,
  "size_y": 256,
  "size_z": 256,
  "snr_csf": 2.676768329243195,
  "snr_gm": 11.552601753493713,
  "snr_total": 12.031786009793038,
  "snr_wm": 21.865987946642207,
  "snrd_csf": 17.15444571989617,
  "snrd_gm": 47.323167283300734,
  "snrd_total": 44.135722287202974,
  "snrd_wm": 67.929553858412,
  "spacing_x": 1.0,
  "spacing_y": 1.0,
  "spacing_z": 1.0,
  "summary_bg_k": 13.261063993356224,
  "summary_bg_mad": 0.0,
  "summary_bg_mean": 4.627130393669966,
  "summary_bg_median": 0.0,
  "summary_bg_n": 287195.0,
  "summary_bg_p05": 0.0,
  "summary_bg_p95": 24.514284197241068,
  "summary_bg_stdv": 9.6443504030339,
  "summary_csf_k": 1.5180422123910864,
  "summary_csf_mad": 79.34622947660608,
  "summary_csf_mean": 263.3763648443308,
  "summary_csf_median": 252.53288550674915,
  "summary_csf_n": 38160.0,
  "summary_csf_p05": 129.564150352031,
  "summary_csf_p95": 440.9015193695201,
  "summary_csf_stdv": 94.3412150604099,
  "summary_gm_k": 0.12251990756774056,
  "summary_gm_mad": 60.14291039021145,
  "summary_gm_mean": 695.4600059930344,
  "summary_gm_median": 696.6506630703807,
  "summary_gm_n": 37400.0,
  "summary_gm_p05": 595.3752815164626,
  "summary_gm_p95": 792.1669757517053,
  "summary_gm_stdv": 60.30168479458825,
  "summary_wm_k": 0.5657019067859492,
  "summary_wm_mad": 43.64926209514856,
  "summary_wm_mean": 1000.3031169971076,
  "summary_wm_median": 1000.0000307299197,
  "summary_wm_n": 171809.0,
  "summary_wm_p05": 925.9804011359811,
  "summary_wm_p95": 1075.1162474289538,
  "summary_wm_stdv": 45.73299514100977,
  "tpm_overlap_csf": 0.1545033230195849,
  "tpm_overlap_gm": 0.4721657544461802,
  "tpm_overlap_wm": 0.5056132300238796,
  "wm2max": 0.4538143920953463
}