{
  "bids_meta": {
    "AcquisitionDateTime": "2017-07-05T18:40:18.000000",
    "ConversionSoftware": "dcm2niix",
    "ConversionSoftwareVersion": "v1.0.20170411 GCC4.8.4",
    "EchoTime": 0.00318,
    "FlipAngle": 12,
    "ImageType": [
      "DERIVED",
      "PRIMARY",
      "OTHER"
    ],
    "InversionTime": 0.45,
    "MagneticFieldStrength": 3,
    "Manufacturer": "GE",
    "ManufacturersModelName": "DISCOVERY_MR750",
    "ProcedureStepDescription": "CompMet",
    "ProtocolName": "PU:Sag_T1_FSPGR_BRAVO",
    "RepetitionTime": 0.008156,
    "ScanningSequence": "GR",
    "SequenceVariant": "SS_SP_SK",
    "SeriesDescription": "PU:Sag_T1_FSPGR_BRAVO",
    "dataset": "ds003481",
    "modality": "T1w",
    "subject_id": "065"
  },
  "cjv": 0.3274666000646149,
  "cnr": 4.1253323541996405,
  "efc": 0.7050365243551308,
  "fber": -1.0,
  "fwhm_avg": 3.7468133333333333,
  "fwhm_x": 3.64499,
  "fwhm_y": 4.05203,
  "fwhm_z": 3.54342,
  "icvs_csf": 0.17979167448440433,
  "icvs_gm": 0.47483511973925235,
  "icvs_wm": 0.3453732057763433,
  "inu_med": 0.46194785833358765,
  "inu_range": 0.11912567019462583,
  "provenance": {
    "md5sum": "f971485f12f65b5d27f4b62d77c2020e",
    "settings": {
      "testing": false
    },
    "software": "mriqc",
    "version": "23.0.1",
    "warnings": {
      "large_rot_frame": true,
      "small_air_mask": false
    },
    "webapi_port": null,
    "webapi_url": "https://mriqc.nimh.nih.gov/api/v1"
  },
  "qi_1": 0.0,
  "qi_2": 0.0030694516101061596,
  "rpve_csf": 30.17489484462273,
  "rpve_gm": 12.791120735842677,
  "rpve_wm": 19.34368922204214,
  "size_x": 176,
  "size_y": 256,
  "size_z": 256,
  "snr_csf": 2.463178848317232,
  "snr_gm": 11.618683494034654,
  "snr_total": 12.083496859317536,
  "snr_wm": 22.16862823560073,
  "snrd_csf": 14.365242510420256,
  "snrd_gm": 35.77178866367268,
  "snrd_total": 34.03296760702215,
  "snrd_wm": 51.96187164697353,
  "spacing_x": 1.0,
  "spacing_y": 1.0,
  "spacing_z": 1.0,
  "summary_bg_k": 7.397073362781523,
  "summary_bg_mad": 0.0,
  "summary_bg_mean": 7.031202041743844,
  "summary_bg_median": 0.0,
  "summary_bg_n": 607430.0,
  "summary_bg_p05": 0.0,
  "summary_bg_p95": 34.48819508776069,
  "summary_bg_stdv": 12.608021563055662,
  "summary_csf_k": 1.1349932173240145,
  "summary_csf_mad": 91.95043886106347,
  "summary_csf_mean": 282.468677147146,
  "summary_csf_median": 276.45737182348967,
  "summary_csf_n": 17618.0,
  "summary_csf_p05": 99.9113157922402,
  "summary_csf_p95": 485.4755415953696,
  "summary_csf_stdv": 112.23282711387371,
  "summary_gm_k": 0.11830932489493895,
  "summary_gm_mad": 58.7290696252741,
  "summary_gm_mean": 688.6919991506926,
  "summary_gm_median": 688.4237890318036,
  "summary_gm_n": 45052.0,
  "summary_gm_p05": 591.7425390537828,
  "summary_gm_p95": 785.976112280041,
  "summary_gm_stdv": 59.25078766612975,
  "summary_wm_k": 0.42658167481633535,
  "summary_wm_mad": 43.30173193266479,
  "summary_wm_mean": 1001.0539651031328,
  "summary_wm_median": 999.9999972246587,
  "summary_wm_n": 176160.0,
  "summary_wm_p05": 928.6981173232198,
  "summary_wm_p95": 1076.386422459036,
  "summary_wm_stdv": 45.10866203646941,
  "tpm_overlap_csf": 0.13765722870839073,
  "tpm_overlap_gm": 0.46939697065448804,
  "tpm_overlap_wm": 0.489802148857303,
  "wm2max": 0.4652497616078633
}