{
  "aor": 0.0005830980392156862,
  "aqi": 0.0012630251137254903,
  "bids_meta": {
    "AcquisitionDateTime": "2016-05-02T20:42:41.000000",
    "ConversionSoftware": "dcm2niix",
    "ConversionSoftwareVersion": "v1.0.20170411 GCC4.8.4",
    "EchoTime": 0.04,
    "FlipAngle": 90,
    "ImageType": [
      "ORIGINAL",
      "PRIMARY",
      "EPI",
      "NONE"
    ],
    "MagneticFieldStrength": 3,
    "Manufacturer": "GE",
    "ManufacturersModelName": "DISCOVERY_MR750",
    "ProcedureStepDescription": "ActosHabla",
    "ProtocolName": "fMRI_ActosHabla_3",
    "RepetitionTime": 2,
    "ScanningSequence": "EP_GR",
    "SequenceVariant": "SS",
    "SeriesDescription": "fMRI_ActosHabla_3",
    "SliceTiming": [
      0,
      1.0285,
      0.0571001,
      1.0857,
      0.1142,
      1.1428,
      0.1714,
      1.2,
      0.2285,
      1.2571,
      0.2857,
      1.3143,
      0.3428,
      1.3714,
      0.4,
      1.4286,
      0.4571,
      1.4857,
      0.5142,
      1.5428,
      0.5714,
      1.6,
      0.6285,
      1.6571,
      0.6857,
      1.7143,
      0.7428,
      1.7714,
      0.8,
      1.8285,
      0.8571,
      1.8857,
      0.9143,
      1.9428,
      0.9714
    ],
    "TaskName": "sar",
    "dataset": "ds003481",
    "modality": "bold",
    "run_id": 3,
    "subject_id": "003",
    "task_id": "sar"
  },
  "dummy_trs": 0,
  "dvars_nstd": 15.54445336535434,
  "dvars_std": 1.2225863470078742,
  "dvars_vstd": 0.9856789706299207,
  "efc": 0.3601230475620195,
  "fber": 73398.6328125,
  "fd_mean": 0.057328433251537816,
  "fd_num": 1,
  "fd_perc": 0.39215686274509803,
  "fwhm_avg": 2.703075,
  "fwhm_x": 2.6289,
  "fwhm_y": 2.7625,
  "fwhm_z": 2.717825,
  "gcor": 0.0505844,
  "gsr_x": -0.00856791716068983,
  "gsr_y": -0.0005771287251263857,
  "provenance": {
    "md5sum": "50b6b38939ec9c5f7c94a56ea7535d76",
    "settings": {
      "fd_thres": 0.2,
      "testing": false
    },
    "software": "mriqc",
    "version": "23.0.1",
    "webapi_port": null,
    "webapi_url": "https://mriqc.nimh.nih.gov/api/v1"
  },
  "size_t": 255,
  "size_x": 64,
  "size_y": 64,
  "size_z": 35,
  "snr": 3.541884626536942,
  "spacing_tr": 2.0,
  "spacing_x": 4.0,
  "spacing_y": 4.0,
  "spacing_z": 4.0,
  "summary_bg_k": 47.903227052348285,
  "summary_bg_mad": 9.756104754442134,
  "summary_bg_mean": 31.988784790039062,
  "summary_bg_median": 7.247059345245361,
  "summary_bg_n": 100737.0,
  "summary_bg_p05": 0.14901961386203766,
  "summary_bg_p95": 154.53490905761717,
  "summary_bg_stdv": 88.11634826660156,
  "summary_fg_k": 0.8104273370992408,
  "summary_fg_mad": 467.2580517494028,
  "summary_fg_mean": 1939.2156982421875,
  "summary_fg_median": 1869.9412841796875,
  "summary_fg_n": 14759.0,
  "summary_fg_p05": 1189.9514892578125,
  "summary_fg_p95": 2920.333886718748,
  "summary_fg_stdv": 527.9330444335938,
  "tsnr": 98.02806025044993
}