{
  "aor": 0.003217854406130268,
  "aqi": 0.0019275817203065135,
  "bids_meta": {
    "AcquisitionDateTime": "2016-05-02T20:21:52.000000",
    "ConversionSoftware": "dcm2niix",
    "ConversionSoftwareVersion": "v1.0.20170411 GCC4.8.4",
    "EchoTime": 0.04,
    "FlipAngle": 90,
    "ImageType": [
      "ORIGINAL",
      "PRIMARY",
      "EPI",
      "NONE"
    ],
    "MagneticFieldStrength": 3,
    "Manufacturer": "GE",
    "ManufacturersModelName": "DISCOVERY_MR750",
    "ProcedureStepDescription": "ActosHabla",
    "ProtocolName": "fMRI_ActosHabla_1",
    "RepetitionTime": 2,
    "ScanningSequence": "EP_GR",
    "SequenceVariant": "SS",
    "SeriesDescription": "fMRI_ActosHabla_1",
    "SliceTiming": [
      0,
      1.0285,
      0.0571001,
      1.0857,
      0.1142,
      1.1428,
      0.1714,
      1.2,
      0.2285,
      1.2571,
      0.2857,
      1.3143,
      0.3428,
      1.3714,
      0.4,
      1.4286,
      0.4571,
      1.4857,
      0.5142,
      1.5428,
      0.5714,
      1.6,
      0.6285,
      1.6571,
      0.6857,
      1.7143,
      0.7428,
      1.7714,
      0.8,
      1.8285,
      0.8571,
      1.8857,
      0.9143,
      1.9428,
      0.9714
    ],
    "TaskName": "sar",
    "dataset": "ds003481",
    "modality": "bold",
    "run_id": 1,
    "subject_id": "003",
    "task_id": "sar"
  },
  "dummy_trs": 0,
  "dvars_nstd": 13.83169414811539,
  "dvars_std": 1.1624224826153848,
  "dvars_vstd": 1.0065127871923076,
  "efc": 0.36028781712365027,
  "fber": 76705.4609375,
  "fd_mean": 0.05553159624733979,
  "fd_num": 1,
  "fd_perc": 0.3831417624521073,
  "fwhm_avg": 2.6555916666666666,
  "fwhm_x": 2.5938,
  "fwhm_y": 2.697025,
  "fwhm_z": 2.67595,
  "gcor": 0.0337557,
  "gsr_x": -0.00879457127302885,
  "gsr_y": -0.0013577714562416077,
  "provenance": {
    "md5sum": "fb322637ce3db6e4c275db04b2062e54",
    "settings": {
      "fd_thres": 0.2,
      "testing": false
    },
    "software": "mriqc",
    "version": "23.0.1",
    "webapi_port": null,
    "webapi_url": "https://mriqc.nimh.nih.gov/api/v1"
  },
  "size_t": 261,
  "size_x": 64,
  "size_y": 64,
  "size_z": 35,
  "snr": 3.6036608078490735,
  "spacing_tr": 2.0,
  "spacing_x": 4.0,
  "spacing_y": 4.0,
  "spacing_z": 4.0,
  "summary_bg_k": 47.84200252708036,
  "summary_bg_mad": 9.639754277917971,
  "summary_bg_mean": 31.887378692626953,
  "summary_bg_median": 7.157087802886963,
  "summary_bg_n": 100723.0,
  "summary_bg_p05": 0.14942528307437897,
  "summary_bg_p95": 152.71072998046864,
  "summary_bg_stdv": 87.6326675415039,
  "summary_fg_k": 0.8768612669608533,
  "summary_fg_mad": 461.84452665663673,
  "summary_fg_mean": 1961.885986328125,
  "summary_fg_median": 1889.9693603515625,
  "summary_fg_n": 14679.0,
  "summary_fg_p05": 1220.5558715820314,
  "summary_fg_p95": 2933.681176757812,
  "summary_fg_stdv": 524.4403076171875,
  "tsnr": 87.46808601729572
}