{
  "aor": 0.0008184645669291339,
  "aqi": 0.0011147670590551182,
  "bids_meta": {
    "AcquisitionDateTime": "2016-05-02T20:32:27.000000",
    "ConversionSoftware": "dcm2niix",
    "ConversionSoftwareVersion": "v1.0.20170411 GCC4.8.4",
    "EchoTime": 0.04,
    "FlipAngle": 90,
    "ImageType": [
      "ORIGINAL",
      "PRIMARY",
      "EPI",
      "NONE"
    ],
    "MagneticFieldStrength": 3,
    "Manufacturer": "GE",
    "ManufacturersModelName": "DISCOVERY_MR750",
    "ProcedureStepDescription": "ActosHabla",
    "ProtocolName": "fMRI_ActosHabla_2",
    "RepetitionTime": 2,
    "ScanningSequence": "EP_GR",
    "SequenceVariant": "SS",
    "SeriesDescription": "fMRI_ActosHabla_2",
    "SliceTiming": [
      0,
      1.0285,
      0.0571001,
      1.0857,
      0.1142,
      1.1428,
      0.1714,
      1.2,
      0.2285,
      1.2571,
      0.2857,
      1.3143,
      0.3428,
      1.3714,
      0.4,
      1.4286,
      0.4571,
      1.4857,
      0.5142,
      1.5428,
      0.5714,
      1.6,
      0.6285,
      1.6571,
      0.6857,
      1.7143,
      0.7428,
      1.7714,
      0.8,
      1.8285,
      0.8571,
      1.8857,
      0.9143,
      1.9428,
      0.9714
    ],
    "TaskName": "sar",
    "dataset": "ds003481",
    "modality": "bold",
    "run_id": 2,
    "subject_id": "003",
    "task_id": "sar"
  },
  "dummy_trs": 0,
  "dvars_nstd": 15.005835736521737,
  "dvars_std": 1.2296884726482211,
  "dvars_vstd": 1.010179308339921,
  "efc": 0.36041123137177344,
  "fber": 74821.4765625,
  "fd_mean": 0.05041311566214772,
  "fd_num": 2,
  "fd_perc": 0.7874015748031497,
  "fwhm_avg": 2.6665833333333335,
  "fwhm_x": 2.586525,
  "fwhm_y": 2.72315,
  "fwhm_z": 2.690075,
  "gcor": 0.0467215,
  "gsr_x": -0.009069855324923992,
  "gsr_y": -0.0008246041834354401,
  "provenance": {
    "md5sum": "0a3f0a08172fb9f12e6132dca4f679f1",
    "settings": {
      "fd_thres": 0.2,
      "testing": false
    },
    "software": "mriqc",
    "version": "23.0.1",
    "webapi_port": null,
    "webapi_url": "https://mriqc.nimh.nih.gov/api/v1"
  },
  "size_t": 254,
  "size_x": 64,
  "size_y": 64,
  "size_z": 35,
  "snr": 3.6436297195946716,
  "spacing_tr": 2.0,
  "spacing_x": 4.0,
  "spacing_y": 4.0,
  "spacing_z": 4.0,
  "summary_bg_k": 47.562063115149144,
  "summary_bg_mad": 9.765328989545983,
  "summary_bg_mean": 32.19685363769531,
  "summary_bg_median": 7.2480316162109375,
  "summary_bg_n": 100765.0,
  "summary_bg_p05": 0.15354330837726593,
  "summary_bg_p95": 154.66772155761686,
  "summary_bg_stdv": 88.74420928955078,
  "summary_fg_k": 0.7276649735434968,
  "summary_fg_mad": 460.8500321265234,
  "summary_fg_mean": 1954.81005859375,
  "summary_fg_median": 1890.100341796875,
  "summary_fg_n": 14678.0,
  "summary_fg_p05": 1217.5314636230469,
  "summary_fg_p95": 2919.0953124999996,
  "summary_fg_stdv": 518.723388671875,
  "tsnr": 103.9256400866434
}