{
  "aor": 0.003142196078431373,
  "aqi": 0.0015910983803921568,
  "bids_meta": {
    "AcquisitionDateTime": "2017-02-07T19:18:33.000000",
    "ConversionSoftware": "dcm2niix",
    "ConversionSoftwareVersion": "v1.0.20170411 GCC4.8.4",
    "EchoTime": 0.04,
    "FlipAngle": 90,
    "ImageType": [
      "ORIGINAL",
      "PRIMARY",
      "EPI",
      "NONE"
    ],
    "MagneticFieldStrength": 3,
    "Manufacturer": "GE",
    "ManufacturersModelName": "DISCOVERY_MR750",
    "ProcedureStepDescription": "ActosHabla",
    "ProtocolName": "fMRI_ActosHabla_3",
    "RepetitionTime": 2,
    "ScanningSequence": "EP_GR",
    "SequenceVariant": "SS",
    "SeriesDescription": "fMRI_ActosHabla_3",
    "SliceTiming": [
      0,
      1.0285,
      0.0571001,
      1.0857,
      0.1142,
      1.1428,
      0.1714,
      1.2,
      0.2285,
      1.2571,
      0.2857,
      1.3143,
      0.3428,
      1.3714,
      0.4,
      1.4286,
      0.4571,
      1.4857,
      0.5142,
      1.5428,
      0.5714,
      1.6,
      0.6285,
      1.6571,
      0.6857,
      1.7143,
      0.7428,
      1.7714,
      0.8,
      1.8285,
      0.8571,
      1.8857,
      0.9143,
      1.9428,
      0.9714
    ],
    "TaskName": "sar",
    "dataset": "ds003481",
    "modality": "bold",
    "run_id": 3,
    "subject_id": "015",
    "task_id": "sar"
  },
  "dummy_trs": 0,
  "dvars_nstd": 15.645346326181112,
  "dvars_std": 1.1894438885039371,
  "dvars_vstd": 1.0114948981889764,
  "efc": 0.3768963336898371,
  "fber": 63300.4296875,
  "fd_mean": 0.09616017899256118,
  "fd_num": 13,
  "fd_perc": 5.098039215686274,
  "fwhm_avg": 2.5828683333333333,
  "fwhm_x": 2.479705,
  "fwhm_y": 2.739275,
  "fwhm_z": 2.529625,
  "gcor": 0.05277,
  "gsr_x": -0.005015303380787373,
  "gsr_y": 0.00635980349034071,
  "provenance": {
    "md5sum": "31214f0de9575af8afe2da3427646ad3",
    "settings": {
      "fd_thres": 0.2,
      "testing": false
    },
    "software": "mriqc",
    "version": "23.0.1",
    "webapi_port": null,
    "webapi_url": "https://mriqc.nimh.nih.gov/api/v1"
  },
  "size_t": 255,
  "size_x": 64,
  "size_y": 64,
  "size_z": 35,
  "snr": 3.7829158347764476,
  "spacing_tr": 2.0,
  "spacing_x": 4.0,
  "spacing_y": 4.0,
  "spacing_z": 4.0,
  "summary_bg_k": 137.17732758949097,
  "summary_bg_mad": 11.703836390215445,
  "summary_bg_mean": 39.14842987060547,
  "summary_bg_median": 8.247058868408203,
  "summary_bg_n": 99268.0,
  "summary_bg_p05": 0.08235294371843338,
  "summary_bg_p95": 170.22961959838852,
  "summary_bg_stdv": 101.10202026367188,
  "summary_fg_k": 0.11502561631093622,
  "summary_fg_mad": 507.20098797102315,
  "summary_fg_mean": 2026.4244384765625,
  "summary_fg_median": 1971.8902587890625,
  "summary_fg_n": 15784.0,
  "summary_fg_p05": 1258.1508239746095,
  "summary_fg_p95": 2938.0105590820312,
  "summary_fg_stdv": 521.2454833984375,
  "tsnr": 93.28851751517504
}