{
  "aor": 0.005574015748031497,
  "aqi": 0.0019233431220472444,
  "bids_meta": {
    "AcquisitionDateTime": "2017-02-07T19:08:25.000000",
    "ConversionSoftware": "dcm2niix",
    "ConversionSoftwareVersion": "v1.0.20170411 GCC4.8.4",
    "EchoTime": 0.04,
    "FlipAngle": 90,
    "ImageType": [
      "ORIGINAL",
      "PRIMARY",
      "EPI",
      "NONE"
    ],
    "MagneticFieldStrength": 3,
    "Manufacturer": "GE",
    "ManufacturersModelName": "DISCOVERY_MR750",
    "ProcedureStepDescription": "ActosHabla",
    "ProtocolName": "fMRI_ActosHabla_2",
    "RepetitionTime": 2,
    "ScanningSequence": "EP_GR",
    "SequenceVariant": "SS",
    "SeriesDescription": "fMRI_ActosHabla_2",
    "SliceTiming": [
      0,
      1.0285,
      0.0571001,
      1.0857,
      0.1142,
      1.1428,
      0.1714,
      1.2,
      0.2285,
      1.2571,
      0.2857,
      1.3143,
      0.3428,
      1.3714,
      0.4,
      1.4286,
      0.4571,
      1.4857,
      0.5142,
      1.5428,
      0.5714,
      1.6,
      0.6285,
      1.6571,
      0.6857,
      1.7143,
      0.7428,
      1.7714,
      0.8,
      1.8285,
      0.8571,
      1.8857,
      0.9143,
      1.9428,
      0.9714
    ],
    "TaskName": "sar",
    "dataset": "ds003481",
    "modality": "bold",
    "run_id": 2,
    "subject_id": "015",
    "task_id": "sar"
  },
  "dummy_trs": 0,
  "dvars_nstd": 16.81961969126482,
  "dvars_std": 1.2158639088142293,
  "dvars_vstd": 1.0335353278656125,
  "efc": 0.3757427566814723,
  "fber": 62223.9296875,
  "fd_mean": 0.13199199375933127,
  "fd_num": 26,
  "fd_perc": 10.236220472440944,
  "fwhm_avg": 2.6014808333333335,
  "fwhm_x": 2.4953425,
  "fwhm_y": 2.74965,
  "fwhm_z": 2.55945,
  "gcor": 0.0712736,
  "gsr_x": -0.005699277855455875,
  "gsr_y": 0.006444793660193682,
  "provenance": {
    "md5sum": "b9886eb400faf0f66aecbd6f83982f9e",
    "settings": {
      "fd_thres": 0.2,
      "testing": false
    },
    "software": "mriqc",
    "version": "23.0.1",
    "webapi_port": null,
    "webapi_url": "https://mriqc.nimh.nih.gov/api/v1"
  },
  "size_t": 254,
  "size_x": 64,
  "size_y": 64,
  "size_z": 35,
  "snr": 3.780521241002172,
  "spacing_tr": 2.0,
  "spacing_x": 4.0,
  "spacing_y": 4.0,
  "spacing_z": 4.0,
  "summary_bg_k": 124.92895976780018,
  "summary_bg_mad": 11.831632413809963,
  "summary_bg_mean": 38.38957977294922,
  "summary_bg_median": 8.346456527709961,
  "summary_bg_n": 99317.0,
  "summary_bg_p05": 0.08661417663097382,
  "summary_bg_p95": 166.03385620117183,
  "summary_bg_stdv": 99.42608642578125,
  "summary_fg_k": 0.08924915224574237,
  "summary_fg_mad": 507.17827476564935,
  "summary_fg_mean": 2030.56689453125,
  "summary_fg_median": 1974.8306884765625,
  "summary_fg_n": 15661.0,
  "summary_fg_p05": 1258.81494140625,
  "summary_fg_p95": 2945.05126953125,
  "summary_fg_stdv": 522.353271484375,
  "tsnr": 82.20797203015536
}