{
  "bids_meta": {
    "AcquisitionDateTime": "2017-08-23T18:36:9.000000",
    "ConversionSoftware": "dcm2niix",
    "ConversionSoftwareVersion": "v1.0.20170411 GCC4.8.4",
    "EchoTime": 0.00318,
    "FlipAngle": 12,
    "ImageType": [
      "DERIVED",
      "PRIMARY",
      "OTHER"
    ],
    "InversionTime": 0.45,
    "MagneticFieldStrength": 3,
    "Manufacturer": "GE",
    "ManufacturersModelName": "DISCOVERY_MR750",
    "ProtocolName": "PU:Sag_T1_FSPGR_BRAVO",
    "RepetitionTime": 0.008156,
    "ScanningSequence": "GR",
    "SequenceVariant": "SS_SP_SK",
    "SeriesDescription": "PU:Sag_T1_FSPGR_BRAVO",
    "dataset": "ds003481",
    "modality": "T1w",
    "subject_id": "089"
  },
  "cjv": 0.3091690700424586,
  "cnr": 4.328354164634817,
  "efc": 0.7110860597803037,
  "fber": -1.0,
  "fwhm_avg": 3.758983333333333,
  "fwhm_x": 3.72066,
  "fwhm_y": 3.97984,
  "fwhm_z": 3.57645,
  "icvs_csf": 0.21197737217346108,
  "icvs_gm": 0.4680958612209809,
  "icvs_wm": 0.319926766605558,
  "inu_med": 0.4983499050140381,
  "inu_range": 0.1359982460737229,
  "provenance": {
    "md5sum": "186a09dcf7cb597a66b8c77f8aed22a0",
    "settings": {
      "testing": false
    },
    "software": "mriqc",
    "version": "23.0.1",
    "warnings": {
      "large_rot_frame": true,
      "small_air_mask": false
    },
    "webapi_port": null,
    "webapi_url": "https://mriqc.nimh.nih.gov/api/v1"
  },
  "qi_1": 0.0,
  "qi_2": 0.003436010446630052,
  "rpve_csf": 25.899825711114477,
  "rpve_gm": 12.768895889858062,
  "rpve_wm": 20.838027490671966,
  "size_x": 176,
  "size_y": 256,
  "size_z": 256,
  "snr_csf": 3.0226708169982754,
  "snr_gm": 11.479625619783373,
  "snr_total": 12.362852593460781,
  "snr_wm": 22.5862613436007,
  "snrd_csf": 14.365437776741112,
  "snrd_gm": 36.05800672807269,
  "snrd_total": 34.57359864182167,
  "snrd_wm": 53.29735142065122,
  "spacing_x": 1.0,
  "spacing_y": 1.0,
  "spacing_z": 1.0,
  "summary_bg_k": 7.851574693825498,
  "summary_bg_mad": 0.0,
  "summary_bg_mean": 7.577298505419164,
  "summary_bg_median": 0.0,
  "summary_bg_n": 472107.0,
  "summary_bg_p05": 0.0,
  "summary_bg_p95": 34.39793882891536,
  "summary_bg_stdv": 12.292100092452658,
  "summary_csf_k": 1.4532458701150484,
  "summary_csf_mad": 69.68839898701518,
  "summary_csf_mean": 276.8539522726267,
  "summary_csf_median": 269.53379330411553,
  "summary_csf_n": 30467.0,
  "summary_csf_p05": 142.0500356554985,
  "summary_csf_p95": 445.4629161972547,
  "summary_csf_stdv": 89.16927651511864,
  "summary_gm_k": 0.3193065979512175,
  "summary_gm_mad": 56.582649381934644,
  "summary_gm_mean": 676.4824416684673,
  "summary_gm_median": 676.544041570276,
  "summary_gm_n": 41331.0,
  "summary_gm_p05": 578.9999424107373,
  "summary_gm_p95": 773.088870998472,
  "summary_gm_stdv": 58.93361678035345,
  "summary_wm_k": 0.2980289781445995,
  "summary_wm_mad": 43.41991825683203,
  "summary_wm_mean": 1000.0319814023107,
  "summary_wm_median": 999.9999669156969,
  "summary_wm_n": 169356.0,
  "summary_wm_p05": 927.3607441373169,
  "summary_wm_p95": 1072.2260300936177,
  "summary_wm_stdv": 44.27457025038165,
  "tpm_overlap_csf": 0.14759856922955902,
  "tpm_overlap_gm": 0.46576687701992375,
  "tpm_overlap_wm": 0.4948866682972405,
  "wm2max": 0.47170050761421317
}