{
  "aor": 0.0037868510638297873,
  "aqi": 0.003700841331914894,
  "bids_meta": {
    "AcquisitionDateTime": "2017-01-27T19:21:18.000000",
    "ConversionSoftware": "dcm2niix",
    "ConversionSoftwareVersion": "v1.0.20170411 GCC4.8.4",
    "EchoTime": 0.04,
    "FlipAngle": 90,
    "ImageType": [
      "ORIGINAL",
      "PRIMARY",
      "EPI",
      "NONE"
    ],
    "MagneticFieldStrength": 3,
    "Manufacturer": "GE",
    "ManufacturersModelName": "DISCOVERY_MR750",
    "ProcedureStepDescription": "ComRefranes",
    "ProtocolName": "fMRI_Comprension_3",
    "RepetitionTime": 2,
    "ScanningSequence": "EP_GR",
    "SequenceVariant": "SS",
    "SeriesDescription": "fMRI_Comprension_3",
    "SliceTiming": [
      1.0285,
      0.0571001,
      1.0857,
      0.1142,
      1.1428,
      0.1714,
      1.2,
      0.2285,
      1.2571,
      0.2857,
      1.3143,
      0.3428,
      1.3714,
      0.4,
      1.4286,
      0.4571,
      1.4857,
      0.5142,
      1.5428,
      0.5714,
      1.6,
      0.6285,
      1.6571,
      0.6857,
      1.7143,
      0.7428,
      1.7714,
      0.8,
      1.8285,
      0.8571,
      1.8857,
      0.9143,
      1.9428,
      0.9714
    ],
    "TaskName": "pc",
    "dataset": "ds003481",
    "modality": "bold",
    "run_id": 3,
    "subject_id": "063",
    "task_id": "pc"
  },
  "dummy_trs": 0,
  "dvars_nstd": 23.339751166111117,
  "dvars_std": 1.1949203468803424,
  "dvars_vstd": 1.019795192094017,
  "efc": 0.37201034252611204,
  "fber": 53136.1484375,
  "fd_mean": 0.16821987994864418,
  "fd_num": 57,
  "fd_perc": 24.25531914893617,
  "fwhm_avg": 2.636458333333333,
  "fwhm_x": 2.574075,
  "fwhm_y": 2.7489,
  "fwhm_z": 2.5864,
  "gcor": 0.0682001,
  "gsr_x": 0.00025398682919330895,
  "gsr_y": 0.007699530106037855,
  "provenance": {
    "md5sum": "088145979211bc54993277eacd75216c",
    "settings": {
      "fd_thres": 0.2,
      "testing": false
    },
    "software": "mriqc",
    "version": "23.0.1",
    "webapi_port": null,
    "webapi_url": "https://mriqc.nimh.nih.gov/api/v1"
  },
  "size_t": 235,
  "size_x": 64,
  "size_y": 64,
  "size_z": 34,
  "snr": 3.2681515124880223,
  "spacing_tr": 2.0,
  "spacing_x": 4.0,
  "spacing_y": 4.0,
  "spacing_z": 4.0,
  "summary_bg_k": 171.88303596117797,
  "summary_bg_mad": 11.968069739944646,
  "summary_bg_mean": 41.822479248046875,
  "summary_bg_median": 8.344680786132812,
  "summary_bg_n": 96636.0,
  "summary_bg_p05": 0.03404255211353302,
  "summary_bg_p95": 180.60956954956055,
  "summary_bg_stdv": 125.74149322509766,
  "summary_fg_k": 0.19749276322356968,
  "summary_fg_mad": 520.0494229439685,
  "summary_fg_mean": 1889.99609375,
  "summary_fg_median": 1812.712646484375,
  "summary_fg_n": 14894.0,
  "summary_fg_p05": 1100.6901977539062,
  "summary_fg_p95": 2915.920764160156,
  "summary_fg_stdv": 554.6412963867188,
  "tsnr": 57.07963598193601
}