{
  "aor": 0.003066595744680851,
  "aqi": 0.002710246387234043,
  "bids_meta": {
    "AcquisitionDateTime": "2017-01-27T19:12:15.000000",
    "ConversionSoftware": "dcm2niix",
    "ConversionSoftwareVersion": "v1.0.20170411 GCC4.8.4",
    "EchoTime": 0.04,
    "FlipAngle": 90,
    "ImageType": [
      "ORIGINAL",
      "PRIMARY",
      "EPI",
      "NONE"
    ],
    "MagneticFieldStrength": 3,
    "Manufacturer": "GE",
    "ManufacturersModelName": "DISCOVERY_MR750",
    "ProcedureStepDescription": "ComRefranes",
    "ProtocolName": "fMRI_Comprension_2",
    "RepetitionTime": 2,
    "ScanningSequence": "EP_GR",
    "SequenceVariant": "SS",
    "SeriesDescription": "fMRI_Comprension_2",
    "SliceTiming": [
      1.0285,
      0.0571001,
      1.0857,
      0.1142,
      1.1428,
      0.1714,
      1.2,
      0.2285,
      1.2571,
      0.2857,
      1.3143,
      0.3428,
      1.3714,
      0.4,
      1.4286,
      0.4571,
      1.4857,
      0.5142,
      1.5428,
      0.5714,
      1.6,
      0.6285,
      1.6571,
      0.6857,
      1.7143,
      0.7428,
      1.7714,
      0.8,
      1.8285,
      0.8571,
      1.8857,
      0.9143,
      1.9428,
      0.9714
    ],
    "TaskName": "pc",
    "dataset": "ds003481",
    "modality": "bold",
    "run_id": 2,
    "subject_id": "063",
    "task_id": "pc"
  },
  "dummy_trs": 0,
  "dvars_nstd": 22.38558008730771,
  "dvars_std": 1.214828132777777,
  "dvars_vstd": 1.0226526242735043,
  "efc": 0.3719852380326541,
  "fber": 55883.96484375,
  "fd_mean": 0.13826293473196277,
  "fd_num": 45,
  "fd_perc": 19.148936170212767,
  "fwhm_avg": 2.668841666666667,
  "fwhm_x": 2.581725,
  "fwhm_y": 2.820375,
  "fwhm_z": 2.604425,
  "gcor": 0.0903223,
  "gsr_x": 0.000386314291972667,
  "gsr_y": 0.00768246641382575,
  "provenance": {
    "md5sum": "1fb1454e96d8a449415b9c551563b5e3",
    "settings": {
      "fd_thres": 0.2,
      "testing": false
    },
    "software": "mriqc",
    "version": "23.0.1",
    "webapi_port": null,
    "webapi_url": "https://mriqc.nimh.nih.gov/api/v1"
  },
  "size_t": 235,
  "size_x": 64,
  "size_y": 64,
  "size_z": 34,
  "snr": 3.3023871859911114,
  "spacing_tr": 2.0,
  "spacing_x": 4.0,
  "spacing_y": 4.0,
  "spacing_z": 4.0,
  "summary_bg_k": 165.3802317593841,
  "summary_bg_mad": 11.709403168645938,
  "summary_bg_mean": 41.594459533691406,
  "summary_bg_median": 8.153191566467285,
  "summary_bg_n": 96713.0,
  "summary_bg_p05": 0.025531914085149765,
  "summary_bg_p95": 180.6706298828124,
  "summary_bg_stdv": 124.8646011352539,
  "summary_fg_k": 0.20688347092064507,
  "summary_fg_mad": 511.14430809283823,
  "summary_fg_mean": 1892.6431884765625,
  "summary_fg_median": 1820.2425537109375,
  "summary_fg_n": 14963.0,
  "summary_fg_p05": 1102.440771484375,
  "summary_fg_p95": 2913.0944091796873,
  "summary_fg_stdv": 551.1715087890625,
  "tsnr": 68.25387732964009
}