{
  "aor": 0.00199852,
  "aqi": 0.0024602033240000002,
  "bids_meta": {
    "AcquisitionDateTime": "2017-01-09T18:40:25.000000",
    "ConversionSoftware": "dcm2niix",
    "ConversionSoftwareVersion": "v1.0.20170411 GCC4.8.4",
    "EchoTime": 0.04,
    "FlipAngle": 90,
    "ImageType": [
      "ORIGINAL",
      "PRIMARY",
      "EPI",
      "NONE"
    ],
    "MagneticFieldStrength": 3,
    "Manufacturer": "GE",
    "ManufacturersModelName": "DISCOVERY_MR750",
    "ProcedureStepDescription": "CompRefranes",
    "ProtocolName": "fMRI_Comprension_2",
    "RepetitionTime": 2,
    "ScanningSequence": "EP_GR",
    "SequenceVariant": "SS",
    "SeriesDescription": "fMRI_Comprension_2",
    "SliceTiming": [
      1.0285,
      0.0571001,
      1.0857,
      0.1142,
      1.1428,
      0.1714,
      1.2,
      0.2285,
      1.2571,
      0.2857,
      1.3143,
      0.3428,
      1.3714,
      0.4,
      1.4286,
      0.4571,
      1.4857,
      0.5142,
      1.5428,
      0.5714,
      1.6,
      0.6285,
      1.6571,
      0.6857,
      1.7143,
      0.7428,
      1.7714,
      0.8,
      1.8285,
      0.8571,
      1.8857,
      0.9143,
      1.9428,
      0.9714
    ],
    "TaskName": "pc",
    "dataset": "ds003481",
    "modality": "bold",
    "run_id": 2,
    "subject_id": "055",
    "task_id": "pc"
  },
  "dummy_trs": 0,
  "dvars_nstd": 17.058165438835346,
  "dvars_std": 1.1224849355823296,
  "dvars_vstd": 1.0103122070682733,
  "efc": 0.3641673839280136,
  "fber": 175181.84375,
  "fd_mean": 0.1349693385018873,
  "fd_num": 37,
  "fd_perc": 14.8,
  "fwhm_avg": 2.5703082958737653,
  "fwhm_x": 2.4758475,
  "fwhm_y": 2.731475,
  "fwhm_z": 2.503602387621296,
  "gcor": 0.0528592,
  "gsr_x": -0.005468434188514948,
  "gsr_y": -0.0007237028912641108,
  "provenance": {
    "md5sum": "ad4d2a839112564767c4ef803e56588b",
    "settings": {
      "fd_thres": 0.2,
      "testing": false
    },
    "software": "mriqc",
    "version": "23.0.1",
    "webapi_port": null,
    "webapi_url": "https://mriqc.nimh.nih.gov/api/v1"
  },
  "size_t": 250,
  "size_x": 64,
  "size_y": 64,
  "size_z": 34,
  "snr": 3.5122544697505518,
  "spacing_tr": 2.0,
  "spacing_x": 4.0,
  "spacing_y": 4.0,
  "spacing_z": 3.9999961853027344,
  "summary_bg_k": 60.829653554870696,
  "summary_bg_mad": 6.8436922001993015,
  "summary_bg_mean": 31.04608726501465,
  "summary_bg_median": 4.740000247955322,
  "summary_bg_n": 96603.0,
  "summary_bg_p05": 0.020000001415610313,
  "summary_bg_p95": 138.7156036376953,
  "summary_bg_stdv": 89.764404296875,
  "summary_fg_k": 0.5074574866896202,
  "summary_fg_mad": 476.7544338671172,
  "summary_fg_mean": 1903.923828125,
  "summary_fg_median": 1832.994140625,
  "summary_fg_n": 14870.0,
  "summary_fg_p05": 1178.3866455078125,
  "summary_fg_p95": 2872.018774414062,
  "summary_fg_stdv": 521.8677978515625,
  "tsnr": 71.18358285247814
}