{
  "aor": 0.0021609777777777776,
  "aqi": 0.0037159303555555556,
  "bids_meta": {
    "AcquisitionDateTime": "2017-01-09T19:07:42.000000",
    "ConversionSoftware": "dcm2niix",
    "ConversionSoftwareVersion": "v1.0.20170411 GCC4.8.4",
    "EchoTime": 0.04,
    "FlipAngle": 90,
    "ImageType": [
      "ORIGINAL",
      "PRIMARY",
      "EPI",
      "NONE"
    ],
    "MagneticFieldStrength": 3,
    "Manufacturer": "GE",
    "ManufacturersModelName": "DISCOVERY_MR750",
    "ProcedureStepDescription": "CompRefranes",
    "ProtocolName": "fMRI_Comprension_4",
    "RepetitionTime": 2,
    "ScanningSequence": "EP_GR",
    "SequenceVariant": "SS",
    "SeriesDescription": "fMRI_Comprension_4",
    "SliceTiming": [
      1.0285,
      0.0571001,
      1.0857,
      0.1142,
      1.1428,
      0.1714,
      1.2,
      0.2285,
      1.2571,
      0.2857,
      1.3143,
      0.3428,
      1.3714,
      0.4,
      1.4286,
      0.4571,
      1.4857,
      0.5142,
      1.5428,
      0.5714,
      1.6,
      0.6285,
      1.6571,
      0.6857,
      1.7143,
      0.7428,
      1.7714,
      0.8,
      1.8285,
      0.8571,
      1.8857,
      0.9143,
      1.9428,
      0.9714
    ],
    "TaskName": "pc",
    "dataset": "ds003481",
    "modality": "bold",
    "run_id": 4,
    "subject_id": "055",
    "task_id": "pc"
  },
  "dummy_trs": 0,
  "dvars_nstd": 17.26840006450893,
  "dvars_std": 1.022708150625,
  "dvars_vstd": 0.9519014611607142,
  "efc": 0.3646609951618685,
  "fber": 109292.046875,
  "fd_mean": 0.14507001149602422,
  "fd_num": 40,
  "fd_perc": 17.77777777777778,
  "fwhm_avg": 2.571546666666667,
  "fwhm_x": 2.44044,
  "fwhm_y": 2.7029,
  "fwhm_z": 2.5713,
  "gcor": 0.0424352,
  "gsr_x": -0.005704888608306646,
  "gsr_y": -0.0005002135876566172,
  "provenance": {
    "md5sum": "3048efc41a247ec4d80cf20603ec61b7",
    "settings": {
      "fd_thres": 0.2,
      "testing": false
    },
    "software": "mriqc",
    "version": "23.0.1",
    "webapi_port": null,
    "webapi_url": "https://mriqc.nimh.nih.gov/api/v1"
  },
  "size_t": 225,
  "size_x": 64,
  "size_y": 64,
  "size_z": 34,
  "snr": 3.476539329847139,
  "spacing_tr": 2.0,
  "spacing_x": 4.0,
  "spacing_y": 4.0,
  "spacing_z": 4.0,
  "summary_bg_k": 61.84151214166367,
  "summary_bg_mad": 8.249857734248536,
  "summary_bg_mean": 31.898433685302734,
  "summary_bg_median": 5.946666717529297,
  "summary_bg_n": 96729.0,
  "summary_bg_p05": 0.1599999964237213,
  "summary_bg_p95": 139.82489013671812,
  "summary_bg_stdv": 90.36205291748047,
  "summary_fg_k": 0.5007662635113395,
  "summary_fg_mad": 479.60552933211085,
  "summary_fg_mean": 1894.8314208984375,
  "summary_fg_median": 1820.804443359375,
  "summary_fg_n": 14829.0,
  "summary_fg_p05": 1173.6915771484375,
  "summary_fg_p95": 2862.3370117187487,
  "summary_fg_stdv": 523.7228393554688,
  "tsnr": 60.59694802341983
}