{
  "aor": 0.0043353666666666665,
  "aqi": 0.0022749433633333332,
  "bids_meta": {
    "AcquisitionDateTime": "2017-07-12T19:11:39.000000",
    "ConversionSoftware": "dcm2niix",
    "ConversionSoftwareVersion": "v1.0.20170411 GCC4.8.4",
    "EchoTime": 0.04,
    "FlipAngle": 90,
    "ImageType": [
      "ORIGINAL",
      "PRIMARY",
      "EPI",
      "NONE"
    ],
    "MagneticFieldStrength": 3,
    "Manufacturer": "GE",
    "ManufacturersModelName": "DISCOVERY_MR750",
    "ProcedureStepDescription": "CompMet",
    "ProtocolName": "fMRI_RestState",
    "RepetitionTime": 2,
    "ScanningSequence": "EP_GR",
    "SequenceVariant": "SS",
    "SeriesDescription": "fMRI_RestState",
    "SliceTiming": [
      1.0285,
      0.0571001,
      1.0857,
      0.1142,
      1.1428,
      0.1714,
      1.2,
      0.2285,
      1.2571,
      0.2857,
      1.3143,
      0.3428,
      1.3714,
      0.4,
      1.4286,
      0.4571,
      1.4857,
      0.5142,
      1.5428,
      0.5714,
      1.6,
      0.6285,
      1.6571,
      0.6857,
      1.7143,
      0.7428,
      1.7714,
      0.8,
      1.8285,
      0.8571,
      1.8857,
      0.9143,
      1.9428,
      0.9714
    ],
    "TaskName": "rest",
    "dataset": "ds003481",
    "modality": "bold",
    "subject_id": "078",
    "task_id": "rest"
  },
  "dummy_trs": 0,
  "dvars_nstd": 12.724725573344477,
  "dvars_std": 1.1561403049832775,
  "dvars_vstd": 1.0040777837458197,
  "efc": 0.36975052384932716,
  "fber": 89490.109375,
  "fd_mean": 0.058109666587762135,
  "fd_num": 5,
  "fd_perc": 1.6666666666666667,
  "fwhm_avg": 2.717166666666667,
  "fwhm_x": 2.65715,
  "fwhm_y": 2.8067,
  "fwhm_z": 2.68765,
  "gcor": 0.112016,
  "gsr_x": -0.007187709212303162,
  "gsr_y": 0.0003731480392161757,
  "provenance": {
    "md5sum": "19c7d8d416429fb3ad8252e6e40e5e90",
    "settings": {
      "fd_thres": 0.2,
      "testing": false
    },
    "software": "mriqc",
    "version": "23.0.1",
    "webapi_port": null,
    "webapi_url": "https://mriqc.nimh.nih.gov/api/v1"
  },
  "size_t": 300,
  "size_x": 64,
  "size_y": 64,
  "size_z": 34,
  "snr": 3.3987393378069823,
  "spacing_tr": 2.0,
  "spacing_x": 4.0,
  "spacing_y": 4.0,
  "spacing_z": 4.0,
  "summary_bg_k": 50.169926906259484,
  "summary_bg_mad": 9.656682872864119,
  "summary_bg_mean": 37.66580581665039,
  "summary_bg_median": 6.930000305175781,
  "summary_bg_n": 96485.0,
  "summary_bg_p05": 0.1066666692495346,
  "summary_bg_p95": 175.80134277343754,
  "summary_bg_stdv": 108.32095336914062,
  "summary_fg_k": 0.31082450689341545,
  "summary_fg_mad": 532.5209634930811,
  "summary_fg_mean": 2050.821044921875,
  "summary_fg_median": 1972.0733642578125,
  "summary_fg_n": 15313.0,
  "summary_fg_p05": 1232.701416015625,
  "summary_fg_p95": 3128.8006347656246,
  "summary_fg_stdv": 580.2177734375,
  "tsnr": 72.20165019622073
}