{
  "bids_meta": {
    "AcquisitionDateTime": "2017-07-11T18:45:22.000000",
    "ConversionSoftware": "dcm2niix",
    "ConversionSoftwareVersion": "v1.0.20170411 GCC4.8.4",
    "EchoTime": 0.00318,
    "FlipAngle": 12,
    "ImageType": [
      "DERIVED",
      "PRIMARY",
      "OTHER"
    ],
    "InversionTime": 0.45,
    "MagneticFieldStrength": 3,
    "Manufacturer": "GE",
    "ManufacturersModelName": "DISCOVERY_MR750",
    "ProcedureStepDescription": "CompMet",
    "ProtocolName": "PU:Sag_T1_FSPGR_BRAVO",
    "RepetitionTime": 0.008156,
    "ScanningSequence": "GR",
    "SequenceVariant": "SS_SP_SK",
    "SeriesDescription": "PU:Sag_T1_FSPGR_BRAVO",
    "dataset": "ds003481",
    "modality": "T1w",
    "subject_id": "073"
  },
  "cjv": 0.3342647706731624,
  "cnr": 4.016603179579405,
  "efc": 0.6884032966558321,
  "fber": 7708.227454029205,
  "fwhm_avg": 3.8129933333333335,
  "fwhm_x": 3.83823,
  "fwhm_y": 3.95149,
  "fwhm_z": 3.64926,
  "icvs_csf": 0.1975454044589766,
  "icvs_gm": 0.468947423137819,
  "icvs_wm": 0.3335071724032044,
  "inu_med": 0.5312753319740295,
  "inu_range": 0.18225307166576382,
  "provenance": {
    "md5sum": "f4b45ba361b92b2972f97758823d8fa3",
    "settings": {
      "testing": false
    },
    "software": "mriqc",
    "version": "23.0.1",
    "warnings": {
      "large_rot_frame": true,
      "small_air_mask": false
    },
    "webapi_port": null,
    "webapi_url": "https://mriqc.nimh.nih.gov/api/v1"
  },
  "qi_1": 0.0,
  "qi_2": 0.0036191766801436116,
  "rpve_csf": 27.791887428861024,
  "rpve_gm": 12.855988956350268,
  "rpve_wm": 20.07031084481222,
  "size_x": 176,
  "size_y": 256,
  "size_z": 256,
  "snr_csf": 2.2255420581654524,
  "snr_gm": 11.773781172144957,
  "snr_total": 11.843144767761524,
  "snr_wm": 21.530111072974165,
  "snrd_csf": 12.590275284364067,
  "snrd_gm": 32.38777647856277,
  "snrd_total": 30.560210540553538,
  "snrd_wm": 46.70257985873377,
  "spacing_x": 1.0,
  "spacing_y": 1.0,
  "spacing_z": 1.0,
  "summary_bg_k": 7.980792068522328,
  "summary_bg_mad": 0.0,
  "summary_bg_mean": 9.27736654815553,
  "summary_bg_median": 0.0,
  "summary_bg_n": 563817.0,
  "summary_bg_p05": 0.0,
  "summary_bg_p95": 39.10298202931881,
  "summary_bg_stdv": 14.027841482655296,
  "summary_csf_k": 0.2649072819236089,
  "summary_csf_mad": 113.8178819819392,
  "summary_csf_mean": 273.0802503608559,
  "summary_csf_median": 269.58414448052645,
  "summary_csf_n": 20349.0,
  "summary_csf_p05": 71.03853550404311,
  "summary_csf_p95": 484.34573397785425,
  "summary_csf_stdv": 121.12892649928312,
  "summary_gm_k": 0.1626399363792399,
  "summary_gm_mad": 57.264016629597315,
  "summary_gm_mean": 691.4292150213777,
  "summary_gm_median": 693.4900799542665,
  "summary_gm_n": 43513.0,
  "summary_gm_p05": 590.5769533082843,
  "summary_gm_p95": 784.6461852774024,
  "summary_gm_stdv": 58.90054358919852,
  "summary_wm_k": 0.3473334499968943,
  "summary_wm_mad": 45.19144491625493,
  "summary_wm_mean": 1000.9428982015155,
  "summary_wm_median": 999.9999802932143,
  "summary_wm_n": 176403.0,
  "summary_wm_p05": 926.4968247637153,
  "summary_wm_p95": 1078.3365779221058,
  "summary_wm_stdv": 46.44644621112017,
  "tpm_overlap_csf": 0.1463510499352932,
  "tpm_overlap_gm": 0.46786657757743977,
  "tpm_overlap_wm": 0.49477779630536206,
  "wm2max": 0.4260826004675498
}