{
  "aor": 0.00044513274336283184,
  "aqi": 0.002307709274336283,
  "bids_meta": {
    "AcquisitionDateTime": "2017-01-10T19:37:50.000000",
    "ConversionSoftware": "dcm2niix",
    "ConversionSoftwareVersion": "v1.0.20170411 GCC4.8.4",
    "EchoTime": 0.04,
    "FlipAngle": 90,
    "ImageType": [
      "ORIGINAL",
      "PRIMARY",
      "EPI",
      "NONE"
    ],
    "MagneticFieldStrength": 3,
    "Manufacturer": "GE",
    "ManufacturersModelName": "DISCOVERY_MR750",
    "ProcedureStepDescription": "CompRefranes",
    "ProtocolName": "fMRI_Comprension_3",
    "RepetitionTime": 2,
    "ScanningSequence": "EP_GR",
    "SequenceVariant": "SS",
    "SeriesDescription": "fMRI_Comprension_3",
    "SliceTiming": [
      1.0285,
      0.0571001,
      1.0857,
      0.1142,
      1.1428,
      0.1714,
      1.2,
      0.2285,
      1.2571,
      0.2857,
      1.3143,
      0.3428,
      1.3714,
      0.4,
      1.4286,
      0.4571,
      1.4857,
      0.5142,
      1.5428,
      0.5714,
      1.6,
      0.6285,
      1.6571,
      0.6857,
      1.7143,
      0.7428,
      1.7714,
      0.8,
      1.8285,
      0.8571,
      1.8857,
      0.9143,
      1.9428,
      0.9714
    ],
    "TaskName": "pc",
    "dataset": "ds003481",
    "modality": "bold",
    "run_id": 3,
    "subject_id": "062",
    "task_id": "pc"
  },
  "dummy_trs": 0,
  "dvars_nstd": 14.056146295111107,
  "dvars_std": 1.0496359507555555,
  "dvars_vstd": 0.9791041045777779,
  "efc": 0.3387733188375944,
  "fber": 77983.046875,
  "fd_mean": 0.12930180764261323,
  "fd_num": 28,
  "fd_perc": 12.389380530973451,
  "fwhm_avg": 2.74155,
  "fwhm_x": 2.65895,
  "fwhm_y": 2.773075,
  "fwhm_z": 2.792625,
  "gcor": 0.0605616,
  "gsr_x": -0.013389842584729195,
  "gsr_y": 0.002216414548456669,
  "provenance": {
    "md5sum": "2dd1954f925dc02956ecdcf63d3139c6",
    "settings": {
      "fd_thres": 0.2,
      "testing": false
    },
    "software": "mriqc",
    "version": "23.0.1",
    "webapi_port": null,
    "webapi_url": "https://mriqc.nimh.nih.gov/api/v1"
  },
  "size_t": 226,
  "size_x": 64,
  "size_y": 64,
  "size_z": 34,
  "snr": 3.388336913880944,
  "spacing_tr": 2.0,
  "spacing_x": 4.0,
  "spacing_y": 4.0,
  "spacing_z": 4.0,
  "summary_bg_k": 204.97693522726556,
  "summary_bg_mad": 8.337997332291618,
  "summary_bg_mean": 27.79347038269043,
  "summary_bg_median": 6.491150379180908,
  "summary_bg_n": 99902.0,
  "summary_bg_p05": 0.3097345232963562,
  "summary_bg_p95": 126.16261291503899,
  "summary_bg_stdv": 85.24639892578125,
  "summary_fg_k": 1.0075963607006226,
  "summary_fg_mad": 419.1237925650538,
  "summary_fg_mean": 1809.7666015625,
  "summary_fg_median": 1717.3450927734375,
  "summary_fg_n": 12657.0,
  "summary_fg_p05": 1155.01591796875,
  "summary_fg_p95": 2818.383984374999,
  "summary_fg_stdv": 506.8200988769531,
  "tsnr": 89.21478436049074
}