{
  "aor": 0.0010527433628318584,
  "aqi": 0.002429939256637168,
  "bids_meta": {
    "AcquisitionDateTime": "2017-01-10T19:28:58.000000",
    "ConversionSoftware": "dcm2niix",
    "ConversionSoftwareVersion": "v1.0.20170411 GCC4.8.4",
    "EchoTime": 0.04,
    "FlipAngle": 90,
    "ImageType": [
      "ORIGINAL",
      "PRIMARY",
      "EPI",
      "NONE"
    ],
    "MagneticFieldStrength": 3,
    "Manufacturer": "GE",
    "ManufacturersModelName": "DISCOVERY_MR750",
    "ProcedureStepDescription": "CompRefranes",
    "ProtocolName": "fMRI_Comprension_2",
    "RepetitionTime": 2,
    "ScanningSequence": "EP_GR",
    "SequenceVariant": "SS",
    "SeriesDescription": "fMRI_Comprension_2",
    "SliceTiming": [
      1.0285,
      0.0571001,
      1.0857,
      0.1142,
      1.1428,
      0.1714,
      1.2,
      0.2285,
      1.2571,
      0.2857,
      1.3143,
      0.3428,
      1.3714,
      0.4,
      1.4286,
      0.4571,
      1.4857,
      0.5142,
      1.5428,
      0.5714,
      1.6,
      0.6285,
      1.6571,
      0.6857,
      1.7143,
      0.7428,
      1.7714,
      0.8,
      1.8285,
      0.8571,
      1.8857,
      0.9143,
      1.9428,
      0.9714
    ],
    "TaskName": "pc",
    "dataset": "ds003481",
    "modality": "bold",
    "run_id": 2,
    "subject_id": "062",
    "task_id": "pc"
  },
  "dummy_trs": 2,
  "dvars_nstd": 14.380546959733346,
  "dvars_std": 1.055593444711111,
  "dvars_vstd": 0.9781976941777776,
  "efc": 0.33857104676929284,
  "fber": 75052.9453125,
  "fd_mean": 0.10779153922775177,
  "fd_num": 1,
  "fd_perc": 0.4424778761061947,
  "fwhm_avg": 2.7321750000000002,
  "fwhm_x": 2.63515,
  "fwhm_y": 2.76035,
  "fwhm_z": 2.801025,
  "gcor": 0.0595098,
  "gsr_x": -0.012813999317586422,
  "gsr_y": 0.002651411108672619,
  "provenance": {
    "md5sum": "1cfab6a03b01f47b8977900f6ba5f248",
    "settings": {
      "fd_thres": 0.2,
      "testing": false
    },
    "software": "mriqc",
    "version": "23.0.1",
    "webapi_port": null,
    "webapi_url": "https://mriqc.nimh.nih.gov/api/v1"
  },
  "size_t": 226,
  "size_x": 64,
  "size_y": 64,
  "size_z": 34,
  "snr": 3.3483631023327334,
  "spacing_tr": 2.0,
  "spacing_x": 4.0,
  "spacing_y": 4.0,
  "spacing_z": 4.0,
  "summary_bg_k": 220.59146050723706,
  "summary_bg_mad": 8.364238090470298,
  "summary_bg_mean": 27.463708877563477,
  "summary_bg_median": 6.52212381362915,
  "summary_bg_n": 99846.0,
  "summary_bg_p05": 0.3053097426891327,
  "summary_bg_p95": 121.49557495117188,
  "summary_bg_stdv": 86.00662231445312,
  "summary_fg_k": 1.0686460452537592,
  "summary_fg_mad": 417.27379746281207,
  "summary_fg_mean": 1794.792724609375,
  "summary_fg_median": 1697.7344970703125,
  "summary_fg_n": 12691.0,
  "summary_fg_p05": 1135.1681518554688,
  "summary_fg_p95": 2797.5906982421875,
  "summary_fg_stdv": 507.0141906738281,
  "tsnr": 83.86684244032949
}