{
  "aor": 0.00037409691629955953,
  "aqi": 0.002374067762114538,
  "bids_meta": {
    "AcquisitionDateTime": "2017-01-10T19:47:10.000000",
    "ConversionSoftware": "dcm2niix",
    "ConversionSoftwareVersion": "v1.0.20170411 GCC4.8.4",
    "EchoTime": 0.04,
    "FlipAngle": 90,
    "ImageType": [
      "ORIGINAL",
      "PRIMARY",
      "EPI",
      "NONE"
    ],
    "MagneticFieldStrength": 3,
    "Manufacturer": "GE",
    "ManufacturersModelName": "DISCOVERY_MR750",
    "ProcedureStepDescription": "CompRefranes",
    "ProtocolName": "fMRI_Comprension_4",
    "RepetitionTime": 2,
    "ScanningSequence": "EP_GR",
    "SequenceVariant": "SS",
    "SeriesDescription": "fMRI_Comprension_4",
    "SliceTiming": [
      1.0285,
      0.0571001,
      1.0857,
      0.1142,
      1.1428,
      0.1714,
      1.2,
      0.2285,
      1.2571,
      0.2857,
      1.3143,
      0.3428,
      1.3714,
      0.4,
      1.4286,
      0.4571,
      1.4857,
      0.5142,
      1.5428,
      0.5714,
      1.6,
      0.6285,
      1.6571,
      0.6857,
      1.7143,
      0.7428,
      1.7714,
      0.8,
      1.8285,
      0.8571,
      1.8857,
      0.9143,
      1.9428,
      0.9714
    ],
    "TaskName": "pc",
    "dataset": "ds003481",
    "modality": "bold",
    "run_id": 4,
    "subject_id": "062",
    "task_id": "pc"
  },
  "dummy_trs": 0,
  "dvars_nstd": 14.352317535707973,
  "dvars_std": 1.0425592988938055,
  "dvars_vstd": 0.9746481409292029,
  "efc": 0.3396394652884508,
  "fber": 74118.96875,
  "fd_mean": 0.15399186930980496,
  "fd_num": 55,
  "fd_perc": 24.229074889867842,
  "fwhm_avg": 2.7061999999999995,
  "fwhm_x": 2.614725,
  "fwhm_y": 2.761275,
  "fwhm_z": 2.7426,
  "gcor": 0.0664083,
  "gsr_x": -0.014145218767225742,
  "gsr_y": 0.002786402590572834,
  "provenance": {
    "md5sum": "70bb0956850ad853bc929d1cec79af80",
    "settings": {
      "fd_thres": 0.2,
      "testing": false
    },
    "software": "mriqc",
    "version": "23.0.1",
    "webapi_port": null,
    "webapi_url": "https://mriqc.nimh.nih.gov/api/v1"
  },
  "size_t": 227,
  "size_x": 64,
  "size_y": 64,
  "size_z": 34,
  "snr": 3.4004667173190586,
  "spacing_tr": 2.0,
  "spacing_x": 4.0,
  "spacing_y": 4.0,
  "spacing_z": 4.0,
  "summary_bg_k": 230.19653154652423,
  "summary_bg_mad": 8.444953814983085,
  "summary_bg_mean": 28.43121910095215,
  "summary_bg_median": 6.563876152038574,
  "summary_bg_n": 99872.0,
  "summary_bg_p05": 0.3039647340774536,
  "summary_bg_p95": 127.60307884216306,
  "summary_bg_stdv": 89.28971099853516,
  "summary_fg_k": 1.0237415877574874,
  "summary_fg_mad": 412.07853631969414,
  "summary_fg_mean": 1785.569091796875,
  "summary_fg_median": 1693.132080078125,
  "summary_fg_n": 12555.0,
  "summary_fg_p05": 1138.2413330078125,
  "summary_fg_p95": 2767.6011474609377,
  "summary_fg_stdv": 497.891845703125,
  "tsnr": 86.12425531656481
}