{
  "aor": 0.0006937219730941705,
  "aqi": 0.002086913878923767,
  "bids_meta": {
    "AcquisitionDateTime": "2017-01-10T19:20:15.000000",
    "ConversionSoftware": "dcm2niix",
    "ConversionSoftwareVersion": "v1.0.20170411 GCC4.8.4",
    "EchoTime": 0.04,
    "FlipAngle": 90,
    "ImageType": [
      "ORIGINAL",
      "PRIMARY",
      "EPI",
      "NONE"
    ],
    "MagneticFieldStrength": 3,
    "Manufacturer": "GE",
    "ManufacturersModelName": "DISCOVERY_MR750",
    "ProcedureStepDescription": "CompRefranes",
    "ProtocolName": "fMRI_Comprension_1",
    "RepetitionTime": 2,
    "ScanningSequence": "EP_GR",
    "SequenceVariant": "SS",
    "SeriesDescription": "fMRI_Comprension_1",
    "SliceTiming": [
      1.0285,
      0.0571001,
      1.0857,
      0.1142,
      1.1428,
      0.1714,
      1.2,
      0.2285,
      1.2571,
      0.2857,
      1.3143,
      0.3428,
      1.3714,
      0.4,
      1.4286,
      0.4571,
      1.4857,
      0.5142,
      1.5428,
      0.5714,
      1.6,
      0.6285,
      1.6571,
      0.6857,
      1.7143,
      0.7428,
      1.7714,
      0.8,
      1.8285,
      0.8571,
      1.8857,
      0.9143,
      1.9428,
      0.9714
    ],
    "TaskName": "pc",
    "dataset": "ds003481",
    "modality": "bold",
    "run_id": 1,
    "subject_id": "062",
    "task_id": "pc"
  },
  "dummy_trs": 0,
  "dvars_nstd": 15.838020367702697,
  "dvars_std": 1.1020160856306302,
  "dvars_vstd": 0.9847996991441442,
  "efc": 0.3358355959843309,
  "fber": 77590.125,
  "fd_mean": 0.10443080509072736,
  "fd_num": 5,
  "fd_perc": 2.242152466367713,
  "fwhm_avg": 2.757925,
  "fwhm_x": 2.651525,
  "fwhm_y": 2.7731,
  "fwhm_z": 2.84915,
  "gcor": 0.072227,
  "gsr_x": -0.012747551314532757,
  "gsr_y": 0.00198732758872211,
  "provenance": {
    "md5sum": "614b6152d075b68ae772de138548e468",
    "settings": {
      "fd_thres": 0.2,
      "testing": false
    },
    "software": "mriqc",
    "version": "23.0.1",
    "webapi_port": null,
    "webapi_url": "https://mriqc.nimh.nih.gov/api/v1"
  },
  "size_t": 223,
  "size_x": 64,
  "size_y": 64,
  "size_z": 34,
  "snr": 3.2822746629609334,
  "spacing_tr": 2.0,
  "spacing_x": 4.0,
  "spacing_y": 4.0,
  "spacing_z": 4.0,
  "summary_bg_k": 203.48259496787676,
  "summary_bg_mad": 8.317199634573424,
  "summary_bg_mean": 26.855815887451172,
  "summary_bg_median": 6.484305381774902,
  "summary_bg_n": 100075.0,
  "summary_bg_p05": 0.29147982597351074,
  "summary_bg_p95": 117.2986587524413,
  "summary_bg_stdv": 83.1612319946289,
  "summary_fg_k": 1.0309956517053767,
  "summary_fg_mad": 425.45362808656665,
  "summary_fg_mean": 1829.4127197265625,
  "summary_fg_median": 1717.789306640625,
  "summary_fg_n": 12441.0,
  "summary_fg_p05": 1169.1390380859375,
  "summary_fg_p95": 2877.058349609375,
  "summary_fg_stdv": 523.332275390625,
  "tsnr": 84.01067063212395
}