{
  "aor": 0.0054912068965517246,
  "aqi": 0.0020523646609195405,
  "bids_meta": {
    "AcquisitionMatrixPE": 64,
    "AcquisitionNumber": 1,
    "AcquisitionTime": "18:14:21.000000",
    "CoilString": "32Ch_Head",
    "ConversionSoftware": "dcm2niix",
    "ConversionSoftwareVersion": "v1.0.20190902",
    "Dcm2bidsVersion": "2.1.4",
    "DeviceSerialNumber": "000000000000GEHC",
    "EchoTime": 0.04,
    "EffectiveEchoSpacing": 0.000372,
    "FlipAngle": 90,
    "ImageOrientationPatientDICOM": [
      1,
      0,
      0,
      0,
      1,
      0
    ],
    "ImageType": [
      "ORIGINAL",
      "PRIMARY",
      "EPI",
      "NONE"
    ],
    "ImagingFrequency": 127.772,
    "InPlanePhaseEncodingDirectionDICOM": "COL",
    "InstitutionName": "INSTITUTO_DE_NEUROBIOLOGIA",
    "MRAcquisitionType": "2D",
    "MagneticFieldStrength": 3,
    "Manufacturer": "GE",
    "ManufacturersModelName": "DISCOVERY_MR750",
    "Modality": "MR",
    "PatientPosition": "HFS",
    "PercentPhaseFOV": 100,
    "PhaseEncodingDirection": "j",
    "PhaseEncodingPolarityGE": "Flipped",
    "PixelBandwidth": 7812.5,
    "ProcedureStepDescription": "verbos",
    "ProtocolName": "fMRI_2",
    "ReconMatrixPE": 64,
    "RepetitionTime": 2,
    "SAR": 0.374905,
    "ScanOptions": "EPI_GEMS_ACC_GEMS",
    "ScanningSequence": "EP_GR",
    "SequenceVariant": "SS",
    "SeriesDescription": "fMRI_2",
    "SeriesNumber": 5,
    "SliceThickness": 4,
    "SliceTiming": [
      0,
      1.0285,
      0.0571001,
      1.0857,
      0.1142,
      1.1428,
      0.1714,
      1.2,
      0.2285,
      1.2571,
      0.2857,
      1.3143,
      0.3428,
      1.3714,
      0.4,
      1.4286,
      0.4571,
      1.4857,
      0.5142,
      1.5428,
      0.5714,
      1.6,
      0.6285,
      1.6571,
      0.6857,
      1.7143,
      0.7428,
      1.7714,
      0.8,
      1.8285,
      0.8571,
      1.8857,
      0.9143,
      1.9428,
      0.9714
    ],
    "SoftwareVersions": "24_LX_MR_Software_release:DV24.0_R02_1607.b",
    "SpacingBetweenSlices": 4,
    "StationName": "GEHCGEHC",
    "TaskName": "verbs",
    "TotalReadoutTime": 0.023436,
    "dataset": "ds003481",
    "modality": "bold",
    "run_id": 2,
    "subject_id": "134",
    "task_id": "verbs"
  },
  "dummy_trs": 0,
  "dvars_nstd": 19.57075183520232,
  "dvars_std": 1.1550809871098258,
  "dvars_vstd": 1.0311005471676302,
  "efc": 0.3448964718824629,
  "fber": 71041.34375,
  "fd_mean": 0.14781439579121083,
  "fd_num": 32,
  "fd_perc": 18.39080459770115,
  "fwhm_avg": 2.699708333333333,
  "fwhm_x": 2.651325,
  "fwhm_y": 2.78595,
  "fwhm_z": 2.66185,
  "gcor": 0.0829238,
  "gsr_x": -0.011766035109758377,
  "gsr_y": -1.2991320545552298e-05,
  "provenance": {
    "md5sum": "69eb25327b0005b917720bc522d9f4ad",
    "settings": {
      "fd_thres": 0.2,
      "testing": false
    },
    "software": "mriqc",
    "version": "23.0.1",
    "webapi_port": null,
    "webapi_url": "https://mriqc.nimh.nih.gov/api/v1"
  },
  "size_t": 174,
  "size_x": 64,
  "size_y": 64,
  "size_z": 35,
  "snr": 3.4419587035690897,
  "spacing_tr": 2.0,
  "spacing_x": 4.0,
  "spacing_y": 4.0,
  "spacing_z": 4.0,
  "summary_bg_k": 75.06667150263388,
  "summary_bg_mad": 8.69111625523806,
  "summary_bg_mean": 26.886215209960938,
  "summary_bg_median": 6.666666507720947,
  "summary_bg_n": 102529.0,
  "summary_bg_p05": 0.24712643027305603,
  "summary_bg_p95": 111.08161010742153,
  "summary_bg_stdv": 75.62834930419922,
  "summary_fg_k": 0.5772996428790313,
  "summary_fg_mad": 428.76179287563696,
  "summary_fg_mean": 1771.6693115234375,
  "summary_fg_median": 1698.8677978515625,
  "summary_fg_n": 13513.0,
  "summary_fg_p05": 1067.1471435546875,
  "summary_fg_p95": 2689.5494140624996,
  "summary_fg_stdv": 493.5576171875,
  "tsnr": 70.24228422669694
}