{
  "aor": 0.002822023121387283,
  "aqi": 0.0016375223236994223,
  "bids_meta": {
    "AcquisitionMatrixPE": 64,
    "AcquisitionNumber": 1,
    "AcquisitionTime": "18:28:14.000000",
    "CoilString": "32Ch_Head",
    "ConversionSoftware": "dcm2niix",
    "ConversionSoftwareVersion": "v1.0.20190902",
    "Dcm2bidsVersion": "2.1.4",
    "DeviceSerialNumber": "000000000000GEHC",
    "EchoTime": 0.04,
    "EffectiveEchoSpacing": 0.000372,
    "FlipAngle": 90,
    "ImageOrientationPatientDICOM": [
      1,
      0,
      0,
      0,
      1,
      0
    ],
    "ImageType": [
      "ORIGINAL",
      "PRIMARY",
      "EPI",
      "NONE"
    ],
    "ImagingFrequency": 127.772,
    "InPlanePhaseEncodingDirectionDICOM": "COL",
    "InstitutionName": "INSTITUTO_DE_NEUROBIOLOGIA",
    "MRAcquisitionType": "2D",
    "MagneticFieldStrength": 3,
    "Manufacturer": "GE",
    "ManufacturersModelName": "DISCOVERY_MR750",
    "Modality": "MR",
    "PatientPosition": "HFS",
    "PercentPhaseFOV": 100,
    "PhaseEncodingDirection": "j",
    "PhaseEncodingPolarityGE": "Flipped",
    "PixelBandwidth": 7812.5,
    "ProcedureStepDescription": "verbos",
    "ProtocolName": "fMRI_4",
    "ReconMatrixPE": 64,
    "RepetitionTime": 2,
    "SAR": 0.374905,
    "ScanOptions": "EPI_GEMS_ACC_GEMS",
    "ScanningSequence": "EP_GR",
    "SequenceVariant": "SS",
    "SeriesDescription": "fMRI_4",
    "SeriesNumber": 7,
    "SliceThickness": 4,
    "SliceTiming": [
      0,
      1.0285,
      0.0571001,
      1.0857,
      0.1142,
      1.1428,
      0.1714,
      1.2,
      0.2285,
      1.2571,
      0.2857,
      1.3143,
      0.3428,
      1.3714,
      0.4,
      1.4286,
      0.4571,
      1.4857,
      0.5142,
      1.5428,
      0.5714,
      1.6,
      0.6285,
      1.6571,
      0.6857,
      1.7143,
      0.7428,
      1.7714,
      0.8,
      1.8285,
      0.8571,
      1.8857,
      0.9143,
      1.9428,
      0.9714
    ],
    "SoftwareVersions": "24_LX_MR_Software_release:DV24.0_R02_1607.b",
    "SpacingBetweenSlices": 4,
    "StationName": "GEHCGEHC",
    "TaskName": "verbs",
    "TotalReadoutTime": 0.023436,
    "dataset": "ds003481",
    "modality": "bold",
    "run_id": 4,
    "subject_id": "134",
    "task_id": "verbs"
  },
  "dummy_trs": 1,
  "dvars_nstd": 17.80823852267442,
  "dvars_std": 1.1429055519767435,
  "dvars_vstd": 1.0102507455232559,
  "efc": 0.3450935816794104,
  "fber": 68588.1640625,
  "fd_mean": 0.13158256172271504,
  "fd_num": 25,
  "fd_perc": 14.45086705202312,
  "fwhm_avg": 2.6690083333333328,
  "fwhm_x": 2.6361,
  "fwhm_y": 2.74625,
  "fwhm_z": 2.624675,
  "gcor": 0.0584645,
  "gsr_x": -0.011863441206514835,
  "gsr_y": 0.00041631198837421834,
  "provenance": {
    "md5sum": "2c11288919835f06922da506af46a532",
    "settings": {
      "fd_thres": 0.2,
      "testing": false
    },
    "software": "mriqc",
    "version": "23.0.1",
    "webapi_port": null,
    "webapi_url": "https://mriqc.nimh.nih.gov/api/v1"
  },
  "size_t": 173,
  "size_x": 64,
  "size_y": 64,
  "size_z": 35,
  "snr": 3.4620192937439107,
  "spacing_tr": 2.0,
  "spacing_x": 4.0,
  "spacing_y": 4.0,
  "spacing_z": 4.0,
  "summary_bg_k": 72.71831151454423,
  "summary_bg_mad": 8.749923559771915,
  "summary_bg_mean": 26.455713272094727,
  "summary_bg_median": 6.710982322692871,
  "summary_bg_n": 102457.0,
  "summary_bg_p05": 0.2601155936717987,
  "summary_bg_p95": 109.85201873779285,
  "summary_bg_stdv": 72.3016586303711,
  "summary_fg_k": 0.6147793694318882,
  "summary_fg_mad": 424.7525954091519,
  "summary_fg_mean": 1756.6741943359375,
  "summary_fg_median": 1687.5028076171875,
  "summary_fg_n": 13492.0,
  "summary_fg_p05": 1059.376318359375,
  "summary_fg_p95": 2667.825695800781,
  "summary_fg_stdv": 487.4150390625,
  "tsnr": 78.78605492552742
}