{
  "bids_meta": {
    "AcquisitionDateTime": "2017-08-16T20:10:0.000000",
    "ConversionSoftware": "dcm2niix",
    "ConversionSoftwareVersion": "v1.0.20170411 GCC4.8.4",
    "EchoTime": 0.00318,
    "FlipAngle": 12,
    "ImageType": [
      "DERIVED",
      "PRIMARY",
      "OTHER"
    ],
    "InversionTime": 0.45,
    "MagneticFieldStrength": 3,
    "Manufacturer": "GE",
    "ManufacturersModelName": "DISCOVERY_MR750",
    "ProcedureStepDescription": "CompMet",
    "ProtocolName": "PU:Sag_T1_FSPGR_BRAVO",
    "RepetitionTime": 0.008156,
    "ScanningSequence": "GR",
    "SequenceVariant": "SS_SP_SK",
    "SeriesDescription": "PU:Sag_T1_FSPGR_BRAVO",
    "dataset": "ds003481",
    "modality": "T1w",
    "subject_id": "086"
  },
  "cjv": 0.3395044149973293,
  "cnr": 3.960662665060092,
  "efc": 0.7352358088308425,
  "fber": 9062.779179958716,
  "fwhm_avg": 3.8692999999999995,
  "fwhm_x": 3.87977,
  "fwhm_y": 4.02762,
  "fwhm_z": 3.70051,
  "icvs_csf": 0.21055452461882276,
  "icvs_gm": 0.4483737833029305,
  "icvs_wm": 0.3410716920782467,
  "inu_med": 0.5468050837516785,
  "inu_range": 0.1967603981494903,
  "provenance": {
    "md5sum": "cf4b130181e1a64d010cb2104e8dd453",
    "settings": {
      "testing": false
    },
    "software": "mriqc",
    "version": "23.0.1",
    "warnings": {
      "large_rot_frame": true,
      "small_air_mask": false
    },
    "webapi_port": null,
    "webapi_url": "https://mriqc.nimh.nih.gov/api/v1"
  },
  "qi_1": 0.0,
  "qi_2": 0.0021154697837764153,
  "rpve_csf": 21.020060996895037,
  "rpve_gm": 10.582260407958612,
  "rpve_wm": 15.777879315406658,
  "size_x": 176,
  "size_y": 256,
  "size_z": 256,
  "snr_csf": 2.926012890234392,
  "snr_gm": 11.436854565217935,
  "snr_total": 11.818331459881989,
  "snr_wm": 21.09212692419364,
  "snrd_csf": 13.591618857950788,
  "snrd_gm": 35.21226823042901,
  "snrd_total": 33.24276848194739,
  "snrd_wm": 50.924418357462365,
  "spacing_x": 1.0,
  "spacing_y": 1.0,
  "spacing_z": 1.0,
  "summary_bg_k": 42.01611921064241,
  "summary_bg_mad": 0.0,
  "summary_bg_mean": 6.304387340973325,
  "summary_bg_median": 0.0,
  "summary_bg_n": 490529.0,
  "summary_bg_p05": 0.0,
  "summary_bg_p95": 31.523559503257275,
  "summary_bg_stdv": 12.864877645728933,
  "summary_csf_k": 3.3630993049705733,
  "summary_csf_mad": 67.19759035485531,
  "summary_csf_mean": 277.2201601301223,
  "summary_csf_median": 266.8978759460151,
  "summary_csf_n": 42520.0,
  "summary_csf_p05": 143.83879703842103,
  "summary_csf_p95": 450.0358843803406,
  "summary_csf_stdv": 91.21447766694939,
  "summary_gm_k": 0.14183842458292784,
  "summary_gm_mad": 59.36082651927588,
  "summary_gm_mean": 691.2859626163715,
  "summary_gm_median": 691.4613848552108,
  "summary_gm_n": 50451.0,
  "summary_gm_p05": 590.7916868664324,
  "summary_gm_p95": 790.2894181385636,
  "summary_gm_stdv": 60.458452809441525,
  "summary_wm_k": 0.5302036322426855,
  "summary_wm_mad": 45.389401400641056,
  "summary_wm_mean": 1000.741076140295,
  "summary_wm_median": 1000.0000173225999,
  "summary_wm_n": 238743.0,
  "summary_wm_p05": 924.4678466767073,
  "summary_wm_p95": 1079.072011038661,
  "summary_wm_stdv": 47.410957017857,
  "tpm_overlap_csf": 0.1748150179916689,
  "tpm_overlap_gm": 0.4617681824154156,
  "tpm_overlap_wm": 0.5079212543541404,
  "wm2max": 0.45748322078251197
}