{
  "aor": 0.0015286343612334803,
  "aqi": 0.0018725000440528636,
  "bids_meta": {
    "AcquisitionDateTime": "2017-01-13T19:41:30.000000",
    "ConversionSoftware": "dcm2niix",
    "ConversionSoftwareVersion": "v1.0.20170411 GCC4.8.4",
    "EchoTime": 0.04,
    "FlipAngle": 90,
    "ImageType": [
      "ORIGINAL",
      "PRIMARY",
      "EPI",
      "NONE"
    ],
    "MagneticFieldStrength": 3,
    "Manufacturer": "GE",
    "ManufacturersModelName": "DISCOVERY_MR750",
    "ProcedureStepDescription": "CompRefranes",
    "ProtocolName": "fMRI_Comprension_1",
    "RepetitionTime": 2,
    "ScanningSequence": "EP_GR",
    "SequenceVariant": "SS",
    "SeriesDescription": "fMRI_Comprension_1",
    "SliceTiming": [
      1.0285,
      0.0571001,
      1.0857,
      0.1142,
      1.1428,
      0.1714,
      1.2,
      0.2285,
      1.2571,
      0.2857,
      1.3143,
      0.3428,
      1.3714,
      0.4,
      1.4286,
      0.4571,
      1.4857,
      0.5142,
      1.5428,
      0.5714,
      1.6,
      0.6285,
      1.6571,
      0.6857,
      1.7143,
      0.7428,
      1.7714,
      0.8,
      1.8285,
      0.8571,
      1.8857,
      0.9143,
      1.9428,
      0.9714
    ],
    "TaskName": "pc",
    "dataset": "ds003481",
    "modality": "bold",
    "run_id": 1,
    "subject_id": "048",
    "task_id": "pc"
  },
  "dummy_trs": 0,
  "dvars_nstd": 19.076395887389396,
  "dvars_std": 1.216860269070796,
  "dvars_vstd": 1.0073935073008846,
  "efc": 0.34110284460072454,
  "fber": 80734.6640625,
  "fd_mean": 0.08255933337388299,
  "fd_num": 1,
  "fd_perc": 0.44052863436123346,
  "fwhm_avg": 2.8871333333333333,
  "fwhm_x": 2.853175,
  "fwhm_y": 2.8736,
  "fwhm_z": 2.934625,
  "gcor": 0.0527319,
  "gsr_x": -0.010015678592026234,
  "gsr_y": 0.002002719324082136,
  "provenance": {
    "md5sum": "05ae095f9751f5dec26d5045ea9be289",
    "settings": {
      "fd_thres": 0.2,
      "testing": false
    },
    "software": "mriqc",
    "version": "23.0.1",
    "webapi_port": null,
    "webapi_url": "https://mriqc.nimh.nih.gov/api/v1"
  },
  "size_t": 227,
  "size_x": 64,
  "size_y": 64,
  "size_z": 34,
  "snr": 3.2554171538809533,
  "spacing_tr": 2.0,
  "spacing_x": 4.0,
  "spacing_y": 4.0,
  "spacing_z": 4.0,
  "summary_bg_k": 238.33246107615204,
  "summary_bg_mad": 8.764986929580232,
  "summary_bg_mean": 26.00847625732422,
  "summary_bg_median": 6.674008369445801,
  "summary_bg_n": 99037.0,
  "summary_bg_p05": 0.21585902571678162,
  "summary_bg_p95": 109.95770263671872,
  "summary_bg_stdv": 82.68960571289062,
  "summary_fg_k": 0.345565716823951,
  "summary_fg_mad": 472.19242774872475,
  "summary_fg_mean": 1937.4805908203125,
  "summary_fg_median": 1819.032958984375,
  "summary_fg_n": 13528.0,
  "summary_fg_p05": 1200.0679992675782,
  "summary_fg_p95": 3035.225695800781,
  "summary_fg_stdv": 558.7504272460938,
  "tsnr": 89.80826949700713
}