{
  "bids_meta": {
    "AcquisitionMatrixPE": 256,
    "AcquisitionNumber": 1,
    "AcquisitionTime": "21:19:15.000000",
    "CoilString": "32Ch_Head",
    "ConversionSoftware": "dcm2niix",
    "ConversionSoftwareVersion": "v1.0.20190902",
    "Dcm2bidsVersion": "2.1.4",
    "DeviceSerialNumber": "000000000000GEHC",
    "EchoTime": 0.00318,
    "FlipAngle": 12,
    "ImageOrientationPatientDICOM": [
      0,
      1,
      0,
      0,
      0,
      -1
    ],
    "ImageType": [
      "ORIGINAL",
      "PRIMARY",
      "OTHER"
    ],
    "ImagingFrequency": 127.772,
    "InPlanePhaseEncodingDirectionDICOM": "ROW",
    "InstitutionName": "INSTITUTO_DE_NEUROBIOLOGIA",
    "InversionTime": 0.45,
    "MRAcquisitionType": "3D",
    "MagneticFieldStrength": 3,
    "Manufacturer": "GE",
    "ManufacturersModelName": "DISCOVERY_MR750",
    "Modality": "MR",
    "PatientPosition": "HFS",
    "PercentPhaseFOV": 100,
    "PixelBandwidth": 244.141,
    "ProcedureStepDescription": "verbos",
    "ProtocolName": "Sag_T1_FSPGR_BRAVO",
    "ReconMatrixPE": 256,
    "RepetitionTime": 0.008156,
    "SAR": 0.23877,
    "ScanOptions": "FAST_GEMS_EDR_GEMS_FILTERED_GEMS_ACC_GEMS",
    "ScanningSequence": "GR",
    "SequenceVariant": "SS_SP_SK",
    "SeriesDescription": "Sag_T1_FSPGR_BRAVO",
    "SeriesNumber": 13,
    "SliceThickness": 1,
    "SoftwareVersions": "24_LX_MR_Software_release:DV24.0_R02_1607.b",
    "SpacingBetweenSlices": 1,
    "StationName": "GEHCGEHC",
    "dataset": "ds003481",
    "modality": "T1w",
    "subject_id": "138"
  },
  "cjv": 0.3747448102655485,
  "cnr": 3.6069063922732063,
  "efc": 0.5543081727997625,
  "fber": -1.0,
  "fwhm_avg": 3.8701866666666667,
  "fwhm_x": 3.84028,
  "fwhm_y": 3.98107,
  "fwhm_z": 3.78921,
  "icvs_csf": 0.20692374442098127,
  "icvs_gm": 0.42635218416503573,
  "icvs_wm": 0.366724071413983,
  "inu_med": 0.7344482243061066,
  "inu_range": 0.5523782074451434,
  "provenance": {
    "md5sum": "5dfac04a3a8ae95636cc62cd60035cf6",
    "settings": {
      "testing": false
    },
    "software": "mriqc",
    "version": "23.0.1",
    "warnings": {
      "large_rot_frame": true,
      "small_air_mask": false
    },
    "webapi_port": null,
    "webapi_url": "https://mriqc.nimh.nih.gov/api/v1"
  },
  "qi_1": 4.473398666426177e-05,
  "qi_2": 0.0021204954635867996,
  "rpve_csf": 21.392009317664304,
  "rpve_gm": 10.915923737115905,
  "rpve_wm": 14.79093963634484,
  "size_x": 176,
  "size_y": 256,
  "size_z": 256,
  "snr_csf": 2.717473418773799,
  "snr_gm": 11.396468318942352,
  "snr_total": 12.199102546678622,
  "snr_wm": 22.48336590231971,
  "snrd_csf": 15.314199589596848,
  "snrd_gm": 37.98851196677396,
  "snrd_total": 35.39848397266494,
  "snrd_wm": 52.892740361624014,
  "spacing_x": 1.0,
  "spacing_y": 1.0,
  "spacing_z": 1.0,
  "summary_bg_k": 14.595987215112377,
  "summary_bg_mad": 0.0,
  "summary_bg_mean": 6.073419709937511,
  "summary_bg_median": 0.0,
  "summary_bg_n": 2525512.0,
  "summary_bg_p05": 0.0,
  "summary_bg_p95": 29.539212584495544,
  "summary_bg_stdv": 12.386130744603216,
  "summary_csf_k": 1.6142111827826993,
  "summary_csf_mad": 79.26515340693628,
  "summary_csf_mean": 301.04105277693844,
  "summary_csf_median": 289.5331084728241,
  "summary_csf_n": 39762.0,
  "summary_csf_p05": 141.04363694787025,
  "summary_csf_p95": 506.5578253939746,
  "summary_csf_stdv": 106.54362453848806,
  "summary_gm_k": 0.12467009083963942,
  "summary_gm_mad": 62.34439577326381,
  "summary_gm_mean": 718.5896376019787,
  "summary_gm_median": 718.2178795337677,
  "summary_gm_n": 37477.0,
  "summary_gm_p05": 615.3188869357109,
  "summary_gm_p95": 822.8989899158476,
  "summary_gm_stdv": 63.02025129668203,
  "summary_wm_k": 0.43449255839530077,
  "summary_wm_mad": 43.25199010104514,
  "summary_wm_mean": 1001.5016811682171,
  "summary_wm_median": 999.9999962747097,
  "summary_wm_n": 255763.0,
  "summary_wm_p05": 931.5227307379246,
  "summary_wm_p95": 1076.6554735600948,
  "summary_wm_stdv": 44.477239114575355,
  "tpm_overlap_csf": 0.14992593279458902,
  "tpm_overlap_gm": 0.4453937530756636,
  "tpm_overlap_wm": 0.49753349504681604,
  "wm2max": 0.3134085692425402
}