{
  "aor": 0.0006477822580645161,
  "aqi": 0.002099774282258064,
  "bids_meta": {
    "AcquisitionDateTime": "2017-07-06T18:25:46.000000",
    "ConversionSoftware": "dcm2niix",
    "ConversionSoftwareVersion": "v1.0.20170411 GCC4.8.4",
    "EchoTime": 0.035,
    "FlipAngle": 90,
    "ImageType": [
      "ORIGINAL",
      "PRIMARY",
      "EPI",
      "NONE"
    ],
    "MagneticFieldStrength": 3,
    "Manufacturer": "GE",
    "ManufacturersModelName": "DISCOVERY_MR750",
    "ProcedureStepDescription": "CompMet",
    "ProtocolName": "fMRI_CompMet",
    "RepetitionTime": 2,
    "ScanningSequence": "EP_GR",
    "SequenceVariant": "SS",
    "SeriesDescription": "fMRI_CompMet",
    "SliceTiming": [
      1.0285,
      0.0571001,
      1.0857,
      0.1142,
      1.1428,
      0.1714,
      1.2,
      0.2285,
      1.2571,
      0.2857,
      1.3143,
      0.3428,
      1.3714,
      0.4,
      1.4286,
      0.4571,
      1.4857,
      0.5142,
      1.5428,
      0.5714,
      1.6,
      0.6285,
      1.6571,
      0.6857,
      1.7143,
      0.7428,
      1.7714,
      0.8,
      1.8285,
      0.8571,
      1.8857,
      0.9143,
      1.9428,
      0.9714
    ],
    "TaskName": "cmp",
    "dataset": "ds003481",
    "modality": "bold",
    "run_id": 2,
    "subject_id": "071",
    "task_id": "cmp"
  },
  "dummy_trs": 2,
  "dvars_nstd": 14.255752161902839,
  "dvars_std": 1.0363619779757083,
  "dvars_vstd": 0.935347253117409,
  "efc": 0.3442637185069477,
  "fber": 91702.8515625,
  "fd_mean": 0.07786783320725303,
  "fd_num": 5,
  "fd_perc": 2.0161290322580645,
  "fwhm_avg": 3.0038666666666667,
  "fwhm_x": 2.889575,
  "fwhm_y": 3.065425,
  "fwhm_z": 3.0566,
  "gcor": 0.0536663,
  "gsr_x": -0.015062284655869007,
  "gsr_y": 0.0033876432571560144,
  "provenance": {
    "md5sum": "eb83964e5e6f291279e4d1bafd6e7833",
    "settings": {
      "fd_thres": 0.2,
      "testing": false
    },
    "software": "mriqc",
    "version": "23.0.1",
    "webapi_port": null,
    "webapi_url": "https://mriqc.nimh.nih.gov/api/v1"
  },
  "size_t": 248,
  "size_x": 64,
  "size_y": 64,
  "size_z": 34,
  "snr": 3.072178557378808,
  "spacing_tr": 2.0,
  "spacing_x": 4.0,
  "spacing_y": 4.0,
  "spacing_z": 4.0,
  "summary_bg_k": 65.09984326276305,
  "summary_bg_mad": 9.439632684871713,
  "summary_bg_mean": 35.575965881347656,
  "summary_bg_median": 7.173387050628662,
  "summary_bg_n": 99093.0,
  "summary_bg_p05": 0.3306451439857483,
  "summary_bg_p95": 165.21853942871087,
  "summary_bg_stdv": 102.74995422363281,
  "summary_fg_k": 1.29430329107924,
  "summary_fg_mad": 504.98151869530983,
  "summary_fg_mean": 2190.536376953125,
  "summary_fg_median": 2043.6612548828125,
  "summary_fg_n": 13125.0,
  "summary_fg_p05": 1348.645947265625,
  "summary_fg_p95": 3541.3112792968736,
  "summary_fg_stdv": 665.1903076171875,
  "tsnr": 87.30468431860209
}