{
  "aor": 0.00067136,
  "aqi": 0.001356517824,
  "bids_meta": {
    "AcquisitionDateTime": "2017-07-06T18:15:42.000000",
    "ConversionSoftware": "dcm2niix",
    "ConversionSoftwareVersion": "v1.0.20170411 GCC4.8.4",
    "EchoTime": 0.035,
    "FlipAngle": 90,
    "ImageType": [
      "ORIGINAL",
      "PRIMARY",
      "EPI",
      "NONE"
    ],
    "MagneticFieldStrength": 3,
    "Manufacturer": "GE",
    "ManufacturersModelName": "DISCOVERY_MR750",
    "ProcedureStepDescription": "CompMet",
    "ProtocolName": "fMRI_CompMet",
    "RepetitionTime": 2,
    "ScanningSequence": "EP_GR",
    "SequenceVariant": "SS",
    "SeriesDescription": "fMRI_CompMet",
    "SliceTiming": [
      1.0285,
      0.0571001,
      1.0857,
      0.1142,
      1.1428,
      0.1714,
      1.2,
      0.2285,
      1.2571,
      0.2857,
      1.3143,
      0.3428,
      1.3714,
      0.4,
      1.4286,
      0.4571,
      1.4857,
      0.5142,
      1.5428,
      0.5714,
      1.6,
      0.6285,
      1.6571,
      0.6857,
      1.7143,
      0.7428,
      1.7714,
      0.8,
      1.8285,
      0.8571,
      1.8857,
      0.9143,
      1.9428,
      0.9714
    ],
    "TaskName": "cmp",
    "dataset": "ds003481",
    "modality": "bold",
    "run_id": 1,
    "subject_id": "071",
    "task_id": "cmp"
  },
  "dummy_trs": 0,
  "dvars_nstd": 14.147595390361452,
  "dvars_std": 1.1285105734538146,
  "dvars_vstd": 0.9795527933734933,
  "efc": 0.34353869852646546,
  "fber": 93211.5234375,
  "fd_mean": 0.076774339229534,
  "fd_num": 5,
  "fd_perc": 2.0,
  "fwhm_avg": 2.9910916666666663,
  "fwhm_x": 2.86745,
  "fwhm_y": 3.0864,
  "fwhm_z": 3.019425,
  "gcor": 0.0671073,
  "gsr_x": -0.014837977476418018,
  "gsr_y": 0.003006361424922943,
  "provenance": {
    "md5sum": "3657397c9df39360d4e7cea7637edd5f",
    "settings": {
      "fd_thres": 0.2,
      "testing": false
    },
    "software": "mriqc",
    "version": "23.0.1",
    "webapi_port": null,
    "webapi_url": "https://mriqc.nimh.nih.gov/api/v1"
  },
  "size_t": 250,
  "size_x": 64,
  "size_y": 64,
  "size_z": 34,
  "snr": 3.090344132040164,
  "spacing_tr": 2.0,
  "spacing_x": 4.0,
  "spacing_y": 4.0,
  "spacing_z": 4.0,
  "summary_bg_k": 65.36263840431296,
  "summary_bg_mad": 9.38783762650794,
  "summary_bg_mean": 35.08523178100586,
  "summary_bg_median": 7.160000324249268,
  "summary_bg_n": 99093.0,
  "summary_bg_p05": 0.3400000035762787,
  "summary_bg_p95": 160.12320861816403,
  "summary_bg_stdv": 103.2945327758789,
  "summary_fg_k": 1.2726108119045376,
  "summary_fg_mad": 500.75794838607334,
  "summary_fg_mean": 2215.550048828125,
  "summary_fg_median": 2064.880126953125,
  "summary_fg_n": 13089.0,
  "summary_fg_p05": 1365.2784667968751,
  "summary_fg_p95": 3576.565039062499,
  "summary_fg_stdv": 668.1460571289062,
  "tsnr": 100.0613855374977
}