{
  "aor": 0.0025952362204724405,
  "aqi": 0.0021395489960629923,
  "bids_meta": {
    "AcquisitionDateTime": "2016-04-27T20:31:55.000000",
    "ConversionSoftware": "dcm2niix",
    "ConversionSoftwareVersion": "v1.0.20170411 GCC4.8.4",
    "EchoTime": 0.04,
    "FlipAngle": 90,
    "ImageType": [
      "ORIGINAL",
      "PRIMARY",
      "EPI",
      "NONE"
    ],
    "MagneticFieldStrength": 3,
    "Manufacturer": "GE",
    "ManufacturersModelName": "DISCOVERY_MR750",
    "ProcedureStepDescription": "ActosHabla",
    "ProtocolName": "fMRI_ActosHabla_2",
    "RepetitionTime": 2,
    "ScanningSequence": "EP_GR",
    "SequenceVariant": "SS",
    "SeriesDescription": "fMRI_ActosHabla_2",
    "SliceTiming": [
      0,
      1.0285,
      0.0571001,
      1.0857,
      0.1142,
      1.1428,
      0.1714,
      1.2,
      0.2285,
      1.2571,
      0.2857,
      1.3143,
      0.3428,
      1.3714,
      0.4,
      1.4286,
      0.4571,
      1.4857,
      0.5142,
      1.5428,
      0.5714,
      1.6,
      0.6285,
      1.6571,
      0.6857,
      1.7143,
      0.7428,
      1.7714,
      0.8,
      1.8285,
      0.8571,
      1.8857,
      0.9143,
      1.9428,
      0.9714
    ],
    "TaskName": "sar",
    "dataset": "ds003481",
    "modality": "bold",
    "run_id": 2,
    "subject_id": "001",
    "task_id": "sar"
  },
  "dummy_trs": 0,
  "dvars_nstd": 14.694343721699607,
  "dvars_std": 1.1119002975889325,
  "dvars_vstd": 0.9994786302766796,
  "efc": 0.36452123810355097,
  "fber": 65106.8125,
  "fd_mean": 0.06158774627952013,
  "fd_num": 12,
  "fd_perc": 4.724409448818897,
  "fwhm_avg": 2.540876666666667,
  "fwhm_x": 2.5114,
  "fwhm_y": 2.71925,
  "fwhm_z": 2.39198,
  "gcor": 0.0948088,
  "gsr_x": 7.7753298683092e-05,
  "gsr_y": 0.0015182328643277287,
  "provenance": {
    "md5sum": "6266291a20b8d8a38b09ea586372aed3",
    "settings": {
      "fd_thres": 0.2,
      "testing": false
    },
    "software": "mriqc",
    "version": "23.0.1",
    "webapi_port": null,
    "webapi_url": "https://mriqc.nimh.nih.gov/api/v1"
  },
  "size_t": 254,
  "size_x": 64,
  "size_y": 64,
  "size_z": 35,
  "snr": 3.850057874720419,
  "spacing_tr": 2.0,
  "spacing_x": 4.0,
  "spacing_y": 4.0,
  "spacing_z": 4.0,
  "summary_bg_k": 50.931008872801776,
  "summary_bg_mad": 10.162245797089883,
  "summary_bg_mean": 39.91918182373047,
  "summary_bg_median": 7.1732282638549805,
  "summary_bg_n": 101344.0,
  "summary_bg_p05": 0.06299212574958801,
  "summary_bg_p95": 167.35373382568355,
  "summary_bg_stdv": 122.92872619628906,
  "summary_fg_k": 0.16440595758483623,
  "summary_fg_mad": 428.29685084690885,
  "summary_fg_mean": 1771.3927001953125,
  "summary_fg_median": 1732.1181640625,
  "summary_fg_n": 14107.0,
  "summary_fg_p05": 1103.5212890625,
  "summary_fg_p95": 2576.1085693359373,
  "summary_fg_stdv": 449.87811279296875,
  "tsnr": 76.5090147187002
}