{
  "aor": 0.003277662835249042,
  "aqi": 0.0027251449770114944,
  "bids_meta": {
    "AcquisitionDateTime": "2016-04-27T20:22:10.000000",
    "ConversionSoftware": "dcm2niix",
    "ConversionSoftwareVersion": "v1.0.20170411 GCC4.8.4",
    "EchoTime": 0.04,
    "FlipAngle": 90,
    "ImageType": [
      "ORIGINAL",
      "PRIMARY",
      "EPI",
      "NONE"
    ],
    "MagneticFieldStrength": 3,
    "Manufacturer": "GE",
    "ManufacturersModelName": "DISCOVERY_MR750",
    "ProcedureStepDescription": "ActosHabla",
    "ProtocolName": "fMRI_ActosHabla_1",
    "RepetitionTime": 2,
    "ScanningSequence": "EP_GR",
    "SequenceVariant": "SS",
    "SeriesDescription": "fMRI_ActosHabla_1",
    "SliceTiming": [
      0,
      1.0285,
      0.0571001,
      1.0857,
      0.1142,
      1.1428,
      0.1714,
      1.2,
      0.2285,
      1.2571,
      0.2857,
      1.3143,
      0.3428,
      1.3714,
      0.4,
      1.4286,
      0.4571,
      1.4857,
      0.5142,
      1.5428,
      0.5714,
      1.6,
      0.6285,
      1.6571,
      0.6857,
      1.7143,
      0.7428,
      1.7714,
      0.8,
      1.8285,
      0.8571,
      1.8857,
      0.9143,
      1.9428,
      0.9714
    ],
    "TaskName": "sar",
    "dataset": "ds003481",
    "modality": "bold",
    "run_id": 1,
    "subject_id": "001",
    "task_id": "sar"
  },
  "dummy_trs": 0,
  "dvars_nstd": 15.976523854115388,
  "dvars_std": 1.1670602841538462,
  "dvars_vstd": 1.0007351185,
  "efc": 0.36397661333466047,
  "fber": 67885.3203125,
  "fd_mean": 0.0722787232400943,
  "fd_num": 16,
  "fd_perc": 6.130268199233717,
  "fwhm_avg": 2.5314983333333334,
  "fwhm_x": 2.4957175,
  "fwhm_y": 2.718725,
  "fwhm_z": 2.3800525,
  "gcor": 0.11449,
  "gsr_x": 0.0004976430791430175,
  "gsr_y": 0.001444169320166111,
  "provenance": {
    "md5sum": "075e01bb5ac182febc716a727f7c61e5",
    "settings": {
      "fd_thres": 0.2,
      "testing": false
    },
    "software": "mriqc",
    "version": "23.0.1",
    "webapi_port": null,
    "webapi_url": "https://mriqc.nimh.nih.gov/api/v1"
  },
  "size_t": 261,
  "size_x": 64,
  "size_y": 64,
  "size_z": 35,
  "snr": 3.9214935308858356,
  "spacing_tr": 2.0,
  "spacing_x": 4.0,
  "spacing_y": 4.0,
  "spacing_z": 4.0,
  "summary_bg_k": 52.67884913357437,
  "summary_bg_mad": 10.16235718744788,
  "summary_bg_mean": 40.39655685424805,
  "summary_bg_median": 7.164750576019287,
  "summary_bg_n": 101446.0,
  "summary_bg_p05": 0.05747126415371895,
  "summary_bg_p95": 166.37068939208984,
  "summary_bg_stdv": 124.78203582763672,
  "summary_fg_k": 0.2362167936363253,
  "summary_fg_mad": 420.55354812245054,
  "summary_fg_mean": 1797.728271484375,
  "summary_fg_median": 1760.2413330078125,
  "summary_fg_n": 14019.0,
  "summary_fg_p05": 1131.3850708007812,
  "summary_fg_p95": 2601.5274414062487,
  "summary_fg_stdv": 448.8541259765625,
  "tsnr": 71.06722708884627
}