{
  "aor": 0.0018707843137254906,
  "aqi": 0.0017269556784313726,
  "bids_meta": {
    "AcquisitionDateTime": "2016-04-27T20:41:41.000000",
    "ConversionSoftware": "dcm2niix",
    "ConversionSoftwareVersion": "v1.0.20170411 GCC4.8.4",
    "EchoTime": 0.04,
    "FlipAngle": 90,
    "ImageType": [
      "ORIGINAL",
      "PRIMARY",
      "EPI",
      "NONE"
    ],
    "MagneticFieldStrength": 3,
    "Manufacturer": "GE",
    "ManufacturersModelName": "DISCOVERY_MR750",
    "ProcedureStepDescription": "ActosHabla",
    "ProtocolName": "fMRI_ActosHabla_3",
    "RepetitionTime": 2,
    "ScanningSequence": "EP_GR",
    "SequenceVariant": "SS",
    "SeriesDescription": "fMRI_ActosHabla_3",
    "SliceTiming": [
      0,
      1.0285,
      0.0571001,
      1.0857,
      0.1142,
      1.1428,
      0.1714,
      1.2,
      0.2285,
      1.2571,
      0.2857,
      1.3143,
      0.3428,
      1.3714,
      0.4,
      1.4286,
      0.4571,
      1.4857,
      0.5142,
      1.5428,
      0.5714,
      1.6,
      0.6285,
      1.6571,
      0.6857,
      1.7143,
      0.7428,
      1.7714,
      0.8,
      1.8285,
      0.8571,
      1.8857,
      0.9143,
      1.9428,
      0.9714
    ],
    "TaskName": "sar",
    "dataset": "ds003481",
    "modality": "bold",
    "run_id": 3,
    "subject_id": "001",
    "task_id": "sar"
  },
  "dummy_trs": 0,
  "dvars_nstd": 15.286935934015744,
  "dvars_std": 1.1274338583858259,
  "dvars_vstd": 0.9848514137007873,
  "efc": 0.36454828333812317,
  "fber": 64634.28515625,
  "fd_mean": 0.07017696878101826,
  "fd_num": 13,
  "fd_perc": 5.098039215686274,
  "fwhm_avg": 2.5400000000000005,
  "fwhm_x": 2.509325,
  "fwhm_y": 2.726025,
  "fwhm_z": 2.38465,
  "gcor": 0.194217,
  "gsr_x": 0.00047541793901473284,
  "gsr_y": 0.0018048185156658292,
  "provenance": {
    "md5sum": "70f6589f7a29a222a35c233a0e13c767",
    "settings": {
      "fd_thres": 0.2,
      "testing": false
    },
    "software": "mriqc",
    "version": "23.0.1",
    "webapi_port": null,
    "webapi_url": "https://mriqc.nimh.nih.gov/api/v1"
  },
  "size_t": 255,
  "size_x": 64,
  "size_y": 64,
  "size_z": 35,
  "snr": 3.8460740286898343,
  "spacing_tr": 2.0,
  "spacing_x": 4.0,
  "spacing_y": 4.0,
  "spacing_z": 4.0,
  "summary_bg_k": 51.13196034966619,
  "summary_bg_mad": 10.20379223555814,
  "summary_bg_mean": 39.987388610839844,
  "summary_bg_median": 7.196078777313232,
  "summary_bg_n": 101373.0,
  "summary_bg_p05": 0.05882353335618973,
  "summary_bg_p95": 167.62745666503906,
  "summary_bg_stdv": 123.45440673828125,
  "summary_fg_k": 0.14766030621549975,
  "summary_fg_mad": 427.30344220709225,
  "summary_fg_mean": 1774.825927734375,
  "summary_fg_median": 1732.85888671875,
  "summary_fg_n": 14153.0,
  "summary_fg_p05": 1105.25810546875,
  "summary_fg_p95": 2583.412744140625,
  "summary_fg_stdv": 450.5367431640625,
  "tsnr": 72.97011621005367
}