{
  "aor": 0.0010824799999999998,
  "aqi": 0.00142775388,
  "bids_meta": {
    "AcquisitionDateTime": "2017-07-04T19:40:33.000000",
    "ConversionSoftware": "dcm2niix",
    "ConversionSoftwareVersion": "v1.0.20170411 GCC4.8.4",
    "EchoTime": 0.035,
    "FlipAngle": 90,
    "ImageType": [
      "ORIGINAL",
      "PRIMARY",
      "EPI",
      "NONE"
    ],
    "MagneticFieldStrength": 3,
    "Manufacturer": "GE",
    "ManufacturersModelName": "DISCOVERY_MR750",
    "ProcedureStepDescription": "CompMet",
    "ProtocolName": "fMRI_CompMet",
    "RepetitionTime": 2,
    "ScanningSequence": "EP_GR",
    "SequenceVariant": "SS",
    "SeriesDescription": "fMRI_CompMet",
    "SliceTiming": [
      1.0285,
      0.0571001,
      1.0857,
      0.1142,
      1.1428,
      0.1714,
      1.2,
      0.2285,
      1.2571,
      0.2857,
      1.3143,
      0.3428,
      1.3714,
      0.4,
      1.4286,
      0.4571,
      1.4857,
      0.5142,
      1.5428,
      0.5714,
      1.6,
      0.6285,
      1.6571,
      0.6857,
      1.7143,
      0.7428,
      1.7714,
      0.8,
      1.8285,
      0.8571,
      1.8857,
      0.9143,
      1.9428,
      0.9714
    ],
    "TaskName": "cmp",
    "dataset": "ds003481",
    "modality": "bold",
    "run_id": 2,
    "subject_id": "072",
    "task_id": "cmp"
  },
  "dummy_trs": 0,
  "dvars_nstd": 10.287795985702804,
  "dvars_std": 1.0895437815261038,
  "dvars_vstd": 0.9927542579116465,
  "efc": 0.35000469360990283,
  "fber": 105875.265625,
  "fd_mean": 0.037235345750428535,
  "fd_num": 0,
  "fd_perc": 0.0,
  "fwhm_avg": 2.652808333333333,
  "fwhm_x": 2.524975,
  "fwhm_y": 2.788825,
  "fwhm_z": 2.644625,
  "gcor": 0.0528486,
  "gsr_x": -0.009843331761658192,
  "gsr_y": -0.0026656626723706722,
  "provenance": {
    "md5sum": "1af09e23051266d0692c5971487bf716",
    "settings": {
      "fd_thres": 0.2,
      "testing": false
    },
    "software": "mriqc",
    "version": "23.0.1",
    "webapi_port": null,
    "webapi_url": "https://mriqc.nimh.nih.gov/api/v1"
  },
  "size_t": 250,
  "size_x": 64,
  "size_y": 64,
  "size_z": 34,
  "snr": 4.040719462123251,
  "spacing_tr": 2.0,
  "spacing_x": 4.0,
  "spacing_y": 4.0,
  "spacing_z": 4.0,
  "summary_bg_k": 115.3907697931525,
  "summary_bg_mad": 9.476793674783096,
  "summary_bg_mean": 39.651710510253906,
  "summary_bg_median": 6.964000225067139,
  "summary_bg_n": 99682.0,
  "summary_bg_p05": 0.20800000429153442,
  "summary_bg_p95": 173.84220962524404,
  "summary_bg_stdv": 122.78221130371094,
  "summary_fg_k": 0.2954303054762666,
  "summary_fg_mad": 486.4538774703252,
  "summary_fg_mean": 2193.46337890625,
  "summary_fg_median": 2122.09619140625,
  "summary_fg_n": 13029.0,
  "summary_fg_p05": 1437.842431640625,
  "summary_fg_p95": 3173.9265625,
  "summary_fg_stdv": 525.1576538085938,
  "tsnr": 113.77457561250776
}