{
  "bids_meta": {
    "AcquisitionDateTime": "2017-06-26T20:58:22.000000",
    "ConversionSoftware": "dcm2niix",
    "ConversionSoftwareVersion": "v1.0.20170411 GCC4.8.4",
    "EchoTime": 0.00318,
    "FlipAngle": 12,
    "ImageType": [
      "DERIVED",
      "PRIMARY",
      "OTHER"
    ],
    "InversionTime": 0.45,
    "MagneticFieldStrength": 3,
    "Manufacturer": "GE",
    "ManufacturersModelName": "DISCOVERY_MR750",
    "ProcedureStepDescription": "CompMet",
    "ProtocolName": "PU:Sag_T1_FSPGR_BRAVO",
    "RepetitionTime": 0.008156,
    "ScanningSequence": "GR",
    "SequenceVariant": "SS_SP_SK",
    "SeriesDescription": "PU:Sag_T1_FSPGR_BRAVO",
    "dataset": "ds003481",
    "modality": "T1w",
    "subject_id": "067"
  },
  "cjv": 0.2951502355811077,
  "cnr": 4.506214978604028,
  "efc": 0.7165880488681432,
  "fber": -1.0,
  "fwhm_avg": 3.974346666666667,
  "fwhm_x": 3.948,
  "fwhm_y": 4.21511,
  "fwhm_z": 3.75993,
  "icvs_csf": 0.20938096763770447,
  "icvs_gm": 0.4649637778768968,
  "icvs_wm": 0.3256552544853987,
  "inu_med": 0.512981653213501,
  "inu_range": 0.18043412566184996,
  "provenance": {
    "md5sum": "4c2e9f59c44cc88a8fe216fec46e9f3c",
    "settings": {
      "testing": false
    },
    "software": "mriqc",
    "version": "23.0.1",
    "warnings": {
      "large_rot_frame": true,
      "small_air_mask": false
    },
    "webapi_port": null,
    "webapi_url": "https://mriqc.nimh.nih.gov/api/v1"
  },
  "qi_1": 0.0,
  "qi_2": 0.0031375811316079797,
  "rpve_csf": 24.568652302492605,
  "rpve_gm": 11.905432902901154,
  "rpve_wm": 18.80005940161894,
  "size_x": 176,
  "size_y": 256,
  "size_z": 256,
  "snr_csf": 2.83314554743558,
  "snr_gm": 11.394811413586899,
  "snr_total": 12.127984970518726,
  "snr_wm": 22.155997950533703,
  "snrd_csf": 13.941726967178043,
  "snrd_gm": 37.83260329202484,
  "snrd_total": 36.2537529491392,
  "snrd_wm": 56.98692858821471,
  "spacing_x": 1.0,
  "spacing_y": 1.0,
  "spacing_z": 1.0,
  "summary_bg_k": 7.509713272272171,
  "summary_bg_mad": 0.0,
  "summary_bg_mean": 6.500432019570638,
  "summary_bg_median": 0.0,
  "summary_bg_n": 427175.0,
  "summary_bg_p05": 0.0,
  "summary_bg_p95": 31.231635957956314,
  "summary_bg_stdv": 11.496257900252271,
  "summary_csf_k": 1.5454047088626979,
  "summary_csf_mad": 70.29633436974899,
  "summary_csf_mean": 250.8197492805034,
  "summary_csf_median": 244.64781500399113,
  "summary_csf_n": 40522.0,
  "summary_csf_p05": 120.35304015222938,
  "summary_csf_p95": 408.7398377992213,
  "summary_csf_stdv": 86.35094533113613,
  "summary_gm_k": 0.2820556449008387,
  "summary_gm_mad": 56.38643553695669,
  "summary_gm_mean": 665.3640059676854,
  "summary_gm_median": 663.8821541331708,
  "summary_gm_n": 49785.0,
  "summary_gm_p05": 571.9083444774151,
  "summary_gm_p95": 762.6899830549953,
  "summary_gm_stdv": 58.26120876527575,
  "summary_wm_k": 0.6748535785746901,
  "summary_wm_mad": 42.818838465150336,
  "summary_wm_mean": 1000.4408328080201,
  "summary_wm_median": 1000.0000427290797,
  "summary_wm_n": 189692.0,
  "summary_wm_p05": 927.3361155204475,
  "summary_wm_p95": 1074.2591341398656,
  "summary_wm_stdv": 45.134387947964356,
  "tpm_overlap_csf": 0.1547264747868169,
  "tpm_overlap_gm": 0.48055935576000386,
  "tpm_overlap_wm": 0.5020352450764984,
  "wm2max": 0.44217169373549886
}