{
  "aor": 0.00210316091954023,
  "aqi": 0.0012451855344827586,
  "bids_meta": {
    "AcquisitionMatrixPE": 64,
    "AcquisitionNumber": 1,
    "AcquisitionTime": "18:41:30.000000",
    "CoilString": "32Ch_Head",
    "ConversionSoftware": "dcm2niix",
    "ConversionSoftwareVersion": "v1.0.20190902",
    "Dcm2bidsVersion": "2.1.4",
    "DeviceSerialNumber": "000000000000GEHC",
    "EchoTime": 0.04,
    "EffectiveEchoSpacing": 0.000372,
    "FlipAngle": 90,
    "ImageOrientationPatientDICOM": [
      1,
      0,
      0,
      0,
      1,
      0
    ],
    "ImageType": [
      "ORIGINAL",
      "PRIMARY",
      "EPI",
      "NONE"
    ],
    "ImagingFrequency": 127.772,
    "InPlanePhaseEncodingDirectionDICOM": "ROW",
    "InstitutionName": "INSTITUTO_DE_NEUROBIOLOGIA",
    "MRAcquisitionType": "2D",
    "MagneticFieldStrength": 3,
    "Manufacturer": "GE",
    "ManufacturersModelName": "DISCOVERY_MR750",
    "Modality": "MR",
    "PatientPosition": "HFS",
    "PercentPhaseFOV": 100,
    "PhaseEncodingDirection": "i-",
    "PhaseEncodingPolarityGE": "Flipped",
    "PixelBandwidth": 7812.5,
    "ProcedureStepDescription": "verbos",
    "ProtocolName": "fMRI_1",
    "ReconMatrixPE": 64,
    "RepetitionTime": 2,
    "SAR": 0.355837,
    "ScanOptions": "EPI_GEMS_ACC_GEMS",
    "ScanningSequence": "EP_GR",
    "SequenceVariant": "SS",
    "SeriesDescription": "fMRI_1",
    "SeriesNumber": 4,
    "SliceThickness": 4,
    "SliceTiming": [
      0,
      1.0285,
      0.0571001,
      1.0857,
      0.1142,
      1.1428,
      0.1714,
      1.2,
      0.2285,
      1.2571,
      0.2857,
      1.3143,
      0.3428,
      1.3714,
      0.4,
      1.4286,
      0.4571,
      1.4857,
      0.5142,
      1.5428,
      0.5714,
      1.6,
      0.6285,
      1.6571,
      0.6857,
      1.7143,
      0.7428,
      1.7714,
      0.8,
      1.8285,
      0.8571,
      1.8857,
      0.9143,
      1.9428,
      0.9714
    ],
    "SoftwareVersions": "24_LX_MR_Software_release:DV24.0_R02_1607.b",
    "SpacingBetweenSlices": 4,
    "StationName": "GEHCGEHC",
    "TaskName": "verbs",
    "TotalReadoutTime": 0.023436,
    "dataset": "ds003481",
    "modality": "bold",
    "run_id": 1,
    "subject_id": "124",
    "task_id": "verbs"
  },
  "dummy_trs": 0,
  "dvars_nstd": 17.28509685190751,
  "dvars_std": 1.2288543471676303,
  "dvars_vstd": 1.028444515086705,
  "efc": 0.3290207291116232,
  "fber": 46892.26953125,
  "fd_mean": 0.05056552521370478,
  "fd_num": 0,
  "fd_perc": 0.0,
  "fwhm_avg": 2.6449441666666664,
  "fwhm_x": 2.677075,
  "fwhm_y": 2.811625,
  "fwhm_z": 2.4461325,
  "gcor": 0.10082,
  "gsr_x": -0.013317170552909374,
  "gsr_y": -0.002185954013839364,
  "provenance": {
    "md5sum": "3a74191dc649da9ba14f6e27d5cf3f39",
    "settings": {
      "fd_thres": 0.2,
      "testing": false
    },
    "software": "mriqc",
    "version": "23.0.1",
    "webapi_port": null,
    "webapi_url": "https://mriqc.nimh.nih.gov/api/v1"
  },
  "size_t": 174,
  "size_x": 64,
  "size_y": 64,
  "size_z": 35,
  "snr": 3.4605206805591333,
  "spacing_tr": 2.0,
  "spacing_x": 4.0,
  "spacing_y": 4.0,
  "spacing_z": 4.0,
  "summary_bg_k": 66.18268822296336,
  "summary_bg_mad": 10.923540481440815,
  "summary_bg_mean": 30.552467346191406,
  "summary_bg_median": 8.05747127532959,
  "summary_bg_n": 105459.0,
  "summary_bg_p05": 0.1551724076271057,
  "summary_bg_p95": 132.8103485107422,
  "summary_bg_stdv": 75.25096130371094,
  "summary_fg_k": 0.19080208091439976,
  "summary_fg_mad": 451.1030808228323,
  "summary_fg_mean": 1736.808837890625,
  "summary_fg_median": 1676.9080810546875,
  "summary_fg_n": 11083.0,
  "summary_fg_p05": 1010.3873779296875,
  "summary_fg_p95": 2606.1240234375,
  "summary_fg_stdv": 484.56072998046875,
  "tsnr": 89.5193562854547
}