{
  "aor": 0.004277241379310345,
  "aqi": 0.001230129436781609,
  "bids_meta": {
    "AcquisitionMatrixPE": 64,
    "AcquisitionNumber": 1,
    "AcquisitionTime": "19:08:43.000000",
    "CoilString": "32Ch_Head",
    "ConversionSoftware": "dcm2niix",
    "ConversionSoftwareVersion": "v1.0.20190902",
    "Dcm2bidsVersion": "2.1.4",
    "DeviceSerialNumber": "000000000000GEHC",
    "EchoTime": 0.04,
    "EffectiveEchoSpacing": 0.000372,
    "FlipAngle": 90,
    "ImageOrientationPatientDICOM": [
      1,
      0,
      0,
      0,
      1,
      0
    ],
    "ImageType": [
      "ORIGINAL",
      "PRIMARY",
      "EPI",
      "NONE"
    ],
    "ImagingFrequency": 127.772,
    "InPlanePhaseEncodingDirectionDICOM": "ROW",
    "InstitutionName": "INSTITUTO_DE_NEUROBIOLOGIA",
    "MRAcquisitionType": "2D",
    "MagneticFieldStrength": 3,
    "Manufacturer": "GE",
    "ManufacturersModelName": "DISCOVERY_MR750",
    "Modality": "MR",
    "PatientPosition": "HFS",
    "PercentPhaseFOV": 100,
    "PhaseEncodingDirection": "i-",
    "PhaseEncodingPolarityGE": "Flipped",
    "PixelBandwidth": 7812.5,
    "ProcedureStepDescription": "verbos",
    "ProtocolName": "fMRI_5",
    "ReconMatrixPE": 64,
    "RepetitionTime": 2,
    "SAR": 0.355837,
    "ScanOptions": "EPI_GEMS_ACC_GEMS",
    "ScanningSequence": "EP_GR",
    "SequenceVariant": "SS",
    "SeriesDescription": "fMRI_5",
    "SeriesNumber": 8,
    "SliceThickness": 4,
    "SliceTiming": [
      0,
      1.0285,
      0.0571001,
      1.0857,
      0.1142,
      1.1428,
      0.1714,
      1.2,
      0.2285,
      1.2571,
      0.2857,
      1.3143,
      0.3428,
      1.3714,
      0.4,
      1.4286,
      0.4571,
      1.4857,
      0.5142,
      1.5428,
      0.5714,
      1.6,
      0.6285,
      1.6571,
      0.6857,
      1.7143,
      0.7428,
      1.7714,
      0.8,
      1.8285,
      0.8571,
      1.8857,
      0.9143,
      1.9428,
      0.9714
    ],
    "SoftwareVersions": "24_LX_MR_Software_release:DV24.0_R02_1607.b",
    "SpacingBetweenSlices": 4,
    "StationName": "GEHCGEHC",
    "TaskName": "verbs",
    "TotalReadoutTime": 0.023436,
    "dataset": "ds003481",
    "modality": "bold",
    "run_id": 5,
    "subject_id": "124",
    "task_id": "verbs"
  },
  "dummy_trs": 0,
  "dvars_nstd": 16.41735634780347,
  "dvars_std": 1.2387083071676301,
  "dvars_vstd": 1.0487477542196524,
  "efc": 0.3286387830579156,
  "fber": 46886.375,
  "fd_mean": 0.05129139983358365,
  "fd_num": 0,
  "fd_perc": 0.0,
  "fwhm_avg": 2.6248375,
  "fwhm_x": 2.669625,
  "fwhm_y": 2.7305,
  "fwhm_z": 2.4743875,
  "gcor": 0.0956871,
  "gsr_x": -0.013703525997698307,
  "gsr_y": -0.0029657811392098665,
  "provenance": {
    "md5sum": "0506389d10a53a967b9a7f822c7e40d6",
    "settings": {
      "fd_thres": 0.2,
      "testing": false
    },
    "software": "mriqc",
    "version": "23.0.1",
    "webapi_port": null,
    "webapi_url": "https://mriqc.nimh.nih.gov/api/v1"
  },
  "size_t": 174,
  "size_x": 64,
  "size_y": 64,
  "size_z": 35,
  "snr": 3.429409012439329,
  "spacing_tr": 2.0,
  "spacing_x": 4.0,
  "spacing_y": 4.0,
  "spacing_z": 4.0,
  "summary_bg_k": 68.33443596983078,
  "summary_bg_mad": 10.99170669692587,
  "summary_bg_mean": 30.372846603393555,
  "summary_bg_median": 8.126437187194824,
  "summary_bg_n": 105389.0,
  "summary_bg_p05": 0.13218390941619873,
  "summary_bg_p95": 132.99424743652344,
  "summary_bg_stdv": 75.8729019165039,
  "summary_fg_k": 0.27444211308264244,
  "summary_fg_mad": 454.12791873530705,
  "summary_fg_mean": 1750.5003662109375,
  "summary_fg_median": 1686.82177734375,
  "summary_fg_n": 11200.0,
  "summary_fg_p05": 1021.8002868652344,
  "summary_fg_p95": 2641.405163574218,
  "summary_fg_stdv": 491.8475646972656,
  "tsnr": 86.9290992198512
}