{
  "aor": 0.0016087356321839077,
  "aqi": 0.0014114157413793102,
  "bids_meta": {
    "AcquisitionMatrixPE": 64,
    "AcquisitionNumber": 1,
    "AcquisitionTime": "19:15:19.000000",
    "CoilString": "32Ch_Head",
    "ConversionSoftware": "dcm2niix",
    "ConversionSoftwareVersion": "v1.0.20190902",
    "Dcm2bidsVersion": "2.1.4",
    "DeviceSerialNumber": "000000000000GEHC",
    "EchoTime": 0.04,
    "EffectiveEchoSpacing": 0.000372,
    "FlipAngle": 90,
    "ImageOrientationPatientDICOM": [
      1,
      0,
      0,
      0,
      1,
      0
    ],
    "ImageType": [
      "ORIGINAL",
      "PRIMARY",
      "EPI",
      "NONE"
    ],
    "ImagingFrequency": 127.772,
    "InPlanePhaseEncodingDirectionDICOM": "ROW",
    "InstitutionName": "INSTITUTO_DE_NEUROBIOLOGIA",
    "MRAcquisitionType": "2D",
    "MagneticFieldStrength": 3,
    "Manufacturer": "GE",
    "ManufacturersModelName": "DISCOVERY_MR750",
    "Modality": "MR",
    "PatientPosition": "HFS",
    "PercentPhaseFOV": 100,
    "PhaseEncodingDirection": "i-",
    "PhaseEncodingPolarityGE": "Flipped",
    "PixelBandwidth": 7812.5,
    "ProcedureStepDescription": "verbos",
    "ProtocolName": "fMRI_6",
    "ReconMatrixPE": 64,
    "RepetitionTime": 2,
    "SAR": 0.355837,
    "ScanOptions": "EPI_GEMS_ACC_GEMS",
    "ScanningSequence": "EP_GR",
    "SequenceVariant": "SS",
    "SeriesDescription": "fMRI_6",
    "SeriesNumber": 9,
    "SliceThickness": 4,
    "SliceTiming": [
      0,
      1.0285,
      0.0571001,
      1.0857,
      0.1142,
      1.1428,
      0.1714,
      1.2,
      0.2285,
      1.2571,
      0.2857,
      1.3143,
      0.3428,
      1.3714,
      0.4,
      1.4286,
      0.4571,
      1.4857,
      0.5142,
      1.5428,
      0.5714,
      1.6,
      0.6285,
      1.6571,
      0.6857,
      1.7143,
      0.7428,
      1.7714,
      0.8,
      1.8285,
      0.8571,
      1.8857,
      0.9143,
      1.9428,
      0.9714
    ],
    "SoftwareVersions": "24_LX_MR_Software_release:DV24.0_R02_1607.b",
    "SpacingBetweenSlices": 4,
    "StationName": "GEHCGEHC",
    "TaskName": "verbs",
    "TotalReadoutTime": 0.023436,
    "dataset": "ds003481",
    "modality": "bold",
    "run_id": 6,
    "subject_id": "124",
    "task_id": "verbs"
  },
  "dummy_trs": 0,
  "dvars_nstd": 17.864839090635833,
  "dvars_std": 1.2514816426011561,
  "dvars_vstd": 1.0098165258959533,
  "efc": 0.3297147543630602,
  "fber": 45612.18359375,
  "fd_mean": 0.05657415701221715,
  "fd_num": 0,
  "fd_perc": 0.0,
  "fwhm_avg": 2.582815,
  "fwhm_x": 2.64055,
  "fwhm_y": 2.71655,
  "fwhm_z": 2.391345,
  "gcor": 0.0492991,
  "gsr_x": -0.013098040595650673,
  "gsr_y": -0.002861384302377701,
  "provenance": {
    "md5sum": "7339e1a1b2c2a5cd246710ed61e321dd",
    "settings": {
      "fd_thres": 0.2,
      "testing": false
    },
    "software": "mriqc",
    "version": "23.0.1",
    "webapi_port": null,
    "webapi_url": "https://mriqc.nimh.nih.gov/api/v1"
  },
  "size_t": 174,
  "size_x": 64,
  "size_y": 64,
  "size_z": 35,
  "snr": 3.433873327448738,
  "spacing_tr": 2.0,
  "spacing_x": 4.0,
  "spacing_y": 4.0,
  "spacing_z": 4.0,
  "summary_bg_k": 60.42792839627188,
  "summary_bg_mad": 11.042830055082478,
  "summary_bg_mean": 31.799238204956055,
  "summary_bg_median": 8.137930870056152,
  "summary_bg_n": 105608.0,
  "summary_bg_p05": 0.14367815852165222,
  "summary_bg_p95": 142.45373306274405,
  "summary_bg_stdv": 78.22290802001953,
  "summary_fg_k": 0.17238564974297965,
  "summary_fg_mad": 450.52783043812525,
  "summary_fg_mean": 1722.8291015625,
  "summary_fg_median": 1664.991455078125,
  "summary_fg_n": 11036.0,
  "summary_fg_p05": 994.8247222900391,
  "summary_fg_p95": 2596.9124145507812,
  "summary_fg_stdv": 484.8507385253906,
  "tsnr": 91.56669275229797
}