{
  "aor": 0.0015831609195402299,
  "aqi": 0.0012841483505747126,
  "bids_meta": {
    "AcquisitionMatrixPE": 64,
    "AcquisitionNumber": 1,
    "AcquisitionTime": "18:48:17.000000",
    "CoilString": "32Ch_Head",
    "ConversionSoftware": "dcm2niix",
    "ConversionSoftwareVersion": "v1.0.20190902",
    "Dcm2bidsVersion": "2.1.4",
    "DeviceSerialNumber": "000000000000GEHC",
    "EchoTime": 0.04,
    "EffectiveEchoSpacing": 0.000372,
    "FlipAngle": 90,
    "ImageOrientationPatientDICOM": [
      1,
      0,
      0,
      0,
      1,
      0
    ],
    "ImageType": [
      "ORIGINAL",
      "PRIMARY",
      "EPI",
      "NONE"
    ],
    "ImagingFrequency": 127.772,
    "InPlanePhaseEncodingDirectionDICOM": "ROW",
    "InstitutionName": "INSTITUTO_DE_NEUROBIOLOGIA",
    "MRAcquisitionType": "2D",
    "MagneticFieldStrength": 3,
    "Manufacturer": "GE",
    "ManufacturersModelName": "DISCOVERY_MR750",
    "Modality": "MR",
    "PatientPosition": "HFS",
    "PercentPhaseFOV": 100,
    "PhaseEncodingDirection": "i-",
    "PhaseEncodingPolarityGE": "Flipped",
    "PixelBandwidth": 7812.5,
    "ProcedureStepDescription": "verbos",
    "ProtocolName": "fMRI_2",
    "ReconMatrixPE": 64,
    "RepetitionTime": 2,
    "SAR": 0.355837,
    "ScanOptions": "EPI_GEMS_ACC_GEMS",
    "ScanningSequence": "EP_GR",
    "SequenceVariant": "SS",
    "SeriesDescription": "fMRI_2",
    "SeriesNumber": 5,
    "SliceThickness": 4,
    "SliceTiming": [
      0,
      1.0285,
      0.0571001,
      1.0857,
      0.1142,
      1.1428,
      0.1714,
      1.2,
      0.2285,
      1.2571,
      0.2857,
      1.3143,
      0.3428,
      1.3714,
      0.4,
      1.4286,
      0.4571,
      1.4857,
      0.5142,
      1.5428,
      0.5714,
      1.6,
      0.6285,
      1.6571,
      0.6857,
      1.7143,
      0.7428,
      1.7714,
      0.8,
      1.8285,
      0.8571,
      1.8857,
      0.9143,
      1.9428,
      0.9714
    ],
    "SoftwareVersions": "24_LX_MR_Software_release:DV24.0_R02_1607.b",
    "SpacingBetweenSlices": 4,
    "StationName": "GEHCGEHC",
    "TaskName": "verbs",
    "TotalReadoutTime": 0.023436,
    "dataset": "ds003481",
    "modality": "bold",
    "run_id": 2,
    "subject_id": "124",
    "task_id": "verbs"
  },
  "dummy_trs": 0,
  "dvars_nstd": 17.16931792300578,
  "dvars_std": 1.2207684961849705,
  "dvars_vstd": 1.0074831129479769,
  "efc": 0.3286964849891063,
  "fber": 46408.6640625,
  "fd_mean": 0.049654473639753,
  "fd_num": 0,
  "fd_perc": 0.0,
  "fwhm_avg": 2.6377058333333334,
  "fwhm_x": 2.669725,
  "fwhm_y": 2.787925,
  "fwhm_z": 2.4554675,
  "gcor": 0.0473228,
  "gsr_x": -0.012512469664216042,
  "gsr_y": -0.001605629688128829,
  "provenance": {
    "md5sum": "e2bcee56873efff74a357dcdbac35afa",
    "settings": {
      "fd_thres": 0.2,
      "testing": false
    },
    "software": "mriqc",
    "version": "23.0.1",
    "webapi_port": null,
    "webapi_url": "https://mriqc.nimh.nih.gov/api/v1"
  },
  "size_t": 174,
  "size_x": 64,
  "size_y": 64,
  "size_z": 35,
  "snr": 3.467060002876048,
  "spacing_tr": 2.0,
  "spacing_x": 4.0,
  "spacing_y": 4.0,
  "spacing_z": 4.0,
  "summary_bg_k": 66.13592076346275,
  "summary_bg_mad": 11.068392043455708,
  "summary_bg_mean": 30.495283126831055,
  "summary_bg_median": 8.178160667419434,
  "summary_bg_n": 105454.0,
  "summary_bg_p05": 0.14367815852165222,
  "summary_bg_p95": 133.72815780639638,
  "summary_bg_stdv": 74.45252990722656,
  "summary_fg_k": 0.16653886711962995,
  "summary_fg_mad": 452.47483174021056,
  "summary_fg_mean": 1747.7607421875,
  "summary_fg_median": 1689.413818359375,
  "summary_fg_n": 11126.0,
  "summary_fg_p05": 1015.2615051269531,
  "summary_fg_p95": 2622.7342529296875,
  "summary_fg_stdv": 487.25372314453125,
  "tsnr": 92.20561291929334
}