{
  "aor": 0.0025341333333333336,
  "aqi": 0.0032076770166666667,
  "bids_meta": {
    "AcquisitionMatrixPE": 64,
    "AcquisitionNumber": 1,
    "AcquisitionTime": "19:35:57.000000",
    "CoilString": "32Ch_Head",
    "ConversionSoftware": "dcm2niix",
    "ConversionSoftwareVersion": "v1.0.20190902",
    "Dcm2bidsVersion": "2.1.4",
    "DeviceSerialNumber": "000000000000GEHC",
    "EchoTime": 0.04,
    "EffectiveEchoSpacing": 0.000372,
    "FlipAngle": 90,
    "ImageOrientationPatientDICOM": [
      1,
      0,
      0,
      0,
      1,
      0
    ],
    "ImageType": [
      "ORIGINAL",
      "PRIMARY",
      "EPI",
      "NONE"
    ],
    "ImagingFrequency": 127.772,
    "InPlanePhaseEncodingDirectionDICOM": "COL",
    "InstitutionName": "INSTITUTO_DE_NEUROBIOLOGIA",
    "MRAcquisitionType": "2D",
    "MagneticFieldStrength": 3,
    "Manufacturer": "GE",
    "ManufacturersModelName": "DISCOVERY_MR750",
    "Modality": "MR",
    "PatientPosition": "HFS",
    "PercentPhaseFOV": 100,
    "PhaseEncodingDirection": "j",
    "PhaseEncodingPolarityGE": "Flipped",
    "PixelBandwidth": 7812.5,
    "ProcedureStepDescription": "verbos",
    "ProtocolName": "fMRI_RestState",
    "ReconMatrixPE": 64,
    "RepetitionTime": 2,
    "SAR": 0.355837,
    "ScanOptions": "EPI_GEMS_ACC_GEMS",
    "ScanningSequence": "EP_GR",
    "SequenceVariant": "SS",
    "SeriesDescription": "fMRI_RestState",
    "SeriesNumber": 12,
    "SliceThickness": 4,
    "SliceTiming": [
      0,
      1.0285,
      0.0571001,
      1.0857,
      0.1142,
      1.1428,
      0.1714,
      1.2,
      0.2285,
      1.2571,
      0.2857,
      1.3143,
      0.3428,
      1.3714,
      0.4,
      1.4286,
      0.4571,
      1.4857,
      0.5142,
      1.5428,
      0.5714,
      1.6,
      0.6285,
      1.6571,
      0.6857,
      1.7143,
      0.7428,
      1.7714,
      0.8,
      1.8285,
      0.8571,
      1.8857,
      0.9143,
      1.9428,
      0.9714
    ],
    "SoftwareVersions": "24_LX_MR_Software_release:DV24.0_R02_1607.b",
    "SpacingBetweenSlices": 4,
    "StationName": "GEHCGEHC",
    "TaskName": "rest",
    "TotalReadoutTime": 0.023436,
    "dataset": "ds003481",
    "modality": "bold",
    "subject_id": "124",
    "task_id": "rest"
  },
  "dummy_trs": 0,
  "dvars_nstd": 16.193196271103684,
  "dvars_std": 1.0648609658528438,
  "dvars_vstd": 0.935345930802675,
  "efc": 0.3201588257885777,
  "fber": 78778.65625,
  "fd_mean": 0.06396111987150323,
  "fd_num": 2,
  "fd_perc": 0.6666666666666666,
  "fwhm_avg": 2.5580158333333336,
  "fwhm_x": 2.605975,
  "fwhm_y": 2.73265,
  "fwhm_z": 2.3354225,
  "gcor": 0.0341608,
  "gsr_x": -0.01856742799282074,
  "gsr_y": 0.0022057569585740566,
  "provenance": {
    "md5sum": "5b072f9201f84afe6d43868f18d6ba11",
    "settings": {
      "fd_thres": 0.2,
      "testing": false
    },
    "software": "mriqc",
    "version": "23.0.1",
    "webapi_port": null,
    "webapi_url": "https://mriqc.nimh.nih.gov/api/v1"
  },
  "size_t": 300,
  "size_x": 64,
  "size_y": 64,
  "size_z": 35,
  "snr": 3.5556436189144773,
  "spacing_tr": 2.0,
  "spacing_x": 4.0,
  "spacing_y": 4.0,
  "spacing_z": 4.0,
  "summary_bg_k": 91.3160055877515,
  "summary_bg_mad": 8.186435395953463,
  "summary_bg_mean": 27.43086814880371,
  "summary_bg_median": 6.231666564941406,
  "summary_bg_n": 106092.0,
  "summary_bg_p05": 0.21000000834465027,
  "summary_bg_p95": 121.97466964721669,
  "summary_bg_stdv": 79.23130798339844,
  "summary_fg_k": 0.134583648286128,
  "summary_fg_mad": 439.5644105294921,
  "summary_fg_mean": 1706.1597900390625,
  "summary_fg_median": 1657.478271484375,
  "summary_fg_n": 10766.0,
  "summary_fg_p05": 992.3275451660156,
  "summary_fg_p95": 2532.4541625976562,
  "summary_fg_stdv": 466.132568359375,
  "tsnr": 68.4904444788117
}