{
  "bids_meta": {
    "AcquisitionDateTime": "2017-01-17T18:32:32.000000",
    "ConversionSoftware": "dcm2niix",
    "ConversionSoftwareVersion": "v1.0.20170411 GCC4.8.4",
    "EchoTime": 0.00318,
    "FlipAngle": 12,
    "ImageType": [
      "DERIVED",
      "PRIMARY",
      "OTHER"
    ],
    "InversionTime": 0.45,
    "MagneticFieldStrength": 3,
    "Manufacturer": "GE",
    "ManufacturersModelName": "DISCOVERY_MR750",
    "ProcedureStepDescription": "CompRefranes",
    "ProtocolName": "PU:Sag_T1_FSPGR_BRAVO",
    "RepetitionTime": 0.008156,
    "ScanningSequence": "GR",
    "SequenceVariant": "SS_SP_SK",
    "SeriesDescription": "PU:Sag_T1_FSPGR_BRAVO",
    "dataset": "ds003481",
    "modality": "T1w",
    "subject_id": "053"
  },
  "cjv": 0.32447581474810866,
  "cnr": 4.155684303654959,
  "efc": 0.7350072985642513,
  "fber": -1.0,
  "fwhm_avg": 4.128446666666666,
  "fwhm_x": 4.11967,
  "fwhm_y": 4.32946,
  "fwhm_z": 3.93621,
  "icvs_csf": 0.1926293751412824,
  "icvs_gm": 0.4512048052823638,
  "icvs_wm": 0.3561658195763538,
  "inu_med": 0.4604787230491638,
  "inu_range": 0.1483927071094513,
  "provenance": {
    "md5sum": "9cb1a331ac814c49d5fe8bafc5ae3823",
    "settings": {
      "testing": false
    },
    "software": "mriqc",
    "version": "23.0.1",
    "warnings": {
      "large_rot_frame": true,
      "small_air_mask": false
    },
    "webapi_port": null,
    "webapi_url": "https://mriqc.nimh.nih.gov/api/v1"
  },
  "qi_1": 0.0,
  "qi_2": 0.001635996919508373,
  "rpve_csf": 26.939531407188724,
  "rpve_gm": 12.46345854950636,
  "rpve_wm": 17.88960555461029,
  "size_x": 176,
  "size_y": 256,
  "size_z": 256,
  "snr_csf": 2.12955355851752,
  "snr_gm": 10.689440570976872,
  "snr_total": 12.166299913162575,
  "snr_wm": 23.679905609993334,
  "snrd_csf": 15.922061947534287,
  "snrd_gm": 41.1069657768989,
  "snrd_total": 39.17099719896394,
  "snrd_wm": 60.48396387245864,
  "spacing_x": 1.0,
  "spacing_y": 1.0,
  "spacing_z": 1.0,
  "summary_bg_k": 11.601109874880871,
  "summary_bg_mad": 0.0,
  "summary_bg_mean": 5.338528966277016,
  "summary_bg_median": 0.0,
  "summary_bg_n": 345394.0,
  "summary_bg_p05": 0.0,
  "summary_bg_p95": 27.10573536157608,
  "summary_bg_stdv": 10.83197648459675,
  "summary_csf_k": -0.06127291845413163,
  "summary_csf_mad": 118.23620102266318,
  "summary_csf_mean": 266.7483871140224,
  "summary_csf_median": 263.2541873753071,
  "summary_csf_n": 29235.0,
  "summary_csf_p05": 65.4868592619896,
  "summary_csf_p95": 485.4876151889562,
  "summary_csf_stdv": 123.6173111981146,
  "summary_gm_k": 0.0727707603031269,
  "summary_gm_mad": 63.158944460139836,
  "summary_gm_mean": 681.7508789596069,
  "summary_gm_median": 679.6595131158829,
  "summary_gm_n": 60694.0,
  "summary_gm_p05": 579.7360491558909,
  "summary_gm_p95": 788.0824545621872,
  "summary_gm_stdv": 63.58180388517482,
  "summary_wm_k": 0.5600641566970568,
  "summary_wm_mad": 40.79591767495448,
  "summary_wm_mean": 1000.4994746769966,
  "summary_wm_median": 1000.0373576581478,
  "summary_wm_n": 221449.0,
  "summary_wm_p05": 932.5343693196774,
  "summary_wm_p95": 1069.6311465203762,
  "summary_wm_stdv": 42.23138031821409,
  "tpm_overlap_csf": 0.13165673263461858,
  "tpm_overlap_gm": 0.47606183793348217,
  "tpm_overlap_wm": 0.512500620535721,
  "wm2max": 0.500028002314858
}