{
  "aor": 0.0010948800000000001,
  "aqi": 0.000769211732,
  "bids_meta": {
    "AcquisitionDateTime": "2017-08-14T20:48:44.000000",
    "ConversionSoftware": "dcm2niix",
    "ConversionSoftwareVersion": "v1.0.20170411 GCC4.8.4",
    "EchoTime": 0.035,
    "FlipAngle": 90,
    "ImageType": [
      "ORIGINAL",
      "PRIMARY",
      "EPI",
      "NONE"
    ],
    "MagneticFieldStrength": 3,
    "Manufacturer": "GE",
    "ManufacturersModelName": "DISCOVERY_MR750",
    "ProcedureStepDescription": "CompMet",
    "ProtocolName": "fMRI_CompMet",
    "RepetitionTime": 2,
    "ScanningSequence": "EP_GR",
    "SequenceVariant": "SS",
    "SeriesDescription": "fMRI_CompMet",
    "SliceTiming": [
      1.0285,
      0.0571001,
      1.0857,
      0.1142,
      1.1428,
      0.1714,
      1.2,
      0.2285,
      1.2571,
      0.2857,
      1.3143,
      0.3428,
      1.3714,
      0.4,
      1.4286,
      0.4571,
      1.4857,
      0.5142,
      1.5428,
      0.5714,
      1.6,
      0.6285,
      1.6571,
      0.6857,
      1.7143,
      0.7428,
      1.7714,
      0.8,
      1.8285,
      0.8571,
      1.8857,
      0.9143,
      1.9428,
      0.9714
    ],
    "TaskName": "cmp",
    "dataset": "ds003481",
    "modality": "bold",
    "run_id": 2,
    "subject_id": "070",
    "task_id": "cmp"
  },
  "dummy_trs": 0,
  "dvars_nstd": 13.673684353975915,
  "dvars_std": 1.1717330382329318,
  "dvars_vstd": 1.010646903975903,
  "efc": 0.33399172755613815,
  "fber": 84825.9765625,
  "fd_mean": 0.06326632517761958,
  "fd_num": 3,
  "fd_perc": 1.2,
  "fwhm_avg": 2.996,
  "fwhm_x": 3.0686,
  "fwhm_y": 2.926075,
  "fwhm_z": 2.993325,
  "gcor": 0.0523445,
  "gsr_x": -0.010224285535514355,
  "gsr_y": 0.0012941252207383513,
  "provenance": {
    "md5sum": "a60b01ddebe7b973e487999181113b4a",
    "settings": {
      "fd_thres": 0.2,
      "testing": false
    },
    "software": "mriqc",
    "version": "23.0.1",
    "webapi_port": null,
    "webapi_url": "https://mriqc.nimh.nih.gov/api/v1"
  },
  "size_t": 250,
  "size_x": 64,
  "size_y": 64,
  "size_z": 34,
  "snr": 3.057046903494809,
  "spacing_tr": 2.0,
  "spacing_x": 4.0,
  "spacing_y": 4.0,
  "spacing_z": 4.0,
  "summary_bg_k": 64.14018885622849,
  "summary_bg_mad": 9.630984529613945,
  "summary_bg_mean": 34.36184310913086,
  "summary_bg_median": 7.37600040435791,
  "summary_bg_n": 100319.0,
  "summary_bg_p05": 0.3400000035762787,
  "summary_bg_p95": 156.89801025390608,
  "summary_bg_stdv": 97.680419921875,
  "summary_fg_k": 0.7940588798374435,
  "summary_fg_mad": 531.2873921159651,
  "summary_fg_mean": 2251.16552734375,
  "summary_fg_median": 2076.39599609375,
  "summary_fg_n": 12273.0,
  "summary_fg_p05": 1408.629638671875,
  "summary_fg_p95": 3629.632958984375,
  "summary_fg_stdv": 679.1885986328125,
  "tsnr": 122.16285822400823
}