{
  "bids_meta": {
    "AcquisitionMatrixPE": 256,
    "AcquisitionNumber": 1,
    "AcquisitionTime": "19:10:5.000000",
    "BodyPartExamined": "HEAD",
    "CoilString": "32Ch_Head",
    "ConversionSoftware": "dcm2niix",
    "ConversionSoftwareVersion": "v1.0.20181125  (JP2:OpenJPEG) GCC7.3.0",
    "DeviceSerialNumber": "0002806034DVR750",
    "EchoTime": 0.003192,
    "FlipAngle": 12,
    "ImageOrientationPatientDICOM": [
      0,
      1,
      0,
      0,
      0,
      -1
    ],
    "ImageType": [
      "ORIGINAL",
      "PRIMARY",
      "OTHER"
    ],
    "ImagingFrequency": 127.772,
    "InPlanePhaseEncodingDirectionDICOM": "ROW",
    "InstitutionName": "INSTITUTO_DE_NEUROBIOLOGIA",
    "InversionTime": 0.45,
    "MRAcquisitionType": "3D",
    "MagneticFieldStrength": 3,
    "Manufacturer": "GE",
    "ManufacturersModelName": "DISCOVERY_MR750",
    "Modality": "MR",
    "PatientPosition": "HFS",
    "PercentPhaseFOV": 100,
    "PixelBandwidth": 244.141,
    "ProcedureStepDescription": "Emociones_AH",
    "ProtocolName": "Sag_T1_FSPGR_BRAVO",
    "ReconMatrixPE": 256,
    "RepetitionTime": 0.008184,
    "SAR": 0.105755,
    "ScanOptions": "FAST_GEMS_EDR_GEMS_FILTERED_GEMS_ACC_GEMS_IR_GEMS",
    "ScanningSequence": "GR",
    "SequenceVariant": "SS_SP_SK",
    "SeriesDescription": "Sag_T1_FSPGR_BRAVO",
    "SeriesNumber": 9,
    "SliceThickness": 1,
    "SoftwareVersions": "27_LX_MR_Software_release:DV26.0_R02_1810.b",
    "SpacingBetweenSlices": 1,
    "StationName": "GEHCGEHC",
    "dataset": "ds003481",
    "modality": "T1w",
    "subject_id": "030"
  },
  "cjv": 0.36337221232721567,
  "cnr": 3.7952069053571034,
  "efc": 0.5740361184613492,
  "fber": -1.0,
  "fwhm_avg": 3.7141599999999997,
  "fwhm_x": 3.653,
  "fwhm_y": 3.9806,
  "fwhm_z": 3.50888,
  "icvs_csf": 0.19453605734916693,
  "icvs_gm": 0.44520671376199045,
  "icvs_wm": 0.36025722888884265,
  "inu_med": 0.5003145635128021,
  "inu_range": 0.10289682596921923,
  "provenance": {
    "md5sum": "34313401d1c97108079fa1ed6dbc949c",
    "settings": {
      "testing": false
    },
    "software": "mriqc",
    "version": "23.0.1",
    "warnings": {
      "large_rot_frame": true,
      "small_air_mask": false
    },
    "webapi_port": null,
    "webapi_url": "https://mriqc.nimh.nih.gov/api/v1"
  },
  "qi_1": 0.0,
  "qi_2": 0.002198490311635289,
  "rpve_csf": 29.40870044759083,
  "rpve_gm": 13.660491783218042,
  "rpve_wm": 18.933090798497187,
  "size_x": 176,
  "size_y": 256,
  "size_z": 256,
  "snr_csf": 2.486955956069324,
  "snr_gm": 11.022143547427252,
  "snr_total": 10.771665555368713,
  "snr_wm": 18.80589716260957,
  "snrd_csf": 15.519527339680943,
  "snrd_gm": 42.84966758534377,
  "snrd_total": 40.25863009336316,
  "snrd_wm": 62.40669535506478,
  "spacing_x": 1.0,
  "spacing_y": 1.0,
  "spacing_z": 1.0,
  "summary_bg_k": 34.3998514179165,
  "summary_bg_mad": 0.0,
  "summary_bg_mean": 5.91490312182222,
  "summary_bg_median": 0.0,
  "summary_bg_n": 1942165.0,
  "summary_bg_p05": 0.0,
  "summary_bg_p95": 26.986111849546432,
  "summary_bg_stdv": 10.498545275361998,
  "summary_csf_k": 1.8635918933666318,
  "summary_csf_mad": 80.62924208933646,
  "summary_csf_mean": 256.39835358708143,
  "summary_csf_median": 248.70005761832,
  "summary_csf_n": 28664.0,
  "summary_csf_p05": 104.15980976074934,
  "summary_csf_p95": 442.3698384936898,
  "summary_csf_stdv": 100.0000497710039,
  "summary_gm_k": -0.012269756546340549,
  "summary_gm_mad": 63.03962528255535,
  "summary_gm_mean": 686.4273193197545,
  "summary_gm_median": 686.6649070009589,
  "summary_gm_n": 32028.0,
  "summary_gm_p05": 584.4138710051775,
  "summary_gm_p95": 788.037248867005,
  "summary_gm_stdv": 62.29769955392902,
  "summary_wm_k": 0.42295343893223913,
  "summary_wm_mad": 50.84155537494015,
  "summary_wm_mean": 1002.7739978507211,
  "summary_wm_median": 1000.0658132731915,
  "summary_wm_n": 179053.0,
  "summary_wm_p05": 920.3251437470317,
  "summary_wm_p95": 1094.5830245316029,
  "summary_wm_stdv": 53.17816065721109,
  "tpm_overlap_csf": 0.17077625060387336,
  "tpm_overlap_gm": 0.4773658253245427,
  "tpm_overlap_wm": 0.5192175677089791,
  "wm2max": 0.507278311965812
}