{
  "bids_meta": {
    "AcquisitionDateTime": "2017-01-10T19:55:47.000000",
    "ConversionSoftware": "dcm2niix",
    "ConversionSoftwareVersion": "v1.0.20170411 GCC4.8.4",
    "EchoTime": 0.00318,
    "FlipAngle": 12,
    "ImageType": [
      "DERIVED",
      "PRIMARY",
      "OTHER"
    ],
    "InversionTime": 0.45,
    "MagneticFieldStrength": 3,
    "Manufacturer": "GE",
    "ManufacturersModelName": "DISCOVERY_MR750",
    "ProcedureStepDescription": "CompRefranes",
    "ProtocolName": "PU:Sag_T1_FSPGR_BRAVO",
    "RepetitionTime": 0.008156,
    "ScanningSequence": "GR",
    "SequenceVariant": "SS_SP_SK",
    "SeriesDescription": "PU:Sag_T1_FSPGR_BRAVO",
    "dataset": "ds003481",
    "modality": "T1w",
    "subject_id": "062"
  },
  "cjv": 0.3487376666581119,
  "cnr": 3.900810362497666,
  "efc": 0.7360499422210477,
  "fber": -1.0,
  "fwhm_avg": 3.8971700000000005,
  "fwhm_x": 3.84698,
  "fwhm_y": 4.06432,
  "fwhm_z": 3.78021,
  "icvs_csf": 0.1883963083032058,
  "icvs_gm": 0.45472641999732233,
  "icvs_wm": 0.35687727169947187,
  "inu_med": 0.5129191875457764,
  "inu_range": 0.18377784490585314,
  "provenance": {
    "md5sum": "07059d6d461e31b44e60ef612fa4bc20",
    "settings": {
      "testing": false
    },
    "software": "mriqc",
    "version": "23.0.1",
    "warnings": {
      "large_rot_frame": true,
      "small_air_mask": false
    },
    "webapi_port": null,
    "webapi_url": "https://mriqc.nimh.nih.gov/api/v1"
  },
  "qi_1": 0.0,
  "qi_2": 0.0020714482612281745,
  "rpve_csf": 28.47144450488987,
  "rpve_gm": 12.833016795479727,
  "rpve_wm": 18.4891579368614,
  "size_x": 176,
  "size_y": 256,
  "size_z": 256,
  "snr_csf": 2.2443744181482206,
  "snr_gm": 10.567202985508251,
  "snr_total": 11.519188969721563,
  "snr_wm": 21.745989505508216,
  "snrd_csf": 14.851362113581816,
  "snrd_gm": 39.57601085477291,
  "snrd_total": 37.361461252398946,
  "snrd_wm": 57.65701078884211,
  "spacing_x": 1.0,
  "spacing_y": 1.0,
  "spacing_z": 1.0,
  "summary_bg_k": 11.80854387847821,
  "summary_bg_mad": 0.0,
  "summary_bg_mean": 6.0340761473357025,
  "summary_bg_median": 0.0,
  "summary_bg_n": 347272.0,
  "summary_bg_p05": 0.0,
  "summary_bg_p95": 30.469619512557983,
  "summary_bg_stdv": 11.36305743044708,
  "summary_csf_k": 0.8186442921883113,
  "summary_csf_mad": 101.05624463158851,
  "summary_csf_mean": 261.0974922131467,
  "summary_csf_median": 257.5904508084059,
  "summary_csf_n": 23437.0,
  "summary_csf_p05": 75.13204528391361,
  "summary_csf_p95": 463.7993498444557,
  "summary_csf_stdv": 114.76915495326656,
  "summary_gm_k": 0.023866650136967316,
  "summary_gm_mad": 65.41753737880374,
  "summary_gm_mean": 685.9077399726525,
  "summary_gm_median": 686.4287867546082,
  "summary_gm_n": 40293.0,
  "summary_gm_p05": 578.8868395835161,
  "summary_gm_p95": 791.3262009114028,
  "summary_gm_stdv": 64.95761174242335,
  "summary_wm_k": 0.5592194940908577,
  "summary_wm_mad": 43.949078450743556,
  "summary_wm_mean": 1001.1007775238373,
  "summary_wm_median": 1000.0359083414078,
  "summary_wm_n": 193837.0,
  "summary_wm_p05": 927.7783554643393,
  "summary_wm_p95": 1077.6831344813108,
  "summary_wm_stdv": 45.98702342357246,
  "tpm_overlap_csf": 0.1513430665076522,
  "tpm_overlap_gm": 0.48307934277363895,
  "tpm_overlap_wm": 0.5182813924082368,
  "wm2max": 0.5281515076759588
}