{
  "bids_meta": {
    "AcquisitionMatrixPE": 256,
    "AcquisitionNumber": 1,
    "AcquisitionTime": "21:42:12.000000",
    "CoilString": "32Ch_Head",
    "ConversionSoftware": "dcm2niix",
    "ConversionSoftwareVersion": "v1.0.20190902",
    "Dcm2bidsVersion": "2.1.4",
    "DeviceSerialNumber": "000000000000GEHC",
    "EchoTime": 0.00318,
    "FlipAngle": 12,
    "ImageOrientationPatientDICOM": [
      0,
      1,
      0,
      0,
      0,
      -1
    ],
    "ImageType": [
      "ORIGINAL",
      "PRIMARY",
      "OTHER"
    ],
    "ImagingFrequency": 127.772,
    "InPlanePhaseEncodingDirectionDICOM": "ROW",
    "InstitutionName": "INSTITUTO_DE_NEUROBIOLOGIA",
    "InversionTime": 0.45,
    "MRAcquisitionType": "3D",
    "MagneticFieldStrength": 3,
    "Manufacturer": "GE",
    "ManufacturersModelName": "DISCOVERY_MR750",
    "Modality": "MR",
    "PatientPosition": "HFS",
    "PercentPhaseFOV": 100,
    "PixelBandwidth": 244.141,
    "ProcedureStepDescription": "verbos",
    "ProtocolName": "Sag_T1_FSPGR_BRAVO",
    "ReconMatrixPE": 256,
    "RepetitionTime": 0.008156,
    "SAR": 0.240095,
    "ScanOptions": "FAST_GEMS_EDR_GEMS_FILTERED_GEMS_ACC_GEMS",
    "ScanningSequence": "GR",
    "SequenceVariant": "SS_SP_SK",
    "SeriesDescription": "Sag_T1_FSPGR_BRAVO",
    "SeriesNumber": 15,
    "SliceThickness": 1,
    "SoftwareVersions": "24_LX_MR_Software_release:DV24.0_R02_1607.b",
    "SpacingBetweenSlices": 1,
    "StationName": "GEHCGEHC",
    "dataset": "ds003481",
    "modality": "T1w",
    "subject_id": "127"
  },
  "cjv": 0.4366527542297411,
  "cnr": 3.1288193907699133,
  "efc": 0.5919296192418447,
  "fber": -1.0,
  "fwhm_avg": 4.054703333333333,
  "fwhm_x": 4.04094,
  "fwhm_y": 4.12171,
  "fwhm_z": 4.00146,
  "icvs_csf": 0.22515912689892228,
  "icvs_gm": 0.4145805149470098,
  "icvs_wm": 0.3602603581540679,
  "inu_med": 0.832562267780304,
  "inu_range": 0.59869966506958,
  "provenance": {
    "md5sum": "cd89e7c86fe5908c0a23db2862331ac5",
    "settings": {
      "testing": false
    },
    "software": "mriqc",
    "version": "23.0.1",
    "warnings": {
      "large_rot_frame": true,
      "small_air_mask": false
    },
    "webapi_port": null,
    "webapi_url": "https://mriqc.nimh.nih.gov/api/v1"
  },
  "qi_1": 0.00010880087611459586,
  "qi_2": 0.0026460407205170598,
  "rpve_csf": 21.43958881893126,
  "rpve_gm": 11.725395485008526,
  "rpve_wm": 15.606690052481698,
  "size_x": 176,
  "size_y": 256,
  "size_z": 256,
  "snr_csf": 3.186107874211946,
  "snr_gm": 12.40538132759528,
  "snr_total": 11.492502323474673,
  "snr_wm": 18.886017768616796,
  "snrd_csf": 15.86013261244973,
  "snrd_gm": 38.12402089673473,
  "snrd_total": 35.027271599410255,
  "snrd_wm": 51.09766128904631,
  "spacing_x": 1.0,
  "spacing_y": 1.0,
  "spacing_z": 1.0,
  "summary_bg_k": 15.139622824897444,
  "summary_bg_mad": 0.0,
  "summary_bg_mean": 6.958274272977634,
  "summary_bg_median": 0.0,
  "summary_bg_n": 1996844.0,
  "summary_bg_p05": 0.0,
  "summary_bg_p95": 32.462913539260626,
  "summary_bg_stdv": 12.821911140644616,
  "summary_csf_k": 1.3834552734031558,
  "summary_csf_mad": 79.53809787148872,
  "summary_csf_mean": 318.50966399769555,
  "summary_csf_median": 310.4043845459819,
  "summary_csf_n": 48936.0,
  "summary_csf_p05": 171.50985306501389,
  "summary_csf_p95": 494.4116972833872,
  "summary_csf_stdv": 97.4233218868847,
  "summary_gm_k": 0.07789271190821578,
  "summary_gm_mad": 59.50293306673872,
  "summary_gm_mean": 745.0839902712947,
  "summary_gm_median": 746.1389845870435,
  "summary_gm_n": 25911.0,
  "summary_gm_p05": 644.5082200560719,
  "summary_gm_p95": 843.2483104560524,
  "summary_gm_stdv": 60.1452358966124,
  "summary_wm_k": 0.4235028182984131,
  "summary_wm_mad": 51.368354875336465,
  "summary_wm_mean": 1003.8382026283492,
  "summary_wm_median": 1000.0507871992886,
  "summary_wm_n": 218203.0,
  "summary_wm_p05": 923.846764806658,
  "summary_wm_p95": 1096.6774875931442,
  "summary_wm_stdv": 52.95179258477022,
  "tpm_overlap_csf": 0.16259394088927545,
  "tpm_overlap_gm": 0.4442257928526167,
  "tpm_overlap_wm": 0.4829164819423688,
  "wm2max": 0.37486075427371907
}