{
  "aor": 0.004112834645669291,
  "aqi": 0.0028931474803149605,
  "bids_meta": {
    "AcquisitionMatrixPE": 64,
    "AcquisitionNumber": 1,
    "AcquisitionTime": "19:47:56.000000",
    "BodyPartExamined": "HEAD",
    "CoilString": "32Ch_Head",
    "ConversionSoftware": "dcm2niix",
    "ConversionSoftwareVersion": "v1.0.20181125  (JP2:OpenJPEG) GCC7.3.0",
    "DeviceSerialNumber": "0002806034DVR750",
    "EchoTime": 0.04,
    "EffectiveEchoSpacing": 0.000372,
    "FlipAngle": 90,
    "ImageOrientationPatientDICOM": [
      1,
      0,
      0,
      0,
      1,
      0
    ],
    "ImageType": [
      "ORIGINAL",
      "PRIMARY",
      "EPI",
      "NONE"
    ],
    "ImagingFrequency": 127.772,
    "InPlanePhaseEncodingDirectionDICOM": "COL",
    "InstitutionName": "INSTITUTO_DE_NEUROBIOLOGIA",
    "MRAcquisitionType": "2D",
    "MagneticFieldStrength": 3,
    "Manufacturer": "GE",
    "ManufacturersModelName": "DISCOVERY_MR750",
    "Modality": "MR",
    "PatientPosition": "HFS",
    "PercentPhaseFOV": 100,
    "PhaseEncodingDirection": "j",
    "PhaseEncodingPolarityGE": "Flipped",
    "PixelBandwidth": 7812.5,
    "ProcedureStepDescription": "Emociones_AH",
    "ProtocolName": "fMRI_Jalil_3",
    "ReconMatrixPE": 64,
    "RepetitionTime": 2,
    "SAR": 0.166299,
    "ScanOptions": "EPI_GEMS_ACC_GEMS",
    "ScanningSequence": "EP_GR",
    "SequenceVariant": "SS",
    "SeriesDescription": "fMRI_Jalil_3",
    "SeriesNumber": 7,
    "SliceThickness": 4,
    "SliceTiming": [
      0,
      1.0285,
      0.0571001,
      1.0857,
      0.1142,
      1.1428,
      0.1714,
      1.2,
      0.2285,
      1.2571,
      0.2857,
      1.3143,
      0.3428,
      1.3714,
      0.4,
      1.4286,
      0.4571,
      1.4857,
      0.5142,
      1.5428,
      0.5714,
      1.6,
      0.6285,
      1.6571,
      0.6857,
      1.7143,
      0.7428,
      1.7714,
      0.8,
      1.8285,
      0.8571,
      1.8857,
      0.9143,
      1.9428,
      0.9714
    ],
    "SoftwareVersions": "27_LX_MR_Software_release:DV26.0_R02_1810.b",
    "SpacingBetweenSlices": 4,
    "StationName": "GEHCGEHC",
    "TaskName": "sae",
    "TotalReadoutTime": 0.023436,
    "dataset": "ds003481",
    "modality": "bold",
    "run_id": 3,
    "subject_id": "026",
    "task_id": "sae"
  },
  "dummy_trs": 0,
  "dvars_nstd": 21.578754454980253,
  "dvars_std": 1.1282350590513834,
  "dvars_vstd": 1.0191392866798414,
  "efc": 0.3312053106495788,
  "fber": 71834.2890625,
  "fd_mean": 0.2163103392070293,
  "fd_num": 97,
  "fd_perc": 38.188976377952756,
  "fwhm_avg": 2.6178666666666666,
  "fwhm_x": 2.626375,
  "fwhm_y": 2.664075,
  "fwhm_z": 2.56315,
  "gcor": 0.0704093,
  "gsr_x": -0.006632566452026367,
  "gsr_y": -0.0044693611562252045,
  "provenance": {
    "md5sum": "a53cf7ba8858e26899202c20af1d6acc",
    "settings": {
      "fd_thres": 0.2,
      "testing": false
    },
    "software": "mriqc",
    "version": "23.0.1",
    "webapi_port": null,
    "webapi_url": "https://mriqc.nimh.nih.gov/api/v1"
  },
  "size_t": 254,
  "size_x": 64,
  "size_y": 64,
  "size_z": 35,
  "snr": 3.4535021838160347,
  "spacing_tr": 2.0,
  "spacing_x": 4.0,
  "spacing_y": 4.0,
  "spacing_z": 4.0,
  "summary_bg_k": 59.52323194738003,
  "summary_bg_mad": 9.298367706807356,
  "summary_bg_mean": 31.129722595214844,
  "summary_bg_median": 7.185039520263672,
  "summary_bg_n": 104668.0,
  "summary_bg_p05": 0.25590550899505615,
  "summary_bg_p95": 140.72559204101557,
  "summary_bg_stdv": 89.74215698242188,
  "summary_fg_k": 0.7784631495015777,
  "summary_fg_mad": 461.6264436887047,
  "summary_fg_mean": 1910.414794921875,
  "summary_fg_median": 1820.1968994140625,
  "summary_fg_n": 12171.0,
  "summary_fg_p05": 1195.4468383789062,
  "summary_fg_p95": 2912.1199951171875,
  "summary_fg_stdv": 527.03662109375,
  "tsnr": 63.18960030970629
}