{
  "aor": 0.004395133333333334,
  "aqi": 0.0037264644666666663,
  "bids_meta": {
    "AcquisitionMatrixPE": 64,
    "AcquisitionNumber": 1,
    "AcquisitionTime": "19:57:40.000000",
    "BodyPartExamined": "HEAD",
    "CoilString": "32Ch_Head",
    "ConversionSoftware": "dcm2niix",
    "ConversionSoftwareVersion": "v1.0.20181125  (JP2:OpenJPEG) GCC7.3.0",
    "DeviceSerialNumber": "0002806034DVR750",
    "EchoTime": 0.04,
    "EffectiveEchoSpacing": 0.000372,
    "FlipAngle": 90,
    "ImageOrientationPatientDICOM": [
      1,
      0,
      0,
      0,
      1,
      0
    ],
    "ImageType": [
      "ORIGINAL",
      "PRIMARY",
      "EPI",
      "NONE"
    ],
    "ImagingFrequency": 127.772,
    "InPlanePhaseEncodingDirectionDICOM": "COL",
    "InstitutionName": "INSTITUTO_DE_NEUROBIOLOGIA",
    "MRAcquisitionType": "2D",
    "MagneticFieldStrength": 3,
    "Manufacturer": "GE",
    "ManufacturersModelName": "DISCOVERY_MR750",
    "Modality": "MR",
    "PatientPosition": "HFS",
    "PercentPhaseFOV": 100,
    "PhaseEncodingDirection": "j",
    "PhaseEncodingPolarityGE": "Flipped",
    "PixelBandwidth": 7812.5,
    "ProcedureStepDescription": "Emociones_AH",
    "ProtocolName": "fMRI_Jalil_4",
    "ReconMatrixPE": 64,
    "RepetitionTime": 2,
    "SAR": 0.166299,
    "ScanOptions": "EPI_GEMS_ACC_GEMS",
    "ScanningSequence": "EP_GR",
    "SequenceVariant": "SS",
    "SeriesDescription": "fMRI_Jalil_4",
    "SeriesNumber": 8,
    "SliceThickness": 4,
    "SliceTiming": [
      0,
      1.0285,
      0.0571001,
      1.0857,
      0.1142,
      1.1428,
      0.1714,
      1.2,
      0.2285,
      1.2571,
      0.2857,
      1.3143,
      0.3428,
      1.3714,
      0.4,
      1.4286,
      0.4571,
      1.4857,
      0.5142,
      1.5428,
      0.5714,
      1.6,
      0.6285,
      1.6571,
      0.6857,
      1.7143,
      0.7428,
      1.7714,
      0.8,
      1.8285,
      0.8571,
      1.8857,
      0.9143,
      1.9428,
      0.9714
    ],
    "SoftwareVersions": "27_LX_MR_Software_release:DV26.0_R02_1810.b",
    "SpacingBetweenSlices": 4,
    "StationName": "GEHCGEHC",
    "TaskName": "ec",
    "TotalReadoutTime": 0.023436,
    "dataset": "ds003481",
    "modality": "bold",
    "run_id": 4,
    "subject_id": "026",
    "task_id": "ec"
  },
  "dummy_trs": 0,
  "dvars_nstd": 18.864898943758394,
  "dvars_std": 1.0602132312751675,
  "dvars_vstd": 0.9841979909395977,
  "efc": 0.3320628563855478,
  "fber": 81216.6875,
  "fd_mean": 0.23815697562083515,
  "fd_num": 65,
  "fd_perc": 43.333333333333336,
  "fwhm_avg": 2.6070583333333333,
  "fwhm_x": 2.5884,
  "fwhm_y": 2.6566,
  "fwhm_z": 2.576175,
  "gcor": 0.0556824,
  "gsr_x": -0.006461063865572214,
  "gsr_y": -0.0038298775907605886,
  "provenance": {
    "md5sum": "0787a581df3e0c9dd5fa3fa59114f39b",
    "settings": {
      "fd_thres": 0.2,
      "testing": false
    },
    "software": "mriqc",
    "version": "23.0.1",
    "webapi_port": null,
    "webapi_url": "https://mriqc.nimh.nih.gov/api/v1"
  },
  "size_t": 150,
  "size_x": 64,
  "size_y": 64,
  "size_z": 35,
  "snr": 3.4296154025497056,
  "spacing_tr": 2.0,
  "spacing_x": 4.0,
  "spacing_y": 4.0,
  "spacing_z": 4.0,
  "summary_bg_k": 57.35475990181421,
  "summary_bg_mad": 8.796773434134506,
  "summary_bg_mean": 31.521020889282227,
  "summary_bg_median": 6.773333549499512,
  "summary_bg_n": 104632.0,
  "summary_bg_p05": 0.273333340883255,
  "summary_bg_p95": 143.2526748657226,
  "summary_bg_stdv": 88.91961669921875,
  "summary_fg_k": 0.7001998189357512,
  "summary_fg_mad": 464.9342465143427,
  "summary_fg_mean": 1919.02099609375,
  "summary_fg_median": 1823.40673828125,
  "summary_fg_n": 12213.0,
  "summary_fg_p05": 1197.992041015625,
  "summary_fg_p95": 2934.67080078125,
  "summary_fg_stdv": 531.643310546875,
  "tsnr": 58.010698860744014
}