{
  "aor": 0.0027750691244239627,
  "aqi": 0.0038137438709677416,
  "bids_meta": {
    "AcquisitionDateTime": "2017-01-09T19:53:9.000000",
    "ConversionSoftware": "dcm2niix",
    "ConversionSoftwareVersion": "v1.0.20170411 GCC4.8.4",
    "EchoTime": 0.04,
    "FlipAngle": 90,
    "ImageType": [
      "ORIGINAL",
      "PRIMARY",
      "EPI",
      "NONE"
    ],
    "MagneticFieldStrength": 3,
    "Manufacturer": "GE",
    "ManufacturersModelName": "DISCOVERY_MR750",
    "ProcedureStepDescription": "CompRefranes",
    "ProtocolName": "fMRI_Comprension_3",
    "RepetitionTime": 2,
    "ScanningSequence": "EP_GR",
    "SequenceVariant": "SS",
    "SeriesDescription": "fMRI_Comprension_3",
    "SliceTiming": [
      1.0285,
      0.0571001,
      1.0857,
      0.1142,
      1.1428,
      0.1714,
      1.2,
      0.2285,
      1.2571,
      0.2857,
      1.3143,
      0.3428,
      1.3714,
      0.4,
      1.4286,
      0.4571,
      1.4857,
      0.5142,
      1.5428,
      0.5714,
      1.6,
      0.6285,
      1.6571,
      0.6857,
      1.7143,
      0.7428,
      1.7714,
      0.8,
      1.8285,
      0.8571,
      1.8857,
      0.9143,
      1.9428,
      0.9714
    ],
    "TaskName": "pc",
    "dataset": "ds003481",
    "modality": "bold",
    "run_id": 3,
    "subject_id": "056",
    "task_id": "pc"
  },
  "dummy_trs": 0,
  "dvars_nstd": 18.01343980513889,
  "dvars_std": 1.1179378259259258,
  "dvars_vstd": 0.9541762188425925,
  "efc": 0.3496266348519865,
  "fber": 101454.5625,
  "fd_mean": 0.13952640139734193,
  "fd_num": 27,
  "fd_perc": 12.442396313364055,
  "fwhm_avg": 2.5697833333333335,
  "fwhm_x": 2.515475,
  "fwhm_y": 2.667025,
  "fwhm_z": 2.52685,
  "gcor": 0.0219058,
  "gsr_x": -0.01327788271009922,
  "gsr_y": 0.008354194462299347,
  "provenance": {
    "md5sum": "8749b2971d4f860ece243fe3a9224490",
    "settings": {
      "fd_thres": 0.2,
      "testing": false
    },
    "software": "mriqc",
    "version": "23.0.1",
    "webapi_port": null,
    "webapi_url": "https://mriqc.nimh.nih.gov/api/v1"
  },
  "size_t": 217,
  "size_x": 64,
  "size_y": 64,
  "size_z": 34,
  "snr": 3.8384803576671445,
  "spacing_tr": 2.0,
  "spacing_x": 4.0,
  "spacing_y": 4.0,
  "spacing_z": 4.0,
  "summary_bg_k": 84.50997525738438,
  "summary_bg_mad": 9.155239801224614,
  "summary_bg_mean": 30.60267448425293,
  "summary_bg_median": 6.7281107902526855,
  "summary_bg_n": 98859.0,
  "summary_bg_p05": 0.21198156476020813,
  "summary_bg_p95": 132.53087463378859,
  "summary_bg_stdv": 81.00269317626953,
  "summary_fg_k": 0.8328310823952276,
  "summary_fg_mad": 444.33653642030697,
  "summary_fg_mean": 2043.5782470703125,
  "summary_fg_median": 1950.8248291015625,
  "summary_fg_n": 13605.0,
  "summary_fg_p05": 1359.8239990234374,
  "summary_fg_p95": 3010.9999999999995,
  "summary_fg_stdv": 508.2097473144531,
  "tsnr": 68.45577798271552
}