{
  "aor": 0.0010224444444444445,
  "aqi": 0.0024714476,
  "bids_meta": {
    "AcquisitionDateTime": "2017-01-09T20:01:47.000000",
    "ConversionSoftware": "dcm2niix",
    "ConversionSoftwareVersion": "v1.0.20170411 GCC4.8.4",
    "EchoTime": 0.04,
    "FlipAngle": 90,
    "ImageType": [
      "ORIGINAL",
      "PRIMARY",
      "EPI",
      "NONE"
    ],
    "MagneticFieldStrength": 3,
    "Manufacturer": "GE",
    "ManufacturersModelName": "DISCOVERY_MR750",
    "ProcedureStepDescription": "CompRefranes",
    "ProtocolName": "fMRI_Comprension_4",
    "RepetitionTime": 2,
    "ScanningSequence": "EP_GR",
    "SequenceVariant": "SS",
    "SeriesDescription": "fMRI_Comprension_4",
    "SliceTiming": [
      1.0285,
      0.0571001,
      1.0857,
      0.1142,
      1.1428,
      0.1714,
      1.2,
      0.2285,
      1.2571,
      0.2857,
      1.3143,
      0.3428,
      1.3714,
      0.4,
      1.4286,
      0.4571,
      1.4857,
      0.5142,
      1.5428,
      0.5714,
      1.6,
      0.6285,
      1.6571,
      0.6857,
      1.7143,
      0.7428,
      1.7714,
      0.8,
      1.8285,
      0.8571,
      1.8857,
      0.9143,
      1.9428,
      0.9714
    ],
    "TaskName": "pc",
    "dataset": "ds003481",
    "modality": "bold",
    "run_id": 4,
    "subject_id": "056",
    "task_id": "pc"
  },
  "dummy_trs": 0,
  "dvars_nstd": 17.590376045267863,
  "dvars_std": 1.135965040580357,
  "dvars_vstd": 0.9613901270535712,
  "efc": 0.3490584558157812,
  "fber": 98357.5390625,
  "fd_mean": 0.13082237258800478,
  "fd_num": 18,
  "fd_perc": 8.0,
  "fwhm_avg": 2.6010416666666667,
  "fwhm_x": 2.526,
  "fwhm_y": 2.7029,
  "fwhm_z": 2.574225,
  "gcor": 0.0285311,
  "gsr_x": -0.01366932038217783,
  "gsr_y": 0.008043261244893074,
  "provenance": {
    "md5sum": "95a285efedeac407bac6c68b5a3556cb",
    "settings": {
      "fd_thres": 0.2,
      "testing": false
    },
    "software": "mriqc",
    "version": "23.0.1",
    "webapi_port": null,
    "webapi_url": "https://mriqc.nimh.nih.gov/api/v1"
  },
  "size_t": 225,
  "size_x": 64,
  "size_y": 64,
  "size_z": 34,
  "snr": 3.8118620438308817,
  "spacing_tr": 2.0,
  "spacing_x": 4.0,
  "spacing_y": 4.0,
  "spacing_z": 4.0,
  "summary_bg_k": 82.74702565051264,
  "summary_bg_mad": 9.290974144179714,
  "summary_bg_mean": 30.919719696044922,
  "summary_bg_median": 6.840000152587891,
  "summary_bg_n": 99009.0,
  "summary_bg_p05": 0.24444444477558136,
  "summary_bg_p95": 132.42044982910153,
  "summary_bg_stdv": 82.7964859008789,
  "summary_fg_k": 0.818069323428186,
  "summary_fg_mad": 446.2433597814123,
  "summary_fg_mean": 2042.59521484375,
  "summary_fg_median": 1950.2933349609375,
  "summary_fg_n": 13525.0,
  "summary_fg_p05": 1352.1066650390626,
  "summary_fg_p95": 3024.7388183593735,
  "summary_fg_stdv": 511.6190490722656,
  "tsnr": 82.303508405108
}