{
  "aor": 0.0021155504587155962,
  "aqi": 0.003401490871559633,
  "bids_meta": {
    "AcquisitionDateTime": "2017-01-09T19:42:49.000000",
    "ConversionSoftware": "dcm2niix",
    "ConversionSoftwareVersion": "v1.0.20170411 GCC4.8.4",
    "EchoTime": 0.04,
    "FlipAngle": 90,
    "ImageType": [
      "ORIGINAL",
      "PRIMARY",
      "EPI",
      "NONE"
    ],
    "MagneticFieldStrength": 3,
    "Manufacturer": "GE",
    "ManufacturersModelName": "DISCOVERY_MR750",
    "ProcedureStepDescription": "CompRefranes",
    "ProtocolName": "fMRI_Comprension_2",
    "RepetitionTime": 2,
    "ScanningSequence": "EP_GR",
    "SequenceVariant": "SS",
    "SeriesDescription": "fMRI_Comprension_2",
    "SliceTiming": [
      1.0285,
      0.0571001,
      1.0857,
      0.1142,
      1.1428,
      0.1714,
      1.2,
      0.2285,
      1.2571,
      0.2857,
      1.3143,
      0.3428,
      1.3714,
      0.4,
      1.4286,
      0.4571,
      1.4857,
      0.5142,
      1.5428,
      0.5714,
      1.6,
      0.6285,
      1.6571,
      0.6857,
      1.7143,
      0.7428,
      1.7714,
      0.8,
      1.8285,
      0.8571,
      1.8857,
      0.9143,
      1.9428,
      0.9714
    ],
    "TaskName": "pc",
    "dataset": "ds003481",
    "modality": "bold",
    "run_id": 2,
    "subject_id": "056",
    "task_id": "pc"
  },
  "dummy_trs": 0,
  "dvars_nstd": 19.546817006267283,
  "dvars_std": 1.1279146643778797,
  "dvars_vstd": 0.963291394055299,
  "efc": 0.34754078009631456,
  "fber": 107333.484375,
  "fd_mean": 0.13953893177312784,
  "fd_num": 26,
  "fd_perc": 11.926605504587156,
  "fwhm_avg": 2.6110416666666665,
  "fwhm_x": 2.52195,
  "fwhm_y": 2.732525,
  "fwhm_z": 2.57865,
  "gcor": 0.0243138,
  "gsr_x": -0.012973460368812084,
  "gsr_y": 0.006328776478767395,
  "provenance": {
    "md5sum": "93a666f4752b13d18a462aeb33093979",
    "settings": {
      "fd_thres": 0.2,
      "testing": false
    },
    "software": "mriqc",
    "version": "23.0.1",
    "webapi_port": null,
    "webapi_url": "https://mriqc.nimh.nih.gov/api/v1"
  },
  "size_t": 218,
  "size_x": 64,
  "size_y": 64,
  "size_z": 34,
  "snr": 3.690612096301009,
  "spacing_tr": 2.0,
  "spacing_x": 4.0,
  "spacing_y": 4.0,
  "spacing_z": 4.0,
  "summary_bg_k": 67.58036448553092,
  "summary_bg_mad": 8.371941566612811,
  "summary_bg_mean": 28.536657333374023,
  "summary_bg_median": 6.192660331726074,
  "summary_bg_n": 98745.0,
  "summary_bg_p05": 0.21559631824493408,
  "summary_bg_p95": 123.40182952880849,
  "summary_bg_stdv": 75.77202606201172,
  "summary_fg_k": 0.7117320391607431,
  "summary_fg_mad": 451.353740499667,
  "summary_fg_mean": 1966.04541015625,
  "summary_fg_median": 1879.534423828125,
  "summary_fg_n": 13524.0,
  "summary_fg_p05": 1264.235729980469,
  "summary_fg_p95": 2930.2675048828096,
  "summary_fg_stdv": 509.255615234375,
  "tsnr": 65.14493928523734
}