{
  "aor": 0.006779217391304347,
  "aqi": 0.006041160434782609,
  "bids_meta": {
    "AcquisitionDateTime": "2017-01-09T19:33:28.000000",
    "ConversionSoftware": "dcm2niix",
    "ConversionSoftwareVersion": "v1.0.20170411 GCC4.8.4",
    "EchoTime": 0.04,
    "FlipAngle": 90,
    "ImageType": [
      "ORIGINAL",
      "PRIMARY",
      "EPI",
      "NONE"
    ],
    "MagneticFieldStrength": 3,
    "Manufacturer": "GE",
    "ManufacturersModelName": "DISCOVERY_MR750",
    "ProcedureStepDescription": "CompRefranes",
    "ProtocolName": "fMRI_Comprension_1",
    "RepetitionTime": 2,
    "ScanningSequence": "EP_GR",
    "SequenceVariant": "SS",
    "SeriesDescription": "fMRI_Comprension_1",
    "SliceTiming": [
      1.0285,
      0.0571001,
      1.0857,
      0.1142,
      1.1428,
      0.1714,
      1.2,
      0.2285,
      1.2571,
      0.2857,
      1.3143,
      0.3428,
      1.3714,
      0.4,
      1.4286,
      0.4571,
      1.4857,
      0.5142,
      1.5428,
      0.5714,
      1.6,
      0.6285,
      1.6571,
      0.6857,
      1.7143,
      0.7428,
      1.7714,
      0.8,
      1.8285,
      0.8571,
      1.8857,
      0.9143,
      1.9428,
      0.9714
    ],
    "TaskName": "pc",
    "dataset": "ds003481",
    "modality": "bold",
    "run_id": 1,
    "subject_id": "056",
    "task_id": "pc"
  },
  "dummy_trs": 0,
  "dvars_nstd": 21.371949878515295,
  "dvars_std": 1.0574380697379908,
  "dvars_vstd": 0.9595914684716164,
  "efc": 0.3471071821344994,
  "fber": 111704.5,
  "fd_mean": 0.21531805915680158,
  "fd_num": 52,
  "fd_perc": 22.608695652173914,
  "fwhm_avg": 2.6153583333333335,
  "fwhm_x": 2.55685,
  "fwhm_y": 2.73175,
  "fwhm_z": 2.557475,
  "gcor": 0.0234419,
  "gsr_x": -0.013682132586836815,
  "gsr_y": 0.007889850065112114,
  "provenance": {
    "md5sum": "e247b6015ce29ad7b630bf64a2dd2432",
    "settings": {
      "fd_thres": 0.2,
      "testing": false
    },
    "software": "mriqc",
    "version": "23.0.1",
    "webapi_port": null,
    "webapi_url": "https://mriqc.nimh.nih.gov/api/v1"
  },
  "size_t": 230,
  "size_x": 64,
  "size_y": 64,
  "size_z": 34,
  "snr": 3.65068291084463,
  "spacing_tr": 2.0,
  "spacing_x": 4.0,
  "spacing_y": 4.0,
  "spacing_z": 4.0,
  "summary_bg_k": 75.27177662608813,
  "summary_bg_mad": 8.251003362650811,
  "summary_bg_mean": 28.800289154052734,
  "summary_bg_median": 6.121738910675049,
  "summary_bg_n": 98894.0,
  "summary_bg_p05": 0.27826085686683655,
  "summary_bg_p95": 124.33477783203125,
  "summary_bg_stdv": 75.35466003417969,
  "summary_fg_k": 0.627750497115775,
  "summary_fg_mad": 453.60216684996055,
  "summary_fg_mean": 1942.2794189453125,
  "summary_fg_median": 1854.902099609375,
  "summary_fg_n": 13426.0,
  "summary_fg_p05": 1237.0956115722656,
  "summary_fg_p95": 2900.6455688476562,
  "summary_fg_stdv": 508.078369140625,
  "tsnr": 48.31791219301522
}