{
  "aor": 0.0007157666666666666,
  "aqi": 0.0014057071200000001,
  "bids_meta": {
    "AcquisitionDateTime": "2016-09-18T13:14:13.000000",
    "ConversionSoftware": "dcm2niix",
    "ConversionSoftwareVersion": "v1.0.20170411 GCC4.8.4",
    "EchoTime": 0.04,
    "FlipAngle": 90,
    "ImageType": [
      "ORIGINAL",
      "PRIMARY",
      "EPI",
      "NONE"
    ],
    "MagneticFieldStrength": 3,
    "Manufacturer": "GE",
    "ManufacturersModelName": "DISCOVERY_MR750",
    "ProcedureStepDescription": "MeditResp",
    "ProtocolName": "fMRI_RestSt",
    "RepetitionTime": 2,
    "ScanningSequence": "EP_GR",
    "SequenceVariant": "SS",
    "SeriesDescription": "fMRI_RestSt",
    "SliceTiming": [
      1.0285,
      0.0571001,
      1.0857,
      0.1142,
      1.1428,
      0.1714,
      1.2,
      0.2285,
      1.2571,
      0.2857,
      1.3143,
      0.3428,
      1.3714,
      0.4,
      1.4286,
      0.4571,
      1.4857,
      0.5142,
      1.5428,
      0.5714,
      1.6,
      0.6285,
      1.6571,
      0.6857,
      1.7143,
      0.7428,
      1.7714,
      0.8,
      1.8285,
      0.8571,
      1.8857,
      0.9143,
      1.9428,
      0.9714
    ],
    "TaskName": "rest",
    "dataset": "ds003481",
    "modality": "bold",
    "subject_id": "119",
    "task_id": "rest"
  },
  "dummy_trs": 0,
  "dvars_nstd": 16.261462189364547,
  "dvars_std": 1.2213142565886281,
  "dvars_vstd": 0.982774324548495,
  "efc": 0.3597491311679358,
  "fber": 103945.359375,
  "fd_mean": 0.05305453477233244,
  "fd_num": 2,
  "fd_perc": 0.6666666666666666,
  "fwhm_avg": 2.703891666666667,
  "fwhm_x": 2.567975,
  "fwhm_y": 2.89145,
  "fwhm_z": 2.65225,
  "gcor": 0.0366431,
  "gsr_x": -0.01708703488111496,
  "gsr_y": 0.008642283268272877,
  "provenance": {
    "md5sum": "afbf4acc7599c2704692eac05c474355",
    "settings": {
      "fd_thres": 0.2,
      "testing": false
    },
    "software": "mriqc",
    "version": "23.0.1",
    "webapi_port": null,
    "webapi_url": "https://mriqc.nimh.nih.gov/api/v1"
  },
  "size_t": 300,
  "size_x": 64,
  "size_y": 64,
  "size_z": 34,
  "snr": 3.4189880876326333,
  "spacing_tr": 2.0,
  "spacing_x": 4.0,
  "spacing_y": 4.0,
  "spacing_z": 4.0,
  "summary_bg_k": 50.82332894735471,
  "summary_bg_mad": 8.836309588145099,
  "summary_bg_mean": 37.10043716430664,
  "summary_bg_median": 6.220000267028809,
  "summary_bg_n": 97847.0,
  "summary_bg_p05": 0.046666666865348816,
  "summary_bg_p95": 183.53966979980453,
  "summary_bg_stdv": 102.49950408935547,
  "summary_fg_k": -0.12660375321009942,
  "summary_fg_mad": 549.6971237528935,
  "summary_fg_mean": 1932.5440673828125,
  "summary_fg_median": 1909.94677734375,
  "summary_fg_n": 13630.0,
  "summary_fg_p05": 1034.4526916503905,
  "summary_fg_p95": 2890.2048828125,
  "summary_fg_stdv": 558.6087646484375,
  "tsnr": 82.7280462726485
}