{
  "aor": 0.002166637931034483,
  "aqi": 0.003529467543103448,
  "bids_meta": {
    "AcquisitionDateTime": "2017-01-12T19:31:55.000000",
    "ConversionSoftware": "dcm2niix",
    "ConversionSoftwareVersion": "v1.0.20170411 GCC4.8.4",
    "EchoTime": 0.04,
    "FlipAngle": 90,
    "ImageType": [
      "ORIGINAL",
      "PRIMARY",
      "EPI",
      "NONE"
    ],
    "MagneticFieldStrength": 3,
    "Manufacturer": "GE",
    "ManufacturersModelName": "DISCOVERY_MR750",
    "ProcedureStepDescription": "CompRefranes",
    "ProtocolName": "fMRI_Comprension_3",
    "RepetitionTime": 2,
    "ScanningSequence": "EP_GR",
    "SequenceVariant": "SS",
    "SeriesDescription": "fMRI_Comprension_3",
    "SliceTiming": [
      1.0285,
      0.0571001,
      1.0857,
      0.1142,
      1.1428,
      0.1714,
      1.2,
      0.2285,
      1.2571,
      0.2857,
      1.3143,
      0.3428,
      1.3714,
      0.4,
      1.4286,
      0.4571,
      1.4857,
      0.5142,
      1.5428,
      0.5714,
      1.6,
      0.6285,
      1.6571,
      0.6857,
      1.7143,
      0.7428,
      1.7714,
      0.8,
      1.8285,
      0.8571,
      1.8857,
      0.9143,
      1.9428,
      0.9714
    ],
    "TaskName": "pc",
    "dataset": "ds003481",
    "modality": "bold",
    "run_id": 3,
    "subject_id": "058",
    "task_id": "pc"
  },
  "dummy_trs": 0,
  "dvars_nstd": 18.693175427316014,
  "dvars_std": 1.1260966924242433,
  "dvars_vstd": 0.976439482380952,
  "efc": 0.36822025445657464,
  "fber": 82572.890625,
  "fd_mean": 0.18258280252638603,
  "fd_num": 63,
  "fd_perc": 27.155172413793103,
  "fwhm_avg": 2.61295,
  "fwhm_x": 2.5543,
  "fwhm_y": 2.644825,
  "fwhm_z": 2.639725,
  "gcor": 0.0154444,
  "gsr_x": -0.01165139302611351,
  "gsr_y": 0.012319131754338741,
  "provenance": {
    "md5sum": "bbf37fbc477cdefdbba41367d8c307a1",
    "settings": {
      "fd_thres": 0.2,
      "testing": false
    },
    "software": "mriqc",
    "version": "23.0.1",
    "webapi_port": null,
    "webapi_url": "https://mriqc.nimh.nih.gov/api/v1"
  },
  "size_t": 232,
  "size_x": 64,
  "size_y": 64,
  "size_z": 34,
  "snr": 3.5060566714806303,
  "spacing_tr": 2.0,
  "spacing_x": 4.0,
  "spacing_y": 4.0,
  "spacing_z": 4.0,
  "summary_bg_k": 90.3696095567342,
  "summary_bg_mad": 9.94365942957488,
  "summary_bg_mean": 37.729610443115234,
  "summary_bg_median": 7.176723957061768,
  "summary_bg_n": 96990.0,
  "summary_bg_p05": 0.1681034415960312,
  "summary_bg_p95": 165.38404464721683,
  "summary_bg_stdv": 104.5543441772461,
  "summary_fg_k": 0.20196684231049655,
  "summary_fg_mad": 518.6360462318812,
  "summary_fg_mean": 1968.21923828125,
  "summary_fg_median": 1891.0064697265625,
  "summary_fg_n": 14848.0,
  "summary_fg_p05": 1208.7581909179687,
  "summary_fg_p95": 2945.091870117187,
  "summary_fg_stdv": 539.3360595703125,
  "tsnr": 69.92071508895606
}