{
  "aor": 0.002063761061946903,
  "aqi": 0.0035764219026548673,
  "bids_meta": {
    "AcquisitionDateTime": "2017-01-12T19:23:25.000000",
    "ConversionSoftware": "dcm2niix",
    "ConversionSoftwareVersion": "v1.0.20170411 GCC4.8.4",
    "EchoTime": 0.04,
    "FlipAngle": 90,
    "ImageType": [
      "ORIGINAL",
      "PRIMARY",
      "EPI",
      "NONE"
    ],
    "MagneticFieldStrength": 3,
    "Manufacturer": "GE",
    "ManufacturersModelName": "DISCOVERY_MR750",
    "ProcedureStepDescription": "CompRefranes",
    "ProtocolName": "fMRI_Comprension_2",
    "RepetitionTime": 2,
    "ScanningSequence": "EP_GR",
    "SequenceVariant": "SS",
    "SeriesDescription": "fMRI_Comprension_2",
    "SliceTiming": [
      1.0285,
      0.0571001,
      1.0857,
      0.1142,
      1.1428,
      0.1714,
      1.2,
      0.2285,
      1.2571,
      0.2857,
      1.3143,
      0.3428,
      1.3714,
      0.4,
      1.4286,
      0.4571,
      1.4857,
      0.5142,
      1.5428,
      0.5714,
      1.6,
      0.6285,
      1.6571,
      0.6857,
      1.7143,
      0.7428,
      1.7714,
      0.8,
      1.8285,
      0.8571,
      1.8857,
      0.9143,
      1.9428,
      0.9714
    ],
    "TaskName": "pc",
    "dataset": "ds003481",
    "modality": "bold",
    "run_id": 2,
    "subject_id": "058",
    "task_id": "pc"
  },
  "dummy_trs": 0,
  "dvars_nstd": 19.032458580666663,
  "dvars_std": 1.1194908217777784,
  "dvars_vstd": 0.974706477022222,
  "efc": 0.36847997135039057,
  "fber": 77712.859375,
  "fd_mean": 0.1897166677991118,
  "fd_num": 70,
  "fd_perc": 30.97345132743363,
  "fwhm_avg": 2.628075,
  "fwhm_x": 2.565925,
  "fwhm_y": 2.67225,
  "fwhm_z": 2.64605,
  "gcor": 0.0127661,
  "gsr_x": -0.010730733163654804,
  "gsr_y": 0.010955052450299263,
  "provenance": {
    "md5sum": "832b5b351cbe0d8caff9515efc7c0178",
    "settings": {
      "fd_thres": 0.2,
      "testing": false
    },
    "software": "mriqc",
    "version": "23.0.1",
    "webapi_port": null,
    "webapi_url": "https://mriqc.nimh.nih.gov/api/v1"
  },
  "size_t": 226,
  "size_x": 64,
  "size_y": 64,
  "size_z": 34,
  "snr": 3.5050466710286634,
  "spacing_tr": 2.0,
  "spacing_x": 4.0,
  "spacing_y": 4.0,
  "spacing_z": 4.0,
  "summary_bg_k": 81.22159551646482,
  "summary_bg_mad": 10.22077106883711,
  "summary_bg_mean": 37.40861892700195,
  "summary_bg_median": 7.336283206939697,
  "summary_bg_n": 96947.0,
  "summary_bg_p05": 0.11061947047710419,
  "summary_bg_p95": 164.79602050781241,
  "summary_bg_stdv": 101.09400939941406,
  "summary_fg_k": 0.1801206033194802,
  "summary_fg_mad": 518.0974446446896,
  "summary_fg_mean": 1963.52734375,
  "summary_fg_median": 1885.314208984375,
  "summary_fg_n": 14885.0,
  "summary_fg_p05": 1204.2486328125,
  "summary_fg_p95": 2935.0035156249987,
  "summary_fg_stdv": 537.8675537109375,
  "tsnr": 65.15471490472555
}