{
  "aor": 0.005575133333333333,
  "aqi": 0.00200681097,
  "bids_meta": {
    "AcquisitionDateTime": "2016-10-12T20:11:18.000000",
    "ConversionSoftware": "dcm2niix",
    "ConversionSoftwareVersion": "v1.0.20170411 GCC4.8.4",
    "EchoTime": 0.04,
    "FlipAngle": 90,
    "ImageType": [
      "ORIGINAL",
      "PRIMARY",
      "EPI",
      "NONE"
    ],
    "MagneticFieldStrength": 3,
    "Manufacturer": "GE",
    "ManufacturersModelName": "DISCOVERY_MR750",
    "ProcedureStepDescription": "MeditResp",
    "ProtocolName": "fMRI_RestSt",
    "RepetitionTime": 2,
    "ScanningSequence": "EP_GR",
    "SequenceVariant": "SS",
    "SeriesDescription": "fMRI_RestSt",
    "SliceTiming": [
      1.0285,
      0.0571001,
      1.0857,
      0.1142,
      1.1428,
      0.1714,
      1.2,
      0.2285,
      1.2571,
      0.2857,
      1.3143,
      0.3428,
      1.3714,
      0.4,
      1.4286,
      0.4571,
      1.4857,
      0.5142,
      1.5428,
      0.5714,
      1.6,
      0.6285,
      1.6571,
      0.6857,
      1.7143,
      0.7428,
      1.7714,
      0.8,
      1.8285,
      0.8571,
      1.8857,
      0.9143,
      1.9428,
      0.9714
    ],
    "TaskName": "rest",
    "dataset": "ds003481",
    "modality": "bold",
    "subject_id": "108",
    "task_id": "rest"
  },
  "dummy_trs": 0,
  "dvars_nstd": 12.175575958060206,
  "dvars_std": 1.1024604438461545,
  "dvars_vstd": 1.0126910306688965,
  "efc": 0.31890036430401497,
  "fber": 213649.71875,
  "fd_mean": 0.06728698876868912,
  "fd_num": 3,
  "fd_perc": 1.0,
  "fwhm_avg": 2.718133116406254,
  "fwhm_x": 2.60975,
  "fwhm_y": 2.815075,
  "fwhm_z": 2.7295743492187623,
  "gcor": 0.116332,
  "gsr_x": -0.015274522826075554,
  "gsr_y": -0.0011788759147748351,
  "provenance": {
    "md5sum": "1f60af7e302bccc52ecfb1cf042d230d",
    "settings": {
      "fd_thres": 0.2,
      "testing": false
    },
    "software": "mriqc",
    "version": "23.0.1",
    "webapi_port": null,
    "webapi_url": "https://mriqc.nimh.nih.gov/api/v1"
  },
  "size_t": 300,
  "size_x": 64,
  "size_y": 64,
  "size_z": 34,
  "snr": 3.6726071974671295,
  "spacing_tr": 2.0,
  "spacing_x": 4.0,
  "spacing_y": 4.0,
  "spacing_z": 4.000000953674316,
  "summary_bg_k": 70.11875671171197,
  "summary_bg_mad": 6.241755484835349,
  "summary_bg_mean": 31.067785263061523,
  "summary_bg_median": 4.643333435058594,
  "summary_bg_n": 102531.0,
  "summary_bg_p05": 0.09000000357627869,
  "summary_bg_p95": 148.79833984375,
  "summary_bg_stdv": 100.68062591552734,
  "summary_fg_k": 0.7019185373311956,
  "summary_fg_mad": 429.4554957935486,
  "summary_fg_mean": 2075.2177734375,
  "summary_fg_median": 1971.9967041015625,
  "summary_fg_n": 10771.0,
  "summary_fg_p05": 1334.1817016601562,
  "summary_fg_p95": 3122.87841796875,
  "summary_fg_stdv": 536.9224243164062,
  "tsnr": 87.34225439513102
}