{
  "bids_meta": {
    "AcquisitionMatrixPE": 256,
    "AcquisitionNumber": 1,
    "AcquisitionTime": "20:04:6.000000",
    "CoilString": "32Ch_Head",
    "ConversionSoftware": "dcm2niix",
    "ConversionSoftwareVersion": "v1.0.20190902",
    "Dcm2bidsVersion": "2.1.4",
    "DeviceSerialNumber": "000000000000GEHC",
    "EchoTime": 0.00318,
    "FlipAngle": 12,
    "ImageOrientationPatientDICOM": [
      0,
      1,
      0,
      0,
      0,
      -1
    ],
    "ImageType": [
      "ORIGINAL",
      "PRIMARY",
      "OTHER"
    ],
    "ImagingFrequency": 127.772,
    "InPlanePhaseEncodingDirectionDICOM": "ROW",
    "InstitutionName": "INSTITUTO_DE_NEUROBIOLOGIA",
    "InversionTime": 0.45,
    "MRAcquisitionType": "3D",
    "MagneticFieldStrength": 3,
    "Manufacturer": "GE",
    "ManufacturersModelName": "DISCOVERY_MR750",
    "Modality": "MR",
    "PatientPosition": "HFS",
    "PercentPhaseFOV": 100,
    "PixelBandwidth": 244.141,
    "ProcedureStepDescription": "verbos",
    "ProtocolName": "Sag_T1_FSPGR_BRAVO",
    "ReconMatrixPE": 256,
    "RepetitionTime": 0.008156,
    "SAR": 0.225766,
    "ScanOptions": "FAST_GEMS_EDR_GEMS_FILTERED_GEMS_ACC_GEMS",
    "ScanningSequence": "GR",
    "SequenceVariant": "SS_SP_SK",
    "SeriesDescription": "Sag_T1_FSPGR_BRAVO",
    "SeriesNumber": 15,
    "SliceThickness": 1,
    "SoftwareVersions": "24_LX_MR_Software_release:DV24.0_R02_1607.b",
    "SpacingBetweenSlices": 1,
    "StationName": "GEHCGEHC",
    "dataset": "ds003481",
    "modality": "T1w",
    "subject_id": "124"
  },
  "cjv": 0.3916250599648097,
  "cnr": 3.4651481099974752,
  "efc": 0.5469190067075491,
  "fber": -1.0,
  "fwhm_avg": 3.9190099999999997,
  "fwhm_x": 3.90697,
  "fwhm_y": 4.01718,
  "fwhm_z": 3.83288,
  "icvs_csf": 0.20590601957065982,
  "icvs_gm": 0.444817662623831,
  "icvs_wm": 0.34927631780550916,
  "inu_med": 0.7956249117851257,
  "inu_range": 0.561575597524643,
  "provenance": {
    "md5sum": "5ea7e96d251564b3cb0c725fd60bb91b",
    "settings": {
      "testing": false
    },
    "software": "mriqc",
    "version": "23.0.1",
    "warnings": {
      "large_rot_frame": true,
      "small_air_mask": false
    },
    "webapi_port": null,
    "webapi_url": "https://mriqc.nimh.nih.gov/api/v1"
  },
  "qi_1": 1.4604988178811083e-05,
  "qi_2": 0.0016596027198035937,
  "rpve_csf": 27.709591364799525,
  "rpve_gm": 13.459490086994336,
  "rpve_wm": 18.950529591099098,
  "size_x": 176,
  "size_y": 256,
  "size_z": 256,
  "snr_csf": 2.408206409812064,
  "snr_gm": 12.488636196802595,
  "snr_total": 11.463676333279848,
  "snr_wm": 19.494186393224883,
  "snrd_csf": 14.922364872797301,
  "snrd_gm": 37.214748440884144,
  "snrd_total": 34.432355092449875,
  "snrd_wm": 51.15995196366818,
  "spacing_x": 1.0,
  "spacing_y": 1.0,
  "spacing_z": 1.0,
  "summary_bg_k": 10.375943732041845,
  "summary_bg_mad": 0.0,
  "summary_bg_mean": 7.073903342533037,
  "summary_bg_median": 0.0,
  "summary_bg_n": 2047666.0,
  "summary_bg_p05": 0.0,
  "summary_bg_p95": 33.190399527549744,
  "summary_bg_stdv": 12.80636246163802,
  "summary_csf_k": 2.1095596613169487,
  "summary_csf_mad": 94.78350276607743,
  "summary_csf_mean": 300.22018536750716,
  "summary_csf_median": 291.69683343172073,
  "summary_csf_n": 26491.0,
  "summary_csf_p05": 103.80353140830994,
  "summary_csf_p95": 522.9993912130594,
  "summary_csf_stdv": 121.12388979932453,
  "summary_gm_k": 0.15244017587904013,
  "summary_gm_mad": 56.721486411406964,
  "summary_gm_mean": 725.6960254671609,
  "summary_gm_median": 727.4600487053394,
  "summary_gm_n": 31756.0,
  "summary_gm_p05": 627.2762756347656,
  "summary_gm_p95": 818.7336474061012,
  "summary_gm_stdv": 58.248841847292276,
  "summary_wm_k": 0.6174887456901206,
  "summary_wm_mad": 50.03380024062972,
  "summary_wm_mean": 1002.3168723434585,
  "summary_wm_median": 1000.0556958317757,
  "summary_wm_n": 171704.0,
  "summary_wm_p05": 922.8156217634678,
  "summary_wm_p95": 1088.6005536317825,
  "summary_wm_stdv": 51.30005241074546,
  "tpm_overlap_csf": 0.15669533353298845,
  "tpm_overlap_gm": 0.48348858439898734,
  "tpm_overlap_wm": 0.5157790368792387,
  "wm2max": 0.36621451844385505
}