{
  "bids_meta": {
    "AcquisitionDateTime": "2017-02-09T20:01:6.000000",
    "ConversionSoftware": "dcm2niix",
    "ConversionSoftwareVersion": "v1.0.20170411 GCC4.8.4",
    "EchoTime": 0.00318,
    "FlipAngle": 12,
    "ImageType": [
      "DERIVED",
      "PRIMARY",
      "OTHER"
    ],
    "InversionTime": 0.45,
    "MagneticFieldStrength": 3,
    "Manufacturer": "GE",
    "ManufacturersModelName": "DISCOVERY_MR750",
    "ProcedureStepDescription": "ActosHabla",
    "ProtocolName": "PU:Sag_T1_FSPGR_BRAVO",
    "RepetitionTime": 0.008156,
    "ScanningSequence": "GR",
    "SequenceVariant": "SS_SP_SK",
    "SeriesDescription": "PU:Sag_T1_FSPGR_BRAVO",
    "dataset": "ds003481",
    "modality": "T1w",
    "subject_id": "017"
  },
  "cjv": 0.30328864630256486,
  "cnr": 4.427901707238873,
  "efc": 0.7456967228778518,
  "fber": -1.0,
  "fwhm_avg": 4.160366666666666,
  "fwhm_x": 4.21776,
  "fwhm_y": 4.25186,
  "fwhm_z": 4.01148,
  "icvs_csf": 0.20864944420232565,
  "icvs_gm": 0.4435269719560093,
  "icvs_wm": 0.34782358384166506,
  "inu_med": 0.49146032333374023,
  "inu_range": 0.16631753444671632,
  "provenance": {
    "md5sum": "aa8dc5a669c78c3328a5febf16a90391",
    "settings": {
      "testing": false
    },
    "software": "mriqc",
    "version": "23.0.1",
    "warnings": {
      "large_rot_frame": true,
      "small_air_mask": true
    },
    "webapi_port": null,
    "webapi_url": "https://mriqc.nimh.nih.gov/api/v1"
  },
  "qi_1": 0.0,
  "qi_2": 0.0043230295962517675,
  "rpve_csf": 23.56517427062307,
  "rpve_gm": 11.79132709590691,
  "rpve_wm": 17.222733285233286,
  "size_x": 176,
  "size_y": 256,
  "size_z": 256,
  "snr_csf": 2.614041621534865,
  "snr_gm": 11.898354118733034,
  "snr_total": 12.753889098495565,
  "snr_wm": 23.749271555218797,
  "snrd_csf": 20.609820638479537,
  "snrd_gm": 55.677467149841995,
  "snrd_total": 52.608915127237175,
  "snrd_wm": 81.53945759339001,
  "spacing_x": 1.0,
  "spacing_y": 1.0,
  "spacing_z": 1.0,
  "summary_bg_k": 13.567615243137169,
  "summary_bg_mad": 0.0,
  "summary_bg_mean": 3.8946564057177953,
  "summary_bg_median": 0.0,
  "summary_bg_n": 182240.0,
  "summary_bg_p05": 0.0,
  "summary_bg_p95": 20.544729754328728,
  "summary_bg_stdv": 8.03459391885316,
  "summary_csf_k": 0.9249007028300582,
  "summary_csf_mad": 77.39655045923048,
  "summary_csf_mean": 263.57602963817,
  "summary_csf_median": 252.75887520611286,
  "summary_csf_n": 43876.0,
  "summary_csf_p05": 120.28450110927224,
  "summary_csf_p95": 450.5948395356536,
  "summary_csf_stdv": 96.69164895083779,
  "summary_gm_k": 0.303111712164041,
  "summary_gm_mad": 55.17550186411409,
  "summary_gm_mean": 682.8345489576546,
  "summary_gm_median": 682.8285513967276,
  "summary_gm_n": 53301.0,
  "summary_gm_p05": 589.0271852612495,
  "summary_gm_p95": 777.9213005453348,
  "summary_gm_stdv": 57.38794955603899,
  "summary_wm_k": 0.317366068264588,
  "summary_wm_mad": 41.01901137531931,
  "summary_wm_mean": 1000.110045202176,
  "summary_wm_median": 1000.0000459849834,
  "summary_wm_n": 230479.0,
  "summary_wm_p05": 931.204550921917,
  "summary_wm_p95": 1068.678142592311,
  "summary_wm_stdv": 42.106465213571695,
  "tpm_overlap_csf": 0.14312633253465384,
  "tpm_overlap_gm": 0.45166519942063516,
  "tpm_overlap_wm": 0.49201814795225046,
  "wm2max": 0.4937493961936045
}