{
  "aor": 0.001975134099616858,
  "aqi": 0.0014623940842911879,
  "bids_meta": {
    "AcquisitionDateTime": "2017-02-07T18:56:11.000000",
    "ConversionSoftware": "dcm2niix",
    "ConversionSoftwareVersion": "v1.0.20170411 GCC4.8.4",
    "EchoTime": 0.04,
    "FlipAngle": 90,
    "ImageType": [
      "ORIGINAL",
      "PRIMARY",
      "EPI",
      "NONE"
    ],
    "MagneticFieldStrength": 3,
    "Manufacturer": "GE",
    "ManufacturersModelName": "DISCOVERY_MR750",
    "ProcedureStepDescription": "ActosHabla",
    "ProtocolName": "fMRI_ActosHabla_1",
    "RepetitionTime": 2,
    "ScanningSequence": "EP_GR",
    "SequenceVariant": "SS",
    "SeriesDescription": "fMRI_ActosHabla_1",
    "SliceTiming": [
      0,
      1.0285,
      0.0571001,
      1.0857,
      0.1142,
      1.1428,
      0.1714,
      1.2,
      0.2285,
      1.2571,
      0.2857,
      1.3143,
      0.3428,
      1.3714,
      0.4,
      1.4286,
      0.4571,
      1.4857,
      0.5142,
      1.5428,
      0.5714,
      1.6,
      0.6285,
      1.6571,
      0.6857,
      1.7143,
      0.7428,
      1.7714,
      0.8,
      1.8285,
      0.8571,
      1.8857,
      0.9143,
      1.9428,
      0.9714
    ],
    "TaskName": "sar",
    "dataset": "ds003481",
    "modality": "bold",
    "run_id": 1,
    "subject_id": "015",
    "task_id": "sar"
  },
  "dummy_trs": 0,
  "dvars_nstd": 15.203351889961539,
  "dvars_std": 1.171985793346155,
  "dvars_vstd": 0.9958828946538458,
  "efc": 0.3745541240527934,
  "fber": 66138.5859375,
  "fd_mean": 0.08482491563951776,
  "fd_num": 13,
  "fd_perc": 4.980842911877395,
  "fwhm_avg": 2.581068333333333,
  "fwhm_x": 2.460205,
  "fwhm_y": 2.723925,
  "fwhm_z": 2.559075,
  "gcor": 0.0641917,
  "gsr_x": -0.0060889204032719135,
  "gsr_y": 0.006394954398274422,
  "provenance": {
    "md5sum": "3ea881c69d60b32a0450a5038a492563",
    "settings": {
      "fd_thres": 0.2,
      "testing": false
    },
    "software": "mriqc",
    "version": "23.0.1",
    "webapi_port": null,
    "webapi_url": "https://mriqc.nimh.nih.gov/api/v1"
  },
  "size_t": 261,
  "size_x": 64,
  "size_y": 64,
  "size_z": 35,
  "snr": 3.76228581724443,
  "spacing_tr": 2.0,
  "spacing_x": 4.0,
  "spacing_y": 4.0,
  "spacing_z": 4.0,
  "summary_bg_k": 137.9287566918946,
  "summary_bg_mad": 11.480225835938413,
  "summary_bg_mean": 37.21327209472656,
  "summary_bg_median": 8.103447914123535,
  "summary_bg_n": 99199.0,
  "summary_bg_p05": 0.08045976608991623,
  "summary_bg_p95": 158.72796630859375,
  "summary_bg_stdv": 98.0580062866211,
  "summary_fg_k": 0.15970299847175395,
  "summary_fg_mad": 502.9429406448646,
  "summary_fg_mean": 2032.4281005859375,
  "summary_fg_median": 1976.812255859375,
  "summary_fg_n": 15720.0,
  "summary_fg_p05": 1260.0221862792969,
  "summary_fg_p95": 2956.6824584960937,
  "summary_fg_stdv": 525.4118041992188,
  "tsnr": 93.91498910542578
}