{
  "aor": 0.0023995,
  "aqi": 0.003240224366666667,
  "bids_meta": {
    "AcquisitionDateTime": "2016-09-05T19:10:37.000000",
    "ConversionSoftware": "dcm2niix",
    "ConversionSoftwareVersion": "v1.0.20170411 GCC4.8.4",
    "EchoTime": 0.04,
    "FlipAngle": 90,
    "ImageType": [
      "ORIGINAL",
      "PRIMARY",
      "EPI",
      "NONE"
    ],
    "MagneticFieldStrength": 3,
    "Manufacturer": "GE",
    "ManufacturersModelName": "DISCOVERY_MR750",
    "ProcedureStepDescription": "MeditResp",
    "ProtocolName": "fMRI_RestSt",
    "RepetitionTime": 2,
    "ScanningSequence": "EP_GR",
    "SequenceVariant": "SS",
    "SeriesDescription": "fMRI_RestSt",
    "SliceTiming": [
      1.0285,
      0.0571001,
      1.0857,
      0.1142,
      1.1428,
      0.1714,
      1.2,
      0.2285,
      1.2571,
      0.2857,
      1.3143,
      0.3428,
      1.3714,
      0.4,
      1.4286,
      0.4571,
      1.4857,
      0.5142,
      1.5428,
      0.5714,
      1.6,
      0.6285,
      1.6571,
      0.6857,
      1.7143,
      0.7428,
      1.7714,
      0.8,
      1.8285,
      0.8571,
      1.8857,
      0.9143,
      1.9428,
      0.9714
    ],
    "TaskName": "rest",
    "dataset": "ds003481",
    "modality": "bold",
    "subject_id": "095",
    "task_id": "rest"
  },
  "dummy_trs": 0,
  "dvars_nstd": 14.071236326555193,
  "dvars_std": 1.137633065585284,
  "dvars_vstd": 1.0011934033444818,
  "efc": 0.3368533636332997,
  "fber": 75221.2421875,
  "fd_mean": 0.041081272512401845,
  "fd_num": 0,
  "fd_perc": 0.0,
  "fwhm_avg": 2.5188245450645503,
  "fwhm_x": 2.318025,
  "fwhm_y": 2.857775,
  "fwhm_z": 2.380673635193651,
  "gcor": 0.0154408,
  "gsr_x": -0.010502919554710388,
  "gsr_y": 0.018328161910176277,
  "provenance": {
    "md5sum": "e2fdffffd2f293883b0c707610002b0a",
    "settings": {
      "fd_thres": 0.2,
      "testing": false
    },
    "software": "mriqc",
    "version": "23.0.1",
    "webapi_port": null,
    "webapi_url": "https://mriqc.nimh.nih.gov/api/v1"
  },
  "size_t": 300,
  "size_x": 64,
  "size_y": 64,
  "size_z": 34,
  "snr": 3.936695315918885,
  "spacing_tr": 2.0,
  "spacing_x": 4.0,
  "spacing_y": 4.0,
  "spacing_z": 3.999998092651367,
  "summary_bg_k": 180.0759793255352,
  "summary_bg_mad": 8.989511538730678,
  "summary_bg_mean": 36.34688186645508,
  "summary_bg_median": 6.426666736602783,
  "summary_bg_n": 102428.0,
  "summary_bg_p05": 0.05666666850447655,
  "summary_bg_p95": 162.55066757202133,
  "summary_bg_stdv": 112.69673919677734,
  "summary_fg_k": 0.516283467246609,
  "summary_fg_mad": 376.9292628131077,
  "summary_fg_mean": 1678.7545166015625,
  "summary_fg_median": 1630.791748046875,
  "summary_fg_n": 10510.0,
  "summary_fg_p05": 1060.2598754882813,
  "summary_fg_p95": 2433.2643798828117,
  "summary_fg_stdv": 414.2342834472656,
  "tsnr": 89.25019296677783
}