{
  "bids_meta": {
    "AcquisitionDateTime": "2016-10-08T12:18:14.000000",
    "ConversionSoftware": "dcm2niix",
    "ConversionSoftwareVersion": "v1.0.20170411 GCC4.8.4",
    "EchoTime": 0.003336,
    "FlipAngle": 12,
    "ImageType": [
      "DERIVED",
      "PRIMARY",
      "OTHER"
    ],
    "InversionTime": 0.45,
    "MagneticFieldStrength": 3,
    "Manufacturer": "GE",
    "ManufacturersModelName": "DISCOVERY_MR750",
    "ProcedureStepDescription": "MeditResp",
    "ProtocolName": "PU:Sag_T1_FSPGR_BRAVO",
    "RepetitionTime": 0.008512,
    "ScanningSequence": "GR",
    "SequenceVariant": "SS_SP_SK",
    "SeriesDescription": "PU:Sag_T1_FSPGR_BRAVO",
    "dataset": "ds003481",
    "modality": "T1w",
    "subject_id": "101"
  },
  "cjv": 0.3123388975445033,
  "cnr": 4.1549159641138,
  "efc": 0.7079683250817487,
  "fber": -1.0,
  "fwhm_avg": 4.0346633333333335,
  "fwhm_x": 4.01296,
  "fwhm_y": 4.21989,
  "fwhm_z": 3.87114,
  "icvs_csf": 0.18043622158344091,
  "icvs_gm": 0.47295313111483567,
  "icvs_wm": 0.3466106473017234,
  "inu_med": 0.44823750853538513,
  "inu_range": 0.10802226066589354,
  "provenance": {
    "md5sum": "52a4a417aa3e8596da38e40ae1cf9dfa",
    "settings": {
      "testing": false
    },
    "software": "mriqc",
    "version": "23.0.1",
    "warnings": {
      "large_rot_frame": true,
      "small_air_mask": false
    },
    "webapi_port": null,
    "webapi_url": "https://mriqc.nimh.nih.gov/api/v1"
  },
  "qi_1": 0.0,
  "qi_2": 0.0003572070696211268,
  "rpve_csf": 30.219364052943764,
  "rpve_gm": 12.839806076888575,
  "rpve_wm": 19.205502594425003,
  "size_x": 176,
  "size_y": 256,
  "size_z": 256,
  "snr_csf": 2.477317819470512,
  "snr_gm": 12.580230902000483,
  "snr_total": 12.454119783822838,
  "snr_wm": 22.304810629997522,
  "snrd_csf": 6.979990738705888,
  "snrd_gm": 18.169765112642477,
  "snrd_total": 17.180250239154645,
  "snrd_wm": 26.390994866115566,
  "spacing_x": 1.0,
  "spacing_y": 1.0,
  "spacing_z": 1.0,
  "summary_bg_k": 55.34772391764143,
  "summary_bg_mad": 0.0,
  "summary_bg_mean": 9.642105448962377,
  "summary_bg_median": 0.0,
  "summary_bg_n": 459648.0,
  "summary_bg_p05": 0.0,
  "summary_bg_p95": 40.99922176450491,
  "summary_bg_stdv": 24.82423915156149,
  "summary_csf_k": 0.613404751443861,
  "summary_csf_mad": 87.56883750501491,
  "summary_csf_mean": 259.08277706983813,
  "summary_csf_median": 264.4837920367718,
  "summary_csf_n": 22574.0,
  "summary_csf_p05": 68.19031492527574,
  "summary_csf_p95": 437.797240632586,
  "summary_csf_stdv": 106.75979147383978,
  "summary_gm_k": 0.1414224193905227,
  "summary_gm_mad": 54.35126772264665,
  "summary_gm_mean": 688.5505748108986,
  "summary_gm_median": 688.4834890626371,
  "summary_gm_n": 68136.0,
  "summary_gm_p05": 598.7579977139831,
  "summary_gm_p95": 777.8561471775174,
  "summary_gm_stdv": 54.72701114417312,
  "summary_wm_k": 0.4530718348472633,
  "summary_wm_mad": 42.9474406162588,
  "summary_wm_mean": 999.7743105549007,
  "summary_wm_median": 999.9999511614442,
  "summary_wm_n": 192700.0,
  "summary_wm_p05": 925.7991220988333,
  "summary_wm_p95": 1072.7188806422055,
  "summary_wm_stdv": 44.83325920312993,
  "tpm_overlap_csf": 0.14334666725583614,
  "tpm_overlap_gm": 0.490508865978268,
  "tpm_overlap_wm": 0.5244100513064675,
  "wm2max": 0.5063437455350102
}