{
  "bids_meta": {
    "AcquisitionDateTime": "2016-09-19T19:39:42.000000",
    "ConversionSoftware": "dcm2niix",
    "ConversionSoftwareVersion": "v1.0.20170411 GCC4.8.4",
    "EchoTime": 0.00318,
    "FlipAngle": 12,
    "ImageType": [
      "DERIVED",
      "PRIMARY",
      "OTHER"
    ],
    "InversionTime": 0.45,
    "MagneticFieldStrength": 3,
    "Manufacturer": "GE",
    "ManufacturersModelName": "DISCOVERY_MR750",
    "ProcedureStepDescription": "MeditResp",
    "ProtocolName": "PU:Sag_T1_FSPGR_BRAVO",
    "RepetitionTime": 0.008156,
    "ScanningSequence": "GR",
    "SequenceVariant": "SS_SP_SK",
    "SeriesDescription": "PU:Sag_T1_FSPGR_BRAVO",
    "dataset": "ds003481",
    "modality": "T1w",
    "subject_id": "093"
  },
  "cjv": 0.2911275466536932,
  "cnr": 4.642514873898181,
  "efc": 0.7356663215284746,
  "fber": 12547.930132348414,
  "fwhm_avg": 4.075643333333333,
  "fwhm_x": 4.08231,
  "fwhm_y": 4.24728,
  "fwhm_z": 3.89734,
  "icvs_csf": 0.2034508340143511,
  "icvs_gm": 0.4649498451901574,
  "icvs_wm": 0.3315993207954915,
  "inu_med": 0.4337985962629318,
  "inu_range": 0.10035475343465805,
  "provenance": {
    "md5sum": "83f3fe07175bef60457c1db6b3e40421",
    "settings": {
      "testing": false
    },
    "software": "mriqc",
    "version": "23.0.1",
    "warnings": {
      "large_rot_frame": true,
      "small_air_mask": true
    },
    "webapi_port": null,
    "webapi_url": "https://mriqc.nimh.nih.gov/api/v1"
  },
  "qi_1": 0.0,
  "qi_2": 0.005312834282432635,
  "rpve_csf": 25.016713219669754,
  "rpve_gm": 11.910433515848696,
  "rpve_wm": 18.718122109898584,
  "size_x": 176,
  "size_y": 256,
  "size_z": 256,
  "snr_csf": 2.5217140805868428,
  "snr_gm": 11.331051251659709,
  "snr_total": 12.76485434794654,
  "snr_wm": 24.441797711593072,
  "snrd_csf": 19.89566129776724,
  "snrd_gm": 52.262210846312314,
  "snrd_total": 50.23098757402773,
  "snrd_wm": 78.53509057800363,
  "spacing_x": 1.0,
  "spacing_y": 1.0,
  "spacing_z": 1.0,
  "summary_bg_k": 10.458155743433377,
  "summary_bg_mad": 0.0,
  "summary_bg_mean": 4.112395772868442,
  "summary_bg_median": 0.0,
  "summary_bg_n": 261242.0,
  "summary_bg_p05": 0.0,
  "summary_bg_p95": 21.162075955420732,
  "summary_bg_stdv": 8.342236748468375,
  "summary_csf_k": 0.7559264477336143,
  "summary_csf_mad": 86.61565399298536,
  "summary_csf_mean": 258.0770924810237,
  "summary_csf_median": 253.34314627200365,
  "summary_csf_n": 36760.0,
  "summary_csf_p05": 95.74585692342372,
  "summary_csf_p95": 440.22634168211357,
  "summary_csf_stdv": 100.46329292087964,
  "summary_gm_k": 0.162604375870405,
  "summary_gm_mad": 57.8429002631267,
  "summary_gm_mean": 666.5320929842233,
  "summary_gm_median": 665.4854407086968,
  "summary_gm_n": 63481.0,
  "summary_gm_p05": 571.7772275917232,
  "summary_gm_p95": 763.6734613738954,
  "summary_gm_stdv": 58.73066711081923,
  "summary_wm_k": 0.4254984217488529,
  "summary_wm_mad": 39.553242853449106,
  "summary_wm_mean": 1000.5997044357753,
  "summary_wm_median": 1000.0334566421807,
  "summary_wm_n": 204563.0,
  "summary_wm_p05": 934.5413447991014,
  "summary_wm_p95": 1068.3003746531904,
  "summary_wm_stdv": 40.914789661658396,
  "tpm_overlap_csf": 0.14717742010953005,
  "tpm_overlap_gm": 0.4794593965047155,
  "tpm_overlap_wm": 0.5087929042738303,
  "wm2max": 0.5322029676546988
}