{
  "aor": 0.00916096666666667,
  "aqi": 0.00472144642,
  "bids_meta": {
    "AcquisitionDateTime": "2016-09-20T21:44:22.000000",
    "ConversionSoftware": "dcm2niix",
    "ConversionSoftwareVersion": "v1.0.20170411 GCC4.8.4",
    "EchoTime": 0.04,
    "FlipAngle": 90,
    "ImageType": [
      "ORIGINAL",
      "PRIMARY",
      "EPI",
      "NONE"
    ],
    "MagneticFieldStrength": 3,
    "Manufacturer": "GE",
    "ManufacturersModelName": "DISCOVERY_MR750",
    "ProcedureStepDescription": "MeditResp",
    "ProtocolName": "fMRI_RestSt",
    "RepetitionTime": 2,
    "ScanningSequence": "EP_GR",
    "SequenceVariant": "SS",
    "SeriesDescription": "fMRI_RestSt",
    "SliceTiming": [
      1.0285,
      0.0571001,
      1.0857,
      0.1142,
      1.1428,
      0.1714,
      1.2,
      0.2285,
      1.2571,
      0.2857,
      1.3143,
      0.3428,
      1.3714,
      0.4,
      1.4286,
      0.4571,
      1.4857,
      0.5142,
      1.5428,
      0.5714,
      1.6,
      0.6285,
      1.6571,
      0.6857,
      1.7143,
      0.7428,
      1.7714,
      0.8,
      1.8285,
      0.8571,
      1.8857,
      0.9143,
      1.9428,
      0.9714
    ],
    "TaskName": "rest",
    "dataset": "ds003481",
    "modality": "bold",
    "subject_id": "117",
    "task_id": "rest"
  },
  "dummy_trs": 0,
  "dvars_nstd": 12.666404832675575,
  "dvars_std": 0.9523361892642135,
  "dvars_vstd": 0.8891028594983271,
  "efc": 0.3357099078108136,
  "fber": 73651.5546875,
  "fd_mean": 0.11307188066152445,
  "fd_num": 18,
  "fd_perc": 6.0,
  "fwhm_avg": 2.5711581311345584,
  "fwhm_x": 2.51875,
  "fwhm_y": 2.650475,
  "fwhm_z": 2.5442493934036747,
  "gcor": 0.0334104,
  "gsr_x": -0.006590144243091345,
  "gsr_y": 0.0039497553370893,
  "provenance": {
    "md5sum": "dd9081a121f0f2a27f214c082eb9b882",
    "settings": {
      "fd_thres": 0.2,
      "testing": false
    },
    "software": "mriqc",
    "version": "23.0.1",
    "webapi_port": null,
    "webapi_url": "https://mriqc.nimh.nih.gov/api/v1"
  },
  "size_t": 300,
  "size_x": 64,
  "size_y": 64,
  "size_z": 34,
  "snr": 3.943944256787578,
  "spacing_tr": 2.0,
  "spacing_x": 4.0,
  "spacing_y": 4.0,
  "spacing_z": 4.000000953674316,
  "summary_bg_k": 146.451287953043,
  "summary_bg_mad": 9.157539718287063,
  "summary_bg_mean": 30.14744758605957,
  "summary_bg_median": 6.993333339691162,
  "summary_bg_n": 100912.0,
  "summary_bg_p05": 0.2666666805744171,
  "summary_bg_p95": 133.67550430297834,
  "summary_bg_stdv": 88.78041076660156,
  "summary_fg_k": 0.30708610433429184,
  "summary_fg_mad": 433.06074206964,
  "summary_fg_mean": 1893.509033203125,
  "summary_fg_median": 1834.658447265625,
  "summary_fg_n": 11810.0,
  "summary_fg_p05": 1217.58134765625,
  "summary_fg_p95": 2727.7116943359374,
  "summary_fg_stdv": 465.1639709472656,
  "tsnr": 63.468145654769614
}