{
  "aor": 0.0029725098039215686,
  "aqi": 0.002922269882352941,
  "bids_meta": {
    "AcquisitionDateTime": "2016-05-02T19:49:11.000000",
    "ConversionSoftware": "dcm2niix",
    "ConversionSoftwareVersion": "v1.0.20170411 GCC4.8.4",
    "EchoTime": 0.04,
    "FlipAngle": 90,
    "ImageType": [
      "ORIGINAL",
      "PRIMARY",
      "EPI",
      "NONE"
    ],
    "MagneticFieldStrength": 3,
    "Manufacturer": "GE",
    "ManufacturersModelName": "DISCOVERY_MR750",
    "ProcedureStepDescription": "ActosHabla",
    "ProtocolName": "fMRI_ActosHabla_3",
    "RepetitionTime": 2,
    "ScanningSequence": "EP_GR",
    "SequenceVariant": "SS",
    "SeriesDescription": "fMRI_ActosHabla_3",
    "SliceTiming": [
      0,
      1.0285,
      0.0571001,
      1.0857,
      0.1142,
      1.1428,
      0.1714,
      1.2,
      0.2285,
      1.2571,
      0.2857,
      1.3143,
      0.3428,
      1.3714,
      0.4,
      1.4286,
      0.4571,
      1.4857,
      0.5142,
      1.5428,
      0.5714,
      1.6,
      0.6285,
      1.6571,
      0.6857,
      1.7143,
      0.7428,
      1.7714,
      0.8,
      1.8285,
      0.8571,
      1.8857,
      0.9143,
      1.9428,
      0.9714
    ],
    "TaskName": "sar",
    "dataset": "ds003481",
    "modality": "bold",
    "run_id": 3,
    "subject_id": "002",
    "task_id": "sar"
  },
  "dummy_trs": 0,
  "dvars_nstd": 14.776208392992134,
  "dvars_std": 1.0775267098818897,
  "dvars_vstd": 0.9807260500787398,
  "efc": 0.3389321287360905,
  "fber": 67237.8359375,
  "fd_mean": 0.07601291586790468,
  "fd_num": 12,
  "fd_perc": 4.705882352941177,
  "fwhm_avg": 2.576775,
  "fwhm_x": 2.521225,
  "fwhm_y": 2.6943,
  "fwhm_z": 2.5148,
  "gcor": 0.0670862,
  "gsr_x": -0.009797859936952591,
  "gsr_y": 0.0013707780744880438,
  "provenance": {
    "md5sum": "ddaa2f23c795bda3bc0707df3c5c7c26",
    "settings": {
      "fd_thres": 0.2,
      "testing": false
    },
    "software": "mriqc",
    "version": "23.0.1",
    "webapi_port": null,
    "webapi_url": "https://mriqc.nimh.nih.gov/api/v1"
  },
  "size_t": 255,
  "size_x": 64,
  "size_y": 64,
  "size_z": 35,
  "snr": 3.898883293819085,
  "spacing_tr": 2.0,
  "spacing_x": 4.0,
  "spacing_y": 4.0,
  "spacing_z": 4.0,
  "summary_bg_k": 152.17534077508088,
  "summary_bg_mad": 10.732878010901464,
  "summary_bg_mean": 30.097267150878906,
  "summary_bg_median": 7.74509859085083,
  "summary_bg_n": 103607.0,
  "summary_bg_p05": 0.10196079313755035,
  "summary_bg_p95": 120.82236328124999,
  "summary_bg_stdv": 85.08441925048828,
  "summary_fg_k": 0.521909841088354,
  "summary_fg_mad": 436.42564462671584,
  "summary_fg_mean": 1908.52490234375,
  "summary_fg_median": 1862.6392822265625,
  "summary_fg_n": 12765.0,
  "summary_fg_p05": 1215.381201171875,
  "summary_fg_p95": 2759.378173828125,
  "summary_fg_stdv": 477.7178955078125,
  "tsnr": 76.18955792393535
}