{
  "aor": 0.007090957854406129,
  "aqi": 0.0063082248275862065,
  "bids_meta": {
    "AcquisitionDateTime": "2016-05-02T19:28:8.000000",
    "ConversionSoftware": "dcm2niix",
    "ConversionSoftwareVersion": "v1.0.20170411 GCC4.8.4",
    "EchoTime": 0.04,
    "FlipAngle": 90,
    "ImageType": [
      "ORIGINAL",
      "PRIMARY",
      "EPI",
      "NONE"
    ],
    "MagneticFieldStrength": 3,
    "Manufacturer": "GE",
    "ManufacturersModelName": "DISCOVERY_MR750",
    "ProcedureStepDescription": "ActosHabla",
    "ProtocolName": "fMRI_ActosHabla_1",
    "RepetitionTime": 2,
    "ScanningSequence": "EP_GR",
    "SequenceVariant": "SS",
    "SeriesDescription": "fMRI_ActosHabla_1",
    "SliceTiming": [
      0,
      1.0285,
      0.0571001,
      1.0857,
      0.1142,
      1.1428,
      0.1714,
      1.2,
      0.2285,
      1.2571,
      0.2857,
      1.3143,
      0.3428,
      1.3714,
      0.4,
      1.4286,
      0.4571,
      1.4857,
      0.5142,
      1.5428,
      0.5714,
      1.6,
      0.6285,
      1.6571,
      0.6857,
      1.7143,
      0.7428,
      1.7714,
      0.8,
      1.8285,
      0.8571,
      1.8857,
      0.9143,
      1.9428,
      0.9714
    ],
    "TaskName": "sar",
    "dataset": "ds003481",
    "modality": "bold",
    "run_id": 1,
    "subject_id": "002",
    "task_id": "sar"
  },
  "dummy_trs": 0,
  "dvars_nstd": 18.488948792769236,
  "dvars_std": 0.9059578243461542,
  "dvars_vstd": 0.884893864653846,
  "efc": 0.3371316112521403,
  "fber": 67278.203125,
  "fd_mean": 0.14626175355035023,
  "fd_num": 46,
  "fd_perc": 17.624521072796934,
  "fwhm_avg": 2.6018666666666665,
  "fwhm_x": 2.511775,
  "fwhm_y": 2.727125,
  "fwhm_z": 2.5667,
  "gcor": 0.051574,
  "gsr_x": -0.010926386341452599,
  "gsr_y": 0.0013358015567064285,
  "provenance": {
    "md5sum": "52683b665b8b2937f8bdae7f61312681",
    "settings": {
      "fd_thres": 0.2,
      "testing": false
    },
    "software": "mriqc",
    "version": "23.0.1",
    "webapi_port": null,
    "webapi_url": "https://mriqc.nimh.nih.gov/api/v1"
  },
  "size_t": 261,
  "size_x": 64,
  "size_y": 64,
  "size_z": 35,
  "snr": 3.9315834155633707,
  "spacing_tr": 2.0,
  "spacing_x": 4.0,
  "spacing_y": 4.0,
  "spacing_z": 4.0,
  "summary_bg_k": 140.26816040323357,
  "summary_bg_mad": 10.76448733364869,
  "summary_bg_mean": 29.59088897705078,
  "summary_bg_median": 7.770114898681641,
  "summary_bg_n": 103811.0,
  "summary_bg_p05": 0.12068965286016464,
  "summary_bg_p95": 115.79501342773438,
  "summary_bg_stdv": 84.2093505859375,
  "summary_fg_k": 0.34324676050484504,
  "summary_fg_mad": 445.11023325674637,
  "summary_fg_mean": 1918.3485107421875,
  "summary_fg_median": 1875.7891845703125,
  "summary_fg_n": 12629.0,
  "summary_fg_p05": 1214.7831298828125,
  "summary_fg_p95": 2761.8275390625,
  "summary_fg_stdv": 477.08892822265625,
  "tsnr": 47.513259849278256
}