{
  "aor": 0.0010524800000000002,
  "aqi": 0.001681734796,
  "bids_meta": {
    "AcquisitionDateTime": "2017-07-10T18:24:21.000000",
    "ConversionSoftware": "dcm2niix",
    "ConversionSoftwareVersion": "v1.0.20170411 GCC4.8.4",
    "EchoTime": 0.035,
    "FlipAngle": 90,
    "ImageType": [
      "ORIGINAL",
      "PRIMARY",
      "EPI",
      "NONE"
    ],
    "MagneticFieldStrength": 3,
    "Manufacturer": "GE",
    "ManufacturersModelName": "DISCOVERY_MR750",
    "ProcedureStepDescription": "CompMet",
    "ProtocolName": "fMRI_CompMet",
    "RepetitionTime": 2,
    "ScanningSequence": "EP_GR",
    "SequenceVariant": "SS",
    "SeriesDescription": "fMRI_CompMet",
    "SliceTiming": [
      1.0285,
      0.0571001,
      1.0857,
      0.1142,
      1.1428,
      0.1714,
      1.2,
      0.2285,
      1.2571,
      0.2857,
      1.3143,
      0.3428,
      1.3714,
      0.4,
      1.4286,
      0.4571,
      1.4857,
      0.5142,
      1.5428,
      0.5714,
      1.6,
      0.6285,
      1.6571,
      0.6857,
      1.7143,
      0.7428,
      1.7714,
      0.8,
      1.8285,
      0.8571,
      1.8857,
      0.9143,
      1.9428,
      0.9714
    ],
    "TaskName": "cmp",
    "dataset": "ds003481",
    "modality": "bold",
    "run_id": 1,
    "subject_id": "078",
    "task_id": "cmp"
  },
  "dummy_trs": 0,
  "dvars_nstd": 12.12874475722891,
  "dvars_std": 1.0927913936947793,
  "dvars_vstd": 0.9794727250200803,
  "efc": 0.3385379331415084,
  "fber": 120062.9765625,
  "fd_mean": 0.059319374990218054,
  "fd_num": 0,
  "fd_perc": 0.0,
  "fwhm_avg": 2.7605833333333334,
  "fwhm_x": 2.697475,
  "fwhm_y": 2.897025,
  "fwhm_z": 2.68725,
  "gcor": 0.0502473,
  "gsr_x": -0.011437774635851383,
  "gsr_y": 0.00033722977968864143,
  "provenance": {
    "md5sum": "a0135d75a83e6375740c572fc148406d",
    "settings": {
      "fd_thres": 0.2,
      "testing": false
    },
    "software": "mriqc",
    "version": "23.0.1",
    "webapi_port": null,
    "webapi_url": "https://mriqc.nimh.nih.gov/api/v1"
  },
  "size_t": 250,
  "size_x": 64,
  "size_y": 64,
  "size_z": 34,
  "snr": 3.5995737943992996,
  "spacing_tr": 2.0,
  "spacing_x": 4.0,
  "spacing_y": 4.0,
  "spacing_z": 4.0,
  "summary_bg_k": 90.97991271126796,
  "summary_bg_mad": 8.296642126457002,
  "summary_bg_mean": 30.08388900756836,
  "summary_bg_median": 6.308000087738037,
  "summary_bg_n": 99762.0,
  "summary_bg_p05": 0.24000000953674316,
  "summary_bg_p95": 130.48760681152342,
  "summary_bg_stdv": 93.69129180908203,
  "summary_fg_k": 0.6481134261477046,
  "summary_fg_mad": 481.5433005666738,
  "summary_fg_mean": 2150.948486328125,
  "summary_fg_median": 2063.77197265625,
  "summary_fg_n": 12880.0,
  "summary_fg_p05": 1341.9300109863282,
  "summary_fg_p95": 3255.9958740234374,
  "summary_fg_stdv": 573.3156127929688,
  "tsnr": 96.33965880051255
}