{
  "aor": 0.00289156,
  "aqi": 0.0022292660640000003,
  "bids_meta": {
    "AcquisitionDateTime": "2017-07-10T18:35:56.000000",
    "ConversionSoftware": "dcm2niix",
    "ConversionSoftwareVersion": "v1.0.20170411 GCC4.8.4",
    "EchoTime": 0.035,
    "FlipAngle": 90,
    "ImageType": [
      "ORIGINAL",
      "PRIMARY",
      "EPI",
      "NONE"
    ],
    "MagneticFieldStrength": 3,
    "Manufacturer": "GE",
    "ManufacturersModelName": "DISCOVERY_MR750",
    "ProcedureStepDescription": "CompMet",
    "ProtocolName": "fMRI_CompMet",
    "RepetitionTime": 2,
    "ScanningSequence": "EP_GR",
    "SequenceVariant": "SS",
    "SeriesDescription": "fMRI_CompMet",
    "SliceTiming": [
      1.0285,
      0.0571001,
      1.0857,
      0.1142,
      1.1428,
      0.1714,
      1.2,
      0.2285,
      1.2571,
      0.2857,
      1.3143,
      0.3428,
      1.3714,
      0.4,
      1.4286,
      0.4571,
      1.4857,
      0.5142,
      1.5428,
      0.5714,
      1.6,
      0.6285,
      1.6571,
      0.6857,
      1.7143,
      0.7428,
      1.7714,
      0.8,
      1.8285,
      0.8571,
      1.8857,
      0.9143,
      1.9428,
      0.9714
    ],
    "TaskName": "cmp",
    "dataset": "ds003481",
    "modality": "bold",
    "run_id": 2,
    "subject_id": "078",
    "task_id": "cmp"
  },
  "dummy_trs": 0,
  "dvars_nstd": 12.950942886064254,
  "dvars_std": 1.0597308286345377,
  "dvars_vstd": 0.969471699437751,
  "efc": 0.33963126283019224,
  "fber": 110691.7421875,
  "fd_mean": 0.07564675844521318,
  "fd_num": 8,
  "fd_perc": 3.2,
  "fwhm_avg": 2.7874916666666665,
  "fwhm_x": 2.727475,
  "fwhm_y": 2.9144,
  "fwhm_z": 2.7206,
  "gcor": 0.0509116,
  "gsr_x": -0.012048369273543358,
  "gsr_y": 0.0017276533180847764,
  "provenance": {
    "md5sum": "102fec70c96f2d2a7529f14eb9403889",
    "settings": {
      "fd_thres": 0.2,
      "testing": false
    },
    "software": "mriqc",
    "version": "23.0.1",
    "webapi_port": null,
    "webapi_url": "https://mriqc.nimh.nih.gov/api/v1"
  },
  "size_t": 250,
  "size_x": 64,
  "size_y": 64,
  "size_z": 34,
  "snr": 3.558511938311313,
  "spacing_tr": 2.0,
  "spacing_x": 4.0,
  "spacing_y": 4.0,
  "spacing_z": 4.0,
  "summary_bg_k": 99.19231817676302,
  "summary_bg_mad": 8.403389614149134,
  "summary_bg_mean": 30.042068481445312,
  "summary_bg_median": 6.392000198364258,
  "summary_bg_n": 99683.0,
  "summary_bg_p05": 0.25200000405311584,
  "summary_bg_p95": 130.77799987792957,
  "summary_bg_stdv": 92.28169250488281,
  "summary_fg_k": 0.6610895787994719,
  "summary_fg_mad": 482.94880457410966,
  "summary_fg_mean": 2083.73095703125,
  "summary_fg_median": 2012.0120849609375,
  "summary_fg_n": 12862.0,
  "summary_fg_p05": 1272.370831298828,
  "summary_fg_p95": 3161.2545654296873,
  "summary_fg_stdv": 565.3862915039062,
  "tsnr": 80.78837842354551
}