{
  "aor": 0.001392232142857143,
  "aqi": 0.0025060351785714287,
  "bids_meta": {
    "AcquisitionDateTime": "2017-01-27T18:02:48.000000",
    "ConversionSoftware": "dcm2niix",
    "ConversionSoftwareVersion": "v1.0.20170411 GCC4.8.4",
    "EchoTime": 0.04,
    "FlipAngle": 90,
    "ImageType": [
      "ORIGINAL",
      "PRIMARY",
      "EPI",
      "NONE"
    ],
    "MagneticFieldStrength": 3,
    "Manufacturer": "GE",
    "ManufacturersModelName": "DISCOVERY_MR750",
    "ProcedureStepDescription": "CompRefranes",
    "ProtocolName": "fMRI_Comprension_2",
    "RepetitionTime": 2,
    "ScanningSequence": "EP_GR",
    "SequenceVariant": "SS",
    "SeriesDescription": "fMRI_Comprension_2",
    "SliceTiming": [
      1.0285,
      0.0571001,
      1.0857,
      0.1142,
      1.1428,
      0.1714,
      1.2,
      0.2285,
      1.2571,
      0.2857,
      1.3143,
      0.3428,
      1.3714,
      0.4,
      1.4286,
      0.4571,
      1.4857,
      0.5142,
      1.5428,
      0.5714,
      1.6,
      0.6285,
      1.6571,
      0.6857,
      1.7143,
      0.7428,
      1.7714,
      0.8,
      1.8285,
      0.8571,
      1.8857,
      0.9143,
      1.9428,
      0.9714
    ],
    "TaskName": "pc",
    "dataset": "ds003481",
    "modality": "bold",
    "run_id": 2,
    "subject_id": "059",
    "task_id": "pc"
  },
  "dummy_trs": 0,
  "dvars_nstd": 19.417235964977568,
  "dvars_std": 1.1480719564125557,
  "dvars_vstd": 1.001358162107623,
  "efc": 0.36663068985210134,
  "fber": 126403.2578125,
  "fd_mean": 0.1316830906551192,
  "fd_num": 28,
  "fd_perc": 12.5,
  "fwhm_avg": 2.7863666666666664,
  "fwhm_x": 2.69815,
  "fwhm_y": 2.8425,
  "fwhm_z": 2.81845,
  "gcor": 0.0709434,
  "gsr_x": -0.013154992833733559,
  "gsr_y": 0.009679147973656654,
  "provenance": {
    "md5sum": "6d7454b8920dec36296df140adb73cb3",
    "settings": {
      "fd_thres": 0.2,
      "testing": false
    },
    "software": "mriqc",
    "version": "23.0.1",
    "webapi_port": null,
    "webapi_url": "https://mriqc.nimh.nih.gov/api/v1"
  },
  "size_t": 224,
  "size_x": 64,
  "size_y": 64,
  "size_z": 34,
  "snr": 3.2074977805925147,
  "spacing_tr": 2.0,
  "spacing_x": 4.0,
  "spacing_y": 4.0,
  "spacing_z": 4.0,
  "summary_bg_k": 84.47814371200218,
  "summary_bg_mad": 7.949130720501178,
  "summary_bg_mean": 37.50194549560547,
  "summary_bg_median": 5.638392925262451,
  "summary_bg_n": 97076.0,
  "summary_bg_p05": 0.0714285746216774,
  "summary_bg_p95": 196.6741180419922,
  "summary_bg_stdv": 106.32859802246094,
  "summary_fg_k": 0.9107419582092313,
  "summary_fg_mad": 479.7343883139927,
  "summary_fg_mean": 1956.4072265625,
  "summary_fg_median": 1846.419677734375,
  "summary_fg_n": 14781.0,
  "summary_fg_p05": 1203.25,
  "summary_fg_p95": 3093.977783203125,
  "summary_fg_stdv": 575.6378784179688,
  "tsnr": 75.7933637923561
}