{
  "aor": 0.0017015151515151514,
  "aqi": 0.0022403495021645022,
  "bids_meta": {
    "AcquisitionDateTime": "2017-01-27T17:53:3.000000",
    "ConversionSoftware": "dcm2niix",
    "ConversionSoftwareVersion": "v1.0.20170411 GCC4.8.4",
    "EchoTime": 0.04,
    "FlipAngle": 90,
    "ImageType": [
      "ORIGINAL",
      "PRIMARY",
      "EPI",
      "NONE"
    ],
    "MagneticFieldStrength": 3,
    "Manufacturer": "GE",
    "ManufacturersModelName": "DISCOVERY_MR750",
    "ProcedureStepDescription": "CompRefranes",
    "ProtocolName": "fMRI_Comprension_1",
    "RepetitionTime": 2,
    "ScanningSequence": "EP_GR",
    "SequenceVariant": "SS",
    "SeriesDescription": "fMRI_Comprension_1",
    "SliceTiming": [
      1.0285,
      0.0571001,
      1.0857,
      0.1142,
      1.1428,
      0.1714,
      1.2,
      0.2285,
      1.2571,
      0.2857,
      1.3143,
      0.3428,
      1.3714,
      0.4,
      1.4286,
      0.4571,
      1.4857,
      0.5142,
      1.5428,
      0.5714,
      1.6,
      0.6285,
      1.6571,
      0.6857,
      1.7143,
      0.7428,
      1.7714,
      0.8,
      1.8285,
      0.8571,
      1.8857,
      0.9143,
      1.9428,
      0.9714
    ],
    "TaskName": "pc",
    "dataset": "ds003481",
    "modality": "bold",
    "run_id": 1,
    "subject_id": "059",
    "task_id": "pc"
  },
  "dummy_trs": 0,
  "dvars_nstd": 19.8076926813913,
  "dvars_std": 1.1945651678695652,
  "dvars_vstd": 1.018575507478261,
  "efc": 0.3668414957911163,
  "fber": 126249.0625,
  "fd_mean": 0.10870155404917507,
  "fd_num": 14,
  "fd_perc": 6.0606060606060606,
  "fwhm_avg": 2.7794666666666665,
  "fwhm_x": 2.6925,
  "fwhm_y": 2.8145,
  "fwhm_z": 2.8314,
  "gcor": 0.0795627,
  "gsr_x": -0.013061508536338806,
  "gsr_y": 0.008961486630141735,
  "provenance": {
    "md5sum": "7a258360e307bd5e9137e17cc83641f7",
    "settings": {
      "fd_thres": 0.2,
      "testing": false
    },
    "software": "mriqc",
    "version": "23.0.1",
    "webapi_port": null,
    "webapi_url": "https://mriqc.nimh.nih.gov/api/v1"
  },
  "size_t": 231,
  "size_x": 64,
  "size_y": 64,
  "size_z": 34,
  "snr": 3.2363550076136334,
  "spacing_tr": 2.0,
  "spacing_x": 4.0,
  "spacing_y": 4.0,
  "spacing_z": 4.0,
  "summary_bg_k": 84.15434237213353,
  "summary_bg_mad": 7.926466560465453,
  "summary_bg_mean": 37.436126708984375,
  "summary_bg_median": 5.610389709472656,
  "summary_bg_n": 96979.0,
  "summary_bg_p05": 0.06493506580591202,
  "summary_bg_p95": 196.8766296386717,
  "summary_bg_stdv": 105.493408203125,
  "summary_fg_k": 0.7614569861185965,
  "summary_fg_mad": 493.2636765030047,
  "summary_fg_mean": 1964.7510986328125,
  "summary_fg_median": 1862.3939208984375,
  "summary_fg_n": 14776.0,
  "summary_fg_p05": 1197.8419494628906,
  "summary_fg_p95": 3098.9091186523438,
  "summary_fg_stdv": 575.4408569335938,
  "tsnr": 74.01164282066748
}