{
  "aor": 0.002033179190751445,
  "aqi": 0.0023494981213872837,
  "bids_meta": {
    "AcquisitionMatrixPE": 64,
    "AcquisitionNumber": 1,
    "AcquisitionTime": "20:25:34.000000",
    "CoilString": "32Ch_Head",
    "ConversionSoftware": "dcm2niix",
    "ConversionSoftwareVersion": "v1.0.20190902",
    "Dcm2bidsVersion": "2.1.4",
    "DeviceSerialNumber": "000000000000GEHC",
    "EchoTime": 0.04,
    "EffectiveEchoSpacing": 0.000372,
    "FlipAngle": 90,
    "ImageOrientationPatientDICOM": [
      1,
      0,
      0,
      0,
      1,
      0
    ],
    "ImageType": [
      "ORIGINAL",
      "PRIMARY",
      "EPI",
      "NONE"
    ],
    "ImagingFrequency": 127.772,
    "InPlanePhaseEncodingDirectionDICOM": "COL",
    "InstitutionName": "INSTITUTO_DE_NEUROBIOLOGIA",
    "MRAcquisitionType": "2D",
    "MagneticFieldStrength": 3,
    "Manufacturer": "GE",
    "ManufacturersModelName": "DISCOVERY_MR750",
    "Modality": "MR",
    "PatientPosition": "HFS",
    "PercentPhaseFOV": 100,
    "PhaseEncodingDirection": "j",
    "PhaseEncodingPolarityGE": "Flipped",
    "PixelBandwidth": 7812.5,
    "ProcedureStepDescription": "verbos",
    "ProtocolName": "fMRI_5",
    "ReconMatrixPE": 64,
    "RepetitionTime": 2,
    "SAR": 0.365639,
    "ScanOptions": "EPI_GEMS_ACC_GEMS",
    "ScanningSequence": "EP_GR",
    "SequenceVariant": "SS",
    "SeriesDescription": "fMRI_5",
    "SeriesNumber": 8,
    "SliceThickness": 4,
    "SliceTiming": [
      0,
      1.0285,
      0.0571001,
      1.0857,
      0.1142,
      1.1428,
      0.1714,
      1.2,
      0.2285,
      1.2571,
      0.2857,
      1.3143,
      0.3428,
      1.3714,
      0.4,
      1.4286,
      0.4571,
      1.4857,
      0.5142,
      1.5428,
      0.5714,
      1.6,
      0.6285,
      1.6571,
      0.6857,
      1.7143,
      0.7428,
      1.7714,
      0.8,
      1.8285,
      0.8571,
      1.8857,
      0.9143,
      1.9428,
      0.9714
    ],
    "SoftwareVersions": "24_LX_MR_Software_release:DV24.0_R02_1607.b",
    "SpacingBetweenSlices": 4,
    "StationName": "GEHCGEHC",
    "TaskName": "verbs",
    "TotalReadoutTime": 0.023436,
    "dataset": "ds003481",
    "modality": "bold",
    "run_id": 5,
    "subject_id": "144",
    "task_id": "verbs"
  },
  "dummy_trs": 1,
  "dvars_nstd": 14.964190738372112,
  "dvars_std": 1.0512602986046506,
  "dvars_vstd": 0.9786814084302322,
  "efc": 0.34315330332965377,
  "fber": 57180.5078125,
  "fd_mean": 0.1371898371034379,
  "fd_num": 32,
  "fd_perc": 18.497109826589597,
  "fwhm_avg": 2.9439583333333332,
  "fwhm_x": 2.8211,
  "fwhm_y": 3.031625,
  "fwhm_z": 2.97915,
  "gcor": 0.0398523,
  "gsr_x": -0.013093069195747375,
  "gsr_y": 0.008254562504589558,
  "provenance": {
    "md5sum": "64c0b2bc434b12972c785e5d22ce3f94",
    "settings": {
      "fd_thres": 0.2,
      "testing": false
    },
    "software": "mriqc",
    "version": "23.0.1",
    "webapi_port": null,
    "webapi_url": "https://mriqc.nimh.nih.gov/api/v1"
  },
  "size_t": 173,
  "size_x": 64,
  "size_y": 64,
  "size_z": 35,
  "snr": 2.8646923119591725,
  "spacing_tr": 2.0,
  "spacing_x": 4.0,
  "spacing_y": 4.0,
  "spacing_z": 4.0,
  "summary_bg_k": 47.945324910930914,
  "summary_bg_mad": 10.198246091517644,
  "summary_bg_mean": 37.929046630859375,
  "summary_bg_median": 7.55491304397583,
  "summary_bg_n": 103355.0,
  "summary_bg_p05": 0.27167630195617676,
  "summary_bg_p95": 171.6549026489257,
  "summary_bg_stdv": 102.47905731201172,
  "summary_fg_k": 1.3417982945442102,
  "summary_fg_mad": 463.07746459774626,
  "summary_fg_mean": 1864.034423828125,
  "summary_fg_median": 1710.427734375,
  "summary_fg_n": 12210.0,
  "summary_fg_p05": 1143.1988037109375,
  "summary_fg_p95": 3065.438134765625,
  "summary_fg_stdv": 597.047607421875,
  "tsnr": 73.57207326288335
}