{
  "aor": 0.0033906321839080465,
  "aqi": 0.002455747965517241,
  "bids_meta": {
    "AcquisitionMatrixPE": 64,
    "AcquisitionNumber": 1,
    "AcquisitionTime": "20:33:29.000000",
    "CoilString": "32Ch_Head",
    "ConversionSoftware": "dcm2niix",
    "ConversionSoftwareVersion": "v1.0.20190902",
    "Dcm2bidsVersion": "2.1.4",
    "DeviceSerialNumber": "000000000000GEHC",
    "EchoTime": 0.04,
    "EffectiveEchoSpacing": 0.000372,
    "FlipAngle": 90,
    "ImageOrientationPatientDICOM": [
      1,
      0,
      0,
      0,
      1,
      0
    ],
    "ImageType": [
      "ORIGINAL",
      "PRIMARY",
      "EPI",
      "NONE"
    ],
    "ImagingFrequency": 127.772,
    "InPlanePhaseEncodingDirectionDICOM": "COL",
    "InstitutionName": "INSTITUTO_DE_NEUROBIOLOGIA",
    "MRAcquisitionType": "2D",
    "MagneticFieldStrength": 3,
    "Manufacturer": "GE",
    "ManufacturersModelName": "DISCOVERY_MR750",
    "Modality": "MR",
    "PatientPosition": "HFS",
    "PercentPhaseFOV": 100,
    "PhaseEncodingDirection": "j",
    "PhaseEncodingPolarityGE": "Flipped",
    "PixelBandwidth": 7812.5,
    "ProcedureStepDescription": "verbos",
    "ProtocolName": "fMRI_6",
    "ReconMatrixPE": 64,
    "RepetitionTime": 2,
    "SAR": 0.365639,
    "ScanOptions": "EPI_GEMS_ACC_GEMS",
    "ScanningSequence": "EP_GR",
    "SequenceVariant": "SS",
    "SeriesDescription": "fMRI_6",
    "SeriesNumber": 9,
    "SliceThickness": 4,
    "SliceTiming": [
      0,
      1.0285,
      0.0571001,
      1.0857,
      0.1142,
      1.1428,
      0.1714,
      1.2,
      0.2285,
      1.2571,
      0.2857,
      1.3143,
      0.3428,
      1.3714,
      0.4,
      1.4286,
      0.4571,
      1.4857,
      0.5142,
      1.5428,
      0.5714,
      1.6,
      0.6285,
      1.6571,
      0.6857,
      1.7143,
      0.7428,
      1.7714,
      0.8,
      1.8285,
      0.8571,
      1.8857,
      0.9143,
      1.9428,
      0.9714
    ],
    "SoftwareVersions": "24_LX_MR_Software_release:DV24.0_R02_1607.b",
    "SpacingBetweenSlices": 4,
    "StationName": "GEHCGEHC",
    "TaskName": "verbs",
    "TotalReadoutTime": 0.023436,
    "dataset": "ds003481",
    "modality": "bold",
    "run_id": 6,
    "subject_id": "144",
    "task_id": "verbs"
  },
  "dummy_trs": 0,
  "dvars_nstd": 14.965613150115598,
  "dvars_std": 1.0616772747976884,
  "dvars_vstd": 0.9943316542196532,
  "efc": 0.3446269970753397,
  "fber": 60798.5546875,
  "fd_mean": 0.12454699797341452,
  "fd_num": 22,
  "fd_perc": 12.64367816091954,
  "fwhm_avg": 2.9106,
  "fwhm_x": 2.823825,
  "fwhm_y": 2.98765,
  "fwhm_z": 2.920325,
  "gcor": 0.0543289,
  "gsr_x": -0.012195994146168232,
  "gsr_y": 0.00963394995778799,
  "provenance": {
    "md5sum": "a7016aa0c629647e4a19fe085b36ccf8",
    "settings": {
      "fd_thres": 0.2,
      "testing": false
    },
    "software": "mriqc",
    "version": "23.0.1",
    "webapi_port": null,
    "webapi_url": "https://mriqc.nimh.nih.gov/api/v1"
  },
  "size_t": 174,
  "size_x": 64,
  "size_y": 64,
  "size_z": 35,
  "snr": 2.822998441576623,
  "spacing_tr": 2.0,
  "spacing_x": 4.0,
  "spacing_y": 4.0,
  "spacing_z": 4.0,
  "summary_bg_k": 50.427866996566074,
  "summary_bg_mad": 10.105552788478477,
  "summary_bg_mean": 37.148170471191406,
  "summary_bg_median": 7.465517044067383,
  "summary_bg_n": 103037.0,
  "summary_bg_p05": 0.21264368295669556,
  "summary_bg_p95": 169.02643737792954,
  "summary_bg_stdv": 99.1241455078125,
  "summary_fg_k": 1.3526095692115137,
  "summary_fg_mad": 467.71846923522776,
  "summary_fg_mean": 1874.041015625,
  "summary_fg_median": 1722.040283203125,
  "summary_fg_n": 12613.0,
  "summary_fg_p05": 1133.198876953125,
  "summary_fg_p95": 3105.7425292968746,
  "summary_fg_stdv": 609.9797973632812,
  "tsnr": 73.09849473531358
}