{
  "aor": 0.002510229885057471,
  "aqi": 0.001950228511494253,
  "bids_meta": {
    "AcquisitionMatrixPE": 64,
    "AcquisitionNumber": 1,
    "AcquisitionTime": "20:11:7.000000",
    "CoilString": "32Ch_Head",
    "ConversionSoftware": "dcm2niix",
    "ConversionSoftwareVersion": "v1.0.20190902",
    "Dcm2bidsVersion": "2.1.4",
    "DeviceSerialNumber": "000000000000GEHC",
    "EchoTime": 0.04,
    "EffectiveEchoSpacing": 0.000372,
    "FlipAngle": 90,
    "ImageOrientationPatientDICOM": [
      1,
      0,
      0,
      0,
      1,
      0
    ],
    "ImageType": [
      "ORIGINAL",
      "PRIMARY",
      "EPI",
      "NONE"
    ],
    "ImagingFrequency": 127.772,
    "InPlanePhaseEncodingDirectionDICOM": "COL",
    "InstitutionName": "INSTITUTO_DE_NEUROBIOLOGIA",
    "MRAcquisitionType": "2D",
    "MagneticFieldStrength": 3,
    "Manufacturer": "GE",
    "ManufacturersModelName": "DISCOVERY_MR750",
    "Modality": "MR",
    "PatientPosition": "HFS",
    "PercentPhaseFOV": 100,
    "PhaseEncodingDirection": "j",
    "PhaseEncodingPolarityGE": "Flipped",
    "PixelBandwidth": 7812.5,
    "ProcedureStepDescription": "verbos",
    "ProtocolName": "fMRI_3",
    "ReconMatrixPE": 64,
    "RepetitionTime": 2,
    "SAR": 0.365639,
    "ScanOptions": "EPI_GEMS_ACC_GEMS",
    "ScanningSequence": "EP_GR",
    "SequenceVariant": "SS",
    "SeriesDescription": "fMRI_3",
    "SeriesNumber": 6,
    "SliceThickness": 4,
    "SliceTiming": [
      0,
      1.0285,
      0.0571001,
      1.0857,
      0.1142,
      1.1428,
      0.1714,
      1.2,
      0.2285,
      1.2571,
      0.2857,
      1.3143,
      0.3428,
      1.3714,
      0.4,
      1.4286,
      0.4571,
      1.4857,
      0.5142,
      1.5428,
      0.5714,
      1.6,
      0.6285,
      1.6571,
      0.6857,
      1.7143,
      0.7428,
      1.7714,
      0.8,
      1.8285,
      0.8571,
      1.8857,
      0.9143,
      1.9428,
      0.9714
    ],
    "SoftwareVersions": "24_LX_MR_Software_release:DV24.0_R02_1607.b",
    "SpacingBetweenSlices": 4,
    "StationName": "GEHCGEHC",
    "TaskName": "verbs",
    "TotalReadoutTime": 0.023436,
    "dataset": "ds003481",
    "modality": "bold",
    "run_id": 3,
    "subject_id": "144",
    "task_id": "verbs"
  },
  "dummy_trs": 0,
  "dvars_nstd": 13.60209506924856,
  "dvars_std": 1.027295828901734,
  "dvars_vstd": 0.983008062774567,
  "efc": 0.3419385486973018,
  "fber": 54967.6484375,
  "fd_mean": 0.10184136432454043,
  "fd_num": 12,
  "fd_perc": 6.896551724137931,
  "fwhm_avg": 2.9052666666666664,
  "fwhm_x": 2.79045,
  "fwhm_y": 2.9907,
  "fwhm_z": 2.93465,
  "gcor": 0.0416473,
  "gsr_x": -0.013282500207424164,
  "gsr_y": 0.007032209541648626,
  "provenance": {
    "md5sum": "55eebd885f25d23402f5f9958c779949",
    "settings": {
      "fd_thres": 0.2,
      "testing": false
    },
    "software": "mriqc",
    "version": "23.0.1",
    "webapi_port": null,
    "webapi_url": "https://mriqc.nimh.nih.gov/api/v1"
  },
  "size_t": 174,
  "size_x": 64,
  "size_y": 64,
  "size_z": 35,
  "snr": 2.813317186123596,
  "spacing_tr": 2.0,
  "spacing_x": 4.0,
  "spacing_y": 4.0,
  "spacing_z": 4.0,
  "summary_bg_k": 41.45493768659461,
  "summary_bg_mad": 10.241884159008846,
  "summary_bg_mean": 41.04789352416992,
  "summary_bg_median": 7.568965435028076,
  "summary_bg_n": 104108.0,
  "summary_bg_p05": 0.24137930572032928,
  "summary_bg_p95": 184.8485626220703,
  "summary_bg_stdv": 113.41362762451172,
  "summary_fg_k": 1.4690469253575298,
  "summary_fg_mad": 445.24940819644735,
  "summary_fg_mean": 1827.43896484375,
  "summary_fg_median": 1666.92529296875,
  "summary_fg_n": 11781.0,
  "summary_fg_p05": 1118.689697265625,
  "summary_fg_p95": 3029.57470703125,
  "summary_fg_stdv": 592.4872436523438,
  "tsnr": 76.0268294904381
}