{
  "aor": 0.0052325,
  "aqi": 0.004575738766666667,
  "bids_meta": {
    "AcquisitionMatrixPE": 64,
    "AcquisitionNumber": 1,
    "AcquisitionTime": "20:55:13.000000",
    "CoilString": "32Ch_Head",
    "ConversionSoftware": "dcm2niix",
    "ConversionSoftwareVersion": "v1.0.20190902",
    "Dcm2bidsVersion": "2.1.4",
    "DeviceSerialNumber": "000000000000GEHC",
    "EchoTime": 0.04,
    "EffectiveEchoSpacing": 0.000372,
    "FlipAngle": 90,
    "ImageOrientationPatientDICOM": [
      1,
      0,
      0,
      0,
      1,
      0
    ],
    "ImageType": [
      "ORIGINAL",
      "PRIMARY",
      "EPI",
      "NONE"
    ],
    "ImagingFrequency": 127.772,
    "InPlanePhaseEncodingDirectionDICOM": "COL",
    "InstitutionName": "INSTITUTO_DE_NEUROBIOLOGIA",
    "MRAcquisitionType": "2D",
    "MagneticFieldStrength": 3,
    "Manufacturer": "GE",
    "ManufacturersModelName": "DISCOVERY_MR750",
    "Modality": "MR",
    "PatientPosition": "HFS",
    "PercentPhaseFOV": 100,
    "PhaseEncodingDirection": "j",
    "PhaseEncodingPolarityGE": "Flipped",
    "PixelBandwidth": 7812.5,
    "ProcedureStepDescription": "verbos",
    "ProtocolName": "fMRI_RestState",
    "ReconMatrixPE": 64,
    "RepetitionTime": 2,
    "SAR": 0.365639,
    "ScanOptions": "EPI_GEMS_ACC_GEMS",
    "ScanningSequence": "EP_GR",
    "SequenceVariant": "SS",
    "SeriesDescription": "fMRI_RestState",
    "SeriesNumber": 12,
    "SliceThickness": 4,
    "SliceTiming": [
      0,
      1.0285,
      0.0571001,
      1.0857,
      0.1142,
      1.1428,
      0.1714,
      1.2,
      0.2285,
      1.2571,
      0.2857,
      1.3143,
      0.3428,
      1.3714,
      0.4,
      1.4286,
      0.4571,
      1.4857,
      0.5142,
      1.5428,
      0.5714,
      1.6,
      0.6285,
      1.6571,
      0.6857,
      1.7143,
      0.7428,
      1.7714,
      0.8,
      1.8285,
      0.8571,
      1.8857,
      0.9143,
      1.9428,
      0.9714
    ],
    "SoftwareVersions": "24_LX_MR_Software_release:DV24.0_R02_1607.b",
    "SpacingBetweenSlices": 4,
    "StationName": "GEHCGEHC",
    "TaskName": "rest",
    "TotalReadoutTime": 0.023436,
    "dataset": "ds003481",
    "modality": "bold",
    "subject_id": "144",
    "task_id": "rest"
  },
  "dummy_trs": 0,
  "dvars_nstd": 18.032683152374577,
  "dvars_std": 1.0880922582943142,
  "dvars_vstd": 1.0026621886287628,
  "efc": 0.3444911735177793,
  "fber": 64428.203125,
  "fd_mean": 0.16990396459577645,
  "fd_num": 73,
  "fd_perc": 24.333333333333332,
  "fwhm_avg": 2.8590416666666667,
  "fwhm_x": 2.769325,
  "fwhm_y": 2.96925,
  "fwhm_z": 2.83855,
  "gcor": 0.100055,
  "gsr_x": -0.012233966961503029,
  "gsr_y": 0.012373258359730244,
  "provenance": {
    "md5sum": "0ea6aa5b6c11707dae36fafa49895b26",
    "settings": {
      "fd_thres": 0.2,
      "testing": false
    },
    "software": "mriqc",
    "version": "23.0.1",
    "webapi_port": null,
    "webapi_url": "https://mriqc.nimh.nih.gov/api/v1"
  },
  "size_t": 300,
  "size_x": 64,
  "size_y": 64,
  "size_z": 35,
  "snr": 2.9485217852710526,
  "spacing_tr": 2.0,
  "spacing_x": 4.0,
  "spacing_y": 4.0,
  "spacing_z": 4.0,
  "summary_bg_k": 65.52145358139178,
  "summary_bg_mad": 9.735754915775368,
  "summary_bg_mean": 37.05475997924805,
  "summary_bg_median": 7.2266669273376465,
  "summary_bg_n": 103221.0,
  "summary_bg_p05": 0.2433333396911621,
  "summary_bg_p95": 170.2166748046875,
  "summary_bg_stdv": 100.61492156982422,
  "summary_fg_k": 1.3430599604005335,
  "summary_fg_mad": 458.3489553005178,
  "summary_fg_mean": 1864.5322265625,
  "summary_fg_median": 1719.041748046875,
  "summary_fg_n": 12518.0,
  "summary_fg_p05": 1144.0905334472657,
  "summary_fg_p95": 3048.671508789062,
  "summary_fg_stdv": 582.994873046875,
  "tsnr": 53.50704098236747
}