{
  "aor": 0.003964712643678161,
  "aqi": 0.002284579212643678,
  "bids_meta": {
    "AcquisitionMatrixPE": 64,
    "AcquisitionNumber": 1,
    "AcquisitionTime": "19:52:44.000000",
    "CoilString": "32Ch_Head",
    "ConversionSoftware": "dcm2niix",
    "ConversionSoftwareVersion": "v1.0.20190902",
    "Dcm2bidsVersion": "2.1.4",
    "DeviceSerialNumber": "000000000000GEHC",
    "EchoTime": 0.04,
    "EffectiveEchoSpacing": 0.000372,
    "FlipAngle": 90,
    "ImageOrientationPatientDICOM": [
      1,
      0,
      0,
      0,
      1,
      0
    ],
    "ImageType": [
      "ORIGINAL",
      "PRIMARY",
      "EPI",
      "NONE"
    ],
    "ImagingFrequency": 127.772,
    "InPlanePhaseEncodingDirectionDICOM": "COL",
    "InstitutionName": "INSTITUTO_DE_NEUROBIOLOGIA",
    "MRAcquisitionType": "2D",
    "MagneticFieldStrength": 3,
    "Manufacturer": "GE",
    "ManufacturersModelName": "DISCOVERY_MR750",
    "Modality": "MR",
    "PatientPosition": "HFS",
    "PercentPhaseFOV": 100,
    "PhaseEncodingDirection": "j",
    "PhaseEncodingPolarityGE": "Flipped",
    "PixelBandwidth": 7812.5,
    "ProcedureStepDescription": "verbos",
    "ProtocolName": "fMRI_1",
    "ReconMatrixPE": 64,
    "RepetitionTime": 2,
    "SAR": 0.365639,
    "ScanOptions": "EPI_GEMS_ACC_GEMS",
    "ScanningSequence": "EP_GR",
    "SequenceVariant": "SS",
    "SeriesDescription": "fMRI_1",
    "SeriesNumber": 4,
    "SliceThickness": 4,
    "SliceTiming": [
      0,
      1.0285,
      0.0571001,
      1.0857,
      0.1142,
      1.1428,
      0.1714,
      1.2,
      0.2285,
      1.2571,
      0.2857,
      1.3143,
      0.3428,
      1.3714,
      0.4,
      1.4286,
      0.4571,
      1.4857,
      0.5142,
      1.5428,
      0.5714,
      1.6,
      0.6285,
      1.6571,
      0.6857,
      1.7143,
      0.7428,
      1.7714,
      0.8,
      1.8285,
      0.8571,
      1.8857,
      0.9143,
      1.9428,
      0.9714
    ],
    "SoftwareVersions": "24_LX_MR_Software_release:DV24.0_R02_1607.b",
    "SpacingBetweenSlices": 4,
    "StationName": "GEHCGEHC",
    "TaskName": "verbs",
    "TotalReadoutTime": 0.023436,
    "dataset": "ds003481",
    "modality": "bold",
    "run_id": 1,
    "subject_id": "144",
    "task_id": "verbs"
  },
  "dummy_trs": 0,
  "dvars_nstd": 12.738386032947977,
  "dvars_std": 1.0047856208092485,
  "dvars_vstd": 0.987578490578034,
  "efc": 0.34051823942066095,
  "fber": 72340.1875,
  "fd_mean": 0.08911431650344047,
  "fd_num": 8,
  "fd_perc": 4.597701149425287,
  "fwhm_avg": 2.9078583333333334,
  "fwhm_x": 2.761925,
  "fwhm_y": 3.024875,
  "fwhm_z": 2.936775,
  "gcor": 0.022582,
  "gsr_x": -0.00822764914482832,
  "gsr_y": 0.001602032920345664,
  "provenance": {
    "md5sum": "4354a112dd9ec6da0fa9d12b543b2f80",
    "settings": {
      "fd_thres": 0.2,
      "testing": false
    },
    "software": "mriqc",
    "version": "23.0.1",
    "webapi_port": null,
    "webapi_url": "https://mriqc.nimh.nih.gov/api/v1"
  },
  "size_t": 174,
  "size_x": 64,
  "size_y": 64,
  "size_z": 35,
  "snr": 2.869596876155433,
  "spacing_tr": 2.0,
  "spacing_x": 4.0,
  "spacing_y": 4.0,
  "spacing_z": 4.0,
  "summary_bg_k": 62.162068478297655,
  "summary_bg_mad": 9.270524359067178,
  "summary_bg_mean": 31.885215759277344,
  "summary_bg_median": 6.988505840301514,
  "summary_bg_n": 102639.0,
  "summary_bg_p05": 0.26436781883239746,
  "summary_bg_p95": 146.16551666259724,
  "summary_bg_stdv": 91.01203155517578,
  "summary_fg_k": 1.1833302652716684,
  "summary_fg_mad": 508.9543388368535,
  "summary_fg_mean": 1925.96044921875,
  "summary_fg_median": 1789.92236328125,
  "summary_fg_n": 13150.0,
  "summary_fg_p05": 1143.4117309570313,
  "summary_fg_p95": 3170.543041992187,
  "summary_fg_stdv": 623.730224609375,
  "tsnr": 79.07390272663906
}