{
  "aor": 0.0007365702479338842,
  "aqi": 0.0015740867561983471,
  "bids_meta": {
    "AcquisitionMatrixPE": 64,
    "AcquisitionNumber": 1,
    "AcquisitionTime": "19:38:47.000000",
    "BodyPartExamined": "HEAD",
    "CoilString": "32Ch_Head",
    "ConversionSoftware": "dcm2niix",
    "ConversionSoftwareVersion": "v1.0.20181125  (JP2:OpenJPEG) GCC7.3.0",
    "DeviceSerialNumber": "0002806034DVR750",
    "EchoTime": 0.04,
    "EffectiveEchoSpacing": 0.000372,
    "FlipAngle": 90,
    "ImageOrientationPatientDICOM": [
      1,
      0,
      0,
      0,
      1,
      0
    ],
    "ImageType": [
      "ORIGINAL",
      "PRIMARY",
      "EPI",
      "NONE"
    ],
    "ImagingFrequency": 127.772,
    "InPlanePhaseEncodingDirectionDICOM": "COL",
    "InstitutionName": "INSTITUTO_DE_NEUROBIOLOGIA",
    "MRAcquisitionType": "2D",
    "MagneticFieldStrength": 3,
    "Manufacturer": "GE",
    "ManufacturersModelName": "DISCOVERY_MR750",
    "Modality": "MR",
    "PatientPosition": "HFS",
    "PercentPhaseFOV": 100,
    "PhaseEncodingDirection": "j",
    "PhaseEncodingPolarityGE": "Flipped",
    "PixelBandwidth": 7812.5,
    "ProcedureStepDescription": "Emociones_AH",
    "ProtocolName": "fMRI_Jalil_1",
    "ReconMatrixPE": 64,
    "RepetitionTime": 2,
    "SAR": 0.176101,
    "ScanOptions": "EPI_GEMS_ACC_GEMS",
    "ScanningSequence": "EP_GR",
    "SequenceVariant": "SS",
    "SeriesDescription": "fMRI_Jalil_1",
    "SeriesNumber": 5,
    "SliceThickness": 4,
    "SliceTiming": [
      0,
      1.0285,
      0.0571001,
      1.0857,
      0.1142,
      1.1428,
      0.1714,
      1.2,
      0.2285,
      1.2571,
      0.2857,
      1.3143,
      0.3428,
      1.3714,
      0.4,
      1.4286,
      0.4571,
      1.4857,
      0.5142,
      1.5428,
      0.5714,
      1.6,
      0.6285,
      1.6571,
      0.6857,
      1.7143,
      0.7428,
      1.7714,
      0.8,
      1.8285,
      0.8571,
      1.8857,
      0.9143,
      1.9428,
      0.9714
    ],
    "SoftwareVersions": "27_LX_MR_Software_release:DV26.0_R02_1810.b",
    "SpacingBetweenSlices": 4,
    "StationName": "GEHCGEHC",
    "TaskName": "sae",
    "TotalReadoutTime": 0.023436,
    "dataset": "ds003481",
    "modality": "bold",
    "run_id": 1,
    "subject_id": "032",
    "task_id": "sae"
  },
  "dummy_trs": 0,
  "dvars_nstd": 11.575177477593353,
  "dvars_std": 1.038067286182573,
  "dvars_vstd": 0.9825700626556013,
  "efc": 0.3464289265594885,
  "fber": 63477.76953125,
  "fd_mean": 0.0791262774583592,
  "fd_num": 0,
  "fd_perc": 0.0,
  "fwhm_avg": 2.7552083333333335,
  "fwhm_x": 2.7333,
  "fwhm_y": 2.7998,
  "fwhm_z": 2.732525,
  "gcor": 0.0241062,
  "gsr_x": -0.0054000490345060825,
  "gsr_y": -0.0013941918732598424,
  "provenance": {
    "md5sum": "ec7c68e465c3de43e40eb710c83afab0",
    "settings": {
      "fd_thres": 0.2,
      "testing": false
    },
    "software": "mriqc",
    "version": "23.0.1",
    "webapi_port": null,
    "webapi_url": "https://mriqc.nimh.nih.gov/api/v1"
  },
  "size_t": 242,
  "size_x": 64,
  "size_y": 64,
  "size_z": 35,
  "snr": 3.6024022992560853,
  "spacing_tr": 2.0,
  "spacing_x": 4.0,
  "spacing_y": 4.0,
  "spacing_z": 4.0,
  "summary_bg_k": 77.6643803353691,
  "summary_bg_mad": 11.193033037890071,
  "summary_bg_mean": 38.142860412597656,
  "summary_bg_median": 8.520660400390625,
  "summary_bg_n": 103159.0,
  "summary_bg_p05": 0.28925618529319763,
  "summary_bg_p95": 168.69669189453103,
  "summary_bg_stdv": 106.36051177978516,
  "summary_fg_k": 0.4970800087982328,
  "summary_fg_mad": 512.2267597369889,
  "summary_fg_mean": 2148.264404296875,
  "summary_fg_median": 2066.966796875,
  "summary_fg_n": 13263.0,
  "summary_fg_p05": 1326.380908203125,
  "summary_fg_p95": 3235.808154296875,
  "summary_fg_stdv": 573.7529296875,
  "tsnr": 102.30934538738802
}