{
  "aor": 0.0017954,
  "aqi": 0.0014725245066666665,
  "bids_meta": {
    "AcquisitionMatrixPE": 64,
    "AcquisitionNumber": 1,
    "AcquisitionTime": "20:05:35.000000",
    "BodyPartExamined": "HEAD",
    "CoilString": "32Ch_Head",
    "ConversionSoftware": "dcm2niix",
    "ConversionSoftwareVersion": "v1.0.20181125  (JP2:OpenJPEG) GCC7.3.0",
    "DeviceSerialNumber": "0002806034DVR750",
    "EchoTime": 0.04,
    "EffectiveEchoSpacing": 0.000372,
    "FlipAngle": 90,
    "ImageOrientationPatientDICOM": [
      1,
      0,
      0,
      0,
      1,
      0
    ],
    "ImageType": [
      "ORIGINAL",
      "PRIMARY",
      "EPI",
      "NONE"
    ],
    "ImagingFrequency": 127.772,
    "InPlanePhaseEncodingDirectionDICOM": "COL",
    "InstitutionName": "INSTITUTO_DE_NEUROBIOLOGIA",
    "MRAcquisitionType": "2D",
    "MagneticFieldStrength": 3,
    "Manufacturer": "GE",
    "ManufacturersModelName": "DISCOVERY_MR750",
    "Modality": "MR",
    "PatientPosition": "HFS",
    "PercentPhaseFOV": 100,
    "PhaseEncodingDirection": "j",
    "PhaseEncodingPolarityGE": "Flipped",
    "PixelBandwidth": 7812.5,
    "ProcedureStepDescription": "Emociones_AH",
    "ProtocolName": "fMRI_Jalil_4",
    "ReconMatrixPE": 64,
    "RepetitionTime": 2,
    "SAR": 0.176101,
    "ScanOptions": "EPI_GEMS_ACC_GEMS",
    "ScanningSequence": "EP_GR",
    "SequenceVariant": "SS",
    "SeriesDescription": "fMRI_Jalil_4",
    "SeriesNumber": 8,
    "SliceThickness": 4,
    "SliceTiming": [
      0,
      1.0285,
      0.0571001,
      1.0857,
      0.1142,
      1.1428,
      0.1714,
      1.2,
      0.2285,
      1.2571,
      0.2857,
      1.3143,
      0.3428,
      1.3714,
      0.4,
      1.4286,
      0.4571,
      1.4857,
      0.5142,
      1.5428,
      0.5714,
      1.6,
      0.6285,
      1.6571,
      0.6857,
      1.7143,
      0.7428,
      1.7714,
      0.8,
      1.8285,
      0.8571,
      1.8857,
      0.9143,
      1.9428,
      0.9714
    ],
    "SoftwareVersions": "27_LX_MR_Software_release:DV26.0_R02_1810.b",
    "SpacingBetweenSlices": 4,
    "StationName": "GEHCGEHC",
    "TaskName": "ec",
    "TotalReadoutTime": 0.023436,
    "dataset": "ds003481",
    "modality": "bold",
    "run_id": 4,
    "subject_id": "032",
    "task_id": "ec"
  },
  "dummy_trs": 0,
  "dvars_nstd": 11.937464828926176,
  "dvars_std": 1.0737061339597314,
  "dvars_vstd": 1.0091153569127522,
  "efc": 0.34500864443669765,
  "fber": 61828.51171875,
  "fd_mean": 0.09719884133025279,
  "fd_num": 5,
  "fd_perc": 3.3333333333333335,
  "fwhm_avg": 2.73765,
  "fwhm_x": 2.71985,
  "fwhm_y": 2.788775,
  "fwhm_z": 2.704325,
  "gcor": 0.0327994,
  "gsr_x": -0.005635160952806473,
  "gsr_y": -0.0014822143130004406,
  "provenance": {
    "md5sum": "ecc7b666dd2ac418cfa5e1b86b367128",
    "settings": {
      "fd_thres": 0.2,
      "testing": false
    },
    "software": "mriqc",
    "version": "23.0.1",
    "webapi_port": null,
    "webapi_url": "https://mriqc.nimh.nih.gov/api/v1"
  },
  "size_t": 150,
  "size_x": 64,
  "size_y": 64,
  "size_z": 35,
  "snr": 3.6658132347126675,
  "spacing_tr": 2.0,
  "spacing_x": 4.0,
  "spacing_y": 4.0,
  "spacing_z": 4.0,
  "summary_bg_k": 111.20280686624426,
  "summary_bg_mad": 11.307312740706234,
  "summary_bg_mean": 37.61808776855469,
  "summary_bg_median": 8.606666564941406,
  "summary_bg_n": 103373.0,
  "summary_bg_p05": 0.31333333253860474,
  "summary_bg_p95": 166.24667358398438,
  "summary_bg_stdv": 106.29248809814453,
  "summary_fg_k": 0.4854026760687029,
  "summary_fg_mad": 510.5590132228862,
  "summary_fg_mean": 2146.19140625,
  "summary_fg_median": 2067.920166015625,
  "summary_fg_n": 13111.0,
  "summary_fg_p05": 1343.5933837890625,
  "summary_fg_p95": 3215.79345703125,
  "summary_fg_stdv": 564.0880126953125,
  "tsnr": 104.73647382622585
}