{
  "bids_meta": {
    "AcquisitionDateTime": "2016-09-18T16:29:4.000000",
    "ConversionSoftware": "dcm2niix",
    "ConversionSoftwareVersion": "v1.0.20170411 GCC4.8.4",
    "EchoTime": 0.00318,
    "FlipAngle": 12,
    "ImageType": [
      "DERIVED",
      "PRIMARY",
      "OTHER"
    ],
    "InversionTime": 0.45,
    "MagneticFieldStrength": 3,
    "Manufacturer": "GE",
    "ManufacturersModelName": "DISCOVERY_MR750",
    "ProcedureStepDescription": "MeditResp",
    "ProtocolName": "PU:Sag_T1_FSPGR_BRAVO",
    "RepetitionTime": 0.008156,
    "ScanningSequence": "GR",
    "SequenceVariant": "SS_SP_SK",
    "SeriesDescription": "PU:Sag_T1_FSPGR_BRAVO",
    "dataset": "ds003481",
    "modality": "T1w",
    "subject_id": "096"
  },
  "cjv": 0.31713837264212186,
  "cnr": 4.215580247016964,
  "efc": 0.7237101891244627,
  "fber": 7284.444688585069,
  "fwhm_avg": 3.8973066666666667,
  "fwhm_x": 3.86658,
  "fwhm_y": 4.1173,
  "fwhm_z": 3.70804,
  "icvs_csf": 0.2065659751632184,
  "icvs_gm": 0.4541313490854043,
  "icvs_wm": 0.3393026757513773,
  "inu_med": 0.3856326639652252,
  "inu_range": 0.08121671080589293,
  "provenance": {
    "md5sum": "48fa8c0068295c10861b7a6978ee00c0",
    "settings": {
      "testing": false
    },
    "software": "mriqc",
    "version": "23.0.1",
    "warnings": {
      "large_rot_frame": true,
      "small_air_mask": true
    },
    "webapi_port": null,
    "webapi_url": "https://mriqc.nimh.nih.gov/api/v1"
  },
  "qi_1": 0.0,
  "qi_2": 0.0030881988303408186,
  "rpve_csf": 26.197889857510525,
  "rpve_gm": 12.792301412901045,
  "rpve_wm": 19.328469171350445,
  "size_x": 176,
  "size_y": 256,
  "size_z": 256,
  "snr_csf": 2.540185855194207,
  "snr_gm": 11.858425771647454,
  "snr_total": 12.816186750819794,
  "snr_wm": 24.04994862561772,
  "snrd_csf": 20.749329207330035,
  "snrd_gm": 54.25216663786216,
  "snrd_total": 51.02035120255482,
  "snrd_wm": 78.05955776247227,
  "spacing_x": 1.0,
  "spacing_y": 1.0,
  "spacing_z": 1.0,
  "summary_bg_k": 10.395170010637429,
  "summary_bg_mad": 0.0,
  "summary_bg_mean": 4.220950613575021,
  "summary_bg_median": 0.0,
  "summary_bg_n": 212048.0,
  "summary_bg_p05": 0.0,
  "summary_bg_p95": 22.987575948238373,
  "summary_bg_stdv": 8.392776426717386,
  "summary_csf_k": 1.2528415125649532,
  "summary_csf_mad": 81.0034013794854,
  "summary_csf_mean": 270.60227887991994,
  "summary_csf_median": 265.81408244371414,
  "summary_csf_n": 34541.0,
  "summary_csf_p05": 94.82375078648329,
  "summary_csf_p95": 461.4917755946517,
  "summary_csf_stdv": 104.64204186755839,
  "summary_gm_k": 0.26801576368681923,
  "summary_gm_mad": 56.2223608093169,
  "summary_gm_mean": 695.3683386022175,
  "summary_gm_median": 695.0099326744676,
  "summary_gm_n": 49463.0,
  "summary_gm_p05": 598.6078095957637,
  "summary_gm_p95": 792.545246116817,
  "summary_gm_stdv": 58.60836172258885,
  "summary_wm_k": 0.3417509744640599,
  "summary_wm_mad": 40.5017006897427,
  "summary_wm_mean": 1000.6798681942754,
  "summary_wm_median": 1000.0000248327851,
  "summary_wm_n": 200480.0,
  "summary_wm_p05": 933.7488596439362,
  "summary_wm_p95": 1069.4484056904912,
  "summary_wm_stdv": 41.58002773236954,
  "tpm_overlap_csf": 0.14577526777941144,
  "tpm_overlap_gm": 0.4721706861891108,
  "tpm_overlap_wm": 0.5207393391013089,
  "wm2max": 0.46821291190570935
}