{
  "aor": 0.0014753947368421052,
  "aqi": 0.0015497264254385964,
  "bids_meta": {
    "AcquisitionDateTime": "2017-01-10T18:24:23.000000",
    "ConversionSoftware": "dcm2niix",
    "ConversionSoftwareVersion": "v1.0.20170411 GCC4.8.4",
    "EchoTime": 0.04,
    "FlipAngle": 90,
    "ImageType": [
      "ORIGINAL",
      "PRIMARY",
      "EPI",
      "NONE"
    ],
    "MagneticFieldStrength": 3,
    "Manufacturer": "GE",
    "ManufacturersModelName": "DISCOVERY_MR750",
    "ProcedureStepDescription": "CompRefranes",
    "ProtocolName": "fMRI_Comprension_1",
    "RepetitionTime": 2,
    "ScanningSequence": "EP_GR",
    "SequenceVariant": "SS",
    "SeriesDescription": "fMRI_Comprension_1",
    "SliceTiming": [
      1.0285,
      0.0571001,
      1.0857,
      0.1142,
      1.1428,
      0.1714,
      1.2,
      0.2285,
      1.2571,
      0.2857,
      1.3143,
      0.3428,
      1.3714,
      0.4,
      1.4286,
      0.4571,
      1.4857,
      0.5142,
      1.5428,
      0.5714,
      1.6,
      0.6285,
      1.6571,
      0.6857,
      1.7143,
      0.7428,
      1.7714,
      0.8,
      1.8285,
      0.8571,
      1.8857,
      0.9143,
      1.9428,
      0.9714
    ],
    "TaskName": "pc",
    "dataset": "ds003481",
    "modality": "bold",
    "run_id": 1,
    "subject_id": "051",
    "task_id": "pc"
  },
  "dummy_trs": 0,
  "dvars_nstd": 17.059973288370042,
  "dvars_std": 1.1625821690308369,
  "dvars_vstd": 1.0010262818942728,
  "efc": 0.34569895537826034,
  "fber": 87918.453125,
  "fd_mean": 0.06189081250725662,
  "fd_num": 3,
  "fd_perc": 1.3157894736842106,
  "fwhm_avg": 2.7487,
  "fwhm_x": 2.7248,
  "fwhm_y": 2.781,
  "fwhm_z": 2.7403,
  "gcor": 0.0577705,
  "gsr_x": -0.008853234350681305,
  "gsr_y": 8.518809045199305e-05,
  "provenance": {
    "md5sum": "ea5865ec6db6f0a34939bfb3b7530d55",
    "settings": {
      "fd_thres": 0.2,
      "testing": false
    },
    "software": "mriqc",
    "version": "23.0.1",
    "webapi_port": null,
    "webapi_url": "https://mriqc.nimh.nih.gov/api/v1"
  },
  "size_t": 228,
  "size_x": 64,
  "size_y": 64,
  "size_z": 34,
  "snr": 3.4332948289043,
  "spacing_tr": 2.0,
  "spacing_x": 4.0,
  "spacing_y": 4.0,
  "spacing_z": 4.0,
  "summary_bg_k": 94.81896625245021,
  "summary_bg_mad": 8.563978455428973,
  "summary_bg_mean": 28.126907348632812,
  "summary_bg_median": 6.201754570007324,
  "summary_bg_n": 99017.0,
  "summary_bg_p05": 0.07894736528396606,
  "summary_bg_p95": 116.90175476074208,
  "summary_bg_stdv": 86.09356689453125,
  "summary_fg_k": 0.6013291477879461,
  "summary_fg_mad": 456.55696483829445,
  "summary_fg_mean": 1806.4940185546875,
  "summary_fg_median": 1728.9605712890625,
  "summary_fg_n": 13307.0,
  "summary_fg_p05": 1112.9837890625,
  "summary_fg_p95": 2752.6561767578123,
  "summary_fg_stdv": 503.5674743652344,
  "tsnr": 86.52613770682365
}