{
  "aor": 0.0041939380530973455,
  "aqi": 0.0027843127787610623,
  "bids_meta": {
    "AcquisitionDateTime": "2017-01-10T18:43:5.000000",
    "ConversionSoftware": "dcm2niix",
    "ConversionSoftwareVersion": "v1.0.20170411 GCC4.8.4",
    "EchoTime": 0.04,
    "FlipAngle": 90,
    "ImageType": [
      "ORIGINAL",
      "PRIMARY",
      "EPI",
      "NONE"
    ],
    "MagneticFieldStrength": 3,
    "Manufacturer": "GE",
    "ManufacturersModelName": "DISCOVERY_MR750",
    "ProcedureStepDescription": "CompRefranes",
    "ProtocolName": "fMRI_Comprension_3",
    "RepetitionTime": 2,
    "ScanningSequence": "EP_GR",
    "SequenceVariant": "SS",
    "SeriesDescription": "fMRI_Comprension_3",
    "SliceTiming": [
      1.0285,
      0.0571001,
      1.0857,
      0.1142,
      1.1428,
      0.1714,
      1.2,
      0.2285,
      1.2571,
      0.2857,
      1.3143,
      0.3428,
      1.3714,
      0.4,
      1.4286,
      0.4571,
      1.4857,
      0.5142,
      1.5428,
      0.5714,
      1.6,
      0.6285,
      1.6571,
      0.6857,
      1.7143,
      0.7428,
      1.7714,
      0.8,
      1.8285,
      0.8571,
      1.8857,
      0.9143,
      1.9428,
      0.9714
    ],
    "TaskName": "pc",
    "dataset": "ds003481",
    "modality": "bold",
    "run_id": 3,
    "subject_id": "051",
    "task_id": "pc"
  },
  "dummy_trs": 0,
  "dvars_nstd": 16.910426411155562,
  "dvars_std": 1.0936583164,
  "dvars_vstd": 0.981699656844444,
  "efc": 0.347181473759804,
  "fber": 81731.9765625,
  "fd_mean": 0.09994652675100345,
  "fd_num": 29,
  "fd_perc": 12.831858407079647,
  "fwhm_avg": 2.7355750000000003,
  "fwhm_x": 2.6887,
  "fwhm_y": 2.779525,
  "fwhm_z": 2.7385,
  "gcor": 0.026593,
  "gsr_x": -0.009483953937888145,
  "gsr_y": 0.0008328791009262204,
  "provenance": {
    "md5sum": "45bf23fc0a33ab8ae4464bafc0637e3a",
    "settings": {
      "fd_thres": 0.2,
      "testing": false
    },
    "software": "mriqc",
    "version": "23.0.1",
    "webapi_port": null,
    "webapi_url": "https://mriqc.nimh.nih.gov/api/v1"
  },
  "size_t": 226,
  "size_x": 64,
  "size_y": 64,
  "size_z": 34,
  "snr": 3.4310753399726845,
  "spacing_tr": 2.0,
  "spacing_x": 4.0,
  "spacing_y": 4.0,
  "spacing_z": 4.0,
  "summary_bg_k": 98.83470608633547,
  "summary_bg_mad": 8.698807978173422,
  "summary_bg_mean": 28.35126495361328,
  "summary_bg_median": 6.2920355796813965,
  "summary_bg_n": 98955.0,
  "summary_bg_p05": 0.08849557489156723,
  "summary_bg_p95": 118.04867553710938,
  "summary_bg_stdv": 85.44804382324219,
  "summary_fg_k": 0.5693850005304917,
  "summary_fg_mad": 453.4302342196406,
  "summary_fg_mean": 1778.734375,
  "summary_fg_median": 1697.927001953125,
  "summary_fg_n": 13318.0,
  "summary_fg_p05": 1097.6382873535156,
  "summary_fg_p95": 2714.249963378906,
  "summary_fg_stdv": 494.8487243652344,
  "tsnr": 73.05144139565527
}