{
  "bids_meta": {
    "AcquisitionDateTime": "2017-08-16T21:01:49.000000",
    "ConversionSoftware": "dcm2niix",
    "ConversionSoftwareVersion": "v1.0.20170411 GCC4.8.4",
    "EchoTime": 0.00318,
    "FlipAngle": 12,
    "ImageType": [
      "DERIVED",
      "PRIMARY",
      "OTHER"
    ],
    "InversionTime": 0.45,
    "MagneticFieldStrength": 3,
    "Manufacturer": "GE",
    "ManufacturersModelName": "DISCOVERY_MR750",
    "ProtocolName": "PU:Sag_T1_FSPGR_BRAVO",
    "RepetitionTime": 0.008156,
    "ScanningSequence": "GR",
    "SequenceVariant": "SS_SP_SK",
    "SeriesDescription": "PU:Sag_T1_FSPGR_BRAVO",
    "dataset": "ds003481",
    "modality": "T1w",
    "subject_id": "087"
  },
  "cjv": 0.34874356451728644,
  "cnr": 3.8681600730534864,
  "efc": 0.7151271956610381,
  "fber": 7545.377156190926,
  "fwhm_avg": 3.6824133333333333,
  "fwhm_x": 3.72213,
  "fwhm_y": 3.79433,
  "fwhm_z": 3.53078,
  "icvs_csf": 0.23767103760855549,
  "icvs_gm": 0.4400832019662814,
  "icvs_wm": 0.3222457604251631,
  "inu_med": 0.5702233612537384,
  "inu_range": 0.1668479174375534,
  "provenance": {
    "md5sum": "029730ccf550e1d9c32982ad7e589e22",
    "settings": {
      "testing": false
    },
    "software": "mriqc",
    "version": "23.0.1",
    "warnings": {
      "large_rot_frame": true,
      "small_air_mask": false
    },
    "webapi_port": null,
    "webapi_url": "https://mriqc.nimh.nih.gov/api/v1"
  },
  "qi_1": 0.0,
  "qi_2": 0.0009939597662534936,
  "rpve_csf": 21.700890107620207,
  "rpve_gm": 11.99339996984169,
  "rpve_wm": 18.438378720301568,
  "size_x": 176,
  "size_y": 256,
  "size_z": 256,
  "snr_csf": 2.644169647428867,
  "snr_gm": 10.847585549273289,
  "snr_total": 11.492760156326177,
  "snr_wm": 20.986525272276378,
  "snrd_csf": 13.750464091280476,
  "snrd_gm": 34.453525930140124,
  "snrd_total": 32.74185275568666,
  "snrd_wm": 50.02156824563937,
  "spacing_x": 1.0,
  "spacing_y": 1.0,
  "spacing_z": 1.0,
  "summary_bg_k": 9.54898047266801,
  "summary_bg_mad": 0.0,
  "summary_bg_mean": 7.586493192728598,
  "summary_bg_median": 0.0,
  "summary_bg_n": 630483.0,
  "summary_bg_p05": 0.0,
  "summary_bg_p95": 35.634745359420776,
  "summary_bg_stdv": 13.097078925403757,
  "summary_csf_k": 0.9813363554180752,
  "summary_csf_mad": 84.99617130880281,
  "summary_csf_mean": 279.5718488139779,
  "summary_csf_median": 274.89071507006884,
  "summary_csf_n": 45713.0,
  "summary_csf_p05": 105.32046961784363,
  "summary_csf_p95": 465.7428223341704,
  "summary_csf_stdv": 103.95993639029952,
  "summary_gm_k": 0.16188992379763967,
  "summary_gm_mad": 62.248994526878604,
  "summary_gm_mean": 688.4745126843095,
  "summary_gm_median": 688.7734346091747,
  "summary_gm_n": 35908.0,
  "summary_gm_p05": 583.0652721598744,
  "summary_gm_p95": 792.9411367122085,
  "summary_gm_stdv": 63.49466806288504,
  "summary_wm_k": 0.36663682627049266,
  "summary_wm_mad": 46.28928178472211,
  "summary_wm_mean": 999.8815745279676,
  "summary_wm_median": 1000.0000416487455,
  "summary_wm_n": 182849.0,
  "summary_wm_p05": 921.719084829092,
  "summary_wm_p95": 1077.5798518583179,
  "summary_wm_stdv": 47.64949386209916,
  "tpm_overlap_csf": 0.16290498445758533,
  "tpm_overlap_gm": 0.46348201535099354,
  "tpm_overlap_wm": 0.5026003672836334,
  "wm2max": 0.46025930636496515
}