{
  "bids_meta": {
    "AcquisitionDateTime": "2017-08-23T19:31:19.000000",
    "ConversionSoftware": "dcm2niix",
    "ConversionSoftwareVersion": "v1.0.20170411 GCC4.8.4",
    "EchoTime": 0.00318,
    "FlipAngle": 12,
    "ImageType": [
      "DERIVED",
      "PRIMARY",
      "OTHER"
    ],
    "InversionTime": 0.45,
    "MagneticFieldStrength": 3,
    "Manufacturer": "GE",
    "ManufacturersModelName": "DISCOVERY_MR750",
    "ProcedureStepDescription": "CompMet",
    "ProtocolName": "PU:Sag_T1_FSPGR_BRAVO",
    "RepetitionTime": 0.008156,
    "ScanningSequence": "GR",
    "SequenceVariant": "SS_SP_SK",
    "SeriesDescription": "PU:Sag_T1_FSPGR_BRAVO",
    "dataset": "ds003481",
    "modality": "T1w",
    "subject_id": "088"
  },
  "cjv": 0.34057462960217927,
  "cnr": 3.937256290880948,
  "efc": 0.7090935676056584,
  "fber": 6884.850625,
  "fwhm_avg": 3.794426666666667,
  "fwhm_x": 3.73125,
  "fwhm_y": 4.0102,
  "fwhm_z": 3.64183,
  "icvs_csf": 0.1844098151939089,
  "icvs_gm": 0.47746693340451707,
  "icvs_wm": 0.338123251401574,
  "inu_med": 0.5451858639717102,
  "inu_range": 0.23191481828689575,
  "provenance": {
    "md5sum": "9af0a0735daf8a0f345c030149dbf1eb",
    "settings": {
      "testing": false
    },
    "software": "mriqc",
    "version": "23.0.1",
    "warnings": {
      "large_rot_frame": true,
      "small_air_mask": false
    },
    "webapi_port": null,
    "webapi_url": "https://mriqc.nimh.nih.gov/api/v1"
  },
  "qi_1": 0.0,
  "qi_2": 0.002292806345481678,
  "rpve_csf": 23.379605755125223,
  "rpve_gm": 10.203760332917875,
  "rpve_wm": 16.020044817754663,
  "size_x": 176,
  "size_y": 256,
  "size_z": 256,
  "snr_csf": 2.8771983467481705,
  "snr_gm": 11.428213355126633,
  "snr_total": 11.78347410616673,
  "snr_wm": 21.045010616625394,
  "snrd_csf": 14.162432579100177,
  "snrd_gm": 37.61044218653514,
  "snrd_total": 35.34871207603525,
  "snrd_wm": 54.27326146247043,
  "spacing_x": 1.0,
  "spacing_y": 1.0,
  "spacing_z": 1.0,
  "summary_bg_k": 10.094061513452456,
  "summary_bg_mad": 0.0,
  "summary_bg_mean": 6.522188259094563,
  "summary_bg_median": 0.0,
  "summary_bg_n": 550743.0,
  "summary_bg_p05": 0.0,
  "summary_bg_p95": 33.02552140764715,
  "summary_bg_stdv": 12.071071164308757,
  "summary_csf_k": 2.4834033631828714,
  "summary_csf_mad": 74.35954620719353,
  "summary_csf_mean": 268.59298313864963,
  "summary_csf_median": 260.9467761553824,
  "summary_csf_n": 30654.0,
  "summary_csf_p05": 141.40747912600636,
  "summary_csf_p95": 434.0149179920554,
  "summary_csf_stdv": 90.69326766802102,
  "summary_gm_k": 0.2050744806372573,
  "summary_gm_mad": 58.599986338294144,
  "summary_gm_mean": 691.8193111231245,
  "summary_gm_median": 692.9829027280211,
  "summary_gm_n": 59500.0,
  "summary_gm_p05": 588.6143399141729,
  "summary_gm_p95": 790.1973734870553,
  "summary_gm_stdv": 60.63739429636655,
  "summary_wm_k": 0.512625206387944,
  "summary_wm_mad": 45.9622485913963,
  "summary_wm_mean": 1000.7607323801953,
  "summary_wm_median": 1000.0000021867454,
  "summary_wm_n": 220428.0,
  "summary_wm_p05": 924.4000223167241,
  "summary_wm_p95": 1079.1009207218885,
  "summary_wm_stdv": 47.51709334277109,
  "tpm_overlap_csf": 0.15246610120071763,
  "tpm_overlap_gm": 0.45917978504813706,
  "tpm_overlap_wm": 0.483980949043086,
  "wm2max": 0.3947642510916156
}