{
  "bids_meta": {
    "AcquisitionMatrixPE": 256,
    "AcquisitionNumber": 1,
    "AcquisitionTime": "21:08:58.000000",
    "CoilString": "32Ch_Head",
    "ConversionSoftware": "dcm2niix",
    "ConversionSoftwareVersion": "v1.0.20190902",
    "Dcm2bidsVersion": "2.1.4",
    "DeviceSerialNumber": "000000000000GEHC",
    "EchoTime": 0.00318,
    "FlipAngle": 12,
    "ImageOrientationPatientDICOM": [
      0,
      1,
      0,
      0,
      0,
      -1
    ],
    "ImageType": [
      "ORIGINAL",
      "PRIMARY",
      "OTHER"
    ],
    "ImagingFrequency": 127.772,
    "InPlanePhaseEncodingDirectionDICOM": "ROW",
    "InstitutionName": "INSTITUTO_DE_NEUROBIOLOGIA",
    "InversionTime": 0.45,
    "MRAcquisitionType": "3D",
    "MagneticFieldStrength": 3,
    "Manufacturer": "GE",
    "ManufacturersModelName": "DISCOVERY_MR750",
    "Modality": "MR",
    "PatientPosition": "HFS",
    "PercentPhaseFOV": 100,
    "PixelBandwidth": 244.141,
    "ProtocolName": "Sag_T1_FSPGR_BRAVO",
    "ReconMatrixPE": 256,
    "RepetitionTime": 0.008156,
    "SAR": 0.235512,
    "ScanOptions": "FAST_GEMS_EDR_GEMS_FILTERED_GEMS_ACC_GEMS",
    "ScanningSequence": "GR",
    "SequenceVariant": "SS_SP_SK",
    "SeriesDescription": "Sag_T1_FSPGR_BRAVO",
    "SeriesNumber": 13,
    "SliceThickness": 1,
    "SoftwareVersions": "24_LX_MR_Software_release:DV24.0_R02_1607.b",
    "SpacingBetweenSlices": 1,
    "StationName": "GEHCGEHC",
    "dataset": "ds003481",
    "modality": "T1w",
    "subject_id": "140"
  },
  "cjv": 0.3559882051793579,
  "cnr": 3.770600309196482,
  "efc": 0.5646422554777903,
  "fber": -1.0,
  "fwhm_avg": 3.920443333333333,
  "fwhm_x": 3.94564,
  "fwhm_y": 3.96611,
  "fwhm_z": 3.84958,
  "icvs_csf": 0.19856533782365013,
  "icvs_gm": 0.4561559495367232,
  "icvs_wm": 0.3452787126396266,
  "inu_med": 0.7569655179977417,
  "inu_range": 0.4153370916843413,
  "provenance": {
    "md5sum": "a8e6e0f769c38c9a136df0135261b05a",
    "settings": {
      "testing": false
    },
    "software": "mriqc",
    "version": "23.0.1",
    "warnings": {
      "large_rot_frame": true,
      "small_air_mask": false
    },
    "webapi_port": null,
    "webapi_url": "https://mriqc.nimh.nih.gov/api/v1"
  },
  "qi_1": 1.2661255788567881e-05,
  "qi_2": 0.0018243639773107708,
  "rpve_csf": 27.131921943599636,
  "rpve_gm": 12.658478149934796,
  "rpve_wm": 18.5260209642521,
  "size_x": 176,
  "size_y": 256,
  "size_z": 256,
  "snr_csf": 2.603793737623828,
  "snr_gm": 11.96064626250222,
  "snr_total": 12.091257538946826,
  "snr_wm": 21.709332616714423,
  "snrd_csf": 10.99914809060745,
  "snrd_gm": 28.471151514193924,
  "snrd_total": 26.52244985909019,
  "snrd_wm": 40.0970499724692,
  "spacing_x": 1.0,
  "spacing_y": 1.0,
  "spacing_z": 1.0,
  "summary_bg_k": 93.5690263970615,
  "summary_bg_mad": 0.0,
  "summary_bg_mean": 7.155982013227431,
  "summary_bg_median": 0.0,
  "summary_bg_n": 1982674.0,
  "summary_bg_p05": 0.0,
  "summary_bg_p95": 33.50315997004509,
  "summary_bg_stdv": 16.33920343672918,
  "summary_csf_k": 1.770415134851051,
  "summary_csf_mad": 87.47942099392013,
  "summary_csf_mean": 283.8936635463664,
  "summary_csf_median": 274.3204594999552,
  "summary_csf_n": 29389.0,
  "summary_csf_p05": 125.28474661409855,
  "summary_csf_p95": 478.03887775093307,
  "summary_csf_stdv": 105.35235123903212,
  "summary_gm_k": 0.13421193602937942,
  "summary_gm_mad": 58.609630159579396,
  "summary_gm_mean": 710.654625501565,
  "summary_gm_median": 710.0749350339174,
  "summary_gm_n": 38883.0,
  "summary_gm_p05": 614.0574393108487,
  "summary_gm_p95": 807.9169659018517,
  "summary_gm_stdv": 59.366842599782686,
  "summary_wm_k": 0.48908881274892035,
  "summary_wm_mad": 44.609758987858,
  "summary_wm_mean": 1001.6934050495964,
  "summary_wm_median": 1000.0266459211707,
  "summary_wm_n": 186307.0,
  "summary_wm_p05": 929.232548341155,
  "summary_wm_p95": 1079.3565804362297,
  "summary_wm_stdv": 46.06424249696631,
  "tpm_overlap_csf": 0.14392122823693113,
  "tpm_overlap_gm": 0.4680982651193127,
  "tpm_overlap_wm": 0.5024841308873987,
  "wm2max": 0.3324229902995265
}