{
  "bids_meta": {
    "AcquisitionDateTime": "2017-01-31T19:58:37.000000",
    "ConversionSoftware": "dcm2niix",
    "ConversionSoftwareVersion": "v1.0.20170411 GCC4.8.4",
    "EchoTime": 0.00318,
    "FlipAngle": 12,
    "ImageType": [
      "DERIVED",
      "PRIMARY",
      "OTHER"
    ],
    "InversionTime": 0.45,
    "MagneticFieldStrength": 3,
    "Manufacturer": "GE",
    "ManufacturersModelName": "DISCOVERY_MR750",
    "ProcedureStepDescription": "ActosHabla",
    "ProtocolName": "PU:Sag_T1_FSPGR_BRAVO",
    "RepetitionTime": 0.008156,
    "ScanningSequence": "GR",
    "SequenceVariant": "SS_SP_SK",
    "SeriesDescription": "PU:Sag_T1_FSPGR_BRAVO",
    "dataset": "ds003481",
    "modality": "T1w",
    "subject_id": "013"
  },
  "cjv": 0.3338430684799097,
  "cnr": 4.0937245162875,
  "efc": 0.7346294512726165,
  "fber": -1.0,
  "fwhm_avg": 3.953863333333333,
  "fwhm_x": 3.95634,
  "fwhm_y": 4.14419,
  "fwhm_z": 3.76106,
  "icvs_csf": 0.21411540085029565,
  "icvs_gm": 0.4436192996744162,
  "icvs_wm": 0.3422652994752881,
  "inu_med": 0.532036542892456,
  "inu_range": 0.16869798302650452,
  "provenance": {
    "md5sum": "b06ae04dc764900f3d45435f9c6d6eec",
    "settings": {
      "testing": false
    },
    "software": "mriqc",
    "version": "23.0.1",
    "warnings": {
      "large_rot_frame": true,
      "small_air_mask": false
    },
    "webapi_port": null,
    "webapi_url": "https://mriqc.nimh.nih.gov/api/v1"
  },
  "qi_1": 0.0,
  "qi_2": 0.0021411403506917622,
  "rpve_csf": 25.699688715255196,
  "rpve_gm": 13.105256799390649,
  "rpve_wm": 19.341250936279042,
  "size_x": 176,
  "size_y": 256,
  "size_z": 256,
  "snr_csf": 2.5513062890623237,
  "snr_gm": 10.289299100365394,
  "snr_total": 11.185294117894015,
  "snr_wm": 20.715276964254326,
  "snrd_csf": 13.146429698507719,
  "snrd_gm": 36.81455710722088,
  "snrd_total": 35.08129560495607,
  "snrd_wm": 55.2829000091396,
  "spacing_x": 1.0,
  "spacing_y": 1.0,
  "spacing_z": 1.0,
  "summary_bg_k": 31.807739168904753,
  "summary_bg_mad": 0.0,
  "summary_bg_mean": 6.433248913102926,
  "summary_bg_median": 0.0,
  "summary_bg_n": 443155.0,
  "summary_bg_p05": 0.0,
  "summary_bg_p95": 31.60220082104206,
  "summary_bg_stdv": 11.85061533119131,
  "summary_csf_k": 1.33209324228923,
  "summary_csf_mad": 79.7730681379713,
  "summary_csf_mean": 250.70693974083972,
  "summary_csf_median": 237.80281684175134,
  "summary_csf_n": 37042.0,
  "summary_csf_p05": 121.84258481245489,
  "summary_csf_p95": 427.9383567223324,
  "summary_csf_stdv": 93.20700063793021,
  "summary_gm_k": 0.028239712346676882,
  "summary_gm_mad": 64.72887783498575,
  "summary_gm_mean": 666.4214993434584,
  "summary_gm_median": 665.9302625618875,
  "summary_gm_n": 43420.0,
  "summary_gm_p05": 561.0476503346116,
  "summary_gm_p95": 773.2073780385775,
  "summary_gm_stdv": 64.71991799910954,
  "summary_wm_k": 0.32857462394072545,
  "summary_wm_mad": 46.79797942958233,
  "summary_wm_mean": 1000.9110057912088,
  "summary_wm_median": 999.9999731369317,
  "summary_wm_n": 196483.0,
  "summary_wm_p05": 923.503176599741,
  "summary_wm_p95": 1081.1397470459342,
  "summary_wm_stdv": 48.27342787209218,
  "tpm_overlap_csf": 0.15460009533908675,
  "tpm_overlap_gm": 0.4694213286150644,
  "tpm_overlap_wm": 0.5145815122148458,
  "wm2max": 0.5036205921176693
}