{
  "bids_meta": {
    "AcquisitionMatrixPE": 256,
    "AcquisitionNumber": 1,
    "AcquisitionTime": "18:57:29.000000",
    "BodyPartExamined": "HEAD",
    "CoilString": "32Ch_Head",
    "ConversionSoftware": "dcm2niix",
    "ConversionSoftwareVersion": "v1.0.20181125  (JP2:OpenJPEG) GCC7.3.0",
    "DeviceSerialNumber": "0002806034DVR750",
    "EchoTime": 0.003192,
    "FlipAngle": 12,
    "ImageOrientationPatientDICOM": [
      0,
      1,
      0,
      0,
      0,
      -1
    ],
    "ImageType": [
      "ORIGINAL",
      "PRIMARY",
      "OTHER"
    ],
    "ImagingFrequency": 127.772,
    "InPlanePhaseEncodingDirectionDICOM": "ROW",
    "InstitutionName": "INSTITUTO_DE_NEUROBIOLOGIA",
    "InversionTime": 0.45,
    "MRAcquisitionType": "3D",
    "MagneticFieldStrength": 3,
    "Manufacturer": "GE",
    "ManufacturersModelName": "DISCOVERY_MR750",
    "Modality": "MR",
    "PatientPosition": "HFS",
    "PercentPhaseFOV": 100,
    "PixelBandwidth": 244.141,
    "ProcedureStepDescription": "Emociones_AH",
    "ProtocolName": "Sag_T1_FSPGR_BRAVO",
    "ReconMatrixPE": 256,
    "RepetitionTime": 0.008184,
    "SAR": 0.13707,
    "ScanOptions": "FAST_GEMS_EDR_GEMS_FILTERED_GEMS_ACC_GEMS_IR_GEMS",
    "ScanningSequence": "GR",
    "SequenceVariant": "SS_SP_SK",
    "SeriesDescription": "Sag_T1_FSPGR_BRAVO",
    "SeriesNumber": 9,
    "SliceThickness": 1,
    "SoftwareVersions": "27_LX_MR_Software_release:DV26.0_R02_1810.b",
    "SpacingBetweenSlices": 1,
    "StationName": "GEHCGEHC",
    "dataset": "ds003481",
    "modality": "T1w",
    "subject_id": "041"
  },
  "cjv": 0.3405009927333,
  "cnr": 3.978211088431452,
  "efc": 0.5811887255156899,
  "fber": -1.0,
  "fwhm_avg": 3.7517099999999997,
  "fwhm_x": 3.70919,
  "fwhm_y": 3.98828,
  "fwhm_z": 3.55766,
  "icvs_csf": 0.1958067505561628,
  "icvs_gm": 0.44992370057107767,
  "icvs_wm": 0.3542695488727595,
  "inu_med": 0.3873329162597656,
  "inu_range": 0.07847412228584288,
  "provenance": {
    "md5sum": "31321a88c6b0cc3a8eece7f97f05bef7",
    "settings": {
      "testing": false
    },
    "software": "mriqc",
    "version": "23.0.1",
    "warnings": {
      "large_rot_frame": true,
      "small_air_mask": false
    },
    "webapi_port": null,
    "webapi_url": "https://mriqc.nimh.nih.gov/api/v1"
  },
  "qi_1": 3.1196353413683254e-06,
  "qi_2": 0.0026589813078348795,
  "rpve_csf": 25.70788373173628,
  "rpve_gm": 12.169959793468097,
  "rpve_wm": 17.745332513402616,
  "size_x": 176,
  "size_y": 256,
  "size_z": 256,
  "snr_csf": 2.666182793825723,
  "snr_gm": 11.83529397917784,
  "snr_total": 12.756476569692746,
  "snr_wm": 23.76795293607468,
  "snrd_csf": 20.61725196920577,
  "snrd_gm": 50.17692647927188,
  "snrd_total": 47.254730349346545,
  "snrd_wm": 70.97001259956198,
  "spacing_x": 1.0,
  "spacing_y": 1.0,
  "spacing_z": 1.0,
  "summary_bg_k": 13.03047178203354,
  "summary_bg_mad": 0.0,
  "summary_bg_mean": 5.225190714726067,
  "summary_bg_median": 0.0,
  "summary_bg_n": 2004326.0,
  "summary_bg_p05": 0.0,
  "summary_bg_p95": 22.771070290356874,
  "summary_bg_stdv": 9.23153521072171,
  "summary_csf_k": 6.765746150063531,
  "summary_csf_mad": 76.67526376382139,
  "summary_csf_mean": 287.0525277833311,
  "summary_csf_median": 290.5179555006325,
  "summary_csf_n": 27168.0,
  "summary_csf_p05": 93.7586037516594,
  "summary_csf_p95": 467.1667946537956,
  "summary_csf_stdv": 108.96199969123315,
  "summary_gm_k": 0.11527570589642044,
  "summary_gm_mad": 58.83295904007284,
  "summary_gm_mean": 704.7764043684145,
  "summary_gm_median": 707.0436989292502,
  "summary_gm_n": 39027.0,
  "summary_gm_p05": 603.3743702843785,
  "summary_gm_p95": 799.3078282922506,
  "summary_gm_stdv": 59.73950809532202,
  "summary_wm_k": 0.32278939056409506,
  "summary_wm_mad": 40.93234613095256,
  "summary_wm_mean": 1001.4243880768834,
  "summary_wm_median": 1000.0393356531858,
  "summary_wm_n": 211567.0,
  "summary_wm_p05": 934.9903714731336,
  "summary_wm_p95": 1072.5606717765331,
  "summary_wm_stdv": 42.07501482898248,
  "tpm_overlap_csf": 0.1548444862604353,
  "tpm_overlap_gm": 0.4695864007394165,
  "tpm_overlap_wm": 0.5093164362495506,
  "wm2max": 0.46953391400638766
}