{
  "bids_meta": {
    "AcquisitionDateTime": "2017-07-13T18:52:57.000000",
    "ConversionSoftware": "dcm2niix",
    "ConversionSoftwareVersion": "v1.0.20170411 GCC4.8.4",
    "EchoTime": 0.00318,
    "FlipAngle": 12,
    "ImageType": [
      "DERIVED",
      "PRIMARY",
      "OTHER"
    ],
    "InversionTime": 0.45,
    "MagneticFieldStrength": 3,
    "Manufacturer": "GE",
    "ManufacturersModelName": "DISCOVERY_MR750",
    "ProcedureStepDescription": "CompMet",
    "ProtocolName": "PU:Sag_T1_FSPGR_BRAVO",
    "RepetitionTime": 0.008156,
    "ScanningSequence": "GR",
    "SequenceVariant": "SS_SP_SK",
    "SeriesDescription": "PU:Sag_T1_FSPGR_BRAVO",
    "dataset": "ds003481",
    "modality": "T1w",
    "subject_id": "080"
  },
  "cjv": 0.3434592028601617,
  "cnr": 3.9118380003060564,
  "efc": 0.7186396272395489,
  "fber": 9746.012254472882,
  "fwhm_avg": 3.8032533333333336,
  "fwhm_x": 3.74493,
  "fwhm_y": 4.00828,
  "fwhm_z": 3.65655,
  "icvs_csf": 0.22098865073374277,
  "icvs_gm": 0.435101963860068,
  "icvs_wm": 0.3439093854061892,
  "inu_med": 0.5531499981880188,
  "inu_range": 0.18318504095077515,
  "provenance": {
    "md5sum": "54cef9f720f9779806dae91c173eace0",
    "settings": {
      "testing": false
    },
    "software": "mriqc",
    "version": "23.0.1",
    "warnings": {
      "large_rot_frame": true,
      "small_air_mask": false
    },
    "webapi_port": null,
    "webapi_url": "https://mriqc.nimh.nih.gov/api/v1"
  },
  "qi_1": 0.0,
  "qi_2": 0.0024684775019228906,
  "rpve_csf": 21.373340903191107,
  "rpve_gm": 11.313436774329745,
  "rpve_wm": 16.498672945082117,
  "size_x": 176,
  "size_y": 256,
  "size_z": 256,
  "snr_csf": 3.0845728452591534,
  "snr_gm": 11.381885627472474,
  "snr_total": 11.837395436905387,
  "snr_wm": 21.045727837984536,
  "snrd_csf": 14.466147054627436,
  "snrd_gm": 36.9018260320769,
  "snrd_total": 34.850993972362794,
  "snrd_wm": 53.18500883038405,
  "spacing_x": 1.0,
  "spacing_y": 1.0,
  "spacing_z": 1.0,
  "summary_bg_k": 7.632002384757598,
  "summary_bg_mad": 0.0,
  "summary_bg_mean": 6.755420081680325,
  "summary_bg_median": 0.0,
  "summary_bg_n": 637108.0,
  "summary_bg_p05": 0.0,
  "summary_bg_p95": 33.13550823926926,
  "summary_bg_stdv": 12.318572317095219,
  "summary_csf_k": 1.6691570601239771,
  "summary_csf_mad": 70.8183280262694,
  "summary_csf_mean": 277.81304490981205,
  "summary_csf_median": 272.0079034566879,
  "summary_csf_n": 45542.0,
  "summary_csf_p05": 142.30958949029446,
  "summary_csf_p95": 436.4057711072265,
  "summary_csf_stdv": 88.18236130073437,
  "summary_gm_k": 0.27501905635746304,
  "summary_gm_mad": 58.84214830828079,
  "summary_gm_mean": 693.2833298718934,
  "summary_gm_median": 693.8674337267876,
  "summary_gm_n": 33307.0,
  "summary_gm_p05": 591.9592605635523,
  "summary_gm_p95": 791.9015549317002,
  "summary_gm_stdv": 60.961517284403506,
  "summary_wm_k": 0.339991017287979,
  "summary_wm_mad": 46.31604197058862,
  "summary_wm_mean": 1001.2831519684534,
  "summary_wm_median": 1000.0411783903837,
  "summary_wm_n": 223996.0,
  "summary_wm_p05": 925.8572047203779,
  "summary_wm_p95": 1081.0665629655123,
  "summary_wm_stdv": 47.51743222243563,
  "tpm_overlap_csf": 0.17370777679038663,
  "tpm_overlap_gm": 0.4704570927718722,
  "tpm_overlap_wm": 0.5243068070134467,
  "wm2max": 0.4412794412291005
}