{
  "bids_meta": {
    "AcquisitionDateTime": "2017-08-14T21:10:50.000000",
    "ConversionSoftware": "dcm2niix",
    "ConversionSoftwareVersion": "v1.0.20170411 GCC4.8.4",
    "EchoTime": 0.00318,
    "FlipAngle": 12,
    "ImageType": [
      "DERIVED",
      "PRIMARY",
      "OTHER"
    ],
    "InversionTime": 0.45,
    "MagneticFieldStrength": 3,
    "Manufacturer": "GE",
    "ManufacturersModelName": "DISCOVERY_MR750",
    "ProcedureStepDescription": "CompMet",
    "ProtocolName": "PU:Sag_T1_FSPGR_BRAVO",
    "RepetitionTime": 0.008156,
    "ScanningSequence": "GR",
    "SequenceVariant": "SS_SP_SK",
    "SeriesDescription": "PU:Sag_T1_FSPGR_BRAVO",
    "dataset": "ds003481",
    "modality": "T1w",
    "subject_id": "070"
  },
  "cjv": 0.319771178244434,
  "cnr": 4.239992717304415,
  "efc": 0.7361160748966845,
  "fber": -1.0,
  "fwhm_avg": 3.874116666666666,
  "fwhm_x": 3.92168,
  "fwhm_y": 4.03897,
  "fwhm_z": 3.6617,
  "icvs_csf": 0.17813850672282078,
  "icvs_gm": 0.4758517374797102,
  "icvs_wm": 0.346009755797469,
  "inu_med": 0.509833574295044,
  "inu_range": 0.1693636447191238,
  "provenance": {
    "md5sum": "75f0cca2c256929e677c123632076a36",
    "settings": {
      "testing": false
    },
    "software": "mriqc",
    "version": "23.0.1",
    "warnings": {
      "large_rot_frame": true,
      "small_air_mask": true
    },
    "webapi_port": null,
    "webapi_url": "https://mriqc.nimh.nih.gov/api/v1"
  },
  "qi_1": 0.0,
  "qi_2": 0.0030096944195325925,
  "rpve_csf": 30.69330352960073,
  "rpve_gm": 13.003984691117973,
  "rpve_wm": 19.903590884943767,
  "size_x": 176,
  "size_y": 256,
  "size_z": 256,
  "snr_csf": 1.837483428518811,
  "snr_gm": 10.75668489719316,
  "snr_total": 11.398249250759518,
  "snr_wm": 21.60057942656658,
  "snrd_csf": 14.813022955950844,
  "snrd_gm": 42.796453299805655,
  "snrd_total": 40.54101576983362,
  "snrd_wm": 64.01357105374436,
  "spacing_x": 1.0,
  "spacing_y": 1.0,
  "spacing_z": 1.0,
  "summary_bg_k": 9.500965010855102,
  "summary_bg_mad": 0.0,
  "summary_bg_mean": 5.654595937320386,
  "summary_bg_median": 0.0,
  "summary_bg_n": 269199.0,
  "summary_bg_p05": 0.0,
  "summary_bg_p95": 27.07503980025649,
  "summary_bg_stdv": 10.234335893507982,
  "summary_csf_k": -0.12211335154819114,
  "summary_csf_mad": 124.86303284253782,
  "summary_csf_mean": 239.75243427282857,
  "summary_csf_median": 231.40441063791513,
  "summary_csf_n": 13732.0,
  "summary_csf_p05": 50.761587377637625,
  "summary_csf_p95": 466.3963462943208,
  "summary_csf_stdv": 125.93092332546661,
  "summary_gm_k": 0.08921354332841291,
  "summary_gm_mad": 61.89499557702363,
  "summary_gm_mean": 668.8772808172444,
  "summary_gm_median": 668.5528053715825,
  "summary_gm_n": 57793.0,
  "summary_gm_p05": 566.8848794922233,
  "summary_gm_p95": 771.0629196092486,
  "summary_gm_stdv": 62.151771452537176,
  "summary_wm_k": 0.4426972823029254,
  "summary_wm_mad": 44.092258472521166,
  "summary_wm_mean": 999.7456289551338,
  "summary_wm_median": 999.9999815411866,
  "summary_wm_n": 189503.0,
  "summary_wm_p05": 923.2818857766688,
  "summary_wm_p95": 1075.0073822028935,
  "summary_wm_stdv": 46.29493141407121,
  "tpm_overlap_csf": 0.13872984732320398,
  "tpm_overlap_gm": 0.48660727211989174,
  "tpm_overlap_wm": 0.5198110577428501,
  "wm2max": 0.5511995212794893
}