{
  "aor": 0.00054728,
  "aqi": 0.0009147365160000001,
  "bids_meta": {
    "AcquisitionDateTime": "2017-07-11T18:13:45.000000",
    "ConversionSoftware": "dcm2niix",
    "ConversionSoftwareVersion": "v1.0.20170411 GCC4.8.4",
    "EchoTime": 0.035,
    "FlipAngle": 90,
    "ImageType": [
      "ORIGINAL",
      "PRIMARY",
      "EPI",
      "NONE"
    ],
    "MagneticFieldStrength": 3,
    "Manufacturer": "GE",
    "ManufacturersModelName": "DISCOVERY_MR750",
    "ProcedureStepDescription": "CompMet",
    "ProtocolName": "fMRI_CompMet",
    "RepetitionTime": 2,
    "ScanningSequence": "EP_GR",
    "SequenceVariant": "SS",
    "SeriesDescription": "fMRI_CompMet",
    "SliceTiming": [
      1.0285,
      0.0571001,
      1.0857,
      0.1142,
      1.1428,
      0.1714,
      1.2,
      0.2285,
      1.2571,
      0.2857,
      1.3143,
      0.3428,
      1.3714,
      0.4,
      1.4286,
      0.4571,
      1.4857,
      0.5142,
      1.5428,
      0.5714,
      1.6,
      0.6285,
      1.6571,
      0.6857,
      1.7143,
      0.7428,
      1.7714,
      0.8,
      1.8285,
      0.8571,
      1.8857,
      0.9143,
      1.9428,
      0.9714
    ],
    "TaskName": "cmp",
    "dataset": "ds003481",
    "modality": "bold",
    "run_id": 1,
    "subject_id": "073",
    "task_id": "cmp"
  },
  "dummy_trs": 0,
  "dvars_nstd": 11.582864987068277,
  "dvars_std": 1.1290624310441764,
  "dvars_vstd": 0.9889845242570272,
  "efc": 0.3454689827522709,
  "fber": 93377.3125,
  "fd_mean": 0.047167431743481425,
  "fd_num": 0,
  "fd_perc": 0.0,
  "fwhm_avg": 2.55737,
  "fwhm_x": 2.500375,
  "fwhm_y": 2.67235,
  "fwhm_z": 2.499385,
  "gcor": 0.104071,
  "gsr_x": -0.004691160283982754,
  "gsr_y": -0.0014853158500045538,
  "provenance": {
    "md5sum": "0b3c2156d9fca486084ecc90612d1bf0",
    "settings": {
      "fd_thres": 0.2,
      "testing": false
    },
    "software": "mriqc",
    "version": "23.0.1",
    "webapi_port": null,
    "webapi_url": "https://mriqc.nimh.nih.gov/api/v1"
  },
  "size_t": 250,
  "size_x": 64,
  "size_y": 64,
  "size_z": 34,
  "snr": 4.143896022668859,
  "spacing_tr": 2.0,
  "spacing_x": 4.0,
  "spacing_y": 4.0,
  "spacing_z": 4.0,
  "summary_bg_k": 78.75213250951593,
  "summary_bg_mad": 9.820757379578959,
  "summary_bg_mean": 35.463871002197266,
  "summary_bg_median": 7.240000247955322,
  "summary_bg_n": 99723.0,
  "summary_bg_p05": 0.18400001525878906,
  "summary_bg_p95": 137.6320037841797,
  "summary_bg_stdv": 112.40699768066406,
  "summary_fg_k": 0.5668003386862592,
  "summary_fg_mad": 449.7325062866088,
  "summary_fg_mean": 2149.802978515625,
  "summary_fg_median": 2088.1640625,
  "summary_fg_n": 12921.0,
  "summary_fg_p05": 1415.760009765625,
  "summary_fg_p95": 3066.736083984375,
  "summary_fg_stdv": 503.89373779296875,
  "tsnr": 117.77925464138389
}