{
  "aor": 0.0005094666666666667,
  "aqi": 0.0027508242000000003,
  "bids_meta": {
    "AcquisitionDateTime": "2017-07-06T19:28:34.000000",
    "ConversionSoftware": "dcm2niix",
    "ConversionSoftwareVersion": "v1.0.20170411 GCC4.8.4",
    "EchoTime": 0.04,
    "FlipAngle": 90,
    "ImageType": [
      "ORIGINAL",
      "PRIMARY",
      "EPI",
      "NONE"
    ],
    "MagneticFieldStrength": 3,
    "Manufacturer": "GE",
    "ManufacturersModelName": "DISCOVERY_MR750",
    "ProcedureStepDescription": "CompMet",
    "ProtocolName": "fMRI_RestState",
    "RepetitionTime": 2,
    "ScanningSequence": "EP_GR",
    "SequenceVariant": "SS",
    "SeriesDescription": "fMRI_RestState",
    "SliceTiming": [
      1.0285,
      0.0571001,
      1.0857,
      0.1142,
      1.1428,
      0.1714,
      1.2,
      0.2285,
      1.2571,
      0.2857,
      1.3143,
      0.3428,
      1.3714,
      0.4,
      1.4286,
      0.4571,
      1.4857,
      0.5142,
      1.5428,
      0.5714,
      1.6,
      0.6285,
      1.6571,
      0.6857,
      1.7143,
      0.7428,
      1.7714,
      0.8,
      1.8285,
      0.8571,
      1.8857,
      0.9143,
      1.9428,
      0.9714
    ],
    "TaskName": "rest",
    "dataset": "ds003481",
    "modality": "bold",
    "subject_id": "073",
    "task_id": "rest"
  },
  "dummy_trs": 0,
  "dvars_nstd": 15.87720536682274,
  "dvars_std": 1.1392813678260867,
  "dvars_vstd": 0.9568642254515048,
  "efc": 0.3698838345093069,
  "fber": 64755.7578125,
  "fd_mean": 0.06043008066939085,
  "fd_num": 1,
  "fd_perc": 0.3333333333333333,
  "fwhm_avg": 2.728566666666667,
  "fwhm_x": 2.606675,
  "fwhm_y": 2.8694,
  "fwhm_z": 2.709625,
  "gcor": 0.143746,
  "gsr_x": -0.009560906328260899,
  "gsr_y": 0.009839058853685856,
  "provenance": {
    "md5sum": "545a891f59a72cb98461f6ca601daecd",
    "settings": {
      "fd_thres": 0.2,
      "testing": false
    },
    "software": "mriqc",
    "version": "23.0.1",
    "webapi_port": null,
    "webapi_url": "https://mriqc.nimh.nih.gov/api/v1"
  },
  "size_t": 300,
  "size_x": 64,
  "size_y": 64,
  "size_z": 34,
  "snr": 3.4259199308823844,
  "spacing_tr": 2.0,
  "spacing_x": 4.0,
  "spacing_y": 4.0,
  "spacing_z": 4.0,
  "summary_bg_k": 330.1336447026674,
  "summary_bg_mad": 11.050328866354606,
  "summary_bg_mean": 35.638919830322266,
  "summary_bg_median": 8.023333549499512,
  "summary_bg_n": 96009.0,
  "summary_bg_p05": 0.14666667580604553,
  "summary_bg_p95": 150.54067077636668,
  "summary_bg_stdv": 114.89945220947266,
  "summary_fg_k": 0.3501620898646616,
  "summary_fg_mad": 517.9767298400336,
  "summary_fg_mean": 2052.773681640625,
  "summary_fg_median": 1950.8717041015625,
  "summary_fg_n": 15406.0,
  "summary_fg_p05": 1266.9316711425781,
  "summary_fg_p95": 3140.2384033203125,
  "summary_fg_stdv": 569.4261474609375,
  "tsnr": 71.03279889724217
}