{
  "aor": 0.002960991379310345,
  "aqi": 0.0027123491939655174,
  "bids_meta": {
    "AcquisitionDateTime": "2017-01-11T19:44:35.000000",
    "ConversionSoftware": "dcm2niix",
    "ConversionSoftwareVersion": "v1.0.20170411 GCC4.8.4",
    "EchoTime": 0.04,
    "FlipAngle": 90,
    "ImageType": [
      "ORIGINAL",
      "PRIMARY",
      "EPI",
      "NONE"
    ],
    "MagneticFieldStrength": 3,
    "Manufacturer": "GE",
    "ManufacturersModelName": "DISCOVERY_MR750",
    "ProcedureStepDescription": "CompRefranes",
    "ProtocolName": "fMRI_Comprension_4",
    "RepetitionTime": 2,
    "ScanningSequence": "EP_GR",
    "SequenceVariant": "SS",
    "SeriesDescription": "fMRI_Comprension_4",
    "SliceTiming": [
      1.0285,
      0.0571001,
      1.0857,
      0.1142,
      1.1428,
      0.1714,
      1.2,
      0.2285,
      1.2571,
      0.2857,
      1.3143,
      0.3428,
      1.3714,
      0.4,
      1.4286,
      0.4571,
      1.4857,
      0.5142,
      1.5428,
      0.5714,
      1.6,
      0.6285,
      1.6571,
      0.6857,
      1.7143,
      0.7428,
      1.7714,
      0.8,
      1.8285,
      0.8571,
      1.8857,
      0.9143,
      1.9428,
      0.9714
    ],
    "TaskName": "pc",
    "dataset": "ds003481",
    "modality": "bold",
    "run_id": 4,
    "subject_id": "057",
    "task_id": "pc"
  },
  "dummy_trs": 0,
  "dvars_nstd": 19.233690348398262,
  "dvars_std": 1.1418370041558452,
  "dvars_vstd": 1.0222923630735927,
  "efc": 0.3628460977057742,
  "fber": 40682.53515625,
  "fd_mean": 0.1417218272517018,
  "fd_num": 43,
  "fd_perc": 18.53448275862069,
  "fwhm_avg": 2.6254500000000003,
  "fwhm_x": 2.631225,
  "fwhm_y": 2.69825,
  "fwhm_z": 2.546875,
  "gcor": 0.0720381,
  "gsr_x": -0.0049479627050459385,
  "gsr_y": 0.0020451252348721027,
  "provenance": {
    "md5sum": "e77ef7fd53eecb637bb19a8d79a7777e",
    "settings": {
      "fd_thres": 0.2,
      "testing": false
    },
    "software": "mriqc",
    "version": "23.0.1",
    "webapi_port": null,
    "webapi_url": "https://mriqc.nimh.nih.gov/api/v1"
  },
  "size_t": 232,
  "size_x": 64,
  "size_y": 64,
  "size_z": 34,
  "snr": 3.1985305179624084,
  "spacing_tr": 2.0,
  "spacing_x": 4.0,
  "spacing_y": 4.0,
  "spacing_z": 4.0,
  "summary_bg_k": 118.31218334649917,
  "summary_bg_mad": 11.483777071897517,
  "summary_bg_mean": 30.93047523498535,
  "summary_bg_median": 8.426724433898926,
  "summary_bg_n": 97171.0,
  "summary_bg_p05": 0.16379310190677643,
  "summary_bg_p95": 137.27586364746094,
  "summary_bg_stdv": 78.06655883789062,
  "summary_fg_k": 0.772702848644442,
  "summary_fg_mad": 443.88607292886894,
  "summary_fg_mean": 1703.5537109375,
  "summary_fg_median": 1632.8404541015625,
  "summary_fg_n": 14447.0,
  "summary_fg_p05": 968.1547485351563,
  "summary_fg_p95": 2649.3030517578127,
  "summary_fg_stdv": 510.4794006347656,
  "tsnr": 72.26808682759292
}