{
  "aor": 0.0013169264069264068,
  "aqi": 0.0034968885584415587,
  "bids_meta": {
    "AcquisitionDateTime": "2017-01-11T19:35:34.000000",
    "ConversionSoftware": "dcm2niix",
    "ConversionSoftwareVersion": "v1.0.20170411 GCC4.8.4",
    "EchoTime": 0.04,
    "FlipAngle": 90,
    "ImageType": [
      "ORIGINAL",
      "PRIMARY",
      "EPI",
      "NONE"
    ],
    "MagneticFieldStrength": 3,
    "Manufacturer": "GE",
    "ManufacturersModelName": "DISCOVERY_MR750",
    "ProcedureStepDescription": "CompRefranes",
    "ProtocolName": "fMRI_Comprension_3",
    "RepetitionTime": 2,
    "ScanningSequence": "EP_GR",
    "SequenceVariant": "SS",
    "SeriesDescription": "fMRI_Comprension_3",
    "SliceTiming": [
      1.0285,
      0.0571001,
      1.0857,
      0.1142,
      1.1428,
      0.1714,
      1.2,
      0.2285,
      1.2571,
      0.2857,
      1.3143,
      0.3428,
      1.3714,
      0.4,
      1.4286,
      0.4571,
      1.4857,
      0.5142,
      1.5428,
      0.5714,
      1.6,
      0.6285,
      1.6571,
      0.6857,
      1.7143,
      0.7428,
      1.7714,
      0.8,
      1.8285,
      0.8571,
      1.8857,
      0.9143,
      1.9428,
      0.9714
    ],
    "TaskName": "pc",
    "dataset": "ds003481",
    "modality": "bold",
    "run_id": 3,
    "subject_id": "057",
    "task_id": "pc"
  },
  "dummy_trs": 0,
  "dvars_nstd": 20.064951511217387,
  "dvars_std": 1.0654395364347824,
  "dvars_vstd": 0.9619242883913044,
  "efc": 0.3635450189554338,
  "fber": 42002.4765625,
  "fd_mean": 0.16675020976845745,
  "fd_num": 71,
  "fd_perc": 30.735930735930737,
  "fwhm_avg": 2.6186083333333334,
  "fwhm_x": 2.611775,
  "fwhm_y": 2.695175,
  "fwhm_z": 2.548875,
  "gcor": 0.0410961,
  "gsr_x": -0.005266411695629358,
  "gsr_y": 0.0012189382687211037,
  "provenance": {
    "md5sum": "493f2dc2ef556f04dfbf6b08ec777efd",
    "settings": {
      "fd_thres": 0.2,
      "testing": false
    },
    "software": "mriqc",
    "version": "23.0.1",
    "webapi_port": null,
    "webapi_url": "https://mriqc.nimh.nih.gov/api/v1"
  },
  "size_t": 231,
  "size_x": 64,
  "size_y": 64,
  "size_z": 34,
  "snr": 3.269356765043017,
  "spacing_tr": 2.0,
  "spacing_x": 4.0,
  "spacing_y": 4.0,
  "spacing_z": 4.0,
  "summary_bg_k": 90.77108142187303,
  "summary_bg_mad": 11.405126465414101,
  "summary_bg_mean": 31.286420822143555,
  "summary_bg_median": 8.385281562805176,
  "summary_bg_n": 97134.0,
  "summary_bg_p05": 0.16017316281795502,
  "summary_bg_p95": 138.82857131957994,
  "summary_bg_stdv": 78.7472915649414,
  "summary_fg_k": 0.7345317239507168,
  "summary_fg_mad": 442.98351711054767,
  "summary_fg_mean": 1727.688720703125,
  "summary_fg_median": 1653.3463134765625,
  "summary_fg_n": 14377.0,
  "summary_fg_p05": 1007.6329223632813,
  "summary_fg_p95": 2669.1869140625,
  "summary_fg_stdv": 505.6923828125,
  "tsnr": 65.43766646459699
}