{
  "aor": 0.004261533333333334,
  "aqi": 0.00212070289,
  "bids_meta": {
    "AcquisitionDateTime": "2017-08-24T20:14:35.000000",
    "ConversionSoftware": "dcm2niix",
    "ConversionSoftwareVersion": "v1.0.20170411 GCC4.8.4",
    "EchoTime": 0.04,
    "FlipAngle": 90,
    "ImageType": [
      "ORIGINAL",
      "PRIMARY",
      "EPI",
      "NONE"
    ],
    "MagneticFieldStrength": 3,
    "Manufacturer": "GE",
    "ManufacturersModelName": "DISCOVERY_MR750",
    "ProcedureStepDescription": "CompMet",
    "ProtocolName": "fMRI_RestState",
    "RepetitionTime": 2,
    "ScanningSequence": "EP_GR",
    "SequenceVariant": "SS",
    "SeriesDescription": "fMRI_RestState",
    "SliceTiming": [
      1.0285,
      0.0571001,
      1.0857,
      0.1142,
      1.1428,
      0.1714,
      1.2,
      0.2285,
      1.2571,
      0.2857,
      1.3143,
      0.3428,
      1.3714,
      0.4,
      1.4286,
      0.4571,
      1.4857,
      0.5142,
      1.5428,
      0.5714,
      1.6,
      0.6285,
      1.6571,
      0.6857,
      1.7143,
      0.7428,
      1.7714,
      0.8,
      1.8285,
      0.8571,
      1.8857,
      0.9143,
      1.9428,
      0.9714
    ],
    "TaskName": "rest",
    "dataset": "ds003481",
    "modality": "bold",
    "subject_id": "090",
    "task_id": "rest"
  },
  "dummy_trs": 0,
  "dvars_nstd": 12.89414023103679,
  "dvars_std": 1.116618237391305,
  "dvars_vstd": 0.998715442107023,
  "efc": 0.36022305097842927,
  "fber": 71168.046875,
  "fd_mean": 0.05305013022314534,
  "fd_num": 0,
  "fd_perc": 0.0,
  "fwhm_avg": 2.8066333333333335,
  "fwhm_x": 2.7554,
  "fwhm_y": 2.887725,
  "fwhm_z": 2.776775,
  "gcor": 0.0184235,
  "gsr_x": -0.013998869806528091,
  "gsr_y": 0.01140428427606821,
  "provenance": {
    "md5sum": "969d9e3458092b05fe35d57258f9592a",
    "settings": {
      "fd_thres": 0.2,
      "testing": false
    },
    "software": "mriqc",
    "version": "23.0.1",
    "webapi_port": null,
    "webapi_url": "https://mriqc.nimh.nih.gov/api/v1"
  },
  "size_t": 300,
  "size_x": 64,
  "size_y": 64,
  "size_z": 34,
  "snr": 3.1278736506798044,
  "spacing_tr": 2.0,
  "spacing_x": 4.0,
  "spacing_y": 4.0,
  "spacing_z": 4.0,
  "summary_bg_k": 179.98478275644794,
  "summary_bg_mad": 10.546243841650567,
  "summary_bg_mean": 43.951011657714844,
  "summary_bg_median": 7.453333377838135,
  "summary_bg_n": 98088.0,
  "summary_bg_p05": 0.07000000029802322,
  "summary_bg_p95": 206.8550048828123,
  "summary_bg_stdv": 135.11842346191406,
  "summary_fg_k": 0.9166998476990473,
  "summary_fg_mad": 533.9296346805492,
  "summary_fg_mean": 2017.1473388671875,
  "summary_fg_median": 1897.566650390625,
  "summary_fg_n": 13464.0,
  "summary_fg_p05": 1207.1412109375,
  "summary_fg_p95": 3182.7709594726534,
  "summary_fg_stdv": 606.6409301757812,
  "tsnr": 78.66180506534874
}