{
  "aor": 0.0017593103448275862,
  "aqi": 0.002455988988505747,
  "bids_meta": {
    "AcquisitionMatrixPE": 64,
    "AcquisitionNumber": 1,
    "AcquisitionTime": "20:02:32.000000",
    "CoilString": "32Ch_Head",
    "ConversionSoftware": "dcm2niix",
    "ConversionSoftwareVersion": "v1.0.20190902",
    "Dcm2bidsVersion": "2.1.4",
    "DeviceSerialNumber": "000000000000GEHC",
    "EchoTime": 0.04,
    "EffectiveEchoSpacing": 0.000372,
    "FlipAngle": 90,
    "ImageOrientationPatientDICOM": [
      1,
      0,
      0,
      0,
      1,
      0
    ],
    "ImageType": [
      "ORIGINAL",
      "PRIMARY",
      "EPI",
      "NONE"
    ],
    "ImagingFrequency": 127.772,
    "InPlanePhaseEncodingDirectionDICOM": "COL",
    "InstitutionName": "INSTITUTO_DE_NEUROBIOLOGIA",
    "MRAcquisitionType": "2D",
    "MagneticFieldStrength": 3,
    "Manufacturer": "GE",
    "ManufacturersModelName": "DISCOVERY_MR750",
    "Modality": "MR",
    "PatientPosition": "HFS",
    "PercentPhaseFOV": 100,
    "PhaseEncodingDirection": "j",
    "PhaseEncodingPolarityGE": "Flipped",
    "PixelBandwidth": 7812.5,
    "ProcedureStepDescription": "verbos",
    "ProtocolName": "fMRI_2",
    "ReconMatrixPE": 64,
    "RepetitionTime": 2,
    "SAR": 0.375623,
    "ScanOptions": "EPI_GEMS_ACC_GEMS",
    "ScanningSequence": "EP_GR",
    "SequenceVariant": "SS",
    "SeriesDescription": "fMRI_2",
    "SeriesNumber": 5,
    "SliceThickness": 4,
    "SliceTiming": [
      0,
      1.0285,
      0.0571001,
      1.0857,
      0.1142,
      1.1428,
      0.1714,
      1.2,
      0.2285,
      1.2571,
      0.2857,
      1.3143,
      0.3428,
      1.3714,
      0.4,
      1.4286,
      0.4571,
      1.4857,
      0.5142,
      1.5428,
      0.5714,
      1.6,
      0.6285,
      1.6571,
      0.6857,
      1.7143,
      0.7428,
      1.7714,
      0.8,
      1.8285,
      0.8571,
      1.8857,
      0.9143,
      1.9428,
      0.9714
    ],
    "SoftwareVersions": "24_LX_MR_Software_release:DV24.0_R02_1607.b",
    "SpacingBetweenSlices": 4,
    "StationName": "GEHCGEHC",
    "TaskName": "verbs",
    "TotalReadoutTime": 0.023436,
    "dataset": "ds003481",
    "modality": "bold",
    "run_id": 2,
    "subject_id": "136",
    "task_id": "verbs"
  },
  "dummy_trs": 0,
  "dvars_nstd": 14.43492340358381,
  "dvars_std": 1.0490030475144505,
  "dvars_vstd": 0.9612158468208086,
  "efc": 0.36989897662897603,
  "fber": 65614.6328125,
  "fd_mean": 0.05210344517622444,
  "fd_num": 0,
  "fd_perc": 0.0,
  "fwhm_avg": 3.154733333333333,
  "fwhm_x": 3.0154,
  "fwhm_y": 3.155075,
  "fwhm_z": 3.293725,
  "gcor": 0.0290363,
  "gsr_x": -0.0017798962071537971,
  "gsr_y": 0.003494978416711092,
  "provenance": {
    "md5sum": "16a18169fa8fc52064364122bd4ec95a",
    "settings": {
      "fd_thres": 0.2,
      "testing": false
    },
    "software": "mriqc",
    "version": "23.0.1",
    "webapi_port": null,
    "webapi_url": "https://mriqc.nimh.nih.gov/api/v1"
  },
  "size_t": 174,
  "size_x": 64,
  "size_y": 64,
  "size_z": 35,
  "snr": 2.724082461965831,
  "spacing_tr": 2.0,
  "spacing_x": 4.0,
  "spacing_y": 4.0,
  "spacing_z": 4.0,
  "summary_bg_k": 36.67296425623207,
  "summary_bg_mad": 10.702002512456342,
  "summary_bg_mean": 45.50232696533203,
  "summary_bg_median": 7.563218593597412,
  "summary_bg_n": 99974.0,
  "summary_bg_p05": 0.04597701132297516,
  "summary_bg_p95": 246.2646492004383,
  "summary_bg_stdv": 121.4297103881836,
  "summary_fg_k": 1.4749890002004564,
  "summary_fg_mad": 513.8581289261502,
  "summary_fg_mean": 1973.5211181640625,
  "summary_fg_median": 1823.413818359375,
  "summary_fg_n": 15005.0,
  "summary_fg_p05": 1123.5517578125,
  "summary_fg_p95": 3331.7104003906247,
  "summary_fg_stdv": 669.3457641601562,
  "tsnr": 77.18489152379334
}