{
  "aor": 0.0011036781609195401,
  "aqi": 0.0070850947126436786,
  "bids_meta": {
    "AcquisitionMatrixPE": 64,
    "AcquisitionNumber": 1,
    "AcquisitionTime": "20:23:29.000000",
    "CoilString": "32Ch_Head",
    "ConversionSoftware": "dcm2niix",
    "ConversionSoftwareVersion": "v1.0.20190902",
    "Dcm2bidsVersion": "2.1.4",
    "DeviceSerialNumber": "000000000000GEHC",
    "EchoTime": 0.04,
    "EffectiveEchoSpacing": 0.000372,
    "FlipAngle": 90,
    "ImageOrientationPatientDICOM": [
      1,
      0,
      0,
      0,
      1,
      0
    ],
    "ImageType": [
      "ORIGINAL",
      "PRIMARY",
      "EPI",
      "NONE"
    ],
    "ImagingFrequency": 127.772,
    "InPlanePhaseEncodingDirectionDICOM": "COL",
    "InstitutionName": "INSTITUTO_DE_NEUROBIOLOGIA",
    "MRAcquisitionType": "2D",
    "MagneticFieldStrength": 3,
    "Manufacturer": "GE",
    "ManufacturersModelName": "DISCOVERY_MR750",
    "Modality": "MR",
    "PatientPosition": "HFS",
    "PercentPhaseFOV": 100,
    "PhaseEncodingDirection": "j",
    "PhaseEncodingPolarityGE": "Flipped",
    "PixelBandwidth": 7812.5,
    "ProcedureStepDescription": "verbos",
    "ProtocolName": "fMRI_5",
    "ReconMatrixPE": 64,
    "RepetitionTime": 2,
    "SAR": 0.375623,
    "ScanOptions": "EPI_GEMS_ACC_GEMS",
    "ScanningSequence": "EP_GR",
    "SequenceVariant": "SS",
    "SeriesDescription": "fMRI_5",
    "SeriesNumber": 8,
    "SliceThickness": 4,
    "SliceTiming": [
      0,
      1.0285,
      0.0571001,
      1.0857,
      0.1142,
      1.1428,
      0.1714,
      1.2,
      0.2285,
      1.2571,
      0.2857,
      1.3143,
      0.3428,
      1.3714,
      0.4,
      1.4286,
      0.4571,
      1.4857,
      0.5142,
      1.5428,
      0.5714,
      1.6,
      0.6285,
      1.6571,
      0.6857,
      1.7143,
      0.7428,
      1.7714,
      0.8,
      1.8285,
      0.8571,
      1.8857,
      0.9143,
      1.9428,
      0.9714
    ],
    "SoftwareVersions": "24_LX_MR_Software_release:DV24.0_R02_1607.b",
    "SpacingBetweenSlices": 4,
    "StationName": "GEHCGEHC",
    "TaskName": "verbs",
    "TotalReadoutTime": 0.023436,
    "dataset": "ds003481",
    "modality": "bold",
    "run_id": 5,
    "subject_id": "136",
    "task_id": "verbs"
  },
  "dummy_trs": 0,
  "dvars_nstd": 16.522009838092494,
  "dvars_std": 0.9242026239306358,
  "dvars_vstd": 0.8796353773410407,
  "efc": 0.3711627711143776,
  "fber": 59513.2109375,
  "fd_mean": 0.2508031992823118,
  "fd_num": 72,
  "fd_perc": 41.37931034482759,
  "fwhm_avg": 3.1642333333333337,
  "fwhm_x": 3.056125,
  "fwhm_y": 3.134075,
  "fwhm_z": 3.3025,
  "gcor": 0.0435532,
  "gsr_x": -0.0038294082041829824,
  "gsr_y": 0.002967193955555558,
  "provenance": {
    "md5sum": "ef6944f99314c90166fde2144e6fad46",
    "settings": {
      "fd_thres": 0.2,
      "testing": false
    },
    "software": "mriqc",
    "version": "23.0.1",
    "webapi_port": null,
    "webapi_url": "https://mriqc.nimh.nih.gov/api/v1"
  },
  "size_t": 174,
  "size_x": 64,
  "size_y": 64,
  "size_z": 35,
  "snr": 2.7167875091012808,
  "spacing_tr": 2.0,
  "spacing_x": 4.0,
  "spacing_y": 4.0,
  "spacing_z": 4.0,
  "summary_bg_k": 31.55423976584015,
  "summary_bg_mad": 11.00874761011479,
  "summary_bg_mean": 48.00400924682617,
  "summary_bg_median": 7.844827651977539,
  "summary_bg_n": 100230.0,
  "summary_bg_p05": 0.1149425283074379,
  "summary_bg_p95": 263.2163925170896,
  "summary_bg_stdv": 123.75863647460938,
  "summary_fg_k": 1.5514972401917255,
  "summary_fg_mad": 496.57799467042327,
  "summary_fg_mean": 1970.5904541015625,
  "summary_fg_median": 1809.5689697265625,
  "summary_fg_n": 14799.0,
  "summary_fg_p05": 1140.772998046875,
  "summary_fg_p95": 3335.8672851562483,
  "summary_fg_stdv": 666.046875,
  "tsnr": 45.38921166211367
}