{
  "aor": 0.003241609195402298,
  "aqi": 0.002238956982758621,
  "bids_meta": {
    "AcquisitionMatrixPE": 64,
    "AcquisitionNumber": 1,
    "AcquisitionTime": "20:53:24.000000",
    "CoilString": "32Ch_Head",
    "ConversionSoftware": "dcm2niix",
    "ConversionSoftwareVersion": "v1.0.20190902",
    "Dcm2bidsVersion": "2.1.4",
    "DeviceSerialNumber": "000000000000GEHC",
    "EchoTime": 0.04,
    "EffectiveEchoSpacing": 0.000372,
    "FlipAngle": 90,
    "ImageOrientationPatientDICOM": [
      1,
      0,
      0,
      0,
      1,
      0
    ],
    "ImageType": [
      "ORIGINAL",
      "PRIMARY",
      "EPI",
      "NONE"
    ],
    "ImagingFrequency": 127.772,
    "InPlanePhaseEncodingDirectionDICOM": "COL",
    "InstitutionName": "INSTITUTO_DE_NEUROBIOLOGIA",
    "MRAcquisitionType": "2D",
    "MagneticFieldStrength": 3,
    "Manufacturer": "GE",
    "ManufacturersModelName": "DISCOVERY_MR750",
    "Modality": "MR",
    "PatientPosition": "HFS",
    "PercentPhaseFOV": 100,
    "PhaseEncodingDirection": "j",
    "PhaseEncodingPolarityGE": "Flipped",
    "PixelBandwidth": 7812.5,
    "ProcedureStepDescription": "verbos",
    "ProtocolName": "fMRI_8",
    "ReconMatrixPE": 64,
    "RepetitionTime": 2,
    "SAR": 0.375623,
    "ScanOptions": "EPI_GEMS_ACC_GEMS",
    "ScanningSequence": "EP_GR",
    "SequenceVariant": "SS",
    "SeriesDescription": "fMRI_8",
    "SeriesNumber": 13,
    "SliceThickness": 4,
    "SliceTiming": [
      0,
      1.0285,
      0.0571001,
      1.0857,
      0.1142,
      1.1428,
      0.1714,
      1.2,
      0.2285,
      1.2571,
      0.2857,
      1.3143,
      0.3428,
      1.3714,
      0.4,
      1.4286,
      0.4571,
      1.4857,
      0.5142,
      1.5428,
      0.5714,
      1.6,
      0.6285,
      1.6571,
      0.6857,
      1.7143,
      0.7428,
      1.7714,
      0.8,
      1.8285,
      0.8571,
      1.8857,
      0.9143,
      1.9428,
      0.9714
    ],
    "SoftwareVersions": "24_LX_MR_Software_release:DV24.0_R02_1607.b",
    "SpacingBetweenSlices": 4,
    "StationName": "GEHCGEHC",
    "TaskName": "verbs",
    "TotalReadoutTime": 0.023436,
    "dataset": "ds003481",
    "modality": "bold",
    "run_id": 8,
    "subject_id": "136",
    "task_id": "verbs"
  },
  "dummy_trs": 0,
  "dvars_nstd": 12.958126300000004,
  "dvars_std": 1.051912269132948,
  "dvars_vstd": 1.0010359352601153,
  "efc": 0.3839823209170072,
  "fber": 54996.7265625,
  "fd_mean": 0.08475915920189897,
  "fd_num": 16,
  "fd_perc": 9.195402298850574,
  "fwhm_avg": 2.7251833333333337,
  "fwhm_x": 2.637,
  "fwhm_y": 2.83085,
  "fwhm_z": 2.7077,
  "gcor": 0.0754055,
  "gsr_x": -0.005669710226356983,
  "gsr_y": 0.00450139120221138,
  "provenance": {
    "md5sum": "c28728c66627f123a3e551da279ff044",
    "settings": {
      "fd_thres": 0.2,
      "testing": false
    },
    "software": "mriqc",
    "version": "23.0.1",
    "webapi_port": null,
    "webapi_url": "https://mriqc.nimh.nih.gov/api/v1"
  },
  "size_t": 174,
  "size_x": 64,
  "size_y": 64,
  "size_z": 35,
  "snr": 3.3795387664035,
  "spacing_tr": 2.0,
  "spacing_x": 4.0,
  "spacing_y": 4.0,
  "spacing_z": 4.0,
  "summary_bg_k": 29.16508462766619,
  "summary_bg_mad": 11.775610531000861,
  "summary_bg_mean": 49.92320251464844,
  "summary_bg_median": 8.310344696044922,
  "summary_bg_n": 99550.0,
  "summary_bg_p05": 0.06896551698446274,
  "summary_bg_p95": 272.0635086059563,
  "summary_bg_stdv": 125.44512176513672,
  "summary_fg_k": 0.05420578286641886,
  "summary_fg_mad": 526.5664840508139,
  "summary_fg_mean": 1938.4385986328125,
  "summary_fg_median": 1869.137939453125,
  "summary_fg_n": 15594.0,
  "summary_fg_p05": 1128.831036376953,
  "summary_fg_p95": 2939.3568603515623,
  "summary_fg_stdv": 553.05712890625,
  "tsnr": 76.02448849193752
}