{
  "aor": 0.0041525,
  "aqi": 0.004570508766666667,
  "bids_meta": {
    "AcquisitionMatrixPE": 64,
    "AcquisitionNumber": 1,
    "AcquisitionTime": "21:01:1.000000",
    "CoilString": "32Ch_Head",
    "ConversionSoftware": "dcm2niix",
    "ConversionSoftwareVersion": "v1.0.20190902",
    "Dcm2bidsVersion": "2.1.4",
    "DeviceSerialNumber": "000000000000GEHC",
    "EchoTime": 0.04,
    "EffectiveEchoSpacing": 0.000372,
    "FlipAngle": 90,
    "ImageOrientationPatientDICOM": [
      1,
      0,
      0,
      0,
      1,
      0
    ],
    "ImageType": [
      "ORIGINAL",
      "PRIMARY",
      "EPI",
      "NONE"
    ],
    "ImagingFrequency": 127.772,
    "InPlanePhaseEncodingDirectionDICOM": "COL",
    "InstitutionName": "INSTITUTO_DE_NEUROBIOLOGIA",
    "MRAcquisitionType": "2D",
    "MagneticFieldStrength": 3,
    "Manufacturer": "GE",
    "ManufacturersModelName": "DISCOVERY_MR750",
    "Modality": "MR",
    "PatientPosition": "HFS",
    "PercentPhaseFOV": 100,
    "PhaseEncodingDirection": "j",
    "PhaseEncodingPolarityGE": "Flipped",
    "PixelBandwidth": 7812.5,
    "ProcedureStepDescription": "verbos",
    "ProtocolName": "fMRI_RestState",
    "ReconMatrixPE": 64,
    "RepetitionTime": 2,
    "SAR": 0.375623,
    "ScanOptions": "EPI_GEMS_ACC_GEMS",
    "ScanningSequence": "EP_GR",
    "SequenceVariant": "SS",
    "SeriesDescription": "fMRI_RestState",
    "SeriesNumber": 14,
    "SliceThickness": 4,
    "SliceTiming": [
      0,
      1.0285,
      0.0571001,
      1.0857,
      0.1142,
      1.1428,
      0.1714,
      1.2,
      0.2285,
      1.2571,
      0.2857,
      1.3143,
      0.3428,
      1.3714,
      0.4,
      1.4286,
      0.4571,
      1.4857,
      0.5142,
      1.5428,
      0.5714,
      1.6,
      0.6285,
      1.6571,
      0.6857,
      1.7143,
      0.7428,
      1.7714,
      0.8,
      1.8285,
      0.8571,
      1.8857,
      0.9143,
      1.9428,
      0.9714
    ],
    "SoftwareVersions": "24_LX_MR_Software_release:DV24.0_R02_1607.b",
    "SpacingBetweenSlices": 4,
    "StationName": "GEHCGEHC",
    "TaskName": "rest",
    "TotalReadoutTime": 0.023436,
    "dataset": "ds003481",
    "modality": "bold",
    "subject_id": "136",
    "task_id": "rest"
  },
  "dummy_trs": 0,
  "dvars_nstd": 16.400656215117056,
  "dvars_std": 1.0545491522073582,
  "dvars_vstd": 0.9795857688963215,
  "efc": 0.38328582466522276,
  "fber": 54673.19140625,
  "fd_mean": 0.23435629339827854,
  "fd_num": 113,
  "fd_perc": 37.666666666666664,
  "fwhm_avg": 2.713016666666667,
  "fwhm_x": 2.6454,
  "fwhm_y": 2.8127,
  "fwhm_z": 2.68095,
  "gcor": 0.0550108,
  "gsr_x": -0.006344036664813757,
  "gsr_y": 0.005994079634547234,
  "provenance": {
    "md5sum": "bc1dc5bd3d92b4799857f5e41de165db",
    "settings": {
      "fd_thres": 0.2,
      "testing": false
    },
    "software": "mriqc",
    "version": "23.0.1",
    "webapi_port": null,
    "webapi_url": "https://mriqc.nimh.nih.gov/api/v1"
  },
  "size_t": 300,
  "size_x": 64,
  "size_y": 64,
  "size_z": 35,
  "snr": 3.4003245471424934,
  "spacing_tr": 2.0,
  "spacing_x": 4.0,
  "spacing_y": 4.0,
  "spacing_z": 4.0,
  "summary_bg_k": 43.19718722839902,
  "summary_bg_mad": 11.826224789710887,
  "summary_bg_mean": 50.05994415283203,
  "summary_bg_median": 8.356666564941406,
  "summary_bg_n": 99745.0,
  "summary_bg_p05": 0.07666666805744171,
  "summary_bg_p95": 269.55333862304667,
  "summary_bg_stdv": 127.2918701171875,
  "summary_fg_k": -0.0013384499423971796,
  "summary_fg_mad": 526.6994151213086,
  "summary_fg_mean": 1927.260009765625,
  "summary_fg_median": 1859.8516845703125,
  "summary_fg_n": 15470.0,
  "summary_fg_p05": 1118.5896911621094,
  "summary_fg_p95": 2907.8920776367186,
  "summary_fg_stdv": 546.9453125,
  "tsnr": 57.781484606675804
}