{
  "bids_meta": {
    "AcquisitionDateTime": "2017-05-04T20:56:53.000000",
    "ConversionSoftware": "dcm2niix",
    "ConversionSoftwareVersion": "v1.0.20170411 GCC4.8.4",
    "EchoTime": 0.00318,
    "FlipAngle": 12,
    "ImageType": [
      "DERIVED",
      "PRIMARY",
      "OTHER"
    ],
    "InversionTime": 0.45,
    "MagneticFieldStrength": 3,
    "Manufacturer": "GE",
    "ManufacturersModelName": "DISCOVERY_MR750",
    "ProcedureStepDescription": "ActosHabla",
    "ProtocolName": "PU:Sag_T1_FSPGR_BRAVO",
    "RepetitionTime": 0.008156,
    "ScanningSequence": "GR",
    "SequenceVariant": "SS_SP_SK",
    "SeriesDescription": "PU:Sag_T1_FSPGR_BRAVO",
    "dataset": "ds003481",
    "modality": "T1w",
    "subject_id": "023"
  },
  "cjv": 0.39577940578751236,
  "cnr": 3.2836119328355347,
  "efc": 0.7251762209838759,
  "fber": 2478.5737137265232,
  "fwhm_avg": 3.8347700000000002,
  "fwhm_x": 3.82183,
  "fwhm_y": 4.03486,
  "fwhm_z": 3.64762,
  "icvs_csf": 0.20085325709614635,
  "icvs_gm": 0.4156235315884217,
  "icvs_wm": 0.38352321131543193,
  "inu_med": 0.7271291613578796,
  "inu_range": 0.3095458745956421,
  "provenance": {
    "md5sum": "ea4b5a1962d70b0579d069311c550fa3",
    "settings": {
      "testing": false
    },
    "software": "mriqc",
    "version": "23.0.1",
    "warnings": {
      "large_rot_frame": true,
      "small_air_mask": false
    },
    "webapi_port": null,
    "webapi_url": "https://mriqc.nimh.nih.gov/api/v1"
  },
  "qi_1": 0.0,
  "qi_2": 0.0012499073035225306,
  "rpve_csf": 22.645309146299244,
  "rpve_gm": 11.011866816616457,
  "rpve_wm": 13.793694220144497,
  "size_x": 176,
  "size_y": 256,
  "size_z": 256,
  "snr_csf": 2.7148323778619075,
  "snr_gm": 11.258787169165457,
  "snr_total": 9.857286510303437,
  "snr_wm": 15.598239983882948,
  "snrd_csf": 6.413191617951573,
  "snrd_gm": 15.5844088365108,
  "snrd_total": 14.829559531990299,
  "snrd_wm": 22.491078141508527,
  "spacing_x": 1.0,
  "spacing_y": 1.0,
  "spacing_z": 1.0,
  "summary_bg_k": 10.716002322330134,
  "summary_bg_mad": 0.0,
  "summary_bg_mean": 16.125284402828772,
  "summary_bg_median": 0.0,
  "summary_bg_n": 723518.0,
  "summary_bg_p05": 0.0,
  "summary_bg_p95": 76.27765163779259,
  "summary_bg_stdv": 29.128724037865737,
  "summary_csf_k": 1.1293546849453469,
  "summary_csf_mad": 92.40070481522223,
  "summary_csf_mean": 293.4731926584855,
  "summary_csf_median": 285.143809504807,
  "summary_csf_n": 43907.0,
  "summary_csf_p05": 131.242430023849,
  "summary_csf_p95": 479.5172135606408,
  "summary_csf_stdv": 105.0306327114975,
  "summary_gm_k": 0.1579499345971187,
  "summary_gm_mad": 59.93739023651204,
  "summary_gm_mean": 693.1174489612329,
  "summary_gm_median": 692.915161319077,
  "summary_gm_n": 22422.0,
  "summary_gm_p05": 591.6027357216924,
  "summary_gm_p95": 794.3644379973412,
  "summary_gm_stdv": 61.543015162762785,
  "summary_wm_k": 0.5897020251481702,
  "summary_wm_mad": 61.60046987681481,
  "summary_wm_mean": 1004.0457992649472,
  "summary_wm_median": 1000.0000129714608,
  "summary_wm_n": 232317.0,
  "summary_wm_p05": 906.537455111742,
  "summary_wm_p95": 1115.493351392448,
  "summary_wm_stdv": 64.10965992129411,
  "tpm_overlap_csf": 0.1607261125202842,
  "tpm_overlap_gm": 0.4367957929759864,
  "tpm_overlap_wm": 0.47039836081906217,
  "wm2max": 0.42704538370348477
}