{
  "bids_meta": {
    "AcquisitionMatrixPE": 256,
    "AcquisitionNumber": 1,
    "AcquisitionTime": "19:19:25.000000",
    "BodyPartExamined": "HEAD",
    "CoilString": "32Ch_Head",
    "ConversionSoftware": "dcm2niix",
    "ConversionSoftwareVersion": "v1.0.20181125  (JP2:OpenJPEG) GCC7.3.0",
    "DeviceSerialNumber": "0002806034DVR750",
    "EchoTime": 0.003192,
    "FlipAngle": 12,
    "ImageOrientationPatientDICOM": [
      0,
      1,
      0,
      0,
      0,
      -1
    ],
    "ImageType": [
      "ORIGINAL",
      "PRIMARY",
      "OTHER"
    ],
    "ImagingFrequency": 127.772,
    "InPlanePhaseEncodingDirectionDICOM": "ROW",
    "InstitutionName": "INSTITUTO_DE_NEUROBIOLOGIA",
    "InversionTime": 0.45,
    "MRAcquisitionType": "3D",
    "MagneticFieldStrength": 3,
    "Manufacturer": "GE",
    "ManufacturersModelName": "DISCOVERY_MR750",
    "Modality": "MR",
    "PatientPosition": "HFS",
    "PercentPhaseFOV": 100,
    "PixelBandwidth": 244.141,
    "ProcedureStepDescription": "Emociones_AH",
    "ProtocolName": "Sag_T1_FSPGR_BRAVO",
    "ReconMatrixPE": 256,
    "RepetitionTime": 0.008184,
    "SAR": 0.107067,
    "ScanOptions": "FAST_GEMS_EDR_GEMS_FILTERED_GEMS_ACC_GEMS_IR_GEMS",
    "ScanningSequence": "GR",
    "SequenceVariant": "SS_SP_SK",
    "SeriesDescription": "Sag_T1_FSPGR_BRAVO",
    "SeriesNumber": 10,
    "SliceThickness": 1,
    "SoftwareVersions": "27_LX_MR_Software_release:DV26.0_R02_1810.b",
    "SpacingBetweenSlices": 1,
    "StationName": "GEHCGEHC",
    "dataset": "ds003481",
    "modality": "T1w",
    "subject_id": "033"
  },
  "cjv": 0.35033696802950764,
  "cnr": 3.910766809082718,
  "efc": 0.5860164758043439,
  "fber": 29969.71972318339,
  "fwhm_avg": 3.8762966666666667,
  "fwhm_x": 3.86872,
  "fwhm_y": 4.11263,
  "fwhm_z": 3.64754,
  "icvs_csf": 0.19139256170371904,
  "icvs_gm": 0.4420735681949259,
  "icvs_wm": 0.366533870101355,
  "inu_med": 0.3794471174478531,
  "inu_range": 0.08105465769767761,
  "provenance": {
    "md5sum": "45bf5f2cc6dc01f3ac78b23995391704",
    "settings": {
      "testing": false
    },
    "software": "mriqc",
    "version": "23.0.1",
    "warnings": {
      "large_rot_frame": true,
      "small_air_mask": false
    },
    "webapi_port": null,
    "webapi_url": "https://mriqc.nimh.nih.gov/api/v1"
  },
  "qi_1": 2.1541245330165744e-05,
  "qi_2": 0.0027138715519113904,
  "rpve_csf": 27.660931425661865,
  "rpve_gm": 12.891026490178696,
  "rpve_wm": 17.691105693140777,
  "size_x": 176,
  "size_y": 256,
  "size_z": 256,
  "snr_csf": 2.8192402997527717,
  "snr_gm": 12.08387639206481,
  "snr_total": 12.572783736277794,
  "snr_wm": 22.815234517015803,
  "snrd_csf": 18.207718065501968,
  "snrd_gm": 46.504753539890096,
  "snrd_total": 43.38765987803762,
  "snrd_wm": 65.45050802872078,
  "spacing_x": 1.0,
  "spacing_y": 1.0,
  "spacing_z": 1.0,
  "summary_bg_k": 13.411280035331416,
  "summary_bg_mad": 0.0,
  "summary_bg_mean": 5.604563300167912,
  "summary_bg_median": 0.0,
  "summary_bg_n": 2027507.0,
  "summary_bg_p05": 0.0,
  "summary_bg_p95": 25.590488970279694,
  "summary_bg_stdv": 10.009969726395052,
  "summary_csf_k": 1.1041301566818644,
  "summary_csf_mad": 81.3900709700072,
  "summary_csf_mean": 285.8570158361705,
  "summary_csf_median": 278.1996338814497,
  "summary_csf_n": 34448.0,
  "summary_csf_p05": 133.49058855026962,
  "summary_csf_p95": 470.0410608552395,
  "summary_csf_stdv": 98.6775039756563,
  "summary_gm_k": -0.0024131634697766025,
  "summary_gm_mad": 59.25810346668564,
  "summary_gm_mean": 710.7714654980908,
  "summary_gm_median": 710.5561148300767,
  "summary_gm_n": 42341.0,
  "summary_gm_p05": 615.4318730011582,
  "summary_gm_p95": 807.8775198534131,
  "summary_gm_stdv": 58.80130686967988,
  "summary_wm_k": 0.4397182383885485,
  "summary_wm_mad": 42.15612857775535,
  "summary_wm_mean": 1001.7621570838014,
  "summary_wm_median": 1000.0323656946421,
  "summary_wm_n": 215260.0,
  "summary_wm_p05": 933.1788288209588,
  "summary_wm_p95": 1076.7068989351392,
  "summary_wm_stdv": 43.831679314910126,
  "tpm_overlap_csf": 0.14864286654828676,
  "tpm_overlap_gm": 0.46474145168002595,
  "tpm_overlap_wm": 0.5091130404943223,
  "wm2max": 0.540056369146924
}