{
  "aor": 0.002146149425287356,
  "aqi": 0.0010666366781609197,
  "bids_meta": {
    "AcquisitionMatrixPE": 64,
    "AcquisitionNumber": 1,
    "AcquisitionTime": "18:24:51.000000",
    "CoilString": "32Ch_Head",
    "ConversionSoftware": "dcm2niix",
    "ConversionSoftwareVersion": "v1.0.20190902",
    "Dcm2bidsVersion": "2.1.4",
    "DeviceSerialNumber": "000000000000GEHC",
    "EchoTime": 0.04,
    "EffectiveEchoSpacing": 0.000372,
    "FlipAngle": 90,
    "ImageOrientationPatientDICOM": [
      1,
      0,
      0,
      0,
      1,
      0
    ],
    "ImageType": [
      "ORIGINAL",
      "PRIMARY",
      "EPI",
      "NONE"
    ],
    "ImagingFrequency": 127.772,
    "InPlanePhaseEncodingDirectionDICOM": "COL",
    "InstitutionName": "INSTITUTO_DE_NEUROBIOLOGIA",
    "MRAcquisitionType": "2D",
    "MagneticFieldStrength": 3,
    "Manufacturer": "GE",
    "ManufacturersModelName": "DISCOVERY_MR750",
    "Modality": "MR",
    "PatientPosition": "HFS",
    "PercentPhaseFOV": 100,
    "PhaseEncodingDirection": "j",
    "PhaseEncodingPolarityGE": "Flipped",
    "PixelBandwidth": 7812.5,
    "ProcedureStepDescription": "verbos",
    "ProtocolName": "fMRI_2",
    "ReconMatrixPE": 64,
    "RepetitionTime": 2,
    "SAR": 0.363107,
    "ScanOptions": "EPI_GEMS_ACC_GEMS",
    "ScanningSequence": "EP_GR",
    "SequenceVariant": "SS",
    "SeriesDescription": "fMRI_2",
    "SeriesNumber": 5,
    "SliceThickness": 4,
    "SliceTiming": [
      0,
      1.0285,
      0.0571001,
      1.0857,
      0.1142,
      1.1428,
      0.1714,
      1.2,
      0.2285,
      1.2571,
      0.2857,
      1.3143,
      0.3428,
      1.3714,
      0.4,
      1.4286,
      0.4571,
      1.4857,
      0.5142,
      1.5428,
      0.5714,
      1.6,
      0.6285,
      1.6571,
      0.6857,
      1.7143,
      0.7428,
      1.7714,
      0.8,
      1.8285,
      0.8571,
      1.8857,
      0.9143,
      1.9428,
      0.9714
    ],
    "SoftwareVersions": "24_LX_MR_Software_release:DV24.0_R02_1607.b",
    "SpacingBetweenSlices": 4,
    "StationName": "GEHCGEHC",
    "TaskName": "verbs",
    "TotalReadoutTime": 0.023436,
    "dataset": "ds003481",
    "modality": "bold",
    "run_id": 2,
    "subject_id": "132",
    "task_id": "verbs"
  },
  "dummy_trs": 0,
  "dvars_nstd": 14.749221768728333,
  "dvars_std": 1.1636957877456648,
  "dvars_vstd": 1.0231640843352607,
  "efc": 0.3403599324753236,
  "fber": 109835.140625,
  "fd_mean": 0.0772514381713272,
  "fd_num": 9,
  "fd_perc": 5.172413793103448,
  "fwhm_avg": 2.6942416666666666,
  "fwhm_x": 2.6996,
  "fwhm_y": 2.817075,
  "fwhm_z": 2.56605,
  "gcor": 0.0395372,
  "gsr_x": -0.0168028362095356,
  "gsr_y": -0.0010174544295296073,
  "provenance": {
    "md5sum": "108ac1e65e706c3358da1bf2da457f1c",
    "settings": {
      "fd_thres": 0.2,
      "testing": false
    },
    "software": "mriqc",
    "version": "23.0.1",
    "webapi_port": null,
    "webapi_url": "https://mriqc.nimh.nih.gov/api/v1"
  },
  "size_t": 174,
  "size_x": 64,
  "size_y": 64,
  "size_z": 35,
  "snr": 3.3945479812303887,
  "spacing_tr": 2.0,
  "spacing_x": 4.0,
  "spacing_y": 4.0,
  "spacing_z": 4.0,
  "summary_bg_k": 47.09128486520812,
  "summary_bg_mad": 8.069104896366879,
  "summary_bg_mean": 38.82439422607422,
  "summary_bg_median": 6.022988319396973,
  "summary_bg_n": 104222.0,
  "summary_bg_p05": 0.23563218116760254,
  "summary_bg_p95": 185.3867851257322,
  "summary_bg_stdv": 116.42353057861328,
  "summary_fg_k": 1.2259983327150978,
  "summary_fg_mad": 459.7769915316113,
  "summary_fg_mean": 1968.4986572265625,
  "summary_fg_median": 1872.637939453125,
  "summary_fg_n": 12242.0,
  "summary_fg_p05": 1211.6476501464845,
  "summary_fg_p95": 3039.191577148436,
  "summary_fg_stdv": 551.637939453125,
  "tsnr": 100.97242814931087
}