{
  "aor": 0.0027302873563218397,
  "aqi": 0.0018355035114942526,
  "bids_meta": {
    "AcquisitionMatrixPE": 64,
    "AcquisitionNumber": 1,
    "AcquisitionTime": "18:38:37.000000",
    "CoilString": "32Ch_Head",
    "ConversionSoftware": "dcm2niix",
    "ConversionSoftwareVersion": "v1.0.20190902",
    "Dcm2bidsVersion": "2.1.4",
    "DeviceSerialNumber": "000000000000GEHC",
    "EchoTime": 0.04,
    "EffectiveEchoSpacing": 0.000372,
    "FlipAngle": 90,
    "ImageOrientationPatientDICOM": [
      1,
      0,
      0,
      0,
      1,
      0
    ],
    "ImageType": [
      "ORIGINAL",
      "PRIMARY",
      "EPI",
      "NONE"
    ],
    "ImagingFrequency": 127.772,
    "InPlanePhaseEncodingDirectionDICOM": "COL",
    "InstitutionName": "INSTITUTO_DE_NEUROBIOLOGIA",
    "MRAcquisitionType": "2D",
    "MagneticFieldStrength": 3,
    "Manufacturer": "GE",
    "ManufacturersModelName": "DISCOVERY_MR750",
    "Modality": "MR",
    "PatientPosition": "HFS",
    "PercentPhaseFOV": 100,
    "PhaseEncodingDirection": "j",
    "PhaseEncodingPolarityGE": "Flipped",
    "PixelBandwidth": 7812.5,
    "ProcedureStepDescription": "verbos",
    "ProtocolName": "fMRI_4",
    "ReconMatrixPE": 64,
    "RepetitionTime": 2,
    "SAR": 0.363107,
    "ScanOptions": "EPI_GEMS_ACC_GEMS",
    "ScanningSequence": "EP_GR",
    "SequenceVariant": "SS",
    "SeriesDescription": "fMRI_4",
    "SeriesNumber": 7,
    "SliceThickness": 4,
    "SliceTiming": [
      0,
      1.0285,
      0.0571001,
      1.0857,
      0.1142,
      1.1428,
      0.1714,
      1.2,
      0.2285,
      1.2571,
      0.2857,
      1.3143,
      0.3428,
      1.3714,
      0.4,
      1.4286,
      0.4571,
      1.4857,
      0.5142,
      1.5428,
      0.5714,
      1.6,
      0.6285,
      1.6571,
      0.6857,
      1.7143,
      0.7428,
      1.7714,
      0.8,
      1.8285,
      0.8571,
      1.8857,
      0.9143,
      1.9428,
      0.9714
    ],
    "SoftwareVersions": "24_LX_MR_Software_release:DV24.0_R02_1607.b",
    "SpacingBetweenSlices": 4,
    "StationName": "GEHCGEHC",
    "TaskName": "verbs",
    "TotalReadoutTime": 0.023436,
    "dataset": "ds003481",
    "modality": "bold",
    "run_id": 4,
    "subject_id": "132",
    "task_id": "verbs"
  },
  "dummy_trs": 0,
  "dvars_nstd": 14.842628632947978,
  "dvars_std": 1.116487140462428,
  "dvars_vstd": 0.9987786680346823,
  "efc": 0.34124449629201487,
  "fber": 108389.65625,
  "fd_mean": 0.0836023521038958,
  "fd_num": 9,
  "fd_perc": 5.172413793103448,
  "fwhm_avg": 2.75145,
  "fwhm_x": 2.758725,
  "fwhm_y": 2.895125,
  "fwhm_z": 2.6005,
  "gcor": 0.0390907,
  "gsr_x": -0.01636846549808979,
  "gsr_y": 0.00023321076878346503,
  "provenance": {
    "md5sum": "910acdea1e155baa8821dd949d100eb0",
    "settings": {
      "fd_thres": 0.2,
      "testing": false
    },
    "software": "mriqc",
    "version": "23.0.1",
    "webapi_port": null,
    "webapi_url": "https://mriqc.nimh.nih.gov/api/v1"
  },
  "size_t": 174,
  "size_x": 64,
  "size_y": 64,
  "size_z": 35,
  "snr": 3.393787416952424,
  "spacing_tr": 2.0,
  "spacing_x": 4.0,
  "spacing_y": 4.0,
  "spacing_z": 4.0,
  "summary_bg_k": 51.186240949091534,
  "summary_bg_mad": 8.035022097919276,
  "summary_bg_mean": 37.689231872558594,
  "summary_bg_median": 5.994252681732178,
  "summary_bg_n": 103910.0,
  "summary_bg_p05": 0.20689654350280762,
  "summary_bg_p95": 180.74338760375863,
  "summary_bg_stdv": 113.12171173095703,
  "summary_fg_k": 1.3275817760049655,
  "summary_fg_mad": 452.0914219745973,
  "summary_fg_mean": 1962.714111328125,
  "summary_fg_median": 1862.4482421875,
  "summary_fg_n": 12301.0,
  "summary_fg_p05": 1218.0460205078125,
  "summary_fg_p95": 3023.063232421875,
  "summary_fg_stdv": 548.7593383789062,
  "tsnr": 84.63526364415884
}