{
  "aor": 0.0012243103448275863,
  "aqi": 0.0011994564022988507,
  "bids_meta": {
    "AcquisitionMatrixPE": 64,
    "AcquisitionNumber": 1,
    "AcquisitionTime": "20:34:39.000000",
    "CoilString": "32Ch_Head",
    "ConversionSoftware": "dcm2niix",
    "ConversionSoftwareVersion": "v1.0.20190902",
    "Dcm2bidsVersion": "2.1.4",
    "DeviceSerialNumber": "000000000000GEHC",
    "EchoTime": 0.04,
    "EffectiveEchoSpacing": 0.000372,
    "FlipAngle": 90,
    "ImageOrientationPatientDICOM": [
      1,
      0,
      0,
      0,
      1,
      0
    ],
    "ImageType": [
      "ORIGINAL",
      "PRIMARY",
      "EPI",
      "NONE"
    ],
    "ImagingFrequency": 127.772,
    "InPlanePhaseEncodingDirectionDICOM": "ROW",
    "InstitutionName": "INSTITUTO_DE_NEUROBIOLOGIA",
    "MRAcquisitionType": "2D",
    "MagneticFieldStrength": 3,
    "Manufacturer": "GE",
    "ManufacturersModelName": "DISCOVERY_MR750",
    "Modality": "MR",
    "PatientPosition": "HFS",
    "PercentPhaseFOV": 100,
    "PhaseEncodingDirection": "i-",
    "PhaseEncodingPolarityGE": "Flipped",
    "PixelBandwidth": 7812.5,
    "ProcedureStepDescription": "verbos_aza",
    "ProtocolName": "fMRI_4",
    "ReconMatrixPE": 64,
    "RepetitionTime": 2,
    "SAR": 0.364805,
    "ScanOptions": "EPI_GEMS_ACC_GEMS",
    "ScanningSequence": "EP_GR",
    "SequenceVariant": "SS",
    "SeriesDescription": "fMRI_4",
    "SeriesNumber": 7,
    "SliceThickness": 4,
    "SliceTiming": [
      0,
      1.0285,
      0.0571001,
      1.0857,
      0.1142,
      1.1428,
      0.1714,
      1.2,
      0.2285,
      1.2571,
      0.2857,
      1.3143,
      0.3428,
      1.3714,
      0.4,
      1.4286,
      0.4571,
      1.4857,
      0.5142,
      1.5428,
      0.5714,
      1.6,
      0.6285,
      1.6571,
      0.6857,
      1.7143,
      0.7428,
      1.7714,
      0.8,
      1.8285,
      0.8571,
      1.8857,
      0.9143,
      1.9428,
      0.9714
    ],
    "SoftwareVersions": "24_LX_MR_Software_release:DV24.0_R02_1607.b",
    "SpacingBetweenSlices": 4,
    "StationName": "GEHCGEHC",
    "TaskName": "verbs",
    "TotalReadoutTime": 0.023436,
    "dataset": "ds003481",
    "modality": "bold",
    "run_id": 4,
    "subject_id": "123",
    "task_id": "verbs"
  },
  "dummy_trs": 0,
  "dvars_nstd": 13.071755734508667,
  "dvars_std": 1.1222661656647401,
  "dvars_vstd": 1.006773516705202,
  "efc": 0.3740608743680502,
  "fber": 39018.21875,
  "fd_mean": 0.06437229906784737,
  "fd_num": 2,
  "fd_perc": 1.1494252873563218,
  "fwhm_avg": 3.0851416666666664,
  "fwhm_x": 2.93195,
  "fwhm_y": 3.134975,
  "fwhm_z": 3.1885,
  "gcor": 0.0440352,
  "gsr_x": -0.002042326843366027,
  "gsr_y": 0.001833924325183034,
  "provenance": {
    "md5sum": "d099bae4cbe4e2b4310eb110dec724bc",
    "settings": {
      "fd_thres": 0.2,
      "testing": false
    },
    "software": "mriqc",
    "version": "23.0.1",
    "webapi_port": null,
    "webapi_url": "https://mriqc.nimh.nih.gov/api/v1"
  },
  "size_t": 174,
  "size_x": 64,
  "size_y": 64,
  "size_z": 35,
  "snr": 2.6969539166507195,
  "spacing_tr": 2.0,
  "spacing_x": 4.0,
  "spacing_y": 4.0,
  "spacing_z": 4.0,
  "summary_bg_k": 82.03137049963686,
  "summary_bg_mad": 14.29773867656321,
  "summary_bg_mean": 41.28129577636719,
  "summary_bg_median": 10.11494255065918,
  "summary_bg_n": 98739.0,
  "summary_bg_p05": 0.15459769517183616,
  "summary_bg_p95": 179.90056915283168,
  "summary_bg_stdv": 97.1846923828125,
  "summary_fg_k": 1.083900601580317,
  "summary_fg_mad": 549.5725178413406,
  "summary_fg_mean": 2054.83740234375,
  "summary_fg_median": 1885.146484375,
  "summary_fg_n": 16114.0,
  "summary_fg_p05": 1214.9991333007813,
  "summary_fg_p95": 3503.6539550781213,
  "summary_fg_stdv": 698.9692993164062,
  "tsnr": 98.6666186794173
}