{
  "aor": 0.0007644827586206896,
  "aqi": 0.0009655580919540231,
  "bids_meta": {
    "AcquisitionMatrixPE": 64,
    "AcquisitionNumber": 1,
    "AcquisitionTime": "20:13:47.000000",
    "CoilString": "32Ch_Head",
    "ConversionSoftware": "dcm2niix",
    "ConversionSoftwareVersion": "v1.0.20190902",
    "Dcm2bidsVersion": "2.1.4",
    "DeviceSerialNumber": "000000000000GEHC",
    "EchoTime": 0.04,
    "EffectiveEchoSpacing": 0.000372,
    "FlipAngle": 90,
    "ImageOrientationPatientDICOM": [
      1,
      0,
      0,
      0,
      1,
      0
    ],
    "ImageType": [
      "ORIGINAL",
      "PRIMARY",
      "EPI",
      "NONE"
    ],
    "ImagingFrequency": 127.772,
    "InPlanePhaseEncodingDirectionDICOM": "ROW",
    "InstitutionName": "INSTITUTO_DE_NEUROBIOLOGIA",
    "MRAcquisitionType": "2D",
    "MagneticFieldStrength": 3,
    "Manufacturer": "GE",
    "ManufacturersModelName": "DISCOVERY_MR750",
    "Modality": "MR",
    "PatientPosition": "HFS",
    "PercentPhaseFOV": 100,
    "PhaseEncodingDirection": "i-",
    "PhaseEncodingPolarityGE": "Flipped",
    "PixelBandwidth": 7812.5,
    "ProcedureStepDescription": "verbos_aza",
    "ProtocolName": "fMRI_1",
    "ReconMatrixPE": 64,
    "RepetitionTime": 2,
    "SAR": 0.364805,
    "ScanOptions": "EPI_GEMS_ACC_GEMS",
    "ScanningSequence": "EP_GR",
    "SequenceVariant": "SS",
    "SeriesDescription": "fMRI_1",
    "SeriesNumber": 4,
    "SliceThickness": 4,
    "SliceTiming": [
      0,
      1.0285,
      0.0571001,
      1.0857,
      0.1142,
      1.1428,
      0.1714,
      1.2,
      0.2285,
      1.2571,
      0.2857,
      1.3143,
      0.3428,
      1.3714,
      0.4,
      1.4286,
      0.4571,
      1.4857,
      0.5142,
      1.5428,
      0.5714,
      1.6,
      0.6285,
      1.6571,
      0.6857,
      1.7143,
      0.7428,
      1.7714,
      0.8,
      1.8285,
      0.8571,
      1.8857,
      0.9143,
      1.9428,
      0.9714
    ],
    "SoftwareVersions": "24_LX_MR_Software_release:DV24.0_R02_1607.b",
    "SpacingBetweenSlices": 4,
    "StationName": "GEHCGEHC",
    "TaskName": "verbs",
    "TotalReadoutTime": 0.023436,
    "dataset": "ds003481",
    "modality": "bold",
    "run_id": 1,
    "subject_id": "123",
    "task_id": "verbs"
  },
  "dummy_trs": 0,
  "dvars_nstd": 13.090128132196536,
  "dvars_std": 1.1273115383815022,
  "dvars_vstd": 1.004854389421965,
  "efc": 0.37231743427674135,
  "fber": 39383.44921875,
  "fd_mean": 0.05211574102332062,
  "fd_num": 1,
  "fd_perc": 0.5747126436781609,
  "fwhm_avg": 3.040808333333333,
  "fwhm_x": 2.886,
  "fwhm_y": 3.0785,
  "fwhm_z": 3.157925,
  "gcor": 0.0501451,
  "gsr_x": -0.0032286089845001698,
  "gsr_y": 0.00034098897594958544,
  "provenance": {
    "md5sum": "636a345c958dec2a12529f04a29ff240",
    "settings": {
      "fd_thres": 0.2,
      "testing": false
    },
    "software": "mriqc",
    "version": "23.0.1",
    "webapi_port": null,
    "webapi_url": "https://mriqc.nimh.nih.gov/api/v1"
  },
  "size_t": 174,
  "size_x": 64,
  "size_y": 64,
  "size_z": 35,
  "snr": 2.761852233377299,
  "spacing_tr": 2.0,
  "spacing_x": 4.0,
  "spacing_y": 4.0,
  "spacing_z": 4.0,
  "summary_bg_k": 78.82895775438935,
  "summary_bg_mad": 14.212532033924116,
  "summary_bg_mean": 41.211448669433594,
  "summary_bg_median": 10.051724433898926,
  "summary_bg_n": 99069.0,
  "summary_bg_p05": 0.13218390941619873,
  "summary_bg_p95": 181.99885559082017,
  "summary_bg_stdv": 99.2365951538086,
  "summary_fg_k": 0.8265404532765377,
  "summary_fg_mad": 558.0720526666321,
  "summary_fg_mean": 2071.281005859375,
  "summary_fg_median": 1902.896484375,
  "summary_fg_n": 15850.0,
  "summary_fg_p05": 1240.2847595214844,
  "summary_fg_p95": 3484.638195800781,
  "summary_fg_stdv": 688.9711303710938,
  "tsnr": 106.82237183046527
}