{
  "aor": 0.0008310919540229886,
  "aqi": 0.001693956425287356,
  "bids_meta": {
    "AcquisitionMatrixPE": 64,
    "AcquisitionNumber": 1,
    "AcquisitionTime": "20:21:0.000000",
    "CoilString": "32Ch_Head",
    "ConversionSoftware": "dcm2niix",
    "ConversionSoftwareVersion": "v1.0.20190902",
    "Dcm2bidsVersion": "2.1.4",
    "DeviceSerialNumber": "000000000000GEHC",
    "EchoTime": 0.04,
    "EffectiveEchoSpacing": 0.000372,
    "FlipAngle": 90,
    "ImageOrientationPatientDICOM": [
      1,
      0,
      0,
      0,
      1,
      0
    ],
    "ImageType": [
      "ORIGINAL",
      "PRIMARY",
      "EPI",
      "NONE"
    ],
    "ImagingFrequency": 127.772,
    "InPlanePhaseEncodingDirectionDICOM": "ROW",
    "InstitutionName": "INSTITUTO_DE_NEUROBIOLOGIA",
    "MRAcquisitionType": "2D",
    "MagneticFieldStrength": 3,
    "Manufacturer": "GE",
    "ManufacturersModelName": "DISCOVERY_MR750",
    "Modality": "MR",
    "PatientPosition": "HFS",
    "PercentPhaseFOV": 100,
    "PhaseEncodingDirection": "i-",
    "PhaseEncodingPolarityGE": "Flipped",
    "PixelBandwidth": 7812.5,
    "ProcedureStepDescription": "verbos_aza",
    "ProtocolName": "fMRI_2",
    "ReconMatrixPE": 64,
    "RepetitionTime": 2,
    "SAR": 0.364805,
    "ScanOptions": "EPI_GEMS_ACC_GEMS",
    "ScanningSequence": "EP_GR",
    "SequenceVariant": "SS",
    "SeriesDescription": "fMRI_2",
    "SeriesNumber": 5,
    "SliceThickness": 4,
    "SliceTiming": [
      0,
      1.0285,
      0.0571001,
      1.0857,
      0.1142,
      1.1428,
      0.1714,
      1.2,
      0.2285,
      1.2571,
      0.2857,
      1.3143,
      0.3428,
      1.3714,
      0.4,
      1.4286,
      0.4571,
      1.4857,
      0.5142,
      1.5428,
      0.5714,
      1.6,
      0.6285,
      1.6571,
      0.6857,
      1.7143,
      0.7428,
      1.7714,
      0.8,
      1.8285,
      0.8571,
      1.8857,
      0.9143,
      1.9428,
      0.9714
    ],
    "SoftwareVersions": "24_LX_MR_Software_release:DV24.0_R02_1607.b",
    "SpacingBetweenSlices": 4,
    "StationName": "GEHCGEHC",
    "TaskName": "verbs",
    "TotalReadoutTime": 0.023436,
    "dataset": "ds003481",
    "modality": "bold",
    "run_id": 2,
    "subject_id": "123",
    "task_id": "verbs"
  },
  "dummy_trs": 0,
  "dvars_nstd": 13.041063419075147,
  "dvars_std": 1.0637616236994218,
  "dvars_vstd": 0.9663401703468204,
  "efc": 0.3732216574808124,
  "fber": 40210.28125,
  "fd_mean": 0.056667435385794704,
  "fd_num": 0,
  "fd_perc": 0.0,
  "fwhm_avg": 3.0902583333333333,
  "fwhm_x": 2.951625,
  "fwhm_y": 3.1263,
  "fwhm_z": 3.19285,
  "gcor": 0.0498886,
  "gsr_x": -0.0023039388470351696,
  "gsr_y": 0.0013118445640429854,
  "provenance": {
    "md5sum": "a79ee0bfa78aa2ca45dca758d718343b",
    "settings": {
      "fd_thres": 0.2,
      "testing": false
    },
    "software": "mriqc",
    "version": "23.0.1",
    "webapi_port": null,
    "webapi_url": "https://mriqc.nimh.nih.gov/api/v1"
  },
  "size_t": 174,
  "size_x": 64,
  "size_y": 64,
  "size_z": 35,
  "snr": 2.7485774902103874,
  "spacing_tr": 2.0,
  "spacing_x": 4.0,
  "spacing_y": 4.0,
  "spacing_z": 4.0,
  "summary_bg_k": 85.31730194201737,
  "summary_bg_mad": 14.118804183545747,
  "summary_bg_mean": 41.18965148925781,
  "summary_bg_median": 9.977011680603027,
  "summary_bg_n": 98931.0,
  "summary_bg_p05": 0.13218390941619873,
  "summary_bg_p95": 182.6522979736328,
  "summary_bg_stdv": 98.40802001953125,
  "summary_fg_k": 0.9826811488853346,
  "summary_fg_mad": 556.6745118547058,
  "summary_fg_mean": 2066.083251953125,
  "summary_fg_median": 1896.451171875,
  "summary_fg_n": 15884.0,
  "summary_fg_p05": 1242.10771484375,
  "summary_fg_p95": 3485.191394042968,
  "summary_fg_stdv": 689.9537963867188,
  "tsnr": 87.31681436486542
}