{
  "aor": 0.0008448850574712646,
  "aqi": 0.0014523767413793102,
  "bids_meta": {
    "AcquisitionMatrixPE": 64,
    "AcquisitionNumber": 1,
    "AcquisitionTime": "20:27:54.000000",
    "CoilString": "32Ch_Head",
    "ConversionSoftware": "dcm2niix",
    "ConversionSoftwareVersion": "v1.0.20190902",
    "Dcm2bidsVersion": "2.1.4",
    "DeviceSerialNumber": "000000000000GEHC",
    "EchoTime": 0.04,
    "EffectiveEchoSpacing": 0.000372,
    "FlipAngle": 90,
    "ImageOrientationPatientDICOM": [
      1,
      0,
      0,
      0,
      1,
      0
    ],
    "ImageType": [
      "ORIGINAL",
      "PRIMARY",
      "EPI",
      "NONE"
    ],
    "ImagingFrequency": 127.772,
    "InPlanePhaseEncodingDirectionDICOM": "ROW",
    "InstitutionName": "INSTITUTO_DE_NEUROBIOLOGIA",
    "MRAcquisitionType": "2D",
    "MagneticFieldStrength": 3,
    "Manufacturer": "GE",
    "ManufacturersModelName": "DISCOVERY_MR750",
    "Modality": "MR",
    "PatientPosition": "HFS",
    "PercentPhaseFOV": 100,
    "PhaseEncodingDirection": "i-",
    "PhaseEncodingPolarityGE": "Flipped",
    "PixelBandwidth": 7812.5,
    "ProcedureStepDescription": "verbos_aza",
    "ProtocolName": "fMRI_3",
    "ReconMatrixPE": 64,
    "RepetitionTime": 2,
    "SAR": 0.364805,
    "ScanOptions": "EPI_GEMS_ACC_GEMS",
    "ScanningSequence": "EP_GR",
    "SequenceVariant": "SS",
    "SeriesDescription": "fMRI_3",
    "SeriesNumber": 6,
    "SliceThickness": 4,
    "SliceTiming": [
      0,
      1.0285,
      0.0571001,
      1.0857,
      0.1142,
      1.1428,
      0.1714,
      1.2,
      0.2285,
      1.2571,
      0.2857,
      1.3143,
      0.3428,
      1.3714,
      0.4,
      1.4286,
      0.4571,
      1.4857,
      0.5142,
      1.5428,
      0.5714,
      1.6,
      0.6285,
      1.6571,
      0.6857,
      1.7143,
      0.7428,
      1.7714,
      0.8,
      1.8285,
      0.8571,
      1.8857,
      0.9143,
      1.9428,
      0.9714
    ],
    "SoftwareVersions": "24_LX_MR_Software_release:DV24.0_R02_1607.b",
    "SpacingBetweenSlices": 4,
    "StationName": "GEHCGEHC",
    "TaskName": "verbs",
    "TotalReadoutTime": 0.023436,
    "dataset": "ds003481",
    "modality": "bold",
    "run_id": 3,
    "subject_id": "123",
    "task_id": "verbs"
  },
  "dummy_trs": 0,
  "dvars_nstd": 13.224235336300577,
  "dvars_std": 1.0764952941618495,
  "dvars_vstd": 0.978350312254335,
  "efc": 0.37294867982704283,
  "fber": 40712.53515625,
  "fd_mean": 0.06556404167113437,
  "fd_num": 0,
  "fd_perc": 0.0,
  "fwhm_avg": 3.1176333333333335,
  "fwhm_x": 2.997375,
  "fwhm_y": 3.130575,
  "fwhm_z": 3.22495,
  "gcor": 0.0268964,
  "gsr_x": -0.000996459391899407,
  "gsr_y": 0.0017194938845932484,
  "provenance": {
    "md5sum": "05e8d909ef668a97e75a8abff6180e33",
    "settings": {
      "fd_thres": 0.2,
      "testing": false
    },
    "software": "mriqc",
    "version": "23.0.1",
    "webapi_port": null,
    "webapi_url": "https://mriqc.nimh.nih.gov/api/v1"
  },
  "size_t": 174,
  "size_x": 64,
  "size_y": 64,
  "size_z": 35,
  "snr": 2.690169689508421,
  "spacing_tr": 2.0,
  "spacing_x": 4.0,
  "spacing_y": 4.0,
  "spacing_z": 4.0,
  "summary_bg_k": 89.07630112211369,
  "summary_bg_mad": 13.965430927756694,
  "summary_bg_mean": 39.990291595458984,
  "summary_bg_median": 9.908045768737793,
  "summary_bg_n": 98748.0,
  "summary_bg_p05": 0.14942528307437897,
  "summary_bg_p95": 176.9022979736328,
  "summary_bg_stdv": 95.95710754394531,
  "summary_fg_k": 1.0629940522939068,
  "summary_fg_mad": 556.5211298502888,
  "summary_fg_mean": 2045.1495361328125,
  "summary_fg_median": 1882.436767578125,
  "summary_fg_n": 16271.0,
  "summary_fg_p05": 1193.9799194335938,
  "summary_fg_p95": 3484.9339599609375,
  "summary_fg_stdv": 699.7249755859375,
  "tsnr": 93.54722508508712
}