{
  "aor": 0.003322068965517241,
  "aqi": 0.0016383973735632183,
  "bids_meta": {
    "AcquisitionMatrixPE": 64,
    "AcquisitionNumber": 1,
    "AcquisitionTime": "21:14:59.000000",
    "CoilString": "32Ch_Head",
    "ConversionSoftware": "dcm2niix",
    "ConversionSoftwareVersion": "v1.0.20190902",
    "Dcm2bidsVersion": "2.1.4",
    "DeviceSerialNumber": "000000000000GEHC",
    "EchoTime": 0.04,
    "EffectiveEchoSpacing": 0.000372,
    "FlipAngle": 90,
    "ImageOrientationPatientDICOM": [
      1,
      0,
      0,
      0,
      1,
      0
    ],
    "ImageType": [
      "ORIGINAL",
      "PRIMARY",
      "EPI",
      "NONE"
    ],
    "ImagingFrequency": 127.772,
    "InPlanePhaseEncodingDirectionDICOM": "ROW",
    "InstitutionName": "INSTITUTO_DE_NEUROBIOLOGIA",
    "MRAcquisitionType": "2D",
    "MagneticFieldStrength": 3,
    "Manufacturer": "GE",
    "ManufacturersModelName": "DISCOVERY_MR750",
    "Modality": "MR",
    "PatientPosition": "HFS",
    "PercentPhaseFOV": 100,
    "PhaseEncodingDirection": "i-",
    "PhaseEncodingPolarityGE": "Flipped",
    "PixelBandwidth": 7812.5,
    "ProcedureStepDescription": "verbos_aza",
    "ProtocolName": "fMRI_8",
    "ReconMatrixPE": 64,
    "RepetitionTime": 2,
    "SAR": 0.364805,
    "ScanOptions": "EPI_GEMS_ACC_GEMS",
    "ScanningSequence": "EP_GR",
    "SequenceVariant": "SS",
    "SeriesDescription": "fMRI_8",
    "SeriesNumber": 13,
    "SliceThickness": 4,
    "SliceTiming": [
      0,
      1.0285,
      0.0571001,
      1.0857,
      0.1142,
      1.1428,
      0.1714,
      1.2,
      0.2285,
      1.2571,
      0.2857,
      1.3143,
      0.3428,
      1.3714,
      0.4,
      1.4286,
      0.4571,
      1.4857,
      0.5142,
      1.5428,
      0.5714,
      1.6,
      0.6285,
      1.6571,
      0.6857,
      1.7143,
      0.7428,
      1.7714,
      0.8,
      1.8285,
      0.8571,
      1.8857,
      0.9143,
      1.9428,
      0.9714
    ],
    "SoftwareVersions": "24_LX_MR_Software_release:DV24.0_R02_1607.b",
    "SpacingBetweenSlices": 4,
    "StationName": "GEHCGEHC",
    "TaskName": "verbs",
    "TotalReadoutTime": 0.023436,
    "dataset": "ds003481",
    "modality": "bold",
    "run_id": 8,
    "subject_id": "123",
    "task_id": "verbs"
  },
  "dummy_trs": 0,
  "dvars_nstd": 13.832478186705211,
  "dvars_std": 1.1505033264739883,
  "dvars_vstd": 1.0437035225433526,
  "efc": 0.3721086211704559,
  "fber": 47412.125,
  "fd_mean": 0.09659457408715691,
  "fd_num": 7,
  "fd_perc": 4.022988505747127,
  "fwhm_avg": 3.1470416666666665,
  "fwhm_x": 2.97595,
  "fwhm_y": 3.130925,
  "fwhm_z": 3.33425,
  "gcor": 0.0546243,
  "gsr_x": -0.007715110667049885,
  "gsr_y": 0.002028603106737137,
  "provenance": {
    "md5sum": "77315e0a25628592f6720d42619655e6",
    "settings": {
      "fd_thres": 0.2,
      "testing": false
    },
    "software": "mriqc",
    "version": "23.0.1",
    "webapi_port": null,
    "webapi_url": "https://mriqc.nimh.nih.gov/api/v1"
  },
  "size_t": 174,
  "size_x": 64,
  "size_y": 64,
  "size_z": 35,
  "snr": 2.6691277150903026,
  "spacing_tr": 2.0,
  "spacing_x": 4.0,
  "spacing_y": 4.0,
  "spacing_z": 4.0,
  "summary_bg_k": 125.78046625059523,
  "summary_bg_mad": 12.51691181699362,
  "summary_bg_mean": 39.080833435058594,
  "summary_bg_median": 8.88505744934082,
  "summary_bg_n": 98635.0,
  "summary_bg_p05": 0.1149425283074379,
  "summary_bg_p95": 170.66723785400345,
  "summary_bg_stdv": 98.14994049072266,
  "summary_fg_k": 1.0872668650325377,
  "summary_fg_mad": 559.7503866111282,
  "summary_fg_mean": 2034.6416015625,
  "summary_fg_median": 1871.109130859375,
  "summary_fg_n": 16149.0,
  "summary_fg_p05": 1179.3436279296875,
  "summary_fg_p95": 3483.3172363281246,
  "summary_fg_stdv": 700.9972534179688,
  "tsnr": 92.12308914586902
}