{
  "aor": 0.006355977011494252,
  "aqi": 0.0011059976494252875,
  "bids_meta": {
    "AcquisitionMatrixPE": 64,
    "AcquisitionNumber": 1,
    "AcquisitionTime": "21:01:28.000000",
    "CoilString": "32Ch_Head",
    "ConversionSoftware": "dcm2niix",
    "ConversionSoftwareVersion": "v1.0.20190902",
    "Dcm2bidsVersion": "2.1.4",
    "DeviceSerialNumber": "000000000000GEHC",
    "EchoTime": 0.04,
    "EffectiveEchoSpacing": 0.000372,
    "FlipAngle": 90,
    "ImageOrientationPatientDICOM": [
      1,
      0,
      0,
      0,
      1,
      0
    ],
    "ImageType": [
      "ORIGINAL",
      "PRIMARY",
      "EPI",
      "NONE"
    ],
    "ImagingFrequency": 127.772,
    "InPlanePhaseEncodingDirectionDICOM": "ROW",
    "InstitutionName": "INSTITUTO_DE_NEUROBIOLOGIA",
    "MRAcquisitionType": "2D",
    "MagneticFieldStrength": 3,
    "Manufacturer": "GE",
    "ManufacturersModelName": "DISCOVERY_MR750",
    "Modality": "MR",
    "PatientPosition": "HFS",
    "PercentPhaseFOV": 100,
    "PhaseEncodingDirection": "i-",
    "PhaseEncodingPolarityGE": "Flipped",
    "PixelBandwidth": 7812.5,
    "ProcedureStepDescription": "verbos_aza",
    "ProtocolName": "fMRI_6",
    "ReconMatrixPE": 64,
    "RepetitionTime": 2,
    "SAR": 0.364805,
    "ScanOptions": "EPI_GEMS_ACC_GEMS",
    "ScanningSequence": "EP_GR",
    "SequenceVariant": "SS",
    "SeriesDescription": "fMRI_6",
    "SeriesNumber": 11,
    "SliceThickness": 4,
    "SliceTiming": [
      0,
      1.0285,
      0.0571001,
      1.0857,
      0.1142,
      1.1428,
      0.1714,
      1.2,
      0.2285,
      1.2571,
      0.2857,
      1.3143,
      0.3428,
      1.3714,
      0.4,
      1.4286,
      0.4571,
      1.4857,
      0.5142,
      1.5428,
      0.5714,
      1.6,
      0.6285,
      1.6571,
      0.6857,
      1.7143,
      0.7428,
      1.7714,
      0.8,
      1.8285,
      0.8571,
      1.8857,
      0.9143,
      1.9428,
      0.9714
    ],
    "SoftwareVersions": "24_LX_MR_Software_release:DV24.0_R02_1607.b",
    "SpacingBetweenSlices": 4,
    "StationName": "GEHCGEHC",
    "TaskName": "verbs",
    "TotalReadoutTime": 0.023436,
    "dataset": "ds003481",
    "modality": "bold",
    "run_id": 6,
    "subject_id": "123",
    "task_id": "verbs"
  },
  "dummy_trs": 0,
  "dvars_nstd": 13.243597267861261,
  "dvars_std": 1.0988109785549143,
  "dvars_vstd": 1.0462003589017341,
  "efc": 0.37195528337966344,
  "fber": 49600.0234375,
  "fd_mean": 0.08800490913853765,
  "fd_num": 5,
  "fd_perc": 2.8735632183908044,
  "fwhm_avg": 3.1297833333333336,
  "fwhm_x": 2.954125,
  "fwhm_y": 3.124175,
  "fwhm_z": 3.31105,
  "gcor": 0.045376,
  "gsr_x": -0.007185087073594332,
  "gsr_y": 0.00036319493665359914,
  "provenance": {
    "md5sum": "0eb9fbd2e4016100861f893dca0e8e3c",
    "settings": {
      "fd_thres": 0.2,
      "testing": false
    },
    "software": "mriqc",
    "version": "23.0.1",
    "webapi_port": null,
    "webapi_url": "https://mriqc.nimh.nih.gov/api/v1"
  },
  "size_t": 174,
  "size_x": 64,
  "size_y": 64,
  "size_z": 35,
  "snr": 2.6862035763351404,
  "spacing_tr": 2.0,
  "spacing_x": 4.0,
  "spacing_y": 4.0,
  "spacing_z": 4.0,
  "summary_bg_k": 94.15925237579586,
  "summary_bg_mad": 12.585077016223922,
  "summary_bg_mean": 39.83962631225586,
  "summary_bg_median": 8.890804290771484,
  "summary_bg_n": 98820.0,
  "summary_bg_p05": 0.08620689809322357,
  "summary_bg_p95": 175.60374145507805,
  "summary_bg_stdv": 96.47391510009766,
  "summary_fg_k": 1.0407630808549122,
  "summary_fg_mad": 564.0961195787498,
  "summary_fg_mean": 2048.4716796875,
  "summary_fg_median": 1884.1494140625,
  "summary_fg_n": 16071.0,
  "summary_fg_p05": 1199.8161010742188,
  "summary_fg_p95": 3490.1839599609375,
  "summary_fg_stdv": 701.3953857421875,
  "tsnr": 92.99226819910109
}