{
  "aor": 0.004884466666666667,
  "aqi": 0.0024954104899999998,
  "bids_meta": {
    "AcquisitionDateTime": "2016-09-18T12:41:24.000000",
    "ConversionSoftware": "dcm2niix",
    "ConversionSoftwareVersion": "v1.0.20170411 GCC4.8.4",
    "EchoTime": 0.04,
    "FlipAngle": 90,
    "ImageType": [
      "ORIGINAL",
      "PRIMARY",
      "EPI",
      "NONE"
    ],
    "MagneticFieldStrength": 3,
    "Manufacturer": "GE",
    "ManufacturersModelName": "DISCOVERY_MR750",
    "ProcedureStepDescription": "MeditResp",
    "ProtocolName": "fMRI_RestSt",
    "RepetitionTime": 2,
    "ScanningSequence": "EP_GR",
    "SequenceVariant": "SS",
    "SeriesDescription": "fMRI_RestSt",
    "SliceTiming": [
      1.0285,
      0.0571001,
      1.0857,
      0.1142,
      1.1428,
      0.1714,
      1.2,
      0.2285,
      1.2571,
      0.2857,
      1.3143,
      0.3428,
      1.3714,
      0.4,
      1.4286,
      0.4571,
      1.4857,
      0.5142,
      1.5428,
      0.5714,
      1.6,
      0.6285,
      1.6571,
      0.6857,
      1.7143,
      0.7428,
      1.7714,
      0.8,
      1.8285,
      0.8571,
      1.8857,
      0.9143,
      1.9428,
      0.9714
    ],
    "TaskName": "rest",
    "dataset": "ds003481",
    "modality": "bold",
    "subject_id": "092",
    "task_id": "rest"
  },
  "dummy_trs": 0,
  "dvars_nstd": 16.02114985846152,
  "dvars_std": 1.1301250209030103,
  "dvars_vstd": 1.026779605819398,
  "efc": 0.3454024517019516,
  "fber": 49438.328125,
  "fd_mean": 0.07367546995554493,
  "fd_num": 12,
  "fd_perc": 4.0,
  "fwhm_avg": 2.954541666666666,
  "fwhm_x": 2.9625,
  "fwhm_y": 3.186925,
  "fwhm_z": 2.7142,
  "gcor": 0.0565673,
  "gsr_x": -0.02443348430097103,
  "gsr_y": 0.02314291149377823,
  "provenance": {
    "md5sum": "aab42be8157f4b7fe749636c4f299cfc",
    "settings": {
      "fd_thres": 0.2,
      "testing": false
    },
    "software": "mriqc",
    "version": "23.0.1",
    "webapi_port": null,
    "webapi_url": "https://mriqc.nimh.nih.gov/api/v1"
  },
  "size_t": 300,
  "size_x": 64,
  "size_y": 64,
  "size_z": 34,
  "snr": 2.8816219872062034,
  "spacing_tr": 2.0,
  "spacing_x": 4.0,
  "spacing_y": 4.0,
  "spacing_z": 4.0,
  "summary_bg_k": 346.68832398791085,
  "summary_bg_mad": 11.060212694978555,
  "summary_bg_mean": 36.96728515625,
  "summary_bg_median": 7.886666774749756,
  "summary_bg_n": 100251.0,
  "summary_bg_p05": 0.12000000476837158,
  "summary_bg_p95": 148.0366668701172,
  "summary_bg_stdv": 111.5516128540039,
  "summary_fg_k": 1.767953037194565,
  "summary_fg_mad": 485.25577850956995,
  "summary_fg_mean": 1703.1376953125,
  "summary_fg_median": 1633.1033935546875,
  "summary_fg_n": 12369.0,
  "summary_fg_p05": 930.7480224609375,
  "summary_fg_p95": 2772.5547851562496,
  "summary_fg_stdv": 566.7077026367188,
  "tsnr": 68.47550877230242
}