{
  "bids_meta": {
    "AcquisitionMatrixPE": 256,
    "AcquisitionNumber": 1,
    "AcquisitionTime": "21:12:6.000000",
    "CoilString": "32Ch_Head",
    "ConversionSoftware": "dcm2niix",
    "ConversionSoftwareVersion": "v1.0.20190902",
    "Dcm2bidsVersion": "2.1.4",
    "DeviceSerialNumber": "000000000000GEHC",
    "EchoTime": 0.00318,
    "FlipAngle": 12,
    "ImageOrientationPatientDICOM": [
      0,
      1,
      0,
      0,
      0,
      -1
    ],
    "ImageType": [
      "ORIGINAL",
      "PRIMARY",
      "OTHER"
    ],
    "ImagingFrequency": 127.772,
    "InPlanePhaseEncodingDirectionDICOM": "ROW",
    "InstitutionName": "INSTITUTO_DE_NEUROBIOLOGIA",
    "InversionTime": 0.45,
    "MRAcquisitionType": "3D",
    "MagneticFieldStrength": 3,
    "Manufacturer": "GE",
    "ManufacturersModelName": "DISCOVERY_MR750",
    "Modality": "MR",
    "PatientPosition": "HFS",
    "PercentPhaseFOV": 100,
    "PixelBandwidth": 244.141,
    "ProcedureStepDescription": "verbos",
    "ProtocolName": "Sag_T1_FSPGR_BRAVO",
    "ReconMatrixPE": 256,
    "RepetitionTime": 0.008156,
    "SAR": 0.23832,
    "ScanOptions": "FAST_GEMS_EDR_GEMS_FILTERED_GEMS_ACC_GEMS",
    "ScanningSequence": "GR",
    "SequenceVariant": "SS_SP_SK",
    "SeriesDescription": "Sag_T1_FSPGR_BRAVO",
    "SeriesNumber": 15,
    "SliceThickness": 1,
    "SoftwareVersions": "24_LX_MR_Software_release:DV24.0_R02_1607.b",
    "SpacingBetweenSlices": 1,
    "StationName": "GEHCGEHC",
    "dataset": "ds003481",
    "modality": "T1w",
    "subject_id": "136"
  },
  "cjv": 0.4375075225929739,
  "cnr": 3.1106831004981434,
  "efc": 0.6149221869460738,
  "fber": 9077.629696695338,
  "fwhm_avg": 3.9057099999999996,
  "fwhm_x": 3.90489,
  "fwhm_y": 4.02591,
  "fwhm_z": 3.78633,
  "icvs_csf": 0.21076413647472897,
  "icvs_gm": 0.4102955580636467,
  "icvs_wm": 0.3789403054616243,
  "inu_med": 0.8426430821418762,
  "inu_range": 0.6054639518260957,
  "provenance": {
    "md5sum": "ca7dac51aaa3e8bd247b0f41fce2021c",
    "settings": {
      "testing": false
    },
    "software": "mriqc",
    "version": "23.0.1",
    "warnings": {
      "large_rot_frame": true,
      "small_air_mask": false
    },
    "webapi_port": null,
    "webapi_url": "https://mriqc.nimh.nih.gov/api/v1"
  },
  "qi_1": 0.0,
  "qi_2": 0.00038762447060243234,
  "rpve_csf": 21.41430653601986,
  "rpve_gm": 11.125054034846963,
  "rpve_wm": 14.09830890392469,
  "size_x": 176,
  "size_y": 256,
  "size_z": 256,
  "snr_csf": 2.6859178957868832,
  "snr_gm": 10.319340505767885,
  "snr_total": 10.304147147939617,
  "snr_wm": 17.907183042264084,
  "snrd_csf": 12.771758774567038,
  "snrd_gm": 32.49335095972148,
  "snrd_total": 30.159141257592793,
  "snrd_wm": 45.21231403848986,
  "spacing_x": 1.0,
  "spacing_y": 1.0,
  "spacing_z": 1.0,
  "summary_bg_k": 14.225818607226596,
  "summary_bg_mad": 0.0,
  "summary_bg_mean": 8.189609676378451,
  "summary_bg_median": 0.0,
  "summary_bg_n": 1740636.0,
  "summary_bg_p05": 0.0,
  "summary_bg_p95": 36.09341710805893,
  "summary_bg_stdv": 14.490220043835098,
  "summary_csf_k": 1.2416207212698156,
  "summary_csf_mad": 90.65592894130936,
  "summary_csf_mean": 292.53546286227504,
  "summary_csf_median": 282.4840674251318,
  "summary_csf_n": 46745.0,
  "summary_csf_p05": 138.9065773114562,
  "summary_csf_p95": 487.6326808407903,
  "summary_csf_stdv": 105.17113956049738,
  "summary_gm_k": 0.0427569742476428,
  "summary_gm_mad": 68.8575849163591,
  "summary_gm_mean": 719.0165490302373,
  "summary_gm_median": 718.6836288869381,
  "summary_gm_n": 24701.0,
  "summary_gm_p05": 605.9978575333953,
  "summary_gm_p95": 835.6156846061349,
  "summary_gm_stdv": 69.64292734360131,
  "summary_wm_k": 0.6208915460134614,
  "summary_wm_mad": 54.22042972271019,
  "summary_wm_mean": 1004.1938547236748,
  "summary_wm_median": 999.999968111515,
  "summary_wm_n": 246213.0,
  "summary_wm_p05": 920.3821362555027,
  "summary_wm_p95": 1101.0084574595094,
  "summary_wm_stdv": 55.84339731086487,
  "tpm_overlap_csf": 0.16269004632605352,
  "tpm_overlap_gm": 0.4467378323331786,
  "tpm_overlap_wm": 0.4825209349727628,
  "wm2max": 0.38940906554225835
}