{
  "aor": 0.00174084,
  "aqi": 0.001764426488,
  "bids_meta": {
    "AcquisitionDateTime": "2017-08-16T19:48:44.000000",
    "ConversionSoftware": "dcm2niix",
    "ConversionSoftwareVersion": "v1.0.20170411 GCC4.8.4",
    "EchoTime": 0.035,
    "FlipAngle": 90,
    "ImageType": [
      "ORIGINAL",
      "PRIMARY",
      "EPI",
      "NONE"
    ],
    "MagneticFieldStrength": 3,
    "Manufacturer": "GE",
    "ManufacturersModelName": "DISCOVERY_MR750",
    "ProcedureStepDescription": "CompMet",
    "ProtocolName": "fMRI_CompMet",
    "RepetitionTime": 2,
    "ScanningSequence": "EP_GR",
    "SequenceVariant": "SS",
    "SeriesDescription": "fMRI_CompMet",
    "SliceTiming": [
      1.0285,
      0.0571001,
      1.0857,
      0.1142,
      1.1428,
      0.1714,
      1.2,
      0.2285,
      1.2571,
      0.2857,
      1.3143,
      0.3428,
      1.3714,
      0.4,
      1.4286,
      0.4571,
      1.4857,
      0.5142,
      1.5428,
      0.5714,
      1.6,
      0.6285,
      1.6571,
      0.6857,
      1.7143,
      0.7428,
      1.7714,
      0.8,
      1.8285,
      0.8571,
      1.8857,
      0.9143,
      1.9428,
      0.9714
    ],
    "TaskName": "cmp",
    "dataset": "ds003481",
    "modality": "bold",
    "run_id": 2,
    "subject_id": "086",
    "task_id": "cmp"
  },
  "dummy_trs": 0,
  "dvars_nstd": 13.96812728538153,
  "dvars_std": 1.147314300160642,
  "dvars_vstd": 1.0190629116064267,
  "efc": 0.3994914775512045,
  "fber": 64970.39453125,
  "fd_mean": 0.12474690085577463,
  "fd_num": 33,
  "fd_perc": 13.2,
  "fwhm_avg": 3.0600583333333335,
  "fwhm_x": 2.939325,
  "fwhm_y": 3.048375,
  "fwhm_z": 3.192475,
  "gcor": 0.0852236,
  "gsr_x": -0.002812693128362298,
  "gsr_y": 0.0052092233672738075,
  "provenance": {
    "md5sum": "172d6b9e4368ccb9d52668c4e8f90e40",
    "settings": {
      "fd_thres": 0.2,
      "testing": false
    },
    "software": "mriqc",
    "version": "23.0.1",
    "webapi_port": null,
    "webapi_url": "https://mriqc.nimh.nih.gov/api/v1"
  },
  "size_t": 250,
  "size_x": 64,
  "size_y": 64,
  "size_z": 34,
  "snr": 2.865409387505148,
  "spacing_tr": 2.0,
  "spacing_x": 4.0,
  "spacing_y": 4.0,
  "spacing_z": 4.0,
  "summary_bg_k": 44.64588773337357,
  "summary_bg_mad": 12.329320998539636,
  "summary_bg_mean": 55.913150787353516,
  "summary_bg_median": 8.820000648498535,
  "summary_bg_n": 92844.0,
  "summary_bg_p05": 0.14400000870227814,
  "summary_bg_p95": 289.7010116577147,
  "summary_bg_stdv": 151.98684692382812,
  "summary_fg_k": 0.4785865672557428,
  "summary_fg_mad": 656.1817885243397,
  "summary_fg_mean": 2330.40234375,
  "summary_fg_median": 2168.23388671875,
  "summary_fg_n": 17538.0,
  "summary_fg_p05": 1375.8622924804688,
  "summary_fg_p95": 3846.178454589843,
  "summary_fg_stdv": 756.6709594726562,
  "tsnr": 94.89797529694624
}