{
  "aor": 0.00096228,
  "aqi": 0.001466533,
  "bids_meta": {
    "AcquisitionDateTime": "2017-08-16T19:38:58.000000",
    "ConversionSoftware": "dcm2niix",
    "ConversionSoftwareVersion": "v1.0.20170411 GCC4.8.4",
    "EchoTime": 0.035,
    "FlipAngle": 90,
    "ImageType": [
      "ORIGINAL",
      "PRIMARY",
      "EPI",
      "NONE"
    ],
    "MagneticFieldStrength": 3,
    "Manufacturer": "GE",
    "ManufacturersModelName": "DISCOVERY_MR750",
    "ProcedureStepDescription": "CompMet",
    "ProtocolName": "fMRI_CompMet",
    "RepetitionTime": 2,
    "ScanningSequence": "EP_GR",
    "SequenceVariant": "SS",
    "SeriesDescription": "fMRI_CompMet",
    "SliceTiming": [
      1.0285,
      0.0571001,
      1.0857,
      0.1142,
      1.1428,
      0.1714,
      1.2,
      0.2285,
      1.2571,
      0.2857,
      1.3143,
      0.3428,
      1.3714,
      0.4,
      1.4286,
      0.4571,
      1.4857,
      0.5142,
      1.5428,
      0.5714,
      1.6,
      0.6285,
      1.6571,
      0.6857,
      1.7143,
      0.7428,
      1.7714,
      0.8,
      1.8285,
      0.8571,
      1.8857,
      0.9143,
      1.9428,
      0.9714
    ],
    "TaskName": "cmp",
    "dataset": "ds003481",
    "modality": "bold",
    "run_id": 1,
    "subject_id": "086",
    "task_id": "cmp"
  },
  "dummy_trs": 0,
  "dvars_nstd": 12.222559760481923,
  "dvars_std": 1.0743401520883533,
  "dvars_vstd": 0.9852204356626506,
  "efc": 0.4026596977668444,
  "fber": 66931.8984375,
  "fd_mean": 0.09061583423903906,
  "fd_num": 11,
  "fd_perc": 4.4,
  "fwhm_avg": 3.0959499999999998,
  "fwhm_x": 2.944425,
  "fwhm_y": 3.11315,
  "fwhm_z": 3.230275,
  "gcor": 0.0898709,
  "gsr_x": -0.0028871402610093355,
  "gsr_y": 0.005678292829543352,
  "provenance": {
    "md5sum": "7cfec2681afa5049008a8381b9a6d67c",
    "settings": {
      "fd_thres": 0.2,
      "testing": false
    },
    "software": "mriqc",
    "version": "23.0.1",
    "webapi_port": null,
    "webapi_url": "https://mriqc.nimh.nih.gov/api/v1"
  },
  "size_t": 250,
  "size_x": 64,
  "size_y": 64,
  "size_z": 34,
  "snr": 2.827841562629948,
  "spacing_tr": 2.0,
  "spacing_x": 4.0,
  "spacing_y": 4.0,
  "spacing_z": 4.0,
  "summary_bg_k": 40.86829422983014,
  "summary_bg_mad": 12.13361719746241,
  "summary_bg_mean": 56.239131927490234,
  "summary_bg_median": 8.704000473022461,
  "summary_bg_n": 92416.0,
  "summary_bg_p05": 0.14800000190734863,
  "summary_bg_p95": 291.17601776123047,
  "summary_bg_stdv": 151.90823364257812,
  "summary_fg_k": 0.5310746582767147,
  "summary_fg_mad": 648.4368569644363,
  "summary_fg_mean": 2328.743896484375,
  "summary_fg_median": 2159.10009765625,
  "summary_fg_n": 17999.0,
  "summary_fg_p05": 1379.2888793945312,
  "summary_fg_p95": 3865.589062499999,
  "summary_fg_stdv": 763.4940185546875,
  "tsnr": 94.92663142830133
}