{
  "bids_meta": {
    "AcquisitionDateTime": "2017-01-11T19:53:33.000000",
    "ConversionSoftware": "dcm2niix",
    "ConversionSoftwareVersion": "v1.0.20170411 GCC4.8.4",
    "EchoTime": 0.00318,
    "FlipAngle": 12,
    "ImageType": [
      "DERIVED",
      "PRIMARY",
      "OTHER"
    ],
    "InversionTime": 0.45,
    "MagneticFieldStrength": 3,
    "Manufacturer": "GE",
    "ManufacturersModelName": "DISCOVERY_MR750",
    "ProcedureStepDescription": "CompRefranes",
    "ProtocolName": "PU:Sag_T1_FSPGR_BRAVO",
    "RepetitionTime": 0.008156,
    "ScanningSequence": "GR",
    "SequenceVariant": "SS_SP_SK",
    "SeriesDescription": "PU:Sag_T1_FSPGR_BRAVO",
    "dataset": "ds003481",
    "modality": "T1w",
    "subject_id": "057"
  },
  "cjv": 0.35170511343317684,
  "cnr": 3.738418658598097,
  "efc": 0.7297271006357492,
  "fber": 1888.8229816302264,
  "fwhm_avg": 4.222176666666666,
  "fwhm_x": 4.29429,
  "fwhm_y": 4.33852,
  "fwhm_z": 4.03372,
  "icvs_csf": 0.20854617198538974,
  "icvs_gm": 0.42134212445263164,
  "icvs_wm": 0.37011170356197864,
  "inu_med": 0.5199105143547058,
  "inu_range": 0.14131011366844176,
  "provenance": {
    "md5sum": "dd01c506d5329a8c990d232af61bd243",
    "settings": {
      "testing": false
    },
    "software": "mriqc",
    "version": "23.0.1",
    "warnings": {
      "large_rot_frame": true,
      "small_air_mask": false
    },
    "webapi_port": null,
    "webapi_url": "https://mriqc.nimh.nih.gov/api/v1"
  },
  "qi_1": 0.0,
  "qi_2": 0.0015334773422662836,
  "rpve_csf": 23.56410588964305,
  "rpve_gm": 11.924152537476191,
  "rpve_wm": 15.742219702151495,
  "size_x": 176,
  "size_y": 256,
  "size_z": 256,
  "snr_csf": 2.6756755811682025,
  "snr_gm": 11.45209959973124,
  "snr_total": 10.678828474605526,
  "snr_wm": 17.908710242917135,
  "snrd_csf": 7.530564915301445,
  "snrd_gm": 19.005109019759086,
  "snrd_total": 18.12972345794958,
  "snrd_wm": 27.853496438788213,
  "spacing_x": 1.0,
  "spacing_y": 1.0,
  "spacing_z": 1.0,
  "summary_bg_k": 24.311381304531157,
  "summary_bg_mad": 0.0,
  "summary_bg_mean": 10.100715574310687,
  "summary_bg_median": 0.0,
  "summary_bg_n": 512952.0,
  "summary_bg_p05": 0.0,
  "summary_bg_p95": 54.089859176427126,
  "summary_bg_stdv": 23.521685853305957,
  "summary_csf_k": 0.5827487945143184,
  "summary_csf_mad": 90.85631455623599,
  "summary_csf_mean": 276.59986089108895,
  "summary_csf_median": 270.3735927902162,
  "summary_csf_n": 41110.0,
  "summary_csf_p05": 116.94045866522939,
  "summary_csf_p95": 456.6997203541918,
  "summary_csf_stdv": 101.04749105488283,
  "summary_gm_k": 0.04714484536919805,
  "summary_gm_mad": 59.31755681651725,
  "summary_gm_mean": 681.9522826246138,
  "summary_gm_median": 682.3498190157115,
  "summary_gm_n": 31623.0,
  "summary_gm_p05": 582.98951087147,
  "summary_gm_p95": 778.3034880235791,
  "summary_gm_stdv": 59.58200277307253,
  "summary_wm_k": 0.8159980399184588,
  "summary_wm_mad": 52.41494613682792,
  "summary_wm_mean": 1003.8483616327421,
  "summary_wm_median": 1000.0378442555666,
  "summary_wm_n": 233642.0,
  "summary_wm_p05": 919.3383482694626,
  "summary_wm_p95": 1101.252878151834,
  "summary_wm_stdv": 55.84074400564985,
  "tpm_overlap_csf": 0.15866281640523933,
  "tpm_overlap_gm": 0.46346619612345985,
  "tpm_overlap_wm": 0.5090465148996989,
  "wm2max": 0.48286723714267643
}