{
  "aor": 0.004282992125984253,
  "aqi": 0.007387897637795276,
  "bids_meta": {
    "AcquisitionMatrixPE": 64,
    "AcquisitionNumber": 1,
    "AcquisitionTime": "13:58:35.000000",
    "BodyPartExamined": "HEAD",
    "CoilString": "32Ch_Head",
    "ConversionSoftware": "dcm2niix",
    "ConversionSoftwareVersion": "v1.0.20181125  (JP2:OpenJPEG) GCC7.3.0",
    "DeviceSerialNumber": "0002806034DVR750",
    "EchoTime": 0.04,
    "EffectiveEchoSpacing": 0.000372,
    "FlipAngle": 90,
    "ImageOrientationPatientDICOM": [
      1,
      0,
      0,
      0,
      1,
      0
    ],
    "ImageType": [
      "ORIGINAL",
      "PRIMARY",
      "EPI",
      "NONE"
    ],
    "ImagingFrequency": 127.772,
    "InPlanePhaseEncodingDirectionDICOM": "COL",
    "InstitutionName": "INSTITUTO_DE_NEUROBIOLOGIA",
    "MRAcquisitionType": "2D",
    "MagneticFieldStrength": 3,
    "Manufacturer": "GE",
    "ManufacturersModelName": "DISCOVERY_MR750",
    "Modality": "MR",
    "PatientPosition": "HFS",
    "PercentPhaseFOV": 100,
    "PhaseEncodingDirection": "j",
    "PhaseEncodingPolarityGE": "Flipped",
    "PixelBandwidth": 7812.5,
    "ProcedureStepDescription": "Emociones_AH",
    "ProtocolName": "fMRI_Jalil_3",
    "ReconMatrixPE": 64,
    "RepetitionTime": 2,
    "SAR": 0.246474,
    "ScanOptions": "EPI_GEMS_ACC_GEMS",
    "ScanningSequence": "EP_GR",
    "SequenceVariant": "SS",
    "SeriesDescription": "fMRI_Jalil_3",
    "SeriesNumber": 7,
    "SliceThickness": 4,
    "SliceTiming": [
      0,
      1.0285,
      0.0571001,
      1.0857,
      0.1142,
      1.1428,
      0.1714,
      1.2,
      0.2285,
      1.2571,
      0.2857,
      1.3143,
      0.3428,
      1.3714,
      0.4,
      1.4286,
      0.4571,
      1.4857,
      0.5142,
      1.5428,
      0.5714,
      1.6,
      0.6285,
      1.6571,
      0.6857,
      1.7143,
      0.7428,
      1.7714,
      0.8,
      1.8285,
      0.8571,
      1.8857,
      0.9143,
      1.9428,
      0.9714
    ],
    "SoftwareVersions": "27_LX_MR_Software_release:DV26.0_R02_1810.b",
    "SpacingBetweenSlices": 4,
    "StationName": "GEHCGEHC",
    "TaskName": "sae",
    "TotalReadoutTime": 0.023436,
    "dataset": "ds003481",
    "modality": "bold",
    "run_id": 3,
    "subject_id": "037",
    "task_id": "sae"
  },
  "dummy_trs": 0,
  "dvars_nstd": 21.85625601019764,
  "dvars_std": 1.0579757837549402,
  "dvars_vstd": 0.9824984156126487,
  "efc": 0.3496497804739295,
  "fber": 44293.609375,
  "fd_mean": 0.3006979055161898,
  "fd_num": 134,
  "fd_perc": 52.75590551181102,
  "fwhm_avg": 2.5021383333333334,
  "fwhm_x": 2.56975,
  "fwhm_y": 2.66385,
  "fwhm_z": 2.272815,
  "gcor": 0.0863657,
  "gsr_x": -0.0012649616692215204,
  "gsr_y": -0.004906781483441591,
  "provenance": {
    "md5sum": "6bd01ce64fc4071bbb122713524d7db6",
    "settings": {
      "fd_thres": 0.2,
      "testing": false
    },
    "software": "mriqc",
    "version": "23.0.1",
    "webapi_port": null,
    "webapi_url": "https://mriqc.nimh.nih.gov/api/v1"
  },
  "size_t": 254,
  "size_x": 64,
  "size_y": 64,
  "size_z": 35,
  "snr": 3.4278929441186814,
  "spacing_tr": 2.0,
  "spacing_x": 4.0,
  "spacing_y": 4.0,
  "spacing_z": 4.0,
  "summary_bg_k": 66.61533588935632,
  "summary_bg_mad": 11.831632944029835,
  "summary_bg_mean": 42.522151947021484,
  "summary_bg_median": 8.669291496276855,
  "summary_bg_n": 103812.0,
  "summary_bg_p05": 0.21653543412685394,
  "summary_bg_p95": 189.25216522216786,
  "summary_bg_stdv": 120.51387786865234,
  "summary_fg_k": 1.4792909863680679,
  "summary_fg_mad": 421.2867050544777,
  "summary_fg_mean": 1799.0006103515625,
  "summary_fg_median": 1739.899658203125,
  "summary_fg_n": 12314.0,
  "summary_fg_p05": 1086.546484375,
  "summary_fg_p95": 2732.653576660156,
  "summary_fg_stdv": 507.5505676269531,
  "tsnr": 41.60407183878124
}