{
  "aor": 0.0035432,
  "aqi": 0.012443829,
  "bids_meta": {
    "AcquisitionMatrixPE": 64,
    "AcquisitionNumber": 1,
    "AcquisitionTime": "13:27:53.000000",
    "BodyPartExamined": "HEAD",
    "CoilString": "32Ch_Head",
    "ConversionSoftware": "dcm2niix",
    "ConversionSoftwareVersion": "v1.0.20181125  (JP2:OpenJPEG) GCC7.3.0",
    "DeviceSerialNumber": "0002806034DVR750",
    "EchoTime": 0.04,
    "EffectiveEchoSpacing": 0.000372,
    "FlipAngle": 90,
    "ImageOrientationPatientDICOM": [
      1,
      0,
      0,
      0,
      1,
      0
    ],
    "ImageType": [
      "ORIGINAL",
      "PRIMARY",
      "EPI",
      "NONE"
    ],
    "ImagingFrequency": 127.772,
    "InPlanePhaseEncodingDirectionDICOM": "COL",
    "InstitutionName": "INSTITUTO_DE_NEUROBIOLOGIA",
    "MRAcquisitionType": "2D",
    "MagneticFieldStrength": 3,
    "Manufacturer": "GE",
    "ManufacturersModelName": "DISCOVERY_MR750",
    "Modality": "MR",
    "PatientPosition": "HFS",
    "PercentPhaseFOV": 100,
    "PhaseEncodingDirection": "j",
    "PhaseEncodingPolarityGE": "Flipped",
    "PixelBandwidth": 7812.5,
    "ProcedureStepDescription": "Emociones_AH",
    "ProtocolName": "fMRI_RestState",
    "ReconMatrixPE": 64,
    "RepetitionTime": 2,
    "SAR": 0.246474,
    "ScanOptions": "EPI_GEMS_ACC_GEMS",
    "ScanningSequence": "EP_GR",
    "SequenceVariant": "SS",
    "SeriesDescription": "fMRI_RestState",
    "SeriesNumber": 3,
    "SliceThickness": 4,
    "SliceTiming": [
      0,
      1.0285,
      0.0571001,
      1.0857,
      0.1142,
      1.1428,
      0.1714,
      1.2,
      0.2285,
      1.2571,
      0.2857,
      1.3143,
      0.3428,
      1.3714,
      0.4,
      1.4286,
      0.4571,
      1.4857,
      0.5142,
      1.5428,
      0.5714,
      1.6,
      0.6285,
      1.6571,
      0.6857,
      1.7143,
      0.7428,
      1.7714,
      0.8,
      1.8285,
      0.8571,
      1.8857,
      0.9143,
      1.9428,
      0.9714
    ],
    "SoftwareVersions": "27_LX_MR_Software_release:DV26.0_R02_1810.b",
    "SpacingBetweenSlices": 4,
    "StationName": "GEHCGEHC",
    "TaskName": "rest",
    "TotalReadoutTime": 0.023436,
    "dataset": "ds003481",
    "modality": "bold",
    "subject_id": "037",
    "task_id": "rest"
  },
  "dummy_trs": 0,
  "dvars_nstd": 14.471847760903016,
  "dvars_std": 0.8965349047491638,
  "dvars_vstd": 0.8936730553177256,
  "efc": 0.34628473961613665,
  "fber": 47390.46875,
  "fd_mean": 0.13492273320525663,
  "fd_num": 57,
  "fd_perc": 19.0,
  "fwhm_avg": 2.5414875,
  "fwhm_x": 2.54545,
  "fwhm_y": 2.673925,
  "fwhm_z": 2.4050875,
  "gcor": 0.0258758,
  "gsr_x": -0.0012199606280773878,
  "gsr_y": -0.0008396953926421702,
  "provenance": {
    "md5sum": "3ab52ca32fa971f581aa544703c749b7",
    "settings": {
      "fd_thres": 0.2,
      "testing": false
    },
    "software": "mriqc",
    "version": "23.0.1",
    "webapi_port": null,
    "webapi_url": "https://mriqc.nimh.nih.gov/api/v1"
  },
  "size_t": 300,
  "size_x": 64,
  "size_y": 64,
  "size_z": 35,
  "snr": 3.4674967068614078,
  "spacing_tr": 2.0,
  "spacing_x": 4.0,
  "spacing_y": 4.0,
  "spacing_z": 4.0,
  "summary_bg_k": 87.5341779667503,
  "summary_bg_mad": 12.221585004267139,
  "summary_bg_mean": 43.482669830322266,
  "summary_bg_median": 8.953333854675293,
  "summary_bg_n": 104100.0,
  "summary_bg_p05": 0.25,
  "summary_bg_p95": 187.800170135498,
  "summary_bg_stdv": 124.49240112304688,
  "summary_fg_k": 0.9812161065853817,
  "summary_fg_mad": 448.02765852070024,
  "summary_fg_mean": 1924.1461181640625,
  "summary_fg_median": 1838.9600830078125,
  "summary_fg_n": 12143.0,
  "summary_fg_p05": 1189.0343872070312,
  "summary_fg_p95": 2924.5206298828125,
  "summary_fg_stdv": 530.3204345703125,
  "tsnr": 34.6450061139185
}