{
  "aor": 0.005076374999999999,
  "aqi": 0.004960904666666667,
  "bids_meta": {
    "AcquisitionMatrixPE": 64,
    "AcquisitionNumber": 1,
    "AcquisitionTime": "13:41:9.000000",
    "BodyPartExamined": "HEAD",
    "CoilString": "32Ch_Head",
    "ConversionSoftware": "dcm2niix",
    "ConversionSoftwareVersion": "v1.0.20181125  (JP2:OpenJPEG) GCC7.3.0",
    "DeviceSerialNumber": "0002806034DVR750",
    "EchoTime": 0.04,
    "EffectiveEchoSpacing": 0.000372,
    "FlipAngle": 90,
    "ImageOrientationPatientDICOM": [
      1,
      0,
      0,
      0,
      1,
      0
    ],
    "ImageType": [
      "ORIGINAL",
      "PRIMARY",
      "EPI",
      "NONE"
    ],
    "ImagingFrequency": 127.772,
    "InPlanePhaseEncodingDirectionDICOM": "COL",
    "InstitutionName": "INSTITUTO_DE_NEUROBIOLOGIA",
    "MRAcquisitionType": "2D",
    "MagneticFieldStrength": 3,
    "Manufacturer": "GE",
    "ManufacturersModelName": "DISCOVERY_MR750",
    "Modality": "MR",
    "PatientPosition": "HFS",
    "PercentPhaseFOV": 100,
    "PhaseEncodingDirection": "j",
    "PhaseEncodingPolarityGE": "Flipped",
    "PixelBandwidth": 7812.5,
    "ProcedureStepDescription": "Emociones_AH",
    "ProtocolName": "fMRI_Jalil_1",
    "ReconMatrixPE": 64,
    "RepetitionTime": 2,
    "SAR": 0.246474,
    "ScanOptions": "EPI_GEMS_ACC_GEMS",
    "ScanningSequence": "EP_GR",
    "SequenceVariant": "SS",
    "SeriesDescription": "fMRI_Jalil_1",
    "SeriesNumber": 5,
    "SliceThickness": 4,
    "SliceTiming": [
      0,
      1.0285,
      0.0571001,
      1.0857,
      0.1142,
      1.1428,
      0.1714,
      1.2,
      0.2285,
      1.2571,
      0.2857,
      1.3143,
      0.3428,
      1.3714,
      0.4,
      1.4286,
      0.4571,
      1.4857,
      0.5142,
      1.5428,
      0.5714,
      1.6,
      0.6285,
      1.6571,
      0.6857,
      1.7143,
      0.7428,
      1.7714,
      0.8,
      1.8285,
      0.8571,
      1.8857,
      0.9143,
      1.9428,
      0.9714
    ],
    "SoftwareVersions": "27_LX_MR_Software_release:DV26.0_R02_1810.b",
    "SpacingBetweenSlices": 4,
    "StationName": "GEHCGEHC",
    "TaskName": "sae",
    "TotalReadoutTime": 0.023436,
    "dataset": "ds003481",
    "modality": "bold",
    "run_id": 1,
    "subject_id": "037",
    "task_id": "sae"
  },
  "dummy_trs": 2,
  "dvars_nstd": 13.386705051255234,
  "dvars_std": 0.9921622534728028,
  "dvars_vstd": 0.965362860669456,
  "efc": 0.34628666753948467,
  "fber": 47646.0,
  "fd_mean": 0.08389865472565933,
  "fd_num": 17,
  "fd_perc": 7.083333333333333,
  "fwhm_avg": 2.5117958333333332,
  "fwhm_x": 2.524375,
  "fwhm_y": 2.6895,
  "fwhm_z": 2.3215125,
  "gcor": 0.0654813,
  "gsr_x": -0.00198530126363039,
  "gsr_y": -0.0058798352256417274,
  "provenance": {
    "md5sum": "8d508eab154883127f9c7499f8744737",
    "settings": {
      "fd_thres": 0.2,
      "testing": false
    },
    "software": "mriqc",
    "version": "23.0.1",
    "webapi_port": null,
    "webapi_url": "https://mriqc.nimh.nih.gov/api/v1"
  },
  "size_t": 240,
  "size_x": 64,
  "size_y": 64,
  "size_z": 35,
  "snr": 3.537770250102893,
  "spacing_tr": 2.0,
  "spacing_x": 4.0,
  "spacing_y": 4.0,
  "spacing_z": 4.0,
  "summary_bg_k": 63.02804994021653,
  "summary_bg_mad": 11.718735524418577,
  "summary_bg_mean": 41.65864562988281,
  "summary_bg_median": 8.600000381469727,
  "summary_bg_n": 104033.0,
  "summary_bg_p05": 0.16250000894069672,
  "summary_bg_p95": 186.77001037597628,
  "summary_bg_stdv": 119.2145767211914,
  "summary_fg_k": 1.2884960118905786,
  "summary_fg_mad": 422.2574909797785,
  "summary_fg_mean": 1877.6165771484375,
  "summary_fg_median": 1807.66259765625,
  "summary_fg_n": 12084.0,
  "summary_fg_p05": 1176.5391906738282,
  "summary_fg_p95": 2837.5020751953125,
  "summary_fg_stdv": 510.9398498535156,
  "tsnr": 60.517314586322755
}