{
  "aor": 0.0009969291338582677,
  "aqi": 0.002291220728346457,
  "bids_meta": {
    "AcquisitionDateTime": "2016-05-19T18:31:39.000000",
    "ConversionSoftware": "dcm2niix",
    "ConversionSoftwareVersion": "v1.0.20170411 GCC4.8.4",
    "EchoTime": 0.04,
    "FlipAngle": 90,
    "ImageType": [
      "ORIGINAL",
      "PRIMARY",
      "EPI",
      "NONE"
    ],
    "MagneticFieldStrength": 3,
    "Manufacturer": "GE",
    "ManufacturersModelName": "DISCOVERY_MR750",
    "ProcedureStepDescription": "ActosHabla",
    "ProtocolName": "fMRI_ActosHabla_2",
    "RepetitionTime": 2,
    "ScanningSequence": "EP_GR",
    "SequenceVariant": "SS",
    "SeriesDescription": "fMRI_ActosHabla_2",
    "SliceTiming": [
      0,
      1.0285,
      0.0571001,
      1.0857,
      0.1142,
      1.1428,
      0.1714,
      1.2,
      0.2285,
      1.2571,
      0.2857,
      1.3143,
      0.3428,
      1.3714,
      0.4,
      1.4286,
      0.4571,
      1.4857,
      0.5142,
      1.5428,
      0.5714,
      1.6,
      0.6285,
      1.6571,
      0.6857,
      1.7143,
      0.7428,
      1.7714,
      0.8,
      1.8285,
      0.8571,
      1.8857,
      0.9143,
      1.9428,
      0.9714
    ],
    "TaskName": "sar",
    "dataset": "ds003481",
    "modality": "bold",
    "run_id": 2,
    "subject_id": "009",
    "task_id": "sar"
  },
  "dummy_trs": 0,
  "dvars_nstd": 17.316970131501982,
  "dvars_std": 1.166859753280632,
  "dvars_vstd": 0.9880757780632421,
  "efc": 0.3235716845761714,
  "fber": 74779.078125,
  "fd_mean": 0.15596326096776367,
  "fd_num": 62,
  "fd_perc": 24.409448818897637,
  "fwhm_avg": 2.6961,
  "fwhm_x": 2.5889,
  "fwhm_y": 2.7195,
  "fwhm_z": 2.7799,
  "gcor": 0.0433935,
  "gsr_x": -0.014926228672266006,
  "gsr_y": -0.005334003828465939,
  "provenance": {
    "md5sum": "b3d8888f1a3c3bf836b49dfd2fc7d2ad",
    "settings": {
      "fd_thres": 0.2,
      "testing": false
    },
    "software": "mriqc",
    "version": "23.0.1",
    "webapi_port": null,
    "webapi_url": "https://mriqc.nimh.nih.gov/api/v1"
  },
  "size_t": 254,
  "size_x": 64,
  "size_y": 64,
  "size_z": 35,
  "snr": 3.927619420656258,
  "spacing_tr": 2.0,
  "spacing_x": 4.0,
  "spacing_y": 4.0,
  "spacing_z": 4.0,
  "summary_bg_k": 80.24452773649992,
  "summary_bg_mad": 9.946276418120467,
  "summary_bg_mean": 31.386011123657227,
  "summary_bg_median": 7.374015808105469,
  "summary_bg_n": 106169.0,
  "summary_bg_p05": 0.20866142213344574,
  "summary_bg_p95": 128.32834167480456,
  "summary_bg_stdv": 87.95562744140625,
  "summary_fg_k": 1.0964311411347456,
  "summary_fg_mad": 368.5346973831694,
  "summary_fg_mean": 1937.4195556640625,
  "summary_fg_median": 1872.6318359375,
  "summary_fg_n": 10850.0,
  "summary_fg_p05": 1230.9999694824219,
  "summary_fg_p95": 2833.108984375,
  "summary_fg_stdv": 476.76348876953125,
  "tsnr": 88.85415749251842
}