{
  "aor": 0.0014366920152091255,
  "aqi": 0.002312174068441064,
  "bids_meta": {
    "AcquisitionDateTime": "2016-05-19T18:21:05.000000",
    "ConversionSoftware": "dcm2niix",
    "ConversionSoftwareVersion": "v1.0.20170411 GCC4.8.4",
    "EchoTime": 0.04,
    "FlipAngle": 90,
    "ImageType": [
      "ORIGINAL",
      "PRIMARY",
      "EPI",
      "NONE"
    ],
    "MagneticFieldStrength": 3,
    "Manufacturer": "GE",
    "ManufacturersModelName": "DISCOVERY_MR750",
    "ProcedureStepDescription": "ActosHabla",
    "ProtocolName": "fMRI_ActosHabla_1",
    "RepetitionTime": 2,
    "ScanningSequence": "EP_GR",
    "SequenceVariant": "SS",
    "SeriesDescription": "fMRI_ActosHabla_1",
    "SliceTiming": [
      0,
      1.0285,
      0.0571001,
      1.0857,
      0.1142,
      1.1428,
      0.1714,
      1.2,
      0.2285,
      1.2571,
      0.2857,
      1.3143,
      0.3428,
      1.3714,
      0.4,
      1.4286,
      0.4571,
      1.4857,
      0.5142,
      1.5428,
      0.5714,
      1.6,
      0.6285,
      1.6571,
      0.6857,
      1.7143,
      0.7428,
      1.7714,
      0.8,
      1.8285,
      0.8571,
      1.8857,
      0.9143,
      1.9428,
      0.9714
    ],
    "TaskName": "sar",
    "dataset": "ds003481",
    "modality": "bold",
    "run_id": 1,
    "subject_id": "009",
    "task_id": "sar"
  },
  "dummy_trs": 0,
  "dvars_nstd": 20.554417540839708,
  "dvars_std": 1.1442391977862598,
  "dvars_vstd": 0.9977814016412212,
  "efc": 0.3121601705099953,
  "fber": 101747.921875,
  "fd_mean": 0.22536868721445846,
  "fd_num": 116,
  "fd_perc": 44.106463878327,
  "fwhm_avg": 2.825483333333333,
  "fwhm_x": 2.75825,
  "fwhm_y": 2.821825,
  "fwhm_z": 2.896375,
  "gcor": 0.0785709,
  "gsr_x": -0.018003303557634354,
  "gsr_y": -0.0018669756827875972,
  "provenance": {
    "md5sum": "8c2681ff77db56160ac6960b406c0a31",
    "settings": {
      "fd_thres": 0.2,
      "testing": false
    },
    "software": "mriqc",
    "version": "23.0.1",
    "webapi_port": null,
    "webapi_url": "https://mriqc.nimh.nih.gov/api/v1"
  },
  "size_t": 263,
  "size_x": 64,
  "size_y": 64,
  "size_z": 35,
  "snr": 3.433754454495744,
  "spacing_tr": 2.0,
  "spacing_x": 4.0,
  "spacing_y": 4.0,
  "spacing_z": 4.0,
  "summary_bg_k": 85.89987311690835,
  "summary_bg_mad": 8.062181108545353,
  "summary_bg_mean": 28.414600372314453,
  "summary_bg_median": 6.232892036437988,
  "summary_bg_n": 106559.0,
  "summary_bg_p05": 0.21862903684377671,
  "summary_bg_p95": 108.36504974365229,
  "summary_bg_stdv": 94.72713470458984,
  "summary_fg_k": 1.4819097269065482,
  "summary_fg_mad": 393.5039303393748,
  "summary_fg_mean": 1979.7965087890625,
  "summary_fg_median": 1864.099853515625,
  "summary_fg_n": 10616.0,
  "summary_fg_p05": 1263.5520324707031,
  "summary_fg_p95": 3047.9386596679688,
  "summary_fg_stdv": 542.8495483398438,
  "tsnr": 72.89580535888672
}