{
  "aor": 0.0056522,
  "aqi": 0.003260940512,
  "bids_meta": {
    "AcquisitionDateTime": "2017-07-13T19:16:3.000000",
    "ConversionSoftware": "dcm2niix",
    "ConversionSoftwareVersion": "v1.0.20170411 GCC4.8.4",
    "EchoTime": 0.035,
    "FlipAngle": 90,
    "ImageType": [
      "ORIGINAL",
      "PRIMARY",
      "EPI",
      "NONE"
    ],
    "MagneticFieldStrength": 3,
    "Manufacturer": "GE",
    "ManufacturersModelName": "DISCOVERY_MR750",
    "ProcedureStepDescription": "CompMet",
    "ProtocolName": "fMRI_CompMet",
    "RepetitionTime": 2,
    "ScanningSequence": "EP_GR",
    "SequenceVariant": "SS",
    "SeriesDescription": "fMRI_CompMet",
    "SliceTiming": [
      1.0285,
      0.0571001,
      1.0857,
      0.1142,
      1.1428,
      0.1714,
      1.2,
      0.2285,
      1.2571,
      0.2857,
      1.3143,
      0.3428,
      1.3714,
      0.4,
      1.4286,
      0.4571,
      1.4857,
      0.5142,
      1.5428,
      0.5714,
      1.6,
      0.6285,
      1.6571,
      0.6857,
      1.7143,
      0.7428,
      1.7714,
      0.8,
      1.8285,
      0.8571,
      1.8857,
      0.9143,
      1.9428,
      0.9714
    ],
    "TaskName": "cmp",
    "dataset": "ds003481",
    "modality": "bold",
    "run_id": 1,
    "subject_id": "081",
    "task_id": "cmp"
  },
  "dummy_trs": 0,
  "dvars_nstd": 13.843506177228917,
  "dvars_std": 1.0442593501606428,
  "dvars_vstd": 0.9449080396787141,
  "efc": 0.3365180570820642,
  "fber": 119179.484375,
  "fd_mean": 0.09163272654365558,
  "fd_num": 11,
  "fd_perc": 4.4,
  "fwhm_avg": 2.4920066666666667,
  "fwhm_x": 2.415655,
  "fwhm_y": 2.643725,
  "fwhm_z": 2.41664,
  "gcor": 0.0664271,
  "gsr_x": -0.012571118772029877,
  "gsr_y": -7.404765347018838e-05,
  "provenance": {
    "md5sum": "3cb75da1cbe377696801da3a6ceb0166",
    "settings": {
      "fd_thres": 0.2,
      "testing": false
    },
    "software": "mriqc",
    "version": "23.0.1",
    "webapi_port": null,
    "webapi_url": "https://mriqc.nimh.nih.gov/api/v1"
  },
  "size_t": 250,
  "size_x": 64,
  "size_y": 64,
  "size_z": 34,
  "snr": 4.515720612674899,
  "spacing_tr": 2.0,
  "spacing_x": 4.0,
  "spacing_y": 4.0,
  "spacing_z": 4.0,
  "summary_bg_k": 106.15290690140127,
  "summary_bg_mad": 8.296642745046851,
  "summary_bg_mean": 30.73362922668457,
  "summary_bg_median": 6.460000514984131,
  "summary_bg_n": 100547.0,
  "summary_bg_p05": 0.3360000252723694,
  "summary_bg_p95": 116.8256050109862,
  "summary_bg_stdv": 103.09233856201172,
  "summary_fg_k": 0.10092380611929075,
  "summary_fg_mad": 452.253038647098,
  "summary_fg_mean": 2132.49755859375,
  "summary_fg_median": 2095.328125,
  "summary_fg_n": 12342.0,
  "summary_fg_p05": 1417.1150451660158,
  "summary_fg_p95": 2926.517626953125,
  "summary_fg_stdv": 463.9886779785156,
  "tsnr": 82.3060967726633
}