{
  "aor": 0.0018140784313725488,
  "aqi": 0.005008126431372549,
  "bids_meta": {
    "AcquisitionDateTime": "2017-01-31T18:53:11.000000",
    "ConversionSoftware": "dcm2niix",
    "ConversionSoftwareVersion": "v1.0.20170411 GCC4.8.4",
    "EchoTime": 0.04,
    "FlipAngle": 90,
    "ImageType": [
      "ORIGINAL",
      "PRIMARY",
      "EPI",
      "NONE"
    ],
    "MagneticFieldStrength": 3,
    "Manufacturer": "GE",
    "ManufacturersModelName": "DISCOVERY_MR750",
    "ProcedureStepDescription": "ActosHabla",
    "ProtocolName": "fMRI_ActosHabla_3",
    "RepetitionTime": 2,
    "ScanningSequence": "EP_GR",
    "SequenceVariant": "SS",
    "SeriesDescription": "fMRI_ActosHabla_3",
    "SliceTiming": [
      0,
      1.0285,
      0.0571001,
      1.0857,
      0.1142,
      1.1428,
      0.1714,
      1.2,
      0.2285,
      1.2571,
      0.2857,
      1.3143,
      0.3428,
      1.3714,
      0.4,
      1.4286,
      0.4571,
      1.4857,
      0.5142,
      1.5428,
      0.5714,
      1.6,
      0.6285,
      1.6571,
      0.6857,
      1.7143,
      0.7428,
      1.7714,
      0.8,
      1.8285,
      0.8571,
      1.8857,
      0.9143,
      1.9428,
      0.9714
    ],
    "TaskName": "sar",
    "dataset": "ds003481",
    "modality": "bold",
    "run_id": 3,
    "subject_id": "012",
    "task_id": "sar"
  },
  "dummy_trs": 0,
  "dvars_nstd": 18.46690352133858,
  "dvars_std": 0.9987403675196853,
  "dvars_vstd": 0.9458827725984253,
  "efc": 0.3834984393105043,
  "fber": 26202.3984375,
  "fd_mean": 0.15752930449144165,
  "fd_num": 59,
  "fd_perc": 23.137254901960784,
  "fwhm_avg": 2.653983333333333,
  "fwhm_x": 2.627275,
  "fwhm_y": 2.75095,
  "fwhm_z": 2.583725,
  "gcor": 0.0751051,
  "gsr_x": -0.006686496082693338,
  "gsr_y": -0.0016709539340808988,
  "provenance": {
    "md5sum": "3118b9ddba162fc15c1f595f7fb3ad8a",
    "settings": {
      "fd_thres": 0.2,
      "testing": false
    },
    "software": "mriqc",
    "version": "23.0.1",
    "webapi_port": null,
    "webapi_url": "https://mriqc.nimh.nih.gov/api/v1"
  },
  "size_t": 255,
  "size_x": 64,
  "size_y": 64,
  "size_z": 35,
  "snr": 3.320302327098388,
  "spacing_tr": 2.0,
  "spacing_x": 4.0,
  "spacing_y": 4.0,
  "spacing_z": 4.0,
  "summary_bg_k": 39.42812426132643,
  "summary_bg_mad": 16.40165207650723,
  "summary_bg_mean": 53.807594299316406,
  "summary_bg_median": 11.239216804504395,
  "summary_bg_n": 100637.0,
  "summary_bg_p05": 0.027450982481241226,
  "summary_bg_p95": 239.9890350341795,
  "summary_bg_stdv": 128.23275756835938,
  "summary_fg_k": 0.6244865335482461,
  "summary_fg_mad": 491.88097619180076,
  "summary_fg_mean": 1795.2218017578125,
  "summary_fg_median": 1742.6314697265625,
  "summary_fg_n": 14561.0,
  "summary_fg_p05": 1024.9765625,
  "summary_fg_p95": 2738.870849609375,
  "summary_fg_stdv": 524.8231811523438,
  "tsnr": 49.78966398607008
}