{
  "aor": 0.004291799999999999,
  "aqi": 0.0012545584759999999,
  "bids_meta": {
    "AcquisitionDateTime": "2017-08-17T21:03:56.000000",
    "ConversionSoftware": "dcm2niix",
    "ConversionSoftwareVersion": "v1.0.20170411 GCC4.8.4",
    "EchoTime": 0.035,
    "FlipAngle": 90,
    "ImageType": [
      "ORIGINAL",
      "PRIMARY",
      "EPI",
      "NONE"
    ],
    "MagneticFieldStrength": 3,
    "Manufacturer": "GE",
    "ManufacturersModelName": "DISCOVERY_MR750",
    "ProtocolName": "fMRI_CompMet",
    "RepetitionTime": 2,
    "ScanningSequence": "EP_GR",
    "SequenceVariant": "SS",
    "SeriesDescription": "fMRI_CompMet",
    "SliceTiming": [
      1.0285,
      0.0571001,
      1.0857,
      0.1142,
      1.1428,
      0.1714,
      1.2,
      0.2285,
      1.2571,
      0.2857,
      1.3143,
      0.3428,
      1.3714,
      0.4,
      1.4286,
      0.4571,
      1.4857,
      0.5142,
      1.5428,
      0.5714,
      1.6,
      0.6285,
      1.6571,
      0.6857,
      1.7143,
      0.7428,
      1.7714,
      0.8,
      1.8285,
      0.8571,
      1.8857,
      0.9143,
      1.9428,
      0.9714
    ],
    "TaskName": "cmp",
    "dataset": "ds003481",
    "modality": "bold",
    "run_id": 1,
    "subject_id": "083",
    "task_id": "cmp"
  },
  "dummy_trs": 0,
  "dvars_nstd": 13.337418962530112,
  "dvars_std": 1.1807313369076298,
  "dvars_vstd": 1.0330274351004016,
  "efc": 0.3708523045556108,
  "fber": 77730.3203125,
  "fd_mean": 0.09922305915785652,
  "fd_num": 24,
  "fd_perc": 9.6,
  "fwhm_avg": 2.943233333333333,
  "fwhm_x": 2.8243,
  "fwhm_y": 2.9153,
  "fwhm_z": 3.0901,
  "gcor": 0.0489906,
  "gsr_x": -0.00703250290825963,
  "gsr_y": -0.0028710123151540756,
  "provenance": {
    "md5sum": "a29c03767aee308e73283c7e48504887",
    "settings": {
      "fd_thres": 0.2,
      "testing": false
    },
    "software": "mriqc",
    "version": "23.0.1",
    "webapi_port": null,
    "webapi_url": "https://mriqc.nimh.nih.gov/api/v1"
  },
  "size_t": 250,
  "size_x": 64,
  "size_y": 64,
  "size_z": 34,
  "snr": 3.206649869479531,
  "spacing_tr": 2.0,
  "spacing_x": 4.0,
  "spacing_y": 4.0,
  "spacing_z": 4.0,
  "summary_bg_k": 45.40882520259797,
  "summary_bg_mad": 10.668805711413956,
  "summary_bg_mean": 44.54799270629883,
  "summary_bg_median": 8.028000831604004,
  "summary_bg_n": 96005.0,
  "summary_bg_p05": 0.20400001108646393,
  "summary_bg_p95": 214.33041076660172,
  "summary_bg_stdv": 129.78074645996094,
  "summary_fg_k": 0.790816803974129,
  "summary_fg_mad": 599.8727662042877,
  "summary_fg_mean": 2335.927001953125,
  "summary_fg_median": 2193.900146484375,
  "summary_fg_n": 15376.0,
  "summary_fg_p05": 1454.2870788574219,
  "summary_fg_p95": 3675.84619140625,
  "summary_fg_stdv": 684.1497802734375,
  "tsnr": 102.37517040595412
}