{
  "aor": 0.01118444881889764,
  "aqi": 0.0024170733385826767,
  "bids_meta": {
    "AcquisitionDateTime": "2017-01-31T20:36:17.000000",
    "ConversionSoftware": "dcm2niix",
    "ConversionSoftwareVersion": "v1.0.20170411 GCC4.8.4",
    "EchoTime": 0.04,
    "FlipAngle": 90,
    "ImageType": [
      "ORIGINAL",
      "PRIMARY",
      "EPI",
      "NONE"
    ],
    "MagneticFieldStrength": 3,
    "Manufacturer": "GE",
    "ManufacturersModelName": "DISCOVERY_MR750",
    "ProcedureStepDescription": "ActosHabla",
    "ProtocolName": "fMRI_ActosHabla_2",
    "RepetitionTime": 2,
    "ScanningSequence": "EP_GR",
    "SequenceVariant": "SS",
    "SeriesDescription": "fMRI_ActosHabla_2",
    "SliceTiming": [
      0,
      1.0285,
      0.0571001,
      1.0857,
      0.1142,
      1.1428,
      0.1714,
      1.2,
      0.2285,
      1.2571,
      0.2857,
      1.3143,
      0.3428,
      1.3714,
      0.4,
      1.4286,
      0.4571,
      1.4857,
      0.5142,
      1.5428,
      0.5714,
      1.6,
      0.6285,
      1.6571,
      0.6857,
      1.7143,
      0.7428,
      1.7714,
      0.8,
      1.8285,
      0.8571,
      1.8857,
      0.9143,
      1.9428,
      0.9714
    ],
    "TaskName": "sar",
    "dataset": "ds003481",
    "modality": "bold",
    "run_id": 2,
    "subject_id": "014",
    "task_id": "sar"
  },
  "dummy_trs": 0,
  "dvars_nstd": 17.59268737324112,
  "dvars_std": 1.039200366205534,
  "dvars_vstd": 0.930688849011858,
  "efc": 0.3953422426682363,
  "fber": 31768.431640625,
  "fd_mean": 0.08396053611268454,
  "fd_num": 7,
  "fd_perc": 2.7559055118110236,
  "fwhm_avg": 3.0473416666666666,
  "fwhm_x": 2.884175,
  "fwhm_y": 3.099875,
  "fwhm_z": 3.157975,
  "gcor": 0.0488006,
  "gsr_x": 0.003781322157010436,
  "gsr_y": 0.0011837445199489594,
  "provenance": {
    "md5sum": "ce0d3fb015a4052372258ab77289e02a",
    "settings": {
      "fd_thres": 0.2,
      "testing": false
    },
    "software": "mriqc",
    "version": "23.0.1",
    "webapi_port": null,
    "webapi_url": "https://mriqc.nimh.nih.gov/api/v1"
  },
  "size_t": 254,
  "size_x": 64,
  "size_y": 64,
  "size_z": 35,
  "snr": 2.6268144759432692,
  "spacing_tr": 2.0,
  "spacing_x": 4.0,
  "spacing_y": 4.0,
  "spacing_z": 4.0,
  "summary_bg_k": 37.71456805609259,
  "summary_bg_mad": 15.841663209192975,
  "summary_bg_mean": 51.780418395996094,
  "summary_bg_median": 10.811023712158203,
  "summary_bg_n": 96231.0,
  "summary_bg_p05": 0.011811023578047752,
  "summary_bg_p95": 228.23228454589844,
  "summary_bg_stdv": 122.39295959472656,
  "summary_fg_k": 0.9587543853894949,
  "summary_fg_mad": 599.630974631543,
  "summary_fg_mean": 2026.1591796875,
  "summary_fg_median": 1869.590576171875,
  "summary_fg_n": 17371.0,
  "summary_fg_p05": 1132.718505859375,
  "summary_fg_p95": 3462.6910400390625,
  "summary_fg_stdv": 711.7125244140625,
  "tsnr": 58.58140618354082
}