{
  "aor": 0.0010373946360153258,
  "aqi": 0.0016287637777777778,
  "bids_meta": {
    "AcquisitionDateTime": "2017-01-31T20:26:7.000000",
    "ConversionSoftware": "dcm2niix",
    "ConversionSoftwareVersion": "v1.0.20170411 GCC4.8.4",
    "EchoTime": 0.04,
    "FlipAngle": 90,
    "ImageType": [
      "ORIGINAL",
      "PRIMARY",
      "EPI",
      "NONE"
    ],
    "MagneticFieldStrength": 3,
    "Manufacturer": "GE",
    "ManufacturersModelName": "DISCOVERY_MR750",
    "ProcedureStepDescription": "ActosHabla",
    "ProtocolName": "fMRI_ActosHabla_1",
    "RepetitionTime": 2,
    "ScanningSequence": "EP_GR",
    "SequenceVariant": "SS",
    "SeriesDescription": "fMRI_ActosHabla_1",
    "SliceTiming": [
      0,
      1.0285,
      0.0571001,
      1.0857,
      0.1142,
      1.1428,
      0.1714,
      1.2,
      0.2285,
      1.2571,
      0.2857,
      1.3143,
      0.3428,
      1.3714,
      0.4,
      1.4286,
      0.4571,
      1.4857,
      0.5142,
      1.5428,
      0.5714,
      1.6,
      0.6285,
      1.6571,
      0.6857,
      1.7143,
      0.7428,
      1.7714,
      0.8,
      1.8285,
      0.8571,
      1.8857,
      0.9143,
      1.9428,
      0.9714
    ],
    "TaskName": "sar",
    "dataset": "ds003481",
    "modality": "bold",
    "run_id": 1,
    "subject_id": "014",
    "task_id": "sar"
  },
  "dummy_trs": 0,
  "dvars_nstd": 15.95808856650001,
  "dvars_std": 1.1103253147692311,
  "dvars_vstd": 0.9616809948461535,
  "efc": 0.3940924595694203,
  "fber": 33445.6015625,
  "fd_mean": 0.07656493253360809,
  "fd_num": 0,
  "fd_perc": 0.0,
  "fwhm_avg": 3.063966666666667,
  "fwhm_x": 2.911025,
  "fwhm_y": 3.12655,
  "fwhm_z": 3.154325,
  "gcor": 0.0252175,
  "gsr_x": 0.0014261151663959026,
  "gsr_y": 0.0014834519242867827,
  "provenance": {
    "md5sum": "d654947bbadad90967bdd985bba79f57",
    "settings": {
      "fd_thres": 0.2,
      "testing": false
    },
    "software": "mriqc",
    "version": "23.0.1",
    "webapi_port": null,
    "webapi_url": "https://mriqc.nimh.nih.gov/api/v1"
  },
  "size_t": 261,
  "size_x": 64,
  "size_y": 64,
  "size_z": 35,
  "snr": 2.6856060532029176,
  "spacing_tr": 2.0,
  "spacing_x": 4.0,
  "spacing_y": 4.0,
  "spacing_z": 4.0,
  "summary_bg_k": 38.191591959927315,
  "summary_bg_mad": 15.575844270076905,
  "summary_bg_mean": 49.635292053222656,
  "summary_bg_median": 10.624521255493164,
  "summary_bg_n": 96255.0,
  "summary_bg_p05": 0.007662835065275431,
  "summary_bg_p95": 219.891571044922,
  "summary_bg_stdv": 117.76070404052734,
  "summary_fg_k": 0.8404707889780476,
  "summary_fg_mad": 605.6544081076543,
  "summary_fg_mean": 2040.7139892578125,
  "summary_fg_median": 1891.6533203125,
  "summary_fg_n": 17418.0,
  "summary_fg_p05": 1137.1261901855469,
  "summary_fg_p95": 3447.9498779296873,
  "summary_fg_stdv": 704.34716796875,
  "tsnr": 79.97835730016232
}