{
  "aor": 0.0031274666666666665,
  "aqi": 0.0027605141733333333,
  "bids_meta": {
    "AcquisitionMatrixPE": 64,
    "AcquisitionNumber": 1,
    "AcquisitionTime": "20:11:47.000000",
    "BodyPartExamined": "HEAD",
    "CoilString": "32Ch_Head",
    "ConversionSoftware": "dcm2niix",
    "ConversionSoftwareVersion": "v1.0.20181125  (JP2:OpenJPEG) GCC7.3.0",
    "DeviceSerialNumber": "0002806034DVR750",
    "EchoTime": 0.04,
    "EffectiveEchoSpacing": 0.000372,
    "FlipAngle": 90,
    "ImageOrientationPatientDICOM": [
      1,
      0,
      0,
      0,
      1,
      0
    ],
    "ImageType": [
      "ORIGINAL",
      "PRIMARY",
      "EPI",
      "NONE"
    ],
    "ImagingFrequency": 127.772,
    "InPlanePhaseEncodingDirectionDICOM": "COL",
    "InstitutionName": "INSTITUTO_DE_NEUROBIOLOGIA",
    "MRAcquisitionType": "2D",
    "MagneticFieldStrength": 3,
    "Manufacturer": "GE",
    "ManufacturersModelName": "DISCOVERY_MR750",
    "Modality": "MR",
    "PatientPosition": "HFS",
    "PercentPhaseFOV": 100,
    "PhaseEncodingDirection": "j",
    "PhaseEncodingPolarityGE": "Flipped",
    "PixelBandwidth": 7812.5,
    "ProcedureStepDescription": "Emociones_AH",
    "ProtocolName": "fMRI_RestState",
    "ReconMatrixPE": 64,
    "RepetitionTime": 2,
    "SAR": 0.163021,
    "ScanOptions": "EPI_GEMS_ACC_GEMS",
    "ScanningSequence": "EP_GR",
    "SequenceVariant": "SS",
    "SeriesDescription": "fMRI_RestState",
    "SeriesNumber": 5,
    "SliceThickness": 4,
    "SliceTiming": [
      0,
      1.0285,
      0.0571001,
      1.0857,
      0.1142,
      1.1428,
      0.1714,
      1.2,
      0.2285,
      1.2571,
      0.2857,
      1.3143,
      0.3428,
      1.3714,
      0.4,
      1.4286,
      0.4571,
      1.4857,
      0.5142,
      1.5428,
      0.5714,
      1.6,
      0.6285,
      1.6571,
      0.6857,
      1.7143,
      0.7428,
      1.7714,
      0.8,
      1.8285,
      0.8571,
      1.8857,
      0.9143,
      1.9428,
      0.9714
    ],
    "SoftwareVersions": "27_LX_MR_Software_release:DV26.0_R03_1831.b",
    "SpacingBetweenSlices": 4,
    "StationName": "GEHCGEHC",
    "TaskName": "rest",
    "TotalReadoutTime": 0.023436,
    "dataset": "ds003481",
    "modality": "bold",
    "subject_id": "045",
    "task_id": "rest"
  },
  "dummy_trs": 0,
  "dvars_nstd": 13.700300717391306,
  "dvars_std": 0.9883561147491644,
  "dvars_vstd": 0.9385167072240803,
  "efc": 0.30604935949687334,
  "fber": 87944.3828125,
  "fd_mean": 0.1242737721366361,
  "fd_num": 34,
  "fd_perc": 11.333333333333334,
  "fwhm_avg": 2.727425,
  "fwhm_x": 2.72025,
  "fwhm_y": 2.820925,
  "fwhm_z": 2.6411,
  "gcor": 0.0617005,
  "gsr_x": -0.01574438251554966,
  "gsr_y": 0.0028022711630910635,
  "provenance": {
    "md5sum": "331067b6b5db6fbfc2ac6f2e6042a6e7",
    "settings": {
      "fd_thres": 0.2,
      "testing": false
    },
    "software": "mriqc",
    "version": "23.0.1",
    "webapi_port": null,
    "webapi_url": "https://mriqc.nimh.nih.gov/api/v1"
  },
  "size_t": 300,
  "size_x": 64,
  "size_y": 64,
  "size_z": 35,
  "snr": 3.4233554530454158,
  "spacing_tr": 2.0,
  "spacing_x": 4.0,
  "spacing_y": 4.0,
  "spacing_z": 4.0,
  "summary_bg_k": 82.50407884922484,
  "summary_bg_mad": 8.865961736791785,
  "summary_bg_mean": 27.385080337524414,
  "summary_bg_median": 6.890000343322754,
  "summary_bg_n": 107473.0,
  "summary_bg_p05": 0.23666667938232422,
  "summary_bg_p95": 116.99066925048812,
  "summary_bg_stdv": 77.78710174560547,
  "summary_fg_k": 1.0861500457521602,
  "summary_fg_mad": 445.77896069783253,
  "summary_fg_mean": 2028.6617431640625,
  "summary_fg_median": 1914.7366943359375,
  "summary_fg_n": 10124.0,
  "summary_fg_p05": 1302.8863342285156,
  "summary_fg_p95": 3123.8256713867195,
  "summary_fg_stdv": 559.2881469726562,
  "tsnr": 66.20584151009098
}