{
  "aor": 0.00758986666666667,
  "aqi": 0.0061094596000000004,
  "bids_meta": {
    "AcquisitionMatrixPE": 64,
    "AcquisitionNumber": 1,
    "AcquisitionTime": "20:53:3.000000",
    "BodyPartExamined": "HEAD",
    "CoilString": "32Ch_Head",
    "ConversionSoftware": "dcm2niix",
    "ConversionSoftwareVersion": "v1.0.20181125  (JP2:OpenJPEG) GCC7.3.0",
    "DeviceSerialNumber": "0002806034DVR750",
    "EchoTime": 0.04,
    "EffectiveEchoSpacing": 0.000372,
    "FlipAngle": 90,
    "ImageOrientationPatientDICOM": [
      1,
      0,
      0,
      0,
      1,
      0
    ],
    "ImageType": [
      "ORIGINAL",
      "PRIMARY",
      "EPI",
      "NONE"
    ],
    "ImagingFrequency": 127.772,
    "InPlanePhaseEncodingDirectionDICOM": "COL",
    "InstitutionName": "INSTITUTO_DE_NEUROBIOLOGIA",
    "MRAcquisitionType": "2D",
    "MagneticFieldStrength": 3,
    "Manufacturer": "GE",
    "ManufacturersModelName": "DISCOVERY_MR750",
    "Modality": "MR",
    "PatientPosition": "HFS",
    "PercentPhaseFOV": 100,
    "PhaseEncodingDirection": "j",
    "PhaseEncodingPolarityGE": "Flipped",
    "PixelBandwidth": 7812.5,
    "ProcedureStepDescription": "Emociones_AH",
    "ProtocolName": "fMRI_Jalil_4",
    "ReconMatrixPE": 64,
    "RepetitionTime": 2,
    "SAR": 0.163021,
    "ScanOptions": "EPI_GEMS_ACC_GEMS",
    "ScanningSequence": "EP_GR",
    "SequenceVariant": "SS",
    "SeriesDescription": "fMRI_Jalil_4",
    "SeriesNumber": 10,
    "SliceThickness": 4,
    "SliceTiming": [
      0,
      1.0285,
      0.0571001,
      1.0857,
      0.1142,
      1.1428,
      0.1714,
      1.2,
      0.2285,
      1.2571,
      0.2857,
      1.3143,
      0.3428,
      1.3714,
      0.4,
      1.4286,
      0.4571,
      1.4857,
      0.5142,
      1.5428,
      0.5714,
      1.6,
      0.6285,
      1.6571,
      0.6857,
      1.7143,
      0.7428,
      1.7714,
      0.8,
      1.8285,
      0.8571,
      1.8857,
      0.9143,
      1.9428,
      0.9714
    ],
    "SoftwareVersions": "27_LX_MR_Software_release:DV26.0_R03_1831.b",
    "SpacingBetweenSlices": 4,
    "StationName": "GEHCGEHC",
    "TaskName": "ec",
    "TotalReadoutTime": 0.023436,
    "dataset": "ds003481",
    "modality": "bold",
    "run_id": 4,
    "subject_id": "045",
    "task_id": "ec"
  },
  "dummy_trs": 0,
  "dvars_nstd": 16.595081169463086,
  "dvars_std": 0.8534676685906042,
  "dvars_vstd": 0.8712772167785235,
  "efc": 0.30539916055929134,
  "fber": 78991.1953125,
  "fd_mean": 0.1829322803784304,
  "fd_num": 23,
  "fd_perc": 15.333333333333334,
  "fwhm_avg": 2.8820416666666673,
  "fwhm_x": 2.87675,
  "fwhm_y": 2.907025,
  "fwhm_z": 2.86235,
  "gcor": 0.0287219,
  "gsr_x": -0.0154532166197896,
  "gsr_y": -5.323904406395741e-05,
  "provenance": {
    "md5sum": "49fa6caebac500f0441fe7a39280b16a",
    "settings": {
      "fd_thres": 0.2,
      "testing": false
    },
    "software": "mriqc",
    "version": "23.0.1",
    "webapi_port": null,
    "webapi_url": "https://mriqc.nimh.nih.gov/api/v1"
  },
  "size_t": 150,
  "size_x": 64,
  "size_y": 64,
  "size_z": 35,
  "snr": 3.1707653811681884,
  "spacing_tr": 2.0,
  "spacing_x": 4.0,
  "spacing_y": 4.0,
  "spacing_z": 4.0,
  "summary_bg_k": 73.99648126615206,
  "summary_bg_mad": 9.043873391492205,
  "summary_bg_mean": 26.04252052307129,
  "summary_bg_median": 7.066666603088379,
  "summary_bg_n": 107177.0,
  "summary_bg_p05": 0.31333333253860474,
  "summary_bg_p95": 110.78800048828123,
  "summary_bg_stdv": 69.15771484375,
  "summary_fg_k": 0.9552386129255694,
  "summary_fg_mad": 456.8639098288445,
  "summary_fg_mean": 2025.031982421875,
  "summary_fg_median": 1883.61669921875,
  "summary_fg_n": 10316.0,
  "summary_fg_p05": 1277.6867065429688,
  "summary_fg_p95": 3220.1083984375,
  "summary_fg_stdv": 594.0286254882812,
  "tsnr": 53.79006518283859
}