{
  "aor": 0.001184285714285714,
  "aqi": 0.0020279190669642857,
  "bids_meta": {
    "AcquisitionMatrixPE": 64,
    "AcquisitionNumber": 1,
    "AcquisitionTime": "20:35:15.000000",
    "BodyPartExamined": "HEAD",
    "CoilString": "32Ch_Head",
    "ConversionSoftware": "dcm2niix",
    "ConversionSoftwareVersion": "v1.0.20181125  (JP2:OpenJPEG) GCC7.3.0",
    "DeviceSerialNumber": "0002806034DVR750",
    "EchoTime": 0.04,
    "EffectiveEchoSpacing": 0.000372,
    "FlipAngle": 90,
    "ImageOrientationPatientDICOM": [
      1,
      0,
      0,
      0,
      1,
      0
    ],
    "ImageType": [
      "ORIGINAL",
      "PRIMARY",
      "EPI",
      "NONE"
    ],
    "ImagingFrequency": 127.772,
    "InPlanePhaseEncodingDirectionDICOM": "COL",
    "InstitutionName": "INSTITUTO_DE_NEUROBIOLOGIA",
    "MRAcquisitionType": "2D",
    "MagneticFieldStrength": 3,
    "Manufacturer": "GE",
    "ManufacturersModelName": "DISCOVERY_MR750",
    "Modality": "MR",
    "PatientPosition": "HFS",
    "PercentPhaseFOV": 100,
    "PhaseEncodingDirection": "j",
    "PhaseEncodingPolarityGE": "Flipped",
    "PixelBandwidth": 7812.5,
    "ProcedureStepDescription": "Emociones_AH",
    "ProtocolName": "fMRI_Jalil_2",
    "ReconMatrixPE": 64,
    "RepetitionTime": 2,
    "SAR": 0.163021,
    "ScanOptions": "EPI_GEMS_ACC_GEMS",
    "ScanningSequence": "EP_GR",
    "SequenceVariant": "SS",
    "SeriesDescription": "fMRI_Jalil_2",
    "SeriesNumber": 8,
    "SliceThickness": 4,
    "SliceTiming": [
      0,
      1.0285,
      0.0571001,
      1.0857,
      0.1142,
      1.1428,
      0.1714,
      1.2,
      0.2285,
      1.2571,
      0.2857,
      1.3143,
      0.3428,
      1.3714,
      0.4,
      1.4286,
      0.4571,
      1.4857,
      0.5142,
      1.5428,
      0.5714,
      1.6,
      0.6285,
      1.6571,
      0.6857,
      1.7143,
      0.7428,
      1.7714,
      0.8,
      1.8285,
      0.8571,
      1.8857,
      0.9143,
      1.9428,
      0.9714
    ],
    "SoftwareVersions": "27_LX_MR_Software_release:DV26.0_R03_1831.b",
    "SpacingBetweenSlices": 4,
    "StationName": "GEHCGEHC",
    "TaskName": "sae",
    "TotalReadoutTime": 0.023436,
    "dataset": "ds003481",
    "modality": "bold",
    "run_id": 2,
    "subject_id": "045",
    "task_id": "sae"
  },
  "dummy_trs": 0,
  "dvars_nstd": 12.523868988340807,
  "dvars_std": 1.0125233543497763,
  "dvars_vstd": 0.9559603431390135,
  "efc": 0.30508007566826917,
  "fber": 79605.09375,
  "fd_mean": 0.07559435274365013,
  "fd_num": 6,
  "fd_perc": 2.6785714285714284,
  "fwhm_avg": 2.843583333333333,
  "fwhm_x": 2.8312,
  "fwhm_y": 2.8861,
  "fwhm_z": 2.81345,
  "gcor": 0.0350018,
  "gsr_x": -0.015399070456624031,
  "gsr_y": 0.00012690828589256853,
  "provenance": {
    "md5sum": "4a5549caaeb416e51ea8cb4742db92b8",
    "settings": {
      "fd_thres": 0.2,
      "testing": false
    },
    "software": "mriqc",
    "version": "23.0.1",
    "webapi_port": null,
    "webapi_url": "https://mriqc.nimh.nih.gov/api/v1"
  },
  "size_t": 224,
  "size_x": 64,
  "size_y": 64,
  "size_z": 35,
  "snr": 3.1681919926853475,
  "spacing_tr": 2.0,
  "spacing_x": 4.0,
  "spacing_y": 4.0,
  "spacing_z": 4.0,
  "summary_bg_k": 71.18603158423909,
  "summary_bg_mad": 9.008132330396602,
  "summary_bg_mean": 25.664945602416992,
  "summary_bg_median": 7.031250476837158,
  "summary_bg_n": 107192.0,
  "summary_bg_p05": 0.2633928656578064,
  "summary_bg_p95": 109.62656555175778,
  "summary_bg_stdv": 69.16507720947266,
  "summary_fg_k": 1.051892044739609,
  "summary_fg_mad": 460.2419335603395,
  "summary_fg_mean": 2012.2303466796875,
  "summary_fg_median": 1875.321533203125,
  "summary_fg_n": 10365.0,
  "summary_fg_p05": 1268.3723388671874,
  "summary_fg_p95": 3205.474267578124,
  "summary_fg_stdv": 591.8931274414062,
  "tsnr": 84.0294978749007
}