{
  "aor": 0.0037938429752066116,
  "aqi": 0.005366588677685951,
  "bids_meta": {
    "AcquisitionMatrixPE": 64,
    "AcquisitionNumber": 1,
    "AcquisitionTime": "20:26:21.000000",
    "BodyPartExamined": "HEAD",
    "CoilString": "32Ch_Head",
    "ConversionSoftware": "dcm2niix",
    "ConversionSoftwareVersion": "v1.0.20181125  (JP2:OpenJPEG) GCC7.3.0",
    "DeviceSerialNumber": "0002806034DVR750",
    "EchoTime": 0.04,
    "EffectiveEchoSpacing": 0.000372,
    "FlipAngle": 90,
    "ImageOrientationPatientDICOM": [
      1,
      0,
      0,
      0,
      1,
      0
    ],
    "ImageType": [
      "ORIGINAL",
      "PRIMARY",
      "EPI",
      "NONE"
    ],
    "ImagingFrequency": 127.772,
    "InPlanePhaseEncodingDirectionDICOM": "COL",
    "InstitutionName": "INSTITUTO_DE_NEUROBIOLOGIA",
    "MRAcquisitionType": "2D",
    "MagneticFieldStrength": 3,
    "Manufacturer": "GE",
    "ManufacturersModelName": "DISCOVERY_MR750",
    "Modality": "MR",
    "PatientPosition": "HFS",
    "PercentPhaseFOV": 100,
    "PhaseEncodingDirection": "j",
    "PhaseEncodingPolarityGE": "Flipped",
    "PixelBandwidth": 7812.5,
    "ProcedureStepDescription": "Emociones_AH",
    "ProtocolName": "fMRI_Jalil_1",
    "ReconMatrixPE": 64,
    "RepetitionTime": 2,
    "SAR": 0.163021,
    "ScanOptions": "EPI_GEMS_ACC_GEMS",
    "ScanningSequence": "EP_GR",
    "SequenceVariant": "SS",
    "SeriesDescription": "fMRI_Jalil_1",
    "SeriesNumber": 7,
    "SliceThickness": 4,
    "SliceTiming": [
      0,
      1.0285,
      0.0571001,
      1.0857,
      0.1142,
      1.1428,
      0.1714,
      1.2,
      0.2285,
      1.2571,
      0.2857,
      1.3143,
      0.3428,
      1.3714,
      0.4,
      1.4286,
      0.4571,
      1.4857,
      0.5142,
      1.5428,
      0.5714,
      1.6,
      0.6285,
      1.6571,
      0.6857,
      1.7143,
      0.7428,
      1.7714,
      0.8,
      1.8285,
      0.8571,
      1.8857,
      0.9143,
      1.9428,
      0.9714
    ],
    "SoftwareVersions": "27_LX_MR_Software_release:DV26.0_R03_1831.b",
    "SpacingBetweenSlices": 4,
    "StationName": "GEHCGEHC",
    "TaskName": "sae",
    "TotalReadoutTime": 0.023436,
    "dataset": "ds003481",
    "modality": "bold",
    "run_id": 1,
    "subject_id": "045",
    "task_id": "sae"
  },
  "dummy_trs": 0,
  "dvars_nstd": 13.67178410813279,
  "dvars_std": 0.919051908174274,
  "dvars_vstd": 0.8964520512033196,
  "efc": 0.3055266207310604,
  "fber": 77033.765625,
  "fd_mean": 0.11631079605174348,
  "fd_num": 24,
  "fd_perc": 9.917355371900827,
  "fwhm_avg": 2.8387,
  "fwhm_x": 2.81275,
  "fwhm_y": 2.874225,
  "fwhm_z": 2.829125,
  "gcor": 0.0641799,
  "gsr_x": -0.014907022006809711,
  "gsr_y": -0.0012600370682775974,
  "provenance": {
    "md5sum": "98ae6dea2d6e362d3d3f0341340b2e6f",
    "settings": {
      "fd_thres": 0.2,
      "testing": false
    },
    "software": "mriqc",
    "version": "23.0.1",
    "webapi_port": null,
    "webapi_url": "https://mriqc.nimh.nih.gov/api/v1"
  },
  "size_t": 242,
  "size_x": 64,
  "size_y": 64,
  "size_z": 35,
  "snr": 3.1395316955451174,
  "spacing_tr": 2.0,
  "spacing_x": 4.0,
  "spacing_y": 4.0,
  "spacing_z": 4.0,
  "summary_bg_k": 67.72896630365567,
  "summary_bg_mad": 9.2325680393486,
  "summary_bg_mean": 26.589550018310547,
  "summary_bg_median": 7.173553466796875,
  "summary_bg_n": 107312.0,
  "summary_bg_p05": 0.26859503984451294,
  "summary_bg_p95": 112.5367721557617,
  "summary_bg_stdv": 69.26145935058594,
  "summary_fg_k": 0.993500284991613,
  "summary_fg_mad": 463.70529017098795,
  "summary_fg_mean": 2021.9984130859375,
  "summary_fg_median": 1878.77880859375,
  "summary_fg_n": 10300.0,
  "summary_fg_p05": 1269.6071655273438,
  "summary_fg_p95": 3234.2208251953125,
  "summary_fg_stdv": 598.3973999023438,
  "tsnr": 49.32216047309339
}