{
  "bids_meta": {
    "AcquisitionMatrixPE": 256,
    "AcquisitionNumber": 1,
    "AcquisitionTime": "19:03:43.000000",
    "CoilString": "32Ch_Head",
    "ConversionSoftware": "dcm2niix",
    "ConversionSoftwareVersion": "v1.0.20190902",
    "Dcm2bidsVersion": "2.1.4",
    "DeviceSerialNumber": "000000000000GEHC",
    "EchoTime": 0.00318,
    "FlipAngle": 12,
    "ImageOrientationPatientDICOM": [
      0,
      1,
      0,
      0,
      0,
      -1
    ],
    "ImageType": [
      "ORIGINAL",
      "PRIMARY",
      "OTHER"
    ],
    "ImagingFrequency": 127.772,
    "InPlanePhaseEncodingDirectionDICOM": "ROW",
    "InstitutionName": "INSTITUTO_DE_NEUROBIOLOGIA",
    "InversionTime": 0.45,
    "MRAcquisitionType": "3D",
    "MagneticFieldStrength": 3,
    "Manufacturer": "GE",
    "ManufacturersModelName": "DISCOVERY_MR750",
    "Modality": "MR",
    "PatientPosition": "HFS",
    "PercentPhaseFOV": 100,
    "PixelBandwidth": 244.141,
    "ProcedureStepDescription": "verbos",
    "ProtocolName": "Sag_T1_FSPGR_BRAVO",
    "ReconMatrixPE": 256,
    "RepetitionTime": 0.008156,
    "SAR": 0.226371,
    "ScanOptions": "FAST_GEMS_EDR_GEMS_FILTERED_GEMS_ACC_GEMS",
    "ScanningSequence": "GR",
    "SequenceVariant": "SS_SP_SK",
    "SeriesDescription": "Sag_T1_FSPGR_BRAVO",
    "SeriesNumber": 12,
    "SliceThickness": 1,
    "SoftwareVersions": "24_LX_MR_Software_release:DV24.0_R02_1607.b",
    "SpacingBetweenSlices": 1,
    "StationName": "GEHCGEHC",
    "dataset": "ds003481",
    "modality": "T1w",
    "subject_id": "135"
  },
  "cjv": 0.4500945258648623,
  "cnr": 3.075900002838077,
  "efc": 0.5404811889822979,
  "fber": -1.0,
  "fwhm_avg": 4.24522,
  "fwhm_x": 4.25697,
  "fwhm_y": 4.31045,
  "fwhm_z": 4.16824,
  "icvs_csf": 0.2084834074060196,
  "icvs_gm": 0.4167114786866527,
  "icvs_wm": 0.3748051139073277,
  "inu_med": 0.8374249935150146,
  "inu_range": 0.7587478220462799,
  "provenance": {
    "md5sum": "e4e9b8a90c474bb22bf33de9e31df151",
    "settings": {
      "testing": false
    },
    "software": "mriqc",
    "version": "23.0.1",
    "warnings": {
      "large_rot_frame": true,
      "small_air_mask": false
    },
    "webapi_port": null,
    "webapi_url": "https://mriqc.nimh.nih.gov/api/v1"
  },
  "qi_1": 0.00034289753488270485,
  "qi_2": 0.002266904570784125,
  "rpve_csf": 26.450613993182724,
  "rpve_gm": 13.17390966805984,
  "rpve_wm": 16.777324640129518,
  "size_x": 176,
  "size_y": 256,
  "size_z": 256,
  "snr_csf": 2.914500090529056,
  "snr_gm": 11.478972058987702,
  "snr_total": 10.490986941639107,
  "snr_wm": 17.079488675400565,
  "snrd_csf": 13.73244397290266,
  "snrd_gm": 35.012677807333795,
  "snrd_total": 32.22105747705527,
  "snrd_wm": 47.91805065092935,
  "spacing_x": 1.0,
  "spacing_y": 1.0,
  "spacing_z": 1.0,
  "summary_bg_k": 13.818123200944072,
  "summary_bg_mad": 0.0,
  "summary_bg_mean": 7.0806583209365845,
  "summary_bg_median": 0.0,
  "summary_bg_n": 2268275.0,
  "summary_bg_p05": 0.0,
  "summary_bg_p95": 33.37169198691845,
  "summary_bg_stdv": 13.672891151996948,
  "summary_csf_k": 1.7599857408026116,
  "summary_csf_mad": 72.6040987442905,
  "summary_csf_mean": 294.3612328553877,
  "summary_csf_median": 286.6001823320985,
  "summary_csf_n": 32017.0,
  "summary_csf_p05": 144.03529127687216,
  "summary_csf_p95": 482.16341181099415,
  "summary_csf_stdv": 98.33443048376046,
  "summary_gm_k": 0.05189705992638105,
  "summary_gm_mad": 63.78924080275131,
  "summary_gm_mean": 730.0993595420896,
  "summary_gm_median": 730.7249797135592,
  "summary_gm_n": 16926.0,
  "summary_gm_p05": 624.3447201997042,
  "summary_gm_p95": 833.6370126176625,
  "summary_gm_stdv": 63.655821250074275,
  "summary_wm_k": 0.314622893130323,
  "summary_wm_mad": 57.43875174809405,
  "summary_wm_mean": 1002.9608497876317,
  "summary_wm_median": 1000.063942052424,
  "summary_wm_n": 156944.0,
  "summary_wm_p05": 912.7988854199648,
  "summary_wm_p95": 1104.0787751227617,
  "summary_wm_stdv": 58.55331942309771,
  "tpm_overlap_csf": 0.15802070880494162,
  "tpm_overlap_gm": 0.43701530982395365,
  "tpm_overlap_wm": 0.4693801776520315,
  "wm2max": 0.3464161934899094
}