{
  "aor": 0.0008455511811023623,
  "aqi": 0.001752482964566929,
  "bids_meta": {
    "AcquisitionDateTime": "2017-01-31T19:37:58.000000",
    "ConversionSoftware": "dcm2niix",
    "ConversionSoftwareVersion": "v1.0.20170411 GCC4.8.4",
    "EchoTime": 0.04,
    "FlipAngle": 90,
    "ImageType": [
      "ORIGINAL",
      "PRIMARY",
      "EPI",
      "NONE"
    ],
    "MagneticFieldStrength": 3,
    "Manufacturer": "GE",
    "ManufacturersModelName": "DISCOVERY_MR750",
    "ProcedureStepDescription": "ActosHabla",
    "ProtocolName": "fMRI_ActosHabla_2",
    "RepetitionTime": 2,
    "ScanningSequence": "EP_GR",
    "SequenceVariant": "SS",
    "SeriesDescription": "fMRI_ActosHabla_2",
    "SliceTiming": [
      0,
      1.0285,
      0.0571001,
      1.0857,
      0.1142,
      1.1428,
      0.1714,
      1.2,
      0.2285,
      1.2571,
      0.2857,
      1.3143,
      0.3428,
      1.3714,
      0.4,
      1.4286,
      0.4571,
      1.4857,
      0.5142,
      1.5428,
      0.5714,
      1.6,
      0.6285,
      1.6571,
      0.6857,
      1.7143,
      0.7428,
      1.7714,
      0.8,
      1.8285,
      0.8571,
      1.8857,
      0.9143,
      1.9428,
      0.9714
    ],
    "TaskName": "sar",
    "dataset": "ds003481",
    "modality": "bold",
    "run_id": 2,
    "subject_id": "013",
    "task_id": "sar"
  },
  "dummy_trs": 0,
  "dvars_nstd": 14.501854270751,
  "dvars_std": 1.105929430632411,
  "dvars_vstd": 1.0035661117391306,
  "efc": 0.3545327215451629,
  "fber": 45672.18359375,
  "fd_mean": 0.07270100798186231,
  "fd_num": 1,
  "fd_perc": 0.3937007874015748,
  "fwhm_avg": 2.516379166666667,
  "fwhm_x": 2.4609425,
  "fwhm_y": 2.591,
  "fwhm_z": 2.497195,
  "gcor": 0.0333114,
  "gsr_x": -0.0025955226738005877,
  "gsr_y": -0.005794046446681023,
  "provenance": {
    "md5sum": "2083b4a7598c89c83a6e8054500f95df",
    "settings": {
      "fd_thres": 0.2,
      "testing": false
    },
    "software": "mriqc",
    "version": "23.0.1",
    "webapi_port": null,
    "webapi_url": "https://mriqc.nimh.nih.gov/api/v1"
  },
  "size_t": 254,
  "size_x": 64,
  "size_y": 64,
  "size_z": 35,
  "snr": 3.6477227769412783,
  "spacing_tr": 2.0,
  "spacing_x": 4.0,
  "spacing_y": 4.0,
  "spacing_z": 4.0,
  "summary_bg_k": 79.51215680873604,
  "summary_bg_mad": 11.930861825574638,
  "summary_bg_mean": 34.718849182128906,
  "summary_bg_median": 8.625984191894531,
  "summary_bg_n": 102336.0,
  "summary_bg_p05": 0.15354330837726593,
  "summary_bg_p95": 147.4940948486328,
  "summary_bg_stdv": 91.15447998046875,
  "summary_fg_k": 0.5576086075270736,
  "summary_fg_mad": 422.2701596999073,
  "summary_fg_mean": 1836.2410888671875,
  "summary_fg_median": 1773.0137939453125,
  "summary_fg_n": 13362.0,
  "summary_fg_p05": 1139.2658996582031,
  "summary_fg_p95": 2740.9336303710934,
  "summary_fg_stdv": 486.0422668457031,
  "tsnr": 93.37684700451791
}