{
  "aor": 0.001011072796934866,
  "aqi": 0.0014349560881226054,
  "bids_meta": {
    "AcquisitionDateTime": "2017-01-31T19:26:46.000000",
    "ConversionSoftware": "dcm2niix",
    "ConversionSoftwareVersion": "v1.0.20170411 GCC4.8.4",
    "EchoTime": 0.04,
    "FlipAngle": 90,
    "ImageType": [
      "ORIGINAL",
      "PRIMARY",
      "EPI",
      "NONE"
    ],
    "MagneticFieldStrength": 3,
    "Manufacturer": "GE",
    "ManufacturersModelName": "DISCOVERY_MR750",
    "ProcedureStepDescription": "ActosHabla",
    "ProtocolName": "fMRI_ActosHabla_1",
    "RepetitionTime": 2,
    "ScanningSequence": "EP_GR",
    "SequenceVariant": "SS",
    "SeriesDescription": "fMRI_ActosHabla_1",
    "SliceTiming": [
      0,
      1.0285,
      0.0571001,
      1.0857,
      0.1142,
      1.1428,
      0.1714,
      1.2,
      0.2285,
      1.2571,
      0.2857,
      1.3143,
      0.3428,
      1.3714,
      0.4,
      1.4286,
      0.4571,
      1.4857,
      0.5142,
      1.5428,
      0.5714,
      1.6,
      0.6285,
      1.6571,
      0.6857,
      1.7143,
      0.7428,
      1.7714,
      0.8,
      1.8285,
      0.8571,
      1.8857,
      0.9143,
      1.9428,
      0.9714
    ],
    "TaskName": "sar",
    "dataset": "ds003481",
    "modality": "bold",
    "run_id": 1,
    "subject_id": "013",
    "task_id": "sar"
  },
  "dummy_trs": 0,
  "dvars_nstd": 14.09483910703847,
  "dvars_std": 1.097235026307692,
  "dvars_vstd": 0.9959773087307693,
  "efc": 0.35373909597202824,
  "fber": 47941.3984375,
  "fd_mean": 0.06443692178752602,
  "fd_num": 0,
  "fd_perc": 0.0,
  "fwhm_avg": 2.5260666666666665,
  "fwhm_x": 2.443975,
  "fwhm_y": 2.614325,
  "fwhm_z": 2.5199,
  "gcor": 0.0352738,
  "gsr_x": -0.0019546588882803917,
  "gsr_y": -0.006432391237467527,
  "provenance": {
    "md5sum": "83f493aaab86293f7fd3003143f60ba4",
    "settings": {
      "fd_thres": 0.2,
      "testing": false
    },
    "software": "mriqc",
    "version": "23.0.1",
    "webapi_port": null,
    "webapi_url": "https://mriqc.nimh.nih.gov/api/v1"
  },
  "size_t": 261,
  "size_x": 64,
  "size_y": 64,
  "size_z": 35,
  "snr": 3.7104854866441035,
  "spacing_tr": 2.0,
  "spacing_x": 4.0,
  "spacing_y": 4.0,
  "spacing_z": 4.0,
  "summary_bg_k": 81.09600300638074,
  "summary_bg_mad": 11.838096059153038,
  "summary_bg_mean": 33.94741439819336,
  "summary_bg_median": 8.574712753295898,
  "summary_bg_n": 102235.0,
  "summary_bg_p05": 0.14942528307437897,
  "summary_bg_p95": 142.2145538330078,
  "summary_bg_stdv": 90.3721694946289,
  "summary_fg_k": 0.5286948166975405,
  "summary_fg_mad": 424.88760776938204,
  "summary_fg_mean": 1866.6053466796875,
  "summary_fg_median": 1797.3505859375,
  "summary_fg_n": 13420.0,
  "summary_fg_p05": 1186.727960205078,
  "summary_fg_p95": 2775.474377441406,
  "summary_fg_stdv": 484.379638671875,
  "tsnr": 95.05596263241023
}