{
  "aor": 0.0006907450980392156,
  "aqi": 0.0019518500705882355,
  "bids_meta": {
    "AcquisitionDateTime": "2017-01-31T19:48:4.000000",
    "ConversionSoftware": "dcm2niix",
    "ConversionSoftwareVersion": "v1.0.20170411 GCC4.8.4",
    "EchoTime": 0.04,
    "FlipAngle": 90,
    "ImageType": [
      "ORIGINAL",
      "PRIMARY",
      "EPI",
      "NONE"
    ],
    "MagneticFieldStrength": 3,
    "Manufacturer": "GE",
    "ManufacturersModelName": "DISCOVERY_MR750",
    "ProcedureStepDescription": "ActosHabla",
    "ProtocolName": "fMRI_ActosHabla_3",
    "RepetitionTime": 2,
    "ScanningSequence": "EP_GR",
    "SequenceVariant": "SS",
    "SeriesDescription": "fMRI_ActosHabla_3",
    "SliceTiming": [
      0,
      1.0285,
      0.0571001,
      1.0857,
      0.1142,
      1.1428,
      0.1714,
      1.2,
      0.2285,
      1.2571,
      0.2857,
      1.3143,
      0.3428,
      1.3714,
      0.4,
      1.4286,
      0.4571,
      1.4857,
      0.5142,
      1.5428,
      0.5714,
      1.6,
      0.6285,
      1.6571,
      0.6857,
      1.7143,
      0.7428,
      1.7714,
      0.8,
      1.8285,
      0.8571,
      1.8857,
      0.9143,
      1.9428,
      0.9714
    ],
    "TaskName": "sar",
    "dataset": "ds003481",
    "modality": "bold",
    "run_id": 3,
    "subject_id": "013",
    "task_id": "sar"
  },
  "dummy_trs": 0,
  "dvars_nstd": 14.94675860094488,
  "dvars_std": 1.0721138662598422,
  "dvars_vstd": 0.9804211557874012,
  "efc": 0.3562044211648454,
  "fber": 44333.30078125,
  "fd_mean": 0.08193235402607578,
  "fd_num": 5,
  "fd_perc": 1.9607843137254901,
  "fwhm_avg": 2.5063808333333335,
  "fwhm_x": 2.4669875,
  "fwhm_y": 2.583825,
  "fwhm_z": 2.46833,
  "gcor": 0.0513876,
  "gsr_x": -0.0019420940661802888,
  "gsr_y": -0.006627420429140329,
  "provenance": {
    "md5sum": "264d4d656e02050fba7788f9dd74177a",
    "settings": {
      "fd_thres": 0.2,
      "testing": false
    },
    "software": "mriqc",
    "version": "23.0.1",
    "webapi_port": null,
    "webapi_url": "https://mriqc.nimh.nih.gov/api/v1"
  },
  "size_t": 255,
  "size_x": 64,
  "size_y": 64,
  "size_z": 35,
  "snr": 3.601730897286007,
  "spacing_tr": 2.0,
  "spacing_x": 4.0,
  "spacing_y": 4.0,
  "spacing_z": 4.0,
  "summary_bg_k": 75.39038168709418,
  "summary_bg_mad": 12.011985112428622,
  "summary_bg_mean": 35.03186798095703,
  "summary_bg_median": 8.682353019714355,
  "summary_bg_n": 102127.0,
  "summary_bg_p05": 0.15294118225574493,
  "summary_bg_p95": 150.39255828857418,
  "summary_bg_stdv": 91.60852813720703,
  "summary_fg_k": 0.6026759944487954,
  "summary_fg_mad": 423.22483825247286,
  "summary_fg_mean": 1825.3489990234375,
  "summary_fg_median": 1758.7021484375,
  "summary_fg_n": 13498.0,
  "summary_fg_p05": 1127.8265380859375,
  "summary_fg_p95": 2738.051525878906,
  "summary_fg_stdv": 488.2755126953125,
  "tsnr": 87.56006116978824
}