{
  "aor": 0.0022740229885057474,
  "aqi": 0.0029163950191570883,
  "bids_meta": {
    "AcquisitionDateTime": "2017-05-04T18:12:45.000000",
    "ConversionSoftware": "dcm2niix",
    "ConversionSoftwareVersion": "v1.0.20170411 GCC4.8.4",
    "EchoTime": 0.04,
    "FlipAngle": 90,
    "ImageType": [
      "ORIGINAL",
      "PRIMARY",
      "EPI",
      "NONE"
    ],
    "MagneticFieldStrength": 3,
    "Manufacturer": "GE",
    "ManufacturersModelName": "DISCOVERY_MR750",
    "ProcedureStepDescription": "ActosHabla",
    "ProtocolName": "fMRI_ActosHabla_1",
    "RepetitionTime": 2,
    "ScanningSequence": "EP_GR",
    "SequenceVariant": "SS",
    "SeriesDescription": "fMRI_ActosHabla_1",
    "SliceTiming": [
      0,
      1.0285,
      0.0571001,
      1.0857,
      0.1142,
      1.1428,
      0.1714,
      1.2,
      0.2285,
      1.2571,
      0.2857,
      1.3143,
      0.3428,
      1.3714,
      0.4,
      1.4286,
      0.4571,
      1.4857,
      0.5142,
      1.5428,
      0.5714,
      1.6,
      0.6285,
      1.6571,
      0.6857,
      1.7143,
      0.7428,
      1.7714,
      0.8,
      1.8285,
      0.8571,
      1.8857,
      0.9143,
      1.9428,
      0.9714
    ],
    "TaskName": "sar",
    "dataset": "ds003481",
    "modality": "bold",
    "run_id": 1,
    "subject_id": "021",
    "task_id": "sar"
  },
  "dummy_trs": 0,
  "dvars_nstd": 19.297599814538465,
  "dvars_std": 1.157156158461538,
  "dvars_vstd": 1.0236710257692305,
  "efc": 0.37680770352352816,
  "fber": 67215.296875,
  "fd_mean": 0.15524099728404261,
  "fd_num": 59,
  "fd_perc": 22.60536398467433,
  "fwhm_avg": 2.665266666666667,
  "fwhm_x": 2.639925,
  "fwhm_y": 2.7642,
  "fwhm_z": 2.591675,
  "gcor": 0.0988286,
  "gsr_x": -0.0022305233869701624,
  "gsr_y": -0.005348891019821167,
  "provenance": {
    "md5sum": "d9bfb86640b6edcc4ad0711a04e0f98a",
    "settings": {
      "fd_thres": 0.2,
      "testing": false
    },
    "software": "mriqc",
    "version": "23.0.1",
    "webapi_port": null,
    "webapi_url": "https://mriqc.nimh.nih.gov/api/v1"
  },
  "size_t": 261,
  "size_x": 64,
  "size_y": 64,
  "size_z": 35,
  "snr": 3.508391779511395,
  "spacing_tr": 2.0,
  "spacing_x": 4.0,
  "spacing_y": 4.0,
  "spacing_z": 4.0,
  "summary_bg_k": 46.90314355980239,
  "summary_bg_mad": 10.951956466642173,
  "summary_bg_mean": 38.653011322021484,
  "summary_bg_median": 7.518216133117676,
  "summary_bg_n": 99110.0,
  "summary_bg_p05": 0.0,
  "summary_bg_p95": 175.56533889770506,
  "summary_bg_stdv": 96.57534790039062,
  "summary_fg_k": 0.14389649575344166,
  "summary_fg_mad": 507.27962452668,
  "summary_fg_mean": 1886.478271484375,
  "summary_fg_median": 1831.35888671875,
  "summary_fg_n": 15778.0,
  "summary_fg_p05": 1113.0093566894532,
  "summary_fg_p95": 2817.108190917969,
  "summary_fg_stdv": 521.977294921875,
  "tsnr": 57.9429931640625
}