{
  "aor": 0.017621062992125982,
  "aqi": 0.003234372094488189,
  "bids_meta": {
    "AcquisitionDateTime": "2017-05-04T18:22:54.000000",
    "ConversionSoftware": "dcm2niix",
    "ConversionSoftwareVersion": "v1.0.20170411 GCC4.8.4",
    "EchoTime": 0.04,
    "FlipAngle": 90,
    "ImageType": [
      "ORIGINAL",
      "PRIMARY",
      "EPI",
      "NONE"
    ],
    "MagneticFieldStrength": 3,
    "Manufacturer": "GE",
    "ManufacturersModelName": "DISCOVERY_MR750",
    "ProcedureStepDescription": "ActosHabla",
    "ProtocolName": "fMRI_ActosHabla_2",
    "RepetitionTime": 2,
    "ScanningSequence": "EP_GR",
    "SequenceVariant": "SS",
    "SeriesDescription": "fMRI_ActosHabla_2",
    "SliceTiming": [
      0,
      1.0285,
      0.0571001,
      1.0857,
      0.1142,
      1.1428,
      0.1714,
      1.2,
      0.2285,
      1.2571,
      0.2857,
      1.3143,
      0.3428,
      1.3714,
      0.4,
      1.4286,
      0.4571,
      1.4857,
      0.5142,
      1.5428,
      0.5714,
      1.6,
      0.6285,
      1.6571,
      0.6857,
      1.7143,
      0.7428,
      1.7714,
      0.8,
      1.8285,
      0.8571,
      1.8857,
      0.9143,
      1.9428,
      0.9714
    ],
    "TaskName": "sar",
    "dataset": "ds003481",
    "modality": "bold",
    "run_id": 2,
    "subject_id": "021",
    "task_id": "sar"
  },
  "dummy_trs": 0,
  "dvars_nstd": 17.50716428395257,
  "dvars_std": 1.1168700649011853,
  "dvars_vstd": 0.9703910704347828,
  "efc": 0.37764659456456634,
  "fber": 61089.1640625,
  "fd_mean": 0.15065946735502778,
  "fd_num": 49,
  "fd_perc": 19.291338582677167,
  "fwhm_avg": 2.6559416666666666,
  "fwhm_x": 2.61025,
  "fwhm_y": 2.771375,
  "fwhm_z": 2.5862,
  "gcor": 0.0894739,
  "gsr_x": -0.0015866763424128294,
  "gsr_y": -0.005100634414702654,
  "provenance": {
    "md5sum": "c2f9a158bbf1358e004cecb1ca65012a",
    "settings": {
      "fd_thres": 0.2,
      "testing": false
    },
    "software": "mriqc",
    "version": "23.0.1",
    "webapi_port": null,
    "webapi_url": "https://mriqc.nimh.nih.gov/api/v1"
  },
  "size_t": 254,
  "size_x": 64,
  "size_y": 64,
  "size_z": 35,
  "snr": 3.498423375305644,
  "spacing_tr": 2.0,
  "spacing_x": 4.0,
  "spacing_y": 4.0,
  "spacing_z": 4.0,
  "summary_bg_k": 47.77692282407319,
  "summary_bg_mad": 11.27127913079655,
  "summary_bg_mean": 39.697105407714844,
  "summary_bg_median": 7.889763832092285,
  "summary_bg_n": 99107.0,
  "summary_bg_p05": 0.05905511975288391,
  "summary_bg_p95": 176.96771850585932,
  "summary_bg_stdv": 100.61925506591797,
  "summary_fg_k": 0.16185802882535505,
  "summary_fg_mad": 509.85173667626515,
  "summary_fg_mean": 1896.71337890625,
  "summary_fg_median": 1835.976318359375,
  "summary_fg_n": 15767.0,
  "summary_fg_p05": 1127.2535278320313,
  "summary_fg_p95": 2835.3842285156243,
  "summary_fg_stdv": 524.784423828125,
  "tsnr": 56.72062238713261
}