{
  "bids_meta": {
    "AcquisitionDateTime": "2017-07-06T18:46:50.000000",
    "ConversionSoftware": "dcm2niix",
    "ConversionSoftwareVersion": "v1.0.20170411 GCC4.8.4",
    "EchoTime": 0.00318,
    "FlipAngle": 12,
    "ImageType": [
      "DERIVED",
      "PRIMARY",
      "OTHER"
    ],
    "InversionTime": 0.45,
    "MagneticFieldStrength": 3,
    "Manufacturer": "GE",
    "ManufacturersModelName": "DISCOVERY_MR750",
    "ProcedureStepDescription": "CompMet",
    "ProtocolName": "PU:Sag_T1_FSPGR_BRAVO",
    "RepetitionTime": 0.008156,
    "ScanningSequence": "GR",
    "SequenceVariant": "SS_SP_SK",
    "SeriesDescription": "PU:Sag_T1_FSPGR_BRAVO",
    "dataset": "ds003481",
    "modality": "T1w",
    "subject_id": "071"
  },
  "cjv": 0.3340331885162031,
  "cnr": 4.022959700250968,
  "efc": 0.719993179428168,
  "fber": -1.0,
  "fwhm_avg": 3.832356666666667,
  "fwhm_x": 3.88807,
  "fwhm_y": 3.93124,
  "fwhm_z": 3.67776,
  "icvs_csf": 0.19779984241436174,
  "icvs_gm": 0.45663714630448066,
  "icvs_wm": 0.34556301128115763,
  "inu_med": 0.5120549201965332,
  "inu_range": 0.17914225161075592,
  "provenance": {
    "md5sum": "6d0cac11241ea1280a648a68df93380b",
    "settings": {
      "testing": false
    },
    "software": "mriqc",
    "version": "23.0.1",
    "warnings": {
      "large_rot_frame": true,
      "small_air_mask": false
    },
    "webapi_port": null,
    "webapi_url": "https://mriqc.nimh.nih.gov/api/v1"
  },
  "qi_1": 0.0,
  "qi_2": 0.0027969775236172415,
  "rpve_csf": 27.393570832905215,
  "rpve_gm": 12.610972540958187,
  "rpve_wm": 18.524990297542043,
  "size_x": 176,
  "size_y": 256,
  "size_z": 256,
  "snr_csf": 2.2581580921542272,
  "snr_gm": 11.776529301197163,
  "snr_total": 11.987897320238536,
  "snr_wm": 21.929004567364217,
  "snrd_csf": 13.086149755665282,
  "snrd_gm": 35.03106138736109,
  "snrd_total": 32.83217674122409,
  "snrd_wm": 50.379319080645885,
  "spacing_x": 1.0,
  "spacing_y": 1.0,
  "spacing_z": 1.0,
  "summary_bg_k": 9.819613084521647,
  "summary_bg_mad": 0.0,
  "summary_bg_mean": 7.245037676737485,
  "summary_bg_median": 0.0,
  "summary_bg_n": 428925.0,
  "summary_bg_p05": 0.0,
  "summary_bg_p95": 35.095929354429245,
  "summary_bg_stdv": 13.004074309779954,
  "summary_csf_k": 0.5862524455964317,
  "summary_csf_mad": 98.89481050562875,
  "summary_csf_mean": 262.444751384097,
  "summary_csf_median": 259.752417743206,
  "summary_csf_n": 31439.0,
  "summary_csf_p05": 70.65980443358421,
  "summary_csf_p95": 468.4987514913082,
  "summary_csf_stdv": 115.0266172943159,
  "summary_gm_k": 0.17854072463957982,
  "summary_gm_mad": 57.61505701332389,
  "summary_gm_mean": 695.533790365791,
  "summary_gm_median": 695.34607668221,
  "summary_gm_n": 43860.0,
  "summary_gm_p05": 598.0346361994743,
  "summary_gm_p95": 792.3597335219383,
  "summary_gm_stdv": 59.04440365842606,
  "summary_wm_k": 0.2940580719564414,
  "summary_wm_mad": 44.14946897572712,
  "summary_wm_mean": 1001.0546321747079,
  "summary_wm_median": 1000.0000137388706,
  "summary_wm_n": 189526.0,
  "summary_wm_p05": 927.638588488102,
  "summary_wm_p95": 1077.5513824820518,
  "summary_wm_stdv": 45.60158544830322,
  "tpm_overlap_csf": 0.13061659969486764,
  "tpm_overlap_gm": 0.4692096949621096,
  "tpm_overlap_wm": 0.49748360678155185,
  "wm2max": 0.4351805132730569
}