{
  "bids_meta": {
    "AcquisitionMatrixPE": 256,
    "AcquisitionNumber": 1,
    "AcquisitionTime": "19:27:31.000000",
    "CoilString": "32Ch_Head",
    "ConversionSoftware": "dcm2niix",
    "ConversionSoftwareVersion": "v1.0.20190902",
    "Dcm2bidsVersion": "2.1.4",
    "DeviceSerialNumber": "000000000000GEHC",
    "EchoTime": 0.00318,
    "FlipAngle": 12,
    "ImageOrientationPatientDICOM": [
      0,
      1,
      0,
      0,
      0,
      -1
    ],
    "ImageType": [
      "ORIGINAL",
      "PRIMARY",
      "OTHER"
    ],
    "ImagingFrequency": 127.772,
    "InPlanePhaseEncodingDirectionDICOM": "ROW",
    "InstitutionName": "INSTITUTO_DE_NEUROBIOLOGIA",
    "InversionTime": 0.45,
    "MRAcquisitionType": "3D",
    "MagneticFieldStrength": 3,
    "Manufacturer": "GE",
    "ManufacturersModelName": "DISCOVERY_MR750",
    "Modality": "MR",
    "PatientPosition": "HFS",
    "PercentPhaseFOV": 100,
    "PixelBandwidth": 244.141,
    "ProcedureStepDescription": "verbos",
    "ProtocolName": "Sag_T1_FSPGR_BRAVO",
    "ReconMatrixPE": 256,
    "RepetitionTime": 0.008156,
    "SAR": 0.230378,
    "ScanOptions": "FAST_GEMS_EDR_GEMS_FILTERED_GEMS_ACC_GEMS",
    "ScanningSequence": "GR",
    "SequenceVariant": "SS_SP_SK",
    "SeriesDescription": "Sag_T1_FSPGR_BRAVO",
    "SeriesNumber": 15,
    "SliceThickness": 1,
    "SoftwareVersions": "24_LX_MR_Software_release:DV24.0_R02_1607.b",
    "SpacingBetweenSlices": 1,
    "StationName": "GEHCGEHC",
    "dataset": "ds003481",
    "modality": "T1w",
    "subject_id": "132"
  },
  "cjv": 0.4445836980905013,
  "cnr": 2.945264455624941,
  "efc": 0.5754433155712333,
  "fber": -1.0,
  "fwhm_avg": 4.0694566666666665,
  "fwhm_x": 3.95646,
  "fwhm_y": 4.07301,
  "fwhm_z": 4.1789,
  "icvs_csf": 0.2209391293145937,
  "icvs_gm": 0.3823952905135114,
  "icvs_wm": 0.3966655801718949,
  "inu_med": 0.9122373163700104,
  "inu_range": 0.6976171553134924,
  "provenance": {
    "md5sum": "08d37d06e7ee4aac1fd695a8d5d73ce4",
    "settings": {
      "testing": false
    },
    "software": "mriqc",
    "version": "23.0.1",
    "warnings": {
      "large_rot_frame": true,
      "small_air_mask": false
    },
    "webapi_port": null,
    "webapi_url": "https://mriqc.nimh.nih.gov/api/v1"
  },
  "qi_1": 0.002136571621211719,
  "qi_2": 0.0012041401737547211,
  "rpve_csf": 24.950069465918148,
  "rpve_gm": 13.7169844123325,
  "rpve_wm": 15.717150659027599,
  "size_x": 176,
  "size_y": 256,
  "size_z": 256,
  "snr_csf": 2.3103850858537642,
  "snr_gm": 10.191687203464618,
  "snr_total": 8.325123657977286,
  "snr_wm": 12.473298684613479,
  "snrd_csf": 9.049070099201563,
  "snrd_gm": 23.16714638407931,
  "snrd_total": 21.98980289426312,
  "snrd_wm": 33.75319219950849,
  "spacing_x": 1.0,
  "spacing_y": 1.0,
  "spacing_z": 1.0,
  "summary_bg_k": 31.050394691896457,
  "summary_bg_mad": 0.0,
  "summary_bg_mean": 8.482928889312314,
  "summary_bg_median": 0.0,
  "summary_bg_n": 2176979.0,
  "summary_bg_p05": 0.0,
  "summary_bg_p95": 44.40740492939949,
  "summary_bg_stdv": 19.410768339508362,
  "summary_csf_k": 0.37979109007879996,
  "summary_csf_mad": 114.1142125561136,
  "summary_csf_mean": 275.4256501311858,
  "summary_csf_median": 268.11119544506073,
  "summary_csf_n": 40474.0,
  "summary_csf_p05": 94.88659980893135,
  "summary_csf_p95": 476.39740167558193,
  "summary_csf_stdv": 116.04467364558661,
  "summary_gm_k": 0.15152120549214265,
  "summary_gm_mad": 65.9267724512118,
  "summary_gm_mean": 686.2575761060733,
  "summary_gm_median": 686.4099011272192,
  "summary_gm_n": 19488.0,
  "summary_gm_p05": 575.0550592623651,
  "summary_gm_p95": 796.871832705289,
  "summary_gm_stdv": 67.34824922574992,
  "summary_wm_k": 0.9090516999568332,
  "summary_wm_mad": 73.51673554465788,
  "summary_wm_mean": 1011.6950856819764,
  "summary_wm_median": 1000.0595211982727,
  "summary_wm_n": 203171.0,
  "summary_wm_p05": 901.3929345086217,
  "summary_wm_p95": 1162.152501925826,
  "summary_wm_stdv": 80.17582881272993,
  "tpm_overlap_csf": 0.15767370968874558,
  "tpm_overlap_gm": 0.43523031071918356,
  "tpm_overlap_wm": 0.48120884260471797,
  "wm2max": 0.38146272791262686
}