{
  "aor": 0.0009463713080168775,
  "aqi": 0.0014168112405063289,
  "bids_meta": {
    "AcquisitionDateTime": "2017-01-17T18:22:48.000000",
    "ConversionSoftware": "dcm2niix",
    "ConversionSoftwareVersion": "v1.0.20170411 GCC4.8.4",
    "EchoTime": 0.04,
    "FlipAngle": 90,
    "ImageType": [
      "ORIGINAL",
      "PRIMARY",
      "EPI",
      "NONE"
    ],
    "MagneticFieldStrength": 3,
    "Manufacturer": "GE",
    "ManufacturersModelName": "DISCOVERY_MR750",
    "ProcedureStepDescription": "CompRefranes",
    "ProtocolName": "fMRI_Comprension_4",
    "RepetitionTime": 2,
    "ScanningSequence": "EP_GR",
    "SequenceVariant": "SS",
    "SeriesDescription": "fMRI_Comprension_4",
    "SliceTiming": [
      1.0285,
      0.0571001,
      1.0857,
      0.1142,
      1.1428,
      0.1714,
      1.2,
      0.2285,
      1.2571,
      0.2857,
      1.3143,
      0.3428,
      1.3714,
      0.4,
      1.4286,
      0.4571,
      1.4857,
      0.5142,
      1.5428,
      0.5714,
      1.6,
      0.6285,
      1.6571,
      0.6857,
      1.7143,
      0.7428,
      1.7714,
      0.8,
      1.8285,
      0.8571,
      1.8857,
      0.9143,
      1.9428,
      0.9714
    ],
    "TaskName": "pc",
    "dataset": "ds003481",
    "modality": "bold",
    "run_id": 4,
    "subject_id": "053",
    "task_id": "pc"
  },
  "dummy_trs": 0,
  "dvars_nstd": 16.041408369152546,
  "dvars_std": 1.1423314100847461,
  "dvars_vstd": 1.0047733338135603,
  "efc": 0.3426290265732001,
  "fber": 84548.3203125,
  "fd_mean": 0.1089866526071931,
  "fd_num": 22,
  "fd_perc": 9.282700421940929,
  "fwhm_avg": 2.5799833333333333,
  "fwhm_x": 2.4752725,
  "fwhm_y": 2.773225,
  "fwhm_z": 2.4914525,
  "gcor": 0.061154,
  "gsr_x": -0.017306603491306305,
  "gsr_y": 0.003133774036541581,
  "provenance": {
    "md5sum": "e5b8d3f1ee0726c75cb02a9cdde901d4",
    "settings": {
      "fd_thres": 0.2,
      "testing": false
    },
    "software": "mriqc",
    "version": "23.0.1",
    "webapi_port": null,
    "webapi_url": "https://mriqc.nimh.nih.gov/api/v1"
  },
  "size_t": 237,
  "size_x": 64,
  "size_y": 64,
  "size_z": 34,
  "snr": 3.692187040864773,
  "spacing_tr": 2.0,
  "spacing_x": 4.0,
  "spacing_y": 4.0,
  "spacing_z": 4.0,
  "summary_bg_k": 58.006117903156664,
  "summary_bg_mad": 8.476480776910277,
  "summary_bg_mean": 32.45083999633789,
  "summary_bg_median": 6.206750869750977,
  "summary_bg_n": 100548.0,
  "summary_bg_p05": 0.11118142791092549,
  "summary_bg_p95": 157.81117172241198,
  "summary_bg_stdv": 90.63062286376953,
  "summary_fg_k": 0.05709576170548303,
  "summary_fg_mad": 429.4823715783933,
  "summary_fg_mean": 1729.548828125,
  "summary_fg_median": 1689.8543701171875,
  "summary_fg_n": 12050.0,
  "summary_fg_p05": 1024.0911376953125,
  "summary_fg_p95": 2544.640185546875,
  "summary_fg_stdv": 457.66485595703125,
  "tsnr": 89.98746063513681
}