{
  "aor": 0.0023907999999999998,
  "aqi": 0.0016645749066666665,
  "bids_meta": {
    "AcquisitionDateTime": "2017-01-17T17:55:57.000000",
    "ConversionSoftware": "dcm2niix",
    "ConversionSoftwareVersion": "v1.0.20170411 GCC4.8.4",
    "EchoTime": 0.04,
    "FlipAngle": 90,
    "ImageType": [
      "ORIGINAL",
      "PRIMARY",
      "EPI",
      "NONE"
    ],
    "MagneticFieldStrength": 3,
    "Manufacturer": "GE",
    "ManufacturersModelName": "DISCOVERY_MR750",
    "ProcedureStepDescription": "CompRefranes",
    "ProtocolName": "fMRI_Comprension_1",
    "RepetitionTime": 2,
    "ScanningSequence": "EP_GR",
    "SequenceVariant": "SS",
    "SeriesDescription": "fMRI_Comprension_1",
    "SliceTiming": [
      1.0285,
      0.0571001,
      1.0857,
      0.1142,
      1.1428,
      0.1714,
      1.2,
      0.2285,
      1.2571,
      0.2857,
      1.3143,
      0.3428,
      1.3714,
      0.4,
      1.4286,
      0.4571,
      1.4857,
      0.5142,
      1.5428,
      0.5714,
      1.6,
      0.6285,
      1.6571,
      0.6857,
      1.7143,
      0.7428,
      1.7714,
      0.8,
      1.8285,
      0.8571,
      1.8857,
      0.9143,
      1.9428,
      0.9714
    ],
    "TaskName": "pc",
    "dataset": "ds003481",
    "modality": "bold",
    "run_id": 1,
    "subject_id": "053",
    "task_id": "pc"
  },
  "dummy_trs": 0,
  "dvars_nstd": 15.800467443839295,
  "dvars_std": 1.140380439107143,
  "dvars_vstd": 1.004387064196428,
  "efc": 0.34182104300817695,
  "fber": 84999.40625,
  "fd_mean": 0.08662374465633342,
  "fd_num": 2,
  "fd_perc": 0.8888888888888888,
  "fwhm_avg": 2.5323025,
  "fwhm_x": 2.4237325,
  "fwhm_y": 2.713,
  "fwhm_z": 2.460175,
  "gcor": 0.0756798,
  "gsr_x": -0.017207931727170944,
  "gsr_y": 0.004293118137866259,
  "provenance": {
    "md5sum": "417b13e7b3244b1e37c261eb6f88125b",
    "settings": {
      "fd_thres": 0.2,
      "testing": false
    },
    "software": "mriqc",
    "version": "23.0.1",
    "webapi_port": null,
    "webapi_url": "https://mriqc.nimh.nih.gov/api/v1"
  },
  "size_t": 225,
  "size_x": 64,
  "size_y": 64,
  "size_z": 34,
  "snr": 3.7318373139637155,
  "spacing_tr": 2.0,
  "spacing_x": 4.0,
  "spacing_y": 4.0,
  "spacing_z": 4.0,
  "summary_bg_k": 65.17188885842351,
  "summary_bg_mad": 8.381645032110484,
  "summary_bg_mean": 31.53228759765625,
  "summary_bg_median": 6.146667003631592,
  "summary_bg_n": 100480.0,
  "summary_bg_p05": 0.12000000476837158,
  "summary_bg_p95": 149.77000122070285,
  "summary_bg_stdv": 89.47644805908203,
  "summary_fg_k": 0.03937035358714702,
  "summary_fg_mad": 426.74230839624306,
  "summary_fg_mean": 1739.270751953125,
  "summary_fg_median": 1698.300048828125,
  "summary_fg_n": 12070.0,
  "summary_fg_p05": 1038.039532470703,
  "summary_fg_p95": 2552.698571777343,
  "summary_fg_stdv": 455.0653076171875,
  "tsnr": 84.14661769964732
}