{
  "aor": 0.006422559055118111,
  "aqi": 0.005226485472440944,
  "bids_meta": {
    "AcquisitionDateTime": "2016-05-16T19:14:3.000000",
    "ConversionSoftware": "dcm2niix",
    "ConversionSoftwareVersion": "v1.0.20170411 GCC4.8.4",
    "EchoTime": 0.04,
    "FlipAngle": 90,
    "ImageType": [
      "ORIGINAL",
      "PRIMARY",
      "EPI",
      "NONE"
    ],
    "MagneticFieldStrength": 3,
    "Manufacturer": "GE",
    "ManufacturersModelName": "DISCOVERY_MR750",
    "ProcedureStepDescription": "ActosHabla",
    "ProtocolName": "fMRI_ActosHabla_2",
    "RepetitionTime": 2,
    "ScanningSequence": "EP_GR",
    "SequenceVariant": "SS",
    "SeriesDescription": "fMRI_ActosHabla_2",
    "SliceTiming": [
      0,
      1.0285,
      0.0571001,
      1.0857,
      0.1142,
      1.1428,
      0.1714,
      1.2,
      0.2285,
      1.2571,
      0.2857,
      1.3143,
      0.3428,
      1.3714,
      0.4,
      1.4286,
      0.4571,
      1.4857,
      0.5142,
      1.5428,
      0.5714,
      1.6,
      0.6285,
      1.6571,
      0.6857,
      1.7143,
      0.7428,
      1.7714,
      0.8,
      1.8285,
      0.8571,
      1.8857,
      0.9143,
      1.9428,
      0.9714
    ],
    "TaskName": "sar",
    "dataset": "ds003481",
    "modality": "bold",
    "run_id": 2,
    "subject_id": "006",
    "task_id": "sar"
  },
  "dummy_trs": 0,
  "dvars_nstd": 16.110069301264826,
  "dvars_std": 0.9731618564031613,
  "dvars_vstd": 0.9452971366403168,
  "efc": 0.36332285724273217,
  "fber": 55785.6328125,
  "fd_mean": 0.17074097257830406,
  "fd_num": 52,
  "fd_perc": 20.47244094488189,
  "fwhm_avg": 2.820491666666667,
  "fwhm_x": 2.72055,
  "fwhm_y": 2.905175,
  "fwhm_z": 2.83575,
  "gcor": 0.0341388,
  "gsr_x": -0.007308166474103928,
  "gsr_y": -0.0018867991166189313,
  "provenance": {
    "md5sum": "16f02c057270483f700f26802a8bc0b5",
    "settings": {
      "fd_thres": 0.2,
      "testing": false
    },
    "software": "mriqc",
    "version": "23.0.1",
    "webapi_port": null,
    "webapi_url": "https://mriqc.nimh.nih.gov/api/v1"
  },
  "size_t": 254,
  "size_x": 64,
  "size_y": 64,
  "size_z": 35,
  "snr": 3.0721949324414854,
  "spacing_tr": 2.0,
  "spacing_x": 4.0,
  "spacing_y": 4.0,
  "spacing_z": 4.0,
  "summary_bg_k": 70.63742321459375,
  "summary_bg_mad": 11.370508321636278,
  "summary_bg_mean": 33.47282791137695,
  "summary_bg_median": 8.015748023986816,
  "summary_bg_n": 100071.0,
  "summary_bg_p05": 0.09251968562602997,
  "summary_bg_p95": 145.6377944946289,
  "summary_bg_stdv": 81.32688903808594,
  "summary_fg_k": 1.0714679202963078,
  "summary_fg_mad": 492.5858999761122,
  "summary_fg_mean": 1915.0072021484375,
  "summary_fg_median": 1823.251953125,
  "summary_fg_n": 15173.0,
  "summary_fg_p05": 1103.4353759765625,
  "summary_fg_p95": 3072.9244140624996,
  "summary_fg_stdv": 593.4492797851562,
  "tsnr": 48.298553882399574
}