{
  "aor": 0.009310392156862746,
  "aqi": 0.008113128784313726,
  "bids_meta": {
    "AcquisitionDateTime": "2016-05-16T19:23:57.000000",
    "ConversionSoftware": "dcm2niix",
    "ConversionSoftwareVersion": "v1.0.20170411 GCC4.8.4",
    "EchoTime": 0.04,
    "FlipAngle": 90,
    "ImageType": [
      "ORIGINAL",
      "PRIMARY",
      "EPI",
      "NONE"
    ],
    "MagneticFieldStrength": 3,
    "Manufacturer": "GE",
    "ManufacturersModelName": "DISCOVERY_MR750",
    "ProcedureStepDescription": "ActosHabla",
    "ProtocolName": "fMRI_ActosHabla_3",
    "RepetitionTime": 2,
    "ScanningSequence": "EP_GR",
    "SequenceVariant": "SS",
    "SeriesDescription": "fMRI_ActosHabla_3",
    "SliceTiming": [
      0,
      1.0285,
      0.0571001,
      1.0857,
      0.1142,
      1.1428,
      0.1714,
      1.2,
      0.2285,
      1.2571,
      0.2857,
      1.3143,
      0.3428,
      1.3714,
      0.4,
      1.4286,
      0.4571,
      1.4857,
      0.5142,
      1.5428,
      0.5714,
      1.6,
      0.6285,
      1.6571,
      0.6857,
      1.7143,
      0.7428,
      1.7714,
      0.8,
      1.8285,
      0.8571,
      1.8857,
      0.9143,
      1.9428,
      0.9714
    ],
    "TaskName": "sar",
    "dataset": "ds003481",
    "modality": "bold",
    "run_id": 3,
    "subject_id": "006",
    "task_id": "sar"
  },
  "dummy_trs": 0,
  "dvars_nstd": 24.3012874743307,
  "dvars_std": 0.8925065891338582,
  "dvars_vstd": 0.8797405851968506,
  "efc": 0.3625886986010364,
  "fber": 56449.0,
  "fd_mean": 0.36445018978951343,
  "fd_num": 110,
  "fd_perc": 43.13725490196079,
  "fwhm_avg": 2.8274333333333335,
  "fwhm_x": 2.709,
  "fwhm_y": 2.894275,
  "fwhm_z": 2.879025,
  "gcor": 0.0753529,
  "gsr_x": -0.006312394980341196,
  "gsr_y": -0.0009168791002593935,
  "provenance": {
    "md5sum": "539527b892bece93705053b1ae528866",
    "settings": {
      "fd_thres": 0.2,
      "testing": false
    },
    "software": "mriqc",
    "version": "23.0.1",
    "webapi_port": null,
    "webapi_url": "https://mriqc.nimh.nih.gov/api/v1"
  },
  "size_t": 255,
  "size_x": 64,
  "size_y": 64,
  "size_z": 35,
  "snr": 3.09130750794737,
  "spacing_tr": 2.0,
  "spacing_x": 4.0,
  "spacing_y": 4.0,
  "spacing_z": 4.0,
  "summary_bg_k": 101.23116453269029,
  "summary_bg_mad": 11.291033974397555,
  "summary_bg_mean": 33.00701904296875,
  "summary_bg_median": 7.9725494384765625,
  "summary_bg_n": 100181.0,
  "summary_bg_p05": 0.11764706671237946,
  "summary_bg_p95": 139.38824462890625,
  "summary_bg_stdv": 81.70332336425781,
  "summary_fg_k": 1.0555351812231857,
  "summary_fg_mad": 492.00304835932786,
  "summary_fg_mean": 1908.4512939453125,
  "summary_fg_median": 1819.894287109375,
  "summary_fg_n": 15116.0,
  "summary_fg_p05": 1102.6226196289062,
  "summary_fg_p95": 3044.4158935546875,
  "summary_fg_stdv": 588.6939697265625,
  "tsnr": 35.368131546420045
}