{
  "aor": 0.005280077220077219,
  "aqi": 0.004629431853281853,
  "bids_meta": {
    "AcquisitionDateTime": "2016-05-16T19:03:8.000000",
    "ConversionSoftware": "dcm2niix",
    "ConversionSoftwareVersion": "v1.0.20170411 GCC4.8.4",
    "EchoTime": 0.04,
    "FlipAngle": 90,
    "ImageType": [
      "ORIGINAL",
      "PRIMARY",
      "EPI",
      "NONE"
    ],
    "MagneticFieldStrength": 3,
    "Manufacturer": "GE",
    "ManufacturersModelName": "DISCOVERY_MR750",
    "ProcedureStepDescription": "ActosHabla",
    "ProtocolName": "fMRI_ActosHabla_1",
    "RepetitionTime": 2,
    "ScanningSequence": "EP_GR",
    "SequenceVariant": "SS",
    "SeriesDescription": "fMRI_ActosHabla_1",
    "SliceTiming": [
      0,
      1.0285,
      0.0571001,
      1.0857,
      0.1142,
      1.1428,
      0.1714,
      1.2,
      0.2285,
      1.2571,
      0.2857,
      1.3143,
      0.3428,
      1.3714,
      0.4,
      1.4286,
      0.4571,
      1.4857,
      0.5142,
      1.5428,
      0.5714,
      1.6,
      0.6285,
      1.6571,
      0.6857,
      1.7143,
      0.7428,
      1.7714,
      0.8,
      1.8285,
      0.8571,
      1.8857,
      0.9143,
      1.9428,
      0.9714
    ],
    "TaskName": "sar",
    "dataset": "ds003481",
    "modality": "bold",
    "run_id": 1,
    "subject_id": "006",
    "task_id": "sar"
  },
  "dummy_trs": 2,
  "dvars_nstd": 16.298931099767444,
  "dvars_std": 1.0078859687984496,
  "dvars_vstd": 0.9560778444573642,
  "efc": 0.3626194367592048,
  "fber": 57703.6015625,
  "fd_mean": 0.16862144205392124,
  "fd_num": 49,
  "fd_perc": 18.91891891891892,
  "fwhm_avg": 2.8469833333333336,
  "fwhm_x": 2.754875,
  "fwhm_y": 2.9075,
  "fwhm_z": 2.878575,
  "gcor": 0.0281435,
  "gsr_x": -0.007725792936980724,
  "gsr_y": -0.003362838178873062,
  "provenance": {
    "md5sum": "6c8b7b2dc89a6bc02320bb527b88b8a1",
    "settings": {
      "fd_thres": 0.2,
      "testing": false
    },
    "software": "mriqc",
    "version": "23.0.1",
    "webapi_port": null,
    "webapi_url": "https://mriqc.nimh.nih.gov/api/v1"
  },
  "size_t": 259,
  "size_x": 64,
  "size_y": 64,
  "size_z": 35,
  "snr": 3.129032314743404,
  "spacing_tr": 2.0,
  "spacing_x": 4.0,
  "spacing_y": 4.0,
  "spacing_z": 4.0,
  "summary_bg_k": 47.24689196857652,
  "summary_bg_mad": 11.308419618872904,
  "summary_bg_mean": 32.973731994628906,
  "summary_bg_median": 7.932432174682617,
  "summary_bg_n": 100270.0,
  "summary_bg_p05": 0.0810810774564743,
  "summary_bg_p95": 145.35520935058503,
  "summary_bg_stdv": 77.87908172607422,
  "summary_fg_k": 0.9086164432807657,
  "summary_fg_mad": 493.00813031983455,
  "summary_fg_mean": 1909.02783203125,
  "summary_fg_median": 1823.2991943359375,
  "summary_fg_n": 15060.0,
  "summary_fg_p05": 1102.3673400878906,
  "summary_fg_p95": 3028.690258789062,
  "summary_fg_stdv": 582.6845092773438,
  "tsnr": 53.128748171031475
}