{
  "bids_meta": {
    "AcquisitionDateTime": "2016-05-18T18:51:25.000000",
    "ConversionSoftware": "dcm2niix",
    "ConversionSoftwareVersion": "v1.0.20170411 GCC4.8.4",
    "EchoTime": 0.00318,
    "FlipAngle": 12,
    "ImageType": [
      "DERIVED",
      "PRIMARY",
      "OTHER"
    ],
    "InversionTime": 0.45,
    "MagneticFieldStrength": 3,
    "Manufacturer": "GE",
    "ManufacturersModelName": "DISCOVERY_MR750",
    "ProcedureStepDescription": "ActosHabla",
    "ProtocolName": "PU:Sag_T1_FSPGR_BRAVO",
    "RepetitionTime": 0.008156,
    "ScanningSequence": "GR",
    "SequenceVariant": "SS_SP_SK",
    "SeriesDescription": "PU:Sag_T1_FSPGR_BRAVO",
    "dataset": "ds003481",
    "modality": "T1w",
    "subject_id": "008"
  },
  "cjv": 0.3277921213121498,
  "cnr": 4.097234037971192,
  "efc": 0.7369705473477888,
  "fber": -1.0,
  "fwhm_avg": 4.191943333333334,
  "fwhm_x": 4.22777,
  "fwhm_y": 4.40258,
  "fwhm_z": 3.94548,
  "icvs_csf": 0.2173771173560653,
  "icvs_gm": 0.4354630909159268,
  "icvs_wm": 0.3471597917280079,
  "inu_med": 0.491477906703949,
  "inu_range": 0.17316470891237257,
  "provenance": {
    "md5sum": "19319d8c55531dfbbd82918d24536243",
    "settings": {
      "testing": false
    },
    "software": "mriqc",
    "version": "23.0.1",
    "warnings": {
      "large_rot_frame": true,
      "small_air_mask": true
    },
    "webapi_port": null,
    "webapi_url": "https://mriqc.nimh.nih.gov/api/v1"
  },
  "qi_1": 0.0,
  "qi_2": 0.0017351600700366632,
  "rpve_csf": 23.899414814273943,
  "rpve_gm": 12.333366582675936,
  "rpve_wm": 17.690233339717174,
  "size_x": 176,
  "size_y": 256,
  "size_z": 256,
  "snr_csf": 2.477317993266308,
  "snr_gm": 12.628609687042696,
  "snr_total": 12.964216628998576,
  "snr_wm": 23.786722206686726,
  "snrd_csf": 20.321426394679143,
  "snrd_gm": 50.368911764894584,
  "snrd_total": 47.21364408069302,
  "snrd_wm": 70.95059408250532,
  "spacing_x": 1.0,
  "spacing_y": 1.0,
  "spacing_z": 1.0,
  "summary_bg_k": 14.635324789233511,
  "summary_bg_mad": 0.0,
  "summary_bg_mean": 4.569943793955798,
  "summary_bg_median": 0.0,
  "summary_bg_n": 282283.0,
  "summary_bg_p05": 0.0,
  "summary_bg_p95": 23.3323244266212,
  "summary_bg_stdv": 9.233698389906682,
  "summary_csf_k": 0.6692966120438304,
  "summary_csf_mad": 94.5268222769085,
  "summary_csf_mean": 288.4108300675226,
  "summary_csf_median": 286.4165724590421,
  "summary_csf_n": 41099.0,
  "summary_csf_p05": 83.49719989299774,
  "summary_csf_p95": 493.72635485641655,
  "summary_csf_stdv": 115.61417982877043,
  "summary_gm_k": 0.31949669707287054,
  "summary_gm_mad": 54.32769323032286,
  "summary_gm_mean": 709.9885802629989,
  "summary_gm_median": 709.9152778945863,
  "summary_gm_n": 36693.0,
  "summary_gm_p05": 617.5691899694502,
  "summary_gm_p95": 801.8832082115114,
  "summary_gm_stdv": 56.214074368112314,
  "summary_wm_k": 0.4473718213203526,
  "summary_wm_mad": 40.75978635546411,
  "summary_wm_mean": 1000.7214374440457,
  "summary_wm_median": 999.9999791532755,
  "summary_wm_n": 210024.0,
  "summary_wm_p05": 932.8013721741736,
  "summary_wm_p95": 1069.996952433139,
  "summary_wm_stdv": 42.04015962271073,
  "tpm_overlap_csf": 0.13647911614776997,
  "tpm_overlap_gm": 0.46493457647372494,
  "tpm_overlap_wm": 0.4983573044494527,
  "wm2max": 0.5053315497802408
}