{
  "bids_meta": {
    "AcquisitionMatrixPE": 256,
    "AcquisitionNumber": 1,
    "AcquisitionTime": "21:06:43.000000",
    "CoilString": "32Ch_Head",
    "ConversionSoftware": "dcm2niix",
    "ConversionSoftwareVersion": "v1.0.20190902",
    "Dcm2bidsVersion": "2.1.4",
    "DeviceSerialNumber": "000000000000GEHC",
    "EchoTime": 0.00318,
    "FlipAngle": 12,
    "ImageOrientationPatientDICOM": [
      0,
      1,
      0,
      0,
      0,
      -1
    ],
    "ImageType": [
      "ORIGINAL",
      "PRIMARY",
      "OTHER"
    ],
    "ImagingFrequency": 127.772,
    "InPlanePhaseEncodingDirectionDICOM": "ROW",
    "InstitutionName": "INSTITUTO_DE_NEUROBIOLOGIA",
    "InversionTime": 0.45,
    "MRAcquisitionType": "3D",
    "MagneticFieldStrength": 3,
    "Manufacturer": "GE",
    "ManufacturersModelName": "DISCOVERY_MR750",
    "Modality": "MR",
    "PatientPosition": "HFS",
    "PercentPhaseFOV": 100,
    "PixelBandwidth": 244.141,
    "ProcedureStepDescription": "verbos",
    "ProtocolName": "Sag_T1_FSPGR_BRAVO",
    "ReconMatrixPE": 256,
    "RepetitionTime": 0.008156,
    "SAR": 0.231985,
    "ScanOptions": "FAST_GEMS_EDR_GEMS_FILTERED_GEMS_ACC_GEMS",
    "ScanningSequence": "GR",
    "SequenceVariant": "SS_SP_SK",
    "SeriesDescription": "Sag_T1_FSPGR_BRAVO",
    "SeriesNumber": 13,
    "SliceThickness": 1,
    "SoftwareVersions": "24_LX_MR_Software_release:DV24.0_R02_1607.b",
    "SpacingBetweenSlices": 1,
    "StationName": "GEHCGEHC",
    "dataset": "ds003481",
    "modality": "T1w",
    "subject_id": "144"
  },
  "cjv": 0.3829746081553318,
  "cnr": 3.5838242559645455,
  "efc": 0.5612036979134959,
  "fber": -1.0,
  "fwhm_avg": 4.391156666666666,
  "fwhm_x": 4.35072,
  "fwhm_y": 4.58978,
  "fwhm_z": 4.23297,
  "icvs_csf": 0.1714456715961078,
  "icvs_gm": 0.4556556779802475,
  "icvs_wm": 0.37289865042364473,
  "inu_med": 0.8002409934997559,
  "inu_range": 0.7171255648136139,
  "provenance": {
    "md5sum": "67b86910c801f43a0f5d9cf2293186cb",
    "settings": {
      "testing": false
    },
    "software": "mriqc",
    "version": "23.0.1",
    "warnings": {
      "large_rot_frame": true,
      "small_air_mask": false
    },
    "webapi_port": null,
    "webapi_url": "https://mriqc.nimh.nih.gov/api/v1"
  },
  "qi_1": 0.0008844820844927134,
  "qi_2": 0.0014227612002752335,
  "rpve_csf": 26.79889178007825,
  "rpve_gm": 11.393899000872945,
  "rpve_wm": 15.822200388855034,
  "size_x": 176,
  "size_y": 256,
  "size_z": 256,
  "snr_csf": 2.2910106243448145,
  "snr_gm": 10.753135782816043,
  "snr_total": 10.837959310793195,
  "snr_wm": 19.469731525218727,
  "snrd_csf": 17.27678133887232,
  "snrd_gm": 42.96919562940234,
  "snrd_total": 40.534735421772986,
  "snrd_wm": 61.35822929704431,
  "spacing_x": 1.0,
  "spacing_y": 1.0,
  "spacing_z": 1.0,
  "summary_bg_k": 18.72190478845725,
  "summary_bg_mad": 0.0,
  "summary_bg_mean": 5.0972826493292756,
  "summary_bg_median": 0.0,
  "summary_bg_n": 2287727.0,
  "summary_bg_p05": 0.0,
  "summary_bg_p95": 25.137707114219666,
  "summary_bg_stdv": 10.677237950863622,
  "summary_csf_k": 0.991959373170499,
  "summary_csf_mad": 106.38803334868172,
  "summary_csf_mean": 285.89565591961775,
  "summary_csf_median": 281.57236474752426,
  "summary_csf_n": 20195.0,
  "summary_csf_p05": 81.45718757510186,
  "summary_csf_p95": 503.5052689909935,
  "summary_csf_stdv": 122.9000818811901,
  "summary_gm_k": -0.0405986234036928,
  "summary_gm_mad": 65.48098074915372,
  "summary_gm_mean": 699.7280291919125,
  "summary_gm_median": 700.3004661202431,
  "summary_gm_n": 56689.0,
  "summary_gm_p05": 591.5072739362716,
  "summary_gm_p95": 805.5583552718163,
  "summary_gm_stdv": 65.12465791836131,
  "summary_wm_k": 0.7630534644623661,
  "summary_wm_mad": 49.296339248795995,
  "summary_wm_mean": 1002.6785895312129,
  "summary_wm_median": 1000.0000220537186,
  "summary_wm_n": 241157.0,
  "summary_wm_p05": 924.0360744595528,
  "summary_wm_p95": 1090.385602414608,
  "summary_wm_stdv": 51.36167118781949,
  "tpm_overlap_csf": 0.1496189026420508,
  "tpm_overlap_gm": 0.4621683693161581,
  "tpm_overlap_wm": 0.5079378985150302,
  "wm2max": 0.44068483128935954
}