{
  "aor": 0.0048176,
  "aqi": 0.0028837237688888883,
  "bids_meta": {
    "AcquisitionDateTime": "2017-01-12T20:39:17.000000",
    "ConversionSoftware": "dcm2niix",
    "ConversionSoftwareVersion": "v1.0.20170411 GCC4.8.4",
    "EchoTime": 0.04,
    "FlipAngle": 90,
    "ImageType": [
      "ORIGINAL",
      "PRIMARY",
      "EPI",
      "NONE"
    ],
    "MagneticFieldStrength": 3,
    "Manufacturer": "GE",
    "ManufacturersModelName": "DISCOVERY_MR750",
    "ProcedureStepDescription": "CompRefranes",
    "ProtocolName": "fMRI_Comprension_4",
    "RepetitionTime": 2,
    "ScanningSequence": "EP_GR",
    "SequenceVariant": "SS",
    "SeriesDescription": "fMRI_Comprension_4",
    "SliceTiming": [
      1.0285,
      0.0571001,
      1.0857,
      0.1142,
      1.1428,
      0.1714,
      1.2,
      0.2285,
      1.2571,
      0.2857,
      1.3143,
      0.3428,
      1.3714,
      0.4,
      1.4286,
      0.4571,
      1.4857,
      0.5142,
      1.5428,
      0.5714,
      1.6,
      0.6285,
      1.6571,
      0.6857,
      1.7143,
      0.7428,
      1.7714,
      0.8,
      1.8285,
      0.8571,
      1.8857,
      0.9143,
      1.9428,
      0.9714
    ],
    "TaskName": "pc",
    "dataset": "ds003481",
    "modality": "bold",
    "run_id": 4,
    "subject_id": "061",
    "task_id": "pc"
  },
  "dummy_trs": 0,
  "dvars_nstd": 19.681767148750005,
  "dvars_std": 1.1461110196875002,
  "dvars_vstd": 1.0333486898660722,
  "efc": 0.3475000992174767,
  "fber": 55271.85546875,
  "fd_mean": 0.10206858340776173,
  "fd_num": 14,
  "fd_perc": 6.222222222222222,
  "fwhm_avg": 2.7043416666666666,
  "fwhm_x": 2.70175,
  "fwhm_y": 2.7704,
  "fwhm_z": 2.640875,
  "gcor": 0.0173054,
  "gsr_x": -0.013365297578275204,
  "gsr_y": 0.0016585738630965352,
  "provenance": {
    "md5sum": "f5b24b5250ee0717e654bf3e58363bcc",
    "settings": {
      "fd_thres": 0.2,
      "testing": false
    },
    "software": "mriqc",
    "version": "23.0.1",
    "webapi_port": null,
    "webapi_url": "https://mriqc.nimh.nih.gov/api/v1"
  },
  "size_t": 225,
  "size_x": 64,
  "size_y": 64,
  "size_z": 34,
  "snr": 3.0660373994833265,
  "spacing_tr": 2.0,
  "spacing_x": 4.0,
  "spacing_y": 4.0,
  "spacing_z": 4.0,
  "summary_bg_k": 40.231803683727925,
  "summary_bg_mad": 10.266197302844821,
  "summary_bg_mean": 37.77797317504883,
  "summary_bg_median": 7.560000419616699,
  "summary_bg_n": 100218.0,
  "summary_bg_p05": 0.15555556118488312,
  "summary_bg_p95": 196.3251136779785,
  "summary_bg_stdv": 101.51683807373047,
  "summary_fg_k": 1.1264702643536468,
  "summary_fg_mad": 434.83734908599257,
  "summary_fg_mean": 1803.19384765625,
  "summary_fg_median": 1685.848876953125,
  "summary_fg_n": 12429.0,
  "summary_fg_p05": 1104.776904296875,
  "summary_fg_p95": 2898.5920410156245,
  "summary_fg_stdv": 549.8240356445312,
  "tsnr": 64.06645671394654
}