{
  "aor": 0.006098900000000001,
  "aqi": 0.006773868933333333,
  "bids_meta": {
    "AcquisitionMatrixPE": 64,
    "AcquisitionNumber": 1,
    "AcquisitionTime": "19:18:45.000000",
    "CoilString": "32Ch_Head",
    "ConversionSoftware": "dcm2niix",
    "ConversionSoftwareVersion": "v1.0.20190902",
    "Dcm2bidsVersion": "2.1.4",
    "DeviceSerialNumber": "000000000000GEHC",
    "EchoTime": 0.04,
    "EffectiveEchoSpacing": 0.000372,
    "FlipAngle": 90,
    "ImageOrientationPatientDICOM": [
      1,
      0,
      0,
      0,
      1,
      0
    ],
    "ImageType": [
      "ORIGINAL",
      "PRIMARY",
      "EPI",
      "NONE"
    ],
    "ImagingFrequency": 127.772,
    "InPlanePhaseEncodingDirectionDICOM": "COL",
    "InstitutionName": "INSTITUTO_DE_NEUROBIOLOGIA",
    "MRAcquisitionType": "2D",
    "MagneticFieldStrength": 3,
    "Manufacturer": "GE",
    "ManufacturersModelName": "DISCOVERY_MR750",
    "Modality": "MR",
    "PatientPosition": "HFS",
    "PercentPhaseFOV": 100,
    "PhaseEncodingDirection": "j",
    "PhaseEncodingPolarityGE": "Flipped",
    "PixelBandwidth": 7812.5,
    "ProcedureStepDescription": "verbos",
    "ProtocolName": "fMRI_RestState",
    "ReconMatrixPE": 64,
    "RepetitionTime": 2,
    "SAR": 0.360474,
    "ScanOptions": "EPI_GEMS_ACC_GEMS",
    "ScanningSequence": "EP_GR",
    "SequenceVariant": "SS",
    "SeriesDescription": "fMRI_RestState",
    "SeriesNumber": 12,
    "SliceThickness": 4,
    "SliceTiming": [
      0,
      1.0285,
      0.0571001,
      1.0857,
      0.1142,
      1.1428,
      0.1714,
      1.2,
      0.2285,
      1.2571,
      0.2857,
      1.3143,
      0.3428,
      1.3714,
      0.4,
      1.4286,
      0.4571,
      1.4857,
      0.5142,
      1.5428,
      0.5714,
      1.6,
      0.6285,
      1.6571,
      0.6857,
      1.7143,
      0.7428,
      1.7714,
      0.8,
      1.8285,
      0.8571,
      1.8857,
      0.9143,
      1.9428,
      0.9714
    ],
    "SoftwareVersions": "24_LX_MR_Software_release:DV24.0_R02_1607.b",
    "SpacingBetweenSlices": 4,
    "StationName": "GEHCGEHC",
    "TaskName": "rest",
    "TotalReadoutTime": 0.023436,
    "dataset": "ds003481",
    "modality": "bold",
    "subject_id": "128",
    "task_id": "rest"
  },
  "dummy_trs": 0,
  "dvars_nstd": 14.77712178946488,
  "dvars_std": 0.9239781504682271,
  "dvars_vstd": 0.8754607322408026,
  "efc": 0.3617291163263195,
  "fber": 89681.75,
  "fd_mean": 0.15752413845033228,
  "fd_num": 78,
  "fd_perc": 26.0,
  "fwhm_avg": 2.9975990303446163,
  "fwhm_x": 3.022675,
  "fwhm_y": 2.91985,
  "fwhm_z": 3.050272091033849,
  "gcor": 0.0374556,
  "gsr_x": -0.004063823260366917,
  "gsr_y": 0.0038700213190168142,
  "provenance": {
    "md5sum": "186c5e503f6c43d73b48e193db8170cc",
    "settings": {
      "fd_thres": 0.2,
      "testing": false
    },
    "software": "mriqc",
    "version": "23.0.1",
    "webapi_port": null,
    "webapi_url": "https://mriqc.nimh.nih.gov/api/v1"
  },
  "size_t": 300,
  "size_x": 64,
  "size_y": 64,
  "size_z": 35,
  "snr": 2.745678382346559,
  "spacing_tr": 2.0,
  "spacing_x": 4.0,
  "spacing_y": 4.0,
  "spacing_z": 4.000003814697266,
  "summary_bg_k": 51.43756866264379,
  "summary_bg_mad": 10.061927269524233,
  "summary_bg_mean": 38.53414535522461,
  "summary_bg_median": 7.090000152587891,
  "summary_bg_n": 99744.0,
  "summary_bg_p05": 0.08666666597127914,
  "summary_bg_p95": 188.63649978637676,
  "summary_bg_stdv": 100.2755126953125,
  "summary_fg_k": 1.135647590736303,
  "summary_fg_mad": 566.4231824847002,
  "summary_fg_mean": 2132.902099609375,
  "summary_fg_median": 1948.985107421875,
  "summary_fg_n": 15050.0,
  "summary_fg_p05": 1279.6022033691406,
  "summary_fg_p95": 3558.7792114257804,
  "summary_fg_stdv": 709.8137817382812,
  "tsnr": 44.09502989205066
}