{
  "aor": 0.0009530459770114941,
  "aqi": 0.0013779618735632183,
  "bids_meta": {
    "AcquisitionMatrixPE": 64,
    "AcquisitionNumber": 1,
    "AcquisitionTime": "18:43:38.000000",
    "CoilString": "32Ch_Head",
    "ConversionSoftware": "dcm2niix",
    "ConversionSoftwareVersion": "v1.0.20190902",
    "Dcm2bidsVersion": "2.1.4",
    "DeviceSerialNumber": "000000000000GEHC",
    "EchoTime": 0.04,
    "EffectiveEchoSpacing": 0.000372,
    "FlipAngle": 90,
    "ImageOrientationPatientDICOM": [
      1,
      0,
      0,
      0,
      1,
      0
    ],
    "ImageType": [
      "ORIGINAL",
      "PRIMARY",
      "EPI",
      "NONE"
    ],
    "ImagingFrequency": 127.772,
    "InPlanePhaseEncodingDirectionDICOM": "COL",
    "InstitutionName": "INSTITUTO_DE_NEUROBIOLOGIA",
    "MRAcquisitionType": "2D",
    "MagneticFieldStrength": 3,
    "Manufacturer": "GE",
    "ManufacturersModelName": "DISCOVERY_MR750",
    "Modality": "MR",
    "PatientPosition": "HFS",
    "PercentPhaseFOV": 100,
    "PhaseEncodingDirection": "j",
    "PhaseEncodingPolarityGE": "Flipped",
    "PixelBandwidth": 7812.5,
    "ProcedureStepDescription": "verbos",
    "ProtocolName": "fMRI_4",
    "ReconMatrixPE": 64,
    "RepetitionTime": 2,
    "SAR": 0.360474,
    "ScanOptions": "EPI_GEMS_ACC_GEMS",
    "ScanningSequence": "EP_GR",
    "SequenceVariant": "SS",
    "SeriesDescription": "fMRI_4",
    "SeriesNumber": 7,
    "SliceThickness": 4,
    "SliceTiming": [
      0,
      1.0285,
      0.0571001,
      1.0857,
      0.1142,
      1.1428,
      0.1714,
      1.2,
      0.2285,
      1.2571,
      0.2857,
      1.3143,
      0.3428,
      1.3714,
      0.4,
      1.4286,
      0.4571,
      1.4857,
      0.5142,
      1.5428,
      0.5714,
      1.6,
      0.6285,
      1.6571,
      0.6857,
      1.7143,
      0.7428,
      1.7714,
      0.8,
      1.8285,
      0.8571,
      1.8857,
      0.9143,
      1.9428,
      0.9714
    ],
    "SoftwareVersions": "24_LX_MR_Software_release:DV24.0_R02_1607.b",
    "SpacingBetweenSlices": 4,
    "StationName": "GEHCGEHC",
    "TaskName": "verbs",
    "TotalReadoutTime": 0.023436,
    "dataset": "ds003481",
    "modality": "bold",
    "run_id": 4,
    "subject_id": "128",
    "task_id": "verbs"
  },
  "dummy_trs": 0,
  "dvars_nstd": 14.84110397248555,
  "dvars_std": 1.0883997393063576,
  "dvars_vstd": 0.9949737673988441,
  "efc": 0.36207842345236063,
  "fber": 95170.2421875,
  "fd_mean": 0.16194428005897452,
  "fd_num": 49,
  "fd_perc": 28.160919540229884,
  "fwhm_avg": 2.9336240524380504,
  "fwhm_x": 2.955275,
  "fwhm_y": 2.864825,
  "fwhm_z": 2.9807721573141506,
  "gcor": 0.0993632,
  "gsr_x": -0.003024408360943198,
  "gsr_y": 0.002119655255228281,
  "provenance": {
    "md5sum": "e74abc836b5bb29d2e69b2399a6195fe",
    "settings": {
      "fd_thres": 0.2,
      "testing": false
    },
    "software": "mriqc",
    "version": "23.0.1",
    "webapi_port": null,
    "webapi_url": "https://mriqc.nimh.nih.gov/api/v1"
  },
  "size_t": 174,
  "size_x": 64,
  "size_y": 64,
  "size_z": 35,
  "snr": 2.75428749631917,
  "spacing_tr": 2.0,
  "spacing_x": 4.0,
  "spacing_y": 4.0,
  "spacing_z": 4.000003814697266,
  "summary_bg_k": 56.88914234614462,
  "summary_bg_mad": 9.858452521825852,
  "summary_bg_mean": 38.26980972290039,
  "summary_bg_median": 6.925287246704102,
  "summary_bg_n": 99590.0,
  "summary_bg_p05": 0.05747126415371895,
  "summary_bg_p95": 185.29884338378906,
  "summary_bg_stdv": 103.5167007446289,
  "summary_fg_k": 0.9418753337194485,
  "summary_fg_mad": 584.0942372472596,
  "summary_fg_mean": 2152.74169921875,
  "summary_fg_median": 1975.9942626953125,
  "summary_fg_n": 15323.0,
  "summary_fg_p05": 1275.6483032226563,
  "summary_fg_p95": 3583.036254882812,
  "summary_fg_stdv": 717.4014282226562,
  "tsnr": 85.1960779200308
}