{
  "aor": 0.003007183908045977,
  "aqi": 0.001751694488505747,
  "bids_meta": {
    "AcquisitionMatrixPE": 64,
    "AcquisitionNumber": 1,
    "AcquisitionTime": "18:29:45.000000",
    "CoilString": "32Ch_Head",
    "ConversionSoftware": "dcm2niix",
    "ConversionSoftwareVersion": "v1.0.20190902",
    "Dcm2bidsVersion": "2.1.4",
    "DeviceSerialNumber": "000000000000GEHC",
    "EchoTime": 0.04,
    "EffectiveEchoSpacing": 0.000372,
    "FlipAngle": 90,
    "ImageOrientationPatientDICOM": [
      1,
      0,
      0,
      0,
      1,
      0
    ],
    "ImageType": [
      "ORIGINAL",
      "PRIMARY",
      "EPI",
      "NONE"
    ],
    "ImagingFrequency": 127.772,
    "InPlanePhaseEncodingDirectionDICOM": "COL",
    "InstitutionName": "INSTITUTO_DE_NEUROBIOLOGIA",
    "MRAcquisitionType": "2D",
    "MagneticFieldStrength": 3,
    "Manufacturer": "GE",
    "ManufacturersModelName": "DISCOVERY_MR750",
    "Modality": "MR",
    "PatientPosition": "HFS",
    "PercentPhaseFOV": 100,
    "PhaseEncodingDirection": "j",
    "PhaseEncodingPolarityGE": "Flipped",
    "PixelBandwidth": 7812.5,
    "ProcedureStepDescription": "verbos",
    "ProtocolName": "fMRI_2",
    "ReconMatrixPE": 64,
    "RepetitionTime": 2,
    "SAR": 0.360474,
    "ScanOptions": "EPI_GEMS_ACC_GEMS",
    "ScanningSequence": "EP_GR",
    "SequenceVariant": "SS",
    "SeriesDescription": "fMRI_2",
    "SeriesNumber": 5,
    "SliceThickness": 4,
    "SliceTiming": [
      0,
      1.0285,
      0.0571001,
      1.0857,
      0.1142,
      1.1428,
      0.1714,
      1.2,
      0.2285,
      1.2571,
      0.2857,
      1.3143,
      0.3428,
      1.3714,
      0.4,
      1.4286,
      0.4571,
      1.4857,
      0.5142,
      1.5428,
      0.5714,
      1.6,
      0.6285,
      1.6571,
      0.6857,
      1.7143,
      0.7428,
      1.7714,
      0.8,
      1.8285,
      0.8571,
      1.8857,
      0.9143,
      1.9428,
      0.9714
    ],
    "SoftwareVersions": "24_LX_MR_Software_release:DV24.0_R02_1607.b",
    "SpacingBetweenSlices": 4,
    "StationName": "GEHCGEHC",
    "TaskName": "verbs",
    "TotalReadoutTime": 0.023436,
    "dataset": "ds003481",
    "modality": "bold",
    "run_id": 2,
    "subject_id": "128",
    "task_id": "verbs"
  },
  "dummy_trs": 0,
  "dvars_nstd": 11.88050904549133,
  "dvars_std": 1.063215351907514,
  "dvars_vstd": 1.0027013489595376,
  "efc": 0.3606967812580801,
  "fber": 93171.3515625,
  "fd_mean": 0.08550877169512199,
  "fd_num": 10,
  "fd_perc": 5.747126436781609,
  "fwhm_avg": 2.929282387559521,
  "fwhm_x": 2.931825,
  "fwhm_y": 2.880875,
  "fwhm_z": 2.9751471626785637,
  "gcor": 0.0488543,
  "gsr_x": -0.0027856945525854826,
  "gsr_y": 0.001808616449125111,
  "provenance": {
    "md5sum": "b9936ac49833a5f82e33675cbf658207",
    "settings": {
      "fd_thres": 0.2,
      "testing": false
    },
    "software": "mriqc",
    "version": "23.0.1",
    "webapi_port": null,
    "webapi_url": "https://mriqc.nimh.nih.gov/api/v1"
  },
  "size_t": 174,
  "size_x": 64,
  "size_y": 64,
  "size_z": 35,
  "snr": 2.774210106418702,
  "spacing_tr": 2.0,
  "spacing_x": 4.0,
  "spacing_y": 4.0,
  "spacing_z": 4.000003814697266,
  "summary_bg_k": 55.625738430449296,
  "summary_bg_mad": 9.89253562956838,
  "summary_bg_mean": 36.80037307739258,
  "summary_bg_median": 6.959770202636719,
  "summary_bg_n": 99670.0,
  "summary_bg_p05": 0.06321839243173599,
  "summary_bg_p95": 177.0063194274901,
  "summary_bg_stdv": 98.42389678955078,
  "summary_fg_k": 0.9268879988813477,
  "summary_fg_mad": 580.9755603149733,
  "summary_fg_mean": 2144.604248046875,
  "summary_fg_median": 1970.7470703125,
  "summary_fg_n": 15325.0,
  "summary_fg_p05": 1278.8873291015625,
  "summary_fg_p95": 3564.088574218749,
  "summary_fg_stdv": 710.358154296875,
  "tsnr": 83.67999988608062
}