{
  "aor": 0.0011498275862068964,
  "aqi": 0.0011672011551724139,
  "bids_meta": {
    "AcquisitionMatrixPE": 64,
    "AcquisitionNumber": 1,
    "AcquisitionTime": "18:57:33.000000",
    "CoilString": "32Ch_Head",
    "ConversionSoftware": "dcm2niix",
    "ConversionSoftwareVersion": "v1.0.20190902",
    "Dcm2bidsVersion": "2.1.4",
    "DeviceSerialNumber": "000000000000GEHC",
    "EchoTime": 0.04,
    "EffectiveEchoSpacing": 0.000372,
    "FlipAngle": 90,
    "ImageOrientationPatientDICOM": [
      1,
      0,
      0,
      0,
      1,
      0
    ],
    "ImageType": [
      "ORIGINAL",
      "PRIMARY",
      "EPI",
      "NONE"
    ],
    "ImagingFrequency": 127.772,
    "InPlanePhaseEncodingDirectionDICOM": "COL",
    "InstitutionName": "INSTITUTO_DE_NEUROBIOLOGIA",
    "MRAcquisitionType": "2D",
    "MagneticFieldStrength": 3,
    "Manufacturer": "GE",
    "ManufacturersModelName": "DISCOVERY_MR750",
    "Modality": "MR",
    "PatientPosition": "HFS",
    "PercentPhaseFOV": 100,
    "PhaseEncodingDirection": "j",
    "PhaseEncodingPolarityGE": "Flipped",
    "PixelBandwidth": 7812.5,
    "ProcedureStepDescription": "verbos",
    "ProtocolName": "fMRI_6",
    "ReconMatrixPE": 64,
    "RepetitionTime": 2,
    "SAR": 0.360474,
    "ScanOptions": "EPI_GEMS_ACC_GEMS",
    "ScanningSequence": "EP_GR",
    "SequenceVariant": "SS",
    "SeriesDescription": "fMRI_6",
    "SeriesNumber": 9,
    "SliceThickness": 4,
    "SliceTiming": [
      0,
      1.0285,
      0.0571001,
      1.0857,
      0.1142,
      1.1428,
      0.1714,
      1.2,
      0.2285,
      1.2571,
      0.2857,
      1.3143,
      0.3428,
      1.3714,
      0.4,
      1.4286,
      0.4571,
      1.4857,
      0.5142,
      1.5428,
      0.5714,
      1.6,
      0.6285,
      1.6571,
      0.6857,
      1.7143,
      0.7428,
      1.7714,
      0.8,
      1.8285,
      0.8571,
      1.8857,
      0.9143,
      1.9428,
      0.9714
    ],
    "SoftwareVersions": "24_LX_MR_Software_release:DV24.0_R02_1607.b",
    "SpacingBetweenSlices": 4,
    "StationName": "GEHCGEHC",
    "TaskName": "verbs",
    "TotalReadoutTime": 0.023436,
    "dataset": "ds003481",
    "modality": "bold",
    "run_id": 6,
    "subject_id": "128",
    "task_id": "verbs"
  },
  "dummy_trs": 0,
  "dvars_nstd": 13.12197918439307,
  "dvars_std": 1.1031033913294797,
  "dvars_vstd": 1.0085113503468213,
  "efc": 0.3623666615698145,
  "fber": 96319.21875,
  "fd_mean": 0.10553718994870942,
  "fd_num": 13,
  "fd_perc": 7.471264367816092,
  "fwhm_avg": 2.924474051325431,
  "fwhm_x": 2.9257,
  "fwhm_y": 2.86345,
  "fwhm_z": 2.9842721539762933,
  "gcor": 0.0892805,
  "gsr_x": -0.0032914839684963226,
  "gsr_y": 0.002498786663636565,
  "provenance": {
    "md5sum": "c51e7b27fe4a0f7640e2fc0deed0789f",
    "settings": {
      "fd_thres": 0.2,
      "testing": false
    },
    "software": "mriqc",
    "version": "23.0.1",
    "webapi_port": null,
    "webapi_url": "https://mriqc.nimh.nih.gov/api/v1"
  },
  "size_t": 174,
  "size_x": 64,
  "size_y": 64,
  "size_z": 35,
  "snr": 2.732823862262596,
  "spacing_tr": 2.0,
  "spacing_x": 4.0,
  "spacing_y": 4.0,
  "spacing_z": 4.000003814697266,
  "summary_bg_k": 56.03124633719029,
  "summary_bg_mad": 9.760464708260187,
  "summary_bg_mean": 38.0994873046875,
  "summary_bg_median": 6.859195709228516,
  "summary_bg_n": 99576.0,
  "summary_bg_p05": 0.06321839243173599,
  "summary_bg_p95": 184.76005172729492,
  "summary_bg_stdv": 102.25553131103516,
  "summary_fg_k": 1.0040725512488322,
  "summary_fg_mad": 578.4790080318709,
  "summary_fg_mean": 2141.125732421875,
  "summary_fg_median": 1961.896484375,
  "summary_fg_n": 15396.0,
  "summary_fg_p05": 1264.0531311035156,
  "summary_fg_p95": 3568.1407470703125,
  "summary_fg_stdv": 717.8775024414062,
  "tsnr": 92.29520215513185
}