{
  "aor": 0.0143922,
  "aqi": 0.006823231200000001,
  "bids_meta": {
    "AcquisitionMatrixPE": 64,
    "AcquisitionNumber": 1,
    "AcquisitionTime": "20:31:10.000000",
    "BodyPartExamined": "HEAD",
    "CoilString": "32Ch_Head",
    "ConversionSoftware": "dcm2niix",
    "ConversionSoftwareVersion": "v1.0.20181125  (JP2:OpenJPEG) GCC7.3.0",
    "DeviceSerialNumber": "0002806034DVR750",
    "EchoTime": 0.04,
    "EffectiveEchoSpacing": 0.000372,
    "FlipAngle": 90,
    "ImageOrientationPatientDICOM": [
      1,
      0,
      0,
      0,
      1,
      0
    ],
    "ImageType": [
      "ORIGINAL",
      "PRIMARY",
      "EPI",
      "NONE"
    ],
    "ImagingFrequency": 127.772,
    "InPlanePhaseEncodingDirectionDICOM": "COL",
    "InstitutionName": "INSTITUTO_DE_NEUROBIOLOGIA",
    "MRAcquisitionType": "2D",
    "MagneticFieldStrength": 3,
    "Manufacturer": "GE",
    "ManufacturersModelName": "DISCOVERY_MR750",
    "Modality": "MR",
    "PatientPosition": "HFS",
    "PercentPhaseFOV": 100,
    "PhaseEncodingDirection": "j",
    "PhaseEncodingPolarityGE": "Flipped",
    "PixelBandwidth": 7812.5,
    "ProcedureStepDescription": "Emociones_AH",
    "ProtocolName": "fMRI_Jalil_4",
    "ReconMatrixPE": 64,
    "RepetitionTime": 2,
    "SAR": 0.200249,
    "ScanOptions": "EPI_GEMS_ACC_GEMS",
    "ScanningSequence": "EP_GR",
    "SequenceVariant": "SS",
    "SeriesDescription": "fMRI_Jalil_4",
    "SeriesNumber": 8,
    "SliceThickness": 4,
    "SliceTiming": [
      0,
      1.0285,
      0.0571001,
      1.0857,
      0.1142,
      1.1428,
      0.1714,
      1.2,
      0.2285,
      1.2571,
      0.2857,
      1.3143,
      0.3428,
      1.3714,
      0.4,
      1.4286,
      0.4571,
      1.4857,
      0.5142,
      1.5428,
      0.5714,
      1.6,
      0.6285,
      1.6571,
      0.6857,
      1.7143,
      0.7428,
      1.7714,
      0.8,
      1.8285,
      0.8571,
      1.8857,
      0.9143,
      1.9428,
      0.9714
    ],
    "SoftwareVersions": "27_LX_MR_Software_release:DV26.0_R02_1810.b",
    "SpacingBetweenSlices": 4,
    "StationName": "GEHCGEHC",
    "TaskName": "ec",
    "TotalReadoutTime": 0.023436,
    "dataset": "ds003481",
    "modality": "bold",
    "run_id": 4,
    "subject_id": "029",
    "task_id": "ec"
  },
  "dummy_trs": 0,
  "dvars_nstd": 29.137969830134224,
  "dvars_std": 1.047583193825503,
  "dvars_vstd": 0.986948307852349,
  "efc": 0.3861869691500922,
  "fber": 89930.1484375,
  "fd_mean": 0.4163894074361985,
  "fd_num": 71,
  "fd_perc": 47.333333333333336,
  "fwhm_avg": 2.7375249999999998,
  "fwhm_x": 2.729325,
  "fwhm_y": 2.769575,
  "fwhm_z": 2.713675,
  "gcor": 0.13134,
  "gsr_x": -0.0142466239631176,
  "gsr_y": 0.010154418647289276,
  "provenance": {
    "md5sum": "2284c27e44a8d1c9767c582c005aeb70",
    "settings": {
      "fd_thres": 0.2,
      "testing": false
    },
    "software": "mriqc",
    "version": "23.0.1",
    "webapi_port": null,
    "webapi_url": "https://mriqc.nimh.nih.gov/api/v1"
  },
  "size_t": 150,
  "size_x": 64,
  "size_y": 64,
  "size_z": 35,
  "snr": 3.2390717563707723,
  "spacing_tr": 2.0,
  "spacing_x": 4.0,
  "spacing_y": 4.0,
  "spacing_z": 4.0,
  "summary_bg_k": 49.964319733735266,
  "summary_bg_mad": 9.399698468292618,
  "summary_bg_mean": 39.24114990234375,
  "summary_bg_median": 6.700000286102295,
  "summary_bg_n": 97155.0,
  "summary_bg_p05": 0.13333334028720856,
  "summary_bg_p95": 189.67800292968786,
  "summary_bg_stdv": 107.38846588134766,
  "summary_fg_k": 0.5106652812469901,
  "summary_fg_mad": 538.8319769161169,
  "summary_fg_mean": 1989.015869140625,
  "summary_fg_median": 1903.71337890625,
  "summary_fg_n": 17332.0,
  "summary_fg_p05": 1179.6100219726563,
  "summary_fg_p95": 3079.183312988281,
  "summary_fg_stdv": 587.71728515625,
  "tsnr": 37.82448001159355
}