{
  "aor": 0.005419090909090909,
  "aqi": 0.0031933341528925623,
  "bids_meta": {
    "AcquisitionMatrixPE": 64,
    "AcquisitionNumber": 1,
    "AcquisitionTime": "20:03:8.000000",
    "BodyPartExamined": "HEAD",
    "CoilString": "32Ch_Head",
    "ConversionSoftware": "dcm2niix",
    "ConversionSoftwareVersion": "v1.0.20181125  (JP2:OpenJPEG) GCC7.3.0",
    "DeviceSerialNumber": "0002806034DVR750",
    "EchoTime": 0.04,
    "EffectiveEchoSpacing": 0.000372,
    "FlipAngle": 90,
    "ImageOrientationPatientDICOM": [
      1,
      0,
      0,
      0,
      1,
      0
    ],
    "ImageType": [
      "ORIGINAL",
      "PRIMARY",
      "EPI",
      "NONE"
    ],
    "ImagingFrequency": 127.772,
    "InPlanePhaseEncodingDirectionDICOM": "COL",
    "InstitutionName": "INSTITUTO_DE_NEUROBIOLOGIA",
    "MRAcquisitionType": "2D",
    "MagneticFieldStrength": 3,
    "Manufacturer": "GE",
    "ManufacturersModelName": "DISCOVERY_MR750",
    "Modality": "MR",
    "PatientPosition": "HFS",
    "PercentPhaseFOV": 100,
    "PhaseEncodingDirection": "j",
    "PhaseEncodingPolarityGE": "Flipped",
    "PixelBandwidth": 7812.5,
    "ProcedureStepDescription": "Emociones_AH",
    "ProtocolName": "fMRI_Jalil_1",
    "ReconMatrixPE": 64,
    "RepetitionTime": 2,
    "SAR": 0.200249,
    "ScanOptions": "EPI_GEMS_ACC_GEMS",
    "ScanningSequence": "EP_GR",
    "SequenceVariant": "SS",
    "SeriesDescription": "fMRI_Jalil_1",
    "SeriesNumber": 5,
    "SliceThickness": 4,
    "SliceTiming": [
      0,
      1.0285,
      0.0571001,
      1.0857,
      0.1142,
      1.1428,
      0.1714,
      1.2,
      0.2285,
      1.2571,
      0.2857,
      1.3143,
      0.3428,
      1.3714,
      0.4,
      1.4286,
      0.4571,
      1.4857,
      0.5142,
      1.5428,
      0.5714,
      1.6,
      0.6285,
      1.6571,
      0.6857,
      1.7143,
      0.7428,
      1.7714,
      0.8,
      1.8285,
      0.8571,
      1.8857,
      0.9143,
      1.9428,
      0.9714
    ],
    "SoftwareVersions": "27_LX_MR_Software_release:DV26.0_R02_1810.b",
    "SpacingBetweenSlices": 4,
    "StationName": "GEHCGEHC",
    "TaskName": "sae",
    "TotalReadoutTime": 0.023436,
    "dataset": "ds003481",
    "modality": "bold",
    "run_id": 1,
    "subject_id": "029",
    "task_id": "sae"
  },
  "dummy_trs": 0,
  "dvars_nstd": 19.01008846560166,
  "dvars_std": 1.0553901187551873,
  "dvars_vstd": 0.9594702979668048,
  "efc": 0.3865654938187033,
  "fber": 88711.3515625,
  "fd_mean": 0.16976015750870418,
  "fd_num": 40,
  "fd_perc": 16.52892561983471,
  "fwhm_avg": 2.738633333333333,
  "fwhm_x": 2.740175,
  "fwhm_y": 2.7673,
  "fwhm_z": 2.708425,
  "gcor": 0.0615424,
  "gsr_x": -0.014261692762374878,
  "gsr_y": 0.010013501159846783,
  "provenance": {
    "md5sum": "f1b24260268c3791519d5dda30846726",
    "settings": {
      "fd_thres": 0.2,
      "testing": false
    },
    "software": "mriqc",
    "version": "23.0.1",
    "webapi_port": null,
    "webapi_url": "https://mriqc.nimh.nih.gov/api/v1"
  },
  "size_t": 242,
  "size_x": 64,
  "size_y": 64,
  "size_z": 35,
  "snr": 3.205317838779948,
  "spacing_tr": 2.0,
  "spacing_x": 4.0,
  "spacing_y": 4.0,
  "spacing_z": 4.0,
  "summary_bg_k": 53.64198096378207,
  "summary_bg_mad": 9.532764082079677,
  "summary_bg_mean": 37.92478561401367,
  "summary_bg_median": 6.756197929382324,
  "summary_bg_n": 96789.0,
  "summary_bg_p05": 0.09090908616781235,
  "summary_bg_p95": 183.20908508300778,
  "summary_bg_stdv": 104.70403289794922,
  "summary_fg_k": 0.6050258983006649,
  "summary_fg_mad": 538.6196853631009,
  "summary_fg_mean": 1994.3367919921875,
  "summary_fg_median": 1901.251953125,
  "summary_fg_n": 17545.0,
  "summary_fg_p05": 1180.4296630859376,
  "summary_fg_p95": 3103.36025390625,
  "summary_fg_stdv": 593.1386108398438,
  "tsnr": 61.85879408684559
}