{
  "aor": 0.01895952755905512,
  "aqi": 0.0043107194409448815,
  "bids_meta": {
    "AcquisitionMatrixPE": 64,
    "AcquisitionNumber": 1,
    "AcquisitionTime": "20:21:29.000000",
    "BodyPartExamined": "HEAD",
    "CoilString": "32Ch_Head",
    "ConversionSoftware": "dcm2niix",
    "ConversionSoftwareVersion": "v1.0.20181125  (JP2:OpenJPEG) GCC7.3.0",
    "DeviceSerialNumber": "0002806034DVR750",
    "EchoTime": 0.04,
    "EffectiveEchoSpacing": 0.000372,
    "FlipAngle": 90,
    "ImageOrientationPatientDICOM": [
      1,
      0,
      0,
      0,
      1,
      0
    ],
    "ImageType": [
      "ORIGINAL",
      "PRIMARY",
      "EPI",
      "NONE"
    ],
    "ImagingFrequency": 127.772,
    "InPlanePhaseEncodingDirectionDICOM": "COL",
    "InstitutionName": "INSTITUTO_DE_NEUROBIOLOGIA",
    "MRAcquisitionType": "2D",
    "MagneticFieldStrength": 3,
    "Manufacturer": "GE",
    "ManufacturersModelName": "DISCOVERY_MR750",
    "Modality": "MR",
    "PatientPosition": "HFS",
    "PercentPhaseFOV": 100,
    "PhaseEncodingDirection": "j",
    "PhaseEncodingPolarityGE": "Flipped",
    "PixelBandwidth": 7812.5,
    "ProcedureStepDescription": "Emociones_AH",
    "ProtocolName": "fMRI_Jalil_3",
    "ReconMatrixPE": 64,
    "RepetitionTime": 2,
    "SAR": 0.200249,
    "ScanOptions": "EPI_GEMS_ACC_GEMS",
    "ScanningSequence": "EP_GR",
    "SequenceVariant": "SS",
    "SeriesDescription": "fMRI_Jalil_3",
    "SeriesNumber": 7,
    "SliceThickness": 4,
    "SliceTiming": [
      0,
      1.0285,
      0.0571001,
      1.0857,
      0.1142,
      1.1428,
      0.1714,
      1.2,
      0.2285,
      1.2571,
      0.2857,
      1.3143,
      0.3428,
      1.3714,
      0.4,
      1.4286,
      0.4571,
      1.4857,
      0.5142,
      1.5428,
      0.5714,
      1.6,
      0.6285,
      1.6571,
      0.6857,
      1.7143,
      0.7428,
      1.7714,
      0.8,
      1.8285,
      0.8571,
      1.8857,
      0.9143,
      1.9428,
      0.9714
    ],
    "SoftwareVersions": "27_LX_MR_Software_release:DV26.0_R02_1810.b",
    "SpacingBetweenSlices": 4,
    "StationName": "GEHCGEHC",
    "TaskName": "sae",
    "TotalReadoutTime": 0.023436,
    "dataset": "ds003481",
    "modality": "bold",
    "run_id": 3,
    "subject_id": "029",
    "task_id": "sae"
  },
  "dummy_trs": 0,
  "dvars_nstd": 22.577010252766794,
  "dvars_std": 1.162966948498024,
  "dvars_vstd": 1.048551452727273,
  "efc": 0.38616934630146027,
  "fber": 91928.078125,
  "fd_mean": 0.22088505119849167,
  "fd_num": 49,
  "fd_perc": 19.291338582677167,
  "fwhm_avg": 2.744975,
  "fwhm_x": 2.745225,
  "fwhm_y": 2.76865,
  "fwhm_z": 2.72105,
  "gcor": 0.100183,
  "gsr_x": -0.013628863729536533,
  "gsr_y": 0.009543577209115028,
  "provenance": {
    "md5sum": "d5914cd434e6b4ff8b271d04892b0655",
    "settings": {
      "fd_thres": 0.2,
      "testing": false
    },
    "software": "mriqc",
    "version": "23.0.1",
    "webapi_port": null,
    "webapi_url": "https://mriqc.nimh.nih.gov/api/v1"
  },
  "size_t": 254,
  "size_x": 64,
  "size_y": 64,
  "size_z": 35,
  "snr": 3.2068202797067173,
  "spacing_tr": 2.0,
  "spacing_x": 4.0,
  "spacing_y": 4.0,
  "spacing_z": 4.0,
  "summary_bg_k": 52.796210820399395,
  "summary_bg_mad": 9.403433999842045,
  "summary_bg_mean": 38.32607650756836,
  "summary_bg_median": 6.661417484283447,
  "summary_bg_n": 96951.0,
  "summary_bg_p05": 0.09448818862438202,
  "summary_bg_p95": 184.9153594970703,
  "summary_bg_stdv": 105.87973022460938,
  "summary_fg_k": 0.593769391632057,
  "summary_fg_mad": 538.6310872112167,
  "summary_fg_mean": 2001.1204833984375,
  "summary_fg_median": 1911.2657470703125,
  "summary_fg_n": 17538.0,
  "summary_fg_p05": 1186.8994018554688,
  "summary_fg_p95": 3113.4567749023436,
  "summary_fg_stdv": 595.9832763671875,
  "tsnr": 49.35594427399337
}