{
  "aor": 0.007820223214285714,
  "aqi": 0.004316787901785714,
  "bids_meta": {
    "AcquisitionMatrixPE": 64,
    "AcquisitionNumber": 1,
    "AcquisitionTime": "20:12:23.000000",
    "BodyPartExamined": "HEAD",
    "CoilString": "32Ch_Head",
    "ConversionSoftware": "dcm2niix",
    "ConversionSoftwareVersion": "v1.0.20181125  (JP2:OpenJPEG) GCC7.3.0",
    "DeviceSerialNumber": "0002806034DVR750",
    "EchoTime": 0.04,
    "EffectiveEchoSpacing": 0.000372,
    "FlipAngle": 90,
    "ImageOrientationPatientDICOM": [
      1,
      0,
      0,
      0,
      1,
      0
    ],
    "ImageType": [
      "ORIGINAL",
      "PRIMARY",
      "EPI",
      "NONE"
    ],
    "ImagingFrequency": 127.772,
    "InPlanePhaseEncodingDirectionDICOM": "COL",
    "InstitutionName": "INSTITUTO_DE_NEUROBIOLOGIA",
    "MRAcquisitionType": "2D",
    "MagneticFieldStrength": 3,
    "Manufacturer": "GE",
    "ManufacturersModelName": "DISCOVERY_MR750",
    "Modality": "MR",
    "PatientPosition": "HFS",
    "PercentPhaseFOV": 100,
    "PhaseEncodingDirection": "j",
    "PhaseEncodingPolarityGE": "Flipped",
    "PixelBandwidth": 7812.5,
    "ProcedureStepDescription": "Emociones_AH",
    "ProtocolName": "fMRI_Jalil_2",
    "ReconMatrixPE": 64,
    "RepetitionTime": 2,
    "SAR": 0.200249,
    "ScanOptions": "EPI_GEMS_ACC_GEMS",
    "ScanningSequence": "EP_GR",
    "SequenceVariant": "SS",
    "SeriesDescription": "fMRI_Jalil_2",
    "SeriesNumber": 6,
    "SliceThickness": 4,
    "SliceTiming": [
      0,
      1.0285,
      0.0571001,
      1.0857,
      0.1142,
      1.1428,
      0.1714,
      1.2,
      0.2285,
      1.2571,
      0.2857,
      1.3143,
      0.3428,
      1.3714,
      0.4,
      1.4286,
      0.4571,
      1.4857,
      0.5142,
      1.5428,
      0.5714,
      1.6,
      0.6285,
      1.6571,
      0.6857,
      1.7143,
      0.7428,
      1.7714,
      0.8,
      1.8285,
      0.8571,
      1.8857,
      0.9143,
      1.9428,
      0.9714
    ],
    "SoftwareVersions": "27_LX_MR_Software_release:DV26.0_R02_1810.b",
    "SpacingBetweenSlices": 4,
    "StationName": "GEHCGEHC",
    "TaskName": "sae",
    "TotalReadoutTime": 0.023436,
    "dataset": "ds003481",
    "modality": "bold",
    "run_id": 2,
    "subject_id": "029",
    "task_id": "sae"
  },
  "dummy_trs": 0,
  "dvars_nstd": 22.193476506008984,
  "dvars_std": 1.0368733848430494,
  "dvars_vstd": 0.957274700089686,
  "efc": 0.3858258500993132,
  "fber": 89128.4296875,
  "fd_mean": 0.21859988748465878,
  "fd_num": 50,
  "fd_perc": 22.321428571428573,
  "fwhm_avg": 2.732366666666667,
  "fwhm_x": 2.738125,
  "fwhm_y": 2.7652,
  "fwhm_z": 2.693775,
  "gcor": 0.0641429,
  "gsr_x": -0.014006921090185642,
  "gsr_y": 0.009191876277327538,
  "provenance": {
    "md5sum": "2d7b2f1acf5967cbeb9d74023cc7c378",
    "settings": {
      "fd_thres": 0.2,
      "testing": false
    },
    "software": "mriqc",
    "version": "23.0.1",
    "webapi_port": null,
    "webapi_url": "https://mriqc.nimh.nih.gov/api/v1"
  },
  "size_t": 224,
  "size_x": 64,
  "size_y": 64,
  "size_z": 35,
  "snr": 3.2159728798300797,
  "spacing_tr": 2.0,
  "spacing_x": 4.0,
  "spacing_y": 4.0,
  "spacing_z": 4.0,
  "summary_bg_k": 51.0847475061904,
  "summary_bg_mad": 9.524395975328284,
  "summary_bg_mean": 37.92316436767578,
  "summary_bg_median": 6.754464626312256,
  "summary_bg_n": 96930.0,
  "summary_bg_p05": 0.098214291036129,
  "summary_bg_p95": 183.87857894897482,
  "summary_bg_stdv": 103.97225189208984,
  "summary_fg_k": 0.5752150390271566,
  "summary_fg_mad": 538.3533707678212,
  "summary_fg_mean": 1991.8433837890625,
  "summary_fg_median": 1904.2099609375,
  "summary_fg_n": 17476.0,
  "summary_fg_p05": 1176.97998046875,
  "summary_fg_p95": 3094.43310546875,
  "summary_fg_stdv": 592.0931396484375,
  "tsnr": 52.95684447046369
}