{
  "aor": 0.00103236,
  "aqi": 0.0012435363360000001,
  "bids_meta": {
    "AcquisitionDateTime": "2017-07-13T18:30:49.000000",
    "ConversionSoftware": "dcm2niix",
    "ConversionSoftwareVersion": "v1.0.20170411 GCC4.8.4",
    "EchoTime": 0.035,
    "FlipAngle": 90,
    "ImageType": [
      "ORIGINAL",
      "PRIMARY",
      "EPI",
      "NONE"
    ],
    "MagneticFieldStrength": 3,
    "Manufacturer": "GE",
    "ManufacturersModelName": "DISCOVERY_MR750",
    "ProcedureStepDescription": "CompMet",
    "ProtocolName": "fMRI_CompMet",
    "RepetitionTime": 2,
    "ScanningSequence": "EP_GR",
    "SequenceVariant": "SS",
    "SeriesDescription": "fMRI_CompMet",
    "SliceTiming": [
      1.0285,
      0.0571001,
      1.0857,
      0.1142,
      1.1428,
      0.1714,
      1.2,
      0.2285,
      1.2571,
      0.2857,
      1.3143,
      0.3428,
      1.3714,
      0.4,
      1.4286,
      0.4571,
      1.4857,
      0.5142,
      1.5428,
      0.5714,
      1.6,
      0.6285,
      1.6571,
      0.6857,
      1.7143,
      0.7428,
      1.7714,
      0.8,
      1.8285,
      0.8571,
      1.8857,
      0.9143,
      1.9428,
      0.9714
    ],
    "TaskName": "cmp",
    "dataset": "ds003481",
    "modality": "bold",
    "run_id": 2,
    "subject_id": "080",
    "task_id": "cmp"
  },
  "dummy_trs": 0,
  "dvars_nstd": 12.10014555851406,
  "dvars_std": 1.1156658567068272,
  "dvars_vstd": 0.9949495823694785,
  "efc": 0.3881700690619841,
  "fber": 73507.0078125,
  "fd_mean": 0.059444633634417404,
  "fd_num": 0,
  "fd_perc": 0.0,
  "fwhm_avg": 2.8573833333333334,
  "fwhm_x": 2.6072,
  "fwhm_y": 2.9888,
  "fwhm_z": 2.97615,
  "gcor": 0.0356528,
  "gsr_x": -0.011306993663311005,
  "gsr_y": 0.0014131703646853566,
  "provenance": {
    "md5sum": "9889c6e66f1aac34808df6a3f26d01f2",
    "settings": {
      "fd_thres": 0.2,
      "testing": false
    },
    "software": "mriqc",
    "version": "23.0.1",
    "webapi_port": null,
    "webapi_url": "https://mriqc.nimh.nih.gov/api/v1"
  },
  "size_t": 250,
  "size_x": 64,
  "size_y": 64,
  "size_z": 34,
  "snr": 3.1697765577480723,
  "spacing_tr": 2.0,
  "spacing_x": 4.0,
  "spacing_y": 4.0,
  "spacing_z": 4.0,
  "summary_bg_k": 44.04371210303886,
  "summary_bg_mad": 11.671044588784877,
  "summary_bg_mean": 53.78401184082031,
  "summary_bg_median": 8.039999961853027,
  "summary_bg_n": 95618.0,
  "summary_bg_p05": 0.01600000075995922,
  "summary_bg_p95": 270.9670181274413,
  "summary_bg_stdv": 148.10687255859375,
  "summary_fg_k": 0.760942776129045,
  "summary_fg_mad": 561.9951028362411,
  "summary_fg_mean": 2165.546630859375,
  "summary_fg_median": 2054.39599609375,
  "summary_fg_n": 15934.0,
  "summary_fg_p05": 1274.5480346679688,
  "summary_fg_p95": 3422.3327270507807,
  "summary_fg_stdv": 648.0997924804688,
  "tsnr": 102.5859422001522
}