{
  "bids_meta": {
    "AcquisitionDateTime": "2016-05-16T20:32:57.000000",
    "ConversionSoftware": "dcm2niix",
    "ConversionSoftwareVersion": "v1.0.20170411 GCC4.8.4",
    "EchoTime": 0.00318,
    "FlipAngle": 12,
    "ImageType": [
      "DERIVED",
      "PRIMARY",
      "OTHER"
    ],
    "InversionTime": 0.45,
    "MagneticFieldStrength": 3,
    "Manufacturer": "GE",
    "ManufacturersModelName": "DISCOVERY_MR750",
    "ProcedureStepDescription": "ActosHabla",
    "ProtocolName": "PU:Sag_T1_FSPGR_BRAVO",
    "RepetitionTime": 0.008156,
    "ScanningSequence": "GR",
    "SequenceVariant": "SS_SP_SK",
    "SeriesDescription": "PU:Sag_T1_FSPGR_BRAVO",
    "dataset": "ds003481",
    "modality": "T1w",
    "subject_id": "007"
  },
  "cjv": 0.32728270502112744,
  "cnr": 4.08711911130925,
  "efc": 0.720647770547097,
  "fber": -1.0,
  "fwhm_avg": 3.9839133333333336,
  "fwhm_x": 3.95478,
  "fwhm_y": 4.15078,
  "fwhm_z": 3.84618,
  "icvs_csf": 0.22276189534901866,
  "icvs_gm": 0.4495108692825077,
  "icvs_wm": 0.32772723536847365,
  "inu_med": 0.5631033778190613,
  "inu_range": 0.22708144187927243,
  "provenance": {
    "md5sum": "2ae9f973242a1a327d581edcc20d7062",
    "settings": {
      "testing": false
    },
    "software": "mriqc",
    "version": "23.0.1",
    "warnings": {
      "large_rot_frame": true,
      "small_air_mask": false
    },
    "webapi_port": null,
    "webapi_url": "https://mriqc.nimh.nih.gov/api/v1"
  },
  "qi_1": 0.0,
  "qi_2": 0.00234025938852965,
  "rpve_csf": 24.10587480408554,
  "rpve_gm": 12.535314626018891,
  "rpve_wm": 19.111355000984084,
  "size_x": 176,
  "size_y": 256,
  "size_z": 256,
  "snr_csf": 2.647902334980784,
  "snr_gm": 13.169664925791267,
  "snr_total": 12.539813568130386,
  "snr_wm": 21.801873443619108,
  "snrd_csf": 16.54139377220176,
  "snrd_gm": 39.69985740867441,
  "snrd_total": 37.45403294835276,
  "snrd_wm": 56.12084766418212,
  "spacing_x": 1.0,
  "spacing_y": 1.0,
  "spacing_z": 1.0,
  "summary_bg_k": 9.958788314412182,
  "summary_bg_mad": 0.0,
  "summary_bg_mean": 6.378267338920317,
  "summary_bg_median": 0.0,
  "summary_bg_n": 369099.0,
  "summary_bg_p05": 0.0,
  "summary_bg_p95": 30.812068842351437,
  "summary_bg_stdv": 11.67367243419475,
  "summary_csf_k": 1.57749982550032,
  "summary_csf_mad": 88.96154624098949,
  "summary_csf_mean": 302.06822088884957,
  "summary_csf_median": 294.74596817046404,
  "summary_csf_n": 36638.0,
  "summary_csf_p05": 110.55826775729656,
  "summary_csf_p95": 499.0254198443145,
  "summary_csf_stdv": 111.3114867724763,
  "summary_gm_k": 0.2921989139032166,
  "summary_gm_mad": 51.36691791320732,
  "summary_gm_mean": 707.114495121474,
  "summary_gm_median": 707.3994531109929,
  "summary_gm_n": 40268.0,
  "summary_gm_p05": 617.7637212853879,
  "summary_gm_p95": 794.9810470137746,
  "summary_gm_stdv": 53.71364217690606,
  "summary_wm_k": 0.5244349597838185,
  "summary_wm_mad": 44.396176747119895,
  "summary_wm_mean": 1000.702182560135,
  "summary_wm_median": 999.9999883398414,
  "summary_wm_n": 185297.0,
  "summary_wm_p05": 926.8726782873273,
  "summary_wm_p95": 1076.1856815218925,
  "summary_wm_stdv": 45.86749356891547,
  "tpm_overlap_csf": 0.14627016442348206,
  "tpm_overlap_gm": 0.47998998642926044,
  "tpm_overlap_wm": 0.502683878119511,
  "wm2max": 0.4425582135411435
}