{
  "aor": 0.00259136,
  "aqi": 0.001534819976,
  "bids_meta": {
    "AcquisitionDateTime": "2017-07-12T18:51:49.000000",
    "ConversionSoftware": "dcm2niix",
    "ConversionSoftwareVersion": "v1.0.20170411 GCC4.8.4",
    "EchoTime": 0.035,
    "FlipAngle": 90,
    "ImageType": [
      "ORIGINAL",
      "PRIMARY",
      "EPI",
      "NONE"
    ],
    "MagneticFieldStrength": 3,
    "Manufacturer": "GE",
    "ManufacturersModelName": "DISCOVERY_MR750",
    "ProcedureStepDescription": "CompMet",
    "ProtocolName": "fMRI_CompMet",
    "RepetitionTime": 2,
    "ScanningSequence": "EP_GR",
    "SequenceVariant": "SS",
    "SeriesDescription": "fMRI_CompMet",
    "SliceTiming": [
      1.0285,
      0.0571001,
      1.0857,
      0.1142,
      1.1428,
      0.1714,
      1.2,
      0.2285,
      1.2571,
      0.2857,
      1.3143,
      0.3428,
      1.3714,
      0.4,
      1.4286,
      0.4571,
      1.4857,
      0.5142,
      1.5428,
      0.5714,
      1.6,
      0.6285,
      1.6571,
      0.6857,
      1.7143,
      0.7428,
      1.7714,
      0.8,
      1.8285,
      0.8571,
      1.8857,
      0.9143,
      1.9428,
      0.9714
    ],
    "TaskName": "cmp",
    "dataset": "ds003481",
    "modality": "bold",
    "run_id": 1,
    "subject_id": "082",
    "task_id": "cmp"
  },
  "dummy_trs": 0,
  "dvars_nstd": 11.228439982489956,
  "dvars_std": 1.1400521543775097,
  "dvars_vstd": 0.9891902391566266,
  "efc": 0.37909143912582627,
  "fber": 103375.6484375,
  "fd_mean": 0.04817437092878984,
  "fd_num": 0,
  "fd_perc": 0.0,
  "fwhm_avg": 2.7956916666666665,
  "fwhm_x": 2.700725,
  "fwhm_y": 2.904075,
  "fwhm_z": 2.782275,
  "gcor": 0.0595004,
  "gsr_x": -0.006078560370951891,
  "gsr_y": 0.001965160481631756,
  "provenance": {
    "md5sum": "8504337e3bb6a1835c56d643ff2eeb67",
    "settings": {
      "fd_thres": 0.2,
      "testing": false
    },
    "software": "mriqc",
    "version": "23.0.1",
    "webapi_port": null,
    "webapi_url": "https://mriqc.nimh.nih.gov/api/v1"
  },
  "size_t": 250,
  "size_x": 64,
  "size_y": 64,
  "size_z": 34,
  "snr": 3.4326699828931915,
  "spacing_tr": 2.0,
  "spacing_x": 4.0,
  "spacing_y": 4.0,
  "spacing_z": 4.0,
  "summary_bg_k": 46.41208422876552,
  "summary_bg_mad": 10.069835012872227,
  "summary_bg_mean": 46.43159103393555,
  "summary_bg_median": 7.14400053024292,
  "summary_bg_n": 95556.0,
  "summary_bg_p05": 0.08400000631809235,
  "summary_bg_p95": 226.1600112915039,
  "summary_bg_stdv": 137.16366577148438,
  "summary_fg_k": 0.17787385022641056,
  "summary_fg_mad": 600.9993773871731,
  "summary_fg_mean": 2291.22119140625,
  "summary_fg_median": 2198.168212890625,
  "summary_fg_n": 16083.0,
  "summary_fg_p05": 1394.796826171875,
  "summary_fg_p95": 3479.328125,
  "summary_fg_stdv": 640.3469848632812,
  "tsnr": 97.3189773214981
}