{
  "bids_meta": {
    "AcquisitionMatrixPE": 256,
    "AcquisitionNumber": 1,
    "AcquisitionTime": "21:00:41.000000",
    "CoilString": "32Ch_Head",
    "ConversionSoftware": "dcm2niix",
    "ConversionSoftwareVersion": "v1.0.20190902",
    "Dcm2bidsVersion": "2.1.4",
    "DeviceSerialNumber": "000000000000GEHC",
    "EchoTime": 0.00318,
    "FlipAngle": 12,
    "ImageOrientationPatientDICOM": [
      0,
      1,
      0,
      0,
      0,
      -1
    ],
    "ImageType": [
      "ORIGINAL",
      "PRIMARY",
      "OTHER"
    ],
    "ImagingFrequency": 127.772,
    "InPlanePhaseEncodingDirectionDICOM": "ROW",
    "InstitutionName": "INSTITUTO_DE_NEUROBIOLOGIA",
    "InversionTime": 0.45,
    "MRAcquisitionType": "3D",
    "MagneticFieldStrength": 3,
    "Manufacturer": "GE",
    "ManufacturersModelName": "DISCOVERY_MR750",
    "Modality": "MR",
    "PatientPosition": "HFS",
    "PercentPhaseFOV": 100,
    "PixelBandwidth": 244.141,
    "ProcedureStepDescription": "verbos",
    "ProtocolName": "Sag_T1_FSPGR_BRAVO",
    "ReconMatrixPE": 256,
    "RepetitionTime": 0.008156,
    "SAR": 0.223894,
    "ScanOptions": "FAST_GEMS_EDR_GEMS_FILTERED_GEMS_ACC_GEMS",
    "ScanningSequence": "GR",
    "SequenceVariant": "SS_SP_SK",
    "SeriesDescription": "Sag_T1_FSPGR_BRAVO",
    "SeriesNumber": 13,
    "SliceThickness": 1,
    "SoftwareVersions": "24_LX_MR_Software_release:DV24.0_R02_1607.b",
    "SpacingBetweenSlices": 1,
    "StationName": "GEHCGEHC",
    "dataset": "ds003481",
    "modality": "T1w",
    "subject_id": "142"
  },
  "cjv": 0.3808984264380655,
  "cnr": 3.5292462946518564,
  "efc": 0.535667961423921,
  "fber": -1.0,
  "fwhm_avg": 3.862776666666667,
  "fwhm_x": 3.82817,
  "fwhm_y": 3.97817,
  "fwhm_z": 3.78199,
  "icvs_csf": 0.24041010552987443,
  "icvs_gm": 0.41994588959964807,
  "icvs_wm": 0.3396440048704775,
  "inu_med": 0.7876511216163635,
  "inu_range": 0.5084438771009444,
  "provenance": {
    "md5sum": "f429d69558401714fd8be0bb5a6fe84f",
    "settings": {
      "testing": false
    },
    "software": "mriqc",
    "version": "23.0.1",
    "warnings": {
      "large_rot_frame": true,
      "small_air_mask": false
    },
    "webapi_port": null,
    "webapi_url": "https://mriqc.nimh.nih.gov/api/v1"
  },
  "qi_1": 7.800428384181754e-05,
  "qi_2": 0.0028196142491366317,
  "rpve_csf": 23.772729159402964,
  "rpve_gm": 13.543910437176805,
  "rpve_wm": 19.597763710482756,
  "size_x": 176,
  "size_y": 256,
  "size_z": 256,
  "snr_csf": 2.357332875064383,
  "snr_gm": 9.767838349739037,
  "snr_total": 10.883003914677488,
  "snr_wm": 20.523840519229044,
  "snrd_csf": 14.610970985629747,
  "snrd_gm": 41.2995134105058,
  "snrd_total": 38.48462502563532,
  "snrd_wm": 59.54339068077041,
  "spacing_x": 1.0,
  "spacing_y": 1.0,
  "spacing_z": 1.0,
  "summary_bg_k": 14.475464239267716,
  "summary_bg_mad": 0.0,
  "summary_bg_mean": 5.485191870396653,
  "summary_bg_median": 0.0,
  "summary_bg_n": 2102244.0,
  "summary_bg_p05": 0.0,
  "summary_bg_p95": 27.698458962142467,
  "summary_bg_stdv": 11.002672415853354,
  "summary_csf_k": 0.3578128526049862,
  "summary_csf_mad": 92.78612142438713,
  "summary_csf_mean": 252.41957896811644,
  "summary_csf_median": 245.3835986405611,
  "summary_csf_n": 35203.0,
  "summary_csf_p05": 85.57015328854322,
  "summary_csf_p95": 441.7856612607838,
  "summary_csf_stdv": 104.09226288996912,
  "summary_gm_k": 0.06586420357021572,
  "summary_gm_mad": 70.06586963833949,
  "summary_gm_mean": 690.890808711247,
  "summary_gm_median": 693.6036785468459,
  "summary_gm_n": 20929.0,
  "summary_gm_p05": 568.8559111386537,
  "summary_gm_p95": 804.5212532155215,
  "summary_gm_stdv": 71.00722627851573,
  "summary_wm_k": 0.5686510574751598,
  "summary_wm_mad": 46.64001997073757,
  "summary_wm_mean": 1001.675827537821,
  "summary_wm_median": 1000.0000338703394,
  "summary_wm_n": 170237.0,
  "summary_wm_p05": 925.37600697577,
  "summary_wm_p95": 1084.0472478345037,
  "summary_wm_stdv": 48.72368287247135,
  "tpm_overlap_csf": 0.15356049241841532,
  "tpm_overlap_gm": 0.45113884874618804,
  "tpm_overlap_wm": 0.4886928476206781,
  "wm2max": 0.44570774027957494
}