{
  "bids_meta": {
    "AcquisitionDateTime": "2016-10-12T20:33:46.000000",
    "ConversionSoftware": "dcm2niix",
    "ConversionSoftwareVersion": "v1.0.20170411 GCC4.8.4",
    "EchoTime": 0.003336,
    "FlipAngle": 12,
    "ImageType": [
      "DERIVED",
      "PRIMARY",
      "OTHER"
    ],
    "InversionTime": 0.45,
    "MagneticFieldStrength": 3,
    "Manufacturer": "GE",
    "ManufacturersModelName": "DISCOVERY_MR750",
    "ProcedureStepDescription": "MeditResp",
    "ProtocolName": "PU:Sag_T1_FSPGR_BRAVO",
    "RepetitionTime": 0.008512,
    "ScanningSequence": "GR",
    "SequenceVariant": "SS_SP_SK",
    "SeriesDescription": "PU:Sag_T1_FSPGR_BRAVO",
    "dataset": "ds003481",
    "modality": "T1w",
    "subject_id": "108"
  },
  "cjv": 0.3020163865701415,
  "cnr": 4.41659139089367,
  "efc": 0.7488367764721118,
  "fber": -1.0,
  "fwhm_avg": 3.87983,
  "fwhm_x": 3.78835,
  "fwhm_y": 4.07012,
  "fwhm_z": 3.78102,
  "icvs_csf": 0.18948992393315092,
  "icvs_gm": 0.46083775163787805,
  "icvs_wm": 0.34967232442897106,
  "inu_med": 0.3907831013202667,
  "inu_range": 0.06828688681125644,
  "provenance": {
    "md5sum": "6e8017ec5094dd9d232452c37bfb1613",
    "settings": {
      "testing": false
    },
    "software": "mriqc",
    "version": "23.0.1",
    "warnings": {
      "large_rot_frame": true,
      "small_air_mask": true
    },
    "webapi_port": null,
    "webapi_url": "https://mriqc.nimh.nih.gov/api/v1"
  },
  "qi_1": 0.0,
  "qi_2": 0.002165820311594339,
  "rpve_csf": 29.2327555875109,
  "rpve_gm": 13.091995123559848,
  "rpve_wm": 19.464169339625045,
  "size_x": 176,
  "size_y": 256,
  "size_z": 256,
  "snr_csf": 2.525220268322343,
  "snr_gm": 11.255259914716731,
  "snr_total": 12.782126412024981,
  "snr_wm": 24.56589905303587,
  "snrd_csf": 18.979932287175416,
  "snrd_gm": 47.74335548095672,
  "snrd_total": 45.75847357950047,
  "snrd_wm": 70.55213297036926,
  "spacing_x": 1.0,
  "spacing_y": 1.0,
  "spacing_z": 1.0,
  "summary_bg_k": 10.829380709940752,
  "summary_bg_mad": 0.0,
  "summary_bg_mean": 4.570813227471162,
  "summary_bg_median": 0.0,
  "summary_bg_n": 212032.0,
  "summary_bg_p05": 0.0,
  "summary_bg_p95": 23.14420429058373,
  "summary_bg_stdv": 9.285584658281046,
  "summary_csf_k": 0.9590842645579869,
  "summary_csf_mad": 82.85798834046146,
  "summary_csf_mean": 271.36013173581034,
  "summary_csf_median": 269.01232790760696,
  "summary_csf_n": 24467.0,
  "summary_csf_p05": 91.2137229219079,
  "summary_csf_p95": 464.14494798406963,
  "summary_csf_stdv": 106.52806560035707,
  "summary_gm_k": 0.1681672034966013,
  "summary_gm_mad": 58.81738298354912,
  "summary_gm_mean": 676.1730869356451,
  "summary_gm_median": 676.6910969819874,
  "summary_gm_n": 52391.0,
  "summary_gm_p05": 576.3900791238993,
  "summary_gm_p95": 773.3004012722522,
  "summary_gm_stdv": 60.12163592784268,
  "summary_wm_k": 0.41003698189404636,
  "summary_wm_mad": 38.818630716415385,
  "summary_wm_mean": 1000.4112232386257,
  "summary_wm_median": 999.9716143365949,
  "summary_wm_n": 190875.0,
  "summary_wm_p05": 934.1739194393158,
  "summary_wm_p95": 1067.8139505945146,
  "summary_wm_stdv": 40.705572905484786,
  "tpm_overlap_csf": 0.13908878539682537,
  "tpm_overlap_gm": 0.48242149829476755,
  "tpm_overlap_wm": 0.5220043294670732,
  "wm2max": 0.6400269002871788
}