{
  "bids_meta": {
    "AcquisitionDateTime": "2017-01-31T20:56:34.000000",
    "ConversionSoftware": "dcm2niix",
    "ConversionSoftwareVersion": "v1.0.20170411 GCC4.8.4",
    "EchoTime": 0.00318,
    "FlipAngle": 12,
    "ImageType": [
      "DERIVED",
      "PRIMARY",
      "OTHER"
    ],
    "InversionTime": 0.45,
    "MagneticFieldStrength": 3,
    "Manufacturer": "GE",
    "ManufacturersModelName": "DISCOVERY_MR750",
    "ProcedureStepDescription": "ActosHabla",
    "ProtocolName": "PU:Sag_T1_FSPGR_BRAVO",
    "RepetitionTime": 0.008156,
    "ScanningSequence": "GR",
    "SequenceVariant": "SS_SP_SK",
    "SeriesDescription": "PU:Sag_T1_FSPGR_BRAVO",
    "dataset": "ds003481",
    "modality": "T1w",
    "subject_id": "014"
  },
  "cjv": 0.33714024067419224,
  "cnr": 3.926362049662038,
  "efc": 0.7278991433810201,
  "fber": 9376.885438184938,
  "fwhm_avg": 4.111936666666667,
  "fwhm_x": 4.14086,
  "fwhm_y": 4.31774,
  "fwhm_z": 3.87721,
  "icvs_csf": 0.23355271725605206,
  "icvs_gm": 0.4321614424284629,
  "icvs_wm": 0.3342858403154851,
  "inu_med": 0.539654552936554,
  "inu_range": 0.20576008558273312,
  "provenance": {
    "md5sum": "73410649f7153c4be09b6681d686fd04",
    "settings": {
      "testing": false
    },
    "software": "mriqc",
    "version": "23.0.1",
    "warnings": {
      "large_rot_frame": true,
      "small_air_mask": false
    },
    "webapi_port": null,
    "webapi_url": "https://mriqc.nimh.nih.gov/api/v1"
  },
  "qi_1": 0.0,
  "qi_2": 0.0018809752253827869,
  "rpve_csf": 18.207710498029382,
  "rpve_gm": 10.139123897989812,
  "rpve_wm": 14.996681711670625,
  "size_x": 176,
  "size_y": 256,
  "size_z": 256,
  "snr_csf": 3.359312374122566,
  "snr_gm": 11.95142951845706,
  "snr_total": 12.624849244331786,
  "snr_wm": 22.563805840415736,
  "snrd_csf": 13.558760809162575,
  "snrd_gm": 31.34470716346077,
  "snrd_total": 29.794859460035013,
  "snrd_wm": 44.481110407481694,
  "spacing_x": 1.0,
  "spacing_y": 1.0,
  "spacing_z": 1.0,
  "summary_bg_k": 65.99074793079501,
  "summary_bg_mad": 0.0,
  "summary_bg_mean": 7.385855002060841,
  "summary_bg_median": 0.0,
  "summary_bg_n": 626825.0,
  "summary_bg_p05": 0.0,
  "summary_bg_p95": 33.63902014493942,
  "summary_bg_stdv": 14.728418509313963,
  "summary_csf_k": 1.1610459879457276,
  "summary_csf_mad": 77.12611883920388,
  "summary_csf_mean": 312.0025986783258,
  "summary_csf_median": 304.82065057754517,
  "summary_csf_n": 67008.0,
  "summary_csf_p05": 178.55664933025838,
  "summary_csf_p95": 481.27942615449405,
  "summary_csf_stdv": 90.7383244284583,
  "summary_gm_k": 0.20136323023632885,
  "summary_gm_mad": 57.273061727708345,
  "summary_gm_mean": 704.3831184405409,
  "summary_gm_median": 704.6745764017105,
  "summary_gm_n": 43697.0,
  "summary_gm_p05": 606.2652257919311,
  "summary_gm_p95": 800.9251865148544,
  "summary_gm_stdv": 58.96085586043273,
  "summary_wm_k": 0.7018231881218653,
  "summary_wm_mad": 42.29302772539807,
  "summary_wm_mean": 1000.748257043294,
  "summary_wm_median": 1000.0000150203705,
  "summary_wm_n": 250846.0,
  "summary_wm_p05": 929.8409488797188,
  "summary_wm_p95": 1073.8922414183617,
  "summary_wm_stdv": 44.31867694821041,
  "tpm_overlap_csf": 0.15356125362362377,
  "tpm_overlap_gm": 0.44921806991146784,
  "tpm_overlap_wm": 0.49546386840494044,
  "wm2max": 0.44403205574865545
}