{
  "aor": 0.0041004845814977976,
  "aqi": 0.003432842511013216,
  "bids_meta": {
    "AcquisitionDateTime": "2017-01-27T19:30:8.000000",
    "ConversionSoftware": "dcm2niix",
    "ConversionSoftwareVersion": "v1.0.20170411 GCC4.8.4",
    "EchoTime": 0.04,
    "FlipAngle": 90,
    "ImageType": [
      "ORIGINAL",
      "PRIMARY",
      "EPI",
      "NONE"
    ],
    "MagneticFieldStrength": 3,
    "Manufacturer": "GE",
    "ManufacturersModelName": "DISCOVERY_MR750",
    "ProcedureStepDescription": "ComRefranes",
    "ProtocolName": "fMRI_Comprension_4",
    "RepetitionTime": 2,
    "ScanningSequence": "EP_GR",
    "SequenceVariant": "SS",
    "SeriesDescription": "fMRI_Comprension_4",
    "SliceTiming": [
      1.0285,
      0.0571001,
      1.0857,
      0.1142,
      1.1428,
      0.1714,
      1.2,
      0.2285,
      1.2571,
      0.2857,
      1.3143,
      0.3428,
      1.3714,
      0.4,
      1.4286,
      0.4571,
      1.4857,
      0.5142,
      1.5428,
      0.5714,
      1.6,
      0.6285,
      1.6571,
      0.6857,
      1.7143,
      0.7428,
      1.7714,
      0.8,
      1.8285,
      0.8571,
      1.8857,
      0.9143,
      1.9428,
      0.9714
    ],
    "TaskName": "pc",
    "dataset": "ds003481",
    "modality": "bold",
    "run_id": 4,
    "subject_id": "063",
    "task_id": "pc"
  },
  "dummy_trs": 0,
  "dvars_nstd": 23.906471125973468,
  "dvars_std": 1.2081337998672574,
  "dvars_vstd": 1.0298037459292035,
  "efc": 0.3720677321162173,
  "fber": 55626.3359375,
  "fd_mean": 0.18735540247651472,
  "fd_num": 66,
  "fd_perc": 29.07488986784141,
  "fwhm_avg": 2.6224,
  "fwhm_x": 2.531525,
  "fwhm_y": 2.759125,
  "fwhm_z": 2.57655,
  "gcor": 0.0908188,
  "gsr_x": -0.00019880624313373119,
  "gsr_y": 0.008705751039087772,
  "provenance": {
    "md5sum": "020c2914e21ae3709a2593381e0817e6",
    "settings": {
      "fd_thres": 0.2,
      "testing": false
    },
    "software": "mriqc",
    "version": "23.0.1",
    "webapi_port": null,
    "webapi_url": "https://mriqc.nimh.nih.gov/api/v1"
  },
  "size_t": 227,
  "size_x": 64,
  "size_y": 64,
  "size_z": 34,
  "snr": 3.3155077623280595,
  "spacing_tr": 2.0,
  "spacing_x": 4.0,
  "spacing_y": 4.0,
  "spacing_z": 4.0,
  "summary_bg_k": 180.01386631293826,
  "summary_bg_mad": 11.749784934981538,
  "summary_bg_mean": 41.21575164794922,
  "summary_bg_median": 8.18502140045166,
  "summary_bg_n": 96666.0,
  "summary_bg_p05": 0.026431716978549957,
  "summary_bg_p95": 179.04844665527344,
  "summary_bg_stdv": 124.07234191894531,
  "summary_fg_k": 0.2391533528375236,
  "summary_fg_mad": 505.45958189845715,
  "summary_fg_mean": 1890.08837890625,
  "summary_fg_median": 1811.7950439453125,
  "summary_fg_n": 14930.0,
  "summary_fg_p05": 1106.3971313476563,
  "summary_fg_p95": 2905.217138671875,
  "summary_fg_stdv": 546.4425048828125,
  "tsnr": 58.97565808799118
}