{
  "aor": 0.001987167381974249,
  "aqi": 0.0029401779828326182,
  "bids_meta": {
    "AcquisitionDateTime": "2017-01-27T19:03:5.000000",
    "ConversionSoftware": "dcm2niix",
    "ConversionSoftwareVersion": "v1.0.20170411 GCC4.8.4",
    "EchoTime": 0.04,
    "FlipAngle": 90,
    "ImageType": [
      "ORIGINAL",
      "PRIMARY",
      "EPI",
      "NONE"
    ],
    "MagneticFieldStrength": 3,
    "Manufacturer": "GE",
    "ManufacturersModelName": "DISCOVERY_MR750",
    "ProcedureStepDescription": "ComRefranes",
    "ProtocolName": "fMRI_Comprension_1",
    "RepetitionTime": 2,
    "ScanningSequence": "EP_GR",
    "SequenceVariant": "SS",
    "SeriesDescription": "fMRI_Comprension_1",
    "SliceTiming": [
      1.0285,
      0.0571001,
      1.0857,
      0.1142,
      1.1428,
      0.1714,
      1.2,
      0.2285,
      1.2571,
      0.2857,
      1.3143,
      0.3428,
      1.3714,
      0.4,
      1.4286,
      0.4571,
      1.4857,
      0.5142,
      1.5428,
      0.5714,
      1.6,
      0.6285,
      1.6571,
      0.6857,
      1.7143,
      0.7428,
      1.7714,
      0.8,
      1.8285,
      0.8571,
      1.8857,
      0.9143,
      1.9428,
      0.9714
    ],
    "TaskName": "pc",
    "dataset": "ds003481",
    "modality": "bold",
    "run_id": 1,
    "subject_id": "063",
    "task_id": "pc"
  },
  "dummy_trs": 0,
  "dvars_nstd": 20.675730322672425,
  "dvars_std": 1.1850979163793105,
  "dvars_vstd": 0.9893113128879313,
  "efc": 0.37244195201319785,
  "fber": 58980.55078125,
  "fd_mean": 0.09052306697861966,
  "fd_num": 13,
  "fd_perc": 5.579399141630901,
  "fwhm_avg": 2.671483333333333,
  "fwhm_x": 2.60445,
  "fwhm_y": 2.811575,
  "fwhm_z": 2.598425,
  "gcor": 0.0772266,
  "gsr_x": 0.00023832579609006643,
  "gsr_y": 0.006664973217993975,
  "provenance": {
    "md5sum": "4da00897cd1987ab11b57edfa6a262df",
    "settings": {
      "fd_thres": 0.2,
      "testing": false
    },
    "software": "mriqc",
    "version": "23.0.1",
    "webapi_port": null,
    "webapi_url": "https://mriqc.nimh.nih.gov/api/v1"
  },
  "size_t": 233,
  "size_x": 64,
  "size_y": 64,
  "size_z": 34,
  "snr": 3.3154820085651506,
  "spacing_tr": 2.0,
  "spacing_x": 4.0,
  "spacing_y": 4.0,
  "spacing_z": 4.0,
  "summary_bg_k": 160.55157999545045,
  "summary_bg_mad": 11.319953999864223,
  "summary_bg_mean": 41.460716247558594,
  "summary_bg_median": 7.884119987487793,
  "summary_bg_n": 96668.0,
  "summary_bg_p05": 0.030042918398976326,
  "summary_bg_p95": 179.19571304321278,
  "summary_bg_stdv": 123.64421844482422,
  "summary_fg_k": 0.19522493421193055,
  "summary_fg_mad": 507.8198549493166,
  "summary_fg_mean": 1883.92578125,
  "summary_fg_median": 1809.53857421875,
  "summary_fg_n": 14920.0,
  "summary_fg_p05": 1094.7751159667969,
  "summary_fg_p95": 2886.001220703125,
  "summary_fg_stdv": 545.7661743164062,
  "tsnr": 67.87096213083714
}