{
  "aor": 0.000288,
  "aqi": 0.0029239204333333336,
  "bids_meta": {
    "AcquisitionDateTime": "2017-08-24T19:23:1.000000",
    "ConversionSoftware": "dcm2niix",
    "ConversionSoftwareVersion": "v1.0.20170411 GCC4.8.4",
    "EchoTime": 0.04,
    "FlipAngle": 90,
    "ImageType": [
      "ORIGINAL",
      "PRIMARY",
      "EPI",
      "NONE"
    ],
    "MagneticFieldStrength": 3,
    "Manufacturer": "GE",
    "ManufacturersModelName": "DISCOVERY_MR750",
    "ProtocolName": "fMRI_RestState",
    "RepetitionTime": 2,
    "ScanningSequence": "EP_GR",
    "SequenceVariant": "SS",
    "SeriesDescription": "fMRI_RestState",
    "SliceTiming": [
      1.0285,
      0.0571001,
      1.0857,
      0.1142,
      1.1428,
      0.1714,
      1.2,
      0.2285,
      1.2571,
      0.2857,
      1.3143,
      0.3428,
      1.3714,
      0.4,
      1.4286,
      0.4571,
      1.4857,
      0.5142,
      1.5428,
      0.5714,
      1.6,
      0.6285,
      1.6571,
      0.6857,
      1.7143,
      0.7428,
      1.7714,
      0.8,
      1.8285,
      0.8571,
      1.8857,
      0.9143,
      1.9428,
      0.9714
    ],
    "TaskName": "rest",
    "dataset": "ds003481",
    "modality": "bold",
    "subject_id": "091",
    "task_id": "rest"
  },
  "dummy_trs": 0,
  "dvars_nstd": 12.993980187759202,
  "dvars_std": 1.0096363489297664,
  "dvars_vstd": 0.9564988724414721,
  "efc": 0.3362980820651306,
  "fber": 65257.07421875,
  "fd_mean": 0.07049083586547795,
  "fd_num": 0,
  "fd_perc": 0.0,
  "fwhm_avg": 2.5013099999999997,
  "fwhm_x": 2.4341375,
  "fwhm_y": 2.7031,
  "fwhm_z": 2.3666925,
  "gcor": 0.0392658,
  "gsr_x": -0.018913857638835907,
  "gsr_y": 0.011355286464095116,
  "provenance": {
    "md5sum": "c12c08ff8eedaa12b7c78c11ab0ff28b",
    "settings": {
      "fd_thres": 0.2,
      "testing": false
    },
    "software": "mriqc",
    "version": "23.0.1",
    "webapi_port": null,
    "webapi_url": "https://mriqc.nimh.nih.gov/api/v1"
  },
  "size_t": 300,
  "size_x": 64,
  "size_y": 64,
  "size_z": 34,
  "snr": 3.823772232539356,
  "spacing_tr": 2.0,
  "spacing_x": 4.0,
  "spacing_y": 4.0,
  "spacing_z": 4.0,
  "summary_bg_k": 84.03760919878563,
  "summary_bg_mad": 9.968029130197145,
  "summary_bg_mean": 29.861684799194336,
  "summary_bg_median": 7.320000171661377,
  "summary_bg_n": 100893.0,
  "summary_bg_p05": 0.16866666972637298,
  "summary_bg_p95": 131.75799865722635,
  "summary_bg_stdv": 81.34141540527344,
  "summary_fg_k": 0.5684676397778703,
  "summary_fg_mad": 414.9556026609519,
  "summary_fg_mean": 1810.0389404296875,
  "summary_fg_median": 1778.1033935546875,
  "summary_fg_n": 11821.0,
  "summary_fg_p05": 1095.1199951171875,
  "summary_fg_p95": 2620.44677734375,
  "summary_fg_stdv": 464.99322509765625,
  "tsnr": 80.92422514897771
}