{
  "aor": 0.008919360000000001,
  "aqi": 0.004279565999999999,
  "bids_meta": {
    "AcquisitionDateTime": "2017-08-24T19:54:9.000000",
    "ConversionSoftware": "dcm2niix",
    "ConversionSoftwareVersion": "v1.0.20170411 GCC4.8.4",
    "EchoTime": 0.035,
    "FlipAngle": 90,
    "ImageType": [
      "ORIGINAL",
      "PRIMARY",
      "EPI",
      "NONE"
    ],
    "MagneticFieldStrength": 3,
    "Manufacturer": "GE",
    "ManufacturersModelName": "DISCOVERY_MR750",
    "ProcedureStepDescription": "CompMet",
    "ProtocolName": "fMRI_CompMet",
    "RepetitionTime": 2,
    "ScanningSequence": "EP_GR",
    "SequenceVariant": "SS",
    "SeriesDescription": "fMRI_CompMet",
    "SliceTiming": [
      1.0285,
      0.0571001,
      1.0857,
      0.1142,
      1.1428,
      0.1714,
      1.2,
      0.2285,
      1.2571,
      0.2857,
      1.3143,
      0.3428,
      1.3714,
      0.4,
      1.4286,
      0.4571,
      1.4857,
      0.5142,
      1.5428,
      0.5714,
      1.6,
      0.6285,
      1.6571,
      0.6857,
      1.7143,
      0.7428,
      1.7714,
      0.8,
      1.8285,
      0.8571,
      1.8857,
      0.9143,
      1.9428,
      0.9714
    ],
    "TaskName": "cmp",
    "dataset": "ds003481",
    "modality": "bold",
    "run_id": 1,
    "subject_id": "091",
    "task_id": "cmp"
  },
  "dummy_trs": 0,
  "dvars_nstd": 14.756860495461858,
  "dvars_std": 1.0175978613654615,
  "dvars_vstd": 0.9940838033734941,
  "efc": 0.3733830529142687,
  "fber": 74431.4296875,
  "fd_mean": 0.1497349155229719,
  "fd_num": 45,
  "fd_perc": 18.0,
  "fwhm_avg": 2.9806333333333335,
  "fwhm_x": 2.85585,
  "fwhm_y": 3.0839,
  "fwhm_z": 3.00215,
  "gcor": 0.0372698,
  "gsr_x": -0.014286825433373451,
  "gsr_y": 0.009565458633005619,
  "provenance": {
    "md5sum": "725596a1c8f6c1b45e5763574f829906",
    "settings": {
      "fd_thres": 0.2,
      "testing": false
    },
    "software": "mriqc",
    "version": "23.0.1",
    "webapi_port": null,
    "webapi_url": "https://mriqc.nimh.nih.gov/api/v1"
  },
  "size_t": 250,
  "size_x": 64,
  "size_y": 64,
  "size_z": 34,
  "snr": 3.058542852567886,
  "spacing_tr": 2.0,
  "spacing_x": 4.0,
  "spacing_y": 4.0,
  "spacing_z": 4.0,
  "summary_bg_k": 45.74690631998687,
  "summary_bg_mad": 11.77186218580454,
  "summary_bg_mean": 52.852020263671875,
  "summary_bg_median": 8.284000396728516,
  "summary_bg_n": 96833.0,
  "summary_bg_p05": 0.10000000149011612,
  "summary_bg_p95": 263.6064147949213,
  "summary_bg_stdv": 144.11331176757812,
  "summary_fg_k": 1.0451563440871485,
  "summary_fg_mad": 588.6285531630847,
  "summary_fg_mean": 2242.644775390625,
  "summary_fg_median": 2110.82421875,
  "summary_fg_n": 14779.0,
  "summary_fg_p05": 1315.2604736328126,
  "summary_fg_p95": 3557.8373046874995,
  "summary_fg_stdv": 690.1171264648438,
  "tsnr": 55.35092010162771
}