{
  "bids_meta": {
    "AcquisitionDateTime": "2017-01-11T20:55:32.000000",
    "ConversionSoftware": "dcm2niix",
    "ConversionSoftwareVersion": "v1.0.20170411 GCC4.8.4",
    "EchoTime": 0.00318,
    "FlipAngle": 12,
    "ImageType": [
      "DERIVED",
      "PRIMARY",
      "OTHER"
    ],
    "InversionTime": 0.45,
    "MagneticFieldStrength": 3,
    "Manufacturer": "GE",
    "ManufacturersModelName": "DISCOVERY_MR750",
    "ProcedureStepDescription": "CompRefranes",
    "ProtocolName": "PU:Sag_T1_FSPGR_BRAVO",
    "RepetitionTime": 0.008156,
    "ScanningSequence": "GR",
    "SequenceVariant": "SS_SP_SK",
    "SeriesDescription": "PU:Sag_T1_FSPGR_BRAVO",
    "dataset": "ds003481",
    "modality": "T1w",
    "subject_id": "060"
  },
  "cjv": 0.34607265688646804,
  "cnr": 3.904611562566638,
  "efc": 0.7221240418237617,
  "fber": -1.0,
  "fwhm_avg": 3.881823333333333,
  "fwhm_x": 3.86669,
  "fwhm_y": 4.05467,
  "fwhm_z": 3.72411,
  "icvs_csf": 0.21719161718195326,
  "icvs_gm": 0.4473489541118081,
  "icvs_wm": 0.3354594287062387,
  "inu_med": 0.5524103343486786,
  "inu_range": 0.2119633972644806,
  "provenance": {
    "md5sum": "ba17598c7a765260becf057f494bf277",
    "settings": {
      "testing": false
    },
    "software": "mriqc",
    "version": "23.0.1",
    "warnings": {
      "large_rot_frame": true,
      "small_air_mask": true
    },
    "webapi_port": null,
    "webapi_url": "https://mriqc.nimh.nih.gov/api/v1"
  },
  "qi_1": 0.0,
  "qi_2": 0.0024913798660983985,
  "rpve_csf": 26.719943765868308,
  "rpve_gm": 13.787250545737919,
  "rpve_wm": 20.91164547312983,
  "size_x": 176,
  "size_y": 256,
  "size_z": 256,
  "snr_csf": 2.35200006194167,
  "snr_gm": 10.592589492051793,
  "snr_total": 11.63339505762999,
  "snr_wm": 21.955595618896506,
  "snrd_csf": 13.10609417511974,
  "snrd_gm": 37.563635251434135,
  "snrd_total": 35.11505967708669,
  "snrd_wm": 54.675449604706195,
  "spacing_x": 1.0,
  "spacing_y": 1.0,
  "spacing_z": 1.0,
  "summary_bg_k": 8.154349917116509,
  "summary_bg_mad": 0.0,
  "summary_bg_mean": 6.518528976709029,
  "summary_bg_median": 0.0,
  "summary_bg_n": 319159.0,
  "summary_bg_p05": 0.0,
  "summary_bg_p95": 32.301255121827126,
  "summary_bg_stdv": 11.9822772842291,
  "summary_csf_k": 0.9731060436694388,
  "summary_csf_mad": 86.47479019529281,
  "summary_csf_mean": 250.15119497556864,
  "summary_csf_median": 239.70711216703057,
  "summary_csf_n": 30221.0,
  "summary_csf_p05": 95.94142227247357,
  "summary_csf_p95": 442.5522997714579,
  "summary_csf_stdv": 101.91460030544715,
  "summary_gm_k": 0.11409674750559251,
  "summary_gm_mad": 64.20474020956102,
  "summary_gm_mean": 684.7797234158941,
  "summary_gm_median": 687.0292863994837,
  "summary_gm_n": 39504.0,
  "summary_gm_p05": 575.2363997450099,
  "summary_gm_p95": 787.615060120821,
  "summary_gm_stdv": 64.85860621402284,
  "summary_wm_k": 0.4408885978888719,
  "summary_wm_mad": 44.10586501352452,
  "summary_wm_mean": 1000.5127699843393,
  "summary_wm_median": 999.9999966472387,
  "summary_wm_n": 173251.0,
  "summary_wm_p05": 926.7782395705581,
  "summary_wm_p95": 1075.6903729625046,
  "summary_wm_stdv": 45.5463439942476,
  "tpm_overlap_csf": 0.15028050043373709,
  "tpm_overlap_gm": 0.4687020283018944,
  "tpm_overlap_wm": 0.4982394726546067,
  "wm2max": 0.4643857650607195
}