{
  "aor": 0.002064022988505747,
  "aqi": 0.001119213224137931,
  "bids_meta": {
    "AcquisitionMatrixPE": 64,
    "AcquisitionNumber": 1,
    "AcquisitionTime": "19:02:1.000000",
    "CoilString": "32Ch_Head",
    "ConversionSoftware": "dcm2niix",
    "ConversionSoftwareVersion": "v1.0.20190902",
    "Dcm2bidsVersion": "2.1.4",
    "DeviceSerialNumber": "000000000000GEHC",
    "EchoTime": 0.04,
    "EffectiveEchoSpacing": 0.000372,
    "FlipAngle": 90,
    "ImageOrientationPatientDICOM": [
      1,
      0,
      0,
      0,
      1,
      0
    ],
    "ImageType": [
      "ORIGINAL",
      "PRIMARY",
      "EPI",
      "NONE"
    ],
    "ImagingFrequency": 127.772,
    "InPlanePhaseEncodingDirectionDICOM": "ROW",
    "InstitutionName": "INSTITUTO_DE_NEUROBIOLOGIA",
    "MRAcquisitionType": "2D",
    "MagneticFieldStrength": 3,
    "Manufacturer": "GE",
    "ManufacturersModelName": "DISCOVERY_MR750",
    "Modality": "MR",
    "PatientPosition": "HFS",
    "PercentPhaseFOV": 100,
    "PhaseEncodingDirection": "i-",
    "PhaseEncodingPolarityGE": "Flipped",
    "PixelBandwidth": 7812.5,
    "ProcedureStepDescription": "verbos",
    "ProtocolName": "fMRI_4",
    "ReconMatrixPE": 64,
    "RepetitionTime": 2,
    "SAR": 0.355837,
    "ScanOptions": "EPI_GEMS_ACC_GEMS",
    "ScanningSequence": "EP_GR",
    "SequenceVariant": "SS",
    "SeriesDescription": "fMRI_4",
    "SeriesNumber": 7,
    "SliceThickness": 4,
    "SliceTiming": [
      0,
      1.0285,
      0.0571001,
      1.0857,
      0.1142,
      1.1428,
      0.1714,
      1.2,
      0.2285,
      1.2571,
      0.2857,
      1.3143,
      0.3428,
      1.3714,
      0.4,
      1.4286,
      0.4571,
      1.4857,
      0.5142,
      1.5428,
      0.5714,
      1.6,
      0.6285,
      1.6571,
      0.6857,
      1.7143,
      0.7428,
      1.7714,
      0.8,
      1.8285,
      0.8571,
      1.8857,
      0.9143,
      1.9428,
      0.9714
    ],
    "SoftwareVersions": "24_LX_MR_Software_release:DV24.0_R02_1607.b",
    "SpacingBetweenSlices": 4,
    "StationName": "GEHCGEHC",
    "TaskName": "verbs",
    "TotalReadoutTime": 0.023436,
    "dataset": "ds003481",
    "modality": "bold",
    "run_id": 4,
    "subject_id": "124",
    "task_id": "verbs"
  },
  "dummy_trs": 0,
  "dvars_nstd": 16.709260736705197,
  "dvars_std": 1.2504925324277456,
  "dvars_vstd": 1.0319211460115607,
  "efc": 0.3288238636993254,
  "fber": 46026.9765625,
  "fd_mean": 0.05424295473187663,
  "fd_num": 1,
  "fd_perc": 0.5747126436781609,
  "fwhm_avg": 2.6113491666666664,
  "fwhm_x": 2.632125,
  "fwhm_y": 2.7436,
  "fwhm_z": 2.4583225,
  "gcor": 0.0549523,
  "gsr_x": -0.012741557322442532,
  "gsr_y": -0.0027214600704610348,
  "provenance": {
    "md5sum": "143ee0c5015db7cf787daf5fb6942a05",
    "settings": {
      "fd_thres": 0.2,
      "testing": false
    },
    "software": "mriqc",
    "version": "23.0.1",
    "webapi_port": null,
    "webapi_url": "https://mriqc.nimh.nih.gov/api/v1"
  },
  "size_t": 174,
  "size_x": 64,
  "size_y": 64,
  "size_z": 35,
  "snr": 3.5222072081638442,
  "spacing_tr": 2.0,
  "spacing_x": 4.0,
  "spacing_y": 4.0,
  "spacing_z": 4.0,
  "summary_bg_k": 67.09792950635038,
  "summary_bg_mad": 11.187682500797155,
  "summary_bg_mean": 30.710575103759766,
  "summary_bg_median": 8.247126579284668,
  "summary_bg_n": 105503.0,
  "summary_bg_p05": 0.12643678486347198,
  "summary_bg_p95": 134.12931365966782,
  "summary_bg_stdv": 75.91051483154297,
  "summary_fg_k": 0.19770014527834467,
  "summary_fg_mad": 447.856630798961,
  "summary_fg_mean": 1753.70361328125,
  "summary_fg_median": 1692.5574951171875,
  "summary_fg_n": 11075.0,
  "summary_fg_p05": 1036.0919677734375,
  "summary_fg_p95": 2622.8235595703113,
  "summary_fg_stdv": 480.5171813964844,
  "tsnr": 97.25739422719926
}