{
  "aor": 0.0015146551724137935,
  "aqi": 0.0011026060229885057,
  "bids_meta": {
    "AcquisitionMatrixPE": 64,
    "AcquisitionNumber": 1,
    "AcquisitionTime": "19:28:38.000000",
    "CoilString": "32Ch_Head",
    "ConversionSoftware": "dcm2niix",
    "ConversionSoftwareVersion": "v1.0.20190902",
    "Dcm2bidsVersion": "2.1.4",
    "DeviceSerialNumber": "000000000000GEHC",
    "EchoTime": 0.04,
    "EffectiveEchoSpacing": 0.000372,
    "FlipAngle": 90,
    "ImageOrientationPatientDICOM": [
      1,
      0,
      0,
      0,
      1,
      0
    ],
    "ImageType": [
      "ORIGINAL",
      "PRIMARY",
      "EPI",
      "NONE"
    ],
    "ImagingFrequency": 127.772,
    "InPlanePhaseEncodingDirectionDICOM": "ROW",
    "InstitutionName": "INSTITUTO_DE_NEUROBIOLOGIA",
    "MRAcquisitionType": "2D",
    "MagneticFieldStrength": 3,
    "Manufacturer": "GE",
    "ManufacturersModelName": "DISCOVERY_MR750",
    "Modality": "MR",
    "PatientPosition": "HFS",
    "PercentPhaseFOV": 100,
    "PhaseEncodingDirection": "i-",
    "PhaseEncodingPolarityGE": "Flipped",
    "PixelBandwidth": 7812.5,
    "ProcedureStepDescription": "verbos",
    "ProtocolName": "fMRI_8",
    "ReconMatrixPE": 64,
    "RepetitionTime": 2,
    "SAR": 0.355837,
    "ScanOptions": "EPI_GEMS_ACC_GEMS",
    "ScanningSequence": "EP_GR",
    "SequenceVariant": "SS",
    "SeriesDescription": "fMRI_8",
    "SeriesNumber": 11,
    "SliceThickness": 4,
    "SliceTiming": [
      0,
      1.0285,
      0.0571001,
      1.0857,
      0.1142,
      1.1428,
      0.1714,
      1.2,
      0.2285,
      1.2571,
      0.2857,
      1.3143,
      0.3428,
      1.3714,
      0.4,
      1.4286,
      0.4571,
      1.4857,
      0.5142,
      1.5428,
      0.5714,
      1.6,
      0.6285,
      1.6571,
      0.6857,
      1.7143,
      0.7428,
      1.7714,
      0.8,
      1.8285,
      0.8571,
      1.8857,
      0.9143,
      1.9428,
      0.9714
    ],
    "SoftwareVersions": "24_LX_MR_Software_release:DV24.0_R02_1607.b",
    "SpacingBetweenSlices": 4,
    "StationName": "GEHCGEHC",
    "TaskName": "verbs",
    "TotalReadoutTime": 0.023436,
    "dataset": "ds003481",
    "modality": "bold",
    "run_id": 8,
    "subject_id": "124",
    "task_id": "verbs"
  },
  "dummy_trs": 0,
  "dvars_nstd": 16.4568741802312,
  "dvars_std": 1.2161532690173409,
  "dvars_vstd": 1.016448315606936,
  "efc": 0.33055565478899623,
  "fber": 46198.875,
  "fd_mean": 0.05772812694863173,
  "fd_num": 0,
  "fd_perc": 0.0,
  "fwhm_avg": 2.5989875,
  "fwhm_x": 2.649775,
  "fwhm_y": 2.70975,
  "fwhm_z": 2.4374375,
  "gcor": 0.0442128,
  "gsr_x": -0.013012075796723366,
  "gsr_y": -0.0026360920164734125,
  "provenance": {
    "md5sum": "b5ff27fcee7195dd557da16b3d6bf63b",
    "settings": {
      "fd_thres": 0.2,
      "testing": false
    },
    "software": "mriqc",
    "version": "23.0.1",
    "webapi_port": null,
    "webapi_url": "https://mriqc.nimh.nih.gov/api/v1"
  },
  "size_t": 174,
  "size_x": 64,
  "size_y": 64,
  "size_z": 35,
  "snr": 3.472006527845452,
  "spacing_tr": 2.0,
  "spacing_x": 4.0,
  "spacing_y": 4.0,
  "spacing_z": 4.0,
  "summary_bg_k": 62.446549184430026,
  "summary_bg_mad": 11.10247546049316,
  "summary_bg_mean": 31.31705093383789,
  "summary_bg_median": 8.189655303955078,
  "summary_bg_n": 105391.0,
  "summary_bg_p05": 0.13793103396892548,
  "summary_bg_p95": 138.99425506591797,
  "summary_bg_stdv": 76.1212158203125,
  "summary_fg_k": 0.1569185633129062,
  "summary_fg_mad": 453.991549012206,
  "summary_fg_mean": 1743.815673828125,
  "summary_fg_median": 1682.0545654296875,
  "summary_fg_n": 11218.0,
  "summary_fg_p05": 1022.8812957763672,
  "summary_fg_p95": 2619.4394042968747,
  "summary_fg_stdv": 484.4402160644531,
  "tsnr": 97.5692014247179
}