{
  "aor": 0.0022873660714285713,
  "aqi": 0.0024824756874999997,
  "bids_meta": {
    "AcquisitionMatrixPE": 64,
    "AcquisitionNumber": 1,
    "AcquisitionTime": "18:41:34.000000",
    "BodyPartExamined": "HEAD",
    "CoilString": "32Ch_Head",
    "ConversionSoftware": "dcm2niix",
    "ConversionSoftwareVersion": "v1.0.20181125  (JP2:OpenJPEG) GCC7.3.0",
    "DeviceSerialNumber": "0002806034DVR750",
    "EchoTime": 0.04,
    "EffectiveEchoSpacing": 0.000372,
    "FlipAngle": 90,
    "ImageOrientationPatientDICOM": [
      1,
      0,
      0,
      0,
      1,
      0
    ],
    "ImageType": [
      "ORIGINAL",
      "PRIMARY",
      "EPI",
      "NONE"
    ],
    "ImagingFrequency": 127.772,
    "InPlanePhaseEncodingDirectionDICOM": "COL",
    "InstitutionName": "INSTITUTO_DE_NEUROBIOLOGIA",
    "MRAcquisitionType": "2D",
    "MagneticFieldStrength": 3,
    "Manufacturer": "GE",
    "ManufacturersModelName": "DISCOVERY_MR750",
    "Modality": "MR",
    "PatientPosition": "HFS",
    "PercentPhaseFOV": 100,
    "PhaseEncodingDirection": "j",
    "PhaseEncodingPolarityGE": "Flipped",
    "PixelBandwidth": 7812.5,
    "ProcedureStepDescription": "Emociones_AH",
    "ProtocolName": "fMRI_Jalil_2",
    "ReconMatrixPE": 64,
    "RepetitionTime": 2,
    "SAR": 0.181367,
    "ScanOptions": "EPI_GEMS_ACC_GEMS",
    "ScanningSequence": "EP_GR",
    "SequenceVariant": "SS",
    "SeriesDescription": "fMRI_Jalil_2",
    "SeriesNumber": 7,
    "SliceThickness": 4,
    "SliceTiming": [
      0,
      1.0285,
      0.0571001,
      1.0857,
      0.1142,
      1.1428,
      0.1714,
      1.2,
      0.2285,
      1.2571,
      0.2857,
      1.3143,
      0.3428,
      1.3714,
      0.4,
      1.4286,
      0.4571,
      1.4857,
      0.5142,
      1.5428,
      0.5714,
      1.6,
      0.6285,
      1.6571,
      0.6857,
      1.7143,
      0.7428,
      1.7714,
      0.8,
      1.8285,
      0.8571,
      1.8857,
      0.9143,
      1.9428,
      0.9714
    ],
    "SoftwareVersions": "27_LX_MR_Software_release:DV26.0_R02_1810.b",
    "SpacingBetweenSlices": 4,
    "StationName": "GEHCGEHC",
    "TaskName": "sae",
    "TotalReadoutTime": 0.023436,
    "dataset": "ds003481",
    "modality": "bold",
    "run_id": 2,
    "subject_id": "039",
    "task_id": "sae"
  },
  "dummy_trs": 0,
  "dvars_nstd": 16.079266188609864,
  "dvars_std": 1.0967061482959644,
  "dvars_vstd": 0.9745172860538116,
  "efc": 0.35189486078962295,
  "fber": 91117.375,
  "fd_mean": 0.10548708964299301,
  "fd_num": 9,
  "fd_perc": 4.017857142857143,
  "fwhm_avg": 2.4621999999999997,
  "fwhm_x": 2.4284475,
  "fwhm_y": 2.649225,
  "fwhm_z": 2.3089275,
  "gcor": 0.0870552,
  "gsr_x": 0.0011433141771703959,
  "gsr_y": -0.004116966389119625,
  "provenance": {
    "md5sum": "95387113ec054a02e4c423ea228016c6",
    "settings": {
      "fd_thres": 0.2,
      "testing": false
    },
    "software": "mriqc",
    "version": "23.0.1",
    "webapi_port": null,
    "webapi_url": "https://mriqc.nimh.nih.gov/api/v1"
  },
  "size_t": 224,
  "size_x": 64,
  "size_y": 64,
  "size_z": 35,
  "snr": 3.70703927392875,
  "spacing_tr": 2.0,
  "spacing_x": 4.0,
  "spacing_y": 4.0,
  "spacing_z": 4.0,
  "summary_bg_k": 56.42820314866181,
  "summary_bg_mad": 9.27288321890534,
  "summary_bg_mean": 38.588905334472656,
  "summary_bg_median": 6.892857551574707,
  "summary_bg_n": 102411.0,
  "summary_bg_p05": 0.196428582072258,
  "summary_bg_p95": 175.83260345458984,
  "summary_bg_stdv": 118.48971557617188,
  "summary_fg_k": 0.28933108653797035,
  "summary_fg_mad": 497.5189186125633,
  "summary_fg_mean": 2026.9310302734375,
  "summary_fg_median": 1975.7835693359375,
  "summary_fg_n": 13524.0,
  "summary_fg_p05": 1209.0338073730468,
  "summary_fg_p95": 2966.7927734375,
  "summary_fg_stdv": 532.9618530273438,
  "tsnr": 71.43470344203524
}