{
  "aor": 0.002025413223140496,
  "aqi": 0.004439513057851239,
  "bids_meta": {
    "AcquisitionMatrixPE": 64,
    "AcquisitionNumber": 1,
    "AcquisitionTime": "18:32:4.000000",
    "BodyPartExamined": "HEAD",
    "CoilString": "32Ch_Head",
    "ConversionSoftware": "dcm2niix",
    "ConversionSoftwareVersion": "v1.0.20181125  (JP2:OpenJPEG) GCC7.3.0",
    "DeviceSerialNumber": "0002806034DVR750",
    "EchoTime": 0.04,
    "EffectiveEchoSpacing": 0.000372,
    "FlipAngle": 90,
    "ImageOrientationPatientDICOM": [
      1,
      0,
      0,
      0,
      1,
      0
    ],
    "ImageType": [
      "ORIGINAL",
      "PRIMARY",
      "EPI",
      "NONE"
    ],
    "ImagingFrequency": 127.772,
    "InPlanePhaseEncodingDirectionDICOM": "COL",
    "InstitutionName": "INSTITUTO_DE_NEUROBIOLOGIA",
    "MRAcquisitionType": "2D",
    "MagneticFieldStrength": 3,
    "Manufacturer": "GE",
    "ManufacturersModelName": "DISCOVERY_MR750",
    "Modality": "MR",
    "PatientPosition": "HFS",
    "PercentPhaseFOV": 100,
    "PhaseEncodingDirection": "j",
    "PhaseEncodingPolarityGE": "Flipped",
    "PixelBandwidth": 7812.5,
    "ProcedureStepDescription": "Emociones_AH",
    "ProtocolName": "fMRI_Jalil_1",
    "ReconMatrixPE": 64,
    "RepetitionTime": 2,
    "SAR": 0.181367,
    "ScanOptions": "EPI_GEMS_ACC_GEMS",
    "ScanningSequence": "EP_GR",
    "SequenceVariant": "SS",
    "SeriesDescription": "fMRI_Jalil_1",
    "SeriesNumber": 5,
    "SliceThickness": 4,
    "SliceTiming": [
      0,
      1.0285,
      0.0571001,
      1.0857,
      0.1142,
      1.1428,
      0.1714,
      1.2,
      0.2285,
      1.2571,
      0.2857,
      1.3143,
      0.3428,
      1.3714,
      0.4,
      1.4286,
      0.4571,
      1.4857,
      0.5142,
      1.5428,
      0.5714,
      1.6,
      0.6285,
      1.6571,
      0.6857,
      1.7143,
      0.7428,
      1.7714,
      0.8,
      1.8285,
      0.8571,
      1.8857,
      0.9143,
      1.9428,
      0.9714
    ],
    "SoftwareVersions": "27_LX_MR_Software_release:DV26.0_R02_1810.b",
    "SpacingBetweenSlices": 4,
    "StationName": "GEHCGEHC",
    "TaskName": "sae",
    "TotalReadoutTime": 0.023436,
    "dataset": "ds003481",
    "modality": "bold",
    "run_id": 1,
    "subject_id": "039",
    "task_id": "sae"
  },
  "dummy_trs": 0,
  "dvars_nstd": 16.527293850414942,
  "dvars_std": 1.0328494823236511,
  "dvars_vstd": 0.933777542614108,
  "efc": 0.35186029393860846,
  "fber": 89640.0390625,
  "fd_mean": 0.1386273824372404,
  "fd_num": 28,
  "fd_perc": 11.570247933884298,
  "fwhm_avg": 2.4667,
  "fwhm_x": 2.4161475,
  "fwhm_y": 2.653525,
  "fwhm_z": 2.3304275,
  "gcor": 0.0211632,
  "gsr_x": 0.0009724188130348921,
  "gsr_y": -0.0033897780813276768,
  "provenance": {
    "md5sum": "9a4c6fddce41d491935bf21e96cfdab3",
    "settings": {
      "fd_thres": 0.2,
      "testing": false
    },
    "software": "mriqc",
    "version": "23.0.1",
    "webapi_port": null,
    "webapi_url": "https://mriqc.nimh.nih.gov/api/v1"
  },
  "size_t": 242,
  "size_x": 64,
  "size_y": 64,
  "size_z": 35,
  "snr": 3.6963897508210106,
  "spacing_tr": 2.0,
  "spacing_x": 4.0,
  "spacing_y": 4.0,
  "spacing_z": 4.0,
  "summary_bg_k": 59.2667324322909,
  "summary_bg_mad": 9.345907662332657,
  "summary_bg_mean": 37.43501663208008,
  "summary_bg_median": 6.940082550048828,
  "summary_bg_n": 102202.0,
  "summary_bg_p05": 0.1900826394557953,
  "summary_bg_p95": 166.54750976562488,
  "summary_bg_stdv": 115.0670394897461,
  "summary_fg_k": 0.24407495753718678,
  "summary_fg_mad": 499.3490057260311,
  "summary_fg_mean": 2028.296142578125,
  "summary_fg_median": 1977.9627685546875,
  "summary_fg_n": 13593.0,
  "summary_fg_p05": 1206.58095703125,
  "summary_fg_p95": 2966.2801269531246,
  "summary_fg_stdv": 535.0869750976562,
  "tsnr": 63.91250487416983
}