{
  "aor": 0.006796006711409396,
  "aqi": 0.0064381587583892605,
  "bids_meta": {
    "AcquisitionMatrixPE": 64,
    "AcquisitionNumber": 1,
    "AcquisitionTime": "18:18:53.000000",
    "BodyPartExamined": "HEAD",
    "CoilString": "32Ch_Head",
    "ConversionSoftware": "dcm2niix",
    "ConversionSoftwareVersion": "v1.0.20181125  (JP2:OpenJPEG) GCC7.3.0",
    "DeviceSerialNumber": "0002806034DVR750",
    "EchoTime": 0.04,
    "EffectiveEchoSpacing": 0.000372,
    "FlipAngle": 90,
    "ImageOrientationPatientDICOM": [
      1,
      0,
      0,
      0,
      1,
      0
    ],
    "ImageType": [
      "ORIGINAL",
      "PRIMARY",
      "EPI",
      "NONE"
    ],
    "ImagingFrequency": 127.772,
    "InPlanePhaseEncodingDirectionDICOM": "COL",
    "InstitutionName": "INSTITUTO_DE_NEUROBIOLOGIA",
    "MRAcquisitionType": "2D",
    "MagneticFieldStrength": 3,
    "Manufacturer": "GE",
    "ManufacturersModelName": "DISCOVERY_MR750",
    "Modality": "MR",
    "PatientPosition": "HFS",
    "PercentPhaseFOV": 100,
    "PhaseEncodingDirection": "j",
    "PhaseEncodingPolarityGE": "Flipped",
    "PixelBandwidth": 7812.5,
    "ProcedureStepDescription": "Emociones_AH",
    "ProtocolName": "fMRI_RestState",
    "ReconMatrixPE": 64,
    "RepetitionTime": 2,
    "SAR": 0.182981,
    "ScanOptions": "EPI_GEMS_ACC_GEMS",
    "ScanningSequence": "EP_GR",
    "SequenceVariant": "SS",
    "SeriesDescription": "fMRI_RestState",
    "SeriesNumber": 3,
    "SliceThickness": 4,
    "SliceTiming": [
      0,
      1.0285,
      0.0571001,
      1.0857,
      0.1142,
      1.1428,
      0.1714,
      1.2,
      0.2285,
      1.2571,
      0.2857,
      1.3143,
      0.3428,
      1.3714,
      0.4,
      1.4286,
      0.4571,
      1.4857,
      0.5142,
      1.5428,
      0.5714,
      1.6,
      0.6285,
      1.6571,
      0.6857,
      1.7143,
      0.7428,
      1.7714,
      0.8,
      1.8285,
      0.8571,
      1.8857,
      0.9143,
      1.9428,
      0.9714
    ],
    "SoftwareVersions": "27_LX_MR_Software_release:DV26.0_R02_1810.b",
    "SpacingBetweenSlices": 4,
    "StationName": "GEHCGEHC",
    "TaskName": "rest",
    "TotalReadoutTime": 0.023436,
    "dataset": "ds003481",
    "modality": "bold",
    "subject_id": "039",
    "task_id": "rest"
  },
  "dummy_trs": 2,
  "dvars_nstd": 14.380131101784519,
  "dvars_std": 0.9952999148148148,
  "dvars_vstd": 0.9270409285521879,
  "efc": 0.35218958867722017,
  "fber": 95634.15625,
  "fd_mean": 0.08951387101220491,
  "fd_num": 7,
  "fd_perc": 2.348993288590604,
  "fwhm_avg": 2.4849858333333334,
  "fwhm_x": 2.433835,
  "fwhm_y": 2.651825,
  "fwhm_z": 2.3692975,
  "gcor": 0.054039,
  "gsr_x": 0.0007726422627456486,
  "gsr_y": -0.001670756610110402,
  "provenance": {
    "md5sum": "f28cc23c602c6483718afb0a312d8489",
    "settings": {
      "fd_thres": 0.2,
      "testing": false
    },
    "software": "mriqc",
    "version": "23.0.1",
    "webapi_port": null,
    "webapi_url": "https://mriqc.nimh.nih.gov/api/v1"
  },
  "size_t": 298,
  "size_x": 64,
  "size_y": 64,
  "size_z": 35,
  "snr": 3.7507766986954194,
  "spacing_tr": 2.0,
  "spacing_x": 4.0,
  "spacing_y": 4.0,
  "spacing_z": 4.0,
  "summary_bg_k": 98.40270985177051,
  "summary_bg_mad": 9.12944646024747,
  "summary_bg_mean": 38.247840881347656,
  "summary_bg_median": 6.81879186630249,
  "summary_bg_n": 102190.0,
  "summary_bg_p05": 0.2281879186630249,
  "summary_bg_p95": 169.19496841430578,
  "summary_bg_stdv": 123.41100311279297,
  "summary_fg_k": 0.12879678966205255,
  "summary_fg_mad": 504.10466228067855,
  "summary_fg_mean": 2055.066650390625,
  "summary_fg_median": 2004.0738525390625,
  "summary_fg_n": 13631.0,
  "summary_fg_p05": 1223.8842163085938,
  "summary_fg_p95": 2996.2315673828125,
  "summary_fg_stdv": 534.2894287109375,
  "tsnr": 52.57703728787601
}