{
  "aor": 0.0025171428571428575,
  "aqi": 0.0074841746875,
  "bids_meta": {
    "AcquisitionMatrixPE": 64,
    "AcquisitionNumber": 1,
    "AcquisitionTime": "18:45:18.000000",
    "BodyPartExamined": "HEAD",
    "CoilString": "32Ch_Head",
    "ConversionSoftware": "dcm2niix",
    "ConversionSoftwareVersion": "v1.0.20181125  (JP2:OpenJPEG) GCC7.3.0",
    "DeviceSerialNumber": "0002806034DVR750",
    "EchoTime": 0.04,
    "EffectiveEchoSpacing": 0.000372,
    "FlipAngle": 90,
    "ImageOrientationPatientDICOM": [
      1,
      0,
      0,
      0,
      1,
      0
    ],
    "ImageType": [
      "ORIGINAL",
      "PRIMARY",
      "EPI",
      "NONE"
    ],
    "ImagingFrequency": 127.772,
    "InPlanePhaseEncodingDirectionDICOM": "COL",
    "InstitutionName": "INSTITUTO_DE_NEUROBIOLOGIA",
    "MRAcquisitionType": "2D",
    "MagneticFieldStrength": 3,
    "Manufacturer": "GE",
    "ManufacturersModelName": "DISCOVERY_MR750",
    "Modality": "MR",
    "PatientPosition": "HFS",
    "PercentPhaseFOV": 100,
    "PhaseEncodingDirection": "j",
    "PhaseEncodingPolarityGE": "Flipped",
    "PixelBandwidth": 7812.5,
    "ProcedureStepDescription": "Emociones_AH",
    "ProtocolName": "fMRI_Jalil_2",
    "ReconMatrixPE": 64,
    "RepetitionTime": 2,
    "SAR": 0.16467,
    "ScanOptions": "EPI_GEMS_ACC_GEMS",
    "ScanningSequence": "EP_GR",
    "SequenceVariant": "SS",
    "SeriesDescription": "fMRI_Jalil_2",
    "SeriesNumber": 6,
    "SliceThickness": 4,
    "SliceTiming": [
      0,
      1.0285,
      0.0571001,
      1.0857,
      0.1142,
      1.1428,
      0.1714,
      1.2,
      0.2285,
      1.2571,
      0.2857,
      1.3143,
      0.3428,
      1.3714,
      0.4,
      1.4286,
      0.4571,
      1.4857,
      0.5142,
      1.5428,
      0.5714,
      1.6,
      0.6285,
      1.6571,
      0.6857,
      1.7143,
      0.7428,
      1.7714,
      0.8,
      1.8285,
      0.8571,
      1.8857,
      0.9143,
      1.9428,
      0.9714
    ],
    "SoftwareVersions": "27_LX_MR_Software_release:DV26.0_R02_1810.b",
    "SpacingBetweenSlices": 4,
    "StationName": "GEHCGEHC",
    "TaskName": "sae",
    "TotalReadoutTime": 0.023436,
    "dataset": "ds003481",
    "modality": "bold",
    "run_id": 2,
    "subject_id": "030",
    "task_id": "sae"
  },
  "dummy_trs": 0,
  "dvars_nstd": 13.996666818206283,
  "dvars_std": 0.9256809629147977,
  "dvars_vstd": 0.9044542623318393,
  "efc": 0.3230583138885988,
  "fber": 53296.6875,
  "fd_mean": 0.10222808499590604,
  "fd_num": 12,
  "fd_perc": 5.357142857142857,
  "fwhm_avg": 2.697858333333333,
  "fwhm_x": 2.58375,
  "fwhm_y": 2.795425,
  "fwhm_z": 2.7144,
  "gcor": 0.018332,
  "gsr_x": -0.009862312115728855,
  "gsr_y": 0.00042062500142492354,
  "provenance": {
    "md5sum": "10a2d643ad654af4a33f4eca3c85892c",
    "settings": {
      "fd_thres": 0.2,
      "testing": false
    },
    "software": "mriqc",
    "version": "23.0.1",
    "webapi_port": null,
    "webapi_url": "https://mriqc.nimh.nih.gov/api/v1"
  },
  "size_t": 224,
  "size_x": 64,
  "size_y": 64,
  "size_z": 35,
  "snr": 3.7312433006343086,
  "spacing_tr": 2.0,
  "spacing_x": 4.0,
  "spacing_y": 4.0,
  "spacing_z": 4.0,
  "summary_bg_k": 167.2294651697664,
  "summary_bg_mad": 9.7626707322204,
  "summary_bg_mean": 31.05843734741211,
  "summary_bg_median": 8.28125,
  "summary_bg_n": 106115.0,
  "summary_bg_p05": 0.5178571939468384,
  "summary_bg_p95": 126.17232513427724,
  "summary_bg_stdv": 90.00875854492188,
  "summary_fg_k": 1.1647693640837682,
  "summary_fg_mad": 405.0516497185214,
  "summary_fg_mean": 1917.757080078125,
  "summary_fg_median": 1850.04248046875,
  "summary_fg_n": 11162.0,
  "summary_fg_p05": 1215.3659362792969,
  "summary_fg_p95": 2858.9328857421874,
  "summary_fg_stdv": 495.8024597167969,
  "tsnr": 49.348224309505895
}