{
  "aor": 0.008895178571428571,
  "aqi": 0.004443836401785714,
  "bids_meta": {
    "AcquisitionMatrixPE": 64,
    "AcquisitionNumber": 1,
    "AcquisitionTime": "18:32:42.000000",
    "BodyPartExamined": "HEAD",
    "CoilString": "32Ch_Head",
    "ConversionSoftware": "dcm2niix",
    "ConversionSoftwareVersion": "v1.0.20181125  (JP2:OpenJPEG) GCC7.3.0",
    "DeviceSerialNumber": "0002806034DVR750",
    "EchoTime": 0.04,
    "EffectiveEchoSpacing": 0.000372,
    "FlipAngle": 90,
    "ImageOrientationPatientDICOM": [
      1,
      0,
      0,
      0,
      1,
      0
    ],
    "ImageType": [
      "ORIGINAL",
      "PRIMARY",
      "EPI",
      "NONE"
    ],
    "ImagingFrequency": 127.772,
    "InPlanePhaseEncodingDirectionDICOM": "COL",
    "InstitutionName": "INSTITUTO_DE_NEUROBIOLOGIA",
    "MRAcquisitionType": "2D",
    "MagneticFieldStrength": 3,
    "Manufacturer": "GE",
    "ManufacturersModelName": "DISCOVERY_MR750",
    "Modality": "MR",
    "PatientPosition": "HFS",
    "PercentPhaseFOV": 100,
    "PhaseEncodingDirection": "j",
    "PhaseEncodingPolarityGE": "Flipped",
    "PixelBandwidth": 7812.5,
    "ProcedureStepDescription": "Emociones_AH",
    "ProtocolName": "fMRI_Jalil_2",
    "ReconMatrixPE": 64,
    "RepetitionTime": 2,
    "SAR": 0.203652,
    "ScanOptions": "EPI_GEMS_ACC_GEMS",
    "ScanningSequence": "EP_GR",
    "SequenceVariant": "SS",
    "SeriesDescription": "fMRI_Jalil_2",
    "SeriesNumber": 6,
    "SliceThickness": 4,
    "SliceTiming": [
      0,
      1.0285,
      0.0571001,
      1.0857,
      0.1142,
      1.1428,
      0.1714,
      1.2,
      0.2285,
      1.2571,
      0.2857,
      1.3143,
      0.3428,
      1.3714,
      0.4,
      1.4286,
      0.4571,
      1.4857,
      0.5142,
      1.5428,
      0.5714,
      1.6,
      0.6285,
      1.6571,
      0.6857,
      1.7143,
      0.7428,
      1.7714,
      0.8,
      1.8285,
      0.8571,
      1.8857,
      0.9143,
      1.9428,
      0.9714
    ],
    "SoftwareVersions": "27_LX_MR_Software_release:DV26.0_R02_1810.b",
    "SpacingBetweenSlices": 4,
    "StationName": "GEHCGEHC",
    "TaskName": "sae",
    "TotalReadoutTime": 0.023436,
    "dataset": "ds003481",
    "modality": "bold",
    "run_id": 2,
    "subject_id": "041",
    "task_id": "sae"
  },
  "dummy_trs": 0,
  "dvars_nstd": 18.41080808820628,
  "dvars_std": 1.0367636109417033,
  "dvars_vstd": 0.9642916724215249,
  "efc": 0.3400384037378039,
  "fber": 68632.109375,
  "fd_mean": 0.13916860364735312,
  "fd_num": 35,
  "fd_perc": 15.625,
  "fwhm_avg": 2.6241266666666667,
  "fwhm_x": 2.6692,
  "fwhm_y": 2.72285,
  "fwhm_z": 2.48033,
  "gcor": 0.0464635,
  "gsr_x": -0.014546722173690796,
  "gsr_y": 0.00475763576105237,
  "provenance": {
    "md5sum": "e95387c0a500db2a518ea82185c61868",
    "settings": {
      "fd_thres": 0.2,
      "testing": false
    },
    "software": "mriqc",
    "version": "23.0.1",
    "webapi_port": null,
    "webapi_url": "https://mriqc.nimh.nih.gov/api/v1"
  },
  "size_t": 224,
  "size_x": 64,
  "size_y": 64,
  "size_z": 35,
  "snr": 3.646315126350309,
  "spacing_tr": 2.0,
  "spacing_x": 4.0,
  "spacing_y": 4.0,
  "spacing_z": 4.0,
  "summary_bg_k": 98.23233055899556,
  "summary_bg_mad": 10.325265652295393,
  "summary_bg_mean": 28.20049285888672,
  "summary_bg_median": 7.589285850524902,
  "summary_bg_n": 102997.0,
  "summary_bg_p05": 0.1875000149011612,
  "summary_bg_p95": 120.0026870727538,
  "summary_bg_stdv": 74.42324829101562,
  "summary_fg_k": 0.2826805127060794,
  "summary_fg_mad": 483.36479104862565,
  "summary_fg_mean": 1984.998046875,
  "summary_fg_median": 1909.0179443359375,
  "summary_fg_n": 13414.0,
  "summary_fg_p05": 1239.9676635742187,
  "summary_fg_p95": 2953.692529296875,
  "summary_fg_stdv": 523.5276489257812,
  "tsnr": 60.654758804128505
}