{
  "bids_meta": {
    "AcquisitionMatrixPE": 256,
    "AcquisitionNumber": 1,
    "AcquisitionTime": "20:10:37.000000",
    "CoilString": "32Ch_Head",
    "ConversionSoftware": "dcm2niix",
    "ConversionSoftwareVersion": "v1.0.20190902",
    "Dcm2bidsVersion": "2.1.4",
    "DeviceSerialNumber": "000000000000GEHC",
    "EchoTime": 0.00318,
    "FlipAngle": 12,
    "ImageOrientationPatientDICOM": [
      0,
      1,
      0,
      0,
      0,
      -1
    ],
    "ImageType": [
      "ORIGINAL",
      "PRIMARY",
      "OTHER"
    ],
    "ImagingFrequency": 127.772,
    "InPlanePhaseEncodingDirectionDICOM": "ROW",
    "InstitutionName": "INSTITUTO_DE_NEUROBIOLOGIA",
    "InversionTime": 0.45,
    "MRAcquisitionType": "3D",
    "MagneticFieldStrength": 3,
    "Manufacturer": "GE",
    "ManufacturersModelName": "DISCOVERY_MR750",
    "Modality": "MR",
    "PatientPosition": "HFS",
    "PercentPhaseFOV": 100,
    "PixelBandwidth": 244.141,
    "ProcedureStepDescription": "verbos",
    "ProtocolName": "Sag_T1_FSPGR_BRAVO",
    "ReconMatrixPE": 256,
    "RepetitionTime": 0.008156,
    "SAR": 0.228708,
    "ScanOptions": "FAST_GEMS_EDR_GEMS_FILTERED_GEMS_ACC_GEMS",
    "ScanningSequence": "GR",
    "SequenceVariant": "SS_SP_SK",
    "SeriesDescription": "Sag_T1_FSPGR_BRAVO",
    "SeriesNumber": 5,
    "SliceThickness": 1,
    "SoftwareVersions": "24_LX_MR_Software_release:DV24.0_R02_1607.b",
    "SpacingBetweenSlices": 1,
    "StationName": "GEHCGEHC",
    "dataset": "ds003481",
    "modality": "T1w",
    "subject_id": "133"
  },
  "cjv": 0.3704486385806625,
  "cnr": 3.632266154076226,
  "efc": 0.5353311183128356,
  "fber": -1.0,
  "fwhm_avg": 4.297493333333333,
  "fwhm_x": 4.26282,
  "fwhm_y": 4.44285,
  "fwhm_z": 4.18681,
  "icvs_csf": 0.21232653456419343,
  "icvs_gm": 0.43007294751951486,
  "icvs_wm": 0.3576005179162917,
  "inu_med": 0.7709623575210571,
  "inu_range": 0.6677505463361737,
  "provenance": {
    "md5sum": "9886f407eb878c138097602676d61499",
    "settings": {
      "testing": false
    },
    "software": "mriqc",
    "version": "23.0.1",
    "warnings": {
      "large_rot_frame": true,
      "small_air_mask": false
    },
    "webapi_port": null,
    "webapi_url": "https://mriqc.nimh.nih.gov/api/v1"
  },
  "qi_1": 9.781502573957941e-05,
  "qi_2": 0.00266839821645355,
  "rpve_csf": 24.485653035358187,
  "rpve_gm": 12.608381445263172,
  "rpve_wm": 17.530064951554035,
  "size_x": 176,
  "size_y": 256,
  "size_z": 256,
  "snr_csf": 2.877856883198953,
  "snr_gm": 10.048016119982167,
  "snr_total": 11.689301881531868,
  "snr_wm": 22.142032641414485,
  "snrd_csf": 14.294934818877543,
  "snrd_gm": 36.961278619150185,
  "snrd_total": 34.78082768473994,
  "snrd_wm": 53.086269616192105,
  "spacing_x": 1.0,
  "spacing_y": 1.0,
  "spacing_z": 1.0,
  "summary_bg_k": 11.755696303726703,
  "summary_bg_mad": 0.0,
  "summary_bg_mean": 6.864688610179275,
  "summary_bg_median": 0.0,
  "summary_bg_n": 2547012.0,
  "summary_bg_p05": 0.0,
  "summary_bg_p95": 31.880861312150955,
  "summary_bg_stdv": 12.340976723478873,
  "summary_csf_k": 1.714266269533777,
  "summary_csf_mad": 74.33455339052138,
  "summary_csf_mean": 274.0193996818812,
  "summary_csf_median": 269.2774479687214,
  "summary_csf_n": 38673.0,
  "summary_csf_p05": 127.1152819722891,
  "summary_csf_p95": 443.29841239750385,
  "summary_csf_stdv": 93.56753216343827,
  "summary_gm_k": 0.02866835161635617,
  "summary_gm_mad": 68.44666797345039,
  "summary_gm_mean": 698.4015478164999,
  "summary_gm_median": 696.2493293136358,
  "summary_gm_n": 33620.0,
  "summary_gm_p05": 585.9349303096533,
  "summary_gm_p95": 814.3960506469011,
  "summary_gm_stdv": 69.2911880547683,
  "summary_wm_k": 0.4652854594901137,
  "summary_wm_mad": 44.077364441684296,
  "summary_wm_mean": 1001.2654915501186,
  "summary_wm_median": 1000.0000269711018,
  "summary_wm_n": 212541.0,
  "summary_wm_p05": 929.8952264040709,
  "summary_wm_p95": 1076.5582198798656,
  "summary_wm_stdv": 45.16286696328817,
  "tpm_overlap_csf": 0.1578607740913318,
  "tpm_overlap_gm": 0.4645994932785589,
  "tpm_overlap_wm": 0.5096654818212817,
  "wm2max": 0.4003990076597442
}