{
  "aor": 0.0011737,
  "aqi": 0.003485700233333333,
  "bids_meta": {
    "AcquisitionDateTime": "2017-08-17T21:24:52.000000",
    "ConversionSoftware": "dcm2niix",
    "ConversionSoftwareVersion": "v1.0.20170411 GCC4.8.4",
    "EchoTime": 0.04,
    "FlipAngle": 90,
    "ImageType": [
      "ORIGINAL",
      "PRIMARY",
      "EPI",
      "NONE"
    ],
    "MagneticFieldStrength": 3,
    "Manufacturer": "GE",
    "ManufacturersModelName": "DISCOVERY_MR750",
    "ProtocolName": "fMRI_RestState",
    "RepetitionTime": 2,
    "ScanningSequence": "EP_GR",
    "SequenceVariant": "SS",
    "SeriesDescription": "fMRI_RestState",
    "SliceTiming": [
      1.0285,
      0.0571001,
      1.0857,
      0.1142,
      1.1428,
      0.1714,
      1.2,
      0.2285,
      1.2571,
      0.2857,
      1.3143,
      0.3428,
      1.3714,
      0.4,
      1.4286,
      0.4571,
      1.4857,
      0.5142,
      1.5428,
      0.5714,
      1.6,
      0.6285,
      1.6571,
      0.6857,
      1.7143,
      0.7428,
      1.7714,
      0.8,
      1.8285,
      0.8571,
      1.8857,
      0.9143,
      1.9428,
      0.9714
    ],
    "TaskName": "rest",
    "dataset": "ds003481",
    "modality": "bold",
    "subject_id": "086",
    "task_id": "rest"
  },
  "dummy_trs": 0,
  "dvars_nstd": 11.870080195016731,
  "dvars_std": 0.9864887304682274,
  "dvars_vstd": 0.9190675204347826,
  "efc": 0.36238272785842807,
  "fber": 68745.875,
  "fd_mean": 0.05947679955301749,
  "fd_num": 3,
  "fd_perc": 1.0,
  "fwhm_avg": 2.855183333333333,
  "fwhm_x": 2.784725,
  "fwhm_y": 2.86565,
  "fwhm_z": 2.915175,
  "gcor": 0.0347855,
  "gsr_x": -0.00721009774133563,
  "gsr_y": -0.0012257645139470696,
  "provenance": {
    "md5sum": "446b397531ee7a2d3cd3090740ddac3d",
    "settings": {
      "fd_thres": 0.2,
      "testing": false
    },
    "software": "mriqc",
    "version": "23.0.1",
    "webapi_port": null,
    "webapi_url": "https://mriqc.nimh.nih.gov/api/v1"
  },
  "size_t": 300,
  "size_x": 64,
  "size_y": 64,
  "size_z": 34,
  "snr": 3.265583500201514,
  "spacing_tr": 2.0,
  "spacing_x": 4.0,
  "spacing_y": 4.0,
  "spacing_z": 4.0,
  "summary_bg_k": 54.09526343341709,
  "summary_bg_mad": 9.963087304255149,
  "summary_bg_mean": 35.32120895385742,
  "summary_bg_median": 7.6666669845581055,
  "summary_bg_n": 96932.0,
  "summary_bg_p05": 0.27666667103767395,
  "summary_bg_p95": 166.67966690063474,
  "summary_bg_stdv": 99.230224609375,
  "summary_fg_k": 0.5657507333376963,
  "summary_fg_mad": 547.0382308704259,
  "summary_fg_mean": 2088.36083984375,
  "summary_fg_median": 1973.71337890625,
  "summary_fg_n": 14646.0,
  "summary_fg_p05": 1285.8950805664062,
  "summary_fg_p95": 3267.3692626953125,
  "summary_fg_stdv": 604.3777465820312,
  "tsnr": 74.40732765197754
}