{
  "aor": 0.0006969803921568629,
  "aqi": 0.001859412176470588,
  "bids_meta": {
    "AcquisitionDateTime": "2016-05-19T18:41:22.000000",
    "ConversionSoftware": "dcm2niix",
    "ConversionSoftwareVersion": "v1.0.20170411 GCC4.8.4",
    "EchoTime": 0.04,
    "FlipAngle": 90,
    "ImageType": [
      "ORIGINAL",
      "PRIMARY",
      "EPI",
      "NONE"
    ],
    "MagneticFieldStrength": 3,
    "Manufacturer": "GE",
    "ManufacturersModelName": "DISCOVERY_MR750",
    "ProcedureStepDescription": "ActosHabla",
    "ProtocolName": "fMRI_ActosHabla_3",
    "RepetitionTime": 2,
    "ScanningSequence": "EP_GR",
    "SequenceVariant": "SS",
    "SeriesDescription": "fMRI_ActosHabla_3",
    "SliceTiming": [
      0,
      1.0285,
      0.0571001,
      1.0857,
      0.1142,
      1.1428,
      0.1714,
      1.2,
      0.2285,
      1.2571,
      0.2857,
      1.3143,
      0.3428,
      1.3714,
      0.4,
      1.4286,
      0.4571,
      1.4857,
      0.5142,
      1.5428,
      0.5714,
      1.6,
      0.6285,
      1.6571,
      0.6857,
      1.7143,
      0.7428,
      1.7714,
      0.8,
      1.8285,
      0.8571,
      1.8857,
      0.9143,
      1.9428,
      0.9714
    ],
    "TaskName": "sar",
    "dataset": "ds003481",
    "modality": "bold",
    "run_id": 3,
    "subject_id": "009",
    "task_id": "sar"
  },
  "dummy_trs": 0,
  "dvars_nstd": 18.032557036535437,
  "dvars_std": 1.1742408355511815,
  "dvars_vstd": 0.9800071125196849,
  "efc": 0.32442127423409856,
  "fber": 73287.8203125,
  "fd_mean": 0.1693740824690467,
  "fd_num": 87,
  "fd_perc": 34.11764705882353,
  "fwhm_avg": 2.6647333333333334,
  "fwhm_x": 2.57095,
  "fwhm_y": 2.668375,
  "fwhm_z": 2.754875,
  "gcor": 0.0503518,
  "gsr_x": -0.015336237847805023,
  "gsr_y": -0.005506361369043589,
  "provenance": {
    "md5sum": "669f67a145e9671798a652dcabe9a5a2",
    "settings": {
      "fd_thres": 0.2,
      "testing": false
    },
    "software": "mriqc",
    "version": "23.0.1",
    "webapi_port": null,
    "webapi_url": "https://mriqc.nimh.nih.gov/api/v1"
  },
  "size_t": 255,
  "size_x": 64,
  "size_y": 64,
  "size_z": 35,
  "snr": 3.9833342711989896,
  "spacing_tr": 2.0,
  "spacing_x": 4.0,
  "spacing_y": 4.0,
  "spacing_z": 4.0,
  "summary_bg_k": 73.52235353348226,
  "summary_bg_mad": 10.023554285356663,
  "summary_bg_mean": 32.54164123535156,
  "summary_bg_median": 7.4274516105651855,
  "summary_bg_n": 106291.0,
  "summary_bg_p05": 0.19607844948768616,
  "summary_bg_p95": 135.49412536621094,
  "summary_bg_stdv": 91.53535461425781,
  "summary_fg_k": 1.1609613252782953,
  "summary_fg_mad": 362.2142729108951,
  "summary_fg_mean": 1920.4107666015625,
  "summary_fg_median": 1852.266845703125,
  "summary_fg_n": 10746.0,
  "summary_fg_p05": 1239.8442077636719,
  "summary_fg_p95": 2797.3383178710938,
  "summary_fg_stdv": 464.98248291015625,
  "tsnr": 91.94273253111169
}