{
  "aor": 0.0037804399999999995,
  "aqi": 0.001721276856,
  "bids_meta": {
    "AcquisitionDateTime": "2017-06-22T20:27:45.000000",
    "ConversionSoftware": "dcm2niix",
    "ConversionSoftwareVersion": "v1.0.20170411 GCC4.8.4",
    "EchoTime": 0.035,
    "FlipAngle": 90,
    "ImageType": [
      "ORIGINAL",
      "PRIMARY",
      "EPI",
      "NONE"
    ],
    "MagneticFieldStrength": 3,
    "Manufacturer": "GE",
    "ManufacturersModelName": "DISCOVERY_MR750",
    "ProcedureStepDescription": "CompMet",
    "ProtocolName": "fMRI_CompMet_2",
    "RepetitionTime": 2,
    "ScanningSequence": "EP_GR",
    "SequenceVariant": "SS",
    "SeriesDescription": "fMRI_CompMet_2",
    "SliceTiming": [
      1.0285,
      0.0571001,
      1.0857,
      0.1142,
      1.1428,
      0.1714,
      1.2,
      0.2285,
      1.2571,
      0.2857,
      1.3143,
      0.3428,
      1.3714,
      0.4,
      1.4286,
      0.4571,
      1.4857,
      0.5142,
      1.5428,
      0.5714,
      1.6,
      0.6285,
      1.6571,
      0.6857,
      1.7143,
      0.7428,
      1.7714,
      0.8,
      1.8285,
      0.8571,
      1.8857,
      0.9143,
      1.9428,
      0.9714
    ],
    "TaskName": "cmp",
    "dataset": "ds003481",
    "modality": "bold",
    "run_id": 2,
    "subject_id": "064",
    "task_id": "cmp"
  },
  "dummy_trs": 0,
  "dvars_nstd": 13.502032199598386,
  "dvars_std": 1.0972052833734942,
  "dvars_vstd": 1.0080304548192776,
  "efc": 0.34238759259981233,
  "fber": 87234.296875,
  "fd_mean": 0.115606695968379,
  "fd_num": 24,
  "fd_perc": 9.6,
  "fwhm_avg": 2.71515,
  "fwhm_x": 2.646,
  "fwhm_y": 2.82815,
  "fwhm_z": 2.6713,
  "gcor": 0.057331,
  "gsr_x": -0.008895675651729107,
  "gsr_y": -0.0005803341045975685,
  "provenance": {
    "md5sum": "473efae67a34022da67bf31d3dd57849",
    "settings": {
      "fd_thres": 0.2,
      "testing": false
    },
    "software": "mriqc",
    "version": "23.0.1",
    "webapi_port": null,
    "webapi_url": "https://mriqc.nimh.nih.gov/api/v1"
  },
  "size_t": 250,
  "size_x": 64,
  "size_y": 64,
  "size_z": 34,
  "snr": 3.5966915275766014,
  "spacing_tr": 2.0,
  "spacing_x": 4.0,
  "spacing_y": 4.0,
  "spacing_z": 4.0,
  "summary_bg_k": 61.254473270560794,
  "summary_bg_mad": 9.68732348390618,
  "summary_bg_mean": 37.50685119628906,
  "summary_bg_median": 7.142000198364258,
  "summary_bg_n": 100464.0,
  "summary_bg_p05": 0.15200001001358032,
  "summary_bg_p95": 174.76861343383723,
  "summary_bg_stdv": 110.09272003173828,
  "summary_fg_k": 0.5034938450565716,
  "summary_fg_mad": 485.2022079215966,
  "summary_fg_mean": 2079.355712890625,
  "summary_fg_median": 1995.72412109375,
  "summary_fg_n": 12449.0,
  "summary_fg_p05": 1302.165673828125,
  "summary_fg_p95": 3139.54580078125,
  "summary_fg_stdv": 554.85546875,
  "tsnr": 87.53981050103903
}