{
  "aor": 0.00812684,
  "aqi": 0.0025467797360000004,
  "bids_meta": {
    "AcquisitionDateTime": "2017-06-22T20:16:26.000000",
    "ConversionSoftware": "dcm2niix",
    "ConversionSoftwareVersion": "v1.0.20170411 GCC4.8.4",
    "EchoTime": 0.035,
    "FlipAngle": 90,
    "ImageType": [
      "ORIGINAL",
      "PRIMARY",
      "EPI",
      "NONE"
    ],
    "MagneticFieldStrength": 3,
    "Manufacturer": "GE",
    "ManufacturersModelName": "DISCOVERY_MR750",
    "ProcedureStepDescription": "CompMet",
    "ProtocolName": "fMRI_CompMet",
    "RepetitionTime": 2,
    "ScanningSequence": "EP_GR",
    "SequenceVariant": "SS",
    "SeriesDescription": "fMRI_CompMet",
    "SliceTiming": [
      1.0285,
      0.0571001,
      1.0857,
      0.1142,
      1.1428,
      0.1714,
      1.2,
      0.2285,
      1.2571,
      0.2857,
      1.3143,
      0.3428,
      1.3714,
      0.4,
      1.4286,
      0.4571,
      1.4857,
      0.5142,
      1.5428,
      0.5714,
      1.6,
      0.6285,
      1.6571,
      0.6857,
      1.7143,
      0.7428,
      1.7714,
      0.8,
      1.8285,
      0.8571,
      1.8857,
      0.9143,
      1.9428,
      0.9714
    ],
    "TaskName": "cmp",
    "dataset": "ds003481",
    "modality": "bold",
    "run_id": 1,
    "subject_id": "064",
    "task_id": "cmp"
  },
  "dummy_trs": 0,
  "dvars_nstd": 17.136039584578317,
  "dvars_std": 1.1351851814859444,
  "dvars_vstd": 1.019077528795181,
  "efc": 0.3436208611975738,
  "fber": 89270.8984375,
  "fd_mean": 0.14625728468638458,
  "fd_num": 50,
  "fd_perc": 20.0,
  "fwhm_avg": 2.6788000000000003,
  "fwhm_x": 2.6252,
  "fwhm_y": 2.787,
  "fwhm_z": 2.6242,
  "gcor": 0.0805688,
  "gsr_x": -0.008998729288578033,
  "gsr_y": -0.0008675368153490126,
  "provenance": {
    "md5sum": "15023c35b638c490f01959d9e52f27ee",
    "settings": {
      "fd_thres": 0.2,
      "testing": false
    },
    "software": "mriqc",
    "version": "23.0.1",
    "webapi_port": null,
    "webapi_url": "https://mriqc.nimh.nih.gov/api/v1"
  },
  "size_t": 250,
  "size_x": 64,
  "size_y": 64,
  "size_z": 34,
  "snr": 3.670018396995553,
  "spacing_tr": 2.0,
  "spacing_x": 4.0,
  "spacing_y": 4.0,
  "spacing_z": 4.0,
  "summary_bg_k": 55.43594215578307,
  "summary_bg_mad": 9.559819655645828,
  "summary_bg_mean": 37.53072738647461,
  "summary_bg_median": 7.080000400543213,
  "summary_bg_n": 100247.0,
  "summary_bg_p05": 0.18800000846385956,
  "summary_bg_p95": 176.65480651855466,
  "summary_bg_stdv": 109.1846694946289,
  "summary_fg_k": 0.4961413818848128,
  "summary_fg_mad": 472.641714859008,
  "summary_fg_mean": 2096.864013671875,
  "summary_fg_median": 2015.694091796875,
  "summary_fg_n": 12552.0,
  "summary_fg_p05": 1327.1752624511719,
  "summary_fg_p95": 3161.230932617186,
  "summary_fg_stdv": 549.2108154296875,
  "tsnr": 68.74661092297174
}