{
  "bids_meta": {
    "AcquisitionDateTime": "2016-05-02T19:59:17.000000",
    "ConversionSoftware": "dcm2niix",
    "ConversionSoftwareVersion": "v1.0.20170411 GCC4.8.4",
    "EchoTime": 0.00318,
    "FlipAngle": 12,
    "ImageType": [
      "DERIVED",
      "PRIMARY",
      "OTHER"
    ],
    "InversionTime": 0.45,
    "MagneticFieldStrength": 3,
    "Manufacturer": "GE",
    "ManufacturersModelName": "DISCOVERY_MR750",
    "ProcedureStepDescription": "ActosHabla",
    "ProtocolName": "PU:Sag_T1_FSPGR_BRAVO",
    "RepetitionTime": 0.008156,
    "ScanningSequence": "GR",
    "SequenceVariant": "SS_SP_SK",
    "SeriesDescription": "PU:Sag_T1_FSPGR_BRAVO",
    "dataset": "ds003481",
    "modality": "T1w",
    "subject_id": "002"
  },
  "cjv": 0.36238615437600114,
  "cnr": 3.7243714223175397,
  "efc": 0.6991375665580543,
  "fber": 7982.698056975894,
  "fwhm_avg": 3.7317699999999996,
  "fwhm_x": 3.72859,
  "fwhm_y": 3.95057,
  "fwhm_z": 3.51615,
  "icvs_csf": 0.19084785258910736,
  "icvs_gm": 0.4644690766081845,
  "icvs_wm": 0.34468307080270816,
  "inu_med": 0.55552738904953,
  "inu_range": 0.20614964812993997,
  "provenance": {
    "md5sum": "8b1bf74b9eecab0133bf55444474b3a2",
    "settings": {
      "testing": false
    },
    "software": "mriqc",
    "version": "23.0.1",
    "warnings": {
      "large_rot_frame": true,
      "small_air_mask": false
    },
    "webapi_port": null,
    "webapi_url": "https://mriqc.nimh.nih.gov/api/v1"
  },
  "qi_1": 0.0,
  "qi_2": 0.0033040442088417376,
  "rpve_csf": 28.68607692519479,
  "rpve_gm": 12.899075343629956,
  "rpve_wm": 19.329059526219883,
  "size_x": 176,
  "size_y": 256,
  "size_z": 256,
  "snr_csf": 2.5570052578119866,
  "snr_gm": 11.502584273439405,
  "snr_total": 11.338606622579412,
  "snr_wm": 19.956230336486843,
  "snrd_csf": 12.434160304314089,
  "snrd_gm": 29.95861105355445,
  "snrd_total": 28.38206239736532,
  "snrd_wm": 42.75341583422743,
  "spacing_x": 1.0,
  "spacing_y": 1.0,
  "spacing_z": 1.0,
  "summary_bg_k": 11.238053835991014,
  "summary_bg_mad": 0.0,
  "summary_bg_mean": 9.300764657196884,
  "summary_bg_median": 0.0,
  "summary_bg_n": 655473.0,
  "summary_bg_p05": 0.0,
  "summary_bg_p95": 41.799563214182854,
  "summary_bg_stdv": 15.323603556124693,
  "summary_csf_k": 0.882341325451419,
  "summary_csf_mad": 93.51817681358506,
  "summary_csf_mean": 295.50003863357944,
  "summary_csf_median": 290.8343103155494,
  "summary_csf_n": 23209.0,
  "summary_csf_p05": 101.7962053537369,
  "summary_csf_p95": 497.59106546714895,
  "summary_csf_stdv": 113.7377577966706,
  "summary_gm_k": 0.027341227098983456,
  "summary_gm_mad": 61.41213607119657,
  "summary_gm_mean": 698.2970234452289,
  "summary_gm_median": 700.7302278988063,
  "summary_gm_n": 33420.0,
  "summary_gm_p05": 594.3427853807807,
  "summary_gm_p95": 793.226450111717,
  "summary_gm_stdv": 60.9184621009561,
  "summary_wm_k": 0.903882342998052,
  "summary_wm_mad": 47.039082948150565,
  "summary_wm_mean": 1002.2836779970143,
  "summary_wm_median": 999.999992236495,
  "summary_wm_n": 168506.0,
  "summary_wm_p05": 924.7104175314307,
  "summary_wm_p95": 1087.2502853311598,
  "summary_wm_stdv": 50.10951507962834,
  "tpm_overlap_csf": 0.14938648056410023,
  "tpm_overlap_gm": 0.47550579723733616,
  "tpm_overlap_wm": 0.4974815668520715,
  "wm2max": 0.4346271705822268
}