{
  "aor": 0.0005915708812260537,
  "aqi": 0.0021652733218390802,
  "bids_meta": {
    "AcquisitionDateTime": "2017-02-09T18:20:14.000000",
    "ConversionSoftware": "dcm2niix",
    "ConversionSoftwareVersion": "v1.0.20170411 GCC4.8.4",
    "EchoTime": 0.04,
    "FlipAngle": 90,
    "ImageType": [
      "ORIGINAL",
      "PRIMARY",
      "EPI",
      "NONE"
    ],
    "MagneticFieldStrength": 3,
    "Manufacturer": "GE",
    "ManufacturersModelName": "DISCOVERY_MR750",
    "ProcedureStepDescription": "ActosHabla",
    "ProtocolName": "fMRI_ActosHabla_1",
    "RepetitionTime": 2,
    "ScanningSequence": "EP_GR",
    "SequenceVariant": "SS",
    "SeriesDescription": "fMRI_ActosHabla_1",
    "SliceTiming": [
      0,
      1.0285,
      0.0571001,
      1.0857,
      0.1142,
      1.1428,
      0.1714,
      1.2,
      0.2285,
      1.2571,
      0.2857,
      1.3143,
      0.3428,
      1.3714,
      0.4,
      1.4286,
      0.4571,
      1.4857,
      0.5142,
      1.5428,
      0.5714,
      1.6,
      0.6285,
      1.6571,
      0.6857,
      1.7143,
      0.7428,
      1.7714,
      0.8,
      1.8285,
      0.8571,
      1.8857,
      0.9143,
      1.9428,
      0.9714
    ],
    "TaskName": "sar",
    "dataset": "ds003481",
    "modality": "bold",
    "run_id": 1,
    "subject_id": "016",
    "task_id": "sar"
  },
  "dummy_trs": 0,
  "dvars_nstd": 14.253014534999993,
  "dvars_std": 1.098631516692308,
  "dvars_vstd": 0.9740222903461538,
  "efc": 0.3445798579917882,
  "fber": 60484.4296875,
  "fd_mean": 0.059649467401666434,
  "fd_num": 5,
  "fd_perc": 1.9157088122605364,
  "fwhm_avg": 2.561593333333333,
  "fwhm_x": 2.560825,
  "fwhm_y": 2.683975,
  "fwhm_z": 2.43998,
  "gcor": 0.0527902,
  "gsr_x": -0.0030021837446838617,
  "gsr_y": -0.0010867450619116426,
  "provenance": {
    "md5sum": "21681f795bcad7de17d1229ebbd8784e",
    "settings": {
      "fd_thres": 0.2,
      "testing": false
    },
    "software": "mriqc",
    "version": "23.0.1",
    "webapi_port": null,
    "webapi_url": "https://mriqc.nimh.nih.gov/api/v1"
  },
  "size_t": 261,
  "size_x": 64,
  "size_y": 64,
  "size_z": 35,
  "snr": 4.09396457983311,
  "spacing_tr": 2.0,
  "spacing_x": 4.0,
  "spacing_y": 4.0,
  "spacing_z": 4.0,
  "summary_bg_k": 137.82212438242513,
  "summary_bg_mad": 11.258687690213984,
  "summary_bg_mean": 30.254854202270508,
  "summary_bg_median": 8.1532564163208,
  "summary_bg_n": 102890.0,
  "summary_bg_p05": 0.14176245033740997,
  "summary_bg_p95": 117.12758407592747,
  "summary_bg_stdv": 86.88814544677734,
  "summary_fg_k": 0.35582602079204806,
  "summary_fg_mad": 422.5302304259806,
  "summary_fg_mean": 1911.8538818359375,
  "summary_fg_median": 1879.498046875,
  "summary_fg_n": 13245.0,
  "summary_fg_p05": 1203.7202880859375,
  "summary_fg_p95": 2720.097314453125,
  "summary_fg_stdv": 459.0726318359375,
  "tsnr": 87.53026969358325
}