{
  "aor": 0.005251141732283464,
  "aqi": 0.0067612882677165346,
  "bids_meta": {
    "AcquisitionDateTime": "2017-02-09T18:40:15.000000",
    "ConversionSoftware": "dcm2niix",
    "ConversionSoftwareVersion": "v1.0.20170411 GCC4.8.4",
    "EchoTime": 0.04,
    "FlipAngle": 90,
    "ImageType": [
      "ORIGINAL",
      "PRIMARY",
      "EPI",
      "NONE"
    ],
    "MagneticFieldStrength": 3,
    "Manufacturer": "GE",
    "ManufacturersModelName": "DISCOVERY_MR750",
    "ProcedureStepDescription": "ActosHabla",
    "ProtocolName": "fMRI_ActosHabla_3",
    "RepetitionTime": 2,
    "ScanningSequence": "EP_GR",
    "SequenceVariant": "SS",
    "SeriesDescription": "fMRI_ActosHabla_3",
    "SliceTiming": [
      0,
      1.0285,
      0.0571001,
      1.0857,
      0.1142,
      1.1428,
      0.1714,
      1.2,
      0.2285,
      1.2571,
      0.2857,
      1.3143,
      0.3428,
      1.3714,
      0.4,
      1.4286,
      0.4571,
      1.4857,
      0.5142,
      1.5428,
      0.5714,
      1.6,
      0.6285,
      1.6571,
      0.6857,
      1.7143,
      0.7428,
      1.7714,
      0.8,
      1.8285,
      0.8571,
      1.8857,
      0.9143,
      1.9428,
      0.9714
    ],
    "TaskName": "sar",
    "dataset": "ds003481",
    "modality": "bold",
    "run_id": 3,
    "subject_id": "016",
    "task_id": "sar"
  },
  "dummy_trs": 1,
  "dvars_nstd": 17.056071066600783,
  "dvars_std": 0.915011539802372,
  "dvars_vstd": 0.8882728874308301,
  "efc": 0.3472634729845311,
  "fber": 56771.234375,
  "fd_mean": 0.11302458644614981,
  "fd_num": 20,
  "fd_perc": 7.874015748031496,
  "fwhm_avg": 2.569103333333333,
  "fwhm_x": 2.585175,
  "fwhm_y": 2.66585,
  "fwhm_z": 2.456285,
  "gcor": 0.0939697,
  "gsr_x": -0.0020267879590392113,
  "gsr_y": -0.0008480178075842559,
  "provenance": {
    "md5sum": "6ab5d49a461fd3ac0056d584b1f7030d",
    "settings": {
      "fd_thres": 0.2,
      "testing": false
    },
    "software": "mriqc",
    "version": "23.0.1",
    "webapi_port": null,
    "webapi_url": "https://mriqc.nimh.nih.gov/api/v1"
  },
  "size_t": 254,
  "size_x": 64,
  "size_y": 64,
  "size_z": 35,
  "snr": 4.054557920881543,
  "spacing_tr": 2.0,
  "spacing_x": 4.0,
  "spacing_y": 4.0,
  "spacing_z": 4.0,
  "summary_bg_k": 133.7908806832325,
  "summary_bg_mad": 11.452226691926002,
  "summary_bg_mean": 31.41282081604004,
  "summary_bg_median": 8.295275688171387,
  "summary_bg_n": 102771.0,
  "summary_bg_p05": 0.18110236525535583,
  "summary_bg_p95": 122.94488143920898,
  "summary_bg_stdv": 89.06016540527344,
  "summary_fg_k": 0.3108230325892749,
  "summary_fg_mad": 424.49098633849155,
  "summary_fg_mean": 1886.257080078125,
  "summary_fg_median": 1850.6654052734375,
  "summary_fg_n": 13329.0,
  "summary_fg_p05": 1184.750439453125,
  "summary_fg_p95": 2689.79296875,
  "summary_fg_stdv": 456.4236145019531,
  "tsnr": 50.33979239175096
}