{
  "aor": 0.0006504724409448818,
  "aqi": 0.0022771354133858264,
  "bids_meta": {
    "AcquisitionDateTime": "2017-02-09T18:30:37.000000",
    "ConversionSoftware": "dcm2niix",
    "ConversionSoftwareVersion": "v1.0.20170411 GCC4.8.4",
    "EchoTime": 0.04,
    "FlipAngle": 90,
    "ImageType": [
      "ORIGINAL",
      "PRIMARY",
      "EPI",
      "NONE"
    ],
    "MagneticFieldStrength": 3,
    "Manufacturer": "GE",
    "ManufacturersModelName": "DISCOVERY_MR750",
    "ProcedureStepDescription": "ActosHabla",
    "ProtocolName": "fMRI_ActosHabla_2",
    "RepetitionTime": 2,
    "ScanningSequence": "EP_GR",
    "SequenceVariant": "SS",
    "SeriesDescription": "fMRI_ActosHabla_2",
    "SliceTiming": [
      0,
      1.0285,
      0.0571001,
      1.0857,
      0.1142,
      1.1428,
      0.1714,
      1.2,
      0.2285,
      1.2571,
      0.2857,
      1.3143,
      0.3428,
      1.3714,
      0.4,
      1.4286,
      0.4571,
      1.4857,
      0.5142,
      1.5428,
      0.5714,
      1.6,
      0.6285,
      1.6571,
      0.6857,
      1.7143,
      0.7428,
      1.7714,
      0.8,
      1.8285,
      0.8571,
      1.8857,
      0.9143,
      1.9428,
      0.9714
    ],
    "TaskName": "sar",
    "dataset": "ds003481",
    "modality": "bold",
    "run_id": 2,
    "subject_id": "016",
    "task_id": "sar"
  },
  "dummy_trs": 0,
  "dvars_nstd": 14.706539402845841,
  "dvars_std": 1.1371976401976285,
  "dvars_vstd": 1.0015023771146256,
  "efc": 0.345861954172071,
  "fber": 58804.984375,
  "fd_mean": 0.06803128516992235,
  "fd_num": 3,
  "fd_perc": 1.1811023622047243,
  "fwhm_avg": 2.5625741666666664,
  "fwhm_x": 2.550825,
  "fwhm_y": 2.646975,
  "fwhm_z": 2.4899225,
  "gcor": 0.108037,
  "gsr_x": -0.0023764572106301785,
  "gsr_y": -0.0010077101178467274,
  "provenance": {
    "md5sum": "45f46b39b40e14220907030092b07d6a",
    "settings": {
      "fd_thres": 0.2,
      "testing": false
    },
    "software": "mriqc",
    "version": "23.0.1",
    "webapi_port": null,
    "webapi_url": "https://mriqc.nimh.nih.gov/api/v1"
  },
  "size_t": 254,
  "size_x": 64,
  "size_y": 64,
  "size_z": 35,
  "snr": 4.03612683686238,
  "spacing_tr": 2.0,
  "spacing_x": 4.0,
  "spacing_y": 4.0,
  "spacing_z": 4.0,
  "summary_bg_k": 160.14024590273465,
  "summary_bg_mad": 11.323812741256281,
  "summary_bg_mean": 30.723506927490234,
  "summary_bg_median": 8.21259880065918,
  "summary_bg_n": 102719.0,
  "summary_bg_p05": 0.14960630238056183,
  "summary_bg_p95": 118.74173278808546,
  "summary_bg_stdv": 89.37561798095703,
  "summary_fg_k": 0.42255169787631575,
  "summary_fg_mad": 425.93286767086875,
  "summary_fg_mean": 1916.9415283203125,
  "summary_fg_median": 1876.1240234375,
  "summary_fg_n": 13332.0,
  "summary_fg_p05": 1206.3744140625,
  "summary_fg_p95": 2735.979113769531,
  "summary_fg_stdv": 464.8153381347656,
  "tsnr": 87.7724702693522
}