{
  "bids_meta": {
    "AcquisitionDateTime": "2017-01-17T19:25:4.000000",
    "ConversionSoftware": "dcm2niix",
    "ConversionSoftwareVersion": "v1.0.20170411 GCC4.8.4",
    "EchoTime": 0.00318,
    "FlipAngle": 12,
    "ImageType": [
      "DERIVED",
      "PRIMARY",
      "OTHER"
    ],
    "InversionTime": 0.45,
    "MagneticFieldStrength": 3,
    "Manufacturer": "GE",
    "ManufacturersModelName": "DISCOVERY_MR750",
    "ProcedureStepDescription": "CompRefranes",
    "ProtocolName": "PU:Sag_T1_FSPGR_BRAVO",
    "RepetitionTime": 0.008156,
    "ScanningSequence": "GR",
    "SequenceVariant": "SS_SP_SK",
    "SeriesDescription": "PU:Sag_T1_FSPGR_BRAVO",
    "dataset": "ds003481",
    "modality": "T1w",
    "subject_id": "047"
  },
  "cjv": 0.33532909053139237,
  "cnr": 3.950386995101081,
  "efc": 0.7584372829825778,
  "fber": -1.0,
  "fwhm_avg": 3.6543566666666667,
  "fwhm_x": 3.6065,
  "fwhm_y": 3.87871,
  "fwhm_z": 3.47786,
  "icvs_csf": 0.20046612885653695,
  "icvs_gm": 0.46209908104396646,
  "icvs_wm": 0.33743479009949656,
  "inu_med": 0.6080296635627747,
  "inu_range": 0.2634310603141784,
  "provenance": {
    "md5sum": "a50ac9d287bcff97612374b01da4adf1",
    "settings": {
      "testing": false
    },
    "software": "mriqc",
    "version": "23.0.1",
    "warnings": {
      "large_rot_frame": true,
      "small_air_mask": true
    },
    "webapi_port": null,
    "webapi_url": "https://mriqc.nimh.nih.gov/api/v1"
  },
  "qi_1": 1.4068202646429893e-05,
  "qi_2": 0.0020481831505843647,
  "rpve_csf": 24.135371887932905,
  "rpve_gm": 11.458521040314924,
  "rpve_wm": 17.769739475227343,
  "size_x": 176,
  "size_y": 256,
  "size_z": 256,
  "snr_csf": 2.571455240790015,
  "snr_gm": 11.025913540849846,
  "snr_total": 11.277140939995476,
  "snr_wm": 20.23405403834657,
  "snrd_csf": 16.630970042390718,
  "snrd_gm": 44.78211940033829,
  "snrd_total": 42.289889025911656,
  "snrd_wm": 65.45657763500597,
  "spacing_x": 1.0,
  "spacing_y": 1.0,
  "spacing_z": 1.0,
  "summary_bg_k": 14.525775379887353,
  "summary_bg_mad": 0.0,
  "summary_bg_mean": 4.2524880671435,
  "summary_bg_median": 0.0,
  "summary_bg_n": 311982.0,
  "summary_bg_p05": 0.0,
  "summary_bg_p95": 24.906334597617388,
  "summary_bg_stdv": 10.009143489199346,
  "summary_csf_k": 1.5791745464434,
  "summary_csf_mad": 79.65956906793026,
  "summary_csf_mean": 265.525801950722,
  "summary_csf_median": 254.08718782663345,
  "summary_csf_n": 30028.0,
  "summary_csf_p05": 121.11290603391828,
  "summary_csf_p95": 454.5150614479556,
  "summary_csf_stdv": 98.80901402571807,
  "summary_gm_k": 0.35682860432590413,
  "summary_gm_mad": 59.58687258330124,
  "summary_gm_mean": 683.1573721719249,
  "summary_gm_median": 684.1791401430964,
  "summary_gm_n": 37849.0,
  "summary_gm_p05": 580.0408590734005,
  "summary_gm_p95": 783.1913995280861,
  "summary_gm_stdv": 62.051103455171386,
  "summary_wm_k": 0.9839828457346731,
  "summary_wm_mad": 46.33131830099906,
  "summary_wm_mean": 1001.3975803473252,
  "summary_wm_median": 1000.0425527580082,
  "summary_wm_n": 197607.0,
  "summary_wm_p05": 923.4076770730317,
  "summary_wm_p95": 1083.0636680833995,
  "summary_wm_stdv": 49.423611327575465,
  "tpm_overlap_csf": 0.1681604679353984,
  "tpm_overlap_gm": 0.47039912509659565,
  "tpm_overlap_wm": 0.5013085677055851,
  "wm2max": 0.488286040952084
}