{
  "aor": 0.0009459333333333333,
  "aqi": 0.0017060759,
  "bids_meta": {
    "AcquisitionDateTime": "2016-09-19T19:16:49.000000",
    "ConversionSoftware": "dcm2niix",
    "ConversionSoftwareVersion": "v1.0.20170411 GCC4.8.4",
    "EchoTime": 0.04,
    "FlipAngle": 90,
    "ImageType": [
      "ORIGINAL",
      "PRIMARY",
      "EPI",
      "NONE"
    ],
    "MagneticFieldStrength": 3,
    "Manufacturer": "GE",
    "ManufacturersModelName": "DISCOVERY_MR750",
    "ProcedureStepDescription": "MeditResp",
    "ProtocolName": "fMRI_RestSt",
    "RepetitionTime": 2,
    "ScanningSequence": "EP_GR",
    "SequenceVariant": "SS",
    "SeriesDescription": "fMRI_RestSt",
    "SliceTiming": [
      1.0285,
      0.0571001,
      1.0857,
      0.1142,
      1.1428,
      0.1714,
      1.2,
      0.2285,
      1.2571,
      0.2857,
      1.3143,
      0.3428,
      1.3714,
      0.4,
      1.4286,
      0.4571,
      1.4857,
      0.5142,
      1.5428,
      0.5714,
      1.6,
      0.6285,
      1.6571,
      0.6857,
      1.7143,
      0.7428,
      1.7714,
      0.8,
      1.8285,
      0.8571,
      1.8857,
      0.9143,
      1.9428,
      0.9714
    ],
    "TaskName": "rest",
    "dataset": "ds003481",
    "modality": "bold",
    "subject_id": "093",
    "task_id": "rest"
  },
  "dummy_trs": 0,
  "dvars_nstd": 15.099548987558537,
  "dvars_std": 1.0873142746153848,
  "dvars_vstd": 0.9804497577257528,
  "efc": 0.3437565745978514,
  "fber": 115334.515625,
  "fd_mean": 0.11336302192807204,
  "fd_num": 30,
  "fd_perc": 10.0,
  "fwhm_avg": 2.5347683333333335,
  "fwhm_x": 2.4906575,
  "fwhm_y": 2.658925,
  "fwhm_z": 2.4547225,
  "gcor": 0.0661623,
  "gsr_x": -0.013920357450842857,
  "gsr_y": 0.004816788714379072,
  "provenance": {
    "md5sum": "4077289b7bd6e18c0706ea85f9d8c8f2",
    "settings": {
      "fd_thres": 0.2,
      "testing": false
    },
    "software": "mriqc",
    "version": "23.0.1",
    "webapi_port": null,
    "webapi_url": "https://mriqc.nimh.nih.gov/api/v1"
  },
  "size_t": 300,
  "size_x": 64,
  "size_y": 64,
  "size_z": 34,
  "snr": 3.960163859957447,
  "spacing_tr": 2.0,
  "spacing_x": 4.0,
  "spacing_y": 4.0,
  "spacing_z": 4.0,
  "summary_bg_k": 84.8145763704824,
  "summary_bg_mad": 7.403127087164103,
  "summary_bg_mean": 29.28411102294922,
  "summary_bg_median": 5.736666679382324,
  "summary_bg_n": 99511.0,
  "summary_bg_p05": 0.2566666603088379,
  "summary_bg_p95": 125.75000381469727,
  "summary_bg_stdv": 93.51242065429688,
  "summary_fg_k": 0.2536915918464735,
  "summary_fg_mad": 430.2165239098591,
  "summary_fg_mean": 1892.84521484375,
  "summary_fg_median": 1857.1600341796875,
  "summary_fg_n": 12733.0,
  "summary_fg_p05": 1157.720654296875,
  "summary_fg_p95": 2721.881494140625,
  "summary_fg_stdv": 468.9419860839844,
  "tsnr": 88.67561648320407
}