{
  "aor": 0.0015056400000000001,
  "aqi": 0.001469528008,
  "bids_meta": {
    "AcquisitionDateTime": "2017-07-06T19:07:47.000000",
    "ConversionSoftware": "dcm2niix",
    "ConversionSoftwareVersion": "v1.0.20170411 GCC4.8.4",
    "EchoTime": 0.035,
    "FlipAngle": 90,
    "ImageType": [
      "ORIGINAL",
      "PRIMARY",
      "EPI",
      "NONE"
    ],
    "MagneticFieldStrength": 3,
    "Manufacturer": "GE",
    "ManufacturersModelName": "DISCOVERY_MR750",
    "ProcedureStepDescription": "CompMet",
    "ProtocolName": "fMRI_CompMet",
    "RepetitionTime": 2,
    "ScanningSequence": "EP_GR",
    "SequenceVariant": "SS",
    "SeriesDescription": "fMRI_CompMet",
    "SliceTiming": [
      1.0285,
      0.0571001,
      1.0857,
      0.1142,
      1.1428,
      0.1714,
      1.2,
      0.2285,
      1.2571,
      0.2857,
      1.3143,
      0.3428,
      1.3714,
      0.4,
      1.4286,
      0.4571,
      1.4857,
      0.5142,
      1.5428,
      0.5714,
      1.6,
      0.6285,
      1.6571,
      0.6857,
      1.7143,
      0.7428,
      1.7714,
      0.8,
      1.8285,
      0.8571,
      1.8857,
      0.9143,
      1.9428,
      0.9714
    ],
    "TaskName": "cmp",
    "dataset": "ds003481",
    "modality": "bold",
    "run_id": 1,
    "subject_id": "077",
    "task_id": "cmp"
  },
  "dummy_trs": 0,
  "dvars_nstd": 15.120326310200811,
  "dvars_std": 1.2832544320481925,
  "dvars_vstd": 1.008226162329318,
  "efc": 0.38257375549558864,
  "fber": 86685.390625,
  "fd_mean": 0.040668817466307475,
  "fd_num": 0,
  "fd_perc": 0.0,
  "fwhm_avg": 2.7429,
  "fwhm_x": 2.698275,
  "fwhm_y": 2.758575,
  "fwhm_z": 2.77185,
  "gcor": 0.0304377,
  "gsr_x": 0.0016113689634948969,
  "gsr_y": 0.006329253315925598,
  "provenance": {
    "md5sum": "28719390ccf562ef4fea15bf9941f5d2",
    "settings": {
      "fd_thres": 0.2,
      "testing": false
    },
    "software": "mriqc",
    "version": "23.0.1",
    "webapi_port": null,
    "webapi_url": "https://mriqc.nimh.nih.gov/api/v1"
  },
  "size_t": 250,
  "size_x": 64,
  "size_y": 64,
  "size_z": 34,
  "snr": 3.397649992304716,
  "spacing_tr": 2.0,
  "spacing_x": 4.0,
  "spacing_y": 4.0,
  "spacing_z": 4.0,
  "summary_bg_k": 49.15258636910678,
  "summary_bg_mad": 10.64508455806447,
  "summary_bg_mean": 56.92078399658203,
  "summary_bg_median": 7.5400004386901855,
  "summary_bg_n": 96052.0,
  "summary_bg_p05": 0.08800000697374344,
  "summary_bg_p95": 286.0654220581052,
  "summary_bg_stdv": 167.88723754882812,
  "summary_fg_k": 0.03704621134228647,
  "summary_fg_mad": 582.7218528938748,
  "summary_fg_mean": 2175.642578125,
  "summary_fg_median": 2084.60400390625,
  "summary_fg_n": 15525.0,
  "summary_fg_p05": 1301.799267578125,
  "summary_fg_p95": 3293.9176757812493,
  "summary_fg_stdv": 613.5231323242188,
  "tsnr": 116.34908024314791
}