{
  "aor": 0.006813200000000001,
  "aqi": 0.0038177454,
  "bids_meta": {
    "AcquisitionDateTime": "2017-07-11T18:34:20.000000",
    "ConversionSoftware": "dcm2niix",
    "ConversionSoftwareVersion": "v1.0.20170411 GCC4.8.4",
    "EchoTime": 0.04,
    "FlipAngle": 90,
    "ImageType": [
      "ORIGINAL",
      "PRIMARY",
      "EPI",
      "NONE"
    ],
    "MagneticFieldStrength": 3,
    "Manufacturer": "GE",
    "ManufacturersModelName": "DISCOVERY_MR750",
    "ProcedureStepDescription": "CompMet",
    "ProtocolName": "fMRI_RestState",
    "RepetitionTime": 2,
    "ScanningSequence": "EP_GR",
    "SequenceVariant": "SS",
    "SeriesDescription": "fMRI_RestState",
    "SliceTiming": [
      1.0285,
      0.0571001,
      1.0857,
      0.1142,
      1.1428,
      0.1714,
      1.2,
      0.2285,
      1.2571,
      0.2857,
      1.3143,
      0.3428,
      1.3714,
      0.4,
      1.4286,
      0.4571,
      1.4857,
      0.5142,
      1.5428,
      0.5714,
      1.6,
      0.6285,
      1.6571,
      0.6857,
      1.7143,
      0.7428,
      1.7714,
      0.8,
      1.8285,
      0.8571,
      1.8857,
      0.9143,
      1.9428,
      0.9714
    ],
    "TaskName": "rest",
    "dataset": "ds003481",
    "modality": "bold",
    "subject_id": "077",
    "task_id": "rest"
  },
  "dummy_trs": 0,
  "dvars_nstd": 13.022392738327758,
  "dvars_std": 1.106302190635452,
  "dvars_vstd": 1.0204744863545148,
  "efc": 0.3323375927583703,
  "fber": 75250.0,
  "fd_mean": 0.07218456712765242,
  "fd_num": 11,
  "fd_perc": 3.6666666666666665,
  "fwhm_avg": 2.432233333333333,
  "fwhm_x": 2.42428,
  "fwhm_y": 2.58245,
  "fwhm_z": 2.28997,
  "gcor": 0.0387892,
  "gsr_x": -0.005134474020451307,
  "gsr_y": -0.0016847027000039816,
  "provenance": {
    "md5sum": "3567496bacd74ab797f6a5e520262973",
    "settings": {
      "fd_thres": 0.2,
      "testing": false
    },
    "software": "mriqc",
    "version": "23.0.1",
    "webapi_port": null,
    "webapi_url": "https://mriqc.nimh.nih.gov/api/v1"
  },
  "size_t": 300,
  "size_x": 64,
  "size_y": 64,
  "size_z": 34,
  "snr": 4.1146777738264415,
  "spacing_tr": 2.0,
  "spacing_x": 4.0,
  "spacing_y": 4.0,
  "spacing_z": 4.0,
  "summary_bg_k": 131.9657950043096,
  "summary_bg_mad": 9.580081654553886,
  "summary_bg_mean": 28.44921112060547,
  "summary_bg_median": 7.115000247955322,
  "summary_bg_n": 101190.0,
  "summary_bg_p05": 0.19333334267139435,
  "summary_bg_p95": 106.13433494567848,
  "summary_bg_stdv": 86.56829833984375,
  "summary_fg_k": 0.7335676410082734,
  "summary_fg_mad": 395.3851447876483,
  "summary_fg_mean": 1884.05712890625,
  "summary_fg_median": 1837.1334228515625,
  "summary_fg_n": 11877.0,
  "summary_fg_p05": 1223.8513427734374,
  "summary_fg_p95": 2687.232666015625,
  "summary_fg_stdv": 446.4641418457031,
  "tsnr": 65.88954599946737
}