{
  "aor": 0.0011497200000000001,
  "aqi": 0.001893070052,
  "bids_meta": {
    "AcquisitionDateTime": "2017-07-06T19:18:4.000000",
    "ConversionSoftware": "dcm2niix",
    "ConversionSoftwareVersion": "v1.0.20170411 GCC4.8.4",
    "EchoTime": 0.035,
    "FlipAngle": 90,
    "ImageType": [
      "ORIGINAL",
      "PRIMARY",
      "EPI",
      "NONE"
    ],
    "MagneticFieldStrength": 3,
    "Manufacturer": "GE",
    "ManufacturersModelName": "DISCOVERY_MR750",
    "ProcedureStepDescription": "CompMet",
    "ProtocolName": "fMRI_CompMet",
    "RepetitionTime": 2,
    "ScanningSequence": "EP_GR",
    "SequenceVariant": "SS",
    "SeriesDescription": "fMRI_CompMet",
    "SliceTiming": [
      1.0285,
      0.0571001,
      1.0857,
      0.1142,
      1.1428,
      0.1714,
      1.2,
      0.2285,
      1.2571,
      0.2857,
      1.3143,
      0.3428,
      1.3714,
      0.4,
      1.4286,
      0.4571,
      1.4857,
      0.5142,
      1.5428,
      0.5714,
      1.6,
      0.6285,
      1.6571,
      0.6857,
      1.7143,
      0.7428,
      1.7714,
      0.8,
      1.8285,
      0.8571,
      1.8857,
      0.9143,
      1.9428,
      0.9714
    ],
    "TaskName": "cmp",
    "dataset": "ds003481",
    "modality": "bold",
    "run_id": 2,
    "subject_id": "077",
    "task_id": "cmp"
  },
  "dummy_trs": 0,
  "dvars_nstd": 14.605824887590362,
  "dvars_std": 1.26566543120482,
  "dvars_vstd": 1.0018805246586353,
  "efc": 0.3825537050420678,
  "fber": 84324.2578125,
  "fd_mean": 0.03870720375112316,
  "fd_num": 0,
  "fd_perc": 0.0,
  "fwhm_avg": 2.7457,
  "fwhm_x": 2.68505,
  "fwhm_y": 2.767575,
  "fwhm_z": 2.784475,
  "gcor": 0.0540531,
  "gsr_x": 0.0023093640338629484,
  "gsr_y": 0.007947317324578762,
  "provenance": {
    "md5sum": "49406a82d65fc217e8671cccdbd0a563",
    "settings": {
      "fd_thres": 0.2,
      "testing": false
    },
    "software": "mriqc",
    "version": "23.0.1",
    "webapi_port": null,
    "webapi_url": "https://mriqc.nimh.nih.gov/api/v1"
  },
  "size_t": 250,
  "size_x": 64,
  "size_y": 64,
  "size_z": 34,
  "snr": 3.378250087987282,
  "spacing_tr": 2.0,
  "spacing_x": 4.0,
  "spacing_y": 4.0,
  "spacing_z": 4.0,
  "summary_bg_k": 56.01450331512666,
  "summary_bg_mad": 10.763692445691388,
  "summary_bg_mean": 55.770572662353516,
  "summary_bg_median": 7.628000259399414,
  "summary_bg_n": 95922.0,
  "summary_bg_p05": 0.08400000631809235,
  "summary_bg_p95": 283.625421142578,
  "summary_bg_stdv": 164.18939208984375,
  "summary_fg_k": 0.04203667273373757,
  "summary_fg_mad": 583.5165436093848,
  "summary_fg_mean": 2170.031494140625,
  "summary_fg_median": 2081.260009765625,
  "summary_fg_n": 15527.0,
  "summary_fg_p05": 1292.6488525390625,
  "summary_fg_p95": 3295.672241210937,
  "summary_fg_stdv": 616.0565185546875,
  "tsnr": 114.94085325719789
}