{
  "aor": 0.002433066666666667,
  "aqi": 0.00153055605,
  "bids_meta": {
    "AcquisitionDateTime": "2016-09-06T19:09:49.000000",
    "ConversionSoftware": "dcm2niix",
    "ConversionSoftwareVersion": "v1.0.20170411 GCC4.8.4",
    "EchoTime": 0.04,
    "FlipAngle": 90,
    "ImageType": [
      "ORIGINAL",
      "PRIMARY",
      "EPI",
      "NONE"
    ],
    "MagneticFieldStrength": 3,
    "Manufacturer": "GE",
    "ManufacturersModelName": "DISCOVERY_MR750",
    "ProcedureStepDescription": "MeditResp",
    "ProtocolName": "fMRI_RestSt",
    "RepetitionTime": 2,
    "ScanningSequence": "EP_GR",
    "SequenceVariant": "SS",
    "SeriesDescription": "fMRI_RestSt",
    "SliceTiming": [
      1.0285,
      0.0571001,
      1.0857,
      0.1142,
      1.1428,
      0.1714,
      1.2,
      0.2285,
      1.2571,
      0.2857,
      1.3143,
      0.3428,
      1.3714,
      0.4,
      1.4286,
      0.4571,
      1.4857,
      0.5142,
      1.5428,
      0.5714,
      1.6,
      0.6285,
      1.6571,
      0.6857,
      1.7143,
      0.7428,
      1.7714,
      0.8,
      1.8285,
      0.8571,
      1.8857,
      0.9143,
      1.9428,
      0.9714
    ],
    "TaskName": "rest",
    "dataset": "ds003481",
    "modality": "bold",
    "subject_id": "122",
    "task_id": "rest"
  },
  "dummy_trs": 0,
  "dvars_nstd": 11.815399450602003,
  "dvars_std": 1.0813554225083608,
  "dvars_vstd": 0.997537647692307,
  "efc": 0.3388179490481863,
  "fber": 114391.828125,
  "fd_mean": 0.09454414806605342,
  "fd_num": 5,
  "fd_perc": 1.6666666666666667,
  "fwhm_avg": 2.4727846121940873,
  "fwhm_x": 2.410615,
  "fwhm_y": 2.567875,
  "fwhm_z": 2.439863836582262,
  "gcor": 0.0575623,
  "gsr_x": -0.012863848358392715,
  "gsr_y": 0.010036754421889782,
  "provenance": {
    "md5sum": "1cfa870bbcf7d2a4e9b2af17707a0d2b",
    "settings": {
      "fd_thres": 0.2,
      "testing": false
    },
    "software": "mriqc",
    "version": "23.0.1",
    "webapi_port": null,
    "webapi_url": "https://mriqc.nimh.nih.gov/api/v1"
  },
  "size_t": 300,
  "size_x": 64,
  "size_y": 64,
  "size_z": 34,
  "snr": 4.113330961079599,
  "spacing_tr": 2.0,
  "spacing_x": 4.0,
  "spacing_y": 4.0,
  "spacing_z": 4.000001907348633,
  "summary_bg_k": 85.36773861360355,
  "summary_bg_mad": 8.460716986651756,
  "summary_bg_mean": 32.26472854614258,
  "summary_bg_median": 6.240000247955322,
  "summary_bg_n": 100648.0,
  "summary_bg_p05": 0.17666667699813843,
  "summary_bg_p95": 145.4153358459472,
  "summary_bg_stdv": 89.57717895507812,
  "summary_fg_k": 0.4745061408444835,
  "summary_fg_mad": 444.77568855448715,
  "summary_fg_mean": 2013.2047119140625,
  "summary_fg_median": 1960.663330078125,
  "summary_fg_n": 11910.0,
  "summary_fg_p05": 1300.5108520507813,
  "summary_fg_p95": 2853.648229980469,
  "summary_fg_stdv": 476.6407165527344,
  "tsnr": 92.06820735242218
}