{
  "bids_meta": {
    "AcquisitionDateTime": "2016-09-06T18:51:29.000000",
    "ConversionSoftware": "dcm2niix",
    "ConversionSoftwareVersion": "v1.0.20170411 GCC4.8.4",
    "EchoTime": 0.003336,
    "FlipAngle": 12,
    "ImageType": [
      "DERIVED",
      "PRIMARY",
      "OTHER"
    ],
    "InversionTime": 0.45,
    "MagneticFieldStrength": 3,
    "Manufacturer": "GE",
    "ManufacturersModelName": "DISCOVERY_MR750",
    "ProcedureStepDescription": "MeditResp",
    "ProtocolName": "PU:Sag_T1_FSPGR_BRAVO",
    "RepetitionTime": 0.008512,
    "ScanningSequence": "GR",
    "SequenceVariant": "SS_SP_SK",
    "SeriesDescription": "PU:Sag_T1_FSPGR_BRAVO",
    "dataset": "ds003481",
    "modality": "T1w",
    "subject_id": "114"
  },
  "cjv": 0.3463924221598417,
  "cnr": 3.855515579939113,
  "efc": 0.7383074100592166,
  "fber": 8483.854767397155,
  "fwhm_avg": 3.795116666666667,
  "fwhm_x": 3.75091,
  "fwhm_y": 3.9918,
  "fwhm_z": 3.64264,
  "icvs_csf": 0.23150767079776172,
  "icvs_gm": 0.42376190145619996,
  "icvs_wm": 0.34473042774603835,
  "inu_med": 0.5018744170665741,
  "inu_range": 0.12935248613357536,
  "provenance": {
    "md5sum": "9bf4f92faa8ad3524b47091dcc2cfb10",
    "settings": {
      "testing": false
    },
    "software": "mriqc",
    "version": "23.0.1",
    "warnings": {
      "large_rot_frame": true,
      "small_air_mask": false
    },
    "webapi_port": null,
    "webapi_url": "https://mriqc.nimh.nih.gov/api/v1"
  },
  "qi_1": 0.0,
  "qi_2": 0.0023732457329542077,
  "rpve_csf": 20.28035309525455,
  "rpve_gm": 11.225291118549462,
  "rpve_wm": 15.98651349000102,
  "size_x": 176,
  "size_y": 256,
  "size_z": 256,
  "snr_csf": 2.7080304303787117,
  "snr_gm": 10.357850387859944,
  "snr_total": 11.327506124463078,
  "snr_wm": 20.916637555150576,
  "snrd_csf": 12.409105554500293,
  "snrd_gm": 33.51196754830841,
  "snrd_total": 31.684518653060394,
  "snrd_wm": 49.13248285637248,
  "spacing_x": 1.0,
  "spacing_y": 1.0,
  "spacing_z": 1.0,
  "summary_bg_k": 14.431505070210147,
  "summary_bg_mad": 0.0,
  "summary_bg_mean": 7.105291248218858,
  "summary_bg_median": 0.0,
  "summary_bg_n": 495245.0,
  "summary_bg_p05": 0.0,
  "summary_bg_p95": 34.657346937805414,
  "summary_bg_stdv": 13.334079080476327,
  "summary_csf_k": 1.3841768518596869,
  "summary_csf_mad": 77.53466370543951,
  "summary_csf_mean": 261.41769998733326,
  "summary_csf_median": 252.56419087946415,
  "summary_csf_n": 53215.0,
  "summary_csf_p05": 121.63389518596233,
  "summary_csf_p95": 433.3082981470971,
  "summary_csf_stdv": 93.26402502001841,
  "summary_gm_k": 0.14588099762218265,
  "summary_gm_mad": 63.78085702689809,
  "summary_gm_mean": 682.4702738236136,
  "summary_gm_median": 682.0735734291375,
  "summary_gm_n": 32811.0,
  "summary_gm_p05": 574.2144220732152,
  "summary_gm_p95": 791.4679701253772,
  "summary_gm_stdv": 65.8498775162979,
  "summary_wm_k": 0.44124573015459756,
  "summary_wm_mad": 46.34645419494417,
  "summary_wm_mean": 1000.4986194246177,
  "summary_wm_median": 1000.0000180527568,
  "summary_wm_n": 229955.0,
  "summary_wm_p05": 923.1397566534579,
  "summary_wm_p95": 1079.1468150652945,
  "summary_wm_stdv": 47.808728390269096,
  "tpm_overlap_csf": 0.17369964099099128,
  "tpm_overlap_gm": 0.46827475589983525,
  "tpm_overlap_wm": 0.516872047380527,
  "wm2max": 0.5662984619865257
}