{
  "aor": 0.0012877586206896552,
  "aqi": 0.0017081104942528738,
  "bids_meta": {
    "AcquisitionMatrixPE": 64,
    "AcquisitionNumber": 1,
    "AcquisitionTime": "18:35:56.000000",
    "CoilString": "32Ch_Head",
    "ConversionSoftware": "dcm2niix",
    "ConversionSoftwareVersion": "v1.0.20190902",
    "Dcm2bidsVersion": "2.1.4",
    "DeviceSerialNumber": "000000000000GEHC",
    "EchoTime": 0.04,
    "EffectiveEchoSpacing": 0.000372,
    "FlipAngle": 90,
    "ImageOrientationPatientDICOM": [
      1,
      0,
      0,
      0,
      1,
      0
    ],
    "ImageType": [
      "ORIGINAL",
      "PRIMARY",
      "EPI",
      "NONE"
    ],
    "ImagingFrequency": 127.772,
    "InPlanePhaseEncodingDirectionDICOM": "COL",
    "InstitutionName": "INSTITUTO_DE_NEUROBIOLOGIA",
    "MRAcquisitionType": "2D",
    "MagneticFieldStrength": 3,
    "Manufacturer": "GE",
    "ManufacturersModelName": "DISCOVERY_MR750",
    "Modality": "MR",
    "PatientPosition": "HFS",
    "PercentPhaseFOV": 100,
    "PhaseEncodingDirection": "j",
    "PhaseEncodingPolarityGE": "Flipped",
    "PixelBandwidth": 7812.5,
    "ProcedureStepDescription": "verbos",
    "ProtocolName": "fMRI_3",
    "ReconMatrixPE": 64,
    "RepetitionTime": 2,
    "SAR": 0.356791,
    "ScanOptions": "EPI_GEMS_ACC_GEMS",
    "ScanningSequence": "EP_GR",
    "SequenceVariant": "SS",
    "SeriesDescription": "fMRI_3",
    "SeriesNumber": 8,
    "SliceThickness": 4,
    "SliceTiming": [
      0,
      1.0285,
      0.0571001,
      1.0857,
      0.1142,
      1.1428,
      0.1714,
      1.2,
      0.2285,
      1.2571,
      0.2857,
      1.3143,
      0.3428,
      1.3714,
      0.4,
      1.4286,
      0.4571,
      1.4857,
      0.5142,
      1.5428,
      0.5714,
      1.6,
      0.6285,
      1.6571,
      0.6857,
      1.7143,
      0.7428,
      1.7714,
      0.8,
      1.8285,
      0.8571,
      1.8857,
      0.9143,
      1.9428,
      0.9714
    ],
    "SoftwareVersions": "24_LX_MR_Software_release:DV24.0_R02_1607.b",
    "SpacingBetweenSlices": 4,
    "StationName": "GEHCGEHC",
    "TaskName": "verbs",
    "TotalReadoutTime": 0.023436,
    "dataset": "ds003481",
    "modality": "bold",
    "run_id": 3,
    "subject_id": "135",
    "task_id": "verbs"
  },
  "dummy_trs": 0,
  "dvars_nstd": 15.748663963179188,
  "dvars_std": 1.1106173124855485,
  "dvars_vstd": 0.9991302229479767,
  "efc": 0.32495329961660196,
  "fber": 88421.2734375,
  "fd_mean": 0.07807718046151187,
  "fd_num": 4,
  "fd_perc": 2.2988505747126435,
  "fwhm_avg": 3.097308333333333,
  "fwhm_x": 3.02685,
  "fwhm_y": 3.06485,
  "fwhm_z": 3.200225,
  "gcor": 0.10837,
  "gsr_x": -0.013424942269921303,
  "gsr_y": 0.001441302476450801,
  "provenance": {
    "md5sum": "0dbcbcfdff23e5381d9d65d4bac964d7",
    "settings": {
      "fd_thres": 0.2,
      "testing": false
    },
    "software": "mriqc",
    "version": "23.0.1",
    "webapi_port": null,
    "webapi_url": "https://mriqc.nimh.nih.gov/api/v1"
  },
  "size_t": 174,
  "size_x": 64,
  "size_y": 64,
  "size_z": 35,
  "snr": 2.8118239346932574,
  "spacing_tr": 2.0,
  "spacing_x": 4.0,
  "spacing_y": 4.0,
  "spacing_z": 4.0,
  "summary_bg_k": 86.11631533898094,
  "summary_bg_mad": 9.287565272256098,
  "summary_bg_mean": 31.216888427734375,
  "summary_bg_median": 6.908045768737793,
  "summary_bg_n": 104618.0,
  "summary_bg_p05": 0.2183908075094223,
  "summary_bg_p95": 146.2135070800781,
  "summary_bg_stdv": 84.94818878173828,
  "summary_fg_k": 0.49246691834693435,
  "summary_fg_mad": 580.4814802299489,
  "summary_fg_mean": 2111.92529296875,
  "summary_fg_median": 1937.32177734375,
  "summary_fg_n": 11887.0,
  "summary_fg_p05": 1234.0453979492188,
  "summary_fg_p95": 3470.9443359374995,
  "summary_fg_stdv": 688.962158203125,
  "tsnr": 78.79094634205103
}