{
  "aor": 0.0049539655172413785,
  "aqi": 0.0022031568965517243,
  "bids_meta": {
    "AcquisitionMatrixPE": 64,
    "AcquisitionNumber": 1,
    "AcquisitionTime": "18:56:38.000000",
    "CoilString": "32Ch_Head",
    "ConversionSoftware": "dcm2niix",
    "ConversionSoftwareVersion": "v1.0.20190902",
    "Dcm2bidsVersion": "2.1.4",
    "DeviceSerialNumber": "000000000000GEHC",
    "EchoTime": 0.04,
    "EffectiveEchoSpacing": 0.000372,
    "FlipAngle": 90,
    "ImageOrientationPatientDICOM": [
      1,
      0,
      0,
      0,
      1,
      0
    ],
    "ImageType": [
      "ORIGINAL",
      "PRIMARY",
      "EPI",
      "NONE"
    ],
    "ImagingFrequency": 127.772,
    "InPlanePhaseEncodingDirectionDICOM": "COL",
    "InstitutionName": "INSTITUTO_DE_NEUROBIOLOGIA",
    "MRAcquisitionType": "2D",
    "MagneticFieldStrength": 3,
    "Manufacturer": "GE",
    "ManufacturersModelName": "DISCOVERY_MR750",
    "Modality": "MR",
    "PatientPosition": "HFS",
    "PercentPhaseFOV": 100,
    "PhaseEncodingDirection": "j",
    "PhaseEncodingPolarityGE": "Flipped",
    "PixelBandwidth": 7812.5,
    "ProcedureStepDescription": "verbos",
    "ProtocolName": "fMRI_6",
    "ReconMatrixPE": 64,
    "RepetitionTime": 2,
    "SAR": 0.356791,
    "ScanOptions": "EPI_GEMS_ACC_GEMS",
    "ScanningSequence": "EP_GR",
    "SequenceVariant": "SS",
    "SeriesDescription": "fMRI_6",
    "SeriesNumber": 11,
    "SliceThickness": 4,
    "SliceTiming": [
      0,
      1.0285,
      0.0571001,
      1.0857,
      0.1142,
      1.1428,
      0.1714,
      1.2,
      0.2285,
      1.2571,
      0.2857,
      1.3143,
      0.3428,
      1.3714,
      0.4,
      1.4286,
      0.4571,
      1.4857,
      0.5142,
      1.5428,
      0.5714,
      1.6,
      0.6285,
      1.6571,
      0.6857,
      1.7143,
      0.7428,
      1.7714,
      0.8,
      1.8285,
      0.8571,
      1.8857,
      0.9143,
      1.9428,
      0.9714
    ],
    "SoftwareVersions": "24_LX_MR_Software_release:DV24.0_R02_1607.b",
    "SpacingBetweenSlices": 4,
    "StationName": "GEHCGEHC",
    "TaskName": "verbs",
    "TotalReadoutTime": 0.023436,
    "dataset": "ds003481",
    "modality": "bold",
    "run_id": 7,
    "subject_id": "135",
    "task_id": "verbs"
  },
  "dummy_trs": 0,
  "dvars_nstd": 17.278961776647392,
  "dvars_std": 1.0359843031791909,
  "dvars_vstd": 0.9752510924855489,
  "efc": 0.3251870671110118,
  "fber": 88018.78125,
  "fd_mean": 0.07938611667444402,
  "fd_num": 4,
  "fd_perc": 2.2988505747126435,
  "fwhm_avg": 3.0825416666666663,
  "fwhm_x": 3.05625,
  "fwhm_y": 3.0278,
  "fwhm_z": 3.163575,
  "gcor": 0.143643,
  "gsr_x": -0.013576427474617958,
  "gsr_y": 0.001249403809197247,
  "provenance": {
    "md5sum": "83068a26b176d1cccd143b4bdd70fdc6",
    "settings": {
      "fd_thres": 0.2,
      "testing": false
    },
    "software": "mriqc",
    "version": "23.0.1",
    "webapi_port": null,
    "webapi_url": "https://mriqc.nimh.nih.gov/api/v1"
  },
  "size_t": 174,
  "size_x": 64,
  "size_y": 64,
  "size_z": 35,
  "snr": 2.751266169762582,
  "spacing_tr": 2.0,
  "spacing_x": 4.0,
  "spacing_y": 4.0,
  "spacing_z": 4.0,
  "summary_bg_k": 66.81541708857614,
  "summary_bg_mad": 9.440938262935212,
  "summary_bg_mean": 31.884033203125,
  "summary_bg_median": 7.0,
  "summary_bg_n": 104627.0,
  "summary_bg_p05": 0.20689654350280762,
  "summary_bg_p95": 151.9166687011718,
  "summary_bg_stdv": 85.64879608154297,
  "summary_fg_k": 0.5249278815222302,
  "summary_fg_mad": 586.7611838160949,
  "summary_fg_mean": 2114.1171875,
  "summary_fg_median": 1937.189697265625,
  "summary_fg_n": 12005.0,
  "summary_fg_p05": 1218.773583984375,
  "summary_fg_p95": 3506.962060546874,
  "summary_fg_stdv": 704.0791015625,
  "tsnr": 62.234844523482025
}