{
  "aor": 0.0016481609195402298,
  "aqi": 0.0011537503620689656,
  "bids_meta": {
    "AcquisitionMatrixPE": 64,
    "AcquisitionNumber": 1,
    "AcquisitionTime": "18:28:55.000000",
    "CoilString": "32Ch_Head",
    "ConversionSoftware": "dcm2niix",
    "ConversionSoftwareVersion": "v1.0.20190902",
    "Dcm2bidsVersion": "2.1.4",
    "DeviceSerialNumber": "000000000000GEHC",
    "EchoTime": 0.04,
    "EffectiveEchoSpacing": 0.000372,
    "FlipAngle": 90,
    "ImageOrientationPatientDICOM": [
      1,
      0,
      0,
      0,
      1,
      0
    ],
    "ImageType": [
      "ORIGINAL",
      "PRIMARY",
      "EPI",
      "NONE"
    ],
    "ImagingFrequency": 127.772,
    "InPlanePhaseEncodingDirectionDICOM": "COL",
    "InstitutionName": "INSTITUTO_DE_NEUROBIOLOGIA",
    "MRAcquisitionType": "2D",
    "MagneticFieldStrength": 3,
    "Manufacturer": "GE",
    "ManufacturersModelName": "DISCOVERY_MR750",
    "Modality": "MR",
    "PatientPosition": "HFS",
    "PercentPhaseFOV": 100,
    "PhaseEncodingDirection": "j",
    "PhaseEncodingPolarityGE": "Flipped",
    "PixelBandwidth": 7812.5,
    "ProcedureStepDescription": "verbos",
    "ProtocolName": "fMRI_2",
    "ReconMatrixPE": 64,
    "RepetitionTime": 2,
    "SAR": 0.356791,
    "ScanOptions": "EPI_GEMS_ACC_GEMS",
    "ScanningSequence": "EP_GR",
    "SequenceVariant": "SS",
    "SeriesDescription": "fMRI_2",
    "SeriesNumber": 7,
    "SliceThickness": 4,
    "SliceTiming": [
      0,
      1.0285,
      0.0571001,
      1.0857,
      0.1142,
      1.1428,
      0.1714,
      1.2,
      0.2285,
      1.2571,
      0.2857,
      1.3143,
      0.3428,
      1.3714,
      0.4,
      1.4286,
      0.4571,
      1.4857,
      0.5142,
      1.5428,
      0.5714,
      1.6,
      0.6285,
      1.6571,
      0.6857,
      1.7143,
      0.7428,
      1.7714,
      0.8,
      1.8285,
      0.8571,
      1.8857,
      0.9143,
      1.9428,
      0.9714
    ],
    "SoftwareVersions": "24_LX_MR_Software_release:DV24.0_R02_1607.b",
    "SpacingBetweenSlices": 4,
    "StationName": "GEHCGEHC",
    "TaskName": "verbs",
    "TotalReadoutTime": 0.023436,
    "dataset": "ds003481",
    "modality": "bold",
    "run_id": 2,
    "subject_id": "135",
    "task_id": "verbs"
  },
  "dummy_trs": 0,
  "dvars_nstd": 14.242020518323699,
  "dvars_std": 1.1272831243352608,
  "dvars_vstd": 1.0168138169364163,
  "efc": 0.324417934310552,
  "fber": 91611.28125,
  "fd_mean": 0.05360643024331714,
  "fd_num": 0,
  "fd_perc": 0.0,
  "fwhm_avg": 3.0924666666666667,
  "fwhm_x": 3.015575,
  "fwhm_y": 3.089275,
  "fwhm_z": 3.17255,
  "gcor": 0.0546469,
  "gsr_x": -0.012984316796064377,
  "gsr_y": 0.0002299981570104137,
  "provenance": {
    "md5sum": "4ac7c2faae70e9273b1af4f9a330d11a",
    "settings": {
      "fd_thres": 0.2,
      "testing": false
    },
    "software": "mriqc",
    "version": "23.0.1",
    "webapi_port": null,
    "webapi_url": "https://mriqc.nimh.nih.gov/api/v1"
  },
  "size_t": 174,
  "size_x": 64,
  "size_y": 64,
  "size_z": 35,
  "snr": 2.7900557075599997,
  "spacing_tr": 2.0,
  "spacing_x": 4.0,
  "spacing_y": 4.0,
  "spacing_z": 4.0,
  "summary_bg_k": 68.0129106417919,
  "summary_bg_mad": 9.168275698614433,
  "summary_bg_mean": 30.91136360168457,
  "summary_bg_median": 6.8275861740112305,
  "summary_bg_n": 104657.0,
  "summary_bg_p05": 0.20114941895008087,
  "summary_bg_p95": 145.19080810546865,
  "summary_bg_stdv": 83.899658203125,
  "summary_fg_k": 0.49451919833238867,
  "summary_fg_mad": 580.6262656028499,
  "summary_fg_mean": 2101.981689453125,
  "summary_fg_median": 1934.609130859375,
  "summary_fg_n": 12045.0,
  "summary_fg_p05": 1218.3838623046875,
  "summary_fg_p95": 3471.9506347656247,
  "summary_fg_stdv": 693.3656616210938,
  "tsnr": 94.6833428600803
}