{
  "aor": 0.0023463793103448275,
  "aqi": 0.002240926459770115,
  "bids_meta": {
    "AcquisitionMatrixPE": 64,
    "AcquisitionNumber": 1,
    "AcquisitionTime": "18:42:44.000000",
    "CoilString": "32Ch_Head",
    "ConversionSoftware": "dcm2niix",
    "ConversionSoftwareVersion": "v1.0.20190902",
    "Dcm2bidsVersion": "2.1.4",
    "DeviceSerialNumber": "000000000000GEHC",
    "EchoTime": 0.04,
    "EffectiveEchoSpacing": 0.000372,
    "FlipAngle": 90,
    "ImageOrientationPatientDICOM": [
      1,
      0,
      0,
      0,
      1,
      0
    ],
    "ImageType": [
      "ORIGINAL",
      "PRIMARY",
      "EPI",
      "NONE"
    ],
    "ImagingFrequency": 127.772,
    "InPlanePhaseEncodingDirectionDICOM": "COL",
    "InstitutionName": "INSTITUTO_DE_NEUROBIOLOGIA",
    "MRAcquisitionType": "2D",
    "MagneticFieldStrength": 3,
    "Manufacturer": "GE",
    "ManufacturersModelName": "DISCOVERY_MR750",
    "Modality": "MR",
    "PatientPosition": "HFS",
    "PercentPhaseFOV": 100,
    "PhaseEncodingDirection": "j",
    "PhaseEncodingPolarityGE": "Flipped",
    "PixelBandwidth": 7812.5,
    "ProcedureStepDescription": "verbos",
    "ProtocolName": "fMRI_4",
    "ReconMatrixPE": 64,
    "RepetitionTime": 2,
    "SAR": 0.356791,
    "ScanOptions": "EPI_GEMS_ACC_GEMS",
    "ScanningSequence": "EP_GR",
    "SequenceVariant": "SS",
    "SeriesDescription": "fMRI_4",
    "SeriesNumber": 9,
    "SliceThickness": 4,
    "SliceTiming": [
      0,
      1.0285,
      0.0571001,
      1.0857,
      0.1142,
      1.1428,
      0.1714,
      1.2,
      0.2285,
      1.2571,
      0.2857,
      1.3143,
      0.3428,
      1.3714,
      0.4,
      1.4286,
      0.4571,
      1.4857,
      0.5142,
      1.5428,
      0.5714,
      1.6,
      0.6285,
      1.6571,
      0.6857,
      1.7143,
      0.7428,
      1.7714,
      0.8,
      1.8285,
      0.8571,
      1.8857,
      0.9143,
      1.9428,
      0.9714
    ],
    "SoftwareVersions": "24_LX_MR_Software_release:DV24.0_R02_1607.b",
    "SpacingBetweenSlices": 4,
    "StationName": "GEHCGEHC",
    "TaskName": "verbs",
    "TotalReadoutTime": 0.023436,
    "dataset": "ds003481",
    "modality": "bold",
    "run_id": 4,
    "subject_id": "135",
    "task_id": "verbs"
  },
  "dummy_trs": 0,
  "dvars_nstd": 16.952574906531797,
  "dvars_std": 1.08855601849711,
  "dvars_vstd": 0.9876607770520232,
  "efc": 0.32511755325508324,
  "fber": 91185.828125,
  "fd_mean": 0.10366048700749908,
  "fd_num": 8,
  "fd_perc": 4.597701149425287,
  "fwhm_avg": 3.102441666666667,
  "fwhm_x": 3.05995,
  "fwhm_y": 3.036175,
  "fwhm_z": 3.2112,
  "gcor": 0.119436,
  "gsr_x": -0.013751558028161526,
  "gsr_y": 0.000912474759388715,
  "provenance": {
    "md5sum": "6155ca39c48837e2e18bde6593c275d0",
    "settings": {
      "fd_thres": 0.2,
      "testing": false
    },
    "software": "mriqc",
    "version": "23.0.1",
    "webapi_port": null,
    "webapi_url": "https://mriqc.nimh.nih.gov/api/v1"
  },
  "size_t": 174,
  "size_x": 64,
  "size_y": 64,
  "size_z": 35,
  "snr": 2.796474427078906,
  "spacing_tr": 2.0,
  "spacing_x": 4.0,
  "spacing_y": 4.0,
  "spacing_z": 4.0,
  "summary_bg_k": 94.97504502747037,
  "summary_bg_mad": 9.134192811796852,
  "summary_bg_mean": 31.823484420776367,
  "summary_bg_median": 6.781609058380127,
  "summary_bg_n": 104689.0,
  "summary_bg_p05": 0.21264368295669556,
  "summary_bg_p95": 149.862072753906,
  "summary_bg_stdv": 87.21715545654297,
  "summary_fg_k": 0.5217480717013445,
  "summary_fg_mad": 581.5465576293515,
  "summary_fg_mean": 2121.32666015625,
  "summary_fg_median": 1941.9425048828125,
  "summary_fg_n": 11837.0,
  "summary_fg_p05": 1237.3160888671875,
  "summary_fg_p95": 3512.478173828125,
  "summary_fg_stdv": 694.3959350585938,
  "tsnr": 71.05147181777284
}