{
  "aor": 0.0004715666666666667,
  "aqi": 0.0034584330999999995,
  "bids_meta": {
    "AcquisitionDateTime": "2017-07-11T19:33:4.000000",
    "ConversionSoftware": "dcm2niix",
    "ConversionSoftwareVersion": "v1.0.20170411 GCC4.8.4",
    "EchoTime": 0.04,
    "FlipAngle": 90,
    "ImageType": [
      "ORIGINAL",
      "PRIMARY",
      "EPI",
      "NONE"
    ],
    "MagneticFieldStrength": 3,
    "Manufacturer": "GE",
    "ManufacturersModelName": "DISCOVERY_MR750",
    "ProcedureStepDescription": "CompMet",
    "ProtocolName": "fMRI_RestState",
    "RepetitionTime": 2,
    "ScanningSequence": "EP_GR",
    "SequenceVariant": "SS",
    "SeriesDescription": "fMRI_RestState",
    "SliceTiming": [
      1.0285,
      0.0571001,
      1.0857,
      0.1142,
      1.1428,
      0.1714,
      1.2,
      0.2285,
      1.2571,
      0.2857,
      1.3143,
      0.3428,
      1.3714,
      0.4,
      1.4286,
      0.4571,
      1.4857,
      0.5142,
      1.5428,
      0.5714,
      1.6,
      0.6285,
      1.6571,
      0.6857,
      1.7143,
      0.7428,
      1.7714,
      0.8,
      1.8285,
      0.8571,
      1.8857,
      0.9143,
      1.9428,
      0.9714
    ],
    "TaskName": "rest",
    "dataset": "ds003481",
    "modality": "bold",
    "subject_id": "076",
    "task_id": "rest"
  },
  "dummy_trs": 0,
  "dvars_nstd": 16.29903493511706,
  "dvars_std": 1.0660515776254187,
  "dvars_vstd": 0.92360302909699,
  "efc": 0.34484722536919166,
  "fber": 64898.34375,
  "fd_mean": 0.11770429300076311,
  "fd_num": 35,
  "fd_perc": 11.666666666666666,
  "fwhm_avg": 2.5306866666666665,
  "fwhm_x": 2.4717725,
  "fwhm_y": 2.6328,
  "fwhm_z": 2.4874875,
  "gcor": 0.0536315,
  "gsr_x": -0.010973002761602402,
  "gsr_y": 0.002398357493802905,
  "provenance": {
    "md5sum": "8cee1ad7945489b47e4bfaafa9198414",
    "settings": {
      "fd_thres": 0.2,
      "testing": false
    },
    "software": "mriqc",
    "version": "23.0.1",
    "webapi_port": null,
    "webapi_url": "https://mriqc.nimh.nih.gov/api/v1"
  },
  "size_t": 300,
  "size_x": 64,
  "size_y": 64,
  "size_z": 34,
  "snr": 3.881867837042026,
  "spacing_tr": 2.0,
  "spacing_x": 4.0,
  "spacing_y": 4.0,
  "spacing_z": 4.0,
  "summary_bg_k": 76.12168033631158,
  "summary_bg_mad": 9.50348017113372,
  "summary_bg_mean": 32.20352554321289,
  "summary_bg_median": 7.506666660308838,
  "summary_bg_n": 100079.0,
  "summary_bg_p05": 0.4633333384990692,
  "summary_bg_p95": 128.60867309570236,
  "summary_bg_stdv": 95.128173828125,
  "summary_fg_k": 0.738769078896818,
  "summary_fg_mad": 410.92043431820275,
  "summary_fg_mean": 1910.0050048828125,
  "summary_fg_median": 1851.7066650390625,
  "summary_fg_n": 12724.0,
  "summary_fg_p05": 1200.0635559082032,
  "summary_fg_p95": 2784.908728027344,
  "summary_fg_stdv": 476.99560546875,
  "tsnr": 66.11777327698655
}