{
  "aor": 0.01630628,
  "aqi": 0.002950159032,
  "bids_meta": {
    "AcquisitionDateTime": "2017-08-17T19:43:27.000000",
    "ConversionSoftware": "dcm2niix",
    "ConversionSoftwareVersion": "v1.0.20170411 GCC4.8.4",
    "EchoTime": 0.035,
    "FlipAngle": 90,
    "ImageType": [
      "ORIGINAL",
      "PRIMARY",
      "EPI",
      "NONE"
    ],
    "MagneticFieldStrength": 3,
    "Manufacturer": "GE",
    "ManufacturersModelName": "DISCOVERY_MR750",
    "ProtocolName": "fMRI_CompMet",
    "RepetitionTime": 2,
    "ScanningSequence": "EP_GR",
    "SequenceVariant": "SS",
    "SeriesDescription": "fMRI_CompMet",
    "SliceTiming": [
      1.0285,
      0.0571001,
      1.0857,
      0.1142,
      1.1428,
      0.1714,
      1.2,
      0.2285,
      1.2571,
      0.2857,
      1.3143,
      0.3428,
      1.3714,
      0.4,
      1.4286,
      0.4571,
      1.4857,
      0.5142,
      1.5428,
      0.5714,
      1.6,
      0.6285,
      1.6571,
      0.6857,
      1.7143,
      0.7428,
      1.7714,
      0.8,
      1.8285,
      0.8571,
      1.8857,
      0.9143,
      1.9428,
      0.9714
    ],
    "TaskName": "cmp",
    "dataset": "ds003481",
    "modality": "bold",
    "run_id": 1,
    "subject_id": "075",
    "task_id": "cmp"
  },
  "dummy_trs": 0,
  "dvars_nstd": 17.573404178112437,
  "dvars_std": 1.1132494165863456,
  "dvars_vstd": 1.102465647991968,
  "efc": 0.371318132378664,
  "fber": 80936.8203125,
  "fd_mean": 0.1707855903974756,
  "fd_num": 43,
  "fd_perc": 17.2,
  "fwhm_avg": 2.9504,
  "fwhm_x": 2.863175,
  "fwhm_y": 2.89,
  "fwhm_z": 3.098025,
  "gcor": 0.0919565,
  "gsr_x": -0.009744441136717796,
  "gsr_y": -0.003149311291053891,
  "provenance": {
    "md5sum": "924a1625da7def1fdd8cdb07af0bd304",
    "settings": {
      "fd_thres": 0.2,
      "testing": false
    },
    "software": "mriqc",
    "version": "23.0.1",
    "webapi_port": null,
    "webapi_url": "https://mriqc.nimh.nih.gov/api/v1"
  },
  "size_t": 250,
  "size_x": 64,
  "size_y": 64,
  "size_z": 34,
  "snr": 3.022742242027551,
  "spacing_tr": 2.0,
  "spacing_x": 4.0,
  "spacing_y": 4.0,
  "spacing_z": 4.0,
  "summary_bg_k": 41.02570869507321,
  "summary_bg_mad": 11.172891222152877,
  "summary_bg_mean": 48.92695236206055,
  "summary_bg_median": 8.044000625610352,
  "summary_bg_n": 96888.0,
  "summary_bg_p05": 0.1720000058412552,
  "summary_bg_p95": 254.10781173706047,
  "summary_bg_stdv": 136.24606323242188,
  "summary_fg_k": 1.166657831504872,
  "summary_fg_mad": 567.2555173971645,
  "summary_fg_mean": 2304.417236328125,
  "summary_fg_median": 2153.736083984375,
  "summary_fg_n": 14977.0,
  "summary_fg_p05": 1398.91044921875,
  "summary_fg_p95": 3746.8089355468746,
  "summary_fg_stdv": 712.4868774414062,
  "tsnr": 58.63626448670402
}