{
  "aor": 0.003491866666666667,
  "aqi": 0.0061887144,
  "bids_meta": {
    "AcquisitionDateTime": "2017-07-10T19:53:55.000000",
    "ConversionSoftware": "dcm2niix",
    "ConversionSoftwareVersion": "v1.0.20170411 GCC4.8.4",
    "EchoTime": 0.04,
    "FlipAngle": 90,
    "ImageType": [
      "ORIGINAL",
      "PRIMARY",
      "EPI",
      "NONE"
    ],
    "MagneticFieldStrength": 3,
    "Manufacturer": "GE",
    "ManufacturersModelName": "DISCOVERY_MR750",
    "ProcedureStepDescription": "CompMet",
    "ProtocolName": "fMRI_RestState",
    "RepetitionTime": 2,
    "ScanningSequence": "EP_GR",
    "SequenceVariant": "SS",
    "SeriesDescription": "fMRI_RestState",
    "SliceTiming": [
      1.0285,
      0.0571001,
      1.0857,
      0.1142,
      1.1428,
      0.1714,
      1.2,
      0.2285,
      1.2571,
      0.2857,
      1.3143,
      0.3428,
      1.3714,
      0.4,
      1.4286,
      0.4571,
      1.4857,
      0.5142,
      1.5428,
      0.5714,
      1.6,
      0.6285,
      1.6571,
      0.6857,
      1.7143,
      0.7428,
      1.7714,
      0.8,
      1.8285,
      0.8571,
      1.8857,
      0.9143,
      1.9428,
      0.9714
    ],
    "TaskName": "rest",
    "dataset": "ds003481",
    "modality": "bold",
    "subject_id": "075",
    "task_id": "rest"
  },
  "dummy_trs": 0,
  "dvars_nstd": 16.501859246989966,
  "dvars_std": 0.9896824483277592,
  "dvars_vstd": 0.8967098876588631,
  "efc": 0.377112823917016,
  "fber": 59199.23828125,
  "fd_mean": 0.1373079421236249,
  "fd_num": 37,
  "fd_perc": 12.333333333333334,
  "fwhm_avg": 2.729691666666666,
  "fwhm_x": 2.66235,
  "fwhm_y": 2.77215,
  "fwhm_z": 2.754575,
  "gcor": 0.0472768,
  "gsr_x": -0.0067524416372179985,
  "gsr_y": 0.008438056334853172,
  "provenance": {
    "md5sum": "90936fa8bca2684c5d88595de7600b73",
    "settings": {
      "fd_thres": 0.2,
      "testing": false
    },
    "software": "mriqc",
    "version": "23.0.1",
    "webapi_port": null,
    "webapi_url": "https://mriqc.nimh.nih.gov/api/v1"
  },
  "size_t": 300,
  "size_x": 64,
  "size_y": 64,
  "size_z": 34,
  "snr": 3.577100494594987,
  "spacing_tr": 2.0,
  "spacing_x": 4.0,
  "spacing_y": 4.0,
  "spacing_z": 4.0,
  "summary_bg_k": 116.4661037162489,
  "summary_bg_mad": 11.747152216579764,
  "summary_bg_mean": 51.512306213378906,
  "summary_bg_median": 8.533333778381348,
  "summary_bg_n": 97101.0,
  "summary_bg_p05": 0.18000000715255737,
  "summary_bg_p95": 263.8133544921875,
  "summary_bg_stdv": 150.86611938476562,
  "summary_fg_k": 0.30039362821400495,
  "summary_fg_mad": 497.43023757166145,
  "summary_fg_mean": 2046.9925537109375,
  "summary_fg_median": 1964.3033447265625,
  "summary_fg_n": 14778.0,
  "summary_fg_p05": 1275.5633544921875,
  "summary_fg_p95": 3083.227856445312,
  "summary_fg_stdv": 549.1142578125,
  "tsnr": 49.17813154659234
}