{
  "aor": 0.0009801968503937008,
  "aqi": 0.0019700237716535436,
  "bids_meta": {
    "AcquisitionDateTime": "2017-05-04T20:37:4.000000",
    "ConversionSoftware": "dcm2niix",
    "ConversionSoftwareVersion": "v1.0.20170411 GCC4.8.4",
    "EchoTime": 0.04,
    "FlipAngle": 90,
    "ImageType": [
      "ORIGINAL",
      "PRIMARY",
      "EPI",
      "NONE"
    ],
    "MagneticFieldStrength": 3,
    "Manufacturer": "GE",
    "ManufacturersModelName": "DISCOVERY_MR750",
    "ProcedureStepDescription": "ActosHabla",
    "ProtocolName": "fMRI_ActosHabla_2",
    "RepetitionTime": 2,
    "ScanningSequence": "EP_GR",
    "SequenceVariant": "SS",
    "SeriesDescription": "fMRI_ActosHabla_2",
    "SliceTiming": [
      0,
      1.0285,
      0.0571001,
      1.0857,
      0.1142,
      1.1428,
      0.1714,
      1.2,
      0.2285,
      1.2571,
      0.2857,
      1.3143,
      0.3428,
      1.3714,
      0.4,
      1.4286,
      0.4571,
      1.4857,
      0.5142,
      1.5428,
      0.5714,
      1.6,
      0.6285,
      1.6571,
      0.6857,
      1.7143,
      0.7428,
      1.7714,
      0.8,
      1.8285,
      0.8571,
      1.8857,
      0.9143,
      1.9428,
      0.9714
    ],
    "TaskName": "sar",
    "dataset": "ds003481",
    "modality": "bold",
    "run_id": 2,
    "subject_id": "023",
    "task_id": "sar"
  },
  "dummy_trs": 0,
  "dvars_nstd": 18.16329094335969,
  "dvars_std": 1.166239048498023,
  "dvars_vstd": 0.9977263561660075,
  "efc": 0.38533129702977126,
  "fber": 31997.9140625,
  "fd_mean": 0.12821316509872777,
  "fd_num": 18,
  "fd_perc": 7.086614173228346,
  "fwhm_avg": 2.7323004208248878,
  "fwhm_x": 2.67375,
  "fwhm_y": 2.87555,
  "fwhm_z": 2.6476012624746623,
  "gcor": 0.0405931,
  "gsr_x": -0.0036655839066952467,
  "gsr_y": 0.00299170077778399,
  "provenance": {
    "md5sum": "54d30afeb39fd9ae1f6da226bcd6e40b",
    "settings": {
      "fd_thres": 0.2,
      "testing": false
    },
    "software": "mriqc",
    "version": "23.0.1",
    "webapi_port": null,
    "webapi_url": "https://mriqc.nimh.nih.gov/api/v1"
  },
  "size_t": 254,
  "size_x": 64,
  "size_y": 64,
  "size_z": 35,
  "snr": 3.3357369158646235,
  "spacing_tr": 2.0,
  "spacing_x": 4.0,
  "spacing_y": 4.0,
  "spacing_z": 3.999998092651367,
  "summary_bg_k": 62.547969061138474,
  "summary_bg_mad": 14.540007977411964,
  "summary_bg_mean": 47.449344635009766,
  "summary_bg_median": 10.082676887512207,
  "summary_bg_n": 99288.0,
  "summary_bg_p05": 0.027559055015444756,
  "summary_bg_p95": 208.68819274902316,
  "summary_bg_stdv": 122.90159606933594,
  "summary_fg_k": 0.4515161281950455,
  "summary_fg_mad": 511.2934370269262,
  "summary_fg_mean": 1791.5069580078125,
  "summary_fg_median": 1743.8798828125,
  "summary_fg_n": 15622.0,
  "summary_fg_p05": 1024.1246276855468,
  "summary_fg_p95": 2684.022668457031,
  "summary_fg_stdv": 522.770263671875,
  "tsnr": 80.12010853365064
}