{
  "aor": 0.007316352941176471,
  "aqi": 0.0029075969843137253,
  "bids_meta": {
    "AcquisitionDateTime": "2017-05-04T20:47:7.000000",
    "ConversionSoftware": "dcm2niix",
    "ConversionSoftwareVersion": "v1.0.20170411 GCC4.8.4",
    "EchoTime": 0.04,
    "FlipAngle": 90,
    "ImageType": [
      "ORIGINAL",
      "PRIMARY",
      "EPI",
      "NONE"
    ],
    "MagneticFieldStrength": 3,
    "Manufacturer": "GE",
    "ManufacturersModelName": "DISCOVERY_MR750",
    "ProcedureStepDescription": "ActosHabla",
    "ProtocolName": "fMRI_ActosHabla_3",
    "RepetitionTime": 2,
    "ScanningSequence": "EP_GR",
    "SequenceVariant": "SS",
    "SeriesDescription": "fMRI_ActosHabla_3",
    "SliceTiming": [
      0,
      1.0285,
      0.0571001,
      1.0857,
      0.1142,
      1.1428,
      0.1714,
      1.2,
      0.2285,
      1.2571,
      0.2857,
      1.3143,
      0.3428,
      1.3714,
      0.4,
      1.4286,
      0.4571,
      1.4857,
      0.5142,
      1.5428,
      0.5714,
      1.6,
      0.6285,
      1.6571,
      0.6857,
      1.7143,
      0.7428,
      1.7714,
      0.8,
      1.8285,
      0.8571,
      1.8857,
      0.9143,
      1.9428,
      0.9714
    ],
    "TaskName": "sar",
    "dataset": "ds003481",
    "modality": "bold",
    "run_id": 3,
    "subject_id": "023",
    "task_id": "sar"
  },
  "dummy_trs": 0,
  "dvars_nstd": 18.585907853622047,
  "dvars_std": 1.1584442465354328,
  "dvars_vstd": 1.037658644173228,
  "efc": 0.3872951177674537,
  "fber": 33750.19921875,
  "fd_mean": 0.15604718016163202,
  "fd_num": 37,
  "fd_perc": 14.509803921568627,
  "fwhm_avg": 2.692792075960037,
  "fwhm_x": 2.6422,
  "fwhm_y": 2.861125,
  "fwhm_z": 2.5750512278801096,
  "gcor": 0.0328212,
  "gsr_x": -0.0018434423254802823,
  "gsr_y": 0.003970898222178221,
  "provenance": {
    "md5sum": "5dd7af742620484dd5be44d536c9d05e",
    "settings": {
      "fd_thres": 0.2,
      "testing": false
    },
    "software": "mriqc",
    "version": "23.0.1",
    "webapi_port": null,
    "webapi_url": "https://mriqc.nimh.nih.gov/api/v1"
  },
  "size_t": 255,
  "size_x": 64,
  "size_y": 64,
  "size_z": 35,
  "snr": 3.295577416660604,
  "spacing_tr": 2.0,
  "spacing_x": 4.0,
  "spacing_y": 4.0,
  "spacing_z": 3.999998092651367,
  "summary_bg_k": 59.7302025167068,
  "summary_bg_mad": 14.221354362365396,
  "summary_bg_mean": 48.920169830322266,
  "summary_bg_median": 9.81568717956543,
  "summary_bg_n": 99417.0,
  "summary_bg_p05": 0.0313725508749485,
  "summary_bg_p95": 219.55922241210934,
  "summary_bg_stdv": 124.1452865600586,
  "summary_fg_k": 0.47666372335939267,
  "summary_fg_mad": 508.4425225436487,
  "summary_fg_mean": 1751.808349609375,
  "summary_fg_median": 1705.34716796875,
  "summary_fg_n": 15670.0,
  "summary_fg_p05": 988.6573211669922,
  "summary_fg_p95": 2634.9074218749997,
  "summary_fg_stdv": 517.4488525390625,
  "tsnr": 63.277847992721945
}