{
  "aor": 0.0032715708812260536,
  "aqi": 0.0025902104597701147,
  "bids_meta": {
    "AcquisitionDateTime": "2017-05-04T20:26:56.000000",
    "ConversionSoftware": "dcm2niix",
    "ConversionSoftwareVersion": "v1.0.20170411 GCC4.8.4",
    "EchoTime": 0.04,
    "FlipAngle": 90,
    "ImageType": [
      "ORIGINAL",
      "PRIMARY",
      "EPI",
      "NONE"
    ],
    "MagneticFieldStrength": 3,
    "Manufacturer": "GE",
    "ManufacturersModelName": "DISCOVERY_MR750",
    "ProcedureStepDescription": "ActosHabla",
    "ProtocolName": "fMRI_ActosHabla_1",
    "RepetitionTime": 2,
    "ScanningSequence": "EP_GR",
    "SequenceVariant": "SS",
    "SeriesDescription": "fMRI_ActosHabla_1",
    "SliceTiming": [
      0,
      1.0285,
      0.0571001,
      1.0857,
      0.1142,
      1.1428,
      0.1714,
      1.2,
      0.2285,
      1.2571,
      0.2857,
      1.3143,
      0.3428,
      1.3714,
      0.4,
      1.4286,
      0.4571,
      1.4857,
      0.5142,
      1.5428,
      0.5714,
      1.6,
      0.6285,
      1.6571,
      0.6857,
      1.7143,
      0.7428,
      1.7714,
      0.8,
      1.8285,
      0.8571,
      1.8857,
      0.9143,
      1.9428,
      0.9714
    ],
    "TaskName": "sar",
    "dataset": "ds003481",
    "modality": "bold",
    "run_id": 1,
    "subject_id": "023",
    "task_id": "sar"
  },
  "dummy_trs": 0,
  "dvars_nstd": 20.101568688076924,
  "dvars_std": 1.124950527038462,
  "dvars_vstd": 0.9715434637307692,
  "efc": 0.38455290476647097,
  "fber": 32367.88671875,
  "fd_mean": 0.15318304975078578,
  "fd_num": 32,
  "fd_perc": 12.260536398467433,
  "fwhm_avg": 2.730617080986697,
  "fwhm_x": 2.666,
  "fwhm_y": 2.919175,
  "fwhm_z": 2.6066762429600923,
  "gcor": 0.0468759,
  "gsr_x": -0.004172602202743292,
  "gsr_y": 0.00285807135514915,
  "provenance": {
    "md5sum": "23eae6de720486b8409a4010afc4e5c5",
    "settings": {
      "fd_thres": 0.2,
      "testing": false
    },
    "software": "mriqc",
    "version": "23.0.1",
    "webapi_port": null,
    "webapi_url": "https://mriqc.nimh.nih.gov/api/v1"
  },
  "size_t": 261,
  "size_x": 64,
  "size_y": 64,
  "size_z": 35,
  "snr": 3.340202578491969,
  "spacing_tr": 2.0,
  "spacing_x": 4.0,
  "spacing_y": 4.0,
  "spacing_z": 3.999998092651367,
  "summary_bg_k": 62.02623090782144,
  "summary_bg_mad": 14.666968948893915,
  "summary_bg_mean": 47.04387283325195,
  "summary_bg_median": 10.187739372253418,
  "summary_bg_n": 99397.0,
  "summary_bg_p05": 0.038314174860715866,
  "summary_bg_p95": 206.66206359863276,
  "summary_bg_stdv": 122.34923553466797,
  "summary_fg_k": 0.4861784979137549,
  "summary_fg_mad": 515.9199631271176,
  "summary_fg_mean": 1792.1851806640625,
  "summary_fg_median": 1748.781494140625,
  "summary_fg_n": 15618.0,
  "summary_fg_p05": 1007.2698913574219,
  "summary_fg_p95": 2683.77666015625,
  "summary_fg_stdv": 523.5387573242188,
  "tsnr": 60.30687653599307
}