{
  "aor": 0.009707826086956523,
  "aqi": 0.0054215476521739135,
  "bids_meta": {
    "AcquisitionDateTime": "2017-01-12T18:42:15.000000",
    "ConversionSoftware": "dcm2niix",
    "ConversionSoftwareVersion": "v1.0.20170411 GCC4.8.4",
    "EchoTime": 0.04,
    "FlipAngle": 90,
    "ImageType": [
      "ORIGINAL",
      "PRIMARY",
      "EPI",
      "NONE"
    ],
    "MagneticFieldStrength": 3,
    "Manufacturer": "GE",
    "ManufacturersModelName": "DISCOVERY_MR750",
    "ProcedureStepDescription": "CompRefranes",
    "ProtocolName": "fMRI_Comprension_4",
    "RepetitionTime": 2,
    "ScanningSequence": "EP_GR",
    "SequenceVariant": "SS",
    "SeriesDescription": "fMRI_Comprension_4",
    "SliceTiming": [
      1.0285,
      0.0571001,
      1.0857,
      0.1142,
      1.1428,
      0.1714,
      1.2,
      0.2285,
      1.2571,
      0.2857,
      1.3143,
      0.3428,
      1.3714,
      0.4,
      1.4286,
      0.4571,
      1.4857,
      0.5142,
      1.5428,
      0.5714,
      1.6,
      0.6285,
      1.6571,
      0.6857,
      1.7143,
      0.7428,
      1.7714,
      0.8,
      1.8285,
      0.8571,
      1.8857,
      0.9143,
      1.9428,
      0.9714
    ],
    "TaskName": "pc",
    "dataset": "ds003481",
    "modality": "bold",
    "run_id": 4,
    "subject_id": "049",
    "task_id": "pc"
  },
  "dummy_trs": 0,
  "dvars_nstd": 21.38445913720524,
  "dvars_std": 1.0849158989519652,
  "dvars_vstd": 1.0386923235807863,
  "efc": 0.33280759085481426,
  "fber": 59138.8828125,
  "fd_mean": 0.2036963526022876,
  "fd_num": 54,
  "fd_perc": 23.47826086956522,
  "fwhm_avg": 2.331417006907228,
  "fwhm_x": 2.2974175,
  "fwhm_y": 2.556225,
  "fwhm_z": 2.1406085207216843,
  "gcor": 0.0503983,
  "gsr_x": -0.02128087542951107,
  "gsr_y": 0.00043930826359428465,
  "provenance": {
    "md5sum": "47cb0955af0f01475493bb6cea9762c4",
    "settings": {
      "fd_thres": 0.2,
      "testing": false
    },
    "software": "mriqc",
    "version": "23.0.1",
    "webapi_port": null,
    "webapi_url": "https://mriqc.nimh.nih.gov/api/v1"
  },
  "size_t": 230,
  "size_x": 64,
  "size_y": 64,
  "size_z": 34,
  "snr": 3.980269476696849,
  "spacing_tr": 2.0,
  "spacing_x": 4.0,
  "spacing_y": 4.0,
  "spacing_z": 3.999998092651367,
  "summary_bg_k": 91.02772168070831,
  "summary_bg_mad": 8.444385772760791,
  "summary_bg_mean": 30.959489822387695,
  "summary_bg_median": 6.42608642578125,
  "summary_bg_n": 102541.0,
  "summary_bg_p05": 0.20434781908988953,
  "summary_bg_p95": 130.47825622558594,
  "summary_bg_stdv": 95.66333770751953,
  "summary_fg_k": 0.49859943112432914,
  "summary_fg_mad": 351.57652960043094,
  "summary_fg_mean": 1516.1192626953125,
  "summary_fg_median": 1490.2542724609375,
  "summary_fg_n": 10918.0,
  "summary_fg_p05": 946.1921447753906,
  "summary_fg_p95": 2168.9630615234373,
  "summary_fg_stdv": 374.39324951171875,
  "tsnr": 48.56481483578682
}