{
  "aor": 0.0015341255605381167,
  "aqi": 0.0017016822466367713,
  "bids_meta": {
    "AcquisitionDateTime": "2017-01-12T20:30:57.000000",
    "ConversionSoftware": "dcm2niix",
    "ConversionSoftwareVersion": "v1.0.20170411 GCC4.8.4",
    "EchoTime": 0.04,
    "FlipAngle": 90,
    "ImageType": [
      "ORIGINAL",
      "PRIMARY",
      "EPI",
      "NONE"
    ],
    "MagneticFieldStrength": 3,
    "Manufacturer": "GE",
    "ManufacturersModelName": "DISCOVERY_MR750",
    "ProcedureStepDescription": "CompRefranes",
    "ProtocolName": "fMRI_Comprension_3",
    "RepetitionTime": 2,
    "ScanningSequence": "EP_GR",
    "SequenceVariant": "SS",
    "SeriesDescription": "fMRI_Comprension_3",
    "SliceTiming": [
      1.0285,
      0.0571001,
      1.0857,
      0.1142,
      1.1428,
      0.1714,
      1.2,
      0.2285,
      1.2571,
      0.2857,
      1.3143,
      0.3428,
      1.3714,
      0.4,
      1.4286,
      0.4571,
      1.4857,
      0.5142,
      1.5428,
      0.5714,
      1.6,
      0.6285,
      1.6571,
      0.6857,
      1.7143,
      0.7428,
      1.7714,
      0.8,
      1.8285,
      0.8571,
      1.8857,
      0.9143,
      1.9428,
      0.9714
    ],
    "TaskName": "pc",
    "dataset": "ds003481",
    "modality": "bold",
    "run_id": 3,
    "subject_id": "061",
    "task_id": "pc"
  },
  "dummy_trs": 0,
  "dvars_nstd": 20.050139611936935,
  "dvars_std": 1.196983868963964,
  "dvars_vstd": 1.0321640758108113,
  "efc": 0.34866951568226257,
  "fber": 57878.0078125,
  "fd_mean": 0.08445640471553023,
  "fd_num": 4,
  "fd_perc": 1.7937219730941705,
  "fwhm_avg": 2.6922083333333333,
  "fwhm_x": 2.656425,
  "fwhm_y": 2.77175,
  "fwhm_z": 2.64845,
  "gcor": 0.0298817,
  "gsr_x": -0.012831917963922024,
  "gsr_y": 0.0010836453875526786,
  "provenance": {
    "md5sum": "ce677b4f5f7963d215fa037c5d3cb320",
    "settings": {
      "fd_thres": 0.2,
      "testing": false
    },
    "software": "mriqc",
    "version": "23.0.1",
    "webapi_port": null,
    "webapi_url": "https://mriqc.nimh.nih.gov/api/v1"
  },
  "size_t": 223,
  "size_x": 64,
  "size_y": 64,
  "size_z": 34,
  "snr": 3.088324515206687,
  "spacing_tr": 2.0,
  "spacing_x": 4.0,
  "spacing_y": 4.0,
  "spacing_z": 4.0,
  "summary_bg_k": 39.421506599953304,
  "summary_bg_mad": 10.132223378232958,
  "summary_bg_mean": 38.097320556640625,
  "summary_bg_median": 7.461883544921875,
  "summary_bg_n": 100094.0,
  "summary_bg_p05": 0.1569506824016571,
  "summary_bg_p95": 197.48880004882812,
  "summary_bg_stdv": 103.07750701904297,
  "summary_fg_k": 1.160456385695623,
  "summary_fg_mad": 436.75611724036224,
  "summary_fg_mean": 1805.663330078125,
  "summary_fg_median": 1690.8297119140625,
  "summary_fg_n": 12505.0,
  "summary_fg_p05": 1109.9130859375,
  "summary_fg_p95": 2898.1867187499997,
  "summary_fg_stdv": 547.4690551757812,
  "tsnr": 77.62525485176593
}