{
  "aor": 0.0014304999999999997,
  "aqi": 0.002644548327272727,
  "bids_meta": {
    "AcquisitionDateTime": "2017-01-12T20:13:1.000000",
    "ConversionSoftware": "dcm2niix",
    "ConversionSoftwareVersion": "v1.0.20170411 GCC4.8.4",
    "EchoTime": 0.04,
    "FlipAngle": 90,
    "ImageType": [
      "ORIGINAL",
      "PRIMARY",
      "EPI",
      "NONE"
    ],
    "MagneticFieldStrength": 3,
    "Manufacturer": "GE",
    "ManufacturersModelName": "DISCOVERY_MR750",
    "ProcedureStepDescription": "CompRefranes",
    "ProtocolName": "fMRI_Comprension_1",
    "RepetitionTime": 2,
    "ScanningSequence": "EP_GR",
    "SequenceVariant": "SS",
    "SeriesDescription": "fMRI_Comprension_1",
    "SliceTiming": [
      1.0285,
      0.0571001,
      1.0857,
      0.1142,
      1.1428,
      0.1714,
      1.2,
      0.2285,
      1.2571,
      0.2857,
      1.3143,
      0.3428,
      1.3714,
      0.4,
      1.4286,
      0.4571,
      1.4857,
      0.5142,
      1.5428,
      0.5714,
      1.6,
      0.6285,
      1.6571,
      0.6857,
      1.7143,
      0.7428,
      1.7714,
      0.8,
      1.8285,
      0.8571,
      1.8857,
      0.9143,
      1.9428,
      0.9714
    ],
    "TaskName": "pc",
    "dataset": "ds003481",
    "modality": "bold",
    "run_id": 1,
    "subject_id": "061",
    "task_id": "pc"
  },
  "dummy_trs": 0,
  "dvars_nstd": 20.28679796333332,
  "dvars_std": 1.1216024581278543,
  "dvars_vstd": 1.0009235231050224,
  "efc": 0.34633465970214955,
  "fber": 60404.6015625,
  "fd_mean": 0.08158650727284959,
  "fd_num": 3,
  "fd_perc": 1.3636363636363635,
  "fwhm_avg": 2.7413000000000003,
  "fwhm_x": 2.6744,
  "fwhm_y": 2.83655,
  "fwhm_z": 2.71295,
  "gcor": 0.0133025,
  "gsr_x": -0.011973954737186432,
  "gsr_y": 0.001896076020784676,
  "provenance": {
    "md5sum": "24212059c532721449d97a567f93e6ca",
    "settings": {
      "fd_thres": 0.2,
      "testing": false
    },
    "software": "mriqc",
    "version": "23.0.1",
    "webapi_port": null,
    "webapi_url": "https://mriqc.nimh.nih.gov/api/v1"
  },
  "size_t": 220,
  "size_x": 64,
  "size_y": 64,
  "size_z": 34,
  "snr": 3.022472601429388,
  "spacing_tr": 2.0,
  "spacing_x": 4.0,
  "spacing_y": 4.0,
  "spacing_z": 4.0,
  "summary_bg_k": 47.65966065667441,
  "summary_bg_mad": 10.047999453940633,
  "summary_bg_mean": 37.11227035522461,
  "summary_bg_median": 7.386363506317139,
  "summary_bg_n": 100210.0,
  "summary_bg_p05": 0.15454545617103577,
  "summary_bg_p95": 186.8272705078125,
  "summary_bg_stdv": 101.30178833007812,
  "summary_fg_k": 1.157062399674798,
  "summary_fg_mad": 438.75922287444666,
  "summary_fg_mean": 1818.4832763671875,
  "summary_fg_median": 1697.51806640625,
  "summary_fg_n": 12480.0,
  "summary_fg_p05": 1113.3270385742187,
  "summary_fg_p95": 2948.3938598632803,
  "summary_fg_stdv": 561.6097412109375,
  "tsnr": 68.89094576821662
}