{
  "aor": 0.0019975909090909094,
  "aqi": 0.0030970845454545456,
  "bids_meta": {
    "AcquisitionDateTime": "2017-01-12T20:22:4.000000",
    "ConversionSoftware": "dcm2niix",
    "ConversionSoftwareVersion": "v1.0.20170411 GCC4.8.4",
    "EchoTime": 0.04,
    "FlipAngle": 90,
    "ImageType": [
      "ORIGINAL",
      "PRIMARY",
      "EPI",
      "NONE"
    ],
    "MagneticFieldStrength": 3,
    "Manufacturer": "GE",
    "ManufacturersModelName": "DISCOVERY_MR750",
    "ProcedureStepDescription": "CompRefranes",
    "ProtocolName": "fMRI_Comprension_2",
    "RepetitionTime": 2,
    "ScanningSequence": "EP_GR",
    "SequenceVariant": "SS",
    "SeriesDescription": "fMRI_Comprension_2",
    "SliceTiming": [
      1.0285,
      0.0571001,
      1.0857,
      0.1142,
      1.1428,
      0.1714,
      1.2,
      0.2285,
      1.2571,
      0.2857,
      1.3143,
      0.3428,
      1.3714,
      0.4,
      1.4286,
      0.4571,
      1.4857,
      0.5142,
      1.5428,
      0.5714,
      1.6,
      0.6285,
      1.6571,
      0.6857,
      1.7143,
      0.7428,
      1.7714,
      0.8,
      1.8285,
      0.8571,
      1.8857,
      0.9143,
      1.9428,
      0.9714
    ],
    "TaskName": "pc",
    "dataset": "ds003481",
    "modality": "bold",
    "run_id": 2,
    "subject_id": "061",
    "task_id": "pc"
  },
  "dummy_trs": 0,
  "dvars_nstd": 20.917510080547938,
  "dvars_std": 1.1120945841552512,
  "dvars_vstd": 0.9849123083561638,
  "efc": 0.3462102695607473,
  "fber": 55908.77734375,
  "fd_mean": 0.085288581546376,
  "fd_num": 8,
  "fd_perc": 3.6363636363636362,
  "fwhm_avg": 2.6789583333333336,
  "fwhm_x": 2.663925,
  "fwhm_y": 2.7444,
  "fwhm_z": 2.62855,
  "gcor": 0.0166772,
  "gsr_x": -0.013038712553679943,
  "gsr_y": 0.0014679845189675689,
  "provenance": {
    "md5sum": "6294621c265b17ef4b50d4d8bace90c0",
    "settings": {
      "fd_thres": 0.2,
      "testing": false
    },
    "software": "mriqc",
    "version": "23.0.1",
    "webapi_port": null,
    "webapi_url": "https://mriqc.nimh.nih.gov/api/v1"
  },
  "size_t": 220,
  "size_x": 64,
  "size_y": 64,
  "size_z": 34,
  "snr": 3.0344843445046927,
  "spacing_tr": 2.0,
  "spacing_x": 4.0,
  "spacing_y": 4.0,
  "spacing_z": 4.0,
  "summary_bg_k": 41.346195033857285,
  "summary_bg_mad": 10.14234615927898,
  "summary_bg_mean": 37.11738586425781,
  "summary_bg_median": 7.459090709686279,
  "summary_bg_n": 100326.0,
  "summary_bg_p05": 0.17272727191448212,
  "summary_bg_p95": 190.62612533569336,
  "summary_bg_stdv": 100.0616683959961,
  "summary_fg_k": 1.2207138784861487,
  "summary_fg_mad": 431.59234691585027,
  "summary_fg_mean": 1787.82568359375,
  "summary_fg_median": 1667.9227294921875,
  "summary_fg_n": 12303.0,
  "summary_fg_p05": 1093.7453979492188,
  "summary_fg_p95": 2902.542724609375,
  "summary_fg_stdv": 549.6337280273438,
  "tsnr": 65.84871077584103
}