{
  "aor": 0.018558582677165356,
  "aqi": 0.005827470314960631,
  "bids_meta": {
    "AcquisitionMatrixPE": 64,
    "AcquisitionNumber": 1,
    "AcquisitionTime": "18:49:50.000000",
    "BodyPartExamined": "HEAD",
    "CoilString": "32Ch_Head",
    "ConversionSoftware": "dcm2niix",
    "ConversionSoftwareVersion": "v1.0.20181125  (JP2:OpenJPEG) GCC7.3.0",
    "DeviceSerialNumber": "0002806034DVR750",
    "EchoTime": 0.04,
    "EffectiveEchoSpacing": 0.000372,
    "FlipAngle": 90,
    "ImageOrientationPatientDICOM": [
      1,
      0,
      0,
      0,
      1,
      0
    ],
    "ImageType": [
      "ORIGINAL",
      "PRIMARY",
      "EPI",
      "NONE"
    ],
    "ImagingFrequency": 127.772,
    "InPlanePhaseEncodingDirectionDICOM": "COL",
    "InstitutionName": "INSTITUTO_DE_NEUROBIOLOGIA",
    "MRAcquisitionType": "2D",
    "MagneticFieldStrength": 3,
    "Manufacturer": "GE",
    "ManufacturersModelName": "DISCOVERY_MR750",
    "Modality": "MR",
    "PatientPosition": "HFS",
    "PercentPhaseFOV": 100,
    "PhaseEncodingDirection": "j",
    "PhaseEncodingPolarityGE": "Flipped",
    "PixelBandwidth": 7812.5,
    "ProcedureStepDescription": "Emociones_AH",
    "ProtocolName": "fMRI_Jalil_3",
    "ReconMatrixPE": 64,
    "RepetitionTime": 2,
    "SAR": 0.181367,
    "ScanOptions": "EPI_GEMS_ACC_GEMS",
    "ScanningSequence": "EP_GR",
    "SequenceVariant": "SS",
    "SeriesDescription": "fMRI_Jalil_3",
    "SeriesNumber": 8,
    "SliceThickness": 4,
    "SliceTiming": [
      0,
      1.0285,
      0.0571001,
      1.0857,
      0.1142,
      1.1428,
      0.1714,
      1.2,
      0.2285,
      1.2571,
      0.2857,
      1.3143,
      0.3428,
      1.3714,
      0.4,
      1.4286,
      0.4571,
      1.4857,
      0.5142,
      1.5428,
      0.5714,
      1.6,
      0.6285,
      1.6571,
      0.6857,
      1.7143,
      0.7428,
      1.7714,
      0.8,
      1.8285,
      0.8571,
      1.8857,
      0.9143,
      1.9428,
      0.9714
    ],
    "SoftwareVersions": "27_LX_MR_Software_release:DV26.0_R02_1810.b",
    "SpacingBetweenSlices": 4,
    "StationName": "GEHCGEHC",
    "TaskName": "sae",
    "TotalReadoutTime": 0.023436,
    "dataset": "ds003481",
    "modality": "bold",
    "run_id": 3,
    "subject_id": "039",
    "task_id": "sae"
  },
  "dummy_trs": 0,
  "dvars_nstd": 17.859547426561278,
  "dvars_std": 1.037279554901186,
  "dvars_vstd": 0.9698964100790517,
  "efc": 0.351812041547208,
  "fber": 86186.6171875,
  "fd_mean": 0.13108512490279695,
  "fd_num": 27,
  "fd_perc": 10.62992125984252,
  "fwhm_avg": 2.4733758333333333,
  "fwhm_x": 2.4273475,
  "fwhm_y": 2.656775,
  "fwhm_z": 2.336005,
  "gcor": 0.0610194,
  "gsr_x": 0.0012496454874053597,
  "gsr_y": -0.0040857186540961266,
  "provenance": {
    "md5sum": "4b92b8285f6bc075aa4535251787ca2f",
    "settings": {
      "fd_thres": 0.2,
      "testing": false
    },
    "software": "mriqc",
    "version": "23.0.1",
    "webapi_port": null,
    "webapi_url": "https://mriqc.nimh.nih.gov/api/v1"
  },
  "size_t": 254,
  "size_x": 64,
  "size_y": 64,
  "size_z": 35,
  "snr": 3.7245170649671233,
  "spacing_tr": 2.0,
  "spacing_x": 4.0,
  "spacing_y": 4.0,
  "spacing_z": 4.0,
  "summary_bg_k": 54.162872238003295,
  "summary_bg_mad": 9.485151972466866,
  "summary_bg_mean": 38.10467529296875,
  "summary_bg_median": 7.055118083953857,
  "summary_bg_n": 102411.0,
  "summary_bg_p05": 0.22047244012355804,
  "summary_bg_p95": 174.07086181640625,
  "summary_bg_stdv": 114.77592468261719,
  "summary_fg_k": 0.24885517790373246,
  "summary_fg_mad": 499.7770274846695,
  "summary_fg_mean": 2027.5255126953125,
  "summary_fg_median": 1976.4881591796875,
  "summary_fg_n": 13438.0,
  "summary_fg_p05": 1214.6326477050782,
  "summary_fg_p95": 2966.2230346679685,
  "summary_fg_stdv": 530.64990234375,
  "tsnr": 49.326348105445504
}