{
  "aor": 0.013406666666666667,
  "aqi": 0.0077425791333333325,
  "bids_meta": {
    "AcquisitionMatrixPE": 64,
    "AcquisitionNumber": 1,
    "AcquisitionTime": "18:59:51.000000",
    "BodyPartExamined": "HEAD",
    "CoilString": "32Ch_Head",
    "ConversionSoftware": "dcm2niix",
    "ConversionSoftwareVersion": "v1.0.20181125  (JP2:OpenJPEG) GCC7.3.0",
    "DeviceSerialNumber": "0002806034DVR750",
    "EchoTime": 0.04,
    "EffectiveEchoSpacing": 0.000372,
    "FlipAngle": 90,
    "ImageOrientationPatientDICOM": [
      1,
      0,
      0,
      0,
      1,
      0
    ],
    "ImageType": [
      "ORIGINAL",
      "PRIMARY",
      "EPI",
      "NONE"
    ],
    "ImagingFrequency": 127.772,
    "InPlanePhaseEncodingDirectionDICOM": "COL",
    "InstitutionName": "INSTITUTO_DE_NEUROBIOLOGIA",
    "MRAcquisitionType": "2D",
    "MagneticFieldStrength": 3,
    "Manufacturer": "GE",
    "ManufacturersModelName": "DISCOVERY_MR750",
    "Modality": "MR",
    "PatientPosition": "HFS",
    "PercentPhaseFOV": 100,
    "PhaseEncodingDirection": "j",
    "PhaseEncodingPolarityGE": "Flipped",
    "PixelBandwidth": 7812.5,
    "ProcedureStepDescription": "Emociones_AH",
    "ProtocolName": "fMRI_Jalil_4",
    "ReconMatrixPE": 64,
    "RepetitionTime": 2,
    "SAR": 0.181367,
    "ScanOptions": "EPI_GEMS_ACC_GEMS",
    "ScanningSequence": "EP_GR",
    "SequenceVariant": "SS",
    "SeriesDescription": "fMRI_Jalil_4",
    "SeriesNumber": 9,
    "SliceThickness": 4,
    "SliceTiming": [
      0,
      1.0285,
      0.0571001,
      1.0857,
      0.1142,
      1.1428,
      0.1714,
      1.2,
      0.2285,
      1.2571,
      0.2857,
      1.3143,
      0.3428,
      1.3714,
      0.4,
      1.4286,
      0.4571,
      1.4857,
      0.5142,
      1.5428,
      0.5714,
      1.6,
      0.6285,
      1.6571,
      0.6857,
      1.7143,
      0.7428,
      1.7714,
      0.8,
      1.8285,
      0.8571,
      1.8857,
      0.9143,
      1.9428,
      0.9714
    ],
    "SoftwareVersions": "27_LX_MR_Software_release:DV26.0_R02_1810.b",
    "SpacingBetweenSlices": 4,
    "StationName": "GEHCGEHC",
    "TaskName": "ec",
    "TotalReadoutTime": 0.023436,
    "dataset": "ds003481",
    "modality": "bold",
    "run_id": 4,
    "subject_id": "039",
    "task_id": "ec"
  },
  "dummy_trs": 0,
  "dvars_nstd": 26.698541385637576,
  "dvars_std": 1.047277979865772,
  "dvars_vstd": 0.9763829622147646,
  "efc": 0.3516487111396258,
  "fber": 85268.2265625,
  "fd_mean": 0.3373788367562751,
  "fd_num": 65,
  "fd_perc": 43.333333333333336,
  "fwhm_avg": 2.4751366666666663,
  "fwhm_x": 2.47082,
  "fwhm_y": 2.64905,
  "fwhm_z": 2.30554,
  "gcor": 0.0667992,
  "gsr_x": 0.0014535204973071814,
  "gsr_y": -0.003087344579398632,
  "provenance": {
    "md5sum": "0c3d84fdd489b227aab20b845b293614",
    "settings": {
      "fd_thres": 0.2,
      "testing": false
    },
    "software": "mriqc",
    "version": "23.0.1",
    "webapi_port": null,
    "webapi_url": "https://mriqc.nimh.nih.gov/api/v1"
  },
  "size_t": 150,
  "size_x": 64,
  "size_y": 64,
  "size_z": 35,
  "snr": 3.692124164180821,
  "spacing_tr": 2.0,
  "spacing_x": 4.0,
  "spacing_y": 4.0,
  "spacing_z": 4.0,
  "summary_bg_k": 57.510263532724466,
  "summary_bg_mad": 9.350277999623195,
  "summary_bg_mean": 36.60068130493164,
  "summary_bg_median": 7.006666660308838,
  "summary_bg_n": 102246.0,
  "summary_bg_p05": 0.25333333015441895,
  "summary_bg_p95": 163.4099998474121,
  "summary_bg_stdv": 110.66614532470703,
  "summary_fg_k": 0.29868636734799336,
  "summary_fg_mad": 492.8961026375525,
  "summary_fg_mean": 1990.158935546875,
  "summary_fg_median": 1945.646728515625,
  "summary_fg_n": 13523.0,
  "summary_fg_p05": 1182.2606567382813,
  "summary_fg_p95": 2913.411376953125,
  "summary_fg_stdv": 526.9526977539062,
  "tsnr": 42.92475963011384
}