{
  "aor": 0.002691466666666666,
  "aqi": 0.006994350933333333,
  "bids_meta": {
    "AcquisitionDateTime": "2016-09-01T18:17:27.000000",
    "ConversionSoftware": "dcm2niix",
    "ConversionSoftwareVersion": "v1.0.20170411 GCC4.8.4",
    "EchoTime": 0.04,
    "FlipAngle": 90,
    "ImageType": [
      "ORIGINAL",
      "PRIMARY",
      "EPI",
      "NONE"
    ],
    "MagneticFieldStrength": 3,
    "Manufacturer": "GE",
    "ManufacturersModelName": "DISCOVERY_MR750",
    "ProtocolName": "fMRI_RestSt",
    "RepetitionTime": 2,
    "ScanningSequence": "EP_GR",
    "SequenceVariant": "SS",
    "SeriesDescription": "fMRI_RestSt",
    "SliceTiming": [
      1.0285,
      0.0571001,
      1.0857,
      0.1142,
      1.1428,
      0.1714,
      1.2,
      0.2285,
      1.2571,
      0.2857,
      1.3143,
      0.3428,
      1.3714,
      0.4,
      1.4286,
      0.4571,
      1.4857,
      0.5142,
      1.5428,
      0.5714,
      1.6,
      0.6285,
      1.6571,
      0.6857,
      1.7143,
      0.7428,
      1.7714,
      0.8,
      1.8285,
      0.8571,
      1.8857,
      0.9143,
      1.9428,
      0.9714
    ],
    "TaskName": "rest",
    "dataset": "ds003481",
    "modality": "bold",
    "subject_id": "100",
    "task_id": "rest"
  },
  "dummy_trs": 0,
  "dvars_nstd": 14.795355174983273,
  "dvars_std": 1.038448247625418,
  "dvars_vstd": 0.9118020917391311,
  "efc": 0.3444899627428196,
  "fber": 141169.125,
  "fd_mean": 0.06049362370457255,
  "fd_num": 8,
  "fd_perc": 2.6666666666666665,
  "fwhm_avg": 2.7124666666666664,
  "fwhm_x": 2.636125,
  "fwhm_y": 2.9503,
  "fwhm_z": 2.550975,
  "gcor": 0.0357628,
  "gsr_x": -0.012319259345531464,
  "gsr_y": 0.00476868124678731,
  "provenance": {
    "md5sum": "3f860560adf3b39f180d6d58ee951622",
    "settings": {
      "fd_thres": 0.2,
      "testing": false
    },
    "software": "mriqc",
    "version": "23.0.1",
    "webapi_port": null,
    "webapi_url": "https://mriqc.nimh.nih.gov/api/v1"
  },
  "size_t": 300,
  "size_x": 64,
  "size_y": 64,
  "size_z": 34,
  "snr": 3.8465738555791464,
  "spacing_tr": 2.0,
  "spacing_x": 4.0,
  "spacing_y": 4.0,
  "spacing_z": 4.0,
  "summary_bg_k": 240.06119737723083,
  "summary_bg_mad": 7.408069089846056,
  "summary_bg_mean": 25.36117935180664,
  "summary_bg_median": 5.493333339691162,
  "summary_bg_n": 98996.0,
  "summary_bg_p05": 0.17666667699813843,
  "summary_bg_p95": 107.07500076293945,
  "summary_bg_stdv": 80.54822540283203,
  "summary_fg_k": 0.46900143793482174,
  "summary_fg_mad": 466.72813728458533,
  "summary_fg_mean": 1940.4415283203125,
  "summary_fg_median": 1927.8333740234375,
  "summary_fg_n": 13685.0,
  "summary_fg_p05": 1148.678076171875,
  "summary_fg_p95": 2778.9367675781245,
  "summary_fg_stdv": 501.16363525390625,
  "tsnr": 49.2989138152916
}