{
  "bids_meta": {
    "AcquisitionDateTime": "2016-05-03T22:02:32.000000",
    "ConversionSoftware": "dcm2niix",
    "ConversionSoftwareVersion": "v1.0.20170411 GCC4.8.4",
    "EchoTime": 0.00318,
    "FlipAngle": 12,
    "ImageType": [
      "DERIVED",
      "PRIMARY",
      "OTHER"
    ],
    "InversionTime": 0.45,
    "MagneticFieldStrength": 3,
    "Manufacturer": "GE",
    "ManufacturersModelName": "DISCOVERY_MR750",
    "ProcedureStepDescription": "ActosHabla",
    "ProtocolName": "PU:Sag_T1_FSPGR_BRAVO",
    "RepetitionTime": 0.008156,
    "ScanningSequence": "GR",
    "SequenceVariant": "SS_SP_SK",
    "SeriesDescription": "PU:Sag_T1_FSPGR_BRAVO",
    "dataset": "ds003481",
    "modality": "T1w",
    "subject_id": "005"
  },
  "cjv": 0.34441644054768666,
  "cnr": 3.9148864092638958,
  "efc": 0.7110552392278963,
  "fber": 9306.450356833588,
  "fwhm_avg": 4.108316666666666,
  "fwhm_x": 4.11741,
  "fwhm_y": 4.25968,
  "fwhm_z": 3.94786,
  "icvs_csf": 0.22108557210532445,
  "icvs_gm": 0.4296312639523802,
  "icvs_wm": 0.3492831639422953,
  "inu_med": 0.44792282581329346,
  "inu_range": 0.14619238376617433,
  "provenance": {
    "md5sum": "d965175e69b561689760e9bf0525d1a5",
    "settings": {
      "testing": false
    },
    "software": "mriqc",
    "version": "23.0.1",
    "warnings": {
      "large_rot_frame": true,
      "small_air_mask": false
    },
    "webapi_port": null,
    "webapi_url": "https://mriqc.nimh.nih.gov/api/v1"
  },
  "qi_1": 0.0,
  "qi_2": 0.0021256489325065936,
  "rpve_csf": 22.576052175524584,
  "rpve_gm": 12.090201018379734,
  "rpve_wm": 17.242397975000525,
  "size_x": 176,
  "size_y": 256,
  "size_z": 256,
  "snr_csf": 2.835516258259405,
  "snr_gm": 11.322081467183134,
  "snr_total": 12.859308498427799,
  "snr_wm": 24.42032776984086,
  "snrd_csf": 13.095695476412965,
  "snrd_gm": 33.297596037414394,
  "snrd_total": 31.23846868065121,
  "snrd_wm": 47.32211452812628,
  "spacing_x": 1.0,
  "spacing_y": 1.0,
  "spacing_z": 1.0,
  "summary_bg_k": 36.27995495002085,
  "summary_bg_mad": 0.0,
  "summary_bg_mean": 8.215806651755512,
  "summary_bg_median": 0.0,
  "summary_bg_n": 635086.0,
  "summary_bg_p05": 0.0,
  "summary_bg_p95": 35.47214986383915,
  "summary_bg_stdv": 13.844190947442197,
  "summary_csf_k": 1.4752548991676049,
  "summary_csf_mad": 76.47088520664398,
  "summary_csf_mean": 287.4825733301974,
  "summary_csf_median": 276.7352092862129,
  "summary_csf_n": 49512.0,
  "summary_csf_p05": 144.58553165197372,
  "summary_csf_p95": 472.9164250247179,
  "summary_csf_stdv": 97.59507244522611,
  "summary_gm_k": 0.0157290007742672,
  "summary_gm_mad": 62.420678992206135,
  "summary_gm_mean": 703.4492884963038,
  "summary_gm_median": 703.6371015757322,
  "summary_gm_n": 45921.0,
  "summary_gm_p05": 600.854018971324,
  "summary_gm_p95": 805.0342606902122,
  "summary_gm_stdv": 62.14665052415638,
  "summary_wm_k": 0.38569822883951543,
  "summary_wm_mad": 39.651570107148736,
  "summary_wm_mean": 1000.3523615368225,
  "summary_wm_median": 999.9999840706587,
  "summary_wm_n": 230874.0,
  "summary_wm_p05": 933.9251452535391,
  "summary_wm_p95": 1067.760405510664,
  "summary_wm_stdv": 40.94940198222485,
  "tpm_overlap_csf": 0.1408061501360491,
  "tpm_overlap_gm": 0.4537193168433768,
  "tpm_overlap_wm": 0.49411932259825064,
  "wm2max": 0.48339610342579853
}