{
  "aor": 0.0017111,
  "aqi": 0.002376447963333333,
  "bids_meta": {
    "AcquisitionDateTime": "2016-09-18T16:06:4.000000",
    "ConversionSoftware": "dcm2niix",
    "ConversionSoftwareVersion": "v1.0.20170411 GCC4.8.4",
    "EchoTime": 0.04,
    "FlipAngle": 90,
    "ImageType": [
      "ORIGINAL",
      "PRIMARY",
      "EPI",
      "NONE"
    ],
    "MagneticFieldStrength": 3,
    "Manufacturer": "GE",
    "ManufacturersModelName": "DISCOVERY_MR750",
    "ProcedureStepDescription": "MeditResp",
    "ProtocolName": "fMRI_RestSt",
    "RepetitionTime": 2,
    "ScanningSequence": "EP_GR",
    "SequenceVariant": "SS",
    "SeriesDescription": "fMRI_RestSt",
    "SliceTiming": [
      1.0285,
      0.0571001,
      1.0857,
      0.1142,
      1.1428,
      0.1714,
      1.2,
      0.2285,
      1.2571,
      0.2857,
      1.3143,
      0.3428,
      1.3714,
      0.4,
      1.4286,
      0.4571,
      1.4857,
      0.5142,
      1.5428,
      0.5714,
      1.6,
      0.6285,
      1.6571,
      0.6857,
      1.7143,
      0.7428,
      1.7714,
      0.8,
      1.8285,
      0.8571,
      1.8857,
      0.9143,
      1.9428,
      0.9714
    ],
    "TaskName": "rest",
    "dataset": "ds003481",
    "modality": "bold",
    "subject_id": "096",
    "task_id": "rest"
  },
  "dummy_trs": 0,
  "dvars_nstd": 15.571536638394642,
  "dvars_std": 1.2480781221404698,
  "dvars_vstd": 0.9685286987959865,
  "efc": 0.32736684781828534,
  "fber": 122773.0703125,
  "fd_mean": 0.04364443879218463,
  "fd_num": 0,
  "fd_perc": 0.0,
  "fwhm_avg": 2.4508375,
  "fwhm_x": 2.35173,
  "fwhm_y": 2.617175,
  "fwhm_z": 2.3836075,
  "gcor": 0.0325507,
  "gsr_x": -0.01767921820282936,
  "gsr_y": 0.006135750096291304,
  "provenance": {
    "md5sum": "9c7a1a4d541b7fd864d9d64e03b17c9d",
    "settings": {
      "fd_thres": 0.2,
      "testing": false
    },
    "software": "mriqc",
    "version": "23.0.1",
    "webapi_port": null,
    "webapi_url": "https://mriqc.nimh.nih.gov/api/v1"
  },
  "size_t": 300,
  "size_x": 64,
  "size_y": 64,
  "size_z": 34,
  "snr": 4.095110226249294,
  "spacing_tr": 2.0,
  "spacing_x": 4.0,
  "spacing_y": 4.0,
  "spacing_z": 4.0,
  "summary_bg_k": 84.45550049634869,
  "summary_bg_mad": 7.477257039023422,
  "summary_bg_mean": 26.900653839111328,
  "summary_bg_median": 5.566666603088379,
  "summary_bg_n": 101619.0,
  "summary_bg_p05": 0.17666667699813843,
  "summary_bg_p95": 111.67733917236293,
  "summary_bg_stdv": 82.54622650146484,
  "summary_fg_k": 0.40263487806359777,
  "summary_fg_mad": 421.5580871378089,
  "summary_fg_mean": 1882.6944580078125,
  "summary_fg_median": 1826.723388671875,
  "summary_fg_n": 11238.0,
  "summary_fg_p05": 1251.3510437011719,
  "summary_fg_p95": 2681.6589721679684,
  "summary_fg_stdv": 446.054443359375,
  "tsnr": 86.43887333571911
}