{
  "aor": 0.0011340178571428573,
  "aqi": 0.002172049950892857,
  "bids_meta": {
    "AcquisitionDateTime": "2017-01-27T18:21:24.000000",
    "ConversionSoftware": "dcm2niix",
    "ConversionSoftwareVersion": "v1.0.20170411 GCC4.8.4",
    "EchoTime": 0.04,
    "FlipAngle": 90,
    "ImageType": [
      "ORIGINAL",
      "PRIMARY",
      "EPI",
      "NONE"
    ],
    "MagneticFieldStrength": 3,
    "Manufacturer": "GE",
    "ManufacturersModelName": "DISCOVERY_MR750",
    "ProcedureStepDescription": "CompRefranes",
    "ProtocolName": "fMRI_Comprension_4",
    "RepetitionTime": 2,
    "ScanningSequence": "EP_GR",
    "SequenceVariant": "SS",
    "SeriesDescription": "fMRI_Comprension_4",
    "SliceTiming": [
      1.0285,
      0.0571001,
      1.0857,
      0.1142,
      1.1428,
      0.1714,
      1.2,
      0.2285,
      1.2571,
      0.2857,
      1.3143,
      0.3428,
      1.3714,
      0.4,
      1.4286,
      0.4571,
      1.4857,
      0.5142,
      1.5428,
      0.5714,
      1.6,
      0.6285,
      1.6571,
      0.6857,
      1.7143,
      0.7428,
      1.7714,
      0.8,
      1.8285,
      0.8571,
      1.8857,
      0.9143,
      1.9428,
      0.9714
    ],
    "TaskName": "pc",
    "dataset": "ds003481",
    "modality": "bold",
    "run_id": 4,
    "subject_id": "059",
    "task_id": "pc"
  },
  "dummy_trs": 0,
  "dvars_nstd": 19.547538334035877,
  "dvars_std": 1.1752665949327359,
  "dvars_vstd": 1.0059233122421518,
  "efc": 0.3664607857335608,
  "fber": 125163.2109375,
  "fd_mean": 0.11910193424646835,
  "fd_num": 14,
  "fd_perc": 6.25,
  "fwhm_avg": 2.790908333333333,
  "fwhm_x": 2.6931,
  "fwhm_y": 2.839725,
  "fwhm_z": 2.8399,
  "gcor": 0.0584504,
  "gsr_x": -0.013427733443677425,
  "gsr_y": 0.008994081988930702,
  "provenance": {
    "md5sum": "1161f731c5c57412f71406c7ea692be5",
    "settings": {
      "fd_thres": 0.2,
      "testing": false
    },
    "software": "mriqc",
    "version": "23.0.1",
    "webapi_port": null,
    "webapi_url": "https://mriqc.nimh.nih.gov/api/v1"
  },
  "size_t": 224,
  "size_x": 64,
  "size_y": 64,
  "size_z": 34,
  "snr": 3.172080114948522,
  "spacing_tr": 2.0,
  "spacing_x": 4.0,
  "spacing_y": 4.0,
  "spacing_z": 4.0,
  "summary_bg_k": 82.86147720021413,
  "summary_bg_mad": 7.955749499341644,
  "summary_bg_mean": 37.26982116699219,
  "summary_bg_median": 5.638392925262451,
  "summary_bg_n": 97056.0,
  "summary_bg_p05": 0.0714285746216774,
  "summary_bg_p95": 197.23104095458984,
  "summary_bg_stdv": 104.28620147705078,
  "summary_fg_k": 0.9502209299495257,
  "summary_fg_mad": 481.9648069835317,
  "summary_fg_mean": 1953.1717529296875,
  "summary_fg_median": 1840.852783203125,
  "summary_fg_n": 14751.0,
  "summary_fg_p05": 1200.0,
  "summary_fg_p95": 3101.7479248046875,
  "summary_fg_stdv": 580.3101806640625,
  "tsnr": 77.6463995995
}