{
  "aor": 0.0017181545064377684,
  "aqi": 0.003745265922746781,
  "bids_meta": {
    "AcquisitionDateTime": "2017-01-27T18:12:8.000000",
    "ConversionSoftware": "dcm2niix",
    "ConversionSoftwareVersion": "v1.0.20170411 GCC4.8.4",
    "EchoTime": 0.04,
    "FlipAngle": 90,
    "ImageType": [
      "ORIGINAL",
      "PRIMARY",
      "EPI",
      "NONE"
    ],
    "MagneticFieldStrength": 3,
    "Manufacturer": "GE",
    "ManufacturersModelName": "DISCOVERY_MR750",
    "ProcedureStepDescription": "CompRefranes",
    "ProtocolName": "fMRI_Comprension_3",
    "RepetitionTime": 2,
    "ScanningSequence": "EP_GR",
    "SequenceVariant": "SS",
    "SeriesDescription": "fMRI_Comprension_3",
    "SliceTiming": [
      1.0285,
      0.0571001,
      1.0857,
      0.1142,
      1.1428,
      0.1714,
      1.2,
      0.2285,
      1.2571,
      0.2857,
      1.3143,
      0.3428,
      1.3714,
      0.4,
      1.4286,
      0.4571,
      1.4857,
      0.5142,
      1.5428,
      0.5714,
      1.6,
      0.6285,
      1.6571,
      0.6857,
      1.7143,
      0.7428,
      1.7714,
      0.8,
      1.8285,
      0.8571,
      1.8857,
      0.9143,
      1.9428,
      0.9714
    ],
    "TaskName": "pc",
    "dataset": "ds003481",
    "modality": "bold",
    "run_id": 3,
    "subject_id": "059",
    "task_id": "pc"
  },
  "dummy_trs": 0,
  "dvars_nstd": 20.12486530181034,
  "dvars_std": 1.1028315825431032,
  "dvars_vstd": 0.9774657456896547,
  "efc": 0.36550838919131906,
  "fber": 124118.265625,
  "fd_mean": 0.15967162328029547,
  "fd_num": 49,
  "fd_perc": 21.030042918454935,
  "fwhm_avg": 2.8005,
  "fwhm_x": 2.716175,
  "fwhm_y": 2.82465,
  "fwhm_z": 2.860675,
  "gcor": 0.0526856,
  "gsr_x": -0.01338227465748787,
  "gsr_y": 0.009365273639559746,
  "provenance": {
    "md5sum": "d5452655573209b6851c9793bbfe9357",
    "settings": {
      "fd_thres": 0.2,
      "testing": false
    },
    "software": "mriqc",
    "version": "23.0.1",
    "webapi_port": null,
    "webapi_url": "https://mriqc.nimh.nih.gov/api/v1"
  },
  "size_t": 233,
  "size_x": 64,
  "size_y": 64,
  "size_z": 34,
  "snr": 3.16911136681484,
  "spacing_tr": 2.0,
  "spacing_x": 4.0,
  "spacing_y": 4.0,
  "spacing_z": 4.0,
  "summary_bg_k": 83.07287120450954,
  "summary_bg_mad": 7.995234663874599,
  "summary_bg_mean": 37.31664276123047,
  "summary_bg_median": 5.671673774719238,
  "summary_bg_n": 97138.0,
  "summary_bg_p05": 0.07725322246551514,
  "summary_bg_p95": 196.19119720458943,
  "summary_bg_stdv": 104.74723815917969,
  "summary_fg_k": 0.9253576676352111,
  "summary_fg_mad": 487.5884518487202,
  "summary_fg_mean": 1963.741943359375,
  "summary_fg_median": 1854.130859375,
  "summary_fg_n": 14718.0,
  "summary_fg_p05": 1202.2368591308593,
  "summary_fg_p95": 3126.480187988281,
  "summary_fg_stdv": 585.04345703125,
  "tsnr": 61.98708348709624
}