{
  "aor": 0.0005727952755905512,
  "aqi": 0.0016130487244094488,
  "bids_meta": {
    "AcquisitionDateTime": "2016-05-18T18:32:16.000000",
    "ConversionSoftware": "dcm2niix",
    "ConversionSoftwareVersion": "v1.0.20170411 GCC4.8.4",
    "EchoTime": 0.04,
    "FlipAngle": 90,
    "ImageType": [
      "ORIGINAL",
      "PRIMARY",
      "EPI",
      "NONE"
    ],
    "MagneticFieldStrength": 3,
    "Manufacturer": "GE",
    "ManufacturersModelName": "DISCOVERY_MR750",
    "ProcedureStepDescription": "ActosHabla",
    "ProtocolName": "fMRI_ActosHabla_2",
    "RepetitionTime": 2,
    "ScanningSequence": "EP_GR",
    "SequenceVariant": "SS",
    "SeriesDescription": "fMRI_ActosHabla_2",
    "SliceTiming": [
      0,
      1.0285,
      0.0571001,
      1.0857,
      0.1142,
      1.1428,
      0.1714,
      1.2,
      0.2285,
      1.2571,
      0.2857,
      1.3143,
      0.3428,
      1.3714,
      0.4,
      1.4286,
      0.4571,
      1.4857,
      0.5142,
      1.5428,
      0.5714,
      1.6,
      0.6285,
      1.6571,
      0.6857,
      1.7143,
      0.7428,
      1.7714,
      0.8,
      1.8285,
      0.8571,
      1.8857,
      0.9143,
      1.9428,
      0.9714
    ],
    "TaskName": "sar",
    "dataset": "ds003481",
    "modality": "bold",
    "run_id": 2,
    "subject_id": "008",
    "task_id": "sar"
  },
  "dummy_trs": 0,
  "dvars_nstd": 14.157223701264826,
  "dvars_std": 1.102067477470355,
  "dvars_vstd": 0.9908598636363634,
  "efc": 0.346624108433088,
  "fber": 81074.265625,
  "fd_mean": 0.052189872609798495,
  "fd_num": 1,
  "fd_perc": 0.3937007874015748,
  "fwhm_avg": 2.5608799999999996,
  "fwhm_x": 2.523225,
  "fwhm_y": 2.7738,
  "fwhm_z": 2.385615,
  "gcor": 0.0359597,
  "gsr_x": -0.007765417452901602,
  "gsr_y": 7.640739204362035e-05,
  "provenance": {
    "md5sum": "e77b18a84bc3ff375e26d0be5d37f1f8",
    "settings": {
      "fd_thres": 0.2,
      "testing": false
    },
    "software": "mriqc",
    "version": "23.0.1",
    "webapi_port": null,
    "webapi_url": "https://mriqc.nimh.nih.gov/api/v1"
  },
  "size_t": 254,
  "size_x": 64,
  "size_y": 64,
  "size_z": 35,
  "snr": 3.5899619839811323,
  "spacing_tr": 2.0,
  "spacing_x": 4.0,
  "spacing_y": 4.0,
  "spacing_z": 4.0,
  "summary_bg_k": 166.84761299959766,
  "summary_bg_mad": 9.286693325677476,
  "summary_bg_mean": 30.22210121154785,
  "summary_bg_median": 6.649606227874756,
  "summary_bg_n": 102658.0,
  "summary_bg_p05": 0.08661417663097382,
  "summary_bg_p95": 127.33130187988279,
  "summary_bg_stdv": 81.37892150878906,
  "summary_fg_k": 0.355282541335459,
  "summary_fg_mad": 449.9406352601539,
  "summary_fg_mean": 1771.4951171875,
  "summary_fg_median": 1731.3267822265625,
  "summary_fg_n": 13321.0,
  "summary_fg_p05": 1029.6181640625,
  "summary_fg_p95": 2619.413330078125,
  "summary_fg_stdv": 482.250732421875,
  "tsnr": 86.28073692321777
}