{
  "aor": 0.0011030588235294118,
  "aqi": 0.001705911305882353,
  "bids_meta": {
    "AcquisitionDateTime": "2016-05-18T18:41:47.000000",
    "ConversionSoftware": "dcm2niix",
    "ConversionSoftwareVersion": "v1.0.20170411 GCC4.8.4",
    "EchoTime": 0.04,
    "FlipAngle": 90,
    "ImageType": [
      "ORIGINAL",
      "PRIMARY",
      "EPI",
      "NONE"
    ],
    "MagneticFieldStrength": 3,
    "Manufacturer": "GE",
    "ManufacturersModelName": "DISCOVERY_MR750",
    "ProcedureStepDescription": "ActosHabla",
    "ProtocolName": "fMRI_ActosHabla_3",
    "RepetitionTime": 2,
    "ScanningSequence": "EP_GR",
    "SequenceVariant": "SS",
    "SeriesDescription": "fMRI_ActosHabla_3",
    "SliceTiming": [
      0,
      1.0285,
      0.0571001,
      1.0857,
      0.1142,
      1.1428,
      0.1714,
      1.2,
      0.2285,
      1.2571,
      0.2857,
      1.3143,
      0.3428,
      1.3714,
      0.4,
      1.4286,
      0.4571,
      1.4857,
      0.5142,
      1.5428,
      0.5714,
      1.6,
      0.6285,
      1.6571,
      0.6857,
      1.7143,
      0.7428,
      1.7714,
      0.8,
      1.8285,
      0.8571,
      1.8857,
      0.9143,
      1.9428,
      0.9714
    ],
    "TaskName": "sar",
    "dataset": "ds003481",
    "modality": "bold",
    "run_id": 3,
    "subject_id": "008",
    "task_id": "sar"
  },
  "dummy_trs": 0,
  "dvars_nstd": 14.149017439055124,
  "dvars_std": 1.0887880399212602,
  "dvars_vstd": 0.9911288525590551,
  "efc": 0.3465836763504795,
  "fber": 82194.9921875,
  "fd_mean": 0.0650948174066882,
  "fd_num": 4,
  "fd_perc": 1.5686274509803921,
  "fwhm_avg": 2.574501666666667,
  "fwhm_x": 2.545575,
  "fwhm_y": 2.78535,
  "fwhm_z": 2.39258,
  "gcor": 0.0388812,
  "gsr_x": -0.007868451997637749,
  "gsr_y": 1.781636274245102e-05,
  "provenance": {
    "md5sum": "860d9bfdf05dc37aa941286ab2839e26",
    "settings": {
      "fd_thres": 0.2,
      "testing": false
    },
    "software": "mriqc",
    "version": "23.0.1",
    "webapi_port": null,
    "webapi_url": "https://mriqc.nimh.nih.gov/api/v1"
  },
  "size_t": 255,
  "size_x": 64,
  "size_y": 64,
  "size_z": 35,
  "snr": 3.6328195833412367,
  "spacing_tr": 2.0,
  "spacing_x": 4.0,
  "spacing_y": 4.0,
  "spacing_z": 4.0,
  "summary_bg_k": 145.71330595246422,
  "summary_bg_mad": 9.372371996557138,
  "summary_bg_mean": 32.0616569519043,
  "summary_bg_median": 6.701961040496826,
  "summary_bg_n": 102791.0,
  "summary_bg_p05": 0.09019608050584793,
  "summary_bg_p95": 132.97254943847656,
  "summary_bg_stdv": 88.85713958740234,
  "summary_fg_k": 0.40622882338343524,
  "summary_fg_mad": 453.8100243509314,
  "summary_fg_mean": 1805.771728515625,
  "summary_fg_median": 1762.1824951171875,
  "summary_fg_n": 13196.0,
  "summary_fg_p05": 1068.5873107910156,
  "summary_fg_p95": 2647.4757080078125,
  "summary_fg_stdv": 485.0545654296875,
  "tsnr": 87.79727923963219
}