{
  "bids_meta": {
    "AcquisitionDateTime": "2017-01-12T18:50:54.000000",
    "ConversionSoftware": "dcm2niix",
    "ConversionSoftwareVersion": "v1.0.20170411 GCC4.8.4",
    "EchoTime": 0.00318,
    "FlipAngle": 12,
    "ImageType": [
      "DERIVED",
      "PRIMARY",
      "OTHER"
    ],
    "InversionTime": 0.45,
    "MagneticFieldStrength": 3,
    "Manufacturer": "GE",
    "ManufacturersModelName": "DISCOVERY_MR750",
    "ProcedureStepDescription": "CompRefranes",
    "ProtocolName": "PU:Sag_T1_FSPGR_BRAVO",
    "RepetitionTime": 0.008156,
    "ScanningSequence": "GR",
    "SequenceVariant": "SS_SP_SK",
    "SeriesDescription": "PU:Sag_T1_FSPGR_BRAVO",
    "dataset": "ds003481",
    "modality": "T1w",
    "subject_id": "049"
  },
  "cjv": 0.332272290662063,
  "cnr": 3.8364119872628475,
  "efc": 0.7177455166520861,
  "fber": -1.0,
  "fwhm_avg": 3.8130166666666665,
  "fwhm_x": 3.80114,
  "fwhm_y": 4.01322,
  "fwhm_z": 3.62469,
  "icvs_csf": 0.21286776834158508,
  "icvs_gm": 0.45770333710282557,
  "icvs_wm": 0.3294288945555894,
  "inu_med": 0.5546716451644897,
  "inu_range": 0.15713073015213008,
  "provenance": {
    "md5sum": "78b0c3431b93793cda20daf660a1a811",
    "settings": {
      "testing": false
    },
    "software": "mriqc",
    "version": "23.0.1",
    "warnings": {
      "large_rot_frame": true,
      "small_air_mask": false
    },
    "webapi_port": null,
    "webapi_url": "https://mriqc.nimh.nih.gov/api/v1"
  },
  "qi_1": 0.00047762926062990457,
  "qi_2": 0.0005015848040401175,
  "rpve_csf": 28.672134509432215,
  "rpve_gm": 14.166903507103347,
  "rpve_wm": 21.890717165024146,
  "size_x": 176,
  "size_y": 256,
  "size_z": 256,
  "snr_csf": 2.2412065134628185,
  "snr_gm": 11.891596010970485,
  "snr_total": 12.006611097277641,
  "snr_wm": 21.887030767399626,
  "snrd_csf": 5.735498734610626,
  "snrd_gm": 15.118355934458751,
  "snrd_total": 14.219678152154515,
  "snrd_wm": 21.805179787394163,
  "spacing_x": 1.0,
  "spacing_y": 1.0,
  "spacing_z": 1.0,
  "summary_bg_k": 39.59620800617318,
  "summary_bg_mad": 0.0,
  "summary_bg_mean": 11.65478349975715,
  "summary_bg_median": 0.0,
  "summary_bg_n": 411449.0,
  "summary_bg_p05": 0.0,
  "summary_bg_p95": 51.25073504820466,
  "summary_bg_stdv": 30.04498847841388,
  "summary_csf_k": 0.3475658041740952,
  "summary_csf_mad": 104.76738943603412,
  "summary_csf_mean": 259.7196797862186,
  "summary_csf_median": 263.03376426547766,
  "summary_csf_n": 26341.0,
  "summary_csf_p05": 65.73738488927484,
  "summary_csf_p95": 461.5935142673552,
  "summary_csf_stdv": 117.3603457689982,
  "summary_gm_k": 0.13087660266566692,
  "summary_gm_mad": 57.75317951628818,
  "summary_gm_mean": 691.645505676349,
  "summary_gm_median": 693.3377993702888,
  "summary_gm_n": 34761.0,
  "summary_gm_p05": 593.2788458168507,
  "summary_gm_p95": 783.9635855853558,
  "summary_gm_stdv": 58.30401787383233,
  "summary_wm_k": 0.4557549272245538,
  "summary_wm_mad": 44.14215991136837,
  "summary_wm_mean": 1001.0499125725294,
  "summary_wm_median": 999.9999625757337,
  "summary_wm_n": 147732.0,
  "summary_wm_p05": 928.3668480999768,
  "summary_wm_p95": 1077.4445819295943,
  "summary_wm_stdv": 45.6890013401238,
  "tpm_overlap_csf": 0.16184622783795627,
  "tpm_overlap_gm": 0.49195953366650286,
  "tpm_overlap_wm": 0.5271749535932336,
  "wm2max": 0.46748695737769463
}