{
  "aor": 0.003968480000000001,
  "aqi": 0.00434558688,
  "bids_meta": {
    "AcquisitionDateTime": "2017-06-27T20:29:5.000000",
    "ConversionSoftware": "dcm2niix",
    "ConversionSoftwareVersion": "v1.0.20170411 GCC4.8.4",
    "EchoTime": 0.035,
    "FlipAngle": 90,
    "ImageType": [
      "ORIGINAL",
      "PRIMARY",
      "EPI",
      "NONE"
    ],
    "MagneticFieldStrength": 3,
    "Manufacturer": "GE",
    "ManufacturersModelName": "DISCOVERY_MR750",
    "ProcedureStepDescription": "CompMet",
    "ProtocolName": "fMRI_CompMet",
    "RepetitionTime": 2,
    "ScanningSequence": "EP_GR",
    "SequenceVariant": "SS",
    "SeriesDescription": "fMRI_CompMet",
    "SliceTiming": [
      1.0285,
      0.0571001,
      1.0857,
      0.1142,
      1.1428,
      0.1714,
      1.2,
      0.2285,
      1.2571,
      0.2857,
      1.3143,
      0.3428,
      1.3714,
      0.4,
      1.4286,
      0.4571,
      1.4857,
      0.5142,
      1.5428,
      0.5714,
      1.6,
      0.6285,
      1.6571,
      0.6857,
      1.7143,
      0.7428,
      1.7714,
      0.8,
      1.8285,
      0.8571,
      1.8857,
      0.9143,
      1.9428,
      0.9714
    ],
    "TaskName": "cmp",
    "dataset": "ds003481",
    "modality": "bold",
    "run_id": 1,
    "subject_id": "066",
    "task_id": "cmp"
  },
  "dummy_trs": 0,
  "dvars_nstd": 14.640440680642575,
  "dvars_std": 0.980733377068273,
  "dvars_vstd": 0.9413220299196782,
  "efc": 0.4022888472298219,
  "fber": 45379.703125,
  "fd_mean": 0.11515841899427365,
  "fd_num": 26,
  "fd_perc": 10.4,
  "fwhm_avg": 2.8085916666666666,
  "fwhm_x": 2.741875,
  "fwhm_y": 2.973125,
  "fwhm_z": 2.710775,
  "gcor": 0.018289,
  "gsr_x": -0.00414741225540638,
  "gsr_y": 0.005686349701136351,
  "provenance": {
    "md5sum": "15d207a042f07cb2cc3087e487e77064",
    "settings": {
      "fd_thres": 0.2,
      "testing": false
    },
    "software": "mriqc",
    "version": "23.0.1",
    "webapi_port": null,
    "webapi_url": "https://mriqc.nimh.nih.gov/api/v1"
  },
  "size_t": 250,
  "size_x": 64,
  "size_y": 64,
  "size_z": 34,
  "snr": 3.3341971560038006,
  "spacing_tr": 2.0,
  "spacing_x": 4.0,
  "spacing_y": 4.0,
  "spacing_z": 4.0,
  "summary_bg_k": 89.97798312203489,
  "summary_bg_mad": 13.349350917662628,
  "summary_bg_mean": 54.070770263671875,
  "summary_bg_median": 9.508000373840332,
  "summary_bg_n": 93775.0,
  "summary_bg_p05": 0.1120000034570694,
  "summary_bg_p95": 265.42481994628923,
  "summary_bg_stdv": 145.60205078125,
  "summary_fg_k": 0.48192611651609196,
  "summary_fg_mad": 546.0422884865835,
  "summary_fg_mean": 1985.0303955078125,
  "summary_fg_median": 1927.7200927734375,
  "summary_fg_n": 17287.0,
  "summary_fg_p05": 1144.5352905273437,
  "summary_fg_p95": 3033.8765136718753,
  "summary_fg_stdv": 578.1494750976562,
  "tsnr": 58.80818375037052
}