{
  "aor": 0.0047876,
  "aqi": 0.0036571273840000002,
  "bids_meta": {
    "AcquisitionDateTime": "2017-06-27T20:39:21.000000",
    "ConversionSoftware": "dcm2niix",
    "ConversionSoftwareVersion": "v1.0.20170411 GCC4.8.4",
    "EchoTime": 0.035,
    "FlipAngle": 90,
    "ImageType": [
      "ORIGINAL",
      "PRIMARY",
      "EPI",
      "NONE"
    ],
    "MagneticFieldStrength": 3,
    "Manufacturer": "GE",
    "ManufacturersModelName": "DISCOVERY_MR750",
    "ProcedureStepDescription": "CompMet",
    "ProtocolName": "fMRI_CompMet",
    "RepetitionTime": 2,
    "ScanningSequence": "EP_GR",
    "SequenceVariant": "SS",
    "SeriesDescription": "fMRI_CompMet",
    "SliceTiming": [
      1.0285,
      0.0571001,
      1.0857,
      0.1142,
      1.1428,
      0.1714,
      1.2,
      0.2285,
      1.2571,
      0.2857,
      1.3143,
      0.3428,
      1.3714,
      0.4,
      1.4286,
      0.4571,
      1.4857,
      0.5142,
      1.5428,
      0.5714,
      1.6,
      0.6285,
      1.6571,
      0.6857,
      1.7143,
      0.7428,
      1.7714,
      0.8,
      1.8285,
      0.8571,
      1.8857,
      0.9143,
      1.9428,
      0.9714
    ],
    "TaskName": "cmp",
    "dataset": "ds003481",
    "modality": "bold",
    "run_id": 2,
    "subject_id": "066",
    "task_id": "cmp"
  },
  "dummy_trs": 0,
  "dvars_nstd": 13.258455372088351,
  "dvars_std": 1.06804941875502,
  "dvars_vstd": 0.9974560120080317,
  "efc": 0.40217047774801684,
  "fber": 48607.1875,
  "fd_mean": 0.06515089765815328,
  "fd_num": 7,
  "fd_perc": 2.8,
  "fwhm_avg": 2.7705333333333333,
  "fwhm_x": 2.71965,
  "fwhm_y": 2.904575,
  "fwhm_z": 2.687375,
  "gcor": 0.0250568,
  "gsr_x": -0.0031128909904509783,
  "gsr_y": 0.005033472552895546,
  "provenance": {
    "md5sum": "fcb593120acb02aa4580fe44e00e3b1a",
    "settings": {
      "fd_thres": 0.2,
      "testing": false
    },
    "software": "mriqc",
    "version": "23.0.1",
    "webapi_port": null,
    "webapi_url": "https://mriqc.nimh.nih.gov/api/v1"
  },
  "size_t": 250,
  "size_x": 64,
  "size_y": 64,
  "size_z": 34,
  "snr": 3.383795757102287,
  "spacing_tr": 2.0,
  "spacing_x": 4.0,
  "spacing_y": 4.0,
  "spacing_z": 4.0,
  "summary_bg_k": 80.9925469886712,
  "summary_bg_mad": 12.993526061787163,
  "summary_bg_mean": 53.357444763183594,
  "summary_bg_median": 9.208000183105469,
  "summary_bg_n": 93673.0,
  "summary_bg_p05": 0.09600000083446503,
  "summary_bg_p95": 264.3912231445305,
  "summary_bg_stdv": 143.71556091308594,
  "summary_fg_k": 0.5530234495048219,
  "summary_fg_mad": 535.7235254507917,
  "summary_fg_mean": 2011.0849609375,
  "summary_fg_median": 1948.2720947265625,
  "summary_fg_n": 17324.0,
  "summary_fg_p05": 1170.9630310058594,
  "summary_fg_p95": 3062.493896484374,
  "summary_fg_stdv": 575.7486572265625,
  "tsnr": 70.95259593625087
}