{
  "aor": 0.0017845333333333336,
  "aqi": 0.004617647033333333,
  "bids_meta": {
    "AcquisitionDateTime": "2016-10-01T12:08:59.000000",
    "ConversionSoftware": "dcm2niix",
    "ConversionSoftwareVersion": "v1.0.20170411 GCC4.8.4",
    "EchoTime": 0.04,
    "FlipAngle": 90,
    "ImageType": [
      "ORIGINAL",
      "PRIMARY",
      "EPI",
      "NONE"
    ],
    "MagneticFieldStrength": 3,
    "Manufacturer": "GE",
    "ManufacturersModelName": "DISCOVERY_MR750",
    "ProcedureStepDescription": "MeditResp",
    "ProtocolName": "fMRI_RestSt",
    "RepetitionTime": 2,
    "ScanningSequence": "EP_GR",
    "SequenceVariant": "SS",
    "SeriesDescription": "fMRI_RestSt",
    "SliceTiming": [
      1.0285,
      0.0571001,
      1.0857,
      0.1142,
      1.1428,
      0.1714,
      1.2,
      0.2285,
      1.2571,
      0.2857,
      1.3143,
      0.3428,
      1.3714,
      0.4,
      1.4286,
      0.4571,
      1.4857,
      0.5142,
      1.5428,
      0.5714,
      1.6,
      0.6285,
      1.6571,
      0.6857,
      1.7143,
      0.7428,
      1.7714,
      0.8,
      1.8285,
      0.8571,
      1.8857,
      0.9143,
      1.9428,
      0.9714
    ],
    "TaskName": "rest",
    "dataset": "ds003481",
    "modality": "bold",
    "subject_id": "112",
    "task_id": "rest"
  },
  "dummy_trs": 0,
  "dvars_nstd": 13.249230579565225,
  "dvars_std": 0.9699646621739132,
  "dvars_vstd": 0.9137303723076932,
  "efc": 0.33130237072011054,
  "fber": 78760.25,
  "fd_mean": 0.06122609681668335,
  "fd_num": 1,
  "fd_perc": 0.3333333333333333,
  "fwhm_avg": 2.5999250000000003,
  "fwhm_x": 2.523225,
  "fwhm_y": 2.7529,
  "fwhm_z": 2.52365,
  "gcor": 0.0235565,
  "gsr_x": -0.012706817127764225,
  "gsr_y": 0.002310487674549222,
  "provenance": {
    "md5sum": "0cd28be614e34b5839d5072cbac0e3e3",
    "settings": {
      "fd_thres": 0.2,
      "testing": false
    },
    "software": "mriqc",
    "version": "23.0.1",
    "webapi_port": null,
    "webapi_url": "https://mriqc.nimh.nih.gov/api/v1"
  },
  "size_t": 300,
  "size_x": 64,
  "size_y": 64,
  "size_z": 34,
  "snr": 4.0895491402855,
  "spacing_tr": 2.0,
  "spacing_x": 4.0,
  "spacing_y": 4.0,
  "spacing_z": 4.0,
  "summary_bg_k": 102.21182207944697,
  "summary_bg_mad": 8.347050836596855,
  "summary_bg_mean": 24.995981216430664,
  "summary_bg_median": 6.503333568572998,
  "summary_bg_n": 101251.0,
  "summary_bg_p05": 0.3266666829586029,
  "summary_bg_p95": 104.67166900634766,
  "summary_bg_stdv": 70.92449951171875,
  "summary_fg_k": 0.48050667084840626,
  "summary_fg_mad": 367.2801321269828,
  "summary_fg_mean": 1761.8038330078125,
  "summary_fg_median": 1717.2567138671875,
  "summary_fg_n": 11921.0,
  "summary_fg_p05": 1131.31005859375,
  "summary_fg_p95": 2530.436767578125,
  "summary_fg_stdv": 419.8958435058594,
  "tsnr": 62.451445538550615
}