{
  "bids_meta": {
    "AcquisitionDateTime": "2016-09-06T20:17:2.000000",
    "ConversionSoftware": "dcm2niix",
    "ConversionSoftwareVersion": "v1.0.20170411 GCC4.8.4",
    "EchoTime": 0.003336,
    "FlipAngle": 12,
    "ImageType": [
      "DERIVED",
      "PRIMARY",
      "OTHER"
    ],
    "InversionTime": 0.45,
    "MagneticFieldStrength": 3,
    "Manufacturer": "GE",
    "ManufacturersModelName": "DISCOVERY_MR750",
    "ProcedureStepDescription": "MeditResp",
    "ProtocolName": "PU:Sag_T1_FSPGR_BRAVO",
    "RepetitionTime": 0.008512,
    "ScanningSequence": "GR",
    "SequenceVariant": "SS_SP_SK",
    "SeriesDescription": "PU:Sag_T1_FSPGR_BRAVO",
    "dataset": "ds003481",
    "modality": "T1w",
    "subject_id": "113"
  },
  "cjv": 0.32814831711473913,
  "cnr": 4.143927330437243,
  "efc": 0.7248223261466721,
  "fber": -1.0,
  "fwhm_avg": 3.68646,
  "fwhm_x": 3.64558,
  "fwhm_y": 3.90311,
  "fwhm_z": 3.51069,
  "icvs_csf": 0.18888637540859912,
  "icvs_gm": 0.47455090001152544,
  "icvs_wm": 0.33656272457987546,
  "inu_med": 0.5122085809707642,
  "inu_range": 0.12664115428924555,
  "provenance": {
    "md5sum": "f4d93769065a3a63342549be452b27d5",
    "settings": {
      "testing": false
    },
    "software": "mriqc",
    "version": "23.0.1",
    "warnings": {
      "large_rot_frame": true,
      "small_air_mask": true
    },
    "webapi_port": null,
    "webapi_url": "https://mriqc.nimh.nih.gov/api/v1"
  },
  "qi_1": 0.0,
  "qi_2": 0.00257497091845068,
  "rpve_csf": 32.38113452554023,
  "rpve_gm": 14.264761335216646,
  "rpve_wm": 21.976272719953688,
  "size_x": 176,
  "size_y": 256,
  "size_z": 256,
  "snr_csf": 2.424500285265727,
  "snr_gm": 12.355944390975575,
  "snr_total": 11.845891952347644,
  "snr_wm": 20.757231180801632,
  "snrd_csf": 14.547629926485937,
  "snrd_gm": 37.715460050098784,
  "snrd_total": 35.63335656921634,
  "snrd_wm": 54.6369797310643,
  "spacing_x": 1.0,
  "spacing_y": 1.0,
  "spacing_z": 1.0,
  "summary_bg_k": 10.220627307549462,
  "summary_bg_mad": 0.0,
  "summary_bg_mean": 6.203950421221012,
  "summary_bg_median": 0.0,
  "summary_bg_n": 304007.0,
  "summary_bg_p05": 0.0,
  "summary_bg_p95": 31.775702081620693,
  "summary_bg_stdv": 11.990714473491876,
  "summary_csf_k": 0.9568379897929185,
  "summary_csf_mad": 94.56078576483878,
  "summary_csf_mean": 279.27893253439396,
  "summary_csf_median": 266.2597845494747,
  "summary_csf_n": 17225.0,
  "summary_csf_p05": 118.10032850503922,
  "summary_csf_p95": 484.5470325589179,
  "summary_csf_stdv": 109.81729190926056,
  "summary_gm_k": 0.07933699126037341,
  "summary_gm_mad": 55.480939494800744,
  "summary_gm_mean": 690.1588266973544,
  "summary_gm_median": 690.2918425798416,
  "summary_gm_n": 37032.0,
  "summary_gm_p05": 597.3889210496097,
  "summary_gm_p95": 780.3547868952155,
  "summary_gm_stdv": 55.866431611140975,
  "summary_wm_k": 0.3273849756992524,
  "summary_wm_mad": 46.14928300484955,
  "summary_wm_mean": 1000.0046579938329,
  "summary_wm_median": 1000.000036098063,
  "summary_wm_n": 149270.0,
  "summary_wm_p05": 920.2365390360355,
  "summary_wm_p95": 1079.1913416460156,
  "summary_wm_stdv": 48.17582257224843,
  "tpm_overlap_csf": 0.15424318218543498,
  "tpm_overlap_gm": 0.48457094985835314,
  "tpm_overlap_wm": 0.4959898252123479,
  "wm2max": 0.45705767487272475
}