{
  "bids_meta": {
    "AcquisitionDateTime": "2017-08-24T19:48:12.000000",
    "ConversionSoftware": "dcm2niix",
    "ConversionSoftwareVersion": "v1.0.20170411 GCC4.8.4",
    "EchoTime": 0.00318,
    "FlipAngle": 12,
    "ImageType": [
      "DERIVED",
      "PRIMARY",
      "OTHER"
    ],
    "InversionTime": 0.45,
    "MagneticFieldStrength": 3,
    "Manufacturer": "GE",
    "ManufacturersModelName": "DISCOVERY_MR750",
    "ProcedureStepDescription": "CompMet",
    "ProtocolName": "PU:Sag_T1_FSPGR_BRAVO",
    "RepetitionTime": 0.008156,
    "ScanningSequence": "GR",
    "SequenceVariant": "SS_SP_SK",
    "SeriesDescription": "PU:Sag_T1_FSPGR_BRAVO",
    "dataset": "ds003481",
    "modality": "T1w",
    "subject_id": "091"
  },
  "cjv": 0.324152513836316,
  "cnr": 4.2001107449201776,
  "efc": 0.7191576313786538,
  "fber": 6932.041639825814,
  "fwhm_avg": 3.824333333333333,
  "fwhm_x": 3.88744,
  "fwhm_y": 4.00826,
  "fwhm_z": 3.5773,
  "icvs_csf": 0.19019289482418864,
  "icvs_gm": 0.4644391888063548,
  "icvs_wm": 0.3453679163694566,
  "inu_med": 0.5407922267913818,
  "inu_range": 0.19677056074142463,
  "provenance": {
    "md5sum": "a35f9de54733962bf6aaf5128e094f64",
    "settings": {
      "testing": false
    },
    "software": "mriqc",
    "version": "23.0.1",
    "warnings": {
      "large_rot_frame": true,
      "small_air_mask": false
    },
    "webapi_port": null,
    "webapi_url": "https://mriqc.nimh.nih.gov/api/v1"
  },
  "qi_1": 0.0,
  "qi_2": 0.002380163950842444,
  "rpve_csf": 24.000868228499286,
  "rpve_gm": 10.942412270688049,
  "rpve_wm": 16.6144084891723,
  "size_x": 176,
  "size_y": 256,
  "size_z": 256,
  "snr_csf": 2.2172149138432187,
  "snr_gm": 10.963151092400905,
  "snr_total": 11.745767680517583,
  "snr_wm": 22.05693703530863,
  "snrd_csf": 14.73206190602788,
  "snrd_gm": 35.277161778844324,
  "snrd_total": 34.09900490697462,
  "snrd_wm": 52.28779103605167,
  "spacing_x": 1.0,
  "spacing_y": 1.0,
  "spacing_z": 1.0,
  "summary_bg_k": 10.592198751832077,
  "summary_bg_mad": 0.0,
  "summary_bg_mean": 6.600180579358871,
  "summary_bg_median": 0.0,
  "summary_bg_n": 563946.0,
  "summary_bg_p05": 0.0,
  "summary_bg_p95": 33.26336249709129,
  "summary_bg_stdv": 12.529433727518525,
  "summary_csf_k": 20.205112823194362,
  "summary_csf_mad": 91.0018051188044,
  "summary_csf_mean": 291.0019802934537,
  "summary_csf_median": 281.7495613452047,
  "summary_csf_n": 25060.0,
  "summary_csf_p05": 108.79016839992255,
  "summary_csf_p95": 486.4786949278786,
  "summary_csf_stdv": 127.07110078974408,
  "summary_gm_k": 0.026301244605367202,
  "summary_gm_mad": 61.58556887027276,
  "summary_gm_mean": 674.9276585989602,
  "summary_gm_median": 674.6730308420956,
  "summary_gm_n": 54499.0,
  "summary_gm_p05": 573.7930030748248,
  "summary_gm_p95": 775.4319541342556,
  "summary_gm_stdv": 61.539500400294465,
  "summary_wm_k": 0.45553707449179104,
  "summary_wm_mad": 43.869992207881374,
  "summary_wm_mean": 999.8633984007384,
  "summary_wm_median": 1000.0000191479921,
  "summary_wm_n": 222994.0,
  "summary_wm_p05": 925.7226077467203,
  "summary_wm_p95": 1073.5508036985993,
  "summary_wm_stdv": 45.33710983224231,
  "tpm_overlap_csf": 0.170090744806167,
  "tpm_overlap_gm": 0.49361496393128196,
  "tpm_overlap_wm": 0.5264960208650519,
  "wm2max": 0.46553409005487484
}