{
  "aor": 0.006687068965517243,
  "aqi": 0.005519513850574712,
  "bids_meta": {
    "AcquisitionMatrixPE": 64,
    "AcquisitionNumber": 1,
    "AcquisitionTime": "20:45:52.000000",
    "CoilString": "32Ch_Head",
    "ConversionSoftware": "dcm2niix",
    "ConversionSoftwareVersion": "v1.0.20190902",
    "Dcm2bidsVersion": "2.1.4",
    "DeviceSerialNumber": "000000000000GEHC",
    "EchoTime": 0.04,
    "EffectiveEchoSpacing": 0.000372,
    "FlipAngle": 90,
    "ImageOrientationPatientDICOM": [
      1,
      0,
      0,
      0,
      1,
      0
    ],
    "ImageType": [
      "ORIGINAL",
      "PRIMARY",
      "EPI",
      "NONE"
    ],
    "ImagingFrequency": 127.772,
    "InPlanePhaseEncodingDirectionDICOM": "COL",
    "InstitutionName": "INSTITUTO_DE_NEUROBIOLOGIA",
    "MRAcquisitionType": "2D",
    "MagneticFieldStrength": 3,
    "Manufacturer": "GE",
    "ManufacturersModelName": "DISCOVERY_MR750",
    "Modality": "MR",
    "PatientPosition": "HFS",
    "PercentPhaseFOV": 100,
    "PhaseEncodingDirection": "j",
    "PhaseEncodingPolarityGE": "Flipped",
    "PixelBandwidth": 7812.5,
    "ProcedureStepDescription": "verbos",
    "ProtocolName": "fMRI_7",
    "ReconMatrixPE": 64,
    "RepetitionTime": 2,
    "SAR": 0.375623,
    "ScanOptions": "EPI_GEMS_ACC_GEMS",
    "ScanningSequence": "EP_GR",
    "SequenceVariant": "SS",
    "SeriesDescription": "fMRI_7",
    "SeriesNumber": 12,
    "SliceThickness": 4,
    "SliceTiming": [
      0,
      1.0285,
      0.0571001,
      1.0857,
      0.1142,
      1.1428,
      0.1714,
      1.2,
      0.2285,
      1.2571,
      0.2857,
      1.3143,
      0.3428,
      1.3714,
      0.4,
      1.4286,
      0.4571,
      1.4857,
      0.5142,
      1.5428,
      0.5714,
      1.6,
      0.6285,
      1.6571,
      0.6857,
      1.7143,
      0.7428,
      1.7714,
      0.8,
      1.8285,
      0.8571,
      1.8857,
      0.9143,
      1.9428,
      0.9714
    ],
    "SoftwareVersions": "24_LX_MR_Software_release:DV24.0_R02_1607.b",
    "SpacingBetweenSlices": 4,
    "StationName": "GEHCGEHC",
    "TaskName": "verbs",
    "TotalReadoutTime": 0.023436,
    "dataset": "ds003481",
    "modality": "bold",
    "run_id": 7,
    "subject_id": "136",
    "task_id": "verbs"
  },
  "dummy_trs": 0,
  "dvars_nstd": 15.8443228216763,
  "dvars_std": 1.0342107132947986,
  "dvars_vstd": 0.9801256007514451,
  "efc": 0.38168847228676384,
  "fber": 65224.484375,
  "fd_mean": 0.1936032906974649,
  "fd_num": 61,
  "fd_perc": 35.05747126436781,
  "fwhm_avg": 2.730866666666666,
  "fwhm_x": 2.628475,
  "fwhm_y": 2.831,
  "fwhm_z": 2.733125,
  "gcor": 0.0381834,
  "gsr_x": -0.003611997701227665,
  "gsr_y": 0.004500581417232752,
  "provenance": {
    "md5sum": "fdb83821b9bdb830687efe5b34f757e4",
    "settings": {
      "fd_thres": 0.2,
      "testing": false
    },
    "software": "mriqc",
    "version": "23.0.1",
    "webapi_port": null,
    "webapi_url": "https://mriqc.nimh.nih.gov/api/v1"
  },
  "size_t": 174,
  "size_x": 64,
  "size_y": 64,
  "size_z": 35,
  "snr": 3.346461755376556,
  "spacing_tr": 2.0,
  "spacing_x": 4.0,
  "spacing_y": 4.0,
  "spacing_z": 4.0,
  "summary_bg_k": 30.179360014935277,
  "summary_bg_mad": 10.659398594639441,
  "summary_bg_mean": 45.784523010253906,
  "summary_bg_median": 7.568965435028076,
  "summary_bg_n": 99122.0,
  "summary_bg_p05": 0.08620689809322357,
  "summary_bg_p95": 246.8600547790523,
  "summary_bg_stdv": 115.75526428222656,
  "summary_fg_k": 0.15431587946183756,
  "summary_fg_mad": 526.698600703586,
  "summary_fg_mean": 1919.3192138671875,
  "summary_fg_median": 1850.735595703125,
  "summary_fg_n": 15763.0,
  "summary_fg_p05": 1113.3546264648437,
  "summary_fg_p95": 2926.8206542968746,
  "summary_fg_stdv": 553.0249633789062,
  "tsnr": 53.8412315400783
}