{
  "aor": 0.0019819540229885054,
  "aqi": 0.003059381896551724,
  "bids_meta": {
    "AcquisitionMatrixPE": 64,
    "AcquisitionNumber": 1,
    "AcquisitionTime": "20:39:7.000000",
    "CoilString": "32Ch_Head",
    "ConversionSoftware": "dcm2niix",
    "ConversionSoftwareVersion": "v1.0.20190902",
    "Dcm2bidsVersion": "2.1.4",
    "DeviceSerialNumber": "000000000000GEHC",
    "EchoTime": 0.04,
    "EffectiveEchoSpacing": 0.000372,
    "FlipAngle": 90,
    "ImageOrientationPatientDICOM": [
      1,
      0,
      0,
      0,
      1,
      0
    ],
    "ImageType": [
      "ORIGINAL",
      "PRIMARY",
      "EPI",
      "NONE"
    ],
    "ImagingFrequency": 127.772,
    "InPlanePhaseEncodingDirectionDICOM": "COL",
    "InstitutionName": "INSTITUTO_DE_NEUROBIOLOGIA",
    "MRAcquisitionType": "2D",
    "MagneticFieldStrength": 3,
    "Manufacturer": "GE",
    "ManufacturersModelName": "DISCOVERY_MR750",
    "Modality": "MR",
    "PatientPosition": "HFS",
    "PercentPhaseFOV": 100,
    "PhaseEncodingDirection": "j",
    "PhaseEncodingPolarityGE": "Flipped",
    "PixelBandwidth": 7812.5,
    "ProcedureStepDescription": "verbos",
    "ProtocolName": "fMRI_6",
    "ReconMatrixPE": 64,
    "RepetitionTime": 2,
    "SAR": 0.375623,
    "ScanOptions": "EPI_GEMS_ACC_GEMS",
    "ScanningSequence": "EP_GR",
    "SequenceVariant": "SS",
    "SeriesDescription": "fMRI_6",
    "SeriesNumber": 11,
    "SliceThickness": 4,
    "SliceTiming": [
      0,
      1.0285,
      0.0571001,
      1.0857,
      0.1142,
      1.1428,
      0.1714,
      1.2,
      0.2285,
      1.2571,
      0.2857,
      1.3143,
      0.3428,
      1.3714,
      0.4,
      1.4286,
      0.4571,
      1.4857,
      0.5142,
      1.5428,
      0.5714,
      1.6,
      0.6285,
      1.6571,
      0.6857,
      1.7143,
      0.7428,
      1.7714,
      0.8,
      1.8285,
      0.8571,
      1.8857,
      0.9143,
      1.9428,
      0.9714
    ],
    "SoftwareVersions": "24_LX_MR_Software_release:DV24.0_R02_1607.b",
    "SpacingBetweenSlices": 4,
    "StationName": "GEHCGEHC",
    "TaskName": "verbs",
    "TotalReadoutTime": 0.023436,
    "dataset": "ds003481",
    "modality": "bold",
    "run_id": 6,
    "subject_id": "136",
    "task_id": "verbs"
  },
  "dummy_trs": 0,
  "dvars_nstd": 13.558069433236996,
  "dvars_std": 0.9885964336416186,
  "dvars_vstd": 0.9581536324277456,
  "efc": 0.38392890929411205,
  "fber": 61060.49609375,
  "fd_mean": 0.09879406298478086,
  "fd_num": 21,
  "fd_perc": 12.068965517241379,
  "fwhm_avg": 2.7228166666666667,
  "fwhm_x": 2.624625,
  "fwhm_y": 2.864375,
  "fwhm_z": 2.67945,
  "gcor": 0.0684898,
  "gsr_x": -0.005246215034276247,
  "gsr_y": 0.0049703181721270084,
  "provenance": {
    "md5sum": "68b2c58b650121da4348063a3cad8ef2",
    "settings": {
      "fd_thres": 0.2,
      "testing": false
    },
    "software": "mriqc",
    "version": "23.0.1",
    "webapi_port": null,
    "webapi_url": "https://mriqc.nimh.nih.gov/api/v1"
  },
  "size_t": 174,
  "size_x": 64,
  "size_y": 64,
  "size_z": 35,
  "snr": 3.414510066729072,
  "spacing_tr": 2.0,
  "spacing_x": 4.0,
  "spacing_y": 4.0,
  "spacing_z": 4.0,
  "summary_bg_k": 32.26677697290461,
  "summary_bg_mad": 10.940581969034595,
  "summary_bg_mean": 47.89500427246094,
  "summary_bg_median": 7.729885101318359,
  "summary_bg_n": 99208.0,
  "summary_bg_p05": 0.06321839243173599,
  "summary_bg_p95": 259.72012481689444,
  "summary_bg_stdv": 122.61338806152344,
  "summary_fg_k": 0.026698749545227773,
  "summary_fg_mad": 522.0975025345103,
  "summary_fg_mean": 1905.7723388671875,
  "summary_fg_median": 1847.1781005859375,
  "summary_fg_n": 15701.0,
  "summary_fg_p05": 1100.9482421875,
  "summary_fg_p95": 2874.17236328125,
  "summary_fg_stdv": 540.9617309570312,
  "tsnr": 68.97260120976716
}