{
  "aor": 0.002892298850574713,
  "aqi": 0.0024167631264367813,
  "bids_meta": {
    "AcquisitionMatrixPE": 64,
    "AcquisitionNumber": 1,
    "AcquisitionTime": "19:55:32.000000",
    "CoilString": "32Ch_Head",
    "ConversionSoftware": "dcm2niix",
    "ConversionSoftwareVersion": "v1.0.20190902",
    "Dcm2bidsVersion": "2.1.4",
    "DeviceSerialNumber": "000000000000GEHC",
    "EchoTime": 0.04,
    "EffectiveEchoSpacing": 0.000372,
    "FlipAngle": 90,
    "ImageOrientationPatientDICOM": [
      1,
      0,
      0,
      0,
      1,
      0
    ],
    "ImageType": [
      "ORIGINAL",
      "PRIMARY",
      "EPI",
      "NONE"
    ],
    "ImagingFrequency": 127.772,
    "InPlanePhaseEncodingDirectionDICOM": "COL",
    "InstitutionName": "INSTITUTO_DE_NEUROBIOLOGIA",
    "MRAcquisitionType": "2D",
    "MagneticFieldStrength": 3,
    "Manufacturer": "GE",
    "ManufacturersModelName": "DISCOVERY_MR750",
    "Modality": "MR",
    "PatientPosition": "HFS",
    "PercentPhaseFOV": 100,
    "PhaseEncodingDirection": "j",
    "PhaseEncodingPolarityGE": "Flipped",
    "PixelBandwidth": 7812.5,
    "ProcedureStepDescription": "verbos",
    "ProtocolName": "fMRI_1",
    "ReconMatrixPE": 64,
    "RepetitionTime": 2,
    "SAR": 0.375623,
    "ScanOptions": "EPI_GEMS_ACC_GEMS",
    "ScanningSequence": "EP_GR",
    "SequenceVariant": "SS",
    "SeriesDescription": "fMRI_1",
    "SeriesNumber": 4,
    "SliceThickness": 4,
    "SliceTiming": [
      0,
      1.0285,
      0.0571001,
      1.0857,
      0.1142,
      1.1428,
      0.1714,
      1.2,
      0.2285,
      1.2571,
      0.2857,
      1.3143,
      0.3428,
      1.3714,
      0.4,
      1.4286,
      0.4571,
      1.4857,
      0.5142,
      1.5428,
      0.5714,
      1.6,
      0.6285,
      1.6571,
      0.6857,
      1.7143,
      0.7428,
      1.7714,
      0.8,
      1.8285,
      0.8571,
      1.8857,
      0.9143,
      1.9428,
      0.9714
    ],
    "SoftwareVersions": "24_LX_MR_Software_release:DV24.0_R02_1607.b",
    "SpacingBetweenSlices": 4,
    "StationName": "GEHCGEHC",
    "TaskName": "verbs",
    "TotalReadoutTime": 0.023436,
    "dataset": "ds003481",
    "modality": "bold",
    "run_id": 1,
    "subject_id": "136",
    "task_id": "verbs"
  },
  "dummy_trs": 0,
  "dvars_nstd": 14.102943381791905,
  "dvars_std": 1.0298949288439305,
  "dvars_vstd": 0.9738480241618492,
  "efc": 0.3740238093628383,
  "fber": 63482.19921875,
  "fd_mean": 0.06625598592461783,
  "fd_num": 3,
  "fd_perc": 1.7241379310344827,
  "fwhm_avg": 3.096391666666667,
  "fwhm_x": 2.96875,
  "fwhm_y": 3.106275,
  "fwhm_z": 3.21415,
  "gcor": 0.0249929,
  "gsr_x": -0.0043728710152208805,
  "gsr_y": 0.0022398075088858604,
  "provenance": {
    "md5sum": "04d569a48fcc0eb7948cb8226b23e269",
    "settings": {
      "fd_thres": 0.2,
      "testing": false
    },
    "software": "mriqc",
    "version": "23.0.1",
    "webapi_port": null,
    "webapi_url": "https://mriqc.nimh.nih.gov/api/v1"
  },
  "size_t": 174,
  "size_x": 64,
  "size_y": 64,
  "size_z": 35,
  "snr": 2.7799696467470323,
  "spacing_tr": 2.0,
  "spacing_x": 4.0,
  "spacing_y": 4.0,
  "spacing_z": 4.0,
  "summary_bg_k": 32.6432172576389,
  "summary_bg_mad": 10.778688742685965,
  "summary_bg_mean": 48.78077697753906,
  "summary_bg_median": 7.632184028625488,
  "summary_bg_n": 99718.0,
  "summary_bg_p05": 0.07471264153718948,
  "summary_bg_p95": 270.2388046264643,
  "summary_bg_stdv": 129.15576171875,
  "summary_fg_k": 1.3835927874592242,
  "summary_fg_mad": 518.4038466900913,
  "summary_fg_mean": 1989.9683837890625,
  "summary_fg_median": 1839.603515625,
  "summary_fg_n": 15016.0,
  "summary_fg_p05": 1148.9483032226562,
  "summary_fg_p95": 3321.7529296875,
  "summary_fg_stdv": 661.7130737304688,
  "tsnr": 77.04416531836614
}