{
  "aor": 0.002214942528735632,
  "aqi": 0.0016087606379310345,
  "bids_meta": {
    "AcquisitionMatrixPE": 64,
    "AcquisitionNumber": 1,
    "AcquisitionTime": "20:09:45.000000",
    "CoilString": "32Ch_Head",
    "ConversionSoftware": "dcm2niix",
    "ConversionSoftwareVersion": "v1.0.20190902",
    "Dcm2bidsVersion": "2.1.4",
    "DeviceSerialNumber": "000000000000GEHC",
    "EchoTime": 0.04,
    "EffectiveEchoSpacing": 0.000372,
    "FlipAngle": 90,
    "ImageOrientationPatientDICOM": [
      1,
      0,
      0,
      0,
      1,
      0
    ],
    "ImageType": [
      "ORIGINAL",
      "PRIMARY",
      "EPI",
      "NONE"
    ],
    "ImagingFrequency": 127.772,
    "InPlanePhaseEncodingDirectionDICOM": "COL",
    "InstitutionName": "INSTITUTO_DE_NEUROBIOLOGIA",
    "MRAcquisitionType": "2D",
    "MagneticFieldStrength": 3,
    "Manufacturer": "GE",
    "ManufacturersModelName": "DISCOVERY_MR750",
    "Modality": "MR",
    "PatientPosition": "HFS",
    "PercentPhaseFOV": 100,
    "PhaseEncodingDirection": "j",
    "PhaseEncodingPolarityGE": "Flipped",
    "PixelBandwidth": 7812.5,
    "ProcedureStepDescription": "verbos",
    "ProtocolName": "fMRI_3",
    "ReconMatrixPE": 64,
    "RepetitionTime": 2,
    "SAR": 0.375623,
    "ScanOptions": "EPI_GEMS_ACC_GEMS",
    "ScanningSequence": "EP_GR",
    "SequenceVariant": "SS",
    "SeriesDescription": "fMRI_3",
    "SeriesNumber": 6,
    "SliceThickness": 4,
    "SliceTiming": [
      0,
      1.0285,
      0.0571001,
      1.0857,
      0.1142,
      1.1428,
      0.1714,
      1.2,
      0.2285,
      1.2571,
      0.2857,
      1.3143,
      0.3428,
      1.3714,
      0.4,
      1.4286,
      0.4571,
      1.4857,
      0.5142,
      1.5428,
      0.5714,
      1.6,
      0.6285,
      1.6571,
      0.6857,
      1.7143,
      0.7428,
      1.7714,
      0.8,
      1.8285,
      0.8571,
      1.8857,
      0.9143,
      1.9428,
      0.9714
    ],
    "SoftwareVersions": "24_LX_MR_Software_release:DV24.0_R02_1607.b",
    "SpacingBetweenSlices": 4,
    "StationName": "GEHCGEHC",
    "TaskName": "verbs",
    "TotalReadoutTime": 0.023436,
    "dataset": "ds003481",
    "modality": "bold",
    "run_id": 3,
    "subject_id": "136",
    "task_id": "verbs"
  },
  "dummy_trs": 0,
  "dvars_nstd": 13.466151143468208,
  "dvars_std": 1.0865021424277457,
  "dvars_vstd": 1.012852683179191,
  "efc": 0.37614702319985693,
  "fber": 61419.20703125,
  "fd_mean": 0.05400530020069065,
  "fd_num": 2,
  "fd_perc": 1.1494252873563218,
  "fwhm_avg": 3.0455,
  "fwhm_x": 2.9227,
  "fwhm_y": 3.078,
  "fwhm_z": 3.1358,
  "gcor": 0.0476697,
  "gsr_x": -0.004567505791783333,
  "gsr_y": 0.0030331281013786793,
  "provenance": {
    "md5sum": "78cbbaa25182e68abfb7973bc769bfcd",
    "settings": {
      "fd_thres": 0.2,
      "testing": false
    },
    "software": "mriqc",
    "version": "23.0.1",
    "webapi_port": null,
    "webapi_url": "https://mriqc.nimh.nih.gov/api/v1"
  },
  "size_t": 174,
  "size_x": 64,
  "size_y": 64,
  "size_z": 35,
  "snr": 2.779508078414116,
  "spacing_tr": 2.0,
  "spacing_x": 4.0,
  "spacing_y": 4.0,
  "spacing_z": 4.0,
  "summary_bg_k": 31.189711719936874,
  "summary_bg_mad": 10.89797827214264,
  "summary_bg_mean": 50.53239822387695,
  "summary_bg_median": 7.683907985687256,
  "summary_bg_n": 99745.0,
  "summary_bg_p05": 0.06321839243173599,
  "summary_bg_p95": 280.1137817382812,
  "summary_bg_stdv": 132.67491149902344,
  "summary_fg_k": 1.4014750128296347,
  "summary_fg_mad": 508.2470622902324,
  "summary_fg_mean": 1957.9447021484375,
  "summary_fg_median": 1812.232666015625,
  "summary_fg_n": 15042.0,
  "summary_fg_p05": 1128.2244079589843,
  "summary_fg_p95": 3254.253051757812,
  "summary_fg_stdv": 651.9759521484375,
  "tsnr": 89.76951033622026
}