{
  "aor": 0.0016685632183908044,
  "aqi": 0.0025613790229885055,
  "bids_meta": {
    "AcquisitionMatrixPE": 64,
    "AcquisitionNumber": 1,
    "AcquisitionTime": "20:16:44.000000",
    "CoilString": "32Ch_Head",
    "ConversionSoftware": "dcm2niix",
    "ConversionSoftwareVersion": "v1.0.20190902",
    "Dcm2bidsVersion": "2.1.4",
    "DeviceSerialNumber": "000000000000GEHC",
    "EchoTime": 0.04,
    "EffectiveEchoSpacing": 0.000372,
    "FlipAngle": 90,
    "ImageOrientationPatientDICOM": [
      1,
      0,
      0,
      0,
      1,
      0
    ],
    "ImageType": [
      "ORIGINAL",
      "PRIMARY",
      "EPI",
      "NONE"
    ],
    "ImagingFrequency": 127.772,
    "InPlanePhaseEncodingDirectionDICOM": "COL",
    "InstitutionName": "INSTITUTO_DE_NEUROBIOLOGIA",
    "MRAcquisitionType": "2D",
    "MagneticFieldStrength": 3,
    "Manufacturer": "GE",
    "ManufacturersModelName": "DISCOVERY_MR750",
    "Modality": "MR",
    "PatientPosition": "HFS",
    "PercentPhaseFOV": 100,
    "PhaseEncodingDirection": "j",
    "PhaseEncodingPolarityGE": "Flipped",
    "PixelBandwidth": 7812.5,
    "ProcedureStepDescription": "verbos",
    "ProtocolName": "fMRI_4",
    "ReconMatrixPE": 64,
    "RepetitionTime": 2,
    "SAR": 0.375623,
    "ScanOptions": "EPI_GEMS_ACC_GEMS",
    "ScanningSequence": "EP_GR",
    "SequenceVariant": "SS",
    "SeriesDescription": "fMRI_4",
    "SeriesNumber": 7,
    "SliceThickness": 4,
    "SliceTiming": [
      0,
      1.0285,
      0.0571001,
      1.0857,
      0.1142,
      1.1428,
      0.1714,
      1.2,
      0.2285,
      1.2571,
      0.2857,
      1.3143,
      0.3428,
      1.3714,
      0.4,
      1.4286,
      0.4571,
      1.4857,
      0.5142,
      1.5428,
      0.5714,
      1.6,
      0.6285,
      1.6571,
      0.6857,
      1.7143,
      0.7428,
      1.7714,
      0.8,
      1.8285,
      0.8571,
      1.8857,
      0.9143,
      1.9428,
      0.9714
    ],
    "SoftwareVersions": "24_LX_MR_Software_release:DV24.0_R02_1607.b",
    "SpacingBetweenSlices": 4,
    "StationName": "GEHCGEHC",
    "TaskName": "verbs",
    "TotalReadoutTime": 0.023436,
    "dataset": "ds003481",
    "modality": "bold",
    "run_id": 4,
    "subject_id": "136",
    "task_id": "verbs"
  },
  "dummy_trs": 0,
  "dvars_nstd": 13.364912557109834,
  "dvars_std": 1.0205764776300579,
  "dvars_vstd": 0.9740984029479763,
  "efc": 0.37480106116443973,
  "fber": 66435.3828125,
  "fd_mean": 0.10336439989623973,
  "fd_num": 20,
  "fd_perc": 11.494252873563218,
  "fwhm_avg": 3.1335083333333333,
  "fwhm_x": 2.988475,
  "fwhm_y": 3.135925,
  "fwhm_z": 3.276125,
  "gcor": 0.0535344,
  "gsr_x": -0.00395847437903285,
  "gsr_y": 0.004352502524852753,
  "provenance": {
    "md5sum": "a9f3b842e825c2c406583428ab7cc028",
    "settings": {
      "fd_thres": 0.2,
      "testing": false
    },
    "software": "mriqc",
    "version": "23.0.1",
    "webapi_port": null,
    "webapi_url": "https://mriqc.nimh.nih.gov/api/v1"
  },
  "size_t": 174,
  "size_x": 64,
  "size_y": 64,
  "size_z": 35,
  "snr": 2.72471387752224,
  "spacing_tr": 2.0,
  "spacing_x": 4.0,
  "spacing_y": 4.0,
  "spacing_z": 4.0,
  "summary_bg_k": 33.902194490582346,
  "summary_bg_mad": 10.582712541149776,
  "summary_bg_mean": 48.56230545043945,
  "summary_bg_median": 7.488505840301514,
  "summary_bg_n": 99499.0,
  "summary_bg_p05": 0.08045977354049683,
  "summary_bg_p95": 265.94770812988236,
  "summary_bg_stdv": 128.1148223876953,
  "summary_fg_k": 1.3609795846992476,
  "summary_fg_mad": 525.0285014271736,
  "summary_fg_mean": 1989.4542236328125,
  "summary_fg_median": 1834.0057373046875,
  "summary_fg_n": 15259.0,
  "summary_fg_p05": 1153.7868041992188,
  "summary_fg_p95": 3368.4419189453115,
  "summary_fg_stdv": 673.0782470703125,
  "tsnr": 74.77885443298146
}