{
  "aor": 0.003994360000000001,
  "aqi": 0.0022479909639999997,
  "bids_meta": {
    "AcquisitionDateTime": "2017-07-13T19:25:45.000000",
    "ConversionSoftware": "dcm2niix",
    "ConversionSoftwareVersion": "v1.0.20170411 GCC4.8.4",
    "EchoTime": 0.035,
    "FlipAngle": 90,
    "ImageType": [
      "ORIGINAL",
      "PRIMARY",
      "EPI",
      "NONE"
    ],
    "MagneticFieldStrength": 3,
    "Manufacturer": "GE",
    "ManufacturersModelName": "DISCOVERY_MR750",
    "ProcedureStepDescription": "CompMet",
    "ProtocolName": "fMRI_CompMet",
    "RepetitionTime": 2,
    "ScanningSequence": "EP_GR",
    "SequenceVariant": "SS",
    "SeriesDescription": "fMRI_CompMet",
    "SliceTiming": [
      1.0285,
      0.0571001,
      1.0857,
      0.1142,
      1.1428,
      0.1714,
      1.2,
      0.2285,
      1.2571,
      0.2857,
      1.3143,
      0.3428,
      1.3714,
      0.4,
      1.4286,
      0.4571,
      1.4857,
      0.5142,
      1.5428,
      0.5714,
      1.6,
      0.6285,
      1.6571,
      0.6857,
      1.7143,
      0.7428,
      1.7714,
      0.8,
      1.8285,
      0.8571,
      1.8857,
      0.9143,
      1.9428,
      0.9714
    ],
    "TaskName": "cmp",
    "dataset": "ds003481",
    "modality": "bold",
    "run_id": 2,
    "subject_id": "081",
    "task_id": "cmp"
  },
  "dummy_trs": 0,
  "dvars_nstd": 14.732268206706836,
  "dvars_std": 1.194229294819277,
  "dvars_vstd": 1.0393185951405617,
  "efc": 0.3359089209899754,
  "fber": 114976.90625,
  "fd_mean": 0.10701868569459438,
  "fd_num": 26,
  "fd_perc": 10.4,
  "fwhm_avg": 2.4665175,
  "fwhm_x": 2.377825,
  "fwhm_y": 2.60995,
  "fwhm_z": 2.4117775,
  "gcor": 0.0877796,
  "gsr_x": -0.01204955019056797,
  "gsr_y": -0.0004469134728424251,
  "provenance": {
    "md5sum": "68bf77eff7c6118c2c214f05d2878eef",
    "settings": {
      "fd_thres": 0.2,
      "testing": false
    },
    "software": "mriqc",
    "version": "23.0.1",
    "webapi_port": null,
    "webapi_url": "https://mriqc.nimh.nih.gov/api/v1"
  },
  "size_t": 250,
  "size_x": 64,
  "size_y": 64,
  "size_z": 34,
  "snr": 4.543347447058556,
  "spacing_tr": 2.0,
  "spacing_x": 4.0,
  "spacing_y": 4.0,
  "spacing_z": 4.0,
  "summary_bg_k": 114.70742749556113,
  "summary_bg_mad": 8.39745945836673,
  "summary_bg_mean": 30.098438262939453,
  "summary_bg_median": 6.528000354766846,
  "summary_bg_n": 100560.0,
  "summary_bg_p05": 0.3160000145435333,
  "summary_bg_p95": 114.08140182495085,
  "summary_bg_stdv": 101.26407623291016,
  "summary_fg_k": 0.0763923122314325,
  "summary_fg_mad": 454.63711079362804,
  "summary_fg_mean": 2120.2529296875,
  "summary_fg_median": 2083.44189453125,
  "summary_fg_n": 12318.0,
  "summary_fg_p05": 1414.2540954589845,
  "summary_fg_p95": 2901.7455200195313,
  "summary_fg_stdv": 458.5511779785156,
  "tsnr": 85.49035447277129
}