{
  "aor": 0.000575,
  "aqi": 0.0023902151433333333,
  "bids_meta": {
    "AcquisitionDateTime": "2017-08-14T20:03:25.000000",
    "ConversionSoftware": "dcm2niix",
    "ConversionSoftwareVersion": "v1.0.20170411 GCC4.8.4",
    "EchoTime": 0.04,
    "FlipAngle": 90,
    "ImageType": [
      "ORIGINAL",
      "PRIMARY",
      "EPI",
      "NONE"
    ],
    "MagneticFieldStrength": 3,
    "Manufacturer": "GE",
    "ManufacturersModelName": "DISCOVERY_MR750",
    "ProcedureStepDescription": "CompMet",
    "ProtocolName": "fMRI_RestState",
    "RepetitionTime": 2,
    "ScanningSequence": "EP_GR",
    "SequenceVariant": "SS",
    "SeriesDescription": "fMRI_RestState",
    "SliceTiming": [
      1.0285,
      0.0571001,
      1.0857,
      0.1142,
      1.1428,
      0.1714,
      1.2,
      0.2285,
      1.2571,
      0.2857,
      1.3143,
      0.3428,
      1.3714,
      0.4,
      1.4286,
      0.4571,
      1.4857,
      0.5142,
      1.5428,
      0.5714,
      1.6,
      0.6285,
      1.6571,
      0.6857,
      1.7143,
      0.7428,
      1.7714,
      0.8,
      1.8285,
      0.8571,
      1.8857,
      0.9143,
      1.9428,
      0.9714
    ],
    "TaskName": "rest",
    "dataset": "ds003481",
    "modality": "bold",
    "subject_id": "081",
    "task_id": "rest"
  },
  "dummy_trs": 0,
  "dvars_nstd": 14.935851027157197,
  "dvars_std": 1.1507720654515052,
  "dvars_vstd": 0.9830302068896327,
  "efc": 0.37308110855015886,
  "fber": 72021.6796875,
  "fd_mean": 0.06701992081029545,
  "fd_num": 0,
  "fd_perc": 0.0,
  "fwhm_avg": 2.7189083333333333,
  "fwhm_x": 2.6532,
  "fwhm_y": 2.792175,
  "fwhm_z": 2.71135,
  "gcor": 0.0651504,
  "gsr_x": 0.002871511271223426,
  "gsr_y": 0.006928141228854656,
  "provenance": {
    "md5sum": "1f2a1f673929756268061453cc3dfcb9",
    "settings": {
      "fd_thres": 0.2,
      "testing": false
    },
    "software": "mriqc",
    "version": "23.0.1",
    "webapi_port": null,
    "webapi_url": "https://mriqc.nimh.nih.gov/api/v1"
  },
  "size_t": 300,
  "size_x": 64,
  "size_y": 64,
  "size_z": 34,
  "snr": 3.3136108228124765,
  "spacing_tr": 2.0,
  "spacing_x": 4.0,
  "spacing_y": 4.0,
  "spacing_z": 4.0,
  "summary_bg_k": 126.65915761077201,
  "summary_bg_mad": 10.363389963343247,
  "summary_bg_mean": 45.24654769897461,
  "summary_bg_median": 7.40333366394043,
  "summary_bg_n": 96625.0,
  "summary_bg_p05": 0.1066666692495346,
  "summary_bg_p95": 212.9413360595704,
  "summary_bg_stdv": 139.1919403076172,
  "summary_fg_k": 0.1141061812419184,
  "summary_fg_mad": 535.9312019700466,
  "summary_fg_mean": 1943.986328125,
  "summary_fg_median": 1865.2100830078125,
  "summary_fg_n": 14897.0,
  "summary_fg_p05": 1136.1853759765625,
  "summary_fg_p95": 2968.3534667968743,
  "summary_fg_stdv": 562.8746337890625,
  "tsnr": 86.57535304129124
}