{
  "aor": 0.005942758620689655,
  "aqi": 0.0034870167816091957,
  "bids_meta": {
    "AcquisitionMatrixPE": 64,
    "AcquisitionNumber": 1,
    "AcquisitionTime": "20:41:10.000000",
    "CoilString": "32Ch_Head",
    "ConversionSoftware": "dcm2niix",
    "ConversionSoftwareVersion": "v1.0.20190902",
    "Dcm2bidsVersion": "2.1.4",
    "DeviceSerialNumber": "000000000000GEHC",
    "EchoTime": 0.04,
    "EffectiveEchoSpacing": 0.000372,
    "FlipAngle": 90,
    "ImageOrientationPatientDICOM": [
      1,
      0,
      0,
      0,
      1,
      0
    ],
    "ImageType": [
      "ORIGINAL",
      "PRIMARY",
      "EPI",
      "NONE"
    ],
    "ImagingFrequency": 127.772,
    "InPlanePhaseEncodingDirectionDICOM": "COL",
    "InstitutionName": "INSTITUTO_DE_NEUROBIOLOGIA",
    "MRAcquisitionType": "2D",
    "MagneticFieldStrength": 3,
    "Manufacturer": "GE",
    "ManufacturersModelName": "DISCOVERY_MR750",
    "Modality": "MR",
    "PatientPosition": "HFS",
    "PercentPhaseFOV": 100,
    "PhaseEncodingDirection": "j",
    "PhaseEncodingPolarityGE": "Flipped",
    "PixelBandwidth": 7812.5,
    "ProcedureStepDescription": "verbos",
    "ProtocolName": "fMRI_8",
    "ReconMatrixPE": 64,
    "RepetitionTime": 2,
    "SAR": 0.352886,
    "ScanOptions": "EPI_GEMS_ACC_GEMS",
    "ScanningSequence": "EP_GR",
    "SequenceVariant": "SS",
    "SeriesDescription": "fMRI_8",
    "SeriesNumber": 11,
    "SliceThickness": 4,
    "SliceTiming": [
      0,
      1.0285,
      0.0571001,
      1.0857,
      0.1142,
      1.1428,
      0.1714,
      1.2,
      0.2285,
      1.2571,
      0.2857,
      1.3143,
      0.3428,
      1.3714,
      0.4,
      1.4286,
      0.4571,
      1.4857,
      0.5142,
      1.5428,
      0.5714,
      1.6,
      0.6285,
      1.6571,
      0.6857,
      1.7143,
      0.7428,
      1.7714,
      0.8,
      1.8285,
      0.8571,
      1.8857,
      0.9143,
      1.9428,
      0.9714
    ],
    "SoftwareVersions": "24_LX_MR_Software_release:DV24.0_R02_1607.b",
    "SpacingBetweenSlices": 4,
    "StationName": "GEHCGEHC",
    "TaskName": "verbs",
    "TotalReadoutTime": 0.023436,
    "dataset": "ds003481",
    "modality": "bold",
    "run_id": 8,
    "subject_id": "142",
    "task_id": "verbs"
  },
  "dummy_trs": 0,
  "dvars_nstd": 15.370538259537557,
  "dvars_std": 1.0022637261271685,
  "dvars_vstd": 0.9517379777456647,
  "efc": 0.3238098509942767,
  "fber": 86864.7265625,
  "fd_mean": 0.14815702922920518,
  "fd_num": 33,
  "fd_perc": 18.96551724137931,
  "fwhm_avg": 2.6396166666666665,
  "fwhm_x": 2.586025,
  "fwhm_y": 2.743625,
  "fwhm_z": 2.5892,
  "gcor": 0.0654649,
  "gsr_x": -0.017693791538476944,
  "gsr_y": 0.007633452769368887,
  "provenance": {
    "md5sum": "acef3e9e89e0692fce6f8f812f9e4051",
    "settings": {
      "fd_thres": 0.2,
      "testing": false
    },
    "software": "mriqc",
    "version": "23.0.1",
    "webapi_port": null,
    "webapi_url": "https://mriqc.nimh.nih.gov/api/v1"
  },
  "size_t": 174,
  "size_x": 64,
  "size_y": 64,
  "size_z": 35,
  "snr": 3.7437415750155805,
  "spacing_tr": 2.0,
  "spacing_x": 4.0,
  "spacing_y": 4.0,
  "spacing_z": 4.0,
  "summary_bg_k": 201.3112080455174,
  "summary_bg_mad": 8.188395088598392,
  "summary_bg_mean": 25.422826766967773,
  "summary_bg_median": 6.643678188323975,
  "summary_bg_n": 104797.0,
  "summary_bg_p05": 0.39080458879470825,
  "summary_bg_p95": 104.72528839111318,
  "summary_bg_stdv": 78.54842376708984,
  "summary_fg_k": 0.9397414000776139,
  "summary_fg_mad": 434.62822471300876,
  "summary_fg_mean": 1949.25732421875,
  "summary_fg_median": 1870.27587890625,
  "summary_fg_n": 11894.0,
  "summary_fg_p05": 1292.2126831054688,
  "summary_fg_p95": 2923.264404296875,
  "summary_fg_stdv": 499.552978515625,
  "tsnr": 66.62617429392412
}