{
  "aor": 0.0019188666666666665,
  "aqi": 0.002384179436666667,
  "bids_meta": {
    "AcquisitionMatrixPE": 64,
    "AcquisitionNumber": 1,
    "AcquisitionTime": "20:49:23.000000",
    "CoilString": "32Ch_Head",
    "ConversionSoftware": "dcm2niix",
    "ConversionSoftwareVersion": "v1.0.20190902",
    "Dcm2bidsVersion": "2.1.4",
    "DeviceSerialNumber": "000000000000GEHC",
    "EchoTime": 0.04,
    "EffectiveEchoSpacing": 0.000372,
    "FlipAngle": 90,
    "ImageOrientationPatientDICOM": [
      1,
      0,
      0,
      0,
      1,
      0
    ],
    "ImageType": [
      "ORIGINAL",
      "PRIMARY",
      "EPI",
      "NONE"
    ],
    "ImagingFrequency": 127.772,
    "InPlanePhaseEncodingDirectionDICOM": "COL",
    "InstitutionName": "INSTITUTO_DE_NEUROBIOLOGIA",
    "MRAcquisitionType": "2D",
    "MagneticFieldStrength": 3,
    "Manufacturer": "GE",
    "ManufacturersModelName": "DISCOVERY_MR750",
    "Modality": "MR",
    "PatientPosition": "HFS",
    "PercentPhaseFOV": 100,
    "PhaseEncodingDirection": "j",
    "PhaseEncodingPolarityGE": "Flipped",
    "PixelBandwidth": 7812.5,
    "ProcedureStepDescription": "verbos",
    "ProtocolName": "fMRI_RestState",
    "ReconMatrixPE": 64,
    "RepetitionTime": 2,
    "SAR": 0.352886,
    "ScanOptions": "EPI_GEMS_ACC_GEMS",
    "ScanningSequence": "EP_GR",
    "SequenceVariant": "SS",
    "SeriesDescription": "fMRI_RestState",
    "SeriesNumber": 12,
    "SliceThickness": 4,
    "SliceTiming": [
      0,
      1.0285,
      0.0571001,
      1.0857,
      0.1142,
      1.1428,
      0.1714,
      1.2,
      0.2285,
      1.2571,
      0.2857,
      1.3143,
      0.3428,
      1.3714,
      0.4,
      1.4286,
      0.4571,
      1.4857,
      0.5142,
      1.5428,
      0.5714,
      1.6,
      0.6285,
      1.6571,
      0.6857,
      1.7143,
      0.7428,
      1.7714,
      0.8,
      1.8285,
      0.8571,
      1.8857,
      0.9143,
      1.9428,
      0.9714
    ],
    "SoftwareVersions": "24_LX_MR_Software_release:DV24.0_R02_1607.b",
    "SpacingBetweenSlices": 4,
    "StationName": "GEHCGEHC",
    "TaskName": "rest",
    "TotalReadoutTime": 0.023436,
    "dataset": "ds003481",
    "modality": "bold",
    "subject_id": "142",
    "task_id": "rest"
  },
  "dummy_trs": 0,
  "dvars_nstd": 14.61169762434783,
  "dvars_std": 1.0954041950501683,
  "dvars_vstd": 0.9794254751839466,
  "efc": 0.32458935656542587,
  "fber": 90098.1328125,
  "fd_mean": 0.151204060680141,
  "fd_num": 76,
  "fd_perc": 25.333333333333332,
  "fwhm_avg": 2.605825,
  "fwhm_x": 2.57685,
  "fwhm_y": 2.71305,
  "fwhm_z": 2.527575,
  "gcor": 0.0552647,
  "gsr_x": -0.018152514472603798,
  "gsr_y": 0.009820844046771526,
  "provenance": {
    "md5sum": "b89427d5bace2c320d3486012e7d1e8c",
    "settings": {
      "fd_thres": 0.2,
      "testing": false
    },
    "software": "mriqc",
    "version": "23.0.1",
    "webapi_port": null,
    "webapi_url": "https://mriqc.nimh.nih.gov/api/v1"
  },
  "size_t": 300,
  "size_x": 64,
  "size_y": 64,
  "size_z": 35,
  "snr": 3.7642193378896285,
  "spacing_tr": 2.0,
  "spacing_x": 4.0,
  "spacing_y": 4.0,
  "spacing_z": 4.0,
  "summary_bg_k": 301.72844379365915,
  "summary_bg_mad": 8.050530322199752,
  "summary_bg_mean": 26.335464477539062,
  "summary_bg_median": 6.510000228881836,
  "summary_bg_n": 104865.0,
  "summary_bg_p05": 0.33000001311302185,
  "summary_bg_p95": 109.2526687622068,
  "summary_bg_stdv": 85.75439453125,
  "summary_fg_k": 0.835481929072678,
  "summary_fg_mad": 429.71493308361545,
  "summary_fg_mean": 1930.0360107421875,
  "summary_fg_median": 1855.856689453125,
  "summary_fg_n": 11870.0,
  "summary_fg_p05": 1259.0248779296876,
  "summary_fg_p95": 2880.7868896484374,
  "summary_fg_stdv": 493.0048828125,
  "tsnr": 81.01139310747385
}