{
  "aor": 0.001966206896551724,
  "aqi": 0.001074927235632184,
  "bids_meta": {
    "AcquisitionMatrixPE": 64,
    "AcquisitionNumber": 1,
    "AcquisitionTime": "20:00:0.000000",
    "CoilString": "32Ch_Head",
    "ConversionSoftware": "dcm2niix",
    "ConversionSoftwareVersion": "v1.0.20190902",
    "Dcm2bidsVersion": "2.1.4",
    "DeviceSerialNumber": "000000000000GEHC",
    "EchoTime": 0.04,
    "EffectiveEchoSpacing": 0.000372,
    "FlipAngle": 90,
    "ImageOrientationPatientDICOM": [
      1,
      0,
      0,
      0,
      1,
      0
    ],
    "ImageType": [
      "ORIGINAL",
      "PRIMARY",
      "EPI",
      "NONE"
    ],
    "ImagingFrequency": 127.772,
    "InPlanePhaseEncodingDirectionDICOM": "COL",
    "InstitutionName": "INSTITUTO_DE_NEUROBIOLOGIA",
    "MRAcquisitionType": "2D",
    "MagneticFieldStrength": 3,
    "Manufacturer": "GE",
    "ManufacturersModelName": "DISCOVERY_MR750",
    "Modality": "MR",
    "PatientPosition": "HFS",
    "PercentPhaseFOV": 100,
    "PhaseEncodingDirection": "j",
    "PhaseEncodingPolarityGE": "Flipped",
    "PixelBandwidth": 7812.5,
    "ProcedureStepDescription": "verbos",
    "ProtocolName": "fMRI_2",
    "ReconMatrixPE": 64,
    "RepetitionTime": 2,
    "SAR": 0.352886,
    "ScanOptions": "EPI_GEMS_ACC_GEMS",
    "ScanningSequence": "EP_GR",
    "SequenceVariant": "SS",
    "SeriesDescription": "fMRI_2",
    "SeriesNumber": 5,
    "SliceThickness": 4,
    "SliceTiming": [
      0,
      1.0285,
      0.0571001,
      1.0857,
      0.1142,
      1.1428,
      0.1714,
      1.2,
      0.2285,
      1.2571,
      0.2857,
      1.3143,
      0.3428,
      1.3714,
      0.4,
      1.4286,
      0.4571,
      1.4857,
      0.5142,
      1.5428,
      0.5714,
      1.6,
      0.6285,
      1.6571,
      0.6857,
      1.7143,
      0.7428,
      1.7714,
      0.8,
      1.8285,
      0.8571,
      1.8857,
      0.9143,
      1.9428,
      0.9714
    ],
    "SoftwareVersions": "24_LX_MR_Software_release:DV24.0_R02_1607.b",
    "SpacingBetweenSlices": 4,
    "StationName": "GEHCGEHC",
    "TaskName": "verbs",
    "TotalReadoutTime": 0.023436,
    "dataset": "ds003481",
    "modality": "bold",
    "run_id": 2,
    "subject_id": "142",
    "task_id": "verbs"
  },
  "dummy_trs": 0,
  "dvars_nstd": 11.112930645260123,
  "dvars_std": 1.058588078092486,
  "dvars_vstd": 1.0016026309248551,
  "efc": 0.32144944827775174,
  "fber": 84829.15625,
  "fd_mean": 0.08807914171078501,
  "fd_num": 11,
  "fd_perc": 6.32183908045977,
  "fwhm_avg": 2.6143416666666663,
  "fwhm_x": 2.568075,
  "fwhm_y": 2.70385,
  "fwhm_z": 2.5711,
  "gcor": 0.0705684,
  "gsr_x": -0.016968222334980965,
  "gsr_y": 0.006960692349821329,
  "provenance": {
    "md5sum": "9f453751a174943103af216d4aa1a5c9",
    "settings": {
      "fd_thres": 0.2,
      "testing": false
    },
    "software": "mriqc",
    "version": "23.0.1",
    "webapi_port": null,
    "webapi_url": "https://mriqc.nimh.nih.gov/api/v1"
  },
  "size_t": 174,
  "size_x": 64,
  "size_y": 64,
  "size_z": 35,
  "snr": 3.7823045220117164,
  "spacing_tr": 2.0,
  "spacing_x": 4.0,
  "spacing_y": 4.0,
  "spacing_z": 4.0,
  "summary_bg_k": 200.91723890312187,
  "summary_bg_mad": 8.137270404892107,
  "summary_bg_mean": 24.919219970703125,
  "summary_bg_median": 6.649425029754639,
  "summary_bg_n": 104964.0,
  "summary_bg_p05": 0.4204022973775895,
  "summary_bg_p95": 100.43017501831049,
  "summary_bg_stdv": 78.06099700927734,
  "summary_fg_k": 0.8303894587688943,
  "summary_fg_mad": 424.6545938098696,
  "summary_fg_mean": 1921.0274658203125,
  "summary_fg_median": 1849.5057373046875,
  "summary_fg_n": 11777.0,
  "summary_fg_p05": 1247.96435546875,
  "summary_fg_p95": 2851.2597656249995,
  "summary_fg_stdv": 488.9683532714844,
  "tsnr": 111.54260840639472
}