{
  "aor": 0.007336206896551725,
  "aqi": 0.0028865073160919547,
  "bids_meta": {
    "AcquisitionMatrixPE": 64,
    "AcquisitionNumber": 1,
    "AcquisitionTime": "20:27:14.000000",
    "CoilString": "32Ch_Head",
    "ConversionSoftware": "dcm2niix",
    "ConversionSoftwareVersion": "v1.0.20190902",
    "Dcm2bidsVersion": "2.1.4",
    "DeviceSerialNumber": "000000000000GEHC",
    "EchoTime": 0.04,
    "EffectiveEchoSpacing": 0.000372,
    "FlipAngle": 90,
    "ImageOrientationPatientDICOM": [
      1,
      0,
      0,
      0,
      1,
      0
    ],
    "ImageType": [
      "ORIGINAL",
      "PRIMARY",
      "EPI",
      "NONE"
    ],
    "ImagingFrequency": 127.772,
    "InPlanePhaseEncodingDirectionDICOM": "COL",
    "InstitutionName": "INSTITUTO_DE_NEUROBIOLOGIA",
    "MRAcquisitionType": "2D",
    "MagneticFieldStrength": 3,
    "Manufacturer": "GE",
    "ManufacturersModelName": "DISCOVERY_MR750",
    "Modality": "MR",
    "PatientPosition": "HFS",
    "PercentPhaseFOV": 100,
    "PhaseEncodingDirection": "j",
    "PhaseEncodingPolarityGE": "Flipped",
    "PixelBandwidth": 7812.5,
    "ProcedureStepDescription": "verbos",
    "ProtocolName": "fMRI_6",
    "ReconMatrixPE": 64,
    "RepetitionTime": 2,
    "SAR": 0.352886,
    "ScanOptions": "EPI_GEMS_ACC_GEMS",
    "ScanningSequence": "EP_GR",
    "SequenceVariant": "SS",
    "SeriesDescription": "fMRI_6",
    "SeriesNumber": 9,
    "SliceThickness": 4,
    "SliceTiming": [
      0,
      1.0285,
      0.0571001,
      1.0857,
      0.1142,
      1.1428,
      0.1714,
      1.2,
      0.2285,
      1.2571,
      0.2857,
      1.3143,
      0.3428,
      1.3714,
      0.4,
      1.4286,
      0.4571,
      1.4857,
      0.5142,
      1.5428,
      0.5714,
      1.6,
      0.6285,
      1.6571,
      0.6857,
      1.7143,
      0.7428,
      1.7714,
      0.8,
      1.8285,
      0.8571,
      1.8857,
      0.9143,
      1.9428,
      0.9714
    ],
    "SoftwareVersions": "24_LX_MR_Software_release:DV24.0_R02_1607.b",
    "SpacingBetweenSlices": 4,
    "StationName": "GEHCGEHC",
    "TaskName": "verbs",
    "TotalReadoutTime": 0.023436,
    "dataset": "ds003481",
    "modality": "bold",
    "run_id": 6,
    "subject_id": "142",
    "task_id": "verbs"
  },
  "dummy_trs": 0,
  "dvars_nstd": 12.459583828323698,
  "dvars_std": 1.0581222510982662,
  "dvars_vstd": 1.0111702315028905,
  "efc": 0.3224356489548885,
  "fber": 85755.2734375,
  "fd_mean": 0.11247414752542519,
  "fd_num": 19,
  "fd_perc": 10.919540229885058,
  "fwhm_avg": 2.6362166666666664,
  "fwhm_x": 2.591,
  "fwhm_y": 2.724175,
  "fwhm_z": 2.593475,
  "gcor": 0.0442062,
  "gsr_x": -0.017616260796785355,
  "gsr_y": 0.007641599979251623,
  "provenance": {
    "md5sum": "7084475e72d09a08f24bf6a12ccaa319",
    "settings": {
      "fd_thres": 0.2,
      "testing": false
    },
    "software": "mriqc",
    "version": "23.0.1",
    "webapi_port": null,
    "webapi_url": "https://mriqc.nimh.nih.gov/api/v1"
  },
  "size_t": 174,
  "size_x": 64,
  "size_y": 64,
  "size_z": 35,
  "snr": 3.7711718311960354,
  "spacing_tr": 2.0,
  "spacing_x": 4.0,
  "spacing_y": 4.0,
  "spacing_z": 4.0,
  "summary_bg_k": 204.72857109810198,
  "summary_bg_mad": 8.23951906534485,
  "summary_bg_mean": 25.55950927734375,
  "summary_bg_median": 6.695402145385742,
  "summary_bg_n": 104970.0,
  "summary_bg_p05": 0.41379308700561523,
  "summary_bg_p95": 105.4948261260985,
  "summary_bg_stdv": 79.78314971923828,
  "summary_fg_k": 0.8601227907738238,
  "summary_fg_mad": 430.9942023440533,
  "summary_fg_mean": 1948.391357421875,
  "summary_fg_median": 1875.2183837890625,
  "summary_fg_n": 11778.0,
  "summary_fg_p05": 1274.7348205566407,
  "summary_fg_p95": 2905.393347167969,
  "summary_fg_stdv": 497.229736328125,
  "tsnr": 79.25903237890452
}