{
  "aor": 0.004015574712643678,
  "aqi": 0.003080131310344827,
  "bids_meta": {
    "AcquisitionMatrixPE": 64,
    "AcquisitionNumber": 1,
    "AcquisitionTime": "20:20:23.000000",
    "CoilString": "32Ch_Head",
    "ConversionSoftware": "dcm2niix",
    "ConversionSoftwareVersion": "v1.0.20190902",
    "Dcm2bidsVersion": "2.1.4",
    "DeviceSerialNumber": "000000000000GEHC",
    "EchoTime": 0.04,
    "EffectiveEchoSpacing": 0.000372,
    "FlipAngle": 90,
    "ImageOrientationPatientDICOM": [
      1,
      0,
      0,
      0,
      1,
      0
    ],
    "ImageType": [
      "ORIGINAL",
      "PRIMARY",
      "EPI",
      "NONE"
    ],
    "ImagingFrequency": 127.772,
    "InPlanePhaseEncodingDirectionDICOM": "COL",
    "InstitutionName": "INSTITUTO_DE_NEUROBIOLOGIA",
    "MRAcquisitionType": "2D",
    "MagneticFieldStrength": 3,
    "Manufacturer": "GE",
    "ManufacturersModelName": "DISCOVERY_MR750",
    "Modality": "MR",
    "PatientPosition": "HFS",
    "PercentPhaseFOV": 100,
    "PhaseEncodingDirection": "j",
    "PhaseEncodingPolarityGE": "Flipped",
    "PixelBandwidth": 7812.5,
    "ProcedureStepDescription": "verbos",
    "ProtocolName": "fMRI_5",
    "ReconMatrixPE": 64,
    "RepetitionTime": 2,
    "SAR": 0.352886,
    "ScanOptions": "EPI_GEMS_ACC_GEMS",
    "ScanningSequence": "EP_GR",
    "SequenceVariant": "SS",
    "SeriesDescription": "fMRI_5",
    "SeriesNumber": 8,
    "SliceThickness": 4,
    "SliceTiming": [
      0,
      1.0285,
      0.0571001,
      1.0857,
      0.1142,
      1.1428,
      0.1714,
      1.2,
      0.2285,
      1.2571,
      0.2857,
      1.3143,
      0.3428,
      1.3714,
      0.4,
      1.4286,
      0.4571,
      1.4857,
      0.5142,
      1.5428,
      0.5714,
      1.6,
      0.6285,
      1.6571,
      0.6857,
      1.7143,
      0.7428,
      1.7714,
      0.8,
      1.8285,
      0.8571,
      1.8857,
      0.9143,
      1.9428,
      0.9714
    ],
    "SoftwareVersions": "24_LX_MR_Software_release:DV24.0_R02_1607.b",
    "SpacingBetweenSlices": 4,
    "StationName": "GEHCGEHC",
    "TaskName": "verbs",
    "TotalReadoutTime": 0.023436,
    "dataset": "ds003481",
    "modality": "bold",
    "run_id": 5,
    "subject_id": "142",
    "task_id": "verbs"
  },
  "dummy_trs": 0,
  "dvars_nstd": 11.724280589017342,
  "dvars_std": 0.9867792557225432,
  "dvars_vstd": 0.9563526720231215,
  "efc": 0.3226936648373234,
  "fber": 85894.1015625,
  "fd_mean": 0.10461244347589321,
  "fd_num": 15,
  "fd_perc": 8.620689655172415,
  "fwhm_avg": 2.6502499999999998,
  "fwhm_x": 2.6079,
  "fwhm_y": 2.7291,
  "fwhm_z": 2.61375,
  "gcor": 0.0492369,
  "gsr_x": -0.01697152853012085,
  "gsr_y": 0.006830828730016947,
  "provenance": {
    "md5sum": "0ca5353366fdc659b10b6c8815517dd9",
    "settings": {
      "fd_thres": 0.2,
      "testing": false
    },
    "software": "mriqc",
    "version": "23.0.1",
    "webapi_port": null,
    "webapi_url": "https://mriqc.nimh.nih.gov/api/v1"
  },
  "size_t": 174,
  "size_x": 64,
  "size_y": 64,
  "size_z": 35,
  "snr": 3.711661459496681,
  "spacing_tr": 2.0,
  "spacing_x": 4.0,
  "spacing_y": 4.0,
  "spacing_z": 4.0,
  "summary_bg_k": 189.2481226989639,
  "summary_bg_mad": 8.103188401774311,
  "summary_bg_mean": 25.24759864807129,
  "summary_bg_median": 6.609195232391357,
  "summary_bg_n": 104876.0,
  "summary_bg_p05": 0.43103447556495667,
  "summary_bg_p95": 103.36207008361816,
  "summary_bg_stdv": 76.94332122802734,
  "summary_fg_k": 0.8746022534209086,
  "summary_fg_mad": 425.3747200583357,
  "summary_fg_mean": 1921.9678955078125,
  "summary_fg_median": 1850.813232421875,
  "summary_fg_n": 11848.0,
  "summary_fg_p05": 1233.7413757324218,
  "summary_fg_p95": 2880.216369628906,
  "summary_fg_stdv": 498.62713623046875,
  "tsnr": 75.4375315438956
}