{
  "bids_meta": {
    "AcquisitionDateTime": "2017-04-27T19:52:21.000000",
    "ConversionSoftware": "dcm2niix",
    "ConversionSoftwareVersion": "v1.0.20170411 GCC4.8.4",
    "EchoTime": 0.00318,
    "FlipAngle": 12,
    "ImageType": [
      "DERIVED",
      "PRIMARY",
      "OTHER"
    ],
    "InversionTime": 0.45,
    "MagneticFieldStrength": 3,
    "Manufacturer": "GE",
    "ManufacturersModelName": "DISCOVERY_MR750",
    "ProcedureStepDescription": "ActosHabla",
    "ProtocolName": "PU:Sag_T1_FSPGR_BRAVO",
    "RepetitionTime": 0.008156,
    "ScanningSequence": "GR",
    "SequenceVariant": "SS_SP_SK",
    "SeriesDescription": "PU:Sag_T1_FSPGR_BRAVO",
    "dataset": "ds003481",
    "modality": "T1w",
    "subject_id": "020"
  },
  "cjv": 0.3180811903322931,
  "cnr": 4.300383676466317,
  "efc": 0.731237929565436,
  "fber": 11573.009318603474,
  "fwhm_avg": 3.730366666666667,
  "fwhm_x": 3.749,
  "fwhm_y": 3.92672,
  "fwhm_z": 3.51538,
  "icvs_csf": 0.2011618639270249,
  "icvs_gm": 0.4598236411277491,
  "icvs_wm": 0.339014494945226,
  "inu_med": 0.4986870735883713,
  "inu_range": 0.10591933727264402,
  "provenance": {
    "md5sum": "8e1bef07810e7f8d75b8c53d8d93e81e",
    "settings": {
      "testing": false
    },
    "software": "mriqc",
    "version": "23.0.1",
    "warnings": {
      "large_rot_frame": true,
      "small_air_mask": false
    },
    "webapi_port": null,
    "webapi_url": "https://mriqc.nimh.nih.gov/api/v1"
  },
  "qi_1": 0.002154746542353485,
  "qi_2": 0.0022063607448422713,
  "rpve_csf": 27.011782282275206,
  "rpve_gm": 12.781173503615733,
  "rpve_wm": 19.38867954524698,
  "size_x": 176,
  "size_y": 256,
  "size_z": 256,
  "snr_csf": 2.2043131239945812,
  "snr_gm": 10.92036248493155,
  "snr_total": 11.809576525534355,
  "snr_wm": 22.304053967676936,
  "snrd_csf": 17.359042817900008,
  "snrd_gm": 45.49972929245777,
  "snrd_total": 43.57440490601107,
  "snrd_wm": 67.86444260767543,
  "spacing_x": 1.0,
  "spacing_y": 1.0,
  "spacing_z": 1.0,
  "summary_bg_k": 7.91455488645064,
  "summary_bg_mad": 0.0,
  "summary_bg_mean": 5.450255548796523,
  "summary_bg_median": 0.0,
  "summary_bg_n": 377523.0,
  "summary_bg_p05": 0.0,
  "summary_bg_p95": 25.910497538745403,
  "summary_bg_stdv": 9.65323411717555,
  "summary_csf_k": 0.09149313939751913,
  "summary_csf_mad": 105.04622115274437,
  "summary_csf_mean": 265.23676672915815,
  "summary_csf_median": 255.78017703071237,
  "summary_csf_n": 28383.0,
  "summary_csf_p05": 74.25765157453716,
  "summary_csf_p95": 471.888248611614,
  "summary_csf_stdv": 116.03418241153031,
  "summary_gm_k": 0.027192897934302795,
  "summary_gm_mad": 61.30529195645599,
  "summary_gm_mean": 670.7405742603326,
  "summary_gm_median": 670.4245697967708,
  "summary_gm_n": 52769.0,
  "summary_gm_p05": 570.3366744369268,
  "summary_gm_p95": 772.3697663076222,
  "summary_gm_stdv": 61.39157177653922,
  "summary_wm_k": 0.35026461906940787,
  "summary_wm_mad": 43.5142922574475,
  "summary_wm_mean": 1000.198897585958,
  "summary_wm_median": 999.9617678448558,
  "summary_wm_n": 192761.0,
  "summary_wm_p05": 927.0072843618691,
  "summary_wm_p95": 1073.5277084968984,
  "summary_wm_stdv": 44.833068262124506,
  "tpm_overlap_csf": 0.15370486761663318,
  "tpm_overlap_gm": 0.4765731149173347,
  "tpm_overlap_wm": 0.5077356627650919,
  "wm2max": 0.5058203117127682
}