{
  "bids_meta": {
    "AcquisitionMatrixPE": 256,
    "AcquisitionNumber": 1,
    "AcquisitionTime": "20:37:13.000000",
    "BodyPartExamined": "HEAD",
    "CoilString": "32Ch_Head",
    "ConversionSoftware": "dcm2niix",
    "ConversionSoftwareVersion": "v1.0.20181125  (JP2:OpenJPEG) GCC7.3.0",
    "DeviceSerialNumber": "0002806034DVR750",
    "EchoTime": 0.003192,
    "FlipAngle": 12,
    "ImageOrientationPatientDICOM": [
      0,
      1,
      0,
      0,
      0,
      -1
    ],
    "ImageType": [
      "ORIGINAL",
      "PRIMARY",
      "OTHER"
    ],
    "ImagingFrequency": 127.772,
    "InPlanePhaseEncodingDirectionDICOM": "ROW",
    "InstitutionName": "INSTITUTO_DE_NEUROBIOLOGIA",
    "InversionTime": 0.45,
    "MRAcquisitionType": "3D",
    "MagneticFieldStrength": 3,
    "Manufacturer": "GE",
    "ManufacturersModelName": "DISCOVERY_MR750",
    "Modality": "MR",
    "PatientPosition": "HFS",
    "PercentPhaseFOV": 100,
    "PixelBandwidth": 244.141,
    "ProcedureStepDescription": "Emociones_AH",
    "ProtocolName": "Sag_T1_FSPGR_BRAVO",
    "ReconMatrixPE": 256,
    "RepetitionTime": 0.008184,
    "SAR": 0.138262,
    "ScanOptions": "FAST_GEMS_EDR_GEMS_FILTERED_GEMS_ACC_GEMS_IR_GEMS",
    "ScanningSequence": "GR",
    "SequenceVariant": "SS_SP_SK",
    "SeriesDescription": "Sag_T1_FSPGR_BRAVO",
    "SeriesNumber": 9,
    "SliceThickness": 1,
    "SoftwareVersions": "27_LX_MR_Software_release:DV26.0_R02_1810.b",
    "SpacingBetweenSlices": 1,
    "StationName": "GEHCGEHC",
    "dataset": "ds003481",
    "modality": "T1w",
    "subject_id": "029"
  },
  "cjv": 0.3657858830361499,
  "cnr": 3.7346470917611794,
  "efc": 0.6428390221067438,
  "fber": 18897.21823219138,
  "fwhm_avg": 3.7200100000000003,
  "fwhm_x": 3.68609,
  "fwhm_y": 3.85203,
  "fwhm_z": 3.62191,
  "icvs_csf": 0.20718219866555537,
  "icvs_gm": 0.43651430804040475,
  "icvs_wm": 0.3563034932940399,
  "inu_med": 0.4887732267379761,
  "inu_range": 0.15784721076488495,
  "provenance": {
    "md5sum": "0757ac107245ad6df0fe72a9d299ff67",
    "settings": {
      "testing": false
    },
    "software": "mriqc",
    "version": "23.0.1",
    "warnings": {
      "large_rot_frame": true,
      "small_air_mask": false
    },
    "webapi_port": null,
    "webapi_url": "https://mriqc.nimh.nih.gov/api/v1"
  },
  "qi_1": 0.0,
  "qi_2": 0.002447706974782755,
  "rpve_csf": 19.497744130134535,
  "rpve_gm": 9.814668746504989,
  "rpve_wm": 13.761210354943433,
  "size_x": 176,
  "size_y": 256,
  "size_z": 256,
  "snr_csf": 3.0098367192335664,
  "snr_gm": 12.182045586056994,
  "snr_total": 12.317025682975407,
  "snr_wm": 21.75919474363566,
  "snrd_csf": 21.701530991301645,
  "snrd_gm": 49.66137202862975,
  "snrd_total": 46.82643205224219,
  "snrd_wm": 69.11639313679518,
  "spacing_x": 1.0,
  "spacing_y": 1.0,
  "spacing_z": 1.0,
  "summary_bg_k": 16.620671485207353,
  "summary_bg_mad": 0.0,
  "summary_bg_mean": 5.022115240242636,
  "summary_bg_median": 0.0,
  "summary_bg_n": 1600193.0,
  "summary_bg_p05": 0.0,
  "summary_bg_p95": 22.69901679083705,
  "summary_bg_stdv": 9.478741474973305,
  "summary_csf_k": 5.711997724036825,
  "summary_csf_mad": 80.21041012360277,
  "summary_csf_mean": 319.8336867376646,
  "summary_csf_median": 313.9853042475879,
  "summary_csf_n": 50098.0,
  "summary_csf_p05": 155.22362076826397,
  "summary_csf_p95": 503.8187091462314,
  "summary_csf_stdv": 104.31867234344004,
  "summary_gm_k": 0.11341261246121226,
  "summary_gm_mad": 57.722002295120575,
  "summary_gm_mean": 716.9548201103946,
  "summary_gm_median": 718.5180166326463,
  "summary_gm_n": 44915.0,
  "summary_gm_p05": 617.3137931004167,
  "summary_gm_p95": 811.3388787209988,
  "summary_gm_stdv": 58.981064622548615,
  "summary_wm_k": 0.32973214075176616,
  "summary_wm_mad": 45.24014595940563,
  "summary_wm_mean": 1001.3087120339757,
  "summary_wm_median": 1000.0000339262187,
  "summary_wm_n": 265163.0,
  "summary_wm_p05": 928.2796663194895,
  "summary_wm_p95": 1078.2175066519526,
  "summary_wm_stdv": 45.95749797148423,
  "tpm_overlap_csf": 0.1627826473506608,
  "tpm_overlap_gm": 0.452770158991917,
  "tpm_overlap_wm": 0.49732159993620484,
  "wm2max": 0.5019435133014764
}