{
  "aor": 0.0004864,
  "aqi": 0.004285861433333333,
  "bids_meta": {
    "AcquisitionDateTime": "2017-07-06T18:36:1.000000",
    "ConversionSoftware": "dcm2niix",
    "ConversionSoftwareVersion": "v1.0.20170411 GCC4.8.4",
    "EchoTime": 0.04,
    "FlipAngle": 90,
    "ImageType": [
      "ORIGINAL",
      "PRIMARY",
      "EPI",
      "NONE"
    ],
    "MagneticFieldStrength": 3,
    "Manufacturer": "GE",
    "ManufacturersModelName": "DISCOVERY_MR750",
    "ProcedureStepDescription": "CompMet",
    "ProtocolName": "fMRI_RestState",
    "RepetitionTime": 2,
    "ScanningSequence": "EP_GR",
    "SequenceVariant": "SS",
    "SeriesDescription": "fMRI_RestState",
    "SliceTiming": [
      1.0285,
      0.0571001,
      1.0857,
      0.1142,
      1.1428,
      0.1714,
      1.2,
      0.2285,
      1.2571,
      0.2857,
      1.3143,
      0.3428,
      1.3714,
      0.4,
      1.4286,
      0.4571,
      1.4857,
      0.5142,
      1.5428,
      0.5714,
      1.6,
      0.6285,
      1.6571,
      0.6857,
      1.7143,
      0.7428,
      1.7714,
      0.8,
      1.8285,
      0.8571,
      1.8857,
      0.9143,
      1.9428,
      0.9714
    ],
    "TaskName": "rest",
    "dataset": "ds003481",
    "modality": "bold",
    "subject_id": "072",
    "task_id": "rest"
  },
  "dummy_trs": 0,
  "dvars_nstd": 14.590999147123746,
  "dvars_std": 0.9969247701672234,
  "dvars_vstd": 0.904348644882943,
  "efc": 0.33671497131567835,
  "fber": 87701.0,
  "fd_mean": 0.09290513424953008,
  "fd_num": 14,
  "fd_perc": 4.666666666666667,
  "fwhm_avg": 2.6182608333333333,
  "fwhm_x": 2.4904075,
  "fwhm_y": 2.772475,
  "fwhm_z": 2.5919,
  "gcor": 0.0565015,
  "gsr_x": -0.00913802720606327,
  "gsr_y": -0.005919388495385647,
  "provenance": {
    "md5sum": "d482a0b6b1fec02ebabd9e0a9deee752",
    "settings": {
      "fd_thres": 0.2,
      "testing": false
    },
    "software": "mriqc",
    "version": "23.0.1",
    "webapi_port": null,
    "webapi_url": "https://mriqc.nimh.nih.gov/api/v1"
  },
  "size_t": 300,
  "size_x": 64,
  "size_y": 64,
  "size_z": 34,
  "snr": 3.9611282455597476,
  "spacing_tr": 2.0,
  "spacing_x": 4.0,
  "spacing_y": 4.0,
  "spacing_z": 4.0,
  "summary_bg_k": 64.85575114690775,
  "summary_bg_mad": 9.315684422699414,
  "summary_bg_mean": 31.348033905029297,
  "summary_bg_median": 6.883333683013916,
  "summary_bg_n": 101107.0,
  "summary_bg_p05": 0.19333334267139435,
  "summary_bg_p95": 133.7736694335937,
  "summary_bg_stdv": 87.37699127197266,
  "summary_fg_k": 0.2928056444832996,
  "summary_fg_mad": 447.16519015250094,
  "summary_fg_mean": 1965.7989501953125,
  "summary_fg_median": 1907.49169921875,
  "summary_fg_n": 11984.0,
  "summary_fg_p05": 1262.662664794922,
  "summary_fg_p95": 2862.237194824219,
  "summary_fg_stdv": 481.53253173828125,
  "tsnr": 62.17836519307457
}