{
  "aor": 0.0014772000000000001,
  "aqi": 0.0012845771840000002,
  "bids_meta": {
    "AcquisitionDateTime": "2017-07-04T19:31:18.000000",
    "ConversionSoftware": "dcm2niix",
    "ConversionSoftwareVersion": "v1.0.20170411 GCC4.8.4",
    "EchoTime": 0.035,
    "FlipAngle": 90,
    "ImageType": [
      "ORIGINAL",
      "PRIMARY",
      "EPI",
      "NONE"
    ],
    "MagneticFieldStrength": 3,
    "Manufacturer": "GE",
    "ManufacturersModelName": "DISCOVERY_MR750",
    "ProcedureStepDescription": "CompMet",
    "ProtocolName": "fMRI_CompMet",
    "RepetitionTime": 2,
    "ScanningSequence": "EP_GR",
    "SequenceVariant": "SS",
    "SeriesDescription": "fMRI_CompMet",
    "SliceTiming": [
      1.0285,
      0.0571001,
      1.0857,
      0.1142,
      1.1428,
      0.1714,
      1.2,
      0.2285,
      1.2571,
      0.2857,
      1.3143,
      0.3428,
      1.3714,
      0.4,
      1.4286,
      0.4571,
      1.4857,
      0.5142,
      1.5428,
      0.5714,
      1.6,
      0.6285,
      1.6571,
      0.6857,
      1.7143,
      0.7428,
      1.7714,
      0.8,
      1.8285,
      0.8571,
      1.8857,
      0.9143,
      1.9428,
      0.9714
    ],
    "TaskName": "cmp",
    "dataset": "ds003481",
    "modality": "bold",
    "run_id": 1,
    "subject_id": "072",
    "task_id": "cmp"
  },
  "dummy_trs": 0,
  "dvars_nstd": 10.078499552530122,
  "dvars_std": 1.0807441385943775,
  "dvars_vstd": 0.9942830898795179,
  "efc": 0.3479202473571642,
  "fber": 107518.828125,
  "fd_mean": 0.03755373040686414,
  "fd_num": 0,
  "fd_perc": 0.0,
  "fwhm_avg": 2.6464166666666666,
  "fwhm_x": 2.5398,
  "fwhm_y": 2.75015,
  "fwhm_z": 2.6493,
  "gcor": 0.0586468,
  "gsr_x": -0.009577770717442036,
  "gsr_y": -0.0036092521622776985,
  "provenance": {
    "md5sum": "0df284f9112bf9f3fe3af483c22404e5",
    "settings": {
      "fd_thres": 0.2,
      "testing": false
    },
    "software": "mriqc",
    "version": "23.0.1",
    "webapi_port": null,
    "webapi_url": "https://mriqc.nimh.nih.gov/api/v1"
  },
  "size_t": 250,
  "size_x": 64,
  "size_y": 64,
  "size_z": 34,
  "snr": 4.038419927517706,
  "spacing_tr": 2.0,
  "spacing_x": 4.0,
  "spacing_y": 4.0,
  "spacing_z": 4.0,
  "summary_bg_k": 117.30386238674241,
  "summary_bg_mad": 9.506445867614772,
  "summary_bg_mean": 39.214134216308594,
  "summary_bg_median": 6.9760003089904785,
  "summary_bg_n": 99891.0,
  "summary_bg_p05": 0.19600000977516174,
  "summary_bg_p95": 171.69200897216797,
  "summary_bg_stdv": 122.1847915649414,
  "summary_fg_k": 0.24716694333294598,
  "summary_fg_mad": 492.6123233066666,
  "summary_fg_mean": 2203.020751953125,
  "summary_fg_median": 2136.990234375,
  "summary_fg_n": 12888.0,
  "summary_fg_p05": 1432.4888671875,
  "summary_fg_p95": 3180.589306640625,
  "summary_fg_stdv": 529.1444091796875,
  "tsnr": 107.3833872913383
}