{
  "bids_meta": {
    "AcquisitionMatrixPE": 256,
    "AcquisitionNumber": 1,
    "AcquisitionTime": "21:47:3.000000",
    "CoilString": "32Ch_Head",
    "ConversionSoftware": "dcm2niix",
    "ConversionSoftwareVersion": "v1.0.20190902",
    "Dcm2bidsVersion": "2.1.4",
    "DeviceSerialNumber": "000000000000GEHC",
    "EchoTime": 0.00318,
    "FlipAngle": 12,
    "ImageOrientationPatientDICOM": [
      0,
      1,
      0,
      0,
      0,
      -1
    ],
    "ImageType": [
      "ORIGINAL",
      "PRIMARY",
      "OTHER"
    ],
    "ImagingFrequency": 127.772,
    "InPlanePhaseEncodingDirectionDICOM": "ROW",
    "InstitutionName": "INSTITUTO_DE_NEUROBIOLOGIA",
    "InversionTime": 0.45,
    "MRAcquisitionType": "3D",
    "MagneticFieldStrength": 3,
    "Manufacturer": "GE",
    "ManufacturersModelName": "DISCOVERY_MR750",
    "Modality": "MR",
    "PatientPosition": "HFS",
    "PercentPhaseFOV": 100,
    "PixelBandwidth": 244.141,
    "ProcedureStepDescription": "verbos",
    "ProtocolName": "Sag_T1_FSPGR_BRAVO",
    "ReconMatrixPE": 256,
    "RepetitionTime": 0.008156,
    "SAR": 0.231456,
    "ScanOptions": "FAST_GEMS_EDR_GEMS_FILTERED_GEMS_ACC_GEMS",
    "ScanningSequence": "GR",
    "SequenceVariant": "SS_SP_SK",
    "SeriesDescription": "Sag_T1_FSPGR_BRAVO",
    "SeriesNumber": 15,
    "SliceThickness": 1,
    "SoftwareVersions": "24_LX_MR_Software_release:DV24.0_R02_1607.b",
    "SpacingBetweenSlices": 1,
    "StationName": "GEHCGEHC",
    "dataset": "ds003481",
    "modality": "T1w",
    "subject_id": "125"
  },
  "cjv": 0.38530264235072903,
  "cnr": 3.5139405614018653,
  "efc": 0.5541262827120476,
  "fber": 7996.623349853076,
  "fwhm_avg": 4.0717766666666675,
  "fwhm_x": 4.01102,
  "fwhm_y": 4.18453,
  "fwhm_z": 4.01978,
  "icvs_csf": 0.22602649481074832,
  "icvs_gm": 0.4368602779842129,
  "icvs_wm": 0.3371132272050388,
  "inu_med": 0.8182133138179779,
  "inu_range": 0.6774180650711059,
  "provenance": {
    "md5sum": "4f45b6cadddc2b1bb62fc8265c25f8a8",
    "settings": {
      "testing": false
    },
    "software": "mriqc",
    "version": "23.0.1",
    "warnings": {
      "large_rot_frame": true,
      "small_air_mask": false
    },
    "webapi_port": null,
    "webapi_url": "https://mriqc.nimh.nih.gov/api/v1"
  },
  "qi_1": 0.0,
  "qi_2": 0.0011242684595825355,
  "rpve_csf": 23.687634928906423,
  "rpve_gm": 12.642127614184094,
  "rpve_wm": 18.55035939187559,
  "size_x": 176,
  "size_y": 256,
  "size_z": 256,
  "snr_csf": 2.475576731222011,
  "snr_gm": 11.143389762508201,
  "snr_total": 11.04590613913763,
  "snr_wm": 19.518751923682682,
  "snrd_csf": 10.946165286900746,
  "snrd_gm": 28.466228706919175,
  "snrd_total": 26.546550468807244,
  "snrd_wm": 40.22725741260181,
  "spacing_x": 1.0,
  "spacing_y": 1.0,
  "spacing_z": 1.0,
  "summary_bg_k": 35.725253898512975,
  "summary_bg_mad": 0.0,
  "summary_bg_mean": 10.432527372740067,
  "summary_bg_median": 0.0,
  "summary_bg_n": 2143205.0,
  "summary_bg_p05": 0.0,
  "summary_bg_p95": 44.59136864170432,
  "summary_bg_stdv": 16.286691893016876,
  "summary_csf_k": 0.8429640791152262,
  "summary_csf_mad": 96.69785489587764,
  "summary_csf_mean": 287.56013943068666,
  "summary_csf_median": 272.1216855570674,
  "summary_csf_n": 36123.0,
  "summary_csf_p05": 130.89580019004643,
  "summary_csf_p95": 494.5814120583236,
  "summary_csf_stdv": 109.9210198174837,
  "summary_gm_k": 0.0891371265605918,
  "summary_gm_mad": 62.90519752563382,
  "summary_gm_mean": 706.773935094265,
  "summary_gm_median": 707.6704886276275,
  "summary_gm_n": 29112.0,
  "summary_gm_p05": 600.2187123522162,
  "summary_gm_p95": 809.0077294036746,
  "summary_gm_stdv": 63.504763750567555,
  "summary_wm_k": 0.5760289302835915,
  "summary_wm_mad": 49.74927748072973,
  "summary_wm_mean": 1002.214962007968,
  "summary_wm_median": 1000.049680005759,
  "summary_wm_n": 179744.0,
  "summary_wm_p05": 922.8971670381725,
  "summary_wm_p95": 1089.083282276988,
  "summary_wm_stdv": 51.23518665741558,
  "tpm_overlap_csf": 0.15384587974297403,
  "tpm_overlap_gm": 0.4709895104388668,
  "tpm_overlap_wm": 0.4990262870714145,
  "wm2max": 0.38647148099052886
}