{
  "aor": 0.0041768503937007866,
  "aqi": 0.00275018455511811,
  "bids_meta": {
    "AcquisitionDateTime": "2016-05-02T19:38:17.000000",
    "ConversionSoftware": "dcm2niix",
    "ConversionSoftwareVersion": "v1.0.20170411 GCC4.8.4",
    "EchoTime": 0.04,
    "FlipAngle": 90,
    "ImageType": [
      "ORIGINAL",
      "PRIMARY",
      "EPI",
      "NONE"
    ],
    "MagneticFieldStrength": 3,
    "Manufacturer": "GE",
    "ManufacturersModelName": "DISCOVERY_MR750",
    "ProcedureStepDescription": "ActosHabla",
    "ProtocolName": "fMRI_ActosHabla_2",
    "RepetitionTime": 2,
    "ScanningSequence": "EP_GR",
    "SequenceVariant": "SS",
    "SeriesDescription": "fMRI_ActosHabla_2",
    "SliceTiming": [
      0,
      1.0285,
      0.0571001,
      1.0857,
      0.1142,
      1.1428,
      0.1714,
      1.2,
      0.2285,
      1.2571,
      0.2857,
      1.3143,
      0.3428,
      1.3714,
      0.4,
      1.4286,
      0.4571,
      1.4857,
      0.5142,
      1.5428,
      0.5714,
      1.6,
      0.6285,
      1.6571,
      0.6857,
      1.7143,
      0.7428,
      1.7714,
      0.8,
      1.8285,
      0.8571,
      1.8857,
      0.9143,
      1.9428,
      0.9714
    ],
    "TaskName": "sar",
    "dataset": "ds003481",
    "modality": "bold",
    "run_id": 2,
    "subject_id": "002",
    "task_id": "sar"
  },
  "dummy_trs": 0,
  "dvars_nstd": 15.77581221288538,
  "dvars_std": 1.0857767694071145,
  "dvars_vstd": 0.973250208063241,
  "efc": 0.3357443210570656,
  "fber": 69632.1796875,
  "fd_mean": 0.07705072881899902,
  "fd_num": 11,
  "fd_perc": 4.330708661417323,
  "fwhm_avg": 2.5544475,
  "fwhm_x": 2.5052,
  "fwhm_y": 2.660475,
  "fwhm_z": 2.4976675,
  "gcor": 0.0619945,
  "gsr_x": -0.011374307796359062,
  "gsr_y": 0.0023281441535800695,
  "provenance": {
    "md5sum": "dd49e4488ad8e0784075d5fd7f39154e",
    "settings": {
      "fd_thres": 0.2,
      "testing": false
    },
    "software": "mriqc",
    "version": "23.0.1",
    "webapi_port": null,
    "webapi_url": "https://mriqc.nimh.nih.gov/api/v1"
  },
  "size_t": 254,
  "size_x": 64,
  "size_y": 64,
  "size_z": 35,
  "snr": 3.9350172019592438,
  "spacing_tr": 2.0,
  "spacing_x": 4.0,
  "spacing_y": 4.0,
  "spacing_z": 4.0,
  "summary_bg_k": 161.1446226876739,
  "summary_bg_mad": 10.594185041063598,
  "summary_bg_mean": 28.856918334960938,
  "summary_bg_median": 7.6732282638549805,
  "summary_bg_n": 103813.0,
  "summary_bg_p05": 0.10236220061779022,
  "summary_bg_p95": 114.48504028320306,
  "summary_bg_stdv": 84.1730728149414,
  "summary_fg_k": 0.5131800886654112,
  "summary_fg_mad": 432.05023065764954,
  "summary_fg_mean": 1931.4505615234375,
  "summary_fg_median": 1877.1339111328125,
  "summary_fg_n": 12537.0,
  "summary_fg_p05": 1242.903125,
  "summary_fg_p95": 2796.2251464843744,
  "summary_fg_stdv": 477.0141906738281,
  "tsnr": 78.18390520708635
}