{
  "bids_meta": {
    "AcquisitionDateTime": "2016-09-06T19:34:2.000000",
    "ConversionSoftware": "dcm2niix",
    "ConversionSoftwareVersion": "v1.0.20170411 GCC4.8.4",
    "EchoTime": 0.003336,
    "FlipAngle": 12,
    "ImageType": [
      "DERIVED",
      "PRIMARY",
      "OTHER"
    ],
    "InversionTime": 0.45,
    "MagneticFieldStrength": 3,
    "Manufacturer": "GE",
    "ManufacturersModelName": "DISCOVERY_MR750",
    "ProcedureStepDescription": "MeditResp",
    "ProtocolName": "PU:Sag_T1_FSPGR_BRAVO",
    "RepetitionTime": 0.008512,
    "ScanningSequence": "GR",
    "SequenceVariant": "SS_SP_SK",
    "SeriesDescription": "PU:Sag_T1_FSPGR_BRAVO",
    "dataset": "ds003481",
    "modality": "T1w",
    "subject_id": "122"
  },
  "cjv": 0.31336021557849325,
  "cnr": 4.321733358503063,
  "efc": 0.7437762893347337,
  "fber": -1.0,
  "fwhm_avg": 3.634673333333333,
  "fwhm_x": 3.57425,
  "fwhm_y": 3.85372,
  "fwhm_z": 3.47605,
  "icvs_csf": 0.18823756123221566,
  "icvs_gm": 0.4704901601066815,
  "icvs_wm": 0.3412722786611028,
  "inu_med": 0.47122740745544434,
  "inu_range": 0.11226632595062241,
  "provenance": {
    "md5sum": "8e99498dcaa0514fefb9524a4aab1c11",
    "settings": {
      "testing": false
    },
    "software": "mriqc",
    "version": "23.0.1",
    "warnings": {
      "large_rot_frame": true,
      "small_air_mask": true
    },
    "webapi_port": null,
    "webapi_url": "https://mriqc.nimh.nih.gov/api/v1"
  },
  "qi_1": 0.0,
  "qi_2": 0.0023450475850839464,
  "rpve_csf": 27.242047197289427,
  "rpve_gm": 12.178246816123155,
  "rpve_wm": 18.802244628397503,
  "size_x": 176,
  "size_y": 256,
  "size_z": 256,
  "snr_csf": 2.3284203266218433,
  "snr_gm": 11.102780560125618,
  "snr_total": 12.107783712781035,
  "snr_wm": 22.892150251595645,
  "snrd_csf": 16.493170621318487,
  "snrd_gm": 44.37900990371662,
  "snrd_total": 42.24035122887005,
  "snrd_wm": 65.84887316157504,
  "spacing_x": 1.0,
  "spacing_y": 1.0,
  "spacing_z": 1.0,
  "summary_bg_k": 14.075784097804998,
  "summary_bg_mad": 0.0,
  "summary_bg_mean": 4.4043589104237855,
  "summary_bg_median": 0.0,
  "summary_bg_n": 253024.0,
  "summary_bg_p05": 0.0,
  "summary_bg_p95": 26.188556849956512,
  "summary_bg_stdv": 9.949090233607807,
  "summary_csf_k": 1.008214005825014,
  "summary_csf_mad": 94.77822124593779,
  "summary_csf_mean": 259.69250343979985,
  "summary_csf_median": 250.47004371881485,
  "summary_csf_n": 20179.0,
  "summary_csf_p05": 95.78296792507172,
  "summary_csf_p95": 454.34124378114933,
  "summary_csf_stdv": 107.5681373215601,
  "summary_gm_k": 0.145776307910364,
  "summary_gm_mad": 59.360834472573956,
  "summary_gm_mean": 674.0069916699997,
  "summary_gm_median": 673.9524380117655,
  "summary_gm_n": 48908.0,
  "summary_gm_p05": 574.3469480387866,
  "summary_gm_p95": 774.778381884098,
  "summary_gm_stdv": 60.700609574769125,
  "summary_wm_k": 0.20753772610124877,
  "summary_wm_mad": 42.80949068881643,
  "summary_wm_mean": 1000.3685947683987,
  "summary_wm_median": 999.9999707937241,
  "summary_wm_n": 189301.0,
  "summary_wm_p05": 929.2908672988415,
  "summary_wm_p95": 1072.5221282243729,
  "summary_wm_stdv": 43.68297947129164,
  "tpm_overlap_csf": 0.15025808552427863,
  "tpm_overlap_gm": 0.47864315431537935,
  "tpm_overlap_wm": 0.5061653350849047,
  "wm2max": 0.5539886686587656
}