{
  "bids_meta": {
    "AcquisitionDateTime": "2017-02-09T18:49:53.000000",
    "ConversionSoftware": "dcm2niix",
    "ConversionSoftwareVersion": "v1.0.20170411 GCC4.8.4",
    "EchoTime": 0.00318,
    "FlipAngle": 12,
    "ImageType": [
      "DERIVED",
      "PRIMARY",
      "OTHER"
    ],
    "InversionTime": 0.45,
    "MagneticFieldStrength": 3,
    "Manufacturer": "GE",
    "ManufacturersModelName": "DISCOVERY_MR750",
    "ProcedureStepDescription": "ActosHabla",
    "ProtocolName": "PU:Sag_T1_FSPGR_BRAVO",
    "RepetitionTime": 0.008156,
    "ScanningSequence": "GR",
    "SequenceVariant": "SS_SP_SK",
    "SeriesDescription": "PU:Sag_T1_FSPGR_BRAVO",
    "dataset": "ds003481",
    "modality": "T1w",
    "subject_id": "016"
  },
  "cjv": 0.3535664609261856,
  "cnr": 3.855839847259839,
  "efc": 0.7115425640409948,
  "fber": 7008.802808009899,
  "fwhm_avg": 3.819846666666667,
  "fwhm_x": 3.83343,
  "fwhm_y": 4.01301,
  "fwhm_z": 3.6131,
  "icvs_csf": 0.18276481181640197,
  "icvs_gm": 0.4421577387461388,
  "icvs_wm": 0.37507744943745924,
  "inu_med": 0.4656714200973511,
  "inu_range": 0.1541750013828277,
  "provenance": {
    "md5sum": "8d62094d4ec232b5467c5f3559395f72",
    "settings": {
      "testing": false
    },
    "software": "mriqc",
    "version": "23.0.1",
    "warnings": {
      "large_rot_frame": true,
      "small_air_mask": false
    },
    "webapi_port": null,
    "webapi_url": "https://mriqc.nimh.nih.gov/api/v1"
  },
  "qi_1": 0.0,
  "qi_2": 0.0026201240455265363,
  "rpve_csf": 27.654420494801972,
  "rpve_gm": 12.506433240773198,
  "rpve_wm": 16.970241913144722,
  "size_x": 176,
  "size_y": 256,
  "size_z": 256,
  "snr_csf": 2.3072093207704407,
  "snr_gm": 11.036307524648148,
  "snr_total": 11.699134747595773,
  "snr_wm": 21.753887397368732,
  "snrd_csf": 18.291477905158892,
  "snrd_gm": 46.739145921524226,
  "snrd_total": 44.042796216942186,
  "snrd_wm": 67.09776482414345,
  "spacing_x": 1.0,
  "spacing_y": 1.0,
  "spacing_z": 1.0,
  "summary_bg_k": 9.386270332262422,
  "summary_bg_mad": 0.0,
  "summary_bg_mean": 5.098457668833683,
  "summary_bg_median": 0.0,
  "summary_bg_n": 408086.0,
  "summary_bg_p05": 0.0,
  "summary_bg_p95": 24.8895371183753,
  "summary_bg_stdv": 9.76390781867138,
  "summary_csf_k": 0.6929937629886265,
  "summary_csf_mad": 103.25147248674972,
  "summary_csf_mean": 277.74700841952216,
  "summary_csf_median": 272.60934384539723,
  "summary_csf_n": 22093.0,
  "summary_csf_p05": 86.14049898460507,
  "summary_csf_p95": 488.92941856607786,
  "summary_csf_stdv": 118.15277085399899,
  "summary_gm_k": 0.08779306609857196,
  "summary_gm_mad": 62.92450040374095,
  "summary_gm_mean": 696.8707400530826,
  "summary_gm_median": 696.5827456712723,
  "summary_gm_n": 42991.0,
  "summary_gm_p05": 593.5384405329823,
  "summary_gm_p95": 800.1134912744164,
  "summary_gm_stdv": 63.11663956204752,
  "summary_wm_k": 0.6387369530969376,
  "summary_wm_mad": 44.35365931037328,
  "summary_wm_mean": 1001.3655402384917,
  "summary_wm_median": 999.9999856241047,
  "summary_wm_n": 234696.0,
  "summary_wm_p05": 928.695920817554,
  "summary_wm_p95": 1078.1142169386148,
  "summary_wm_stdv": 45.968696855868885,
  "tpm_overlap_csf": 0.14546893872472696,
  "tpm_overlap_gm": 0.45871413822445384,
  "tpm_overlap_wm": 0.508035079498169,
  "wm2max": 0.4478514242143674
}