{
  "aor": 0.0018738000000000003,
  "aqi": 0.004749451166666667,
  "bids_meta": {
    "AcquisitionDateTime": "2017-06-28T20:34:23.000000",
    "ConversionSoftware": "dcm2niix",
    "ConversionSoftwareVersion": "v1.0.20170411 GCC4.8.4",
    "EchoTime": 0.04,
    "FlipAngle": 90,
    "ImageType": [
      "ORIGINAL",
      "PRIMARY",
      "EPI",
      "NONE"
    ],
    "MagneticFieldStrength": 3,
    "Manufacturer": "GE",
    "ManufacturersModelName": "DISCOVERY_MR750",
    "ProcedureStepDescription": "CompMet",
    "ProtocolName": "fMRI_RestState",
    "RepetitionTime": 2,
    "ScanningSequence": "EP_GR",
    "SequenceVariant": "SS",
    "SeriesDescription": "fMRI_RestState",
    "SliceTiming": [
      1.0285,
      0.0571001,
      1.0857,
      0.1142,
      1.1428,
      0.1714,
      1.2,
      0.2285,
      1.2571,
      0.2857,
      1.3143,
      0.3428,
      1.3714,
      0.4,
      1.4286,
      0.4571,
      1.4857,
      0.5142,
      1.5428,
      0.5714,
      1.6,
      0.6285,
      1.6571,
      0.6857,
      1.7143,
      0.7428,
      1.7714,
      0.8,
      1.8285,
      0.8571,
      1.8857,
      0.9143,
      1.9428,
      0.9714
    ],
    "TaskName": "rest",
    "dataset": "ds003481",
    "modality": "bold",
    "subject_id": "067",
    "task_id": "rest"
  },
  "dummy_trs": 0,
  "dvars_nstd": 14.826974948494982,
  "dvars_std": 0.9899479081270899,
  "dvars_vstd": 0.9229607635785954,
  "efc": 0.3536591511322763,
  "fber": 54784.53515625,
  "fd_mean": 0.06487588470598392,
  "fd_num": 0,
  "fd_perc": 0.0,
  "fwhm_avg": 2.5585312238301707,
  "fwhm_x": 2.5597,
  "fwhm_y": 2.6591,
  "fwhm_z": 2.4567936714905128,
  "gcor": 0.025773,
  "gsr_x": -0.019835924729704857,
  "gsr_y": 0.010575683787465096,
  "provenance": {
    "md5sum": "7c34aeca3baa1ebe022f18aec57aa4d5",
    "settings": {
      "fd_thres": 0.2,
      "testing": false
    },
    "software": "mriqc",
    "version": "23.0.1",
    "webapi_port": null,
    "webapi_url": "https://mriqc.nimh.nih.gov/api/v1"
  },
  "size_t": 300,
  "size_x": 64,
  "size_y": 64,
  "size_z": 34,
  "snr": 3.610883982682504,
  "spacing_tr": 2.0,
  "spacing_x": 4.0,
  "spacing_y": 4.0,
  "spacing_z": 3.999998092651367,
  "summary_bg_k": 89.96089422665862,
  "summary_bg_mad": 10.973727559674396,
  "summary_bg_mean": 40.040252685546875,
  "summary_bg_median": 7.761666774749756,
  "summary_bg_n": 100206.0,
  "summary_bg_p05": 0.06333333253860474,
  "summary_bg_p95": 178.79666900634766,
  "summary_bg_stdv": 110.4119873046875,
  "summary_fg_k": 1.3487431147650648,
  "summary_fg_mad": 414.0709640325272,
  "summary_fg_mean": 1775.51123046875,
  "summary_fg_median": 1692.126708984375,
  "summary_fg_n": 12403.0,
  "summary_fg_p05": 1169.9113159179688,
  "summary_fg_p95": 2649.87646484375,
  "summary_fg_stdv": 468.5995178222656,
  "tsnr": 64.67419385793619
}