{
  "aor": 0.00260396,
  "aqi": 0.00147463634,
  "bids_meta": {
    "AcquisitionDateTime": "2017-06-26T20:22:47.000000",
    "ConversionSoftware": "dcm2niix",
    "ConversionSoftwareVersion": "v1.0.20170411 GCC4.8.4",
    "EchoTime": 0.035,
    "FlipAngle": 90,
    "ImageType": [
      "ORIGINAL",
      "PRIMARY",
      "EPI",
      "NONE"
    ],
    "MagneticFieldStrength": 3,
    "Manufacturer": "GE",
    "ManufacturersModelName": "DISCOVERY_MR750",
    "ProcedureStepDescription": "CompMet",
    "ProtocolName": "fMRI_CompMet",
    "RepetitionTime": 2,
    "ScanningSequence": "EP_GR",
    "SequenceVariant": "SS",
    "SeriesDescription": "fMRI_CompMet",
    "SliceTiming": [
      1.0285,
      0.0571001,
      1.0857,
      0.1142,
      1.1428,
      0.1714,
      1.2,
      0.2285,
      1.2571,
      0.2857,
      1.3143,
      0.3428,
      1.3714,
      0.4,
      1.4286,
      0.4571,
      1.4857,
      0.5142,
      1.5428,
      0.5714,
      1.6,
      0.6285,
      1.6571,
      0.6857,
      1.7143,
      0.7428,
      1.7714,
      0.8,
      1.8285,
      0.8571,
      1.8857,
      0.9143,
      1.9428,
      0.9714
    ],
    "TaskName": "cmp",
    "dataset": "ds003481",
    "modality": "bold",
    "run_id": 1,
    "subject_id": "067",
    "task_id": "cmp"
  },
  "dummy_trs": 0,
  "dvars_nstd": 13.181900790361436,
  "dvars_std": 1.0939389403212847,
  "dvars_vstd": 1.0041569801204817,
  "efc": 0.3506569961742412,
  "fber": 100830.609375,
  "fd_mean": 0.09599161175790694,
  "fd_num": 15,
  "fd_perc": 6.0,
  "fwhm_avg": 2.9522333333333335,
  "fwhm_x": 2.86735,
  "fwhm_y": 3.007975,
  "fwhm_z": 2.981375,
  "gcor": 0.0888618,
  "gsr_x": -0.018605045974254608,
  "gsr_y": 0.0052823773585259914,
  "provenance": {
    "md5sum": "d8996828461f129ea352f5cc458daa65",
    "settings": {
      "fd_thres": 0.2,
      "testing": false
    },
    "software": "mriqc",
    "version": "23.0.1",
    "webapi_port": null,
    "webapi_url": "https://mriqc.nimh.nih.gov/api/v1"
  },
  "size_t": 250,
  "size_x": 64,
  "size_y": 64,
  "size_z": 34,
  "snr": 3.085723983807752,
  "spacing_tr": 2.0,
  "spacing_x": 4.0,
  "spacing_y": 4.0,
  "spacing_z": 4.0,
  "summary_bg_k": 66.18813057975306,
  "summary_bg_mad": 8.960847940849346,
  "summary_bg_mean": 30.736658096313477,
  "summary_bg_median": 6.676000118255615,
  "summary_bg_n": 97716.0,
  "summary_bg_p05": 0.17600001394748688,
  "summary_bg_p95": 138.6959991455078,
  "summary_bg_stdv": 88.009765625,
  "summary_fg_k": 1.2515330466818817,
  "summary_fg_mad": 530.884164852436,
  "summary_fg_mean": 2168.081787109375,
  "summary_fg_median": 2034.588134765625,
  "summary_fg_n": 14347.0,
  "summary_fg_p05": 1302.208093261719,
  "summary_fg_p95": 3478.058911132812,
  "summary_fg_stdv": 659.3322143554688,
  "tsnr": 92.7920164661482
}