{
  "aor": 0.00039328000000000003,
  "aqi": 0.0017770491439999998,
  "bids_meta": {
    "AcquisitionDateTime": "2017-06-26T20:38:4.000000",
    "ConversionSoftware": "dcm2niix",
    "ConversionSoftwareVersion": "v1.0.20170411 GCC4.8.4",
    "EchoTime": 0.035,
    "FlipAngle": 90,
    "ImageType": [
      "ORIGINAL",
      "PRIMARY",
      "EPI",
      "NONE"
    ],
    "MagneticFieldStrength": 3,
    "Manufacturer": "GE",
    "ManufacturersModelName": "DISCOVERY_MR750",
    "ProcedureStepDescription": "CompMet",
    "ProtocolName": "fMRI_CompMet",
    "RepetitionTime": 2,
    "ScanningSequence": "EP_GR",
    "SequenceVariant": "SS",
    "SeriesDescription": "fMRI_CompMet",
    "SliceTiming": [
      1.0285,
      0.0571001,
      1.0857,
      0.1142,
      1.1428,
      0.1714,
      1.2,
      0.2285,
      1.2571,
      0.2857,
      1.3143,
      0.3428,
      1.3714,
      0.4,
      1.4286,
      0.4571,
      1.4857,
      0.5142,
      1.5428,
      0.5714,
      1.6,
      0.6285,
      1.6571,
      0.6857,
      1.7143,
      0.7428,
      1.7714,
      0.8,
      1.8285,
      0.8571,
      1.8857,
      0.9143,
      1.9428,
      0.9714
    ],
    "TaskName": "cmp",
    "dataset": "ds003481",
    "modality": "bold",
    "run_id": 2,
    "subject_id": "067",
    "task_id": "cmp"
  },
  "dummy_trs": 0,
  "dvars_nstd": 12.155308754136552,
  "dvars_std": 1.009083102008032,
  "dvars_vstd": 0.9436315802409642,
  "efc": 0.35118377627128966,
  "fber": 98742.8515625,
  "fd_mean": 0.07303842998486354,
  "fd_num": 4,
  "fd_perc": 1.6,
  "fwhm_avg": 2.9581166666666667,
  "fwhm_x": 2.8868,
  "fwhm_y": 3.024275,
  "fwhm_z": 2.963275,
  "gcor": 0.0528205,
  "gsr_x": -0.01879817619919777,
  "gsr_y": 0.005497019737958908,
  "provenance": {
    "md5sum": "9fcc5f8f78f8a232b6268930b26196c3",
    "settings": {
      "fd_thres": 0.2,
      "testing": false
    },
    "software": "mriqc",
    "version": "23.0.1",
    "webapi_port": null,
    "webapi_url": "https://mriqc.nimh.nih.gov/api/v1"
  },
  "size_t": 250,
  "size_x": 64,
  "size_y": 64,
  "size_z": 34,
  "snr": 3.0752647074952506,
  "spacing_tr": 2.0,
  "spacing_x": 4.0,
  "spacing_y": 4.0,
  "spacing_z": 4.0,
  "summary_bg_k": 67.50689287675797,
  "summary_bg_mad": 8.913405015560523,
  "summary_bg_mean": 30.62344741821289,
  "summary_bg_median": 6.640000343322754,
  "summary_bg_n": 97596.0,
  "summary_bg_p05": 0.18400001525878906,
  "summary_bg_p95": 138.6540069580078,
  "summary_bg_stdv": 87.15087890625,
  "summary_fg_k": 1.3032125655896998,
  "summary_fg_mad": 520.3251485884867,
  "summary_fg_mean": 2145.49072265625,
  "summary_fg_median": 2014.4580078125,
  "summary_fg_n": 14332.0,
  "summary_fg_p05": 1279.4258605957032,
  "summary_fg_p95": 3452.8177612304685,
  "summary_fg_stdv": 655.029052734375,
  "tsnr": 94.7971653342247
}