{
  "aor": 0.0009845333333333333,
  "aqi": 0.005988118200000001,
  "bids_meta": {
    "AcquisitionDateTime": "2016-10-01T10:50:34.000000",
    "ConversionSoftware": "dcm2niix",
    "ConversionSoftwareVersion": "v1.0.20170411 GCC4.8.4",
    "EchoTime": 0.04,
    "FlipAngle": 90,
    "ImageType": [
      "ORIGINAL",
      "PRIMARY",
      "EPI",
      "NONE"
    ],
    "MagneticFieldStrength": 3,
    "Manufacturer": "GE",
    "ManufacturersModelName": "DISCOVERY_MR750",
    "ProcedureStepDescription": "MeditResp",
    "ProtocolName": "fMRI_RestSt",
    "RepetitionTime": 2,
    "ScanningSequence": "EP_GR",
    "SequenceVariant": "SS",
    "SeriesDescription": "fMRI_RestSt",
    "SliceTiming": [
      1.0285,
      0.0571001,
      1.0857,
      0.1142,
      1.1428,
      0.1714,
      1.2,
      0.2285,
      1.2571,
      0.2857,
      1.3143,
      0.3428,
      1.3714,
      0.4,
      1.4286,
      0.4571,
      1.4857,
      0.5142,
      1.5428,
      0.5714,
      1.6,
      0.6285,
      1.6571,
      0.6857,
      1.7143,
      0.7428,
      1.7714,
      0.8,
      1.8285,
      0.8571,
      1.8857,
      0.9143,
      1.9428,
      0.9714
    ],
    "TaskName": "rest",
    "dataset": "ds003481",
    "modality": "bold",
    "subject_id": "103",
    "task_id": "rest"
  },
  "dummy_trs": 0,
  "dvars_nstd": 13.126076089197324,
  "dvars_std": 0.9584456882274246,
  "dvars_vstd": 0.8833036061204014,
  "efc": 0.33303761871621285,
  "fber": 80166.0703125,
  "fd_mean": 0.09163771035466708,
  "fd_num": 4,
  "fd_perc": 1.3333333333333333,
  "fwhm_avg": 2.473765833333333,
  "fwhm_x": 2.4622925,
  "fwhm_y": 2.660425,
  "fwhm_z": 2.29858,
  "gcor": 0.0315292,
  "gsr_x": -0.00043652986641973257,
  "gsr_y": 0.0012390997726470232,
  "provenance": {
    "md5sum": "243276a409c2d33f37700baaff15a4f6",
    "settings": {
      "fd_thres": 0.2,
      "testing": false
    },
    "software": "mriqc",
    "version": "23.0.1",
    "webapi_port": null,
    "webapi_url": "https://mriqc.nimh.nih.gov/api/v1"
  },
  "size_t": 300,
  "size_x": 64,
  "size_y": 64,
  "size_z": 34,
  "snr": 4.170526948017543,
  "spacing_tr": 2.0,
  "spacing_x": 4.0,
  "spacing_y": 4.0,
  "spacing_z": 4.0,
  "summary_bg_k": 161.75093587051387,
  "summary_bg_mad": 9.048815924394031,
  "summary_bg_mean": 31.004013061523438,
  "summary_bg_median": 6.970000267028809,
  "summary_bg_n": 101292.0,
  "summary_bg_p05": 0.34333333373069763,
  "summary_bg_p95": 120.14117050170896,
  "summary_bg_stdv": 99.67447662353516,
  "summary_fg_k": 0.6026417489411866,
  "summary_fg_mad": 391.31305617480945,
  "summary_fg_mean": 1905.8602294921875,
  "summary_fg_median": 1871.02001953125,
  "summary_fg_n": 11659.0,
  "summary_fg_p05": 1222.2210571289063,
  "summary_fg_p95": 2713.8570556640625,
  "summary_fg_stdv": 448.60992431640625,
  "tsnr": 58.523557293228805
}