{
  "bids_meta": {
    "AcquisitionDateTime": "2017-06-28T20:46:6.000000",
    "ConversionSoftware": "dcm2niix",
    "ConversionSoftwareVersion": "v1.0.20170411 GCC4.8.4",
    "EchoTime": 0.00318,
    "FlipAngle": 12,
    "ImageType": [
      "DERIVED",
      "PRIMARY",
      "OTHER"
    ],
    "InversionTime": 0.45,
    "MagneticFieldStrength": 3,
    "Manufacturer": "GE",
    "ManufacturersModelName": "DISCOVERY_MR750",
    "ProcedureStepDescription": "CompMet",
    "ProtocolName": "PU:Sag_T1_FSPGR_BRAVO",
    "RepetitionTime": 0.008156,
    "ScanningSequence": "GR",
    "SequenceVariant": "SS_SP_SK",
    "SeriesDescription": "PU:Sag_T1_FSPGR_BRAVO",
    "dataset": "ds003481",
    "modality": "T1w",
    "subject_id": "069"
  },
  "cjv": 0.322669112083753,
  "cnr": 4.163304124350882,
  "efc": 0.7305484518830582,
  "fber": -1.0,
  "fwhm_avg": 3.91372,
  "fwhm_x": 3.9503,
  "fwhm_y": 4.10596,
  "fwhm_z": 3.6849,
  "icvs_csf": 0.20698584223697067,
  "icvs_gm": 0.4565872582923403,
  "icvs_wm": 0.336426899470689,
  "inu_med": 0.5132891535758972,
  "inu_range": 0.1860435917973518,
  "provenance": {
    "md5sum": "44fa8944042086bcc25bda9ff7f06b80",
    "settings": {
      "testing": false
    },
    "software": "mriqc",
    "version": "23.0.1",
    "warnings": {
      "large_rot_frame": true,
      "small_air_mask": false
    },
    "webapi_port": null,
    "webapi_url": "https://mriqc.nimh.nih.gov/api/v1"
  },
  "qi_1": 0.0,
  "qi_2": 0.0023833360397727084,
  "rpve_csf": 23.853297591375274,
  "rpve_gm": 11.642102364960994,
  "rpve_wm": 17.810964556340153,
  "size_x": 176,
  "size_y": 256,
  "size_z": 256,
  "snr_csf": 2.855870215141523,
  "snr_gm": 11.310750734234722,
  "snr_total": 12.349626274873664,
  "snr_wm": 22.882257875244747,
  "snrd_csf": 13.71408473671858,
  "snrd_gm": 35.08970492536063,
  "snrd_total": 33.35185825991879,
  "snrd_wm": 51.251785117677166,
  "spacing_x": 1.0,
  "spacing_y": 1.0,
  "spacing_z": 1.0,
  "summary_bg_k": 30.323133523006867,
  "summary_bg_mad": 0.0,
  "summary_bg_mean": 6.546525908277257,
  "summary_bg_median": 0.0,
  "summary_bg_n": 391020.0,
  "summary_bg_p05": 0.0,
  "summary_bg_p95": 31.041486136615276,
  "summary_bg_stdv": 12.782704350810597,
  "summary_csf_k": 1.5421890513315493,
  "summary_csf_mad": 78.5572126660331,
  "summary_csf_mean": 272.9832451132712,
  "summary_csf_median": 267.5825837664306,
  "summary_csf_n": 39110.0,
  "summary_csf_p05": 127.58299465589225,
  "summary_csf_p95": 441.73195201791805,
  "summary_csf_stdv": 93.69444081479104,
  "summary_gm_k": 0.10156073627431716,
  "summary_gm_mad": 59.72437286772324,
  "summary_gm_mean": 684.8934933113443,
  "summary_gm_median": 684.6533390879631,
  "summary_gm_n": 49484.0,
  "summary_gm_p05": 585.8158381361515,
  "summary_gm_p95": 785.1071524020284,
  "summary_gm_stdv": 60.53059051636363,
  "summary_wm_k": 0.5949201561041324,
  "summary_wm_mad": 42.028262388397835,
  "summary_wm_mean": 1000.1990536361714,
  "summary_wm_median": 1000.0000253543258,
  "summary_wm_n": 201845.0,
  "summary_wm_p05": 928.6750618815422,
  "summary_wm_p95": 1071.0348814800382,
  "summary_wm_stdv": 43.70187389963552,
  "tpm_overlap_csf": 0.15650209043937466,
  "tpm_overlap_gm": 0.4776333854572166,
  "tpm_overlap_wm": 0.5111760557210839,
  "wm2max": 0.4656325355740843
}