{
  "aor": 0.0065278,
  "aqi": 0.0018216427759999998,
  "bids_meta": {
    "AcquisitionDateTime": "2017-08-17T21:15:13.000000",
    "ConversionSoftware": "dcm2niix",
    "ConversionSoftwareVersion": "v1.0.20170411 GCC4.8.4",
    "EchoTime": 0.035,
    "FlipAngle": 90,
    "ImageType": [
      "ORIGINAL",
      "PRIMARY",
      "EPI",
      "NONE"
    ],
    "MagneticFieldStrength": 3,
    "Manufacturer": "GE",
    "ManufacturersModelName": "DISCOVERY_MR750",
    "ProtocolName": "fMRI_CompMet",
    "RepetitionTime": 2,
    "ScanningSequence": "EP_GR",
    "SequenceVariant": "SS",
    "SeriesDescription": "fMRI_CompMet",
    "SliceTiming": [
      1.0285,
      0.0571001,
      1.0857,
      0.1142,
      1.1428,
      0.1714,
      1.2,
      0.2285,
      1.2571,
      0.2857,
      1.3143,
      0.3428,
      1.3714,
      0.4,
      1.4286,
      0.4571,
      1.4857,
      0.5142,
      1.5428,
      0.5714,
      1.6,
      0.6285,
      1.6571,
      0.6857,
      1.7143,
      0.7428,
      1.7714,
      0.8,
      1.8285,
      0.8571,
      1.8857,
      0.9143,
      1.9428,
      0.9714
    ],
    "TaskName": "cmp",
    "dataset": "ds003481",
    "modality": "bold",
    "run_id": 2,
    "subject_id": "083",
    "task_id": "cmp"
  },
  "dummy_trs": 0,
  "dvars_nstd": 12.704581850401608,
  "dvars_std": 1.1317103051807231,
  "dvars_vstd": 1.023858023413655,
  "efc": 0.370582590052739,
  "fber": 75954.203125,
  "fd_mean": 0.0888995085322273,
  "fd_num": 10,
  "fd_perc": 4.0,
  "fwhm_avg": 2.9162,
  "fwhm_x": 2.81125,
  "fwhm_y": 2.885775,
  "fwhm_z": 3.051575,
  "gcor": 0.0616162,
  "gsr_x": -0.006634690333157778,
  "gsr_y": -0.002218184992671013,
  "provenance": {
    "md5sum": "b59667a4e97d7603cfcdd4438b1ace88",
    "settings": {
      "fd_thres": 0.2,
      "testing": false
    },
    "software": "mriqc",
    "version": "23.0.1",
    "webapi_port": null,
    "webapi_url": "https://mriqc.nimh.nih.gov/api/v1"
  },
  "size_t": 250,
  "size_x": 64,
  "size_y": 64,
  "size_z": 34,
  "snr": 3.216413984195082,
  "spacing_tr": 2.0,
  "spacing_x": 4.0,
  "spacing_y": 4.0,
  "spacing_z": 4.0,
  "summary_bg_k": 46.398694169914286,
  "summary_bg_mad": 10.656945753329063,
  "summary_bg_mean": 43.43360900878906,
  "summary_bg_median": 8.056000709533691,
  "summary_bg_n": 95971.0,
  "summary_bg_p05": 0.2840000092983246,
  "summary_bg_p95": 212.09800720214844,
  "summary_bg_stdv": 126.48382568359375,
  "summary_fg_k": 0.8112154186051206,
  "summary_fg_mad": 597.506430265938,
  "summary_fg_mean": 2314.8427734375,
  "summary_fg_median": 2176.212158203125,
  "summary_fg_n": 15379.0,
  "summary_fg_p05": 1437.646081542969,
  "summary_fg_p95": 3628.607373046871,
  "summary_fg_stdv": 676.5737915039062,
  "tsnr": 89.81038413220085
}