{
  "aor": 0.0013792666666666666,
  "aqi": 0.0027202062233333334,
  "bids_meta": {
    "AcquisitionDateTime": "2017-08-16T19:59:2.000000",
    "ConversionSoftware": "dcm2niix",
    "ConversionSoftwareVersion": "v1.0.20170411 GCC4.8.4",
    "EchoTime": 0.04,
    "FlipAngle": 90,
    "ImageType": [
      "ORIGINAL",
      "PRIMARY",
      "EPI",
      "NONE"
    ],
    "MagneticFieldStrength": 3,
    "Manufacturer": "GE",
    "ManufacturersModelName": "DISCOVERY_MR750",
    "ProcedureStepDescription": "CompMet",
    "ProtocolName": "fMRI_RestState",
    "RepetitionTime": 2,
    "ScanningSequence": "EP_GR",
    "SequenceVariant": "SS",
    "SeriesDescription": "fMRI_RestState",
    "SliceTiming": [
      1.0285,
      0.0571001,
      1.0857,
      0.1142,
      1.1428,
      0.1714,
      1.2,
      0.2285,
      1.2571,
      0.2857,
      1.3143,
      0.3428,
      1.3714,
      0.4,
      1.4286,
      0.4571,
      1.4857,
      0.5142,
      1.5428,
      0.5714,
      1.6,
      0.6285,
      1.6571,
      0.6857,
      1.7143,
      0.7428,
      1.7714,
      0.8,
      1.8285,
      0.8571,
      1.8857,
      0.9143,
      1.9428,
      0.9714
    ],
    "TaskName": "rest",
    "dataset": "ds003481",
    "modality": "bold",
    "subject_id": "083",
    "task_id": "rest"
  },
  "dummy_trs": 0,
  "dvars_nstd": 12.878795381906352,
  "dvars_std": 0.9965047167892979,
  "dvars_vstd": 0.9354509713712377,
  "efc": 0.39132912019970534,
  "fber": 57457.03515625,
  "fd_mean": 0.07911902712466852,
  "fd_num": 4,
  "fd_perc": 1.3333333333333333,
  "fwhm_avg": 2.985175,
  "fwhm_x": 2.867075,
  "fwhm_y": 3.0429,
  "fwhm_z": 3.04555,
  "gcor": 0.0412045,
  "gsr_x": -0.003739768173545599,
  "gsr_y": 0.006018830928951502,
  "provenance": {
    "md5sum": "28a7db82b35504eab4ab678b3d0b98b0",
    "settings": {
      "fd_thres": 0.2,
      "testing": false
    },
    "software": "mriqc",
    "version": "23.0.1",
    "webapi_port": null,
    "webapi_url": "https://mriqc.nimh.nih.gov/api/v1"
  },
  "size_t": 300,
  "size_x": 64,
  "size_y": 64,
  "size_z": 34,
  "snr": 2.902219970766778,
  "spacing_tr": 2.0,
  "spacing_x": 4.0,
  "spacing_y": 4.0,
  "spacing_z": 4.0,
  "summary_bg_k": 74.57754588221857,
  "summary_bg_mad": 11.761977959515688,
  "summary_bg_mean": 46.463443756103516,
  "summary_bg_median": 8.510000228881836,
  "summary_bg_n": 93736.0,
  "summary_bg_p05": 0.15000000596046448,
  "summary_bg_p95": 225.79249954223633,
  "summary_bg_stdv": 128.49749755859375,
  "summary_fg_k": 0.5055876912852222,
  "summary_fg_mad": 598.6154862223591,
  "summary_fg_mean": 2110.6611328125,
  "summary_fg_median": 1969.743408203125,
  "summary_fg_n": 16915.0,
  "summary_fg_p05": 1257.0860595703125,
  "summary_fg_p95": 3459.676831054687,
  "summary_fg_stdv": 678.6822509765625,
  "tsnr": 73.10612330166623
}