{
  "aor": 0.0009459333333333334,
  "aqi": 0.002851462633333333,
  "bids_meta": {
    "AcquisitionDateTime": "2016-09-19T18:28:53.000000",
    "ConversionSoftware": "dcm2niix",
    "ConversionSoftwareVersion": "v1.0.20170411 GCC4.8.4",
    "EchoTime": 0.04,
    "FlipAngle": 90,
    "ImageType": [
      "ORIGINAL",
      "PRIMARY",
      "EPI",
      "NONE"
    ],
    "MagneticFieldStrength": 3,
    "Manufacturer": "GE",
    "ManufacturersModelName": "DISCOVERY_MR750",
    "ProcedureStepDescription": "MeditResp",
    "ProtocolName": "fMRI_RestSt",
    "RepetitionTime": 2,
    "ScanningSequence": "EP_GR",
    "SequenceVariant": "SS",
    "SeriesDescription": "fMRI_RestSt",
    "SliceTiming": [
      1.0285,
      0.0571001,
      1.0857,
      0.1142,
      1.1428,
      0.1714,
      1.2,
      0.2285,
      1.2571,
      0.2857,
      1.3143,
      0.3428,
      1.3714,
      0.4,
      1.4286,
      0.4571,
      1.4857,
      0.5142,
      1.5428,
      0.5714,
      1.6,
      0.6285,
      1.6571,
      0.6857,
      1.7143,
      0.7428,
      1.7714,
      0.8,
      1.8285,
      0.8571,
      1.8857,
      0.9143,
      1.9428,
      0.9714
    ],
    "TaskName": "rest",
    "dataset": "ds003481",
    "modality": "bold",
    "subject_id": "109",
    "task_id": "rest"
  },
  "dummy_trs": 0,
  "dvars_nstd": 17.253936327491665,
  "dvars_std": 1.2025602731772578,
  "dvars_vstd": 0.9564945585953172,
  "efc": 0.3447462550412683,
  "fber": 58014.81640625,
  "fd_mean": 0.09889690491213375,
  "fd_num": 9,
  "fd_perc": 3.0,
  "fwhm_avg": 2.534789798075406,
  "fwhm_x": 2.46312,
  "fwhm_y": 2.60045,
  "fwhm_z": 2.5407993942262186,
  "gcor": 0.10398,
  "gsr_x": -0.004605052061378956,
  "gsr_y": -0.001648108009248972,
  "provenance": {
    "md5sum": "3d12c46738055f348a2776a1eb854dd5",
    "settings": {
      "fd_thres": 0.2,
      "testing": false
    },
    "software": "mriqc",
    "version": "23.0.1",
    "webapi_port": null,
    "webapi_url": "https://mriqc.nimh.nih.gov/api/v1"
  },
  "size_t": 300,
  "size_x": 64,
  "size_y": 64,
  "size_z": 34,
  "snr": 3.939392537693801,
  "spacing_tr": 2.0,
  "spacing_x": 4.0,
  "spacing_y": 4.0,
  "spacing_z": 4.000000953674316,
  "summary_bg_k": 90.64179488787889,
  "summary_bg_mad": 10.526475786737766,
  "summary_bg_mean": 32.8586540222168,
  "summary_bg_median": 7.703333377838135,
  "summary_bg_n": 100925.0,
  "summary_bg_p05": 0.20333333313465118,
  "summary_bg_p95": 128.5586639404296,
  "summary_bg_stdv": 89.58757781982422,
  "summary_fg_k": 0.3604909710255395,
  "summary_fg_mad": 407.1472370095463,
  "summary_fg_mean": 1754.730712890625,
  "summary_fg_median": 1719.546630859375,
  "summary_fg_n": 12376.0,
  "summary_fg_p05": 1073.0609130859375,
  "summary_fg_p95": 2515.6651000976562,
  "summary_fg_stdv": 436.4828186035156,
  "tsnr": 70.54582385160029
}