{
  "aor": 0.01353656,
  "aqi": 0.0020065069520000004,
  "bids_meta": {
    "AcquisitionDateTime": "2017-08-24T19:12:43.000000",
    "ConversionSoftware": "dcm2niix",
    "ConversionSoftwareVersion": "v1.0.20170411 GCC4.8.4",
    "EchoTime": 0.035,
    "FlipAngle": 90,
    "ImageType": [
      "ORIGINAL",
      "PRIMARY",
      "EPI",
      "NONE"
    ],
    "MagneticFieldStrength": 3,
    "Manufacturer": "GE",
    "ManufacturersModelName": "DISCOVERY_MR750",
    "ProtocolName": "fMRI_CompMet",
    "RepetitionTime": 2,
    "ScanningSequence": "EP_GR",
    "SequenceVariant": "SS",
    "SeriesDescription": "fMRI_CompMet",
    "SliceTiming": [
      1.0285,
      0.0571001,
      1.0857,
      0.1142,
      1.1428,
      0.1714,
      1.2,
      0.2285,
      1.2571,
      0.2857,
      1.3143,
      0.3428,
      1.3714,
      0.4,
      1.4286,
      0.4571,
      1.4857,
      0.5142,
      1.5428,
      0.5714,
      1.6,
      0.6285,
      1.6571,
      0.6857,
      1.7143,
      0.7428,
      1.7714,
      0.8,
      1.8285,
      0.8571,
      1.8857,
      0.9143,
      1.9428,
      0.9714
    ],
    "TaskName": "cmp",
    "dataset": "ds003481",
    "modality": "bold",
    "run_id": 2,
    "subject_id": "090",
    "task_id": "cmp"
  },
  "dummy_trs": 0,
  "dvars_nstd": 11.90402103738956,
  "dvars_std": 1.0951194171485936,
  "dvars_vstd": 1.1494963089959838,
  "efc": 0.34710328803815443,
  "fber": 85663.9765625,
  "fd_mean": 0.07518100505596817,
  "fd_num": 0,
  "fd_perc": 0.0,
  "fwhm_avg": 2.5236158333333334,
  "fwhm_x": 2.44715,
  "fwhm_y": 2.696425,
  "fwhm_z": 2.4272725,
  "gcor": 0.0764306,
  "gsr_x": -0.019666405394673347,
  "gsr_y": 0.011914924718439579,
  "provenance": {
    "md5sum": "a2324e4d4082218ce7fbec7ec2ceaeb2",
    "settings": {
      "fd_thres": 0.2,
      "testing": false
    },
    "software": "mriqc",
    "version": "23.0.1",
    "webapi_port": null,
    "webapi_url": "https://mriqc.nimh.nih.gov/api/v1"
  },
  "size_t": 250,
  "size_x": 64,
  "size_y": 64,
  "size_z": 34,
  "snr": 3.8828609576818596,
  "spacing_tr": 2.0,
  "spacing_x": 4.0,
  "spacing_y": 4.0,
  "spacing_z": 4.0,
  "summary_bg_k": 73.705630473949,
  "summary_bg_mad": 9.969017548407532,
  "summary_bg_mean": 36.107398986816406,
  "summary_bg_median": 7.28000020980835,
  "summary_bg_n": 99685.0,
  "summary_bg_p05": 0.1720000058412552,
  "summary_bg_p95": 166.91921081542964,
  "summary_bg_stdv": 99.5403823852539,
  "summary_fg_k": 0.6350242253490612,
  "summary_fg_mad": 469.49263299841266,
  "summary_fg_mean": 2067.657470703125,
  "summary_fg_median": 2009.716064453125,
  "summary_fg_n": 12820.0,
  "summary_fg_p05": 1319.6192504882813,
  "summary_fg_p95": 2994.280102539062,
  "summary_fg_stdv": 517.5662231445312,
  "tsnr": 75.32253158278763
}