{
  "aor": 0.01812332,
  "aqi": 0.002059677792,
  "bids_meta": {
    "AcquisitionDateTime": "2017-08-24T19:02:43.000000",
    "ConversionSoftware": "dcm2niix",
    "ConversionSoftwareVersion": "v1.0.20170411 GCC4.8.4",
    "EchoTime": 0.035,
    "FlipAngle": 90,
    "ImageType": [
      "ORIGINAL",
      "PRIMARY",
      "EPI",
      "NONE"
    ],
    "MagneticFieldStrength": 3,
    "Manufacturer": "GE",
    "ManufacturersModelName": "DISCOVERY_MR750",
    "ProtocolName": "fMRI_CompMet",
    "RepetitionTime": 2,
    "ScanningSequence": "EP_GR",
    "SequenceVariant": "SS",
    "SeriesDescription": "fMRI_CompMet",
    "SliceTiming": [
      1.0285,
      0.0571001,
      1.0857,
      0.1142,
      1.1428,
      0.1714,
      1.2,
      0.2285,
      1.2571,
      0.2857,
      1.3143,
      0.3428,
      1.3714,
      0.4,
      1.4286,
      0.4571,
      1.4857,
      0.5142,
      1.5428,
      0.5714,
      1.6,
      0.6285,
      1.6571,
      0.6857,
      1.7143,
      0.7428,
      1.7714,
      0.8,
      1.8285,
      0.8571,
      1.8857,
      0.9143,
      1.9428,
      0.9714
    ],
    "TaskName": "cmp",
    "dataset": "ds003481",
    "modality": "bold",
    "run_id": 1,
    "subject_id": "090",
    "task_id": "cmp"
  },
  "dummy_trs": 0,
  "dvars_nstd": 14.133307345903617,
  "dvars_std": 1.1414374073895586,
  "dvars_vstd": 1.1420511595582323,
  "efc": 0.34471493656428115,
  "fber": 93686.0234375,
  "fd_mean": 0.07926432507865068,
  "fd_num": 1,
  "fd_perc": 0.4,
  "fwhm_avg": 2.5246541666666666,
  "fwhm_x": 2.4638325,
  "fwhm_y": 2.702525,
  "fwhm_z": 2.407605,
  "gcor": 0.0806487,
  "gsr_x": -0.01881777122616768,
  "gsr_y": 0.009791295044124126,
  "provenance": {
    "md5sum": "b2a229ef66578616947d54c454fddfab",
    "settings": {
      "fd_thres": 0.2,
      "testing": false
    },
    "software": "mriqc",
    "version": "23.0.1",
    "webapi_port": null,
    "webapi_url": "https://mriqc.nimh.nih.gov/api/v1"
  },
  "size_t": 250,
  "size_x": 64,
  "size_y": 64,
  "size_z": 34,
  "snr": 3.9764863361546148,
  "spacing_tr": 2.0,
  "spacing_x": 4.0,
  "spacing_y": 4.0,
  "spacing_z": 4.0,
  "summary_bg_k": 72.43341773726567,
  "summary_bg_mad": 9.56574998816819,
  "summary_bg_mean": 34.83356475830078,
  "summary_bg_median": 7.008000373840332,
  "summary_bg_n": 99792.0,
  "summary_bg_p05": 0.1600000113248825,
  "summary_bg_p95": 161.54980316162107,
  "summary_bg_stdv": 97.37468719482422,
  "summary_fg_k": 0.5169608355160773,
  "summary_fg_mad": 468.39552183525575,
  "summary_fg_mean": 2064.08740234375,
  "summary_fg_median": 2029.320068359375,
  "summary_fg_n": 12616.0,
  "summary_fg_p05": 1293.1070861816406,
  "summary_fg_p95": 2953.2671508789062,
  "summary_fg_stdv": 510.3097229003906,
  "tsnr": 70.9816604226362
}