{
  "bids_meta": {
    "AcquisitionMatrixPE": 256,
    "AcquisitionNumber": 1,
    "AcquisitionTime": "20:59:27.000000",
    "BodyPartExamined": "HEAD",
    "CoilString": "32Ch_Head",
    "ConversionSoftware": "dcm2niix",
    "ConversionSoftwareVersion": "v1.0.20181125  (JP2:OpenJPEG) GCC7.3.0",
    "DeviceSerialNumber": "0002806034DVR750",
    "EchoTime": 0.003192,
    "FlipAngle": 12,
    "ImageOrientationPatientDICOM": [
      0,
      1,
      0,
      0,
      0,
      -1
    ],
    "ImageType": [
      "ORIGINAL",
      "PRIMARY",
      "OTHER"
    ],
    "ImagingFrequency": 127.772,
    "InPlanePhaseEncodingDirectionDICOM": "ROW",
    "InstitutionName": "INSTITUTO_DE_NEUROBIOLOGIA",
    "InversionTime": 0.45,
    "MRAcquisitionType": "3D",
    "MagneticFieldStrength": 3,
    "Manufacturer": "GE",
    "ManufacturersModelName": "DISCOVERY_MR750",
    "Modality": "MR",
    "PatientPosition": "HFS",
    "PercentPhaseFOV": 100,
    "PixelBandwidth": 244.141,
    "ProcedureStepDescription": "Emociones_AH",
    "ProtocolName": "Sag_T1_FSPGR_BRAVO",
    "ReconMatrixPE": 256,
    "RepetitionTime": 0.008184,
    "SAR": 0.110782,
    "ScanOptions": "FAST_GEMS_EDR_GEMS_FILTERED_GEMS_ACC_GEMS_IR_GEMS",
    "ScanningSequence": "GR",
    "SequenceVariant": "SS_SP_SK",
    "SeriesDescription": "Sag_T1_FSPGR_BRAVO",
    "SeriesNumber": 11,
    "SliceThickness": 1,
    "SoftwareVersions": "27_LX_MR_Software_release:DV26.0_R03_1831.b",
    "SpacingBetweenSlices": 1,
    "StationName": "GEHCGEHC",
    "dataset": "ds003481",
    "modality": "T1w",
    "subject_id": "045"
  },
  "cjv": 0.31439310624526373,
  "cnr": 4.2779759802680175,
  "efc": 0.5945001940008485,
  "fber": -1.0,
  "fwhm_avg": 4.07472,
  "fwhm_x": 4.1203,
  "fwhm_y": 4.3356,
  "fwhm_z": 3.76826,
  "icvs_csf": 0.18463405701132307,
  "icvs_gm": 0.4671626067869849,
  "icvs_wm": 0.348203336201692,
  "inu_med": 0.48708200454711914,
  "inu_range": 0.1594633907079696,
  "provenance": {
    "md5sum": "5016a8e10fc98377eae2a4d9a8575ee2",
    "settings": {
      "testing": false
    },
    "software": "mriqc",
    "version": "23.0.1",
    "warnings": {
      "large_rot_frame": true,
      "small_air_mask": false
    },
    "webapi_port": null,
    "webapi_url": "https://mriqc.nimh.nih.gov/api/v1"
  },
  "qi_1": 0.0,
  "qi_2": 0.0012025185583457965,
  "rpve_csf": 31.37773661211456,
  "rpve_gm": 13.847957926655928,
  "rpve_wm": 20.683309068801226,
  "size_x": 176,
  "size_y": 256,
  "size_z": 256,
  "snr_csf": 2.7598185364259797,
  "snr_gm": 12.308370436538228,
  "snr_total": 12.72629065512798,
  "snr_wm": 23.110682992419736,
  "snrd_csf": 23.24156136638051,
  "snrd_gm": 52.90427440802888,
  "snrd_total": 50.799831562621456,
  "snrd_wm": 76.25365891345498,
  "spacing_x": 1.0,
  "spacing_y": 1.0,
  "spacing_z": 1.0,
  "summary_bg_k": 13.64112246557896,
  "summary_bg_mad": 0.0,
  "summary_bg_mean": 4.984785674657244,
  "summary_bg_median": 0.0,
  "summary_bg_n": 1585597.0,
  "summary_bg_p05": 0.0,
  "summary_bg_p95": 21.620212715119123,
  "summary_bg_stdv": 8.591859873814196,
  "summary_csf_k": 0.7816123639594061,
  "summary_csf_mad": 82.92155857143881,
  "summary_csf_mean": 310.59727579698523,
  "summary_csf_median": 304.8040660060942,
  "summary_csf_n": 19720.0,
  "summary_csf_p05": 106.53443542532624,
  "summary_csf_p95": 502.0857161263001,
  "summary_csf_stdv": 110.44071687590521,
  "summary_gm_k": 0.11509426829297631,
  "summary_gm_mad": 55.6120632335398,
  "summary_gm_mean": 694.0047645982472,
  "summary_gm_median": 693.8190465979278,
  "summary_gm_n": 45761.0,
  "summary_gm_p05": 600.9377196840942,
  "summary_gm_p95": 785.9189200401306,
  "summary_gm_stdv": 56.36907576309164,
  "summary_wm_k": 0.47911275295490663,
  "summary_wm_mad": 40.66080416976075,
  "summary_wm_mean": 1001.6550383783834,
  "summary_wm_median": 1000.037171266973,
  "summary_wm_n": 169657.0,
  "summary_wm_p05": 933.0926571972668,
  "summary_wm_p95": 1075.808388359099,
  "summary_wm_stdv": 43.27151319406558,
  "tpm_overlap_csf": 0.14527400648627664,
  "tpm_overlap_gm": 0.47850545119227744,
  "tpm_overlap_wm": 0.5009326009487697,
  "wm2max": 0.5188648667773188
}