{
  "bids_meta": {
    "AcquisitionDateTime": "2017-01-12T19:49:23.000000",
    "ConversionSoftware": "dcm2niix",
    "ConversionSoftwareVersion": "v1.0.20170411 GCC4.8.4",
    "EchoTime": 0.00318,
    "FlipAngle": 12,
    "ImageType": [
      "DERIVED",
      "PRIMARY",
      "OTHER"
    ],
    "InversionTime": 0.45,
    "MagneticFieldStrength": 3,
    "Manufacturer": "GE",
    "ManufacturersModelName": "DISCOVERY_MR750",
    "ProcedureStepDescription": "CompRefranes",
    "ProtocolName": "PU:Sag_T1_FSPGR_BRAVO",
    "RepetitionTime": 0.008156,
    "ScanningSequence": "GR",
    "SequenceVariant": "SS_SP_SK",
    "SeriesDescription": "PU:Sag_T1_FSPGR_BRAVO",
    "dataset": "ds003481",
    "modality": "T1w",
    "subject_id": "058"
  },
  "cjv": 0.3985840335813887,
  "cnr": 3.3634867295763438,
  "efc": 0.7479900630970681,
  "fber": -1.0,
  "fwhm_avg": 3.4187,
  "fwhm_x": 3.31945,
  "fwhm_y": 3.67434,
  "fwhm_z": 3.26231,
  "icvs_csf": 0.22637977106440269,
  "icvs_gm": 0.4048559951683831,
  "icvs_wm": 0.36876423376721423,
  "inu_med": 0.8039920926094055,
  "inu_range": 0.20195645391941064,
  "provenance": {
    "md5sum": "954b3aafd415a3d67f13c8de9709455b",
    "settings": {
      "testing": false
    },
    "software": "mriqc",
    "version": "23.0.1",
    "warnings": {
      "large_rot_frame": true,
      "small_air_mask": false
    },
    "webapi_port": null,
    "webapi_url": "https://mriqc.nimh.nih.gov/api/v1"
  },
  "qi_1": 0.0,
  "qi_2": 0.002368870370160966,
  "rpve_csf": 22.429088180024337,
  "rpve_gm": 12.412009575494427,
  "rpve_wm": 16.09789431785097,
  "size_x": 176,
  "size_y": 256,
  "size_z": 256,
  "snr_csf": 2.5144738090940093,
  "snr_gm": 9.52694773561099,
  "snr_total": 9.642015676358666,
  "snr_wm": 16.884625484370996,
  "snrd_csf": 10.98128822448488,
  "snrd_gm": 30.717352192819234,
  "snrd_total": 28.883804820050756,
  "snrd_wm": 44.95277404284816,
  "spacing_x": 1.0,
  "spacing_y": 1.0,
  "spacing_z": 1.0,
  "summary_bg_k": 8.562295583635063,
  "summary_bg_mad": 0.0,
  "summary_bg_mean": 8.364121899697118,
  "summary_bg_median": 0.0,
  "summary_bg_n": 375913.0,
  "summary_bg_p05": 0.0,
  "summary_bg_p95": 38.799274142831564,
  "summary_bg_stdv": 14.575009506185069,
  "summary_csf_k": 1.3809234865513735,
  "summary_csf_mad": 85.48290919901123,
  "summary_csf_mean": 253.29326805063113,
  "summary_csf_median": 244.3039041366428,
  "summary_csf_n": 43316.0,
  "summary_csf_p05": 110.51797230914235,
  "summary_csf_p95": 429.6642449880019,
  "summary_csf_stdv": 97.15793547644137,
  "summary_gm_k": 0.09486027159669108,
  "summary_gm_mad": 70.42805266446547,
  "summary_gm_mean": 681.7278814988256,
  "summary_gm_median": 683.3778434768319,
  "summary_gm_n": 25035.0,
  "summary_gm_p05": 561.3980317573994,
  "summary_gm_p95": 797.6867717839777,
  "summary_gm_stdv": 71.72960468095489,
  "summary_wm_k": 0.7712577354856278,
  "summary_wm_mad": 55.8033348880496,
  "summary_wm_mean": 1004.5526927867917,
  "summary_wm_median": 1000.0774022080004,
  "summary_wm_n": 203067.0,
  "summary_wm_p05": 915.6706064157188,
  "summary_wm_p95": 1108.6225300692022,
  "summary_wm_stdv": 59.229915445774274,
  "tpm_overlap_csf": 0.1695016559792913,
  "tpm_overlap_gm": 0.4457876122902209,
  "tpm_overlap_wm": 0.49708313426482187,
  "wm2max": 0.45648450604749713
}