{
  "bids_meta": {
    "AcquisitionDateTime": "2016-10-01T11:13:42.000000",
    "ConversionSoftware": "dcm2niix",
    "ConversionSoftwareVersion": "v1.0.20170411 GCC4.8.4",
    "EchoTime": 0.00318,
    "FlipAngle": 12,
    "ImageType": [
      "DERIVED",
      "PRIMARY",
      "OTHER"
    ],
    "InversionTime": 0.45,
    "MagneticFieldStrength": 3,
    "Manufacturer": "GE",
    "ManufacturersModelName": "DISCOVERY_MR750",
    "ProcedureStepDescription": "MeditResp",
    "ProtocolName": "PU:Sag_T1_FSPGR_BRAVO",
    "RepetitionTime": 0.008156,
    "ScanningSequence": "GR",
    "SequenceVariant": "SS_SP_SK",
    "SeriesDescription": "PU:Sag_T1_FSPGR_BRAVO",
    "dataset": "ds003481",
    "modality": "T1w",
    "subject_id": "103"
  },
  "cjv": 0.33372669122543275,
  "cnr": 3.9722267796002386,
  "efc": 0.7164283616586896,
  "fber": -1.0,
  "fwhm_avg": 3.6718733333333335,
  "fwhm_x": 3.70449,
  "fwhm_y": 3.80508,
  "fwhm_z": 3.50605,
  "icvs_csf": 0.21517247898374217,
  "icvs_gm": 0.4589618436139241,
  "icvs_wm": 0.3258656774023337,
  "inu_med": 0.521131694316864,
  "inu_range": 0.1133069813251496,
  "provenance": {
    "md5sum": "5d3b0170c3d999eef36433999d469f9d",
    "settings": {
      "testing": false
    },
    "software": "mriqc",
    "version": "23.0.1",
    "warnings": {
      "large_rot_frame": true,
      "small_air_mask": false
    },
    "webapi_port": null,
    "webapi_url": "https://mriqc.nimh.nih.gov/api/v1"
  },
  "qi_1": 0.0,
  "qi_2": 0.0023717094502299523,
  "rpve_csf": 26.659673708477857,
  "rpve_gm": 13.270701505373337,
  "rpve_wm": 20.865532771665126,
  "size_x": 176,
  "size_y": 256,
  "size_z": 256,
  "snr_csf": 2.194769398856483,
  "snr_gm": 10.546847642066705,
  "snr_total": 10.99814047506556,
  "snr_wm": 20.252804384273485,
  "snrd_csf": 10.575002799773438,
  "snrd_gm": 28.340119247570428,
  "snrd_total": 26.998747211020994,
  "snrd_wm": 42.081119585719115,
  "spacing_x": 1.0,
  "spacing_y": 1.0,
  "spacing_z": 1.0,
  "summary_bg_k": 19.828656854208365,
  "summary_bg_mad": 0.0,
  "summary_bg_mean": 8.756518411834882,
  "summary_bg_median": 0.0,
  "summary_bg_n": 475967.0,
  "summary_bg_p05": 0.0,
  "summary_bg_p95": 39.08929966017604,
  "summary_bg_stdv": 15.56900388914593,
  "summary_csf_k": 0.35644750429835925,
  "summary_csf_mad": 106.01592565595543,
  "summary_csf_mean": 256.3614765047556,
  "summary_csf_median": 251.30989472940564,
  "summary_csf_n": 24685.0,
  "summary_csf_p05": 75.81137847304345,
  "summary_csf_p95": 459.67056281194084,
  "summary_csf_stdv": 114.5016895500076,
  "summary_gm_k": 0.1818306875532878,
  "summary_gm_mad": 62.536542334746514,
  "summary_gm_mean": 670.9810002384729,
  "summary_gm_median": 673.4894088990986,
  "summary_gm_n": 35790.0,
  "summary_gm_p05": 561.9680516092106,
  "summary_gm_p95": 772.3623433336616,
  "summary_gm_stdv": 63.856047113292405,
  "summary_wm_k": 0.7944442456403586,
  "summary_wm_mad": 46.441346452345265,
  "summary_wm_mean": 1001.1475175466411,
  "summary_wm_median": 1000.0377241894603,
  "summary_wm_n": 157249.0,
  "summary_wm_p05": 922.4999330602586,
  "summary_wm_p95": 1083.4181782379746,
  "summary_wm_stdv": 49.37758373702226,
  "tpm_overlap_csf": 0.15399382912410362,
  "tpm_overlap_gm": 0.4754674213546313,
  "tpm_overlap_wm": 0.500822344282731,
  "wm2max": 0.46959215974026636
}