{
  "aor": 0.00068284,
  "aqi": 0.001570839664,
  "bids_meta": {
    "AcquisitionDateTime": "2017-07-05T19:15:6.000000",
    "ConversionSoftware": "dcm2niix",
    "ConversionSoftwareVersion": "v1.0.20170411 GCC4.8.4",
    "EchoTime": 0.035,
    "FlipAngle": 90,
    "ImageType": [
      "ORIGINAL",
      "PRIMARY",
      "EPI",
      "NONE"
    ],
    "MagneticFieldStrength": 3,
    "Manufacturer": "GE",
    "ManufacturersModelName": "DISCOVERY_MR750",
    "ProcedureStepDescription": "CompMet",
    "ProtocolName": "fMRI_CompMet",
    "RepetitionTime": 2,
    "ScanningSequence": "EP_GR",
    "SequenceVariant": "SS",
    "SeriesDescription": "fMRI_CompMet",
    "SliceTiming": [
      1.0285,
      0.0571001,
      1.0857,
      0.1142,
      1.1428,
      0.1714,
      1.2,
      0.2285,
      1.2571,
      0.2857,
      1.3143,
      0.3428,
      1.3714,
      0.4,
      1.4286,
      0.4571,
      1.4857,
      0.5142,
      1.5428,
      0.5714,
      1.6,
      0.6285,
      1.6571,
      0.6857,
      1.7143,
      0.7428,
      1.7714,
      0.8,
      1.8285,
      0.8571,
      1.8857,
      0.9143,
      1.9428,
      0.9714
    ],
    "TaskName": "cmp",
    "dataset": "ds003481",
    "modality": "bold",
    "run_id": 2,
    "subject_id": "076",
    "task_id": "cmp"
  },
  "dummy_trs": 0,
  "dvars_nstd": 14.883288172891568,
  "dvars_std": 1.2749597861044177,
  "dvars_vstd": 1.0025153045381532,
  "efc": 0.3806939011983358,
  "fber": 82514.7578125,
  "fd_mean": 0.04025153670212078,
  "fd_num": 0,
  "fd_perc": 0.0,
  "fwhm_avg": 2.8252666666666664,
  "fwhm_x": 2.694375,
  "fwhm_y": 2.9491,
  "fwhm_z": 2.832325,
  "gcor": 0.0801966,
  "gsr_x": -0.008564382791519165,
  "gsr_y": 0.008016145788133144,
  "provenance": {
    "md5sum": "9cb3d50b4ae6b3d70f0d8ad68b5e2b4f",
    "settings": {
      "fd_thres": 0.2,
      "testing": false
    },
    "software": "mriqc",
    "version": "23.0.1",
    "webapi_port": null,
    "webapi_url": "https://mriqc.nimh.nih.gov/api/v1"
  },
  "size_t": 250,
  "size_x": 64,
  "size_y": 64,
  "size_z": 34,
  "snr": 3.4262504782203647,
  "spacing_tr": 2.0,
  "spacing_x": 4.0,
  "spacing_y": 4.0,
  "spacing_z": 4.0,
  "summary_bg_k": 120.11545988142962,
  "summary_bg_mad": 10.947535316613955,
  "summary_bg_mean": 41.67433166503906,
  "summary_bg_median": 7.896000385284424,
  "summary_bg_n": 94750.0,
  "summary_bg_p05": 0.13199999928474426,
  "summary_bg_p95": 191.1630104064942,
  "summary_bg_stdv": 120.88237762451172,
  "summary_fg_k": 0.30661185364365506,
  "summary_fg_mad": 566.0516270214931,
  "summary_fg_mean": 2274.0625,
  "summary_fg_median": 2164.31591796875,
  "summary_fg_n": 16304.0,
  "summary_fg_p05": 1400.35703125,
  "summary_fg_p95": 3498.6132080078123,
  "summary_fg_stdv": 631.6670532226562,
  "tsnr": 110.22063279617578
}