{
  "aor": 0.0012916465863453818,
  "aqi": 0.0015990650240963857,
  "bids_meta": {
    "AcquisitionDateTime": "2017-07-05T19:05:0.000000",
    "ConversionSoftware": "dcm2niix",
    "ConversionSoftwareVersion": "v1.0.20170411 GCC4.8.4",
    "EchoTime": 0.035,
    "FlipAngle": 90,
    "ImageType": [
      "ORIGINAL",
      "PRIMARY",
      "EPI",
      "NONE"
    ],
    "MagneticFieldStrength": 3,
    "Manufacturer": "GE",
    "ManufacturersModelName": "DISCOVERY_MR750",
    "ProcedureStepDescription": "CompMet",
    "ProtocolName": "fMRI_CompMet",
    "RepetitionTime": 2,
    "ScanningSequence": "EP_GR",
    "SequenceVariant": "SS",
    "SeriesDescription": "fMRI_CompMet",
    "SliceTiming": [
      1.0285,
      0.0571001,
      1.0857,
      0.1142,
      1.1428,
      0.1714,
      1.2,
      0.2285,
      1.2571,
      0.2857,
      1.3143,
      0.3428,
      1.3714,
      0.4,
      1.4286,
      0.4571,
      1.4857,
      0.5142,
      1.5428,
      0.5714,
      1.6,
      0.6285,
      1.6571,
      0.6857,
      1.7143,
      0.7428,
      1.7714,
      0.8,
      1.8285,
      0.8571,
      1.8857,
      0.9143,
      1.9428,
      0.9714
    ],
    "TaskName": "cmp",
    "dataset": "ds003481",
    "modality": "bold",
    "run_id": 1,
    "subject_id": "076",
    "task_id": "cmp"
  },
  "dummy_trs": 1,
  "dvars_nstd": 14.741591134274191,
  "dvars_std": 1.2468956952016137,
  "dvars_vstd": 0.983876077943548,
  "efc": 0.3801975834294326,
  "fber": 87796.640625,
  "fd_mean": 0.040674294746090016,
  "fd_num": 0,
  "fd_perc": 0.0,
  "fwhm_avg": 2.8234666666666666,
  "fwhm_x": 2.679575,
  "fwhm_y": 2.95195,
  "fwhm_z": 2.838875,
  "gcor": 0.0336733,
  "gsr_x": -0.008480659686028957,
  "gsr_y": 0.006877705454826355,
  "provenance": {
    "md5sum": "e7459da528580b8514220817108dec32",
    "settings": {
      "fd_thres": 0.2,
      "testing": false
    },
    "software": "mriqc",
    "version": "23.0.1",
    "webapi_port": null,
    "webapi_url": "https://mriqc.nimh.nih.gov/api/v1"
  },
  "size_t": 249,
  "size_x": 64,
  "size_y": 64,
  "size_z": 34,
  "snr": 3.4432031463805988,
  "spacing_tr": 2.0,
  "spacing_x": 4.0,
  "spacing_y": 4.0,
  "spacing_z": 4.0,
  "summary_bg_k": 96.07845767706503,
  "summary_bg_mad": 10.568750393829498,
  "summary_bg_mean": 40.79398727416992,
  "summary_bg_median": 7.6425700187683105,
  "summary_bg_n": 94801.0,
  "summary_bg_p05": 0.1405622363090515,
  "summary_bg_p95": 185.59437561035156,
  "summary_bg_stdv": 115.83792114257812,
  "summary_fg_k": 0.2846251201000993,
  "summary_fg_mad": 569.2595279398295,
  "summary_fg_mean": 2269.10546875,
  "summary_fg_median": 2161.1845703125,
  "summary_fg_n": 16265.0,
  "summary_fg_p05": 1397.8103515625,
  "summary_fg_p95": 3480.5180175781243,
  "summary_fg_stdv": 627.6475830078125,
  "tsnr": 103.1613241690211
}