{
  "bids_meta": {
    "AcquisitionDateTime": "2017-07-12T19:22:39.000000",
    "ConversionSoftware": "dcm2niix",
    "ConversionSoftwareVersion": "v1.0.20170411 GCC4.8.4",
    "EchoTime": 0.00318,
    "FlipAngle": 12,
    "ImageType": [
      "DERIVED",
      "PRIMARY",
      "OTHER"
    ],
    "InversionTime": 0.45,
    "MagneticFieldStrength": 3,
    "Manufacturer": "GE",
    "ManufacturersModelName": "DISCOVERY_MR750",
    "ProcedureStepDescription": "CompMet",
    "ProtocolName": "PU:Sag_T1_FSPGR_BRAVO",
    "RepetitionTime": 0.008156,
    "ScanningSequence": "GR",
    "SequenceVariant": "SS_SP_SK",
    "SeriesDescription": "PU:Sag_T1_FSPGR_BRAVO",
    "dataset": "ds003481",
    "modality": "T1w",
    "subject_id": "082"
  },
  "cjv": 0.306897190823048,
  "cnr": 4.3294733993958054,
  "efc": 0.7353990602065791,
  "fber": 10858.644360574828,
  "fwhm_avg": 3.7787933333333332,
  "fwhm_x": 3.75707,
  "fwhm_y": 3.97186,
  "fwhm_z": 3.60745,
  "icvs_csf": 0.1894051479023288,
  "icvs_gm": 0.47034751611131037,
  "icvs_wm": 0.34024733598636087,
  "inu_med": 0.5094244480133057,
  "inu_range": 0.17460538744926452,
  "provenance": {
    "md5sum": "0fc7a7bfd0130af2002159577174a58f",
    "settings": {
      "testing": false
    },
    "software": "mriqc",
    "version": "23.0.1",
    "warnings": {
      "large_rot_frame": true,
      "small_air_mask": false
    },
    "webapi_port": null,
    "webapi_url": "https://mriqc.nimh.nih.gov/api/v1"
  },
  "qi_1": 0.0,
  "qi_2": 0.0027993320048174865,
  "rpve_csf": 24.756716966447595,
  "rpve_gm": 11.148249722123662,
  "rpve_wm": 17.250939628846606,
  "size_x": 176,
  "size_y": 256,
  "size_z": 256,
  "snr_csf": 2.413583574797325,
  "snr_gm": 11.01877755036708,
  "snr_total": 11.726303028711264,
  "snr_wm": 21.746547960969387,
  "snrd_csf": 12.268790558154022,
  "snrd_gm": 34.39162824104953,
  "snrd_total": 32.75402184463852,
  "snrd_wm": 51.60164673471202,
  "spacing_x": 1.0,
  "spacing_y": 1.0,
  "spacing_z": 1.0,
  "summary_bg_k": 103.14532552140179,
  "summary_bg_mad": 0.0,
  "summary_bg_mean": 6.913710973657646,
  "summary_bg_median": 0.0,
  "summary_bg_n": 520754.0,
  "summary_bg_p05": 0.0,
  "summary_bg_p95": 32.44513078033924,
  "summary_bg_stdv": 12.696037163372957,
  "summary_csf_k": 1.8323440471135521,
  "summary_csf_mad": 77.37871371915324,
  "summary_csf_mean": 250.3161693612651,
  "summary_csf_median": 237.75968008488417,
  "summary_csf_n": 29800.0,
  "summary_csf_p05": 107.8672139218077,
  "summary_csf_p95": 439.554446536675,
  "summary_csf_stdv": 98.50733708900236,
  "summary_gm_k": 0.3060198211605445,
  "summary_gm_mad": 58.333320047069115,
  "summary_gm_mean": 667.5040034838279,
  "summary_gm_median": 666.4831785522401,
  "summary_gm_n": 57260.0,
  "summary_gm_p05": 569.7717310339212,
  "summary_gm_p95": 767.5989424660802,
  "summary_gm_stdv": 60.48559885006475,
  "summary_wm_k": 0.47568925060676026,
  "summary_wm_mad": 44.02206708776018,
  "summary_wm_mean": 1000.3070584972429,
  "summary_wm_median": 1000.0000376030803,
  "summary_wm_n": 222991.0,
  "summary_wm_p05": 925.2734694257379,
  "summary_wm_p95": 1075.6808743327856,
  "summary_wm_stdv": 45.98420848919624,
  "tpm_overlap_csf": 0.1622972971880489,
  "tpm_overlap_gm": 0.48398957716642066,
  "tpm_overlap_wm": 0.5203782674591778,
  "wm2max": 0.5251127471765024
}