{
  "aor": 0.00223168,
  "aqi": 0.0015412480439999999,
  "bids_meta": {
    "AcquisitionDateTime": "2017-07-12T19:01:44.000000",
    "ConversionSoftware": "dcm2niix",
    "ConversionSoftwareVersion": "v1.0.20170411 GCC4.8.4",
    "EchoTime": 0.035,
    "FlipAngle": 90,
    "ImageType": [
      "ORIGINAL",
      "PRIMARY",
      "EPI",
      "NONE"
    ],
    "MagneticFieldStrength": 3,
    "Manufacturer": "GE",
    "ManufacturersModelName": "DISCOVERY_MR750",
    "ProcedureStepDescription": "CompMet",
    "ProtocolName": "fMRI_CompMet",
    "RepetitionTime": 2,
    "ScanningSequence": "EP_GR",
    "SequenceVariant": "SS",
    "SeriesDescription": "fMRI_CompMet",
    "SliceTiming": [
      1.0285,
      0.0571001,
      1.0857,
      0.1142,
      1.1428,
      0.1714,
      1.2,
      0.2285,
      1.2571,
      0.2857,
      1.3143,
      0.3428,
      1.3714,
      0.4,
      1.4286,
      0.4571,
      1.4857,
      0.5142,
      1.5428,
      0.5714,
      1.6,
      0.6285,
      1.6571,
      0.6857,
      1.7143,
      0.7428,
      1.7714,
      0.8,
      1.8285,
      0.8571,
      1.8857,
      0.9143,
      1.9428,
      0.9714
    ],
    "TaskName": "cmp",
    "dataset": "ds003481",
    "modality": "bold",
    "run_id": 2,
    "subject_id": "082",
    "task_id": "cmp"
  },
  "dummy_trs": 0,
  "dvars_nstd": 11.789381452489962,
  "dvars_std": 1.1515959564658638,
  "dvars_vstd": 0.9666943967871485,
  "efc": 0.378177155015897,
  "fber": 105754.203125,
  "fd_mean": 0.04206412378183999,
  "fd_num": 1,
  "fd_perc": 0.4,
  "fwhm_avg": 2.8089333333333335,
  "fwhm_x": 2.740075,
  "fwhm_y": 2.910175,
  "fwhm_z": 2.77655,
  "gcor": 0.0411509,
  "gsr_x": -0.006087035872042179,
  "gsr_y": 0.0029675625264644623,
  "provenance": {
    "md5sum": "520e4758cd4cfefdafd382729a50981f",
    "settings": {
      "fd_thres": 0.2,
      "testing": false
    },
    "software": "mriqc",
    "version": "23.0.1",
    "webapi_port": null,
    "webapi_url": "https://mriqc.nimh.nih.gov/api/v1"
  },
  "size_t": 250,
  "size_x": 64,
  "size_y": 64,
  "size_z": 34,
  "snr": 3.434004022679579,
  "spacing_tr": 2.0,
  "spacing_x": 4.0,
  "spacing_y": 4.0,
  "spacing_z": 4.0,
  "summary_bg_k": 47.12225304347432,
  "summary_bg_mad": 9.88006185361229,
  "summary_bg_mean": 45.803504943847656,
  "summary_bg_median": 7.020000457763672,
  "summary_bg_n": 95634.0,
  "summary_bg_p05": 0.0560000017285347,
  "summary_bg_p95": 225.82600936889614,
  "summary_bg_stdv": 133.14683532714844,
  "summary_fg_k": 0.20307341259871015,
  "summary_fg_mad": 596.6465861326225,
  "summary_fg_mean": 2280.11474609375,
  "summary_fg_median": 2189.93212890625,
  "summary_fg_n": 15826.0,
  "summary_fg_p05": 1387.3290710449219,
  "summary_fg_p95": 3466.3942260742188,
  "summary_fg_stdv": 637.6995849609375,
  "tsnr": 103.03698875848204
}