{
  "aor": 0.0008461333333333334,
  "aqi": 0.0009653822400000001,
  "bids_meta": {
    "AcquisitionDateTime": "2017-08-14T20:59:16.000000",
    "ConversionSoftware": "dcm2niix",
    "ConversionSoftwareVersion": "v1.0.20170411 GCC4.8.4",
    "EchoTime": 0.04,
    "FlipAngle": 90,
    "ImageType": [
      "ORIGINAL",
      "PRIMARY",
      "EPI",
      "NONE"
    ],
    "MagneticFieldStrength": 3,
    "Manufacturer": "GE",
    "ManufacturersModelName": "DISCOVERY_MR750",
    "ProcedureStepDescription": "CompMet",
    "ProtocolName": "fMRI_RestState",
    "RepetitionTime": 2,
    "ScanningSequence": "EP_GR",
    "SequenceVariant": "SS",
    "SeriesDescription": "fMRI_RestState",
    "SliceTiming": [
      1.0285,
      0.0571001,
      1.0857,
      0.1142,
      1.1428,
      0.1714,
      1.2,
      0.2285,
      1.2571,
      0.2857,
      1.3143,
      0.3428,
      1.3714,
      0.4,
      1.4286,
      0.4571,
      1.4857,
      0.5142,
      1.5428,
      0.5714,
      1.6,
      0.6285,
      1.6571,
      0.6857,
      1.7143,
      0.7428,
      1.7714,
      0.8,
      1.8285,
      0.8571,
      1.8857,
      0.9143,
      1.9428,
      0.9714
    ],
    "TaskName": "rest",
    "dataset": "ds003481",
    "modality": "bold",
    "subject_id": "082",
    "task_id": "rest"
  },
  "dummy_trs": 0,
  "dvars_nstd": 10.84469233856186,
  "dvars_std": 1.0301590768561864,
  "dvars_vstd": 0.9938720742474909,
  "efc": 0.3204227626509638,
  "fber": 69921.1328125,
  "fd_mean": 0.06955897718090864,
  "fd_num": 0,
  "fd_perc": 0.0,
  "fwhm_avg": 2.6172583333333335,
  "fwhm_x": 2.5353,
  "fwhm_y": 2.7468,
  "fwhm_z": 2.569675,
  "gcor": 0.0695842,
  "gsr_x": -0.0128066660836339,
  "gsr_y": -0.0017516923835501075,
  "provenance": {
    "md5sum": "f2754c885f664597585b85b5f61391d2",
    "settings": {
      "fd_thres": 0.2,
      "testing": false
    },
    "software": "mriqc",
    "version": "23.0.1",
    "webapi_port": null,
    "webapi_url": "https://mriqc.nimh.nih.gov/api/v1"
  },
  "size_t": 300,
  "size_x": 64,
  "size_y": 64,
  "size_z": 34,
  "snr": 3.676561619712831,
  "spacing_tr": 2.0,
  "spacing_x": 4.0,
  "spacing_y": 4.0,
  "spacing_z": 4.0,
  "summary_bg_k": 83.55894985215572,
  "summary_bg_mad": 9.192133825430714,
  "summary_bg_mean": 37.08538818359375,
  "summary_bg_median": 7.223333358764648,
  "summary_bg_n": 103918.0,
  "summary_bg_p05": 0.3766666650772095,
  "summary_bg_p95": 167.74883193969706,
  "summary_bg_stdv": 115.76078796386719,
  "summary_fg_k": 0.9638253222491135,
  "summary_fg_mad": 436.02332227176737,
  "summary_fg_mean": 1872.392333984375,
  "summary_fg_median": 1796.443359375,
  "summary_fg_n": 9965.0,
  "summary_fg_p05": 1193.8513427734374,
  "summary_fg_p95": 2786.0434082031247,
  "summary_fg_stdv": 488.5959777832031,
  "tsnr": 104.58711500605568
}