{
  "aor": 0.0027516883116883114,
  "aqi": 0.0026272023982683987,
  "bids_meta": {
    "AcquisitionDateTime": "2017-01-11T19:25:16.000000",
    "ConversionSoftware": "dcm2niix",
    "ConversionSoftwareVersion": "v1.0.20170411 GCC4.8.4",
    "EchoTime": 0.04,
    "FlipAngle": 90,
    "ImageType": [
      "ORIGINAL",
      "PRIMARY",
      "EPI",
      "NONE"
    ],
    "MagneticFieldStrength": 3,
    "Manufacturer": "GE",
    "ManufacturersModelName": "DISCOVERY_MR750",
    "ProcedureStepDescription": "CompRefranes",
    "ProtocolName": "fMRI_Comprension_2",
    "RepetitionTime": 2,
    "ScanningSequence": "EP_GR",
    "SequenceVariant": "SS",
    "SeriesDescription": "fMRI_Comprension_2",
    "SliceTiming": [
      1.0285,
      0.0571001,
      1.0857,
      0.1142,
      1.1428,
      0.1714,
      1.2,
      0.2285,
      1.2571,
      0.2857,
      1.3143,
      0.3428,
      1.3714,
      0.4,
      1.4286,
      0.4571,
      1.4857,
      0.5142,
      1.5428,
      0.5714,
      1.6,
      0.6285,
      1.6571,
      0.6857,
      1.7143,
      0.7428,
      1.7714,
      0.8,
      1.8285,
      0.8571,
      1.8857,
      0.9143,
      1.9428,
      0.9714
    ],
    "TaskName": "pc",
    "dataset": "ds003481",
    "modality": "bold",
    "run_id": 2,
    "subject_id": "057",
    "task_id": "pc"
  },
  "dummy_trs": 0,
  "dvars_nstd": 20.30274433065216,
  "dvars_std": 1.1101808689565216,
  "dvars_vstd": 0.9949418426521742,
  "efc": 0.3624618525820332,
  "fber": 43141.1484375,
  "fd_mean": 0.173790983725814,
  "fd_num": 80,
  "fd_perc": 34.63203463203463,
  "fwhm_avg": 2.616075,
  "fwhm_x": 2.602475,
  "fwhm_y": 2.676825,
  "fwhm_z": 2.568925,
  "gcor": 0.0719524,
  "gsr_x": -0.004049565643072128,
  "gsr_y": 0.0012496582930907607,
  "provenance": {
    "md5sum": "279ef2516d6703c5774f6e7c03c74a83",
    "settings": {
      "fd_thres": 0.2,
      "testing": false
    },
    "software": "mriqc",
    "version": "23.0.1",
    "webapi_port": null,
    "webapi_url": "https://mriqc.nimh.nih.gov/api/v1"
  },
  "size_t": 231,
  "size_x": 64,
  "size_y": 64,
  "size_z": 34,
  "snr": 3.2639198763710255,
  "spacing_tr": 2.0,
  "spacing_x": 4.0,
  "spacing_y": 4.0,
  "spacing_z": 4.0,
  "summary_bg_k": 102.38292674348521,
  "summary_bg_mad": 11.44363492075883,
  "summary_bg_mean": 30.70443344116211,
  "summary_bg_median": 8.406926155090332,
  "summary_bg_n": 97085.0,
  "summary_bg_p05": 0.16450215876102448,
  "summary_bg_p95": 134.38355102539066,
  "summary_bg_stdv": 77.89879608154297,
  "summary_fg_k": 0.7029019196431339,
  "summary_fg_mad": 456.95277185146244,
  "summary_fg_mean": 1756.3724365234375,
  "summary_fg_median": 1677.521728515625,
  "summary_fg_n": 14522.0,
  "summary_fg_p05": 1028.922967529297,
  "summary_fg_p95": 2710.0658813476557,
  "summary_fg_stdv": 513.9415283203125,
  "tsnr": 70.32066084444523
}