{
  "aor": 0.0016358874458874458,
  "aqi": 0.0022906959004329007,
  "bids_meta": {
    "AcquisitionDateTime": "2017-01-11T19:15:51.000000",
    "ConversionSoftware": "dcm2niix",
    "ConversionSoftwareVersion": "v1.0.20170411 GCC4.8.4",
    "EchoTime": 0.04,
    "FlipAngle": 90,
    "ImageType": [
      "ORIGINAL",
      "PRIMARY",
      "EPI",
      "NONE"
    ],
    "MagneticFieldStrength": 3,
    "Manufacturer": "GE",
    "ManufacturersModelName": "DISCOVERY_MR750",
    "ProcedureStepDescription": "CompRefranes",
    "ProtocolName": "fMRI_Comprension_1",
    "RepetitionTime": 2,
    "ScanningSequence": "EP_GR",
    "SequenceVariant": "SS",
    "SeriesDescription": "fMRI_Comprension_1",
    "SliceTiming": [
      1.0285,
      0.0571001,
      1.0857,
      0.1142,
      1.1428,
      0.1714,
      1.2,
      0.2285,
      1.2571,
      0.2857,
      1.3143,
      0.3428,
      1.3714,
      0.4,
      1.4286,
      0.4571,
      1.4857,
      0.5142,
      1.5428,
      0.5714,
      1.6,
      0.6285,
      1.6571,
      0.6857,
      1.7143,
      0.7428,
      1.7714,
      0.8,
      1.8285,
      0.8571,
      1.8857,
      0.9143,
      1.9428,
      0.9714
    ],
    "TaskName": "pc",
    "dataset": "ds003481",
    "modality": "bold",
    "run_id": 1,
    "subject_id": "057",
    "task_id": "pc"
  },
  "dummy_trs": 0,
  "dvars_nstd": 20.250764606434775,
  "dvars_std": 1.1140018336086956,
  "dvars_vstd": 0.996576738869565,
  "efc": 0.36061770797679477,
  "fber": 42457.6015625,
  "fd_mean": 0.16774126896314942,
  "fd_num": 63,
  "fd_perc": 27.272727272727273,
  "fwhm_avg": 2.6266083333333334,
  "fwhm_x": 2.639625,
  "fwhm_y": 2.6959,
  "fwhm_z": 2.5443,
  "gcor": 0.0610278,
  "gsr_x": -0.00455133244395256,
  "gsr_y": 0.0008663409389555454,
  "provenance": {
    "md5sum": "13a373c50d8dedb84d0191d81ecc42fe",
    "settings": {
      "fd_thres": 0.2,
      "testing": false
    },
    "software": "mriqc",
    "version": "23.0.1",
    "webapi_port": null,
    "webapi_url": "https://mriqc.nimh.nih.gov/api/v1"
  },
  "size_t": 231,
  "size_x": 64,
  "size_y": 64,
  "size_z": 34,
  "snr": 3.2405293899102836,
  "spacing_tr": 2.0,
  "spacing_x": 4.0,
  "spacing_y": 4.0,
  "spacing_z": 4.0,
  "summary_bg_k": 82.82900359815433,
  "summary_bg_mad": 11.45005287882298,
  "summary_bg_mean": 30.842336654663086,
  "summary_bg_median": 8.458874702453613,
  "summary_bg_n": 97401.0,
  "summary_bg_p05": 0.1818181872367859,
  "summary_bg_p95": 134.49783325195312,
  "summary_bg_stdv": 77.81490325927734,
  "summary_fg_k": 0.7644285390808636,
  "summary_fg_mad": 454.89247599508207,
  "summary_fg_mean": 1744.861083984375,
  "summary_fg_median": 1675.2705078125,
  "summary_fg_n": 14240.0,
  "summary_fg_p05": 995.5248992919921,
  "summary_fg_p95": 2697.6160400390627,
  "summary_fg_stdv": 516.9561767578125,
  "tsnr": 71.89563634456135
}