{
  "aor": 0.0088214,
  "aqi": 0.002745230533333333,
  "bids_meta": {
    "AcquisitionMatrixPE": 64,
    "AcquisitionNumber": 1,
    "AcquisitionTime": "18:59:3.000000",
    "BodyPartExamined": "HEAD",
    "CoilString": "32Ch_Head",
    "ConversionSoftware": "dcm2niix",
    "ConversionSoftwareVersion": "v1.0.20181125  (JP2:OpenJPEG) GCC7.3.0",
    "DeviceSerialNumber": "0002806034DVR750",
    "EchoTime": 0.04,
    "EffectiveEchoSpacing": 0.000372,
    "FlipAngle": 90,
    "ImageOrientationPatientDICOM": [
      1,
      0,
      0,
      0,
      1,
      0
    ],
    "ImageType": [
      "ORIGINAL",
      "PRIMARY",
      "EPI",
      "NONE"
    ],
    "ImagingFrequency": 127.772,
    "InPlanePhaseEncodingDirectionDICOM": "COL",
    "InstitutionName": "INSTITUTO_DE_NEUROBIOLOGIA",
    "MRAcquisitionType": "2D",
    "MagneticFieldStrength": 3,
    "Manufacturer": "GE",
    "ManufacturersModelName": "DISCOVERY_MR750",
    "Modality": "MR",
    "PatientPosition": "HFS",
    "PercentPhaseFOV": 100,
    "PhaseEncodingDirection": "j",
    "PhaseEncodingPolarityGE": "Flipped",
    "PixelBandwidth": 7812.5,
    "ProcedureStepDescription": "Emociones_AH",
    "ProtocolName": "fMRI_Jalil_4",
    "ReconMatrixPE": 64,
    "RepetitionTime": 2,
    "SAR": 0.208694,
    "ScanOptions": "EPI_GEMS_ACC_GEMS",
    "ScanningSequence": "EP_GR",
    "SequenceVariant": "SS",
    "SeriesDescription": "fMRI_Jalil_4",
    "SeriesNumber": 8,
    "SliceThickness": 4,
    "SliceTiming": [
      0,
      1.0285,
      0.0571001,
      1.0857,
      0.1142,
      1.1428,
      0.1714,
      1.2,
      0.2285,
      1.2571,
      0.2857,
      1.3143,
      0.3428,
      1.3714,
      0.4,
      1.4286,
      0.4571,
      1.4857,
      0.5142,
      1.5428,
      0.5714,
      1.6,
      0.6285,
      1.6571,
      0.6857,
      1.7143,
      0.7428,
      1.7714,
      0.8,
      1.8285,
      0.8571,
      1.8857,
      0.9143,
      1.9428,
      0.9714
    ],
    "SoftwareVersions": "27_LX_MR_Software_release:DV26.0_R02_1810.b",
    "SpacingBetweenSlices": 4,
    "StationName": "GEHCGEHC",
    "TaskName": "ec",
    "TotalReadoutTime": 0.023436,
    "dataset": "ds003481",
    "modality": "bold",
    "run_id": 4,
    "subject_id": "027",
    "task_id": "ec"
  },
  "dummy_trs": 0,
  "dvars_nstd": 20.257817697046974,
  "dvars_std": 1.1832366225503346,
  "dvars_vstd": 1.0628920733557041,
  "efc": 0.3708814843825166,
  "fber": 56036.44140625,
  "fd_mean": 0.2852943026589815,
  "fd_num": 55,
  "fd_perc": 36.666666666666664,
  "fwhm_avg": 2.5056216666666664,
  "fwhm_x": 2.4532425,
  "fwhm_y": 2.595825,
  "fwhm_z": 2.4677975,
  "gcor": 0.0989395,
  "gsr_x": -0.014647885225713253,
  "gsr_y": 0.010265800170600414,
  "provenance": {
    "md5sum": "11036333c7f412142891f838ef9ff059",
    "settings": {
      "fd_thres": 0.2,
      "testing": false
    },
    "software": "mriqc",
    "version": "23.0.1",
    "webapi_port": null,
    "webapi_url": "https://mriqc.nimh.nih.gov/api/v1"
  },
  "size_t": 150,
  "size_x": 64,
  "size_y": 64,
  "size_z": 35,
  "snr": 3.7170075347176468,
  "spacing_tr": 2.0,
  "spacing_x": 4.0,
  "spacing_y": 4.0,
  "spacing_z": 4.0,
  "summary_bg_k": 33.23227072263518,
  "summary_bg_mad": 11.198588725888253,
  "summary_bg_mean": 43.609310150146484,
  "summary_bg_median": 8.0,
  "summary_bg_n": 101266.0,
  "summary_bg_p05": 0.12000000476837158,
  "summary_bg_p95": 229.8616714477539,
  "summary_bg_stdv": 108.9717788696289,
  "summary_fg_k": 0.21171694689395526,
  "summary_fg_mad": 473.3602122720289,
  "summary_fg_mean": 1895.618896484375,
  "summary_fg_median": 1829.5533447265625,
  "summary_fg_n": 13858.0,
  "summary_fg_p05": 1185.0770751953125,
  "summary_fg_p95": 2798.4913330078125,
  "summary_fg_stdv": 492.193603515625,
  "tsnr": 65.06063769198954
}