{
  "aor": 0.003784256198347107,
  "aqi": 0.0021203364338842974,
  "bids_meta": {
    "AcquisitionMatrixPE": 64,
    "AcquisitionNumber": 1,
    "AcquisitionTime": "18:31:50.000000",
    "BodyPartExamined": "HEAD",
    "CoilString": "32Ch_Head",
    "ConversionSoftware": "dcm2niix",
    "ConversionSoftwareVersion": "v1.0.20181125  (JP2:OpenJPEG) GCC7.3.0",
    "DeviceSerialNumber": "0002806034DVR750",
    "EchoTime": 0.04,
    "EffectiveEchoSpacing": 0.000372,
    "FlipAngle": 90,
    "ImageOrientationPatientDICOM": [
      1,
      0,
      0,
      0,
      1,
      0
    ],
    "ImageType": [
      "ORIGINAL",
      "PRIMARY",
      "EPI",
      "NONE"
    ],
    "ImagingFrequency": 127.772,
    "InPlanePhaseEncodingDirectionDICOM": "COL",
    "InstitutionName": "INSTITUTO_DE_NEUROBIOLOGIA",
    "MRAcquisitionType": "2D",
    "MagneticFieldStrength": 3,
    "Manufacturer": "GE",
    "ManufacturersModelName": "DISCOVERY_MR750",
    "Modality": "MR",
    "PatientPosition": "HFS",
    "PercentPhaseFOV": 100,
    "PhaseEncodingDirection": "j",
    "PhaseEncodingPolarityGE": "Flipped",
    "PixelBandwidth": 7812.5,
    "ProcedureStepDescription": "Emociones_AH",
    "ProtocolName": "fMRI_Jalil_1",
    "ReconMatrixPE": 64,
    "RepetitionTime": 2,
    "SAR": 0.212945,
    "ScanOptions": "EPI_GEMS_ACC_GEMS",
    "ScanningSequence": "EP_GR",
    "SequenceVariant": "SS",
    "SeriesDescription": "fMRI_Jalil_1",
    "SeriesNumber": 5,
    "SliceThickness": 4,
    "SliceTiming": [
      0,
      1.0285,
      0.0571001,
      1.0857,
      0.1142,
      1.1428,
      0.1714,
      1.2,
      0.2285,
      1.2571,
      0.2857,
      1.3143,
      0.3428,
      1.3714,
      0.4,
      1.4286,
      0.4571,
      1.4857,
      0.5142,
      1.5428,
      0.5714,
      1.6,
      0.6285,
      1.6571,
      0.6857,
      1.7143,
      0.7428,
      1.7714,
      0.8,
      1.8285,
      0.8571,
      1.8857,
      0.9143,
      1.9428,
      0.9714
    ],
    "SoftwareVersions": "27_LX_MR_Software_release:DV26.0_R02_1810.b",
    "SpacingBetweenSlices": 4,
    "StationName": "GEHCGEHC",
    "TaskName": "sae",
    "TotalReadoutTime": 0.023436,
    "dataset": "ds003481",
    "modality": "bold",
    "run_id": 1,
    "subject_id": "027",
    "task_id": "sae"
  },
  "dummy_trs": 0,
  "dvars_nstd": 16.997352564273864,
  "dvars_std": 1.0944571643983407,
  "dvars_vstd": 1.0009064682572608,
  "efc": 0.36660912478175595,
  "fber": 48290.3359375,
  "fd_mean": 0.128313451689182,
  "fd_num": 27,
  "fd_perc": 11.15702479338843,
  "fwhm_avg": 2.49889,
  "fwhm_x": 2.42285,
  "fwhm_y": 2.608275,
  "fwhm_z": 2.465545,
  "gcor": 0.0454149,
  "gsr_x": -0.01337207481265068,
  "gsr_y": 0.011804112233221531,
  "provenance": {
    "md5sum": "6d79d5e3d475da4c123dc3665090cb11",
    "settings": {
      "fd_thres": 0.2,
      "testing": false
    },
    "software": "mriqc",
    "version": "23.0.1",
    "webapi_port": null,
    "webapi_url": "https://mriqc.nimh.nih.gov/api/v1"
  },
  "size_t": 242,
  "size_x": 64,
  "size_y": 64,
  "size_z": 35,
  "snr": 3.8159220958980056,
  "spacing_tr": 2.0,
  "spacing_x": 4.0,
  "spacing_y": 4.0,
  "spacing_z": 4.0,
  "summary_bg_k": 35.16813087627748,
  "summary_bg_mad": 12.694014709650101,
  "summary_bg_mean": 46.33358383178711,
  "summary_bg_median": 9.028924942016602,
  "summary_bg_n": 103056.0,
  "summary_bg_p05": 0.10743801295757294,
  "summary_bg_p95": 236.7365608215332,
  "summary_bg_stdv": 115.55199432373047,
  "summary_fg_k": 0.04558380169613896,
  "summary_fg_mad": 493.21644027509575,
  "summary_fg_mean": 1929.23193359375,
  "summary_fg_median": 1877.3924560546875,
  "summary_fg_n": 13478.0,
  "summary_fg_p05": 1207.8202087402344,
  "summary_fg_p95": 2811.942370605468,
  "summary_fg_stdv": 491.970947265625,
  "tsnr": 75.39018248673528
}