{
  "aor": 0.0009224137931034483,
  "aqi": 0.00130040558045977,
  "bids_meta": {
    "AcquisitionMatrixPE": 64,
    "AcquisitionNumber": 1,
    "AcquisitionTime": "18:37:3.000000",
    "CoilString": "32Ch_Head",
    "ConversionSoftware": "dcm2niix",
    "ConversionSoftwareVersion": "v1.0.20190902",
    "Dcm2bidsVersion": "2.1.4",
    "DeviceSerialNumber": "000000000000GEHC",
    "EchoTime": 0.04,
    "EffectiveEchoSpacing": 0.000372,
    "FlipAngle": 90,
    "ImageOrientationPatientDICOM": [
      1,
      0,
      0,
      0,
      1,
      0
    ],
    "ImageType": [
      "ORIGINAL",
      "PRIMARY",
      "EPI",
      "NONE"
    ],
    "ImagingFrequency": 127.772,
    "InPlanePhaseEncodingDirectionDICOM": "COL",
    "InstitutionName": "INSTITUTO_DE_NEUROBIOLOGIA",
    "MRAcquisitionType": "2D",
    "MagneticFieldStrength": 3,
    "Manufacturer": "GE",
    "ManufacturersModelName": "DISCOVERY_MR750",
    "Modality": "MR",
    "PatientPosition": "HFS",
    "PercentPhaseFOV": 100,
    "PhaseEncodingDirection": "j",
    "PhaseEncodingPolarityGE": "Flipped",
    "PixelBandwidth": 7812.5,
    "ProcedureStepDescription": "verbos",
    "ProtocolName": "fMRI_3",
    "ReconMatrixPE": 64,
    "RepetitionTime": 2,
    "SAR": 0.360474,
    "ScanOptions": "EPI_GEMS_ACC_GEMS",
    "ScanningSequence": "EP_GR",
    "SequenceVariant": "SS",
    "SeriesDescription": "fMRI_3",
    "SeriesNumber": 6,
    "SliceThickness": 4,
    "SliceTiming": [
      0,
      1.0285,
      0.0571001,
      1.0857,
      0.1142,
      1.1428,
      0.1714,
      1.2,
      0.2285,
      1.2571,
      0.2857,
      1.3143,
      0.3428,
      1.3714,
      0.4,
      1.4286,
      0.4571,
      1.4857,
      0.5142,
      1.5428,
      0.5714,
      1.6,
      0.6285,
      1.6571,
      0.6857,
      1.7143,
      0.7428,
      1.7714,
      0.8,
      1.8285,
      0.8571,
      1.8857,
      0.9143,
      1.9428,
      0.9714
    ],
    "SoftwareVersions": "24_LX_MR_Software_release:DV24.0_R02_1607.b",
    "SpacingBetweenSlices": 4,
    "StationName": "GEHCGEHC",
    "TaskName": "verbs",
    "TotalReadoutTime": 0.023436,
    "dataset": "ds003481",
    "modality": "bold",
    "run_id": 3,
    "subject_id": "128",
    "task_id": "verbs"
  },
  "dummy_trs": 0,
  "dvars_nstd": 13.99186371890175,
  "dvars_std": 1.0844572761849711,
  "dvars_vstd": 0.9933549295375715,
  "efc": 0.3605545765457762,
  "fber": 97052.4296875,
  "fd_mean": 0.12839415637943657,
  "fd_num": 24,
  "fd_perc": 13.793103448275861,
  "fwhm_avg": 2.893682399512228,
  "fwhm_x": 2.9016,
  "fwhm_y": 2.8419,
  "fwhm_z": 2.9375471985366834,
  "gcor": 0.060222,
  "gsr_x": -0.0033032060600817204,
  "gsr_y": 0.0014337656321004033,
  "provenance": {
    "md5sum": "b4b24e09403930671e17b010280fdc76",
    "settings": {
      "fd_thres": 0.2,
      "testing": false
    },
    "software": "mriqc",
    "version": "23.0.1",
    "webapi_port": null,
    "webapi_url": "https://mriqc.nimh.nih.gov/api/v1"
  },
  "size_t": 174,
  "size_x": 64,
  "size_y": 64,
  "size_z": 35,
  "snr": 2.775400448933094,
  "spacing_tr": 2.0,
  "spacing_x": 4.0,
  "spacing_y": 4.0,
  "spacing_z": 4.000003814697266,
  "summary_bg_k": 56.77119261218817,
  "summary_bg_mad": 9.773245746631792,
  "summary_bg_mean": 37.5837516784668,
  "summary_bg_median": 6.873563289642334,
  "summary_bg_n": 99821.0,
  "summary_bg_p05": 0.06321839243173599,
  "summary_bg_p95": 183.40805053710938,
  "summary_bg_stdv": 100.9776840209961,
  "summary_fg_k": 0.9443067398677667,
  "summary_fg_mad": 576.9367723379017,
  "summary_fg_mean": 2151.30126953125,
  "summary_fg_median": 1976.862060546875,
  "summary_fg_n": 15215.0,
  "summary_fg_p05": 1275.5609008789063,
  "summary_fg_p95": 3574.4062499999995,
  "summary_fg_stdv": 712.2565307617188,
  "tsnr": 90.60424134833738
}