{
  "aor": 0.018367988505747126,
  "aqi": 0.0020987299712643677,
  "bids_meta": {
    "AcquisitionMatrixPE": 64,
    "AcquisitionNumber": 1,
    "AcquisitionTime": "18:21:30.000000",
    "CoilString": "32Ch_Head",
    "ConversionSoftware": "dcm2niix",
    "ConversionSoftwareVersion": "v1.0.20190902",
    "Dcm2bidsVersion": "2.1.4",
    "DeviceSerialNumber": "000000000000GEHC",
    "EchoTime": 0.04,
    "EffectiveEchoSpacing": 0.000372,
    "FlipAngle": 90,
    "ImageOrientationPatientDICOM": [
      1,
      0,
      0,
      0,
      1,
      0
    ],
    "ImageType": [
      "ORIGINAL",
      "PRIMARY",
      "EPI",
      "NONE"
    ],
    "ImagingFrequency": 127.772,
    "InPlanePhaseEncodingDirectionDICOM": "COL",
    "InstitutionName": "INSTITUTO_DE_NEUROBIOLOGIA",
    "MRAcquisitionType": "2D",
    "MagneticFieldStrength": 3,
    "Manufacturer": "GE",
    "ManufacturersModelName": "DISCOVERY_MR750",
    "Modality": "MR",
    "PatientPosition": "HFS",
    "PercentPhaseFOV": 100,
    "PhaseEncodingDirection": "j",
    "PhaseEncodingPolarityGE": "Flipped",
    "PixelBandwidth": 7812.5,
    "ProcedureStepDescription": "verbos",
    "ProtocolName": "fMRI_1",
    "ReconMatrixPE": 64,
    "RepetitionTime": 2,
    "SAR": 0.360474,
    "ScanOptions": "EPI_GEMS_ACC_GEMS",
    "ScanningSequence": "EP_GR",
    "SequenceVariant": "SS",
    "SeriesDescription": "fMRI_1",
    "SeriesNumber": 4,
    "SliceThickness": 4,
    "SliceTiming": [
      0,
      1.0285,
      0.0571001,
      1.0857,
      0.1142,
      1.1428,
      0.1714,
      1.2,
      0.2285,
      1.2571,
      0.2857,
      1.3143,
      0.3428,
      1.3714,
      0.4,
      1.4286,
      0.4571,
      1.4857,
      0.5142,
      1.5428,
      0.5714,
      1.6,
      0.6285,
      1.6571,
      0.6857,
      1.7143,
      0.7428,
      1.7714,
      0.8,
      1.8285,
      0.8571,
      1.8857,
      0.9143,
      1.9428,
      0.9714
    ],
    "SoftwareVersions": "24_LX_MR_Software_release:DV24.0_R02_1607.b",
    "SpacingBetweenSlices": 4,
    "StationName": "GEHCGEHC",
    "TaskName": "verbs",
    "TotalReadoutTime": 0.023436,
    "dataset": "ds003481",
    "modality": "bold",
    "run_id": 1,
    "subject_id": "128",
    "task_id": "verbs"
  },
  "dummy_trs": 0,
  "dvars_nstd": 12.540604436936421,
  "dvars_std": 1.1325870035838153,
  "dvars_vstd": 1.1433764174566476,
  "efc": 0.36095566606371415,
  "fber": 105686.8828125,
  "fd_mean": 0.11630221203883066,
  "fd_num": 26,
  "fd_perc": 14.942528735632184,
  "fwhm_avg": 2.9094240680862415,
  "fwhm_x": 2.924825,
  "fwhm_y": 2.8719,
  "fwhm_z": 2.9315472042587243,
  "gcor": 0.109376,
  "gsr_x": -0.0036762619856745005,
  "gsr_y": 0.0016637874068692327,
  "provenance": {
    "md5sum": "aa4d0d0464508696bd8fe8b08a9331cc",
    "settings": {
      "fd_thres": 0.2,
      "testing": false
    },
    "software": "mriqc",
    "version": "23.0.1",
    "webapi_port": null,
    "webapi_url": "https://mriqc.nimh.nih.gov/api/v1"
  },
  "size_t": 174,
  "size_x": 64,
  "size_y": 64,
  "size_z": 35,
  "snr": 2.765838137556868,
  "spacing_tr": 2.0,
  "spacing_x": 4.0,
  "spacing_y": 4.0,
  "spacing_z": 4.000003814697266,
  "summary_bg_k": 49.60327612196554,
  "summary_bg_mad": 9.321648291628646,
  "summary_bg_mean": 37.201881408691406,
  "summary_bg_median": 6.568965435028076,
  "summary_bg_n": 99669.0,
  "summary_bg_p05": 0.06896551698446274,
  "summary_bg_p95": 181.11148986816386,
  "summary_bg_stdv": 99.5547103881836,
  "summary_fg_k": 1.0203637354038726,
  "summary_fg_mad": 571.2790124192234,
  "summary_fg_mean": 2147.98291015625,
  "summary_fg_median": 1972.709716796875,
  "summary_fg_n": 15342.0,
  "summary_fg_p05": 1267.4344970703125,
  "summary_fg_p95": 3595.6542846679686,
  "summary_fg_stdv": 713.2179565429688,
  "tsnr": 64.76410369668156
}