{
  "aor": 0.001960574712643678,
  "aqi": 0.0014484722988505746,
  "bids_meta": {
    "AcquisitionMatrixPE": 64,
    "AcquisitionNumber": 1,
    "AcquisitionTime": "19:11:4.000000",
    "CoilString": "32Ch_Head",
    "ConversionSoftware": "dcm2niix",
    "ConversionSoftwareVersion": "v1.0.20190902",
    "Dcm2bidsVersion": "2.1.4",
    "DeviceSerialNumber": "000000000000GEHC",
    "EchoTime": 0.04,
    "EffectiveEchoSpacing": 0.000372,
    "FlipAngle": 90,
    "ImageOrientationPatientDICOM": [
      1,
      0,
      0,
      0,
      1,
      0
    ],
    "ImageType": [
      "ORIGINAL",
      "PRIMARY",
      "EPI",
      "NONE"
    ],
    "ImagingFrequency": 127.772,
    "InPlanePhaseEncodingDirectionDICOM": "COL",
    "InstitutionName": "INSTITUTO_DE_NEUROBIOLOGIA",
    "MRAcquisitionType": "2D",
    "MagneticFieldStrength": 3,
    "Manufacturer": "GE",
    "ManufacturersModelName": "DISCOVERY_MR750",
    "Modality": "MR",
    "PatientPosition": "HFS",
    "PercentPhaseFOV": 100,
    "PhaseEncodingDirection": "j",
    "PhaseEncodingPolarityGE": "Flipped",
    "PixelBandwidth": 7812.5,
    "ProcedureStepDescription": "verbos",
    "ProtocolName": "fMRI_8",
    "ReconMatrixPE": 64,
    "RepetitionTime": 2,
    "SAR": 0.360474,
    "ScanOptions": "EPI_GEMS_ACC_GEMS",
    "ScanningSequence": "EP_GR",
    "SequenceVariant": "SS",
    "SeriesDescription": "fMRI_8",
    "SeriesNumber": 11,
    "SliceThickness": 4,
    "SliceTiming": [
      0,
      1.0285,
      0.0571001,
      1.0857,
      0.1142,
      1.1428,
      0.1714,
      1.2,
      0.2285,
      1.2571,
      0.2857,
      1.3143,
      0.3428,
      1.3714,
      0.4,
      1.4286,
      0.4571,
      1.4857,
      0.5142,
      1.5428,
      0.5714,
      1.6,
      0.6285,
      1.6571,
      0.6857,
      1.7143,
      0.7428,
      1.7714,
      0.8,
      1.8285,
      0.8571,
      1.8857,
      0.9143,
      1.9428,
      0.9714
    ],
    "SoftwareVersions": "24_LX_MR_Software_release:DV24.0_R02_1607.b",
    "SpacingBetweenSlices": 4,
    "StationName": "GEHCGEHC",
    "TaskName": "verbs",
    "TotalReadoutTime": 0.023436,
    "dataset": "ds003481",
    "modality": "bold",
    "run_id": 8,
    "subject_id": "128",
    "task_id": "verbs"
  },
  "dummy_trs": 0,
  "dvars_nstd": 14.168486104277454,
  "dvars_std": 1.112406713121387,
  "dvars_vstd": 1.0160419679190749,
  "efc": 0.3615648626878383,
  "fber": 95969.3984375,
  "fd_mean": 0.11275597112075321,
  "fd_num": 18,
  "fd_perc": 10.344827586206897,
  "fwhm_avg": 2.922265723698244,
  "fwhm_x": 2.92775,
  "fwhm_y": 2.872725,
  "fwhm_z": 2.966322171094731,
  "gcor": 0.102095,
  "gsr_x": -0.0035630380734801292,
  "gsr_y": 0.0019526586402207613,
  "provenance": {
    "md5sum": "2e76279cfd3a490a75e5e77f6567f8eb",
    "settings": {
      "fd_thres": 0.2,
      "testing": false
    },
    "software": "mriqc",
    "version": "23.0.1",
    "webapi_port": null,
    "webapi_url": "https://mriqc.nimh.nih.gov/api/v1"
  },
  "size_t": 174,
  "size_x": 64,
  "size_y": 64,
  "size_z": 35,
  "snr": 2.7286027416514593,
  "spacing_tr": 2.0,
  "spacing_x": 4.0,
  "spacing_y": 4.0,
  "spacing_z": 4.000003814697266,
  "summary_bg_k": 56.26035933951923,
  "summary_bg_mad": 9.705079707886693,
  "summary_bg_mean": 37.93796920776367,
  "summary_bg_median": 6.821838855743408,
  "summary_bg_n": 99641.0,
  "summary_bg_p05": 0.06321839243173599,
  "summary_bg_p95": 185.99424743652344,
  "summary_bg_stdv": 101.36441040039062,
  "summary_fg_k": 0.9904094902553084,
  "summary_fg_mad": 574.5765897779003,
  "summary_fg_mean": 2138.855712890625,
  "summary_fg_median": 1959.2816162109375,
  "summary_fg_n": 15369.0,
  "summary_fg_p05": 1261.8505859375,
  "summary_fg_p95": 3571.9184082031215,
  "summary_fg_stdv": 718.0297241210938,
  "tsnr": 83.52665554732084
}