{
  "aor": 0.001819425287356322,
  "aqi": 0.0012576596264367815,
  "bids_meta": {
    "AcquisitionMatrixPE": 64,
    "AcquisitionNumber": 1,
    "AcquisitionTime": "18:50:43.000000",
    "CoilString": "32Ch_Head",
    "ConversionSoftware": "dcm2niix",
    "ConversionSoftwareVersion": "v1.0.20190902",
    "Dcm2bidsVersion": "2.1.4",
    "DeviceSerialNumber": "000000000000GEHC",
    "EchoTime": 0.04,
    "EffectiveEchoSpacing": 0.000372,
    "FlipAngle": 90,
    "ImageOrientationPatientDICOM": [
      1,
      0,
      0,
      0,
      1,
      0
    ],
    "ImageType": [
      "ORIGINAL",
      "PRIMARY",
      "EPI",
      "NONE"
    ],
    "ImagingFrequency": 127.772,
    "InPlanePhaseEncodingDirectionDICOM": "COL",
    "InstitutionName": "INSTITUTO_DE_NEUROBIOLOGIA",
    "MRAcquisitionType": "2D",
    "MagneticFieldStrength": 3,
    "Manufacturer": "GE",
    "ManufacturersModelName": "DISCOVERY_MR750",
    "Modality": "MR",
    "PatientPosition": "HFS",
    "PercentPhaseFOV": 100,
    "PhaseEncodingDirection": "j",
    "PhaseEncodingPolarityGE": "Flipped",
    "PixelBandwidth": 7812.5,
    "ProcedureStepDescription": "verbos",
    "ProtocolName": "fMRI_5",
    "ReconMatrixPE": 64,
    "RepetitionTime": 2,
    "SAR": 0.360474,
    "ScanOptions": "EPI_GEMS_ACC_GEMS",
    "ScanningSequence": "EP_GR",
    "SequenceVariant": "SS",
    "SeriesDescription": "fMRI_5",
    "SeriesNumber": 8,
    "SliceThickness": 4,
    "SliceTiming": [
      0,
      1.0285,
      0.0571001,
      1.0857,
      0.1142,
      1.1428,
      0.1714,
      1.2,
      0.2285,
      1.2571,
      0.2857,
      1.3143,
      0.3428,
      1.3714,
      0.4,
      1.4286,
      0.4571,
      1.4857,
      0.5142,
      1.5428,
      0.5714,
      1.6,
      0.6285,
      1.6571,
      0.6857,
      1.7143,
      0.7428,
      1.7714,
      0.8,
      1.8285,
      0.8571,
      1.8857,
      0.9143,
      1.9428,
      0.9714
    ],
    "SoftwareVersions": "24_LX_MR_Software_release:DV24.0_R02_1607.b",
    "SpacingBetweenSlices": 4,
    "StationName": "GEHCGEHC",
    "TaskName": "verbs",
    "TotalReadoutTime": 0.023436,
    "dataset": "ds003481",
    "modality": "bold",
    "run_id": 5,
    "subject_id": "128",
    "task_id": "verbs"
  },
  "dummy_trs": 0,
  "dvars_nstd": 13.64388699606937,
  "dvars_std": 1.0882144004624277,
  "dvars_vstd": 0.9959025347398842,
  "efc": 0.36186005219088496,
  "fber": 94065.28125,
  "fd_mean": 0.0950136947784565,
  "fd_num": 10,
  "fd_perc": 5.747126436781609,
  "fwhm_avg": 2.927565719064981,
  "fwhm_x": 2.92595,
  "fwhm_y": 2.87585,
  "fwhm_z": 2.9808971571949416,
  "gcor": 0.0813001,
  "gsr_x": -0.0028767811600118876,
  "gsr_y": 0.0016334190731868148,
  "provenance": {
    "md5sum": "7feb71cd3609448f59f137aa19a0687e",
    "settings": {
      "fd_thres": 0.2,
      "testing": false
    },
    "software": "mriqc",
    "version": "23.0.1",
    "webapi_port": null,
    "webapi_url": "https://mriqc.nimh.nih.gov/api/v1"
  },
  "size_t": 174,
  "size_x": 64,
  "size_y": 64,
  "size_z": 35,
  "snr": 2.754228413415319,
  "spacing_tr": 2.0,
  "spacing_x": 4.0,
  "spacing_y": 4.0,
  "spacing_z": 4.000003814697266,
  "summary_bg_k": 60.43993310497818,
  "summary_bg_mad": 9.884014775309016,
  "summary_bg_mean": 37.819915771484375,
  "summary_bg_median": 6.94252872467041,
  "summary_bg_n": 99608.0,
  "summary_bg_p05": 0.05747126415371895,
  "summary_bg_p95": 181.5551689147948,
  "summary_bg_stdv": 102.59944152832031,
  "summary_fg_k": 0.9390388427256253,
  "summary_fg_mad": 581.2781617443363,
  "summary_fg_mean": 2147.022216796875,
  "summary_fg_median": 1967.8822021484375,
  "summary_fg_n": 15374.0,
  "summary_fg_p05": 1275.8433654785156,
  "summary_fg_p95": 3563.2824584960927,
  "summary_fg_stdv": 714.4716796875,
  "tsnr": 87.33011508593336
}