{
  "aor": 0.0005270661157024794,
  "aqi": 0.001202663789256198,
  "bids_meta": {
    "AcquisitionMatrixPE": 64,
    "AcquisitionNumber": 1,
    "AcquisitionTime": "19:39:7.000000",
    "BodyPartExamined": "HEAD",
    "CoilString": "32Ch_Head",
    "ConversionSoftware": "dcm2niix",
    "ConversionSoftwareVersion": "v1.0.20181125  (JP2:OpenJPEG) GCC7.3.0",
    "DeviceSerialNumber": "0002806034DVR750",
    "EchoTime": 0.04,
    "EffectiveEchoSpacing": 0.000372,
    "FlipAngle": 90,
    "ImageOrientationPatientDICOM": [
      1,
      0,
      0,
      0,
      1,
      0
    ],
    "ImageType": [
      "ORIGINAL",
      "PRIMARY",
      "EPI",
      "NONE"
    ],
    "ImagingFrequency": 127.772,
    "InPlanePhaseEncodingDirectionDICOM": "COL",
    "InstitutionName": "INSTITUTO_DE_NEUROBIOLOGIA",
    "MRAcquisitionType": "2D",
    "MagneticFieldStrength": 3,
    "Manufacturer": "GE",
    "ManufacturersModelName": "DISCOVERY_MR750",
    "Modality": "MR",
    "PatientPosition": "HFS",
    "PercentPhaseFOV": 100,
    "PhaseEncodingDirection": "j",
    "PhaseEncodingPolarityGE": "Flipped",
    "PixelBandwidth": 7812.5,
    "ProcedureStepDescription": "Emociones_AH",
    "ProtocolName": "fMRI_Jalil_1",
    "ReconMatrixPE": 64,
    "RepetitionTime": 2,
    "SAR": 0.233878,
    "ScanOptions": "EPI_GEMS_ACC_GEMS",
    "ScanningSequence": "EP_GR",
    "SequenceVariant": "SS",
    "SeriesDescription": "fMRI_Jalil_1",
    "SeriesNumber": 5,
    "SliceThickness": 4,
    "SliceTiming": [
      0,
      1.0285,
      0.0571001,
      1.0857,
      0.1142,
      1.1428,
      0.1714,
      1.2,
      0.2285,
      1.2571,
      0.2857,
      1.3143,
      0.3428,
      1.3714,
      0.4,
      1.4286,
      0.4571,
      1.4857,
      0.5142,
      1.5428,
      0.5714,
      1.6,
      0.6285,
      1.6571,
      0.6857,
      1.7143,
      0.7428,
      1.7714,
      0.8,
      1.8285,
      0.8571,
      1.8857,
      0.9143,
      1.9428,
      0.9714
    ],
    "SoftwareVersions": "27_LX_MR_Software_release:DV26.0_R02_1810.b",
    "SpacingBetweenSlices": 4,
    "StationName": "GEHCGEHC",
    "TaskName": "sae",
    "TotalReadoutTime": 0.023436,
    "dataset": "ds003481",
    "modality": "bold",
    "run_id": 1,
    "subject_id": "040",
    "task_id": "sae"
  },
  "dummy_trs": 0,
  "dvars_nstd": 14.639393046721983,
  "dvars_std": 1.1594542919502078,
  "dvars_vstd": 0.9917881402489626,
  "efc": 0.36755597953028313,
  "fber": 76319.0625,
  "fd_mean": 0.0493810004195034,
  "fd_num": 0,
  "fd_perc": 0.0,
  "fwhm_avg": 2.5452283333333336,
  "fwhm_x": 2.49121,
  "fwhm_y": 2.64175,
  "fwhm_z": 2.502725,
  "gcor": 0.0554539,
  "gsr_x": -0.008455166593194008,
  "gsr_y": 0.0034224812407046556,
  "provenance": {
    "md5sum": "8d04b8e30060abfabd931d39336cb585",
    "settings": {
      "fd_thres": 0.2,
      "testing": false
    },
    "software": "mriqc",
    "version": "23.0.1",
    "webapi_port": null,
    "webapi_url": "https://mriqc.nimh.nih.gov/api/v1"
  },
  "size_t": 242,
  "size_x": 64,
  "size_y": 64,
  "size_z": 35,
  "snr": 3.6326679148778362,
  "spacing_tr": 2.0,
  "spacing_x": 4.0,
  "spacing_y": 4.0,
  "spacing_z": 4.0,
  "summary_bg_k": 39.73917425451569,
  "summary_bg_mad": 10.402720966448573,
  "summary_bg_mean": 42.146488189697266,
  "summary_bg_median": 7.421487331390381,
  "summary_bg_n": 100569.0,
  "summary_bg_p05": 0.07438015937805176,
  "summary_bg_p95": 205.79090576171862,
  "summary_bg_stdv": 117.07340240478516,
  "summary_fg_k": 0.19427413418629236,
  "summary_fg_mad": 499.9920337634274,
  "summary_fg_mean": 2008.461181640625,
  "summary_fg_median": 1942.43798828125,
  "summary_fg_n": 14831.0,
  "summary_fg_p05": 1217.8078002929688,
  "summary_fg_p95": 2981.247802734375,
  "summary_fg_stdv": 534.6958618164062,
  "tsnr": 93.28147687762976
}