{
  "bids_meta": {
    "AcquisitionMatrixPE": 256,
    "AcquisitionNumber": 1,
    "AcquisitionTime": "19:32:23.000000",
    "CoilString": "32Ch_Head",
    "ConversionSoftware": "dcm2niix",
    "ConversionSoftwareVersion": "v1.0.20190902",
    "Dcm2bidsVersion": "2.1.4",
    "DeviceSerialNumber": "000000000000GEHC",
    "EchoTime": 0.00318,
    "FlipAngle": 12,
    "ImageOrientationPatientDICOM": [
      0,
      1,
      0,
      0,
      0,
      -1
    ],
    "ImageType": [
      "ORIGINAL",
      "PRIMARY",
      "OTHER"
    ],
    "ImagingFrequency": 127.772,
    "InPlanePhaseEncodingDirectionDICOM": "ROW",
    "InstitutionName": "INSTITUTO_DE_NEUROBIOLOGIA",
    "InversionTime": 0.45,
    "MRAcquisitionType": "3D",
    "MagneticFieldStrength": 3,
    "Manufacturer": "GE",
    "ManufacturersModelName": "DISCOVERY_MR750",
    "Modality": "MR",
    "PatientPosition": "HFS",
    "PercentPhaseFOV": 100,
    "PixelBandwidth": 244.141,
    "ProcedureStepDescription": "verbos",
    "ProtocolName": "Sag_T1_FSPGR_BRAVO",
    "ReconMatrixPE": 256,
    "RepetitionTime": 0.008156,
    "SAR": 0.233023,
    "ScanOptions": "FAST_GEMS_EDR_GEMS_FILTERED_GEMS_ACC_GEMS",
    "ScanningSequence": "GR",
    "SequenceVariant": "SS_SP_SK",
    "SeriesDescription": "Sag_T1_FSPGR_BRAVO",
    "SeriesNumber": 14,
    "SliceThickness": 1,
    "SoftwareVersions": "24_LX_MR_Software_release:DV24.0_R02_1607.b",
    "SpacingBetweenSlices": 1,
    "StationName": "GEHCGEHC",
    "dataset": "ds003481",
    "modality": "T1w",
    "subject_id": "145"
  },
  "cjv": 0.3470565873912096,
  "cnr": 3.8817178905947967,
  "efc": 0.5802850602399653,
  "fber": -1.0,
  "fwhm_avg": 3.6605833333333333,
  "fwhm_x": 3.63348,
  "fwhm_y": 3.71684,
  "fwhm_z": 3.63143,
  "icvs_csf": 0.19081033712783463,
  "icvs_gm": 0.43770877447827633,
  "icvs_wm": 0.37148088839388904,
  "inu_med": 0.7834294438362122,
  "inu_range": 0.5278991937637326,
  "provenance": {
    "md5sum": "95d445b65b3d802ceefd42b1afcde9ae",
    "settings": {
      "testing": false
    },
    "software": "mriqc",
    "version": "23.0.1",
    "warnings": {
      "large_rot_frame": true,
      "small_air_mask": false
    },
    "webapi_port": null,
    "webapi_url": "https://mriqc.nimh.nih.gov/api/v1"
  },
  "qi_1": 0.0020443709572193205,
  "qi_2": 0.0029946225146659424,
  "rpve_csf": 22.46182604307591,
  "rpve_gm": 10.783511627001351,
  "rpve_wm": 14.859870321211373,
  "size_x": 176,
  "size_y": 256,
  "size_z": 256,
  "snr_csf": 1.8502969648344658,
  "snr_gm": 10.070239593046196,
  "snr_total": 11.255451600937098,
  "snr_wm": 21.845818244930626,
  "snrd_csf": 14.930526858306528,
  "snrd_gm": 40.673278218145825,
  "snrd_total": 38.461529411124154,
  "snrd_wm": 59.78078315692012,
  "spacing_x": 1.0,
  "spacing_y": 1.0,
  "spacing_z": 1.0,
  "summary_bg_k": 15.257111453554899,
  "summary_bg_mad": 0.0,
  "summary_bg_mean": 5.593010361129043,
  "summary_bg_median": 0.0,
  "summary_bg_n": 2284706.0,
  "summary_bg_p05": 0.0,
  "summary_bg_p95": 27.81072288751602,
  "summary_bg_stdv": 10.959427848041194,
  "summary_csf_k": 19.608254121653324,
  "summary_csf_mad": 92.07522883347391,
  "summary_csf_mean": 267.04984976138235,
  "summary_csf_median": 249.76483040302992,
  "summary_csf_n": 25210.0,
  "summary_csf_p05": 96.96944700926542,
  "summary_csf_p95": 475.6717413995414,
  "summary_csf_stdv": 134.98367095392203,
  "summary_gm_k": 0.10689442865861398,
  "summary_gm_mad": 66.85079999269344,
  "summary_gm_mean": 680.5168717281076,
  "summary_gm_median": 680.4016048796475,
  "summary_gm_n": 46776.0,
  "summary_gm_p05": 569.7517360970378,
  "summary_gm_p95": 791.3582095764577,
  "summary_gm_stdv": 67.56486035674473,
  "summary_wm_k": 0.5043336036249788,
  "summary_wm_mad": 44.082114825113955,
  "summary_wm_mean": 1000.7542650512986,
  "summary_wm_median": 1000.0408765375614,
  "summary_wm_n": 265328.0,
  "summary_wm_p05": 927.4876082986593,
  "summary_wm_p95": 1076.3567719906569,
  "summary_wm_stdv": 45.77713596197422,
  "tpm_overlap_csf": 0.15358399469842,
  "tpm_overlap_gm": 0.4629996254630226,
  "tpm_overlap_wm": 0.5062517203031143,
  "wm2max": 0.4686356057266612
}