{
  "aor": 0.000858448275862069,
  "aqi": 0.0008516099022988506,
  "bids_meta": {
    "AcquisitionMatrixPE": 64,
    "AcquisitionNumber": 1,
    "AcquisitionTime": "20:16:59.000000",
    "CoilString": "32Ch_Head",
    "ConversionSoftware": "dcm2niix",
    "ConversionSoftwareVersion": "v1.0.20190902",
    "Dcm2bidsVersion": "2.1.4",
    "DeviceSerialNumber": "000000000000GEHC",
    "EchoTime": 0.04,
    "EffectiveEchoSpacing": 0.000372,
    "FlipAngle": 90,
    "ImageOrientationPatientDICOM": [
      1,
      0,
      0,
      0,
      1,
      0
    ],
    "ImageType": [
      "ORIGINAL",
      "PRIMARY",
      "EPI",
      "NONE"
    ],
    "ImagingFrequency": 127.772,
    "InPlanePhaseEncodingDirectionDICOM": "COL",
    "InstitutionName": "INSTITUTO_DE_NEUROBIOLOGIA",
    "MRAcquisitionType": "2D",
    "MagneticFieldStrength": 3,
    "Manufacturer": "GE",
    "ManufacturersModelName": "DISCOVERY_MR750",
    "Modality": "MR",
    "PatientPosition": "HFS",
    "PercentPhaseFOV": 100,
    "PhaseEncodingDirection": "j",
    "PhaseEncodingPolarityGE": "Flipped",
    "PixelBandwidth": 7812.5,
    "ProcedureStepDescription": "verbos",
    "ProtocolName": "fMRI_2",
    "ReconMatrixPE": 64,
    "RepetitionTime": 2,
    "SAR": 0.360474,
    "ScanOptions": "EPI_GEMS_ACC_GEMS",
    "ScanningSequence": "EP_GR",
    "SequenceVariant": "SS",
    "SeriesDescription": "fMRI_2",
    "SeriesNumber": 7,
    "SliceThickness": 4,
    "SliceTiming": [
      0,
      1.0285,
      0.0571001,
      1.0857,
      0.1142,
      1.1428,
      0.1714,
      1.2,
      0.2285,
      1.2571,
      0.2857,
      1.3143,
      0.3428,
      1.3714,
      0.4,
      1.4286,
      0.4571,
      1.4857,
      0.5142,
      1.5428,
      0.5714,
      1.6,
      0.6285,
      1.6571,
      0.6857,
      1.7143,
      0.7428,
      1.7714,
      0.8,
      1.8285,
      0.8571,
      1.8857,
      0.9143,
      1.9428,
      0.9714
    ],
    "SoftwareVersions": "24_LX_MR_Software_release:DV24.0_R02_1607.b",
    "SpacingBetweenSlices": 4,
    "StationName": "GEHCGEHC",
    "TaskName": "verbs",
    "TotalReadoutTime": 0.023436,
    "dataset": "ds003481",
    "modality": "bold",
    "run_id": 2,
    "subject_id": "133",
    "task_id": "verbs"
  },
  "dummy_trs": 0,
  "dvars_nstd": 13.026814493526008,
  "dvars_std": 1.1090130471098263,
  "dvars_vstd": 1.0127431784393062,
  "efc": 0.3343610496317867,
  "fber": 65863.21875,
  "fd_mean": 0.0679318477489339,
  "fd_num": 1,
  "fd_perc": 0.5747126436781609,
  "fwhm_avg": 3.0381750000000003,
  "fwhm_x": 3.072825,
  "fwhm_y": 3.145975,
  "fwhm_z": 2.895725,
  "gcor": 0.0377955,
  "gsr_x": -0.011179846711456776,
  "gsr_y": 0.004395055118948221,
  "provenance": {
    "md5sum": "44e57e218ea4f7f4ee19c4d319d8133e",
    "settings": {
      "fd_thres": 0.2,
      "testing": false
    },
    "software": "mriqc",
    "version": "23.0.1",
    "webapi_port": null,
    "webapi_url": "https://mriqc.nimh.nih.gov/api/v1"
  },
  "size_t": 174,
  "size_x": 64,
  "size_y": 64,
  "size_z": 35,
  "snr": 2.855511622690686,
  "spacing_tr": 2.0,
  "spacing_x": 4.0,
  "spacing_y": 4.0,
  "spacing_z": 4.0,
  "summary_bg_k": 79.5573847239767,
  "summary_bg_mad": 10.088511521809643,
  "summary_bg_mean": 33.02689743041992,
  "summary_bg_median": 7.425287246704102,
  "summary_bg_n": 103865.0,
  "summary_bg_p05": 0.19540229439735413,
  "summary_bg_p95": 148.50804748535103,
  "summary_bg_stdv": 91.61500549316406,
  "summary_fg_k": 0.8404019824331481,
  "summary_fg_mad": 533.6132786407607,
  "summary_fg_mean": 1965.09326171875,
  "summary_fg_median": 1816.3677978515625,
  "summary_fg_n": 12360.0,
  "summary_fg_p05": 1200.1123901367187,
  "summary_fg_p95": 3231.015759277343,
  "summary_fg_stdv": 636.066162109375,
  "tsnr": 119.21234812308103
}