{
  "aor": 0.0011966091954022987,
  "aqi": 0.0017202565862068965,
  "bids_meta": {
    "AcquisitionMatrixPE": 64,
    "AcquisitionNumber": 1,
    "AcquisitionTime": "20:44:15.000000",
    "CoilString": "32Ch_Head",
    "ConversionSoftware": "dcm2niix",
    "ConversionSoftwareVersion": "v1.0.20190902",
    "Dcm2bidsVersion": "2.1.4",
    "DeviceSerialNumber": "000000000000GEHC",
    "EchoTime": 0.04,
    "EffectiveEchoSpacing": 0.000372,
    "FlipAngle": 90,
    "ImageOrientationPatientDICOM": [
      1,
      0,
      0,
      0,
      1,
      0
    ],
    "ImageType": [
      "ORIGINAL",
      "PRIMARY",
      "EPI",
      "NONE"
    ],
    "ImagingFrequency": 127.772,
    "InPlanePhaseEncodingDirectionDICOM": "COL",
    "InstitutionName": "INSTITUTO_DE_NEUROBIOLOGIA",
    "MRAcquisitionType": "2D",
    "MagneticFieldStrength": 3,
    "Manufacturer": "GE",
    "ManufacturersModelName": "DISCOVERY_MR750",
    "Modality": "MR",
    "PatientPosition": "HFS",
    "PercentPhaseFOV": 100,
    "PhaseEncodingDirection": "j",
    "PhaseEncodingPolarityGE": "Flipped",
    "PixelBandwidth": 7812.5,
    "ProcedureStepDescription": "verbos",
    "ProtocolName": "fMRI_6",
    "ReconMatrixPE": 64,
    "RepetitionTime": 2,
    "SAR": 0.360474,
    "ScanOptions": "EPI_GEMS_ACC_GEMS",
    "ScanningSequence": "EP_GR",
    "SequenceVariant": "SS",
    "SeriesDescription": "fMRI_6",
    "SeriesNumber": 11,
    "SliceThickness": 4,
    "SliceTiming": [
      0,
      1.0285,
      0.0571001,
      1.0857,
      0.1142,
      1.1428,
      0.1714,
      1.2,
      0.2285,
      1.2571,
      0.2857,
      1.3143,
      0.3428,
      1.3714,
      0.4,
      1.4286,
      0.4571,
      1.4857,
      0.5142,
      1.5428,
      0.5714,
      1.6,
      0.6285,
      1.6571,
      0.6857,
      1.7143,
      0.7428,
      1.7714,
      0.8,
      1.8285,
      0.8571,
      1.8857,
      0.9143,
      1.9428,
      0.9714
    ],
    "SoftwareVersions": "24_LX_MR_Software_release:DV24.0_R02_1607.b",
    "SpacingBetweenSlices": 4,
    "StationName": "GEHCGEHC",
    "TaskName": "verbs",
    "TotalReadoutTime": 0.023436,
    "dataset": "ds003481",
    "modality": "bold",
    "run_id": 6,
    "subject_id": "133",
    "task_id": "verbs"
  },
  "dummy_trs": 0,
  "dvars_nstd": 13.108683905895955,
  "dvars_std": 1.0264679869942201,
  "dvars_vstd": 0.9801335512138729,
  "efc": 0.33507174734710654,
  "fber": 64570.484375,
  "fd_mean": 0.10680280652054679,
  "fd_num": 7,
  "fd_perc": 4.022988505747127,
  "fwhm_avg": 2.9548583333333336,
  "fwhm_x": 3.016875,
  "fwhm_y": 3.01765,
  "fwhm_z": 2.83005,
  "gcor": 0.026803,
  "gsr_x": -0.012218296527862549,
  "gsr_y": 0.004771560896188021,
  "provenance": {
    "md5sum": "ad45af247c07bfa6d64fc5cb39117c2f",
    "settings": {
      "fd_thres": 0.2,
      "testing": false
    },
    "software": "mriqc",
    "version": "23.0.1",
    "webapi_port": null,
    "webapi_url": "https://mriqc.nimh.nih.gov/api/v1"
  },
  "size_t": 174,
  "size_x": 64,
  "size_y": 64,
  "size_z": 35,
  "snr": 2.977253563120088,
  "spacing_tr": 2.0,
  "spacing_x": 4.0,
  "spacing_y": 4.0,
  "spacing_z": 4.0,
  "summary_bg_k": 75.75390462299612,
  "summary_bg_mad": 10.165198105519181,
  "summary_bg_mean": 33.60798645019531,
  "summary_bg_median": 7.488505840301514,
  "summary_bg_n": 104033.0,
  "summary_bg_p05": 0.20114941895008087,
  "summary_bg_p95": 152.47586364746087,
  "summary_bg_stdv": 91.6377182006836,
  "summary_fg_k": 0.8110135191152841,
  "summary_fg_mad": 515.5450595021623,
  "summary_fg_mean": 1981.6263427734375,
  "summary_fg_median": 1828.3677978515625,
  "summary_fg_n": 11989.0,
  "summary_fg_p05": 1233.57705078125,
  "summary_fg_p95": 3201.9068847656254,
  "summary_fg_stdv": 614.0866088867188,
  "tsnr": 94.88558561960235
}