{
  "aor": 0.0007571839080459772,
  "aqi": 0.000822923425287356,
  "bids_meta": {
    "AcquisitionMatrixPE": 64,
    "AcquisitionNumber": 1,
    "AcquisitionTime": "20:23:59.000000",
    "CoilString": "32Ch_Head",
    "ConversionSoftware": "dcm2niix",
    "ConversionSoftwareVersion": "v1.0.20190902",
    "Dcm2bidsVersion": "2.1.4",
    "DeviceSerialNumber": "000000000000GEHC",
    "EchoTime": 0.04,
    "EffectiveEchoSpacing": 0.000372,
    "FlipAngle": 90,
    "ImageOrientationPatientDICOM": [
      1,
      0,
      0,
      0,
      1,
      0
    ],
    "ImageType": [
      "ORIGINAL",
      "PRIMARY",
      "EPI",
      "NONE"
    ],
    "ImagingFrequency": 127.772,
    "InPlanePhaseEncodingDirectionDICOM": "COL",
    "InstitutionName": "INSTITUTO_DE_NEUROBIOLOGIA",
    "MRAcquisitionType": "2D",
    "MagneticFieldStrength": 3,
    "Manufacturer": "GE",
    "ManufacturersModelName": "DISCOVERY_MR750",
    "Modality": "MR",
    "PatientPosition": "HFS",
    "PercentPhaseFOV": 100,
    "PhaseEncodingDirection": "j",
    "PhaseEncodingPolarityGE": "Flipped",
    "PixelBandwidth": 7812.5,
    "ProcedureStepDescription": "verbos",
    "ProtocolName": "fMRI_3",
    "ReconMatrixPE": 64,
    "RepetitionTime": 2,
    "SAR": 0.360474,
    "ScanOptions": "EPI_GEMS_ACC_GEMS",
    "ScanningSequence": "EP_GR",
    "SequenceVariant": "SS",
    "SeriesDescription": "fMRI_3",
    "SeriesNumber": 8,
    "SliceThickness": 4,
    "SliceTiming": [
      0,
      1.0285,
      0.0571001,
      1.0857,
      0.1142,
      1.1428,
      0.1714,
      1.2,
      0.2285,
      1.2571,
      0.2857,
      1.3143,
      0.3428,
      1.3714,
      0.4,
      1.4286,
      0.4571,
      1.4857,
      0.5142,
      1.5428,
      0.5714,
      1.6,
      0.6285,
      1.6571,
      0.6857,
      1.7143,
      0.7428,
      1.7714,
      0.8,
      1.8285,
      0.8571,
      1.8857,
      0.9143,
      1.9428,
      0.9714
    ],
    "SoftwareVersions": "24_LX_MR_Software_release:DV24.0_R02_1607.b",
    "SpacingBetweenSlices": 4,
    "StationName": "GEHCGEHC",
    "TaskName": "verbs",
    "TotalReadoutTime": 0.023436,
    "dataset": "ds003481",
    "modality": "bold",
    "run_id": 3,
    "subject_id": "133",
    "task_id": "verbs"
  },
  "dummy_trs": 0,
  "dvars_nstd": 12.866742404104048,
  "dvars_std": 1.1024305953179192,
  "dvars_vstd": 1.0124080289595374,
  "efc": 0.3343404127058079,
  "fber": 64365.81640625,
  "fd_mean": 0.0803070670604514,
  "fd_num": 3,
  "fd_perc": 1.7241379310344827,
  "fwhm_avg": 3.0180166666666666,
  "fwhm_x": 3.033725,
  "fwhm_y": 3.131975,
  "fwhm_z": 2.88835,
  "gcor": 0.0403721,
  "gsr_x": -0.011629649437963963,
  "gsr_y": 0.004317320417612791,
  "provenance": {
    "md5sum": "53a7d098c333cfd34d2877355f01e563",
    "settings": {
      "fd_thres": 0.2,
      "testing": false
    },
    "software": "mriqc",
    "version": "23.0.1",
    "webapi_port": null,
    "webapi_url": "https://mriqc.nimh.nih.gov/api/v1"
  },
  "size_t": 174,
  "size_x": 64,
  "size_y": 64,
  "size_z": 35,
  "snr": 2.9061750146180265,
  "spacing_tr": 2.0,
  "spacing_x": 4.0,
  "spacing_y": 4.0,
  "spacing_z": 4.0,
  "summary_bg_k": 77.87393924998055,
  "summary_bg_mad": 10.165197840409245,
  "summary_bg_mean": 33.566097259521484,
  "summary_bg_median": 7.482758522033691,
  "summary_bg_n": 104056.0,
  "summary_bg_p05": 0.20114941895008087,
  "summary_bg_p95": 151.61206436157227,
  "summary_bg_stdv": 93.21485137939453,
  "summary_fg_k": 0.8509294289428491,
  "summary_fg_mad": 525.5100937737855,
  "summary_fg_mean": 1969.88818359375,
  "summary_fg_median": 1818.1810302734375,
  "summary_fg_n": 12122.0,
  "summary_fg_p05": 1214.6164245605469,
  "summary_fg_p95": 3223.0351440429677,
  "summary_fg_stdv": 625.6010131835938,
  "tsnr": 120.80166395427659
}