{
  "aor": 0.0063940333333333335,
  "aqi": 0.00293114927,
  "bids_meta": {
    "AcquisitionMatrixPE": 64,
    "AcquisitionNumber": 1,
    "AcquisitionTime": "21:05:5.000000",
    "CoilString": "32Ch_Head",
    "ConversionSoftware": "dcm2niix",
    "ConversionSoftwareVersion": "v1.0.20190902",
    "Dcm2bidsVersion": "2.1.4",
    "DeviceSerialNumber": "000000000000GEHC",
    "EchoTime": 0.04,
    "EffectiveEchoSpacing": 0.000372,
    "FlipAngle": 90,
    "ImageOrientationPatientDICOM": [
      1,
      0,
      0,
      0,
      1,
      0
    ],
    "ImageType": [
      "ORIGINAL",
      "PRIMARY",
      "EPI",
      "NONE"
    ],
    "ImagingFrequency": 127.772,
    "InPlanePhaseEncodingDirectionDICOM": "COL",
    "InstitutionName": "INSTITUTO_DE_NEUROBIOLOGIA",
    "MRAcquisitionType": "2D",
    "MagneticFieldStrength": 3,
    "Manufacturer": "GE",
    "ManufacturersModelName": "DISCOVERY_MR750",
    "Modality": "MR",
    "PatientPosition": "HFS",
    "PercentPhaseFOV": 100,
    "PhaseEncodingDirection": "j",
    "PhaseEncodingPolarityGE": "Flipped",
    "PixelBandwidth": 7812.5,
    "ProcedureStepDescription": "verbos",
    "ProtocolName": "fMRI_RestState",
    "ReconMatrixPE": 64,
    "RepetitionTime": 2,
    "SAR": 0.360474,
    "ScanOptions": "EPI_GEMS_ACC_GEMS",
    "ScanningSequence": "EP_GR",
    "SequenceVariant": "SS",
    "SeriesDescription": "fMRI_RestState",
    "SeriesNumber": 14,
    "SliceThickness": 4,
    "SliceTiming": [
      0,
      1.0285,
      0.0571001,
      1.0857,
      0.1142,
      1.1428,
      0.1714,
      1.2,
      0.2285,
      1.2571,
      0.2857,
      1.3143,
      0.3428,
      1.3714,
      0.4,
      1.4286,
      0.4571,
      1.4857,
      0.5142,
      1.5428,
      0.5714,
      1.6,
      0.6285,
      1.6571,
      0.6857,
      1.7143,
      0.7428,
      1.7714,
      0.8,
      1.8285,
      0.8571,
      1.8857,
      0.9143,
      1.9428,
      0.9714
    ],
    "SoftwareVersions": "24_LX_MR_Software_release:DV24.0_R02_1607.b",
    "SpacingBetweenSlices": 4,
    "StationName": "GEHCGEHC",
    "TaskName": "rest",
    "TotalReadoutTime": 0.023436,
    "dataset": "ds003481",
    "modality": "bold",
    "subject_id": "133",
    "task_id": "rest"
  },
  "dummy_trs": 0,
  "dvars_nstd": 13.148782140033443,
  "dvars_std": 1.0282961311705683,
  "dvars_vstd": 0.9691524279933109,
  "efc": 0.33660227410078414,
  "fber": 63968.30859375,
  "fd_mean": 0.10623312244234982,
  "fd_num": 14,
  "fd_perc": 4.666666666666667,
  "fwhm_avg": 3.0065666666666666,
  "fwhm_x": 3.060075,
  "fwhm_y": 3.073725,
  "fwhm_z": 2.8859,
  "gcor": 0.0230384,
  "gsr_x": -0.012812580913305283,
  "gsr_y": 0.006123746279627085,
  "provenance": {
    "md5sum": "e8219c69f8cbeeed4dc535d17905a983",
    "settings": {
      "fd_thres": 0.2,
      "testing": false
    },
    "software": "mriqc",
    "version": "23.0.1",
    "webapi_port": null,
    "webapi_url": "https://mriqc.nimh.nih.gov/api/v1"
  },
  "size_t": 300,
  "size_x": 64,
  "size_y": 64,
  "size_z": 35,
  "snr": 2.974422072889688,
  "spacing_tr": 2.0,
  "spacing_x": 4.0,
  "spacing_y": 4.0,
  "spacing_z": 4.0,
  "summary_bg_k": 142.30979817751646,
  "summary_bg_mad": 10.27196247187722,
  "summary_bg_mean": 34.79999923706055,
  "summary_bg_median": 7.551666736602783,
  "summary_bg_n": 104110.0,
  "summary_bg_p05": 0.1966666728258133,
  "summary_bg_p95": 157.1510017395017,
  "summary_bg_stdv": 100.19420623779297,
  "summary_fg_k": 0.6166649241038376,
  "summary_fg_mad": 527.0402941836322,
  "summary_fg_mean": 1966.0372314453125,
  "summary_fg_median": 1823.8900146484375,
  "summary_fg_n": 12199.0,
  "summary_fg_p05": 1216.0570556640625,
  "summary_fg_p95": 3191.542993164063,
  "summary_fg_stdv": 613.166259765625,
  "tsnr": 77.76004856359214
}