{
  "aor": 0.0010635632183908044,
  "aqi": 0.0008897066666666666,
  "bids_meta": {
    "AcquisitionMatrixPE": 64,
    "AcquisitionNumber": 1,
    "AcquisitionTime": "20:30:47.000000",
    "CoilString": "32Ch_Head",
    "ConversionSoftware": "dcm2niix",
    "ConversionSoftwareVersion": "v1.0.20190902",
    "Dcm2bidsVersion": "2.1.4",
    "DeviceSerialNumber": "000000000000GEHC",
    "EchoTime": 0.04,
    "EffectiveEchoSpacing": 0.000372,
    "FlipAngle": 90,
    "ImageOrientationPatientDICOM": [
      1,
      0,
      0,
      0,
      1,
      0
    ],
    "ImageType": [
      "ORIGINAL",
      "PRIMARY",
      "EPI",
      "NONE"
    ],
    "ImagingFrequency": 127.772,
    "InPlanePhaseEncodingDirectionDICOM": "COL",
    "InstitutionName": "INSTITUTO_DE_NEUROBIOLOGIA",
    "MRAcquisitionType": "2D",
    "MagneticFieldStrength": 3,
    "Manufacturer": "GE",
    "ManufacturersModelName": "DISCOVERY_MR750",
    "Modality": "MR",
    "PatientPosition": "HFS",
    "PercentPhaseFOV": 100,
    "PhaseEncodingDirection": "j",
    "PhaseEncodingPolarityGE": "Flipped",
    "PixelBandwidth": 7812.5,
    "ProcedureStepDescription": "verbos",
    "ProtocolName": "fMRI_4",
    "ReconMatrixPE": 64,
    "RepetitionTime": 2,
    "SAR": 0.360474,
    "ScanOptions": "EPI_GEMS_ACC_GEMS",
    "ScanningSequence": "EP_GR",
    "SequenceVariant": "SS",
    "SeriesDescription": "fMRI_4",
    "SeriesNumber": 9,
    "SliceThickness": 4,
    "SliceTiming": [
      0,
      1.0285,
      0.0571001,
      1.0857,
      0.1142,
      1.1428,
      0.1714,
      1.2,
      0.2285,
      1.2571,
      0.2857,
      1.3143,
      0.3428,
      1.3714,
      0.4,
      1.4286,
      0.4571,
      1.4857,
      0.5142,
      1.5428,
      0.5714,
      1.6,
      0.6285,
      1.6571,
      0.6857,
      1.7143,
      0.7428,
      1.7714,
      0.8,
      1.8285,
      0.8571,
      1.8857,
      0.9143,
      1.9428,
      0.9714
    ],
    "SoftwareVersions": "24_LX_MR_Software_release:DV24.0_R02_1607.b",
    "SpacingBetweenSlices": 4,
    "StationName": "GEHCGEHC",
    "TaskName": "verbs",
    "TotalReadoutTime": 0.023436,
    "dataset": "ds003481",
    "modality": "bold",
    "run_id": 4,
    "subject_id": "133",
    "task_id": "verbs"
  },
  "dummy_trs": 0,
  "dvars_nstd": 13.108927323757225,
  "dvars_std": 1.0896509127167624,
  "dvars_vstd": 1.0162308366473982,
  "efc": 0.3346202602836204,
  "fber": 63637.125,
  "fd_mean": 0.09780245482904429,
  "fd_num": 9,
  "fd_perc": 5.172413793103448,
  "fwhm_avg": 3.0008083333333335,
  "fwhm_x": 3.017675,
  "fwhm_y": 3.098125,
  "fwhm_z": 2.886625,
  "gcor": 0.0528461,
  "gsr_x": -0.011937237344682217,
  "gsr_y": 0.004073129966855049,
  "provenance": {
    "md5sum": "4aead47946eb6d74e9db82e667474ebd",
    "settings": {
      "fd_thres": 0.2,
      "testing": false
    },
    "software": "mriqc",
    "version": "23.0.1",
    "webapi_port": null,
    "webapi_url": "https://mriqc.nimh.nih.gov/api/v1"
  },
  "size_t": 174,
  "size_x": 64,
  "size_y": 64,
  "size_z": 35,
  "snr": 2.909214468450122,
  "spacing_tr": 2.0,
  "spacing_x": 4.0,
  "spacing_y": 4.0,
  "spacing_z": 4.0,
  "summary_bg_k": 76.84656513286782,
  "summary_bg_mad": 10.18223954892797,
  "summary_bg_mean": 33.83537292480469,
  "summary_bg_median": 7.488505840301514,
  "summary_bg_n": 104097.0,
  "summary_bg_p05": 0.19540229439735413,
  "summary_bg_p95": 153.59195251464828,
  "summary_bg_stdv": 93.34164428710938,
  "summary_fg_k": 0.789163050550481,
  "summary_fg_mad": 521.445696883882,
  "summary_fg_mean": 1969.901611328125,
  "summary_fg_median": 1812.7958984375,
  "summary_fg_n": 12100.0,
  "summary_fg_p05": 1216.7480224609376,
  "summary_fg_p95": 3222.617590332031,
  "summary_fg_stdv": 623.0963745117188,
  "tsnr": 113.01057347748429
}