{
  "bids_meta": {
    "AcquisitionDateTime": "2017-01-13T19:50:24.000000",
    "ConversionSoftware": "dcm2niix",
    "ConversionSoftwareVersion": "v1.0.20170411 GCC4.8.4",
    "EchoTime": 0.00318,
    "FlipAngle": 12,
    "ImageType": [
      "DERIVED",
      "PRIMARY",
      "OTHER"
    ],
    "InversionTime": 0.45,
    "MagneticFieldStrength": 3,
    "Manufacturer": "GE",
    "ManufacturersModelName": "DISCOVERY_MR750",
    "ProcedureStepDescription": "CompRefranes",
    "ProtocolName": "PU:Sag_T1_FSPGR_BRAVO",
    "RepetitionTime": 0.008156,
    "ScanningSequence": "GR",
    "SequenceVariant": "SS_SP_SK",
    "SeriesDescription": "PU:Sag_T1_FSPGR_BRAVO",
    "dataset": "ds003481",
    "modality": "T1w",
    "subject_id": "048"
  },
  "cjv": 0.3319172089961661,
  "cnr": 4.050224240374792,
  "efc": 0.7218110741205053,
  "fber": -1.0,
  "fwhm_avg": 4.0049166666666665,
  "fwhm_x": 4.01498,
  "fwhm_y": 4.15441,
  "fwhm_z": 3.84536,
  "icvs_csf": 0.2266161852705042,
  "icvs_gm": 0.43918474435342064,
  "icvs_wm": 0.33419907037607516,
  "inu_med": 0.43521884083747864,
  "inu_range": 0.14267270267009735,
  "provenance": {
    "md5sum": "e50fe23ed6b672ed5e4cede51a87b4e1",
    "settings": {
      "testing": false
    },
    "software": "mriqc",
    "version": "23.0.1",
    "warnings": {
      "large_rot_frame": true,
      "small_air_mask": false
    },
    "webapi_port": null,
    "webapi_url": "https://mriqc.nimh.nih.gov/api/v1"
  },
  "qi_1": 0.0,
  "qi_2": 0.00318135577825374,
  "rpve_csf": 24.820335767150613,
  "rpve_gm": 13.327168712051195,
  "rpve_wm": 20.040201549547596,
  "size_x": 176,
  "size_y": 256,
  "size_z": 256,
  "snr_csf": 3.2511118635946152,
  "snr_gm": 12.104169953155939,
  "snr_total": 13.294722949675267,
  "snr_wm": 24.52888703227524,
  "snrd_csf": 17.000818973505773,
  "snrd_gm": 43.76516049002892,
  "snrd_total": 40.85909795672827,
  "snrd_wm": 61.811314406650126,
  "spacing_x": 1.0,
  "spacing_y": 1.0,
  "spacing_z": 1.0,
  "summary_bg_k": 9.655307781039985,
  "summary_bg_mad": 0.0,
  "summary_bg_mean": 5.4014234034502655,
  "summary_bg_median": 0.0,
  "summary_bg_n": 347639.0,
  "summary_bg_p05": 0.0,
  "summary_bg_p95": 27.994667273014784,
  "summary_bg_stdv": 10.598568302349657,
  "summary_csf_k": 1.8461242321866616,
  "summary_csf_mad": 62.00332173362868,
  "summary_csf_mean": 284.64120834259637,
  "summary_csf_median": 275.0333229638636,
  "summary_csf_n": 44743.0,
  "summary_csf_p05": 163.28318176791072,
  "summary_csf_p95": 449.895251467824,
  "summary_csf_stdv": 84.59575093297828,
  "summary_gm_k": 0.13334235988326704,
  "summary_gm_mad": 57.598714178780746,
  "summary_gm_mean": 708.2186895258525,
  "summary_gm_median": 708.0175101198256,
  "summary_gm_n": 42984.0,
  "summary_gm_p05": 611.9596177898347,
  "summary_gm_p95": 804.4181942939758,
  "summary_gm_stdv": 58.49300505410412,
  "summary_wm_k": 0.5208256891791683,
  "summary_wm_mad": 39.30265202787392,
  "summary_wm_mean": 1000.0915384432861,
  "summary_wm_median": 999.9618973955512,
  "summary_wm_n": 189599.0,
  "summary_wm_p05": 933.6507195420563,
  "summary_wm_p95": 1066.882482971996,
  "summary_wm_stdv": 40.76659731980884,
  "tpm_overlap_csf": 0.15368003139726938,
  "tpm_overlap_gm": 0.45996244122724866,
  "tpm_overlap_wm": 0.5042422932331909,
  "wm2max": 0.4682277826327335
}