{
  "aor": 0.005829033333333332,
  "aqi": 0.011007940899999999,
  "bids_meta": {
    "AcquisitionMatrixPE": 64,
    "AcquisitionNumber": 1,
    "AcquisitionTime": "20:27:10.000000",
    "CoilString": "32Ch_Head",
    "ConversionSoftware": "dcm2niix",
    "ConversionSoftwareVersion": "v1.0.20190902",
    "Dcm2bidsVersion": "2.1.4",
    "DeviceSerialNumber": "000000000000GEHC",
    "EchoTime": 0.04,
    "EffectiveEchoSpacing": 0.000372,
    "FlipAngle": 90,
    "ImageOrientationPatientDICOM": [
      1,
      0,
      0,
      0,
      1,
      0
    ],
    "ImageType": [
      "ORIGINAL",
      "PRIMARY",
      "EPI",
      "NONE"
    ],
    "ImagingFrequency": 127.772,
    "InPlanePhaseEncodingDirectionDICOM": "COL",
    "InstitutionName": "INSTITUTO_DE_NEUROBIOLOGIA",
    "MRAcquisitionType": "2D",
    "MagneticFieldStrength": 3,
    "Manufacturer": "GE",
    "ManufacturersModelName": "DISCOVERY_MR750",
    "Modality": "MR",
    "PatientPosition": "HFS",
    "PercentPhaseFOV": 100,
    "PhaseEncodingDirection": "j",
    "PhaseEncodingPolarityGE": "Flipped",
    "PixelBandwidth": 7812.5,
    "ProcedureStepDescription": "verbos",
    "ProtocolName": "fMRI_RestState",
    "ReconMatrixPE": 64,
    "RepetitionTime": 2,
    "SAR": 0.356791,
    "ScanOptions": "EPI_GEMS_ACC_GEMS",
    "ScanningSequence": "EP_GR",
    "SequenceVariant": "SS",
    "SeriesDescription": "fMRI_RestState",
    "SeriesNumber": 13,
    "SliceThickness": 4,
    "SliceTiming": [
      0,
      1.0285,
      0.0571001,
      1.0857,
      0.1142,
      1.1428,
      0.1714,
      1.2,
      0.2285,
      1.2571,
      0.2857,
      1.3143,
      0.3428,
      1.3714,
      0.4,
      1.4286,
      0.4571,
      1.4857,
      0.5142,
      1.5428,
      0.5714,
      1.6,
      0.6285,
      1.6571,
      0.6857,
      1.7143,
      0.7428,
      1.7714,
      0.8,
      1.8285,
      0.8571,
      1.8857,
      0.9143,
      1.9428,
      0.9714
    ],
    "SoftwareVersions": "24_LX_MR_Software_release:DV24.0_R02_1607.b",
    "SpacingBetweenSlices": 4,
    "StationName": "GEHCGEHC",
    "TaskName": "rest",
    "TotalReadoutTime": 0.023436,
    "dataset": "ds003481",
    "modality": "bold",
    "subject_id": "131",
    "task_id": "rest"
  },
  "dummy_trs": 0,
  "dvars_nstd": 17.059535753879597,
  "dvars_std": 0.8726530431772573,
  "dvars_vstd": 0.85810404555184,
  "efc": 0.3300910524159736,
  "fber": 64809.46484375,
  "fd_mean": 0.16946529635298235,
  "fd_num": 63,
  "fd_perc": 21.0,
  "fwhm_avg": 2.8992,
  "fwhm_x": 2.900475,
  "fwhm_y": 2.9003,
  "fwhm_z": 2.896825,
  "gcor": 0.0512614,
  "gsr_x": -0.016693081706762314,
  "gsr_y": 0.004199493210762739,
  "provenance": {
    "md5sum": "6f32f46263b896ca41cae21b532ccb8d",
    "settings": {
      "fd_thres": 0.2,
      "testing": false
    },
    "software": "mriqc",
    "version": "23.0.1",
    "webapi_port": null,
    "webapi_url": "https://mriqc.nimh.nih.gov/api/v1"
  },
  "size_t": 300,
  "size_x": 64,
  "size_y": 64,
  "size_z": 35,
  "snr": 3.110165466387039,
  "spacing_tr": 2.0,
  "spacing_x": 4.0,
  "spacing_y": 4.0,
  "spacing_z": 4.0,
  "summary_bg_k": 94.09911194171511,
  "summary_bg_mad": 10.437520091942522,
  "summary_bg_mean": 34.35740661621094,
  "summary_bg_median": 7.890000343322754,
  "summary_bg_n": 105278.0,
  "summary_bg_p05": 0.3266666829586029,
  "summary_bg_p95": 147.923500061035,
  "summary_bg_stdv": 90.20217895507812,
  "summary_fg_k": 1.3382460949218382,
  "summary_fg_mad": 470.5682073373505,
  "summary_fg_mean": 2005.1414794921875,
  "summary_fg_median": 1855.9200439453125,
  "summary_fg_n": 11925.0,
  "summary_fg_p05": 1310.4153564453125,
  "summary_fg_p95": 3199.549365234375,
  "summary_fg_stdv": 596.7020874023438,
  "tsnr": 35.66561977099627
}