{
  "aor": 0.0016867241379310346,
  "aqi": 0.0015045368850574712,
  "bids_meta": {
    "AcquisitionMatrixPE": 64,
    "AcquisitionNumber": 1,
    "AcquisitionTime": "19:38:5.000000",
    "CoilString": "32Ch_Head",
    "ConversionSoftware": "dcm2niix",
    "ConversionSoftwareVersion": "v1.0.20190902",
    "Dcm2bidsVersion": "2.1.4",
    "DeviceSerialNumber": "000000000000GEHC",
    "EchoTime": 0.04,
    "EffectiveEchoSpacing": 0.000372,
    "FlipAngle": 90,
    "ImageOrientationPatientDICOM": [
      1,
      0,
      0,
      0,
      1,
      0
    ],
    "ImageType": [
      "ORIGINAL",
      "PRIMARY",
      "EPI",
      "NONE"
    ],
    "ImagingFrequency": 127.772,
    "InPlanePhaseEncodingDirectionDICOM": "COL",
    "InstitutionName": "INSTITUTO_DE_NEUROBIOLOGIA",
    "MRAcquisitionType": "2D",
    "MagneticFieldStrength": 3,
    "Manufacturer": "GE",
    "ManufacturersModelName": "DISCOVERY_MR750",
    "Modality": "MR",
    "PatientPosition": "HFS",
    "PercentPhaseFOV": 100,
    "PhaseEncodingDirection": "j",
    "PhaseEncodingPolarityGE": "Flipped",
    "PixelBandwidth": 7812.5,
    "ProcedureStepDescription": "verbos",
    "ProtocolName": "fMRI_3",
    "ReconMatrixPE": 64,
    "RepetitionTime": 2,
    "SAR": 0.356791,
    "ScanOptions": "EPI_GEMS_ACC_GEMS",
    "ScanningSequence": "EP_GR",
    "SequenceVariant": "SS",
    "SeriesDescription": "fMRI_3",
    "SeriesNumber": 6,
    "SliceThickness": 4,
    "SliceTiming": [
      0,
      1.0285,
      0.0571001,
      1.0857,
      0.1142,
      1.1428,
      0.1714,
      1.2,
      0.2285,
      1.2571,
      0.2857,
      1.3143,
      0.3428,
      1.3714,
      0.4,
      1.4286,
      0.4571,
      1.4857,
      0.5142,
      1.5428,
      0.5714,
      1.6,
      0.6285,
      1.6571,
      0.6857,
      1.7143,
      0.7428,
      1.7714,
      0.8,
      1.8285,
      0.8571,
      1.8857,
      0.9143,
      1.9428,
      0.9714
    ],
    "SoftwareVersions": "24_LX_MR_Software_release:DV24.0_R02_1607.b",
    "SpacingBetweenSlices": 4,
    "StationName": "GEHCGEHC",
    "TaskName": "verbs",
    "TotalReadoutTime": 0.023436,
    "dataset": "ds003481",
    "modality": "bold",
    "run_id": 3,
    "subject_id": "131",
    "task_id": "verbs"
  },
  "dummy_trs": 0,
  "dvars_nstd": 11.95072945277457,
  "dvars_std": 1.0424609609248556,
  "dvars_vstd": 0.9884515580924854,
  "efc": 0.3236361206621552,
  "fber": 69072.3984375,
  "fd_mean": 0.04892902754495746,
  "fd_num": 0,
  "fd_perc": 0.0,
  "fwhm_avg": 2.971058333333333,
  "fwhm_x": 2.95695,
  "fwhm_y": 3.045125,
  "fwhm_z": 2.9111,
  "gcor": 0.0489351,
  "gsr_x": -0.01490921899676323,
  "gsr_y": -2.5643295884947293e-05,
  "provenance": {
    "md5sum": "e843dbf6a4a93419915b991a8d76ffcb",
    "settings": {
      "fd_thres": 0.2,
      "testing": false
    },
    "software": "mriqc",
    "version": "23.0.1",
    "webapi_port": null,
    "webapi_url": "https://mriqc.nimh.nih.gov/api/v1"
  },
  "size_t": 174,
  "size_x": 64,
  "size_y": 64,
  "size_z": 35,
  "snr": 3.0034970837021544,
  "spacing_tr": 2.0,
  "spacing_x": 4.0,
  "spacing_y": 4.0,
  "spacing_z": 4.0,
  "summary_bg_k": 66.08915567364107,
  "summary_bg_mad": 9.82436959082328,
  "summary_bg_mean": 30.217281341552734,
  "summary_bg_median": 7.5804595947265625,
  "summary_bg_n": 105115.0,
  "summary_bg_p05": 0.3448275923728943,
  "summary_bg_p95": 130.72413635253906,
  "summary_bg_stdv": 83.92202758789062,
  "summary_fg_k": 1.5923982909760381,
  "summary_fg_mad": 459.5386386114732,
  "summary_fg_mean": 2016.4459228515625,
  "summary_fg_median": 1856.764404296875,
  "summary_fg_n": 11875.0,
  "summary_fg_p05": 1292.0718139648438,
  "summary_fg_p95": 3274.5132324218744,
  "summary_fg_stdv": 618.1748046875,
  "tsnr": 98.75270027294755
}