{
  "aor": 0.0024282183908045972,
  "aqi": 0.001836432367816092,
  "bids_meta": {
    "AcquisitionMatrixPE": 64,
    "AcquisitionNumber": 1,
    "AcquisitionTime": "19:51:45.000000",
    "CoilString": "32Ch_Head",
    "ConversionSoftware": "dcm2niix",
    "ConversionSoftwareVersion": "v1.0.20190902",
    "Dcm2bidsVersion": "2.1.4",
    "DeviceSerialNumber": "000000000000GEHC",
    "EchoTime": 0.04,
    "EffectiveEchoSpacing": 0.000372,
    "FlipAngle": 90,
    "ImageOrientationPatientDICOM": [
      1,
      0,
      0,
      0,
      1,
      0
    ],
    "ImageType": [
      "ORIGINAL",
      "PRIMARY",
      "EPI",
      "NONE"
    ],
    "ImagingFrequency": 127.772,
    "InPlanePhaseEncodingDirectionDICOM": "COL",
    "InstitutionName": "INSTITUTO_DE_NEUROBIOLOGIA",
    "MRAcquisitionType": "2D",
    "MagneticFieldStrength": 3,
    "Manufacturer": "GE",
    "ManufacturersModelName": "DISCOVERY_MR750",
    "Modality": "MR",
    "PatientPosition": "HFS",
    "PercentPhaseFOV": 100,
    "PhaseEncodingDirection": "j",
    "PhaseEncodingPolarityGE": "Flipped",
    "PixelBandwidth": 7812.5,
    "ProcedureStepDescription": "verbos",
    "ProtocolName": "fMRI_5",
    "ReconMatrixPE": 64,
    "RepetitionTime": 2,
    "SAR": 0.356791,
    "ScanOptions": "EPI_GEMS_ACC_GEMS",
    "ScanningSequence": "EP_GR",
    "SequenceVariant": "SS",
    "SeriesDescription": "fMRI_5",
    "SeriesNumber": 8,
    "SliceThickness": 4,
    "SliceTiming": [
      0,
      1.0285,
      0.0571001,
      1.0857,
      0.1142,
      1.1428,
      0.1714,
      1.2,
      0.2285,
      1.2571,
      0.2857,
      1.3143,
      0.3428,
      1.3714,
      0.4,
      1.4286,
      0.4571,
      1.4857,
      0.5142,
      1.5428,
      0.5714,
      1.6,
      0.6285,
      1.6571,
      0.6857,
      1.7143,
      0.7428,
      1.7714,
      0.8,
      1.8285,
      0.8571,
      1.8857,
      0.9143,
      1.9428,
      0.9714
    ],
    "SoftwareVersions": "24_LX_MR_Software_release:DV24.0_R02_1607.b",
    "SpacingBetweenSlices": 4,
    "StationName": "GEHCGEHC",
    "TaskName": "verbs",
    "TotalReadoutTime": 0.023436,
    "dataset": "ds003481",
    "modality": "bold",
    "run_id": 5,
    "subject_id": "131",
    "task_id": "verbs"
  },
  "dummy_trs": 0,
  "dvars_nstd": 12.920259740173407,
  "dvars_std": 1.0768284020231211,
  "dvars_vstd": 1.008611339653179,
  "efc": 0.3252989138190469,
  "fber": 67245.4765625,
  "fd_mean": 0.05453445532007886,
  "fd_num": 1,
  "fd_perc": 0.5747126436781609,
  "fwhm_avg": 2.8680749999999997,
  "fwhm_x": 2.88705,
  "fwhm_y": 2.91175,
  "fwhm_z": 2.805425,
  "gcor": 0.0943663,
  "gsr_x": -0.015253967605531216,
  "gsr_y": 0.0015247119590640068,
  "provenance": {
    "md5sum": "7b28865a819217bd8acd5edc71ba8813",
    "settings": {
      "fd_thres": 0.2,
      "testing": false
    },
    "software": "mriqc",
    "version": "23.0.1",
    "webapi_port": null,
    "webapi_url": "https://mriqc.nimh.nih.gov/api/v1"
  },
  "size_t": 174,
  "size_x": 64,
  "size_y": 64,
  "size_z": 35,
  "snr": 3.0529426813148546,
  "spacing_tr": 2.0,
  "spacing_x": 4.0,
  "spacing_y": 4.0,
  "spacing_z": 4.0,
  "summary_bg_k": 64.28185489785866,
  "summary_bg_mad": 9.943659606314837,
  "summary_bg_mean": 30.699129104614258,
  "summary_bg_median": 7.626436710357666,
  "summary_bg_n": 105062.0,
  "summary_bg_p05": 0.32758620381355286,
  "summary_bg_p95": 133.0721214294432,
  "summary_bg_stdv": 83.7013168334961,
  "summary_fg_k": 1.654119512053784,
  "summary_fg_mad": 447.26011506260915,
  "summary_fg_mean": 1999.6947021484375,
  "summary_fg_median": 1847.2413330078125,
  "summary_fg_n": 11961.0,
  "summary_fg_p05": 1280.4080810546875,
  "summary_fg_p95": 3216.27001953125,
  "summary_fg_stdv": 605.0438232421875,
  "tsnr": 90.34427447011694
}