{
  "aor": 0.0023824712643678164,
  "aqi": 0.0014921984310344828,
  "bids_meta": {
    "AcquisitionMatrixPE": 64,
    "AcquisitionNumber": 1,
    "AcquisitionTime": "20:05:56.000000",
    "CoilString": "32Ch_Head",
    "ConversionSoftware": "dcm2niix",
    "ConversionSoftwareVersion": "v1.0.20190902",
    "Dcm2bidsVersion": "2.1.4",
    "DeviceSerialNumber": "000000000000GEHC",
    "EchoTime": 0.04,
    "EffectiveEchoSpacing": 0.000372,
    "FlipAngle": 90,
    "ImageOrientationPatientDICOM": [
      1,
      0,
      0,
      0,
      1,
      0
    ],
    "ImageType": [
      "ORIGINAL",
      "PRIMARY",
      "EPI",
      "NONE"
    ],
    "ImagingFrequency": 127.772,
    "InPlanePhaseEncodingDirectionDICOM": "COL",
    "InstitutionName": "INSTITUTO_DE_NEUROBIOLOGIA",
    "MRAcquisitionType": "2D",
    "MagneticFieldStrength": 3,
    "Manufacturer": "GE",
    "ManufacturersModelName": "DISCOVERY_MR750",
    "Modality": "MR",
    "PatientPosition": "HFS",
    "PercentPhaseFOV": 100,
    "PhaseEncodingDirection": "j",
    "PhaseEncodingPolarityGE": "Flipped",
    "PixelBandwidth": 7812.5,
    "ProcedureStepDescription": "verbos",
    "ProtocolName": "fMRI_7",
    "ReconMatrixPE": 64,
    "RepetitionTime": 2,
    "SAR": 0.356791,
    "ScanOptions": "EPI_GEMS_ACC_GEMS",
    "ScanningSequence": "EP_GR",
    "SequenceVariant": "SS",
    "SeriesDescription": "fMRI_7",
    "SeriesNumber": 10,
    "SliceThickness": 4,
    "SliceTiming": [
      0,
      1.0285,
      0.0571001,
      1.0857,
      0.1142,
      1.1428,
      0.1714,
      1.2,
      0.2285,
      1.2571,
      0.2857,
      1.3143,
      0.3428,
      1.3714,
      0.4,
      1.4286,
      0.4571,
      1.4857,
      0.5142,
      1.5428,
      0.5714,
      1.6,
      0.6285,
      1.6571,
      0.6857,
      1.7143,
      0.7428,
      1.7714,
      0.8,
      1.8285,
      0.8571,
      1.8857,
      0.9143,
      1.9428,
      0.9714
    ],
    "SoftwareVersions": "24_LX_MR_Software_release:DV24.0_R02_1607.b",
    "SpacingBetweenSlices": 4,
    "StationName": "GEHCGEHC",
    "TaskName": "verbs",
    "TotalReadoutTime": 0.023436,
    "dataset": "ds003481",
    "modality": "bold",
    "run_id": 7,
    "subject_id": "131",
    "task_id": "verbs"
  },
  "dummy_trs": 0,
  "dvars_nstd": 12.141546767398843,
  "dvars_std": 1.073034963930636,
  "dvars_vstd": 1.0094653259537572,
  "efc": 0.32615062147727186,
  "fber": 68096.28125,
  "fd_mean": 0.0605804138581833,
  "fd_num": 7,
  "fd_perc": 4.022988505747127,
  "fwhm_avg": 2.962475,
  "fwhm_x": 2.97255,
  "fwhm_y": 3.0124,
  "fwhm_z": 2.902475,
  "gcor": 0.0943641,
  "gsr_x": -0.015294220298528671,
  "gsr_y": 0.0015515662962570786,
  "provenance": {
    "md5sum": "2bac0d921d27081bc2c027d06e7479b2",
    "settings": {
      "fd_thres": 0.2,
      "testing": false
    },
    "software": "mriqc",
    "version": "23.0.1",
    "webapi_port": null,
    "webapi_url": "https://mriqc.nimh.nih.gov/api/v1"
  },
  "size_t": 174,
  "size_x": 64,
  "size_y": 64,
  "size_z": 35,
  "snr": 3.001122695933492,
  "spacing_tr": 2.0,
  "spacing_x": 4.0,
  "spacing_y": 4.0,
  "spacing_z": 4.0,
  "summary_bg_k": 60.88269341451247,
  "summary_bg_mad": 10.003304216395712,
  "summary_bg_mean": 31.240114212036133,
  "summary_bg_median": 7.649425029754639,
  "summary_bg_n": 105031.0,
  "summary_bg_p05": 0.2931034564971924,
  "summary_bg_p95": 137.8850555419922,
  "summary_bg_stdv": 84.3769760131836,
  "summary_fg_k": 1.5863889058935898,
  "summary_fg_mad": 468.71549750936686,
  "summary_fg_mean": 2015.696533203125,
  "summary_fg_median": 1860.22412109375,
  "summary_fg_n": 12019.0,
  "summary_fg_p05": 1285.035107421875,
  "summary_fg_p95": 3255.5488037109376,
  "summary_fg_stdv": 619.8169555664062,
  "tsnr": 96.64157845824957
}