{
  "bids_meta": {
    "AcquisitionDateTime": "2016-05-03T21:16:50.000000",
    "ConversionSoftware": "dcm2niix",
    "ConversionSoftwareVersion": "v1.0.20170411 GCC4.8.4",
    "EchoTime": 0.00318,
    "FlipAngle": 12,
    "ImageType": [
      "DERIVED",
      "PRIMARY",
      "OTHER"
    ],
    "InversionTime": 0.45,
    "MagneticFieldStrength": 3,
    "Manufacturer": "GE",
    "ManufacturersModelName": "DISCOVERY_MR750",
    "ProcedureStepDescription": "ActosHabla",
    "ProtocolName": "PU:Sag_T1_FSPGR_BRAVO",
    "RepetitionTime": 0.008156,
    "ScanningSequence": "GR",
    "SequenceVariant": "SS_SP_SK",
    "SeriesDescription": "PU:Sag_T1_FSPGR_BRAVO",
    "dataset": "ds003481",
    "modality": "T1w",
    "subject_id": "004"
  },
  "cjv": 0.328102075165266,
  "cnr": 4.09406278359851,
  "efc": 0.731936725890768,
  "fber": -1.0,
  "fwhm_avg": 3.8392633333333333,
  "fwhm_x": 3.79332,
  "fwhm_y": 4.1233,
  "fwhm_z": 3.60117,
  "icvs_csf": 0.20683344982743543,
  "icvs_gm": 0.455547246111022,
  "icvs_wm": 0.3376193040615426,
  "inu_med": 0.5545889735221863,
  "inu_range": 0.18987770974636087,
  "provenance": {
    "md5sum": "9223467e6f3b39b0198aa3a77dc93349",
    "settings": {
      "testing": false
    },
    "software": "mriqc",
    "version": "23.0.1",
    "warnings": {
      "large_rot_frame": true,
      "small_air_mask": true
    },
    "webapi_port": null,
    "webapi_url": "https://mriqc.nimh.nih.gov/api/v1"
  },
  "qi_1": 0.0,
  "qi_2": 0.002811040699447501,
  "rpve_csf": 26.580060072597387,
  "rpve_gm": 13.069166833969083,
  "rpve_wm": 19.8902757418314,
  "size_x": 176,
  "size_y": 256,
  "size_z": 256,
  "snr_csf": 2.693416727312048,
  "snr_gm": 10.681888871809285,
  "snr_total": 11.560913528333003,
  "snr_wm": 21.307434985877677,
  "snrd_csf": 17.55400083217811,
  "snrd_gm": 46.81706878194503,
  "snrd_total": 44.56521961269218,
  "snrd_wm": 69.32458922395341,
  "spacing_x": 1.0,
  "spacing_y": 1.0,
  "spacing_z": 1.0,
  "summary_bg_k": 37.297041902822954,
  "summary_bg_mad": 0.0,
  "summary_bg_mean": 4.554714421778403,
  "summary_bg_median": 0.0,
  "summary_bg_n": 240241.0,
  "summary_bg_p05": 0.0,
  "summary_bg_p95": 24.055391311645508,
  "summary_bg_stdv": 9.45027477161786,
  "summary_csf_k": 1.2614904900805755,
  "summary_csf_mad": 76.54979007564826,
  "summary_csf_mean": 262.40805149171445,
  "summary_csf_median": 253.2146453857422,
  "summary_csf_n": 30611.0,
  "summary_csf_p05": 120.33630374073982,
  "summary_csf_p95": 436.00396752357483,
  "summary_csf_stdv": 94.01089210478544,
  "summary_gm_k": 0.24551833009071755,
  "summary_gm_mad": 61.12251437457892,
  "summary_gm_mean": 675.2203967446819,
  "summary_gm_median": 675.3313722014427,
  "summary_gm_n": 48689.0,
  "summary_gm_p05": 571.3155436515808,
  "summary_gm_p95": 779.4500692009925,
  "summary_gm_stdv": 63.221443802382666,
  "summary_wm_k": 0.4624421613220635,
  "summary_wm_mad": 45.40194445866035,
  "summary_wm_mean": 1000.1577440139235,
  "summary_wm_median": 1000.000025331974,
  "summary_wm_n": 183889.0,
  "summary_wm_p05": 923.6795486211777,
  "summary_wm_p95": 1076.9535386562347,
  "summary_wm_stdv": 46.93184829424121,
  "tpm_overlap_csf": 0.159055416671407,
  "tpm_overlap_gm": 0.473766754116346,
  "tpm_overlap_wm": 0.5075595342172271,
  "wm2max": 0.4738114877024595
}