{
  "aor": 0.0006154724409448818,
  "aqi": 0.0012694221456692914,
  "bids_meta": {
    "AcquisitionDateTime": "2016-11-14T19:22:15.000000",
    "ConversionSoftware": "dcm2niix",
    "ConversionSoftwareVersion": "v1.0.20170411 GCC4.8.4",
    "EchoTime": 0.04,
    "FlipAngle": 90,
    "ImageType": [
      "ORIGINAL",
      "PRIMARY",
      "EPI",
      "NONE"
    ],
    "MagneticFieldStrength": 3,
    "Manufacturer": "GE",
    "ManufacturersModelName": "DISCOVERY_MR750",
    "ProtocolName": "fMRI_ActosHabla_2",
    "RepetitionTime": 2,
    "ScanningSequence": "EP_GR",
    "SequenceVariant": "SS",
    "SeriesDescription": "fMRI_ActosHabla_2",
    "SliceTiming": [
      0,
      1.0285,
      0.0571001,
      1.0857,
      0.1142,
      1.1428,
      0.1714,
      1.2,
      0.2285,
      1.2571,
      0.2857,
      1.3143,
      0.3428,
      1.3714,
      0.4,
      1.4286,
      0.4571,
      1.4857,
      0.5142,
      1.5428,
      0.5714,
      1.6,
      0.6285,
      1.6571,
      0.6857,
      1.7143,
      0.7428,
      1.7714,
      0.8,
      1.8285,
      0.8571,
      1.8857,
      0.9143,
      1.9428,
      0.9714
    ],
    "TaskName": "sar",
    "dataset": "ds003481",
    "modality": "bold",
    "run_id": 2,
    "subject_id": "011",
    "task_id": "sar"
  },
  "dummy_trs": 0,
  "dvars_nstd": 13.566188141264819,
  "dvars_std": 1.0871398512648232,
  "dvars_vstd": 0.9925034018972339,
  "efc": 0.3483485951371163,
  "fber": 44032.859375,
  "fd_mean": 0.03932643668775222,
  "fd_num": 0,
  "fd_perc": 0.0,
  "fwhm_avg": 2.6457,
  "fwhm_x": 2.602475,
  "fwhm_y": 2.764825,
  "fwhm_z": 2.5698,
  "gcor": 0.031085,
  "gsr_x": -0.0016076092142611742,
  "gsr_y": -0.008276700973510742,
  "provenance": {
    "md5sum": "94f7be19006a86483543c4b616be7aee",
    "settings": {
      "fd_thres": 0.2,
      "testing": false
    },
    "software": "mriqc",
    "version": "23.0.1",
    "webapi_port": null,
    "webapi_url": "https://mriqc.nimh.nih.gov/api/v1"
  },
  "size_t": 254,
  "size_x": 64,
  "size_y": 64,
  "size_z": 35,
  "snr": 3.5255483776334566,
  "spacing_tr": 2.0,
  "spacing_x": 4.0,
  "spacing_y": 4.0,
  "spacing_z": 4.0,
  "summary_bg_k": 56.10525011304926,
  "summary_bg_mad": 12.024253604924478,
  "summary_bg_mean": 33.78262710571289,
  "summary_bg_median": 8.850393295288086,
  "summary_bg_n": 103015.0,
  "summary_bg_p05": 0.19685038924217224,
  "summary_bg_p95": 141.4763793945308,
  "summary_bg_stdv": 78.98826599121094,
  "summary_fg_k": 0.20110404495984646,
  "summary_fg_mad": 464.4689425221823,
  "summary_fg_mean": 1829.6181640625,
  "summary_fg_median": 1778.720458984375,
  "summary_fg_n": 13149.0,
  "summary_fg_p05": 1072.831494140625,
  "summary_fg_p95": 2755.492871093749,
  "summary_fg_stdv": 504.5038757324219,
  "tsnr": 93.36556998174638
}