{
  "aor": 0.0012171363636363636,
  "aqi": 0.0013672266090909093,
  "bids_meta": {
    "AcquisitionDateTime": "2017-01-10T18:51:37.000000",
    "ConversionSoftware": "dcm2niix",
    "ConversionSoftwareVersion": "v1.0.20170411 GCC4.8.4",
    "EchoTime": 0.04,
    "FlipAngle": 90,
    "ImageType": [
      "ORIGINAL",
      "PRIMARY",
      "EPI",
      "NONE"
    ],
    "MagneticFieldStrength": 3,
    "Manufacturer": "GE",
    "ManufacturersModelName": "DISCOVERY_MR750",
    "ProcedureStepDescription": "CompRefranes",
    "ProtocolName": "fMRI_Comprension_4",
    "RepetitionTime": 2,
    "ScanningSequence": "EP_GR",
    "SequenceVariant": "SS",
    "SeriesDescription": "fMRI_Comprension_4",
    "SliceTiming": [
      1.0285,
      0.0571001,
      1.0857,
      0.1142,
      1.1428,
      0.1714,
      1.2,
      0.2285,
      1.2571,
      0.2857,
      1.3143,
      0.3428,
      1.3714,
      0.4,
      1.4286,
      0.4571,
      1.4857,
      0.5142,
      1.5428,
      0.5714,
      1.6,
      0.6285,
      1.6571,
      0.6857,
      1.7143,
      0.7428,
      1.7714,
      0.8,
      1.8285,
      0.8571,
      1.8857,
      0.9143,
      1.9428,
      0.9714
    ],
    "TaskName": "pc",
    "dataset": "ds003481",
    "modality": "bold",
    "run_id": 4,
    "subject_id": "051",
    "task_id": "pc"
  },
  "dummy_trs": 0,
  "dvars_nstd": 15.401836882922375,
  "dvars_std": 1.1510801584474886,
  "dvars_vstd": 1.0010908953424658,
  "efc": 0.34772220079766253,
  "fber": 84158.9296875,
  "fd_mean": 0.05439482779366478,
  "fd_num": 0,
  "fd_perc": 0.0,
  "fwhm_avg": 2.7444333333333333,
  "fwhm_x": 2.710975,
  "fwhm_y": 2.78075,
  "fwhm_z": 2.741575,
  "gcor": 0.0311996,
  "gsr_x": -0.00983593612909317,
  "gsr_y": 0.0013436262961477041,
  "provenance": {
    "md5sum": "10f82a5818abaeac4699a92a1028cce9",
    "settings": {
      "fd_thres": 0.2,
      "testing": false
    },
    "software": "mriqc",
    "version": "23.0.1",
    "webapi_port": null,
    "webapi_url": "https://mriqc.nimh.nih.gov/api/v1"
  },
  "size_t": 220,
  "size_x": 64,
  "size_y": 64,
  "size_z": 34,
  "snr": 3.409729801932388,
  "spacing_tr": 2.0,
  "spacing_x": 4.0,
  "spacing_y": 4.0,
  "spacing_z": 4.0,
  "summary_bg_k": 103.53149919370401,
  "summary_bg_mad": 8.626048953976762,
  "summary_bg_mean": 28.550235748291016,
  "summary_bg_median": 6.236363410949707,
  "summary_bg_n": 98877.0,
  "summary_bg_p05": 0.07727272808551788,
  "summary_bg_p95": 121.34545135498047,
  "summary_bg_stdv": 86.66342163085938,
  "summary_fg_k": 0.5025560954859962,
  "summary_fg_mad": 455.0846785776081,
  "summary_fg_mean": 1778.1473388671875,
  "summary_fg_median": 1699.47265625,
  "summary_fg_n": 13437.0,
  "summary_fg_p05": 1087.763623046875,
  "summary_fg_p95": 2716.65166015625,
  "summary_fg_stdv": 498.4000244140625,
  "tsnr": 97.59673352108803
}