{
  "aor": 0.0010637974683544303,
  "aqi": 0.0014840582869198311,
  "bids_meta": {
    "AcquisitionDateTime": "2017-01-10T18:33:31.000000",
    "ConversionSoftware": "dcm2niix",
    "ConversionSoftwareVersion": "v1.0.20170411 GCC4.8.4",
    "EchoTime": 0.04,
    "FlipAngle": 90,
    "ImageType": [
      "ORIGINAL",
      "PRIMARY",
      "EPI",
      "NONE"
    ],
    "MagneticFieldStrength": 3,
    "Manufacturer": "GE",
    "ManufacturersModelName": "DISCOVERY_MR750",
    "ProcedureStepDescription": "CompRefranes",
    "ProtocolName": "fMRI_Comprension_2",
    "RepetitionTime": 2,
    "ScanningSequence": "EP_GR",
    "SequenceVariant": "SS",
    "SeriesDescription": "fMRI_Comprension_2",
    "SliceTiming": [
      1.0285,
      0.0571001,
      1.0857,
      0.1142,
      1.1428,
      0.1714,
      1.2,
      0.2285,
      1.2571,
      0.2857,
      1.3143,
      0.3428,
      1.3714,
      0.4,
      1.4286,
      0.4571,
      1.4857,
      0.5142,
      1.5428,
      0.5714,
      1.6,
      0.6285,
      1.6571,
      0.6857,
      1.7143,
      0.7428,
      1.7714,
      0.8,
      1.8285,
      0.8571,
      1.8857,
      0.9143,
      1.9428,
      0.9714
    ],
    "TaskName": "pc",
    "dataset": "ds003481",
    "modality": "bold",
    "run_id": 2,
    "subject_id": "051",
    "task_id": "pc"
  },
  "dummy_trs": 0,
  "dvars_nstd": 15.248239424364405,
  "dvars_std": 1.1282419167796616,
  "dvars_vstd": 0.9968700113983058,
  "efc": 0.3461257041493411,
  "fber": 83816.890625,
  "fd_mean": 0.05743343245454351,
  "fd_num": 1,
  "fd_perc": 0.4219409282700422,
  "fwhm_avg": 2.7180249999999995,
  "fwhm_x": 2.683825,
  "fwhm_y": 2.7488,
  "fwhm_z": 2.72145,
  "gcor": 0.04307,
  "gsr_x": -0.009238602593541145,
  "gsr_y": 0.0007397682056762278,
  "provenance": {
    "md5sum": "3ca82ae398b24a98fc772c82aff50d24",
    "settings": {
      "fd_thres": 0.2,
      "testing": false
    },
    "software": "mriqc",
    "version": "23.0.1",
    "webapi_port": null,
    "webapi_url": "https://mriqc.nimh.nih.gov/api/v1"
  },
  "size_t": 237,
  "size_x": 64,
  "size_y": 64,
  "size_z": 34,
  "snr": 3.40785663051175,
  "spacing_tr": 2.0,
  "spacing_x": 4.0,
  "spacing_y": 4.0,
  "spacing_z": 4.0,
  "summary_bg_k": 100.96294403084262,
  "summary_bg_mad": 8.607850084773554,
  "summary_bg_mean": 28.009273529052734,
  "summary_bg_median": 6.227847576141357,
  "summary_bg_n": 98968.0,
  "summary_bg_p05": 0.08016876876354218,
  "summary_bg_p95": 116.63796691894511,
  "summary_bg_stdv": 84.80316162109375,
  "summary_fg_k": 0.5934407345726127,
  "summary_fg_mad": 453.7637835224612,
  "summary_fg_mean": 1783.4398193359375,
  "summary_fg_median": 1701.84375,
  "summary_fg_n": 13304.0,
  "summary_fg_p05": 1095.9231384277343,
  "summary_fg_p95": 2727.1090942382793,
  "summary_fg_stdv": 499.3695373535156,
  "tsnr": 90.51664262718987
}