{
  "bids_meta": {
    "AcquisitionMatrixPE": 256,
    "AcquisitionNumber": 1,
    "AcquisitionTime": "20:36:1.000000",
    "CoilString": "32Ch_Head",
    "ConversionSoftware": "dcm2niix",
    "ConversionSoftwareVersion": "v1.0.20190902",
    "Dcm2bidsVersion": "2.1.4",
    "DeviceSerialNumber": "000000000000GEHC",
    "EchoTime": 0.00318,
    "FlipAngle": 12,
    "ImageOrientationPatientDICOM": [
      0,
      1,
      0,
      0,
      0,
      -1
    ],
    "ImageType": [
      "ORIGINAL",
      "PRIMARY",
      "OTHER"
    ],
    "ImagingFrequency": 127.772,
    "InPlanePhaseEncodingDirectionDICOM": "ROW",
    "InstitutionName": "INSTITUTO_DE_NEUROBIOLOGIA",
    "InversionTime": 0.45,
    "MRAcquisitionType": "3D",
    "MagneticFieldStrength": 3,
    "Manufacturer": "GE",
    "ManufacturersModelName": "DISCOVERY_MR750",
    "Modality": "MR",
    "PatientPosition": "HFS",
    "PercentPhaseFOV": 100,
    "PixelBandwidth": 244.141,
    "ProcedureStepDescription": "verbos",
    "ProtocolName": "Sag_T1_FSPGR_BRAVO",
    "ReconMatrixPE": 256,
    "RepetitionTime": 0.008156,
    "SAR": 0.225151,
    "ScanOptions": "FAST_GEMS_EDR_GEMS_FILTERED_GEMS_ACC_GEMS",
    "ScanningSequence": "GR",
    "SequenceVariant": "SS_SP_SK",
    "SeriesDescription": "Sag_T1_FSPGR_BRAVO",
    "SeriesNumber": 12,
    "SliceThickness": 1,
    "SoftwareVersions": "24_LX_MR_Software_release:DV24.0_R02_1607.b",
    "SpacingBetweenSlices": 1,
    "StationName": "GEHCGEHC",
    "dataset": "ds003481",
    "modality": "T1w",
    "subject_id": "130"
  },
  "cjv": 0.3458474796890528,
  "cnr": 3.9367463683703177,
  "efc": 0.5009943682735777,
  "fber": -1.0,
  "fwhm_avg": 4.42034,
  "fwhm_x": 4.43512,
  "fwhm_y": 4.61028,
  "fwhm_z": 4.21562,
  "icvs_csf": 0.2159704742851234,
  "icvs_gm": 0.44299961382845027,
  "icvs_wm": 0.34102991188642634,
  "inu_med": 0.7429932951927185,
  "inu_range": 0.601746678352356,
  "provenance": {
    "md5sum": "d9f73c6438ca8aa3023b5aa8a550b327",
    "settings": {
      "testing": false
    },
    "software": "mriqc",
    "version": "23.0.1",
    "warnings": {
      "large_rot_frame": true,
      "small_air_mask": false
    },
    "webapi_port": null,
    "webapi_url": "https://mriqc.nimh.nih.gov/api/v1"
  },
  "qi_1": 1.1991986155385228e-05,
  "qi_2": 0.003389773944486803,
  "rpve_csf": 24.798830829410136,
  "rpve_gm": 12.65880949575217,
  "rpve_wm": 18.414326463380338,
  "size_x": 176,
  "size_y": 256,
  "size_z": 256,
  "snr_csf": 2.767429715815146,
  "snr_gm": 12.49976318785887,
  "snr_total": 12.751832823133094,
  "snr_wm": 22.988305565725266,
  "snrd_csf": 14.320291840629102,
  "snrd_gm": 36.889985842641885,
  "snrd_total": 34.311994770150385,
  "snrd_wm": 51.72570662718015,
  "spacing_x": 1.0,
  "spacing_y": 1.0,
  "spacing_z": 1.0,
  "summary_bg_k": 10.298746283101547,
  "summary_bg_mad": 0.0,
  "summary_bg_mean": 7.423005028150293,
  "summary_bg_median": 0.0,
  "summary_bg_n": 3387783.0,
  "summary_bg_p05": 0.0,
  "summary_bg_p95": 34.55893111228943,
  "summary_bg_stdv": 12.66620776494678,
  "summary_csf_k": 1.4205286816599099,
  "summary_csf_mad": 77.72908238058015,
  "summary_csf_mean": 284.41498287209225,
  "summary_csf_median": 276.86416402459145,
  "summary_csf_n": 40792.0,
  "summary_csf_p05": 127.43605847656727,
  "summary_csf_p95": 469.5400228537619,
  "summary_csf_stdv": 100.04256614468115,
  "summary_gm_k": 0.02260075717804222,
  "summary_gm_mad": 57.35067126956663,
  "summary_gm_mean": 713.1199914450318,
  "summary_gm_median": 713.21975870803,
  "summary_gm_n": 41565.0,
  "summary_gm_p05": 619.5081117004156,
  "summary_gm_p95": 806.0379788033662,
  "summary_gm_stdv": 57.05797528851714,
  "summary_wm_k": 0.5564307891199931,
  "summary_wm_mad": 41.84852281725992,
  "summary_wm_mean": 1001.065192117579,
  "summary_wm_median": 1000.0490690618753,
  "summary_wm_n": 197733.0,
  "summary_wm_p05": 931.5202795267105,
  "summary_wm_p95": 1073.2904401123524,
  "summary_wm_stdv": 43.50240331602535,
  "tpm_overlap_csf": 0.14158909591558705,
  "tpm_overlap_gm": 0.47545107254736557,
  "tpm_overlap_wm": 0.5179963148608036,
  "wm2max": 0.4067674913065998
}