{
  "bids_meta": {
    "AcquisitionMatrixPE": 256,
    "AcquisitionNumber": 1,
    "AcquisitionTime": "20:11:21.000000",
    "BodyPartExamined": "HEAD",
    "CoilString": "32Ch_Head",
    "ConversionSoftware": "dcm2niix",
    "ConversionSoftwareVersion": "v1.0.20181125  (JP2:OpenJPEG) GCC7.3.0",
    "DeviceSerialNumber": "0002806034DVR750",
    "EchoTime": 0.003192,
    "FlipAngle": 12,
    "ImageOrientationPatientDICOM": [
      0,
      1,
      0,
      0,
      0,
      -1
    ],
    "ImageType": [
      "ORIGINAL",
      "PRIMARY",
      "OTHER"
    ],
    "ImagingFrequency": 127.772,
    "InPlanePhaseEncodingDirectionDICOM": "ROW",
    "InstitutionName": "INSTITUTO_DE_NEUROBIOLOGIA",
    "InversionTime": 0.45,
    "MRAcquisitionType": "3D",
    "MagneticFieldStrength": 3,
    "Manufacturer": "GE",
    "ManufacturersModelName": "DISCOVERY_MR750",
    "Modality": "MR",
    "PatientPosition": "HFS",
    "PercentPhaseFOV": 100,
    "PixelBandwidth": 244.141,
    "ProcedureStepDescription": "Emociones_AH",
    "ProtocolName": "Sag_T1_FSPGR_BRAVO",
    "ReconMatrixPE": 256,
    "RepetitionTime": 0.008184,
    "SAR": 0.113369,
    "ScanOptions": "FAST_GEMS_EDR_GEMS_FILTERED_GEMS_ACC_GEMS_IR_GEMS",
    "ScanningSequence": "GR",
    "SequenceVariant": "SS_SP_SK",
    "SeriesDescription": "Sag_T1_FSPGR_BRAVO",
    "SeriesNumber": 9,
    "SliceThickness": 1,
    "SoftwareVersions": "27_LX_MR_Software_release:DV26.0_R02_1810.b",
    "SpacingBetweenSlices": 1,
    "StationName": "GEHCGEHC",
    "dataset": "ds003481",
    "modality": "T1w",
    "subject_id": "032"
  },
  "cjv": 0.34396125343209444,
  "cnr": 3.9427135221354828,
  "efc": 0.5928000672112739,
  "fber": -1.0,
  "fwhm_avg": 3.546533333333333,
  "fwhm_x": 3.57973,
  "fwhm_y": 3.71712,
  "fwhm_z": 3.34275,
  "icvs_csf": 0.22176755563861547,
  "icvs_gm": 0.4495857962909128,
  "icvs_wm": 0.3286466480704717,
  "inu_med": 0.4825113117694855,
  "inu_range": 0.10442607402801507,
  "provenance": {
    "md5sum": "4ee4bfc085c05f751c0a7411f8798e3c",
    "settings": {
      "testing": false
    },
    "software": "mriqc",
    "version": "23.0.1",
    "warnings": {
      "large_rot_frame": true,
      "small_air_mask": false
    },
    "webapi_port": null,
    "webapi_url": "https://mriqc.nimh.nih.gov/api/v1"
  },
  "qi_1": 0.0,
  "qi_2": 0.0014647846086141537,
  "rpve_csf": 23.875767660622632,
  "rpve_gm": 12.343558056008606,
  "rpve_wm": 18.84013963384756,
  "size_x": 176,
  "size_y": 256,
  "size_z": 256,
  "snr_csf": 3.2092159093678405,
  "snr_gm": 11.417193877320795,
  "snr_total": 11.643329520607148,
  "snr_wm": 20.303578775132806,
  "snrd_csf": 15.316534012437996,
  "snrd_gm": 39.33363877390012,
  "snrd_total": 37.23371230323982,
  "snrd_wm": 57.050964123381334,
  "spacing_x": 1.0,
  "spacing_y": 1.0,
  "spacing_z": 1.0,
  "summary_bg_k": 10.594682766914113,
  "summary_bg_mad": 0.0,
  "summary_bg_mean": 6.645338357278878,
  "summary_bg_median": 0.0,
  "summary_bg_n": 2001895.0,
  "summary_bg_p05": 0.0,
  "summary_bg_p95": 30.933812856674194,
  "summary_bg_stdv": 11.483723106009007,
  "summary_csf_k": 1.6936035107088507,
  "summary_csf_mad": 67.45615194814259,
  "summary_csf_mean": 270.0691202479747,
  "summary_csf_median": 268.47971741855145,
  "summary_csf_n": 50748.0,
  "summary_csf_p05": 136.21672268714758,
  "summary_csf_p95": 413.39496383555195,
  "summary_csf_stdv": 83.65815194833417,
  "summary_gm_k": 0.18116655054108177,
  "summary_gm_mad": 58.952472736549545,
  "summary_gm_mean": 688.847479814401,
  "summary_gm_median": 689.4695767648518,
  "summary_gm_n": 36945.0,
  "summary_gm_p05": 588.580235041678,
  "summary_gm_p95": 786.711306388676,
  "summary_gm_stdv": 60.387889798768406,
  "summary_wm_k": 0.32490288648613186,
  "summary_wm_mad": 47.8690256742485,
  "summary_wm_mean": 1001.607337029752,
  "summary_wm_median": 1000.0321687571704,
  "summary_wm_n": 184306.0,
  "summary_wm_p05": 923.7932091541588,
  "summary_wm_p95": 1084.9068177826703,
  "summary_wm_stdv": 49.25385159247679,
  "tpm_overlap_csf": 0.16474936726110628,
  "tpm_overlap_gm": 0.4565455446443077,
  "tpm_overlap_wm": 0.49458656955171965,
  "wm2max": 0.5259991186739432
}