{
  "bids_meta": {
    "AcquisitionMatrixPE": 256,
    "AcquisitionNumber": 1,
    "AcquisitionTime": "20:12:12.000000",
    "BodyPartExamined": "HEAD",
    "CoilString": "32Ch_Head",
    "ConversionSoftware": "dcm2niix",
    "ConversionSoftwareVersion": "v1.0.20181125  (JP2:OpenJPEG) GCC7.3.0",
    "DeviceSerialNumber": "0002806034DVR750",
    "EchoTime": 0.003192,
    "FlipAngle": 12,
    "ImageOrientationPatientDICOM": [
      0,
      1,
      0,
      0,
      0,
      -1
    ],
    "ImageType": [
      "ORIGINAL",
      "PRIMARY",
      "OTHER"
    ],
    "ImagingFrequency": 127.772,
    "InPlanePhaseEncodingDirectionDICOM": "ROW",
    "InstitutionName": "INSTITUTO_DE_NEUROBIOLOGIA",
    "InversionTime": 0.45,
    "MRAcquisitionType": "3D",
    "MagneticFieldStrength": 3,
    "Manufacturer": "GE",
    "ManufacturersModelName": "DISCOVERY_MR750",
    "Modality": "MR",
    "PatientPosition": "HFS",
    "PercentPhaseFOV": 100,
    "PixelBandwidth": 244.141,
    "ProcedureStepDescription": "Emociones_AH",
    "ProtocolName": "Sag_T1_FSPGR_BRAVO",
    "ReconMatrixPE": 256,
    "RepetitionTime": 0.008184,
    "SAR": 0.148077,
    "ScanOptions": "FAST_GEMS_EDR_GEMS_FILTERED_GEMS_ACC_GEMS_IR_GEMS",
    "ScanningSequence": "GR",
    "SequenceVariant": "SS_SP_SK",
    "SeriesDescription": "Sag_T1_FSPGR_BRAVO",
    "SeriesNumber": 9,
    "SliceThickness": 1,
    "SoftwareVersions": "27_LX_MR_Software_release:DV26.0_R02_1810.b",
    "SpacingBetweenSlices": 1,
    "StationName": "GEHCGEHC",
    "dataset": "ds003481",
    "modality": "T1w",
    "subject_id": "040"
  },
  "cjv": 0.31166484245080034,
  "cnr": 4.249175699193602,
  "efc": 0.6634868967760162,
  "fber": 21994.605901236253,
  "fwhm_avg": 3.83648,
  "fwhm_x": 3.84474,
  "fwhm_y": 3.94524,
  "fwhm_z": 3.71946,
  "icvs_csf": 0.18823053748433533,
  "icvs_gm": 0.4699910585263416,
  "icvs_wm": 0.3417784039893231,
  "inu_med": 0.42072486877441406,
  "inu_range": 0.12645421028137205,
  "provenance": {
    "md5sum": "62bad949f2e28699cf8593ac9de98809",
    "settings": {
      "testing": false
    },
    "software": "mriqc",
    "version": "23.0.1",
    "warnings": {
      "large_rot_frame": true,
      "small_air_mask": false
    },
    "webapi_port": null,
    "webapi_url": "https://mriqc.nimh.nih.gov/api/v1"
  },
  "qi_1": 0.0,
  "qi_2": 0.001996934506641426,
  "rpve_csf": 25.103634235205913,
  "rpve_gm": 11.253248957592085,
  "rpve_wm": 17.26140441572104,
  "size_x": 176,
  "size_y": 256,
  "size_z": 256,
  "snr_csf": 2.6292132450691925,
  "snr_gm": 12.3983047483309,
  "snr_total": 12.797298051716638,
  "snr_wm": 23.364376161749824,
  "snrd_csf": 19.314474514763887,
  "snrd_gm": 47.75609841350053,
  "snrd_total": 45.19481018880068,
  "snrd_wm": 68.51385763813762,
  "spacing_x": 1.0,
  "spacing_y": 1.0,
  "spacing_z": 1.0,
  "summary_bg_k": 17.066835318345166,
  "summary_bg_mad": 0.0,
  "summary_bg_mean": 5.273791698694981,
  "summary_bg_median": 0.0,
  "summary_bg_n": 1364366.0,
  "summary_bg_p05": 0.0,
  "summary_bg_p95": 23.703181490302086,
  "summary_bg_stdv": 9.562100124292046,
  "summary_csf_k": 1.7081317556113067,
  "summary_csf_mad": 81.83379860895252,
  "summary_csf_mean": 291.1704148160723,
  "summary_csf_median": 281.90608727931976,
  "summary_csf_n": 29942.0,
  "summary_csf_p05": 123.01740185916424,
  "summary_csf_p95": 488.8288831423965,
  "summary_csf_stdv": 107.21891053632305,
  "summary_gm_k": 0.2815821741631068,
  "summary_gm_mad": 54.69490585587206,
  "summary_gm_mean": 696.4554779965356,
  "summary_gm_median": 697.0282746851444,
  "summary_gm_n": 54777.0,
  "summary_gm_p05": 602.9540751501918,
  "summary_gm_p95": 786.8823232129216,
  "summary_gm_stdv": 56.219130468828986,
  "summary_wm_k": 0.868396579668476,
  "summary_wm_mad": 39.730713309985234,
  "summary_wm_mean": 1000.705886479299,
  "summary_wm_median": 999.9999490752816,
  "summary_wm_n": 212461.0,
  "summary_wm_p05": 932.055517859757,
  "summary_wm_p95": 1071.1446614712477,
  "summary_wm_stdv": 42.80009826826251,
  "tpm_overlap_csf": 0.15646558529838137,
  "tpm_overlap_gm": 0.48208196103800516,
  "tpm_overlap_wm": 0.5217675224775612,
  "wm2max": 0.5458838824256006
}