{
  "aor": 0.015694466666666667,
  "aqi": 0.0023125349700000002,
  "bids_meta": {
    "AcquisitionDateTime": "2016-10-08T10:17:20.000000",
    "ConversionSoftware": "dcm2niix",
    "ConversionSoftwareVersion": "v1.0.20170411 GCC4.8.4",
    "EchoTime": 0.04,
    "FlipAngle": 90,
    "ImageType": [
      "ORIGINAL",
      "PRIMARY",
      "EPI",
      "NONE"
    ],
    "MagneticFieldStrength": 3,
    "Manufacturer": "GE",
    "ManufacturersModelName": "DISCOVERY_MR750",
    "ProcedureStepDescription": "MeditResp",
    "ProtocolName": "fMRI_RestSt",
    "RepetitionTime": 2,
    "ScanningSequence": "EP_GR",
    "SequenceVariant": "SS",
    "SeriesDescription": "fMRI_RestSt",
    "SliceTiming": [
      1.0285,
      0.0571001,
      1.0857,
      0.1142,
      1.1428,
      0.1714,
      1.2,
      0.2285,
      1.2571,
      0.2857,
      1.3143,
      0.3428,
      1.3714,
      0.4,
      1.4286,
      0.4571,
      1.4857,
      0.5142,
      1.5428,
      0.5714,
      1.6,
      0.6285,
      1.6571,
      0.6857,
      1.7143,
      0.7428,
      1.7714,
      0.8,
      1.8285,
      0.8571,
      1.8857,
      0.9143,
      1.9428,
      0.9714
    ],
    "TaskName": "rest",
    "dataset": "ds003481",
    "modality": "bold",
    "subject_id": "105",
    "task_id": "rest"
  },
  "dummy_trs": 0,
  "dvars_nstd": 17.710981369030097,
  "dvars_std": 1.2912711799331107,
  "dvars_vstd": 1.1225140500668895,
  "efc": 0.3723341324945401,
  "fber": 103060.7109375,
  "fd_mean": 0.14523187899053713,
  "fd_num": 39,
  "fd_perc": 13.0,
  "fwhm_avg": 2.7876333333333334,
  "fwhm_x": 2.665775,
  "fwhm_y": 2.929325,
  "fwhm_z": 2.7678,
  "gcor": 0.0640765,
  "gsr_x": -0.006862543523311615,
  "gsr_y": 0.0031110886484384537,
  "provenance": {
    "md5sum": "817c1bff7075582ca4c2fcaffd2899a3",
    "settings": {
      "fd_thres": 0.2,
      "testing": false
    },
    "software": "mriqc",
    "version": "23.0.1",
    "webapi_port": null,
    "webapi_url": "https://mriqc.nimh.nih.gov/api/v1"
  },
  "size_t": 300,
  "size_x": 64,
  "size_y": 64,
  "size_z": 34,
  "snr": 3.2575076651764623,
  "spacing_tr": 2.0,
  "spacing_x": 4.0,
  "spacing_y": 4.0,
  "spacing_z": 4.0,
  "summary_bg_k": 79.23584269655548,
  "summary_bg_mad": 8.722643349720219,
  "summary_bg_mean": 36.08580780029297,
  "summary_bg_median": 6.28000020980835,
  "summary_bg_n": 95257.0,
  "summary_bg_p05": 0.09000000357627869,
  "summary_bg_p95": 170.6826751708984,
  "summary_bg_stdv": 107.87245178222656,
  "summary_fg_k": 0.6647606865055726,
  "summary_fg_mad": 574.0537336000118,
  "summary_fg_mean": 2052.406494140625,
  "summary_fg_median": 1962.1767578125,
  "summary_fg_n": 15231.0,
  "summary_fg_p05": 1189.9866943359375,
  "summary_fg_p95": 3139.0433349609375,
  "summary_fg_stdv": 602.33544921875,
  "tsnr": 68.38531151413918
}