{
  "bids_meta": {
    "AcquisitionDateTime": "2016-09-18T14:37:32.000000",
    "ConversionSoftware": "dcm2niix",
    "ConversionSoftwareVersion": "v1.0.20170411 GCC4.8.4",
    "EchoTime": 0.00318,
    "FlipAngle": 12,
    "ImageType": [
      "DERIVED",
      "PRIMARY",
      "OTHER"
    ],
    "InversionTime": 0.45,
    "MagneticFieldStrength": 3,
    "Manufacturer": "GE",
    "ManufacturersModelName": "DISCOVERY_MR750",
    "ProcedureStepDescription": "MeditResp",
    "ProtocolName": "PU:Sag_T1_FSPGR_BRAVO",
    "RepetitionTime": 0.008156,
    "ScanningSequence": "GR",
    "SequenceVariant": "SS_SP_SK",
    "SeriesDescription": "PU:Sag_T1_FSPGR_BRAVO",
    "dataset": "ds003481",
    "modality": "T1w",
    "subject_id": "107"
  },
  "cjv": 0.32008568209932065,
  "cnr": 4.170247705079539,
  "efc": 0.7010230562085771,
  "fber": 18473.71163665681,
  "fwhm_avg": 3.798973333333333,
  "fwhm_x": 3.84141,
  "fwhm_y": 3.97175,
  "fwhm_z": 3.58376,
  "icvs_csf": 0.21155020631399668,
  "icvs_gm": 0.45804911110115515,
  "icvs_wm": 0.33040068258484817,
  "inu_med": 0.42327164113521576,
  "inu_range": 0.0964304149150848,
  "provenance": {
    "md5sum": "b66e271417792979de2b8653ec86a72a",
    "settings": {
      "testing": false
    },
    "software": "mriqc",
    "version": "23.0.1",
    "warnings": {
      "large_rot_frame": true,
      "small_air_mask": false
    },
    "webapi_port": null,
    "webapi_url": "https://mriqc.nimh.nih.gov/api/v1"
  },
  "qi_1": 0.0,
  "qi_2": 0.0018439164925364525,
  "rpve_csf": 25.867101250708192,
  "rpve_gm": 12.828856750475147,
  "rpve_wm": 19.843229523750164,
  "size_x": 176,
  "size_y": 256,
  "size_z": 256,
  "snr_csf": 2.611223616338661,
  "snr_gm": 13.614661171578666,
  "snr_total": 13.527136932665117,
  "snr_wm": 24.355526010078023,
  "snrd_csf": 17.22939537739311,
  "snrd_gm": 39.90284004276084,
  "snrd_total": 37.590184576793874,
  "snrd_wm": 55.63831831022767,
  "spacing_x": 1.0,
  "spacing_y": 1.0,
  "spacing_z": 1.0,
  "summary_bg_k": 7.0050671290581885,
  "summary_bg_mad": 0.0,
  "summary_bg_mean": 6.893123438244757,
  "summary_bg_median": 0.0,
  "summary_bg_n": 400140.0,
  "summary_bg_p05": 0.0,
  "summary_bg_p95": 32.25286304950714,
  "summary_bg_stdv": 11.774913984574383,
  "summary_csf_k": 0.4931485338843773,
  "summary_csf_mad": 98.62496801511057,
  "summary_csf_mean": 309.8448459751706,
  "summary_csf_median": 309.66780135408044,
  "summary_csf_n": 27186.0,
  "summary_csf_p05": 96.4864556165412,
  "summary_csf_p95": 519.6540978457779,
  "summary_csf_stdv": 118.58888837013826,
  "summary_gm_k": 0.317662559727641,
  "summary_gm_mad": 50.89646076658585,
  "summary_gm_mean": 715.0903690181314,
  "summary_gm_median": 717.1827259846032,
  "summary_gm_n": 43774.0,
  "summary_gm_p05": 625.544278845191,
  "summary_gm_p95": 798.2321550240739,
  "summary_gm_stdv": 52.676634770373724,
  "summary_wm_k": 0.3977362849622996,
  "summary_wm_mad": 39.62930532970807,
  "summary_wm_mean": 1000.2015180348948,
  "summary_wm_median": 1000.0000188499689,
  "summary_wm_n": 175246.0,
  "summary_wm_p05": 933.276908416301,
  "summary_wm_p95": 1067.690715175122,
  "summary_wm_stdv": 41.058327596779876,
  "tpm_overlap_csf": 0.14521324715562514,
  "tpm_overlap_gm": 0.47628431874036387,
  "tpm_overlap_wm": 0.5041645474486843,
  "wm2max": 0.45008982198914876
}