{
  "aor": 0.0018205627705627707,
  "aqi": 0.0025566488311688307,
  "bids_meta": {
    "AcquisitionDateTime": "2017-01-13T17:46:1.000000",
    "ConversionSoftware": "dcm2niix",
    "ConversionSoftwareVersion": "v1.0.20170411 GCC4.8.4",
    "EchoTime": 0.04,
    "FlipAngle": 90,
    "ImageType": [
      "ORIGINAL",
      "PRIMARY",
      "EPI",
      "NONE"
    ],
    "MagneticFieldStrength": 3,
    "Manufacturer": "GE",
    "ManufacturersModelName": "DISCOVERY_MR750",
    "ProcedureStepDescription": "CompRefranes",
    "ProtocolName": "fMRI_Comprension_1",
    "RepetitionTime": 2,
    "ScanningSequence": "EP_GR",
    "SequenceVariant": "SS",
    "SeriesDescription": "fMRI_Comprension_1",
    "SliceTiming": [
      1.0285,
      0.0571001,
      1.0857,
      0.1142,
      1.1428,
      0.1714,
      1.2,
      0.2285,
      1.2571,
      0.2857,
      1.3143,
      0.3428,
      1.3714,
      0.4,
      1.4286,
      0.4571,
      1.4857,
      0.5142,
      1.5428,
      0.5714,
      1.6,
      0.6285,
      1.6571,
      0.6857,
      1.7143,
      0.7428,
      1.7714,
      0.8,
      1.8285,
      0.8571,
      1.8857,
      0.9143,
      1.9428,
      0.9714
    ],
    "TaskName": "pc",
    "dataset": "ds003481",
    "modality": "bold",
    "run_id": 1,
    "subject_id": "052",
    "task_id": "pc"
  },
  "dummy_trs": 0,
  "dvars_nstd": 19.636222109652177,
  "dvars_std": 1.166363357478261,
  "dvars_vstd": 0.9956000925652175,
  "efc": 0.3505836711685966,
  "fber": 96269.0703125,
  "fd_mean": 0.10165227731389376,
  "fd_num": 16,
  "fd_perc": 6.926406926406926,
  "fwhm_avg": 2.4921525,
  "fwhm_x": 2.3755625,
  "fwhm_y": 2.634025,
  "fwhm_z": 2.46687,
  "gcor": 0.0425043,
  "gsr_x": -0.016930151730775833,
  "gsr_y": 0.0036404903512448072,
  "provenance": {
    "md5sum": "92cdd332fe23e7f50ab5b239a4e33949",
    "settings": {
      "fd_thres": 0.2,
      "testing": false
    },
    "software": "mriqc",
    "version": "23.0.1",
    "webapi_port": null,
    "webapi_url": "https://mriqc.nimh.nih.gov/api/v1"
  },
  "size_t": 231,
  "size_x": 64,
  "size_y": 64,
  "size_z": 34,
  "snr": 4.0642460987222275,
  "spacing_tr": 2.0,
  "spacing_x": 4.0,
  "spacing_y": 4.0,
  "spacing_z": 4.0,
  "summary_bg_k": 73.35673225294947,
  "summary_bg_mad": 8.45275838638109,
  "summary_bg_mean": 26.590749740600586,
  "summary_bg_median": 6.251082420349121,
  "summary_bg_n": 98659.0,
  "summary_bg_p05": 0.14718614518642426,
  "summary_bg_p95": 110.7103866577148,
  "summary_bg_stdv": 77.0269546508789,
  "summary_fg_k": 0.5403812725141801,
  "summary_fg_mad": 408.06852443548655,
  "summary_fg_mean": 1856.5357666015625,
  "summary_fg_median": 1806.54541015625,
  "summary_fg_n": 13679.0,
  "summary_fg_p05": 1217.3986694335938,
  "summary_fg_p95": 2656.3467773437496,
  "summary_fg_stdv": 444.4808044433594,
  "tsnr": 76.86828412441537
}