{
  "aor": 0.001112819383259912,
  "aqi": 0.0022470885154185025,
  "bids_meta": {
    "AcquisitionDateTime": "2017-01-13T17:55:28.000000",
    "ConversionSoftware": "dcm2niix",
    "ConversionSoftwareVersion": "v1.0.20170411 GCC4.8.4",
    "EchoTime": 0.04,
    "FlipAngle": 90,
    "ImageType": [
      "ORIGINAL",
      "PRIMARY",
      "EPI",
      "NONE"
    ],
    "MagneticFieldStrength": 3,
    "Manufacturer": "GE",
    "ManufacturersModelName": "DISCOVERY_MR750",
    "ProcedureStepDescription": "CompRefranes",
    "ProtocolName": "fMRI_Comprension_2",
    "RepetitionTime": 2,
    "ScanningSequence": "EP_GR",
    "SequenceVariant": "SS",
    "SeriesDescription": "fMRI_Comprension_2",
    "SliceTiming": [
      1.0285,
      0.0571001,
      1.0857,
      0.1142,
      1.1428,
      0.1714,
      1.2,
      0.2285,
      1.2571,
      0.2857,
      1.3143,
      0.3428,
      1.3714,
      0.4,
      1.4286,
      0.4571,
      1.4857,
      0.5142,
      1.5428,
      0.5714,
      1.6,
      0.6285,
      1.6571,
      0.6857,
      1.7143,
      0.7428,
      1.7714,
      0.8,
      1.8285,
      0.8571,
      1.8857,
      0.9143,
      1.9428,
      0.9714
    ],
    "TaskName": "pc",
    "dataset": "ds003481",
    "modality": "bold",
    "run_id": 2,
    "subject_id": "052",
    "task_id": "pc"
  },
  "dummy_trs": 0,
  "dvars_nstd": 18.75072188491151,
  "dvars_std": 1.1680840160176995,
  "dvars_vstd": 0.9835011526991141,
  "efc": 0.3510641087573696,
  "fber": 97030.0625,
  "fd_mean": 0.09262390759086092,
  "fd_num": 9,
  "fd_perc": 3.9647577092511015,
  "fwhm_avg": 2.4499025,
  "fwhm_x": 2.3460675,
  "fwhm_y": 2.59935,
  "fwhm_z": 2.40429,
  "gcor": 0.0447439,
  "gsr_x": -0.016879983246326447,
  "gsr_y": 0.003982240799814463,
  "provenance": {
    "md5sum": "efe23be8027e6f0f7f700a3bf2e2f010",
    "settings": {
      "fd_thres": 0.2,
      "testing": false
    },
    "software": "mriqc",
    "version": "23.0.1",
    "webapi_port": null,
    "webapi_url": "https://mriqc.nimh.nih.gov/api/v1"
  },
  "size_t": 227,
  "size_x": 64,
  "size_y": 64,
  "size_z": 34,
  "snr": 4.144810775815645,
  "spacing_tr": 2.0,
  "spacing_x": 4.0,
  "spacing_y": 4.0,
  "spacing_z": 4.0,
  "summary_bg_k": 74.32155539277318,
  "summary_bg_mad": 8.471079603819637,
  "summary_bg_mean": 26.339643478393555,
  "summary_bg_median": 6.2466959953308105,
  "summary_bg_n": 98573.0,
  "summary_bg_p05": 0.1321585774421692,
  "summary_bg_p95": 108.89955749511711,
  "summary_bg_stdv": 75.23604583740234,
  "summary_fg_k": 0.5247608080620831,
  "summary_fg_mad": 406.1577194766264,
  "summary_fg_mean": 1864.6385498046875,
  "summary_fg_median": 1814.825927734375,
  "summary_fg_n": 13662.0,
  "summary_fg_p05": 1229.0673461914064,
  "summary_fg_p95": 2649.43702392578,
  "summary_fg_stdv": 437.83892822265625,
  "tsnr": 81.83634210610762
}