{
  "aor": 0.0008878735632183909,
  "aqi": 0.0013886117183908046,
  "bids_meta": {
    "AcquisitionMatrixPE": 64,
    "AcquisitionNumber": 1,
    "AcquisitionTime": "20:16:8.000000",
    "CoilString": "32Ch_Head",
    "ConversionSoftware": "dcm2niix",
    "ConversionSoftwareVersion": "v1.0.20190902",
    "Dcm2bidsVersion": "2.1.4",
    "DeviceSerialNumber": "000000000000GEHC",
    "EchoTime": 0.04,
    "EffectiveEchoSpacing": 0.000372,
    "FlipAngle": 90,
    "ImageOrientationPatientDICOM": [
      1,
      0,
      0,
      0,
      1,
      0
    ],
    "ImageType": [
      "ORIGINAL",
      "PRIMARY",
      "EPI",
      "NONE"
    ],
    "ImagingFrequency": 127.772,
    "InPlanePhaseEncodingDirectionDICOM": "COL",
    "InstitutionName": "INSTITUTO_DE_NEUROBIOLOGIA",
    "MRAcquisitionType": "2D",
    "MagneticFieldStrength": 3,
    "Manufacturer": "GE",
    "ManufacturersModelName": "DISCOVERY_MR750",
    "Modality": "MR",
    "PatientPosition": "HFS",
    "PercentPhaseFOV": 100,
    "PhaseEncodingDirection": "j",
    "PhaseEncodingPolarityGE": "Flipped",
    "PixelBandwidth": 7812.5,
    "ProcedureStepDescription": "verbos",
    "ProtocolName": "fMRI_2",
    "ReconMatrixPE": 64,
    "RepetitionTime": 2,
    "SAR": 0.376334,
    "ScanOptions": "EPI_GEMS_ACC_GEMS",
    "ScanningSequence": "EP_GR",
    "SequenceVariant": "SS",
    "SeriesDescription": "fMRI_2",
    "SeriesNumber": 5,
    "SliceThickness": 4,
    "SliceTiming": [
      0,
      1.0285,
      0.0571001,
      1.0857,
      0.1142,
      1.1428,
      0.1714,
      1.2,
      0.2285,
      1.2571,
      0.2857,
      1.3143,
      0.3428,
      1.3714,
      0.4,
      1.4286,
      0.4571,
      1.4857,
      0.5142,
      1.5428,
      0.5714,
      1.6,
      0.6285,
      1.6571,
      0.6857,
      1.7143,
      0.7428,
      1.7714,
      0.8,
      1.8285,
      0.8571,
      1.8857,
      0.9143,
      1.9428,
      0.9714
    ],
    "SoftwareVersions": "24_LX_MR_Software_release:DV24.0_R02_1607.b",
    "SpacingBetweenSlices": 4,
    "StationName": "GEHCGEHC",
    "TaskName": "verbs",
    "TotalReadoutTime": 0.023436,
    "dataset": "ds003481",
    "modality": "bold",
    "run_id": 2,
    "subject_id": "138",
    "task_id": "verbs"
  },
  "dummy_trs": 0,
  "dvars_nstd": 13.190816719537567,
  "dvars_std": 1.1445631271098267,
  "dvars_vstd": 0.988729804971098,
  "efc": 0.3745105421235882,
  "fber": 70107.765625,
  "fd_mean": 0.04245970179541175,
  "fd_num": 1,
  "fd_perc": 0.5747126436781609,
  "fwhm_avg": 2.745241666666667,
  "fwhm_x": 2.6793,
  "fwhm_y": 2.8685,
  "fwhm_z": 2.687925,
  "gcor": 0.0664859,
  "gsr_x": -0.00977892242372036,
  "gsr_y": 0.007430733181536198,
  "provenance": {
    "md5sum": "e4767b68abff687b6f93b473e3ade10f",
    "settings": {
      "fd_thres": 0.2,
      "testing": false
    },
    "software": "mriqc",
    "version": "23.0.1",
    "webapi_port": null,
    "webapi_url": "https://mriqc.nimh.nih.gov/api/v1"
  },
  "size_t": 174,
  "size_x": 64,
  "size_y": 64,
  "size_z": 35,
  "snr": 3.411262953629863,
  "spacing_tr": 2.0,
  "spacing_x": 4.0,
  "spacing_y": 4.0,
  "spacing_z": 4.0,
  "summary_bg_k": 88.31530507424245,
  "summary_bg_mad": 10.49750558921576,
  "summary_bg_mean": 39.13214111328125,
  "summary_bg_median": 7.362069129943848,
  "summary_bg_n": 98812.0,
  "summary_bg_p05": 0.04022988677024841,
  "summary_bg_p95": 166.486203765869,
  "summary_bg_stdv": 118.87174224853516,
  "summary_fg_k": 1.3291714919669424,
  "summary_fg_mad": 508.8563372375712,
  "summary_fg_mean": 1932.992431640625,
  "summary_fg_median": 1874.5919189453125,
  "summary_fg_n": 15667.0,
  "summary_fg_p05": 1162.304638671875,
  "summary_fg_p95": 2911.1046630859373,
  "summary_fg_stdv": 549.5126342773438,
  "tsnr": 93.25084649748169
}