{
  "aor": 0.0007493103448275862,
  "aqi": 0.0012210164942528738,
  "bids_meta": {
    "AcquisitionMatrixPE": 64,
    "AcquisitionNumber": 1,
    "AcquisitionTime": "20:52:27.000000",
    "CoilString": "32Ch_Head",
    "ConversionSoftware": "dcm2niix",
    "ConversionSoftwareVersion": "v1.0.20190902",
    "Dcm2bidsVersion": "2.1.4",
    "DeviceSerialNumber": "000000000000GEHC",
    "EchoTime": 0.04,
    "EffectiveEchoSpacing": 0.000372,
    "FlipAngle": 90,
    "ImageOrientationPatientDICOM": [
      1,
      0,
      0,
      0,
      1,
      0
    ],
    "ImageType": [
      "ORIGINAL",
      "PRIMARY",
      "EPI",
      "NONE"
    ],
    "ImagingFrequency": 127.772,
    "InPlanePhaseEncodingDirectionDICOM": "COL",
    "InstitutionName": "INSTITUTO_DE_NEUROBIOLOGIA",
    "MRAcquisitionType": "2D",
    "MagneticFieldStrength": 3,
    "Manufacturer": "GE",
    "ManufacturersModelName": "DISCOVERY_MR750",
    "Modality": "MR",
    "PatientPosition": "HFS",
    "PercentPhaseFOV": 100,
    "PhaseEncodingDirection": "j",
    "PhaseEncodingPolarityGE": "Flipped",
    "PixelBandwidth": 7812.5,
    "ProcedureStepDescription": "verbos",
    "ProtocolName": "fMRI_7",
    "ReconMatrixPE": 64,
    "RepetitionTime": 2,
    "SAR": 0.376334,
    "ScanOptions": "EPI_GEMS_ACC_GEMS",
    "ScanningSequence": "EP_GR",
    "SequenceVariant": "SS",
    "SeriesDescription": "fMRI_7",
    "SeriesNumber": 10,
    "SliceThickness": 4,
    "SliceTiming": [
      0,
      1.0285,
      0.0571001,
      1.0857,
      0.1142,
      1.1428,
      0.1714,
      1.2,
      0.2285,
      1.2571,
      0.2857,
      1.3143,
      0.3428,
      1.3714,
      0.4,
      1.4286,
      0.4571,
      1.4857,
      0.5142,
      1.5428,
      0.5714,
      1.6,
      0.6285,
      1.6571,
      0.6857,
      1.7143,
      0.7428,
      1.7714,
      0.8,
      1.8285,
      0.8571,
      1.8857,
      0.9143,
      1.9428,
      0.9714
    ],
    "SoftwareVersions": "24_LX_MR_Software_release:DV24.0_R02_1607.b",
    "SpacingBetweenSlices": 4,
    "StationName": "GEHCGEHC",
    "TaskName": "verbs",
    "TotalReadoutTime": 0.023436,
    "dataset": "ds003481",
    "modality": "bold",
    "run_id": 7,
    "subject_id": "138",
    "task_id": "verbs"
  },
  "dummy_trs": 0,
  "dvars_nstd": 11.801504647687857,
  "dvars_std": 1.1083536983815037,
  "dvars_vstd": 1.0010830202890173,
  "efc": 0.375060706277873,
  "fber": 72040.1875,
  "fd_mean": 0.034990089817744964,
  "fd_num": 0,
  "fd_perc": 0.0,
  "fwhm_avg": 2.7037833333333334,
  "fwhm_x": 2.61035,
  "fwhm_y": 2.842925,
  "fwhm_z": 2.658075,
  "gcor": 0.0447764,
  "gsr_x": -0.009580546990036964,
  "gsr_y": 0.00847696978598833,
  "provenance": {
    "md5sum": "7b9c6534578d12c8322ed65dbfeec005",
    "settings": {
      "fd_thres": 0.2,
      "testing": false
    },
    "software": "mriqc",
    "version": "23.0.1",
    "webapi_port": null,
    "webapi_url": "https://mriqc.nimh.nih.gov/api/v1"
  },
  "size_t": 174,
  "size_x": 64,
  "size_y": 64,
  "size_z": 35,
  "snr": 3.4847596515634667,
  "spacing_tr": 2.0,
  "spacing_x": 4.0,
  "spacing_y": 4.0,
  "spacing_z": 4.0,
  "summary_bg_k": 76.0296488235531,
  "summary_bg_mad": 10.531588299293384,
  "summary_bg_mean": 38.9271125793457,
  "summary_bg_median": 7.402298927307129,
  "summary_bg_n": 98812.0,
  "summary_bg_p05": 0.03448275849223137,
  "summary_bg_p95": 166.23390197753895,
  "summary_bg_stdv": 117.63026428222656,
  "summary_fg_k": 1.113575829543632,
  "summary_fg_mad": 513.7813926785127,
  "summary_fg_mean": 1952.65087890625,
  "summary_fg_median": 1900.4310302734375,
  "summary_fg_n": 15843.0,
  "summary_fg_p05": 1183.1298461914062,
  "summary_fg_p95": 2902.1994140624997,
  "summary_fg_stdv": 545.3377685546875,
  "tsnr": 105.8520496734418
}