{
  "aor": 0.0010724137931034483,
  "aqi": 0.0011551166896551722,
  "bids_meta": {
    "AcquisitionMatrixPE": 64,
    "AcquisitionNumber": 1,
    "AcquisitionTime": "20:08:54.000000",
    "CoilString": "32Ch_Head",
    "ConversionSoftware": "dcm2niix",
    "ConversionSoftwareVersion": "v1.0.20190902",
    "Dcm2bidsVersion": "2.1.4",
    "DeviceSerialNumber": "000000000000GEHC",
    "EchoTime": 0.04,
    "EffectiveEchoSpacing": 0.000372,
    "FlipAngle": 90,
    "ImageOrientationPatientDICOM": [
      1,
      0,
      0,
      0,
      1,
      0
    ],
    "ImageType": [
      "ORIGINAL",
      "PRIMARY",
      "EPI",
      "NONE"
    ],
    "ImagingFrequency": 127.772,
    "InPlanePhaseEncodingDirectionDICOM": "COL",
    "InstitutionName": "INSTITUTO_DE_NEUROBIOLOGIA",
    "MRAcquisitionType": "2D",
    "MagneticFieldStrength": 3,
    "Manufacturer": "GE",
    "ManufacturersModelName": "DISCOVERY_MR750",
    "Modality": "MR",
    "PatientPosition": "HFS",
    "PercentPhaseFOV": 100,
    "PhaseEncodingDirection": "j",
    "PhaseEncodingPolarityGE": "Flipped",
    "PixelBandwidth": 7812.5,
    "ProcedureStepDescription": "verbos",
    "ProtocolName": "fMRI_1",
    "ReconMatrixPE": 64,
    "RepetitionTime": 2,
    "SAR": 0.376334,
    "ScanOptions": "EPI_GEMS_ACC_GEMS",
    "ScanningSequence": "EP_GR",
    "SequenceVariant": "SS",
    "SeriesDescription": "fMRI_1",
    "SeriesNumber": 4,
    "SliceThickness": 4,
    "SliceTiming": [
      0,
      1.0285,
      0.0571001,
      1.0857,
      0.1142,
      1.1428,
      0.1714,
      1.2,
      0.2285,
      1.2571,
      0.2857,
      1.3143,
      0.3428,
      1.3714,
      0.4,
      1.4286,
      0.4571,
      1.4857,
      0.5142,
      1.5428,
      0.5714,
      1.6,
      0.6285,
      1.6571,
      0.6857,
      1.7143,
      0.7428,
      1.7714,
      0.8,
      1.8285,
      0.8571,
      1.8857,
      0.9143,
      1.9428,
      0.9714
    ],
    "SoftwareVersions": "24_LX_MR_Software_release:DV24.0_R02_1607.b",
    "SpacingBetweenSlices": 4,
    "StationName": "GEHCGEHC",
    "TaskName": "verbs",
    "TotalReadoutTime": 0.023436,
    "dataset": "ds003481",
    "modality": "bold",
    "run_id": 1,
    "subject_id": "138",
    "task_id": "verbs"
  },
  "dummy_trs": 0,
  "dvars_nstd": 13.903384826300572,
  "dvars_std": 1.200554586763006,
  "dvars_vstd": 0.996043621098266,
  "efc": 0.3733746422715552,
  "fber": 74531.59375,
  "fd_mean": 0.0371726080754421,
  "fd_num": 0,
  "fd_perc": 0.0,
  "fwhm_avg": 2.7011249999999998,
  "fwhm_x": 2.61455,
  "fwhm_y": 2.830475,
  "fwhm_z": 2.65835,
  "gcor": 0.0736666,
  "gsr_x": -0.008985284715890884,
  "gsr_y": 0.005761660169810057,
  "provenance": {
    "md5sum": "a54361762402811237dc72affe373db4",
    "settings": {
      "fd_thres": 0.2,
      "testing": false
    },
    "software": "mriqc",
    "version": "23.0.1",
    "webapi_port": null,
    "webapi_url": "https://mriqc.nimh.nih.gov/api/v1"
  },
  "size_t": 174,
  "size_x": 64,
  "size_y": 64,
  "size_z": 35,
  "snr": 3.4496710800599173,
  "spacing_tr": 2.0,
  "spacing_x": 4.0,
  "spacing_y": 4.0,
  "spacing_z": 4.0,
  "summary_bg_k": 93.19115624092933,
  "summary_bg_mad": 10.284487590790865,
  "summary_bg_mean": 38.568843841552734,
  "summary_bg_median": 7.224137783050537,
  "summary_bg_n": 98805.0,
  "summary_bg_p05": 0.03448275849223137,
  "summary_bg_p95": 163.54137268066313,
  "summary_bg_stdv": 119.57878112792969,
  "summary_fg_k": 1.3312302258817557,
  "summary_fg_mad": 505.88244567818595,
  "summary_fg_mean": 1952.0391845703125,
  "summary_fg_median": 1897.6322021484375,
  "summary_fg_n": 15697.0,
  "summary_fg_p05": 1173.0218017578125,
  "summary_fg_p95": 2921.812646484375,
  "summary_fg_stdv": 550.0732421875,
  "tsnr": 96.07927288860083
}