{
  "aor": 0.0006538505747126437,
  "aqi": 0.0011863155862068965,
  "bids_meta": {
    "AcquisitionMatrixPE": 64,
    "AcquisitionNumber": 1,
    "AcquisitionTime": "20:44:4.000000",
    "CoilString": "32Ch_Head",
    "ConversionSoftware": "dcm2niix",
    "ConversionSoftwareVersion": "v1.0.20190902",
    "Dcm2bidsVersion": "2.1.4",
    "DeviceSerialNumber": "000000000000GEHC",
    "EchoTime": 0.04,
    "EffectiveEchoSpacing": 0.000372,
    "FlipAngle": 90,
    "ImageOrientationPatientDICOM": [
      1,
      0,
      0,
      0,
      1,
      0
    ],
    "ImageType": [
      "ORIGINAL",
      "PRIMARY",
      "EPI",
      "NONE"
    ],
    "ImagingFrequency": 127.772,
    "InPlanePhaseEncodingDirectionDICOM": "COL",
    "InstitutionName": "INSTITUTO_DE_NEUROBIOLOGIA",
    "MRAcquisitionType": "2D",
    "MagneticFieldStrength": 3,
    "Manufacturer": "GE",
    "ManufacturersModelName": "DISCOVERY_MR750",
    "Modality": "MR",
    "PatientPosition": "HFS",
    "PercentPhaseFOV": 100,
    "PhaseEncodingDirection": "j",
    "PhaseEncodingPolarityGE": "Flipped",
    "PixelBandwidth": 7812.5,
    "ProcedureStepDescription": "verbos",
    "ProtocolName": "fMRI_6",
    "ReconMatrixPE": 64,
    "RepetitionTime": 2,
    "SAR": 0.376334,
    "ScanOptions": "EPI_GEMS_ACC_GEMS",
    "ScanningSequence": "EP_GR",
    "SequenceVariant": "SS",
    "SeriesDescription": "fMRI_6",
    "SeriesNumber": 9,
    "SliceThickness": 4,
    "SliceTiming": [
      0,
      1.0285,
      0.0571001,
      1.0857,
      0.1142,
      1.1428,
      0.1714,
      1.2,
      0.2285,
      1.2571,
      0.2857,
      1.3143,
      0.3428,
      1.3714,
      0.4,
      1.4286,
      0.4571,
      1.4857,
      0.5142,
      1.5428,
      0.5714,
      1.6,
      0.6285,
      1.6571,
      0.6857,
      1.7143,
      0.7428,
      1.7714,
      0.8,
      1.8285,
      0.8571,
      1.8857,
      0.9143,
      1.9428,
      0.9714
    ],
    "SoftwareVersions": "24_LX_MR_Software_release:DV24.0_R02_1607.b",
    "SpacingBetweenSlices": 4,
    "StationName": "GEHCGEHC",
    "TaskName": "verbs",
    "TotalReadoutTime": 0.023436,
    "dataset": "ds003481",
    "modality": "bold",
    "run_id": 6,
    "subject_id": "138",
    "task_id": "verbs"
  },
  "dummy_trs": 0,
  "dvars_nstd": 11.682471958843925,
  "dvars_std": 1.0747161546820807,
  "dvars_vstd": 0.9772161884971099,
  "efc": 0.3737896617145288,
  "fber": 70071.203125,
  "fd_mean": 0.03311159160183992,
  "fd_num": 0,
  "fd_perc": 0.0,
  "fwhm_avg": 2.714916666666667,
  "fwhm_x": 2.624175,
  "fwhm_y": 2.862175,
  "fwhm_z": 2.6584,
  "gcor": 0.063686,
  "gsr_x": -0.01008368469774723,
  "gsr_y": 0.007105723023414612,
  "provenance": {
    "md5sum": "c868cd9aa196d1ae0885a2b5f3cb2d05",
    "settings": {
      "fd_thres": 0.2,
      "testing": false
    },
    "software": "mriqc",
    "version": "23.0.1",
    "webapi_port": null,
    "webapi_url": "https://mriqc.nimh.nih.gov/api/v1"
  },
  "size_t": 174,
  "size_x": 64,
  "size_y": 64,
  "size_z": 35,
  "snr": 3.476604437604086,
  "spacing_tr": 2.0,
  "spacing_x": 4.0,
  "spacing_y": 4.0,
  "spacing_z": 4.0,
  "summary_bg_k": 85.25689086498929,
  "summary_bg_mad": 10.608274485338017,
  "summary_bg_mean": 38.89801788330078,
  "summary_bg_median": 7.44252872467041,
  "summary_bg_n": 99019.0,
  "summary_bg_p05": 0.04022988677024841,
  "summary_bg_p95": 164.23218688964823,
  "summary_bg_stdv": 116.7685775756836,
  "summary_fg_k": 1.128164643488959,
  "summary_fg_mad": 509.20137887936573,
  "summary_fg_mean": 1952.94677734375,
  "summary_fg_median": 1897.146484375,
  "summary_fg_n": 15712.0,
  "summary_fg_p05": 1178.9549194335937,
  "summary_fg_p95": 2915.200476074219,
  "summary_fg_stdv": 545.672119140625,
  "tsnr": 98.7214245912619
}