{
  "aor": 0.001092943722943723,
  "aqi": 0.0018782642857142857,
  "bids_meta": {
    "AcquisitionDateTime": "2017-01-17T18:49:21.000000",
    "ConversionSoftware": "dcm2niix",
    "ConversionSoftwareVersion": "v1.0.20170411 GCC4.8.4",
    "EchoTime": 0.04,
    "FlipAngle": 90,
    "ImageType": [
      "ORIGINAL",
      "PRIMARY",
      "EPI",
      "NONE"
    ],
    "MagneticFieldStrength": 3,
    "Manufacturer": "GE",
    "ManufacturersModelName": "DISCOVERY_MR750",
    "ProcedureStepDescription": "CompRefranes",
    "ProtocolName": "fMRI_Comprension_1",
    "RepetitionTime": 2,
    "ScanningSequence": "EP_GR",
    "SequenceVariant": "SS",
    "SeriesDescription": "fMRI_Comprension_1",
    "SliceTiming": [
      1.0285,
      0.0571001,
      1.0857,
      0.1142,
      1.1428,
      0.1714,
      1.2,
      0.2285,
      1.2571,
      0.2857,
      1.3143,
      0.3428,
      1.3714,
      0.4,
      1.4286,
      0.4571,
      1.4857,
      0.5142,
      1.5428,
      0.5714,
      1.6,
      0.6285,
      1.6571,
      0.6857,
      1.7143,
      0.7428,
      1.7714,
      0.8,
      1.8285,
      0.8571,
      1.8857,
      0.9143,
      1.9428,
      0.9714
    ],
    "TaskName": "pc",
    "dataset": "ds003481",
    "modality": "bold",
    "run_id": 1,
    "subject_id": "047",
    "task_id": "pc"
  },
  "dummy_trs": 0,
  "dvars_nstd": 20.314523025260875,
  "dvars_std": 1.200990438,
  "dvars_vstd": 0.9937460764347829,
  "efc": 0.36040748200957584,
  "fber": 82451.1875,
  "fd_mean": 0.09924288070090832,
  "fd_num": 8,
  "fd_perc": 3.463203463203463,
  "fwhm_avg": 2.6414916666666666,
  "fwhm_x": 2.569775,
  "fwhm_y": 2.8059,
  "fwhm_z": 2.5488,
  "gcor": 0.0539612,
  "gsr_x": -0.00994478166103363,
  "gsr_y": 0.00477673439309001,
  "provenance": {
    "md5sum": "699a99d16b21a9982749cbdf40049c7c",
    "settings": {
      "fd_thres": 0.2,
      "testing": false
    },
    "software": "mriqc",
    "version": "23.0.1",
    "webapi_port": null,
    "webapi_url": "https://mriqc.nimh.nih.gov/api/v1"
  },
  "size_t": 231,
  "size_x": 64,
  "size_y": 64,
  "size_z": 34,
  "snr": 3.4500878721945707,
  "spacing_tr": 2.0,
  "spacing_x": 4.0,
  "spacing_y": 4.0,
  "spacing_z": 4.0,
  "summary_bg_k": 43.514873791656655,
  "summary_bg_mad": 9.178013893513688,
  "summary_bg_mean": 38.14181137084961,
  "summary_bg_median": 6.714285850524902,
  "summary_bg_n": 98403.0,
  "summary_bg_p05": 0.13852813839912415,
  "summary_bg_p95": 196.97878570556617,
  "summary_bg_stdv": 107.62315368652344,
  "summary_fg_k": 0.1885962920901343,
  "summary_fg_mad": 491.2998439013196,
  "summary_fg_mean": 1921.020751953125,
  "summary_fg_median": 1843.61474609375,
  "summary_fg_n": 13523.0,
  "summary_fg_p05": 1156.91083984375,
  "summary_fg_p95": 2907.94853515625,
  "summary_fg_stdv": 534.3477172851562,
  "tsnr": 77.69853716134094
}