{
  "aor": 0.0009062946428571427,
  "aqi": 0.0013524672098214287,
  "bids_meta": {
    "AcquisitionMatrixPE": 64,
    "AcquisitionNumber": 1,
    "AcquisitionTime": "16:10:7.000000",
    "BodyPartExamined": "HEAD",
    "CoilString": "32Ch_Head",
    "ConversionSoftware": "dcm2niix",
    "ConversionSoftwareVersion": "v1.0.20181125  (JP2:OpenJPEG) GCC7.3.0",
    "DeviceSerialNumber": "0002806034DVR750",
    "EchoTime": 0.04,
    "EffectiveEchoSpacing": 0.000372,
    "FlipAngle": 90,
    "ImageOrientationPatientDICOM": [
      1,
      0,
      0,
      0,
      1,
      0
    ],
    "ImageType": [
      "ORIGINAL",
      "PRIMARY",
      "EPI",
      "NONE"
    ],
    "ImagingFrequency": 127.772,
    "InPlanePhaseEncodingDirectionDICOM": "COL",
    "InstitutionName": "INSTITUTO_DE_NEUROBIOLOGIA",
    "MRAcquisitionType": "2D",
    "MagneticFieldStrength": 3,
    "Manufacturer": "GE",
    "ManufacturersModelName": "DISCOVERY_MR750",
    "Modality": "MR",
    "PatientPosition": "HFS",
    "PercentPhaseFOV": 100,
    "PhaseEncodingDirection": "j",
    "PhaseEncodingPolarityGE": "Flipped",
    "PixelBandwidth": 7812.5,
    "ProcedureStepDescription": "Emociones_AH",
    "ProtocolName": "fMRI_Jalil_2",
    "ReconMatrixPE": 64,
    "RepetitionTime": 2,
    "SAR": 0.20565,
    "ScanOptions": "EPI_GEMS_ACC_GEMS",
    "ScanningSequence": "EP_GR",
    "SequenceVariant": "SS",
    "SeriesDescription": "fMRI_Jalil_2",
    "SeriesNumber": 6,
    "SliceThickness": 4,
    "SliceTiming": [
      0,
      1.0285,
      0.0571001,
      1.0857,
      0.1142,
      1.1428,
      0.1714,
      1.2,
      0.2285,
      1.2571,
      0.2857,
      1.3143,
      0.3428,
      1.3714,
      0.4,
      1.4286,
      0.4571,
      1.4857,
      0.5142,
      1.5428,
      0.5714,
      1.6,
      0.6285,
      1.6571,
      0.6857,
      1.7143,
      0.7428,
      1.7714,
      0.8,
      1.8285,
      0.8571,
      1.8857,
      0.9143,
      1.9428,
      0.9714
    ],
    "SoftwareVersions": "27_LX_MR_Software_release:DV26.0_R02_1810.b",
    "SpacingBetweenSlices": 4,
    "StationName": "GEHCGEHC",
    "TaskName": "sae",
    "TotalReadoutTime": 0.023436,
    "dataset": "ds003481",
    "modality": "bold",
    "run_id": 2,
    "subject_id": "038",
    "task_id": "sae"
  },
  "dummy_trs": 0,
  "dvars_nstd": 14.322501178026918,
  "dvars_std": 1.1182162299103142,
  "dvars_vstd": 0.9832642669955156,
  "efc": 0.3662672035029072,
  "fber": 46398.98046875,
  "fd_mean": 0.0544004721824849,
  "fd_num": 0,
  "fd_perc": 0.0,
  "fwhm_avg": 2.6853000000000002,
  "fwhm_x": 2.611125,
  "fwhm_y": 2.76175,
  "fwhm_z": 2.683025,
  "gcor": 0.0484573,
  "gsr_x": -0.009282472543418407,
  "gsr_y": 0.005135024897754192,
  "provenance": {
    "md5sum": "45588a097a946a28bd6248bee5145777",
    "settings": {
      "fd_thres": 0.2,
      "testing": false
    },
    "software": "mriqc",
    "version": "23.0.1",
    "webapi_port": null,
    "webapi_url": "https://mriqc.nimh.nih.gov/api/v1"
  },
  "size_t": 224,
  "size_x": 64,
  "size_y": 64,
  "size_z": 35,
  "snr": 3.2571972243234524,
  "spacing_tr": 2.0,
  "spacing_x": 4.0,
  "spacing_y": 4.0,
  "spacing_z": 4.0,
  "summary_bg_k": 101.39034000458587,
  "summary_bg_mad": 12.092475140016123,
  "summary_bg_mean": 43.316837310791016,
  "summary_bg_median": 8.60714340209961,
  "summary_bg_n": 101086.0,
  "summary_bg_p05": 0.0758928582072258,
  "summary_bg_p95": 190.65848922729492,
  "summary_bg_stdv": 124.64679718017578,
  "summary_fg_k": 0.33872154887003036,
  "summary_fg_mad": 509.1050966063866,
  "summary_fg_mean": 1883.1497802734375,
  "summary_fg_median": 1794.58935546875,
  "summary_fg_n": 14484.0,
  "summary_fg_p05": 1130.4690185546874,
  "summary_fg_p95": 2934.443676757812,
  "summary_fg_stdv": 550.9421997070312,
  "tsnr": 95.77453027595766
}