{
  "aor": 0.010624577777777778,
  "aqi": 0.010516740311111111,
  "bids_meta": {
    "AcquisitionDateTime": "2017-01-09T20:43:44.000000",
    "ConversionSoftware": "dcm2niix",
    "ConversionSoftwareVersion": "v1.0.20170411 GCC4.8.4",
    "EchoTime": 0.04,
    "FlipAngle": 90,
    "ImageType": [
      "ORIGINAL",
      "PRIMARY",
      "EPI",
      "NONE"
    ],
    "MagneticFieldStrength": 3,
    "Manufacturer": "GE",
    "ManufacturersModelName": "DISCOVERY_MR750",
    "ProcedureStepDescription": "CompRefranes",
    "ProtocolName": "fMRI_Comprension_2",
    "RepetitionTime": 2,
    "ScanningSequence": "EP_GR",
    "SequenceVariant": "SS",
    "SeriesDescription": "fMRI_Comprension_2",
    "SliceTiming": [
      1.0285,
      0.0571001,
      1.0857,
      0.1142,
      1.1428,
      0.1714,
      1.2,
      0.2285,
      1.2571,
      0.2857,
      1.3143,
      0.3428,
      1.3714,
      0.4,
      1.4286,
      0.4571,
      1.4857,
      0.5142,
      1.5428,
      0.5714,
      1.6,
      0.6285,
      1.6571,
      0.6857,
      1.7143,
      0.7428,
      1.7714,
      0.8,
      1.8285,
      0.8571,
      1.8857,
      0.9143,
      1.9428,
      0.9714
    ],
    "TaskName": "pc",
    "dataset": "ds003481",
    "modality": "bold",
    "run_id": 2,
    "subject_id": "054",
    "task_id": "pc"
  },
  "dummy_trs": 0,
  "dvars_nstd": 29.433870175044653,
  "dvars_std": 0.9522258768303572,
  "dvars_vstd": 0.938409113125,
  "efc": 0.35986849488710554,
  "fber": 63568.72265625,
  "fd_mean": 0.4533289389222435,
  "fd_num": 95,
  "fd_perc": 42.22222222222222,
  "fwhm_avg": 2.6523749999999997,
  "fwhm_x": 2.628525,
  "fwhm_y": 2.695125,
  "fwhm_z": 2.633475,
  "gcor": 0.0478448,
  "gsr_x": -0.0009428212069906294,
  "gsr_y": -0.004831316415220499,
  "provenance": {
    "md5sum": "8fd4e365416f6053ccf3fb8327af37d6",
    "settings": {
      "fd_thres": 0.2,
      "testing": false
    },
    "software": "mriqc",
    "version": "23.0.1",
    "webapi_port": null,
    "webapi_url": "https://mriqc.nimh.nih.gov/api/v1"
  },
  "size_t": 225,
  "size_x": 64,
  "size_y": 64,
  "size_z": 34,
  "snr": 3.338557295342529,
  "spacing_tr": 2.0,
  "spacing_x": 4.0,
  "spacing_y": 4.0,
  "spacing_z": 4.0,
  "summary_bg_k": 55.70740111753471,
  "summary_bg_mad": 8.401412424248447,
  "summary_bg_mean": 31.19318199157715,
  "summary_bg_median": 6.244444370269775,
  "summary_bg_n": 98393.0,
  "summary_bg_p05": 0.24444444477558136,
  "summary_bg_p95": 136.16000366210886,
  "summary_bg_stdv": 90.4415512084961,
  "summary_fg_k": 0.07675655397576309,
  "summary_fg_mad": 413.9821020099092,
  "summary_fg_mean": 1498.5535888671875,
  "summary_fg_median": 1455.5955810546875,
  "summary_fg_n": 13715.0,
  "summary_fg_p05": 832.6066894531251,
  "summary_fg_p95": 2286.128393554687,
  "summary_fg_stdv": 435.9794921875,
  "tsnr": 31.776017781347036
}