{
  "aor": 0.01365044052863436,
  "aqi": 0.0035951117929515415,
  "bids_meta": {
    "AcquisitionDateTime": "2017-01-09T20:34:35.000000",
    "ConversionSoftware": "dcm2niix",
    "ConversionSoftwareVersion": "v1.0.20170411 GCC4.8.4",
    "EchoTime": 0.04,
    "FlipAngle": 90,
    "ImageType": [
      "ORIGINAL",
      "PRIMARY",
      "EPI",
      "NONE"
    ],
    "MagneticFieldStrength": 3,
    "Manufacturer": "GE",
    "ManufacturersModelName": "DISCOVERY_MR750",
    "ProcedureStepDescription": "CompRefranes",
    "ProtocolName": "fMRI_Comprension_1",
    "RepetitionTime": 2,
    "ScanningSequence": "EP_GR",
    "SequenceVariant": "SS",
    "SeriesDescription": "fMRI_Comprension_1",
    "SliceTiming": [
      1.0285,
      0.0571001,
      1.0857,
      0.1142,
      1.1428,
      0.1714,
      1.2,
      0.2285,
      1.2571,
      0.2857,
      1.3143,
      0.3428,
      1.3714,
      0.4,
      1.4286,
      0.4571,
      1.4857,
      0.5142,
      1.5428,
      0.5714,
      1.6,
      0.6285,
      1.6571,
      0.6857,
      1.7143,
      0.7428,
      1.7714,
      0.8,
      1.8285,
      0.8571,
      1.8857,
      0.9143,
      1.9428,
      0.9714
    ],
    "TaskName": "pc",
    "dataset": "ds003481",
    "modality": "bold",
    "run_id": 1,
    "subject_id": "054",
    "task_id": "pc"
  },
  "dummy_trs": 0,
  "dvars_nstd": 19.991442574646022,
  "dvars_std": 1.1713240492920352,
  "dvars_vstd": 1.1184314479646018,
  "efc": 0.35575588726355045,
  "fber": 74506.25,
  "fd_mean": 0.12453689406483834,
  "fd_num": 22,
  "fd_perc": 9.691629955947137,
  "fwhm_avg": 2.6431666666666667,
  "fwhm_x": 2.625625,
  "fwhm_y": 2.6811,
  "fwhm_z": 2.622775,
  "gcor": 0.0333272,
  "gsr_x": -0.0015009288908913732,
  "gsr_y": -0.005609220825135708,
  "provenance": {
    "md5sum": "9c0f1e729c8ab00899da20de306b6e13",
    "settings": {
      "fd_thres": 0.2,
      "testing": false
    },
    "software": "mriqc",
    "version": "23.0.1",
    "webapi_port": null,
    "webapi_url": "https://mriqc.nimh.nih.gov/api/v1"
  },
  "size_t": 227,
  "size_x": 64,
  "size_y": 64,
  "size_z": 34,
  "snr": 3.418030410966404,
  "spacing_tr": 2.0,
  "spacing_x": 4.0,
  "spacing_y": 4.0,
  "spacing_z": 4.0,
  "summary_bg_k": 55.90147883325284,
  "summary_bg_mad": 8.046545719865705,
  "summary_bg_mean": 29.906953811645508,
  "summary_bg_median": 5.8678412437438965,
  "summary_bg_n": 98505.0,
  "summary_bg_p05": 0.11013215780258179,
  "summary_bg_p95": 134.30484008789043,
  "summary_bg_stdv": 88.46199798583984,
  "summary_fg_k": 0.07078611030038884,
  "summary_fg_mad": 416.77446890801997,
  "summary_fg_mean": 1551.2071533203125,
  "summary_fg_median": 1501.63427734375,
  "summary_fg_n": 13209.0,
  "summary_fg_p05": 897.9858764648437,
  "summary_fg_p95": 2362.457128906249,
  "summary_fg_stdv": 439.31072998046875,
  "tsnr": 56.58105624723248
}