{
  "aor": 0.008887232142857143,
  "aqi": 0.006433102767857143,
  "bids_meta": {
    "AcquisitionDateTime": "2017-01-09T20:53:31.000000",
    "ConversionSoftware": "dcm2niix",
    "ConversionSoftwareVersion": "v1.0.20170411 GCC4.8.4",
    "EchoTime": 0.04,
    "FlipAngle": 90,
    "ImageType": [
      "ORIGINAL",
      "PRIMARY",
      "EPI",
      "NONE"
    ],
    "MagneticFieldStrength": 3,
    "Manufacturer": "GE",
    "ManufacturersModelName": "DISCOVERY_MR750",
    "ProcedureStepDescription": "CompRefranes",
    "ProtocolName": "fMRI_Comprension_3",
    "RepetitionTime": 2,
    "ScanningSequence": "EP_GR",
    "SequenceVariant": "SS",
    "SeriesDescription": "fMRI_Comprension_3",
    "SliceTiming": [
      1.0285,
      0.0571001,
      1.0857,
      0.1142,
      1.1428,
      0.1714,
      1.2,
      0.2285,
      1.2571,
      0.2857,
      1.3143,
      0.3428,
      1.3714,
      0.4,
      1.4286,
      0.4571,
      1.4857,
      0.5142,
      1.5428,
      0.5714,
      1.6,
      0.6285,
      1.6571,
      0.6857,
      1.7143,
      0.7428,
      1.7714,
      0.8,
      1.8285,
      0.8571,
      1.8857,
      0.9143,
      1.9428,
      0.9714
    ],
    "TaskName": "pc",
    "dataset": "ds003481",
    "modality": "bold",
    "run_id": 3,
    "subject_id": "054",
    "task_id": "pc"
  },
  "dummy_trs": 0,
  "dvars_nstd": 23.090818208340796,
  "dvars_std": 1.0667935516591929,
  "dvars_vstd": 1.0023568926905833,
  "efc": 0.3557506122819768,
  "fber": 70905.7265625,
  "fd_mean": 0.1870474602359448,
  "fd_num": 45,
  "fd_perc": 20.089285714285715,
  "fwhm_avg": 2.6364916666666667,
  "fwhm_x": 2.593,
  "fwhm_y": 2.709275,
  "fwhm_z": 2.6072,
  "gcor": 0.0304312,
  "gsr_x": -0.0005217770813032985,
  "gsr_y": -0.003791025374084711,
  "provenance": {
    "md5sum": "5326b2eca3937f67c35d05892836e342",
    "settings": {
      "fd_thres": 0.2,
      "testing": false
    },
    "software": "mriqc",
    "version": "23.0.1",
    "webapi_port": null,
    "webapi_url": "https://mriqc.nimh.nih.gov/api/v1"
  },
  "size_t": 224,
  "size_x": 64,
  "size_y": 64,
  "size_z": 34,
  "snr": 3.307042883937823,
  "spacing_tr": 2.0,
  "spacing_x": 4.0,
  "spacing_y": 4.0,
  "spacing_z": 4.0,
  "summary_bg_k": 56.226024640973684,
  "summary_bg_mad": 7.949131029796103,
  "summary_bg_mean": 29.681074142456055,
  "summary_bg_median": 5.834821701049805,
  "summary_bg_n": 98559.0,
  "summary_bg_p05": 0.15625,
  "summary_bg_p95": 128.29509429931636,
  "summary_bg_stdv": 88.19978332519531,
  "summary_fg_k": 0.15385248593583123,
  "summary_fg_mad": 413.42757403169867,
  "summary_fg_mean": 1505.9000244140625,
  "summary_fg_median": 1459.8751220703125,
  "summary_fg_n": 13551.0,
  "summary_fg_p05": 851.1339721679688,
  "summary_fg_p95": 2315.7388916015625,
  "summary_fg_stdv": 441.427978515625,
  "tsnr": 42.64267415832728
}