{
  "aor": 0.009114712643678162,
  "aqi": 0.003720602442528736,
  "bids_meta": {
    "AcquisitionMatrixPE": 64,
    "AcquisitionNumber": 1,
    "AcquisitionTime": "19:37:41.000000",
    "CoilString": "32Ch_Head",
    "ConversionSoftware": "dcm2niix",
    "ConversionSoftwareVersion": "v1.0.20190902",
    "Dcm2bidsVersion": "2.1.4",
    "DeviceSerialNumber": "000000000000GEHC",
    "EchoTime": 0.04,
    "EffectiveEchoSpacing": 0.000372,
    "FlipAngle": 90,
    "ImageOrientationPatientDICOM": [
      1,
      0,
      0,
      0,
      1,
      0
    ],
    "ImageType": [
      "ORIGINAL",
      "PRIMARY",
      "EPI",
      "NONE"
    ],
    "ImagingFrequency": 127.772,
    "InPlanePhaseEncodingDirectionDICOM": "COL",
    "InstitutionName": "INSTITUTO_DE_NEUROBIOLOGIA",
    "MRAcquisitionType": "2D",
    "MagneticFieldStrength": 3,
    "Manufacturer": "GE",
    "ManufacturersModelName": "DISCOVERY_MR750",
    "Modality": "MR",
    "PatientPosition": "HFS",
    "PercentPhaseFOV": 100,
    "PhaseEncodingDirection": "j",
    "PhaseEncodingPolarityGE": "Flipped",
    "PixelBandwidth": 7812.5,
    "ProcedureStepDescription": "verbos",
    "ProtocolName": "fMRI_1",
    "ReconMatrixPE": 64,
    "RepetitionTime": 2,
    "SAR": 0.354868,
    "ScanOptions": "EPI_GEMS_ACC_GEMS",
    "ScanningSequence": "EP_GR",
    "SequenceVariant": "SS",
    "SeriesDescription": "fMRI_1",
    "SeriesNumber": 4,
    "SliceThickness": 4,
    "SliceTiming": [
      0,
      1.0285,
      0.0571001,
      1.0857,
      0.1142,
      1.1428,
      0.1714,
      1.2,
      0.2285,
      1.2571,
      0.2857,
      1.3143,
      0.3428,
      1.3714,
      0.4,
      1.4286,
      0.4571,
      1.4857,
      0.5142,
      1.5428,
      0.5714,
      1.6,
      0.6285,
      1.6571,
      0.6857,
      1.7143,
      0.7428,
      1.7714,
      0.8,
      1.8285,
      0.8571,
      1.8857,
      0.9143,
      1.9428,
      0.9714
    ],
    "SoftwareVersions": "24_LX_MR_Software_release:DV24.0_R02_1607.b",
    "SpacingBetweenSlices": 4,
    "StationName": "GEHCGEHC",
    "TaskName": "verbs",
    "TotalReadoutTime": 0.023436,
    "dataset": "ds003481",
    "modality": "bold",
    "run_id": 1,
    "subject_id": "130",
    "task_id": "verbs"
  },
  "dummy_trs": 0,
  "dvars_nstd": 16.140393880462423,
  "dvars_std": 1.065231547283237,
  "dvars_vstd": 0.9928492867630062,
  "efc": 0.338955996970216,
  "fber": 86196.140625,
  "fd_mean": 0.13700998080004287,
  "fd_num": 22,
  "fd_perc": 12.64367816091954,
  "fwhm_avg": 2.7052583333333335,
  "fwhm_x": 2.67805,
  "fwhm_y": 2.886925,
  "fwhm_z": 2.5508,
  "gcor": 0.0502373,
  "gsr_x": -0.01708170771598816,
  "gsr_y": 0.00685159070417285,
  "provenance": {
    "md5sum": "bb0d11b779169473bc0c11567071ba84",
    "settings": {
      "fd_thres": 0.2,
      "testing": false
    },
    "software": "mriqc",
    "version": "23.0.1",
    "webapi_port": null,
    "webapi_url": "https://mriqc.nimh.nih.gov/api/v1"
  },
  "size_t": 174,
  "size_x": 64,
  "size_y": 64,
  "size_z": 35,
  "snr": 3.839609098013667,
  "spacing_tr": 2.0,
  "spacing_x": 4.0,
  "spacing_y": 4.0,
  "spacing_z": 4.0,
  "summary_bg_k": 69.23850924649993,
  "summary_bg_mad": 9.2023582319521,
  "summary_bg_mean": 32.03505325317383,
  "summary_bg_median": 6.764367580413818,
  "summary_bg_n": 103829.0,
  "summary_bg_p05": 0.14942528307437897,
  "summary_bg_p95": 133.1264373779292,
  "summary_bg_stdv": 95.50827026367188,
  "summary_fg_k": 0.38827720908173946,
  "summary_fg_mad": 452.41528875560505,
  "summary_fg_mean": 1903.8699951171875,
  "summary_fg_median": 1876.385009765625,
  "summary_fg_n": 12264.0,
  "summary_fg_p05": 1117.0020263671875,
  "summary_fg_p95": 2734.311706542969,
  "summary_fg_stdv": 488.6717529296875,
  "tsnr": 64.94643206242472
}