{
  "aor": 0.0012885,
  "aqi": 0.0038336781000000006,
  "bids_meta": {
    "AcquisitionMatrixPE": 64,
    "AcquisitionNumber": 1,
    "AcquisitionTime": "20:42:11.000000",
    "CoilString": "32Ch_Head",
    "ConversionSoftware": "dcm2niix",
    "ConversionSoftwareVersion": "v1.0.20190902",
    "Dcm2bidsVersion": "2.1.4",
    "DeviceSerialNumber": "000000000000GEHC",
    "EchoTime": 0.04,
    "EffectiveEchoSpacing": 0.000372,
    "FlipAngle": 90,
    "ImageOrientationPatientDICOM": [
      1,
      0,
      0,
      0,
      1,
      0
    ],
    "ImageType": [
      "ORIGINAL",
      "PRIMARY",
      "EPI",
      "NONE"
    ],
    "ImagingFrequency": 127.772,
    "InPlanePhaseEncodingDirectionDICOM": "COL",
    "InstitutionName": "INSTITUTO_DE_NEUROBIOLOGIA",
    "MRAcquisitionType": "2D",
    "MagneticFieldStrength": 3,
    "Manufacturer": "GE",
    "ManufacturersModelName": "DISCOVERY_MR750",
    "Modality": "MR",
    "PatientPosition": "HFS",
    "PercentPhaseFOV": 100,
    "PhaseEncodingDirection": "j",
    "PhaseEncodingPolarityGE": "Flipped",
    "PixelBandwidth": 7812.5,
    "ProcedureStepDescription": "verbos",
    "ProtocolName": "fMRI_RestState",
    "ReconMatrixPE": 64,
    "RepetitionTime": 2,
    "SAR": 0.354868,
    "ScanOptions": "EPI_GEMS_ACC_GEMS",
    "ScanningSequence": "EP_GR",
    "SequenceVariant": "SS",
    "SeriesDescription": "fMRI_RestState",
    "SeriesNumber": 13,
    "SliceThickness": 4,
    "SliceTiming": [
      0,
      1.0285,
      0.0571001,
      1.0857,
      0.1142,
      1.1428,
      0.1714,
      1.2,
      0.2285,
      1.2571,
      0.2857,
      1.3143,
      0.3428,
      1.3714,
      0.4,
      1.4286,
      0.4571,
      1.4857,
      0.5142,
      1.5428,
      0.5714,
      1.6,
      0.6285,
      1.6571,
      0.6857,
      1.7143,
      0.7428,
      1.7714,
      0.8,
      1.8285,
      0.8571,
      1.8857,
      0.9143,
      1.9428,
      0.9714
    ],
    "SoftwareVersions": "24_LX_MR_Software_release:DV24.0_R02_1607.b",
    "SpacingBetweenSlices": 4,
    "StationName": "GEHCGEHC",
    "TaskName": "rest",
    "TotalReadoutTime": 0.023436,
    "dataset": "ds003481",
    "modality": "bold",
    "subject_id": "130",
    "task_id": "rest"
  },
  "dummy_trs": 0,
  "dvars_nstd": 11.887725029431436,
  "dvars_std": 0.9629608251839462,
  "dvars_vstd": 0.9277426114715714,
  "efc": 0.3342818146975681,
  "fber": 89132.7421875,
  "fd_mean": 0.06314021624877894,
  "fd_num": 7,
  "fd_perc": 2.3333333333333335,
  "fwhm_avg": 2.638616666666667,
  "fwhm_x": 2.63275,
  "fwhm_y": 2.768825,
  "fwhm_z": 2.514275,
  "gcor": 0.0316197,
  "gsr_x": -0.013517502695322037,
  "gsr_y": 0.00920767430216074,
  "provenance": {
    "md5sum": "881b553dfbcf923ca8c35f7cab0a50d4",
    "settings": {
      "fd_thres": 0.2,
      "testing": false
    },
    "software": "mriqc",
    "version": "23.0.1",
    "webapi_port": null,
    "webapi_url": "https://mriqc.nimh.nih.gov/api/v1"
  },
  "size_t": 300,
  "size_x": 64,
  "size_y": 64,
  "size_z": 35,
  "snr": 3.8798308775696326,
  "spacing_tr": 2.0,
  "spacing_x": 4.0,
  "spacing_y": 4.0,
  "spacing_z": 4.0,
  "summary_bg_k": 88.3572433269819,
  "summary_bg_mad": 9.236612114678229,
  "summary_bg_mean": 28.300052642822266,
  "summary_bg_median": 6.7866668701171875,
  "summary_bg_n": 103981.0,
  "summary_bg_p05": 0.07000000029802322,
  "summary_bg_p95": 110.1866683959961,
  "summary_bg_stdv": 87.17449188232422,
  "summary_fg_k": 0.8069888566378447,
  "summary_fg_mad": 457.2197198827485,
  "summary_fg_mean": 1931.0421142578125,
  "summary_fg_median": 1900.6600341796875,
  "summary_fg_n": 12377.0,
  "summary_fg_p05": 1174.311328125,
  "summary_fg_p95": 2754.56279296875,
  "summary_fg_stdv": 489.8623962402344,
  "tsnr": 69.54904963471927
}