{
  "aor": 0.00507028735632184,
  "aqi": 0.003907588045977011,
  "bids_meta": {
    "AcquisitionMatrixPE": 64,
    "AcquisitionNumber": 1,
    "AcquisitionTime": "20:06:45.000000",
    "CoilString": "32Ch_Head",
    "ConversionSoftware": "dcm2niix",
    "ConversionSoftwareVersion": "v1.0.20190902",
    "Dcm2bidsVersion": "2.1.4",
    "DeviceSerialNumber": "000000000000GEHC",
    "EchoTime": 0.04,
    "EffectiveEchoSpacing": 0.000372,
    "FlipAngle": 90,
    "ImageOrientationPatientDICOM": [
      1,
      0,
      0,
      0,
      1,
      0
    ],
    "ImageType": [
      "ORIGINAL",
      "PRIMARY",
      "EPI",
      "NONE"
    ],
    "ImagingFrequency": 127.772,
    "InPlanePhaseEncodingDirectionDICOM": "COL",
    "InstitutionName": "INSTITUTO_DE_NEUROBIOLOGIA",
    "MRAcquisitionType": "2D",
    "MagneticFieldStrength": 3,
    "Manufacturer": "GE",
    "ManufacturersModelName": "DISCOVERY_MR750",
    "Modality": "MR",
    "PatientPosition": "HFS",
    "PercentPhaseFOV": 100,
    "PhaseEncodingDirection": "j",
    "PhaseEncodingPolarityGE": "Flipped",
    "PixelBandwidth": 7812.5,
    "ProcedureStepDescription": "verbos",
    "ProtocolName": "fMRI_5",
    "ReconMatrixPE": 64,
    "RepetitionTime": 2,
    "SAR": 0.354868,
    "ScanOptions": "EPI_GEMS_ACC_GEMS",
    "ScanningSequence": "EP_GR",
    "SequenceVariant": "SS",
    "SeriesDescription": "fMRI_5",
    "SeriesNumber": 8,
    "SliceThickness": 4,
    "SliceTiming": [
      0,
      1.0285,
      0.0571001,
      1.0857,
      0.1142,
      1.1428,
      0.1714,
      1.2,
      0.2285,
      1.2571,
      0.2857,
      1.3143,
      0.3428,
      1.3714,
      0.4,
      1.4286,
      0.4571,
      1.4857,
      0.5142,
      1.5428,
      0.5714,
      1.6,
      0.6285,
      1.6571,
      0.6857,
      1.7143,
      0.7428,
      1.7714,
      0.8,
      1.8285,
      0.8571,
      1.8857,
      0.9143,
      1.9428,
      0.9714
    ],
    "SoftwareVersions": "24_LX_MR_Software_release:DV24.0_R02_1607.b",
    "SpacingBetweenSlices": 4,
    "StationName": "GEHCGEHC",
    "TaskName": "verbs",
    "TotalReadoutTime": 0.023436,
    "dataset": "ds003481",
    "modality": "bold",
    "run_id": 5,
    "subject_id": "130",
    "task_id": "verbs"
  },
  "dummy_trs": 0,
  "dvars_nstd": 14.76797598352601,
  "dvars_std": 1.0958985917919077,
  "dvars_vstd": 1.0179466831213875,
  "efc": 0.33899029228273075,
  "fber": 77108.78125,
  "fd_mean": 0.08945091623943179,
  "fd_num": 10,
  "fd_perc": 5.747126436781609,
  "fwhm_avg": 2.6892833333333335,
  "fwhm_x": 2.69415,
  "fwhm_y": 2.839925,
  "fwhm_z": 2.533775,
  "gcor": 0.072651,
  "gsr_x": -0.015977367758750916,
  "gsr_y": 0.0071530770510435104,
  "provenance": {
    "md5sum": "2f579982bd749143e51b1a6708de1c10",
    "settings": {
      "fd_thres": 0.2,
      "testing": false
    },
    "software": "mriqc",
    "version": "23.0.1",
    "webapi_port": null,
    "webapi_url": "https://mriqc.nimh.nih.gov/api/v1"
  },
  "size_t": 174,
  "size_x": 64,
  "size_y": 64,
  "size_z": 35,
  "snr": 3.755462034304023,
  "spacing_tr": 2.0,
  "spacing_x": 4.0,
  "spacing_y": 4.0,
  "spacing_z": 4.0,
  "summary_bg_k": 74.75844917115177,
  "summary_bg_mad": 9.67099695362408,
  "summary_bg_mean": 30.308469772338867,
  "summary_bg_median": 7.109195232391357,
  "summary_bg_n": 103503.0,
  "summary_bg_p05": 0.1781609207391739,
  "summary_bg_p95": 125.74425048828108,
  "summary_bg_stdv": 88.51056671142578,
  "summary_fg_k": 0.6857926739767608,
  "summary_fg_mad": 465.2388387425831,
  "summary_fg_mean": 1900.292236328125,
  "summary_fg_median": 1875.735595703125,
  "summary_fg_n": 12511.0,
  "summary_fg_p05": 1113.1293334960938,
  "summary_fg_p95": 2750.836181640625,
  "summary_fg_stdv": 499.4486999511719,
  "tsnr": 66.54988714237697
}