{
  "aor": 0.0031147701149425292,
  "aqi": 0.001996790333333333,
  "bids_meta": {
    "AcquisitionMatrixPE": 64,
    "AcquisitionNumber": 1,
    "AcquisitionTime": "20:27:26.000000",
    "CoilString": "32Ch_Head",
    "ConversionSoftware": "dcm2niix",
    "ConversionSoftwareVersion": "v1.0.20190902",
    "Dcm2bidsVersion": "2.1.4",
    "DeviceSerialNumber": "000000000000GEHC",
    "EchoTime": 0.04,
    "EffectiveEchoSpacing": 0.000372,
    "FlipAngle": 90,
    "ImageOrientationPatientDICOM": [
      1,
      0,
      0,
      0,
      1,
      0
    ],
    "ImageType": [
      "ORIGINAL",
      "PRIMARY",
      "EPI",
      "NONE"
    ],
    "ImagingFrequency": 127.772,
    "InPlanePhaseEncodingDirectionDICOM": "COL",
    "InstitutionName": "INSTITUTO_DE_NEUROBIOLOGIA",
    "MRAcquisitionType": "2D",
    "MagneticFieldStrength": 3,
    "Manufacturer": "GE",
    "ManufacturersModelName": "DISCOVERY_MR750",
    "Modality": "MR",
    "PatientPosition": "HFS",
    "PercentPhaseFOV": 100,
    "PhaseEncodingDirection": "j",
    "PhaseEncodingPolarityGE": "Flipped",
    "PixelBandwidth": 7812.5,
    "ProcedureStepDescription": "verbos",
    "ProtocolName": "fMRI_8",
    "ReconMatrixPE": 64,
    "RepetitionTime": 2,
    "SAR": 0.354868,
    "ScanOptions": "EPI_GEMS_ACC_GEMS",
    "ScanningSequence": "EP_GR",
    "SequenceVariant": "SS",
    "SeriesDescription": "fMRI_8",
    "SeriesNumber": 11,
    "SliceThickness": 4,
    "SliceTiming": [
      0,
      1.0285,
      0.0571001,
      1.0857,
      0.1142,
      1.1428,
      0.1714,
      1.2,
      0.2285,
      1.2571,
      0.2857,
      1.3143,
      0.3428,
      1.3714,
      0.4,
      1.4286,
      0.4571,
      1.4857,
      0.5142,
      1.5428,
      0.5714,
      1.6,
      0.6285,
      1.6571,
      0.6857,
      1.7143,
      0.7428,
      1.7714,
      0.8,
      1.8285,
      0.8571,
      1.8857,
      0.9143,
      1.9428,
      0.9714
    ],
    "SoftwareVersions": "24_LX_MR_Software_release:DV24.0_R02_1607.b",
    "SpacingBetweenSlices": 4,
    "StationName": "GEHCGEHC",
    "TaskName": "verbs",
    "TotalReadoutTime": 0.023436,
    "dataset": "ds003481",
    "modality": "bold",
    "run_id": 8,
    "subject_id": "130",
    "task_id": "verbs"
  },
  "dummy_trs": 0,
  "dvars_nstd": 11.612966608901726,
  "dvars_std": 1.0445169704624273,
  "dvars_vstd": 1.0018348138728321,
  "efc": 0.3334802330463916,
  "fber": 93365.328125,
  "fd_mean": 0.04493072265694482,
  "fd_num": 0,
  "fd_perc": 0.0,
  "fwhm_avg": 2.6337916666666668,
  "fwhm_x": 2.612,
  "fwhm_y": 2.7783,
  "fwhm_z": 2.511075,
  "gcor": 0.0739882,
  "gsr_x": -0.012587225995957851,
  "gsr_y": 0.009016558527946472,
  "provenance": {
    "md5sum": "e4ea7b8e81ccdb538d8dccfa7f3b1ca4",
    "settings": {
      "fd_thres": 0.2,
      "testing": false
    },
    "software": "mriqc",
    "version": "23.0.1",
    "webapi_port": null,
    "webapi_url": "https://mriqc.nimh.nih.gov/api/v1"
  },
  "size_t": 174,
  "size_x": 64,
  "size_y": 64,
  "size_z": 35,
  "snr": 3.79203061862697,
  "spacing_tr": 2.0,
  "spacing_x": 4.0,
  "spacing_y": 4.0,
  "spacing_z": 4.0,
  "summary_bg_k": 98.18565233155046,
  "summary_bg_mad": 8.904134121107985,
  "summary_bg_mean": 26.771516799926758,
  "summary_bg_median": 6.517241477966309,
  "summary_bg_n": 103833.0,
  "summary_bg_p05": 0.005747126415371895,
  "summary_bg_p95": 105.1850585937499,
  "summary_bg_stdv": 83.22127532958984,
  "summary_fg_k": 0.4783826772952464,
  "summary_fg_mad": 461.83909720515294,
  "summary_fg_mean": 1898.2930908203125,
  "summary_fg_median": 1865.8448486328125,
  "summary_fg_n": 12585.0,
  "summary_fg_p05": 1135.575830078125,
  "summary_fg_p95": 2751.3390136718745,
  "summary_fg_stdv": 492.024169921875,
  "tsnr": 88.02201413130388
}