{
  "aor": 0.00534875,
  "aqi": 0.0052846667410714285,
  "bids_meta": {
    "AcquisitionMatrixPE": 64,
    "AcquisitionNumber": 1,
    "AcquisitionTime": "13:50:7.000000",
    "BodyPartExamined": "HEAD",
    "CoilString": "32Ch_Head",
    "ConversionSoftware": "dcm2niix",
    "ConversionSoftwareVersion": "v1.0.20181125  (JP2:OpenJPEG) GCC7.3.0",
    "DeviceSerialNumber": "0002806034DVR750",
    "EchoTime": 0.04,
    "EffectiveEchoSpacing": 0.000372,
    "FlipAngle": 90,
    "ImageOrientationPatientDICOM": [
      1,
      0,
      0,
      0,
      1,
      0
    ],
    "ImageType": [
      "ORIGINAL",
      "PRIMARY",
      "EPI",
      "NONE"
    ],
    "ImagingFrequency": 127.772,
    "InPlanePhaseEncodingDirectionDICOM": "COL",
    "InstitutionName": "INSTITUTO_DE_NEUROBIOLOGIA",
    "MRAcquisitionType": "2D",
    "MagneticFieldStrength": 3,
    "Manufacturer": "GE",
    "ManufacturersModelName": "DISCOVERY_MR750",
    "Modality": "MR",
    "PatientPosition": "HFS",
    "PercentPhaseFOV": 100,
    "PhaseEncodingDirection": "j",
    "PhaseEncodingPolarityGE": "Flipped",
    "PixelBandwidth": 7812.5,
    "ProcedureStepDescription": "Emociones_AH",
    "ProtocolName": "fMRI_Jalil_2",
    "ReconMatrixPE": 64,
    "RepetitionTime": 2,
    "SAR": 0.246474,
    "ScanOptions": "EPI_GEMS_ACC_GEMS",
    "ScanningSequence": "EP_GR",
    "SequenceVariant": "SS",
    "SeriesDescription": "fMRI_Jalil_2",
    "SeriesNumber": 6,
    "SliceThickness": 4,
    "SliceTiming": [
      0,
      1.0285,
      0.0571001,
      1.0857,
      0.1142,
      1.1428,
      0.1714,
      1.2,
      0.2285,
      1.2571,
      0.2857,
      1.3143,
      0.3428,
      1.3714,
      0.4,
      1.4286,
      0.4571,
      1.4857,
      0.5142,
      1.5428,
      0.5714,
      1.6,
      0.6285,
      1.6571,
      0.6857,
      1.7143,
      0.7428,
      1.7714,
      0.8,
      1.8285,
      0.8571,
      1.8857,
      0.9143,
      1.9428,
      0.9714
    ],
    "SoftwareVersions": "27_LX_MR_Software_release:DV26.0_R02_1810.b",
    "SpacingBetweenSlices": 4,
    "StationName": "GEHCGEHC",
    "TaskName": "sae",
    "TotalReadoutTime": 0.023436,
    "dataset": "ds003481",
    "modality": "bold",
    "run_id": 2,
    "subject_id": "037",
    "task_id": "sae"
  },
  "dummy_trs": 0,
  "dvars_nstd": 15.332833773721973,
  "dvars_std": 1.0033562765470854,
  "dvars_vstd": 0.987137488789238,
  "efc": 0.3488684284409822,
  "fber": 48679.6796875,
  "fd_mean": 0.13956626440313713,
  "fd_num": 44,
  "fd_perc": 19.642857142857142,
  "fwhm_avg": 2.5330825000000003,
  "fwhm_x": 2.57565,
  "fwhm_y": 2.70855,
  "fwhm_z": 2.3150475,
  "gcor": 0.0663801,
  "gsr_x": -0.0004828822275158018,
  "gsr_y": -0.005880214273929596,
  "provenance": {
    "md5sum": "e82ea5de409e6c4274c6a12c04ecad9d",
    "settings": {
      "fd_thres": 0.2,
      "testing": false
    },
    "software": "mriqc",
    "version": "23.0.1",
    "webapi_port": null,
    "webapi_url": "https://mriqc.nimh.nih.gov/api/v1"
  },
  "size_t": 224,
  "size_x": 64,
  "size_y": 64,
  "size_z": 35,
  "snr": 3.455537665878148,
  "spacing_tr": 2.0,
  "spacing_x": 4.0,
  "spacing_y": 4.0,
  "spacing_z": 4.0,
  "summary_bg_k": 64.01067407676871,
  "summary_bg_mad": 11.748299347271676,
  "summary_bg_mean": 43.60873031616211,
  "summary_bg_median": 8.611607551574707,
  "summary_bg_n": 103918.0,
  "summary_bg_p05": 0.2098214328289032,
  "summary_bg_p95": 195.4790306091308,
  "summary_bg_stdv": 123.37386322021484,
  "summary_fg_k": 1.4006267526952358,
  "summary_fg_mad": 431.0104002076466,
  "summary_fg_mean": 1865.7325439453125,
  "summary_fg_median": 1796.578125,
  "summary_fg_n": 12322.0,
  "summary_fg_p05": 1146.8130126953124,
  "summary_fg_p95": 2843.057177734375,
  "summary_fg_stdv": 519.8916625976562,
  "tsnr": 51.18024193623569
}