{
  "aor": 0.006748333333333333,
  "aqi": 0.009400231,
  "bids_meta": {
    "AcquisitionMatrixPE": 64,
    "AcquisitionNumber": 1,
    "AcquisitionTime": "14:08:48.000000",
    "BodyPartExamined": "HEAD",
    "CoilString": "32Ch_Head",
    "ConversionSoftware": "dcm2niix",
    "ConversionSoftwareVersion": "v1.0.20181125  (JP2:OpenJPEG) GCC7.3.0",
    "DeviceSerialNumber": "0002806034DVR750",
    "EchoTime": 0.04,
    "EffectiveEchoSpacing": 0.000372,
    "FlipAngle": 90,
    "ImageOrientationPatientDICOM": [
      1,
      0,
      0,
      0,
      1,
      0
    ],
    "ImageType": [
      "ORIGINAL",
      "PRIMARY",
      "EPI",
      "NONE"
    ],
    "ImagingFrequency": 127.772,
    "InPlanePhaseEncodingDirectionDICOM": "COL",
    "InstitutionName": "INSTITUTO_DE_NEUROBIOLOGIA",
    "MRAcquisitionType": "2D",
    "MagneticFieldStrength": 3,
    "Manufacturer": "GE",
    "ManufacturersModelName": "DISCOVERY_MR750",
    "Modality": "MR",
    "PatientPosition": "HFS",
    "PercentPhaseFOV": 100,
    "PhaseEncodingDirection": "j",
    "PhaseEncodingPolarityGE": "Flipped",
    "PixelBandwidth": 7812.5,
    "ProcedureStepDescription": "Emociones_AH",
    "ProtocolName": "fMRI_Jalil_4",
    "ReconMatrixPE": 64,
    "RepetitionTime": 2,
    "SAR": 0.246474,
    "ScanOptions": "EPI_GEMS_ACC_GEMS",
    "ScanningSequence": "EP_GR",
    "SequenceVariant": "SS",
    "SeriesDescription": "fMRI_Jalil_4",
    "SeriesNumber": 8,
    "SliceThickness": 4,
    "SliceTiming": [
      0,
      1.0285,
      0.0571001,
      1.0857,
      0.1142,
      1.1428,
      0.1714,
      1.2,
      0.2285,
      1.2571,
      0.2857,
      1.3143,
      0.3428,
      1.3714,
      0.4,
      1.4286,
      0.4571,
      1.4857,
      0.5142,
      1.5428,
      0.5714,
      1.6,
      0.6285,
      1.6571,
      0.6857,
      1.7143,
      0.7428,
      1.7714,
      0.8,
      1.8285,
      0.8571,
      1.8857,
      0.9143,
      1.9428,
      0.9714
    ],
    "SoftwareVersions": "27_LX_MR_Software_release:DV26.0_R02_1810.b",
    "SpacingBetweenSlices": 4,
    "StationName": "GEHCGEHC",
    "TaskName": "ec",
    "TotalReadoutTime": 0.023436,
    "dataset": "ds003481",
    "modality": "bold",
    "run_id": 4,
    "subject_id": "037",
    "task_id": "ec"
  },
  "dummy_trs": 0,
  "dvars_nstd": 17.96260196926175,
  "dvars_std": 0.9663456569798661,
  "dvars_vstd": 0.9520140162416109,
  "efc": 0.3479830500087918,
  "fber": 45094.4453125,
  "fd_mean": 0.20785138176934845,
  "fd_num": 39,
  "fd_perc": 26.0,
  "fwhm_avg": 2.583299166666667,
  "fwhm_x": 2.5828,
  "fwhm_y": 2.742725,
  "fwhm_z": 2.4243725,
  "gcor": 0.0577316,
  "gsr_x": -0.000449991348432377,
  "gsr_y": -0.0046512046828866005,
  "provenance": {
    "md5sum": "0a54b9f6f12921344e2b7b6f9529b148",
    "settings": {
      "fd_thres": 0.2,
      "testing": false
    },
    "software": "mriqc",
    "version": "23.0.1",
    "webapi_port": null,
    "webapi_url": "https://mriqc.nimh.nih.gov/api/v1"
  },
  "size_t": 150,
  "size_x": 64,
  "size_y": 64,
  "size_z": 35,
  "snr": 3.4402570961434646,
  "spacing_tr": 2.0,
  "spacing_x": 4.0,
  "spacing_y": 4.0,
  "spacing_z": 4.0,
  "summary_bg_k": 72.14782592196255,
  "summary_bg_mad": 12.028846281081115,
  "summary_bg_mean": 40.52733612060547,
  "summary_bg_median": 8.813333511352539,
  "summary_bg_n": 103519.0,
  "summary_bg_p05": 0.2133333384990692,
  "summary_bg_p95": 177.41533050537092,
  "summary_bg_stdv": 113.82156372070312,
  "summary_fg_k": 1.4468272267641638,
  "summary_fg_mad": 430.414246434727,
  "summary_fg_mean": 1877.2762451171875,
  "summary_fg_median": 1804.803466796875,
  "summary_fg_n": 12252.0,
  "summary_fg_p05": 1153.5633605957032,
  "summary_fg_p95": 2868.6587036132814,
  "summary_fg_stdv": 524.591552734375,
  "tsnr": 41.688689053058624
}