{
  "bids_meta": {
    "AcquisitionDateTime": "2017-07-05T19:36:28.000000",
    "ConversionSoftware": "dcm2niix",
    "ConversionSoftwareVersion": "v1.0.20170411 GCC4.8.4",
    "EchoTime": 0.00318,
    "FlipAngle": 12,
    "ImageType": [
      "DERIVED",
      "PRIMARY",
      "OTHER"
    ],
    "InversionTime": 0.45,
    "MagneticFieldStrength": 3,
    "Manufacturer": "GE",
    "ManufacturersModelName": "DISCOVERY_MR750",
    "ProcedureStepDescription": "CompMet",
    "ProtocolName": "PU:Sag_T1_FSPGR_BRAVO",
    "RepetitionTime": 0.008156,
    "ScanningSequence": "GR",
    "SequenceVariant": "SS_SP_SK",
    "SeriesDescription": "PU:Sag_T1_FSPGR_BRAVO",
    "dataset": "ds003481",
    "modality": "T1w",
    "subject_id": "076"
  },
  "cjv": 0.31975630233394964,
  "cnr": 4.199130917529036,
  "efc": 0.7309238266563125,
  "fber": -1.0,
  "fwhm_avg": 3.64809,
  "fwhm_x": 3.58107,
  "fwhm_y": 3.89245,
  "fwhm_z": 3.47075,
  "icvs_csf": 0.17523412782187164,
  "icvs_gm": 0.46602701945468744,
  "icvs_wm": 0.3587388527234409,
  "inu_med": 0.5018777847290039,
  "inu_range": 0.1566197335720062,
  "provenance": {
    "md5sum": "d335bd6ca824adadd84eb965d46c0176",
    "settings": {
      "testing": false
    },
    "software": "mriqc",
    "version": "23.0.1",
    "warnings": {
      "large_rot_frame": true,
      "small_air_mask": false
    },
    "webapi_port": null,
    "webapi_url": "https://mriqc.nimh.nih.gov/api/v1"
  },
  "qi_1": 0.0,
  "qi_2": 0.0028607011060034645,
  "rpve_csf": 27.909518540363738,
  "rpve_gm": 12.076373105507708,
  "rpve_wm": 18.10874972346007,
  "size_x": 176,
  "size_y": 256,
  "size_z": 256,
  "snr_csf": 2.2059381812883676,
  "snr_gm": 10.244326026580426,
  "snr_total": 11.35783205378305,
  "snr_wm": 21.623231953480357,
  "snrd_csf": 16.080941710770926,
  "snrd_gm": 40.958843566723,
  "snrd_total": 39.605212351105955,
  "snrd_wm": 61.775851775823945,
  "spacing_x": 1.0,
  "spacing_y": 1.0,
  "spacing_z": 1.0,
  "summary_bg_k": 8.819998136186278,
  "summary_bg_mad": 0.0,
  "summary_bg_mean": 5.617856972564238,
  "summary_bg_median": 0.0,
  "summary_bg_n": 336252.0,
  "summary_bg_p05": 0.0,
  "summary_bg_p95": 27.842041201889515,
  "summary_bg_stdv": 10.605056114337877,
  "summary_csf_k": 1.145713641236557,
  "summary_csf_mad": 104.79341959750761,
  "summary_csf_mean": 270.1222125406615,
  "summary_csf_median": 260.3111187443137,
  "summary_csf_n": 13159.0,
  "summary_csf_p05": 88.863179641217,
  "summary_csf_p95": 481.42798292562344,
  "summary_csf_stdv": 118.00023671229847,
  "summary_gm_k": 0.2599091084991003,
  "summary_gm_mad": 62.864224058775726,
  "summary_gm_mean": 662.5481394020205,
  "summary_gm_median": 663.0235083922744,
  "summary_gm_n": 42946.0,
  "summary_gm_p05": 554.3278604336083,
  "summary_gm_p95": 767.2516654990613,
  "summary_gm_stdv": 64.72029368817425,
  "summary_wm_k": 0.31607956202154197,
  "summary_wm_mad": 44.886120470941464,
  "summary_wm_mean": 1000.310716908981,
  "summary_wm_median": 999.999961219728,
  "summary_wm_n": 208775.0,
  "summary_wm_p05": 925.1296011395752,
  "summary_wm_p95": 1076.3063005022705,
  "summary_wm_stdv": 46.246443105524534,
  "tpm_overlap_csf": 0.14868057807395604,
  "tpm_overlap_gm": 0.47236479036882045,
  "tpm_overlap_wm": 0.5219739109190926,
  "wm2max": 0.4814595579972592
}