{
  "aor": 0.0006892,
  "aqi": 0.0044063098333333335,
  "bids_meta": {
    "AcquisitionDateTime": "2017-08-23T18:42:30.000000",
    "ConversionSoftware": "dcm2niix",
    "ConversionSoftwareVersion": "v1.0.20170411 GCC4.8.4",
    "EchoTime": 0.04,
    "FlipAngle": 90,
    "ImageType": [
      "ORIGINAL",
      "PRIMARY",
      "EPI",
      "NONE"
    ],
    "MagneticFieldStrength": 3,
    "Manufacturer": "GE",
    "ManufacturersModelName": "DISCOVERY_MR750",
    "ProtocolName": "fMRI_RestState",
    "RepetitionTime": 2,
    "ScanningSequence": "EP_GR",
    "SequenceVariant": "SS",
    "SeriesDescription": "fMRI_RestState",
    "SliceTiming": [
      1.0285,
      0.0571001,
      1.0857,
      0.1142,
      1.1428,
      0.1714,
      1.2,
      0.2285,
      1.2571,
      0.2857,
      1.3143,
      0.3428,
      1.3714,
      0.4,
      1.4286,
      0.4571,
      1.4857,
      0.5142,
      1.5428,
      0.5714,
      1.6,
      0.6285,
      1.6571,
      0.6857,
      1.7143,
      0.7428,
      1.7714,
      0.8,
      1.8285,
      0.8571,
      1.8857,
      0.9143,
      1.9428,
      0.9714
    ],
    "TaskName": "rest",
    "dataset": "ds003481",
    "modality": "bold",
    "subject_id": "088",
    "task_id": "rest"
  },
  "dummy_trs": 0,
  "dvars_nstd": 16.867578640602016,
  "dvars_std": 1.0188517422408023,
  "dvars_vstd": 0.8870169284615377,
  "efc": 0.3316403838063943,
  "fber": 84149.5703125,
  "fd_mean": 0.07716909264524582,
  "fd_num": 4,
  "fd_perc": 1.3333333333333333,
  "fwhm_avg": 2.8367083333333327,
  "fwhm_x": 2.71175,
  "fwhm_y": 2.959625,
  "fwhm_z": 2.83875,
  "gcor": 0.0376343,
  "gsr_x": -0.013974412344396114,
  "gsr_y": 0.0035676276311278343,
  "provenance": {
    "md5sum": "6702f80fdf575159461b443874fcd062",
    "settings": {
      "fd_thres": 0.2,
      "testing": false
    },
    "software": "mriqc",
    "version": "23.0.1",
    "webapi_port": null,
    "webapi_url": "https://mriqc.nimh.nih.gov/api/v1"
  },
  "size_t": 300,
  "size_x": 64,
  "size_y": 64,
  "size_z": 34,
  "snr": 3.127385472939409,
  "spacing_tr": 2.0,
  "spacing_x": 4.0,
  "spacing_y": 4.0,
  "spacing_z": 4.0,
  "summary_bg_k": 89.33590446487374,
  "summary_bg_mad": 8.643571085884023,
  "summary_bg_mean": 27.237607955932617,
  "summary_bg_median": 6.650000095367432,
  "summary_bg_n": 100483.0,
  "summary_bg_p05": 0.33000001311302185,
  "summary_bg_p95": 116.08967056274412,
  "summary_bg_stdv": 75.35392761230469,
  "summary_fg_k": 0.7719049747922475,
  "summary_fg_mad": 486.8247090066677,
  "summary_fg_mean": 1922.477294921875,
  "summary_fg_median": 1811.74169921875,
  "summary_fg_n": 12490.0,
  "summary_fg_p05": 1158.2938659667968,
  "summary_fg_p95": 3052.2731933593745,
  "summary_fg_stdv": 579.2919311523438,
  "tsnr": 54.978087060386315
}