{
  "aor": 0.0008820799999999999,
  "aqi": 0.0008878825159999999,
  "bids_meta": {
    "AcquisitionDateTime": "2017-08-23T19:47:1.000000",
    "ConversionSoftware": "dcm2niix",
    "ConversionSoftwareVersion": "v1.0.20170411 GCC4.8.4",
    "EchoTime": 0.035,
    "FlipAngle": 90,
    "ImageType": [
      "ORIGINAL",
      "PRIMARY",
      "EPI",
      "NONE"
    ],
    "MagneticFieldStrength": 3,
    "Manufacturer": "GE",
    "ManufacturersModelName": "DISCOVERY_MR750",
    "ProcedureStepDescription": "CompMet",
    "ProtocolName": "fMRI_CompMet",
    "RepetitionTime": 2,
    "ScanningSequence": "EP_GR",
    "SequenceVariant": "SS",
    "SeriesDescription": "fMRI_CompMet",
    "SliceTiming": [
      1.0285,
      0.0571001,
      1.0857,
      0.1142,
      1.1428,
      0.1714,
      1.2,
      0.2285,
      1.2571,
      0.2857,
      1.3143,
      0.3428,
      1.3714,
      0.4,
      1.4286,
      0.4571,
      1.4857,
      0.5142,
      1.5428,
      0.5714,
      1.6,
      0.6285,
      1.6571,
      0.6857,
      1.7143,
      0.7428,
      1.7714,
      0.8,
      1.8285,
      0.8571,
      1.8857,
      0.9143,
      1.9428,
      0.9714
    ],
    "TaskName": "cmp",
    "dataset": "ds003481",
    "modality": "bold",
    "run_id": 2,
    "subject_id": "088",
    "task_id": "cmp"
  },
  "dummy_trs": 0,
  "dvars_nstd": 15.616556068393571,
  "dvars_std": 1.1802116227710853,
  "dvars_vstd": 1.006155165060241,
  "efc": 0.34113540587441754,
  "fber": 97240.15625,
  "fd_mean": 0.09034623348357539,
  "fd_num": 7,
  "fd_perc": 2.8,
  "fwhm_avg": 2.9122500000000002,
  "fwhm_x": 2.75795,
  "fwhm_y": 2.976275,
  "fwhm_z": 3.002525,
  "gcor": 0.0622132,
  "gsr_x": -0.014893623068928719,
  "gsr_y": 0.0006970551330596209,
  "provenance": {
    "md5sum": "5e9a269573ccae71ab6c517b0ed503d7",
    "settings": {
      "fd_thres": 0.2,
      "testing": false
    },
    "software": "mriqc",
    "version": "23.0.1",
    "webapi_port": null,
    "webapi_url": "https://mriqc.nimh.nih.gov/api/v1"
  },
  "size_t": 250,
  "size_x": 64,
  "size_y": 64,
  "size_z": 34,
  "snr": 3.015759793990441,
  "spacing_tr": 2.0,
  "spacing_x": 4.0,
  "spacing_y": 4.0,
  "spacing_z": 4.0,
  "summary_bg_k": 60.093394682773265,
  "summary_bg_mad": 8.818518458023048,
  "summary_bg_mean": 33.849891662597656,
  "summary_bg_median": 6.752000331878662,
  "summary_bg_n": 99387.0,
  "summary_bg_p05": 0.35600000619888306,
  "summary_bg_p95": 153.6468063354491,
  "summary_bg_stdv": 98.82418823242188,
  "summary_fg_k": 0.9821902894440462,
  "summary_fg_mad": 535.7294073565658,
  "summary_fg_mean": 2107.005859375,
  "summary_fg_median": 1970.820068359375,
  "summary_fg_n": 13241.0,
  "summary_fg_p05": 1263.4520263671875,
  "summary_fg_p95": 3407.800048828125,
  "summary_fg_stdv": 653.4822998046875,
  "tsnr": 106.88810085877776
}