{
  "aor": 0.00080508,
  "aqi": 0.001094269196,
  "bids_meta": {
    "AcquisitionDateTime": "2017-08-23T19:37:17.000000",
    "ConversionSoftware": "dcm2niix",
    "ConversionSoftwareVersion": "v1.0.20170411 GCC4.8.4",
    "EchoTime": 0.035,
    "FlipAngle": 90,
    "ImageType": [
      "ORIGINAL",
      "PRIMARY",
      "EPI",
      "NONE"
    ],
    "MagneticFieldStrength": 3,
    "Manufacturer": "GE",
    "ManufacturersModelName": "DISCOVERY_MR750",
    "ProcedureStepDescription": "CompMet",
    "ProtocolName": "fMRI_CompMet",
    "RepetitionTime": 2,
    "ScanningSequence": "EP_GR",
    "SequenceVariant": "SS",
    "SeriesDescription": "fMRI_CompMet",
    "SliceTiming": [
      1.0285,
      0.0571001,
      1.0857,
      0.1142,
      1.1428,
      0.1714,
      1.2,
      0.2285,
      1.2571,
      0.2857,
      1.3143,
      0.3428,
      1.3714,
      0.4,
      1.4286,
      0.4571,
      1.4857,
      0.5142,
      1.5428,
      0.5714,
      1.6,
      0.6285,
      1.6571,
      0.6857,
      1.7143,
      0.7428,
      1.7714,
      0.8,
      1.8285,
      0.8571,
      1.8857,
      0.9143,
      1.9428,
      0.9714
    ],
    "TaskName": "cmp",
    "dataset": "ds003481",
    "modality": "bold",
    "run_id": 1,
    "subject_id": "088",
    "task_id": "cmp"
  },
  "dummy_trs": 0,
  "dvars_nstd": 15.375066305220889,
  "dvars_std": 1.1611026625702805,
  "dvars_vstd": 0.9887627401204818,
  "efc": 0.341844518057065,
  "fber": 100917.390625,
  "fd_mean": 0.0856699786354097,
  "fd_num": 7,
  "fd_perc": 2.8,
  "fwhm_avg": 2.931825,
  "fwhm_x": 2.7761,
  "fwhm_y": 3.005575,
  "fwhm_z": 3.0138,
  "gcor": 0.0330666,
  "gsr_x": -0.015234553255140781,
  "gsr_y": 0.0014144357992336154,
  "provenance": {
    "md5sum": "f688dd49a44e8f96061211ab4777696d",
    "settings": {
      "fd_thres": 0.2,
      "testing": false
    },
    "software": "mriqc",
    "version": "23.0.1",
    "webapi_port": null,
    "webapi_url": "https://mriqc.nimh.nih.gov/api/v1"
  },
  "size_t": 250,
  "size_x": 64,
  "size_y": 64,
  "size_z": 34,
  "snr": 3.0429813342878727,
  "spacing_tr": 2.0,
  "spacing_x": 4.0,
  "spacing_y": 4.0,
  "spacing_z": 4.0,
  "summary_bg_k": 59.823238600127425,
  "summary_bg_mad": 8.729562409747892,
  "summary_bg_mean": 33.8686637878418,
  "summary_bg_median": 6.672000408172607,
  "summary_bg_n": 99333.0,
  "summary_bg_p05": 0.29600000381469727,
  "summary_bg_p95": 154.01920471191403,
  "summary_bg_stdv": 97.93695831298828,
  "summary_fg_k": 0.9151269298961284,
  "summary_fg_mad": 524.6485303141668,
  "summary_fg_mean": 2130.21142578125,
  "summary_fg_median": 1986.946044921875,
  "summary_fg_n": 13248.0,
  "summary_fg_p05": 1298.4058959960937,
  "summary_fg_p95": 3441.0852416992184,
  "summary_fg_stdv": 652.9356689453125,
  "tsnr": 100.34600412705913
}