{
  "bids_meta": {
    "AcquisitionDateTime": "2017-07-11T19:44:11.000000",
    "ConversionSoftware": "dcm2niix",
    "ConversionSoftwareVersion": "v1.0.20170411 GCC4.8.4",
    "EchoTime": 0.00318,
    "FlipAngle": 12,
    "ImageType": [
      "DERIVED",
      "PRIMARY",
      "OTHER"
    ],
    "InversionTime": 0.45,
    "MagneticFieldStrength": 3,
    "Manufacturer": "GE",
    "ManufacturersModelName": "DISCOVERY_MR750",
    "ProcedureStepDescription": "CompMet",
    "ProtocolName": "PU:Sag_T1_FSPGR_BRAVO",
    "RepetitionTime": 0.008156,
    "ScanningSequence": "GR",
    "SequenceVariant": "SS_SP_SK",
    "SeriesDescription": "PU:Sag_T1_FSPGR_BRAVO",
    "dataset": "ds003481",
    "modality": "T1w",
    "subject_id": "074"
  },
  "cjv": 0.3598166588755845,
  "cnr": 3.7188285927899325,
  "efc": 0.6953759231675503,
  "fber": -1.0,
  "fwhm_avg": 3.608283333333333,
  "fwhm_x": 3.60349,
  "fwhm_y": 3.78394,
  "fwhm_z": 3.43742,
  "icvs_csf": 0.21505365975867033,
  "icvs_gm": 0.4368794410552796,
  "icvs_wm": 0.34806689918605005,
  "inu_med": 0.5506735444068909,
  "inu_range": 0.19512404203414918,
  "provenance": {
    "md5sum": "2f3e3c9f35f870fb7586e081f7312fb0",
    "settings": {
      "testing": false
    },
    "software": "mriqc",
    "version": "23.0.1",
    "warnings": {
      "large_rot_frame": true,
      "small_air_mask": false
    },
    "webapi_port": null,
    "webapi_url": "https://mriqc.nimh.nih.gov/api/v1"
  },
  "qi_1": 0.0,
  "qi_2": 0.0027617320522216487,
  "rpve_csf": 26.672253172212464,
  "rpve_gm": 13.417243723658336,
  "rpve_wm": 18.692995942562614,
  "size_x": 176,
  "size_y": 256,
  "size_z": 256,
  "snr_csf": 3.525977206835454,
  "snr_gm": 13.610813915535898,
  "snr_total": 12.655037182935672,
  "snr_wm": 20.828320426435663,
  "snrd_csf": 15.525139675035746,
  "snrd_gm": 37.56642281169778,
  "snrd_total": 34.88670945563499,
  "snrd_wm": 51.568565880171455,
  "spacing_x": 1.0,
  "spacing_y": 1.0,
  "spacing_z": 1.0,
  "summary_bg_k": 9.991924214552101,
  "summary_bg_mad": 0.0,
  "summary_bg_mean": 7.109893352770654,
  "summary_bg_median": 0.0,
  "summary_bg_n": 633082.0,
  "summary_bg_p05": 0.0,
  "summary_bg_p95": 34.537494637072086,
  "summary_bg_stdv": 12.704791776447694,
  "summary_csf_k": 2.00727694488873,
  "summary_csf_mad": 69.6050659922775,
  "summary_csf_mean": 301.8103406315494,
  "summary_csf_median": 301.0726726092398,
  "summary_csf_n": 44603.0,
  "summary_csf_p05": 167.97344188392162,
  "summary_csf_p95": 441.0457306098194,
  "summary_csf_stdv": 85.38605892843341,
  "summary_gm_k": 0.3356326077816436,
  "summary_gm_mad": 51.63326616640257,
  "summary_gm_mean": 727.0581942771504,
  "summary_gm_median": 728.510245513171,
  "summary_gm_n": 28619.0,
  "summary_gm_p05": 636.634737495333,
  "summary_gm_p95": 811.2944074496627,
  "summary_gm_stdv": 53.523435276184216,
  "summary_wm_k": 0.6175845303727434,
  "summary_wm_mad": 46.070566220298424,
  "summary_wm_mean": 1002.2441555280138,
  "summary_wm_median": 1000.0480689480901,
  "summary_wm_n": 167059.0,
  "summary_wm_p05": 927.5097097381949,
  "summary_wm_p95": 1083.8423804491758,
  "summary_wm_stdv": 48.01371667856058,
  "tpm_overlap_csf": 0.13968108431761947,
  "tpm_overlap_gm": 0.46245645924021905,
  "tpm_overlap_wm": 0.4871788551903392,
  "wm2max": 0.40222880027860003
}