{
  "aor": 0.003652,
  "aqi": 0.002570527464,
  "bids_meta": {
    "AcquisitionDateTime": "2017-07-10T19:43:1.000000",
    "ConversionSoftware": "dcm2niix",
    "ConversionSoftwareVersion": "v1.0.20170411 GCC4.8.4",
    "EchoTime": 0.035,
    "FlipAngle": 90,
    "ImageType": [
      "ORIGINAL",
      "PRIMARY",
      "EPI",
      "NONE"
    ],
    "MagneticFieldStrength": 3,
    "Manufacturer": "GE",
    "ManufacturersModelName": "DISCOVERY_MR750",
    "ProcedureStepDescription": "CompMet",
    "ProtocolName": "fMRI_CompMet",
    "RepetitionTime": 2,
    "ScanningSequence": "EP_GR",
    "SequenceVariant": "SS",
    "SeriesDescription": "fMRI_CompMet",
    "SliceTiming": [
      1.0285,
      0.0571001,
      1.0857,
      0.1142,
      1.1428,
      0.1714,
      1.2,
      0.2285,
      1.2571,
      0.2857,
      1.3143,
      0.3428,
      1.3714,
      0.4,
      1.4286,
      0.4571,
      1.4857,
      0.5142,
      1.5428,
      0.5714,
      1.6,
      0.6285,
      1.6571,
      0.6857,
      1.7143,
      0.7428,
      1.7714,
      0.8,
      1.8285,
      0.8571,
      1.8857,
      0.9143,
      1.9428,
      0.9714
    ],
    "TaskName": "cmp",
    "dataset": "ds003481",
    "modality": "bold",
    "run_id": 2,
    "subject_id": "079",
    "task_id": "cmp"
  },
  "dummy_trs": 0,
  "dvars_nstd": 13.534433430080325,
  "dvars_std": 1.1058037524096387,
  "dvars_vstd": 0.9914060569477916,
  "efc": 0.38465530188934705,
  "fber": 73543.09375,
  "fd_mean": 0.057688005039174456,
  "fd_num": 0,
  "fd_perc": 0.0,
  "fwhm_avg": 2.832141666666667,
  "fwhm_x": 2.66415,
  "fwhm_y": 2.917425,
  "fwhm_z": 2.91485,
  "gcor": 0.0247751,
  "gsr_x": -0.005816522054374218,
  "gsr_y": 0.003360588802024722,
  "provenance": {
    "md5sum": "5aba73ddfeaa11f141649fb4153ec020",
    "settings": {
      "fd_thres": 0.2,
      "testing": false
    },
    "software": "mriqc",
    "version": "23.0.1",
    "webapi_port": null,
    "webapi_url": "https://mriqc.nimh.nih.gov/api/v1"
  },
  "size_t": 250,
  "size_x": 64,
  "size_y": 64,
  "size_z": 34,
  "snr": 3.5020242438563685,
  "spacing_tr": 2.0,
  "spacing_x": 4.0,
  "spacing_y": 4.0,
  "spacing_z": 4.0,
  "summary_bg_k": 47.182716264990596,
  "summary_bg_mad": 11.694767023499052,
  "summary_bg_mean": 63.904380798339844,
  "summary_bg_median": 8.440000534057617,
  "summary_bg_n": 96549.0,
  "summary_bg_p05": 0.12800000607967377,
  "summary_bg_p95": 361.9848144531242,
  "summary_bg_stdv": 179.8933563232422,
  "summary_fg_k": 0.43865918884970245,
  "summary_fg_mad": 559.8958959108936,
  "summary_fg_mean": 2288.580322265625,
  "summary_fg_median": 2189.71826171875,
  "summary_fg_n": 15152.0,
  "summary_fg_p05": 1439.9762634277345,
  "summary_fg_p95": 3488.718408203124,
  "summary_fg_stdv": 625.2515258789062,
  "tsnr": 82.67363524064422
}