{
  "aor": 0.0007728799999999999,
  "aqi": 0.001186905444,
  "bids_meta": {
    "AcquisitionDateTime": "2017-07-10T19:32:28.000000",
    "ConversionSoftware": "dcm2niix",
    "ConversionSoftwareVersion": "v1.0.20170411 GCC4.8.4",
    "EchoTime": 0.035,
    "FlipAngle": 90,
    "ImageType": [
      "ORIGINAL",
      "PRIMARY",
      "EPI",
      "NONE"
    ],
    "MagneticFieldStrength": 3,
    "Manufacturer": "GE",
    "ManufacturersModelName": "DISCOVERY_MR750",
    "ProcedureStepDescription": "CompMet",
    "ProtocolName": "fMRI_CompMet",
    "RepetitionTime": 2,
    "ScanningSequence": "EP_GR",
    "SequenceVariant": "SS",
    "SeriesDescription": "fMRI_CompMet",
    "SliceTiming": [
      1.0285,
      0.0571001,
      1.0857,
      0.1142,
      1.1428,
      0.1714,
      1.2,
      0.2285,
      1.2571,
      0.2857,
      1.3143,
      0.3428,
      1.3714,
      0.4,
      1.4286,
      0.4571,
      1.4857,
      0.5142,
      1.5428,
      0.5714,
      1.6,
      0.6285,
      1.6571,
      0.6857,
      1.7143,
      0.7428,
      1.7714,
      0.8,
      1.8285,
      0.8571,
      1.8857,
      0.9143,
      1.9428,
      0.9714
    ],
    "TaskName": "cmp",
    "dataset": "ds003481",
    "modality": "bold",
    "run_id": 1,
    "subject_id": "079",
    "task_id": "cmp"
  },
  "dummy_trs": 0,
  "dvars_nstd": 11.365116265020077,
  "dvars_std": 1.0807213785140566,
  "dvars_vstd": 0.9879342120481929,
  "efc": 0.38278848314865316,
  "fber": 73970.84375,
  "fd_mean": 0.04931600339638756,
  "fd_num": 0,
  "fd_perc": 0.0,
  "fwhm_avg": 2.817508333333333,
  "fwhm_x": 2.63985,
  "fwhm_y": 2.8915,
  "fwhm_z": 2.921175,
  "gcor": 0.0611282,
  "gsr_x": -0.005386237055063248,
  "gsr_y": 0.0025655347853899,
  "provenance": {
    "md5sum": "e09840f13178747ed0e818eded55c00d",
    "settings": {
      "fd_thres": 0.2,
      "testing": false
    },
    "software": "mriqc",
    "version": "23.0.1",
    "webapi_port": null,
    "webapi_url": "https://mriqc.nimh.nih.gov/api/v1"
  },
  "size_t": 250,
  "size_x": 64,
  "size_y": 64,
  "size_z": 34,
  "snr": 3.468908705591672,
  "spacing_tr": 2.0,
  "spacing_x": 4.0,
  "spacing_y": 4.0,
  "spacing_z": 4.0,
  "summary_bg_k": 44.30142231299917,
  "summary_bg_mad": 11.605811417073788,
  "summary_bg_mean": 61.78597640991211,
  "summary_bg_median": 8.396000862121582,
  "summary_bg_n": 96552.0,
  "summary_bg_p05": 0.12400000542402267,
  "summary_bg_p95": 350.8680114746094,
  "summary_bg_stdv": 175.7622528076172,
  "summary_fg_k": 0.4746223691580975,
  "summary_fg_mad": 563.5667480590807,
  "summary_fg_mean": 2311.728759765625,
  "summary_fg_median": 2201.424072265625,
  "summary_fg_n": 15143.0,
  "summary_fg_p05": 1465.9748291015626,
  "summary_fg_p95": 3541.9836669921874,
  "summary_fg_stdv": 634.5947875976562,
  "tsnr": 110.55634425673634
}