{
  "aor": 0.0029098275862068966,
  "aqi": 0.001496202212643678,
  "bids_meta": {
    "AcquisitionMatrixPE": 64,
    "AcquisitionNumber": 1,
    "AcquisitionTime": "20:30:9.000000",
    "CoilString": "32Ch_Head",
    "ConversionSoftware": "dcm2niix",
    "ConversionSoftwareVersion": "v1.0.20190902",
    "Dcm2bidsVersion": "2.1.4",
    "DeviceSerialNumber": "000000000000GEHC",
    "EchoTime": 0.04,
    "EffectiveEchoSpacing": 0.000372,
    "FlipAngle": 90,
    "ImageOrientationPatientDICOM": [
      1,
      0,
      0,
      0,
      1,
      0
    ],
    "ImageType": [
      "ORIGINAL",
      "PRIMARY",
      "EPI",
      "NONE"
    ],
    "ImagingFrequency": 127.772,
    "InPlanePhaseEncodingDirectionDICOM": "ROW",
    "InstitutionName": "INSTITUTO_DE_NEUROBIOLOGIA",
    "MRAcquisitionType": "2D",
    "MagneticFieldStrength": 3,
    "Manufacturer": "GE",
    "ManufacturersModelName": "DISCOVERY_MR750",
    "Modality": "MR",
    "PatientPosition": "HFS",
    "PercentPhaseFOV": 100,
    "PhaseEncodingDirection": "i-",
    "PhaseEncodingPolarityGE": "Flipped",
    "PixelBandwidth": 7812.5,
    "ProcedureStepDescription": "verbos",
    "ProtocolName": "fMRI_2",
    "ReconMatrixPE": 64,
    "RepetitionTime": 2,
    "SAR": 0.364805,
    "ScanOptions": "EPI_GEMS_ACC_GEMS",
    "ScanningSequence": "EP_GR",
    "SequenceVariant": "SS",
    "SeriesDescription": "fMRI_2",
    "SeriesNumber": 5,
    "SliceThickness": 4,
    "SliceTiming": [
      0,
      1.0285,
      0.0571001,
      1.0857,
      0.1142,
      1.1428,
      0.1714,
      1.2,
      0.2285,
      1.2571,
      0.2857,
      1.3143,
      0.3428,
      1.3714,
      0.4,
      1.4286,
      0.4571,
      1.4857,
      0.5142,
      1.5428,
      0.5714,
      1.6,
      0.6285,
      1.6571,
      0.6857,
      1.7143,
      0.7428,
      1.7714,
      0.8,
      1.8285,
      0.8571,
      1.8857,
      0.9143,
      1.9428,
      0.9714
    ],
    "SoftwareVersions": "24_LX_MR_Software_release:DV24.0_R02_1607.b",
    "SpacingBetweenSlices": 4,
    "StationName": "GEHCGEHC",
    "TaskName": "verbs",
    "TotalReadoutTime": 0.023436,
    "dataset": "ds003481",
    "modality": "bold",
    "run_id": 2,
    "subject_id": "125",
    "task_id": "verbs"
  },
  "dummy_trs": 0,
  "dvars_nstd": 12.679861283583818,
  "dvars_std": 1.0829476037572252,
  "dvars_vstd": 1.0129782241618497,
  "efc": 0.34705965618664053,
  "fber": 46945.76953125,
  "fd_mean": 0.04858170173450718,
  "fd_num": 1,
  "fd_perc": 0.5747126436781609,
  "fwhm_avg": 2.7512166666666666,
  "fwhm_x": 2.707825,
  "fwhm_y": 2.800575,
  "fwhm_z": 2.74525,
  "gcor": 0.027026,
  "gsr_x": -0.003446413902565837,
  "gsr_y": -0.003313852706924081,
  "provenance": {
    "md5sum": "63fe1676803b31264655b47f275cc3c7",
    "settings": {
      "fd_thres": 0.2,
      "testing": false
    },
    "software": "mriqc",
    "version": "23.0.1",
    "webapi_port": null,
    "webapi_url": "https://mriqc.nimh.nih.gov/api/v1"
  },
  "size_t": 174,
  "size_x": 64,
  "size_y": 64,
  "size_z": 35,
  "snr": 3.3599225838128177,
  "spacing_tr": 2.0,
  "spacing_x": 4.0,
  "spacing_y": 4.0,
  "spacing_z": 4.0,
  "summary_bg_k": 80.6865698031075,
  "summary_bg_mad": 11.826734419377342,
  "summary_bg_mean": 30.58658790588379,
  "summary_bg_median": 8.775861740112305,
  "summary_bg_n": 102209.0,
  "summary_bg_p05": 0.2586206793785095,
  "summary_bg_p95": 117.0781616210937,
  "summary_bg_stdv": 80.05479431152344,
  "summary_fg_k": 0.9824445623713087,
  "summary_fg_mad": 425.5323551330815,
  "summary_fg_mean": 1937.4119873046875,
  "summary_fg_median": 1824.862060546875,
  "summary_fg_n": 13564.0,
  "summary_fg_p05": 1224.5611572265625,
  "summary_fg_p95": 3012.907202148437,
  "summary_fg_stdv": 543.106201171875,
  "tsnr": 94.91739294491708
}