{
  "aor": 0.0005541,
  "aqi": 0.0012768212666666666,
  "bids_meta": {
    "AcquisitionMatrixPE": 64,
    "AcquisitionNumber": 1,
    "AcquisitionTime": "21:18:38.000000",
    "CoilString": "32Ch_Head",
    "ConversionSoftware": "dcm2niix",
    "ConversionSoftwareVersion": "v1.0.20190902",
    "Dcm2bidsVersion": "2.1.4",
    "DeviceSerialNumber": "000000000000GEHC",
    "EchoTime": 0.04,
    "EffectiveEchoSpacing": 0.000372,
    "FlipAngle": 90,
    "ImageOrientationPatientDICOM": [
      1,
      0,
      0,
      0,
      1,
      0
    ],
    "ImageType": [
      "ORIGINAL",
      "PRIMARY",
      "EPI",
      "NONE"
    ],
    "ImagingFrequency": 127.772,
    "InPlanePhaseEncodingDirectionDICOM": "COL",
    "InstitutionName": "INSTITUTO_DE_NEUROBIOLOGIA",
    "MRAcquisitionType": "2D",
    "MagneticFieldStrength": 3,
    "Manufacturer": "GE",
    "ManufacturersModelName": "DISCOVERY_MR750",
    "Modality": "MR",
    "PatientPosition": "HFS",
    "PercentPhaseFOV": 100,
    "PhaseEncodingDirection": "j",
    "PhaseEncodingPolarityGE": "Flipped",
    "PixelBandwidth": 7812.5,
    "ProcedureStepDescription": "verbos",
    "ProtocolName": "fMRI_RestState",
    "ReconMatrixPE": 64,
    "RepetitionTime": 2,
    "SAR": 0.364805,
    "ScanOptions": "EPI_GEMS_ACC_GEMS",
    "ScanningSequence": "EP_GR",
    "SequenceVariant": "SS",
    "SeriesDescription": "fMRI_RestState",
    "SeriesNumber": 12,
    "SliceThickness": 4,
    "SliceTiming": [
      0,
      1.0285,
      0.0571001,
      1.0857,
      0.1142,
      1.1428,
      0.1714,
      1.2,
      0.2285,
      1.2571,
      0.2857,
      1.3143,
      0.3428,
      1.3714,
      0.4,
      1.4286,
      0.4571,
      1.4857,
      0.5142,
      1.5428,
      0.5714,
      1.6,
      0.6285,
      1.6571,
      0.6857,
      1.7143,
      0.7428,
      1.7714,
      0.8,
      1.8285,
      0.8571,
      1.8857,
      0.9143,
      1.9428,
      0.9714
    ],
    "SoftwareVersions": "24_LX_MR_Software_release:DV24.0_R02_1607.b",
    "SpacingBetweenSlices": 4,
    "StationName": "GEHCGEHC",
    "TaskName": "rest",
    "TotalReadoutTime": 0.023436,
    "dataset": "ds003481",
    "modality": "bold",
    "subject_id": "125",
    "task_id": "rest"
  },
  "dummy_trs": 0,
  "dvars_nstd": 12.539424082775925,
  "dvars_std": 1.06644635361204,
  "dvars_vstd": 0.9821888107023413,
  "efc": 0.3376093560885495,
  "fber": 76410.3984375,
  "fd_mean": 0.04899076267382993,
  "fd_num": 0,
  "fd_perc": 0.0,
  "fwhm_avg": 2.6863166666666665,
  "fwhm_x": 2.655075,
  "fwhm_y": 2.794925,
  "fwhm_z": 2.60895,
  "gcor": 0.0405497,
  "gsr_x": -0.008073029108345509,
  "gsr_y": 0.0029772045090794563,
  "provenance": {
    "md5sum": "4be5138bc2b8b684170d0b6227fd3fcb",
    "settings": {
      "fd_thres": 0.2,
      "testing": false
    },
    "software": "mriqc",
    "version": "23.0.1",
    "webapi_port": null,
    "webapi_url": "https://mriqc.nimh.nih.gov/api/v1"
  },
  "size_t": 300,
  "size_x": 64,
  "size_y": 64,
  "size_z": 35,
  "snr": 3.429019752851625,
  "spacing_tr": 2.0,
  "spacing_x": 4.0,
  "spacing_y": 4.0,
  "spacing_z": 4.0,
  "summary_bg_k": 88.12597876672638,
  "summary_bg_mad": 8.949975517275053,
  "summary_bg_mean": 28.067241668701172,
  "summary_bg_median": 6.860000133514404,
  "summary_bg_n": 103213.0,
  "summary_bg_p05": 0.29333335161209106,
  "summary_bg_p95": 112.23666839599599,
  "summary_bg_stdv": 85.6255874633789,
  "summary_fg_k": 0.9075661952491121,
  "summary_fg_mad": 422.4897810124264,
  "summary_fg_mean": 1877.4696044921875,
  "summary_fg_median": 1784.646728515625,
  "summary_fg_n": 13086.0,
  "summary_fg_p05": 1170.1083984375,
  "summary_fg_p95": 2885.1226196289062,
  "summary_fg_stdv": 520.4340209960938,
  "tsnr": 96.82698761927895
}