{
  "aor": 0.0038626999999999997,
  "aqi": 0.004688458633333333,
  "bids_meta": {
    "AcquisitionDateTime": "2016-10-01T10:05:7.000000",
    "ConversionSoftware": "dcm2niix",
    "ConversionSoftwareVersion": "v1.0.20170411 GCC4.8.4",
    "EchoTime": 0.04,
    "FlipAngle": 90,
    "ImageType": [
      "ORIGINAL",
      "PRIMARY",
      "EPI",
      "NONE"
    ],
    "MagneticFieldStrength": 3,
    "Manufacturer": "GE",
    "ManufacturersModelName": "DISCOVERY_MR750",
    "ProcedureStepDescription": "MeditResp",
    "ProtocolName": "fMRI_RestSt",
    "RepetitionTime": 2,
    "ScanningSequence": "EP_GR",
    "SequenceVariant": "SS",
    "SeriesDescription": "fMRI_RestSt",
    "SliceTiming": [
      1.0285,
      0.0571001,
      1.0857,
      0.1142,
      1.1428,
      0.1714,
      1.2,
      0.2285,
      1.2571,
      0.2857,
      1.3143,
      0.3428,
      1.3714,
      0.4,
      1.4286,
      0.4571,
      1.4857,
      0.5142,
      1.5428,
      0.5714,
      1.6,
      0.6285,
      1.6571,
      0.6857,
      1.7143,
      0.7428,
      1.7714,
      0.8,
      1.8285,
      0.8571,
      1.8857,
      0.9143,
      1.9428,
      0.9714
    ],
    "TaskName": "rest",
    "dataset": "ds003481",
    "modality": "bold",
    "subject_id": "097",
    "task_id": "rest"
  },
  "dummy_trs": 0,
  "dvars_nstd": 21.84403184745819,
  "dvars_std": 1.138421860869565,
  "dvars_vstd": 0.9928170466889635,
  "efc": 0.37162789255316836,
  "fber": 52467.15625,
  "fd_mean": 0.13686212095463066,
  "fd_num": 33,
  "fd_perc": 11.0,
  "fwhm_avg": 2.615353234616722,
  "fwhm_x": 2.6137,
  "fwhm_y": 2.765325,
  "fwhm_z": 2.4670347038501648,
  "gcor": 0.0466846,
  "gsr_x": 0.0011797420447692275,
  "gsr_y": 0.010564906522631645,
  "provenance": {
    "md5sum": "2515d230289661781e444cf8d49e8094",
    "settings": {
      "fd_thres": 0.2,
      "testing": false
    },
    "software": "mriqc",
    "version": "23.0.1",
    "webapi_port": null,
    "webapi_url": "https://mriqc.nimh.nih.gov/api/v1"
  },
  "size_t": 300,
  "size_x": 64,
  "size_y": 64,
  "size_z": 34,
  "snr": 3.3035542786616037,
  "spacing_tr": 2.0,
  "spacing_x": 4.0,
  "spacing_y": 4.0,
  "spacing_z": 3.999959945678711,
  "summary_bg_k": 56.142830048051195,
  "summary_bg_mad": 10.02733338330553,
  "summary_bg_mean": 41.006900787353516,
  "summary_bg_median": 7.233333587646484,
  "summary_bg_n": 97508.0,
  "summary_bg_p05": 0.1433333307504654,
  "summary_bg_p95": 191.21916809082003,
  "summary_bg_stdv": 119.06327056884766,
  "summary_fg_k": 1.2263822583701538,
  "summary_fg_mad": 434.4815390320885,
  "summary_fg_mean": 1685.1614990234375,
  "summary_fg_median": 1632.780029296875,
  "summary_fg_n": 13465.0,
  "summary_fg_p05": 950.7360107421875,
  "summary_fg_p95": 2557.5080078124997,
  "summary_fg_stdv": 494.23114013671875,
  "tsnr": 55.44087193859741
}