{
  "aor": 0.0016421999999999997,
  "aqi": 0.00119929498,
  "bids_meta": {
    "AcquisitionMatrixPE": 64,
    "AcquisitionNumber": 1,
    "AcquisitionTime": "16:27:43.000000",
    "BodyPartExamined": "HEAD",
    "CoilString": "32Ch_Head",
    "ConversionSoftware": "dcm2niix",
    "ConversionSoftwareVersion": "v1.0.20181125  (JP2:OpenJPEG) GCC7.3.0",
    "DeviceSerialNumber": "0002806034DVR750",
    "EchoTime": 0.04,
    "EffectiveEchoSpacing": 0.000372,
    "FlipAngle": 90,
    "ImageOrientationPatientDICOM": [
      1,
      0,
      0,
      0,
      1,
      0
    ],
    "ImageType": [
      "ORIGINAL",
      "PRIMARY",
      "EPI",
      "NONE"
    ],
    "ImagingFrequency": 127.772,
    "InPlanePhaseEncodingDirectionDICOM": "COL",
    "InstitutionName": "INSTITUTO_DE_NEUROBIOLOGIA",
    "MRAcquisitionType": "2D",
    "MagneticFieldStrength": 3,
    "Manufacturer": "GE",
    "ManufacturersModelName": "DISCOVERY_MR750",
    "Modality": "MR",
    "PatientPosition": "HFS",
    "PercentPhaseFOV": 100,
    "PhaseEncodingDirection": "j",
    "PhaseEncodingPolarityGE": "Flipped",
    "PixelBandwidth": 7812.5,
    "ProcedureStepDescription": "Emociones_AH",
    "ProtocolName": "fMRI_Jalil_4",
    "ReconMatrixPE": 64,
    "RepetitionTime": 2,
    "SAR": 0.20565,
    "ScanOptions": "EPI_GEMS_ACC_GEMS",
    "ScanningSequence": "EP_GR",
    "SequenceVariant": "SS",
    "SeriesDescription": "fMRI_Jalil_4",
    "SeriesNumber": 8,
    "SliceThickness": 4,
    "SliceTiming": [
      0,
      1.0285,
      0.0571001,
      1.0857,
      0.1142,
      1.1428,
      0.1714,
      1.2,
      0.2285,
      1.2571,
      0.2857,
      1.3143,
      0.3428,
      1.3714,
      0.4,
      1.4286,
      0.4571,
      1.4857,
      0.5142,
      1.5428,
      0.5714,
      1.6,
      0.6285,
      1.6571,
      0.6857,
      1.7143,
      0.7428,
      1.7714,
      0.8,
      1.8285,
      0.8571,
      1.8857,
      0.9143,
      1.9428,
      0.9714
    ],
    "SoftwareVersions": "27_LX_MR_Software_release:DV26.0_R02_1810.b",
    "SpacingBetweenSlices": 4,
    "StationName": "GEHCGEHC",
    "TaskName": "ec",
    "TotalReadoutTime": 0.023436,
    "dataset": "ds003481",
    "modality": "bold",
    "run_id": 4,
    "subject_id": "038",
    "task_id": "ec"
  },
  "dummy_trs": 0,
  "dvars_nstd": 14.892618928053695,
  "dvars_std": 1.182236160402685,
  "dvars_vstd": 1.032451611543624,
  "efc": 0.3660145640827668,
  "fber": 43560.625,
  "fd_mean": 0.05692222810227688,
  "fd_num": 2,
  "fd_perc": 1.3333333333333333,
  "fwhm_avg": 2.6718999999999995,
  "fwhm_x": 2.6257,
  "fwhm_y": 2.74895,
  "fwhm_z": 2.64105,
  "gcor": 0.0812223,
  "gsr_x": -0.00887307059019804,
  "gsr_y": 0.0052696578204631805,
  "provenance": {
    "md5sum": "70ecb2d9402d0bcc13a80bb910add990",
    "settings": {
      "fd_thres": 0.2,
      "testing": false
    },
    "software": "mriqc",
    "version": "23.0.1",
    "webapi_port": null,
    "webapi_url": "https://mriqc.nimh.nih.gov/api/v1"
  },
  "size_t": 150,
  "size_x": 64,
  "size_y": 64,
  "size_z": 35,
  "snr": 3.1928354477560927,
  "spacing_tr": 2.0,
  "spacing_x": 4.0,
  "spacing_y": 4.0,
  "spacing_z": 4.0,
  "summary_bg_k": 100.32610793615005,
  "summary_bg_mad": 12.19687397460262,
  "summary_bg_mean": 43.05690383911133,
  "summary_bg_median": 8.686666488647461,
  "summary_bg_n": 101185.0,
  "summary_bg_p05": 0.06666667014360428,
  "summary_bg_p95": 190.64933471679663,
  "summary_bg_stdv": 122.29146575927734,
  "summary_fg_k": 0.3823255613301586,
  "summary_fg_mad": 509.4123130695108,
  "summary_fg_mean": 1843.214599609375,
  "summary_fg_median": 1756.973388671875,
  "summary_fg_n": 14466.0,
  "summary_fg_p05": 1090.9400329589844,
  "summary_fg_p95": 2883.5116577148438,
  "summary_fg_stdv": 550.2672119140625,
  "tsnr": 100.33729718998075
}