{
  "aor": 0.007912933884297521,
  "aqi": 0.0019873031818181818,
  "bids_meta": {
    "AcquisitionMatrixPE": 64,
    "AcquisitionNumber": 1,
    "AcquisitionTime": "16:01:15.000000",
    "BodyPartExamined": "HEAD",
    "CoilString": "32Ch_Head",
    "ConversionSoftware": "dcm2niix",
    "ConversionSoftwareVersion": "v1.0.20181125  (JP2:OpenJPEG) GCC7.3.0",
    "DeviceSerialNumber": "0002806034DVR750",
    "EchoTime": 0.04,
    "EffectiveEchoSpacing": 0.000372,
    "FlipAngle": 90,
    "ImageOrientationPatientDICOM": [
      1,
      0,
      0,
      0,
      1,
      0
    ],
    "ImageType": [
      "ORIGINAL",
      "PRIMARY",
      "EPI",
      "NONE"
    ],
    "ImagingFrequency": 127.772,
    "InPlanePhaseEncodingDirectionDICOM": "COL",
    "InstitutionName": "INSTITUTO_DE_NEUROBIOLOGIA",
    "MRAcquisitionType": "2D",
    "MagneticFieldStrength": 3,
    "Manufacturer": "GE",
    "ManufacturersModelName": "DISCOVERY_MR750",
    "Modality": "MR",
    "PatientPosition": "HFS",
    "PercentPhaseFOV": 100,
    "PhaseEncodingDirection": "j",
    "PhaseEncodingPolarityGE": "Flipped",
    "PixelBandwidth": 7812.5,
    "ProcedureStepDescription": "Emociones_AH",
    "ProtocolName": "fMRI_Jalil_1",
    "ReconMatrixPE": 64,
    "RepetitionTime": 2,
    "SAR": 0.20565,
    "ScanOptions": "EPI_GEMS_ACC_GEMS",
    "ScanningSequence": "EP_GR",
    "SequenceVariant": "SS",
    "SeriesDescription": "fMRI_Jalil_1",
    "SeriesNumber": 5,
    "SliceThickness": 4,
    "SliceTiming": [
      0,
      1.0285,
      0.0571001,
      1.0857,
      0.1142,
      1.1428,
      0.1714,
      1.2,
      0.2285,
      1.2571,
      0.2857,
      1.3143,
      0.3428,
      1.3714,
      0.4,
      1.4286,
      0.4571,
      1.4857,
      0.5142,
      1.5428,
      0.5714,
      1.6,
      0.6285,
      1.6571,
      0.6857,
      1.7143,
      0.7428,
      1.7714,
      0.8,
      1.8285,
      0.8571,
      1.8857,
      0.9143,
      1.9428,
      0.9714
    ],
    "SoftwareVersions": "27_LX_MR_Software_release:DV26.0_R02_1810.b",
    "SpacingBetweenSlices": 4,
    "StationName": "GEHCGEHC",
    "TaskName": "sae",
    "TotalReadoutTime": 0.023436,
    "dataset": "ds003481",
    "modality": "bold",
    "run_id": 1,
    "subject_id": "038",
    "task_id": "sae"
  },
  "dummy_trs": 0,
  "dvars_nstd": 15.82752328672199,
  "dvars_std": 1.1900306223651451,
  "dvars_vstd": 1.0486068470124477,
  "efc": 0.36568209234370835,
  "fber": 50708.609375,
  "fd_mean": 0.10343675696941626,
  "fd_num": 12,
  "fd_perc": 4.958677685950414,
  "fwhm_avg": 2.6655666666666664,
  "fwhm_x": 2.599175,
  "fwhm_y": 2.721925,
  "fwhm_z": 2.6756,
  "gcor": 0.0310337,
  "gsr_x": -0.00877620093524456,
  "gsr_y": 0.00403773644939065,
  "provenance": {
    "md5sum": "088ff9ba97c193cdaf1a84502890fc43",
    "settings": {
      "fd_thres": 0.2,
      "testing": false
    },
    "software": "mriqc",
    "version": "23.0.1",
    "webapi_port": null,
    "webapi_url": "https://mriqc.nimh.nih.gov/api/v1"
  },
  "size_t": 242,
  "size_x": 64,
  "size_y": 64,
  "size_z": 35,
  "snr": 3.2435847859301163,
  "spacing_tr": 2.0,
  "spacing_x": 4.0,
  "spacing_y": 4.0,
  "spacing_z": 4.0,
  "summary_bg_k": 67.21320579157981,
  "summary_bg_mad": 11.529988694089834,
  "summary_bg_mean": 43.196563720703125,
  "summary_bg_median": 8.2644624710083,
  "summary_bg_n": 101240.0,
  "summary_bg_p05": 0.08677685260772705,
  "summary_bg_p95": 194.59213638305636,
  "summary_bg_stdv": 121.23590087890625,
  "summary_fg_k": 0.35502861715581346,
  "summary_fg_mad": 510.24808663458145,
  "summary_fg_mean": 1879.8603515625,
  "summary_fg_median": 1793.1239013671875,
  "summary_fg_n": 14425.0,
  "summary_fg_p05": 1121.551171875,
  "summary_fg_p95": 2933.4866699218746,
  "summary_fg_stdv": 552.802490234375,
  "tsnr": 79.78215615847148
}