{
  "aor": 0.0007863385826771654,
  "aqi": 0.0016250847637795276,
  "bids_meta": {
    "AcquisitionMatrixPE": 64,
    "AcquisitionNumber": 1,
    "AcquisitionTime": "16:18:19.000000",
    "BodyPartExamined": "HEAD",
    "CoilString": "32Ch_Head",
    "ConversionSoftware": "dcm2niix",
    "ConversionSoftwareVersion": "v1.0.20181125  (JP2:OpenJPEG) GCC7.3.0",
    "DeviceSerialNumber": "0002806034DVR750",
    "EchoTime": 0.04,
    "EffectiveEchoSpacing": 0.000372,
    "FlipAngle": 90,
    "ImageOrientationPatientDICOM": [
      1,
      0,
      0,
      0,
      1,
      0
    ],
    "ImageType": [
      "ORIGINAL",
      "PRIMARY",
      "EPI",
      "NONE"
    ],
    "ImagingFrequency": 127.772,
    "InPlanePhaseEncodingDirectionDICOM": "COL",
    "InstitutionName": "INSTITUTO_DE_NEUROBIOLOGIA",
    "MRAcquisitionType": "2D",
    "MagneticFieldStrength": 3,
    "Manufacturer": "GE",
    "ManufacturersModelName": "DISCOVERY_MR750",
    "Modality": "MR",
    "PatientPosition": "HFS",
    "PercentPhaseFOV": 100,
    "PhaseEncodingDirection": "j",
    "PhaseEncodingPolarityGE": "Flipped",
    "PixelBandwidth": 7812.5,
    "ProcedureStepDescription": "Emociones_AH",
    "ProtocolName": "fMRI_Jalil_3",
    "ReconMatrixPE": 64,
    "RepetitionTime": 2,
    "SAR": 0.20565,
    "ScanOptions": "EPI_GEMS_ACC_GEMS",
    "ScanningSequence": "EP_GR",
    "SequenceVariant": "SS",
    "SeriesDescription": "fMRI_Jalil_3",
    "SeriesNumber": 7,
    "SliceThickness": 4,
    "SliceTiming": [
      0,
      1.0285,
      0.0571001,
      1.0857,
      0.1142,
      1.1428,
      0.1714,
      1.2,
      0.2285,
      1.2571,
      0.2857,
      1.3143,
      0.3428,
      1.3714,
      0.4,
      1.4286,
      0.4571,
      1.4857,
      0.5142,
      1.5428,
      0.5714,
      1.6,
      0.6285,
      1.6571,
      0.6857,
      1.7143,
      0.7428,
      1.7714,
      0.8,
      1.8285,
      0.8571,
      1.8857,
      0.9143,
      1.9428,
      0.9714
    ],
    "SoftwareVersions": "27_LX_MR_Software_release:DV26.0_R02_1810.b",
    "SpacingBetweenSlices": 4,
    "StationName": "GEHCGEHC",
    "TaskName": "sae",
    "TotalReadoutTime": 0.023436,
    "dataset": "ds003481",
    "modality": "bold",
    "run_id": 3,
    "subject_id": "038",
    "task_id": "sae"
  },
  "dummy_trs": 0,
  "dvars_nstd": 14.649107710988147,
  "dvars_std": 1.108345629644269,
  "dvars_vstd": 0.9755441602371537,
  "efc": 0.3666657134050978,
  "fber": 45860.50390625,
  "fd_mean": 0.06156900513730484,
  "fd_num": 5,
  "fd_perc": 1.968503937007874,
  "fwhm_avg": 2.6781333333333333,
  "fwhm_x": 2.596525,
  "fwhm_y": 2.767625,
  "fwhm_z": 2.67025,
  "gcor": 0.0459174,
  "gsr_x": -0.009043707512319088,
  "gsr_y": 0.0056909797713160515,
  "provenance": {
    "md5sum": "7fb714ae0cf7be7c7e0e9e7d705f3fe1",
    "settings": {
      "fd_thres": 0.2,
      "testing": false
    },
    "software": "mriqc",
    "version": "23.0.1",
    "webapi_port": null,
    "webapi_url": "https://mriqc.nimh.nih.gov/api/v1"
  },
  "size_t": 254,
  "size_x": 64,
  "size_y": 64,
  "size_z": 35,
  "snr": 3.2584896277268935,
  "spacing_tr": 2.0,
  "spacing_x": 4.0,
  "spacing_y": 4.0,
  "spacing_z": 4.0,
  "summary_bg_k": 132.0814436646936,
  "summary_bg_mad": 12.094297991749224,
  "summary_bg_mean": 43.521568298339844,
  "summary_bg_median": 8.61417293548584,
  "summary_bg_n": 101032.0,
  "summary_bg_p05": 0.07874015718698502,
  "summary_bg_p95": 190.9322875976562,
  "summary_bg_stdv": 127.0107650756836,
  "summary_fg_k": 0.3482090899331842,
  "summary_fg_mad": 506.6355105989869,
  "summary_fg_mean": 1875.75146484375,
  "summary_fg_median": 1789.6337890625,
  "summary_fg_n": 14550.0,
  "summary_fg_p05": 1124.316339111328,
  "summary_fg_p95": 2915.671398925781,
  "summary_fg_stdv": 549.2030029296875,
  "tsnr": 85.05509182345122
}