{
  "bids_meta": {
    "AcquisitionDateTime": "2016-09-18T11:48:14.000000",
    "ConversionSoftware": "dcm2niix",
    "ConversionSoftwareVersion": "v1.0.20170411 GCC4.8.4",
    "EchoTime": 0.00318,
    "FlipAngle": 12,
    "ImageType": [
      "DERIVED",
      "PRIMARY",
      "OTHER"
    ],
    "InversionTime": 0.45,
    "MagneticFieldStrength": 3,
    "Manufacturer": "GE",
    "ManufacturersModelName": "DISCOVERY_MR750",
    "ProcedureStepDescription": "MeditResp",
    "ProtocolName": "PU:Sag_T1_FSPGR_BRAVO",
    "RepetitionTime": 0.008156,
    "ScanningSequence": "GR",
    "SequenceVariant": "SS_SP_SK",
    "SeriesDescription": "PU:Sag_T1_FSPGR_BRAVO",
    "dataset": "ds003481",
    "modality": "T1w",
    "subject_id": "106"
  },
  "cjv": 0.2989710258804685,
  "cnr": 4.431915672165783,
  "efc": 0.7019255076296054,
  "fber": 9526.433115338883,
  "fwhm_avg": 4.108233333333334,
  "fwhm_x": 4.11768,
  "fwhm_y": 4.33795,
  "fwhm_z": 3.86907,
  "icvs_csf": 0.16720643934494314,
  "icvs_gm": 0.4730284092953721,
  "icvs_wm": 0.35976515135968473,
  "inu_med": 0.42275065183639526,
  "inu_range": 0.0978281319141388,
  "provenance": {
    "md5sum": "5325e0e0d6e58911cccf16114ae498d1",
    "settings": {
      "testing": false
    },
    "software": "mriqc",
    "version": "23.0.1",
    "warnings": {
      "large_rot_frame": true,
      "small_air_mask": false
    },
    "webapi_port": null,
    "webapi_url": "https://mriqc.nimh.nih.gov/api/v1"
  },
  "qi_1": 0.0,
  "qi_2": 0.001929253364962274,
  "rpve_csf": 27.510987137244353,
  "rpve_gm": 11.23103360752799,
  "rpve_wm": 16.505653088875437,
  "size_x": 176,
  "size_y": 256,
  "size_z": 256,
  "snr_csf": 2.5853419756535057,
  "snr_gm": 12.043929013481645,
  "snr_total": 12.465649218130816,
  "snr_wm": 22.767676665257294,
  "snrd_csf": 12.340617678051453,
  "snrd_gm": 30.445557744587518,
  "snrd_total": 29.24701265360889,
  "snrd_wm": 44.95486253818771,
  "spacing_x": 1.0,
  "spacing_y": 1.0,
  "spacing_z": 1.0,
  "summary_bg_k": 5.5437532427701495,
  "summary_bg_mad": 0.0,
  "summary_bg_mean": 8.917329719918136,
  "summary_bg_median": 0.0,
  "summary_bg_n": 579622.0,
  "summary_bg_p05": 0.0,
  "summary_bg_p95": 40.1630899310112,
  "summary_bg_stdv": 14.57320396012256,
  "summary_csf_k": 1.2110939360827269,
  "summary_csf_mad": 85.47715927103857,
  "summary_csf_mean": 269.08744327146565,
  "summary_csf_median": 274.51129019260406,
  "summary_csf_n": 21342.0,
  "summary_csf_p05": 77.01101019978523,
  "summary_csf_p95": 444.30322972685104,
  "summary_csf_stdv": 106.17738831328452,
  "summary_gm_k": 0.21466692321725978,
  "summary_gm_mad": 54.57431318957254,
  "summary_gm_mean": 677.6414445213063,
  "summary_gm_median": 677.2472460567951,
  "summary_gm_n": 66711.0,
  "summary_gm_p05": 585.8705006539822,
  "summary_gm_p95": 770.8722099661827,
  "summary_gm_stdv": 56.23099980918742,
  "summary_wm_k": 0.4902911077473995,
  "summary_wm_mad": 41.919399986193405,
  "summary_wm_mean": 1000.7103706909926,
  "summary_wm_median": 999.9999706447124,
  "summary_wm_n": 239039.0,
  "summary_wm_p05": 929.6955105662346,
  "summary_wm_p95": 1073.2385464012623,
  "summary_wm_stdv": 43.921823629007555,
  "tpm_overlap_csf": 0.1390291258241516,
  "tpm_overlap_gm": 0.472124296947688,
  "tpm_overlap_wm": 0.511274041952244,
  "wm2max": 0.49009434871799945
}