{
  "bids_meta": {
    "AcquisitionDateTime": "2017-02-23T18:43:38.000000",
    "ConversionSoftware": "dcm2niix",
    "ConversionSoftwareVersion": "v1.0.20170411 GCC4.8.4",
    "EchoTime": 0.00318,
    "FlipAngle": 12,
    "ImageType": [
      "DERIVED",
      "PRIMARY",
      "OTHER"
    ],
    "InversionTime": 0.45,
    "MagneticFieldStrength": 3,
    "Manufacturer": "GE",
    "ManufacturersModelName": "DISCOVERY_MR750",
    "ProcedureStepDescription": "ActosHabla",
    "ProtocolName": "PU:Sag_T1_FSPGR_BRAVO",
    "RepetitionTime": 0.008156,
    "ScanningSequence": "GR",
    "SequenceVariant": "SS_SP_SK",
    "SeriesDescription": "PU:Sag_T1_FSPGR_BRAVO",
    "dataset": "ds003481",
    "modality": "T1w",
    "subject_id": "018"
  },
  "cjv": 0.3597817451918977,
  "cnr": 3.7960196842145066,
  "efc": 0.739578201811527,
  "fber": -1.0,
  "fwhm_avg": 3.80188,
  "fwhm_x": 3.6186,
  "fwhm_y": 4.18485,
  "fwhm_z": 3.60219,
  "icvs_csf": 0.21613400870433047,
  "icvs_gm": 0.4374502415580118,
  "icvs_wm": 0.34641574973765765,
  "inu_med": 0.6089542508125305,
  "inu_range": 0.23040317296981805,
  "provenance": {
    "md5sum": "11cb9c021cca5c854ecae072f16e8f8a",
    "settings": {
      "testing": false
    },
    "software": "mriqc",
    "version": "23.0.1",
    "warnings": {
      "large_rot_frame": true,
      "small_air_mask": true
    },
    "webapi_port": null,
    "webapi_url": "https://mriqc.nimh.nih.gov/api/v1"
  },
  "qi_1": 0.0,
  "qi_2": 0.004099399249755947,
  "rpve_csf": 22.85449471198603,
  "rpve_gm": 11.736775174082288,
  "rpve_wm": 17.15548107320539,
  "size_x": 176,
  "size_y": 256,
  "size_z": 256,
  "snr_csf": 2.371440898081411,
  "snr_gm": 10.391926031230982,
  "snr_total": 10.457114132460719,
  "snr_wm": 18.607975468069768,
  "snrd_csf": 12.237127126715892,
  "snrd_gm": 33.76552356519761,
  "snrd_total": 31.986613724221325,
  "snrd_wm": 49.95719048075048,
  "spacing_x": 1.0,
  "spacing_y": 1.0,
  "spacing_z": 1.0,
  "summary_bg_k": 9.187532364634276,
  "summary_bg_mad": 0.0,
  "summary_bg_mean": 6.61132719027074,
  "summary_bg_median": 0.0,
  "summary_bg_n": 249717.0,
  "summary_bg_p05": 0.0,
  "summary_bg_p95": 34.97507885098457,
  "summary_bg_stdv": 13.113956307858116,
  "summary_csf_k": 12.774642299600842,
  "summary_csf_mad": 88.4588863699762,
  "summary_csf_mean": 255.04941373451535,
  "summary_csf_median": 244.95227325707674,
  "summary_csf_n": 32142.0,
  "summary_csf_p05": 102.14159199222924,
  "summary_csf_p95": 442.08626388944674,
  "summary_csf_stdv": 103.29098353465346,
  "summary_gm_k": 0.07991206856528699,
  "summary_gm_mad": 64.69241035057375,
  "summary_gm_mean": 674.0755412556418,
  "summary_gm_median": 675.8891747519374,
  "summary_gm_n": 33369.0,
  "summary_gm_p05": 563.377556361258,
  "summary_gm_p95": 777.9420618340373,
  "summary_gm_stdv": 65.03886239602154,
  "summary_wm_k": 0.4535366431956338,
  "summary_wm_mad": 51.91675525714002,
  "summary_wm_mean": 1001.3925779588036,
  "summary_wm_median": 1000.0000201910734,
  "summary_wm_n": 195010.0,
  "summary_wm_p05": 915.9415577352047,
  "summary_wm_p95": 1091.2815967574716,
  "summary_wm_stdv": 53.74026088612355,
  "tpm_overlap_csf": 0.1646948766298886,
  "tpm_overlap_gm": 0.46489585426507435,
  "tpm_overlap_wm": 0.5011010707647853,
  "wm2max": 0.43959594459093104
}