{
  "bids_meta": {
    "AcquisitionDateTime": "2016-09-01T18:42:10.000000",
    "ConversionSoftware": "dcm2niix",
    "ConversionSoftwareVersion": "v1.0.20170411 GCC4.8.4",
    "EchoTime": 0.00318,
    "FlipAngle": 12,
    "ImageType": [
      "DERIVED",
      "PRIMARY",
      "OTHER"
    ],
    "InversionTime": 0.45,
    "MagneticFieldStrength": 3,
    "Manufacturer": "GE",
    "ManufacturersModelName": "DISCOVERY_MR750",
    "ProtocolName": "PU:Sag_T1_FSPGR_BRAVO",
    "RepetitionTime": 0.008156,
    "ScanningSequence": "GR",
    "SequenceVariant": "SS_SP_SK",
    "SeriesDescription": "PU:Sag_T1_FSPGR_BRAVO",
    "dataset": "ds003481",
    "modality": "T1w",
    "subject_id": "100"
  },
  "cjv": 0.3145695141872756,
  "cnr": 4.317870695292848,
  "efc": 0.7311274229367533,
  "fber": -1.0,
  "fwhm_avg": 3.81133,
  "fwhm_x": 3.81881,
  "fwhm_y": 3.93533,
  "fwhm_z": 3.67985,
  "icvs_csf": 0.2101214188703095,
  "icvs_gm": 0.47452762873913307,
  "icvs_wm": 0.31535095239055744,
  "inu_med": 0.5447878837585449,
  "inu_range": 0.17183366268873218,
  "provenance": {
    "md5sum": "923f4c45dcddf95904587b43e25abd97",
    "settings": {
      "testing": false
    },
    "software": "mriqc",
    "version": "23.0.1",
    "warnings": {
      "large_rot_frame": true,
      "small_air_mask": true
    },
    "webapi_port": null,
    "webapi_url": "https://mriqc.nimh.nih.gov/api/v1"
  },
  "qi_1": 0.0,
  "qi_2": 0.0029424242950782226,
  "rpve_csf": 25.899129405492832,
  "rpve_gm": 12.254749136055981,
  "rpve_wm": 19.487231179365736,
  "size_x": 176,
  "size_y": 256,
  "size_z": 256,
  "snr_csf": 3.155641547078036,
  "snr_gm": 13.672142421565365,
  "snr_total": 12.267869701724123,
  "snr_wm": 19.975825136528968,
  "snrd_csf": 15.768007947909837,
  "snrd_gm": 38.20450158952453,
  "snrd_total": 36.47221106337165,
  "snrd_wm": 55.44412365268058,
  "spacing_x": 1.0,
  "spacing_y": 1.0,
  "spacing_z": 1.0,
  "summary_bg_k": 7.731315949051302,
  "summary_bg_mad": 0.0,
  "summary_bg_mean": 6.520111870649958,
  "summary_bg_median": 0.0,
  "summary_bg_n": 290716.0,
  "summary_bg_p05": 0.0,
  "summary_bg_p95": 32.130142237991095,
  "summary_bg_stdv": 11.816155515608571,
  "summary_csf_k": 1.9102288228885067,
  "summary_csf_mad": 70.55238217681784,
  "summary_csf_mean": 294.08264056059994,
  "summary_csf_median": 284.3945689536631,
  "summary_csf_n": 42504.0,
  "summary_csf_p05": 166.82438508421183,
  "summary_csf_p95": 464.40898578129696,
  "summary_csf_stdv": 90.1215233693858,
  "summary_gm_k": 0.2322286866780754,
  "summary_gm_mad": 48.97243952235557,
  "summary_gm_mean": 689.6160263308846,
  "summary_gm_median": 689.0631205625832,
  "summary_gm_n": 48369.0,
  "summary_gm_p05": 607.6517391219735,
  "summary_gm_p95": 772.9710095487535,
  "summary_gm_stdv": 50.3985385974327,
  "summary_wm_k": 0.30437959575672613,
  "summary_wm_mad": 48.83881758641463,
  "summary_wm_mean": 1000.0759726068233,
  "summary_wm_median": 999.999980930239,
  "summary_wm_n": 161508.0,
  "summary_wm_p05": 918.1650043465197,
  "summary_wm_p95": 1082.1504007056355,
  "summary_wm_stdv": 50.06035436678778,
  "tpm_overlap_csf": 0.1515902446084571,
  "tpm_overlap_gm": 0.47192648109119045,
  "tpm_overlap_wm": 0.4826774749850787,
  "wm2max": 0.41745362880469544
}