{
  "aor": 0.0011856444444444444,
  "aqi": 0.0018806208044444444,
  "bids_meta": {
    "AcquisitionDateTime": "2017-01-17T19:07:51.000000",
    "ConversionSoftware": "dcm2niix",
    "ConversionSoftwareVersion": "v1.0.20170411 GCC4.8.4",
    "EchoTime": 0.04,
    "FlipAngle": 90,
    "ImageType": [
      "ORIGINAL",
      "PRIMARY",
      "EPI",
      "NONE"
    ],
    "MagneticFieldStrength": 3,
    "Manufacturer": "GE",
    "ManufacturersModelName": "DISCOVERY_MR750",
    "ProcedureStepDescription": "CompRefranes",
    "ProtocolName": "fMRI_Comprension_3",
    "RepetitionTime": 2,
    "ScanningSequence": "EP_GR",
    "SequenceVariant": "SS",
    "SeriesDescription": "fMRI_Comprension_3",
    "SliceTiming": [
      1.0285,
      0.0571001,
      1.0857,
      0.1142,
      1.1428,
      0.1714,
      1.2,
      0.2285,
      1.2571,
      0.2857,
      1.3143,
      0.3428,
      1.3714,
      0.4,
      1.4286,
      0.4571,
      1.4857,
      0.5142,
      1.5428,
      0.5714,
      1.6,
      0.6285,
      1.6571,
      0.6857,
      1.7143,
      0.7428,
      1.7714,
      0.8,
      1.8285,
      0.8571,
      1.8857,
      0.9143,
      1.9428,
      0.9714
    ],
    "TaskName": "pc",
    "dataset": "ds003481",
    "modality": "bold",
    "run_id": 3,
    "subject_id": "047",
    "task_id": "pc"
  },
  "dummy_trs": 0,
  "dvars_nstd": 19.24403116540179,
  "dvars_std": 1.1997195439732136,
  "dvars_vstd": 0.9976913176339286,
  "efc": 0.36016331388343525,
  "fber": 81957.7421875,
  "fd_mean": 0.09502961966234248,
  "fd_num": 4,
  "fd_perc": 1.7777777777777777,
  "fwhm_avg": 2.6244916666666662,
  "fwhm_x": 2.552025,
  "fwhm_y": 2.76495,
  "fwhm_z": 2.5565,
  "gcor": 0.0584638,
  "gsr_x": -0.009721781127154827,
  "gsr_y": 0.005263068713247776,
  "provenance": {
    "md5sum": "6dbed10f885c9a9f3340eea7d703d54d",
    "settings": {
      "fd_thres": 0.2,
      "testing": false
    },
    "software": "mriqc",
    "version": "23.0.1",
    "webapi_port": null,
    "webapi_url": "https://mriqc.nimh.nih.gov/api/v1"
  },
  "size_t": 225,
  "size_x": 64,
  "size_y": 64,
  "size_z": 34,
  "snr": 3.367494801426668,
  "spacing_tr": 2.0,
  "spacing_x": 4.0,
  "spacing_y": 4.0,
  "spacing_z": 4.0,
  "summary_bg_k": 45.49944497957434,
  "summary_bg_mad": 9.178954945415557,
  "summary_bg_mean": 39.12311553955078,
  "summary_bg_median": 6.724444389343262,
  "summary_bg_n": 98446.0,
  "summary_bg_p05": 0.14666667580604553,
  "summary_bg_p95": 203.47222900390625,
  "summary_bg_stdv": 110.87757873535156,
  "summary_fg_k": 0.30890150746562695,
  "summary_fg_mad": 493.44302938368577,
  "summary_fg_mean": 1925.16162109375,
  "summary_fg_median": 1841.013427734375,
  "summary_fg_n": 13557.0,
  "summary_fg_p05": 1160.448046875,
  "summary_fg_p95": 2951.2400390625,
  "summary_fg_stdv": 546.6810302734375,
  "tsnr": 80.48529523413163
}