{
  "aor": 0.00614081081081081,
  "aqi": 0.002512299261261261,
  "bids_meta": {
    "AcquisitionDateTime": "2017-01-17T19:16:5.000000",
    "ConversionSoftware": "dcm2niix",
    "ConversionSoftwareVersion": "v1.0.20170411 GCC4.8.4",
    "EchoTime": 0.04,
    "FlipAngle": 90,
    "ImageType": [
      "ORIGINAL",
      "PRIMARY",
      "EPI",
      "NONE"
    ],
    "MagneticFieldStrength": 3,
    "Manufacturer": "GE",
    "ManufacturersModelName": "DISCOVERY_MR750",
    "ProcedureStepDescription": "CompRefranes",
    "ProtocolName": "fMRI_Comprension_4",
    "RepetitionTime": 2,
    "ScanningSequence": "EP_GR",
    "SequenceVariant": "SS",
    "SeriesDescription": "fMRI_Comprension_4",
    "SliceTiming": [
      1.0285,
      0.0571001,
      1.0857,
      0.1142,
      1.1428,
      0.1714,
      1.2,
      0.2285,
      1.2571,
      0.2857,
      1.3143,
      0.3428,
      1.3714,
      0.4,
      1.4286,
      0.4571,
      1.4857,
      0.5142,
      1.5428,
      0.5714,
      1.6,
      0.6285,
      1.6571,
      0.6857,
      1.7143,
      0.7428,
      1.7714,
      0.8,
      1.8285,
      0.8571,
      1.8857,
      0.9143,
      1.9428,
      0.9714
    ],
    "TaskName": "pc",
    "dataset": "ds003481",
    "modality": "bold",
    "run_id": 4,
    "subject_id": "047",
    "task_id": "pc"
  },
  "dummy_trs": 0,
  "dvars_nstd": 20.80006889855203,
  "dvars_std": 1.2592918061085976,
  "dvars_vstd": 1.036492326244344,
  "efc": 0.3627860015806207,
  "fber": 80720.0234375,
  "fd_mean": 0.135856107896254,
  "fd_num": 10,
  "fd_perc": 4.504504504504505,
  "fwhm_avg": 2.6596583333333332,
  "fwhm_x": 2.578,
  "fwhm_y": 2.833375,
  "fwhm_z": 2.5676,
  "gcor": 0.0445332,
  "gsr_x": -0.010021058842539787,
  "gsr_y": 0.005912630818784237,
  "provenance": {
    "md5sum": "62eaa9d386541a8f3bd6258d7b0a4efe",
    "settings": {
      "fd_thres": 0.2,
      "testing": false
    },
    "software": "mriqc",
    "version": "23.0.1",
    "webapi_port": null,
    "webapi_url": "https://mriqc.nimh.nih.gov/api/v1"
  },
  "size_t": 222,
  "size_x": 64,
  "size_y": 64,
  "size_z": 34,
  "snr": 3.398185060093921,
  "spacing_tr": 2.0,
  "spacing_x": 4.0,
  "spacing_y": 4.0,
  "spacing_z": 4.0,
  "summary_bg_k": 44.66367351922807,
  "summary_bg_mad": 9.282960312672436,
  "summary_bg_mean": 39.39202117919922,
  "summary_bg_median": 6.801802158355713,
  "summary_bg_n": 98203.0,
  "summary_bg_p05": 0.1576576679944992,
  "summary_bg_p95": 208.066665649414,
  "summary_bg_stdv": 109.67495727539062,
  "summary_fg_k": 0.24520644744458453,
  "summary_fg_mad": 493.64971050350186,
  "summary_fg_mean": 1928.7626953125,
  "summary_fg_median": 1842.398681640625,
  "summary_fg_n": 13756.0,
  "summary_fg_p05": 1158.8885803222656,
  "summary_fg_p95": 2934.8728637695312,
  "summary_fg_stdv": 542.1516723632812,
  "tsnr": 70.60628739837557
}