{
  "aor": 0.0017028888888888888,
  "aqi": 0.0017081573866666666,
  "bids_meta": {
    "AcquisitionDateTime": "2017-01-17T18:58:54.000000",
    "ConversionSoftware": "dcm2niix",
    "ConversionSoftwareVersion": "v1.0.20170411 GCC4.8.4",
    "EchoTime": 0.04,
    "FlipAngle": 90,
    "ImageType": [
      "ORIGINAL",
      "PRIMARY",
      "EPI",
      "NONE"
    ],
    "MagneticFieldStrength": 3,
    "Manufacturer": "GE",
    "ManufacturersModelName": "DISCOVERY_MR750",
    "ProcedureStepDescription": "CompRefranes",
    "ProtocolName": "fMRI_Comprension_2",
    "RepetitionTime": 2,
    "ScanningSequence": "EP_GR",
    "SequenceVariant": "SS",
    "SeriesDescription": "fMRI_Comprension_2",
    "SliceTiming": [
      1.0285,
      0.0571001,
      1.0857,
      0.1142,
      1.1428,
      0.1714,
      1.2,
      0.2285,
      1.2571,
      0.2857,
      1.3143,
      0.3428,
      1.3714,
      0.4,
      1.4286,
      0.4571,
      1.4857,
      0.5142,
      1.5428,
      0.5714,
      1.6,
      0.6285,
      1.6571,
      0.6857,
      1.7143,
      0.7428,
      1.7714,
      0.8,
      1.8285,
      0.8571,
      1.8857,
      0.9143,
      1.9428,
      0.9714
    ],
    "TaskName": "pc",
    "dataset": "ds003481",
    "modality": "bold",
    "run_id": 2,
    "subject_id": "047",
    "task_id": "pc"
  },
  "dummy_trs": 0,
  "dvars_nstd": 19.40988011441964,
  "dvars_std": 1.2141263090625007,
  "dvars_vstd": 1.0123369216071425,
  "efc": 0.36109447241085935,
  "fber": 80742.1875,
  "fd_mean": 0.09299151058818807,
  "fd_num": 7,
  "fd_perc": 3.111111111111111,
  "fwhm_avg": 2.628016666666667,
  "fwhm_x": 2.546425,
  "fwhm_y": 2.79435,
  "fwhm_z": 2.543275,
  "gcor": 0.0564556,
  "gsr_x": -0.009919029660522938,
  "gsr_y": 0.005804176442325115,
  "provenance": {
    "md5sum": "a20426197efdf1825b2980068df33c95",
    "settings": {
      "fd_thres": 0.2,
      "testing": false
    },
    "software": "mriqc",
    "version": "23.0.1",
    "webapi_port": null,
    "webapi_url": "https://mriqc.nimh.nih.gov/api/v1"
  },
  "size_t": 225,
  "size_x": 64,
  "size_y": 64,
  "size_z": 34,
  "snr": 3.4163880499356294,
  "spacing_tr": 2.0,
  "spacing_x": 4.0,
  "spacing_y": 4.0,
  "spacing_z": 4.0,
  "summary_bg_k": 45.62560942015791,
  "summary_bg_mad": 9.251438122724089,
  "summary_bg_mean": 38.42665481567383,
  "summary_bg_median": 6.773333549499512,
  "summary_bg_n": 98331.0,
  "summary_bg_p05": 0.13777777552604675,
  "summary_bg_p95": 201.06000518798828,
  "summary_bg_stdv": 107.96144104003906,
  "summary_fg_k": 0.20801417724287274,
  "summary_fg_mad": 493.8714131057564,
  "summary_fg_mean": 1918.9013671875,
  "summary_fg_median": 1837.7423095703125,
  "summary_fg_n": 13569.0,
  "summary_fg_p05": 1153.4364746093752,
  "summary_fg_p95": 2912.232958984375,
  "summary_fg_stdv": 537.8998413085938,
  "tsnr": 80.2354218417313
}