{
  "bids_meta": {
    "AcquisitionDateTime": "2017-05-04T18:43:49.000000",
    "ConversionSoftware": "dcm2niix",
    "ConversionSoftwareVersion": "v1.0.20170411 GCC4.8.4",
    "EchoTime": 0.00318,
    "FlipAngle": 12,
    "ImageType": [
      "DERIVED",
      "PRIMARY",
      "OTHER"
    ],
    "InversionTime": 0.45,
    "MagneticFieldStrength": 3,
    "Manufacturer": "GE",
    "ManufacturersModelName": "DISCOVERY_MR750",
    "ProcedureStepDescription": "ActosHabla",
    "ProtocolName": "PU:Sag_T1_FSPGR_BRAVO",
    "RepetitionTime": 0.008156,
    "ScanningSequence": "GR",
    "SequenceVariant": "SS_SP_SK",
    "SeriesDescription": "PU:Sag_T1_FSPGR_BRAVO",
    "dataset": "ds003481",
    "modality": "T1w",
    "subject_id": "021"
  },
  "cjv": 0.38409048299424287,
  "cnr": 3.5533056949134973,
  "efc": 0.7467887991591469,
  "fber": 14687.131519274377,
  "fwhm_avg": 3.6242633333333334,
  "fwhm_x": 3.68618,
  "fwhm_y": 3.72181,
  "fwhm_z": 3.4648,
  "icvs_csf": 0.19438696373566186,
  "icvs_gm": 0.44686351392690893,
  "icvs_wm": 0.3587495223374292,
  "inu_med": 0.5210339426994324,
  "inu_range": 0.17189916223287582,
  "provenance": {
    "md5sum": "74b1915206cb0efb08bee2b49b95b6a9",
    "settings": {
      "testing": false
    },
    "software": "mriqc",
    "version": "23.0.1",
    "warnings": {
      "large_rot_frame": true,
      "small_air_mask": false
    },
    "webapi_port": null,
    "webapi_url": "https://mriqc.nimh.nih.gov/api/v1"
  },
  "qi_1": 0.0,
  "qi_2": 0.0014305465763072129,
  "rpve_csf": 23.434054588356638,
  "rpve_gm": 10.97899549116355,
  "rpve_wm": 15.347711020822072,
  "size_x": 176,
  "size_y": 256,
  "size_z": 256,
  "snr_csf": 2.8173262685179425,
  "snr_gm": 12.114434404536924,
  "snr_total": 11.838906341309995,
  "snr_wm": 20.584958350875123,
  "snrd_csf": 21.35789983551124,
  "snrd_gm": 49.97366131228418,
  "snrd_total": 46.77842860041906,
  "snrd_wm": 69.00372465346177,
  "spacing_x": 1.0,
  "spacing_y": 1.0,
  "spacing_z": 1.0,
  "summary_bg_k": 13.752913629527509,
  "summary_bg_mad": 0.0,
  "summary_bg_mean": 4.153379578406411,
  "summary_bg_median": 0.0,
  "summary_bg_n": 342148.0,
  "summary_bg_p05": 0.0,
  "summary_bg_p95": 25.422706861048937,
  "summary_bg_stdv": 9.494598913513563,
  "summary_csf_k": 0.8660840590341112,
  "summary_csf_mad": 95.6882478346323,
  "summary_csf_mean": 318.82639644206284,
  "summary_csf_median": 309.5304925404489,
  "summary_csf_n": 32715.0,
  "summary_csf_p05": 150.07429498843848,
  "summary_csf_p95": 515.6431807093322,
  "summary_csf_stdv": 109.86507500071203,
  "summary_gm_k": 0.012758750309716405,
  "summary_gm_mad": 59.068289889206746,
  "summary_gm_mean": 723.3766230984334,
  "summary_gm_median": 724.2459286339581,
  "summary_gm_n": 47784.0,
  "summary_gm_p05": 623.1575350016356,
  "summary_gm_p95": 821.3180968537927,
  "summary_gm_stdv": 59.78309230781464,
  "summary_wm_k": 0.39389149303050175,
  "summary_wm_mad": 46.86163724073156,
  "summary_wm_mean": 1001.9061217010338,
  "summary_wm_median": 1000.0401277095079,
  "summary_wm_n": 228557.0,
  "summary_wm_p05": 925.4588217996061,
  "summary_wm_p95": 1084.5013481341302,
  "summary_wm_stdv": 48.58100380556374,
  "tpm_overlap_csf": 0.16627645619452833,
  "tpm_overlap_gm": 0.46517003735857404,
  "tpm_overlap_wm": 0.49601916569823745,
  "wm2max": 0.45522688215291235
}