{
  "bids_meta": {
    "AcquisitionDateTime": "2017-01-09T20:28:30.000000",
    "ConversionSoftware": "dcm2niix",
    "ConversionSoftwareVersion": "v1.0.20170411 GCC4.8.4",
    "EchoTime": 0.00318,
    "FlipAngle": 12,
    "ImageType": [
      "ORIGINAL",
      "PRIMARY",
      "OTHER"
    ],
    "InversionTime": 0.45,
    "MagneticFieldStrength": 3,
    "Manufacturer": "GE",
    "ManufacturersModelName": "DISCOVERY_MR750",
    "ProcedureStepDescription": "CompRefranes",
    "ProtocolName": "PU:Sag_T1_FSPGR_BRAVO",
    "RepetitionTime": 0.008156,
    "ScanningSequence": "GR",
    "SequenceVariant": "SS_SP_SK",
    "SeriesDescription": "PU:Sag_T1_FSPGR_BRAVO",
    "dataset": "ds003481",
    "modality": "T1w",
    "subject_id": "054"
  },
  "cjv": 0.3297783447065589,
  "cnr": 4.121718325937631,
  "efc": 0.7492934700190197,
  "fber": 9499.357310478523,
  "fwhm_avg": 4.332273333333333,
  "fwhm_x": 4.41047,
  "fwhm_y": 4.47403,
  "fwhm_z": 4.11232,
  "icvs_csf": 0.23582104584906868,
  "icvs_gm": 0.4195684454518452,
  "icvs_wm": 0.34461050869908616,
  "inu_med": 0.37753206491470337,
  "inu_range": 0.0858326256275177,
  "provenance": {
    "md5sum": "85ef4626037af1e9bc6ae64bc9c3f3da",
    "settings": {
      "testing": false
    },
    "software": "mriqc",
    "version": "23.0.1",
    "warnings": {
      "large_rot_frame": true,
      "small_air_mask": true
    },
    "webapi_port": null,
    "webapi_url": "https://mriqc.nimh.nih.gov/api/v1"
  },
  "qi_1": 0.0,
  "qi_2": 0.003212577236267743,
  "rpve_csf": 22.253372791873044,
  "rpve_gm": 12.528197727260208,
  "rpve_wm": 17.683636874501154,
  "size_x": 176,
  "size_y": 256,
  "size_z": 256,
  "snr_csf": 3.0790695890327537,
  "snr_gm": 13.4961024620332,
  "snr_total": 14.112664101239467,
  "snr_wm": 25.762820252652446,
  "snrd_csf": 22.777763320091385,
  "snrd_gm": 55.19008225258364,
  "snrd_total": 51.376868260525725,
  "snrd_wm": 76.16275920890216,
  "spacing_x": 1.0,
  "spacing_y": 1.0,
  "spacing_z": 1.0,
  "summary_bg_k": 17.71808437190379,
  "summary_bg_mad": 0.0,
  "summary_bg_mean": 3.8063671203446834,
  "summary_bg_median": 0.0,
  "summary_bg_n": 227441.0,
  "summary_bg_p05": 0.0,
  "summary_bg_p95": 20.741896525025368,
  "summary_bg_stdv": 8.601794392555448,
  "summary_csf_k": 0.7988529786342564,
  "summary_csf_mad": 82.23022093675817,
  "summary_csf_mean": 307.42959972404805,
  "summary_csf_median": 299.06693751364946,
  "summary_csf_n": 59398.0,
  "summary_csf_p05": 158.94047151468695,
  "summary_csf_p95": 482.7855225652456,
  "summary_csf_stdv": 97.12817829290202,
  "summary_gm_k": 0.15413426797958296,
  "summary_gm_mad": 52.779655290592146,
  "summary_gm_mean": 724.4069095587813,
  "summary_gm_median": 724.6334351822734,
  "summary_gm_n": 39290.0,
  "summary_gm_p05": 635.6659791704267,
  "summary_gm_p95": 812.3508505649862,
  "summary_gm_stdv": 53.69136871631803,
  "summary_wm_k": 0.20123891883097356,
  "summary_wm_mad": 38.030272168289684,
  "summary_wm_mean": 1000.4208047666227,
  "summary_wm_median": 999.9999924972653,
  "summary_wm_n": 211024.0,
  "summary_wm_p05": 937.481705635786,
  "summary_wm_p95": 1064.8265468403697,
  "summary_wm_stdv": 38.81553390851215,
  "tpm_overlap_csf": 0.168310738456819,
  "tpm_overlap_gm": 0.47679139567677464,
  "tpm_overlap_wm": 0.5270652623080845,
  "wm2max": 0.5869160873997064
}