{
  "bids_meta": {
    "AcquisitionDateTime": "2016-09-18T12:34:18.000000",
    "ConversionSoftware": "dcm2niix",
    "ConversionSoftwareVersion": "v1.0.20170411 GCC4.8.4",
    "EchoTime": 0.00318,
    "FlipAngle": 12,
    "ImageType": [
      "DERIVED",
      "PRIMARY",
      "OTHER"
    ],
    "InversionTime": 0.45,
    "MagneticFieldStrength": 3,
    "Manufacturer": "GE",
    "ManufacturersModelName": "DISCOVERY_MR750",
    "ProcedureStepDescription": "MeditResp",
    "ProtocolName": "PU:Sag_T1_FSPGR_BRAVO",
    "RepetitionTime": 0.008156,
    "ScanningSequence": "GR",
    "SequenceVariant": "SS_SP_SK",
    "SeriesDescription": "PU:Sag_T1_FSPGR_BRAVO",
    "dataset": "ds003481",
    "modality": "T1w",
    "subject_id": "092"
  },
  "cjv": 0.33040736990588077,
  "cnr": 3.7316924458285308,
  "efc": 0.7016297802611422,
  "fber": 8590.053162005543,
  "fwhm_avg": 4.039703333333333,
  "fwhm_x": 4.04841,
  "fwhm_y": 4.22763,
  "fwhm_z": 3.84307,
  "icvs_csf": 0.22035258726661283,
  "icvs_gm": 0.4504594539257537,
  "icvs_wm": 0.3291879588076334,
  "inu_med": 0.43412262201309204,
  "inu_range": 0.11023688316345215,
  "provenance": {
    "md5sum": "187d2e5bf82a3cbd15a93bd6a09114a9",
    "settings": {
      "testing": false
    },
    "software": "mriqc",
    "version": "23.0.1",
    "warnings": {
      "large_rot_frame": true,
      "small_air_mask": false
    },
    "webapi_port": null,
    "webapi_url": "https://mriqc.nimh.nih.gov/api/v1"
  },
  "qi_1": 0.0,
  "qi_2": 0.0003169079950511776,
  "rpve_csf": 24.909039336808107,
  "rpve_gm": 12.837065356728521,
  "rpve_wm": 19.54780282857781,
  "size_x": 176,
  "size_y": 256,
  "size_z": 256,
  "snr_csf": 2.7431446760383835,
  "snr_gm": 12.699681946940363,
  "snr_total": 13.18906921062377,
  "snr_wm": 24.124381008892563,
  "snrd_csf": 6.272070800448906,
  "snrd_gm": 14.785852383601522,
  "snrd_total": 13.923252561952959,
  "snrd_wm": 20.711834501808454,
  "spacing_x": 1.0,
  "spacing_y": 1.0,
  "spacing_z": 1.0,
  "summary_bg_k": 53.26177105181882,
  "summary_bg_mad": 0.0,
  "summary_bg_mean": 14.17141961416825,
  "summary_bg_median": 0.0,
  "summary_bg_n": 581483.0,
  "summary_bg_p05": 0.0,
  "summary_bg_p95": 60.005318000912666,
  "summary_bg_stdv": 31.632219370635227,
  "summary_csf_k": 0.8990727856951275,
  "summary_csf_mad": 83.10815820459746,
  "summary_csf_mean": 298.8110371651814,
  "summary_csf_median": 302.83696565777063,
  "summary_csf_n": 34815.0,
  "summary_csf_p05": 90.94603482075036,
  "summary_csf_p95": 485.6481040939685,
  "summary_csf_stdv": 110.39615192033057,
  "summary_gm_k": 0.24721034635150296,
  "summary_gm_mad": 55.06760076158287,
  "summary_gm_mean": 711.5955260031543,
  "summary_gm_median": 713.9113720133901,
  "summary_gm_n": 45294.0,
  "summary_gm_p05": 615.8520485460758,
  "summary_gm_p95": 799.7417635843158,
  "summary_gm_stdv": 56.21428112076428,
  "summary_wm_k": 0.4052214422151894,
  "summary_wm_mad": 39.47074451315909,
  "summary_wm_mean": 1000.3421492687012,
  "summary_wm_median": 1000.0379959493876,
  "summary_wm_n": 180697.0,
  "summary_wm_p05": 932.5510022230446,
  "summary_wm_p95": 1068.7402872554958,
  "summary_wm_stdv": 41.45330105708002,
  "tpm_overlap_csf": 0.15108296058203516,
  "tpm_overlap_gm": 0.47704244344999047,
  "tpm_overlap_wm": 0.5145719589900628,
  "wm2max": 0.4432996632996633
}