{
  "aor": 0.002055629921259843,
  "aqi": 0.0018308708897637796,
  "bids_meta": {
    "AcquisitionDateTime": "2016-05-03T20:57:8.000000",
    "ConversionSoftware": "dcm2niix",
    "ConversionSoftwareVersion": "v1.0.20170411 GCC4.8.4",
    "EchoTime": 0.04,
    "FlipAngle": 90,
    "ImageType": [
      "ORIGINAL",
      "PRIMARY",
      "EPI",
      "NONE"
    ],
    "MagneticFieldStrength": 3,
    "Manufacturer": "GE",
    "ManufacturersModelName": "DISCOVERY_MR750",
    "ProcedureStepDescription": "ActosHabla",
    "ProtocolName": "fMRI_ActosHabla_2",
    "RepetitionTime": 2,
    "ScanningSequence": "EP_GR",
    "SequenceVariant": "SS",
    "SeriesDescription": "fMRI_ActosHabla_2",
    "SliceTiming": [
      0,
      1.0285,
      0.0571001,
      1.0857,
      0.1142,
      1.1428,
      0.1714,
      1.2,
      0.2285,
      1.2571,
      0.2857,
      1.3143,
      0.3428,
      1.3714,
      0.4,
      1.4286,
      0.4571,
      1.4857,
      0.5142,
      1.5428,
      0.5714,
      1.6,
      0.6285,
      1.6571,
      0.6857,
      1.7143,
      0.7428,
      1.7714,
      0.8,
      1.8285,
      0.8571,
      1.8857,
      0.9143,
      1.9428,
      0.9714
    ],
    "TaskName": "sar",
    "dataset": "ds003481",
    "modality": "bold",
    "run_id": 2,
    "subject_id": "004",
    "task_id": "sar"
  },
  "dummy_trs": 0,
  "dvars_nstd": 15.143243457826083,
  "dvars_std": 1.1212700840316208,
  "dvars_vstd": 0.9986924746640317,
  "efc": 0.3361505698064982,
  "fber": 64302.28515625,
  "fd_mean": 0.08503013747852532,
  "fd_num": 4,
  "fd_perc": 1.5748031496062993,
  "fwhm_avg": 2.7981416666666665,
  "fwhm_x": 2.68695,
  "fwhm_y": 2.95705,
  "fwhm_z": 2.750425,
  "gcor": 0.0364929,
  "gsr_x": -0.008831111714243889,
  "gsr_y": -0.00019483361393213272,
  "provenance": {
    "md5sum": "cceb542d09a8db5819a5556e1d55a80a",
    "settings": {
      "fd_thres": 0.2,
      "testing": false
    },
    "software": "mriqc",
    "version": "23.0.1",
    "webapi_port": null,
    "webapi_url": "https://mriqc.nimh.nih.gov/api/v1"
  },
  "size_t": 254,
  "size_x": 64,
  "size_y": 64,
  "size_z": 35,
  "snr": 3.391952366781184,
  "spacing_tr": 2.0,
  "spacing_x": 4.0,
  "spacing_y": 4.0,
  "spacing_z": 4.0,
  "summary_bg_k": 129.60115418323338,
  "summary_bg_mad": 10.98526523244742,
  "summary_bg_mean": 30.478609085083008,
  "summary_bg_median": 8.078740119934082,
  "summary_bg_n": 103605.0,
  "summary_bg_p05": 0.16929133236408234,
  "summary_bg_p95": 126.11338653564425,
  "summary_bg_stdv": 78.53150939941406,
  "summary_fg_k": 1.2834323078381402,
  "summary_fg_mad": 448.46382445656434,
  "summary_fg_mean": 2037.661865234375,
  "summary_fg_median": 1921.464599609375,
  "summary_fg_n": 12718.0,
  "summary_fg_p05": 1314.7523376464844,
  "summary_fg_p95": 3175.7099609375,
  "summary_fg_stdv": 566.4552001953125,
  "tsnr": 86.64145650342107
}