{
  "aor": 0.0031826333333333334,
  "aqi": 0.004623431333333334,
  "bids_meta": {
    "AcquisitionDateTime": "2016-09-21T19:26:56.000000",
    "ConversionSoftware": "dcm2niix",
    "ConversionSoftwareVersion": "v1.0.20170411 GCC4.8.4",
    "EchoTime": 0.04,
    "FlipAngle": 90,
    "ImageType": [
      "ORIGINAL",
      "PRIMARY",
      "EPI",
      "NONE"
    ],
    "MagneticFieldStrength": 3,
    "Manufacturer": "GE",
    "ManufacturersModelName": "DISCOVERY_MR750",
    "ProcedureStepDescription": "MeditResp",
    "ProtocolName": "fMRI_RestSt",
    "RepetitionTime": 2,
    "ScanningSequence": "EP_GR",
    "SequenceVariant": "SS",
    "SeriesDescription": "fMRI_RestSt",
    "SliceTiming": [
      1.0285,
      0.0571001,
      1.0857,
      0.1142,
      1.1428,
      0.1714,
      1.2,
      0.2285,
      1.2571,
      0.2857,
      1.3143,
      0.3428,
      1.3714,
      0.4,
      1.4286,
      0.4571,
      1.4857,
      0.5142,
      1.5428,
      0.5714,
      1.6,
      0.6285,
      1.6571,
      0.6857,
      1.7143,
      0.7428,
      1.7714,
      0.8,
      1.8285,
      0.8571,
      1.8857,
      0.9143,
      1.9428,
      0.9714
    ],
    "TaskName": "rest",
    "dataset": "ds003481",
    "modality": "bold",
    "subject_id": "110",
    "task_id": "rest"
  },
  "dummy_trs": 0,
  "dvars_nstd": 13.106147976622076,
  "dvars_std": 1.0091719936454853,
  "dvars_vstd": 0.9368401494648837,
  "efc": 0.33226744378875184,
  "fber": 90166.1015625,
  "fd_mean": 0.07739779442456299,
  "fd_num": 1,
  "fd_perc": 0.3333333333333333,
  "fwhm_avg": 2.541283333333334,
  "fwhm_x": 2.55815,
  "fwhm_y": 2.670675,
  "fwhm_z": 2.395025,
  "gcor": 0.0241075,
  "gsr_x": -0.011620661243796349,
  "gsr_y": 0.00416781660169363,
  "provenance": {
    "md5sum": "896903ccc9dd34267177760356106331",
    "settings": {
      "fd_thres": 0.2,
      "testing": false
    },
    "software": "mriqc",
    "version": "23.0.1",
    "webapi_port": null,
    "webapi_url": "https://mriqc.nimh.nih.gov/api/v1"
  },
  "size_t": 300,
  "size_x": 64,
  "size_y": 64,
  "size_z": 34,
  "snr": 3.8616767649290207,
  "spacing_tr": 2.0,
  "spacing_x": 4.0,
  "spacing_y": 4.0,
  "spacing_z": 4.0,
  "summary_bg_k": 105.64195461214821,
  "summary_bg_mad": 8.875845653785714,
  "summary_bg_mean": 31.391063690185547,
  "summary_bg_median": 6.693333625793457,
  "summary_bg_n": 101330.0,
  "summary_bg_p05": 0.2600000202655792,
  "summary_bg_p95": 136.84183425903316,
  "summary_bg_stdv": 91.88426971435547,
  "summary_fg_k": 0.2858513677424428,
  "summary_fg_mad": 456.9676123521848,
  "summary_fg_mean": 1931.03955078125,
  "summary_fg_median": 1893.416748046875,
  "summary_fg_n": 11522.0,
  "summary_fg_p05": 1187.9156555175782,
  "summary_fg_p95": 2806.252758789062,
  "summary_fg_stdv": 490.2882080078125,
  "tsnr": 61.92198139615357
}