{
  "aor": 0.00278121568627451,
  "aqi": 0.002048336839215686,
  "bids_meta": {
    "AcquisitionDateTime": "2017-08-31T19:09:29.000000",
    "ConversionSoftware": "dcm2niix",
    "ConversionSoftwareVersion": "v1.0.20170411 GCC4.8.4",
    "EchoTime": 0.04,
    "FlipAngle": 90,
    "ImageType": [
      "ORIGINAL",
      "PRIMARY",
      "EPI",
      "NONE"
    ],
    "MagneticFieldStrength": 3,
    "Manufacturer": "GE",
    "ManufacturersModelName": "DISCOVERY_MR750",
    "ProcedureStepDescription": "ActosHabla",
    "ProtocolName": "fMRI_ActosHabla_3",
    "RepetitionTime": 2,
    "ScanningSequence": "EP_GR",
    "SequenceVariant": "SS",
    "SeriesDescription": "fMRI_ActosHabla_3",
    "SliceTiming": [
      0,
      1.0285,
      0.0571001,
      1.0857,
      0.1142,
      1.1428,
      0.1714,
      1.2,
      0.2285,
      1.2571,
      0.2857,
      1.3143,
      0.3428,
      1.3714,
      0.4,
      1.4286,
      0.4571,
      1.4857,
      0.5142,
      1.5428,
      0.5714,
      1.6,
      0.6285,
      1.6571,
      0.6857,
      1.7143,
      0.7428,
      1.7714,
      0.8,
      1.8285,
      0.8571,
      1.8857,
      0.9143,
      1.9428,
      0.9714
    ],
    "TaskName": "sar",
    "dataset": "ds003481",
    "modality": "bold",
    "run_id": 3,
    "subject_id": "024",
    "task_id": "sar"
  },
  "dummy_trs": 0,
  "dvars_nstd": 14.808444657952755,
  "dvars_std": 1.1142901020472447,
  "dvars_vstd": 1.0121639379133853,
  "efc": 0.3201425334785944,
  "fber": 61807.375,
  "fd_mean": 0.13197833446660912,
  "fd_num": 39,
  "fd_perc": 15.294117647058824,
  "fwhm_avg": 2.7554916666666665,
  "fwhm_x": 2.808275,
  "fwhm_y": 2.733525,
  "fwhm_z": 2.724675,
  "gcor": 0.0905907,
  "gsr_x": -0.009966139681637287,
  "gsr_y": -0.003919366281479597,
  "provenance": {
    "md5sum": "b806f4c77f646d4c60400e1392a503e7",
    "settings": {
      "fd_thres": 0.2,
      "testing": false
    },
    "software": "mriqc",
    "version": "23.0.1",
    "webapi_port": null,
    "webapi_url": "https://mriqc.nimh.nih.gov/api/v1"
  },
  "size_t": 255,
  "size_x": 64,
  "size_y": 64,
  "size_z": 35,
  "snr": 3.313880305735014,
  "spacing_tr": 2.0,
  "spacing_x": 4.0,
  "spacing_y": 4.0,
  "spacing_z": 4.0,
  "summary_bg_k": 58.84936352167778,
  "summary_bg_mad": 10.151464968998386,
  "summary_bg_mean": 31.418577194213867,
  "summary_bg_median": 7.8235297203063965,
  "summary_bg_n": 106218.0,
  "summary_bg_p05": 0.37254902720451355,
  "summary_bg_p95": 143.0947196960449,
  "summary_bg_stdv": 78.23776245117188,
  "summary_fg_k": 1.6944140782951544,
  "summary_fg_mad": 444.6615795824696,
  "summary_fg_mean": 1990.4736328125,
  "summary_fg_median": 1861.4432373046875,
  "summary_fg_n": 10456.0,
  "summary_fg_p05": 1303.4942016601562,
  "summary_fg_p95": 3106.33740234375,
  "summary_fg_stdv": 561.6842041015625,
  "tsnr": 77.84423344954848
}