{
  "aor": 0.003193858267716535,
  "aqi": 0.002431585090551181,
  "bids_meta": {
    "AcquisitionDateTime": "2017-08-31T18:59:29.000000",
    "ConversionSoftware": "dcm2niix",
    "ConversionSoftwareVersion": "v1.0.20170411 GCC4.8.4",
    "EchoTime": 0.04,
    "FlipAngle": 90,
    "ImageType": [
      "ORIGINAL",
      "PRIMARY",
      "EPI",
      "NONE"
    ],
    "MagneticFieldStrength": 3,
    "Manufacturer": "GE",
    "ManufacturersModelName": "DISCOVERY_MR750",
    "ProcedureStepDescription": "ActosHabla",
    "ProtocolName": "fMRI_ActosHabla_2",
    "RepetitionTime": 2,
    "ScanningSequence": "EP_GR",
    "SequenceVariant": "SS",
    "SeriesDescription": "fMRI_ActosHabla_2",
    "SliceTiming": [
      0,
      1.0285,
      0.0571001,
      1.0857,
      0.1142,
      1.1428,
      0.1714,
      1.2,
      0.2285,
      1.2571,
      0.2857,
      1.3143,
      0.3428,
      1.3714,
      0.4,
      1.4286,
      0.4571,
      1.4857,
      0.5142,
      1.5428,
      0.5714,
      1.6,
      0.6285,
      1.6571,
      0.6857,
      1.7143,
      0.7428,
      1.7714,
      0.8,
      1.8285,
      0.8571,
      1.8857,
      0.9143,
      1.9428,
      0.9714
    ],
    "TaskName": "sar",
    "dataset": "ds003481",
    "modality": "bold",
    "run_id": 2,
    "subject_id": "024",
    "task_id": "sar"
  },
  "dummy_trs": 0,
  "dvars_nstd": 13.709643484664024,
  "dvars_std": 1.0521341223320153,
  "dvars_vstd": 0.9945864058498023,
  "efc": 0.31866612434791125,
  "fber": 66732.5234375,
  "fd_mean": 0.12146886093340953,
  "fd_num": 32,
  "fd_perc": 12.598425196850394,
  "fwhm_avg": 2.785558333333333,
  "fwhm_x": 2.838875,
  "fwhm_y": 2.7658,
  "fwhm_z": 2.752,
  "gcor": 0.0706632,
  "gsr_x": -0.00981338694691658,
  "gsr_y": -0.0026605778839439154,
  "provenance": {
    "md5sum": "92b00e676c34cb4770679b7956b71d43",
    "settings": {
      "fd_thres": 0.2,
      "testing": false
    },
    "software": "mriqc",
    "version": "23.0.1",
    "webapi_port": null,
    "webapi_url": "https://mriqc.nimh.nih.gov/api/v1"
  },
  "size_t": 254,
  "size_x": 64,
  "size_y": 64,
  "size_z": 35,
  "snr": 3.2344988507148313,
  "spacing_tr": 2.0,
  "spacing_x": 4.0,
  "spacing_y": 4.0,
  "spacing_z": 4.0,
  "summary_bg_k": 54.20399684948081,
  "summary_bg_mad": 10.010483305085348,
  "summary_bg_mean": 30.24199676513672,
  "summary_bg_median": 7.72047233581543,
  "summary_bg_n": 106046.0,
  "summary_bg_p05": 0.4055117964744568,
  "summary_bg_p95": 135.2598419189453,
  "summary_bg_stdv": 75.19251251220703,
  "summary_fg_k": 1.552150587797307,
  "summary_fg_mad": 455.13553443983955,
  "summary_fg_mean": 2023.85791015625,
  "summary_fg_median": 1886.0826416015625,
  "summary_fg_n": 10729.0,
  "summary_fg_p05": 1300.1558837890625,
  "summary_fg_p95": 3167.975537109375,
  "summary_fg_stdv": 583.087158203125,
  "tsnr": 72.73247569450177
}