{
  "aor": 0.00355272030651341,
  "aqi": 0.002313719681992337,
  "bids_meta": {
    "AcquisitionDateTime": "2017-08-31T18:48:53.000000",
    "ConversionSoftware": "dcm2niix",
    "ConversionSoftwareVersion": "v1.0.20170411 GCC4.8.4",
    "EchoTime": 0.04,
    "FlipAngle": 90,
    "ImageType": [
      "ORIGINAL",
      "PRIMARY",
      "EPI",
      "NONE"
    ],
    "MagneticFieldStrength": 3,
    "Manufacturer": "GE",
    "ManufacturersModelName": "DISCOVERY_MR750",
    "ProcedureStepDescription": "ActosHabla",
    "ProtocolName": "fMRI_ActosHabla_1",
    "RepetitionTime": 2,
    "ScanningSequence": "EP_GR",
    "SequenceVariant": "SS",
    "SeriesDescription": "fMRI_ActosHabla_1",
    "SliceTiming": [
      0,
      1.0285,
      0.0571001,
      1.0857,
      0.1142,
      1.1428,
      0.1714,
      1.2,
      0.2285,
      1.2571,
      0.2857,
      1.3143,
      0.3428,
      1.3714,
      0.4,
      1.4286,
      0.4571,
      1.4857,
      0.5142,
      1.5428,
      0.5714,
      1.6,
      0.6285,
      1.6571,
      0.6857,
      1.7143,
      0.7428,
      1.7714,
      0.8,
      1.8285,
      0.8571,
      1.8857,
      0.9143,
      1.9428,
      0.9714
    ],
    "TaskName": "sar",
    "dataset": "ds003481",
    "modality": "bold",
    "run_id": 1,
    "subject_id": "024",
    "task_id": "sar"
  },
  "dummy_trs": 0,
  "dvars_nstd": 13.417286469538462,
  "dvars_std": 1.051870422346154,
  "dvars_vstd": 0.9921784299230768,
  "efc": 0.3178757843906232,
  "fber": 68792.7734375,
  "fd_mean": 0.11035158478797756,
  "fd_num": 20,
  "fd_perc": 7.662835249042145,
  "fwhm_avg": 2.8080083333333334,
  "fwhm_x": 2.8484,
  "fwhm_y": 2.786125,
  "fwhm_z": 2.7895,
  "gcor": 0.0570198,
  "gsr_x": -0.0101091917604208,
  "gsr_y": -0.0029671937227249146,
  "provenance": {
    "md5sum": "48a654a26772884ba32b47710dad73d0",
    "settings": {
      "fd_thres": 0.2,
      "testing": false
    },
    "software": "mriqc",
    "version": "23.0.1",
    "webapi_port": null,
    "webapi_url": "https://mriqc.nimh.nih.gov/api/v1"
  },
  "size_t": 261,
  "size_x": 64,
  "size_y": 64,
  "size_z": 35,
  "snr": 3.248834340498053,
  "spacing_tr": 2.0,
  "spacing_x": 4.0,
  "spacing_y": 4.0,
  "spacing_z": 4.0,
  "summary_bg_k": 58.57658595054456,
  "summary_bg_mad": 9.895375840679852,
  "summary_bg_mean": 30.07935333251953,
  "summary_bg_median": 7.643678188323975,
  "summary_bg_n": 106101.0,
  "summary_bg_p05": 0.39846742153167725,
  "summary_bg_p95": 133.15708923339844,
  "summary_bg_stdv": 75.6090087890625,
  "summary_fg_k": 1.795479874999815,
  "summary_fg_mad": 449.53532670688935,
  "summary_fg_mean": 2028.2740478515625,
  "summary_fg_median": 1888.5458984375,
  "summary_fg_n": 10568.0,
  "summary_fg_p05": 1319.4601318359375,
  "summary_fg_p95": 3176.5460693359373,
  "summary_fg_stdv": 581.2720336914062,
  "tsnr": 75.74733689567074
}