{
  "aor": 0.005556811023622047,
  "aqi": 0.003831163791338583,
  "bids_meta": {
    "AcquisitionMatrixPE": 64,
    "AcquisitionNumber": 1,
    "AcquisitionTime": "18:26:47.000000",
    "BodyPartExamined": "HEAD",
    "CoilString": "32Ch_Head",
    "ConversionSoftware": "dcm2niix",
    "ConversionSoftwareVersion": "v1.0.20181125  (JP2:OpenJPEG) GCC7.3.0",
    "DeviceSerialNumber": "0002806034DVR750",
    "EchoTime": 0.04,
    "EffectiveEchoSpacing": 0.000372,
    "FlipAngle": 90,
    "ImageOrientationPatientDICOM": [
      1,
      0,
      0,
      0,
      1,
      0
    ],
    "ImageType": [
      "ORIGINAL",
      "PRIMARY",
      "EPI",
      "NONE"
    ],
    "ImagingFrequency": 127.772,
    "InPlanePhaseEncodingDirectionDICOM": "COL",
    "InstitutionName": "INSTITUTO_DE_NEUROBIOLOGIA",
    "MRAcquisitionType": "2D",
    "MagneticFieldStrength": 3,
    "Manufacturer": "GE",
    "ManufacturersModelName": "DISCOVERY_MR750",
    "Modality": "MR",
    "PatientPosition": "HFS",
    "PercentPhaseFOV": 100,
    "PhaseEncodingDirection": "j",
    "PhaseEncodingPolarityGE": "Flipped",
    "PixelBandwidth": 7812.5,
    "ProcedureStepDescription": "Emociones_AH",
    "ProtocolName": "fMRI_Jalil_3",
    "ReconMatrixPE": 64,
    "RepetitionTime": 2,
    "SAR": 0.179839,
    "ScanOptions": "EPI_GEMS_ACC_GEMS",
    "ScanningSequence": "EP_GR",
    "SequenceVariant": "SS",
    "SeriesDescription": "fMRI_Jalil_3",
    "SeriesNumber": 7,
    "SliceThickness": 4,
    "SliceTiming": [
      0,
      1.0285,
      0.0571001,
      1.0857,
      0.1142,
      1.1428,
      0.1714,
      1.2,
      0.2285,
      1.2571,
      0.2857,
      1.3143,
      0.3428,
      1.3714,
      0.4,
      1.4286,
      0.4571,
      1.4857,
      0.5142,
      1.5428,
      0.5714,
      1.6,
      0.6285,
      1.6571,
      0.6857,
      1.7143,
      0.7428,
      1.7714,
      0.8,
      1.8285,
      0.8571,
      1.8857,
      0.9143,
      1.9428,
      0.9714
    ],
    "SoftwareVersions": "27_LX_MR_Software_release:DV26.0_R03_1831.b",
    "SpacingBetweenSlices": 4,
    "StationName": "GEHCGEHC",
    "TaskName": "sae",
    "TotalReadoutTime": 0.023436,
    "dataset": "ds003481",
    "modality": "bold",
    "run_id": 3,
    "subject_id": "043",
    "task_id": "sae"
  },
  "dummy_trs": 0,
  "dvars_nstd": 15.17560433415019,
  "dvars_std": 1.0535036550592893,
  "dvars_vstd": 1.002659058853754,
  "efc": 0.32085380142476366,
  "fber": 98646.125,
  "fd_mean": 0.11588234010813375,
  "fd_num": 25,
  "fd_perc": 9.84251968503937,
  "fwhm_avg": 2.5441191666666665,
  "fwhm_x": 2.551275,
  "fwhm_y": 2.6488,
  "fwhm_z": 2.4322825,
  "gcor": 0.0751965,
  "gsr_x": -0.01508395466953516,
  "gsr_y": -0.0007919002091512084,
  "provenance": {
    "md5sum": "c23934b8de7c174754193236f79c78a9",
    "settings": {
      "fd_thres": 0.2,
      "testing": false
    },
    "software": "mriqc",
    "version": "23.0.1",
    "webapi_port": null,
    "webapi_url": "https://mriqc.nimh.nih.gov/api/v1"
  },
  "size_t": 254,
  "size_x": 64,
  "size_y": 64,
  "size_z": 35,
  "snr": 3.954351608799053,
  "spacing_tr": 2.0,
  "spacing_x": 4.0,
  "spacing_y": 4.0,
  "spacing_z": 4.0,
  "summary_bg_k": 103.31383865491613,
  "summary_bg_mad": 8.883939283383645,
  "summary_bg_mean": 25.19118309020996,
  "summary_bg_median": 7.102362155914307,
  "summary_bg_n": 104875.0,
  "summary_bg_p05": 0.33070865273475647,
  "summary_bg_p95": 108.2149627685546,
  "summary_bg_stdv": 68.76476287841797,
  "summary_fg_k": 0.44091161993461103,
  "summary_fg_mad": 505.54419085074613,
  "summary_fg_mean": 2176.892333984375,
  "summary_fg_median": 2133.850341796875,
  "summary_fg_n": 11979.0,
  "summary_fg_p05": 1360.988232421875,
  "summary_fg_p95": 3128.1378173828125,
  "summary_fg_stdv": 539.5982666015625,
  "tsnr": 63.36589977785479
}