{
  "aor": 0.011673169642857143,
  "aqi": 0.0026621349017857147,
  "bids_meta": {
    "AcquisitionMatrixPE": 64,
    "AcquisitionNumber": 1,
    "AcquisitionTime": "18:18:0.000000",
    "BodyPartExamined": "HEAD",
    "CoilString": "32Ch_Head",
    "ConversionSoftware": "dcm2niix",
    "ConversionSoftwareVersion": "v1.0.20181125  (JP2:OpenJPEG) GCC7.3.0",
    "DeviceSerialNumber": "0002806034DVR750",
    "EchoTime": 0.04,
    "EffectiveEchoSpacing": 0.000372,
    "FlipAngle": 90,
    "ImageOrientationPatientDICOM": [
      1,
      0,
      0,
      0,
      1,
      0
    ],
    "ImageType": [
      "ORIGINAL",
      "PRIMARY",
      "EPI",
      "NONE"
    ],
    "ImagingFrequency": 127.772,
    "InPlanePhaseEncodingDirectionDICOM": "COL",
    "InstitutionName": "INSTITUTO_DE_NEUROBIOLOGIA",
    "MRAcquisitionType": "2D",
    "MagneticFieldStrength": 3,
    "Manufacturer": "GE",
    "ManufacturersModelName": "DISCOVERY_MR750",
    "Modality": "MR",
    "PatientPosition": "HFS",
    "PercentPhaseFOV": 100,
    "PhaseEncodingDirection": "j",
    "PhaseEncodingPolarityGE": "Flipped",
    "PixelBandwidth": 7812.5,
    "ProcedureStepDescription": "Emociones_AH",
    "ProtocolName": "fMRI_Jalil_2",
    "ReconMatrixPE": 64,
    "RepetitionTime": 2,
    "SAR": 0.179839,
    "ScanOptions": "EPI_GEMS_ACC_GEMS",
    "ScanningSequence": "EP_GR",
    "SequenceVariant": "SS",
    "SeriesDescription": "fMRI_Jalil_2",
    "SeriesNumber": 6,
    "SliceThickness": 4,
    "SliceTiming": [
      0,
      1.0285,
      0.0571001,
      1.0857,
      0.1142,
      1.1428,
      0.1714,
      1.2,
      0.2285,
      1.2571,
      0.2857,
      1.3143,
      0.3428,
      1.3714,
      0.4,
      1.4286,
      0.4571,
      1.4857,
      0.5142,
      1.5428,
      0.5714,
      1.6,
      0.6285,
      1.6571,
      0.6857,
      1.7143,
      0.7428,
      1.7714,
      0.8,
      1.8285,
      0.8571,
      1.8857,
      0.9143,
      1.9428,
      0.9714
    ],
    "SoftwareVersions": "27_LX_MR_Software_release:DV26.0_R03_1831.b",
    "SpacingBetweenSlices": 4,
    "StationName": "GEHCGEHC",
    "TaskName": "sae",
    "TotalReadoutTime": 0.023436,
    "dataset": "ds003481",
    "modality": "bold",
    "run_id": 2,
    "subject_id": "043",
    "task_id": "sae"
  },
  "dummy_trs": 0,
  "dvars_nstd": 15.438632729865471,
  "dvars_std": 1.1406330750672646,
  "dvars_vstd": 1.0623215325560544,
  "efc": 0.3203316871975001,
  "fber": 101382.15625,
  "fd_mean": 0.13493928176836945,
  "fd_num": 26,
  "fd_perc": 11.607142857142858,
  "fwhm_avg": 2.5589625000000003,
  "fwhm_x": 2.553025,
  "fwhm_y": 2.669375,
  "fwhm_z": 2.4544875,
  "gcor": 0.0843742,
  "gsr_x": -0.015078166499733925,
  "gsr_y": -0.0009755867649801075,
  "provenance": {
    "md5sum": "f8d84dc03f415cc4ba0a2bdbfe7a942c",
    "settings": {
      "fd_thres": 0.2,
      "testing": false
    },
    "software": "mriqc",
    "version": "23.0.1",
    "webapi_port": null,
    "webapi_url": "https://mriqc.nimh.nih.gov/api/v1"
  },
  "size_t": 224,
  "size_x": 64,
  "size_y": 64,
  "size_z": 35,
  "snr": 3.9464726610813456,
  "spacing_tr": 2.0,
  "spacing_x": 4.0,
  "spacing_y": 4.0,
  "spacing_z": 4.0,
  "summary_bg_k": 120.53522955891566,
  "summary_bg_mad": 8.849282168445269,
  "summary_bg_mean": 25.219253540039062,
  "summary_bg_median": 7.0714287757873535,
  "summary_bg_n": 104922.0,
  "summary_bg_p05": 0.3392857313156128,
  "summary_bg_p95": 107.5171909332275,
  "summary_bg_stdv": 70.22193145751953,
  "summary_fg_k": 0.42361065272254583,
  "summary_fg_mad": 505.0841353283534,
  "summary_fg_mean": 2208.724609375,
  "summary_fg_median": 2150.821533203125,
  "summary_fg_n": 12008.0,
  "summary_fg_p05": 1406.0637268066407,
  "summary_fg_p95": 3185.868139648437,
  "summary_fg_stdv": 544.9757690429688,
  "tsnr": 68.70437394676264
}