{
  "bids_meta": {
    "AcquisitionMatrixPE": 256,
    "AcquisitionNumber": 1,
    "AcquisitionTime": "19:00:58.000000",
    "BodyPartExamined": "HEAD",
    "CoilString": "32Ch_Head",
    "ConversionSoftware": "dcm2niix",
    "ConversionSoftwareVersion": "v1.0.20181125  (JP2:OpenJPEG) GCC7.3.0",
    "DeviceSerialNumber": "0002806034DVR750",
    "EchoTime": 0.003192,
    "FlipAngle": 12,
    "ImageOrientationPatientDICOM": [
      0,
      1,
      0,
      0,
      0,
      -1
    ],
    "ImageType": [
      "ORIGINAL",
      "PRIMARY",
      "OTHER"
    ],
    "ImagingFrequency": 127.772,
    "InPlanePhaseEncodingDirectionDICOM": "ROW",
    "InstitutionName": "INSTITUTO_DE_NEUROBIOLOGIA",
    "InversionTime": 0.45,
    "MRAcquisitionType": "3D",
    "MagneticFieldStrength": 3,
    "Manufacturer": "GE",
    "ManufacturersModelName": "DISCOVERY_MR750",
    "Modality": "MR",
    "PatientPosition": "HFS",
    "PercentPhaseFOV": 100,
    "PixelBandwidth": 244.141,
    "ProcedureStepDescription": "Emociones_AH",
    "ProtocolName": "Sag_T1_FSPGR_BRAVO",
    "ReconMatrixPE": 256,
    "RepetitionTime": 0.008184,
    "SAR": 0.110835,
    "ScanOptions": "FAST_GEMS_EDR_GEMS_FILTERED_GEMS_ACC_GEMS_IR_GEMS",
    "ScanningSequence": "GR",
    "SequenceVariant": "SS_SP_SK",
    "SeriesDescription": "Sag_T1_FSPGR_BRAVO",
    "SeriesNumber": 9,
    "SliceThickness": 1,
    "SoftwareVersions": "27_LX_MR_Software_release:DV26.0_R02_1810.b",
    "SpacingBetweenSlices": 1,
    "StationName": "GEHCGEHC",
    "dataset": "ds003481",
    "modality": "T1w",
    "subject_id": "035"
  },
  "cjv": 0.331892735213258,
  "cnr": 4.0252100925447145,
  "efc": 0.587717063408844,
  "fber": -1.0,
  "fwhm_avg": 3.8544366666666665,
  "fwhm_x": 3.86964,
  "fwhm_y": 3.92749,
  "fwhm_z": 3.76618,
  "icvs_csf": 0.22577132051072815,
  "icvs_gm": 0.44578768814859243,
  "icvs_wm": 0.3284409913406794,
  "inu_med": 0.4569099247455597,
  "inu_range": 0.1315270006656647,
  "provenance": {
    "md5sum": "b2ea54ca20afff9835a86083116e1de2",
    "settings": {
      "testing": false
    },
    "software": "mriqc",
    "version": "23.0.1",
    "warnings": {
      "large_rot_frame": true,
      "small_air_mask": false
    },
    "webapi_port": null,
    "webapi_url": "https://mriqc.nimh.nih.gov/api/v1"
  },
  "qi_1": 1.9564521696355828e-05,
  "qi_2": 0.004973934008110646,
  "rpve_csf": 24.752098680089002,
  "rpve_gm": 13.177152739218952,
  "rpve_wm": 20.383951251508726,
  "size_x": 176,
  "size_y": 256,
  "size_z": 256,
  "snr_csf": 2.7407542136373793,
  "snr_gm": 11.593969881400719,
  "snr_total": 12.737226075914839,
  "snr_wm": 23.876954132706416,
  "snrd_csf": 22.678780906420435,
  "snrd_gm": 55.54564048542134,
  "snrd_total": 52.45584552768691,
  "snrd_wm": 79.14311519121897,
  "spacing_x": 1.0,
  "spacing_y": 1.0,
  "spacing_z": 1.0,
  "summary_bg_k": 15.721966984243316,
  "summary_bg_mad": 0.0,
  "summary_bg_mean": 4.566860360117307,
  "summary_bg_median": 0.0,
  "summary_bg_n": 1872296.0,
  "summary_bg_p05": 0.0,
  "summary_bg_p95": 21.43096375465393,
  "summary_bg_stdv": 8.278177935870472,
  "summary_csf_k": 1.0848372049920822,
  "summary_csf_mad": 87.98417201344459,
  "summary_csf_mean": 293.7869740839512,
  "summary_csf_median": 286.5647271499038,
  "summary_csf_n": 35379.0,
  "summary_csf_p05": 131.71113140881062,
  "summary_csf_p95": 484.5406961403787,
  "summary_csf_stdv": 104.55540878803713,
  "summary_gm_k": 0.15368686609114457,
  "summary_gm_mad": 58.913539630319015,
  "summary_gm_mean": 701.718844059628,
  "summary_gm_median": 701.8640629649162,
  "summary_gm_n": 33099.0,
  "summary_gm_p05": 601.0306343685836,
  "summary_gm_p95": 800.4650995034724,
  "summary_gm_stdv": 60.536077596187816,
  "summary_wm_k": 0.6007982907627127,
  "summary_wm_mad": 40.047967950947196,
  "summary_wm_mean": 1000.9650539583289,
  "summary_wm_median": 1000.0372288152575,
  "summary_wm_n": 179046.0,
  "summary_wm_p05": 934.144456576556,
  "summary_wm_p95": 1070.4691982381046,
  "summary_wm_stdv": 41.882831058384994,
  "tpm_overlap_csf": 0.15268051916127082,
  "tpm_overlap_gm": 0.47150871519631266,
  "tpm_overlap_wm": 0.5092870088028516,
  "wm2max": 0.49124538509339477
}