{
  "aor": 0.031703236994219654,
  "aqi": 0.004576898826589595,
  "bids_meta": {
    "AcquisitionMatrixPE": 64,
    "AcquisitionNumber": 1,
    "AcquisitionTime": "20:13:33.000000",
    "CoilString": "32Ch_Head",
    "ConversionSoftware": "dcm2niix",
    "ConversionSoftwareVersion": "v1.0.20190902",
    "Dcm2bidsVersion": "2.1.4",
    "DeviceSerialNumber": "000000000000GEHC",
    "EchoTime": 0.04,
    "EffectiveEchoSpacing": 0.000372,
    "FlipAngle": 90,
    "ImageOrientationPatientDICOM": [
      1,
      0,
      0,
      0,
      1,
      0
    ],
    "ImageType": [
      "ORIGINAL",
      "PRIMARY",
      "EPI",
      "NONE"
    ],
    "ImagingFrequency": 127.772,
    "InPlanePhaseEncodingDirectionDICOM": "COL",
    "InstitutionName": "INSTITUTO_DE_NEUROBIOLOGIA",
    "MRAcquisitionType": "2D",
    "MagneticFieldStrength": 3,
    "Manufacturer": "GE",
    "ManufacturersModelName": "DISCOVERY_MR750",
    "Modality": "MR",
    "PatientPosition": "HFS",
    "PercentPhaseFOV": 100,
    "PhaseEncodingDirection": "j",
    "PhaseEncodingPolarityGE": "Flipped",
    "PixelBandwidth": 7812.5,
    "ProcedureStepDescription": "verbos",
    "ProtocolName": "fMRI_6",
    "ReconMatrixPE": 64,
    "RepetitionTime": 2,
    "SAR": 0.354868,
    "ScanOptions": "EPI_GEMS_ACC_GEMS",
    "ScanningSequence": "EP_GR",
    "SequenceVariant": "SS",
    "SeriesDescription": "fMRI_6",
    "SeriesNumber": 9,
    "SliceThickness": 4,
    "SliceTiming": [
      0,
      1.0285,
      0.0571001,
      1.0857,
      0.1142,
      1.1428,
      0.1714,
      1.2,
      0.2285,
      1.2571,
      0.2857,
      1.3143,
      0.3428,
      1.3714,
      0.4,
      1.4286,
      0.4571,
      1.4857,
      0.5142,
      1.5428,
      0.5714,
      1.6,
      0.6285,
      1.6571,
      0.6857,
      1.7143,
      0.7428,
      1.7714,
      0.8,
      1.8285,
      0.8571,
      1.8857,
      0.9143,
      1.9428,
      0.9714
    ],
    "SoftwareVersions": "24_LX_MR_Software_release:DV24.0_R02_1607.b",
    "SpacingBetweenSlices": 4,
    "StationName": "GEHCGEHC",
    "TaskName": "verbs",
    "TotalReadoutTime": 0.023436,
    "dataset": "ds003481",
    "modality": "bold",
    "run_id": 6,
    "subject_id": "130",
    "task_id": "verbs"
  },
  "dummy_trs": 1,
  "dvars_nstd": 14.284335335872091,
  "dvars_std": 0.9597044604651167,
  "dvars_vstd": 0.9520081348837219,
  "efc": 0.3388033651795228,
  "fber": 86517.5546875,
  "fd_mean": 0.10094069725112187,
  "fd_num": 17,
  "fd_perc": 9.826589595375722,
  "fwhm_avg": 2.6764916666666667,
  "fwhm_x": 2.689725,
  "fwhm_y": 2.831225,
  "fwhm_z": 2.508525,
  "gcor": 0.0376468,
  "gsr_x": -0.014610509388148785,
  "gsr_y": 0.009901723824441433,
  "provenance": {
    "md5sum": "efcf794fb24c3d4b9dd766a5da0fa18b",
    "settings": {
      "fd_thres": 0.2,
      "testing": false
    },
    "software": "mriqc",
    "version": "23.0.1",
    "webapi_port": null,
    "webapi_url": "https://mriqc.nimh.nih.gov/api/v1"
  },
  "size_t": 173,
  "size_x": 64,
  "size_y": 64,
  "size_z": 35,
  "snr": 3.6707467248144177,
  "spacing_tr": 2.0,
  "spacing_x": 4.0,
  "spacing_y": 4.0,
  "spacing_z": 4.0,
  "summary_bg_k": 85.40868438829571,
  "summary_bg_mad": 9.186991399637348,
  "summary_bg_mean": 28.978483200073242,
  "summary_bg_median": 6.728323459625244,
  "summary_bg_n": 103283.0,
  "summary_bg_p05": 0.12138728052377701,
  "summary_bg_p95": 116.4566421508789,
  "summary_bg_stdv": 85.36308288574219,
  "summary_fg_k": 0.6777005999105619,
  "summary_fg_mad": 477.43211990315166,
  "summary_fg_mean": 1882.00048828125,
  "summary_fg_median": 1854.6300048828125,
  "summary_fg_n": 12793.0,
  "summary_fg_p05": 1100.40576171875,
  "summary_fg_p95": 2735.556005859375,
  "summary_fg_stdv": 505.2262268066406,
  "tsnr": 60.229857347672805
}