{
  "aor": 0.00594344827586207,
  "aqi": 0.0015743776091954027,
  "bids_meta": {
    "AcquisitionMatrixPE": 64,
    "AcquisitionNumber": 1,
    "AcquisitionTime": "19:45:4.000000",
    "CoilString": "32Ch_Head",
    "ConversionSoftware": "dcm2niix",
    "ConversionSoftwareVersion": "v1.0.20190902",
    "Dcm2bidsVersion": "2.1.4",
    "DeviceSerialNumber": "000000000000GEHC",
    "EchoTime": 0.04,
    "EffectiveEchoSpacing": 0.000372,
    "FlipAngle": 90,
    "ImageOrientationPatientDICOM": [
      1,
      0,
      0,
      0,
      1,
      0
    ],
    "ImageType": [
      "ORIGINAL",
      "PRIMARY",
      "EPI",
      "NONE"
    ],
    "ImagingFrequency": 127.772,
    "InPlanePhaseEncodingDirectionDICOM": "COL",
    "InstitutionName": "INSTITUTO_DE_NEUROBIOLOGIA",
    "MRAcquisitionType": "2D",
    "MagneticFieldStrength": 3,
    "Manufacturer": "GE",
    "ManufacturersModelName": "DISCOVERY_MR750",
    "Modality": "MR",
    "PatientPosition": "HFS",
    "PercentPhaseFOV": 100,
    "PhaseEncodingDirection": "j",
    "PhaseEncodingPolarityGE": "Flipped",
    "PixelBandwidth": 7812.5,
    "ProcedureStepDescription": "verbos",
    "ProtocolName": "fMRI_2",
    "ReconMatrixPE": 64,
    "RepetitionTime": 2,
    "SAR": 0.354868,
    "ScanOptions": "EPI_GEMS_ACC_GEMS",
    "ScanningSequence": "EP_GR",
    "SequenceVariant": "SS",
    "SeriesDescription": "fMRI_2",
    "SeriesNumber": 5,
    "SliceThickness": 4,
    "SliceTiming": [
      0,
      1.0285,
      0.0571001,
      1.0857,
      0.1142,
      1.1428,
      0.1714,
      1.2,
      0.2285,
      1.2571,
      0.2857,
      1.3143,
      0.3428,
      1.3714,
      0.4,
      1.4286,
      0.4571,
      1.4857,
      0.5142,
      1.5428,
      0.5714,
      1.6,
      0.6285,
      1.6571,
      0.6857,
      1.7143,
      0.7428,
      1.7714,
      0.8,
      1.8285,
      0.8571,
      1.8857,
      0.9143,
      1.9428,
      0.9714
    ],
    "SoftwareVersions": "24_LX_MR_Software_release:DV24.0_R02_1607.b",
    "SpacingBetweenSlices": 4,
    "StationName": "GEHCGEHC",
    "TaskName": "verbs",
    "TotalReadoutTime": 0.023436,
    "dataset": "ds003481",
    "modality": "bold",
    "run_id": 2,
    "subject_id": "130",
    "task_id": "verbs"
  },
  "dummy_trs": 0,
  "dvars_nstd": 12.80838975173411,
  "dvars_std": 1.108795656878613,
  "dvars_vstd": 1.0355031878034684,
  "efc": 0.33696051484346606,
  "fber": 82461.8125,
  "fd_mean": 0.045843936280271294,
  "fd_num": 1,
  "fd_perc": 0.5747126436781609,
  "fwhm_avg": 2.6776583333333335,
  "fwhm_x": 2.660375,
  "fwhm_y": 2.8628,
  "fwhm_z": 2.5098,
  "gcor": 0.0419172,
  "gsr_x": -0.016432614997029305,
  "gsr_y": 0.0068032159470021725,
  "provenance": {
    "md5sum": "075e0153ea668a6fdbab22cf0a9968b0",
    "settings": {
      "fd_thres": 0.2,
      "testing": false
    },
    "software": "mriqc",
    "version": "23.0.1",
    "webapi_port": null,
    "webapi_url": "https://mriqc.nimh.nih.gov/api/v1"
  },
  "size_t": 174,
  "size_x": 64,
  "size_y": 64,
  "size_z": 35,
  "snr": 3.833728048443935,
  "spacing_tr": 2.0,
  "spacing_x": 4.0,
  "spacing_y": 4.0,
  "spacing_z": 4.0,
  "summary_bg_k": 68.58989618515976,
  "summary_bg_mad": 9.398334477673279,
  "summary_bg_mean": 31.835472106933594,
  "summary_bg_median": 6.908045768737793,
  "summary_bg_n": 104028.0,
  "summary_bg_p05": 0.14942528307437897,
  "summary_bg_p95": 131.7508605957031,
  "summary_bg_stdv": 96.1023178100586,
  "summary_fg_k": 0.552105782064638,
  "summary_fg_mad": 449.39045084313034,
  "summary_fg_mean": 1903.2655029296875,
  "summary_fg_median": 1875.2701416015625,
  "summary_fg_n": 12201.0,
  "summary_fg_p05": 1121.0689697265625,
  "summary_fg_p95": 2745.103515625,
  "summary_fg_stdv": 489.1304931640625,
  "tsnr": 91.07297401409596
}