{
  "aor": 0.004471533333333334,
  "aqi": 0.0048017132,
  "bids_meta": {
    "AcquisitionDateTime": "2016-09-18T15:16:6.000000",
    "ConversionSoftware": "dcm2niix",
    "ConversionSoftwareVersion": "v1.0.20170411 GCC4.8.4",
    "EchoTime": 0.04,
    "FlipAngle": 90,
    "ImageType": [
      "ORIGINAL",
      "PRIMARY",
      "EPI",
      "NONE"
    ],
    "MagneticFieldStrength": 3,
    "Manufacturer": "GE",
    "ManufacturersModelName": "DISCOVERY_MR750",
    "ProcedureStepDescription": "MeditResp",
    "ProtocolName": "fMRI_RestSt",
    "RepetitionTime": 2,
    "ScanningSequence": "EP_GR",
    "SequenceVariant": "SS",
    "SeriesDescription": "fMRI_RestSt",
    "SliceTiming": [
      1.0285,
      0.0571001,
      1.0857,
      0.1142,
      1.1428,
      0.1714,
      1.2,
      0.2285,
      1.2571,
      0.2857,
      1.3143,
      0.3428,
      1.3714,
      0.4,
      1.4286,
      0.4571,
      1.4857,
      0.5142,
      1.5428,
      0.5714,
      1.6,
      0.6285,
      1.6571,
      0.6857,
      1.7143,
      0.7428,
      1.7714,
      0.8,
      1.8285,
      0.8571,
      1.8857,
      0.9143,
      1.9428,
      0.9714
    ],
    "TaskName": "rest",
    "dataset": "ds003481",
    "modality": "bold",
    "subject_id": "120",
    "task_id": "rest"
  },
  "dummy_trs": 0,
  "dvars_nstd": 17.53911167023412,
  "dvars_std": 0.9758487538461541,
  "dvars_vstd": 0.9140487292307697,
  "efc": 0.3700072856487536,
  "fber": 136370.859375,
  "fd_mean": 0.19534372628805005,
  "fd_num": 64,
  "fd_perc": 21.333333333333332,
  "fwhm_avg": 2.6894833333333334,
  "fwhm_x": 2.5914,
  "fwhm_y": 2.826425,
  "fwhm_z": 2.650625,
  "gcor": 0.0946696,
  "gsr_x": -0.008003965020179749,
  "gsr_y": 0.014163751155138016,
  "provenance": {
    "md5sum": "4b1a9e711babe134efab3d669cf31bae",
    "settings": {
      "fd_thres": 0.2,
      "testing": false
    },
    "software": "mriqc",
    "version": "23.0.1",
    "webapi_port": null,
    "webapi_url": "https://mriqc.nimh.nih.gov/api/v1"
  },
  "size_t": 300,
  "size_x": 64,
  "size_y": 64,
  "size_z": 34,
  "snr": 3.254918423655174,
  "spacing_tr": 2.0,
  "spacing_x": 4.0,
  "spacing_y": 4.0,
  "spacing_z": 4.0,
  "summary_bg_k": 317.3057286022272,
  "summary_bg_mad": 7.917095785844629,
  "summary_bg_mean": 33.11481857299805,
  "summary_bg_median": 5.5333333015441895,
  "summary_bg_n": 95406.0,
  "summary_bg_p05": 0.046666666865348816,
  "summary_bg_p95": 135.17250442504883,
  "summary_bg_stdv": 120.6375961303711,
  "summary_fg_k": 0.17293143510726017,
  "summary_fg_mad": 567.065667576948,
  "summary_fg_mean": 1988.4541015625,
  "summary_fg_median": 1919.5400390625,
  "summary_fg_n": 15951.0,
  "summary_fg_p05": 1143.6766967773438,
  "summary_fg_p95": 3042.830078125,
  "summary_fg_stdv": 589.7167358398438,
  "tsnr": 52.94531315844506
}