{
  "aor": 0.0018257333333333333,
  "aqi": 0.0024751432,
  "bids_meta": {
    "AcquisitionMatrixPE": 64,
    "AcquisitionNumber": 1,
    "AcquisitionTime": "18:54:59.000000",
    "BodyPartExamined": "HEAD",
    "CoilString": "32Ch_Head",
    "ConversionSoftware": "dcm2niix",
    "ConversionSoftwareVersion": "v1.0.20181125  (JP2:OpenJPEG) GCC7.3.0",
    "DeviceSerialNumber": "0002806034DVR750",
    "EchoTime": 0.04,
    "EffectiveEchoSpacing": 0.000372,
    "FlipAngle": 90,
    "ImageOrientationPatientDICOM": [
      1,
      0,
      0,
      0,
      1,
      0
    ],
    "ImageType": [
      "ORIGINAL",
      "PRIMARY",
      "EPI",
      "NONE"
    ],
    "ImagingFrequency": 127.772,
    "InPlanePhaseEncodingDirectionDICOM": "COL",
    "InstitutionName": "INSTITUTO_DE_NEUROBIOLOGIA",
    "MRAcquisitionType": "2D",
    "MagneticFieldStrength": 3,
    "Manufacturer": "GE",
    "ManufacturersModelName": "DISCOVERY_MR750",
    "Modality": "MR",
    "PatientPosition": "HFS",
    "PercentPhaseFOV": 100,
    "PhaseEncodingDirection": "j",
    "PhaseEncodingPolarityGE": "Flipped",
    "PixelBandwidth": 7812.5,
    "ProcedureStepDescription": "Emociones_AH",
    "ProtocolName": "fMRI_Jalil_4",
    "ReconMatrixPE": 64,
    "RepetitionTime": 2,
    "SAR": 0.169895,
    "ScanOptions": "EPI_GEMS_ACC_GEMS",
    "ScanningSequence": "EP_GR",
    "SequenceVariant": "SS",
    "SeriesDescription": "fMRI_Jalil_4",
    "SeriesNumber": 8,
    "SliceThickness": 4,
    "SliceTiming": [
      0,
      1.0285,
      0.0571001,
      1.0857,
      0.1142,
      1.1428,
      0.1714,
      1.2,
      0.2285,
      1.2571,
      0.2857,
      1.3143,
      0.3428,
      1.3714,
      0.4,
      1.4286,
      0.4571,
      1.4857,
      0.5142,
      1.5428,
      0.5714,
      1.6,
      0.6285,
      1.6571,
      0.6857,
      1.7143,
      0.7428,
      1.7714,
      0.8,
      1.8285,
      0.8571,
      1.8857,
      0.9143,
      1.9428,
      0.9714
    ],
    "SoftwareVersions": "27_LX_MR_Software_release:DV26.0_R02_1810.b",
    "SpacingBetweenSlices": 4,
    "StationName": "GEHCGEHC",
    "TaskName": "ec",
    "TotalReadoutTime": 0.023436,
    "dataset": "ds003481",
    "modality": "bold",
    "run_id": 4,
    "subject_id": "035",
    "task_id": "ec"
  },
  "dummy_trs": 0,
  "dvars_nstd": 16.179771391073828,
  "dvars_std": 1.132217350738255,
  "dvars_vstd": 0.9862944146979867,
  "efc": 0.3317693504211993,
  "fber": 101929.96875,
  "fd_mean": 0.12354326527559184,
  "fd_num": 17,
  "fd_perc": 11.333333333333334,
  "fwhm_avg": 2.5667825,
  "fwhm_x": 2.604725,
  "fwhm_y": 2.651675,
  "fwhm_z": 2.4439475,
  "gcor": 0.0553325,
  "gsr_x": -0.008828328922390938,
  "gsr_y": -0.0028277698438614607,
  "provenance": {
    "md5sum": "b727784f4fe98fd002e636f5d9d4c4ce",
    "settings": {
      "fd_thres": 0.2,
      "testing": false
    },
    "software": "mriqc",
    "version": "23.0.1",
    "webapi_port": null,
    "webapi_url": "https://mriqc.nimh.nih.gov/api/v1"
  },
  "size_t": 150,
  "size_x": 64,
  "size_y": 64,
  "size_z": 35,
  "snr": 3.600002508889805,
  "spacing_tr": 2.0,
  "spacing_x": 4.0,
  "spacing_y": 4.0,
  "spacing_z": 4.0,
  "summary_bg_k": 76.28388865861344,
  "summary_bg_mad": 8.371760761636642,
  "summary_bg_mean": 26.24275779724121,
  "summary_bg_median": 6.320000171661377,
  "summary_bg_n": 103622.0,
  "summary_bg_p05": 0.19333334267139435,
  "summary_bg_p95": 102.81966667175291,
  "summary_bg_stdv": 79.20499420166016,
  "summary_fg_k": 1.077234823893006,
  "summary_fg_mad": 441.7463260991092,
  "summary_fg_mean": 1987.118896484375,
  "summary_fg_median": 1898.64013671875,
  "summary_fg_n": 12700.0,
  "summary_fg_p05": 1279.191357421875,
  "summary_fg_p95": 2995.712426757811,
  "summary_fg_stdv": 527.37890625,
  "tsnr": 76.88237505708821
}