{
  "aor": 0.0006594881889763779,
  "aqi": 0.0017068898228346458,
  "bids_meta": {
    "AcquisitionMatrixPE": 64,
    "AcquisitionNumber": 1,
    "AcquisitionTime": "18:45:32.000000",
    "BodyPartExamined": "HEAD",
    "CoilString": "32Ch_Head",
    "ConversionSoftware": "dcm2niix",
    "ConversionSoftwareVersion": "v1.0.20181125  (JP2:OpenJPEG) GCC7.3.0",
    "DeviceSerialNumber": "0002806034DVR750",
    "EchoTime": 0.04,
    "EffectiveEchoSpacing": 0.000372,
    "FlipAngle": 90,
    "ImageOrientationPatientDICOM": [
      1,
      0,
      0,
      0,
      1,
      0
    ],
    "ImageType": [
      "ORIGINAL",
      "PRIMARY",
      "EPI",
      "NONE"
    ],
    "ImagingFrequency": 127.772,
    "InPlanePhaseEncodingDirectionDICOM": "COL",
    "InstitutionName": "INSTITUTO_DE_NEUROBIOLOGIA",
    "MRAcquisitionType": "2D",
    "MagneticFieldStrength": 3,
    "Manufacturer": "GE",
    "ManufacturersModelName": "DISCOVERY_MR750",
    "Modality": "MR",
    "PatientPosition": "HFS",
    "PercentPhaseFOV": 100,
    "PhaseEncodingDirection": "j",
    "PhaseEncodingPolarityGE": "Flipped",
    "PixelBandwidth": 7812.5,
    "ProcedureStepDescription": "Emociones_AH",
    "ProtocolName": "fMRI_Jalil_3",
    "ReconMatrixPE": 64,
    "RepetitionTime": 2,
    "SAR": 0.169895,
    "ScanOptions": "EPI_GEMS_ACC_GEMS",
    "ScanningSequence": "EP_GR",
    "SequenceVariant": "SS",
    "SeriesDescription": "fMRI_Jalil_3",
    "SeriesNumber": 7,
    "SliceThickness": 4,
    "SliceTiming": [
      0,
      1.0285,
      0.0571001,
      1.0857,
      0.1142,
      1.1428,
      0.1714,
      1.2,
      0.2285,
      1.2571,
      0.2857,
      1.3143,
      0.3428,
      1.3714,
      0.4,
      1.4286,
      0.4571,
      1.4857,
      0.5142,
      1.5428,
      0.5714,
      1.6,
      0.6285,
      1.6571,
      0.6857,
      1.7143,
      0.7428,
      1.7714,
      0.8,
      1.8285,
      0.8571,
      1.8857,
      0.9143,
      1.9428,
      0.9714
    ],
    "SoftwareVersions": "27_LX_MR_Software_release:DV26.0_R02_1810.b",
    "SpacingBetweenSlices": 4,
    "StationName": "GEHCGEHC",
    "TaskName": "sae",
    "TotalReadoutTime": 0.023436,
    "dataset": "ds003481",
    "modality": "bold",
    "run_id": 3,
    "subject_id": "035",
    "task_id": "sae"
  },
  "dummy_trs": 0,
  "dvars_nstd": 14.76127490288538,
  "dvars_std": 1.1126501350197626,
  "dvars_vstd": 0.9825215514229246,
  "efc": 0.33220142248195544,
  "fber": 98450.828125,
  "fd_mean": 0.07856987873842163,
  "fd_num": 10,
  "fd_perc": 3.937007874015748,
  "fwhm_avg": 2.5677991666666666,
  "fwhm_x": 2.600475,
  "fwhm_y": 2.6382,
  "fwhm_z": 2.4647225,
  "gcor": 0.0436768,
  "gsr_x": -0.009118050336837769,
  "gsr_y": -0.0030532891396433115,
  "provenance": {
    "md5sum": "9bdd063844e5cbb415fadb87db3db65c",
    "settings": {
      "fd_thres": 0.2,
      "testing": false
    },
    "software": "mriqc",
    "version": "23.0.1",
    "webapi_port": null,
    "webapi_url": "https://mriqc.nimh.nih.gov/api/v1"
  },
  "size_t": 254,
  "size_x": 64,
  "size_y": 64,
  "size_z": 35,
  "snr": 3.5860416917549753,
  "spacing_tr": 2.0,
  "spacing_x": 4.0,
  "spacing_y": 4.0,
  "spacing_z": 4.0,
  "summary_bg_k": 81.80739237821402,
  "summary_bg_mad": 8.516207324039716,
  "summary_bg_mean": 26.622867584228516,
  "summary_bg_median": 6.429133892059326,
  "summary_bg_n": 103612.0,
  "summary_bg_p05": 0.19291338324546814,
  "summary_bg_p95": 103.74507904052729,
  "summary_bg_stdv": 81.78152465820312,
  "summary_fg_k": 1.0126281083480073,
  "summary_fg_mad": 443.7474409343163,
  "summary_fg_mean": 1987.30908203125,
  "summary_fg_median": 1898.7716064453125,
  "summary_fg_n": 12765.0,
  "summary_fg_p05": 1268.4385986328125,
  "summary_fg_p95": 3011.9503417968745,
  "summary_fg_stdv": 529.4688110351562,
  "tsnr": 91.08762639574707
}