{
  "aor": 0.0011245454545454545,
  "aqi": 0.0022902677685950413,
  "bids_meta": {
    "AcquisitionMatrixPE": 64,
    "AcquisitionNumber": 1,
    "AcquisitionTime": "18:28:32.000000",
    "BodyPartExamined": "HEAD",
    "CoilString": "32Ch_Head",
    "ConversionSoftware": "dcm2niix",
    "ConversionSoftwareVersion": "v1.0.20181125  (JP2:OpenJPEG) GCC7.3.0",
    "DeviceSerialNumber": "0002806034DVR750",
    "EchoTime": 0.04,
    "EffectiveEchoSpacing": 0.000372,
    "FlipAngle": 90,
    "ImageOrientationPatientDICOM": [
      1,
      0,
      0,
      0,
      1,
      0
    ],
    "ImageType": [
      "ORIGINAL",
      "PRIMARY",
      "EPI",
      "NONE"
    ],
    "ImagingFrequency": 127.772,
    "InPlanePhaseEncodingDirectionDICOM": "COL",
    "InstitutionName": "INSTITUTO_DE_NEUROBIOLOGIA",
    "MRAcquisitionType": "2D",
    "MagneticFieldStrength": 3,
    "Manufacturer": "GE",
    "ManufacturersModelName": "DISCOVERY_MR750",
    "Modality": "MR",
    "PatientPosition": "HFS",
    "PercentPhaseFOV": 100,
    "PhaseEncodingDirection": "j",
    "PhaseEncodingPolarityGE": "Flipped",
    "PixelBandwidth": 7812.5,
    "ProcedureStepDescription": "Emociones_AH",
    "ProtocolName": "fMRI_Jalil_1",
    "ReconMatrixPE": 64,
    "RepetitionTime": 2,
    "SAR": 0.169895,
    "ScanOptions": "EPI_GEMS_ACC_GEMS",
    "ScanningSequence": "EP_GR",
    "SequenceVariant": "SS",
    "SeriesDescription": "fMRI_Jalil_1",
    "SeriesNumber": 5,
    "SliceThickness": 4,
    "SliceTiming": [
      0,
      1.0285,
      0.0571001,
      1.0857,
      0.1142,
      1.1428,
      0.1714,
      1.2,
      0.2285,
      1.2571,
      0.2857,
      1.3143,
      0.3428,
      1.3714,
      0.4,
      1.4286,
      0.4571,
      1.4857,
      0.5142,
      1.5428,
      0.5714,
      1.6,
      0.6285,
      1.6571,
      0.6857,
      1.7143,
      0.7428,
      1.7714,
      0.8,
      1.8285,
      0.8571,
      1.8857,
      0.9143,
      1.9428,
      0.9714
    ],
    "SoftwareVersions": "27_LX_MR_Software_release:DV26.0_R02_1810.b",
    "SpacingBetweenSlices": 4,
    "StationName": "GEHCGEHC",
    "TaskName": "sae",
    "TotalReadoutTime": 0.023436,
    "dataset": "ds003481",
    "modality": "bold",
    "run_id": 1,
    "subject_id": "035",
    "task_id": "sae"
  },
  "dummy_trs": 0,
  "dvars_nstd": 15.881108497842323,
  "dvars_std": 1.1460599666804971,
  "dvars_vstd": 0.9771436197095437,
  "efc": 0.33123906288509414,
  "fber": 95739.2578125,
  "fd_mean": 0.0939316772429389,
  "fd_num": 15,
  "fd_perc": 6.198347107438017,
  "fwhm_avg": 2.5683166666666666,
  "fwhm_x": 2.589925,
  "fwhm_y": 2.663775,
  "fwhm_z": 2.45125,
  "gcor": 0.037571,
  "gsr_x": -0.010249650105834007,
  "gsr_y": -0.003477594116702676,
  "provenance": {
    "md5sum": "a957694bac19444602033dd69506b180",
    "settings": {
      "fd_thres": 0.2,
      "testing": false
    },
    "software": "mriqc",
    "version": "23.0.1",
    "webapi_port": null,
    "webapi_url": "https://mriqc.nimh.nih.gov/api/v1"
  },
  "size_t": 242,
  "size_x": 64,
  "size_y": 64,
  "size_z": 35,
  "snr": 3.600465512163505,
  "spacing_tr": 2.0,
  "spacing_x": 4.0,
  "spacing_y": 4.0,
  "spacing_z": 4.0,
  "summary_bg_k": 83.12283547272428,
  "summary_bg_mad": 8.52189888087996,
  "summary_bg_mean": 26.68337059020996,
  "summary_bg_median": 6.450412750244141,
  "summary_bg_n": 103798.0,
  "summary_bg_p05": 0.21487602591514587,
  "summary_bg_p95": 103.56198120117188,
  "summary_bg_stdv": 82.00008392333984,
  "summary_fg_k": 1.0800120399374133,
  "summary_fg_mad": 440.0572237425036,
  "summary_fg_mean": 1967.50390625,
  "summary_fg_median": 1883.0784912109375,
  "summary_fg_n": 12587.0,
  "summary_fg_p05": 1254.1764282226563,
  "summary_fg_p95": 2964.063085937499,
  "summary_fg_stdv": 522.9889526367188,
  "tsnr": 81.26609747484326
}