{
  "aor": 0.003532564102564103,
  "aqi": 0.0029797065811965812,
  "bids_meta": {
    "AcquisitionDateTime": "2017-01-12T18:33:32.000000",
    "ConversionSoftware": "dcm2niix",
    "ConversionSoftwareVersion": "v1.0.20170411 GCC4.8.4",
    "EchoTime": 0.04,
    "FlipAngle": 90,
    "ImageType": [
      "ORIGINAL",
      "PRIMARY",
      "EPI",
      "NONE"
    ],
    "MagneticFieldStrength": 3,
    "Manufacturer": "GE",
    "ManufacturersModelName": "DISCOVERY_MR750",
    "ProcedureStepDescription": "CompRefranes",
    "ProtocolName": "fMRI_Comprension_3",
    "RepetitionTime": 2,
    "ScanningSequence": "EP_GR",
    "SequenceVariant": "SS",
    "SeriesDescription": "fMRI_Comprension_3",
    "SliceTiming": [
      1.0285,
      0.0571001,
      1.0857,
      0.1142,
      1.1428,
      0.1714,
      1.2,
      0.2285,
      1.2571,
      0.2857,
      1.3143,
      0.3428,
      1.3714,
      0.4,
      1.4286,
      0.4571,
      1.4857,
      0.5142,
      1.5428,
      0.5714,
      1.6,
      0.6285,
      1.6571,
      0.6857,
      1.7143,
      0.7428,
      1.7714,
      0.8,
      1.8285,
      0.8571,
      1.8857,
      0.9143,
      1.9428,
      0.9714
    ],
    "TaskName": "pc",
    "dataset": "ds003481",
    "modality": "bold",
    "run_id": 3,
    "subject_id": "049",
    "task_id": "pc"
  },
  "dummy_trs": 0,
  "dvars_nstd": 20.847843059914155,
  "dvars_std": 1.1152144721888406,
  "dvars_vstd": 1.0243061647210299,
  "efc": 0.3318747200297065,
  "fber": 64747.421875,
  "fd_mean": 0.14161905972277763,
  "fd_num": 37,
  "fd_perc": 15.811965811965813,
  "fwhm_avg": 2.370907850882777,
  "fwhm_x": 2.32756,
  "fwhm_y": 2.5776,
  "fwhm_z": 2.207563552648331,
  "gcor": 0.0628054,
  "gsr_x": -0.02078288048505783,
  "gsr_y": 0.002228309866040945,
  "provenance": {
    "md5sum": "2be8b0bcd00655685a6bf4c0e583d709",
    "settings": {
      "fd_thres": 0.2,
      "testing": false
    },
    "software": "mriqc",
    "version": "23.0.1",
    "webapi_port": null,
    "webapi_url": "https://mriqc.nimh.nih.gov/api/v1"
  },
  "size_t": 234,
  "size_x": 64,
  "size_y": 64,
  "size_z": 34,
  "snr": 4.052770785634384,
  "spacing_tr": 2.0,
  "spacing_x": 4.0,
  "spacing_y": 4.0,
  "spacing_z": 3.999998092651367,
  "summary_bg_k": 103.00000834612983,
  "summary_bg_mad": 8.344389928171916,
  "summary_bg_mean": 30.943222045898438,
  "summary_bg_median": 6.3675217628479,
  "summary_bg_n": 102539.0,
  "summary_bg_p05": 0.18803419172763824,
  "summary_bg_p95": 128.40727233886707,
  "summary_bg_stdv": 98.65310668945312,
  "summary_fg_k": 0.4607548834624451,
  "summary_fg_mad": 358.0611044892317,
  "summary_fg_mean": 1560.99609375,
  "summary_fg_median": 1537.218017578125,
  "summary_fg_n": 10979.0,
  "summary_fg_p05": 986.7688537597656,
  "summary_fg_p95": 2220.274536132813,
  "summary_fg_stdv": 379.2832336425781,
  "tsnr": 64.39347850554623
}