{
  "aor": 0.02529193693693694,
  "aqi": 0.005825949279279279,
  "bids_meta": {
    "AcquisitionDateTime": "2017-01-12T18:15:3.000000",
    "ConversionSoftware": "dcm2niix",
    "ConversionSoftwareVersion": "v1.0.20170411 GCC4.8.4",
    "EchoTime": 0.04,
    "FlipAngle": 90,
    "ImageType": [
      "ORIGINAL",
      "PRIMARY",
      "EPI",
      "NONE"
    ],
    "MagneticFieldStrength": 3,
    "Manufacturer": "GE",
    "ManufacturersModelName": "DISCOVERY_MR750",
    "ProcedureStepDescription": "CompRefranes",
    "ProtocolName": "fMRI_Comprension_1",
    "RepetitionTime": 2,
    "ScanningSequence": "EP_GR",
    "SequenceVariant": "SS",
    "SeriesDescription": "fMRI_Comprension_1",
    "SliceTiming": [
      1.0285,
      0.0571001,
      1.0857,
      0.1142,
      1.1428,
      0.1714,
      1.2,
      0.2285,
      1.2571,
      0.2857,
      1.3143,
      0.3428,
      1.3714,
      0.4,
      1.4286,
      0.4571,
      1.4857,
      0.5142,
      1.5428,
      0.5714,
      1.6,
      0.6285,
      1.6571,
      0.6857,
      1.7143,
      0.7428,
      1.7714,
      0.8,
      1.8285,
      0.8571,
      1.8857,
      0.9143,
      1.9428,
      0.9714
    ],
    "TaskName": "pc",
    "dataset": "ds003481",
    "modality": "bold",
    "run_id": 1,
    "subject_id": "049",
    "task_id": "pc"
  },
  "dummy_trs": 0,
  "dvars_nstd": 22.823158730045236,
  "dvars_std": 1.1619013327601804,
  "dvars_vstd": 1.1232392023529418,
  "efc": 0.3306345746235061,
  "fber": 68698.5546875,
  "fd_mean": 0.15175696504759764,
  "fd_num": 26,
  "fd_perc": 11.711711711711711,
  "fwhm_avg": 2.335516180583802,
  "fwhm_x": 2.2985875,
  "fwhm_y": 2.52325,
  "fwhm_z": 2.1847110417514046,
  "gcor": 0.125276,
  "gsr_x": -0.019595248624682426,
  "gsr_y": 0.0010098610073328018,
  "provenance": {
    "md5sum": "574c88243f04b0f3b6c03bca03b640c3",
    "settings": {
      "fd_thres": 0.2,
      "testing": false
    },
    "software": "mriqc",
    "version": "23.0.1",
    "webapi_port": null,
    "webapi_url": "https://mriqc.nimh.nih.gov/api/v1"
  },
  "size_t": 222,
  "size_x": 64,
  "size_y": 64,
  "size_z": 34,
  "snr": 4.177902428520895,
  "spacing_tr": 2.0,
  "spacing_x": 4.0,
  "spacing_y": 4.0,
  "spacing_z": 3.999998092651367,
  "summary_bg_k": 88.59723818826599,
  "summary_bg_mad": 8.334628757078232,
  "summary_bg_mean": 30.55455780029297,
  "summary_bg_median": 6.355855941772461,
  "summary_bg_n": 102503.0,
  "summary_bg_p05": 0.18468469381332397,
  "summary_bg_p95": 126.83153381347645,
  "summary_bg_stdv": 96.7783203125,
  "summary_fg_k": 0.46186424036894813,
  "summary_fg_mad": 358.04843576910287,
  "summary_fg_mean": 1608.1607666015625,
  "summary_fg_median": 1581.2342529296875,
  "summary_fg_n": 10909.0,
  "summary_fg_p05": 1036.0702880859376,
  "summary_fg_p95": 2265.222607421875,
  "summary_fg_stdv": 378.4582824707031,
  "tsnr": 41.86531985364854
}