{
  "aor": 0.0042262162162162165,
  "aqi": 0.0024921440540540533,
  "bids_meta": {
    "AcquisitionDateTime": "2017-01-12T18:24:41.000000",
    "ConversionSoftware": "dcm2niix",
    "ConversionSoftwareVersion": "v1.0.20170411 GCC4.8.4",
    "EchoTime": 0.04,
    "FlipAngle": 90,
    "ImageType": [
      "ORIGINAL",
      "PRIMARY",
      "EPI",
      "NONE"
    ],
    "MagneticFieldStrength": 3,
    "Manufacturer": "GE",
    "ManufacturersModelName": "DISCOVERY_MR750",
    "ProcedureStepDescription": "CompRefranes",
    "ProtocolName": "fMRI_Comprension_2",
    "RepetitionTime": 2,
    "ScanningSequence": "EP_GR",
    "SequenceVariant": "SS",
    "SeriesDescription": "fMRI_Comprension_2",
    "SliceTiming": [
      1.0285,
      0.0571001,
      1.0857,
      0.1142,
      1.1428,
      0.1714,
      1.2,
      0.2285,
      1.2571,
      0.2857,
      1.3143,
      0.3428,
      1.3714,
      0.4,
      1.4286,
      0.4571,
      1.4857,
      0.5142,
      1.5428,
      0.5714,
      1.6,
      0.6285,
      1.6571,
      0.6857,
      1.7143,
      0.7428,
      1.7714,
      0.8,
      1.8285,
      0.8571,
      1.8857,
      0.9143,
      1.9428,
      0.9714
    ],
    "TaskName": "pc",
    "dataset": "ds003481",
    "modality": "bold",
    "run_id": 2,
    "subject_id": "049",
    "task_id": "pc"
  },
  "dummy_trs": 0,
  "dvars_nstd": 19.71350726819006,
  "dvars_std": 1.1367284131674211,
  "dvars_vstd": 1.034800471945701,
  "efc": 0.3305486559445757,
  "fber": 66021.5,
  "fd_mean": 0.14020293841188275,
  "fd_num": 29,
  "fd_perc": 13.063063063063064,
  "fwhm_avg": 2.3310136754085264,
  "fwhm_x": 2.302315,
  "fwhm_y": 2.538575,
  "fwhm_z": 2.152151026225579,
  "gcor": 0.0558314,
  "gsr_x": -0.020005332306027412,
  "gsr_y": 0.0023945625871419907,
  "provenance": {
    "md5sum": "6930504d0dd2c9e11f5d91e4a7b5301d",
    "settings": {
      "fd_thres": 0.2,
      "testing": false
    },
    "software": "mriqc",
    "version": "23.0.1",
    "webapi_port": null,
    "webapi_url": "https://mriqc.nimh.nih.gov/api/v1"
  },
  "size_t": 222,
  "size_x": 64,
  "size_y": 64,
  "size_z": 34,
  "snr": 4.080413316094424,
  "spacing_tr": 2.0,
  "spacing_x": 4.0,
  "spacing_y": 4.0,
  "spacing_z": 3.999998092651367,
  "summary_bg_k": 107.82724963105284,
  "summary_bg_mad": 8.25448787927609,
  "summary_bg_mean": 30.26592254638672,
  "summary_bg_median": 6.315315246582031,
  "summary_bg_n": 102518.0,
  "summary_bg_p05": 0.19369369745254517,
  "summary_bg_p95": 124.54054260253906,
  "summary_bg_stdv": 96.90506744384766,
  "summary_fg_k": 0.5194647008611817,
  "summary_fg_mad": 355.7610983498422,
  "summary_fg_mean": 1569.0469970703125,
  "summary_fg_median": 1542.3941650390625,
  "summary_fg_n": 10858.0,
  "summary_fg_p05": 996.3667114257813,
  "summary_fg_p95": 2228.5272705078123,
  "summary_fg_stdv": 377.9820861816406,
  "tsnr": 70.20228873938322
}