{
  "bids_meta": {
    "AcquisitionDateTime": "2016-09-21T19:49:58.000000",
    "ConversionSoftware": "dcm2niix",
    "ConversionSoftwareVersion": "v1.0.20170411 GCC4.8.4",
    "EchoTime": 0.00318,
    "FlipAngle": 12,
    "ImageType": [
      "DERIVED",
      "PRIMARY",
      "OTHER"
    ],
    "InversionTime": 0.45,
    "MagneticFieldStrength": 3,
    "Manufacturer": "GE",
    "ManufacturersModelName": "DISCOVERY_MR750",
    "ProcedureStepDescription": "MeditResp",
    "ProtocolName": "PU:Sag_T1_FSPGR_BRAVO",
    "RepetitionTime": 0.008156,
    "ScanningSequence": "GR",
    "SequenceVariant": "SS_SP_SK",
    "SeriesDescription": "PU:Sag_T1_FSPGR_BRAVO",
    "dataset": "ds003481",
    "modality": "T1w",
    "subject_id": "110"
  },
  "cjv": 0.31559246395528284,
  "cnr": 4.208926365063811,
  "efc": 0.7207323324321443,
  "fber": -1.0,
  "fwhm_avg": 3.5757333333333334,
  "fwhm_x": 3.64598,
  "fwhm_y": 3.72953,
  "fwhm_z": 3.35169,
  "icvs_csf": 0.1872365537878894,
  "icvs_gm": 0.4653961007847318,
  "icvs_wm": 0.3473673454273788,
  "inu_med": 0.4504956603050232,
  "inu_range": 0.09027922749519346,
  "provenance": {
    "md5sum": "c05eb87f1df7aea0342862720b057050",
    "settings": {
      "testing": false
    },
    "software": "mriqc",
    "version": "23.0.1",
    "warnings": {
      "large_rot_frame": true,
      "small_air_mask": false
    },
    "webapi_port": null,
    "webapi_url": "https://mriqc.nimh.nih.gov/api/v1"
  },
  "qi_1": 0.0,
  "qi_2": 0.0015980981883145218,
  "rpve_csf": 29.357277069819116,
  "rpve_gm": 12.924930685701062,
  "rpve_wm": 19.009944454398852,
  "size_x": 176,
  "size_y": 256,
  "size_z": 256,
  "snr_csf": 2.74971681407775,
  "snr_gm": 12.519959500406586,
  "snr_total": 12.78958818127837,
  "snr_wm": 23.099088229350773,
  "snrd_csf": 16.917946076187576,
  "snrd_gm": 39.507872683478816,
  "snrd_total": 37.65575740984614,
  "snrd_wm": 56.54145346987203,
  "spacing_x": 1.0,
  "spacing_y": 1.0,
  "spacing_z": 1.0,
  "summary_bg_k": 8.209562407592426,
  "summary_bg_mad": 0.0,
  "summary_bg_mean": 5.9808166792327935,
  "summary_bg_median": 0.0,
  "summary_bg_n": 519184.0,
  "summary_bg_p05": 0.0,
  "summary_bg_p95": 31.405990205705166,
  "summary_bg_stdv": 11.587235093540116,
  "summary_csf_k": 1.0092716739638083,
  "summary_csf_mad": 85.26196253840747,
  "summary_csf_mean": 302.5145170207091,
  "summary_csf_median": 299.2235181629658,
  "summary_csf_n": 25365.0,
  "summary_csf_p05": 104.06960683837534,
  "summary_csf_p95": 493.483086720109,
  "summary_csf_stdv": 108.81761286054389,
  "summary_gm_k": 0.2902068759983507,
  "summary_gm_mad": 54.220235369511684,
  "summary_gm_mean": 697.9289432010974,
  "summary_gm_median": 698.7659498527646,
  "summary_gm_n": 43400.0,
  "summary_gm_p05": 605.2412682026625,
  "summary_gm_p95": 788.2695554941893,
  "summary_gm_stdv": 55.8115143651014,
  "summary_wm_k": 0.5472918706996008,
  "summary_wm_mad": 40.857902482238664,
  "summary_wm_mean": 1000.9873913277838,
  "summary_wm_median": 1000.0346704684198,
  "summary_wm_n": 180906.0,
  "summary_wm_p05": 931.5377205274999,
  "summary_wm_p95": 1073.4193076267838,
  "summary_wm_stdv": 43.29313332946932,
  "tpm_overlap_csf": 0.1651288342135029,
  "tpm_overlap_gm": 0.48672394100099114,
  "tpm_overlap_wm": 0.524860786342502,
  "wm2max": 0.48699474284877764
}