{
  "aor": 0.002816694214876033,
  "aqi": 0.0040698758677685945,
  "bids_meta": {
    "AcquisitionMatrixPE": 64,
    "AcquisitionNumber": 1,
    "AcquisitionTime": "18:36:4.000000",
    "BodyPartExamined": "HEAD",
    "CoilString": "32Ch_Head",
    "ConversionSoftware": "dcm2niix",
    "ConversionSoftwareVersion": "v1.0.20181125  (JP2:OpenJPEG) GCC7.3.0",
    "DeviceSerialNumber": "0002806034DVR750",
    "EchoTime": 0.04,
    "EffectiveEchoSpacing": 0.000372,
    "FlipAngle": 90,
    "ImageOrientationPatientDICOM": [
      1,
      0,
      0,
      0,
      1,
      0
    ],
    "ImageType": [
      "ORIGINAL",
      "PRIMARY",
      "EPI",
      "NONE"
    ],
    "ImagingFrequency": 127.772,
    "InPlanePhaseEncodingDirectionDICOM": "COL",
    "InstitutionName": "INSTITUTO_DE_NEUROBIOLOGIA",
    "MRAcquisitionType": "2D",
    "MagneticFieldStrength": 3,
    "Manufacturer": "GE",
    "ManufacturersModelName": "DISCOVERY_MR750",
    "Modality": "MR",
    "PatientPosition": "HFS",
    "PercentPhaseFOV": 100,
    "PhaseEncodingDirection": "j",
    "PhaseEncodingPolarityGE": "Flipped",
    "PixelBandwidth": 7812.5,
    "ProcedureStepDescription": "Emociones_AH",
    "ProtocolName": "fMRI_Jalil_1",
    "ReconMatrixPE": 64,
    "RepetitionTime": 2,
    "SAR": 0.16467,
    "ScanOptions": "EPI_GEMS_ACC_GEMS",
    "ScanningSequence": "EP_GR",
    "SequenceVariant": "SS",
    "SeriesDescription": "fMRI_Jalil_1",
    "SeriesNumber": 5,
    "SliceThickness": 4,
    "SliceTiming": [
      0,
      1.0285,
      0.0571001,
      1.0857,
      0.1142,
      1.1428,
      0.1714,
      1.2,
      0.2285,
      1.2571,
      0.2857,
      1.3143,
      0.3428,
      1.3714,
      0.4,
      1.4286,
      0.4571,
      1.4857,
      0.5142,
      1.5428,
      0.5714,
      1.6,
      0.6285,
      1.6571,
      0.6857,
      1.7143,
      0.7428,
      1.7714,
      0.8,
      1.8285,
      0.8571,
      1.8857,
      0.9143,
      1.9428,
      0.9714
    ],
    "SoftwareVersions": "27_LX_MR_Software_release:DV26.0_R02_1810.b",
    "SpacingBetweenSlices": 4,
    "StationName": "GEHCGEHC",
    "TaskName": "sae",
    "TotalReadoutTime": 0.023436,
    "dataset": "ds003481",
    "modality": "bold",
    "run_id": 1,
    "subject_id": "030",
    "task_id": "sae"
  },
  "dummy_trs": 0,
  "dvars_nstd": 14.836279188298748,
  "dvars_std": 0.9860538897925317,
  "dvars_vstd": 0.953020189253112,
  "efc": 0.32161956714782697,
  "fber": 54196.19140625,
  "fd_mean": 0.11605995600555323,
  "fd_num": 21,
  "fd_perc": 8.677685950413224,
  "fwhm_avg": 2.7235750000000003,
  "fwhm_x": 2.60965,
  "fwhm_y": 2.82085,
  "fwhm_z": 2.740225,
  "gcor": 0.0424644,
  "gsr_x": -0.00975671038031578,
  "gsr_y": 0.00016031666018534452,
  "provenance": {
    "md5sum": "514db6283d3ea96052f2b70bc5c39b94",
    "settings": {
      "fd_thres": 0.2,
      "testing": false
    },
    "software": "mriqc",
    "version": "23.0.1",
    "webapi_port": null,
    "webapi_url": "https://mriqc.nimh.nih.gov/api/v1"
  },
  "size_t": 242,
  "size_x": 64,
  "size_y": 64,
  "size_z": 35,
  "snr": 3.669098752460921,
  "spacing_tr": 2.0,
  "spacing_x": 4.0,
  "spacing_y": 4.0,
  "spacing_z": 4.0,
  "summary_bg_k": 176.58401326120722,
  "summary_bg_mad": 9.741063918978353,
  "summary_bg_mean": 30.760923385620117,
  "summary_bg_median": 8.276859283447266,
  "summary_bg_n": 106133.0,
  "summary_bg_p05": 0.5578511953353882,
  "summary_bg_p95": 123.07933044433587,
  "summary_bg_stdv": 90.8458480834961,
  "summary_fg_k": 1.3068051090972785,
  "summary_fg_mad": 413.70719078311356,
  "summary_fg_mean": 1940.0947265625,
  "summary_fg_median": 1855.979248046875,
  "summary_fg_n": 11155.0,
  "summary_fg_p05": 1245.3577880859375,
  "summary_fg_p95": 2905.446972656249,
  "summary_fg_stdv": 505.8179626464844,
  "tsnr": 68.59180720802397
}