{
  "aor": 0.0006752755905511812,
  "aqi": 0.002090214279527559,
  "bids_meta": {
    "AcquisitionMatrixPE": 64,
    "AcquisitionNumber": 1,
    "AcquisitionTime": "18:54:26.000000",
    "BodyPartExamined": "HEAD",
    "CoilString": "32Ch_Head",
    "ConversionSoftware": "dcm2niix",
    "ConversionSoftwareVersion": "v1.0.20181125  (JP2:OpenJPEG) GCC7.3.0",
    "DeviceSerialNumber": "0002806034DVR750",
    "EchoTime": 0.04,
    "EffectiveEchoSpacing": 0.000372,
    "FlipAngle": 90,
    "ImageOrientationPatientDICOM": [
      1,
      0,
      0,
      0,
      1,
      0
    ],
    "ImageType": [
      "ORIGINAL",
      "PRIMARY",
      "EPI",
      "NONE"
    ],
    "ImagingFrequency": 127.772,
    "InPlanePhaseEncodingDirectionDICOM": "COL",
    "InstitutionName": "INSTITUTO_DE_NEUROBIOLOGIA",
    "MRAcquisitionType": "2D",
    "MagneticFieldStrength": 3,
    "Manufacturer": "GE",
    "ManufacturersModelName": "DISCOVERY_MR750",
    "Modality": "MR",
    "PatientPosition": "HFS",
    "PercentPhaseFOV": 100,
    "PhaseEncodingDirection": "j",
    "PhaseEncodingPolarityGE": "Flipped",
    "PixelBandwidth": 7812.5,
    "ProcedureStepDescription": "Emociones_AH",
    "ProtocolName": "fMRI_Jalil_3",
    "ReconMatrixPE": 64,
    "RepetitionTime": 2,
    "SAR": 0.16467,
    "ScanOptions": "EPI_GEMS_ACC_GEMS",
    "ScanningSequence": "EP_GR",
    "SequenceVariant": "SS",
    "SeriesDescription": "fMRI_Jalil_3",
    "SeriesNumber": 7,
    "SliceThickness": 4,
    "SliceTiming": [
      0,
      1.0285,
      0.0571001,
      1.0857,
      0.1142,
      1.1428,
      0.1714,
      1.2,
      0.2285,
      1.2571,
      0.2857,
      1.3143,
      0.3428,
      1.3714,
      0.4,
      1.4286,
      0.4571,
      1.4857,
      0.5142,
      1.5428,
      0.5714,
      1.6,
      0.6285,
      1.6571,
      0.6857,
      1.7143,
      0.7428,
      1.7714,
      0.8,
      1.8285,
      0.8571,
      1.8857,
      0.9143,
      1.9428,
      0.9714
    ],
    "SoftwareVersions": "27_LX_MR_Software_release:DV26.0_R02_1810.b",
    "SpacingBetweenSlices": 4,
    "StationName": "GEHCGEHC",
    "TaskName": "sae",
    "TotalReadoutTime": 0.023436,
    "dataset": "ds003481",
    "modality": "bold",
    "run_id": 3,
    "subject_id": "030",
    "task_id": "sae"
  },
  "dummy_trs": 0,
  "dvars_nstd": 13.862023063478262,
  "dvars_std": 1.0725828805928856,
  "dvars_vstd": 0.9916254526482208,
  "efc": 0.3220784400585055,
  "fber": 52870.89453125,
  "fd_mean": 0.07658705422400636,
  "fd_num": 5,
  "fd_perc": 1.968503937007874,
  "fwhm_avg": 2.657675,
  "fwhm_x": 2.55675,
  "fwhm_y": 2.7584,
  "fwhm_z": 2.657875,
  "gcor": 0.055398,
  "gsr_x": -0.010203412733972073,
  "gsr_y": 0.0003693787148222327,
  "provenance": {
    "md5sum": "012a0424fb8f61a187c128f7172d447a",
    "settings": {
      "fd_thres": 0.2,
      "testing": false
    },
    "software": "mriqc",
    "version": "23.0.1",
    "webapi_port": null,
    "webapi_url": "https://mriqc.nimh.nih.gov/api/v1"
  },
  "size_t": 254,
  "size_x": 64,
  "size_y": 64,
  "size_z": 35,
  "snr": 3.679315523114275,
  "spacing_tr": 2.0,
  "spacing_x": 4.0,
  "spacing_y": 4.0,
  "spacing_z": 4.0,
  "summary_bg_k": 171.4514573326774,
  "summary_bg_mad": 9.782840296130868,
  "summary_bg_mean": 30.838024139404297,
  "summary_bg_median": 8.338582992553711,
  "summary_bg_n": 106179.0,
  "summary_bg_p05": 0.4803149700164795,
  "summary_bg_p95": 126.32046890258775,
  "summary_bg_stdv": 90.72026062011719,
  "summary_fg_k": 1.2447354508660782,
  "summary_fg_mad": 414.9300842389781,
  "summary_fg_mean": 1928.7357177734375,
  "summary_fg_median": 1856.2381591796875,
  "summary_fg_n": 11184.0,
  "summary_fg_p05": 1216.1891967773438,
  "summary_fg_p95": 2898.1175903320313,
  "summary_fg_stdv": 504.48382568359375,
  "tsnr": 87.28606554120779
}