{
  "aor": 0.005127799999999999,
  "aqi": 0.005309355466666667,
  "bids_meta": {
    "AcquisitionMatrixPE": 64,
    "AcquisitionNumber": 1,
    "AcquisitionTime": "19:03:56.000000",
    "BodyPartExamined": "HEAD",
    "CoilString": "32Ch_Head",
    "ConversionSoftware": "dcm2niix",
    "ConversionSoftwareVersion": "v1.0.20181125  (JP2:OpenJPEG) GCC7.3.0",
    "DeviceSerialNumber": "0002806034DVR750",
    "EchoTime": 0.04,
    "EffectiveEchoSpacing": 0.000372,
    "FlipAngle": 90,
    "ImageOrientationPatientDICOM": [
      1,
      0,
      0,
      0,
      1,
      0
    ],
    "ImageType": [
      "ORIGINAL",
      "PRIMARY",
      "EPI",
      "NONE"
    ],
    "ImagingFrequency": 127.772,
    "InPlanePhaseEncodingDirectionDICOM": "COL",
    "InstitutionName": "INSTITUTO_DE_NEUROBIOLOGIA",
    "MRAcquisitionType": "2D",
    "MagneticFieldStrength": 3,
    "Manufacturer": "GE",
    "ManufacturersModelName": "DISCOVERY_MR750",
    "Modality": "MR",
    "PatientPosition": "HFS",
    "PercentPhaseFOV": 100,
    "PhaseEncodingDirection": "j",
    "PhaseEncodingPolarityGE": "Flipped",
    "PixelBandwidth": 7812.5,
    "ProcedureStepDescription": "Emociones_AH",
    "ProtocolName": "fMRI_Jalil_4",
    "ReconMatrixPE": 64,
    "RepetitionTime": 2,
    "SAR": 0.16467,
    "ScanOptions": "EPI_GEMS_ACC_GEMS",
    "ScanningSequence": "EP_GR",
    "SequenceVariant": "SS",
    "SeriesDescription": "fMRI_Jalil_4",
    "SeriesNumber": 8,
    "SliceThickness": 4,
    "SliceTiming": [
      0,
      1.0285,
      0.0571001,
      1.0857,
      0.1142,
      1.1428,
      0.1714,
      1.2,
      0.2285,
      1.2571,
      0.2857,
      1.3143,
      0.3428,
      1.3714,
      0.4,
      1.4286,
      0.4571,
      1.4857,
      0.5142,
      1.5428,
      0.5714,
      1.6,
      0.6285,
      1.6571,
      0.6857,
      1.7143,
      0.7428,
      1.7714,
      0.8,
      1.8285,
      0.8571,
      1.8857,
      0.9143,
      1.9428,
      0.9714
    ],
    "SoftwareVersions": "27_LX_MR_Software_release:DV26.0_R02_1810.b",
    "SpacingBetweenSlices": 4,
    "StationName": "GEHCGEHC",
    "TaskName": "ec",
    "TotalReadoutTime": 0.023436,
    "dataset": "ds003481",
    "modality": "bold",
    "run_id": 4,
    "subject_id": "030",
    "task_id": "ec"
  },
  "dummy_trs": 0,
  "dvars_nstd": 13.982323256040264,
  "dvars_std": 1.0091056180536913,
  "dvars_vstd": 0.9692958161744966,
  "efc": 0.32210494221607827,
  "fber": 53158.59765625,
  "fd_mean": 0.1150342045746497,
  "fd_num": 13,
  "fd_perc": 8.666666666666666,
  "fwhm_avg": 2.6886083333333333,
  "fwhm_x": 2.571275,
  "fwhm_y": 2.8247,
  "fwhm_z": 2.66985,
  "gcor": 0.0218029,
  "gsr_x": -0.009890283457934856,
  "gsr_y": 0.00017336269957013428,
  "provenance": {
    "md5sum": "b316d35052bf83361cd7faa39b002a0c",
    "settings": {
      "fd_thres": 0.2,
      "testing": false
    },
    "software": "mriqc",
    "version": "23.0.1",
    "webapi_port": null,
    "webapi_url": "https://mriqc.nimh.nih.gov/api/v1"
  },
  "size_t": 150,
  "size_x": 64,
  "size_y": 64,
  "size_z": 35,
  "snr": 3.7278511251893285,
  "spacing_tr": 2.0,
  "spacing_x": 4.0,
  "spacing_y": 4.0,
  "spacing_z": 4.0,
  "summary_bg_k": 161.21408682785187,
  "summary_bg_mad": 9.785174854224922,
  "summary_bg_mean": 30.647775650024414,
  "summary_bg_median": 8.34000015258789,
  "summary_bg_n": 106244.0,
  "summary_bg_p05": 0.46666666865348816,
  "summary_bg_p95": 124.9903388977049,
  "summary_bg_stdv": 88.24090576171875,
  "summary_fg_k": 1.0979248075697852,
  "summary_fg_mad": 414.72340311916207,
  "summary_fg_mean": 1926.8394775390625,
  "summary_fg_median": 1855.3067626953125,
  "summary_fg_n": 11135.0,
  "summary_fg_p05": 1223.5060180664063,
  "summary_fg_p95": 2877.7313720703123,
  "summary_fg_stdv": 497.6656494140625,
  "tsnr": 59.4820576289203
}