{
  "aor": 0.002480966666666667,
  "aqi": 0.0073628346,
  "bids_meta": {
    "AcquisitionMatrixPE": 64,
    "AcquisitionNumber": 1,
    "AcquisitionTime": "18:23:28.000000",
    "BodyPartExamined": "HEAD",
    "CoilString": "32Ch_Head",
    "ConversionSoftware": "dcm2niix",
    "ConversionSoftwareVersion": "v1.0.20181125  (JP2:OpenJPEG) GCC7.3.0",
    "DeviceSerialNumber": "0002806034DVR750",
    "EchoTime": 0.04,
    "EffectiveEchoSpacing": 0.000372,
    "FlipAngle": 90,
    "ImageOrientationPatientDICOM": [
      1,
      0,
      0,
      0,
      1,
      0
    ],
    "ImageType": [
      "ORIGINAL",
      "PRIMARY",
      "EPI",
      "NONE"
    ],
    "ImagingFrequency": 127.772,
    "InPlanePhaseEncodingDirectionDICOM": "COL",
    "InstitutionName": "INSTITUTO_DE_NEUROBIOLOGIA",
    "MRAcquisitionType": "2D",
    "MagneticFieldStrength": 3,
    "Manufacturer": "GE",
    "ManufacturersModelName": "DISCOVERY_MR750",
    "Modality": "MR",
    "PatientPosition": "HFS",
    "PercentPhaseFOV": 100,
    "PhaseEncodingDirection": "j",
    "PhaseEncodingPolarityGE": "Flipped",
    "PixelBandwidth": 7812.5,
    "ProcedureStepDescription": "Emociones_AH",
    "ProtocolName": "fMRI_RestState",
    "ReconMatrixPE": 64,
    "RepetitionTime": 2,
    "SAR": 0.165379,
    "ScanOptions": "EPI_GEMS_ACC_GEMS",
    "ScanningSequence": "EP_GR",
    "SequenceVariant": "SS",
    "SeriesDescription": "fMRI_RestState",
    "SeriesNumber": 3,
    "SliceThickness": 4,
    "SliceTiming": [
      0,
      1.0285,
      0.0571001,
      1.0857,
      0.1142,
      1.1428,
      0.1714,
      1.2,
      0.2285,
      1.2571,
      0.2857,
      1.3143,
      0.3428,
      1.3714,
      0.4,
      1.4286,
      0.4571,
      1.4857,
      0.5142,
      1.5428,
      0.5714,
      1.6,
      0.6285,
      1.6571,
      0.6857,
      1.7143,
      0.7428,
      1.7714,
      0.8,
      1.8285,
      0.8571,
      1.8857,
      0.9143,
      1.9428,
      0.9714
    ],
    "SoftwareVersions": "27_LX_MR_Software_release:DV26.0_R02_1810.b",
    "SpacingBetweenSlices": 4,
    "StationName": "GEHCGEHC",
    "TaskName": "rest",
    "TotalReadoutTime": 0.023436,
    "dataset": "ds003481",
    "modality": "bold",
    "subject_id": "030",
    "task_id": "rest"
  },
  "dummy_trs": 0,
  "dvars_nstd": 16.918337024515044,
  "dvars_std": 0.9282233592976591,
  "dvars_vstd": 0.9097992568227422,
  "efc": 0.3218024211735391,
  "fber": 55429.17578125,
  "fd_mean": 0.15905087661259518,
  "fd_num": 59,
  "fd_perc": 19.666666666666668,
  "fwhm_avg": 2.6458166666666667,
  "fwhm_x": 2.579425,
  "fwhm_y": 2.74385,
  "fwhm_z": 2.614175,
  "gcor": 0.0463435,
  "gsr_x": -0.009811144322156906,
  "gsr_y": 0.002557579195126891,
  "provenance": {
    "md5sum": "2f9cd55d05cda750ea0d68d8597d1f08",
    "settings": {
      "fd_thres": 0.2,
      "testing": false
    },
    "software": "mriqc",
    "version": "23.0.1",
    "webapi_port": null,
    "webapi_url": "https://mriqc.nimh.nih.gov/api/v1"
  },
  "size_t": 300,
  "size_x": 64,
  "size_y": 64,
  "size_z": 35,
  "snr": 3.8375421574644517,
  "spacing_tr": 2.0,
  "spacing_x": 4.0,
  "spacing_y": 4.0,
  "spacing_z": 4.0,
  "summary_bg_k": 244.7042650994173,
  "summary_bg_mad": 9.636915303986198,
  "summary_bg_mean": 30.702491760253906,
  "summary_bg_median": 8.123333930969238,
  "summary_bg_n": 106254.0,
  "summary_bg_p05": 0.43666666746139526,
  "summary_bg_p95": 124.70833702087373,
  "summary_bg_stdv": 92.54148864746094,
  "summary_fg_k": 1.0916598959546144,
  "summary_fg_mad": 403.64352147620167,
  "summary_fg_mean": 1923.7615966796875,
  "summary_fg_median": 1861.8466796875,
  "summary_fg_n": 11071.0,
  "summary_fg_p05": 1215.443359375,
  "summary_fg_p95": 2822.6083984375,
  "summary_fg_stdv": 485.14453125,
  "tsnr": 49.37908693961799
}