{
  "aor": 0.0007671600000000001,
  "aqi": 0.001599948532,
  "bids_meta": {
    "AcquisitionDateTime": "2017-07-11T18:24:20.000000",
    "ConversionSoftware": "dcm2niix",
    "ConversionSoftwareVersion": "v1.0.20170411 GCC4.8.4",
    "EchoTime": 0.035,
    "FlipAngle": 90,
    "ImageType": [
      "ORIGINAL",
      "PRIMARY",
      "EPI",
      "NONE"
    ],
    "MagneticFieldStrength": 3,
    "Manufacturer": "GE",
    "ManufacturersModelName": "DISCOVERY_MR750",
    "ProcedureStepDescription": "CompMet",
    "ProtocolName": "fMRI_CompMet",
    "RepetitionTime": 2,
    "ScanningSequence": "EP_GR",
    "SequenceVariant": "SS",
    "SeriesDescription": "fMRI_CompMet",
    "SliceTiming": [
      1.0285,
      0.0571001,
      1.0857,
      0.1142,
      1.1428,
      0.1714,
      1.2,
      0.2285,
      1.2571,
      0.2857,
      1.3143,
      0.3428,
      1.3714,
      0.4,
      1.4286,
      0.4571,
      1.4857,
      0.5142,
      1.5428,
      0.5714,
      1.6,
      0.6285,
      1.6571,
      0.6857,
      1.7143,
      0.7428,
      1.7714,
      0.8,
      1.8285,
      0.8571,
      1.8857,
      0.9143,
      1.9428,
      0.9714
    ],
    "TaskName": "cmp",
    "dataset": "ds003481",
    "modality": "bold",
    "run_id": 2,
    "subject_id": "073",
    "task_id": "cmp"
  },
  "dummy_trs": 0,
  "dvars_nstd": 11.693870383333337,
  "dvars_std": 1.071114758473895,
  "dvars_vstd": 0.9451598685943768,
  "efc": 0.343401935653414,
  "fber": 96995.71875,
  "fd_mean": 0.0694998170717853,
  "fd_num": 7,
  "fd_perc": 2.8,
  "fwhm_avg": 2.5220233333333333,
  "fwhm_x": 2.45217,
  "fwhm_y": 2.66125,
  "fwhm_z": 2.45265,
  "gcor": 0.0250498,
  "gsr_x": -0.003794691525399685,
  "gsr_y": -0.0014688392402604222,
  "provenance": {
    "md5sum": "25990849dc3dbe8c7f02031ad5f55337",
    "settings": {
      "fd_thres": 0.2,
      "testing": false
    },
    "software": "mriqc",
    "version": "23.0.1",
    "webapi_port": null,
    "webapi_url": "https://mriqc.nimh.nih.gov/api/v1"
  },
  "size_t": 250,
  "size_x": 64,
  "size_y": 64,
  "size_z": 34,
  "snr": 4.172352614613845,
  "spacing_tr": 2.0,
  "spacing_x": 4.0,
  "spacing_y": 4.0,
  "spacing_z": 4.0,
  "summary_bg_k": 79.75525010855156,
  "summary_bg_mad": 9.61912342271933,
  "summary_bg_mean": 34.170692443847656,
  "summary_bg_median": 7.116000175476074,
  "summary_bg_n": 99791.0,
  "summary_bg_p05": 0.19600000977516174,
  "summary_bg_p95": 131.81800079345703,
  "summary_bg_stdv": 109.23226165771484,
  "summary_fg_k": 0.5569462987826244,
  "summary_fg_mad": 450.883188037739,
  "summary_fg_mean": 2145.880859375,
  "summary_fg_median": 2087.252197265625,
  "summary_fg_n": 12875.0,
  "summary_fg_p05": 1422.3096435546875,
  "summary_fg_p95": 3050.362915039062,
  "summary_fg_stdv": 500.2384338378906,
  "tsnr": 102.19127041660249
}