{
  "bids_meta": {
    "AcquisitionMatrixPE": 256,
    "AcquisitionNumber": 1,
    "AcquisitionTime": "19:43:12.000000",
    "CoilString": "32Ch_Head",
    "ConversionSoftware": "dcm2niix",
    "ConversionSoftwareVersion": "v1.0.20190902",
    "Dcm2bidsVersion": "2.1.4",
    "DeviceSerialNumber": "000000000000GEHC",
    "EchoTime": 0.00318,
    "FlipAngle": 12,
    "ImageOrientationPatientDICOM": [
      0,
      1,
      0,
      0,
      0,
      -1
    ],
    "ImageType": [
      "ORIGINAL",
      "PRIMARY",
      "OTHER"
    ],
    "ImagingFrequency": 127.772,
    "InPlanePhaseEncodingDirectionDICOM": "ROW",
    "InstitutionName": "INSTITUTO_DE_NEUROBIOLOGIA",
    "InversionTime": 0.45,
    "MRAcquisitionType": "3D",
    "MagneticFieldStrength": 3,
    "Manufacturer": "GE",
    "ManufacturersModelName": "DISCOVERY_MR750",
    "Modality": "MR",
    "PatientPosition": "HFS",
    "PercentPhaseFOV": 100,
    "PixelBandwidth": 244.141,
    "ProcedureStepDescription": "verbos",
    "ProtocolName": "Sag_T1_FSPGR_BRAVO",
    "ReconMatrixPE": 256,
    "RepetitionTime": 0.008156,
    "SAR": 0.226371,
    "ScanOptions": "FAST_GEMS_EDR_GEMS_FILTERED_GEMS_ACC_GEMS",
    "ScanningSequence": "GR",
    "SequenceVariant": "SS_SP_SK",
    "SeriesDescription": "Sag_T1_FSPGR_BRAVO",
    "SeriesNumber": 15,
    "SliceThickness": 1,
    "SoftwareVersions": "24_LX_MR_Software_release:DV24.0_R02_1607.b",
    "SpacingBetweenSlices": 1,
    "StationName": "GEHCGEHC",
    "dataset": "ds003481",
    "modality": "T1w",
    "subject_id": "137"
  },
  "cjv": 0.33419461339383083,
  "cnr": 4.079193340808625,
  "efc": 0.5293406239861342,
  "fber": 15447.199881055363,
  "fwhm_avg": 3.8520800000000004,
  "fwhm_x": 3.74846,
  "fwhm_y": 4.05102,
  "fwhm_z": 3.75676,
  "icvs_csf": 0.17960550723397575,
  "icvs_gm": 0.4829141842444151,
  "icvs_wm": 0.3374803085216091,
  "inu_med": 0.7352892458438873,
  "inu_range": 0.40533547103405,
  "provenance": {
    "md5sum": "fa373dc4df083db4ea86031d8740b796",
    "settings": {
      "testing": false
    },
    "software": "mriqc",
    "version": "23.0.1",
    "warnings": {
      "large_rot_frame": true,
      "small_air_mask": false
    },
    "webapi_port": null,
    "webapi_url": "https://mriqc.nimh.nih.gov/api/v1"
  },
  "qi_1": 2.3391317811151867e-05,
  "qi_2": 0.002627646162554051,
  "rpve_csf": 31.914281978377836,
  "rpve_gm": 13.226812484554419,
  "rpve_wm": 20.489748384052167,
  "size_x": 176,
  "size_y": 256,
  "size_z": 256,
  "snr_csf": 2.337838878870432,
  "snr_gm": 11.437407084813614,
  "snr_total": 11.545863744303444,
  "snr_wm": 20.862345269226285,
  "snrd_csf": 14.07608097705788,
  "snrd_gm": 37.54189635890861,
  "snrd_total": 35.50972607257186,
  "snrd_wm": 54.911200881749096,
  "spacing_x": 1.0,
  "spacing_y": 1.0,
  "spacing_z": 1.0,
  "summary_bg_k": 9.74273595245058,
  "summary_bg_mad": 0.0,
  "summary_bg_mean": 6.811127187207171,
  "summary_bg_median": 0.0,
  "summary_bg_n": 2443053.0,
  "summary_bg_p05": 0.0,
  "summary_bg_p95": 32.54713432863355,
  "summary_bg_stdv": 11.930833999418448,
  "summary_csf_k": 1.1947888168450795,
  "summary_csf_mad": 85.81125710840863,
  "summary_csf_mean": 259.19606760417275,
  "summary_csf_median": 256.34262651205063,
  "summary_csf_n": 18419.0,
  "summary_csf_p05": 72.69377236999571,
  "summary_csf_p95": 459.58570896089066,
  "summary_csf_stdv": 109.64642178197018,
  "summary_gm_k": 0.05222831540217543,
  "summary_gm_mad": 59.6997887925792,
  "summary_gm_mean": 683.5969183145614,
  "summary_gm_median": 683.6837847530842,
  "summary_gm_n": 53314.0,
  "summary_gm_p05": 585.4604902118444,
  "summary_gm_p95": 781.1312238872051,
  "summary_gm_stdv": 59.7755564520398,
  "summary_wm_k": 0.3180400892667996,
  "summary_wm_mad": 46.011397913355836,
  "summary_wm_mean": 1000.0008302374245,
  "summary_wm_median": 1000.0000342354178,
  "summary_wm_n": 165210.0,
  "summary_wm_p05": 920.9791610203683,
  "summary_wm_p95": 1078.2450520433486,
  "summary_wm_stdv": 47.93310602785541,
  "tpm_overlap_csf": 0.14517992171512875,
  "tpm_overlap_gm": 0.47510704322671654,
  "tpm_overlap_wm": 0.4960289950067534,
  "wm2max": 0.4689069046623326
}