{
  "bids_meta": {
    "AcquisitionDateTime": "2016-05-16T19:33:56.000000",
    "ConversionSoftware": "dcm2niix",
    "ConversionSoftwareVersion": "v1.0.20170411 GCC4.8.4",
    "EchoTime": 0.00318,
    "FlipAngle": 12,
    "ImageType": [
      "DERIVED",
      "PRIMARY",
      "OTHER"
    ],
    "InversionTime": 0.45,
    "MagneticFieldStrength": 3,
    "Manufacturer": "GE",
    "ManufacturersModelName": "DISCOVERY_MR750",
    "ProcedureStepDescription": "ActosHabla",
    "ProtocolName": "PU:Sag_T1_FSPGR_BRAVO",
    "RepetitionTime": 0.008156,
    "ScanningSequence": "GR",
    "SequenceVariant": "SS_SP_SK",
    "SeriesDescription": "PU:Sag_T1_FSPGR_BRAVO",
    "dataset": "ds003481",
    "modality": "T1w",
    "subject_id": "006"
  },
  "cjv": 0.36357853546550634,
  "cnr": 3.7152495744765965,
  "efc": 0.7165418096094666,
  "fber": 7246.155359875433,
  "fwhm_avg": 4.104543333333334,
  "fwhm_x": 4.08391,
  "fwhm_y": 4.30466,
  "fwhm_z": 3.92506,
  "icvs_csf": 0.21614692145852904,
  "icvs_gm": 0.4282325654484943,
  "icvs_wm": 0.35562051309297665,
  "inu_med": 0.48345839977264404,
  "inu_range": 0.15512868613004688,
  "provenance": {
    "md5sum": "0536aeb7d9dc4136b0a2bce1033ef548",
    "settings": {
      "testing": false
    },
    "software": "mriqc",
    "version": "23.0.1",
    "warnings": {
      "large_rot_frame": true,
      "small_air_mask": false
    },
    "webapi_port": null,
    "webapi_url": "https://mriqc.nimh.nih.gov/api/v1"
  },
  "qi_1": 0.0,
  "qi_2": 0.0016241920507139409,
  "rpve_csf": 21.90409382699977,
  "rpve_gm": 11.662038458418516,
  "rpve_wm": 16.423713303844455,
  "size_x": 176,
  "size_y": 256,
  "size_z": 256,
  "snr_csf": 2.801902315965953,
  "snr_gm": 12.1585046759698,
  "snr_total": 12.338169318731802,
  "snr_wm": 22.054100964259657,
  "snrd_csf": 16.117255741299317,
  "snrd_gm": 39.3015348831571,
  "snrd_total": 36.6814325576133,
  "snrd_wm": 54.62550704838347,
  "spacing_x": 1.0,
  "spacing_y": 1.0,
  "spacing_z": 1.0,
  "summary_bg_k": 8.549484906782697,
  "summary_bg_mad": 0.0,
  "summary_bg_mean": 6.41276095072665,
  "summary_bg_median": 0.0,
  "summary_bg_n": 605637.0,
  "summary_bg_p05": 0.0,
  "summary_bg_p95": 31.535270661115646,
  "summary_bg_stdv": 11.993730388116179,
  "summary_csf_k": 0.7390788502786645,
  "summary_csf_mad": 89.26372962512254,
  "summary_csf_mean": 309.5864417869507,
  "summary_csf_median": 295.0622495673597,
  "summary_csf_n": 35431.0,
  "summary_csf_p05": 159.52282639034092,
  "summary_csf_p95": 511.57677892223,
  "summary_csf_stdv": 105.30634275046553,
  "summary_gm_k": 0.13186728083845312,
  "summary_gm_mad": 58.073715207522866,
  "summary_gm_mean": 717.7936378880592,
  "summary_gm_median": 719.5020963996649,
  "summary_gm_n": 33207.0,
  "summary_gm_p05": 616.9294791966677,
  "summary_gm_p95": 812.5726386271417,
  "summary_gm_stdv": 59.1759662805705,
  "summary_wm_k": 0.3570290921864041,
  "summary_wm_mad": 43.924399002300134,
  "summary_wm_mean": 1001.7112147330855,
  "summary_wm_median": 1000.0415239520371,
  "summary_wm_n": 237411.0,
  "summary_wm_p05": 930.2074969485402,
  "summary_wm_p95": 1078.6722317188978,
  "summary_wm_stdv": 45.344828131087006,
  "tpm_overlap_csf": 0.17259944485481152,
  "tpm_overlap_gm": 0.47323076500916306,
  "tpm_overlap_wm": 0.5252642839392381,
  "wm2max": 0.4620413327709827
}