{
  "aor": 0.006317633333333334,
  "aqi": 0.009348079066666667,
  "bids_meta": {
    "AcquisitionMatrixPE": 64,
    "AcquisitionNumber": 1,
    "AcquisitionTime": "17:55:42.000000",
    "BodyPartExamined": "HEAD",
    "CoilString": "32Ch_Head",
    "ConversionSoftware": "dcm2niix",
    "ConversionSoftwareVersion": "v1.0.20181125  (JP2:OpenJPEG) GCC7.3.0",
    "DeviceSerialNumber": "0002806034DVR750",
    "EchoTime": 0.04,
    "EffectiveEchoSpacing": 0.000372,
    "FlipAngle": 90,
    "ImageOrientationPatientDICOM": [
      1,
      0,
      0,
      0,
      1,
      0
    ],
    "ImageType": [
      "ORIGINAL",
      "PRIMARY",
      "EPI",
      "NONE"
    ],
    "ImagingFrequency": 127.772,
    "InPlanePhaseEncodingDirectionDICOM": "COL",
    "InstitutionName": "INSTITUTO_DE_NEUROBIOLOGIA",
    "MRAcquisitionType": "2D",
    "MagneticFieldStrength": 3,
    "Manufacturer": "GE",
    "ManufacturersModelName": "DISCOVERY_MR750",
    "Modality": "MR",
    "PatientPosition": "HFS",
    "PercentPhaseFOV": 100,
    "PhaseEncodingDirection": "j",
    "PhaseEncodingPolarityGE": "Flipped",
    "PixelBandwidth": 7812.5,
    "ProcedureStepDescription": "Emociones_AH",
    "ProtocolName": "fMRI_RestState",
    "ReconMatrixPE": 64,
    "RepetitionTime": 2,
    "SAR": 0.179069,
    "ScanOptions": "EPI_GEMS_ACC_GEMS",
    "ScanningSequence": "EP_GR",
    "SequenceVariant": "SS",
    "SeriesDescription": "fMRI_RestState",
    "SeriesNumber": 3,
    "SliceThickness": 4,
    "SliceTiming": [
      0,
      1.0285,
      0.0571001,
      1.0857,
      0.1142,
      1.1428,
      0.1714,
      1.2,
      0.2285,
      1.2571,
      0.2857,
      1.3143,
      0.3428,
      1.3714,
      0.4,
      1.4286,
      0.4571,
      1.4857,
      0.5142,
      1.5428,
      0.5714,
      1.6,
      0.6285,
      1.6571,
      0.6857,
      1.7143,
      0.7428,
      1.7714,
      0.8,
      1.8285,
      0.8571,
      1.8857,
      0.9143,
      1.9428,
      0.9714
    ],
    "SoftwareVersions": "27_LX_MR_Software_release:DV26.0_R03_1831.b",
    "SpacingBetweenSlices": 4,
    "StationName": "GEHCGEHC",
    "TaskName": "rest",
    "TotalReadoutTime": 0.023436,
    "dataset": "ds003481",
    "modality": "bold",
    "subject_id": "043",
    "task_id": "rest"
  },
  "dummy_trs": 0,
  "dvars_nstd": 13.71001175645485,
  "dvars_std": 0.9466929839799328,
  "dvars_vstd": 0.9082386647157195,
  "efc": 0.3243440486847779,
  "fber": 106279.3359375,
  "fd_mean": 0.09391741789364166,
  "fd_num": 21,
  "fd_perc": 7.0,
  "fwhm_avg": 2.5739508333333334,
  "fwhm_x": 2.58905,
  "fwhm_y": 2.68365,
  "fwhm_z": 2.4491525,
  "gcor": 0.0496911,
  "gsr_x": -0.0160200372338295,
  "gsr_y": 0.004122816026210785,
  "provenance": {
    "md5sum": "360a3f82c2376dad689963fa3e6393b5",
    "settings": {
      "fd_thres": 0.2,
      "testing": false
    },
    "software": "mriqc",
    "version": "23.0.1",
    "webapi_port": null,
    "webapi_url": "https://mriqc.nimh.nih.gov/api/v1"
  },
  "size_t": 300,
  "size_x": 64,
  "size_y": 64,
  "size_z": 35,
  "snr": 4.011120858842145,
  "spacing_tr": 2.0,
  "spacing_x": 4.0,
  "spacing_y": 4.0,
  "spacing_z": 4.0,
  "summary_bg_k": 154.0571318024572,
  "summary_bg_mad": 8.959859699378917,
  "summary_bg_mean": 27.020675659179688,
  "summary_bg_median": 7.076666831970215,
  "summary_bg_n": 104725.0,
  "summary_bg_p05": 0.36666667461395264,
  "summary_bg_p95": 114.74933319091792,
  "summary_bg_stdv": 72.47466278076172,
  "summary_fg_k": 0.33555183951795087,
  "summary_fg_mad": 501.2429793852915,
  "summary_fg_mean": 2215.65380859375,
  "summary_fg_median": 2172.27001953125,
  "summary_fg_n": 12079.0,
  "summary_fg_p05": 1388.398681640625,
  "summary_fg_p95": 3162.1051025390625,
  "summary_fg_stdv": 541.5394287109375,
  "tsnr": 40.83818122255616
}