{
  "aor": 0.002828223140495868,
  "aqi": 0.004209292148760331,
  "bids_meta": {
    "AcquisitionMatrixPE": 64,
    "AcquisitionNumber": 1,
    "AcquisitionTime": "18:08:56.000000",
    "BodyPartExamined": "HEAD",
    "CoilString": "32Ch_Head",
    "ConversionSoftware": "dcm2niix",
    "ConversionSoftwareVersion": "v1.0.20181125  (JP2:OpenJPEG) GCC7.3.0",
    "DeviceSerialNumber": "0002806034DVR750",
    "EchoTime": 0.04,
    "EffectiveEchoSpacing": 0.000372,
    "FlipAngle": 90,
    "ImageOrientationPatientDICOM": [
      1,
      0,
      0,
      0,
      1,
      0
    ],
    "ImageType": [
      "ORIGINAL",
      "PRIMARY",
      "EPI",
      "NONE"
    ],
    "ImagingFrequency": 127.772,
    "InPlanePhaseEncodingDirectionDICOM": "COL",
    "InstitutionName": "INSTITUTO_DE_NEUROBIOLOGIA",
    "MRAcquisitionType": "2D",
    "MagneticFieldStrength": 3,
    "Manufacturer": "GE",
    "ManufacturersModelName": "DISCOVERY_MR750",
    "Modality": "MR",
    "PatientPosition": "HFS",
    "PercentPhaseFOV": 100,
    "PhaseEncodingDirection": "j",
    "PhaseEncodingPolarityGE": "Flipped",
    "PixelBandwidth": 7812.5,
    "ProcedureStepDescription": "Emociones_AH",
    "ProtocolName": "fMRI_Jalil_1",
    "ReconMatrixPE": 64,
    "RepetitionTime": 2,
    "SAR": 0.179839,
    "ScanOptions": "EPI_GEMS_ACC_GEMS",
    "ScanningSequence": "EP_GR",
    "SequenceVariant": "SS",
    "SeriesDescription": "fMRI_Jalil_1",
    "SeriesNumber": 5,
    "SliceThickness": 4,
    "SliceTiming": [
      0,
      1.0285,
      0.0571001,
      1.0857,
      0.1142,
      1.1428,
      0.1714,
      1.2,
      0.2285,
      1.2571,
      0.2857,
      1.3143,
      0.3428,
      1.3714,
      0.4,
      1.4286,
      0.4571,
      1.4857,
      0.5142,
      1.5428,
      0.5714,
      1.6,
      0.6285,
      1.6571,
      0.6857,
      1.7143,
      0.7428,
      1.7714,
      0.8,
      1.8285,
      0.8571,
      1.8857,
      0.9143,
      1.9428,
      0.9714
    ],
    "SoftwareVersions": "27_LX_MR_Software_release:DV26.0_R03_1831.b",
    "SpacingBetweenSlices": 4,
    "StationName": "GEHCGEHC",
    "TaskName": "sae",
    "TotalReadoutTime": 0.023436,
    "dataset": "ds003481",
    "modality": "bold",
    "run_id": 1,
    "subject_id": "043",
    "task_id": "sae"
  },
  "dummy_trs": 0,
  "dvars_nstd": 14.346166483941905,
  "dvars_std": 1.0094358343153529,
  "dvars_vstd": 0.9370395589626556,
  "efc": 0.3204083968236713,
  "fber": 104452.65625,
  "fd_mean": 0.10643673651587497,
  "fd_num": 21,
  "fd_perc": 8.677685950413224,
  "fwhm_avg": 2.5541425,
  "fwhm_x": 2.553325,
  "fwhm_y": 2.668275,
  "fwhm_z": 2.4408275,
  "gcor": 0.0547814,
  "gsr_x": -0.014716826379299164,
  "gsr_y": -0.0008905345457606018,
  "provenance": {
    "md5sum": "5de8e160aae54ea6b970143069e4f267",
    "settings": {
      "fd_thres": 0.2,
      "testing": false
    },
    "software": "mriqc",
    "version": "23.0.1",
    "webapi_port": null,
    "webapi_url": "https://mriqc.nimh.nih.gov/api/v1"
  },
  "size_t": 242,
  "size_x": 64,
  "size_y": 64,
  "size_z": 35,
  "snr": 3.9703853335091104,
  "spacing_tr": 2.0,
  "spacing_x": 4.0,
  "spacing_y": 4.0,
  "spacing_z": 4.0,
  "summary_bg_k": 95.84459760273764,
  "summary_bg_mad": 8.822095851495812,
  "summary_bg_mean": 25.063005447387695,
  "summary_bg_median": 7.033057689666748,
  "summary_bg_n": 104872.0,
  "summary_bg_p05": 0.3223140239715576,
  "summary_bg_p95": 107.79359245300282,
  "summary_bg_stdv": 67.2495346069336,
  "summary_fg_k": 0.38931491573458166,
  "summary_fg_mad": 505.78181984401976,
  "summary_fg_mean": 2216.393798828125,
  "summary_fg_median": 2164.13427734375,
  "summary_fg_n": 11978.0,
  "summary_fg_p05": 1406.8014099121094,
  "summary_fg_p95": 3190.2584350585935,
  "summary_fg_stdv": 545.0463256835938,
  "tsnr": 63.76198389334604
}