{
  "aor": 0.0076374,
  "aqi": 0.0034776917599999998,
  "bids_meta": {
    "AcquisitionMatrixPE": 64,
    "AcquisitionNumber": 1,
    "AcquisitionTime": "18:37:23.000000",
    "BodyPartExamined": "HEAD",
    "CoilString": "32Ch_Head",
    "ConversionSoftware": "dcm2niix",
    "ConversionSoftwareVersion": "v1.0.20181125  (JP2:OpenJPEG) GCC7.3.0",
    "DeviceSerialNumber": "0002806034DVR750",
    "EchoTime": 0.04,
    "EffectiveEchoSpacing": 0.000372,
    "FlipAngle": 90,
    "ImageOrientationPatientDICOM": [
      1,
      0,
      0,
      0,
      1,
      0
    ],
    "ImageType": [
      "ORIGINAL",
      "PRIMARY",
      "EPI",
      "NONE"
    ],
    "ImagingFrequency": 127.772,
    "InPlanePhaseEncodingDirectionDICOM": "COL",
    "InstitutionName": "INSTITUTO_DE_NEUROBIOLOGIA",
    "MRAcquisitionType": "2D",
    "MagneticFieldStrength": 3,
    "Manufacturer": "GE",
    "ManufacturersModelName": "DISCOVERY_MR750",
    "Modality": "MR",
    "PatientPosition": "HFS",
    "PercentPhaseFOV": 100,
    "PhaseEncodingDirection": "j",
    "PhaseEncodingPolarityGE": "Flipped",
    "PixelBandwidth": 7812.5,
    "ProcedureStepDescription": "Emociones_AH",
    "ProtocolName": "fMRI_Jalil_4",
    "ReconMatrixPE": 64,
    "RepetitionTime": 2,
    "SAR": 0.179839,
    "ScanOptions": "EPI_GEMS_ACC_GEMS",
    "ScanningSequence": "EP_GR",
    "SequenceVariant": "SS",
    "SeriesDescription": "fMRI_Jalil_4",
    "SeriesNumber": 8,
    "SliceThickness": 4,
    "SliceTiming": [
      0,
      1.0285,
      0.0571001,
      1.0857,
      0.1142,
      1.1428,
      0.1714,
      1.2,
      0.2285,
      1.2571,
      0.2857,
      1.3143,
      0.3428,
      1.3714,
      0.4,
      1.4286,
      0.4571,
      1.4857,
      0.5142,
      1.5428,
      0.5714,
      1.6,
      0.6285,
      1.6571,
      0.6857,
      1.7143,
      0.7428,
      1.7714,
      0.8,
      1.8285,
      0.8571,
      1.8857,
      0.9143,
      1.9428,
      0.9714
    ],
    "SoftwareVersions": "27_LX_MR_Software_release:DV26.0_R03_1831.b",
    "SpacingBetweenSlices": 4,
    "StationName": "GEHCGEHC",
    "TaskName": "ec",
    "TotalReadoutTime": 0.023436,
    "dataset": "ds003481",
    "modality": "bold",
    "run_id": 4,
    "subject_id": "043",
    "task_id": "ec"
  },
  "dummy_trs": 0,
  "dvars_nstd": 15.438669896040269,
  "dvars_std": 1.1030066261073825,
  "dvars_vstd": 1.033978964161074,
  "efc": 0.3204744621406534,
  "fber": 97662.2421875,
  "fd_mean": 0.1473083914604509,
  "fd_num": 31,
  "fd_perc": 20.666666666666668,
  "fwhm_avg": 2.5412183333333336,
  "fwhm_x": 2.5413,
  "fwhm_y": 2.669225,
  "fwhm_z": 2.41313,
  "gcor": 0.074066,
  "gsr_x": -0.015085038729012012,
  "gsr_y": -0.0009129017707891762,
  "provenance": {
    "md5sum": "130a52875513c4339ae9a2cc3fb6dbb6",
    "settings": {
      "fd_thres": 0.2,
      "testing": false
    },
    "software": "mriqc",
    "version": "23.0.1",
    "webapi_port": null,
    "webapi_url": "https://mriqc.nimh.nih.gov/api/v1"
  },
  "size_t": 150,
  "size_x": 64,
  "size_y": 64,
  "size_z": 35,
  "snr": 3.9754487895511157,
  "spacing_tr": 2.0,
  "spacing_x": 4.0,
  "spacing_y": 4.0,
  "spacing_z": 4.0,
  "summary_bg_k": 114.76722482678133,
  "summary_bg_mad": 8.895613841253484,
  "summary_bg_mean": 25.20073890686035,
  "summary_bg_median": 7.100000381469727,
  "summary_bg_n": 104957.0,
  "summary_bg_p05": 0.3400000035762787,
  "summary_bg_p95": 108.64800109863279,
  "summary_bg_stdv": 69.30108642578125,
  "summary_fg_k": 0.43794747208617313,
  "summary_fg_mad": 499.83955666759107,
  "summary_fg_mean": 2169.28125,
  "summary_fg_median": 2121.356689453125,
  "summary_fg_n": 11970.0,
  "summary_fg_p05": 1370.672723388672,
  "summary_fg_p95": 3114.7834228515608,
  "summary_fg_stdv": 533.5921020507812,
  "tsnr": 65.41053668456152
}