{
  "aor": 0.0014435632183908043,
  "aqi": 0.005066655747126438,
  "bids_meta": {
    "AcquisitionMatrixPE": 64,
    "AcquisitionNumber": 1,
    "AcquisitionTime": "18:32:38.000000",
    "CoilString": "32Ch_Head",
    "ConversionSoftware": "dcm2niix",
    "ConversionSoftwareVersion": "v1.0.20190902",
    "Dcm2bidsVersion": "2.1.4",
    "DeviceSerialNumber": "000000000000GEHC",
    "EchoTime": 0.04,
    "EffectiveEchoSpacing": 0.000372,
    "FlipAngle": 90,
    "ImageOrientationPatientDICOM": [
      1,
      0,
      0,
      0,
      1,
      0
    ],
    "ImageType": [
      "ORIGINAL",
      "PRIMARY",
      "EPI",
      "NONE"
    ],
    "ImagingFrequency": 127.772,
    "InPlanePhaseEncodingDirectionDICOM": "COL",
    "InstitutionName": "INSTITUTO_DE_NEUROBIOLOGIA",
    "MRAcquisitionType": "2D",
    "MagneticFieldStrength": 3,
    "Manufacturer": "GE",
    "ManufacturersModelName": "DISCOVERY_MR750",
    "Modality": "MR",
    "PatientPosition": "HFS",
    "PercentPhaseFOV": 100,
    "PhaseEncodingDirection": "j",
    "PhaseEncodingPolarityGE": "Flipped",
    "PixelBandwidth": 7812.5,
    "ProcedureStepDescription": "verbos",
    "ProtocolName": "fMRI_3",
    "ReconMatrixPE": 64,
    "RepetitionTime": 2,
    "SAR": 0.367275,
    "ScanOptions": "EPI_GEMS_ACC_GEMS",
    "ScanningSequence": "EP_GR",
    "SequenceVariant": "SS",
    "SeriesDescription": "fMRI_3",
    "SeriesNumber": 7,
    "SliceThickness": 4,
    "SliceTiming": [
      0,
      1.0285,
      0.0571001,
      1.0857,
      0.1142,
      1.1428,
      0.1714,
      1.2,
      0.2285,
      1.2571,
      0.2857,
      1.3143,
      0.3428,
      1.3714,
      0.4,
      1.4286,
      0.4571,
      1.4857,
      0.5142,
      1.5428,
      0.5714,
      1.6,
      0.6285,
      1.6571,
      0.6857,
      1.7143,
      0.7428,
      1.7714,
      0.8,
      1.8285,
      0.8571,
      1.8857,
      0.9143,
      1.9428,
      0.9714
    ],
    "SoftwareVersions": "24_LX_MR_Software_release:DV24.0_R02_1607.b",
    "SpacingBetweenSlices": 4,
    "StationName": "GEHCGEHC",
    "TaskName": "verbs",
    "TotalReadoutTime": 0.023436,
    "dataset": "ds003481",
    "modality": "bold",
    "run_id": 3,
    "subject_id": "145",
    "task_id": "verbs"
  },
  "dummy_trs": 0,
  "dvars_nstd": 14.502467452774564,
  "dvars_std": 0.9446772572254339,
  "dvars_vstd": 0.8940886013872829,
  "efc": 0.36890503710459716,
  "fber": 73959.109375,
  "fd_mean": 0.1195867710078161,
  "fd_num": 8,
  "fd_perc": 4.597701149425287,
  "fwhm_avg": 2.7294916666666666,
  "fwhm_x": 2.607775,
  "fwhm_y": 2.837875,
  "fwhm_z": 2.742825,
  "gcor": 0.0429177,
  "gsr_x": -0.01014300249516964,
  "gsr_y": 0.008469881489872932,
  "provenance": {
    "md5sum": "a8dd8e5cf1f097449f33466bc03a0679",
    "settings": {
      "fd_thres": 0.2,
      "testing": false
    },
    "software": "mriqc",
    "version": "23.0.1",
    "webapi_port": null,
    "webapi_url": "https://mriqc.nimh.nih.gov/api/v1"
  },
  "size_t": 174,
  "size_x": 64,
  "size_y": 64,
  "size_z": 35,
  "snr": 3.5410979330452013,
  "spacing_tr": 2.0,
  "spacing_x": 4.0,
  "spacing_y": 4.0,
  "spacing_z": 4.0,
  "summary_bg_k": 87.48478662797635,
  "summary_bg_mad": 10.028866381508898,
  "summary_bg_mean": 41.03358840942383,
  "summary_bg_median": 7.379310131072998,
  "summary_bg_n": 100254.0,
  "summary_bg_p05": 0.21264368295669556,
  "summary_bg_p95": 203.916093444824,
  "summary_bg_stdv": 114.2217788696289,
  "summary_fg_k": 0.20959952851148467,
  "summary_fg_mad": 512.2859407581622,
  "summary_fg_mean": 2026.23486328125,
  "summary_fg_median": 1947.548828125,
  "summary_fg_n": 14852.0,
  "summary_fg_p05": 1265.1997314453126,
  "summary_fg_p95": 3063.206652832031,
  "summary_fg_stdv": 549.9659423828125,
  "tsnr": 65.91539890877903
}