{
  "aor": 0.0038009770114942523,
  "aqi": 0.0021973606034482755,
  "bids_meta": {
    "AcquisitionMatrixPE": 64,
    "AcquisitionNumber": 1,
    "AcquisitionTime": "18:25:52.000000",
    "CoilString": "32Ch_Head",
    "ConversionSoftware": "dcm2niix",
    "ConversionSoftwareVersion": "v1.0.20190902",
    "Dcm2bidsVersion": "2.1.4",
    "DeviceSerialNumber": "000000000000GEHC",
    "EchoTime": 0.04,
    "EffectiveEchoSpacing": 0.000372,
    "FlipAngle": 90,
    "ImageOrientationPatientDICOM": [
      1,
      0,
      0,
      0,
      1,
      0
    ],
    "ImageType": [
      "ORIGINAL",
      "PRIMARY",
      "EPI",
      "NONE"
    ],
    "ImagingFrequency": 127.772,
    "InPlanePhaseEncodingDirectionDICOM": "COL",
    "InstitutionName": "INSTITUTO_DE_NEUROBIOLOGIA",
    "MRAcquisitionType": "2D",
    "MagneticFieldStrength": 3,
    "Manufacturer": "GE",
    "ManufacturersModelName": "DISCOVERY_MR750",
    "Modality": "MR",
    "PatientPosition": "HFS",
    "PercentPhaseFOV": 100,
    "PhaseEncodingDirection": "j",
    "PhaseEncodingPolarityGE": "Flipped",
    "PixelBandwidth": 7812.5,
    "ProcedureStepDescription": "verbos",
    "ProtocolName": "fMRI_2",
    "ReconMatrixPE": 64,
    "RepetitionTime": 2,
    "SAR": 0.367275,
    "ScanOptions": "EPI_GEMS_ACC_GEMS",
    "ScanningSequence": "EP_GR",
    "SequenceVariant": "SS",
    "SeriesDescription": "fMRI_2",
    "SeriesNumber": 6,
    "SliceThickness": 4,
    "SliceTiming": [
      0,
      1.0285,
      0.0571001,
      1.0857,
      0.1142,
      1.1428,
      0.1714,
      1.2,
      0.2285,
      1.2571,
      0.2857,
      1.3143,
      0.3428,
      1.3714,
      0.4,
      1.4286,
      0.4571,
      1.4857,
      0.5142,
      1.5428,
      0.5714,
      1.6,
      0.6285,
      1.6571,
      0.6857,
      1.7143,
      0.7428,
      1.7714,
      0.8,
      1.8285,
      0.8571,
      1.8857,
      0.9143,
      1.9428,
      0.9714
    ],
    "SoftwareVersions": "24_LX_MR_Software_release:DV24.0_R02_1607.b",
    "SpacingBetweenSlices": 4,
    "StationName": "GEHCGEHC",
    "TaskName": "verbs",
    "TotalReadoutTime": 0.023436,
    "dataset": "ds003481",
    "modality": "bold",
    "run_id": 2,
    "subject_id": "145",
    "task_id": "verbs"
  },
  "dummy_trs": 0,
  "dvars_nstd": 14.410498684797687,
  "dvars_std": 1.1192767081502897,
  "dvars_vstd": 0.9989875752023122,
  "efc": 0.3681350625347882,
  "fber": 74295.8359375,
  "fd_mean": 0.08975968018442071,
  "fd_num": 7,
  "fd_perc": 4.022988505747127,
  "fwhm_avg": 2.7024833333333333,
  "fwhm_x": 2.583475,
  "fwhm_y": 2.805775,
  "fwhm_z": 2.7182,
  "gcor": 0.041665,
  "gsr_x": -0.010181870311498642,
  "gsr_y": 0.006455247290432453,
  "provenance": {
    "md5sum": "3b05502fa6e53c8374a44e3c26502570",
    "settings": {
      "fd_thres": 0.2,
      "testing": false
    },
    "software": "mriqc",
    "version": "23.0.1",
    "webapi_port": null,
    "webapi_url": "https://mriqc.nimh.nih.gov/api/v1"
  },
  "size_t": 174,
  "size_x": 64,
  "size_y": 64,
  "size_z": 35,
  "snr": 3.5556812517418215,
  "spacing_tr": 2.0,
  "spacing_x": 4.0,
  "spacing_y": 4.0,
  "spacing_z": 4.0,
  "summary_bg_k": 67.63281785505211,
  "summary_bg_mad": 10.01182537995,
  "summary_bg_mean": 40.22529983520508,
  "summary_bg_median": 7.316092014312744,
  "summary_bg_n": 100319.0,
  "summary_bg_p05": 0.1551724076271057,
  "summary_bg_p95": 200.8172363281249,
  "summary_bg_stdv": 110.29361724853516,
  "summary_fg_k": 0.25050495332296085,
  "summary_fg_mad": 509.16310124640506,
  "summary_fg_mean": 2014.6854248046875,
  "summary_fg_median": 1937.17236328125,
  "summary_fg_n": 14843.0,
  "summary_fg_p05": 1261.059228515625,
  "summary_fg_p95": 3040.9907958984377,
  "summary_fg_stdv": 544.7921142578125,
  "tsnr": 90.92545582912862
}