{
  "aor": 0.0009888505747126437,
  "aqi": 0.002607908287356322,
  "bids_meta": {
    "AcquisitionMatrixPE": 64,
    "AcquisitionNumber": 1,
    "AcquisitionTime": "18:47:38.000000",
    "CoilString": "32Ch_Head",
    "ConversionSoftware": "dcm2niix",
    "ConversionSoftwareVersion": "v1.0.20190902",
    "Dcm2bidsVersion": "2.1.4",
    "DeviceSerialNumber": "000000000000GEHC",
    "EchoTime": 0.04,
    "EffectiveEchoSpacing": 0.000372,
    "FlipAngle": 90,
    "ImageOrientationPatientDICOM": [
      1,
      0,
      0,
      0,
      1,
      0
    ],
    "ImageType": [
      "ORIGINAL",
      "PRIMARY",
      "EPI",
      "NONE"
    ],
    "ImagingFrequency": 127.772,
    "InPlanePhaseEncodingDirectionDICOM": "COL",
    "InstitutionName": "INSTITUTO_DE_NEUROBIOLOGIA",
    "MRAcquisitionType": "2D",
    "MagneticFieldStrength": 3,
    "Manufacturer": "GE",
    "ManufacturersModelName": "DISCOVERY_MR750",
    "Modality": "MR",
    "PatientPosition": "HFS",
    "PercentPhaseFOV": 100,
    "PhaseEncodingDirection": "j",
    "PhaseEncodingPolarityGE": "Flipped",
    "PixelBandwidth": 7812.5,
    "ProcedureStepDescription": "verbos",
    "ProtocolName": "fMRI_5",
    "ReconMatrixPE": 64,
    "RepetitionTime": 2,
    "SAR": 0.367275,
    "ScanOptions": "EPI_GEMS_ACC_GEMS",
    "ScanningSequence": "EP_GR",
    "SequenceVariant": "SS",
    "SeriesDescription": "fMRI_5",
    "SeriesNumber": 9,
    "SliceThickness": 4,
    "SliceTiming": [
      0,
      1.0285,
      0.0571001,
      1.0857,
      0.1142,
      1.1428,
      0.1714,
      1.2,
      0.2285,
      1.2571,
      0.2857,
      1.3143,
      0.3428,
      1.3714,
      0.4,
      1.4286,
      0.4571,
      1.4857,
      0.5142,
      1.5428,
      0.5714,
      1.6,
      0.6285,
      1.6571,
      0.6857,
      1.7143,
      0.7428,
      1.7714,
      0.8,
      1.8285,
      0.8571,
      1.8857,
      0.9143,
      1.9428,
      0.9714
    ],
    "SoftwareVersions": "24_LX_MR_Software_release:DV24.0_R02_1607.b",
    "SpacingBetweenSlices": 4,
    "StationName": "GEHCGEHC",
    "TaskName": "verbs",
    "TotalReadoutTime": 0.023436,
    "dataset": "ds003481",
    "modality": "bold",
    "run_id": 5,
    "subject_id": "145",
    "task_id": "verbs"
  },
  "dummy_trs": 0,
  "dvars_nstd": 13.43223568450868,
  "dvars_std": 1.1158783228323708,
  "dvars_vstd": 0.9945192983237002,
  "efc": 0.368307543789811,
  "fber": 76391.09375,
  "fd_mean": 0.07821394138671621,
  "fd_num": 0,
  "fd_perc": 0.0,
  "fwhm_avg": 2.6444833333333335,
  "fwhm_x": 2.530325,
  "fwhm_y": 2.7662,
  "fwhm_z": 2.636925,
  "gcor": 0.0681709,
  "gsr_x": -0.010512062348425388,
  "gsr_y": 0.007010303437709808,
  "provenance": {
    "md5sum": "6e3e8e205aaf92f8a5da3798ae1cd0dd",
    "settings": {
      "fd_thres": 0.2,
      "testing": false
    },
    "software": "mriqc",
    "version": "23.0.1",
    "webapi_port": null,
    "webapi_url": "https://mriqc.nimh.nih.gov/api/v1"
  },
  "size_t": 174,
  "size_x": 64,
  "size_y": 64,
  "size_z": 35,
  "snr": 3.610073569136295,
  "spacing_tr": 2.0,
  "spacing_x": 4.0,
  "spacing_y": 4.0,
  "spacing_z": 4.0,
  "summary_bg_k": 109.54581408044007,
  "summary_bg_mad": 10.03738727995325,
  "summary_bg_mean": 40.73209762573242,
  "summary_bg_median": 7.310344696044922,
  "summary_bg_n": 100312.0,
  "summary_bg_p05": 0.14367815852165222,
  "summary_bg_p95": 203.35057067871094,
  "summary_bg_stdv": 116.37934875488281,
  "summary_fg_k": 0.1987809132975742,
  "summary_fg_mad": 511.6340446166757,
  "summary_fg_mean": 2034.98828125,
  "summary_fg_median": 1957.382080078125,
  "summary_fg_n": 14922.0,
  "summary_fg_p05": 1282.1210144042968,
  "summary_fg_p95": 3044.7973022460924,
  "summary_fg_stdv": 542.181884765625,
  "tsnr": 98.4964033216238
}