{
  "aor": 0.0012635632183908047,
  "aqi": 0.0016347873218390805,
  "bids_meta": {
    "AcquisitionMatrixPE": 64,
    "AcquisitionNumber": 1,
    "AcquisitionTime": "19:12:43.000000",
    "CoilString": "32Ch_Head",
    "ConversionSoftware": "dcm2niix",
    "ConversionSoftwareVersion": "v1.0.20190902",
    "Dcm2bidsVersion": "2.1.4",
    "DeviceSerialNumber": "000000000000GEHC",
    "EchoTime": 0.04,
    "EffectiveEchoSpacing": 0.000372,
    "FlipAngle": 90,
    "ImageOrientationPatientDICOM": [
      1,
      0,
      0,
      0,
      1,
      0
    ],
    "ImageType": [
      "ORIGINAL",
      "PRIMARY",
      "EPI",
      "NONE"
    ],
    "ImagingFrequency": 127.772,
    "InPlanePhaseEncodingDirectionDICOM": "COL",
    "InstitutionName": "INSTITUTO_DE_NEUROBIOLOGIA",
    "MRAcquisitionType": "2D",
    "MagneticFieldStrength": 3,
    "Manufacturer": "GE",
    "ManufacturersModelName": "DISCOVERY_MR750",
    "Modality": "MR",
    "PatientPosition": "HFS",
    "PercentPhaseFOV": 100,
    "PhaseEncodingDirection": "j",
    "PhaseEncodingPolarityGE": "Flipped",
    "PixelBandwidth": 7812.5,
    "ProcedureStepDescription": "verbos",
    "ProtocolName": "fMRI_8",
    "ReconMatrixPE": 64,
    "RepetitionTime": 2,
    "SAR": 0.367275,
    "ScanOptions": "EPI_GEMS_ACC_GEMS",
    "ScanningSequence": "EP_GR",
    "SequenceVariant": "SS",
    "SeriesDescription": "fMRI_8",
    "SeriesNumber": 12,
    "SliceThickness": 4,
    "SliceTiming": [
      0,
      1.0285,
      0.0571001,
      1.0857,
      0.1142,
      1.1428,
      0.1714,
      1.2,
      0.2285,
      1.2571,
      0.2857,
      1.3143,
      0.3428,
      1.3714,
      0.4,
      1.4286,
      0.4571,
      1.4857,
      0.5142,
      1.5428,
      0.5714,
      1.6,
      0.6285,
      1.6571,
      0.6857,
      1.7143,
      0.7428,
      1.7714,
      0.8,
      1.8285,
      0.8571,
      1.8857,
      0.9143,
      1.9428,
      0.9714
    ],
    "SoftwareVersions": "24_LX_MR_Software_release:DV24.0_R02_1607.b",
    "SpacingBetweenSlices": 4,
    "StationName": "GEHCGEHC",
    "TaskName": "verbs",
    "TotalReadoutTime": 0.023436,
    "dataset": "ds003481",
    "modality": "bold",
    "run_id": 8,
    "subject_id": "145",
    "task_id": "verbs"
  },
  "dummy_trs": 0,
  "dvars_nstd": 11.322875811156068,
  "dvars_std": 1.1057443605780342,
  "dvars_vstd": 1.0167037115606932,
  "efc": 0.36803804182883787,
  "fber": 75111.4296875,
  "fd_mean": 0.058211391120126015,
  "fd_num": 0,
  "fd_perc": 0.0,
  "fwhm_avg": 2.6755,
  "fwhm_x": 2.5569,
  "fwhm_y": 2.8214,
  "fwhm_z": 2.6482,
  "gcor": 0.0514942,
  "gsr_x": -0.010823658667504787,
  "gsr_y": 0.007424674462527037,
  "provenance": {
    "md5sum": "6bf4a5e0ab567dc80cb1e9e70def3e99",
    "settings": {
      "fd_thres": 0.2,
      "testing": false
    },
    "software": "mriqc",
    "version": "23.0.1",
    "webapi_port": null,
    "webapi_url": "https://mriqc.nimh.nih.gov/api/v1"
  },
  "size_t": 174,
  "size_x": 64,
  "size_y": 64,
  "size_z": 35,
  "snr": 3.5916777486303015,
  "spacing_tr": 2.0,
  "spacing_x": 4.0,
  "spacing_y": 4.0,
  "spacing_z": 4.0,
  "summary_bg_k": 75.13171707287569,
  "summary_bg_mad": 9.994783848171231,
  "summary_bg_mean": 39.93888473510742,
  "summary_bg_median": 7.3275861740112305,
  "summary_bg_n": 100248.0,
  "summary_bg_p05": 0.1666666716337204,
  "summary_bg_p95": 202.0994277954101,
  "summary_bg_stdv": 110.83141326904297,
  "summary_fg_k": 0.15780954913851408,
  "summary_fg_mad": 518.3142607406088,
  "summary_fg_mean": 2017.585693359375,
  "summary_fg_median": 1947.936767578125,
  "summary_fg_n": 14993.0,
  "summary_fg_p05": 1255.957421875,
  "summary_fg_p95": 3019.128759765625,
  "summary_fg_stdv": 542.3292236328125,
  "tsnr": 115.02604987239465
}