{
  "aor": 0.00884700892857143,
  "aqi": 0.0018567357678571427,
  "bids_meta": {
    "AcquisitionMatrixPE": 64,
    "AcquisitionNumber": 1,
    "AcquisitionTime": "19:08:30.000000",
    "BodyPartExamined": "HEAD",
    "CoilString": "32Ch_Head",
    "ConversionSoftware": "dcm2niix",
    "ConversionSoftwareVersion": "v1.0.20181125  (JP2:OpenJPEG) GCC7.3.0",
    "DeviceSerialNumber": "0002806034DVR750",
    "EchoTime": 0.04,
    "EffectiveEchoSpacing": 0.000372,
    "FlipAngle": 90,
    "ImageOrientationPatientDICOM": [
      1,
      0,
      0,
      0,
      1,
      0
    ],
    "ImageType": [
      "ORIGINAL",
      "PRIMARY",
      "EPI",
      "NONE"
    ],
    "ImagingFrequency": 127.772,
    "InPlanePhaseEncodingDirectionDICOM": "COL",
    "InstitutionName": "INSTITUTO_DE_NEUROBIOLOGIA",
    "MRAcquisitionType": "2D",
    "MagneticFieldStrength": 3,
    "Manufacturer": "GE",
    "ManufacturersModelName": "DISCOVERY_MR750",
    "Modality": "MR",
    "PatientPosition": "HFS",
    "PercentPhaseFOV": 100,
    "PhaseEncodingDirection": "j",
    "PhaseEncodingPolarityGE": "Flipped",
    "PixelBandwidth": 7812.5,
    "ProcedureStepDescription": "Emociones_AH",
    "ProtocolName": "fMRI_Jalil_2",
    "ReconMatrixPE": 64,
    "RepetitionTime": 2,
    "SAR": 0.170344,
    "ScanOptions": "EPI_GEMS_ACC_GEMS",
    "ScanningSequence": "EP_GR",
    "SequenceVariant": "SS",
    "SeriesDescription": "fMRI_Jalil_2",
    "SeriesNumber": 8,
    "SliceThickness": 4,
    "SliceTiming": [
      0,
      1.0285,
      0.0571001,
      1.0857,
      0.1142,
      1.1428,
      0.1714,
      1.2,
      0.2285,
      1.2571,
      0.2857,
      1.3143,
      0.3428,
      1.3714,
      0.4,
      1.4286,
      0.4571,
      1.4857,
      0.5142,
      1.5428,
      0.5714,
      1.6,
      0.6285,
      1.6571,
      0.6857,
      1.7143,
      0.7428,
      1.7714,
      0.8,
      1.8285,
      0.8571,
      1.8857,
      0.9143,
      1.9428,
      0.9714
    ],
    "SoftwareVersions": "27_LX_MR_Software_release:DV26.0_R02_1810.b",
    "SpacingBetweenSlices": 4,
    "StationName": "GEHCGEHC",
    "TaskName": "sae",
    "TotalReadoutTime": 0.023436,
    "dataset": "ds003481",
    "modality": "bold",
    "run_id": 2,
    "subject_id": "028",
    "task_id": "sae"
  },
  "dummy_trs": 0,
  "dvars_nstd": 15.50985619421524,
  "dvars_std": 1.2029930431838576,
  "dvars_vstd": 1.0584471325112104,
  "efc": 0.374945872646341,
  "fber": 61698.19140625,
  "fd_mean": 0.08518380717539803,
  "fd_num": 8,
  "fd_perc": 3.5714285714285716,
  "fwhm_avg": 2.6611416666666665,
  "fwhm_x": 2.670725,
  "fwhm_y": 2.726575,
  "fwhm_z": 2.586125,
  "gcor": 0.0559718,
  "gsr_x": -0.010279035195708275,
  "gsr_y": 0.002733894158154726,
  "provenance": {
    "md5sum": "a68a2e014ebbe8054a8efb2ec4143276",
    "settings": {
      "fd_thres": 0.2,
      "testing": false
    },
    "software": "mriqc",
    "version": "23.0.1",
    "webapi_port": null,
    "webapi_url": "https://mriqc.nimh.nih.gov/api/v1"
  },
  "size_t": 224,
  "size_x": 64,
  "size_y": 64,
  "size_z": 35,
  "snr": 3.334892927252647,
  "spacing_tr": 2.0,
  "spacing_x": 4.0,
  "spacing_y": 4.0,
  "spacing_z": 4.0,
  "summary_bg_k": 44.99979198510975,
  "summary_bg_mad": 10.74886634927555,
  "summary_bg_mean": 48.590972900390625,
  "summary_bg_median": 7.9151787757873535,
  "summary_bg_n": 100364.0,
  "summary_bg_p05": 0.2321428656578064,
  "summary_bg_p95": 276.4464416503906,
  "summary_bg_stdv": 134.27557373046875,
  "summary_fg_k": 0.22753565482339644,
  "summary_fg_mad": 528.3887889504883,
  "summary_fg_mean": 1969.9351806640625,
  "summary_fg_median": 1898.2366943359375,
  "summary_fg_n": 14915.0,
  "summary_fg_p05": 1147.2718994140625,
  "summary_fg_p95": 3020.282275390624,
  "summary_fg_stdv": 569.1856079101562,
  "tsnr": 83.0849130358547
}