{
  "aor": 0.0034514462809917355,
  "aqi": 0.0023623485537190084,
  "bids_meta": {
    "AcquisitionMatrixPE": 64,
    "AcquisitionNumber": 1,
    "AcquisitionTime": "18:59:34.000000",
    "BodyPartExamined": "HEAD",
    "CoilString": "32Ch_Head",
    "ConversionSoftware": "dcm2niix",
    "ConversionSoftwareVersion": "v1.0.20181125  (JP2:OpenJPEG) GCC7.3.0",
    "DeviceSerialNumber": "0002806034DVR750",
    "EchoTime": 0.04,
    "EffectiveEchoSpacing": 0.000372,
    "FlipAngle": 90,
    "ImageOrientationPatientDICOM": [
      1,
      0,
      0,
      0,
      1,
      0
    ],
    "ImageType": [
      "ORIGINAL",
      "PRIMARY",
      "EPI",
      "NONE"
    ],
    "ImagingFrequency": 127.772,
    "InPlanePhaseEncodingDirectionDICOM": "COL",
    "InstitutionName": "INSTITUTO_DE_NEUROBIOLOGIA",
    "MRAcquisitionType": "2D",
    "MagneticFieldStrength": 3,
    "Manufacturer": "GE",
    "ManufacturersModelName": "DISCOVERY_MR750",
    "Modality": "MR",
    "PatientPosition": "HFS",
    "PercentPhaseFOV": 100,
    "PhaseEncodingDirection": "j",
    "PhaseEncodingPolarityGE": "Flipped",
    "PixelBandwidth": 7812.5,
    "ProcedureStepDescription": "Emociones_AH",
    "ProtocolName": "fMRI_Jalil_1",
    "ReconMatrixPE": 64,
    "RepetitionTime": 2,
    "SAR": 0.170344,
    "ScanOptions": "EPI_GEMS_ACC_GEMS",
    "ScanningSequence": "EP_GR",
    "SequenceVariant": "SS",
    "SeriesDescription": "fMRI_Jalil_1",
    "SeriesNumber": 7,
    "SliceThickness": 4,
    "SliceTiming": [
      0,
      1.0285,
      0.0571001,
      1.0857,
      0.1142,
      1.1428,
      0.1714,
      1.2,
      0.2285,
      1.2571,
      0.2857,
      1.3143,
      0.3428,
      1.3714,
      0.4,
      1.4286,
      0.4571,
      1.4857,
      0.5142,
      1.5428,
      0.5714,
      1.6,
      0.6285,
      1.6571,
      0.6857,
      1.7143,
      0.7428,
      1.7714,
      0.8,
      1.8285,
      0.8571,
      1.8857,
      0.9143,
      1.9428,
      0.9714
    ],
    "SoftwareVersions": "27_LX_MR_Software_release:DV26.0_R02_1810.b",
    "SpacingBetweenSlices": 4,
    "StationName": "GEHCGEHC",
    "TaskName": "sae",
    "TotalReadoutTime": 0.023436,
    "dataset": "ds003481",
    "modality": "bold",
    "run_id": 1,
    "subject_id": "028",
    "task_id": "sae"
  },
  "dummy_trs": 0,
  "dvars_nstd": 15.196889667842331,
  "dvars_std": 1.1368032304149378,
  "dvars_vstd": 0.9979402346058099,
  "efc": 0.37357544499209894,
  "fber": 64716.421875,
  "fd_mean": 0.07163440194362224,
  "fd_num": 9,
  "fd_perc": 3.71900826446281,
  "fwhm_avg": 2.6529166666666666,
  "fwhm_x": 2.673525,
  "fwhm_y": 2.7343,
  "fwhm_z": 2.550925,
  "gcor": 0.0475924,
  "gsr_x": -0.010650353506207466,
  "gsr_y": 0.0024432362988591194,
  "provenance": {
    "md5sum": "12a1653c7bc0c2c58875c6987c256db3",
    "settings": {
      "fd_thres": 0.2,
      "testing": false
    },
    "software": "mriqc",
    "version": "23.0.1",
    "webapi_port": null,
    "webapi_url": "https://mriqc.nimh.nih.gov/api/v1"
  },
  "size_t": 242,
  "size_x": 64,
  "size_y": 64,
  "size_z": 35,
  "snr": 3.3254732018513695,
  "spacing_tr": 2.0,
  "spacing_x": 4.0,
  "spacing_y": 4.0,
  "spacing_z": 4.0,
  "summary_bg_k": 48.19721894886714,
  "summary_bg_mad": 10.482365028231154,
  "summary_bg_mean": 47.61198425292969,
  "summary_bg_median": 7.7272725105285645,
  "summary_bg_n": 100511.0,
  "summary_bg_p05": 0.23966941237449646,
  "summary_bg_p95": 269.6260223388672,
  "summary_bg_stdv": 130.98272705078125,
  "summary_fg_k": 0.2222946670525241,
  "summary_fg_mad": 524.9025381527499,
  "summary_fg_mean": 1956.564208984375,
  "summary_fg_median": 1891.656982421875,
  "summary_fg_n": 14795.0,
  "summary_fg_p05": 1117.9884155273437,
  "summary_fg_p95": 2997.9242431640623,
  "summary_fg_stdv": 568.8192138671875,
  "tsnr": 74.6599982958287
}