{
  "aor": 0.005535866666666666,
  "aqi": 0.0016819399999999998,
  "bids_meta": {
    "AcquisitionMatrixPE": 64,
    "AcquisitionNumber": 1,
    "AcquisitionTime": "19:28:1.000000",
    "BodyPartExamined": "HEAD",
    "CoilString": "32Ch_Head",
    "ConversionSoftware": "dcm2niix",
    "ConversionSoftwareVersion": "v1.0.20181125  (JP2:OpenJPEG) GCC7.3.0",
    "DeviceSerialNumber": "0002806034DVR750",
    "EchoTime": 0.04,
    "EffectiveEchoSpacing": 0.000372,
    "FlipAngle": 90,
    "ImageOrientationPatientDICOM": [
      1,
      0,
      0,
      0,
      1,
      0
    ],
    "ImageType": [
      "ORIGINAL",
      "PRIMARY",
      "EPI",
      "NONE"
    ],
    "ImagingFrequency": 127.772,
    "InPlanePhaseEncodingDirectionDICOM": "COL",
    "InstitutionName": "INSTITUTO_DE_NEUROBIOLOGIA",
    "MRAcquisitionType": "2D",
    "MagneticFieldStrength": 3,
    "Manufacturer": "GE",
    "ManufacturersModelName": "DISCOVERY_MR750",
    "Modality": "MR",
    "PatientPosition": "HFS",
    "PercentPhaseFOV": 100,
    "PhaseEncodingDirection": "j",
    "PhaseEncodingPolarityGE": "Flipped",
    "PixelBandwidth": 7812.5,
    "ProcedureStepDescription": "Emociones_AH",
    "ProtocolName": "fMRI_Jalil_4",
    "ReconMatrixPE": 64,
    "RepetitionTime": 2,
    "SAR": 0.170344,
    "ScanOptions": "EPI_GEMS_ACC_GEMS",
    "ScanningSequence": "EP_GR",
    "SequenceVariant": "SS",
    "SeriesDescription": "fMRI_Jalil_4",
    "SeriesNumber": 10,
    "SliceThickness": 4,
    "SliceTiming": [
      0,
      1.0285,
      0.0571001,
      1.0857,
      0.1142,
      1.1428,
      0.1714,
      1.2,
      0.2285,
      1.2571,
      0.2857,
      1.3143,
      0.3428,
      1.3714,
      0.4,
      1.4286,
      0.4571,
      1.4857,
      0.5142,
      1.5428,
      0.5714,
      1.6,
      0.6285,
      1.6571,
      0.6857,
      1.7143,
      0.7428,
      1.7714,
      0.8,
      1.8285,
      0.8571,
      1.8857,
      0.9143,
      1.9428,
      0.9714
    ],
    "SoftwareVersions": "27_LX_MR_Software_release:DV26.0_R02_1810.b",
    "SpacingBetweenSlices": 4,
    "StationName": "GEHCGEHC",
    "TaskName": "ec",
    "TotalReadoutTime": 0.023436,
    "dataset": "ds003481",
    "modality": "bold",
    "run_id": 4,
    "subject_id": "028",
    "task_id": "ec"
  },
  "dummy_trs": 0,
  "dvars_nstd": 16.212665007516783,
  "dvars_std": 1.1928124712751673,
  "dvars_vstd": 1.0410750254362413,
  "efc": 0.37648079832371406,
  "fber": 65862.109375,
  "fd_mean": 0.12516808521995215,
  "fd_num": 19,
  "fd_perc": 12.666666666666666,
  "fwhm_avg": 2.6553583333333335,
  "fwhm_x": 2.695425,
  "fwhm_y": 2.6925,
  "fwhm_z": 2.57815,
  "gcor": 0.0552107,
  "gsr_x": -0.010069640353322029,
  "gsr_y": 0.005251101218163967,
  "provenance": {
    "md5sum": "a2bce06a0b09dcf2f0a2d04f1ba83968",
    "settings": {
      "fd_thres": 0.2,
      "testing": false
    },
    "software": "mriqc",
    "version": "23.0.1",
    "webapi_port": null,
    "webapi_url": "https://mriqc.nimh.nih.gov/api/v1"
  },
  "size_t": 150,
  "size_x": 64,
  "size_y": 64,
  "size_z": 35,
  "snr": 3.322604023429657,
  "spacing_tr": 2.0,
  "spacing_x": 4.0,
  "spacing_y": 4.0,
  "spacing_z": 4.0,
  "summary_bg_k": 49.477268075193095,
  "summary_bg_mad": 10.397984070486897,
  "summary_bg_mean": 50.289527893066406,
  "summary_bg_median": 7.626667022705078,
  "summary_bg_n": 100288.0,
  "summary_bg_p05": 0.14000000059604645,
  "summary_bg_p95": 285.62633514404286,
  "summary_bg_stdv": 140.0750274658203,
  "summary_fg_k": 0.30345532781385565,
  "summary_fg_mad": 530.3565126590702,
  "summary_fg_mean": 1966.1005859375,
  "summary_fg_median": 1894.5267333984375,
  "summary_fg_n": 14880.0,
  "summary_fg_p05": 1138.0776733398438,
  "summary_fg_p95": 3026.0027465820312,
  "summary_fg_stdv": 570.1741943359375,
  "tsnr": 89.42640691297129
}