{
  "aor": 0.0037819666666666666,
  "aqi": 0.0029184813299999997,
  "bids_meta": {
    "AcquisitionDateTime": "2016-10-01T12:51:3.000000",
    "ConversionSoftware": "dcm2niix",
    "ConversionSoftwareVersion": "v1.0.20170411 GCC4.8.4",
    "EchoTime": 0.04,
    "FlipAngle": 90,
    "ImageType": [
      "ORIGINAL",
      "PRIMARY",
      "EPI",
      "NONE"
    ],
    "MagneticFieldStrength": 3,
    "Manufacturer": "GE",
    "ManufacturersModelName": "DISCOVERY_MR750",
    "ProcedureStepDescription": "MeditResp",
    "ProtocolName": "fMRI_RestSt",
    "RepetitionTime": 2,
    "ScanningSequence": "EP_GR",
    "SequenceVariant": "SS",
    "SeriesDescription": "fMRI_RestSt",
    "SliceTiming": [
      1.0285,
      0.0571001,
      1.0857,
      0.1142,
      1.1428,
      0.1714,
      1.2,
      0.2285,
      1.2571,
      0.2857,
      1.3143,
      0.3428,
      1.3714,
      0.4,
      1.4286,
      0.4571,
      1.4857,
      0.5142,
      1.5428,
      0.5714,
      1.6,
      0.6285,
      1.6571,
      0.6857,
      1.7143,
      0.7428,
      1.7714,
      0.8,
      1.8285,
      0.8571,
      1.8857,
      0.9143,
      1.9428,
      0.9714
    ],
    "TaskName": "rest",
    "dataset": "ds003481",
    "modality": "bold",
    "subject_id": "111",
    "task_id": "rest"
  },
  "dummy_trs": 0,
  "dvars_nstd": 13.757972369565204,
  "dvars_std": 1.0932985309699,
  "dvars_vstd": 0.9873610827759196,
  "efc": 0.3728792231297213,
  "fber": 106805.375,
  "fd_mean": 0.07075280379392689,
  "fd_num": 14,
  "fd_perc": 4.666666666666667,
  "fwhm_avg": 2.6430333333333333,
  "fwhm_x": 2.62975,
  "fwhm_y": 2.743475,
  "fwhm_z": 2.555875,
  "gcor": 0.0588606,
  "gsr_x": -0.014324198476970196,
  "gsr_y": 0.008937587030231953,
  "provenance": {
    "md5sum": "0ca9c8605f164bc7781dddfc88e6985d",
    "settings": {
      "fd_thres": 0.2,
      "testing": false
    },
    "software": "mriqc",
    "version": "23.0.1",
    "webapi_port": null,
    "webapi_url": "https://mriqc.nimh.nih.gov/api/v1"
  },
  "size_t": 300,
  "size_x": 64,
  "size_y": 64,
  "size_z": 34,
  "snr": 3.485887391642344,
  "spacing_tr": 2.0,
  "spacing_x": 4.0,
  "spacing_y": 4.0,
  "spacing_z": 4.0,
  "summary_bg_k": 66.8872060510799,
  "summary_bg_mad": 8.322340999927047,
  "summary_bg_mean": 33.06949234008789,
  "summary_bg_median": 5.863333702087402,
  "summary_bg_n": 95678.0,
  "summary_bg_p05": 0.046666666865348816,
  "summary_bg_p95": 159.22167358398417,
  "summary_bg_stdv": 90.81488037109375,
  "summary_fg_k": 1.068721361886995,
  "summary_fg_mad": 485.3915147966646,
  "summary_fg_mean": 1900.765380859375,
  "summary_fg_median": 1839.658447265625,
  "summary_fg_n": 15470.0,
  "summary_fg_p05": 1158.1488464355468,
  "summary_fg_p95": 2849.149218749999,
  "summary_fg_stdv": 527.7276000976562,
  "tsnr": 70.65521559515037
}