{
  "aor": 0.0004278333333333333,
  "aqi": 0.0022071192133333336,
  "bids_meta": {
    "AcquisitionMatrixPE": 64,
    "AcquisitionNumber": 1,
    "AcquisitionTime": "19:20:43.000000",
    "CoilString": "32Ch_Head",
    "ConversionSoftware": "dcm2niix",
    "ConversionSoftwareVersion": "v1.0.20190902",
    "Dcm2bidsVersion": "2.1.4",
    "DeviceSerialNumber": "000000000000GEHC",
    "EchoTime": 0.04,
    "EffectiveEchoSpacing": 0.000372,
    "FlipAngle": 90,
    "ImageOrientationPatientDICOM": [
      1,
      0,
      0,
      0,
      1,
      0
    ],
    "ImageType": [
      "ORIGINAL",
      "PRIMARY",
      "EPI",
      "NONE"
    ],
    "ImagingFrequency": 127.772,
    "InPlanePhaseEncodingDirectionDICOM": "COL",
    "InstitutionName": "INSTITUTO_DE_NEUROBIOLOGIA",
    "MRAcquisitionType": "2D",
    "MagneticFieldStrength": 3,
    "Manufacturer": "GE",
    "ManufacturersModelName": "DISCOVERY_MR750",
    "Modality": "MR",
    "PatientPosition": "HFS",
    "PercentPhaseFOV": 100,
    "PhaseEncodingDirection": "j",
    "PhaseEncodingPolarityGE": "Flipped",
    "PixelBandwidth": 7812.5,
    "ProcedureStepDescription": "verbos",
    "ProtocolName": "fMRI_RestState",
    "ReconMatrixPE": 64,
    "RepetitionTime": 2,
    "SAR": 0.367275,
    "ScanOptions": "EPI_GEMS_ACC_GEMS",
    "ScanningSequence": "EP_GR",
    "SequenceVariant": "SS",
    "SeriesDescription": "fMRI_RestState",
    "SeriesNumber": 13,
    "SliceThickness": 4,
    "SliceTiming": [
      0,
      1.0285,
      0.0571001,
      1.0857,
      0.1142,
      1.1428,
      0.1714,
      1.2,
      0.2285,
      1.2571,
      0.2857,
      1.3143,
      0.3428,
      1.3714,
      0.4,
      1.4286,
      0.4571,
      1.4857,
      0.5142,
      1.5428,
      0.5714,
      1.6,
      0.6285,
      1.6571,
      0.6857,
      1.7143,
      0.7428,
      1.7714,
      0.8,
      1.8285,
      0.8571,
      1.8857,
      0.9143,
      1.9428,
      0.9714
    ],
    "SoftwareVersions": "24_LX_MR_Software_release:DV24.0_R02_1607.b",
    "SpacingBetweenSlices": 4,
    "StationName": "GEHCGEHC",
    "TaskName": "rest",
    "TotalReadoutTime": 0.023436,
    "dataset": "ds003481",
    "modality": "bold",
    "subject_id": "145",
    "task_id": "rest"
  },
  "dummy_trs": 0,
  "dvars_nstd": 14.402147691705675,
  "dvars_std": 1.1430879526421407,
  "dvars_vstd": 0.9734367204013371,
  "efc": 0.368566482903145,
  "fber": 75780.2421875,
  "fd_mean": 0.09610725695704077,
  "fd_num": 5,
  "fd_perc": 1.6666666666666667,
  "fwhm_avg": 2.6930083333333332,
  "fwhm_x": 2.59425,
  "fwhm_y": 2.824025,
  "fwhm_z": 2.66075,
  "gcor": 0.0876099,
  "gsr_x": -0.011985797435045242,
  "gsr_y": 0.010637098923325539,
  "provenance": {
    "md5sum": "8aef4339e81640fc365551b63ff700d7",
    "settings": {
      "fd_thres": 0.2,
      "testing": false
    },
    "software": "mriqc",
    "version": "23.0.1",
    "webapi_port": null,
    "webapi_url": "https://mriqc.nimh.nih.gov/api/v1"
  },
  "size_t": 300,
  "size_x": 64,
  "size_y": 64,
  "size_z": 35,
  "snr": 3.556294539206162,
  "spacing_tr": 2.0,
  "spacing_x": 4.0,
  "spacing_y": 4.0,
  "spacing_z": 4.0,
  "summary_bg_k": 310.3175319588932,
  "summary_bg_mad": 9.918608838267678,
  "summary_bg_mean": 41.6274528503418,
  "summary_bg_median": 7.236666679382324,
  "summary_bg_n": 100179.0,
  "summary_bg_p05": 0.14666667580604553,
  "summary_bg_p95": 203.85767364501945,
  "summary_bg_stdv": 133.51271057128906,
  "summary_fg_k": 0.13652107674495673,
  "summary_fg_mad": 521.2732213084137,
  "summary_fg_mean": 2016.2220458984375,
  "summary_fg_median": 1944.663330078125,
  "summary_fg_n": 15004.0,
  "summary_fg_p05": 1250.8756530761718,
  "summary_fg_p95": 3023.898645019531,
  "summary_fg_stdv": 546.8046875,
  "tsnr": 90.29289271682501
}