{
  "aor": 0.0005262666666666667,
  "aqi": 0.0017619099955555556,
  "bids_meta": {
    "AcquisitionDateTime": "2017-01-13T19:14:24.000000",
    "ConversionSoftware": "dcm2niix",
    "ConversionSoftwareVersion": "v1.0.20170411 GCC4.8.4",
    "EchoTime": 0.04,
    "FlipAngle": 90,
    "ImageType": [
      "ORIGINAL",
      "PRIMARY",
      "EPI",
      "NONE"
    ],
    "MagneticFieldStrength": 3,
    "Manufacturer": "GE",
    "ManufacturersModelName": "DISCOVERY_MR750",
    "ProcedureStepDescription": "CompRefranes",
    "ProtocolName": "fMRI_Comprension_2",
    "RepetitionTime": 2,
    "ScanningSequence": "EP_GR",
    "SequenceVariant": "SS",
    "SeriesDescription": "fMRI_Comprension_2",
    "SliceTiming": [
      1.0285,
      0.0571001,
      1.0857,
      0.1142,
      1.1428,
      0.1714,
      1.2,
      0.2285,
      1.2571,
      0.2857,
      1.3143,
      0.3428,
      1.3714,
      0.4,
      1.4286,
      0.4571,
      1.4857,
      0.5142,
      1.5428,
      0.5714,
      1.6,
      0.6285,
      1.6571,
      0.6857,
      1.7143,
      0.7428,
      1.7714,
      0.8,
      1.8285,
      0.8571,
      1.8857,
      0.9143,
      1.9428,
      0.9714
    ],
    "TaskName": "pc",
    "dataset": "ds003481",
    "modality": "bold",
    "run_id": 2,
    "subject_id": "048",
    "task_id": "pc"
  },
  "dummy_trs": 0,
  "dvars_nstd": 18.55138933214286,
  "dvars_std": 1.1739778423214287,
  "dvars_vstd": 0.9705982370535722,
  "efc": 0.34092327428558306,
  "fber": 86543.5234375,
  "fd_mean": 0.0918697575097831,
  "fd_num": 1,
  "fd_perc": 0.4444444444444444,
  "fwhm_avg": 2.8736666666666664,
  "fwhm_x": 2.82515,
  "fwhm_y": 2.8758,
  "fwhm_z": 2.92005,
  "gcor": 0.0762041,
  "gsr_x": -0.009704028256237507,
  "gsr_y": 0.0015173160936683416,
  "provenance": {
    "md5sum": "50efb0ff2f45fcb2357fe9cb7488ba36",
    "settings": {
      "fd_thres": 0.2,
      "testing": false
    },
    "software": "mriqc",
    "version": "23.0.1",
    "webapi_port": null,
    "webapi_url": "https://mriqc.nimh.nih.gov/api/v1"
  },
  "size_t": 225,
  "size_x": 64,
  "size_y": 64,
  "size_z": 34,
  "snr": 3.35544839890912,
  "spacing_tr": 2.0,
  "spacing_x": 4.0,
  "spacing_y": 4.0,
  "spacing_z": 4.0,
  "summary_bg_k": 241.95098248584497,
  "summary_bg_mad": 8.638629259942027,
  "summary_bg_mean": 26.002721786499023,
  "summary_bg_median": 6.595555782318115,
  "summary_bg_n": 99130.0,
  "summary_bg_p05": 0.20000000298023224,
  "summary_bg_p95": 107.92022247314397,
  "summary_bg_stdv": 84.27828979492188,
  "summary_fg_k": 0.2993448577245257,
  "summary_fg_mad": 475.1575416948779,
  "summary_fg_mean": 1958.459716796875,
  "summary_fg_median": 1848.26220703125,
  "summary_fg_n": 13477.0,
  "summary_fg_p05": 1221.31650390625,
  "summary_fg_p95": 3038.8045898437495,
  "summary_fg_stdv": 550.8037719726562,
  "tsnr": 88.26081355987117
}