{
  "aor": 0.0006333783783783784,
  "aqi": 0.00217488595045045,
  "bids_meta": {
    "AcquisitionDateTime": "2017-01-13T19:32:8.000000",
    "ConversionSoftware": "dcm2niix",
    "ConversionSoftwareVersion": "v1.0.20170411 GCC4.8.4",
    "EchoTime": 0.04,
    "FlipAngle": 90,
    "ImageType": [
      "ORIGINAL",
      "PRIMARY",
      "EPI",
      "NONE"
    ],
    "MagneticFieldStrength": 3,
    "Manufacturer": "GE",
    "ManufacturersModelName": "DISCOVERY_MR750",
    "ProcedureStepDescription": "CompRefranes",
    "ProtocolName": "fMRI_Comprension_4",
    "RepetitionTime": 2,
    "ScanningSequence": "EP_GR",
    "SequenceVariant": "SS",
    "SeriesDescription": "fMRI_Comprension_4",
    "SliceTiming": [
      1.0285,
      0.0571001,
      1.0857,
      0.1142,
      1.1428,
      0.1714,
      1.2,
      0.2285,
      1.2571,
      0.2857,
      1.3143,
      0.3428,
      1.3714,
      0.4,
      1.4286,
      0.4571,
      1.4857,
      0.5142,
      1.5428,
      0.5714,
      1.6,
      0.6285,
      1.6571,
      0.6857,
      1.7143,
      0.7428,
      1.7714,
      0.8,
      1.8285,
      0.8571,
      1.8857,
      0.9143,
      1.9428,
      0.9714
    ],
    "TaskName": "pc",
    "dataset": "ds003481",
    "modality": "bold",
    "run_id": 4,
    "subject_id": "048",
    "task_id": "pc"
  },
  "dummy_trs": 0,
  "dvars_nstd": 19.48072847755655,
  "dvars_std": 1.2079298756108594,
  "dvars_vstd": 0.9860581331221725,
  "efc": 0.34072790664342506,
  "fber": 82814.09375,
  "fd_mean": 0.10510143792903516,
  "fd_num": 6,
  "fd_perc": 2.7027027027027026,
  "fwhm_avg": 2.9095999999999997,
  "fwhm_x": 2.877925,
  "fwhm_y": 2.900575,
  "fwhm_z": 2.9503,
  "gcor": 0.0537813,
  "gsr_x": -0.010195011273026466,
  "gsr_y": 0.0011675510322675109,
  "provenance": {
    "md5sum": "4917cdb7c7bec3e88bc1fd17b5c1960a",
    "settings": {
      "fd_thres": 0.2,
      "testing": false
    },
    "software": "mriqc",
    "version": "23.0.1",
    "webapi_port": null,
    "webapi_url": "https://mriqc.nimh.nih.gov/api/v1"
  },
  "size_t": 222,
  "size_x": 64,
  "size_y": 64,
  "size_z": 34,
  "snr": 3.280558195690729,
  "spacing_tr": 2.0,
  "spacing_x": 4.0,
  "spacing_y": 4.0,
  "spacing_z": 4.0,
  "summary_bg_k": 226.807802314093,
  "summary_bg_mad": 8.762045534843288,
  "summary_bg_mean": 26.211374282836914,
  "summary_bg_median": 6.671171188354492,
  "summary_bg_n": 99125.0,
  "summary_bg_p05": 0.21621622145175934,
  "summary_bg_p95": 109.3945953369137,
  "summary_bg_stdv": 83.8880615234375,
  "summary_fg_k": 0.3781331079622223,
  "summary_fg_mad": 475.1541030422716,
  "summary_fg_mean": 1952.7486572265625,
  "summary_fg_median": 1833.6982421875,
  "summary_fg_n": 13475.0,
  "summary_fg_p05": 1221.0243896484376,
  "summary_fg_p95": 3063.0892578124995,
  "summary_fg_stdv": 558.9384765625,
  "tsnr": 81.04379812674597
}