{
  "aor": 0.0007256637168141593,
  "aqi": 0.0016548424778761062,
  "bids_meta": {
    "AcquisitionDateTime": "2017-01-13T19:23:37.000000",
    "ConversionSoftware": "dcm2niix",
    "ConversionSoftwareVersion": "v1.0.20170411 GCC4.8.4",
    "EchoTime": 0.04,
    "FlipAngle": 90,
    "ImageType": [
      "ORIGINAL",
      "PRIMARY",
      "EPI",
      "NONE"
    ],
    "MagneticFieldStrength": 3,
    "Manufacturer": "GE",
    "ManufacturersModelName": "DISCOVERY_MR750",
    "ProcedureStepDescription": "CompRefranes",
    "ProtocolName": "fMRI_Comprension_3",
    "RepetitionTime": 2,
    "ScanningSequence": "EP_GR",
    "SequenceVariant": "SS",
    "SeriesDescription": "fMRI_Comprension_3",
    "SliceTiming": [
      1.0285,
      0.0571001,
      1.0857,
      0.1142,
      1.1428,
      0.1714,
      1.2,
      0.2285,
      1.2571,
      0.2857,
      1.3143,
      0.3428,
      1.3714,
      0.4,
      1.4286,
      0.4571,
      1.4857,
      0.5142,
      1.5428,
      0.5714,
      1.6,
      0.6285,
      1.6571,
      0.6857,
      1.7143,
      0.7428,
      1.7714,
      0.8,
      1.8285,
      0.8571,
      1.8857,
      0.9143,
      1.9428,
      0.9714
    ],
    "TaskName": "pc",
    "dataset": "ds003481",
    "modality": "bold",
    "run_id": 3,
    "subject_id": "048",
    "task_id": "pc"
  },
  "dummy_trs": 0,
  "dvars_nstd": 18.42438708004445,
  "dvars_std": 1.193127957377777,
  "dvars_vstd": 0.9918645423555558,
  "efc": 0.3408274684684151,
  "fber": 85443.328125,
  "fd_mean": 0.08173996539285368,
  "fd_num": 0,
  "fd_perc": 0.0,
  "fwhm_avg": 2.9012583333333333,
  "fwhm_x": 2.843175,
  "fwhm_y": 2.912625,
  "fwhm_z": 2.947975,
  "gcor": 0.0528909,
  "gsr_x": -0.009652472101151943,
  "gsr_y": 0.0008762678480707109,
  "provenance": {
    "md5sum": "25a8dc7aeca6606aca87abc7d9c4aeec",
    "settings": {
      "fd_thres": 0.2,
      "testing": false
    },
    "software": "mriqc",
    "version": "23.0.1",
    "webapi_port": null,
    "webapi_url": "https://mriqc.nimh.nih.gov/api/v1"
  },
  "size_t": 226,
  "size_x": 64,
  "size_y": 64,
  "size_z": 34,
  "snr": 3.3055608620009687,
  "spacing_tr": 2.0,
  "spacing_x": 4.0,
  "spacing_y": 4.0,
  "spacing_z": 4.0,
  "summary_bg_k": 230.97327760940112,
  "summary_bg_mad": 8.593844680348763,
  "summary_bg_mean": 26.083951950073242,
  "summary_bg_median": 6.548672676086426,
  "summary_bg_n": 99139.0,
  "summary_bg_p05": 0.20353981852531433,
  "summary_bg_p95": 108.88141632080071,
  "summary_bg_stdv": 84.2003173828125,
  "summary_fg_k": 0.3371469785126422,
  "summary_fg_mad": 474.38022522411603,
  "summary_fg_mean": 1942.6956787109375,
  "summary_fg_median": 1830.3385009765625,
  "summary_fg_n": 13464.0,
  "summary_fg_p05": 1206.1557006835938,
  "summary_fg_p95": 3029.948449707029,
  "summary_fg_stdv": 553.6943969726562,
  "tsnr": 90.481073706178
}