{
  "aor": 0.0062947126436781594,
  "aqi": 0.0020543917183908048,
  "bids_meta": {
    "AcquisitionMatrixPE": 64,
    "AcquisitionNumber": 1,
    "AcquisitionTime": "18:47:35.000000",
    "CoilString": "32Ch_Head",
    "ConversionSoftware": "dcm2niix",
    "ConversionSoftwareVersion": "v1.0.20190902",
    "Dcm2bidsVersion": "2.1.4",
    "DeviceSerialNumber": "000000000000GEHC",
    "EchoTime": 0.04,
    "EffectiveEchoSpacing": 0.000372,
    "FlipAngle": 90,
    "ImageOrientationPatientDICOM": [
      1,
      0,
      0,
      0,
      1,
      0
    ],
    "ImageType": [
      "ORIGINAL",
      "PRIMARY",
      "EPI",
      "NONE"
    ],
    "ImagingFrequency": 127.772,
    "InPlanePhaseEncodingDirectionDICOM": "COL",
    "InstitutionName": "INSTITUTO_DE_NEUROBIOLOGIA",
    "MRAcquisitionType": "2D",
    "MagneticFieldStrength": 3,
    "Manufacturer": "GE",
    "ManufacturersModelName": "DISCOVERY_MR750",
    "Modality": "MR",
    "PatientPosition": "HFS",
    "PercentPhaseFOV": 100,
    "PhaseEncodingDirection": "j",
    "PhaseEncodingPolarityGE": "Flipped",
    "PixelBandwidth": 7812.5,
    "ProcedureStepDescription": "verbos",
    "ProtocolName": "fMRI_4",
    "ReconMatrixPE": 64,
    "RepetitionTime": 2,
    "SAR": 0.356791,
    "ScanOptions": "EPI_GEMS_ACC_GEMS",
    "ScanningSequence": "EP_GR",
    "SequenceVariant": "SS",
    "SeriesDescription": "fMRI_4",
    "SeriesNumber": 8,
    "SliceThickness": 4,
    "SliceTiming": [
      0,
      1.0285,
      0.0571001,
      1.0857,
      0.1142,
      1.1428,
      0.1714,
      1.2,
      0.2285,
      1.2571,
      0.2857,
      1.3143,
      0.3428,
      1.3714,
      0.4,
      1.4286,
      0.4571,
      1.4857,
      0.5142,
      1.5428,
      0.5714,
      1.6,
      0.6285,
      1.6571,
      0.6857,
      1.7143,
      0.7428,
      1.7714,
      0.8,
      1.8285,
      0.8571,
      1.8857,
      0.9143,
      1.9428,
      0.9714
    ],
    "SoftwareVersions": "24_LX_MR_Software_release:DV24.0_R02_1607.b",
    "SpacingBetweenSlices": 4,
    "StationName": "GEHCGEHC",
    "TaskName": "verbs",
    "TotalReadoutTime": 0.023436,
    "dataset": "ds003481",
    "modality": "bold",
    "run_id": 4,
    "subject_id": "137",
    "task_id": "verbs"
  },
  "dummy_trs": 0,
  "dvars_nstd": 13.130227171156072,
  "dvars_std": 1.1057293571676299,
  "dvars_vstd": 1.0596291410982661,
  "efc": 0.3163327125582585,
  "fber": 65917.859375,
  "fd_mean": 0.0936734721998917,
  "fd_num": 10,
  "fd_perc": 5.747126436781609,
  "fwhm_avg": 2.4906124999999997,
  "fwhm_x": 2.4497,
  "fwhm_y": 2.694125,
  "fwhm_z": 2.3280125,
  "gcor": 0.0830749,
  "gsr_x": -0.016288163140416145,
  "gsr_y": 0.004541664384305477,
  "provenance": {
    "md5sum": "b88dca82cbfdf37e391242ca6d14a4da",
    "settings": {
      "fd_thres": 0.2,
      "testing": false
    },
    "software": "mriqc",
    "version": "23.0.1",
    "webapi_port": null,
    "webapi_url": "https://mriqc.nimh.nih.gov/api/v1"
  },
  "size_t": 174,
  "size_x": 64,
  "size_y": 64,
  "size_z": 35,
  "snr": 4.155699424745079,
  "spacing_tr": 2.0,
  "spacing_x": 4.0,
  "spacing_y": 4.0,
  "spacing_z": 4.0,
  "summary_bg_k": 228.0120846296397,
  "summary_bg_mad": 8.76780257383766,
  "summary_bg_mean": 27.570514678955078,
  "summary_bg_median": 7.137930870056152,
  "summary_bg_n": 106796.0,
  "summary_bg_p05": 0.37931033968925476,
  "summary_bg_p95": 107.32184028625488,
  "summary_bg_stdv": 91.61016082763672,
  "summary_fg_k": 0.16344437911429344,
  "summary_fg_mad": 413.4117381315376,
  "summary_fg_mean": 1772.7708740234375,
  "summary_fg_median": 1760.5574951171875,
  "summary_fg_n": 10498.0,
  "summary_fg_p05": 1095.3103088378907,
  "summary_fg_p95": 2495.3494384765627,
  "summary_fg_stdv": 423.62872314453125,
  "tsnr": 87.14823796844576
}