{
  "aor": 0.0012447398843930635,
  "aqi": 0.002620589011560694,
  "bids_meta": {
    "AcquisitionMatrixPE": 64,
    "AcquisitionNumber": 1,
    "AcquisitionTime": "18:33:31.000000",
    "CoilString": "32Ch_Head",
    "ConversionSoftware": "dcm2niix",
    "ConversionSoftwareVersion": "v1.0.20190902",
    "Dcm2bidsVersion": "2.1.4",
    "DeviceSerialNumber": "000000000000GEHC",
    "EchoTime": 0.04,
    "EffectiveEchoSpacing": 0.000372,
    "FlipAngle": 90,
    "ImageOrientationPatientDICOM": [
      1,
      0,
      0,
      0,
      1,
      0
    ],
    "ImageType": [
      "ORIGINAL",
      "PRIMARY",
      "EPI",
      "NONE"
    ],
    "ImagingFrequency": 127.772,
    "InPlanePhaseEncodingDirectionDICOM": "COL",
    "InstitutionName": "INSTITUTO_DE_NEUROBIOLOGIA",
    "MRAcquisitionType": "2D",
    "MagneticFieldStrength": 3,
    "Manufacturer": "GE",
    "ManufacturersModelName": "DISCOVERY_MR750",
    "Modality": "MR",
    "PatientPosition": "HFS",
    "PercentPhaseFOV": 100,
    "PhaseEncodingDirection": "j",
    "PhaseEncodingPolarityGE": "Flipped",
    "PixelBandwidth": 7812.5,
    "ProcedureStepDescription": "verbos",
    "ProtocolName": "fMRI_2",
    "ReconMatrixPE": 64,
    "RepetitionTime": 2,
    "SAR": 0.356791,
    "ScanOptions": "EPI_GEMS_ACC_GEMS",
    "ScanningSequence": "EP_GR",
    "SequenceVariant": "SS",
    "SeriesDescription": "fMRI_2",
    "SeriesNumber": 6,
    "SliceThickness": 4,
    "SliceTiming": [
      0,
      1.0285,
      0.0571001,
      1.0857,
      0.1142,
      1.1428,
      0.1714,
      1.2,
      0.2285,
      1.2571,
      0.2857,
      1.3143,
      0.3428,
      1.3714,
      0.4,
      1.4286,
      0.4571,
      1.4857,
      0.5142,
      1.5428,
      0.5714,
      1.6,
      0.6285,
      1.6571,
      0.6857,
      1.7143,
      0.7428,
      1.7714,
      0.8,
      1.8285,
      0.8571,
      1.8857,
      0.9143,
      1.9428,
      0.9714
    ],
    "SoftwareVersions": "24_LX_MR_Software_release:DV24.0_R02_1607.b",
    "SpacingBetweenSlices": 4,
    "StationName": "GEHCGEHC",
    "TaskName": "verbs",
    "TotalReadoutTime": 0.023436,
    "dataset": "ds003481",
    "modality": "bold",
    "run_id": 2,
    "subject_id": "137",
    "task_id": "verbs"
  },
  "dummy_trs": 1,
  "dvars_nstd": 13.379093203546507,
  "dvars_std": 1.0087654572093017,
  "dvars_vstd": 0.9660650912790704,
  "efc": 0.3147829608788007,
  "fber": 62156.28515625,
  "fd_mean": 0.07025198190649204,
  "fd_num": 2,
  "fd_perc": 1.1560693641618498,
  "fwhm_avg": 2.4757041666666666,
  "fwhm_x": 2.4536825,
  "fwhm_y": 2.692225,
  "fwhm_z": 2.281205,
  "gcor": 0.0675057,
  "gsr_x": -0.01642017625272274,
  "gsr_y": 0.0033934973180294037,
  "provenance": {
    "md5sum": "ecd448ef947f34904d08904b54c7f57b",
    "settings": {
      "fd_thres": 0.2,
      "testing": false
    },
    "software": "mriqc",
    "version": "23.0.1",
    "webapi_port": null,
    "webapi_url": "https://mriqc.nimh.nih.gov/api/v1"
  },
  "size_t": 173,
  "size_x": 64,
  "size_y": 64,
  "size_z": 35,
  "snr": 4.077064694196899,
  "spacing_tr": 2.0,
  "spacing_x": 4.0,
  "spacing_y": 4.0,
  "spacing_z": 4.0,
  "summary_bg_k": 175.96823463983893,
  "summary_bg_mad": 8.732784379166818,
  "summary_bg_mean": 27.61149787902832,
  "summary_bg_median": 7.127167701721191,
  "summary_bg_n": 107166.0,
  "summary_bg_p05": 0.3815028667449951,
  "summary_bg_p95": 108.75722122192383,
  "summary_bg_stdv": 90.20941925048828,
  "summary_fg_k": 0.2257655659401845,
  "summary_fg_mad": 397.1445585409689,
  "summary_fg_mean": 1713.851806640625,
  "summary_fg_median": 1707.6126708984375,
  "summary_fg_n": 10314.0,
  "summary_fg_p05": 1022.2251342773437,
  "summary_fg_p95": 2422.0704956054688,
  "summary_fg_stdv": 418.81353759765625,
  "tsnr": 78.4411871433258
}