{
  "aor": 0.0015072413793103445,
  "aqi": 0.0021266331149425283,
  "bids_meta": {
    "AcquisitionMatrixPE": 64,
    "AcquisitionNumber": 1,
    "AcquisitionTime": "19:24:10.000000",
    "CoilString": "32Ch_Head",
    "ConversionSoftware": "dcm2niix",
    "ConversionSoftwareVersion": "v1.0.20190902",
    "Dcm2bidsVersion": "2.1.4",
    "DeviceSerialNumber": "000000000000GEHC",
    "EchoTime": 0.04,
    "EffectiveEchoSpacing": 0.000372,
    "FlipAngle": 90,
    "ImageOrientationPatientDICOM": [
      1,
      0,
      0,
      0,
      1,
      0
    ],
    "ImageType": [
      "ORIGINAL",
      "PRIMARY",
      "EPI",
      "NONE"
    ],
    "ImagingFrequency": 127.772,
    "InPlanePhaseEncodingDirectionDICOM": "COL",
    "InstitutionName": "INSTITUTO_DE_NEUROBIOLOGIA",
    "MRAcquisitionType": "2D",
    "MagneticFieldStrength": 3,
    "Manufacturer": "GE",
    "ManufacturersModelName": "DISCOVERY_MR750",
    "Modality": "MR",
    "PatientPosition": "HFS",
    "PercentPhaseFOV": 100,
    "PhaseEncodingDirection": "j",
    "PhaseEncodingPolarityGE": "Flipped",
    "PixelBandwidth": 7812.5,
    "ProcedureStepDescription": "verbos",
    "ProtocolName": "fMRI_8",
    "ReconMatrixPE": 64,
    "RepetitionTime": 2,
    "SAR": 0.356791,
    "ScanOptions": "EPI_GEMS_ACC_GEMS",
    "ScanningSequence": "EP_GR",
    "SequenceVariant": "SS",
    "SeriesDescription": "fMRI_8",
    "SeriesNumber": 13,
    "SliceThickness": 4,
    "SliceTiming": [
      0,
      1.0285,
      0.0571001,
      1.0857,
      0.1142,
      1.1428,
      0.1714,
      1.2,
      0.2285,
      1.2571,
      0.2857,
      1.3143,
      0.3428,
      1.3714,
      0.4,
      1.4286,
      0.4571,
      1.4857,
      0.5142,
      1.5428,
      0.5714,
      1.6,
      0.6285,
      1.6571,
      0.6857,
      1.7143,
      0.7428,
      1.7714,
      0.8,
      1.8285,
      0.8571,
      1.8857,
      0.9143,
      1.9428,
      0.9714
    ],
    "SoftwareVersions": "24_LX_MR_Software_release:DV24.0_R02_1607.b",
    "SpacingBetweenSlices": 4,
    "StationName": "GEHCGEHC",
    "TaskName": "verbs",
    "TotalReadoutTime": 0.023436,
    "dataset": "ds003481",
    "modality": "bold",
    "run_id": 8,
    "subject_id": "137",
    "task_id": "verbs"
  },
  "dummy_trs": 0,
  "dvars_nstd": 13.980051823410397,
  "dvars_std": 1.0972016190173401,
  "dvars_vstd": 1.0178900017341046,
  "efc": 0.3164090148766801,
  "fber": 61160.765625,
  "fd_mean": 0.080039204423124,
  "fd_num": 5,
  "fd_perc": 2.8735632183908044,
  "fwhm_avg": 2.44708,
  "fwhm_x": 2.408925,
  "fwhm_y": 2.65325,
  "fwhm_z": 2.279065,
  "gcor": 0.0595547,
  "gsr_x": -0.016687549650669098,
  "gsr_y": 0.004056718200445175,
  "provenance": {
    "md5sum": "4d375b799f6416a2f84bd67ff8a1a5ed",
    "settings": {
      "fd_thres": 0.2,
      "testing": false
    },
    "software": "mriqc",
    "version": "23.0.1",
    "webapi_port": null,
    "webapi_url": "https://mriqc.nimh.nih.gov/api/v1"
  },
  "size_t": 174,
  "size_x": 64,
  "size_y": 64,
  "size_z": 35,
  "snr": 4.162653198930847,
  "spacing_tr": 2.0,
  "spacing_x": 4.0,
  "spacing_y": 4.0,
  "spacing_z": 4.0,
  "summary_bg_k": 201.52928804592187,
  "summary_bg_mad": 8.895613311033612,
  "summary_bg_mean": 28.293560028076172,
  "summary_bg_median": 7.270114898681641,
  "summary_bg_n": 107037.0,
  "summary_bg_p05": 0.40229883790016174,
  "summary_bg_p95": 111.59310607910155,
  "summary_bg_stdv": 94.51274871826172,
  "summary_fg_k": 0.15606588075612615,
  "summary_fg_mad": 395.2497704639859,
  "summary_fg_mean": 1722.51953125,
  "summary_fg_median": 1716.887939453125,
  "summary_fg_n": 10422.0,
  "summary_fg_p05": 1026.8916564941408,
  "summary_fg_p95": 2415.3141479492188,
  "summary_fg_stdv": 412.43060302734375,
  "tsnr": 97.8958579711616
}