{
  "aor": 0.0022213218390804597,
  "aqi": 0.002445035091954023,
  "bids_meta": {
    "AcquisitionMatrixPE": 64,
    "AcquisitionNumber": 1,
    "AcquisitionTime": "18:26:21.000000",
    "CoilString": "32Ch_Head",
    "ConversionSoftware": "dcm2niix",
    "ConversionSoftwareVersion": "v1.0.20190902",
    "Dcm2bidsVersion": "2.1.4",
    "DeviceSerialNumber": "000000000000GEHC",
    "EchoTime": 0.04,
    "EffectiveEchoSpacing": 0.000372,
    "FlipAngle": 90,
    "ImageOrientationPatientDICOM": [
      1,
      0,
      0,
      0,
      1,
      0
    ],
    "ImageType": [
      "ORIGINAL",
      "PRIMARY",
      "EPI",
      "NONE"
    ],
    "ImagingFrequency": 127.772,
    "InPlanePhaseEncodingDirectionDICOM": "COL",
    "InstitutionName": "INSTITUTO_DE_NEUROBIOLOGIA",
    "MRAcquisitionType": "2D",
    "MagneticFieldStrength": 3,
    "Manufacturer": "GE",
    "ManufacturersModelName": "DISCOVERY_MR750",
    "Modality": "MR",
    "PatientPosition": "HFS",
    "PercentPhaseFOV": 100,
    "PhaseEncodingDirection": "j",
    "PhaseEncodingPolarityGE": "Flipped",
    "PixelBandwidth": 7812.5,
    "ProcedureStepDescription": "verbos",
    "ProtocolName": "fMRI_1",
    "ReconMatrixPE": 64,
    "RepetitionTime": 2,
    "SAR": 0.356791,
    "ScanOptions": "EPI_GEMS_ACC_GEMS",
    "ScanningSequence": "EP_GR",
    "SequenceVariant": "SS",
    "SeriesDescription": "fMRI_1",
    "SeriesNumber": 5,
    "SliceThickness": 4,
    "SliceTiming": [
      0,
      1.0285,
      0.0571001,
      1.0857,
      0.1142,
      1.1428,
      0.1714,
      1.2,
      0.2285,
      1.2571,
      0.2857,
      1.3143,
      0.3428,
      1.3714,
      0.4,
      1.4286,
      0.4571,
      1.4857,
      0.5142,
      1.5428,
      0.5714,
      1.6,
      0.6285,
      1.6571,
      0.6857,
      1.7143,
      0.7428,
      1.7714,
      0.8,
      1.8285,
      0.8571,
      1.8857,
      0.9143,
      1.9428,
      0.9714
    ],
    "SoftwareVersions": "24_LX_MR_Software_release:DV24.0_R02_1607.b",
    "SpacingBetweenSlices": 4,
    "StationName": "GEHCGEHC",
    "TaskName": "verbs",
    "TotalReadoutTime": 0.023436,
    "dataset": "ds003481",
    "modality": "bold",
    "run_id": 1,
    "subject_id": "137",
    "task_id": "verbs"
  },
  "dummy_trs": 0,
  "dvars_nstd": 13.435142820289018,
  "dvars_std": 1.063798157745665,
  "dvars_vstd": 1.0030782394219653,
  "efc": 0.31562592499733466,
  "fber": 65811.046875,
  "fd_mean": 0.06970839340609974,
  "fd_num": 7,
  "fd_perc": 4.022988505747127,
  "fwhm_avg": 2.4816000000000003,
  "fwhm_x": 2.4537575,
  "fwhm_y": 2.679075,
  "fwhm_z": 2.3119675,
  "gcor": 0.0883909,
  "gsr_x": -0.01659565046429634,
  "gsr_y": 0.0031478232704102993,
  "provenance": {
    "md5sum": "071977c10487e728995aa4a2c85e5be1",
    "settings": {
      "fd_thres": 0.2,
      "testing": false
    },
    "software": "mriqc",
    "version": "23.0.1",
    "webapi_port": null,
    "webapi_url": "https://mriqc.nimh.nih.gov/api/v1"
  },
  "size_t": 174,
  "size_x": 64,
  "size_y": 64,
  "size_z": 35,
  "snr": 4.158927714967607,
  "spacing_tr": 2.0,
  "spacing_x": 4.0,
  "spacing_y": 4.0,
  "spacing_z": 4.0,
  "summary_bg_k": 165.6612251552131,
  "summary_bg_mad": 8.64851282345604,
  "summary_bg_mean": 28.2462100982666,
  "summary_bg_median": 7.068965435028076,
  "summary_bg_n": 107103.0,
  "summary_bg_p05": 0.36206895112991333,
  "summary_bg_p95": 112.36666412353509,
  "summary_bg_stdv": 93.05178833007812,
  "summary_fg_k": 0.14952117412125165,
  "summary_fg_mad": 400.1321142199217,
  "summary_fg_mean": 1748.8873291015625,
  "summary_fg_median": 1739.410888671875,
  "summary_fg_n": 10362.0,
  "summary_fg_p05": 1066.0470703125,
  "summary_fg_p95": 2455.3125854492187,
  "summary_fg_stdv": 418.2152404785156,
  "tsnr": 84.92595384037122
}