{
  "aor": 0.0035936206896551724,
  "aqi": 0.002114327385057471,
  "bids_meta": {
    "AcquisitionMatrixPE": 64,
    "AcquisitionNumber": 1,
    "AcquisitionTime": "19:17:5.000000",
    "CoilString": "32Ch_Head",
    "ConversionSoftware": "dcm2niix",
    "ConversionSoftwareVersion": "v1.0.20190902",
    "Dcm2bidsVersion": "2.1.4",
    "DeviceSerialNumber": "000000000000GEHC",
    "EchoTime": 0.04,
    "EffectiveEchoSpacing": 0.000372,
    "FlipAngle": 90,
    "ImageOrientationPatientDICOM": [
      1,
      0,
      0,
      0,
      1,
      0
    ],
    "ImageType": [
      "ORIGINAL",
      "PRIMARY",
      "EPI",
      "NONE"
    ],
    "ImagingFrequency": 127.772,
    "InPlanePhaseEncodingDirectionDICOM": "COL",
    "InstitutionName": "INSTITUTO_DE_NEUROBIOLOGIA",
    "MRAcquisitionType": "2D",
    "MagneticFieldStrength": 3,
    "Manufacturer": "GE",
    "ManufacturersModelName": "DISCOVERY_MR750",
    "Modality": "MR",
    "PatientPosition": "HFS",
    "PercentPhaseFOV": 100,
    "PhaseEncodingDirection": "j",
    "PhaseEncodingPolarityGE": "Flipped",
    "PixelBandwidth": 7812.5,
    "ProcedureStepDescription": "verbos",
    "ProtocolName": "fMRI_6",
    "ReconMatrixPE": 64,
    "RepetitionTime": 2,
    "SAR": 0.356791,
    "ScanOptions": "EPI_GEMS_ACC_GEMS",
    "ScanningSequence": "EP_GR",
    "SequenceVariant": "SS",
    "SeriesDescription": "fMRI_6",
    "SeriesNumber": 12,
    "SliceThickness": 4,
    "SliceTiming": [
      0,
      1.0285,
      0.0571001,
      1.0857,
      0.1142,
      1.1428,
      0.1714,
      1.2,
      0.2285,
      1.2571,
      0.2857,
      1.3143,
      0.3428,
      1.3714,
      0.4,
      1.4286,
      0.4571,
      1.4857,
      0.5142,
      1.5428,
      0.5714,
      1.6,
      0.6285,
      1.6571,
      0.6857,
      1.7143,
      0.7428,
      1.7714,
      0.8,
      1.8285,
      0.8571,
      1.8857,
      0.9143,
      1.9428,
      0.9714
    ],
    "SoftwareVersions": "24_LX_MR_Software_release:DV24.0_R02_1607.b",
    "SpacingBetweenSlices": 4,
    "StationName": "GEHCGEHC",
    "TaskName": "verbs",
    "TotalReadoutTime": 0.023436,
    "dataset": "ds003481",
    "modality": "bold",
    "run_id": 7,
    "subject_id": "137",
    "task_id": "verbs"
  },
  "dummy_trs": 0,
  "dvars_nstd": 13.981359030231204,
  "dvars_std": 1.1062354053757224,
  "dvars_vstd": 1.032699311618497,
  "efc": 0.31693664133548805,
  "fber": 63215.15234375,
  "fd_mean": 0.09121490461364218,
  "fd_num": 12,
  "fd_perc": 6.896551724137931,
  "fwhm_avg": 2.4555841666666667,
  "fwhm_x": 2.402475,
  "fwhm_y": 2.6689,
  "fwhm_z": 2.2953775,
  "gcor": 0.0616915,
  "gsr_x": -0.0168271753937006,
  "gsr_y": 0.005743380170315504,
  "provenance": {
    "md5sum": "6c474e6ce6cd7cc63a5350fa967ca9a1",
    "settings": {
      "fd_thres": 0.2,
      "testing": false
    },
    "software": "mriqc",
    "version": "23.0.1",
    "webapi_port": null,
    "webapi_url": "https://mriqc.nimh.nih.gov/api/v1"
  },
  "size_t": 174,
  "size_x": 64,
  "size_y": 64,
  "size_z": 35,
  "snr": 4.15346625326209,
  "spacing_tr": 2.0,
  "spacing_x": 4.0,
  "spacing_y": 4.0,
  "spacing_z": 4.0,
  "summary_bg_k": 236.98573376433043,
  "summary_bg_mad": 8.810405917249701,
  "summary_bg_mean": 27.875293731689453,
  "summary_bg_median": 7.178160667419434,
  "summary_bg_n": 106855.0,
  "summary_bg_p05": 0.3965517282485962,
  "summary_bg_p95": 109.54022979736328,
  "summary_bg_stdv": 93.2620620727539,
  "summary_fg_k": 0.12903090352111368,
  "summary_fg_mad": 398.381206607259,
  "summary_fg_mean": 1739.5318603515625,
  "summary_fg_median": 1730.5919189453125,
  "summary_fg_n": 10466.0,
  "summary_fg_p05": 1052.1163330078125,
  "summary_fg_p95": 2437.1149291992188,
  "summary_fg_stdv": 416.6421813964844,
  "tsnr": 95.87875393917784
}