{
  "aor": 0.0039971839080459775,
  "aqi": 0.002643820540229885,
  "bids_meta": {
    "AcquisitionMatrixPE": 64,
    "AcquisitionNumber": 1,
    "AcquisitionTime": "18:40:38.000000",
    "CoilString": "32Ch_Head",
    "ConversionSoftware": "dcm2niix",
    "ConversionSoftwareVersion": "v1.0.20190902",
    "Dcm2bidsVersion": "2.1.4",
    "DeviceSerialNumber": "000000000000GEHC",
    "EchoTime": 0.04,
    "EffectiveEchoSpacing": 0.000372,
    "FlipAngle": 90,
    "ImageOrientationPatientDICOM": [
      1,
      0,
      0,
      0,
      1,
      0
    ],
    "ImageType": [
      "ORIGINAL",
      "PRIMARY",
      "EPI",
      "NONE"
    ],
    "ImagingFrequency": 127.772,
    "InPlanePhaseEncodingDirectionDICOM": "COL",
    "InstitutionName": "INSTITUTO_DE_NEUROBIOLOGIA",
    "MRAcquisitionType": "2D",
    "MagneticFieldStrength": 3,
    "Manufacturer": "GE",
    "ManufacturersModelName": "DISCOVERY_MR750",
    "Modality": "MR",
    "PatientPosition": "HFS",
    "PercentPhaseFOV": 100,
    "PhaseEncodingDirection": "j",
    "PhaseEncodingPolarityGE": "Flipped",
    "PixelBandwidth": 7812.5,
    "ProcedureStepDescription": "verbos",
    "ProtocolName": "fMRI_3",
    "ReconMatrixPE": 64,
    "RepetitionTime": 2,
    "SAR": 0.356791,
    "ScanOptions": "EPI_GEMS_ACC_GEMS",
    "ScanningSequence": "EP_GR",
    "SequenceVariant": "SS",
    "SeriesDescription": "fMRI_3",
    "SeriesNumber": 7,
    "SliceThickness": 4,
    "SliceTiming": [
      0,
      1.0285,
      0.0571001,
      1.0857,
      0.1142,
      1.1428,
      0.1714,
      1.2,
      0.2285,
      1.2571,
      0.2857,
      1.3143,
      0.3428,
      1.3714,
      0.4,
      1.4286,
      0.4571,
      1.4857,
      0.5142,
      1.5428,
      0.5714,
      1.6,
      0.6285,
      1.6571,
      0.6857,
      1.7143,
      0.7428,
      1.7714,
      0.8,
      1.8285,
      0.8571,
      1.8857,
      0.9143,
      1.9428,
      0.9714
    ],
    "SoftwareVersions": "24_LX_MR_Software_release:DV24.0_R02_1607.b",
    "SpacingBetweenSlices": 4,
    "StationName": "GEHCGEHC",
    "TaskName": "verbs",
    "TotalReadoutTime": 0.023436,
    "dataset": "ds003481",
    "modality": "bold",
    "run_id": 3,
    "subject_id": "137",
    "task_id": "verbs"
  },
  "dummy_trs": 0,
  "dvars_nstd": 13.857866838554914,
  "dvars_std": 1.0683312883815028,
  "dvars_vstd": 1.0218748124277457,
  "efc": 0.31581535025474006,
  "fber": 62986.99609375,
  "fd_mean": 0.09363603533929704,
  "fd_num": 11,
  "fd_perc": 6.32183908045977,
  "fwhm_avg": 2.47844,
  "fwhm_x": 2.4190975,
  "fwhm_y": 2.70105,
  "fwhm_z": 2.3151725,
  "gcor": 0.0836214,
  "gsr_x": -0.016330726444721222,
  "gsr_y": 0.004422570578753948,
  "provenance": {
    "md5sum": "9d4278679b97dbbb10bf4c23a5a7db6b",
    "settings": {
      "fd_thres": 0.2,
      "testing": false
    },
    "software": "mriqc",
    "version": "23.0.1",
    "webapi_port": null,
    "webapi_url": "https://mriqc.nimh.nih.gov/api/v1"
  },
  "size_t": 174,
  "size_x": 64,
  "size_y": 64,
  "size_z": 35,
  "snr": 4.190716500300163,
  "spacing_tr": 2.0,
  "spacing_x": 4.0,
  "spacing_y": 4.0,
  "spacing_z": 4.0,
  "summary_bg_k": 240.4722850726988,
  "summary_bg_mad": 8.870051234290404,
  "summary_bg_mean": 27.328529357910156,
  "summary_bg_median": 7.229885101318359,
  "summary_bg_n": 106912.0,
  "summary_bg_p05": 0.3735632300376892,
  "summary_bg_p95": 107.6290229797363,
  "summary_bg_stdv": 91.09717559814453,
  "summary_fg_k": 0.2140987594778725,
  "summary_fg_mad": 401.0609123870812,
  "summary_fg_mean": 1761.69970703125,
  "summary_fg_median": 1749.2701416015625,
  "summary_fg_n": 10425.0,
  "summary_fg_p05": 1090.8402099609375,
  "summary_fg_p95": 2475.3954589843747,
  "summary_fg_stdv": 417.3955078125,
  "tsnr": 81.6032588921953
}