{
  "aor": 0.0023526666666666665,
  "aqi": 0.008419314366666668,
  "bids_meta": {
    "AcquisitionMatrixPE": 64,
    "AcquisitionNumber": 1,
    "AcquisitionTime": "19:32:5.000000",
    "CoilString": "32Ch_Head",
    "ConversionSoftware": "dcm2niix",
    "ConversionSoftwareVersion": "v1.0.20190902",
    "Dcm2bidsVersion": "2.1.4",
    "DeviceSerialNumber": "000000000000GEHC",
    "EchoTime": 0.04,
    "EffectiveEchoSpacing": 0.000372,
    "FlipAngle": 90,
    "ImageOrientationPatientDICOM": [
      1,
      0,
      0,
      0,
      1,
      0
    ],
    "ImageType": [
      "ORIGINAL",
      "PRIMARY",
      "EPI",
      "NONE"
    ],
    "ImagingFrequency": 127.772,
    "InPlanePhaseEncodingDirectionDICOM": "COL",
    "InstitutionName": "INSTITUTO_DE_NEUROBIOLOGIA",
    "MRAcquisitionType": "2D",
    "MagneticFieldStrength": 3,
    "Manufacturer": "GE",
    "ManufacturersModelName": "DISCOVERY_MR750",
    "Modality": "MR",
    "PatientPosition": "HFS",
    "PercentPhaseFOV": 100,
    "PhaseEncodingDirection": "j",
    "PhaseEncodingPolarityGE": "Flipped",
    "PixelBandwidth": 7812.5,
    "ProcedureStepDescription": "verbos",
    "ProtocolName": "fMRI_RestState",
    "ReconMatrixPE": 64,
    "RepetitionTime": 2,
    "SAR": 0.356791,
    "ScanOptions": "EPI_GEMS_ACC_GEMS",
    "ScanningSequence": "EP_GR",
    "SequenceVariant": "SS",
    "SeriesDescription": "fMRI_RestState",
    "SeriesNumber": 14,
    "SliceThickness": 4,
    "SliceTiming": [
      0,
      1.0285,
      0.0571001,
      1.0857,
      0.1142,
      1.1428,
      0.1714,
      1.2,
      0.2285,
      1.2571,
      0.2857,
      1.3143,
      0.3428,
      1.3714,
      0.4,
      1.4286,
      0.4571,
      1.4857,
      0.5142,
      1.5428,
      0.5714,
      1.6,
      0.6285,
      1.6571,
      0.6857,
      1.7143,
      0.7428,
      1.7714,
      0.8,
      1.8285,
      0.8571,
      1.8857,
      0.9143,
      1.9428,
      0.9714
    ],
    "SoftwareVersions": "24_LX_MR_Software_release:DV24.0_R02_1607.b",
    "SpacingBetweenSlices": 4,
    "StationName": "GEHCGEHC",
    "TaskName": "rest",
    "TotalReadoutTime": 0.023436,
    "dataset": "ds003481",
    "modality": "bold",
    "subject_id": "137",
    "task_id": "rest"
  },
  "dummy_trs": 0,
  "dvars_nstd": 19.56611732822742,
  "dvars_std": 0.9359324853177253,
  "dvars_vstd": 0.8988278971571911,
  "efc": 0.3179960759459996,
  "fber": 64304.90234375,
  "fd_mean": 0.21643163538792884,
  "fd_num": 103,
  "fd_perc": 34.333333333333336,
  "fwhm_avg": 2.5150591666666666,
  "fwhm_x": 2.4908325,
  "fwhm_y": 2.712575,
  "fwhm_z": 2.34177,
  "gcor": 0.0526309,
  "gsr_x": -0.01638365350663662,
  "gsr_y": 0.008730161935091019,
  "provenance": {
    "md5sum": "f49de3e1482dd8bd88fad9117e43d89c",
    "settings": {
      "fd_thres": 0.2,
      "testing": false
    },
    "software": "mriqc",
    "version": "23.0.1",
    "webapi_port": null,
    "webapi_url": "https://mriqc.nimh.nih.gov/api/v1"
  },
  "size_t": 300,
  "size_x": 64,
  "size_y": 64,
  "size_z": 35,
  "snr": 4.167120266081678,
  "spacing_tr": 2.0,
  "spacing_x": 4.0,
  "spacing_y": 4.0,
  "spacing_z": 4.0,
  "summary_bg_k": 530.4800145331589,
  "summary_bg_mad": 8.811599618920322,
  "summary_bg_mean": 27.57559585571289,
  "summary_bg_median": 7.15333366394043,
  "summary_bg_n": 106461.0,
  "summary_bg_p05": 0.46666666865348816,
  "summary_bg_p95": 107.29000091552734,
  "summary_bg_stdv": 102.648193359375,
  "summary_fg_k": 0.1392271774461169,
  "summary_fg_mad": 400.11980746322513,
  "summary_fg_mean": 1729.491455078125,
  "summary_fg_median": 1723.6883544921875,
  "summary_fg_n": 10602.0,
  "summary_fg_p05": 1047.7968383789062,
  "summary_fg_p95": 2422.131640625,
  "summary_fg_stdv": 413.62066650390625,
  "tsnr": 43.75453663698863
}