{
  "aor": 0.00038415686274509805,
  "aqi": 0.0012571766039215686,
  "bids_meta": {
    "AcquisitionDateTime": "2017-01-31T20:46:14.000000",
    "ConversionSoftware": "dcm2niix",
    "ConversionSoftwareVersion": "v1.0.20170411 GCC4.8.4",
    "EchoTime": 0.04,
    "FlipAngle": 90,
    "ImageType": [
      "ORIGINAL",
      "PRIMARY",
      "EPI",
      "NONE"
    ],
    "MagneticFieldStrength": 3,
    "Manufacturer": "GE",
    "ManufacturersModelName": "DISCOVERY_MR750",
    "ProcedureStepDescription": "ActosHabla",
    "ProtocolName": "fMRI_ActosHabla_3",
    "RepetitionTime": 2,
    "ScanningSequence": "EP_GR",
    "SequenceVariant": "SS",
    "SeriesDescription": "fMRI_ActosHabla_3",
    "SliceTiming": [
      0,
      1.0285,
      0.0571001,
      1.0857,
      0.1142,
      1.1428,
      0.1714,
      1.2,
      0.2285,
      1.2571,
      0.2857,
      1.3143,
      0.3428,
      1.3714,
      0.4,
      1.4286,
      0.4571,
      1.4857,
      0.5142,
      1.5428,
      0.5714,
      1.6,
      0.6285,
      1.6571,
      0.6857,
      1.7143,
      0.7428,
      1.7714,
      0.8,
      1.8285,
      0.8571,
      1.8857,
      0.9143,
      1.9428,
      0.9714
    ],
    "TaskName": "sar",
    "dataset": "ds003481",
    "modality": "bold",
    "run_id": 3,
    "subject_id": "014",
    "task_id": "sar"
  },
  "dummy_trs": 0,
  "dvars_nstd": 16.913717284960622,
  "dvars_std": 1.181349130393701,
  "dvars_vstd": 0.9892349366141735,
  "efc": 0.39449295170265886,
  "fber": 29848.490234375,
  "fd_mean": 0.07970687291349246,
  "fd_num": 2,
  "fd_perc": 0.7843137254901961,
  "fwhm_avg": 3.0158416666666668,
  "fwhm_x": 2.90225,
  "fwhm_y": 3.045925,
  "fwhm_z": 3.09935,
  "gcor": 0.0793129,
  "gsr_x": 0.0019402491161599755,
  "gsr_y": 0.0014306474477052689,
  "provenance": {
    "md5sum": "8c7d10a65c3aa68fbfb7084db85dcc82",
    "settings": {
      "fd_thres": 0.2,
      "testing": false
    },
    "software": "mriqc",
    "version": "23.0.1",
    "webapi_port": null,
    "webapi_url": "https://mriqc.nimh.nih.gov/api/v1"
  },
  "size_t": 255,
  "size_x": 64,
  "size_y": 64,
  "size_z": 35,
  "snr": 2.61906723276561,
  "spacing_tr": 2.0,
  "spacing_x": 4.0,
  "spacing_y": 4.0,
  "spacing_z": 4.0,
  "summary_bg_k": 36.73297507548072,
  "summary_bg_mad": 16.09931634253111,
  "summary_bg_mean": 51.92061996459961,
  "summary_bg_median": 10.970588684082031,
  "summary_bg_n": 96456.0,
  "summary_bg_p05": 0.003921568859368563,
  "summary_bg_p95": 232.74903869628906,
  "summary_bg_stdv": 121.29071044921875,
  "summary_fg_k": 0.9706507044710233,
  "summary_fg_mad": 595.6950747600891,
  "summary_fg_mean": 2006.9573974609375,
  "summary_fg_median": 1850.3099365234375,
  "summary_fg_n": 17072.0,
  "summary_fg_p05": 1126.1799011230469,
  "summary_fg_p95": 3441.719885253905,
  "summary_fg_stdv": 706.4559936523438,
  "tsnr": 89.3613936365582
}