{
  "aor": 0.0040106306306306305,
  "aqi": 0.0037763743243243242,
  "bids_meta": {
    "AcquisitionDateTime": "2017-01-12T19:40:52.000000",
    "ConversionSoftware": "dcm2niix",
    "ConversionSoftwareVersion": "v1.0.20170411 GCC4.8.4",
    "EchoTime": 0.04,
    "FlipAngle": 90,
    "ImageType": [
      "ORIGINAL",
      "PRIMARY",
      "EPI",
      "NONE"
    ],
    "MagneticFieldStrength": 3,
    "Manufacturer": "GE",
    "ManufacturersModelName": "DISCOVERY_MR750",
    "ProcedureStepDescription": "CompRefranes",
    "ProtocolName": "fMRI_Comprension_4",
    "RepetitionTime": 2,
    "ScanningSequence": "EP_GR",
    "SequenceVariant": "SS",
    "SeriesDescription": "fMRI_Comprension_4",
    "SliceTiming": [
      1.0285,
      0.0571001,
      1.0857,
      0.1142,
      1.1428,
      0.1714,
      1.2,
      0.2285,
      1.2571,
      0.2857,
      1.3143,
      0.3428,
      1.3714,
      0.4,
      1.4286,
      0.4571,
      1.4857,
      0.5142,
      1.5428,
      0.5714,
      1.6,
      0.6285,
      1.6571,
      0.6857,
      1.7143,
      0.7428,
      1.7714,
      0.8,
      1.8285,
      0.8571,
      1.8857,
      0.9143,
      1.9428,
      0.9714
    ],
    "TaskName": "pc",
    "dataset": "ds003481",
    "modality": "bold",
    "run_id": 4,
    "subject_id": "058",
    "task_id": "pc"
  },
  "dummy_trs": 0,
  "dvars_nstd": 21.140266345248868,
  "dvars_std": 1.1366489670135749,
  "dvars_vstd": 0.9978442412217202,
  "efc": 0.3687084250026284,
  "fber": 92357.0078125,
  "fd_mean": 0.2627646675207015,
  "fd_num": 105,
  "fd_perc": 47.2972972972973,
  "fwhm_avg": 2.6270249999999997,
  "fwhm_x": 2.569475,
  "fwhm_y": 2.67955,
  "fwhm_z": 2.63205,
  "gcor": 0.0152423,
  "gsr_x": -0.011512147262692451,
  "gsr_y": 0.013394352979958057,
  "provenance": {
    "md5sum": "14e669e7d9d1a88582c34c7ab926ff15",
    "settings": {
      "fd_thres": 0.2,
      "testing": false
    },
    "software": "mriqc",
    "version": "23.0.1",
    "webapi_port": null,
    "webapi_url": "https://mriqc.nimh.nih.gov/api/v1"
  },
  "size_t": 222,
  "size_x": 64,
  "size_y": 64,
  "size_z": 34,
  "snr": 3.495776915428664,
  "spacing_tr": 2.0,
  "spacing_x": 4.0,
  "spacing_y": 4.0,
  "spacing_z": 4.0,
  "summary_bg_k": 87.20165026614353,
  "summary_bg_mad": 9.449920010817845,
  "summary_bg_mean": 37.82442855834961,
  "summary_bg_median": 6.873874187469482,
  "summary_bg_n": 96915.0,
  "summary_bg_p05": 0.2477477490901947,
  "summary_bg_p95": 166.63333587646488,
  "summary_bg_stdv": 103.99455261230469,
  "summary_fg_k": 0.1857875035740375,
  "summary_fg_mad": 521.4018088177213,
  "summary_fg_mean": 1966.3780517578125,
  "summary_fg_median": 1890.432373046875,
  "summary_fg_n": 14940.0,
  "summary_fg_p05": 1201.974609375,
  "summary_fg_p95": 2948.232189941406,
  "summary_fg_stdv": 540.7579345703125,
  "tsnr": 61.82802868913859
}