{
  "aor": 0.004438016877637131,
  "aqi": 0.004214947848101266,
  "bids_meta": {
    "AcquisitionDateTime": "2017-01-12T19:14:31.000000",
    "ConversionSoftware": "dcm2niix",
    "ConversionSoftwareVersion": "v1.0.20170411 GCC4.8.4",
    "EchoTime": 0.04,
    "FlipAngle": 90,
    "ImageType": [
      "ORIGINAL",
      "PRIMARY",
      "EPI",
      "NONE"
    ],
    "MagneticFieldStrength": 3,
    "Manufacturer": "GE",
    "ManufacturersModelName": "DISCOVERY_MR750",
    "ProcedureStepDescription": "CompRefranes",
    "ProtocolName": "fMRI_Comprension_1",
    "RepetitionTime": 2,
    "ScanningSequence": "EP_GR",
    "SequenceVariant": "SS",
    "SeriesDescription": "fMRI_Comprension_1",
    "SliceTiming": [
      1.0285,
      0.0571001,
      1.0857,
      0.1142,
      1.1428,
      0.1714,
      1.2,
      0.2285,
      1.2571,
      0.2857,
      1.3143,
      0.3428,
      1.3714,
      0.4,
      1.4286,
      0.4571,
      1.4857,
      0.5142,
      1.5428,
      0.5714,
      1.6,
      0.6285,
      1.6571,
      0.6857,
      1.7143,
      0.7428,
      1.7714,
      0.8,
      1.8285,
      0.8571,
      1.8857,
      0.9143,
      1.9428,
      0.9714
    ],
    "TaskName": "pc",
    "dataset": "ds003481",
    "modality": "bold",
    "run_id": 1,
    "subject_id": "058",
    "task_id": "pc"
  },
  "dummy_trs": 0,
  "dvars_nstd": 20.730747562372894,
  "dvars_std": 1.0784023769067796,
  "dvars_vstd": 0.9672400187711861,
  "efc": 0.36934562068256466,
  "fber": 79175.953125,
  "fd_mean": 0.27863011737555865,
  "fd_num": 113,
  "fd_perc": 47.67932489451477,
  "fwhm_avg": 2.6163583333333333,
  "fwhm_x": 2.5549,
  "fwhm_y": 2.672925,
  "fwhm_z": 2.62125,
  "gcor": 0.0137434,
  "gsr_x": -0.010361666791141033,
  "gsr_y": 0.010583184659481049,
  "provenance": {
    "md5sum": "10e177a06ee244b47d7a8717b93d8243",
    "settings": {
      "fd_thres": 0.2,
      "testing": false
    },
    "software": "mriqc",
    "version": "23.0.1",
    "webapi_port": null,
    "webapi_url": "https://mriqc.nimh.nih.gov/api/v1"
  },
  "size_t": 237,
  "size_x": 64,
  "size_y": 64,
  "size_z": 34,
  "snr": 3.5341784216110885,
  "spacing_tr": 2.0,
  "spacing_x": 4.0,
  "spacing_y": 4.0,
  "spacing_z": 4.0,
  "summary_bg_k": 72.75758402555614,
  "summary_bg_mad": 10.234334004779164,
  "summary_bg_mean": 37.87623596191406,
  "summary_bg_median": 7.303797245025635,
  "summary_bg_n": 96883.0,
  "summary_bg_p05": 0.08016876876354218,
  "summary_bg_p95": 169.5497879028316,
  "summary_bg_stdv": 100.94281005859375,
  "summary_fg_k": 0.0830168089495853,
  "summary_fg_mad": 526.6834887302895,
  "summary_fg_mean": 1971.080810546875,
  "summary_fg_median": 1896.063232421875,
  "summary_fg_n": 14944.0,
  "summary_fg_p05": 1208.9531555175781,
  "summary_fg_p95": 2934.0919677734373,
  "summary_fg_stdv": 536.4754028320312,
  "tsnr": 55.52766166627407
}