{
  "aor": 0.0006967333333333333,
  "aqi": 0.0057547927000000006,
  "bids_meta": {
    "AcquisitionDateTime": "2017-06-22T20:38:9.000000",
    "ConversionSoftware": "dcm2niix",
    "ConversionSoftwareVersion": "v1.0.20170411 GCC4.8.4",
    "EchoTime": 0.04,
    "FlipAngle": 90,
    "ImageType": [
      "ORIGINAL",
      "PRIMARY",
      "EPI",
      "NONE"
    ],
    "MagneticFieldStrength": 3,
    "Manufacturer": "GE",
    "ManufacturersModelName": "DISCOVERY_MR750",
    "ProcedureStepDescription": "CompMet",
    "ProtocolName": "fMRI_RestState",
    "RepetitionTime": 2,
    "ScanningSequence": "EP_GR",
    "SequenceVariant": "SS",
    "SeriesDescription": "fMRI_RestState",
    "SliceTiming": [
      1.0285,
      0.0571001,
      1.0857,
      0.1142,
      1.1428,
      0.1714,
      1.2,
      0.2285,
      1.2571,
      0.2857,
      1.3143,
      0.3428,
      1.3714,
      0.4,
      1.4286,
      0.4571,
      1.4857,
      0.5142,
      1.5428,
      0.5714,
      1.6,
      0.6285,
      1.6571,
      0.6857,
      1.7143,
      0.7428,
      1.7714,
      0.8,
      1.8285,
      0.8571,
      1.8857,
      0.9143,
      1.9428,
      0.9714
    ],
    "TaskName": "rest",
    "dataset": "ds003481",
    "modality": "bold",
    "subject_id": "064",
    "task_id": "rest"
  },
  "dummy_trs": 0,
  "dvars_nstd": 13.908268204214039,
  "dvars_std": 0.9380983772240803,
  "dvars_vstd": 0.8859438194983283,
  "efc": 0.3340532045665204,
  "fber": 75594.6875,
  "fd_mean": 0.12121138670118334,
  "fd_num": 35,
  "fd_perc": 11.666666666666666,
  "fwhm_avg": 2.5929583333333333,
  "fwhm_x": 2.5668,
  "fwhm_y": 2.71225,
  "fwhm_z": 2.499825,
  "gcor": 0.0302596,
  "gsr_x": -0.008417521603405476,
  "gsr_y": 0.002629132242873311,
  "provenance": {
    "md5sum": "850dc31412063eecebccdbc207573370",
    "settings": {
      "fd_thres": 0.2,
      "testing": false
    },
    "software": "mriqc",
    "version": "23.0.1",
    "webapi_port": null,
    "webapi_url": "https://mriqc.nimh.nih.gov/api/v1"
  },
  "size_t": 300,
  "size_x": 64,
  "size_y": 64,
  "size_z": 34,
  "snr": 3.640335462398446,
  "spacing_tr": 2.0,
  "spacing_x": 4.0,
  "spacing_y": 4.0,
  "spacing_z": 4.0,
  "summary_bg_k": 175.82263998341628,
  "summary_bg_mad": 9.211901924528506,
  "summary_bg_mean": 30.00096321105957,
  "summary_bg_median": 6.880000114440918,
  "summary_bg_n": 101048.0,
  "summary_bg_p05": 0.19333334267139435,
  "summary_bg_p95": 126.82883491516111,
  "summary_bg_stdv": 92.39439392089844,
  "summary_fg_k": 0.5040314933205199,
  "summary_fg_mad": 431.4545293390202,
  "summary_fg_mean": 1861.173583984375,
  "summary_fg_median": 1797.453369140625,
  "summary_fg_n": 11938.0,
  "summary_fg_p05": 1146.7247192382813,
  "summary_fg_p95": 2779.5543212890625,
  "summary_fg_stdv": 493.73968505859375,
  "tsnr": 58.03656864631921
}