{
  "bids_meta": {
    "AcquisitionDateTime": "2016-09-18T15:39:7.000000",
    "ConversionSoftware": "dcm2niix",
    "ConversionSoftwareVersion": "v1.0.20170411 GCC4.8.4",
    "EchoTime": 0.00318,
    "FlipAngle": 12,
    "ImageType": [
      "DERIVED",
      "PRIMARY",
      "OTHER"
    ],
    "InversionTime": 0.45,
    "MagneticFieldStrength": 3,
    "Manufacturer": "GE",
    "ManufacturersModelName": "DISCOVERY_MR750",
    "ProcedureStepDescription": "MeditResp",
    "ProtocolName": "PU:Sag_T1_FSPGR_BRAVO",
    "RepetitionTime": 0.008156,
    "ScanningSequence": "GR",
    "SequenceVariant": "SS_SP_SK",
    "SeriesDescription": "PU:Sag_T1_FSPGR_BRAVO",
    "dataset": "ds003481",
    "modality": "T1w",
    "subject_id": "120"
  },
  "cjv": 0.35015394213382667,
  "cnr": 3.9112744071659518,
  "efc": 0.7441142486557888,
  "fber": 9592.53533838841,
  "fwhm_avg": 4.060856666666667,
  "fwhm_x": 4.09082,
  "fwhm_y": 4.25461,
  "fwhm_z": 3.83714,
  "icvs_csf": 0.22434994652580656,
  "icvs_gm": 0.42903342317590243,
  "icvs_wm": 0.34661663029829104,
  "inu_med": 0.40628108382225037,
  "inu_range": 0.08955250978469853,
  "provenance": {
    "md5sum": "0e207210de8c1d0a1b4447f5cb441f63",
    "settings": {
      "testing": false
    },
    "software": "mriqc",
    "version": "23.0.1",
    "warnings": {
      "large_rot_frame": true,
      "small_air_mask": false
    },
    "webapi_port": null,
    "webapi_url": "https://mriqc.nimh.nih.gov/api/v1"
  },
  "qi_1": 0.0,
  "qi_2": 0.0009353355296227106,
  "rpve_csf": 21.36571728245067,
  "rpve_gm": 11.5045348409997,
  "rpve_wm": 16.459838405091016,
  "size_x": 176,
  "size_y": 256,
  "size_z": 256,
  "snr_csf": 2.993835283998522,
  "snr_gm": 10.612652188364422,
  "snr_total": 12.37184950701875,
  "snr_wm": 23.509061048693304,
  "snrd_csf": 16.22152064658776,
  "snrd_gm": 43.08720245051816,
  "snrd_total": 40.50784423172475,
  "snrd_wm": 62.21480959806832,
  "spacing_x": 1.0,
  "spacing_y": 1.0,
  "spacing_z": 1.0,
  "summary_bg_k": 10.626098463932587,
  "summary_bg_mad": 0.0,
  "summary_bg_mean": 5.037471468995464,
  "summary_bg_median": 0.0,
  "summary_bg_n": 367044.0,
  "summary_bg_p05": 0.0,
  "summary_bg_p95": 28.56648350134492,
  "summary_bg_stdv": 10.530232894562431,
  "summary_csf_k": 1.269336375428896,
  "summary_csf_mad": 77.7750166038866,
  "summary_csf_mean": 266.3870764210483,
  "summary_csf_median": 260.7340857759118,
  "summary_csf_n": 53491.0,
  "summary_csf_p05": 136.84211248159409,
  "summary_csf_p95": 421.9875568859279,
  "summary_csf_stdv": 87.08951022821222,
  "summary_gm_k": -0.07043661448817273,
  "summary_gm_mad": 66.1729349190824,
  "summary_gm_mean": 691.7777484197861,
  "summary_gm_median": 692.5554381944239,
  "summary_gm_n": 42497.0,
  "summary_gm_p05": 583.8989227674901,
  "summary_gm_p95": 798.1994880884886,
  "summary_gm_stdv": 65.25675934424557,
  "summary_wm_k": 0.44608342967923553,
  "summary_wm_mad": 41.48000885540618,
  "summary_wm_mean": 999.898792475525,
  "summary_wm_median": 1000.0000527501106,
  "summary_wm_n": 233045.0,
  "summary_wm_p05": 930.3670850880444,
  "summary_wm_p95": 1068.8366214782,
  "summary_wm_stdv": 42.53670128160649,
  "tpm_overlap_csf": 0.16327750117983936,
  "tpm_overlap_gm": 0.4627129161791767,
  "tpm_overlap_wm": 0.5082022530947164,
  "wm2max": 0.5259627401474846
}