{
  "aor": 0.0013617241379310344,
  "aqi": 0.0007963317873563219,
  "bids_meta": {
    "AcquisitionMatrixPE": 64,
    "AcquisitionNumber": 1,
    "AcquisitionTime": "18:40:3.000000",
    "CoilString": "32Ch_Head",
    "ConversionSoftware": "dcm2niix",
    "ConversionSoftwareVersion": "v1.0.20190902",
    "Dcm2bidsVersion": "2.1.4",
    "DeviceSerialNumber": "000000000000GEHC",
    "EchoTime": 0.04,
    "EffectiveEchoSpacing": 0.000372,
    "FlipAngle": 90,
    "ImageOrientationPatientDICOM": [
      1,
      0,
      0,
      0,
      1,
      0
    ],
    "ImageType": [
      "ORIGINAL",
      "PRIMARY",
      "EPI",
      "NONE"
    ],
    "ImagingFrequency": 127.772,
    "InPlanePhaseEncodingDirectionDICOM": "COL",
    "InstitutionName": "INSTITUTO_DE_NEUROBIOLOGIA",
    "MRAcquisitionType": "2D",
    "MagneticFieldStrength": 3,
    "Manufacturer": "GE",
    "ManufacturersModelName": "DISCOVERY_MR750",
    "Modality": "MR",
    "PatientPosition": "HFS",
    "PercentPhaseFOV": 100,
    "PhaseEncodingDirection": "j",
    "PhaseEncodingPolarityGE": "Flipped",
    "PixelBandwidth": 7812.5,
    "ProcedureStepDescription": "verbos",
    "ProtocolName": "fMRI_2",
    "ReconMatrixPE": 64,
    "RepetitionTime": 2,
    "SAR": 0.367275,
    "ScanOptions": "EPI_GEMS_ACC_GEMS",
    "ScanningSequence": "EP_GR",
    "SequenceVariant": "SS",
    "SeriesDescription": "fMRI_2",
    "SeriesNumber": 8,
    "SliceThickness": 4,
    "SliceTiming": [
      0,
      1.0285,
      0.0571001,
      1.0857,
      0.1142,
      1.1428,
      0.1714,
      1.2,
      0.2285,
      1.2571,
      0.2857,
      1.3143,
      0.3428,
      1.3714,
      0.4,
      1.4286,
      0.4571,
      1.4857,
      0.5142,
      1.5428,
      0.5714,
      1.6,
      0.6285,
      1.6571,
      0.6857,
      1.7143,
      0.7428,
      1.7714,
      0.8,
      1.8285,
      0.8571,
      1.8857,
      0.9143,
      1.9428,
      0.9714
    ],
    "SoftwareVersions": "24_LX_MR_Software_release:DV24.0_R02_1607.b",
    "SpacingBetweenSlices": 4,
    "StationName": "GEHCGEHC",
    "TaskName": "verbs",
    "TotalReadoutTime": 0.023436,
    "dataset": "ds003481",
    "modality": "bold",
    "run_id": 2,
    "subject_id": "143",
    "task_id": "verbs"
  },
  "dummy_trs": 0,
  "dvars_nstd": 13.036380492312135,
  "dvars_std": 1.090490701907514,
  "dvars_vstd": 1.019102981734104,
  "efc": 0.3708224790665272,
  "fber": 72092.2421875,
  "fd_mean": 0.03659428650733561,
  "fd_num": 0,
  "fd_perc": 0.0,
  "fwhm_avg": 2.6964833333333336,
  "fwhm_x": 2.597675,
  "fwhm_y": 2.84305,
  "fwhm_z": 2.648725,
  "gcor": 0.0408097,
  "gsr_x": -0.011623742990195751,
  "gsr_y": 0.009735435247421265,
  "provenance": {
    "md5sum": "23459073a12d7adba472143605282ba0",
    "settings": {
      "fd_thres": 0.2,
      "testing": false
    },
    "software": "mriqc",
    "version": "23.0.1",
    "webapi_port": null,
    "webapi_url": "https://mriqc.nimh.nih.gov/api/v1"
  },
  "size_t": 174,
  "size_x": 64,
  "size_y": 64,
  "size_z": 35,
  "snr": 3.4136359571557904,
  "spacing_tr": 2.0,
  "spacing_x": 4.0,
  "spacing_y": 4.0,
  "spacing_z": 4.0,
  "summary_bg_k": 46.302264820411104,
  "summary_bg_mad": 10.062949621806393,
  "summary_bg_mean": 41.52120590209961,
  "summary_bg_median": 7.2011494636535645,
  "summary_bg_n": 100011.0,
  "summary_bg_p05": 0.12068965286016464,
  "summary_bg_p95": 213.58333587646484,
  "summary_bg_stdv": 111.85629272460938,
  "summary_fg_k": 0.38011619646562433,
  "summary_fg_mad": 496.76123865800105,
  "summary_fg_mean": 1938.3184814453125,
  "summary_fg_median": 1853.6436767578125,
  "summary_fg_n": 14884.0,
  "summary_fg_p05": 1174.554931640625,
  "summary_fg_p95": 2949.3940307617177,
  "summary_fg_stdv": 542.9932861328125,
  "tsnr": 106.9278516434133
}