{
  "aor": 0.008488735632183908,
  "aqi": 0.00205559366091954,
  "bids_meta": {
    "AcquisitionMatrixPE": 64,
    "AcquisitionNumber": 1,
    "AcquisitionTime": "20:11:22.000000",
    "CoilString": "32Ch_Head",
    "ConversionSoftware": "dcm2niix",
    "ConversionSoftwareVersion": "v1.0.20190902",
    "Dcm2bidsVersion": "2.1.4",
    "DeviceSerialNumber": "000000000000GEHC",
    "EchoTime": 0.04,
    "EffectiveEchoSpacing": 0.000372,
    "FlipAngle": 90,
    "ImageOrientationPatientDICOM": [
      1,
      0,
      0,
      0,
      1,
      0
    ],
    "ImageType": [
      "ORIGINAL",
      "PRIMARY",
      "EPI",
      "NONE"
    ],
    "ImagingFrequency": 127.772,
    "InPlanePhaseEncodingDirectionDICOM": "COL",
    "InstitutionName": "INSTITUTO_DE_NEUROBIOLOGIA",
    "MRAcquisitionType": "2D",
    "MagneticFieldStrength": 3,
    "Manufacturer": "GE",
    "ManufacturersModelName": "DISCOVERY_MR750",
    "Modality": "MR",
    "PatientPosition": "HFS",
    "PercentPhaseFOV": 100,
    "PhaseEncodingDirection": "j",
    "PhaseEncodingPolarityGE": "Flipped",
    "PixelBandwidth": 7812.5,
    "ProcedureStepDescription": "verbos",
    "ProtocolName": "fMRI_1",
    "ReconMatrixPE": 64,
    "RepetitionTime": 2,
    "SAR": 0.370431,
    "ScanOptions": "EPI_GEMS_ACC_GEMS",
    "ScanningSequence": "EP_GR",
    "SequenceVariant": "SS",
    "SeriesDescription": "fMRI_1",
    "SeriesNumber": 4,
    "SliceThickness": 4,
    "SliceTiming": [
      0,
      1.0285,
      0.0571001,
      1.0857,
      0.1142,
      1.1428,
      0.1714,
      1.2,
      0.2285,
      1.2571,
      0.2857,
      1.3143,
      0.3428,
      1.3714,
      0.4,
      1.4286,
      0.4571,
      1.4857,
      0.5142,
      1.5428,
      0.5714,
      1.6,
      0.6285,
      1.6571,
      0.6857,
      1.7143,
      0.7428,
      1.7714,
      0.8,
      1.8285,
      0.8571,
      1.8857,
      0.9143,
      1.9428,
      0.9714
    ],
    "SoftwareVersions": "24_LX_MR_Software_release:DV24.0_R02_1607.b",
    "SpacingBetweenSlices": 4,
    "StationName": "GEHCGEHC",
    "TaskName": "verbs",
    "TotalReadoutTime": 0.023436,
    "dataset": "ds003481",
    "modality": "bold",
    "run_id": 1,
    "subject_id": "129",
    "task_id": "verbs"
  },
  "dummy_trs": 0,
  "dvars_nstd": 15.126820051271674,
  "dvars_std": 1.1827726902890179,
  "dvars_vstd": 0.9548158513872826,
  "efc": 0.345704271765283,
  "fber": 65405.26953125,
  "fd_mean": 0.058108435792749026,
  "fd_num": 0,
  "fd_perc": 0.0,
  "fwhm_avg": 2.8322833333333333,
  "fwhm_x": 2.806675,
  "fwhm_y": 2.858675,
  "fwhm_z": 2.8315,
  "gcor": 0.0903852,
  "gsr_x": -0.013818487524986267,
  "gsr_y": 0.003270449349656701,
  "provenance": {
    "md5sum": "5952bfe97006881ce1f75e424c8d396f",
    "settings": {
      "fd_thres": 0.2,
      "testing": false
    },
    "software": "mriqc",
    "version": "23.0.1",
    "webapi_port": null,
    "webapi_url": "https://mriqc.nimh.nih.gov/api/v1"
  },
  "size_t": 174,
  "size_x": 64,
  "size_y": 64,
  "size_z": 35,
  "snr": 3.014193570945948,
  "spacing_tr": 2.0,
  "spacing_x": 4.0,
  "spacing_y": 4.0,
  "spacing_z": 4.0,
  "summary_bg_k": 59.606582327855655,
  "summary_bg_mad": 10.207801448931221,
  "summary_bg_mean": 40.62968826293945,
  "summary_bg_median": 7.44252872467041,
  "summary_bg_n": 103398.0,
  "summary_bg_p05": 0.12068965286016464,
  "summary_bg_p95": 201.38792495727506,
  "summary_bg_stdv": 115.47682189941406,
  "summary_fg_k": 2.155537126685834,
  "summary_fg_mad": 450.97096417006014,
  "summary_fg_mean": 1968.8211669921875,
  "summary_fg_median": 1820.109130859375,
  "summary_fg_n": 12428.0,
  "summary_fg_p05": 1244.7905517578124,
  "summary_fg_p95": 3177.126501464844,
  "summary_fg_stdv": 603.8218383789062,
  "tsnr": 76.28916559857316
}