{
  "aor": 0.0035667241379310345,
  "aqi": 0.0016933815804597702,
  "bids_meta": {
    "AcquisitionMatrixPE": 64,
    "AcquisitionNumber": 1,
    "AcquisitionTime": "20:45:44.000000",
    "CoilString": "32Ch_Head",
    "ConversionSoftware": "dcm2niix",
    "ConversionSoftwareVersion": "v1.0.20190902",
    "Dcm2bidsVersion": "2.1.4",
    "DeviceSerialNumber": "000000000000GEHC",
    "EchoTime": 0.04,
    "EffectiveEchoSpacing": 0.000372,
    "FlipAngle": 90,
    "ImageOrientationPatientDICOM": [
      1,
      0,
      0,
      0,
      1,
      0
    ],
    "ImageType": [
      "ORIGINAL",
      "PRIMARY",
      "EPI",
      "NONE"
    ],
    "ImagingFrequency": 127.772,
    "InPlanePhaseEncodingDirectionDICOM": "COL",
    "InstitutionName": "INSTITUTO_DE_NEUROBIOLOGIA",
    "MRAcquisitionType": "2D",
    "MagneticFieldStrength": 3,
    "Manufacturer": "GE",
    "ManufacturersModelName": "DISCOVERY_MR750",
    "Modality": "MR",
    "PatientPosition": "HFS",
    "PercentPhaseFOV": 100,
    "PhaseEncodingDirection": "j",
    "PhaseEncodingPolarityGE": "Flipped",
    "PixelBandwidth": 7812.5,
    "ProcedureStepDescription": "verbos",
    "ProtocolName": "fMRI_5",
    "ReconMatrixPE": 64,
    "RepetitionTime": 2,
    "SAR": 0.370431,
    "ScanOptions": "EPI_GEMS_ACC_GEMS",
    "ScanningSequence": "EP_GR",
    "SequenceVariant": "SS",
    "SeriesDescription": "fMRI_5",
    "SeriesNumber": 9,
    "SliceThickness": 4,
    "SliceTiming": [
      0,
      1.0285,
      0.0571001,
      1.0857,
      0.1142,
      1.1428,
      0.1714,
      1.2,
      0.2285,
      1.2571,
      0.2857,
      1.3143,
      0.3428,
      1.3714,
      0.4,
      1.4286,
      0.4571,
      1.4857,
      0.5142,
      1.5428,
      0.5714,
      1.6,
      0.6285,
      1.6571,
      0.6857,
      1.7143,
      0.7428,
      1.7714,
      0.8,
      1.8285,
      0.8571,
      1.8857,
      0.9143,
      1.9428,
      0.9714
    ],
    "SoftwareVersions": "24_LX_MR_Software_release:DV24.0_R02_1607.b",
    "SpacingBetweenSlices": 4,
    "StationName": "GEHCGEHC",
    "TaskName": "verbs",
    "TotalReadoutTime": 0.023436,
    "dataset": "ds003481",
    "modality": "bold",
    "run_id": 5,
    "subject_id": "129",
    "task_id": "verbs"
  },
  "dummy_trs": 0,
  "dvars_nstd": 16.036780782023115,
  "dvars_std": 1.3029870082080923,
  "dvars_vstd": 1.0511810431791901,
  "efc": 0.34516879784383314,
  "fber": 68994.6875,
  "fd_mean": 0.0813949106384615,
  "fd_num": 5,
  "fd_perc": 2.8735632183908044,
  "fwhm_avg": 2.8015666666666665,
  "fwhm_x": 2.789525,
  "fwhm_y": 2.820675,
  "fwhm_z": 2.7945,
  "gcor": 0.134669,
  "gsr_x": -0.012444949708878994,
  "gsr_y": 0.006481208838522434,
  "provenance": {
    "md5sum": "1e46fd15eca904d2f4746c0886652e24",
    "settings": {
      "fd_thres": 0.2,
      "testing": false
    },
    "software": "mriqc",
    "version": "23.0.1",
    "webapi_port": null,
    "webapi_url": "https://mriqc.nimh.nih.gov/api/v1"
  },
  "size_t": 174,
  "size_x": 64,
  "size_y": 64,
  "size_z": 35,
  "snr": 3.029022463223542,
  "spacing_tr": 2.0,
  "spacing_x": 4.0,
  "spacing_y": 4.0,
  "spacing_z": 4.0,
  "summary_bg_k": 68.33003337903057,
  "summary_bg_mad": 9.841411034232072,
  "summary_bg_mean": 38.203224182128906,
  "summary_bg_median": 7.166666507720947,
  "summary_bg_n": 102989.0,
  "summary_bg_p05": 0.13793103396892548,
  "summary_bg_p95": 186.20919799804642,
  "summary_bg_stdv": 110.69818878173828,
  "summary_fg_k": 2.461419473445525,
  "summary_fg_mad": 451.96364888301224,
  "summary_fg_mean": 1945.8997802734375,
  "summary_fg_median": 1803.9310302734375,
  "summary_fg_n": 12595.0,
  "summary_fg_p05": 1236.8603881835938,
  "summary_fg_p95": 3131.767700195312,
  "summary_fg_stdv": 595.5252685546875,
  "tsnr": 92.98992239311337
}