{
  "aor": 0.0056171839080459765,
  "aqi": 0.0015998121264367816,
  "bids_meta": {
    "AcquisitionMatrixPE": 64,
    "AcquisitionNumber": 1,
    "AcquisitionTime": "20:59:10.000000",
    "CoilString": "32Ch_Head",
    "ConversionSoftware": "dcm2niix",
    "ConversionSoftwareVersion": "v1.0.20190902",
    "Dcm2bidsVersion": "2.1.4",
    "DeviceSerialNumber": "000000000000GEHC",
    "EchoTime": 0.04,
    "EffectiveEchoSpacing": 0.000372,
    "FlipAngle": 90,
    "ImageOrientationPatientDICOM": [
      1,
      0,
      0,
      0,
      1,
      0
    ],
    "ImageType": [
      "ORIGINAL",
      "PRIMARY",
      "EPI",
      "NONE"
    ],
    "ImagingFrequency": 127.772,
    "InPlanePhaseEncodingDirectionDICOM": "COL",
    "InstitutionName": "INSTITUTO_DE_NEUROBIOLOGIA",
    "MRAcquisitionType": "2D",
    "MagneticFieldStrength": 3,
    "Manufacturer": "GE",
    "ManufacturersModelName": "DISCOVERY_MR750",
    "Modality": "MR",
    "PatientPosition": "HFS",
    "PercentPhaseFOV": 100,
    "PhaseEncodingDirection": "j",
    "PhaseEncodingPolarityGE": "Flipped",
    "PixelBandwidth": 7812.5,
    "ProcedureStepDescription": "verbos",
    "ProtocolName": "fMRI_7",
    "ReconMatrixPE": 64,
    "RepetitionTime": 2,
    "SAR": 0.370431,
    "ScanOptions": "EPI_GEMS_ACC_GEMS",
    "ScanningSequence": "EP_GR",
    "SequenceVariant": "SS",
    "SeriesDescription": "fMRI_7",
    "SeriesNumber": 11,
    "SliceThickness": 4,
    "SliceTiming": [
      0,
      1.0285,
      0.0571001,
      1.0857,
      0.1142,
      1.1428,
      0.1714,
      1.2,
      0.2285,
      1.2571,
      0.2857,
      1.3143,
      0.3428,
      1.3714,
      0.4,
      1.4286,
      0.4571,
      1.4857,
      0.5142,
      1.5428,
      0.5714,
      1.6,
      0.6285,
      1.6571,
      0.6857,
      1.7143,
      0.7428,
      1.7714,
      0.8,
      1.8285,
      0.8571,
      1.8857,
      0.9143,
      1.9428,
      0.9714
    ],
    "SoftwareVersions": "24_LX_MR_Software_release:DV24.0_R02_1607.b",
    "SpacingBetweenSlices": 4,
    "StationName": "GEHCGEHC",
    "TaskName": "verbs",
    "TotalReadoutTime": 0.023436,
    "dataset": "ds003481",
    "modality": "bold",
    "run_id": 7,
    "subject_id": "129",
    "task_id": "verbs"
  },
  "dummy_trs": 0,
  "dvars_nstd": 15.005541376878615,
  "dvars_std": 1.2717687802312139,
  "dvars_vstd": 1.0746111120231219,
  "efc": 0.34563717460200194,
  "fber": 69649.390625,
  "fd_mean": 0.08016432454373984,
  "fd_num": 2,
  "fd_perc": 1.1494252873563218,
  "fwhm_avg": 2.8320416666666666,
  "fwhm_x": 2.8112,
  "fwhm_y": 2.834825,
  "fwhm_z": 2.8501,
  "gcor": 0.148249,
  "gsr_x": -0.012360743246972561,
  "gsr_y": 0.00744627695530653,
  "provenance": {
    "md5sum": "e59d5d0000ae2ef5ac5d6165c0fc3832",
    "settings": {
      "fd_thres": 0.2,
      "testing": false
    },
    "software": "mriqc",
    "version": "23.0.1",
    "webapi_port": null,
    "webapi_url": "https://mriqc.nimh.nih.gov/api/v1"
  },
  "size_t": 174,
  "size_x": 64,
  "size_y": 64,
  "size_z": 35,
  "snr": 3.0278291845947414,
  "spacing_tr": 2.0,
  "spacing_x": 4.0,
  "spacing_y": 4.0,
  "spacing_z": 4.0,
  "summary_bg_k": 64.4759108809999,
  "summary_bg_mad": 9.77324587918676,
  "summary_bg_mean": 38.20207214355469,
  "summary_bg_median": 7.132184028625488,
  "summary_bg_n": 102877.0,
  "summary_bg_p05": 0.13793103396892548,
  "summary_bg_p95": 182.9436798095702,
  "summary_bg_stdv": 112.87847900390625,
  "summary_fg_k": 2.5625920227399135,
  "summary_fg_mad": 455.2015022753675,
  "summary_fg_mean": 1951.0513916015625,
  "summary_fg_median": 1808.686767578125,
  "summary_fg_n": 12620.0,
  "summary_fg_p05": 1250.0950561523437,
  "summary_fg_p95": 3147.644519042968,
  "summary_fg_stdv": 597.3306274414062,
  "tsnr": 98.2355136286933
}