{
  "aor": 0.013082356321839081,
  "aqi": 0.0024976224425287356,
  "bids_meta": {
    "AcquisitionMatrixPE": 64,
    "AcquisitionNumber": 1,
    "AcquisitionTime": "20:31:20.000000",
    "CoilString": "32Ch_Head",
    "ConversionSoftware": "dcm2niix",
    "ConversionSoftwareVersion": "v1.0.20190902",
    "Dcm2bidsVersion": "2.1.4",
    "DeviceSerialNumber": "000000000000GEHC",
    "EchoTime": 0.04,
    "EffectiveEchoSpacing": 0.000372,
    "FlipAngle": 90,
    "ImageOrientationPatientDICOM": [
      1,
      0,
      0,
      0,
      1,
      0
    ],
    "ImageType": [
      "ORIGINAL",
      "PRIMARY",
      "EPI",
      "NONE"
    ],
    "ImagingFrequency": 127.772,
    "InPlanePhaseEncodingDirectionDICOM": "COL",
    "InstitutionName": "INSTITUTO_DE_NEUROBIOLOGIA",
    "MRAcquisitionType": "2D",
    "MagneticFieldStrength": 3,
    "Manufacturer": "GE",
    "ManufacturersModelName": "DISCOVERY_MR750",
    "Modality": "MR",
    "PatientPosition": "HFS",
    "PercentPhaseFOV": 100,
    "PhaseEncodingDirection": "j",
    "PhaseEncodingPolarityGE": "Flipped",
    "PixelBandwidth": 7812.5,
    "ProcedureStepDescription": "verbos",
    "ProtocolName": "fMRI_4",
    "ReconMatrixPE": 64,
    "RepetitionTime": 2,
    "SAR": 0.370431,
    "ScanOptions": "EPI_GEMS_ACC_GEMS",
    "ScanningSequence": "EP_GR",
    "SequenceVariant": "SS",
    "SeriesDescription": "fMRI_4",
    "SeriesNumber": 7,
    "SliceThickness": 4,
    "SliceTiming": [
      0,
      1.0285,
      0.0571001,
      1.0857,
      0.1142,
      1.1428,
      0.1714,
      1.2,
      0.2285,
      1.2571,
      0.2857,
      1.3143,
      0.3428,
      1.3714,
      0.4,
      1.4286,
      0.4571,
      1.4857,
      0.5142,
      1.5428,
      0.5714,
      1.6,
      0.6285,
      1.6571,
      0.6857,
      1.7143,
      0.7428,
      1.7714,
      0.8,
      1.8285,
      0.8571,
      1.8857,
      0.9143,
      1.9428,
      0.9714
    ],
    "SoftwareVersions": "24_LX_MR_Software_release:DV24.0_R02_1607.b",
    "SpacingBetweenSlices": 4,
    "StationName": "GEHCGEHC",
    "TaskName": "verbs",
    "TotalReadoutTime": 0.023436,
    "dataset": "ds003481",
    "modality": "bold",
    "run_id": 4,
    "subject_id": "129",
    "task_id": "verbs"
  },
  "dummy_trs": 0,
  "dvars_nstd": 16.916676868786134,
  "dvars_std": 1.394274475953757,
  "dvars_vstd": 1.1383774815606935,
  "efc": 0.3448606831081997,
  "fber": 66578.8671875,
  "fd_mean": 0.090791756502642,
  "fd_num": 16,
  "fd_perc": 9.195402298850574,
  "fwhm_avg": 2.8342333333333336,
  "fwhm_x": 2.80535,
  "fwhm_y": 2.85595,
  "fwhm_z": 2.8414,
  "gcor": 0.102895,
  "gsr_x": -0.01300143077969551,
  "gsr_y": 0.0047686719335615635,
  "provenance": {
    "md5sum": "de05ebba1b7625e7835b957f1605014b",
    "settings": {
      "fd_thres": 0.2,
      "testing": false
    },
    "software": "mriqc",
    "version": "23.0.1",
    "webapi_port": null,
    "webapi_url": "https://mriqc.nimh.nih.gov/api/v1"
  },
  "size_t": 174,
  "size_x": 64,
  "size_y": 64,
  "size_z": 35,
  "snr": 3.0174738346136847,
  "spacing_tr": 2.0,
  "spacing_x": 4.0,
  "spacing_y": 4.0,
  "spacing_z": 4.0,
  "summary_bg_k": 57.965130851789176,
  "summary_bg_mad": 10.105553141958392,
  "summary_bg_mean": 40.43777084350586,
  "summary_bg_median": 7.373563289642334,
  "summary_bg_n": 103438.0,
  "summary_bg_p05": 0.1551724076271057,
  "summary_bg_p95": 201.10114898681627,
  "summary_bg_stdv": 115.14285278320312,
  "summary_fg_k": 2.4029263237266143,
  "summary_fg_mad": 456.2921885876019,
  "summary_fg_mean": 1974.5380859375,
  "summary_fg_median": 1824.741455078125,
  "summary_fg_n": 12318.0,
  "summary_fg_p05": 1260.4071655273438,
  "summary_fg_p95": 3184.865759277344,
  "summary_fg_stdv": 604.7003173828125,
  "tsnr": 80.62225865572691
}