{
  "aor": 0.004875689655172414,
  "aqi": 0.0022848967241379313,
  "bids_meta": {
    "AcquisitionMatrixPE": 64,
    "AcquisitionNumber": 1,
    "AcquisitionTime": "21:05:51.000000",
    "CoilString": "32Ch_Head",
    "ConversionSoftware": "dcm2niix",
    "ConversionSoftwareVersion": "v1.0.20190902",
    "Dcm2bidsVersion": "2.1.4",
    "DeviceSerialNumber": "000000000000GEHC",
    "EchoTime": 0.04,
    "EffectiveEchoSpacing": 0.000372,
    "FlipAngle": 90,
    "ImageOrientationPatientDICOM": [
      1,
      0,
      0,
      0,
      1,
      0
    ],
    "ImageType": [
      "ORIGINAL",
      "PRIMARY",
      "EPI",
      "NONE"
    ],
    "ImagingFrequency": 127.772,
    "InPlanePhaseEncodingDirectionDICOM": "COL",
    "InstitutionName": "INSTITUTO_DE_NEUROBIOLOGIA",
    "MRAcquisitionType": "2D",
    "MagneticFieldStrength": 3,
    "Manufacturer": "GE",
    "ManufacturersModelName": "DISCOVERY_MR750",
    "Modality": "MR",
    "PatientPosition": "HFS",
    "PercentPhaseFOV": 100,
    "PhaseEncodingDirection": "j",
    "PhaseEncodingPolarityGE": "Flipped",
    "PixelBandwidth": 7812.5,
    "ProcedureStepDescription": "verbos",
    "ProtocolName": "fMRI_8",
    "ReconMatrixPE": 64,
    "RepetitionTime": 2,
    "SAR": 0.370431,
    "ScanOptions": "EPI_GEMS_ACC_GEMS",
    "ScanningSequence": "EP_GR",
    "SequenceVariant": "SS",
    "SeriesDescription": "fMRI_8",
    "SeriesNumber": 12,
    "SliceThickness": 4,
    "SliceTiming": [
      0,
      1.0285,
      0.0571001,
      1.0857,
      0.1142,
      1.1428,
      0.1714,
      1.2,
      0.2285,
      1.2571,
      0.2857,
      1.3143,
      0.3428,
      1.3714,
      0.4,
      1.4286,
      0.4571,
      1.4857,
      0.5142,
      1.5428,
      0.5714,
      1.6,
      0.6285,
      1.6571,
      0.6857,
      1.7143,
      0.7428,
      1.7714,
      0.8,
      1.8285,
      0.8571,
      1.8857,
      0.9143,
      1.9428,
      0.9714
    ],
    "SoftwareVersions": "24_LX_MR_Software_release:DV24.0_R02_1607.b",
    "SpacingBetweenSlices": 4,
    "StationName": "GEHCGEHC",
    "TaskName": "verbs",
    "TotalReadoutTime": 0.023436,
    "dataset": "ds003481",
    "modality": "bold",
    "run_id": 8,
    "subject_id": "129",
    "task_id": "verbs"
  },
  "dummy_trs": 0,
  "dvars_nstd": 16.415275485375723,
  "dvars_std": 1.2047581409248551,
  "dvars_vstd": 1.029307936416185,
  "efc": 0.3429961911537152,
  "fber": 73429.75,
  "fd_mean": 0.12323874529607365,
  "fd_num": 19,
  "fd_perc": 10.919540229885058,
  "fwhm_avg": 2.910575,
  "fwhm_x": 2.8884,
  "fwhm_y": 2.887625,
  "fwhm_z": 2.9557,
  "gcor": 0.0372963,
  "gsr_x": -0.011567956767976284,
  "gsr_y": 0.008975854143500328,
  "provenance": {
    "md5sum": "400c9d4cba1a135fbc19754b826a4a21",
    "settings": {
      "fd_thres": 0.2,
      "testing": false
    },
    "software": "mriqc",
    "version": "23.0.1",
    "webapi_port": null,
    "webapi_url": "https://mriqc.nimh.nih.gov/api/v1"
  },
  "size_t": 174,
  "size_x": 64,
  "size_y": 64,
  "size_z": 35,
  "snr": 2.8555593918012123,
  "spacing_tr": 2.0,
  "spacing_x": 4.0,
  "spacing_y": 4.0,
  "spacing_z": 4.0,
  "summary_bg_k": 67.00969808117384,
  "summary_bg_mad": 9.585790355169976,
  "summary_bg_mean": 37.229923248291016,
  "summary_bg_median": 6.988505840301514,
  "summary_bg_n": 102856.0,
  "summary_bg_p05": 0.1149425283074379,
  "summary_bg_p95": 176.07758331298828,
  "summary_bg_stdv": 108.28266906738281,
  "summary_fg_k": 2.4328500327196503,
  "summary_fg_mad": 458.1582005717208,
  "summary_fg_mean": 1966.9293212890625,
  "summary_fg_median": 1801.6810302734375,
  "summary_fg_n": 12676.0,
  "summary_fg_p05": 1231.7256164550781,
  "summary_fg_p95": 3245.912353515625,
  "summary_fg_stdv": 630.9131469726562,
  "tsnr": 80.59532656054944
}