{
  "aor": 0.01214506666666667,
  "aqi": 0.0038485546666666673,
  "bids_meta": {
    "AcquisitionMatrixPE": 64,
    "AcquisitionNumber": 1,
    "AcquisitionTime": "21:13:14.000000",
    "CoilString": "32Ch_Head",
    "ConversionSoftware": "dcm2niix",
    "ConversionSoftwareVersion": "v1.0.20190902",
    "Dcm2bidsVersion": "2.1.4",
    "DeviceSerialNumber": "000000000000GEHC",
    "EchoTime": 0.04,
    "EffectiveEchoSpacing": 0.000372,
    "FlipAngle": 90,
    "ImageOrientationPatientDICOM": [
      1,
      0,
      0,
      0,
      1,
      0
    ],
    "ImageType": [
      "ORIGINAL",
      "PRIMARY",
      "EPI",
      "NONE"
    ],
    "ImagingFrequency": 127.772,
    "InPlanePhaseEncodingDirectionDICOM": "COL",
    "InstitutionName": "INSTITUTO_DE_NEUROBIOLOGIA",
    "MRAcquisitionType": "2D",
    "MagneticFieldStrength": 3,
    "Manufacturer": "GE",
    "ManufacturersModelName": "DISCOVERY_MR750",
    "Modality": "MR",
    "PatientPosition": "HFS",
    "PercentPhaseFOV": 100,
    "PhaseEncodingDirection": "j",
    "PhaseEncodingPolarityGE": "Flipped",
    "PixelBandwidth": 7812.5,
    "ProcedureStepDescription": "verbos",
    "ProtocolName": "fMRI_RestState",
    "ReconMatrixPE": 64,
    "RepetitionTime": 2,
    "SAR": 0.370431,
    "ScanOptions": "EPI_GEMS_ACC_GEMS",
    "ScanningSequence": "EP_GR",
    "SequenceVariant": "SS",
    "SeriesDescription": "fMRI_RestState",
    "SeriesNumber": 13,
    "SliceThickness": 4,
    "SliceTiming": [
      0,
      1.0285,
      0.0571001,
      1.0857,
      0.1142,
      1.1428,
      0.1714,
      1.2,
      0.2285,
      1.2571,
      0.2857,
      1.3143,
      0.3428,
      1.3714,
      0.4,
      1.4286,
      0.4571,
      1.4857,
      0.5142,
      1.5428,
      0.5714,
      1.6,
      0.6285,
      1.6571,
      0.6857,
      1.7143,
      0.7428,
      1.7714,
      0.8,
      1.8285,
      0.8571,
      1.8857,
      0.9143,
      1.9428,
      0.9714
    ],
    "SoftwareVersions": "24_LX_MR_Software_release:DV24.0_R02_1607.b",
    "SpacingBetweenSlices": 4,
    "StationName": "GEHCGEHC",
    "TaskName": "rest",
    "TotalReadoutTime": 0.023436,
    "dataset": "ds003481",
    "modality": "bold",
    "subject_id": "129",
    "task_id": "rest"
  },
  "dummy_trs": 0,
  "dvars_nstd": 17.11075205809365,
  "dvars_std": 1.2405340034448162,
  "dvars_vstd": 1.0960964147491632,
  "efc": 0.3433437332795081,
  "fber": 77996.40625,
  "fd_mean": 0.12317287348869041,
  "fd_num": 32,
  "fd_perc": 10.666666666666666,
  "fwhm_avg": 2.8687083333333336,
  "fwhm_x": 2.85325,
  "fwhm_y": 2.873575,
  "fwhm_z": 2.8793,
  "gcor": 0.0720684,
  "gsr_x": -0.011307313106954098,
  "gsr_y": 0.010470890440046787,
  "provenance": {
    "md5sum": "565289b337d5300094577a1ab46e4c94",
    "settings": {
      "fd_thres": 0.2,
      "testing": false
    },
    "software": "mriqc",
    "version": "23.0.1",
    "webapi_port": null,
    "webapi_url": "https://mriqc.nimh.nih.gov/api/v1"
  },
  "size_t": 300,
  "size_x": 64,
  "size_y": 64,
  "size_z": 35,
  "snr": 2.9263686493615646,
  "spacing_tr": 2.0,
  "spacing_x": 4.0,
  "spacing_y": 4.0,
  "spacing_z": 4.0,
  "summary_bg_k": 69.05818025082327,
  "summary_bg_mad": 9.454060586164083,
  "summary_bg_mean": 37.78373336791992,
  "summary_bg_median": 6.896667003631592,
  "summary_bg_n": 102879.0,
  "summary_bg_p05": 0.12333333492279053,
  "summary_bg_p95": 178.06433868408195,
  "summary_bg_stdv": 110.79573822021484,
  "summary_fg_k": 2.481956635404029,
  "summary_fg_mad": 458.0647235153416,
  "summary_fg_mean": 1980.6461181640625,
  "summary_fg_median": 1823.5933837890625,
  "summary_fg_n": 12623.0,
  "summary_fg_p05": 1254.1774169921875,
  "summary_fg_p95": 3250.8984375,
  "summary_fg_stdv": 623.1344604492188,
  "tsnr": 63.48444177233614
}