{
  "bids_meta": {
    "AcquisitionDateTime": "2017-01-10T20:49:52.000000",
    "ConversionSoftware": "dcm2niix",
    "ConversionSoftwareVersion": "v1.0.20170411 GCC4.8.4",
    "EchoTime": 0.00318,
    "FlipAngle": 12,
    "ImageType": [
      "DERIVED",
      "PRIMARY",
      "OTHER"
    ],
    "InversionTime": 0.45,
    "MagneticFieldStrength": 3,
    "Manufacturer": "GE",
    "ManufacturersModelName": "DISCOVERY_MR750",
    "ProcedureStepDescription": "CompRefranes",
    "ProtocolName": "PU:Sag_T1_FSPGR_BRAVO",
    "RepetitionTime": 0.008156,
    "ScanningSequence": "GR",
    "SequenceVariant": "SS_SP_SK",
    "SeriesDescription": "PU:Sag_T1_FSPGR_BRAVO",
    "dataset": "ds003481",
    "modality": "T1w",
    "subject_id": "050"
  },
  "cjv": 0.3471165031602785,
  "cnr": 3.841592672812037,
  "efc": 0.7384711657887877,
  "fber": 10340.785969084423,
  "fwhm_avg": 3.6082099999999997,
  "fwhm_x": 3.54212,
  "fwhm_y": 3.82415,
  "fwhm_z": 3.45836,
  "icvs_csf": 0.20562147577735782,
  "icvs_gm": 0.44903042024447415,
  "icvs_wm": 0.345348103978168,
  "inu_med": 0.5317320227622986,
  "inu_range": 0.17514181733131406,
  "provenance": {
    "md5sum": "44635be2ba9e1e65a0cd0111acb1918e",
    "settings": {
      "testing": false
    },
    "software": "mriqc",
    "version": "23.0.1",
    "warnings": {
      "large_rot_frame": true,
      "small_air_mask": false
    },
    "webapi_port": null,
    "webapi_url": "https://mriqc.nimh.nih.gov/api/v1"
  },
  "qi_1": 0.0,
  "qi_2": 0.0007121777660592787,
  "rpve_csf": 22.957108268423365,
  "rpve_gm": 11.332246608430978,
  "rpve_wm": 16.924801406962395,
  "size_x": 176,
  "size_y": 256,
  "size_z": 256,
  "snr_csf": 2.448312001710301,
  "snr_gm": 10.291606699022706,
  "snr_total": 11.207907117080227,
  "snr_wm": 20.883802650507675,
  "snrd_csf": 14.380104154085657,
  "snrd_gm": 36.597968281028066,
  "snrd_total": 34.87140647020194,
  "snrd_wm": 53.636146975492096,
  "spacing_x": 1.0,
  "spacing_y": 1.0,
  "spacing_z": 1.0,
  "summary_bg_k": 11.497457210893817,
  "summary_bg_mad": 0.0,
  "summary_bg_mean": 6.1203343615934305,
  "summary_bg_median": 0.0,
  "summary_bg_n": 487678.0,
  "summary_bg_p05": 0.0,
  "summary_bg_p95": 32.52332469820976,
  "summary_bg_stdv": 12.214907787833782,
  "summary_csf_k": 1.0838190654263578,
  "summary_csf_mad": 93.21276242972588,
  "summary_csf_mean": 273.6946602913248,
  "summary_csf_median": 268.1146189123392,
  "summary_csf_n": 28176.0,
  "summary_csf_p05": 93.69814972579479,
  "summary_csf_p95": 467.319982688874,
  "summary_csf_stdv": 109.50804506463781,
  "summary_gm_k": 0.20222718063791056,
  "summary_gm_mad": 64.01885325818711,
  "summary_gm_mean": 681.8022815836525,
  "summary_gm_median": 682.3629518598318,
  "summary_gm_n": 34548.0,
  "summary_gm_p05": 571.4812768399715,
  "summary_gm_p95": 790.7980026237667,
  "summary_gm_stdv": 66.30189980685488,
  "summary_wm_k": 0.5767241437185793,
  "summary_wm_mad": 46.251024642550206,
  "summary_wm_mean": 1000.9612961573511,
  "summary_wm_median": 1000.0369226932526,
  "summary_wm_n": 209025.0,
  "summary_wm_p05": 924.1491650640965,
  "summary_wm_p95": 1079.9440027624369,
  "summary_wm_stdv": 47.88565316764251,
  "tpm_overlap_csf": 0.15893852831313657,
  "tpm_overlap_gm": 0.4645863147122171,
  "tpm_overlap_wm": 0.5029333160309689,
  "wm2max": 0.5411697587873182
}