{
  "aor": 0.00343476377952756,
  "aqi": 0.00207564907480315,
  "bids_meta": {
    "AcquisitionMatrixPE": 64,
    "AcquisitionNumber": 1,
    "AcquisitionTime": "19:17:45.000000",
    "BodyPartExamined": "HEAD",
    "CoilString": "32Ch_Head",
    "ConversionSoftware": "dcm2niix",
    "ConversionSoftwareVersion": "v1.0.20181125  (JP2:OpenJPEG) GCC7.3.0",
    "DeviceSerialNumber": "0002806034DVR750",
    "EchoTime": 0.04,
    "EffectiveEchoSpacing": 0.000372,
    "FlipAngle": 90,
    "ImageOrientationPatientDICOM": [
      1,
      0,
      0,
      0,
      1,
      0
    ],
    "ImageType": [
      "ORIGINAL",
      "PRIMARY",
      "EPI",
      "NONE"
    ],
    "ImagingFrequency": 127.772,
    "InPlanePhaseEncodingDirectionDICOM": "COL",
    "InstitutionName": "INSTITUTO_DE_NEUROBIOLOGIA",
    "MRAcquisitionType": "2D",
    "MagneticFieldStrength": 3,
    "Manufacturer": "GE",
    "ManufacturersModelName": "DISCOVERY_MR750",
    "Modality": "MR",
    "PatientPosition": "HFS",
    "PercentPhaseFOV": 100,
    "PhaseEncodingDirection": "j",
    "PhaseEncodingPolarityGE": "Flipped",
    "PixelBandwidth": 7812.5,
    "ProcedureStepDescription": "Emociones_AH",
    "ProtocolName": "fMRI_Jalil_3",
    "ReconMatrixPE": 64,
    "RepetitionTime": 2,
    "SAR": 0.170344,
    "ScanOptions": "EPI_GEMS_ACC_GEMS",
    "ScanningSequence": "EP_GR",
    "SequenceVariant": "SS",
    "SeriesDescription": "fMRI_Jalil_3",
    "SeriesNumber": 9,
    "SliceThickness": 4,
    "SliceTiming": [
      0,
      1.0285,
      0.0571001,
      1.0857,
      0.1142,
      1.1428,
      0.1714,
      1.2,
      0.2285,
      1.2571,
      0.2857,
      1.3143,
      0.3428,
      1.3714,
      0.4,
      1.4286,
      0.4571,
      1.4857,
      0.5142,
      1.5428,
      0.5714,
      1.6,
      0.6285,
      1.6571,
      0.6857,
      1.7143,
      0.7428,
      1.7714,
      0.8,
      1.8285,
      0.8571,
      1.8857,
      0.9143,
      1.9428,
      0.9714
    ],
    "SoftwareVersions": "27_LX_MR_Software_release:DV26.0_R02_1810.b",
    "SpacingBetweenSlices": 4,
    "StationName": "GEHCGEHC",
    "TaskName": "sae",
    "TotalReadoutTime": 0.023436,
    "dataset": "ds003481",
    "modality": "bold",
    "run_id": 3,
    "subject_id": "028",
    "task_id": "sae"
  },
  "dummy_trs": 0,
  "dvars_nstd": 15.406725777826097,
  "dvars_std": 1.162187305098815,
  "dvars_vstd": 1.0067699689328062,
  "efc": 0.37503249342775197,
  "fber": 63481.1015625,
  "fd_mean": 0.07933487118033357,
  "fd_num": 10,
  "fd_perc": 3.937007874015748,
  "fwhm_avg": 2.6581916666666667,
  "fwhm_x": 2.6794,
  "fwhm_y": 2.720575,
  "fwhm_z": 2.5746,
  "gcor": 0.0433691,
  "gsr_x": -0.009898245334625244,
  "gsr_y": 0.003634526627138257,
  "provenance": {
    "md5sum": "4933f2536514eb7931a6e8db2a735f47",
    "settings": {
      "fd_thres": 0.2,
      "testing": false
    },
    "software": "mriqc",
    "version": "23.0.1",
    "webapi_port": null,
    "webapi_url": "https://mriqc.nimh.nih.gov/api/v1"
  },
  "size_t": 254,
  "size_x": 64,
  "size_y": 64,
  "size_z": 35,
  "snr": 3.309670852431551,
  "spacing_tr": 2.0,
  "spacing_x": 4.0,
  "spacing_y": 4.0,
  "spacing_z": 4.0,
  "summary_bg_k": 49.80324156837303,
  "summary_bg_mad": 10.573755581046134,
  "summary_bg_mean": 49.20961380004883,
  "summary_bg_median": 7.812992095947266,
  "summary_bg_n": 100372.0,
  "summary_bg_p05": 0.25590550899505615,
  "summary_bg_p95": 279.886424255371,
  "summary_bg_stdv": 137.48779296875,
  "summary_fg_k": 0.2849720811432177,
  "summary_fg_mad": 528.0251966827908,
  "summary_fg_mean": 1972.7886962890625,
  "summary_fg_median": 1902.56689453125,
  "summary_fg_n": 14936.0,
  "summary_fg_p05": 1140.1752319335938,
  "summary_fg_p95": 3037.6387939453125,
  "summary_fg_stdv": 574.83154296875,
  "tsnr": 81.92779621947557
}