{
  "aor": 0.009111366666666667,
  "aqi": 0.00457886663,
  "bids_meta": {
    "AcquisitionMatrixPE": 64,
    "AcquisitionNumber": 1,
    "AcquisitionTime": "18:46:24.000000",
    "BodyPartExamined": "HEAD",
    "CoilString": "32Ch_Head",
    "ConversionSoftware": "dcm2niix",
    "ConversionSoftwareVersion": "v1.0.20181125  (JP2:OpenJPEG) GCC7.3.0",
    "DeviceSerialNumber": "0002806034DVR750",
    "EchoTime": 0.04,
    "EffectiveEchoSpacing": 0.000372,
    "FlipAngle": 90,
    "ImageOrientationPatientDICOM": [
      1,
      0,
      0,
      0,
      1,
      0
    ],
    "ImageType": [
      "ORIGINAL",
      "PRIMARY",
      "EPI",
      "NONE"
    ],
    "ImagingFrequency": 127.772,
    "InPlanePhaseEncodingDirectionDICOM": "COL",
    "InstitutionName": "INSTITUTO_DE_NEUROBIOLOGIA",
    "MRAcquisitionType": "2D",
    "MagneticFieldStrength": 3,
    "Manufacturer": "GE",
    "ManufacturersModelName": "DISCOVERY_MR750",
    "Modality": "MR",
    "PatientPosition": "HFS",
    "PercentPhaseFOV": 100,
    "PhaseEncodingDirection": "j",
    "PhaseEncodingPolarityGE": "Flipped",
    "PixelBandwidth": 7812.5,
    "ProcedureStepDescription": "Emociones_AH",
    "ProtocolName": "fMRI_RestState",
    "ReconMatrixPE": 64,
    "RepetitionTime": 2,
    "SAR": 0.170123,
    "ScanOptions": "EPI_GEMS_ACC_GEMS",
    "ScanningSequence": "EP_GR",
    "SequenceVariant": "SS",
    "SeriesDescription": "fMRI_RestState",
    "SeriesNumber": 5,
    "SliceThickness": 4,
    "SliceTiming": [
      0,
      1.0285,
      0.0571001,
      1.0857,
      0.1142,
      1.1428,
      0.1714,
      1.2,
      0.2285,
      1.2571,
      0.2857,
      1.3143,
      0.3428,
      1.3714,
      0.4,
      1.4286,
      0.4571,
      1.4857,
      0.5142,
      1.5428,
      0.5714,
      1.6,
      0.6285,
      1.6571,
      0.6857,
      1.7143,
      0.7428,
      1.7714,
      0.8,
      1.8285,
      0.8571,
      1.8857,
      0.9143,
      1.9428,
      0.9714
    ],
    "SoftwareVersions": "27_LX_MR_Software_release:DV26.0_R02_1810.b",
    "SpacingBetweenSlices": 4,
    "StationName": "GEHCGEHC",
    "TaskName": "rest",
    "TotalReadoutTime": 0.023436,
    "dataset": "ds003481",
    "modality": "bold",
    "subject_id": "028",
    "task_id": "rest"
  },
  "dummy_trs": 0,
  "dvars_nstd": 15.469313034515045,
  "dvars_std": 1.1320885473578601,
  "dvars_vstd": 1.0289986833110367,
  "efc": 0.37401867728519356,
  "fber": 69715.3515625,
  "fd_mean": 0.09299979758860691,
  "fd_num": 14,
  "fd_perc": 4.666666666666667,
  "fwhm_avg": 2.6389833333333335,
  "fwhm_x": 2.64295,
  "fwhm_y": 2.684675,
  "fwhm_z": 2.589325,
  "gcor": 0.0453452,
  "gsr_x": -0.010847896337509155,
  "gsr_y": 0.008121060207486153,
  "provenance": {
    "md5sum": "45f8729ec8e946af503167700cb4fb7f",
    "settings": {
      "fd_thres": 0.2,
      "testing": false
    },
    "software": "mriqc",
    "version": "23.0.1",
    "webapi_port": null,
    "webapi_url": "https://mriqc.nimh.nih.gov/api/v1"
  },
  "size_t": 300,
  "size_x": 64,
  "size_y": 64,
  "size_z": 35,
  "snr": 3.3583443034454032,
  "spacing_tr": 2.0,
  "spacing_x": 4.0,
  "spacing_y": 4.0,
  "spacing_z": 4.0,
  "summary_bg_k": 115.7933962461881,
  "summary_bg_mad": 10.309028022211741,
  "summary_bg_mean": 48.39386749267578,
  "summary_bg_median": 7.580000400543213,
  "summary_bg_n": 100431.0,
  "summary_bg_p05": 0.20333333313465118,
  "summary_bg_p95": 264.98667907714844,
  "summary_bg_stdv": 142.60923767089844,
  "summary_fg_k": 0.20259326365035912,
  "summary_fg_mad": 530.2378791441494,
  "summary_fg_mean": 1984.5546875,
  "summary_fg_median": 1917.2933349609375,
  "summary_fg_n": 14957.0,
  "summary_fg_p05": 1146.00537109375,
  "summary_fg_p95": 3040.020166015625,
  "summary_fg_stdv": 570.88525390625,
  "tsnr": 56.93621876416728
}