{
  "aor": 0.0009444827586206896,
  "aqi": 0.0022071478620689657,
  "bids_meta": {
    "AcquisitionMatrixPE": 64,
    "AcquisitionNumber": 1,
    "AcquisitionTime": "20:14:28.000000",
    "CoilString": "32Ch_Head",
    "ConversionSoftware": "dcm2niix",
    "ConversionSoftwareVersion": "v1.0.20190902",
    "Dcm2bidsVersion": "2.1.4",
    "DeviceSerialNumber": "000000000000GEHC",
    "EchoTime": 0.04,
    "EffectiveEchoSpacing": 0.000372,
    "FlipAngle": 90,
    "ImageOrientationPatientDICOM": [
      1,
      0,
      0,
      0,
      1,
      0
    ],
    "ImageType": [
      "ORIGINAL",
      "PRIMARY",
      "EPI",
      "NONE"
    ],
    "ImagingFrequency": 127.772,
    "InPlanePhaseEncodingDirectionDICOM": "COL",
    "InstitutionName": "INSTITUTO_DE_NEUROBIOLOGIA",
    "MRAcquisitionType": "2D",
    "MagneticFieldStrength": 3,
    "Manufacturer": "GE",
    "ManufacturersModelName": "DISCOVERY_MR750",
    "Modality": "MR",
    "PatientPosition": "HFS",
    "PercentPhaseFOV": 100,
    "PhaseEncodingDirection": "j",
    "PhaseEncodingPolarityGE": "Flipped",
    "PixelBandwidth": 7812.5,
    "ProcedureStepDescription": "verbos",
    "ProtocolName": "fMRI_3",
    "ReconMatrixPE": 64,
    "RepetitionTime": 2,
    "SAR": 0.370431,
    "ScanOptions": "EPI_GEMS_ACC_GEMS",
    "ScanningSequence": "EP_GR",
    "SequenceVariant": "SS",
    "SeriesDescription": "fMRI_3",
    "SeriesNumber": 6,
    "SliceThickness": 4,
    "SliceTiming": [
      0,
      1.0285,
      0.0571001,
      1.0857,
      0.1142,
      1.1428,
      0.1714,
      1.2,
      0.2285,
      1.2571,
      0.2857,
      1.3143,
      0.3428,
      1.3714,
      0.4,
      1.4286,
      0.4571,
      1.4857,
      0.5142,
      1.5428,
      0.5714,
      1.6,
      0.6285,
      1.6571,
      0.6857,
      1.7143,
      0.7428,
      1.7714,
      0.8,
      1.8285,
      0.8571,
      1.8857,
      0.9143,
      1.9428,
      0.9714
    ],
    "SoftwareVersions": "24_LX_MR_Software_release:DV24.0_R02_1607.b",
    "SpacingBetweenSlices": 4,
    "StationName": "GEHCGEHC",
    "TaskName": "verbs",
    "TotalReadoutTime": 0.023436,
    "dataset": "ds003481",
    "modality": "bold",
    "run_id": 3,
    "subject_id": "146",
    "task_id": "verbs"
  },
  "dummy_trs": 0,
  "dvars_nstd": 14.730150685838153,
  "dvars_std": 1.0734017645086702,
  "dvars_vstd": 0.9700119733526014,
  "efc": 0.381466326640142,
  "fber": 65435.57421875,
  "fd_mean": 0.061875908827875234,
  "fd_num": 1,
  "fd_perc": 0.5747126436781609,
  "fwhm_avg": 2.951783333333333,
  "fwhm_x": 2.8643,
  "fwhm_y": 3.014825,
  "fwhm_z": 2.976225,
  "gcor": 0.0336003,
  "gsr_x": -0.02036418579518795,
  "gsr_y": 0.022160368040204048,
  "provenance": {
    "md5sum": "7c9dbabbf7c06511e89d65a50791b3a1",
    "settings": {
      "fd_thres": 0.2,
      "testing": false
    },
    "software": "mriqc",
    "version": "23.0.1",
    "webapi_port": null,
    "webapi_url": "https://mriqc.nimh.nih.gov/api/v1"
  },
  "size_t": 174,
  "size_x": 64,
  "size_y": 64,
  "size_z": 35,
  "snr": 3.0069735973882996,
  "spacing_tr": 2.0,
  "spacing_x": 4.0,
  "spacing_y": 4.0,
  "spacing_z": 4.0,
  "summary_bg_k": 167.64250045148196,
  "summary_bg_mad": 10.872416416324379,
  "summary_bg_mean": 43.12148666381836,
  "summary_bg_median": 7.873563289642334,
  "summary_bg_n": 98010.0,
  "summary_bg_p05": 0.1149425283074379,
  "summary_bg_p95": 211.0790199279786,
  "summary_bg_stdv": 124.12969207763672,
  "summary_fg_k": 1.0992680132530062,
  "summary_fg_mad": 551.2212612752501,
  "summary_fg_mean": 2033.32568359375,
  "summary_fg_median": 1924.011474609375,
  "summary_fg_n": 16788.0,
  "summary_fg_p05": 1157.5905395507812,
  "summary_fg_p95": 3233.8772583007812,
  "summary_fg_stdv": 639.8307495117188,
  "tsnr": 80.5571027873084
}