{
  "aor": 0.0021731034482758618,
  "aqi": 0.0013922313333333332,
  "bids_meta": {
    "AcquisitionMatrixPE": 64,
    "AcquisitionNumber": 1,
    "AcquisitionTime": "20:06:26.000000",
    "CoilString": "32Ch_Head",
    "ConversionSoftware": "dcm2niix",
    "ConversionSoftwareVersion": "v1.0.20190902",
    "Dcm2bidsVersion": "2.1.4",
    "DeviceSerialNumber": "000000000000GEHC",
    "EchoTime": 0.04,
    "EffectiveEchoSpacing": 0.000372,
    "FlipAngle": 90,
    "ImageOrientationPatientDICOM": [
      1,
      0,
      0,
      0,
      1,
      0
    ],
    "ImageType": [
      "ORIGINAL",
      "PRIMARY",
      "EPI",
      "NONE"
    ],
    "ImagingFrequency": 127.772,
    "InPlanePhaseEncodingDirectionDICOM": "COL",
    "InstitutionName": "INSTITUTO_DE_NEUROBIOLOGIA",
    "MRAcquisitionType": "2D",
    "MagneticFieldStrength": 3,
    "Manufacturer": "GE",
    "ManufacturersModelName": "DISCOVERY_MR750",
    "Modality": "MR",
    "PatientPosition": "HFS",
    "PercentPhaseFOV": 100,
    "PhaseEncodingDirection": "j",
    "PhaseEncodingPolarityGE": "Flipped",
    "PixelBandwidth": 7812.5,
    "ProcedureStepDescription": "verbos",
    "ProtocolName": "fMRI_2",
    "ReconMatrixPE": 64,
    "RepetitionTime": 2,
    "SAR": 0.370431,
    "ScanOptions": "EPI_GEMS_ACC_GEMS",
    "ScanningSequence": "EP_GR",
    "SequenceVariant": "SS",
    "SeriesDescription": "fMRI_2",
    "SeriesNumber": 5,
    "SliceThickness": 4,
    "SliceTiming": [
      0,
      1.0285,
      0.0571001,
      1.0857,
      0.1142,
      1.1428,
      0.1714,
      1.2,
      0.2285,
      1.2571,
      0.2857,
      1.3143,
      0.3428,
      1.3714,
      0.4,
      1.4286,
      0.4571,
      1.4857,
      0.5142,
      1.5428,
      0.5714,
      1.6,
      0.6285,
      1.6571,
      0.6857,
      1.7143,
      0.7428,
      1.7714,
      0.8,
      1.8285,
      0.8571,
      1.8857,
      0.9143,
      1.9428,
      0.9714
    ],
    "SoftwareVersions": "24_LX_MR_Software_release:DV24.0_R02_1607.b",
    "SpacingBetweenSlices": 4,
    "StationName": "GEHCGEHC",
    "TaskName": "verbs",
    "TotalReadoutTime": 0.023436,
    "dataset": "ds003481",
    "modality": "bold",
    "run_id": 2,
    "subject_id": "146",
    "task_id": "verbs"
  },
  "dummy_trs": 0,
  "dvars_nstd": 14.476818911734098,
  "dvars_std": 1.127288115375722,
  "dvars_vstd": 1.0117466586127168,
  "efc": 0.38159840296640635,
  "fber": 66673.96875,
  "fd_mean": 0.05985604112028917,
  "fd_num": 4,
  "fd_perc": 2.2988505747126435,
  "fwhm_avg": 2.948541666666667,
  "fwhm_x": 2.8702,
  "fwhm_y": 3.0037,
  "fwhm_z": 2.971725,
  "gcor": 0.0303297,
  "gsr_x": -0.020358365029096603,
  "gsr_y": 0.021914895623922348,
  "provenance": {
    "md5sum": "44922b5ab2a049e48cec5f4e03fb3433",
    "settings": {
      "fd_thres": 0.2,
      "testing": false
    },
    "software": "mriqc",
    "version": "23.0.1",
    "webapi_port": null,
    "webapi_url": "https://mriqc.nimh.nih.gov/api/v1"
  },
  "size_t": 174,
  "size_x": 64,
  "size_y": 64,
  "size_z": 35,
  "snr": 3.010337747565253,
  "spacing_tr": 2.0,
  "spacing_x": 4.0,
  "spacing_y": 4.0,
  "spacing_z": 4.0,
  "summary_bg_k": 133.83983501241073,
  "summary_bg_mad": 10.727564147349657,
  "summary_bg_mean": 42.953651428222656,
  "summary_bg_median": 7.781609058380127,
  "summary_bg_n": 97986.0,
  "summary_bg_p05": 0.13218390941619873,
  "summary_bg_p95": 212.6939582824707,
  "summary_bg_stdv": 121.07189178466797,
  "summary_fg_k": 1.0986758883694714,
  "summary_fg_mad": 547.9322805480891,
  "summary_fg_mean": 2034.0736083984375,
  "summary_fg_median": 1925.1322021484375,
  "summary_fg_n": 16821.0,
  "summary_fg_p05": 1159.3505859375,
  "summary_fg_p95": 3240.1435546875,
  "summary_fg_stdv": 639.488037109375,
  "tsnr": 93.56032264977694
}