{
  "bids_meta": {
    "AcquisitionMatrixPE": 256,
    "AcquisitionNumber": 1,
    "AcquisitionTime": "19:54:52.000000",
    "CoilString": "32Ch_Head",
    "ConversionSoftware": "dcm2niix",
    "ConversionSoftwareVersion": "v1.0.20190902",
    "Dcm2bidsVersion": "2.1.4",
    "DeviceSerialNumber": "000000000000GEHC",
    "EchoTime": 0.00318,
    "FlipAngle": 12,
    "ImageOrientationPatientDICOM": [
      0,
      1,
      0,
      0,
      0,
      -1
    ],
    "ImageType": [
      "ORIGINAL",
      "PRIMARY",
      "OTHER"
    ],
    "ImagingFrequency": 127.772,
    "InPlanePhaseEncodingDirectionDICOM": "ROW",
    "InstitutionName": "INSTITUTO_DE_NEUROBIOLOGIA",
    "InversionTime": 0.45,
    "MRAcquisitionType": "3D",
    "MagneticFieldStrength": 3,
    "Manufacturer": "GE",
    "ManufacturersModelName": "DISCOVERY_MR750",
    "Modality": "MR",
    "PatientPosition": "HFS",
    "PercentPhaseFOV": 100,
    "PixelBandwidth": 244.141,
    "ProcedureStepDescription": "verbos",
    "ProtocolName": "Sag_T1_FSPGR_BRAVO",
    "ReconMatrixPE": 256,
    "RepetitionTime": 0.008156,
    "SAR": 0.221931,
    "ScanOptions": "FAST_GEMS_EDR_GEMS_FILTERED_GEMS_ACC_GEMS",
    "ScanningSequence": "GR",
    "SequenceVariant": "SS_SP_SK",
    "SeriesDescription": "Sag_T1_FSPGR_BRAVO",
    "SeriesNumber": 15,
    "SliceThickness": 1,
    "SoftwareVersions": "24_LX_MR_Software_release:DV24.0_R02_1607.b",
    "SpacingBetweenSlices": 1,
    "StationName": "GEHCGEHC",
    "dataset": "ds003481",
    "modality": "T1w",
    "subject_id": "126"
  },
  "cjv": 0.39345023580173877,
  "cnr": 3.496066044568078,
  "efc": 0.5684203806059431,
  "fber": -1.0,
  "fwhm_avg": 3.973383333333333,
  "fwhm_x": 3.89664,
  "fwhm_y": 4.07172,
  "fwhm_z": 3.95179,
  "icvs_csf": 0.1875817627483311,
  "icvs_gm": 0.45095329812796986,
  "icvs_wm": 0.36146493912369904,
  "inu_med": 0.8123665452003479,
  "inu_range": 0.5805104374885554,
  "provenance": {
    "md5sum": "d18e15aaa09451964f01e14fb65b1c38",
    "settings": {
      "testing": false
    },
    "software": "mriqc",
    "version": "23.0.1",
    "warnings": {
      "large_rot_frame": true,
      "small_air_mask": false
    },
    "webapi_port": null,
    "webapi_url": "https://mriqc.nimh.nih.gov/api/v1"
  },
  "qi_1": 7.126409548278185e-05,
  "qi_2": 0.002966541398229399,
  "rpve_csf": 30.203849850561546,
  "rpve_gm": 13.322499809893715,
  "rpve_wm": 18.26690350584733,
  "size_x": 176,
  "size_y": 256,
  "size_z": 256,
  "snr_csf": 1.9334549634884501,
  "snr_gm": 11.482718358983393,
  "snr_total": 10.704374193884727,
  "snr_wm": 18.69694925918234,
  "snrd_csf": 14.573014428378485,
  "snrd_gm": 39.7260834617747,
  "snrd_total": 36.72356219466721,
  "snrd_wm": 55.87158869384844,
  "spacing_x": 1.0,
  "spacing_y": 1.0,
  "spacing_z": 1.0,
  "summary_bg_k": 15.367989437789117,
  "summary_bg_mad": 0.0,
  "summary_bg_mean": 5.591576515860631,
  "summary_bg_median": 0.0,
  "summary_bg_n": 1928325.0,
  "summary_bg_p05": 0.0,
  "summary_bg_p95": 28.267520807683468,
  "summary_bg_stdv": 11.726321359089269,
  "summary_csf_k": 0.3794327638284525,
  "summary_csf_mad": 133.03742446808937,
  "summary_csf_mean": 267.52195729446726,
  "summary_csf_median": 260.8431623671204,
  "summary_csf_n": 20284.0,
  "summary_csf_p05": 60.046625385805974,
  "summary_csf_p95": 509.8839062526822,
  "summary_csf_stdv": 134.90706400578287,
  "summary_gm_k": 0.09450431090907685,
  "summary_gm_mad": 61.496054395533605,
  "summary_gm_mean": 710.7119798777235,
  "summary_gm_median": 711.0592862963676,
  "summary_gm_n": 34753.0,
  "summary_gm_p05": 608.5093834899366,
  "summary_gm_p95": 812.0841029286385,
  "summary_gm_stdv": 61.92340818677366,
  "summary_wm_k": 0.5398611306946348,
  "summary_wm_mad": 52.20683774796471,
  "summary_wm_mean": 1003.0508479278834,
  "summary_wm_median": 1000.0485454127192,
  "summary_wm_n": 175611.0,
  "summary_wm_p05": 921.2200466655195,
  "summary_wm_p95": 1094.7350261937827,
  "summary_wm_stdv": 53.487105527510366,
  "tpm_overlap_csf": 0.127073228719578,
  "tpm_overlap_gm": 0.4711564103240558,
  "tpm_overlap_wm": 0.476300054903414,
  "wm2max": 0.4314119890208896
}