{
  "aor": 0.006003149606299213,
  "aqi": 0.005002514448818897,
  "bids_meta": {
    "AcquisitionMatrixPE": 64,
    "AcquisitionNumber": 1,
    "AcquisitionTime": "12:56:41.000000",
    "BodyPartExamined": "HEAD",
    "CoilString": "32Ch_Head",
    "ConversionSoftware": "dcm2niix",
    "ConversionSoftwareVersion": "v1.0.20181125  (JP2:OpenJPEG) GCC7.3.0",
    "DeviceSerialNumber": "0002806034DVR750",
    "EchoTime": 0.04,
    "EffectiveEchoSpacing": 0.000372,
    "FlipAngle": 90,
    "ImageOrientationPatientDICOM": [
      1,
      0,
      0,
      0,
      1,
      0
    ],
    "ImageType": [
      "ORIGINAL",
      "PRIMARY",
      "EPI",
      "NONE"
    ],
    "ImagingFrequency": 127.772,
    "InPlanePhaseEncodingDirectionDICOM": "COL",
    "InstitutionName": "INSTITUTO_DE_NEUROBIOLOGIA",
    "MRAcquisitionType": "2D",
    "MagneticFieldStrength": 3,
    "Manufacturer": "GE",
    "ManufacturersModelName": "DISCOVERY_MR750",
    "Modality": "MR",
    "PatientPosition": "HFS",
    "PercentPhaseFOV": 100,
    "PhaseEncodingDirection": "j",
    "PhaseEncodingPolarityGE": "Flipped",
    "PixelBandwidth": 7812.5,
    "ProcedureStepDescription": "Emociones_AH",
    "ProtocolName": "fMRI_Jalil_3",
    "ReconMatrixPE": 64,
    "RepetitionTime": 2,
    "SAR": 0.197791,
    "ScanOptions": "EPI_GEMS_ACC_GEMS",
    "ScanningSequence": "EP_GR",
    "SequenceVariant": "SS",
    "SeriesDescription": "fMRI_Jalil_3",
    "SeriesNumber": 8,
    "SliceThickness": 4,
    "SliceTiming": [
      0,
      1.0285,
      0.0571001,
      1.0857,
      0.1142,
      1.1428,
      0.1714,
      1.2,
      0.2285,
      1.2571,
      0.2857,
      1.3143,
      0.3428,
      1.3714,
      0.4,
      1.4286,
      0.4571,
      1.4857,
      0.5142,
      1.5428,
      0.5714,
      1.6,
      0.6285,
      1.6571,
      0.6857,
      1.7143,
      0.7428,
      1.7714,
      0.8,
      1.8285,
      0.8571,
      1.8857,
      0.9143,
      1.9428,
      0.9714
    ],
    "SoftwareVersions": "27_LX_MR_Software_release:DV26.0_R02_1810.b",
    "SpacingBetweenSlices": 4,
    "StationName": "GEHCGEHC",
    "TaskName": "sae",
    "TotalReadoutTime": 0.023436,
    "dataset": "ds003481",
    "modality": "bold",
    "run_id": 3,
    "subject_id": "036",
    "task_id": "sae"
  },
  "dummy_trs": 0,
  "dvars_nstd": 24.103384647351767,
  "dvars_std": 1.1088625388142304,
  "dvars_vstd": 0.9998006403557312,
  "efc": 0.33897218066479934,
  "fber": 66787.5546875,
  "fd_mean": 0.3168515018596919,
  "fd_num": 143,
  "fd_perc": 56.2992125984252,
  "fwhm_avg": 2.598675833333333,
  "fwhm_x": 2.592075,
  "fwhm_y": 2.7272,
  "fwhm_z": 2.4767525,
  "gcor": 0.0396065,
  "gsr_x": -0.01470994297415018,
  "gsr_y": 0.0025309862103313208,
  "provenance": {
    "md5sum": "9936b90ff35b556c3263896b94b00f88",
    "settings": {
      "fd_thres": 0.2,
      "testing": false
    },
    "software": "mriqc",
    "version": "23.0.1",
    "webapi_port": null,
    "webapi_url": "https://mriqc.nimh.nih.gov/api/v1"
  },
  "size_t": 254,
  "size_x": 64,
  "size_y": 64,
  "size_z": 35,
  "snr": 3.166927320751969,
  "spacing_tr": 2.0,
  "spacing_x": 4.0,
  "spacing_y": 4.0,
  "spacing_z": 4.0,
  "summary_bg_k": 46.28174417734786,
  "summary_bg_mad": 10.074690368790186,
  "summary_bg_mean": 38.36452102661133,
  "summary_bg_median": 7.433070659637451,
  "summary_bg_n": 104358.0,
  "summary_bg_p05": 0.19291338324546814,
  "summary_bg_p95": 189.6173179626462,
  "summary_bg_stdv": 103.37318420410156,
  "summary_fg_k": 0.6045414593553708,
  "summary_fg_mad": 487.857843133174,
  "summary_fg_mean": 1918.27978515625,
  "summary_fg_median": 1813.409423828125,
  "summary_fg_n": 12082.0,
  "summary_fg_p05": 1137.104071044922,
  "summary_fg_p95": 3027.7723999023433,
  "summary_fg_stdv": 572.5847778320312,
  "tsnr": 49.62017284124158
}