{
  "aor": 0.015178125,
  "aqi": 0.0053131208928571426,
  "bids_meta": {
    "AcquisitionMatrixPE": 64,
    "AcquisitionNumber": 1,
    "AcquisitionTime": "12:48:14.000000",
    "BodyPartExamined": "HEAD",
    "CoilString": "32Ch_Head",
    "ConversionSoftware": "dcm2niix",
    "ConversionSoftwareVersion": "v1.0.20181125  (JP2:OpenJPEG) GCC7.3.0",
    "DeviceSerialNumber": "0002806034DVR750",
    "EchoTime": 0.04,
    "EffectiveEchoSpacing": 0.000372,
    "FlipAngle": 90,
    "ImageOrientationPatientDICOM": [
      1,
      0,
      0,
      0,
      1,
      0
    ],
    "ImageType": [
      "ORIGINAL",
      "PRIMARY",
      "EPI",
      "NONE"
    ],
    "ImagingFrequency": 127.772,
    "InPlanePhaseEncodingDirectionDICOM": "COL",
    "InstitutionName": "INSTITUTO_DE_NEUROBIOLOGIA",
    "MRAcquisitionType": "2D",
    "MagneticFieldStrength": 3,
    "Manufacturer": "GE",
    "ManufacturersModelName": "DISCOVERY_MR750",
    "Modality": "MR",
    "PatientPosition": "HFS",
    "PercentPhaseFOV": 100,
    "PhaseEncodingDirection": "j",
    "PhaseEncodingPolarityGE": "Flipped",
    "PixelBandwidth": 7812.5,
    "ProcedureStepDescription": "Emociones_AH",
    "ProtocolName": "fMRI_Jalil_2",
    "ReconMatrixPE": 64,
    "RepetitionTime": 2,
    "SAR": 0.197791,
    "ScanOptions": "EPI_GEMS_ACC_GEMS",
    "ScanningSequence": "EP_GR",
    "SequenceVariant": "SS",
    "SeriesDescription": "fMRI_Jalil_2",
    "SeriesNumber": 7,
    "SliceThickness": 4,
    "SliceTiming": [
      0,
      1.0285,
      0.0571001,
      1.0857,
      0.1142,
      1.1428,
      0.1714,
      1.2,
      0.2285,
      1.2571,
      0.2857,
      1.3143,
      0.3428,
      1.3714,
      0.4,
      1.4286,
      0.4571,
      1.4857,
      0.5142,
      1.5428,
      0.5714,
      1.6,
      0.6285,
      1.6571,
      0.6857,
      1.7143,
      0.7428,
      1.7714,
      0.8,
      1.8285,
      0.8571,
      1.8857,
      0.9143,
      1.9428,
      0.9714
    ],
    "SoftwareVersions": "27_LX_MR_Software_release:DV26.0_R02_1810.b",
    "SpacingBetweenSlices": 4,
    "StationName": "GEHCGEHC",
    "TaskName": "sae",
    "TotalReadoutTime": 0.023436,
    "dataset": "ds003481",
    "modality": "bold",
    "run_id": 2,
    "subject_id": "036",
    "task_id": "sae"
  },
  "dummy_trs": 0,
  "dvars_nstd": 24.864383252780257,
  "dvars_std": 1.135652455650224,
  "dvars_vstd": 1.039908193049327,
  "efc": 0.3397457395428046,
  "fber": 63017.0234375,
  "fd_mean": 0.29558499278504635,
  "fd_num": 100,
  "fd_perc": 44.642857142857146,
  "fwhm_avg": 2.5838516666666664,
  "fwhm_x": 2.5597,
  "fwhm_y": 2.735675,
  "fwhm_z": 2.45618,
  "gcor": 0.0706059,
  "gsr_x": -0.015103457495570183,
  "gsr_y": 0.0018812828930094838,
  "provenance": {
    "md5sum": "c80aea108ea6117d915f11931f268d13",
    "settings": {
      "fd_thres": 0.2,
      "testing": false
    },
    "software": "mriqc",
    "version": "23.0.1",
    "webapi_port": null,
    "webapi_url": "https://mriqc.nimh.nih.gov/api/v1"
  },
  "size_t": 224,
  "size_x": 64,
  "size_y": 64,
  "size_z": 35,
  "snr": 3.200951156750627,
  "spacing_tr": 2.0,
  "spacing_x": 4.0,
  "spacing_y": 4.0,
  "spacing_z": 4.0,
  "summary_bg_k": 48.07886784923974,
  "summary_bg_mad": 10.338503651826219,
  "summary_bg_mean": 39.070716857910156,
  "summary_bg_median": 7.625000476837158,
  "summary_bg_n": 104366.0,
  "summary_bg_p05": 0.1919642984867096,
  "summary_bg_p95": 192.78237915039062,
  "summary_bg_stdv": 105.92374420166016,
  "summary_fg_k": 0.5259353320873141,
  "summary_fg_mad": 488.89495885743503,
  "summary_fg_mean": 1912.4471435546875,
  "summary_fg_median": 1817.982177734375,
  "summary_fg_n": 12089.0,
  "summary_fg_p05": 1137.439306640625,
  "summary_fg_p95": 3003.9527832031254,
  "summary_fg_stdv": 567.9271240234375,
  "tsnr": 47.22950122039765
}