{
  "aor": 0.006048366666666667,
  "aqi": 0.006707433533333335,
  "bids_meta": {
    "AcquisitionMatrixPE": 64,
    "AcquisitionNumber": 1,
    "AcquisitionTime": "12:26:22.000000",
    "BodyPartExamined": "HEAD",
    "CoilString": "32Ch_Head",
    "ConversionSoftware": "dcm2niix",
    "ConversionSoftwareVersion": "v1.0.20181125  (JP2:OpenJPEG) GCC7.3.0",
    "DeviceSerialNumber": "0002806034DVR750",
    "EchoTime": 0.04,
    "EffectiveEchoSpacing": 0.000372,
    "FlipAngle": 90,
    "ImageOrientationPatientDICOM": [
      1,
      0,
      0,
      0,
      1,
      0
    ],
    "ImageType": [
      "ORIGINAL",
      "PRIMARY",
      "EPI",
      "NONE"
    ],
    "ImagingFrequency": 127.772,
    "InPlanePhaseEncodingDirectionDICOM": "COL",
    "InstitutionName": "INSTITUTO_DE_NEUROBIOLOGIA",
    "MRAcquisitionType": "2D",
    "MagneticFieldStrength": 3,
    "Manufacturer": "GE",
    "ManufacturersModelName": "DISCOVERY_MR750",
    "Modality": "MR",
    "PatientPosition": "HFS",
    "PercentPhaseFOV": 100,
    "PhaseEncodingDirection": "j",
    "PhaseEncodingPolarityGE": "Flipped",
    "PixelBandwidth": 7812.5,
    "ProcedureStepDescription": "Emociones_AH",
    "ProtocolName": "fMRI_RestState",
    "ReconMatrixPE": 64,
    "RepetitionTime": 2,
    "SAR": 0.197012,
    "ScanOptions": "EPI_GEMS_ACC_GEMS",
    "ScanningSequence": "EP_GR",
    "SequenceVariant": "SS",
    "SeriesDescription": "fMRI_RestState",
    "SeriesNumber": 4,
    "SliceThickness": 4,
    "SliceTiming": [
      0,
      1.0285,
      0.0571001,
      1.0857,
      0.1142,
      1.1428,
      0.1714,
      1.2,
      0.2285,
      1.2571,
      0.2857,
      1.3143,
      0.3428,
      1.3714,
      0.4,
      1.4286,
      0.4571,
      1.4857,
      0.5142,
      1.5428,
      0.5714,
      1.6,
      0.6285,
      1.6571,
      0.6857,
      1.7143,
      0.7428,
      1.7714,
      0.8,
      1.8285,
      0.8571,
      1.8857,
      0.9143,
      1.9428,
      0.9714
    ],
    "SoftwareVersions": "27_LX_MR_Software_release:DV26.0_R02_1810.b",
    "SpacingBetweenSlices": 4,
    "StationName": "GEHCGEHC",
    "TaskName": "rest",
    "TotalReadoutTime": 0.023436,
    "dataset": "ds003481",
    "modality": "bold",
    "subject_id": "036",
    "task_id": "rest"
  },
  "dummy_trs": 0,
  "dvars_nstd": 20.121442064347836,
  "dvars_std": 1.0364167000334452,
  "dvars_vstd": 0.9489259974247503,
  "efc": 0.34039363040313897,
  "fber": 65441.62109375,
  "fd_mean": 0.19627407591759635,
  "fd_num": 126,
  "fd_perc": 42.0,
  "fwhm_avg": 2.576434166666667,
  "fwhm_x": 2.53225,
  "fwhm_y": 2.71605,
  "fwhm_z": 2.4810025,
  "gcor": 0.0708773,
  "gsr_x": -0.014332846738398075,
  "gsr_y": 0.003045271383598447,
  "provenance": {
    "md5sum": "92b75ad8c11149da47724bfd20d76ecb",
    "settings": {
      "fd_thres": 0.2,
      "testing": false
    },
    "software": "mriqc",
    "version": "23.0.1",
    "webapi_port": null,
    "webapi_url": "https://mriqc.nimh.nih.gov/api/v1"
  },
  "size_t": 300,
  "size_x": 64,
  "size_y": 64,
  "size_z": 35,
  "snr": 3.2563190130789903,
  "spacing_tr": 2.0,
  "spacing_x": 4.0,
  "spacing_y": 4.0,
  "spacing_z": 4.0,
  "summary_bg_k": 66.44397212778748,
  "summary_bg_mad": 10.309028022211741,
  "summary_bg_mean": 39.51573944091797,
  "summary_bg_median": 7.580000400543213,
  "summary_bg_n": 104296.0,
  "summary_bg_p05": 0.18000000715255737,
  "summary_bg_p95": 191.99166870117188,
  "summary_bg_stdv": 109.16466522216797,
  "summary_fg_k": 0.4706494590399428,
  "summary_fg_mad": 486.81746973802274,
  "summary_fg_mean": 1909.129638671875,
  "summary_fg_median": 1822.885009765625,
  "summary_fg_n": 12092.0,
  "summary_fg_p05": 1117.4335083007813,
  "summary_fg_p95": 2976.620104980468,
  "summary_fg_stdv": 559.776123046875,
  "tsnr": 42.42979088041466
}