{
  "aor": 0.006837800000000001,
  "aqi": 0.005021893733333334,
  "bids_meta": {
    "AcquisitionMatrixPE": 64,
    "AcquisitionNumber": 1,
    "AcquisitionTime": "13:06:48.000000",
    "BodyPartExamined": "HEAD",
    "CoilString": "32Ch_Head",
    "ConversionSoftware": "dcm2niix",
    "ConversionSoftwareVersion": "v1.0.20181125  (JP2:OpenJPEG) GCC7.3.0",
    "DeviceSerialNumber": "0002806034DVR750",
    "EchoTime": 0.04,
    "EffectiveEchoSpacing": 0.000372,
    "FlipAngle": 90,
    "ImageOrientationPatientDICOM": [
      1,
      0,
      0,
      0,
      1,
      0
    ],
    "ImageType": [
      "ORIGINAL",
      "PRIMARY",
      "EPI",
      "NONE"
    ],
    "ImagingFrequency": 127.772,
    "InPlanePhaseEncodingDirectionDICOM": "COL",
    "InstitutionName": "INSTITUTO_DE_NEUROBIOLOGIA",
    "MRAcquisitionType": "2D",
    "MagneticFieldStrength": 3,
    "Manufacturer": "GE",
    "ManufacturersModelName": "DISCOVERY_MR750",
    "Modality": "MR",
    "PatientPosition": "HFS",
    "PercentPhaseFOV": 100,
    "PhaseEncodingDirection": "j",
    "PhaseEncodingPolarityGE": "Flipped",
    "PixelBandwidth": 7812.5,
    "ProcedureStepDescription": "Emociones_AH",
    "ProtocolName": "fMRI_Jalil_4",
    "ReconMatrixPE": 64,
    "RepetitionTime": 2,
    "SAR": 0.197791,
    "ScanOptions": "EPI_GEMS_ACC_GEMS",
    "ScanningSequence": "EP_GR",
    "SequenceVariant": "SS",
    "SeriesDescription": "fMRI_Jalil_4",
    "SeriesNumber": 9,
    "SliceThickness": 4,
    "SliceTiming": [
      0,
      1.0285,
      0.0571001,
      1.0857,
      0.1142,
      1.1428,
      0.1714,
      1.2,
      0.2285,
      1.2571,
      0.2857,
      1.3143,
      0.3428,
      1.3714,
      0.4,
      1.4286,
      0.4571,
      1.4857,
      0.5142,
      1.5428,
      0.5714,
      1.6,
      0.6285,
      1.6571,
      0.6857,
      1.7143,
      0.7428,
      1.7714,
      0.8,
      1.8285,
      0.8571,
      1.8857,
      0.9143,
      1.9428,
      0.9714
    ],
    "SoftwareVersions": "27_LX_MR_Software_release:DV26.0_R02_1810.b",
    "SpacingBetweenSlices": 4,
    "StationName": "GEHCGEHC",
    "TaskName": "ec",
    "TotalReadoutTime": 0.023436,
    "dataset": "ds003481",
    "modality": "bold",
    "run_id": 4,
    "subject_id": "036",
    "task_id": "ec"
  },
  "dummy_trs": 0,
  "dvars_nstd": 20.324663271208056,
  "dvars_std": 1.0849847510738249,
  "dvars_vstd": 1.0060705192617452,
  "efc": 0.3384083309701286,
  "fber": 65007.296875,
  "fd_mean": 0.25992193964022225,
  "fd_num": 70,
  "fd_perc": 46.666666666666664,
  "fwhm_avg": 2.64325,
  "fwhm_x": 2.6013,
  "fwhm_y": 2.76345,
  "fwhm_z": 2.565,
  "gcor": 0.0530588,
  "gsr_x": -0.013939961791038513,
  "gsr_y": 0.002291269600391388,
  "provenance": {
    "md5sum": "deab57db4c5040221c412da2d8bd2f62",
    "settings": {
      "fd_thres": 0.2,
      "testing": false
    },
    "software": "mriqc",
    "version": "23.0.1",
    "webapi_port": null,
    "webapi_url": "https://mriqc.nimh.nih.gov/api/v1"
  },
  "size_t": 150,
  "size_x": 64,
  "size_y": 64,
  "size_z": 35,
  "snr": 3.1518232175165903,
  "spacing_tr": 2.0,
  "spacing_x": 4.0,
  "spacing_y": 4.0,
  "spacing_z": 4.0,
  "summary_bg_k": 55.095058092610756,
  "summary_bg_mad": 10.378215971389107,
  "summary_bg_mean": 38.651573181152344,
  "summary_bg_median": 7.660000324249268,
  "summary_bg_n": 104238.0,
  "summary_bg_p05": 0.20666667819023132,
  "summary_bg_p95": 189.23433761596675,
  "summary_bg_stdv": 107.78682708740234,
  "summary_fg_k": 0.6585158100142845,
  "summary_fg_mad": 483.3628907406063,
  "summary_fg_mean": 1963.30322265625,
  "summary_fg_median": 1848.8900146484375,
  "summary_fg_n": 12104.0,
  "summary_fg_p05": 1176.6953552246093,
  "summary_fg_p95": 3128.1133300781253,
  "summary_fg_stdv": 586.58544921875,
  "tsnr": 51.03008297388442
}