{
  "aor": 0.014046942148760332,
  "aqi": 0.008084038842975207,
  "bids_meta": {
    "AcquisitionMatrixPE": 64,
    "AcquisitionNumber": 1,
    "AcquisitionTime": "12:39:10.000000",
    "BodyPartExamined": "HEAD",
    "CoilString": "32Ch_Head",
    "ConversionSoftware": "dcm2niix",
    "ConversionSoftwareVersion": "v1.0.20181125  (JP2:OpenJPEG) GCC7.3.0",
    "DeviceSerialNumber": "0002806034DVR750",
    "EchoTime": 0.04,
    "EffectiveEchoSpacing": 0.000372,
    "FlipAngle": 90,
    "ImageOrientationPatientDICOM": [
      1,
      0,
      0,
      0,
      1,
      0
    ],
    "ImageType": [
      "ORIGINAL",
      "PRIMARY",
      "EPI",
      "NONE"
    ],
    "ImagingFrequency": 127.772,
    "InPlanePhaseEncodingDirectionDICOM": "COL",
    "InstitutionName": "INSTITUTO_DE_NEUROBIOLOGIA",
    "MRAcquisitionType": "2D",
    "MagneticFieldStrength": 3,
    "Manufacturer": "GE",
    "ManufacturersModelName": "DISCOVERY_MR750",
    "Modality": "MR",
    "PatientPosition": "HFS",
    "PercentPhaseFOV": 100,
    "PhaseEncodingDirection": "j",
    "PhaseEncodingPolarityGE": "Flipped",
    "PixelBandwidth": 7812.5,
    "ProcedureStepDescription": "Emociones_AH",
    "ProtocolName": "fMRI_Jalil_1",
    "ReconMatrixPE": 64,
    "RepetitionTime": 2,
    "SAR": 0.197791,
    "ScanOptions": "EPI_GEMS_ACC_GEMS",
    "ScanningSequence": "EP_GR",
    "SequenceVariant": "SS",
    "SeriesDescription": "fMRI_Jalil_1",
    "SeriesNumber": 6,
    "SliceThickness": 4,
    "SliceTiming": [
      0,
      1.0285,
      0.0571001,
      1.0857,
      0.1142,
      1.1428,
      0.1714,
      1.2,
      0.2285,
      1.2571,
      0.2857,
      1.3143,
      0.3428,
      1.3714,
      0.4,
      1.4286,
      0.4571,
      1.4857,
      0.5142,
      1.5428,
      0.5714,
      1.6,
      0.6285,
      1.6571,
      0.6857,
      1.7143,
      0.7428,
      1.7714,
      0.8,
      1.8285,
      0.8571,
      1.8857,
      0.9143,
      1.9428,
      0.9714
    ],
    "SoftwareVersions": "27_LX_MR_Software_release:DV26.0_R02_1810.b",
    "SpacingBetweenSlices": 4,
    "StationName": "GEHCGEHC",
    "TaskName": "sae",
    "TotalReadoutTime": 0.023436,
    "dataset": "ds003481",
    "modality": "bold",
    "run_id": 1,
    "subject_id": "036",
    "task_id": "sae"
  },
  "dummy_trs": 0,
  "dvars_nstd": 21.25276387896265,
  "dvars_std": 0.8554974236929455,
  "dvars_vstd": 0.8423209962240662,
  "efc": 0.3400615388179802,
  "fber": 64952.765625,
  "fd_mean": 0.26018360100331756,
  "fd_num": 63,
  "fd_perc": 26.03305785123967,
  "fwhm_avg": 2.605541666666667,
  "fwhm_x": 2.576125,
  "fwhm_y": 2.735025,
  "fwhm_z": 2.505475,
  "gcor": 0.126339,
  "gsr_x": -0.014937490224838257,
  "gsr_y": 0.0005757373291999102,
  "provenance": {
    "md5sum": "85e7801d1d8c04c7bd25dcde2fce8a56",
    "settings": {
      "fd_thres": 0.2,
      "testing": false
    },
    "software": "mriqc",
    "version": "23.0.1",
    "webapi_port": null,
    "webapi_url": "https://mriqc.nimh.nih.gov/api/v1"
  },
  "size_t": 242,
  "size_x": 64,
  "size_y": 64,
  "size_z": 35,
  "snr": 3.279587622412725,
  "spacing_tr": 2.0,
  "spacing_x": 4.0,
  "spacing_y": 4.0,
  "spacing_z": 4.0,
  "summary_bg_k": 58.15632360135142,
  "summary_bg_mad": 10.427226933577805,
  "summary_bg_mean": 39.93803787231445,
  "summary_bg_median": 7.677685737609863,
  "summary_bg_n": 104469.0,
  "summary_bg_p05": 0.22314049303531647,
  "summary_bg_p95": 194.06445617675706,
  "summary_bg_stdv": 108.14314270019531,
  "summary_fg_k": 0.5314117785286214,
  "summary_fg_mad": 481.9436321227449,
  "summary_fg_mean": 1953.5533447265625,
  "summary_fg_median": 1856.97509765625,
  "summary_fg_n": 11973.0,
  "summary_fg_p05": 1179.4387939453125,
  "summary_fg_p95": 3039.8329589843747,
  "summary_fg_stdv": 566.198486328125,
  "tsnr": 37.33059473335743
}