{
  "aor": 0.0006923563218390804,
  "aqi": 0.0012227344367816092,
  "bids_meta": {
    "AcquisitionMatrixPE": 64,
    "AcquisitionNumber": 1,
    "AcquisitionTime": "20:21:0.000000",
    "CoilString": "32Ch_Head",
    "ConversionSoftware": "dcm2niix",
    "ConversionSoftwareVersion": "v1.0.20190902",
    "Dcm2bidsVersion": "2.1.4",
    "DeviceSerialNumber": "000000000000GEHC",
    "EchoTime": 0.04,
    "EffectiveEchoSpacing": 0.000372,
    "FlipAngle": 90,
    "ImageOrientationPatientDICOM": [
      1,
      0,
      0,
      0,
      1,
      0
    ],
    "ImageType": [
      "ORIGINAL",
      "PRIMARY",
      "EPI",
      "NONE"
    ],
    "ImagingFrequency": 127.772,
    "InPlanePhaseEncodingDirectionDICOM": "COL",
    "InstitutionName": "INSTITUTO_DE_NEUROBIOLOGIA",
    "MRAcquisitionType": "2D",
    "MagneticFieldStrength": 3,
    "Manufacturer": "GE",
    "ManufacturersModelName": "DISCOVERY_MR750",
    "Modality": "MR",
    "PatientPosition": "HFS",
    "PercentPhaseFOV": 100,
    "PhaseEncodingDirection": "j",
    "PhaseEncodingPolarityGE": "Flipped",
    "PixelBandwidth": 7812.5,
    "ProcedureStepDescription": "verbos",
    "ProtocolName": "fMRI_4",
    "ReconMatrixPE": 64,
    "RepetitionTime": 2,
    "SAR": 0.370431,
    "ScanOptions": "EPI_GEMS_ACC_GEMS",
    "ScanningSequence": "EP_GR",
    "SequenceVariant": "SS",
    "SeriesDescription": "fMRI_4",
    "SeriesNumber": 7,
    "SliceThickness": 4,
    "SliceTiming": [
      0,
      1.0285,
      0.0571001,
      1.0857,
      0.1142,
      1.1428,
      0.1714,
      1.2,
      0.2285,
      1.2571,
      0.2857,
      1.3143,
      0.3428,
      1.3714,
      0.4,
      1.4286,
      0.4571,
      1.4857,
      0.5142,
      1.5428,
      0.5714,
      1.6,
      0.6285,
      1.6571,
      0.6857,
      1.7143,
      0.7428,
      1.7714,
      0.8,
      1.8285,
      0.8571,
      1.8857,
      0.9143,
      1.9428,
      0.9714
    ],
    "SoftwareVersions": "24_LX_MR_Software_release:DV24.0_R02_1607.b",
    "SpacingBetweenSlices": 4,
    "StationName": "GEHCGEHC",
    "TaskName": "verbs",
    "TotalReadoutTime": 0.023436,
    "dataset": "ds003481",
    "modality": "bold",
    "run_id": 4,
    "subject_id": "146",
    "task_id": "verbs"
  },
  "dummy_trs": 0,
  "dvars_nstd": 14.421091195317917,
  "dvars_std": 1.1129936341618492,
  "dvars_vstd": 0.9939372172254338,
  "efc": 0.38368802749100955,
  "fber": 63156.1328125,
  "fd_mean": 0.06221954238812731,
  "fd_num": 2,
  "fd_perc": 1.1494252873563218,
  "fwhm_avg": 2.91605,
  "fwhm_x": 2.8397,
  "fwhm_y": 2.996775,
  "fwhm_z": 2.911675,
  "gcor": 0.0367124,
  "gsr_x": -0.02117738500237465,
  "gsr_y": 0.022640511393547058,
  "provenance": {
    "md5sum": "40cdb6d52c8d2c2b1970427ecf510c99",
    "settings": {
      "fd_thres": 0.2,
      "testing": false
    },
    "software": "mriqc",
    "version": "23.0.1",
    "webapi_port": null,
    "webapi_url": "https://mriqc.nimh.nih.gov/api/v1"
  },
  "size_t": 174,
  "size_x": 64,
  "size_y": 64,
  "size_z": 35,
  "snr": 3.000736784052684,
  "spacing_tr": 2.0,
  "spacing_x": 4.0,
  "spacing_y": 4.0,
  "spacing_z": 4.0,
  "summary_bg_k": 134.7347902327861,
  "summary_bg_mad": 10.91075944306921,
  "summary_bg_mean": 43.50277328491211,
  "summary_bg_median": 7.899425506591797,
  "summary_bg_n": 97746.0,
  "summary_bg_p05": 0.13793103396892548,
  "summary_bg_p95": 216.15230178833008,
  "summary_bg_stdv": 122.2011489868164,
  "summary_fg_k": 1.012512959986747,
  "summary_fg_mad": 548.9036094185383,
  "summary_fg_mean": 2004.844482421875,
  "summary_fg_median": 1907.0804443359375,
  "summary_fg_n": 16975.0,
  "summary_fg_p05": 1121.9068603515625,
  "summary_fg_p95": 3207.578124999999,
  "summary_fg_stdv": 635.5186767578125,
  "tsnr": 92.03250895952806
}