{
  "aor": 0.002326436781609195,
  "aqi": 0.001205862896551724,
  "bids_meta": {
    "AcquisitionMatrixPE": 64,
    "AcquisitionNumber": 1,
    "AcquisitionTime": "20:49:25.000000",
    "CoilString": "32Ch_Head",
    "ConversionSoftware": "dcm2niix",
    "ConversionSoftwareVersion": "v1.0.20190902",
    "Dcm2bidsVersion": "2.1.4",
    "DeviceSerialNumber": "000000000000GEHC",
    "EchoTime": 0.04,
    "EffectiveEchoSpacing": 0.000372,
    "FlipAngle": 90,
    "ImageOrientationPatientDICOM": [
      1,
      0,
      0,
      0,
      1,
      0
    ],
    "ImageType": [
      "ORIGINAL",
      "PRIMARY",
      "EPI",
      "NONE"
    ],
    "ImagingFrequency": 127.772,
    "InPlanePhaseEncodingDirectionDICOM": "COL",
    "InstitutionName": "INSTITUTO_DE_NEUROBIOLOGIA",
    "MRAcquisitionType": "2D",
    "MagneticFieldStrength": 3,
    "Manufacturer": "GE",
    "ManufacturersModelName": "DISCOVERY_MR750",
    "Modality": "MR",
    "PatientPosition": "HFS",
    "PercentPhaseFOV": 100,
    "PhaseEncodingDirection": "j",
    "PhaseEncodingPolarityGE": "Flipped",
    "PixelBandwidth": 7812.5,
    "ProcedureStepDescription": "verbos",
    "ProtocolName": "fMRI_8",
    "ReconMatrixPE": 64,
    "RepetitionTime": 2,
    "SAR": 0.370431,
    "ScanOptions": "EPI_GEMS_ACC_GEMS",
    "ScanningSequence": "EP_GR",
    "SequenceVariant": "SS",
    "SeriesDescription": "fMRI_8",
    "SeriesNumber": 11,
    "SliceThickness": 4,
    "SliceTiming": [
      0,
      1.0285,
      0.0571001,
      1.0857,
      0.1142,
      1.1428,
      0.1714,
      1.2,
      0.2285,
      1.2571,
      0.2857,
      1.3143,
      0.3428,
      1.3714,
      0.4,
      1.4286,
      0.4571,
      1.4857,
      0.5142,
      1.5428,
      0.5714,
      1.6,
      0.6285,
      1.6571,
      0.6857,
      1.7143,
      0.7428,
      1.7714,
      0.8,
      1.8285,
      0.8571,
      1.8857,
      0.9143,
      1.9428,
      0.9714
    ],
    "SoftwareVersions": "24_LX_MR_Software_release:DV24.0_R02_1607.b",
    "SpacingBetweenSlices": 4,
    "StationName": "GEHCGEHC",
    "TaskName": "verbs",
    "TotalReadoutTime": 0.023436,
    "dataset": "ds003481",
    "modality": "bold",
    "run_id": 8,
    "subject_id": "146",
    "task_id": "verbs"
  },
  "dummy_trs": 0,
  "dvars_nstd": 15.082143712080923,
  "dvars_std": 1.149315303179191,
  "dvars_vstd": 1.0244858026589598,
  "efc": 0.38365609456344235,
  "fber": 62112.05078125,
  "fd_mean": 0.08707606623493339,
  "fd_num": 9,
  "fd_perc": 5.172413793103448,
  "fwhm_avg": 2.8623583333333333,
  "fwhm_x": 2.8251,
  "fwhm_y": 2.926625,
  "fwhm_z": 2.83535,
  "gcor": 0.0346403,
  "gsr_x": -0.02133367396891117,
  "gsr_y": 0.022865932434797287,
  "provenance": {
    "md5sum": "acbf53760100f6610d630b06836b4065",
    "settings": {
      "fd_thres": 0.2,
      "testing": false
    },
    "software": "mriqc",
    "version": "23.0.1",
    "webapi_port": null,
    "webapi_url": "https://mriqc.nimh.nih.gov/api/v1"
  },
  "size_t": 174,
  "size_x": 64,
  "size_y": 64,
  "size_z": 35,
  "snr": 3.080060358350985,
  "spacing_tr": 2.0,
  "spacing_x": 4.0,
  "spacing_y": 4.0,
  "spacing_z": 4.0,
  "summary_bg_k": 142.44456752020815,
  "summary_bg_mad": 11.119516108572142,
  "summary_bg_mean": 44.1509895324707,
  "summary_bg_median": 8.045976638793945,
  "summary_bg_n": 97966.0,
  "summary_bg_p05": 0.13218390941619873,
  "summary_bg_p95": 218.3146514892578,
  "summary_bg_stdv": 124.4845962524414,
  "summary_fg_k": 1.0440045301511711,
  "summary_fg_mad": 542.8369213122728,
  "summary_fg_mean": 2022.90234375,
  "summary_fg_median": 1924.640869140625,
  "summary_fg_n": 16840.0,
  "summary_fg_p05": 1154.1465393066405,
  "summary_fg_p95": 3180.979809570312,
  "summary_fg_stdv": 624.8526000976562,
  "tsnr": 98.20763881132007
}