{
  "aor": 0.004930287356321839,
  "aqi": 0.001737203752873563,
  "bids_meta": {
    "AcquisitionMatrixPE": 64,
    "AcquisitionNumber": 1,
    "AcquisitionTime": "19:59:25.000000",
    "CoilString": "32Ch_Head",
    "ConversionSoftware": "dcm2niix",
    "ConversionSoftwareVersion": "v1.0.20190902",
    "Dcm2bidsVersion": "2.1.4",
    "DeviceSerialNumber": "000000000000GEHC",
    "EchoTime": 0.04,
    "EffectiveEchoSpacing": 0.000372,
    "FlipAngle": 90,
    "ImageOrientationPatientDICOM": [
      1,
      0,
      0,
      0,
      1,
      0
    ],
    "ImageType": [
      "ORIGINAL",
      "PRIMARY",
      "EPI",
      "NONE"
    ],
    "ImagingFrequency": 127.772,
    "InPlanePhaseEncodingDirectionDICOM": "COL",
    "InstitutionName": "INSTITUTO_DE_NEUROBIOLOGIA",
    "MRAcquisitionType": "2D",
    "MagneticFieldStrength": 3,
    "Manufacturer": "GE",
    "ManufacturersModelName": "DISCOVERY_MR750",
    "Modality": "MR",
    "PatientPosition": "HFS",
    "PercentPhaseFOV": 100,
    "PhaseEncodingDirection": "j",
    "PhaseEncodingPolarityGE": "Flipped",
    "PixelBandwidth": 7812.5,
    "ProcedureStepDescription": "verbos",
    "ProtocolName": "fMRI_1",
    "ReconMatrixPE": 64,
    "RepetitionTime": 2,
    "SAR": 0.370431,
    "ScanOptions": "EPI_GEMS_ACC_GEMS",
    "ScanningSequence": "EP_GR",
    "SequenceVariant": "SS",
    "SeriesDescription": "fMRI_1",
    "SeriesNumber": 4,
    "SliceThickness": 4,
    "SliceTiming": [
      0,
      1.0285,
      0.0571001,
      1.0857,
      0.1142,
      1.1428,
      0.1714,
      1.2,
      0.2285,
      1.2571,
      0.2857,
      1.3143,
      0.3428,
      1.3714,
      0.4,
      1.4286,
      0.4571,
      1.4857,
      0.5142,
      1.5428,
      0.5714,
      1.6,
      0.6285,
      1.6571,
      0.6857,
      1.7143,
      0.7428,
      1.7714,
      0.8,
      1.8285,
      0.8571,
      1.8857,
      0.9143,
      1.9428,
      0.9714
    ],
    "SoftwareVersions": "24_LX_MR_Software_release:DV24.0_R02_1607.b",
    "SpacingBetweenSlices": 4,
    "StationName": "GEHCGEHC",
    "TaskName": "verbs",
    "TotalReadoutTime": 0.023436,
    "dataset": "ds003481",
    "modality": "bold",
    "run_id": 1,
    "subject_id": "146",
    "task_id": "verbs"
  },
  "dummy_trs": 0,
  "dvars_nstd": 14.27753578537572,
  "dvars_std": 1.114957054566474,
  "dvars_vstd": 1.025467293757225,
  "efc": 0.38041259433812463,
  "fber": 68312.703125,
  "fd_mean": 0.09360904342879327,
  "fd_num": 8,
  "fd_perc": 4.597701149425287,
  "fwhm_avg": 2.8773250000000004,
  "fwhm_x": 2.8071,
  "fwhm_y": 2.9305,
  "fwhm_z": 2.894375,
  "gcor": 0.028681,
  "gsr_x": -0.020552851259708405,
  "gsr_y": 0.01970771886408329,
  "provenance": {
    "md5sum": "3c9765f613d7343610b39cedddf58010",
    "settings": {
      "fd_thres": 0.2,
      "testing": false
    },
    "software": "mriqc",
    "version": "23.0.1",
    "webapi_port": null,
    "webapi_url": "https://mriqc.nimh.nih.gov/api/v1"
  },
  "size_t": 174,
  "size_x": 64,
  "size_y": 64,
  "size_z": 35,
  "snr": 3.1299463972812167,
  "spacing_tr": 2.0,
  "spacing_x": 4.0,
  "spacing_y": 4.0,
  "spacing_z": 4.0,
  "summary_bg_k": 126.29642540650485,
  "summary_bg_mad": 10.731824640756823,
  "summary_bg_mean": 43.79252624511719,
  "summary_bg_median": 7.755746841430664,
  "summary_bg_n": 98400.0,
  "summary_bg_p05": 0.08620689809322357,
  "summary_bg_p95": 218.09568557739172,
  "summary_bg_stdv": 122.51399230957031,
  "summary_fg_k": 1.1512440384180316,
  "summary_fg_mad": 532.6205939278085,
  "summary_fg_mean": 2052.24462890625,
  "summary_fg_median": 1943.5430908203125,
  "summary_fg_n": 16208.0,
  "summary_fg_p05": 1201.6643371582031,
  "summary_fg_p95": 3220.622924804687,
  "summary_fg_stdv": 620.9317626953125,
  "tsnr": 84.39434527768753
}