{
  "aor": 0.0010317333333333333,
  "aqi": 0.005860778666666667,
  "bids_meta": {
    "AcquisitionMatrixPE": 64,
    "AcquisitionNumber": 1,
    "AcquisitionTime": "20:58:11.000000",
    "CoilString": "32Ch_Head",
    "ConversionSoftware": "dcm2niix",
    "ConversionSoftwareVersion": "v1.0.20190902",
    "Dcm2bidsVersion": "2.1.4",
    "DeviceSerialNumber": "000000000000GEHC",
    "EchoTime": 0.04,
    "EffectiveEchoSpacing": 0.000372,
    "FlipAngle": 90,
    "ImageOrientationPatientDICOM": [
      1,
      0,
      0,
      0,
      1,
      0
    ],
    "ImageType": [
      "ORIGINAL",
      "PRIMARY",
      "EPI",
      "NONE"
    ],
    "ImagingFrequency": 127.772,
    "InPlanePhaseEncodingDirectionDICOM": "COL",
    "InstitutionName": "INSTITUTO_DE_NEUROBIOLOGIA",
    "MRAcquisitionType": "2D",
    "MagneticFieldStrength": 3,
    "Manufacturer": "GE",
    "ManufacturersModelName": "DISCOVERY_MR750",
    "Modality": "MR",
    "PatientPosition": "HFS",
    "PercentPhaseFOV": 100,
    "PhaseEncodingDirection": "j",
    "PhaseEncodingPolarityGE": "Flipped",
    "PixelBandwidth": 7812.5,
    "ProcedureStepDescription": "verbos",
    "ProtocolName": "fMRI_RestState",
    "ReconMatrixPE": 64,
    "RepetitionTime": 2,
    "SAR": 0.370431,
    "ScanOptions": "EPI_GEMS_ACC_GEMS",
    "ScanningSequence": "EP_GR",
    "SequenceVariant": "SS",
    "SeriesDescription": "fMRI_RestState",
    "SeriesNumber": 12,
    "SliceThickness": 4,
    "SliceTiming": [
      0,
      1.0285,
      0.0571001,
      1.0857,
      0.1142,
      1.1428,
      0.1714,
      1.2,
      0.2285,
      1.2571,
      0.2857,
      1.3143,
      0.3428,
      1.3714,
      0.4,
      1.4286,
      0.4571,
      1.4857,
      0.5142,
      1.5428,
      0.5714,
      1.6,
      0.6285,
      1.6571,
      0.6857,
      1.7143,
      0.7428,
      1.7714,
      0.8,
      1.8285,
      0.8571,
      1.8857,
      0.9143,
      1.9428,
      0.9714
    ],
    "SoftwareVersions": "24_LX_MR_Software_release:DV24.0_R02_1607.b",
    "SpacingBetweenSlices": 4,
    "StationName": "GEHCGEHC",
    "TaskName": "rest",
    "TotalReadoutTime": 0.023436,
    "dataset": "ds003481",
    "modality": "bold",
    "subject_id": "146",
    "task_id": "rest"
  },
  "dummy_trs": 0,
  "dvars_nstd": 15.357120733779263,
  "dvars_std": 0.9820337895986625,
  "dvars_vstd": 0.9069472696989963,
  "efc": 0.3858411648706975,
  "fber": 60271.22265625,
  "fd_mean": 0.11393394382258305,
  "fd_num": 28,
  "fd_perc": 9.333333333333334,
  "fwhm_avg": 2.9343750000000006,
  "fwhm_x": 2.886525,
  "fwhm_y": 2.9803,
  "fwhm_z": 2.9363,
  "gcor": 0.0473255,
  "gsr_x": -0.022040102630853653,
  "gsr_y": 0.02746320329606533,
  "provenance": {
    "md5sum": "7c7bc681c06b0ab7baf64cd6797eacb2",
    "settings": {
      "fd_thres": 0.2,
      "testing": false
    },
    "software": "mriqc",
    "version": "23.0.1",
    "webapi_port": null,
    "webapi_url": "https://mriqc.nimh.nih.gov/api/v1"
  },
  "size_t": 300,
  "size_x": 64,
  "size_y": 64,
  "size_z": 35,
  "snr": 3.0465771177460677,
  "spacing_tr": 2.0,
  "spacing_x": 4.0,
  "spacing_y": 4.0,
  "spacing_z": 4.0,
  "summary_bg_k": 284.44736084077556,
  "summary_bg_mad": 11.18870458796938,
  "summary_bg_mean": 46.75791931152344,
  "summary_bg_median": 8.119999885559082,
  "summary_bg_n": 97790.0,
  "summary_bg_p05": 0.15666666626930237,
  "summary_bg_p95": 223.94250717163092,
  "summary_bg_stdv": 146.96810913085938,
  "summary_fg_k": 1.0352441263369698,
  "summary_fg_mad": 539.5238700168671,
  "summary_fg_mean": 2015.51123046875,
  "summary_fg_median": 1916.513427734375,
  "summary_fg_n": 17015.0,
  "summary_fg_p05": 1136.2816650390625,
  "summary_fg_p95": 3191.329370117187,
  "summary_fg_stdv": 629.0525512695312,
  "tsnr": 55.793431621044874
}