{
  "aor": 0.0010647126436781611,
  "aqi": 0.0014254494885057472,
  "bids_meta": {
    "AcquisitionMatrixPE": 64,
    "AcquisitionNumber": 1,
    "AcquisitionTime": "20:35:55.000000",
    "CoilString": "32Ch_Head",
    "ConversionSoftware": "dcm2niix",
    "ConversionSoftwareVersion": "v1.0.20190902",
    "Dcm2bidsVersion": "2.1.4",
    "DeviceSerialNumber": "000000000000GEHC",
    "EchoTime": 0.04,
    "EffectiveEchoSpacing": 0.000372,
    "FlipAngle": 90,
    "ImageOrientationPatientDICOM": [
      1,
      0,
      0,
      0,
      1,
      0
    ],
    "ImageType": [
      "ORIGINAL",
      "PRIMARY",
      "EPI",
      "NONE"
    ],
    "ImagingFrequency": 127.772,
    "InPlanePhaseEncodingDirectionDICOM": "COL",
    "InstitutionName": "INSTITUTO_DE_NEUROBIOLOGIA",
    "MRAcquisitionType": "2D",
    "MagneticFieldStrength": 3,
    "Manufacturer": "GE",
    "ManufacturersModelName": "DISCOVERY_MR750",
    "Modality": "MR",
    "PatientPosition": "HFS",
    "PercentPhaseFOV": 100,
    "PhaseEncodingDirection": "j",
    "PhaseEncodingPolarityGE": "Flipped",
    "PixelBandwidth": 7812.5,
    "ProcedureStepDescription": "verbos",
    "ProtocolName": "fMRI_6",
    "ReconMatrixPE": 64,
    "RepetitionTime": 2,
    "SAR": 0.370431,
    "ScanOptions": "EPI_GEMS_ACC_GEMS",
    "ScanningSequence": "EP_GR",
    "SequenceVariant": "SS",
    "SeriesDescription": "fMRI_6",
    "SeriesNumber": 9,
    "SliceThickness": 4,
    "SliceTiming": [
      0,
      1.0285,
      0.0571001,
      1.0857,
      0.1142,
      1.1428,
      0.1714,
      1.2,
      0.2285,
      1.2571,
      0.2857,
      1.3143,
      0.3428,
      1.3714,
      0.4,
      1.4286,
      0.4571,
      1.4857,
      0.5142,
      1.5428,
      0.5714,
      1.6,
      0.6285,
      1.6571,
      0.6857,
      1.7143,
      0.7428,
      1.7714,
      0.8,
      1.8285,
      0.8571,
      1.8857,
      0.9143,
      1.9428,
      0.9714
    ],
    "SoftwareVersions": "24_LX_MR_Software_release:DV24.0_R02_1607.b",
    "SpacingBetweenSlices": 4,
    "StationName": "GEHCGEHC",
    "TaskName": "verbs",
    "TotalReadoutTime": 0.023436,
    "dataset": "ds003481",
    "modality": "bold",
    "run_id": 6,
    "subject_id": "146",
    "task_id": "verbs"
  },
  "dummy_trs": 0,
  "dvars_nstd": 15.176084926300584,
  "dvars_std": 1.1324256132369936,
  "dvars_vstd": 1.0038290545086705,
  "efc": 0.38324436073631535,
  "fber": 63192.671875,
  "fd_mean": 0.07706695514356933,
  "fd_num": 7,
  "fd_perc": 4.022988505747127,
  "fwhm_avg": 2.8771999999999998,
  "fwhm_x": 2.828875,
  "fwhm_y": 2.92095,
  "fwhm_z": 2.881775,
  "gcor": 0.0359528,
  "gsr_x": -0.020736295729875565,
  "gsr_y": 0.022971564903855324,
  "provenance": {
    "md5sum": "e461745f8be6bbc8c8e9011aaea38fe6",
    "settings": {
      "fd_thres": 0.2,
      "testing": false
    },
    "software": "mriqc",
    "version": "23.0.1",
    "webapi_port": null,
    "webapi_url": "https://mriqc.nimh.nih.gov/api/v1"
  },
  "size_t": 174,
  "size_x": 64,
  "size_y": 64,
  "size_z": 35,
  "snr": 3.051340227749138,
  "spacing_tr": 2.0,
  "spacing_x": 4.0,
  "spacing_y": 4.0,
  "spacing_z": 4.0,
  "summary_bg_k": 151.93540251819286,
  "summary_bg_mad": 10.966143736482877,
  "summary_bg_mean": 43.33832931518555,
  "summary_bg_median": 7.936781406402588,
  "summary_bg_n": 97888.0,
  "summary_bg_p05": 0.12643678486347198,
  "summary_bg_p95": 212.56293487548817,
  "summary_bg_stdv": 122.5388412475586,
  "summary_fg_k": 1.0944458227748814,
  "summary_fg_mad": 541.3629157252833,
  "summary_fg_mean": 2010.3045654296875,
  "summary_fg_median": 1914.0545654296875,
  "summary_fg_n": 16876.0,
  "summary_fg_p05": 1129.4454040527344,
  "summary_fg_p95": 3172.0071411132812,
  "summary_fg_stdv": 627.2646484375,
  "tsnr": 92.75379787688144
}