{
  "aor": 0.0009812333333333331,
  "aqi": 0.0024139979,
  "bids_meta": {
    "AcquisitionDateTime": "2016-10-08T11:55:29.000000",
    "ConversionSoftware": "dcm2niix",
    "ConversionSoftwareVersion": "v1.0.20170411 GCC4.8.4",
    "EchoTime": 0.04,
    "FlipAngle": 90,
    "ImageType": [
      "ORIGINAL",
      "PRIMARY",
      "EPI",
      "NONE"
    ],
    "MagneticFieldStrength": 3,
    "Manufacturer": "GE",
    "ManufacturersModelName": "DISCOVERY_MR750",
    "ProcedureStepDescription": "MeditResp",
    "ProtocolName": "fMRI_RestSt",
    "RepetitionTime": 2,
    "ScanningSequence": "EP_GR",
    "SequenceVariant": "SS",
    "SeriesDescription": "fMRI_RestSt",
    "SliceTiming": [
      1.0285,
      0.0571001,
      1.0857,
      0.1142,
      1.1428,
      0.1714,
      1.2,
      0.2285,
      1.2571,
      0.2857,
      1.3143,
      0.3428,
      1.3714,
      0.4,
      1.4286,
      0.4571,
      1.4857,
      0.5142,
      1.5428,
      0.5714,
      1.6,
      0.6285,
      1.6571,
      0.6857,
      1.7143,
      0.7428,
      1.7714,
      0.8,
      1.8285,
      0.8571,
      1.8857,
      0.9143,
      1.9428,
      0.9714
    ],
    "TaskName": "rest",
    "dataset": "ds003481",
    "modality": "bold",
    "subject_id": "101",
    "task_id": "rest"
  },
  "dummy_trs": 0,
  "dvars_nstd": 12.061208364682273,
  "dvars_std": 1.0502615933444812,
  "dvars_vstd": 0.9634422613043482,
  "efc": 0.32771720601851384,
  "fber": 77649.4375,
  "fd_mean": 0.0713276588493282,
  "fd_num": 12,
  "fd_perc": 4.0,
  "fwhm_avg": 2.796433333333333,
  "fwhm_x": 2.72165,
  "fwhm_y": 3.0281,
  "fwhm_z": 2.63955,
  "gcor": 0.0473699,
  "gsr_x": -0.015272291377186775,
  "gsr_y": -0.0005967446486465633,
  "provenance": {
    "md5sum": "9450c020ac7ae12f44c204d99f809e65",
    "settings": {
      "fd_thres": 0.2,
      "testing": false
    },
    "software": "mriqc",
    "version": "23.0.1",
    "webapi_port": null,
    "webapi_url": "https://mriqc.nimh.nih.gov/api/v1"
  },
  "size_t": 300,
  "size_x": 64,
  "size_y": 64,
  "size_z": 34,
  "snr": 3.738698922904871,
  "spacing_tr": 2.0,
  "spacing_x": 4.0,
  "spacing_y": 4.0,
  "spacing_z": 4.0,
  "summary_bg_k": 151.07640724614558,
  "summary_bg_mad": 9.488654604937754,
  "summary_bg_mean": 35.99567794799805,
  "summary_bg_median": 6.923333644866943,
  "summary_bg_n": 102577.0,
  "summary_bg_p05": 0.1066666692495346,
  "summary_bg_p95": 155.40734252929687,
  "summary_bg_stdv": 119.62446594238281,
  "summary_fg_k": 0.749024170787524,
  "summary_fg_mad": 449.7597440348858,
  "summary_fg_mean": 1876.673095703125,
  "summary_fg_median": 1842.163330078125,
  "summary_fg_n": 10780.0,
  "summary_fg_p05": 1116.5093994140625,
  "summary_fg_p95": 2713.5405395507814,
  "summary_fg_stdv": 492.7055969238281,
  "tsnr": 90.55162978358567
}