{
  "bids_meta": {
    "AcquisitionDateTime": "2016-11-14T18:50:3.000000",
    "ConversionSoftware": "dcm2niix",
    "ConversionSoftwareVersion": "v1.0.20170411 GCC4.8.4",
    "EchoTime": 0.00318,
    "FlipAngle": 12,
    "ImageType": [
      "DERIVED",
      "PRIMARY",
      "OTHER"
    ],
    "InversionTime": 0.45,
    "MagneticFieldStrength": 3,
    "Manufacturer": "GE",
    "ManufacturersModelName": "DISCOVERY_MR750",
    "ProcedureStepDescription": "ActosHabla",
    "ProtocolName": "PU:Sag_T1_FSPGR_BRAVO",
    "RepetitionTime": 0.008156,
    "ScanningSequence": "GR",
    "SequenceVariant": "SS_SP_SK",
    "SeriesDescription": "PU:Sag_T1_FSPGR_BRAVO",
    "dataset": "ds003481",
    "modality": "T1w",
    "subject_id": "010"
  },
  "cjv": 0.3432745699045687,
  "cnr": 3.896730233775407,
  "efc": 0.7541908394985917,
  "fber": 13230.860521725019,
  "fwhm_avg": 3.764476666666667,
  "fwhm_x": 3.84594,
  "fwhm_y": 3.88904,
  "fwhm_z": 3.55845,
  "icvs_csf": 0.19412373085051582,
  "icvs_gm": 0.44058182091809794,
  "icvs_wm": 0.36529444823138624,
  "inu_med": 0.5143296122550964,
  "inu_range": 0.17806227207183833,
  "provenance": {
    "md5sum": "64a9568856f24e281a0bf645f5f31a96",
    "settings": {
      "testing": false
    },
    "software": "mriqc",
    "version": "23.0.1",
    "warnings": {
      "large_rot_frame": true,
      "small_air_mask": false
    },
    "webapi_port": null,
    "webapi_url": "https://mriqc.nimh.nih.gov/api/v1"
  },
  "qi_1": 0.0,
  "qi_2": 0.0016724501208086684,
  "rpve_csf": 21.452295023541108,
  "rpve_gm": 10.26553380927821,
  "rpve_wm": 14.438554897905881,
  "size_x": 176,
  "size_y": 256,
  "size_z": 256,
  "snr_csf": 2.3857630163602965,
  "snr_gm": 10.666278653872165,
  "snr_total": 11.589552005274356,
  "snr_wm": 21.716614345590607,
  "snrd_csf": 15.621928170980514,
  "snrd_gm": 39.318242898483305,
  "snrd_total": 37.36371320601114,
  "snrd_wm": 57.15096854856961,
  "spacing_x": 1.0,
  "spacing_y": 1.0,
  "spacing_z": 1.0,
  "summary_bg_k": 31.75851903452687,
  "summary_bg_mad": 0.0,
  "summary_bg_mean": 5.190109568702898,
  "summary_bg_median": 0.0,
  "summary_bg_n": 445650.0,
  "summary_bg_p05": 0.0,
  "summary_bg_p95": 27.723717391490936,
  "summary_bg_stdv": 11.463259211521551,
  "summary_csf_k": 0.7155911667017554,
  "summary_csf_mad": 95.97506446929746,
  "summary_csf_mean": 282.2841481384018,
  "summary_csf_median": 273.34492787718773,
  "summary_csf_n": 24391.0,
  "summary_csf_p05": 96.29894692450762,
  "summary_csf_p95": 491.82284362614155,
  "summary_csf_stdv": 114.57102928833305,
  "summary_gm_k": 0.16911915285452084,
  "summary_gm_mad": 62.464783520629254,
  "summary_gm_mean": 688.2113980873276,
  "summary_gm_median": 687.9715584218502,
  "summary_gm_n": 48856.0,
  "summary_gm_p05": 580.4141191206872,
  "summary_gm_p95": 794.4108305498958,
  "summary_gm_stdv": 64.49901975200785,
  "summary_wm_k": 0.3091510270251563,
  "summary_wm_mad": 44.64662809173015,
  "summary_wm_mean": 1000.9951945665814,
  "summary_wm_median": 999.9999491125345,
  "summary_wm_n": 268068.0,
  "summary_wm_p05": 927.2081197053194,
  "summary_wm_p95": 1078.1521524488926,
  "summary_wm_stdv": 46.0476052113321,
  "tpm_overlap_csf": 0.15770961972217104,
  "tpm_overlap_gm": 0.46955131641828846,
  "tpm_overlap_wm": 0.5036970895679852,
  "wm2max": 0.5702020791963556
}