{
  "bids_meta": {
    "AcquisitionDateTime": "2017-01-27T18:30:17.000000",
    "ConversionSoftware": "dcm2niix",
    "ConversionSoftwareVersion": "v1.0.20170411 GCC4.8.4",
    "EchoTime": 0.00318,
    "FlipAngle": 12,
    "ImageType": [
      "DERIVED",
      "PRIMARY",
      "OTHER"
    ],
    "InversionTime": 0.45,
    "MagneticFieldStrength": 3,
    "Manufacturer": "GE",
    "ManufacturersModelName": "DISCOVERY_MR750",
    "ProcedureStepDescription": "CompRefranes",
    "ProtocolName": "PU:Sag_T1_FSPGR_BRAVO",
    "RepetitionTime": 0.008156,
    "ScanningSequence": "GR",
    "SequenceVariant": "SS_SP_SK",
    "SeriesDescription": "PU:Sag_T1_FSPGR_BRAVO",
    "dataset": "ds003481",
    "modality": "T1w",
    "subject_id": "059"
  },
  "cjv": 0.35402463151104535,
  "cnr": 3.819676526313115,
  "efc": 0.7380279361877577,
  "fber": 9753.913832199547,
  "fwhm_avg": 3.82065,
  "fwhm_x": 3.82041,
  "fwhm_y": 3.98005,
  "fwhm_z": 3.66149,
  "icvs_csf": 0.21852794564951364,
  "icvs_gm": 0.4376700321520135,
  "icvs_wm": 0.3438020221984729,
  "inu_med": 0.4318401515483856,
  "inu_range": 0.10080838948488235,
  "provenance": {
    "md5sum": "6d9aa40f035d582bb433ac6ced4b2a50",
    "settings": {
      "testing": false
    },
    "software": "mriqc",
    "version": "23.0.1",
    "warnings": {
      "large_rot_frame": true,
      "small_air_mask": false
    },
    "webapi_port": null,
    "webapi_url": "https://mriqc.nimh.nih.gov/api/v1"
  },
  "qi_1": 0.0,
  "qi_2": 0.0015302726725776256,
  "rpve_csf": 21.540866163080562,
  "rpve_gm": 11.372072701502637,
  "rpve_wm": 16.836953166570144,
  "size_x": 176,
  "size_y": 256,
  "size_z": 256,
  "snr_csf": 2.8674378369395583,
  "snr_gm": 10.29863312727676,
  "snr_total": 12.164196782851503,
  "snr_wm": 23.326519384338187,
  "snrd_csf": 18.161256581628017,
  "snrd_gm": 47.64828058937178,
  "snrd_total": 44.853335488581884,
  "snrd_wm": 68.75046929474586,
  "spacing_x": 1.0,
  "spacing_y": 1.0,
  "spacing_z": 1.0,
  "summary_bg_k": 14.968219590402363,
  "summary_bg_mad": 0.0,
  "summary_bg_mean": 4.564002998868615,
  "summary_bg_median": 0.0,
  "summary_bg_n": 379425.0,
  "summary_bg_p05": 0.0,
  "summary_bg_p95": 24.62497493252158,
  "summary_bg_stdv": 9.529191919624282,
  "summary_csf_k": 1.5103438675077,
  "summary_csf_mad": 72.4595321257484,
  "summary_csf_mean": 271.93107980327545,
  "summary_csf_median": 264.1619355417788,
  "summary_csf_n": 44285.0,
  "summary_csf_p05": 132.37208360806108,
  "summary_csf_p95": 445.2702351845801,
  "summary_csf_stdv": 92.12368951834357,
  "summary_gm_k": -0.025073483014665943,
  "summary_gm_mad": 67.43255687666004,
  "summary_gm_mean": 690.0981955550378,
  "summary_gm_median": 693.0611860007048,
  "summary_gm_n": 37632.0,
  "summary_gm_p05": 574.5787527179345,
  "summary_gm_p95": 796.1504412814975,
  "summary_gm_stdv": 67.29553028757655,
  "summary_wm_k": 0.5321293953668298,
  "summary_wm_mad": 41.23135254807828,
  "summary_wm_mean": 1000.7928717129068,
  "summary_wm_median": 1000.0000251457095,
  "summary_wm_n": 216607.0,
  "summary_wm_p05": 932.5296487659216,
  "summary_wm_p95": 1071.8885124661028,
  "summary_wm_stdv": 42.86956405019502,
  "tpm_overlap_csf": 0.16948443389452778,
  "tpm_overlap_gm": 0.451626204347806,
  "tpm_overlap_wm": 0.49912549837885606,
  "wm2max": 0.571725083219111
}